{
    "AcquisitionMatrixPE": 64,
    "AcquisitionNumber": 1,
    "AcquisitionTime": "11:50:55.732500",
    "BandwidthPerPixelPhaseEncode": 28.935,
    "BaseResolution": 64,
    "BodyPartExamined": "BRAIN",
    "CoilCombinationMethod": "Sum of Squares",
    "ConsistencyInfo": "N4_VE11E_LATEST_20181129",
    "ConversionSoftware": "dcm2niix",
    "ConversionSoftwareVersion": "v1.0.20211006",
    "DerivedVendorReportedEchoSpacing": 0.000540003,
    "DeviceSerialNumber": "166182",
    "DwellTime": 3.4e-06,
    "EchoTime": 0.032,
    "EchoTrainLength": 64,
    "EffectiveEchoSpacing": 0.000540003,
    "FlipAngle": 40,
    "ImageOrientationPatientDICOM": [
        0.993794,
        -0.100427,
        -0.0478352,
        0.0956915,
        0.991085,
        -0.092702
    ],
    "ImageOrientationText": "Tra>Cor(-5.0)>Sag(-3.3)",
    "ImageType": [
        "ORIGINAL",
        "PRIMARY",
        "M",
        "ND",
        "NORM",
        "MOSAIC"
    ],
    "ImagingFrequency": 123.257,
    "InPlanePhaseEncodingDirectionDICOM": "COL",
    "InstitutionAddress": "PEARSE STREET .,City,District,IE,D2",
    "InstitutionName": "TCIN",
    "InstitutionalDepartmentName": "MRI",
    "MRAcquisitionType": "2D",
    "MagneticFieldStrength": 3,
    "Manufacturer": "Siemens",
    "ManufacturersModelName": "Prisma",
    "Modality": "MR",
    "MultibandAccelerationFactor": 4,
    "PartialFourier": 1,
    "PatientPosition": "HFS",
    "PercentPhaseFOV": 100,
    "PercentSampling": 100,
    "PhaseEncodingDirection": "j-",
    "PhaseEncodingSteps": 64,
    "PhaseResolution": 1,
    "PixelBandwidth": 2300,
    "ProcedureStepDescription": "Rhodri^Head BOLD",
    "ProtocolName": "cmrr_mbep2d_bold_Pictures_AP",
    "PulseSequenceDetails": "%SiemensSeq%\\ep2d_bold",
    "ReceiveCoilActiveElements": "HC2,4,6,7;NC2;SC",
    "ReceiveCoilName": "SpecialPurpose_4",
    "ReconMatrixPE": 64,
    "RefLinesPE": 12,
    "RepetitionTime": 0.61,
    "SAR": 0.325979,
    "ScanOptions": "FS",
    "ScanningSequence": "EP",
    "SequenceName": "*epfid2d1_64",
    "SequenceVariant": "SK",
    "SeriesDescription": "cmrr_mbep2d_bold_Pictures_AP",
    "SeriesNumber": 8,
    "ShimSetting": [
        -3603,
        -7437,
        3874,
        968,
        -28,
        430,
        -39,
        -3
    ],
    "SliceThickness": 3,
    "SliceTiming": [
        0.2625,
        0,
        0.3275,
        0.065,
        0.3925,
        0.1325,
        0.46,
        0.1975,
        0.525,
        0.2625,
        0,
        0.3275,
        0.065,
        0.3925,
        0.1325,
        0.46,
        0.1975,
        0.525,
        0.2625,
        0,
        0.3275,
        0.065,
        0.3925,
        0.1325,
        0.46,
        0.1975,
        0.525,
        0.2625,
        0,
        0.3275,
        0.065,
        0.3925,
        0.1325,
        0.46,
        0.1975,
        0.525
    ],
    "SoftwareVersions": "syngo MR E11",
    "SpacingBetweenSlices": 3.3,
    "StationName": "AWP166182",
    "TaskName": "pictures",
    "TotalReadoutTime": 0.0340202,
    "TxRefAmp": 241.917,
    "dcmmeta_affine": [
        [
            -2.981381416320801,
            0.28707438707351685,
            -0.18717126548290253,
            88.55219268798828
        ],
        [
            0.3012819290161133,
            2.973254919052124,
            -0.28891241550445557,
            -111.56420135498047
        ],
        [
            -0.14350561797618866,
            0.27810588479042053,
            3.2819957733154297,
            -93.8311767578125
        ],
        [
            0.0,
            0.0,
            0.0,
            1.0
        ]
    ],
    "dcmmeta_reorient_transform": [
        [
            0.0,
            -1.0,
            0.0,
            63.0
        ],
        [
            1.0,
            0.0,
            0.0,
            0.0
        ],
        [
            0.0,
            0.0,
            1.0,
            0.0
        ],
        [
            0.0,
            0.0,
            0.0,
            1.0
        ]
    ],
    "dcmmeta_shape": [
        64,
        64,
        36,
        231
    ],
    "dcmmeta_slice_dim": 2,
    "dcmmeta_version": 0.6,
    "global": {
        "const": {
            "AcquisitionMatrix": [
                64,
                0,
                0,
                64
            ],
            "AngioFlag": "N",
            "BitsAllocated": 16,
            "BitsStored": 12,
            "BodyPartExamined": "BRAIN",
            "Columns": 384,
            "EchoNumbers": 1,
            "EchoTime": 32.0,
            "EchoTrainLength": 64,
            "FlipAngle": 40.0,
            "HighBit": 11,
            "ImageOrientationPatient": [
                0.99379381603714,
                -0.100427307636,
                -0.0478352076124,
                0.095691459957,
                0.99108500661574,
                -0.0927019641257
            ],
            "ImagePositionPatient": [
                -629.59080882095,
                -503.26656009906,
                -8.8526596965048
            ],
            "ImageType": [
                "ORIGINAL",
                "PRIMARY",
                "M",
                "ND",
                "NORM",
                "MOSAIC"
            ],
            "ImagedNucleus": "1H",
            "ImagingFrequency": 123.257459,
            "InPlanePhaseEncodingDirection": "COL",
            "MRAcquisitionType": "2D",
            "MagneticFieldStrength": 3.0,
            "Manufacturer": "SIEMENS",
            "ManufacturerModelName": "Prisma",
            "Modality": "MR",
            "NumberOfAverages": 1.0,
            "NumberOfPhaseEncodingSteps": 64,
            "PercentPhaseFieldOfView": 100.0,
            "PercentSampling": 100.0,
            "PerformedProcedureStepStartTime": "113032.241000",
            "PhotometricInterpretation": "MONOCHROME2",
            "PixelBandwidth": 2300.0,
            "PixelRepresentation": 0,
            "PixelSpacing": [
                3.0,
                3.0
            ],
            "ProtocolName": "cmrr_mbep2d_bold_Pictures_AP",
            "RepetitionTime": 610.0,
            "Rows": 384,
            "SAR": 0.32597859425645,
            "SamplesPerPixel": 1,
            "ScanOptions": "FS",
            "ScanningSequence": "EP",
            "SequenceName": "*epfid2d1_64",
            "SequenceVariant": "SK",
            "SeriesDescription": "cmrr_mbep2d_bold_Pictures_AP",
            "SeriesNumber": 8,
            "SeriesTime": "115112.277000",
            "SliceLocation": -88.574442600233,
            "SliceThickness": 3.0,
            "SmallestImagePixelValue": 0,
            "SoftwareVersions": "syngo MR E11",
            "SpacingBetweenSlices": 3.3000000094642,
            "SpecificCharacterSet": "ISO_IR 100",
            "StudyID": "2",
            "StudyTime": "113032.176000",
            "TransmitCoilName": "Body",
            "VariableFlipAngleFlag": "N",
            "WindowCenterWidthExplanation": "Algo1"
        },
