{
  "AcquisitionMatrixPE": 64,
  "AcquisitionNumber": 1,
  "AcquisitionTime": "14:54:14.637500",
  "BandwidthPerPixelPhaseEncode": 31.25,
  "BaseResolution": 64,
  "BodyPartExamined": "BRAIN",
  "CoilCombinationMethod": "Sum of Squares",
  "ConsistencyInfo": "N4_VE11E_LATEST_20181129",
  "ConversionSoftware": "dcm2niix",
  "ConversionSoftwareVersion": "v1.0.20230411",
  "DerivedVendorReportedEchoSpacing": 0.0005,
  "DeviceSerialNumber": "166182",
  "DwellTime": 3.4e-06,
  "EchoTime": 0.032,
  "EchoTrainLength": 64,
  "EffectiveEchoSpacing": 0.0005,
  "FlipAngle": 40,
  "HeudiconvVersion": "0.13.1",
  "ImageOrientationPatientDICOM": [0.997627, 0.000398523, -0.0688492, 5.25013e-08, 0.999983, 0.00578902],
  "ImageOrientationText": "Tra>Sag(-3.9)>Cor(0.3)",
  "ImageType": [
    "ORIGINAL",
    "PRIMARY",
    "M",
    "ND",
    "NORM",
    "MOSAIC"
],
  "ImagingFrequency": 123.25583,
  "InPlanePhaseEncodingDirectionDICOM": "COL",
  "InstitutionAddress": "PEARSE STREET .,City,District,IE,D2",
  "InstitutionName": "TCIN",
  "InstitutionalDepartmentName": "MRI",
  "MRAcquisitionType": "2D",
  "MagneticFieldStrength": 3,
  "Manufacturer": "Siemens",
  "ManufacturersModelName": "Prisma",
  "MatrixCoilMode": "SENSE",
  "Modality": "MR",
  "NonlinearGradientCorrection": false,
  "PartialFourier": 1,
  "PatientPosition": "HFS",
  "PercentPhaseFOV": 100,
  "PercentSampling": 100,
  "PhaseEncodingDirection": "j",
  "PhaseEncodingSteps": 64,
  "PhaseResolution": 1,
  "PixelBandwidth": 2300,
  "ProcedureStepDescription": "Rhodri^Head BOLD",
  "ProtocolName": "cmrr_SBep2d_se_PA_RDS",
  "PulseSequenceDetails": "%SiemensSeq%\\ep2d_bold",
  "ReceiveCoilActiveElements": "HC2,4,6,7;SC",
  "ReceiveCoilName": "HeadNeck_64",
  "ReconMatrixPE": 64,
  "RepetitionTime": 2.26,
  "SAR": 0.243209,
  "ScanOptions": "FS",
  "ScanningSequence": "EP",
  "SequenceName": "*epfid2d1_64",
  "SequenceVariant": "SK",
  "SeriesDescription": "cmrr_SBep2d_se_PA_RDS",
  "SeriesNumber": 7,
  "ShimSetting": [-3661, -7413, 3941, 894, -276, -155, -155, 35],
  "SliceThickness": 3,
  "SliceTiming": [1.12, 0, 1.1825, 0.0625, 1.2425, 0.125, 1.305, 0.185, 1.3675, 0.2475, 1.43, 0.31, 1.4925, 0.3725, 1.555, 0.435, 1.6175, 0.4975, 1.68, 0.56, 1.7425, 0.6225, 1.8025, 0.6825, 1.865, 0.745, 1.9275, 0.8075, 1.99, 0.87, 2.0525, 0.9325, 2.115, 0.995, 2.1775, 1.0575],
  "SoftwareVersions": "syngo MR E11",
  "SpacingBetweenSlices": 3.3,
  "StationName": "AWP166182",
  "TotalReadoutTime": 0.0315,
  "TxRefAmp": 227.342,
  "dcmmeta_affine": [
    [-2.9928810596466064, 1.5750383397516998e-07, -0.22720618546009064, 98.82345581054688],
    [-0.001195570221170783, 2.9999496936798096, 0.019058428704738617, -110.64191436767578],
    [-0.20654761791229248, -0.01736704632639885, 3.292113780975342, -79.72956848144531],
    [0.0, 0.0, 0.0, 1.0]
],
  "dcmmeta_reorient_transform": [
    [0.0, -1.0, 0.0, 63.0],
    [1.0, 0.0, 0.0, 0.0],
    [0.0, 0.0, 1.0, 0.0],
    [0.0, 0.0, 0.0, 1.0]
],
  "dcmmeta_shape": [64, 64, 36, 10],
  "dcmmeta_slice_dim": 2,
  "dcmmeta_version": 0.6,
  "global": {
    "const": {
      "AcquisitionMatrix": [64, 0, 0, 64],
      "AngioFlag": "N",
      "BitsAllocated": 16,
      "BitsStored": 12,
      "BodyPartExamined": "BRAIN",
      "Columns": 384,
      "EchoNumbers": 1,
      "EchoTime": 32.0,
      "EchoTrainLength": 64,
      "FlipAngle": 40.0,
      "HighBit": 11,
      "ImageOrientationPatient": [0.99762699828654, 0.00039852341598, -0.0688492081935, 5.250128e-08, 0.99998324351094, 0.00578901523027],
      "ImagePositionPatient": [-577.68445150029, -558.53816366482, -50.554800777007],
      "ImageType": [
        "ORIGINAL",
        "PRIMARY",
        "M",
        "ND",
        "NORM",
        "MOSAIC"
],
      "ImagedNucleus": "1H",
      "ImagingFrequency": 123.25583,
      "InPlanePhaseEncodingDirection": "COL",
      "MRAcquisitionType": "2D",
      "MagneticFieldStrength": 3.0,
      "Manufacturer": "SIEMENS",
      "ManufacturerModelName": "Prisma",
      "Modality": "MR",
      "NumberOfAverages": 1.0,
      "NumberOfPhaseEncodingSteps": 64,
      "PercentPhaseFieldOfView": 100.0,
      "PercentSampling": 100.0,
      "PerformedProcedureStepStartTime": "144004.782000",
      "PhotometricInterpretation": "MONOCHROME2",
      "PixelBandwidth": 2300.0,
      "PixelRepresentation": 0,
      "PixelSpacing": [3.0, 3.0],
      "ProtocolName": "cmrr_SBep2d_se_PA_RDS",
      "RepetitionTime": 2260.0,
      "Rows": 384,
      "SAR": 0.24320902331521,
      "SamplesPerPixel": 1,
      "ScanOptions": "FS",
      "ScanningSequence": "EP",
      "SequenceName": "*epfid2d1_64",
      "SequenceVariant": "SK",
      "SeriesDescription": "cmrr_SBep2d_se_PA_RDS",
      "SeriesNumber": 7,
      "SeriesTime": "145436.343000",
      "SliceLocation": -86.982057276926,
      "SliceThickness": 3.0,
      "SmallestImagePixelValue": 0,
      "SoftwareVersions": "syngo MR E11",
      "SpacingBetweenSlices": 3.299999893002,
      "SpecificCharacterSet": "ISO_IR 100",
      "StudyID": "1",
      "StudyTime": "144004.675000",
      "TransmitCoilName": "Body",
      "VariableFlipAngleFlag": "N",
      "WindowCenterWidthExplanation": "Algo1"
    },
    "slices": {}
  },
  "time": {
    "samples": {
      "AcquisitionNumber": [1, 2, 3, 4, 5, 6, 7, 8, 9, 10],
      "AcquisitionTime": ["145414.637500", "145416.897500", "145419.157500", "145421.417500", "145423.677500", "145425.937500", "145428.197500", "145430.457500", "145432.717500", "145434.977500"],
      "ContentTime": ["145436.347000", "145436.352000", "145436.354000", "145436.357000", "145436.359000", "145436.367000", "145436.370000", "145436.372000", "145436.374000", "145436.377000"],
      "InstanceCreationTime": ["145436.347000", "145436.352000", "145436.354000", "145436.357000", "145436.359000", "145436.367000", "145436.370000", "145436.372000", "145436.374000", "145436.377000"],
      "InstanceNumber": [1, 2, 3, 4, 5, 6, 7, 8, 9, 10],
      "LargestImagePixelValue": [827, 866, 802, 894, 818, 862, 846, 803, 879, 810],
      "WindowCenter": [426.0, 425.0, 418.0, 428.0, 424.0, 425.0, 421.0, 421.0, 426.0, 420.0],
      "WindowWidth": [898.0, 896.0, 883.0, 900.0, 894.0, 895.0, 889.0, 888.0, 895.0, 884.0]
    },
    "slices": {}
  }
}