{"AcquisitionMatrixPE": 64, "AcquisitionNumber": 1, "AcquisitionTime": "14:57:52.762500", "BandwidthPerPixelPhaseEncode": 28.935, "BaseResolution": 64, "BodyPartExamined": "BRAIN", "CoilString": "HC2_4_6_7", "ConsistencyInfo": "N4_VE11E_LATEST_20181129", "ConversionSoftware": "dcm2niix", "ConversionSoftwareVersion": "v1.0.20190902", "DerivedVendorReportedEchoSpacing": 0.000540003, "DeviceSerialNumber": "166182", "DwellTime": 3.4e-06, "EchoTime": 0.032, "EchoTrainLength": 64, "EffectiveEchoSpacing": 0.000540003, "FlipAngle": 40, "ImageOrientationPatientDICOM": [0.995055, 0.0364304, -0.0924057, -0.0488404, 0.98953, -0.135813], "ImageType": ["ORIGINAL", "PRIMARY", "M", "ND", "NORM", "MOSAIC"], "ImagingFrequency": 123.256, "InPlanePhaseEncodingDirectionDICOM": "COL", "InstitutionAddress": "PEARSE_STREET_._City_District_IE_D2", "InstitutionName": "TCIN", "InstitutionalDepartmentName": "MRI", "MRAcquisitionType": "2D", "MagneticFieldStrength": 3, "Manufacturer": "Siemens", "ManufacturersModelName": "Prisma", "Modality": "MR", "MultibandAccelerationFactor": 4, "PartialFourier": 1, "PatientPosition": "HFS", "PercentPhaseFOV": 100, "PhaseEncodingDirection": "j-", "PhaseEncodingSteps": 64, "PhaseResolution": 1, "PixelBandwidth": 2300, "ProcedureStepDescription": "Rhodri_Head_BOLD", "ProtocolName": "cmrr_mbep2d_Pictures_AP_RDS", "PulseSequenceDetails": "%SiemensSeq%_ep2d_bold", "ReceiveCoilActiveElements": "HC2,4,6,7", "ReceiveCoilName": "HeadNeck_64", "ReconMatrixPE": 64, "RefLinesPE": 12, "RepetitionTime": 0.61, "SAR": 0.202082, "ScanOptions": "FS", "ScanningSequence": "EP", "SequenceName": "_epfid2d1_64", "SequenceVariant": "SK", "SeriesDescription": "cmrr_mbep2d_Pictures_AP_RDS", "SeriesNumber": 12, "ShimSetting": [-3693, -7407, 3906, 794, -116, 169, 54, -208], "SliceThickness": 3, "SliceTiming": [0.2625, 0, 0.3275, 0.0675, 0.395, 0.1325, 0.46, 0.1975, 0.525, 0.2625, 0, 0.3275, 0.0675, 0.395, 0.1325, 0.46, 0.1975, 0.525, 0.2625, 0, 0.3275, 0.0675, 0.395, 0.1325, 0.46, 0.1975, 0.525, 0.2625, 0, 0.3275, 0.0675, 0.395, 0.1325, 0.46, 0.1975, 0.525], "SoftwareVersions": "syngo_MR_E11", "SpacingBetweenSlices": 3.3, "StationName": "AWP166182", "TaskName": "pictures", "TotalReadoutTime": 0.0340202, "TxRefAmp": 238.914, "dcmmeta_affine": [[-2.9851644039154053, -0.14652113616466522, -0.28541865944862366, 104.75318908691406], [-0.10929107666015625, 2.9685895442962646, -0.46086081862449646, -85.16104888916016], [-0.27721717953681946, 0.40743985772132874, 3.255171775817871, -85.17627716064453], [0.0, 0.0, 0.0, 1.0]], "dcmmeta_reorient_transform": [[0.0, -1.0, 0.0, 63.0], [1.0, 0.0, 0.0, 0.0], [0.0, 0.0, 1.0, 0.0], [0.0, 0.0, 0.0, 1.0]], "dcmmeta_shape": [64, 64, 36, 141], "dcmmeta_slice_dim": 2, "dcmmeta_version": 0.6, "global": {"const": {"AcquisitionMatrix": [64, 0, 0, 64], "AngioFlag": "N", "BitsAllocated": 16, "BitsStored": 12, "BodyPartExamined": "BRAIN", "Columns": 384, "EchoNumbers": 1, "EchoTime": 32.0, "EchoTrainLength": 64, "FlipAngle": 40.0, "HighBit": 11, "ImageOrientationPatient": [0.9950547776763, 0.0364303588665, -0.0924057269677, -0.0488403806465, 0.9895298719995, -0.1358132896257], "ImagePositionPatient": [-549.70526939969, -594.32100646339, 50.03756572822], "ImageType": ["ORIGINAL", "PRIMARY", "M", "ND", "NORM", "MOSAIC"], "ImagedNucleus": "1H", "ImagingFrequency": 123.255976, "InPlanePhaseEncodingDirection": "COL", "MRAcquisitionType": "2D", "MagneticFieldStrength": 3.0, "Manufacturer": "SIEMENS", "ManufacturerModelName": "Prisma", "Modality": "MR", "NumberOfAverages": 1.0, "NumberOfPhaseEncodingSteps": 64, "PercentPhaseFieldOfView": 100.0, "PercentSampling": 100.0, "PerformedProcedureStepStartTime": "142139.163000", "PhotometricInterpretation": "MONOCHROME2", "PixelBandwidth": 2300.0, "PixelRepresentation": 0, "PixelSpacing": [3.0, 3.0], "ProtocolName": "cmrr_mbep2d_Pictures_AP_RDS", "RepetitionTime": 610.0, "Rows": 384, "SAR": 0.20208216085598, "SamplesPerPixel": 1, "ScanOptions": "FS", "ScanningSequence": "EP", "SequenceName": "*epfid2d1_64", "SequenceVariant": "SK", "SeriesDescription": "cmrr_mbep2d_Pictures_AP_RDS", "SeriesNumber": 12, "SeriesTime": "145808.897000", "SliceLocation": -81.186220859617, "SliceThickness": 3.0, "SmallestImagePixelValue": 0, "SoftwareVersions": "syngo MR E11", "SpacingBetweenSlices": 3.2999999389939, "SpecificCharacterSet": "ISO_IR 100", "StudyID": "1", "StudyTime": "142139.025000", "TransmitCoilName": "Body", "VariableFlipAngleFlag": "N", "WindowCenterWidthExplanation": "Algo1"}, "slices": {}}, "time": {"samples": {"AcquisitionNumber": [1, 2, 3, 4, 5, 6, 7, 8, 9, 10, 11, 12, 13, 14, 15, 16, 17, 18, 19, 20, 21, 22, 23, 24, 25, 26, 27, 28, 29, 30, 31, 32, 33, 34, 35, 36, 37, 38, 39, 40, 41, 42, 43, 44, 45, 46, 47, 48, 49, 50, 51, 52, 53, 54, 55, 56, 57, 58, 59, 60, 61, 62, 63, 64, 65, 66, 67, 68, 69, 70, 71, 72, 73, 74, 75, 76, 77, 78, 79, 80, 81, 82, 83, 84, 85, 86, 87, 88, 89, 90, 91, 92, 93, 94, 95, 96, 97, 98, 99, 100, 101, 102, 103, 104, 105, 106, 107, 108, 109, 110, 111, 112, 113, 114, 115, 116, 117, 118, 119, 120, 121, 122, 123, 124, 125, 126, 127, 128, 129, 130, 131, 132, 133, 134, 135, 136, 137, 138, 139, 140, 141], "AcquisitionTime": ["145752.762500", "145753.372500", "145753.982500", "145754.592500", "145755.202500", "145755.812500", "145756.422500", "145757.032500", "145757.642500", "145758.252500", "145758.862500", "145759.472500", "145800.082500", "145800.692500", "145801.302500", "145801.912500", "145802.522500", "145803.132500", "145803.742500", "145804.352500", "145804.962500", "145805.572500", "145806.182500", "145806.792500", "145807.402500", "145808.012500", "145808.622500", "145809.232500", "145809.842500", "145810.452500", "145811.062500", "145811.672500", "145812.282500", "145812.892500", "145813.502500", "145814.112500", "145814.722500", "145815.332500", "145815.942500", "145816.552500", "145817.162500", "145817.772500", "145818.382500", "145818.992500", "145819.602500", "145820.212500", "145820.822500", "145821.432500", "145822.042500", "145822.652500", "145823.262500", "145823.872500", "145824.482500", "145825.092500", "145825.702500", "145826.312500", "145826.922500", "145827.532500", "145828.142500", "145828.752500", "145829.362500", "145829.972500", "145830.582500", "145831.192500", "145831.802500", "145832.412500", "145833.022500", "145833.632500", "145834.242500", "145834.852500", "145835.462500", "145836.072500", "145836.682500", "145837.292500", "145837.902500", "145838.512500", "145839.122500", "145839.732500", "145840.342500", "145840.952500", "145841.562500", "145842.172500", "145842.782500", "145843.392500", "145844.002500", "145844.612500", "145845.222500", "145845.832500", "145846.442500", "145847.052500", "145847.662500", "145848.272500", "145848.882500", "145849.492500", "145850.102500", "145850.712500", "145851.322500", "145851.932500", "145852.542500", "145853.152500", "145853.762500", "145854.372500", "145854.982500", "145855.592500", "145856.202500", "145856.812500", "145857.422500", "145858.032500", "145858.642500", "145859.252500", "145859.862500", "145900.472500", "145901.082500", "145901.692500", "145902.302500", "145902.912500", "145903.522500", "145904.132500", "145904.742500", "145905.352500", "145905.962500", "145906.572500", "145907.182500", "145907.792500", "145908.402500", "145909.012500", "145909.622500", "145910.232500", "145910.842500", "145911.452500", "145912.062500", "145912.672500", "145913.282500", "145913.892500", "145914.502500", "145915.112500", "145915.722500", "145916.332500", "145916.942500", "145917.552500", "145918.162500"], "ContentTime": ["145808.901000", "145808.904000", "145808.906000", "145808.908000", "145808.911000", "145808.913000", "145808.916000", "145808.918000", "145808.920000", "145808.923000", "145808.925000", "145808.927000", "145808.930000", "145808.940000", "145808.942000", "145808.944000", "145808.947000", "145808.949000", "145808.952000", "145808.954000", "145808.957000", "145808.959000", "145808.961000", "145808.964000", "145808.966000", "145828.896000", "145828.899000", "145828.901000", "145828.904000", "145828.906000", "145828.908000", "145828.911000", "145828.913000", "145828.915000", "145828.918000", "145828.920000", "145828.922000", "145828.925000", "145828.927000", "145828.929000", "145828.932000", "145828.934000", "145828.937000", "145828.939000", "145828.941000", "145828.944000", "145828.946000", "145828.949000", "145828.951000", "145828.953000", "145828.956000", "145828.958000", "145828.966000", "145828.968000", "145828.971000", "145828.973000", "145828.975000", "145828.978000", "145848.896000", "145848.899000", "145848.901000", "145848.904000", "145848.906000", "145848.908000", "145848.911000", "145848.913000", "145848.915000", "145848.918000", "145848.920000", "145848.922000", "145848.925000", "145848.927000", "145848.929000", "145848.932000", "145848.934000", "145848.936000", "145848.939000", "145848.941000", "145848.944000", "145848.946000", "145848.948000", "145848.951000", "145848.953000", "145848.955000", "145848.958000", "145848.960000", "145848.962000", "145848.965000", "145848.967000", "145848.970000", "145848.972000", "145908.895000", "145908.898000", "145908.900000", "145908.903000", "145908.905000", "145908.908000", "145908.910000", "145908.913000", "145908.915000", "145908.917000", "145908.920000", "145908.922000", "145908.924000", "145908.927000", "145908.929000", "145908.931000", "145908.934000", "145908.969000", "145908.972000", "145908.974000", "145908.977000", "145908.979000", "145908.981000", "145908.984000", "145908.986000", "145908.989000", "145908.991000", "145908.994000", "145908.996000", "145909.000000", "145909.002000", "145909.004000", "145919.848000", "145919.851000", "145919.853000", "145919.856000", "145919.858000", "145919.861000", "145919.863000", "145919.865000", "145919.868000", "145919.870000", "145919.873000", "145919.875000", "145919.879000", "145919.888000", "145919.891000", "145919.893000", "145919.897000", "145919.901000"], "InstanceCreationTime": ["145808.901000", "145808.904000", "145808.906000", "145808.908000", "145808.911000", "145808.913000", "145808.916000", "145808.918000", "145808.920000", "145808.923000", "145808.925000", "145808.927000", "145808.930000", "145808.940000", "145808.942000", "145808.944000", "145808.947000", "145808.949000", "145808.952000", "145808.954000", "145808.957000", "145808.959000", "145808.961000", "145808.964000", "145808.966000", "145828.896000", "145828.899000", "145828.901000", "145828.904000", "145828.906000", "145828.908000", "145828.911000", "145828.913000", "145828.915000", "145828.918000", "145828.920000", "145828.922000", "145828.925000", "145828.927000", "145828.929000", "145828.932000", "145828.934000", "145828.937000", "145828.939000", "145828.941000", "145828.944000", "145828.946000", "145828.949000", "145828.951000", "145828.953000", "145828.956000", "145828.958000", "145828.966000", "145828.968000", "145828.971000", "145828.973000", "145828.975000", "145828.978000", "145848.896000", "145848.899000", "145848.901000", "145848.904000", "145848.906000", "145848.908000", "145848.911000", "145848.913000", "145848.915000", "145848.918000", "145848.920000", "145848.922000", "145848.925000", "145848.927000", "145848.929000", "145848.932000", "145848.934000", "145848.936000", "145848.939000", "145848.941000", "145848.944000", "145848.946000", "145848.948000", "145848.951000", "145848.953000", "145848.955000", "145848.958000", "145848.960000", "145848.962000", "145848.965000", "145848.967000", "145848.970000", "145848.972000", "145908.895000", "145908.898000", "145908.900000", "145908.903000", "145908.905000", "145908.908000", "145908.910000", "145908.913000", "145908.915000", "145908.917000", "145908.920000", "145908.922000", "145908.924000", "145908.927000", "145908.929000", "145908.931000", "145908.934000", "145908.969000", "145908.972000", "145908.974000", "145908.977000", "145908.979000", "145908.981000", "145908.984000", "145908.986000", "145908.989000", "145908.991000", "145908.994000", "145908.996000", "145909.000000", "145909.002000", "145909.004000", "145919.848000", "145919.851000", "145919.853000", "145919.856000", "145919.858000", "145919.861000", "145919.863000", "145919.865000", "145919.868000", "145919.870000", "145919.873000", "145919.875000", "145919.879000", "145919.888000", "145919.891000", "145919.893000", "145919.897000", "145919.901000"], "InstanceNumber": [1, 2, 3, 4, 5, 6, 7, 8, 9, 10, 11, 12, 13, 14, 15, 16, 17, 18, 19, 20, 21, 22, 23, 24, 25, 26, 27, 28, 29, 30, 31, 32, 33, 34, 35, 36, 37, 38, 39, 40, 41, 42, 43, 44, 45, 46, 47, 48, 49, 50, 51, 52, 53, 54, 55, 56, 57, 58, 59, 60, 61, 62, 63, 64, 65, 66, 67, 68, 69, 70, 71, 72, 73, 74, 75, 76, 77, 78, 79, 80, 81, 82, 83, 84, 85, 86, 87, 88, 89, 90, 91, 92, 93, 94, 95, 96, 97, 98, 99, 100, 101, 102, 103, 104, 105, 106, 107, 108, 109, 110, 111, 112, 113, 114, 115, 116, 117, 118, 119, 120, 121, 122, 123, 124, 125, 126, 127, 128, 129, 130, 131, 132, 133, 134, 135, 136, 137, 138, 139, 140, 141], "LargestImagePixelValue": [1100, 1273, 1127, 906, 943, 1063, 1074, 1023, 1053, 967, 957, 1026, 972, 866, 850, 1012, 1095, 1126, 994, 1121, 924, 1047, 1121, 994, 1185, 874, 1106, 1057, 1067, 972, 965, 908, 1251, 997, 1235, 899, 1401, 1122, 1132, 1074, 1146, 1106, 964, 1233, 916, 1126, 1061, 916, 1098, 960, 1103, 1058, 963, 1255, 1200, 961, 881, 858, 1023, 983, 1148, 1077, 912, 963, 869, 865, 1043, 903, 962, 948, 1049, 963, 990, 1081, 1071, 1085, 972, 960, 929, 895, 1222, 1060, 1085, 945, 1159, 1082, 900, 852, 978, 955, 1416, 1193, 1042, 952, 1104, 1060, 994, 879, 985, 1024, 954, 914, 945, 1056, 885, 883, 861, 1170, 913, 948, 912, 1262, 1017, 1027, 915, 912, 890, 1131, 1348, 1054, 916, 886, 1084, 931, 834, 843, 1010, 929, 878, 853, 834, 1181, 1183, 1079, 1028, 967, 931, 934, 1112, 1105, 952], "WindowCenter": [482.0, 476.0, 479.0, 476.0, 472.0, 469.0, 473.0, 478.0, 465.0, 471.0, 476.0, 471.0, 476.0, 477.0, 476.0, 477.0, 478.0, 477.0, 473.0, 471.0, 475.0, 475.0, 469.0, 477.0, 477.0, 473.0, 467.0, 483.0, 476.0, 475.0, 470.0, 479.0, 480.0, 474.0, 482.0, 478.0, 475.0, 479.0, 471.0, 478.0, 479.0, 477.0, 475.0, 479.0, 474.0, 477.0, 469.0, 466.0, 471.0, 473.0, 475.0, 465.0, 474.0, 474.0, 466.0, 481.0, 475.0, 474.0, 473.0, 469.0, 472.0, 477.0, 468.0, 470.0, 477.0, 470.0, 473.0, 475.0, 478.0, 477.0, 478.0, 474.0, 465.0, 472.0, 469.0, 476.0, 474.0, 472.0, 471.0, 469.0, 472.0, 469.0, 474.0, 466.0, 475.0, 468.0, 475.0, 472.0, 473.0, 466.0, 476.0, 477.0, 470.0, 466.0, 473.0, 476.0, 475.0, 468.0, 471.0, 479.0, 470.0, 475.0, 472.0, 471.0, 476.0, 473.0, 466.0, 476.0, 470.0, 468.0, 470.0, 475.0, 468.0, 472.0, 471.0, 470.0, 469.0, 463.0, 479.0, 474.0, 464.0, 470.0, 475.0, 475.0, 471.0, 467.0, 472.0, 476.0, 473.0, 469.0, 466.0, 470.0, 476.0, 471.0, 465.0, 471.0, 471.0, 470.0, 464.0, 470.0, 475.0], "WindowWidth": [1009.0, 997.0, 1002.0, 997.0, 990.0, 983.0, 990.0, 1001.0, 975.0, 987.0, 998.0, 988.0, 997.0, 1001.0, 999.0, 998.0, 1001.0, 998.0, 992.0, 985.0, 996.0, 994.0, 981.0, 1000.0, 998.0, 991.0, 979.0, 1011.0, 996.0, 994.0, 985.0, 1005.0, 1004.0, 993.0, 1007.0, 1002.0, 994.0, 1003.0, 986.0, 1000.0, 1004.0, 998.0, 995.0, 1001.0, 992.0, 999.0, 983.0, 978.0, 988.0, 993.0, 995.0, 974.0, 996.0, 993.0, 978.0, 1008.0, 995.0, 995.0, 991.0, 983.0, 989.0, 999.0, 981.0, 984.0, 1000.0, 986.0, 990.0, 995.0, 1002.0, 1000.0, 1000.0, 993.0, 976.0, 990.0, 983.0, 997.0, 992.0, 989.0, 988.0, 983.0, 988.0, 982.0, 993.0, 977.0, 994.0, 981.0, 996.0, 989.0, 990.0, 977.0, 995.0, 997.0, 986.0, 978.0, 990.0, 998.0, 996.0, 982.0, 989.0, 1003.0, 986.0, 996.0, 990.0, 987.0, 998.0, 992.0, 978.0, 995.0, 986.0, 982.0, 985.0, 995.0, 981.0, 990.0, 987.0, 985.0, 983.0, 971.0, 1002.0, 992.0, 975.0, 988.0, 994.0, 995.0, 987.0, 980.0, 988.0, 998.0, 992.0, 984.0, 978.0, 984.0, 995.0, 987.0, 976.0, 987.0, 988.0, 985.0, 973.0, 985.0, 996.0]}, "slices": {}}, "EventTimestamp": "15-00-26"}