{
  "AcquisitionMatrixPE": 64,
  "AcquisitionNumber": 1,
  "AcquisitionTime": "14:32:55.697500",
  "BandwidthPerPixelPhaseEncode": 28.935,
  "BaseResolution": 64,
  "BodyPartExamined": "BRAIN",
  "CoilCombinationMethod": "Sum of Squares",
  "ConsistencyInfo": "N4_VE11E_LATEST_20181129",
  "ConversionSoftware": "dcm2niix",
  "ConversionSoftwareVersion": "v1.0.20230411",
  "DerivedVendorReportedEchoSpacing": 0.000540003,
  "DeviceSerialNumber": "166182",
  "DwellTime": 3.4e-06,
  "EchoTime": 0.032,
  "EchoTrainLength": 64,
  "EffectiveEchoSpacing": 0.000540003,
  "FlipAngle": 40,
  "HeudiconvVersion": "0.13.1",
  "ImageOrientationPatientDICOM": [0.997761, 0.00385919, 0.0667703, -5.14402e-08, 0.998334, -0.0577009],
  "ImageOrientationText": "Tra>Sag(3.8)>Cor(-3.3)",
  "ImageType": [
    "ORIGINAL",
    "PRIMARY",
    "M",
    "ND",
    "NORM",
    "MOSAIC"
],
  "ImagingFrequency": 123.257277,
  "InPlanePhaseEncodingDirectionDICOM": "COL",
  "InstitutionAddress": "PEARSE STREET .,City,District,IE,D2",
  "InstitutionName": "TCIN",
  "InstitutionalDepartmentName": "MRI",
  "MRAcquisitionType": "2D",
  "MagneticFieldStrength": 3,
  "Manufacturer": "Siemens",
  "ManufacturersModelName": "Prisma",
  "Modality": "MR",
  "MultibandAccelerationFactor": 4,
  "NonlinearGradientCorrection": false,
  "PartialFourier": 1,
  "PatientPosition": "HFS",
  "PercentPhaseFOV": 100,
  "PercentSampling": 100,
  "PhaseEncodingDirection": "j",
  "PhaseEncodingSteps": 64,
  "PhaseResolution": 1,
  "PixelBandwidth": 2300,
  "ProcedureStepDescription": "Rhodri^Head BOLD",
  "ProtocolName": "cmrr_mbep2d_se_PA",
  "PulseSequenceDetails": "%SiemensSeq%\\ep2d_bold",
  "ReceiveCoilActiveElements": "HC2,4,6,7;SC",
  "ReceiveCoilName": "HeadNeck_64",
  "ReconMatrixPE": 64,
  "RefLinesPE": 12,
  "RepetitionTime": 0.61,
  "SAR": 0.302921,
  "ScanOptions": "FS",
  "ScanningSequence": "EP",
  "SequenceName": "*epfid2d1_64",
  "SequenceVariant": "SK",
  "SeriesDescription": "cmrr_mbep2d_se_PA",
  "SeriesNumber": 7,
  "ShimSetting": [-3595, -7548, 3952, 847, -125, 473, 564, -93],
  "SliceThickness": 3,
  "SliceTiming": [0.2625, 0, 0.33, 0.0675, 0.395, 0.1325, 0.46, 0.1975, 0.525, 0.2625, 0, 0.33, 0.0675, 0.395, 0.1325, 0.46, 0.1975, 0.525, 0.2625, 0, 0.33, 0.0675, 0.395, 0.1325, 0.46, 0.1975, 0.525, 0.2625, 0, 0.33, 0.0675, 0.395, 0.1325, 0.46, 0.1975, 0.525],
  "SoftwareVersions": "syngo MR E11",
  "SpacingBetweenSlices": 3.3,
  "StationName": "AWP166182",
  "TotalReadoutTime": 0.0340202,
  "TxRefAmp": 242.713,
  "dcmmeta_affine": [
    [-2.9932827949523926, -1.543205740972553e-07, 0.22070974111557007, 95.35516357421875],
    [-0.011577566154301167, 2.995001792907715, -0.18998664617538452, -103.11827850341797],
    [0.20031091570854187, 0.1731027364730835, 3.2871253490448, -94.8931655883789],
    [0.0, 0.0, 0.0, 1.0]
],
  "dcmmeta_reorient_transform": [
    [0.0, -1.0, 0.0, 63.0],
    [1.0, 0.0, 0.0, 0.0],
    [0.0, 0.0, 1.0, 0.0],
    [0.0, 0.0, 0.0, 1.0]
],
  "dcmmeta_shape": [64, 64, 36, 10],
  "dcmmeta_slice_dim": 2,
  "dcmmeta_version": 0.6,
  "global": {
    "const": {
      "AcquisitionMatrix": [64, 0, 0, 64],
      "AngioFlag": "N",
      "BitsAllocated": 16,
      "BitsStored": 12,
      "BodyPartExamined": "BRAIN",
      "Columns": 384,
      "EchoNumbers": 1,
      "EchoTime": 32.0,
      "EchoTrainLength": 64,
      "FlipAngle": 40.0,
      "HighBit": 11,
      "ImageOrientationPatient": [0.9977609096754, 0.00385918864211, 0.06677030617523, -5.1440191e-08, 0.99833391444126, -0.0577009122666],
      "ImagePositionPatient": [-574.28036365125, -566.61952010063, -88.341005803487],
      "ImageType": [
        "ORIGINAL",
        "PRIMARY",
        "M",
        "ND",
        "NORM",
        "MOSAIC"
],
      "ImagedNucleus": "1H",
      "ImagingFrequency": 123.257277,
      "InPlanePhaseEncodingDirection": "COL",
      "MRAcquisitionType": "2D",
      "MagneticFieldStrength": 3.0,
      "Manufacturer": "SIEMENS",
      "ManufacturerModelName": "Prisma",
      "Modality": "MR",
      "NumberOfAverages": 1.0,
      "NumberOfPhaseEncodingSteps": 64,
      "PercentPhaseFieldOfView": 100.0,
      "PercentSampling": 100.0,
      "PerformedProcedureStepStartTime": "141055.078000",
      "PhotometricInterpretation": "MONOCHROME2",
      "PixelBandwidth": 2300.0,
      "PixelRepresentation": 0,
      "PixelSpacing": [3.0, 3.0],
      "ProtocolName": "cmrr_mbep2d_se_PA",
      "RepetitionTime": 610.0,
      "Rows": 384,
      "SAR": 0.30292136560973,
      "SamplesPerPixel": 1,
      "ScanOptions": "FS",
      "ScanningSequence": "EP",
      "SequenceName": "*epfid2d1_64",
      "SequenceVariant": "SK",
      "SeriesDescription": "cmrr_mbep2d_se_PA",
      "SeriesNumber": 7,
      "SeriesTime": "143302.383000",
      "SliceLocation": -82.208733753064,
      "SliceThickness": 3.0,
      "SmallestImagePixelValue": 0,
      "SoftwareVersions": "syngo MR E11",
      "SpacingBetweenSlices": 3.3000000564547,
      "SpecificCharacterSet": "ISO_IR 100",
      "StudyID": "1",
      "StudyTime": "141055.023000",
      "TransmitCoilName": "Body",
      "VariableFlipAngleFlag": "N",
      "WindowCenterWidthExplanation": "Algo1"
    },
    "slices": {}
  },
  "time": {
    "samples": {
      "AcquisitionNumber": [1, 2, 3, 4, 5, 6, 7, 8, 9, 10],
      "AcquisitionTime": ["143255.697500", "143256.307500", "143256.917500", "143257.527500", "143258.137500", "143258.747500", "143259.357500", "143259.967500", "143300.577500", "143301.187500"],
      "ContentTime": ["143302.386000", "143302.389000", "143302.391000", "143302.394000", "143302.396000", "143302.399000", "143302.401000", "143302.403000", "143302.406000", "143302.408000"],
      "InstanceCreationTime": ["143302.386000", "143302.389000", "143302.391000", "143302.394000", "143302.396000", "143302.399000", "143302.401000", "143302.403000", "143302.406000", "143302.408000"],
      "InstanceNumber": [1, 2, 3, 4, 5, 6, 7, 8, 9, 10],
      "LargestImagePixelValue": [474, 465, 468, 459, 462, 470, 473, 486, 479, 482],
      "WindowCenter": [307.0, 305.0, 305.0, 302.0, 302.0, 303.0, 302.0, 302.0, 303.0, 303.0],
      "WindowWidth": [667.0, 662.0, 662.0, 658.0, 657.0, 658.0, 657.0, 657.0, 659.0, 659.0]
    },
    "slices": {}
  }
}