{"AcquisitionMatrixPE": 64, "AcquisitionNumber": 1, "AcquisitionTime": "15:57:29.675000", "BandwidthPerPixelPhaseEncode": 28.935, "BaseResolution": 64, "BodyPartExamined": "BRAIN", "CoilCombinationMethod": "Sum of Squares", "ConsistencyInfo": "N4_VE11E_LATEST_20181129", "ConversionSoftware": "dcm2niix", "ConversionSoftwareVersion": "v1.0.20230411", "DerivedVendorReportedEchoSpacing": 0.000540003, "DeviceSerialNumber": "166182", "DwellTime": 3.4e-06, "EchoTime": 0.032, "EchoTrainLength": 64, "EffectiveEchoSpacing": 0.000540003, "FlipAngle": 40, "HeudiconvVersion": "0.13.1", "ImageOrientationPatientDICOM": [0.962848, -0.267497, 0.036993, 0.268832, 0.962452, -0.0376116], "ImageOrientationText": "Tra>Cor(-2.6)>Sag(1.5)", "ImageType": ["ORIGINAL", "PRIMARY", "M", "ND", "NORM", "MOSAIC"], "ImagingFrequency": 123.257248, "InPlanePhaseEncodingDirectionDICOM": "COL", "InstitutionAddress": "PEARSE STREET .,City,District,IE,D2", "InstitutionName": "TCIN", "InstitutionalDepartmentName": "MRI", "MRAcquisitionType": "2D", "MagneticFieldStrength": 3, "Manufacturer": "Siemens", "ManufacturersModelName": "Prisma", "Modality": "MR", "MultibandAccelerationFactor": 4, "NonlinearGradientCorrection": false, "PartialFourier": 1, "PatientPosition": "HFS", "PercentPhaseFOV": 100, "PercentSampling": 100, "PhaseEncodingDirection": "j-", "PhaseEncodingSteps": 64, "PhaseResolution": 1, "PixelBandwidth": 2300, "ProcedureStepDescription": "Rhodri^Head BOLD", "ProtocolName": "cmrr_mbep2d_bold_Pictures_AP", "PulseSequenceDetails": "%SiemensSeq%\\ep2d_bold", "ReceiveCoilActiveElements": "HC2,4,6,7;SC", "ReceiveCoilName": "HeadNeck_64", "ReconMatrixPE": 64, "RefLinesPE": 12, "RepetitionTime": 0.61, "SAR": 0.334781, "ScanOptions": "FS", "ScanningSequence": "EP", "SequenceName": "*epfid2d1_64", "SequenceVariant": "SK", "SeriesDescription": "cmrr_mbep2d_bold_Pictures_AP", "SeriesNumber": 9, "ShimSetting": [-3623, -7408, 3934, 1026, -128, 343, -90, 47], "SliceThickness": 3, "SliceTiming": [0.2625, 0, 0.33, 0.0675, 0.395, 0.1325, 0.46, 0.1975, 0.525, 0.2625, 0, 0.33, 0.0675, 0.395, 0.1325, 0.46, 0.1975, 0.525, 0.2625, 0, 0.33, 0.0675, 0.395, 0.1325, 0.46, 0.1975, 0.525, 0.2625, 0, 0.33, 0.0675, 0.395, 0.1325, 0.46, 0.1975, 0.525], "SoftwareVersions": "syngo MR E11", "SpacingBetweenSlices": 3.3, "StationName": "AWP166182", "TaskName": "pictures", "TotalReadoutTime": 0.0340202, "TxRefAmp": 232.795, "dcmmeta_affine": [[-2.888544797897339, 0.8064963221549988, 0.0842919871211052, 62.777198791503906], [0.8024911284446716, 2.887357234954834, -0.15232530236244202, -127.58468627929688], [0.11097905784845352, 0.11283482611179352, 3.2954046726226807, -86.53160095214844], [0.0, 0.0, 0.0, 1.0]], "dcmmeta_reorient_transform": [[0.0, -1.0, 0.0, 63.0], [1.0, 0.0, 0.0, 0.0], [0.0, 0.0, 1.0, 0.0], [0.0, 0.0, 0.0, 1.0]], "dcmmeta_shape": [64, 64, 36, 285], "dcmmeta_slice_dim": 2, "dcmmeta_version": 0.6, "global": {"const": {"AcquisitionMatrix": [64, 0, 0, 64], "AngioFlag": "N", "BitsAllocated": 16, "BitsStored": 12, "BodyPartExamined": "BRAIN", "Columns": 384, "EchoNumbers": 1, "EchoTime": 32.0, "EchoTrainLength": 64, "FlipAngle": 40.0, "HighBit": 11, "ImageOrientationPatient": [0.96284829901266, -0.2674970461132, 0.03699301838367, 0.26883211658172, 0.96245241963627, -0.0376116076562], "ImagePositionPatient": [-704.79306746891, -387.89740355535, -79.126083936455], "ImageType": ["ORIGINAL", "PRIMARY", "M", "ND", "NORM", "MOSAIC"], "ImagedNucleus": "1H", "ImagingFrequency": 123.257248, "InPlanePhaseEncodingDirection": "COL", "MRAcquisitionType": "2D", "MagneticFieldStrength": 3.0, "Manufacturer": "SIEMENS", "ManufacturerModelName": "Prisma", "Modality": "MR", "NumberOfAverages": 1.0, "NumberOfPhaseEncodingSteps": 64, "PercentPhaseFieldOfView": 100.0, "PercentSampling": 100.0, "PerformedProcedureStepStartTime": "152926.413000", "PhotometricInterpretation": "MONOCHROME2", "PixelBandwidth": 2300.0, "PixelRepresentation": 0, "PixelSpacing": [3.0, 3.0], "ProtocolName": "cmrr_mbep2d_bold_Pictures_AP", "RepetitionTime": 610.0, "Rows": 384, "SAR": 0.33478090641147, "SamplesPerPixel": 1, "ScanOptions": "FS", "ScanningSequence": "EP", "SequenceName": "*epfid2d1_64", "SequenceVariant": "SK", "SeriesDescription": "cmrr_mbep2d_bold_Pictures_AP", "SeriesNumber": 9, "SeriesTime": "155801.062000", "SliceLocation": -78.918378524156, "SliceThickness": 3.0, "SmallestImagePixelValue": 0, "SoftwareVersions": "syngo MR E11", "SpacingBetweenSlices": 3.2999999394765, "SpecificCharacterSet": "ISO_IR 100", "StudyID": "2", "StudyTime": "152926.371000", "TransmitCoilName": "Body", "VariableFlipAngleFlag": "N", "WindowCenterWidthExplanation": "Algo1"}, "slices": {}}, "time": {"samples": {"AcquisitionNumber": [1, 2, 3, 4, 5, 6, 7, 8, 9, 10, 11, 12, 13, 14, 15, 16, 17, 18, 19, 20, 21, 22, 23, 24, 25, 26, 27, 28, 29, 30, 31, 32, 33, 34, 35, 36, 37, 38, 39, 40, 41, 42, 43, 44, 45, 46, 47, 48, 49, 50, 51, 52, 53, 54, 55, 56, 57, 58, 59, 60, 61, 62, 63, 64, 65, 66, 67, 68, 69, 70, 71, 72, 73, 74, 75, 76, 77, 78, 79, 80, 81, 82, 83, 84, 85, 86, 87, 88, 89, 90, 91, 92, 93, 94, 95, 96, 97, 98, 99, 100, 101, 102, 103, 104, 105, 106, 107, 108, 109, 110, 111, 112, 113, 114, 115, 116, 117, 118, 119, 120, 121, 122, 123, 124, 125, 126, 127, 128, 129, 130, 131, 132, 133, 134, 135, 136, 137, 138, 139, 140, 141, 142, 143, 144, 145, 146, 147, 148, 149, 150, 151, 152, 153, 154, 155, 156, 157, 158, 159, 160, 161, 162, 163, 164, 165, 166, 167, 168, 169, 170, 171, 172, 173, 174, 175, 176, 177, 178, 179, 180, 181, 182, 183, 184, 185, 186, 187, 188, 189, 190, 191, 192, 193, 194, 195, 196, 197, 198, 199, 200, 201, 202, 203, 204, 205, 206, 207, 208, 209, 210, 211, 212, 213, 214, 215, 216, 217, 218, 219, 220, 221, 222, 223, 224, 225, 226, 227, 228, 229, 230, 231, 232, 233, 234, 235, 236, 237, 238, 239, 240, 241, 242, 243, 244, 245, 246, 247, 248, 249, 250, 251, 252, 253, 254, 255, 256, 257, 258, 259, 260, 261, 262, 263, 264, 265, 266, 267, 268, 269, 270, 271, 272, 273, 274, 275, 276, 277, 278, 279, 280, 281, 282, 283, 284, 285], "AcquisitionTime": ["155729.675000", "155730.285000", "155730.895000", "155731.505000", "155732.115000", "155732.725000", "155733.335000", "155733.945000", "155734.555000", "155735.165000", "155735.775000", "155736.385000", "155736.995000", "155737.605000", "155738.215000", "155738.825000", "155739.435000", "155740.045000", "155740.655000", "155741.265000", "155741.875000", "155742.485000", "155743.095000", "155743.705000", "155744.315000", "155744.925000", "155745.535000", "155746.145000", "155746.755000", "155747.365000", "155747.975000", "155748.585000", "155749.195000", "155749.805000", "155750.415000", "155751.025000", "155751.635000", "155752.245000", "155752.855000", "155753.465000", "155754.075000", "155754.685000", "155755.295000", "155755.905000", "155756.515000", "155757.125000", "155757.735000", "155758.345000", "155758.955000", "155759.565000", "155800.175000", "155800.785000", "155801.395000", "155802.005000", "155802.615000", "155803.225000", "155803.835000", "155804.445000", "155805.055000", "155805.665000", "155806.275000", "155806.885000", "155807.495000", "155808.105000", "155808.715000", "155809.325000", "155809.935000", "155810.545000", "155811.155000", "155811.765000", "155812.375000", "155812.985000", "155813.595000", "155814.205000", "155814.815000", "155815.425000", "155816.035000", "155816.645000", "155817.255000", "155817.865000", "155818.475000", "155819.085000", "155819.695000", "155820.305000", "155820.915000", "155821.525000", "155822.135000", "155822.745000", "155823.355000", "155823.965000", "155824.575000", "155825.185000", "155825.795000", "155826.405000", "155827.015000", "155827.625000", "155828.235000", "155828.845000", "155829.455000", "155830.065000", "155830.675000", "155831.285000", "155831.895000", "155832.505000", "155833.115000", "155833.725000", "155834.335000", "155834.945000", "155835.555000", "155836.165000", "155836.775000", "155837.385000", "155837.995000", "155838.605000", "155839.215000", "155839.825000", "155840.435000", "155841.045000", "155841.655000", "155842.265000", "155842.875000", "155843.485000", "155844.095000", "155844.705000", "155845.315000", "155845.925000", "155846.535000", "155847.145000", "155847.755000", "155848.365000", "155848.975000", "155849.585000", "155850.195000", "155850.805000", "155851.415000", "155852.025000", "155852.635000", "155853.245000", "155853.855000", "155854.465000", "155855.075000", "155855.685000", "155856.295000", "155856.905000", "155857.515000", "155858.125000", "155858.735000", "155859.345000", "155859.955000", "155900.565000", "155901.175000", "155901.785000", "155902.395000", "155903.005000", "155903.615000", "155904.225000", "155904.835000", "155905.445000", "155906.055000", "155906.665000", "155907.275000", "155907.885000", "155908.495000", "155909.105000", "155909.715000", "155910.325000", "155910.935000", "155911.545000", "155912.155000", "155912.765000", "155913.375000", "155913.985000", "155914.595000", "155915.205000", "155915.815000", "155916.425000", "155917.035000", "155917.645000", "155918.255000", "155918.865000", "155919.475000", "155920.085000", "155920.695000", "155921.305000", "155921.915000", "155922.525000", "155923.135000", "155923.745000", "155924.355000", "155924.965000", "155925.575000", "155926.185000", "155926.795000", "155927.405000", "155928.015000", "155928.625000", "155929.235000", "155929.845000", "155930.455000", "155931.065000", "155931.675000", "155932.285000", "155932.895000", "155933.505000", "155934.115000", "155934.725000", "155935.335000", "155935.945000", "155936.555000", "155937.165000", "155937.775000", "155938.385000", "155938.995000", "155939.605000", "155940.215000", "155940.825000", "155941.435000", "155942.045000", "155942.655000", "155943.265000", "155943.875000", "155944.485000", "155945.095000", "155945.705000", "155946.315000", "155946.925000", "155947.535000", "155948.145000", "155948.755000", "155949.365000", "155949.975000", "155950.585000", "155951.195000", "155951.805000", "155952.415000", "155953.025000", "155953.635000", "155954.245000", "155954.855000", "155955.465000", "155956.075000", "155956.685000", "155957.295000", "155957.905000", "155958.515000", "155959.125000", "155959.735000", "160000.345000", "160000.955000", "160001.565000", "160002.175000", "160002.785000", "160003.395000", "160004.005000", "160004.615000", "160005.225000", "160005.835000", "160006.445000", "160007.055000", "160007.665000", "160008.275000", "160008.885000", "160009.495000", "160010.105000", "160010.715000", "160011.325000", "160011.935000", "160012.545000", "160013.155000", "160013.765000", "160014.375000", "160014.985000", "160015.595000", "160016.205000", "160016.815000", "160017.425000", "160018.035000", "160018.645000", "160019.255000", "160019.865000", "160020.475000", "160021.085000", "160021.695000", "160022.305000", "160022.915000"], "ContentTime": ["155801.065000", "155801.068000", "155801.071000", "155801.073000", "155801.076000", "155801.079000", "155801.082000", "155801.084000", "155801.087000", "155801.089000", "155801.091000", "155801.094000", "155801.096000", "155801.099000", "155801.101000", "155801.103000", "155801.106000", "155801.108000", "155801.111000", "155801.113000", "155801.115000", "155801.118000", "155801.120000", "155801.123000", "155801.125000", "155801.127000", "155801.130000", "155801.132000", "155801.135000", "155801.137000", "155801.140000", "155801.145000", "155801.147000", "155801.149000", "155801.152000", "155801.154000", "155801.156000", "155801.159000", "155801.161000", "155801.164000", "155801.166000", "155801.169000", "155801.171000", "155801.173000", "155801.176000", "155801.179000", "155801.181000", "155801.183000", "155801.186000", "155801.188000", "155821.060000", "155821.063000", "155821.066000", "155821.068000", "155821.070000", "155821.073000", "155821.075000", "155821.078000", "155821.080000", "155821.082000", "155821.085000", "155821.087000", "155821.090000", "155821.092000", "155821.095000", "155821.097000", "155821.099000", "155821.102000", "155821.104000", "155821.106000", "155821.109000", "155821.111000", "155821.114000", "155821.116000", "155821.119000", "155821.121000", "155821.123000", "155821.126000", "155821.128000", "155821.134000", "155821.136000", "155821.139000", "155841.060000", "155841.063000", "155841.065000", "155841.068000", "155841.070000", "155841.072000", "155841.075000", "155841.077000", "155841.080000", "155841.082000", "155841.084000", "155841.087000", "155841.089000", "155841.092000", "155841.094000", "155841.096000", "155841.099000", "155841.101000", "155841.103000", "155841.106000", "155841.108000", "155841.111000", "155841.113000", "155841.115000", "155841.118000", "155841.120000", "155841.122000", "155841.125000", "155841.127000", "155841.130000", "155841.132000", "155841.135000", "155841.138000", "155901.061000", "155901.067000", "155901.069000", "155901.072000", "155901.074000", "155901.077000", "155901.079000", "155901.082000", "155901.084000", "155901.086000", "155901.089000", "155901.091000", "155901.094000", "155901.096000", "155901.099000", "155901.101000", "155901.104000", "155901.106000", "155901.108000", "155901.111000", "155901.113000", "155901.116000", "155901.118000", "155901.120000", "155901.123000", "155901.125000", "155901.128000", "155901.130000", "155901.132000", "155901.135000", "155901.137000", "155901.140000", "155901.142000", "155921.060000", "155921.063000", "155921.065000", "155921.068000", "155921.070000", "155921.073000", "155921.075000", "155921.078000", "155921.080000", "155921.083000", "155921.085000", "155921.087000", "155921.090000", "155921.092000", "155921.095000", "155921.097000", "155921.100000", "155921.102000", "155921.104000", "155921.107000", "155921.109000", "155921.112000", "155921.114000", "155921.117000", "155921.119000", "155921.122000", "155921.124000", "155921.126000", "155921.129000", "155921.131000", "155921.134000", "155921.136000", "155921.138000", "155941.060000", "155941.063000", "155941.065000", "155941.068000", "155941.070000", "155941.073000", "155941.075000", "155941.078000", "155941.080000", "155941.083000", "155941.085000", "155941.088000", "155941.090000", "155941.092000", "155941.095000", "155941.097000", "155941.100000", "155941.102000", "155941.105000", "155941.107000", "155941.110000", "155941.112000", "155941.115000", "155941.117000", "155941.119000", "155941.122000", "155941.124000", "155941.139000", "155941.141000", "155941.144000", "155941.146000", "155941.149000", "160001.060000", "160001.063000", "160001.065000", "160001.068000", "160001.070000", "160001.073000", "160001.075000", "160001.077000", "160001.080000", "160001.082000", "160001.085000", "160001.087000", "160001.090000", "160001.092000", "160001.094000", "160001.097000", "160001.099000", "160001.102000", "160001.104000", "160001.107000", "160001.109000", "160001.112000", "160001.114000", "160001.117000", "160001.119000", "160001.121000", "160001.124000", "160001.126000", "160001.129000", "160001.131000", "160001.134000", "160001.136000", "160001.139000", "160021.060000", "160021.063000", "160021.065000", "160021.068000", "160021.070000", "160021.073000", "160021.075000", "160021.078000", "160021.080000", "160021.082000", "160021.085000", "160021.087000", "160021.090000", "160021.092000", "160021.094000", "160021.097000", "160021.099000", "160021.102000", "160021.104000", "160021.107000", "160021.109000", "160021.111000", "160021.114000", "160021.116000", "160021.119000", "160021.121000", "160021.129000", "160021.131000", "160021.133000", "160021.136000", "160021.138000", "160021.141000", "160021.143000", "160025.035000", "160025.038000", "160025.040000", "160025.043000", "160025.045000", "160025.047000"], "InstanceCreationTime": ["155801.065000", "155801.068000", "155801.071000", "155801.073000", "155801.076000", "155801.079000", "155801.082000", "155801.084000", "155801.087000", "155801.089000", "155801.091000", "155801.094000", "155801.096000", "155801.099000", "155801.101000", "155801.103000", "155801.106000", "155801.108000", "155801.111000", "155801.113000", "155801.115000", "155801.118000", "155801.120000", "155801.123000", "155801.125000", "155801.127000", "155801.130000", "155801.132000", "155801.135000", "155801.137000", "155801.140000", "155801.145000", "155801.147000", "155801.149000", "155801.152000", "155801.154000", "155801.156000", "155801.159000", "155801.161000", "155801.164000", "155801.166000", "155801.169000", "155801.171000", "155801.173000", "155801.176000", "155801.179000", "155801.181000", "155801.183000", "155801.186000", "155801.188000", "155821.060000", "155821.063000", "155821.066000", "155821.068000", "155821.070000", "155821.073000", "155821.075000", "155821.078000", "155821.080000", "155821.082000", "155821.085000", "155821.087000", "155821.090000", "155821.092000", "155821.095000", "155821.097000", "155821.099000", "155821.102000", "155821.104000", "155821.106000", "155821.109000", "155821.111000", "155821.114000", "155821.116000", "155821.119000", "155821.121000", "155821.123000", "155821.126000", "155821.128000", "155821.134000", "155821.136000", "155821.139000", "155841.060000", "155841.063000", "155841.065000", "155841.068000", "155841.070000", "155841.072000", "155841.075000", "155841.077000", "155841.080000", "155841.082000", "155841.084000", "155841.087000", "155841.089000", "155841.092000", "155841.094000", "155841.096000", "155841.099000", "155841.101000", "155841.103000", "155841.106000", "155841.108000", "155841.111000", "155841.113000", "155841.115000", "155841.118000", "155841.120000", "155841.122000", "155841.125000", "155841.127000", "155841.130000", "155841.132000", "155841.135000", "155841.138000", "155901.061000", "155901.067000", "155901.069000", "155901.072000", "155901.074000", "155901.077000", "155901.079000", "155901.082000", "155901.084000", "155901.086000", "155901.089000", "155901.091000", "155901.094000", "155901.096000", "155901.099000", "155901.101000", "155901.104000", "155901.106000", "155901.108000", "155901.111000", "155901.113000", "155901.116000", "155901.118000", "155901.120000", "155901.123000", "155901.125000", "155901.128000", "155901.130000", "155901.132000", "155901.135000", "155901.137000", "155901.140000", "155901.142000", "155921.060000", "155921.063000", "155921.065000", "155921.068000", "155921.070000", "155921.073000", "155921.075000", "155921.078000", "155921.080000", "155921.083000", "155921.085000", "155921.087000", "155921.090000", "155921.092000", "155921.095000", "155921.097000", "155921.100000", "155921.102000", "155921.104000", "155921.107000", "155921.109000", "155921.112000", "155921.114000", "155921.117000", "155921.119000", "155921.122000", "155921.124000", "155921.126000", "155921.129000", "155921.131000", "155921.134000", "155921.136000", "155921.138000", "155941.060000", "155941.063000", "155941.065000", "155941.068000", "155941.070000", "155941.073000", "155941.075000", "155941.078000", "155941.080000", "155941.083000", "155941.085000", "155941.088000", "155941.090000", "155941.092000", "155941.095000", "155941.097000", "155941.100000", "155941.102000", "155941.105000", "155941.107000", "155941.110000", "155941.112000", "155941.115000", "155941.117000", "155941.119000", "155941.122000", "155941.124000", "155941.139000", "155941.141000", "155941.144000", "155941.146000", "155941.149000", "160001.060000", "160001.063000", "160001.065000", "160001.068000", "160001.070000", "160001.073000", "160001.075000", "160001.077000", "160001.080000", "160001.082000", "160001.085000", "160001.087000", "160001.090000", "160001.092000", "160001.094000", "160001.097000", "160001.099000", "160001.102000", "160001.104000", "160001.107000", "160001.109000", "160001.112000", "160001.114000", "160001.117000", "160001.119000", "160001.121000", "160001.124000", "160001.126000", "160001.129000", "160001.131000", "160001.134000", "160001.136000", "160001.139000", "160021.060000", "160021.063000", "160021.065000", "160021.068000", "160021.070000", "160021.073000", "160021.075000", "160021.078000", "160021.080000", "160021.082000", "160021.085000", "160021.087000", "160021.090000", "160021.092000", "160021.094000", "160021.097000", "160021.099000", "160021.102000", "160021.104000", "160021.107000", "160021.109000", "160021.111000", "160021.114000", "160021.116000", "160021.119000", "160021.121000", "160021.129000", "160021.131000", "160021.133000", "160021.136000", "160021.138000", "160021.141000", "160021.143000", "160025.035000", "160025.038000", "160025.040000", "160025.043000", "160025.045000", "160025.047000"], "InstanceNumber": [1, 2, 3, 4, 5, 6, 7, 8, 9, 10, 11, 12, 13, 14, 15, 16, 17, 18, 19, 20, 21, 22, 23, 24, 25, 26, 27, 28, 29, 30, 31, 32, 33, 34, 35, 36, 37, 38, 39, 40, 41, 42, 43, 44, 45, 46, 47, 48, 49, 50, 51, 52, 53, 54, 55, 56, 57, 58, 59, 60, 61, 62, 63, 64, 65, 66, 67, 68, 69, 70, 71, 72, 73, 74, 75, 76, 77, 78, 79, 80, 81, 82, 83, 84, 85, 86, 87, 88, 89, 90, 91, 92, 93, 94, 95, 96, 97, 98, 99, 100, 101, 102, 103, 104, 105, 106, 107, 108, 109, 110, 111, 112, 113, 114, 115, 116, 117, 118, 119, 120, 121, 122, 123, 124, 125, 126, 127, 128, 129, 130, 131, 132, 133, 134, 135, 136, 137, 138, 139, 140, 141, 142, 143, 144, 145, 146, 147, 148, 149, 150, 151, 152, 153, 154, 155, 156, 157, 158, 159, 160, 161, 162, 163, 164, 165, 166, 167, 168, 169, 170, 171, 172, 173, 174, 175, 176, 177, 178, 179, 180, 181, 182, 183, 184, 185, 186, 187, 188, 189, 190, 191, 192, 193, 194, 195, 196, 197, 198, 199, 200, 201, 202, 203, 204, 205, 206, 207, 208, 209, 210, 211, 212, 213, 214, 215, 216, 217, 218, 219, 220, 221, 222, 223, 224, 225, 226, 227, 228, 229, 230, 231, 232, 233, 234, 235, 236, 237, 238, 239, 240, 241, 242, 243, 244, 245, 246, 247, 248, 249, 250, 251, 252, 253, 254, 255, 256, 257, 258, 259, 260, 261, 262, 263, 264, 265, 266, 267, 268, 269, 270, 271, 272, 273, 274, 275, 276, 277, 278, 279, 280, 281, 282, 283, 284, 285], "LargestImagePixelValue": [553, 540, 534, 529, 534, 543, 562, 563, 549, 550, 544, 547, 546, 554, 544, 569, 555, 537, 545, 536, 552, 543, 547, 552, 549, 545, 575, 568, 561, 559, 554, 559, 563, 556, 552, 552, 559, 557, 560, 558, 553, 557, 553, 556, 550, 552, 547, 547, 547, 554, 559, 559, 557, 560, 559, 559, 560, 552, 554, 551, 559, 548, 561, 553, 560, 549, 555, 547, 552, 549, 549, 548, 545, 553, 543, 547, 546, 540, 536, 546, 540, 548, 541, 549, 553, 543, 541, 543, 544, 548, 547, 549, 554, 547, 552, 547, 555, 548, 548, 545, 549, 544, 549, 550, 548, 543, 541, 533, 531, 533, 527, 549, 548, 595, 556, 545, 539, 539, 539, 537, 537, 538, 542, 538, 541, 534, 536, 543, 537, 533, 604, 568, 545, 534, 533, 551, 560, 546, 562, 580, 551, 533, 534, 525, 535, 539, 531, 538, 531, 540, 540, 543, 546, 534, 536, 536, 538, 541, 540, 542, 538, 541, 541, 537, 541, 540, 543, 542, 539, 539, 540, 537, 538, 540, 540, 541, 539, 538, 545, 541, 538, 543, 540, 542, 536, 545, 537, 546, 540, 544, 538, 543, 537, 539, 539, 541, 539, 541, 537, 539, 537, 540, 536, 548, 537, 543, 534, 539, 542, 538, 541, 535, 542, 539, 537, 543, 537, 538, 535, 536, 541, 538, 536, 536, 538, 541, 534, 536, 537, 539, 537, 540, 539, 539, 536, 541, 547, 538, 540, 603, 537, 592, 541, 540, 539, 567, 538, 541, 536, 540, 533, 541, 535, 540, 536, 537, 536, 535, 538, 538, 538, 536, 536, 540, 536, 538, 540, 535, 540, 539, 536, 538, 537, 543, 536, 536, 543, 533, 539, 538, 535, 542, 538, 532, 541], "WindowCenter": [321.0, 317.0, 315.0, 314.0, 314.0, 313.0, 313.0, 314.0, 313.0, 313.0, 313.0, 313.0, 313.0, 313.0, 314.0, 317.0, 312.0, 312.0, 313.0, 312.0, 312.0, 313.0, 312.0, 312.0, 312.0, 312.0, 314.0, 313.0, 313.0, 313.0, 312.0, 313.0, 312.0, 312.0, 313.0, 312.0, 313.0, 313.0, 312.0, 312.0, 313.0, 313.0, 312.0, 313.0, 313.0, 313.0, 312.0, 313.0, 313.0, 313.0, 313.0, 313.0, 313.0, 313.0, 313.0, 313.0, 312.0, 314.0, 312.0, 314.0, 313.0, 313.0, 313.0, 313.0, 313.0, 313.0, 313.0, 313.0, 313.0, 312.0, 312.0, 312.0, 312.0, 312.0, 313.0, 312.0, 312.0, 313.0, 313.0, 312.0, 313.0, 313.0, 314.0, 313.0, 314.0, 314.0, 313.0, 313.0, 314.0, 313.0, 313.0, 313.0, 313.0, 313.0, 313.0, 313.0, 313.0, 312.0, 312.0, 312.0, 312.0, 312.0, 312.0, 312.0, 311.0, 312.0, 312.0, 313.0, 313.0, 312.0, 311.0, 312.0, 313.0, 317.0, 313.0, 312.0, 311.0, 312.0, 312.0, 312.0, 312.0, 312.0, 312.0, 311.0, 311.0, 312.0, 313.0, 313.0, 312.0, 310.0, 312.0, 311.0, 311.0, 312.0, 312.0, 311.0, 312.0, 310.0, 309.0, 313.0, 312.0, 310.0, 311.0, 309.0, 311.0, 312.0, 311.0, 312.0, 312.0, 312.0, 312.0, 314.0, 314.0, 313.0, 313.0, 313.0, 312.0, 313.0, 312.0, 312.0, 312.0, 312.0, 313.0, 312.0, 312.0, 312.0, 312.0, 312.0, 313.0, 312.0, 313.0, 313.0, 313.0, 312.0, 313.0, 313.0, 312.0, 313.0, 313.0, 312.0, 313.0, 312.0, 312.0, 313.0, 313.0, 313.0, 313.0, 313.0, 313.0, 314.0, 313.0, 313.0, 313.0, 313.0, 313.0, 313.0, 312.0, 313.0, 312.0, 312.0, 312.0, 313.0, 312.0, 313.0, 312.0, 313.0, 312.0, 313.0, 313.0, 312.0, 313.0, 313.0, 313.0, 313.0, 313.0, 314.0, 313.0, 312.0, 313.0, 312.0, 313.0, 313.0, 312.0, 313.0, 313.0, 313.0, 313.0, 313.0, 314.0, 313.0, 314.0, 315.0, 315.0, 314.0, 314.0, 314.0, 314.0, 313.0, 313.0, 314.0, 312.0, 313.0, 312.0, 311.0, 311.0, 311.0, 311.0, 311.0, 310.0, 311.0, 310.0, 310.0, 310.0, 311.0, 310.0, 311.0, 311.0, 311.0, 311.0, 311.0, 311.0, 311.0, 311.0, 311.0, 311.0, 311.0, 311.0, 312.0, 312.0, 312.0, 312.0, 312.0, 312.0, 313.0, 312.0, 313.0, 313.0, 313.0, 313.0, 312.0, 312.0, 313.0, 313.0, 312.0, 313.0], "WindowWidth": [694.0, 687.0, 684.0, 680.0, 680.0, 679.0, 679.0, 680.0, 678.0, 678.0, 679.0, 678.0, 679.0, 678.0, 680.0, 686.0, 678.0, 677.0, 678.0, 677.0, 677.0, 678.0, 677.0, 677.0, 676.0, 677.0, 680.0, 678.0, 678.0, 678.0, 677.0, 678.0, 677.0, 677.0, 678.0, 676.0, 678.0, 678.0, 678.0, 677.0, 678.0, 678.0, 677.0, 678.0, 678.0, 678.0, 677.0, 679.0, 678.0, 679.0, 678.0, 679.0, 678.0, 678.0, 679.0, 678.0, 678.0, 680.0, 677.0, 680.0, 678.0, 679.0, 678.0, 679.0, 677.0, 678.0, 677.0, 678.0, 678.0, 677.0, 677.0, 677.0, 677.0, 677.0, 678.0, 677.0, 677.0, 678.0, 678.0, 677.0, 678.0, 678.0, 680.0, 678.0, 680.0, 680.0, 678.0, 678.0, 680.0, 678.0, 679.0, 678.0, 678.0, 678.0, 678.0, 678.0, 677.0, 677.0, 677.0, 677.0, 677.0, 676.0, 676.0, 677.0, 676.0, 677.0, 677.0, 678.0, 678.0, 677.0, 676.0, 676.0, 679.0, 686.0, 678.0, 676.0, 676.0, 677.0, 677.0, 677.0, 677.0, 678.0, 677.0, 676.0, 675.0, 676.0, 678.0, 678.0, 676.0, 674.0, 677.0, 676.0, 674.0, 676.0, 675.0, 675.0, 677.0, 674.0, 671.0, 679.0, 676.0, 673.0, 675.0, 672.0, 676.0, 676.0, 674.0, 676.0, 676.0, 677.0, 677.0, 681.0, 680.0, 678.0, 678.0, 678.0, 677.0, 678.0, 677.0, 677.0, 677.0, 676.0, 678.0, 677.0, 676.0, 677.0, 677.0, 677.0, 678.0, 677.0, 678.0, 678.0, 678.0, 677.0, 678.0, 678.0, 677.0, 679.0, 679.0, 677.0, 678.0, 677.0, 677.0, 678.0, 678.0, 678.0, 678.0, 679.0, 678.0, 680.0, 678.0, 679.0, 678.0, 679.0, 679.0, 679.0, 678.0, 678.0, 677.0, 678.0, 677.0, 678.0, 677.0, 679.0, 677.0, 679.0, 677.0, 678.0, 679.0, 677.0, 679.0, 679.0, 679.0, 679.0, 679.0, 681.0, 678.0, 678.0, 679.0, 677.0, 679.0, 678.0, 677.0, 679.0, 679.0, 679.0, 679.0, 679.0, 680.0, 680.0, 680.0, 682.0, 682.0, 681.0, 681.0, 681.0, 681.0, 680.0, 679.0, 680.0, 678.0, 678.0, 676.0, 674.0, 676.0, 674.0, 674.0, 674.0, 673.0, 674.0, 672.0, 674.0, 673.0, 674.0, 673.0, 674.0, 674.0, 674.0, 674.0, 674.0, 674.0, 675.0, 674.0, 676.0, 675.0, 675.0, 676.0, 676.0, 677.0, 676.0, 676.0, 677.0, 677.0, 679.0, 678.0, 678.0, 679.0, 678.0, 678.0, 678.0, 677.0, 679.0, 678.0, 678.0, 679.0]}, "slices": {}}, "EventTimestamp": "15-58-38"}