{"AcquisitionMatrixPE": 64, "AcquisitionNumber": 1, "AcquisitionTime": "14:33:14.697500", "BandwidthPerPixelPhaseEncode": 28.935, "BaseResolution": 64, "BodyPartExamined": "BRAIN", "CoilCombinationMethod": "Sum of Squares", "ConsistencyInfo": "N4_VE11E_LATEST_20181129", "ConversionSoftware": "dcm2niix", "ConversionSoftwareVersion": "v1.0.20230411", "DerivedVendorReportedEchoSpacing": 0.000540003, "DeviceSerialNumber": "166182", "DwellTime": 3.4e-06, "EchoTime": 0.032, "EchoTrainLength": 64, "EffectiveEchoSpacing": 0.000540003, "FlipAngle": 40, "HeudiconvVersion": "0.13.1", "ImageOrientationPatientDICOM": [0.997025, -0.0344676, 0.0689361, 0.0383019, 0.997746, -0.0550952], "ImageOrientationText": "Tra>Sag(3.8)>Cor(-3.3)", "ImageType": ["ORIGINAL", "PRIMARY", "M", "ND", "NORM", "MOSAIC"], "ImagingFrequency": 123.257276, "InPlanePhaseEncodingDirectionDICOM": "COL", "InstitutionAddress": "PEARSE STREET .,City,District,IE,D2", "InstitutionName": "TCIN", "InstitutionalDepartmentName": "MRI", "MRAcquisitionType": "2D", "MagneticFieldStrength": 3, "Manufacturer": "Siemens", "ManufacturersModelName": "Prisma", "Modality": "MR", "MultibandAccelerationFactor": 4, "NonlinearGradientCorrection": false, "PartialFourier": 1, "PatientPosition": "HFS", "PercentPhaseFOV": 100, "PercentSampling": 100, "PhaseEncodingDirection": "j-", "PhaseEncodingSteps": 64, "PhaseResolution": 1, "PixelBandwidth": 2300, "ProcedureStepDescription": "Rhodri^Head BOLD", "ProtocolName": "cmrr_mbep2d_bold_Pictures_AP", "PulseSequenceDetails": "%SiemensSeq%\\ep2d_bold", "ReceiveCoilActiveElements": "HC2,4,6,7;SC", "ReceiveCoilName": "HeadNeck_64", "ReconMatrixPE": 64, "RefLinesPE": 12, "RepetitionTime": 0.61, "SAR": 0.369499, "ScanOptions": "FS", "ScanningSequence": "EP", "SequenceName": "*epfid2d1_64", "SequenceVariant": "SK", "SeriesDescription": "cmrr_mbep2d_bold_Pictures_AP", "SeriesNumber": 8, "ShimSetting": [-3595, -7548, 3952, 847, -125, 473, 565, -92], "SliceThickness": 3, "SliceTiming": [0.2625, 0, 0.3275, 0.065, 0.3925, 0.13, 0.46, 0.1975, 0.525, 0.2625, 0, 0.3275, 0.065, 0.3925, 0.13, 0.46, 0.1975, 0.525, 0.2625, 0, 0.3275, 0.065, 0.3925, 0.13, 0.46, 0.1975, 0.525, 0.2625, 0, 0.3275, 0.065, 0.3925, 0.13, 0.46, 0.1975, 0.525], "SoftwareVersions": "syngo MR E11", "SpacingBetweenSlices": 3.3, "StationName": "AWP166182", "TaskName": "pictures", "TotalReadoutTime": 0.0340202, "TxRefAmp": 242.713, "dcmmeta_affine": [[-2.9910764694213867, 0.11490568518638611, 0.22070974111557007, 91.72248077392578], [0.10340279340744019, 2.993238687515259, -0.18998666107654572, -106.74299621582031], [0.20680832862854004, 0.1652856469154358, 3.2871253490448, -94.85875701904297], [0.0, 0.0, 0.0, 1.0]], "dcmmeta_reorient_transform": [[0.0, -1.0, 0.0, 63.0], [1.0, 0.0, 0.0, 0.0], [0.0, 0.0, 1.0, 0.0], [0.0, 0.0, 0.0, 1.0]], "dcmmeta_shape": [64, 64, 36, 510], "dcmmeta_slice_dim": 2, "dcmmeta_version": 0.6, "global": {"const": {"AcquisitionMatrix": [64, 0, 0, 64], "AngioFlag": "N", "BitsAllocated": 16, "BitsStored": 12, "BodyPartExamined": "BRAIN", "Columns": 384, "EchoNumbers": 1, "EchoTime": 32.0, "EchoTrainLength": 64, "FlipAngle": 40.0, "HighBit": 11, "ImageOrientationPatient": [0.99702547498881, -0.0344675980192, 0.06893610744834, 0.03830189458919, 0.99774620127812, -0.0550952149098], "ImagePositionPatient": [-595.91867418469, -544.20476820174, -91.089389014296], "ImageType": ["ORIGINAL", "PRIMARY", "M", "ND", "NORM", "MOSAIC"], "ImagedNucleus": "1H", "ImagingFrequency": 123.257276, "InPlanePhaseEncodingDirection": "COL", "MRAcquisitionType": "2D", "MagneticFieldStrength": 3.0, "Manufacturer": "SIEMENS", "ManufacturerModelName": "Prisma", "Modality": "MR", "NumberOfAverages": 1.0, "NumberOfPhaseEncodingSteps": 64, "PercentPhaseFieldOfView": 100.0, "PercentSampling": 100.0, "PerformedProcedureStepStartTime": "141055.078000", "PhotometricInterpretation": "MONOCHROME2", "PixelBandwidth": 2300.0, "PixelRepresentation": 0, "PixelSpacing": [3.0, 3.0], "ProtocolName": "cmrr_mbep2d_bold_Pictures_AP", "RepetitionTime": 610.0, "Rows": 384, "SAR": 0.36949946593906, "SamplesPerPixel": 1, "ScanOptions": "FS", "ScanningSequence": "EP", "SequenceName": "*epfid2d1_64", "SequenceVariant": "SK", "SeriesDescription": "cmrr_mbep2d_bold_Pictures_AP", "SeriesNumber": 8, "SeriesTime": "143346.308000", "SliceLocation": -82.208733676059, "SliceThickness": 3.0, "SmallestImagePixelValue": 0, "SoftwareVersions": "syngo MR E11", "SpacingBetweenSlices": 3.3000000564547, "SpecificCharacterSet": "ISO_IR 100", "StudyID": "1", "StudyTime": "141055.023000", "TransmitCoilName": "Body", "VariableFlipAngleFlag": "N", "WindowCenterWidthExplanation": "Algo1"}, "slices": {}}, "time": {"samples": {"AcquisitionNumber": [1, 2, 3, 4, 5, 6, 7, 8, 9, 10, 11, 12, 13, 14, 15, 16, 17, 18, 19, 20, 21, 22, 23, 24, 25, 26, 27, 28, 29, 30, 31, 32, 33, 34, 35, 36, 37, 38, 39, 40, 41, 42, 43, 44, 45, 46, 47, 48, 49, 50, 51, 52, 53, 54, 55, 56, 57, 58, 59, 60, 61, 62, 63, 64, 65, 66, 67, 68, 69, 70, 71, 72, 73, 74, 75, 76, 77, 78, 79, 80, 81, 82, 83, 84, 85, 86, 87, 88, 89, 90, 91, 92, 93, 94, 95, 96, 97, 98, 99, 100, 101, 102, 103, 104, 105, 106, 107, 108, 109, 110, 111, 112, 113, 114, 115, 116, 117, 118, 119, 120, 121, 122, 123, 124, 125, 126, 127, 128, 129, 130, 131, 132, 133, 134, 135, 136, 137, 138, 139, 140, 141, 142, 143, 144, 145, 146, 147, 148, 149, 150, 151, 152, 153, 154, 155, 156, 157, 158, 159, 160, 161, 162, 163, 164, 165, 166, 167, 168, 169, 170, 171, 172, 173, 174, 175, 176, 177, 178, 179, 180, 181, 182, 183, 184, 185, 186, 187, 188, 189, 190, 191, 192, 193, 194, 195, 196, 197, 198, 199, 200, 201, 202, 203, 204, 205, 206, 207, 208, 209, 210, 211, 212, 213, 214, 215, 216, 217, 218, 219, 220, 221, 222, 223, 224, 225, 226, 227, 228, 229, 230, 231, 232, 233, 234, 235, 236, 237, 238, 239, 240, 241, 242, 243, 244, 245, 246, 247, 248, 249, 250, 251, 252, 253, 254, 255, 256, 257, 258, 259, 260, 261, 262, 263, 264, 265, 266, 267, 268, 269, 270, 271, 272, 273, 274, 275, 276, 277, 278, 279, 280, 281, 282, 283, 284, 285, 286, 287, 288, 289, 290, 291, 292, 293, 294, 295, 296, 297, 298, 299, 300, 301, 302, 303, 304, 305, 306, 307, 308, 309, 310, 311, 312, 313, 314, 315, 316, 317, 318, 319, 320, 321, 322, 323, 324, 325, 326, 327, 328, 329, 330, 331, 332, 333, 334, 335, 336, 337, 338, 339, 340, 341, 342, 343, 344, 345, 346, 347, 348, 349, 350, 351, 352, 353, 354, 355, 356, 357, 358, 359, 360, 361, 362, 363, 364, 365, 366, 367, 368, 369, 370, 371, 372, 373, 374, 375, 376, 377, 378, 379, 380, 381, 382, 383, 384, 385, 386, 387, 388, 389, 390, 391, 392, 393, 394, 395, 396, 397, 398, 399, 400, 401, 402, 403, 404, 405, 406, 407, 408, 409, 410, 411, 412, 413, 414, 415, 416, 417, 418, 419, 420, 421, 422, 423, 424, 425, 426, 427, 428, 429, 430, 431, 432, 433, 434, 435, 436, 437, 438, 439, 440, 441, 442, 443, 444, 445, 446, 447, 448, 449, 450, 451, 452, 453, 454, 455, 456, 457, 458, 459, 460, 461, 462, 463, 464, 465, 466, 467, 468, 469, 470, 471, 472, 473, 474, 475, 476, 477, 478, 479, 480, 481, 482, 483, 484, 485, 486, 487, 488, 489, 490, 491, 492, 493, 494, 495, 496, 497, 498, 499, 500, 501, 502, 503, 504, 505, 506, 507, 508, 509, 510], "AcquisitionTime": ["143314.697500", "143315.307500", "143315.917500", "143316.527500", "143317.137500", "143317.747500", "143318.357500", "143318.967500", "143319.577500", "143320.187500", "143320.797500", "143321.407500", "143322.017500", "143322.627500", "143323.237500", "143323.847500", "143324.457500", "143325.067500", "143325.677500", "143326.287500", "143326.897500", "143327.507500", "143328.117500", "143328.727500", "143329.337500", "143329.947500", "143330.557500", "143331.167500", "143331.777500", "143332.387500", "143332.997500", "143333.607500", "143334.217500", "143334.827500", "143335.437500", "143336.047500", "143336.657500", "143337.267500", "143337.877500", "143338.487500", "143339.097500", "143339.707500", "143340.317500", "143340.927500", "143341.537500", "143342.147500", "143342.757500", "143343.367500", "143343.977500", "143344.587500", "143345.197500", "143345.807500", "143346.417500", "143347.027500", "143347.637500", "143348.247500", "143348.857500", "143349.467500", "143350.077500", "143350.687500", "143351.297500", "143351.907500", "143352.517500", "143353.127500", "143353.737500", "143354.347500", "143354.957500", "143355.567500", "143356.177500", "143356.787500", "143357.397500", "143358.007500", "143358.617500", "143359.227500", "143359.837500", "143400.447500", "143401.057500", "143401.667500", "143402.277500", "143402.887500", "143403.497500", "143404.107500", "143404.717500", "143405.327500", "143405.937500", "143406.547500", "143407.157500", "143407.767500", "143408.377500", "143408.987500", "143409.597500", "143410.207500", "143410.817500", "143411.427500", "143412.037500", "143412.647500", "143413.257500", "143413.867500", "143414.477500", "143415.087500", "143415.697500", "143416.307500", "143416.917500", "143417.527500", "143418.137500", "143418.747500", "143419.357500", "143419.967500", "143420.577500", "143421.187500", "143421.797500", "143422.407500", "143423.017500", "143423.627500", "143424.237500", "143424.847500", "143425.457500", "143426.067500", "143426.677500", "143427.287500", "143427.897500", "143428.507500", "143429.117500", "143429.727500", "143430.337500", "143430.947500", "143431.557500", "143432.167500", "143432.777500", "143433.387500", "143433.997500", "143434.607500", "143435.217500", "143435.827500", "143436.437500", "143437.047500", "143437.657500", "143438.267500", "143438.877500", "143439.487500", "143440.097500", "143440.707500", "143441.317500", "143441.927500", "143442.537500", "143443.147500", "143443.757500", "143444.367500", "143444.977500", "143445.587500", "143446.197500", "143446.807500", "143447.417500", "143448.027500", "143448.637500", "143449.247500", "143449.857500", "143450.467500", "143451.077500", "143451.687500", "143452.297500", "143452.907500", "143453.517500", "143454.127500", "143454.737500", "143455.347500", "143455.957500", "143456.567500", "143457.177500", "143457.787500", "143458.397500", "143459.007500", "143459.617500", "143500.227500", "143500.837500", "143501.447500", "143502.057500", "143502.667500", "143503.277500", "143503.887500", "143504.497500", "143505.107500", "143505.717500", "143506.327500", "143506.937500", "143507.547500", "143508.157500", "143508.767500", "143509.377500", "143509.987500", "143510.597500", "143511.207500", "143511.817500", "143512.427500", "143513.037500", "143513.647500", "143514.257500", "143514.867500", "143515.477500", "143516.087500", "143516.697500", "143517.307500", "143517.917500", "143518.527500", "143519.137500", "143519.747500", "143520.357500", "143520.967500", "143521.577500", "143522.187500", "143522.797500", "143523.407500", "143524.017500", "143524.627500", "143525.237500", "143525.847500", "143526.457500", "143527.067500", "143527.677500", "143528.287500", "143528.897500", "143529.507500", "143530.117500", "143530.727500", "143531.337500", "143531.947500", "143532.557500", "143533.167500", "143533.777500", "143534.387500", "143534.997500", "143535.607500", "143536.217500", "143536.827500", "143537.437500", "143538.047500", "143538.657500", "143539.267500", "143539.877500", "143540.487500", "143541.097500", "143541.707500", "143542.317500", "143542.927500", "143543.537500", "143544.147500", "143544.757500", "143545.367500", "143545.977500", "143546.587500", "143547.197500", "143547.807500", "143548.417500", "143549.027500", "143549.637500", "143550.247500", "143550.857500", "143551.467500", "143552.077500", "143552.687500", "143553.297500", "143553.907500", "143554.517500", "143555.127500", "143555.737500", "143556.347500", "143556.957500", "143557.567500", "143558.177500", "143558.787500", "143559.397500", "143600.007500", "143600.617500", "143601.227500", "143601.837500", "143602.447500", "143603.057500", "143603.667500", "143604.277500", "143604.887500", "143605.497500", "143606.107500", "143606.717500", "143607.327500", "143607.937500", "143608.547500", "143609.157500", "143609.767500", "143610.377500", "143610.987500", "143611.597500", "143612.207500", "143612.817500", "143613.427500", "143614.037500", "143614.647500", "143615.257500", "143615.867500", "143616.477500", "143617.087500", "143617.697500", "143618.307500", "143618.917500", "143619.527500", "143620.137500", "143620.747500", "143621.357500", "143621.967500", "143622.577500", "143623.187500", "143623.797500", "143624.407500", "143625.017500", "143625.627500", "143626.237500", "143626.847500", "143627.457500", "143628.067500", "143628.677500", "143629.287500", "143629.897500", "143630.507500", "143631.117500", "143631.727500", "143632.337500", "143632.947500", "143633.557500", "143634.167500", "143634.777500", "143635.387500", "143635.997500", "143636.607500", "143637.217500", "143637.827500", "143638.437500", "143639.047500", "143639.657500", "143640.267500", "143640.877500", "143641.487500", "143642.097500", "143642.707500", "143643.317500", "143643.927500", "143644.537500", "143645.147500", "143645.757500", "143646.367500", "143646.977500", "143647.587500", "143648.197500", "143648.807500", "143649.417500", "143650.027500", "143650.637500", "143651.247500", "143651.857500", "143652.467500", "143653.077500", "143653.687500", "143654.297500", "143654.907500", "143655.517500", "143656.127500", "143656.737500", "143657.347500", "143657.957500", "143658.567500", "143659.177500", "143659.787500", "143700.397500", "143701.007500", "143701.617500", "143702.227500", "143702.837500", "143703.447500", "143704.057500", "143704.667500", "143705.277500", "143705.887500", "143706.497500", "143707.107500", "143707.717500", "143708.327500", "143708.937500", "143709.547500", "143710.157500", "143710.767500", "143711.377500", "143711.987500", "143712.597500", "143713.207500", "143713.817500", "143714.427500", "143715.037500", "143715.647500", "143716.257500", "143716.867500", "143717.477500", "143718.087500", "143718.697500", "143719.307500", "143719.917500", "143720.527500", "143721.137500", "143721.747500", "143722.357500", "143722.967500", "143723.577500", "143724.187500", "143724.797500", "143725.407500", "143726.017500", "143726.627500", "143727.237500", "143727.847500", "143728.457500", "143729.067500", "143729.677500", "143730.287500", "143730.897500", "143731.507500", "143732.117500", "143732.727500", "143733.337500", "143733.947500", "143734.557500", "143735.167500", "143735.777500", "143736.387500", "143736.997500", "143737.607500", "143738.217500", "143738.827500", "143739.437500", "143740.047500", "143740.657500", "143741.267500", "143741.877500", "143742.487500", "143743.097500", "143743.707500", "143744.317500", "143744.927500", "143745.537500", "143746.147500", "143746.757500", "143747.367500", "143747.977500", "143748.587500", "143749.197500", "143749.807500", "143750.417500", "143751.027500", "143751.637500", "143752.247500", "143752.857500", "143753.467500", "143754.077500", "143754.687500", "143755.297500", "143755.907500", "143756.517500", "143757.127500", "143757.737500", "143758.347500", "143758.957500", "143759.567500", "143800.177500", "143800.787500", "143801.397500", "143802.007500", "143802.617500", "143803.227500", "143803.837500", "143804.447500", "143805.057500", "143805.667500", "143806.277500", "143806.887500", "143807.497500", "143808.107500", "143808.717500", "143809.327500", "143809.937500", "143810.547500", "143811.157500", "143811.767500", "143812.377500", "143812.987500", "143813.597500", "143814.207500", "143814.817500", "143815.427500", "143816.037500", "143816.647500", "143817.257500", "143817.867500", "143818.477500", "143819.087500", "143819.697500", "143820.307500", "143820.917500", "143821.527500", "143822.137500", "143822.747500", "143823.357500", "143823.967500", "143824.577500", "143825.187500"], "ContentTime": ["143346.311000", "143346.315000", "143346.317000", "143346.320000", "143346.322000", "143346.325000", "143346.327000", "143346.330000", "143346.332000", "143346.334000", "143346.337000", "143346.339000", "143346.342000", "143346.344000", "143346.346000", "143346.351000", "143346.354000", "143346.356000", "143346.372000", "143346.375000", "143346.377000", "143346.380000", "143346.382000", "143346.385000", "143346.387000", "143346.389000", "143346.392000", "143346.394000", "143346.397000", "143346.399000", "143346.401000", "143346.410000", "143346.413000", "143346.415000", "143346.418000", "143346.420000", "143346.423000", "143346.425000", "143346.428000", "143346.430000", "143346.432000", "143346.435000", "143346.437000", "143346.440000", "143346.442000", "143346.444000", "143346.447000", "143346.449000", "143346.451000", "143346.454000", "143346.456000", "143406.306000", "143406.309000", "143406.311000", "143406.314000", "143406.316000", "143406.319000", "143406.321000", "143406.324000", "143406.326000", "143406.328000", "143406.331000", "143406.333000", "143406.336000", "143406.338000", "143406.340000", "143406.343000", "143406.345000", "143406.348000", "143406.350000", "143406.352000", "143406.355000", "143406.357000", "143406.360000", "143406.362000", "143406.364000", "143406.367000", "143406.370000", "143406.372000", "143406.374000", "143406.377000", "143406.383000", "143406.386000", "143406.388000", "143426.306000", "143426.309000", "143426.311000", "143426.314000", "143426.316000", "143426.319000", "143426.321000", "143426.324000", "143426.326000", "143426.328000", "143426.331000", "143426.333000", "143426.336000", "143426.338000", "143426.341000", "143426.343000", "143426.346000", "143426.348000", "143426.350000", "143426.353000", "143426.355000", "143426.358000", "143426.360000", "143426.363000", "143426.365000", "143426.367000", "143426.370000", "143426.372000", "143426.374000", "143426.377000", "143426.379000", "143426.382000", "143446.306000", "143446.309000", "143446.311000", "143446.314000", "143446.316000", "143446.318000", "143446.321000", "143446.323000", "143446.326000", "143446.328000", "143446.330000", "143446.333000", "143446.335000", "143446.338000", "143446.340000", "143446.342000", "143446.345000", "143446.347000", "143446.350000", "143446.352000", "143446.356000", "143446.358000", "143446.361000", "143446.363000", "143446.365000", "143446.368000", "143446.370000", "143446.373000", "143446.375000", "143446.377000", "143446.380000", "143446.382000", "143446.384000", "143506.306000", "143506.309000", "143506.311000", "143506.314000", "143506.316000", "143506.319000", "143506.321000", "143506.323000", "143506.326000", "143506.328000", "143506.331000", "143506.333000", "143506.335000", "143506.338000", "143506.340000", "143506.343000", "143506.345000", "143506.347000", "143506.350000", "143506.352000", "143506.355000", "143506.357000", "143506.360000", "143506.362000", "143506.364000", "143506.367000", "143506.369000", "143506.372000", "143506.374000", "143506.377000", "143506.379000", "143506.381000", "143506.384000", "143526.306000", "143526.309000", "143526.311000", "143526.314000", "143526.316000", "143526.318000", "143526.321000", "143526.323000", "143526.326000", "143526.328000", "143526.331000", "143526.333000", "143526.336000", "143526.338000", "143526.340000", "143526.343000", "143526.345000", "143526.348000", "143526.350000", "143526.352000", "143526.355000", "143526.357000", "143526.360000", "143526.362000", "143526.365000", "143526.367000", "143526.369000", "143526.372000", "143526.374000", "143526.377000", "143526.379000", "143526.381000", "143526.384000", "143546.307000", "143546.310000", "143546.312000", "143546.315000", "143546.317000", "143546.319000", "143546.322000", "143546.324000", "143546.327000", "143546.329000", "143546.331000", "143546.334000", "143546.336000", "143546.339000", "143546.341000", "143546.344000", "143546.346000", "143546.349000", "143546.351000", "143546.353000", "143546.356000", "143546.358000", "143546.361000", "143546.363000", "143546.366000", "143546.368000", "143546.371000", "143546.373000", "143546.375000", "143546.378000", "143546.380000", "143546.383000", "143606.306000", "143606.309000", "143606.311000", "143606.314000", "143606.316000", "143606.319000", "143606.321000", "143606.324000", "143606.326000", "143606.328000", "143606.331000", "143606.333000", "143606.336000", "143606.338000", "143606.340000", "143606.343000", "143606.345000", "143606.347000", "143606.350000", "143606.352000", "143606.355000", "143606.357000", "143606.360000", "143606.362000", "143606.364000", "143606.372000", "143606.375000", "143606.377000", "143606.379000", "143606.382000", "143606.384000", "143606.387000", "143606.389000", "143626.306000", "143626.309000", "143626.311000", "143626.325000", "143626.327000", "143626.329000", "143626.332000", "143626.334000", "143626.337000", "143626.339000", "143626.341000", "143626.344000", "143626.346000", "143626.349000", "143626.351000", "143626.353000", "143626.356000", "143626.358000", "143626.361000", "143626.363000", "143626.366000", "143626.368000", "143626.370000", "143626.373000", "143626.375000", "143626.378000", "143626.380000", "143626.383000", "143626.385000", "143626.387000", "143626.390000", "143626.392000", "143626.396000", "143646.306000", "143646.309000", "143646.311000", "143646.314000", "143646.316000", "143646.319000", "143646.321000", "143646.324000", "143646.326000", "143646.328000", "143646.331000", "143646.333000", "143646.336000", "143646.338000", "143646.340000", "143646.343000", "143646.345000", "143646.348000", "143646.350000", "143646.352000", "143646.355000", "143646.357000", "143646.359000", "143646.362000", "143646.364000", "143646.367000", "143646.369000", "143646.372000", "143646.374000", "143646.376000", "143646.379000", "143646.381000", "143646.384000", "143706.306000", "143706.309000", "143706.311000", "143706.314000", "143706.316000", "143706.318000", "143706.321000", "143706.323000", "143706.326000", "143706.328000", "143706.331000", "143706.333000", "143706.335000", "143706.338000", "143706.340000", "143706.343000", "143706.345000", "143706.348000", "143706.350000", "143706.353000", "143706.355000", "143706.357000", "143706.360000", "143706.362000", "143706.365000", "143706.367000", "143706.370000", "143706.372000", "143706.374000", "143706.377000", "143706.379000", "143706.382000", "143706.384000", "143726.306000", "143726.309000", "143726.311000", "143726.314000", "143726.316000", "143726.318000", "143726.321000", "143726.323000", "143726.326000", "143726.328000", "143726.330000", "143726.333000", "143726.335000", "143726.338000", "143726.340000", "143726.342000", "143726.345000", "143726.347000", "143726.350000", "143726.353000", "143726.355000", "143726.358000", "143726.360000", "143726.363000", "143726.365000", "143726.367000", "143726.370000", "143726.372000", "143726.375000", "143726.377000", "143726.379000", "143726.382000", "143746.307000", "143746.310000", "143746.312000", "143746.315000", "143746.317000", "143746.320000", "143746.322000", "143746.325000", "143746.327000", "143746.329000", "143746.332000", "143746.334000", "143746.337000", "143746.339000", "143746.342000", "143746.344000", "143746.346000", "143746.349000", "143746.351000", "143746.354000", "143746.356000", "143746.359000", "143746.362000", "143746.364000", "143746.367000", "143746.369000", "143746.371000", "143746.374000", "143746.376000", "143746.379000", "143746.381000", "143746.383000", "143746.386000", "143806.306000", "143806.309000", "143806.311000", "143806.314000", "143806.316000", "143806.319000", "143806.321000", "143806.324000", "143806.326000", "143806.328000", "143806.331000", "143806.333000", "143806.336000", "143806.338000", "143806.341000", "143806.343000", "143806.345000", "143806.348000", "143806.350000", "143806.353000", "143806.355000", "143806.357000", "143806.360000", "143806.362000", "143806.365000", "143806.371000", "143806.374000", "143806.376000", "143806.379000", "143806.381000", "143806.384000", "143806.386000", "143806.388000", "143826.082000", "143826.084000", "143826.087000", "143826.089000", "143826.092000", "143826.094000", "143826.096000", "143826.099000", "143826.101000", "143826.104000", "143826.106000", "143826.108000", "143826.111000", "143826.113000", "143826.116000", "143826.118000", "143826.121000", "143826.123000", "143826.126000", "143826.128000", "143826.130000", "143826.133000", "143826.135000", "143826.138000", "143826.140000", "143826.143000", "143826.145000", "143826.148000", "143826.150000", "143826.152000", "143826.155000", "143826.157000", "143826.160000"], "InstanceCreationTime": ["143346.311000", "143346.315000", "143346.317000", "143346.320000", "143346.322000", "143346.325000", "143346.327000", "143346.330000", "143346.332000", "143346.334000", "143346.337000", "143346.339000", "143346.342000", "143346.344000", "143346.346000", "143346.351000", "143346.354000", "143346.356000", "143346.372000", "143346.375000", "143346.377000", "143346.380000", "143346.382000", "143346.385000", "143346.387000", "143346.389000", "143346.392000", "143346.394000", "143346.397000", "143346.399000", "143346.401000", "143346.410000", "143346.413000", "143346.415000", "143346.418000", "143346.420000", "143346.423000", "143346.425000", "143346.428000", "143346.430000", "143346.432000", "143346.435000", "143346.437000", "143346.440000", "143346.442000", "143346.444000", "143346.447000", "143346.449000", "143346.451000", "143346.454000", "143346.456000", "143406.306000", "143406.309000", "143406.311000", "143406.314000", "143406.316000", "143406.319000", "143406.321000", "143406.324000", "143406.326000", "143406.328000", "143406.331000", "143406.333000", "143406.336000", "143406.338000", "143406.340000", "143406.343000", "143406.345000", "143406.348000", "143406.350000", "143406.352000", "143406.355000", "143406.357000", "143406.360000", "143406.362000", "143406.364000", "143406.367000", "143406.370000", "143406.372000", "143406.374000", "143406.377000", "143406.383000", "143406.386000", "143406.388000", "143426.306000", "143426.309000", "143426.311000", "143426.314000", "143426.316000", "143426.319000", "143426.321000", "143426.324000", "143426.326000", "143426.328000", "143426.331000", "143426.333000", "143426.336000", "143426.338000", "143426.341000", "143426.343000", "143426.346000", "143426.348000", "143426.350000", "143426.353000", "143426.355000", "143426.358000", "143426.360000", "143426.363000", "143426.365000", "143426.367000", "143426.370000", "143426.372000", "143426.374000", "143426.377000", "143426.379000", "143426.382000", "143446.306000", "143446.309000", "143446.311000", "143446.314000", "143446.316000", "143446.318000", "143446.321000", "143446.323000", "143446.326000", "143446.328000", "143446.330000", "143446.333000", "143446.335000", "143446.338000", "143446.340000", "143446.342000", "143446.345000", "143446.347000", "143446.350000", "143446.352000", "143446.356000", "143446.358000", "143446.361000", "143446.363000", "143446.365000", "143446.368000", "143446.370000", "143446.373000", "143446.375000", "143446.377000", "143446.380000", "143446.382000", "143446.384000", "143506.306000", "143506.309000", "143506.311000", "143506.314000", "143506.316000", "143506.319000", "143506.321000", "143506.323000", "143506.326000", "143506.328000", "143506.331000", "143506.333000", "143506.335000", "143506.338000", "143506.340000", "143506.343000", "143506.345000", "143506.347000", "143506.350000", "143506.352000", "143506.355000", "143506.357000", "143506.360000", "143506.362000", "143506.364000", "143506.367000", "143506.369000", "143506.372000", "143506.374000", "143506.377000", "143506.379000", "143506.381000", "143506.384000", "143526.306000", "143526.309000", "143526.311000", "143526.314000", "143526.316000", "143526.318000", "143526.321000", "143526.323000", "143526.326000", "143526.328000", "143526.331000", "143526.333000", "143526.336000", "143526.338000", "143526.340000", "143526.343000", "143526.345000", "143526.348000", "143526.350000", "143526.352000", "143526.355000", "143526.357000", "143526.360000", "143526.362000", "143526.365000", "143526.367000", "143526.369000", "143526.372000", "143526.374000", "143526.377000", "143526.379000", "143526.381000", "143526.384000", "143546.307000", "143546.310000", "143546.312000", "143546.315000", "143546.317000", "143546.319000", "143546.322000", "143546.324000", "143546.327000", "143546.329000", "143546.331000", "143546.334000", "143546.336000", "143546.339000", "143546.341000", "143546.344000", "143546.346000", "143546.349000", "143546.351000", "143546.353000", "143546.356000", "143546.358000", "143546.361000", "143546.363000", "143546.366000", "143546.368000", "143546.371000", "143546.373000", "143546.375000", "143546.378000", "143546.380000", "143546.383000", "143606.306000", "143606.309000", "143606.311000", "143606.314000", "143606.316000", "143606.319000", "143606.321000", "143606.324000", "143606.326000", "143606.328000", "143606.331000", "143606.333000", "143606.336000", "143606.338000", "143606.340000", "143606.343000", "143606.345000", "143606.347000", "143606.350000", "143606.352000", "143606.355000", "143606.357000", "143606.360000", "143606.362000", "143606.364000", "143606.372000", "143606.375000", "143606.377000", "143606.379000", "143606.382000", "143606.384000", "143606.387000", "143606.389000", "143626.306000", "143626.309000", "143626.311000", "143626.325000", "143626.327000", "143626.329000", "143626.332000", "143626.334000", "143626.337000", "143626.339000", "143626.341000", "143626.344000", "143626.346000", "143626.349000", "143626.351000", "143626.353000", "143626.356000", "143626.358000", "143626.361000", "143626.363000", "143626.366000", "143626.368000", "143626.370000", "143626.373000", "143626.375000", "143626.378000", "143626.380000", "143626.383000", "143626.385000", "143626.387000", "143626.390000", "143626.392000", "143626.396000", "143646.306000", "143646.309000", "143646.311000", "143646.314000", "143646.316000", "143646.319000", "143646.321000", "143646.324000", "143646.326000", "143646.328000", "143646.331000", "143646.333000", "143646.336000", "143646.338000", "143646.340000", "143646.343000", "143646.345000", "143646.348000", "143646.350000", "143646.352000", "143646.355000", "143646.357000", "143646.359000", "143646.362000", "143646.364000", "143646.367000", "143646.369000", "143646.372000", "143646.374000", "143646.376000", "143646.379000", "143646.381000", "143646.384000", "143706.306000", "143706.309000", "143706.311000", "143706.314000", "143706.316000", "143706.318000", "143706.321000", "143706.323000", "143706.326000", "143706.328000", "143706.331000", "143706.333000", "143706.335000", "143706.338000", "143706.340000", "143706.343000", "143706.345000", "143706.348000", "143706.350000", "143706.353000", "143706.355000", "143706.357000", "143706.360000", "143706.362000", "143706.365000", "143706.367000", "143706.370000", "143706.372000", "143706.374000", "143706.377000", "143706.379000", "143706.382000", "143706.384000", "143726.306000", "143726.309000", "143726.311000", "143726.314000", "143726.316000", "143726.318000", "143726.321000", "143726.323000", "143726.326000", "143726.328000", "143726.330000", "143726.333000", "143726.335000", "143726.338000", "143726.340000", "143726.342000", "143726.345000", "143726.347000", "143726.350000", "143726.353000", "143726.355000", "143726.358000", "143726.360000", "143726.363000", "143726.365000", "143726.367000", "143726.370000", "143726.372000", "143726.375000", "143726.377000", "143726.379000", "143726.382000", "143746.307000", "143746.310000", "143746.312000", "143746.315000", "143746.317000", "143746.320000", "143746.322000", "143746.325000", "143746.327000", "143746.329000", "143746.332000", "143746.334000", "143746.337000", "143746.339000", "143746.342000", "143746.344000", "143746.346000", "143746.349000", "143746.351000", "143746.354000", "143746.356000", "143746.359000", "143746.362000", "143746.364000", "143746.367000", "143746.369000", "143746.371000", "143746.374000", "143746.376000", "143746.379000", "143746.381000", "143746.383000", "143746.386000", "143806.306000", "143806.309000", "143806.311000", "143806.314000", "143806.316000", "143806.319000", "143806.321000", "143806.324000", "143806.326000", "143806.328000", "143806.331000", "143806.333000", "143806.336000", "143806.338000", "143806.341000", "143806.343000", "143806.345000", "143806.348000", "143806.350000", "143806.353000", "143806.355000", "143806.357000", "143806.360000", "143806.362000", "143806.365000", "143806.371000", "143806.374000", "143806.376000", "143806.379000", "143806.381000", "143806.384000", "143806.386000", "143806.388000", "143826.082000", "143826.084000", "143826.087000", "143826.089000", "143826.092000", "143826.094000", "143826.096000", "143826.099000", "143826.101000", "143826.104000", "143826.106000", "143826.108000", "143826.111000", "143826.113000", "143826.116000", "143826.118000", "143826.121000", "143826.123000", "143826.126000", "143826.128000", "143826.130000", "143826.133000", "143826.135000", "143826.138000", "143826.140000", "143826.143000", "143826.145000", "143826.148000", "143826.150000", "143826.152000", "143826.155000", "143826.157000", "143826.160000"], "InstanceNumber": [1, 2, 3, 4, 5, 6, 7, 8, 9, 10, 11, 12, 13, 14, 15, 16, 17, 18, 19, 20, 21, 22, 23, 24, 25, 26, 27, 28, 29, 30, 31, 32, 33, 34, 35, 36, 37, 38, 39, 40, 41, 42, 43, 44, 45, 46, 47, 48, 49, 50, 51, 52, 53, 54, 55, 56, 57, 58, 59, 60, 61, 62, 63, 64, 65, 66, 67, 68, 69, 70, 71, 72, 73, 74, 75, 76, 77, 78, 79, 80, 81, 82, 83, 84, 85, 86, 87, 88, 89, 90, 91, 92, 93, 94, 95, 96, 97, 98, 99, 100, 101, 102, 103, 104, 105, 106, 107, 108, 109, 110, 111, 112, 113, 114, 115, 116, 117, 118, 119, 120, 121, 122, 123, 124, 125, 126, 127, 128, 129, 130, 131, 132, 133, 134, 135, 136, 137, 138, 139, 140, 141, 142, 143, 144, 145, 146, 147, 148, 149, 150, 151, 152, 153, 154, 155, 156, 157, 158, 159, 160, 161, 162, 163, 164, 165, 166, 167, 168, 169, 170, 171, 172, 173, 174, 175, 176, 177, 178, 179, 180, 181, 182, 183, 184, 185, 186, 187, 188, 189, 190, 191, 192, 193, 194, 195, 196, 197, 198, 199, 200, 201, 202, 203, 204, 205, 206, 207, 208, 209, 210, 211, 212, 213, 214, 215, 216, 217, 218, 219, 220, 221, 222, 223, 224, 225, 226, 227, 228, 229, 230, 231, 232, 233, 234, 235, 236, 237, 238, 239, 240, 241, 242, 243, 244, 245, 246, 247, 248, 249, 250, 251, 252, 253, 254, 255, 256, 257, 258, 259, 260, 261, 262, 263, 264, 265, 266, 267, 268, 269, 270, 271, 272, 273, 274, 275, 276, 277, 278, 279, 280, 281, 282, 283, 284, 285, 286, 287, 288, 289, 290, 291, 292, 293, 294, 295, 296, 297, 298, 299, 300, 301, 302, 303, 304, 305, 306, 307, 308, 309, 310, 311, 312, 313, 314, 315, 316, 317, 318, 319, 320, 321, 322, 323, 324, 325, 326, 327, 328, 329, 330, 331, 332, 333, 334, 335, 336, 337, 338, 339, 340, 341, 342, 343, 344, 345, 346, 347, 348, 349, 350, 351, 352, 353, 354, 355, 356, 357, 358, 359, 360, 361, 362, 363, 364, 365, 366, 367, 368, 369, 370, 371, 372, 373, 374, 375, 376, 377, 378, 379, 380, 381, 382, 383, 384, 385, 386, 387, 388, 389, 390, 391, 392, 393, 394, 395, 396, 397, 398, 399, 400, 401, 402, 403, 404, 405, 406, 407, 408, 409, 410, 411, 412, 413, 414, 415, 416, 417, 418, 419, 420, 421, 422, 423, 424, 425, 426, 427, 428, 429, 430, 431, 432, 433, 434, 435, 436, 437, 438, 439, 440, 441, 442, 443, 444, 445, 446, 447, 448, 449, 450, 451, 452, 453, 454, 455, 456, 457, 458, 459, 460, 461, 462, 463, 464, 465, 466, 467, 468, 469, 470, 471, 472, 473, 474, 475, 476, 477, 478, 479, 480, 481, 482, 483, 484, 485, 486, 487, 488, 489, 490, 491, 492, 493, 494, 495, 496, 497, 498, 499, 500, 501, 502, 503, 504, 505, 506, 507, 508, 509, 510], "LargestImagePixelValue": [541, 539, 534, 538, 536, 536, 534, 534, 532, 533, 531, 533, 531, 532, 531, 542, 537, 538, 537, 546, 537, 573, 558, 554, 544, 548, 541, 569, 567, 547, 542, 531, 537, 534, 530, 535, 538, 534, 532, 543, 539, 541, 535, 537, 547, 544, 535, 569, 596, 579, 563, 535, 544, 522, 509, 567, 548, 533, 489, 536, 664, 594, 550, 502, 596, 590, 608, 572, 568, 540, 554, 535, 568, 562, 616, 565, 566, 557, 559, 540, 552, 675, 537, 561, 543, 548, 541, 534, 558, 554, 550, 548, 535, 535, 529, 550, 563, 529, 565, 571, 570, 548, 589, 571, 543, 540, 545, 541, 552, 523, 549, 565, 561, 547, 645, 566, 564, 586, 574, 581, 580, 579, 548, 630, 576, 572, 586, 575, 586, 559, 569, 533, 559, 598, 577, 553, 542, 562, 561, 575, 570, 553, 556, 569, 558, 553, 554, 547, 548, 554, 554, 550, 552, 548, 554, 548, 571, 541, 577, 575, 558, 561, 559, 557, 559, 556, 561, 560, 560, 557, 556, 590, 561, 559, 553, 579, 565, 529, 557, 569, 608, 585, 552, 539, 556, 557, 580, 571, 550, 601, 571, 544, 592, 577, 583, 578, 557, 576, 561, 560, 559, 555, 574, 521, 577, 556, 537, 546, 576, 572, 571, 538, 558, 585, 574, 579, 552, 555, 541, 551, 536, 530, 534, 535, 533, 533, 531, 526, 549, 559, 541, 538, 541, 541, 537, 538, 548, 535, 529, 526, 557, 539, 535, 554, 539, 532, 530, 541, 573, 548, 547, 542, 536, 540, 537, 536, 544, 540, 543, 543, 542, 539, 543, 551, 562, 542, 541, 543, 546, 575, 525, 564, 645, 586, 559, 581, 584, 573, 586, 573, 534, 565, 545, 535, 534, 537, 543, 536, 535, 542, 545, 539, 542, 542, 560, 558, 531, 535, 537, 532, 535, 533, 527, 530, 536, 534, 537, 529, 533, 532, 540, 533, 537, 537, 536, 538, 537, 534, 538, 538, 541, 542, 539, 539, 543, 539, 541, 539, 537, 538, 538, 539, 540, 537, 537, 541, 536, 537, 543, 543, 547, 539, 538, 539, 546, 548, 548, 545, 546, 544, 543, 546, 545, 543, 545, 541, 543, 545, 543, 544, 541, 540, 541, 543, 545, 544, 544, 547, 546, 546, 546, 548, 548, 545, 548, 541, 544, 541, 541, 544, 543, 544, 540, 544, 542, 546, 545, 547, 541, 541, 544, 540, 537, 543, 537, 542, 546, 541, 548, 546, 546, 545, 545, 543, 547, 544, 545, 546, 546, 542, 546, 542, 550, 545, 549, 543, 544, 543, 543, 548, 543, 548, 545, 545, 548, 546, 547, 548, 546, 548, 544, 545, 545, 542, 548, 547, 544, 541, 545, 543, 541, 539, 544, 541, 543, 541, 544, 546, 543, 573, 554, 548, 547, 550, 549, 545, 550, 546, 548, 548, 543, 547, 545, 543, 543, 541, 542, 542, 544, 540, 544, 542, 540, 540, 542, 543, 542, 542, 538, 545, 540, 544, 544, 541, 545, 537, 543, 540, 545, 541, 543, 542, 537, 543, 544, 536, 540, 535, 540, 536, 546, 547, 539, 535, 546, 539, 539, 540, 533, 543], "WindowCenter": [311.0, 308.0, 307.0, 307.0, 306.0, 306.0, 306.0, 306.0, 305.0, 306.0, 306.0, 306.0, 306.0, 306.0, 306.0, 306.0, 306.0, 306.0, 306.0, 305.0, 306.0, 308.0, 307.0, 307.0, 305.0, 307.0, 305.0, 306.0, 307.0, 305.0, 304.0, 305.0, 305.0, 305.0, 305.0, 305.0, 305.0, 306.0, 305.0, 306.0, 306.0, 305.0, 305.0, 305.0, 307.0, 305.0, 306.0, 305.0, 303.0, 307.0, 306.0, 304.0, 306.0, 302.0, 292.0, 305.0, 304.0, 301.0, 297.0, 290.0, 294.0, 309.0, 304.0, 303.0, 307.0, 306.0, 309.0, 306.0, 304.0, 300.0, 306.0, 295.0, 294.0, 309.0, 306.0, 303.0, 304.0, 304.0, 305.0, 301.0, 298.0, 306.0, 301.0, 303.0, 302.0, 304.0, 303.0, 300.0, 303.0, 303.0, 304.0, 303.0, 302.0, 302.0, 300.0, 300.0, 304.0, 300.0, 301.0, 302.0, 304.0, 298.0, 305.0, 303.0, 301.0, 301.0, 302.0, 302.0, 303.0, 300.0, 303.0, 305.0, 304.0, 305.0, 305.0, 299.0, 301.0, 302.0, 301.0, 304.0, 300.0, 307.0, 300.0, 305.0, 303.0, 304.0, 303.0, 304.0, 306.0, 302.0, 303.0, 302.0, 303.0, 304.0, 305.0, 303.0, 303.0, 304.0, 304.0, 304.0, 305.0, 303.0, 304.0, 304.0, 303.0, 304.0, 304.0, 303.0, 303.0, 303.0, 303.0, 303.0, 304.0, 304.0, 305.0, 304.0, 305.0, 305.0, 304.0, 306.0, 305.0, 305.0, 305.0, 306.0, 305.0, 306.0, 306.0, 307.0, 305.0, 305.0, 304.0, 306.0, 304.0, 304.0, 304.0, 303.0, 305.0, 296.0, 303.0, 308.0, 306.0, 304.0, 307.0, 302.0, 303.0, 301.0, 305.0, 302.0, 303.0, 305.0, 304.0, 303.0, 303.0, 306.0, 306.0, 305.0, 305.0, 304.0, 304.0, 305.0, 305.0, 305.0, 305.0, 303.0, 307.0, 304.0, 305.0, 297.0, 304.0, 306.0, 306.0, 302.0, 300.0, 309.0, 300.0, 304.0, 303.0, 303.0, 303.0, 302.0, 303.0, 302.0, 302.0, 302.0, 303.0, 303.0, 304.0, 303.0, 303.0, 304.0, 303.0, 303.0, 303.0, 303.0, 304.0, 304.0, 304.0, 304.0, 302.0, 303.0, 304.0, 304.0, 303.0, 304.0, 302.0, 302.0, 302.0, 304.0, 306.0, 302.0, 303.0, 302.0, 302.0, 303.0, 303.0, 302.0, 302.0, 303.0, 302.0, 303.0, 303.0, 303.0, 305.0, 305.0, 303.0, 303.0, 302.0, 302.0, 301.0, 302.0, 298.0, 299.0, 305.0, 305.0, 303.0, 299.0, 303.0, 306.0, 306.0, 303.0, 303.0, 303.0, 302.0, 303.0, 304.0, 303.0, 304.0, 304.0, 304.0, 305.0, 304.0, 305.0, 305.0, 303.0, 305.0, 306.0, 303.0, 303.0, 303.0, 302.0, 302.0, 302.0, 301.0, 301.0, 302.0, 302.0, 303.0, 302.0, 302.0, 303.0, 302.0, 302.0, 303.0, 303.0, 304.0, 304.0, 303.0, 304.0, 304.0, 304.0, 303.0, 303.0, 303.0, 303.0, 304.0, 304.0, 303.0, 303.0, 303.0, 303.0, 304.0, 303.0, 303.0, 303.0, 303.0, 303.0, 303.0, 303.0, 303.0, 303.0, 304.0, 304.0, 304.0, 304.0, 303.0, 304.0, 304.0, 304.0, 304.0, 303.0, 303.0, 303.0, 302.0, 302.0, 302.0, 302.0, 303.0, 302.0, 302.0, 303.0, 303.0, 302.0, 304.0, 303.0, 303.0, 303.0, 303.0, 303.0, 304.0, 304.0, 304.0, 304.0, 303.0, 303.0, 305.0, 303.0, 303.0, 304.0, 303.0, 304.0, 303.0, 304.0, 303.0, 304.0, 303.0, 304.0, 303.0, 303.0, 303.0, 303.0, 304.0, 304.0, 304.0, 304.0, 303.0, 303.0, 304.0, 304.0, 304.0, 303.0, 302.0, 302.0, 303.0, 303.0, 304.0, 303.0, 304.0, 303.0, 304.0, 303.0, 304.0, 303.0, 304.0, 304.0, 304.0, 304.0, 303.0, 304.0, 303.0, 304.0, 303.0, 304.0, 303.0, 304.0, 304.0, 304.0, 303.0, 304.0, 303.0, 303.0, 303.0, 304.0, 303.0, 304.0, 304.0, 304.0, 304.0, 303.0, 304.0, 304.0, 305.0, 304.0, 304.0, 304.0, 305.0, 304.0, 305.0, 304.0, 305.0, 307.0, 305.0, 305.0, 304.0, 304.0, 303.0, 304.0, 304.0, 304.0, 304.0, 304.0, 303.0, 304.0, 303.0, 303.0, 304.0, 303.0, 302.0, 303.0, 304.0, 303.0, 303.0, 303.0, 303.0, 303.0, 302.0, 303.0, 303.0, 304.0, 302.0, 303.0, 303.0, 303.0, 303.0, 303.0, 304.0, 303.0, 304.0, 303.0, 305.0, 303.0, 304.0, 305.0, 304.0, 304.0, 304.0, 303.0, 305.0, 303.0, 305.0, 304.0, 305.0, 305.0, 304.0, 305.0, 306.0, 305.0, 304.0, 305.0, 303.0, 305.0], "WindowWidth": [676.0, 670.0, 668.0, 667.0, 666.0, 665.0, 666.0, 666.0, 664.0, 665.0, 666.0, 666.0, 666.0, 666.0, 665.0, 666.0, 665.0, 665.0, 666.0, 665.0, 665.0, 669.0, 668.0, 667.0, 664.0, 667.0, 663.0, 666.0, 667.0, 663.0, 662.0, 663.0, 663.0, 664.0, 663.0, 664.0, 663.0, 664.0, 664.0, 665.0, 666.0, 664.0, 664.0, 665.0, 667.0, 664.0, 665.0, 663.0, 659.0, 668.0, 666.0, 662.0, 666.0, 658.0, 639.0, 663.0, 661.0, 655.0, 649.0, 634.0, 644.0, 671.0, 663.0, 658.0, 668.0, 665.0, 670.0, 666.0, 662.0, 655.0, 666.0, 645.0, 644.0, 673.0, 666.0, 659.0, 661.0, 662.0, 663.0, 656.0, 651.0, 665.0, 655.0, 659.0, 658.0, 661.0, 660.0, 655.0, 661.0, 660.0, 661.0, 660.0, 657.0, 658.0, 654.0, 653.0, 661.0, 654.0, 655.0, 658.0, 662.0, 650.0, 664.0, 660.0, 656.0, 655.0, 657.0, 658.0, 660.0, 655.0, 660.0, 664.0, 663.0, 664.0, 664.0, 652.0, 657.0, 658.0, 656.0, 661.0, 654.0, 667.0, 654.0, 664.0, 660.0, 662.0, 660.0, 660.0, 665.0, 659.0, 661.0, 659.0, 659.0, 661.0, 663.0, 660.0, 660.0, 662.0, 662.0, 661.0, 663.0, 660.0, 662.0, 663.0, 659.0, 662.0, 661.0, 661.0, 660.0, 660.0, 660.0, 661.0, 661.0, 662.0, 663.0, 662.0, 664.0, 663.0, 661.0, 665.0, 663.0, 664.0, 664.0, 665.0, 664.0, 665.0, 666.0, 667.0, 663.0, 663.0, 662.0, 666.0, 662.0, 662.0, 662.0, 660.0, 663.0, 647.0, 661.0, 670.0, 665.0, 662.0, 668.0, 659.0, 660.0, 657.0, 664.0, 659.0, 661.0, 665.0, 662.0, 660.0, 659.0, 666.0, 665.0, 663.0, 663.0, 662.0, 661.0, 663.0, 664.0, 664.0, 663.0, 660.0, 667.0, 663.0, 664.0, 648.0, 662.0, 665.0, 665.0, 659.0, 655.0, 671.0, 654.0, 663.0, 660.0, 660.0, 660.0, 659.0, 659.0, 658.0, 658.0, 659.0, 659.0, 660.0, 661.0, 660.0, 660.0, 663.0, 661.0, 661.0, 661.0, 661.0, 662.0, 663.0, 663.0, 661.0, 659.0, 660.0, 662.0, 661.0, 660.0, 662.0, 659.0, 658.0, 657.0, 662.0, 665.0, 658.0, 659.0, 658.0, 657.0, 660.0, 660.0, 658.0, 659.0, 660.0, 659.0, 660.0, 660.0, 660.0, 664.0, 663.0, 661.0, 659.0, 658.0, 657.0, 657.0, 657.0, 651.0, 652.0, 663.0, 665.0, 660.0, 651.0, 659.0, 667.0, 666.0, 660.0, 659.0, 659.0, 658.0, 660.0, 661.0, 660.0, 661.0, 663.0, 662.0, 664.0, 662.0, 664.0, 663.0, 660.0, 665.0, 665.0, 660.0, 659.0, 660.0, 659.0, 658.0, 657.0, 657.0, 657.0, 659.0, 658.0, 661.0, 659.0, 659.0, 659.0, 659.0, 658.0, 661.0, 660.0, 662.0, 662.0, 660.0, 662.0, 661.0, 661.0, 661.0, 660.0, 661.0, 660.0, 663.0, 662.0, 659.0, 660.0, 660.0, 661.0, 661.0, 659.0, 660.0, 659.0, 661.0, 660.0, 661.0, 660.0, 661.0, 660.0, 662.0, 661.0, 661.0, 661.0, 660.0, 662.0, 662.0, 661.0, 661.0, 660.0, 660.0, 660.0, 659.0, 659.0, 658.0, 658.0, 660.0, 659.0, 659.0, 660.0, 659.0, 659.0, 661.0, 660.0, 660.0, 660.0, 660.0, 660.0, 662.0, 662.0, 663.0, 661.0, 660.0, 661.0, 663.0, 661.0, 660.0, 662.0, 660.0, 662.0, 661.0, 662.0, 661.0, 662.0, 660.0, 661.0, 661.0, 660.0, 660.0, 661.0, 662.0, 662.0, 662.0, 662.0, 660.0, 660.0, 661.0, 662.0, 662.0, 660.0, 659.0, 659.0, 661.0, 660.0, 661.0, 661.0, 662.0, 661.0, 662.0, 661.0, 662.0, 661.0, 662.0, 662.0, 662.0, 663.0, 660.0, 662.0, 661.0, 662.0, 661.0, 662.0, 661.0, 662.0, 661.0, 662.0, 661.0, 661.0, 661.0, 660.0, 660.0, 662.0, 661.0, 662.0, 662.0, 661.0, 662.0, 661.0, 662.0, 662.0, 663.0, 661.0, 663.0, 662.0, 663.0, 663.0, 664.0, 663.0, 663.0, 667.0, 663.0, 664.0, 662.0, 662.0, 661.0, 662.0, 661.0, 662.0, 661.0, 662.0, 661.0, 661.0, 660.0, 661.0, 661.0, 660.0, 659.0, 660.0, 662.0, 661.0, 660.0, 660.0, 660.0, 660.0, 659.0, 660.0, 660.0, 662.0, 659.0, 661.0, 660.0, 661.0, 661.0, 661.0, 663.0, 661.0, 663.0, 661.0, 664.0, 661.0, 662.0, 664.0, 661.0, 662.0, 662.0, 661.0, 664.0, 661.0, 664.0, 663.0, 664.0, 664.0, 662.0, 663.0, 666.0, 664.0, 663.0, 664.0, 661.0, 663.0]}, "slices": {}}, "EventTimestamp": "14-34-23"}