{"AcquisitionMatrixPE": 64, "AcquisitionNumber": 1, "AcquisitionTime": "11:25:23.707500", "BandwidthPerPixelPhaseEncode": 28.935, "BaseResolution": 64, "BodyPartExamined": "BRAIN", "CoilCombinationMethod": "Sum of Squares", "ConsistencyInfo": "N4_VE11E_LATEST_20181129", "ConversionSoftware": "dcm2niix", "ConversionSoftwareVersion": "v1.0.20230411", "DerivedVendorReportedEchoSpacing": 0.000540003, "DeviceSerialNumber": "166182", "DwellTime": 3.4e-06, "EchoTime": 0.032, "EchoTrainLength": 64, "EffectiveEchoSpacing": 0.000540003, "FlipAngle": 40, "HeudiconvVersion": "0.13.1", "ImageOrientationPatientDICOM": [0.992291, -0.0842023, -0.0909283, 0.0864653, 0.996029, 0.0212347], "ImageOrientationText": "Tra>Sag(-5.1)>Cor(1.7)", "ImageType": ["ORIGINAL", "PRIMARY", "M", "ND", "NORM", "MOSAIC"], "ImagingFrequency": 123.254943, "InPlanePhaseEncodingDirectionDICOM": "COL", "InstitutionAddress": "PEARSE STREET .,City,District,IE,D2", "InstitutionName": "TCIN", "InstitutionalDepartmentName": "MRI", "MRAcquisitionType": "2D", "MagneticFieldStrength": 3, "Manufacturer": "Siemens", "ManufacturersModelName": "Prisma", "Modality": "MR", "MultibandAccelerationFactor": 4, "NonlinearGradientCorrection": false, "PartialFourier": 1, "PatientPosition": "HFS", "PercentPhaseFOV": 100, "PercentSampling": 100, "PhaseEncodingDirection": "j-", "PhaseEncodingSteps": 64, "PhaseResolution": 1, "PixelBandwidth": 2300, "ProcedureStepDescription": "Rhodri^Head BOLD", "ProtocolName": "cmrr_mbep2d_Pictures_AP_RDS", "PulseSequenceDetails": "%SiemensSeq%\\ep2d_bold", "ReceiveCoilActiveElements": "HC2,4,6,7;SC", "ReceiveCoilName": "SpecialPurpose_4", "ReconMatrixPE": 64, "RefLinesPE": 12, "RepetitionTime": 0.61, "SAR": 0.219758, "ScanOptions": "FS", "ScanningSequence": "EP", "SequenceName": "*epfid2d1_64", "SequenceVariant": "SK", "SeriesDescription": "cmrr_mbep2d_Pictures_AP_RDS", "SeriesNumber": 8, "ShimSetting": [-3620, -7433, 3898, 1132, 15, 233, 155, 327], "SliceThickness": 3, "SliceTiming": [0.2625, 0, 0.3275, 0.065, 0.3925, 0.13, 0.4575, 0.195, 0.5225, 0.2625, 0, 0.3275, 0.065, 0.3925, 0.13, 0.4575, 0.195, 0.5225, 0.2625, 0, 0.3275, 0.065, 0.3925, 0.13, 0.4575, 0.195, 0.5225, 0.2625, 0, 0.3275, 0.065, 0.3925, 0.13, 0.4575, 0.195, 0.5225], "SoftwareVersions": "syngo MR E11", "SpacingBetweenSlices": 3.3, "StationName": "AWP166182", "TaskName": "pictures", "TotalReadoutTime": 0.0340202, "TxRefAmp": 224.408, "dcmmeta_affine": [[-2.9768738746643066, 0.2593958377838135, -0.29297134280204773, 91.95793151855469], [0.25260692834854126, 2.9880855083465576, 0.09547930955886841, -110.68385314941406], [-0.2727849781513214, -0.06370402127504349, 3.2855823040008545, -76.15758514404297], [0.0, 0.0, 0.0, 1.0]], "dcmmeta_reorient_transform": [[0.0, -1.0, 0.0, 63.0], [1.0, 0.0, 0.0, 0.0], [0.0, 0.0, 1.0, 0.0], [0.0, 0.0, 0.0, 1.0]], "dcmmeta_shape": [64, 64, 36, 510], "dcmmeta_slice_dim": 2, "dcmmeta_version": 0.6, "global": {"const": {"AcquisitionMatrix": [64, 0, 0, 64], "AngioFlag": "N", "BitsAllocated": 16, "BitsStored": 12, "BodyPartExamined": "BRAIN", "Columns": 384, "EchoNumbers": 1, "EchoTime": 32.0, "EchoTrainLength": 64, "FlipAngle": 40.0, "HighBit": 11, "ImageOrientationPatient": [0.99229129308351, -0.0842023120728, -0.0909283251371, 0.08646527440833, 0.99602853621601, 0.02123467364692], "ImagePositionPatient": [-626.10302447533, -515.24213086025, -46.717983230913], "ImageType": ["ORIGINAL", "PRIMARY", "M", "ND", "NORM", "MOSAIC"], "ImagedNucleus": "1H", "ImagingFrequency": 123.254943, "InPlanePhaseEncodingDirection": "COL", "MRAcquisitionType": "2D", "MagneticFieldStrength": 3.0, "Manufacturer": "SIEMENS", "ManufacturerModelName": "Prisma", "Modality": "MR", "NumberOfAverages": 1.0, "NumberOfPhaseEncodingSteps": 64, "PercentPhaseFieldOfView": 100.0, "PercentSampling": 100.0, "PerformedProcedureStepStartTime": "111517.698000", "PhotometricInterpretation": "MONOCHROME2", "PixelBandwidth": 2300.0, "PixelRepresentation": 0, "PixelSpacing": [3.0, 3.0], "ProtocolName": "cmrr_mbep2d_Pictures_AP_RDS", "RepetitionTime": 610.0, "Rows": 384, "SAR": 0.21975783590582, "SamplesPerPixel": 1, "ScanOptions": "FS", "ScanningSequence": "EP", "SequenceName": "*epfid2d1_64", "SequenceVariant": "SK", "SeriesDescription": "cmrr_mbep2d_Pictures_AP_RDS", "SeriesNumber": 8, "SeriesTime": "112551.311000", "SliceLocation": -87.191233018242, "SliceThickness": 3.0, "SmallestImagePixelValue": 0, "SoftwareVersions": "syngo MR E11", "SpacingBetweenSlices": 3.2999999320688, "SpecificCharacterSet": "ISO_IR 100", "StudyID": "2", "StudyTime": "111517.617000", "TransmitCoilName": "Body", "VariableFlipAngleFlag": "N", "WindowCenterWidthExplanation": "Algo1"}, "slices": {}}, "time": {"samples": {"AcquisitionNumber": [1, 2, 3, 4, 5, 6, 7, 8, 9, 10, 11, 12, 13, 14, 15, 16, 17, 18, 19, 20, 21, 22, 23, 24, 25, 26, 27, 28, 29, 30, 31, 32, 33, 34, 35, 36, 37, 38, 39, 40, 41, 42, 43, 44, 45, 46, 47, 48, 49, 50, 51, 52, 53, 54, 55, 56, 57, 58, 59, 60, 61, 62, 63, 64, 65, 66, 67, 68, 69, 70, 71, 72, 73, 74, 75, 76, 77, 78, 79, 80, 81, 82, 83, 84, 85, 86, 87, 88, 89, 90, 91, 92, 93, 94, 95, 96, 97, 98, 99, 100, 101, 102, 103, 104, 105, 106, 107, 108, 109, 110, 111, 112, 113, 114, 115, 116, 117, 118, 119, 120, 121, 122, 123, 124, 125, 126, 127, 128, 129, 130, 131, 132, 133, 134, 135, 136, 137, 138, 139, 140, 141, 142, 143, 144, 145, 146, 147, 148, 149, 150, 151, 152, 153, 154, 155, 156, 157, 158, 159, 160, 161, 162, 163, 164, 165, 166, 167, 168, 169, 170, 171, 172, 173, 174, 175, 176, 177, 178, 179, 180, 181, 182, 183, 184, 185, 186, 187, 188, 189, 190, 191, 192, 193, 194, 195, 196, 197, 198, 199, 200, 201, 202, 203, 204, 205, 206, 207, 208, 209, 210, 211, 212, 213, 214, 215, 216, 217, 218, 219, 220, 221, 222, 223, 224, 225, 226, 227, 228, 229, 230, 231, 232, 233, 234, 235, 236, 237, 238, 239, 240, 241, 242, 243, 244, 245, 246, 247, 248, 249, 250, 251, 252, 253, 254, 255, 256, 257, 258, 259, 260, 261, 262, 263, 264, 265, 266, 267, 268, 269, 270, 271, 272, 273, 274, 275, 276, 277, 278, 279, 280, 281, 282, 283, 284, 285, 286, 287, 288, 289, 290, 291, 292, 293, 294, 295, 296, 297, 298, 299, 300, 301, 302, 303, 304, 305, 306, 307, 308, 309, 310, 311, 312, 313, 314, 315, 316, 317, 318, 319, 320, 321, 322, 323, 324, 325, 326, 327, 328, 329, 330, 331, 332, 333, 334, 335, 336, 337, 338, 339, 340, 341, 342, 343, 344, 345, 346, 347, 348, 349, 350, 351, 352, 353, 354, 355, 356, 357, 358, 359, 360, 361, 362, 363, 364, 365, 366, 367, 368, 369, 370, 371, 372, 373, 374, 375, 376, 377, 378, 379, 380, 381, 382, 383, 384, 385, 386, 387, 388, 389, 390, 391, 392, 393, 394, 395, 396, 397, 398, 399, 400, 401, 402, 403, 404, 405, 406, 407, 408, 409, 410, 411, 412, 413, 414, 415, 416, 417, 418, 419, 420, 421, 422, 423, 424, 425, 426, 427, 428, 429, 430, 431, 432, 433, 434, 435, 436, 437, 438, 439, 440, 441, 442, 443, 444, 445, 446, 447, 448, 449, 450, 451, 452, 453, 454, 455, 456, 457, 458, 459, 460, 461, 462, 463, 464, 465, 466, 467, 468, 469, 470, 471, 472, 473, 474, 475, 476, 477, 478, 479, 480, 481, 482, 483, 484, 485, 486, 487, 488, 489, 490, 491, 492, 493, 494, 495, 496, 497, 498, 499, 500, 501, 502, 503, 504, 505, 506, 507, 508, 509, 510], "AcquisitionTime": ["112523.707500", "112524.317500", "112524.927500", "112525.537500", "112526.147500", "112526.757500", "112527.367500", "112527.977500", "112528.587500", "112529.197500", "112529.807500", "112530.417500", "112531.027500", "112531.637500", "112532.247500", "112532.857500", "112533.467500", "112534.077500", "112534.687500", "112535.297500", "112535.907500", "112536.517500", "112537.127500", "112537.737500", "112538.347500", "112538.957500", "112539.567500", "112540.177500", "112540.787500", "112541.397500", "112542.007500", "112542.617500", "112543.227500", "112543.837500", "112544.447500", "112545.057500", "112545.667500", "112546.277500", "112546.887500", "112547.497500", "112548.107500", "112548.717500", "112549.327500", "112549.937500", "112550.547500", "112551.157500", "112551.767500", "112552.377500", "112552.987500", "112553.597500", "112554.207500", "112554.817500", "112555.427500", "112556.037500", "112556.647500", "112557.257500", "112557.867500", "112558.477500", "112559.087500", "112559.697500", "112600.307500", "112600.917500", "112601.527500", "112602.137500", "112602.747500", "112603.357500", "112603.967500", "112604.577500", "112605.187500", "112605.797500", "112606.407500", "112607.017500", "112607.627500", "112608.237500", "112608.847500", "112609.457500", "112610.067500", "112610.677500", "112611.287500", "112611.897500", "112612.507500", "112613.117500", "112613.727500", "112614.337500", "112614.947500", "112615.557500", "112616.167500", "112616.777500", "112617.387500", "112617.997500", "112618.607500", "112619.217500", "112619.827500", "112620.437500", "112621.047500", "112621.657500", "112622.267500", "112622.877500", "112623.487500", "112624.097500", "112624.707500", "112625.317500", "112625.927500", "112626.537500", "112627.147500", "112627.757500", "112628.367500", "112628.977500", "112629.587500", "112630.197500", "112630.807500", "112631.417500", "112632.027500", "112632.637500", "112633.247500", "112633.857500", "112634.467500", "112635.077500", "112635.687500", "112636.297500", "112636.907500", "112637.517500", "112638.127500", "112638.737500", "112639.347500", "112639.957500", "112640.567500", "112641.177500", "112641.787500", "112642.397500", "112643.007500", "112643.617500", "112644.227500", "112644.837500", "112645.447500", "112646.057500", "112646.667500", "112647.277500", "112647.887500", "112648.497500", "112649.107500", "112649.717500", "112650.327500", "112650.937500", "112651.547500", "112652.157500", "112652.767500", "112653.377500", "112653.987500", "112654.597500", "112655.207500", "112655.817500", "112656.427500", "112657.037500", "112657.647500", "112658.257500", "112658.867500", "112659.477500", "112700.087500", "112700.697500", "112701.307500", "112701.917500", "112702.527500", "112703.137500", "112703.747500", "112704.357500", "112704.967500", "112705.577500", "112706.187500", "112706.797500", "112707.407500", "112708.017500", "112708.627500", "112709.237500", "112709.847500", "112710.457500", "112711.067500", "112711.677500", "112712.287500", "112712.897500", "112713.507500", "112714.117500", "112714.727500", "112715.337500", "112715.947500", "112716.557500", "112717.167500", "112717.777500", "112718.387500", "112718.997500", "112719.607500", "112720.217500", "112720.827500", "112721.437500", "112722.047500", "112722.657500", "112723.267500", "112723.877500", "112724.487500", "112725.097500", "112725.707500", "112726.317500", "112726.927500", "112727.537500", "112728.147500", "112728.757500", "112729.367500", "112729.977500", "112730.587500", "112731.197500", "112731.807500", "112732.417500", "112733.027500", "112733.637500", "112734.247500", "112734.857500", "112735.467500", "112736.077500", "112736.687500", "112737.297500", "112737.907500", "112738.517500", "112739.127500", "112739.737500", "112740.347500", "112740.957500", "112741.567500", "112742.177500", "112742.787500", "112743.397500", "112744.007500", "112744.617500", "112745.227500", "112745.837500", "112746.447500", "112747.057500", "112747.667500", "112748.277500", "112748.887500", "112749.497500", "112750.107500", "112750.717500", "112751.327500", "112751.937500", "112752.547500", "112753.157500", "112753.767500", "112754.377500", "112754.987500", "112755.597500", "112756.207500", "112756.817500", "112757.427500", "112758.037500", "112758.647500", "112759.257500", "112759.867500", "112800.477500", "112801.087500", "112801.697500", "112802.307500", "112802.917500", "112803.527500", "112804.137500", "112804.747500", "112805.357500", "112805.967500", "112806.577500", "112807.187500", "112807.797500", "112808.407500", "112809.017500", "112809.627500", "112810.237500", "112810.847500", "112811.457500", "112812.067500", "112812.677500", "112813.287500", "112813.897500", "112814.507500", "112815.117500", "112815.727500", "112816.337500", "112816.947500", "112817.557500", "112818.167500", "112818.777500", "112819.387500", "112819.997500", "112820.607500", "112821.217500", "112821.827500", "112822.437500", "112823.047500", "112823.657500", "112824.267500", "112824.877500", "112825.487500", "112826.097500", "112826.707500", "112827.317500", "112827.927500", "112828.537500", "112829.147500", "112829.757500", "112830.367500", "112830.977500", "112831.587500", "112832.197500", "112832.807500", "112833.417500", "112834.027500", "112834.637500", "112835.247500", "112835.857500", "112836.467500", "112837.077500", "112837.687500", "112838.297500", "112838.907500", "112839.517500", "112840.127500", "112840.737500", "112841.347500", "112841.957500", "112842.567500", "112843.177500", "112843.787500", "112844.397500", "112845.007500", "112845.617500", "112846.227500", "112846.837500", "112847.447500", "112848.057500", "112848.667500", "112849.277500", "112849.887500", "112850.497500", "112851.107500", "112851.717500", "112852.327500", "112852.937500", "112853.547500", "112854.157500", "112854.767500", "112855.377500", "112855.987500", "112856.597500", "112857.207500", "112857.817500", "112858.427500", "112859.037500", "112859.647500", "112900.257500", "112900.867500", "112901.477500", "112902.087500", "112902.697500", "112903.307500", "112903.917500", "112904.527500", "112905.137500", "112905.747500", "112906.357500", "112906.967500", "112907.577500", "112908.187500", "112908.797500", "112909.407500", "112910.017500", "112910.627500", "112911.237500", "112911.847500", "112912.457500", "112913.067500", "112913.677500", "112914.287500", "112914.897500", "112915.507500", "112916.117500", "112916.727500", "112917.337500", "112917.947500", "112918.557500", "112919.167500", "112919.777500", "112920.387500", "112920.997500", "112921.607500", "112922.217500", "112922.827500", "112923.437500", "112924.047500", "112924.657500", "112925.267500", "112925.877500", "112926.487500", "112927.097500", "112927.707500", "112928.317500", "112928.927500", "112929.537500", "112930.147500", "112930.757500", "112931.367500", "112931.977500", "112932.587500", "112933.197500", "112933.807500", "112934.417500", "112935.027500", "112935.637500", "112936.247500", "112936.857500", "112937.467500", "112938.077500", "112938.687500", "112939.297500", "112939.907500", "112940.517500", "112941.127500", "112941.737500", "112942.347500", "112942.957500", "112943.567500", "112944.177500", "112944.787500", "112945.397500", "112946.007500", "112946.617500", "112947.227500", "112947.837500", "112948.447500", "112949.057500", "112949.667500", "112950.277500", "112950.887500", "112951.497500", "112952.107500", "112952.717500", "112953.327500", "112953.937500", "112954.547500", "112955.157500", "112955.767500", "112956.377500", "112956.987500", "112957.597500", "112958.207500", "112958.817500", "112959.427500", "113000.037500", "113000.647500", "113001.257500", "113001.867500", "113002.477500", "113003.087500", "113003.697500", "113004.307500", "113004.917500", "113005.527500", "113006.137500", "113006.747500", "113007.357500", "113007.967500", "113008.577500", "113009.187500", "113009.797500", "113010.407500", "113011.017500", "113011.627500", "113012.237500", "113012.847500", "113013.457500", "113014.067500", "113014.677500", "113015.287500", "113015.897500", "113016.507500", "113017.117500", "113017.727500", "113018.337500", "113018.947500", "113019.557500", "113020.167500", "113020.777500", "113021.387500", "113021.997500", "113022.607500", "113023.217500", "113023.827500", "113024.437500", "113025.047500", "113025.657500", "113026.267500", "113026.877500", "113027.487500", "113028.097500", "113028.707500", "113029.317500", "113029.927500", "113030.537500", "113031.147500", "113031.757500", "113032.367500", "113032.977500", "113033.587500", "113034.197500"], "ContentTime": ["112551.314000", "112551.317000", "112551.319000", "112551.322000", "112551.329000", "112551.341000", "112551.343000", "112551.346000", "112551.348000", "112551.351000", "112551.353000", "112551.356000", "112551.358000", "112551.364000", "112551.366000", "112551.369000", "112551.371000", "112551.373000", "112551.376000", "112551.378000", "112551.381000", "112551.383000", "112551.386000", "112551.388000", "112551.391000", "112551.393000", "112551.395000", "112551.398000", "112551.400000", "112551.403000", "112551.405000", "112551.408000", "112551.410000", "112551.412000", "112551.415000", "112551.417000", "112551.420000", "112551.422000", "112551.424000", "112551.427000", "112551.429000", "112551.432000", "112551.434000", "112551.437000", "112611.309000", "112611.312000", "112611.314000", "112611.317000", "112611.320000", "112611.322000", "112611.324000", "112611.327000", "112611.329000", "112611.332000", "112611.334000", "112611.336000", "112611.339000", "112611.341000", "112611.344000", "112611.346000", "112611.349000", "112611.351000", "112611.354000", "112611.356000", "112611.359000", "112611.361000", "112611.363000", "112611.366000", "112611.368000", "112611.370000", "112611.373000", "112611.375000", "112611.378000", "112611.380000", "112611.382000", "112611.385000", "112611.387000", "112631.309000", "112631.312000", "112631.314000", "112631.317000", "112631.319000", "112631.322000", "112631.324000", "112631.327000", "112631.329000", "112631.332000", "112631.334000", "112631.336000", "112631.339000", "112631.341000", "112631.344000", "112631.346000", "112631.349000", "112631.351000", "112631.353000", "112631.356000", "112631.358000", "112631.361000", "112631.363000", "112631.366000", "112631.368000", "112631.370000", "112631.373000", "112631.375000", "112631.378000", "112631.380000", "112631.382000", "112631.385000", "112631.387000", "112651.308000", "112651.311000", "112651.313000", "112651.316000", "112651.318000", "112651.321000", "112651.326000", "112651.329000", "112651.331000", "112651.334000", "112651.336000", "112651.338000", "112651.341000", "112651.343000", "112651.346000", "112651.348000", "112651.351000", "112651.353000", "112651.355000", "112651.358000", "112651.360000", "112651.363000", "112651.365000", "112651.367000", "112651.370000", "112651.372000", "112651.375000", "112651.377000", "112651.380000", "112651.382000", "112651.384000", "112651.387000", "112711.308000", "112711.311000", "112711.313000", "112711.316000", "112711.318000", "112711.320000", "112711.323000", "112711.325000", "112711.328000", "112711.330000", "112711.333000", "112711.335000", "112711.337000", "112711.340000", "112711.342000", "112711.344000", "112711.347000", "112711.349000", "112711.352000", "112711.354000", "112711.356000", "112711.359000", "112711.361000", "112711.364000", "112711.366000", "112711.368000", "112711.371000", "112711.373000", "112711.375000", "112711.378000", "112711.380000", "112711.383000", "112711.385000", "112731.309000", "112731.312000", "112731.314000", "112731.317000", "112731.319000", "112731.321000", "112731.324000", "112731.326000", "112731.329000", "112731.331000", "112731.334000", "112731.336000", "112731.338000", "112731.341000", "112731.343000", "112731.346000", "112731.348000", "112731.351000", "112731.353000", "112731.355000", "112731.358000", "112731.360000", "112731.362000", "112731.365000", "112731.367000", "112731.370000", "112731.372000", "112731.374000", "112731.377000", "112731.379000", "112731.381000", "112731.384000", "112731.386000", "112751.309000", "112751.312000", "112751.314000", "112751.316000", "112751.319000", "112751.322000", "112751.324000", "112751.326000", "112751.329000", "112751.332000", "112751.334000", "112751.336000", "112751.339000", "112751.341000", "112751.344000", "112751.346000", "112751.349000", "112751.351000", "112751.354000", "112751.356000", "112751.358000", "112751.361000", "112751.363000", "112751.365000", "112751.368000", "112751.370000", "112751.373000", "112751.375000", "112751.378000", "112751.380000", "112751.382000", "112751.385000", "112751.387000", "112811.310000", "112811.312000", "112811.315000", "112811.317000", "112811.320000", "112811.322000", "112811.324000", "112811.327000", "112811.329000", "112811.332000", "112811.334000", "112811.337000", "112811.339000", "112811.342000", "112811.376000", "112811.378000", "112811.380000", "112811.383000", "112811.385000", "112811.388000", "112811.390000", "112811.393000", "112811.395000", "112811.397000", "112811.400000", "112811.402000", "112811.405000", "112811.407000", "112811.409000", "112811.412000", "112811.414000", "112811.417000", "112831.309000", "112831.312000", "112831.315000", "112831.317000", "112831.319000", "112831.322000", "112831.324000", "112831.327000", "112831.329000", "112831.332000", "112831.334000", "112831.336000", "112831.339000", "112831.341000", "112831.344000", "112831.346000", "112831.349000", "112831.352000", "112831.354000", "112831.356000", "112831.359000", "112831.361000", "112831.364000", "112831.366000", "112831.369000", "112831.371000", "112831.373000", "112831.376000", "112831.378000", "112831.381000", "112831.383000", "112831.385000", "112831.388000", "112851.309000", "112851.312000", "112851.315000", "112851.317000", "112851.319000", "112851.322000", "112851.324000", "112851.327000", "112851.329000", "112851.331000", "112851.334000", "112851.336000", "112851.339000", "112851.341000", "112851.344000", "112851.346000", "112851.348000", "112851.351000", "112851.354000", "112851.356000", "112851.359000", "112851.362000", "112851.364000", "112851.367000", "112851.369000", "112851.371000", "112851.374000", "112851.376000", "112851.379000", "112851.381000", "112851.384000", "112851.386000", "112851.388000", "112911.308000", "112911.311000", "112911.313000", "112911.316000", "112911.318000", "112911.321000", "112911.323000", "112911.326000", "112911.328000", "112911.330000", "112911.333000", "112911.335000", "112911.338000", "112911.340000", "112911.342000", "112911.345000", "112911.347000", "112911.350000", "112911.352000", "112911.355000", "112911.357000", "112911.359000", "112911.362000", "112911.364000", "112911.367000", "112911.369000", "112911.371000", "112911.374000", "112911.376000", "112911.379000", "112911.381000", "112911.384000", "112911.386000", "112931.308000", "112931.311000", "112931.313000", "112931.316000", "112931.318000", "112931.321000", "112931.323000", "112931.325000", "112931.328000", "112931.330000", "112931.333000", "112931.335000", "112931.338000", "112931.340000", "112931.342000", "112931.345000", "112931.347000", "112931.350000", "112931.352000", "112931.354000", "112931.357000", "112931.359000", "112931.362000", "112931.364000", "112931.367000", "112931.369000", "112931.371000", "112931.374000", "112931.376000", "112931.379000", "112931.381000", "112931.383000", "112931.386000", "112951.309000", "112951.312000", "112951.314000", "112951.317000", "112951.320000", "112951.322000", "112951.324000", "112951.327000", "112951.330000", "112951.332000", "112951.334000", "112951.337000", "112951.339000", "112951.342000", "112951.344000", "112951.347000", "112951.349000", "112951.352000", "112951.354000", "112951.357000", "112951.359000", "112951.362000", "112951.364000", "112951.366000", "112951.369000", "112951.372000", "112951.374000", "112951.376000", "112951.379000", "112951.381000", "112951.384000", "112951.386000", "113011.309000", "113011.312000", "113011.315000", "113011.317000", "113011.319000", "113011.322000", "113011.324000", "113011.327000", "113011.329000", "113011.331000", "113011.334000", "113011.337000", "113011.340000", "113011.342000", "113011.345000", "113011.347000", "113011.350000", "113011.352000", "113011.355000", "113011.357000", "113011.359000", "113011.362000", "113011.364000", "113011.367000", "113011.369000", "113011.371000", "113011.374000", "113011.376000", "113011.379000", "113011.381000", "113011.383000", "113011.386000", "113011.388000", "113031.309000", "113031.312000", "113031.315000", "113031.317000", "113031.319000", "113031.322000", "113031.324000", "113031.327000", "113031.329000", "113031.331000", "113031.334000", "113031.336000", "113031.339000", "113031.341000", "113031.344000", "113031.346000", "113031.348000", "113031.351000", "113031.353000", "113031.356000", "113031.358000", "113031.361000", "113031.363000", "113031.366000", "113031.368000", "113031.370000", "113031.373000", "113031.375000", "113031.378000", "113031.380000", "113031.382000", "113031.385000", "113031.387000", "113035.254000", "113035.257000", "113035.259000", "113035.262000", "113035.264000", "113035.266000", "113035.269000"], "InstanceCreationTime": ["112551.314000", "112551.317000", "112551.319000", "112551.322000", "112551.329000", "112551.341000", "112551.343000", "112551.346000", "112551.348000", "112551.351000", "112551.353000", "112551.356000", "112551.358000", "112551.364000", "112551.366000", "112551.369000", "112551.371000", "112551.373000", "112551.376000", "112551.378000", "112551.381000", "112551.383000", "112551.386000", "112551.388000", "112551.391000", "112551.393000", "112551.395000", "112551.398000", "112551.400000", "112551.403000", "112551.405000", "112551.408000", "112551.410000", "112551.412000", "112551.415000", "112551.417000", "112551.420000", "112551.422000", "112551.424000", "112551.427000", "112551.429000", "112551.432000", "112551.434000", "112551.437000", "112611.309000", "112611.312000", "112611.314000", "112611.317000", "112611.320000", "112611.322000", "112611.324000", "112611.327000", "112611.329000", "112611.332000", "112611.334000", "112611.336000", "112611.339000", "112611.341000", "112611.344000", "112611.346000", "112611.349000", "112611.351000", "112611.354000", "112611.356000", "112611.359000", "112611.361000", "112611.363000", "112611.366000", "112611.368000", "112611.370000", "112611.373000", "112611.375000", "112611.378000", "112611.380000", "112611.382000", "112611.385000", "112611.387000", "112631.309000", "112631.312000", "112631.314000", "112631.317000", "112631.319000", "112631.322000", "112631.324000", "112631.327000", "112631.329000", "112631.332000", "112631.334000", "112631.336000", "112631.339000", "112631.341000", "112631.344000", "112631.346000", "112631.349000", "112631.351000", "112631.353000", "112631.356000", "112631.358000", "112631.361000", "112631.363000", "112631.366000", "112631.368000", "112631.370000", "112631.373000", "112631.375000", "112631.378000", "112631.380000", "112631.382000", "112631.385000", "112631.387000", "112651.308000", "112651.311000", "112651.313000", "112651.316000", "112651.318000", "112651.321000", "112651.326000", "112651.329000", "112651.331000", "112651.334000", "112651.336000", "112651.338000", "112651.341000", "112651.343000", "112651.346000", "112651.348000", "112651.351000", "112651.353000", "112651.355000", "112651.358000", "112651.360000", "112651.363000", "112651.365000", "112651.367000", "112651.370000", "112651.372000", "112651.375000", "112651.377000", "112651.380000", "112651.382000", "112651.384000", "112651.387000", "112711.308000", "112711.311000", "112711.313000", "112711.316000", "112711.318000", "112711.320000", "112711.323000", "112711.325000", "112711.328000", "112711.330000", "112711.333000", "112711.335000", "112711.337000", "112711.340000", "112711.342000", "112711.344000", "112711.347000", "112711.349000", "112711.352000", "112711.354000", "112711.356000", "112711.359000", "112711.361000", "112711.364000", "112711.366000", "112711.368000", "112711.371000", "112711.373000", "112711.375000", "112711.378000", "112711.380000", "112711.383000", "112711.385000", "112731.309000", "112731.312000", "112731.314000", "112731.317000", "112731.319000", "112731.321000", "112731.324000", "112731.326000", "112731.329000", "112731.331000", "112731.334000", "112731.336000", "112731.338000", "112731.341000", "112731.343000", "112731.346000", "112731.348000", "112731.351000", "112731.353000", "112731.355000", "112731.358000", "112731.360000", "112731.362000", "112731.365000", "112731.367000", "112731.370000", "112731.372000", "112731.374000", "112731.377000", "112731.379000", "112731.381000", "112731.384000", "112731.386000", "112751.309000", "112751.312000", "112751.314000", "112751.316000", "112751.319000", "112751.322000", "112751.324000", "112751.326000", "112751.329000", "112751.332000", "112751.334000", "112751.336000", "112751.339000", "112751.341000", "112751.344000", "112751.346000", "112751.349000", "112751.351000", "112751.354000", "112751.356000", "112751.358000", "112751.361000", "112751.363000", "112751.365000", "112751.368000", "112751.370000", "112751.373000", "112751.375000", "112751.378000", "112751.380000", "112751.382000", "112751.385000", "112751.387000", "112811.310000", "112811.312000", "112811.315000", "112811.317000", "112811.320000", "112811.322000", "112811.324000", "112811.327000", "112811.329000", "112811.332000", "112811.334000", "112811.337000", "112811.339000", "112811.342000", "112811.376000", "112811.378000", "112811.380000", "112811.383000", "112811.385000", "112811.388000", "112811.390000", "112811.393000", "112811.395000", "112811.397000", "112811.400000", "112811.402000", "112811.405000", "112811.407000", "112811.409000", "112811.412000", "112811.414000", "112811.417000", "112831.309000", "112831.312000", "112831.315000", "112831.317000", "112831.319000", "112831.322000", "112831.324000", "112831.327000", "112831.329000", "112831.332000", "112831.334000", "112831.336000", "112831.339000", "112831.341000", "112831.344000", "112831.346000", "112831.349000", "112831.352000", "112831.354000", "112831.356000", "112831.359000", "112831.361000", "112831.364000", "112831.366000", "112831.369000", "112831.371000", "112831.373000", "112831.376000", "112831.378000", "112831.381000", "112831.383000", "112831.385000", "112831.388000", "112851.309000", "112851.312000", "112851.315000", "112851.317000", "112851.319000", "112851.322000", "112851.324000", "112851.327000", "112851.329000", "112851.331000", "112851.334000", "112851.336000", "112851.339000", "112851.341000", "112851.344000", "112851.346000", "112851.348000", "112851.351000", "112851.354000", "112851.356000", "112851.359000", "112851.362000", "112851.364000", "112851.367000", "112851.369000", "112851.371000", "112851.374000", "112851.376000", "112851.379000", "112851.381000", "112851.384000", "112851.386000", "112851.388000", "112911.308000", "112911.311000", "112911.313000", "112911.316000", "112911.318000", "112911.321000", "112911.323000", "112911.326000", "112911.328000", "112911.330000", "112911.333000", "112911.335000", "112911.338000", "112911.340000", "112911.342000", "112911.345000", "112911.347000", "112911.350000", "112911.352000", "112911.355000", "112911.357000", "112911.359000", "112911.362000", "112911.364000", "112911.367000", "112911.369000", "112911.371000", "112911.374000", "112911.376000", "112911.379000", "112911.381000", "112911.384000", "112911.386000", "112931.308000", "112931.311000", "112931.313000", "112931.316000", "112931.318000", "112931.321000", "112931.323000", "112931.325000", "112931.328000", "112931.330000", "112931.333000", "112931.335000", "112931.338000", "112931.340000", "112931.342000", "112931.345000", "112931.347000", "112931.350000", "112931.352000", "112931.354000", "112931.357000", "112931.359000", "112931.362000", "112931.364000", "112931.367000", "112931.369000", "112931.371000", "112931.374000", "112931.376000", "112931.379000", "112931.381000", "112931.383000", "112931.386000", "112951.309000", "112951.312000", "112951.314000", "112951.317000", "112951.320000", "112951.322000", "112951.324000", "112951.327000", "112951.330000", "112951.332000", "112951.334000", "112951.337000", "112951.339000", "112951.342000", "112951.344000", "112951.347000", "112951.349000", "112951.352000", "112951.354000", "112951.357000", "112951.359000", "112951.362000", "112951.364000", "112951.366000", "112951.369000", "112951.372000", "112951.374000", "112951.376000", "112951.379000", "112951.381000", "112951.384000", "112951.386000", "113011.309000", "113011.312000", "113011.315000", "113011.317000", "113011.319000", "113011.322000", "113011.324000", "113011.327000", "113011.329000", "113011.331000", "113011.334000", "113011.337000", "113011.340000", "113011.342000", "113011.345000", "113011.347000", "113011.350000", "113011.352000", "113011.355000", "113011.357000", "113011.359000", "113011.362000", "113011.364000", "113011.367000", "113011.369000", "113011.371000", "113011.374000", "113011.376000", "113011.379000", "113011.381000", "113011.383000", "113011.386000", "113011.388000", "113031.309000", "113031.312000", "113031.315000", "113031.317000", "113031.319000", "113031.322000", "113031.324000", "113031.327000", "113031.329000", "113031.331000", "113031.334000", "113031.336000", "113031.339000", "113031.341000", "113031.344000", "113031.346000", "113031.348000", "113031.351000", "113031.353000", "113031.356000", "113031.358000", "113031.361000", "113031.363000", "113031.366000", "113031.368000", "113031.370000", "113031.373000", "113031.375000", "113031.378000", "113031.380000", "113031.382000", "113031.385000", "113031.387000", "113035.254000", "113035.257000", "113035.259000", "113035.262000", "113035.264000", "113035.266000", "113035.269000"], "InstanceNumber": [1, 2, 3, 4, 5, 6, 7, 8, 9, 10, 11, 12, 13, 14, 15, 16, 17, 18, 19, 20, 21, 22, 23, 24, 25, 26, 27, 28, 29, 30, 31, 32, 33, 34, 35, 36, 37, 38, 39, 40, 41, 42, 43, 44, 45, 46, 47, 48, 49, 50, 51, 52, 53, 54, 55, 56, 57, 58, 59, 60, 61, 62, 63, 64, 65, 66, 67, 68, 69, 70, 71, 72, 73, 74, 75, 76, 77, 78, 79, 80, 81, 82, 83, 84, 85, 86, 87, 88, 89, 90, 91, 92, 93, 94, 95, 96, 97, 98, 99, 100, 101, 102, 103, 104, 105, 106, 107, 108, 109, 110, 111, 112, 113, 114, 115, 116, 117, 118, 119, 120, 121, 122, 123, 124, 125, 126, 127, 128, 129, 130, 131, 132, 133, 134, 135, 136, 137, 138, 139, 140, 141, 142, 143, 144, 145, 146, 147, 148, 149, 150, 151, 152, 153, 154, 155, 156, 157, 158, 159, 160, 161, 162, 163, 164, 165, 166, 167, 168, 169, 170, 171, 172, 173, 174, 175, 176, 177, 178, 179, 180, 181, 182, 183, 184, 185, 186, 187, 188, 189, 190, 191, 192, 193, 194, 195, 196, 197, 198, 199, 200, 201, 202, 203, 204, 205, 206, 207, 208, 209, 210, 211, 212, 213, 214, 215, 216, 217, 218, 219, 220, 221, 222, 223, 224, 225, 226, 227, 228, 229, 230, 231, 232, 233, 234, 235, 236, 237, 238, 239, 240, 241, 242, 243, 244, 245, 246, 247, 248, 249, 250, 251, 252, 253, 254, 255, 256, 257, 258, 259, 260, 261, 262, 263, 264, 265, 266, 267, 268, 269, 270, 271, 272, 273, 274, 275, 276, 277, 278, 279, 280, 281, 282, 283, 284, 285, 286, 287, 288, 289, 290, 291, 292, 293, 294, 295, 296, 297, 298, 299, 300, 301, 302, 303, 304, 305, 306, 307, 308, 309, 310, 311, 312, 313, 314, 315, 316, 317, 318, 319, 320, 321, 322, 323, 324, 325, 326, 327, 328, 329, 330, 331, 332, 333, 334, 335, 336, 337, 338, 339, 340, 341, 342, 343, 344, 345, 346, 347, 348, 349, 350, 351, 352, 353, 354, 355, 356, 357, 358, 359, 360, 361, 362, 363, 364, 365, 366, 367, 368, 369, 370, 371, 372, 373, 374, 375, 376, 377, 378, 379, 380, 381, 382, 383, 384, 385, 386, 387, 388, 389, 390, 391, 392, 393, 394, 395, 396, 397, 398, 399, 400, 401, 402, 403, 404, 405, 406, 407, 408, 409, 410, 411, 412, 413, 414, 415, 416, 417, 418, 419, 420, 421, 422, 423, 424, 425, 426, 427, 428, 429, 430, 431, 432, 433, 434, 435, 436, 437, 438, 439, 440, 441, 442, 443, 444, 445, 446, 447, 448, 449, 450, 451, 452, 453, 454, 455, 456, 457, 458, 459, 460, 461, 462, 463, 464, 465, 466, 467, 468, 469, 470, 471, 472, 473, 474, 475, 476, 477, 478, 479, 480, 481, 482, 483, 484, 485, 486, 487, 488, 489, 490, 491, 492, 493, 494, 495, 496, 497, 498, 499, 500, 501, 502, 503, 504, 505, 506, 507, 508, 509, 510], "LargestImagePixelValue": [595, 557, 495, 521, 538, 506, 532, 508, 530, 519, 548, 522, 549, 516, 530, 523, 505, 557, 510, 512, 504, 510, 540, 508, 535, 522, 520, 530, 548, 534, 526, 549, 510, 537, 528, 515, 543, 519, 532, 520, 531, 577, 558, 532, 610, 552, 540, 544, 536, 502, 532, 523, 532, 493, 526, 505, 519, 533, 571, 545, 528, 508, 543, 555, 511, 561, 528, 518, 515, 560, 537, 522, 525, 525, 494, 555, 545, 565, 533, 539, 536, 521, 519, 518, 514, 527, 527, 525, 524, 533, 522, 520, 524, 525, 521, 529, 514, 514, 512, 510, 566, 528, 575, 578, 532, 511, 520, 536, 533, 521, 520, 543, 502, 527, 545, 537, 523, 525, 519, 535, 502, 516, 539, 519, 521, 504, 541, 521, 541, 531, 518, 576, 522, 499, 519, 535, 499, 543, 523, 509, 546, 508, 521, 536, 537, 513, 506, 503, 514, 514, 506, 529, 513, 512, 512, 518, 499, 515, 509, 536, 518, 543, 507, 511, 500, 500, 512, 517, 537, 578, 550, 528, 526, 524, 516, 500, 536, 532, 514, 508, 518, 524, 511, 525, 512, 510, 514, 500, 501, 509, 573, 518, 501, 502, 534, 524, 510, 542, 521, 516, 514, 504, 522, 506, 500, 524, 508, 499, 572, 511, 508, 509, 496, 536, 520, 521, 510, 498, 506, 499, 516, 510, 548, 516, 551, 516, 504, 510, 551, 532, 533, 581, 581, 497, 553, 550, 587, 514, 530, 527, 513, 511, 503, 548, 523, 509, 511, 512, 527, 507, 607, 522, 532, 519, 510, 517, 522, 511, 512, 508, 541, 518, 515, 567, 545, 542, 528, 518, 506, 524, 520, 580, 554, 529, 536, 509, 524, 524, 518, 505, 498, 507, 509, 498, 533, 506, 504, 549, 527, 516, 514, 511, 508, 510, 494, 495, 576, 507, 574, 594, 531, 522, 534, 593, 539, 547, 558, 531, 527, 519, 589, 541, 512, 525, 544, 527, 511, 536, 559, 527, 550, 517, 572, 540, 520, 516, 535, 532, 527, 520, 524, 557, 516, 542, 521, 550, 512, 508, 571, 530, 515, 524, 521, 518, 515, 521, 511, 568, 552, 527, 563, 551, 540, 545, 535, 530, 524, 529, 537, 508, 510, 528, 514, 515, 543, 514, 522, 541, 522, 512, 522, 535, 530, 534, 525, 553, 544, 526, 514, 516, 525, 568, 520, 528, 512, 525, 517, 549, 558, 537, 572, 578, 564, 508, 561, 541, 516, 522, 538, 518, 551, 534, 533, 520, 538, 554, 535, 530, 535, 522, 517, 522, 529, 527, 529, 526, 526, 517, 535, 515, 535, 576, 542, 531, 529, 527, 522, 520, 516, 527, 521, 520, 530, 527, 516, 513, 515, 516, 520, 523, 518, 521, 518, 511, 525, 517, 533, 553, 573, 550, 535, 521, 530, 532, 568, 528, 518, 533, 568, 502, 552, 535, 518, 569, 531, 513, 509, 576, 550, 530, 527, 526, 506, 553, 526, 533, 550, 532, 518, 511, 533, 515, 513, 534, 514, 519, 503, 535, 543, 539, 531, 519, 519, 510, 519, 513, 520, 523, 536, 529, 531, 510, 508, 499, 508, 512, 524, 516, 524, 521], "WindowCenter": [322.0, 318.0, 315.0, 314.0, 314.0, 307.0, 311.0, 307.0, 309.0, 307.0, 315.0, 310.0, 314.0, 311.0, 310.0, 315.0, 308.0, 316.0, 313.0, 314.0, 312.0, 313.0, 314.0, 310.0, 313.0, 310.0, 310.0, 312.0, 312.0, 312.0, 308.0, 314.0, 312.0, 310.0, 313.0, 310.0, 315.0, 310.0, 313.0, 314.0, 311.0, 311.0, 315.0, 311.0, 315.0, 314.0, 313.0, 314.0, 311.0, 310.0, 313.0, 310.0, 310.0, 308.0, 315.0, 304.0, 299.0, 301.0, 316.0, 316.0, 314.0, 310.0, 313.0, 311.0, 311.0, 316.0, 314.0, 311.0, 309.0, 307.0, 314.0, 310.0, 310.0, 306.0, 297.0, 315.0, 312.0, 310.0, 312.0, 310.0, 310.0, 311.0, 311.0, 311.0, 311.0, 309.0, 311.0, 312.0, 311.0, 314.0, 310.0, 308.0, 312.0, 314.0, 312.0, 312.0, 314.0, 313.0, 314.0, 312.0, 314.0, 310.0, 315.0, 312.0, 316.0, 312.0, 314.0, 315.0, 313.0, 312.0, 314.0, 315.0, 311.0, 315.0, 312.0, 314.0, 313.0, 311.0, 312.0, 310.0, 308.0, 311.0, 313.0, 313.0, 313.0, 312.0, 312.0, 311.0, 311.0, 314.0, 310.0, 311.0, 311.0, 310.0, 311.0, 313.0, 312.0, 312.0, 311.0, 311.0, 313.0, 312.0, 313.0, 312.0, 316.0, 311.0, 312.0, 312.0, 313.0, 313.0, 309.0, 312.0, 311.0, 312.0, 311.0, 314.0, 310.0, 314.0, 314.0, 315.0, 313.0, 313.0, 312.0, 311.0, 315.0, 312.0, 316.0, 313.0, 311.0, 314.0, 315.0, 311.0, 313.0, 314.0, 312.0, 312.0, 314.0, 313.0, 313.0, 313.0, 313.0, 316.0, 314.0, 316.0, 311.0, 313.0, 312.0, 312.0, 313.0, 312.0, 314.0, 313.0, 312.0, 311.0, 314.0, 315.0, 310.0, 313.0, 311.0, 309.0, 311.0, 315.0, 313.0, 312.0, 314.0, 314.0, 313.0, 315.0, 311.0, 313.0, 310.0, 312.0, 307.0, 314.0, 309.0, 312.0, 312.0, 310.0, 311.0, 310.0, 314.0, 311.0, 315.0, 316.0, 315.0, 314.0, 312.0, 309.0, 314.0, 313.0, 309.0, 311.0, 313.0, 309.0, 309.0, 309.0, 316.0, 304.0, 314.0, 314.0, 313.0, 312.0, 310.0, 316.0, 313.0, 311.0, 311.0, 313.0, 312.0, 310.0, 314.0, 312.0, 314.0, 312.0, 308.0, 313.0, 314.0, 314.0, 310.0, 314.0, 314.0, 309.0, 309.0, 309.0, 314.0, 312.0, 313.0, 313.0, 312.0, 309.0, 307.0, 313.0, 313.0, 311.0, 309.0, 314.0, 313.0, 310.0, 310.0, 310.0, 310.0, 312.0, 311.0, 310.0, 313.0, 310.0, 310.0, 313.0, 311.0, 310.0, 312.0, 313.0, 313.0, 313.0, 310.0, 303.0, 315.0, 305.0, 319.0, 317.0, 311.0, 312.0, 309.0, 314.0, 315.0, 312.0, 313.0, 305.0, 302.0, 310.0, 320.0, 315.0, 315.0, 316.0, 316.0, 317.0, 310.0, 316.0, 313.0, 310.0, 308.0, 301.0, 316.0, 310.0, 311.0, 310.0, 313.0, 308.0, 312.0, 311.0, 307.0, 316.0, 309.0, 312.0, 314.0, 311.0, 313.0, 303.0, 314.0, 317.0, 312.0, 313.0, 313.0, 312.0, 312.0, 314.0, 312.0, 313.0, 315.0, 312.0, 313.0, 318.0, 314.0, 315.0, 313.0, 312.0, 313.0, 315.0, 313.0, 311.0, 314.0, 314.0, 313.0, 314.0, 312.0, 310.0, 310.0, 313.0, 312.0, 312.0, 309.0, 313.0, 311.0, 314.0, 314.0, 316.0, 316.0, 313.0, 313.0, 312.0, 307.0, 319.0, 313.0, 311.0, 310.0, 311.0, 309.0, 312.0, 307.0, 306.0, 316.0, 311.0, 312.0, 304.0, 320.0, 315.0, 311.0, 313.0, 318.0, 313.0, 315.0, 316.0, 313.0, 317.0, 312.0, 316.0, 315.0, 313.0, 317.0, 314.0, 313.0, 313.0, 313.0, 313.0, 313.0, 313.0, 314.0, 313.0, 317.0, 313.0, 315.0, 314.0, 316.0, 315.0, 317.0, 315.0, 315.0, 314.0, 314.0, 314.0, 313.0, 315.0, 315.0, 315.0, 315.0, 313.0, 313.0, 313.0, 313.0, 313.0, 315.0, 315.0, 314.0, 314.0, 315.0, 311.0, 314.0, 310.0, 317.0, 313.0, 313.0, 314.0, 308.0, 314.0, 315.0, 313.0, 315.0, 314.0, 310.0, 308.0, 316.0, 314.0, 312.0, 312.0, 311.0, 314.0, 305.0, 313.0, 316.0, 314.0, 313.0, 314.0, 307.0, 319.0, 312.0, 315.0, 315.0, 315.0, 314.0, 314.0, 311.0, 315.0, 311.0, 312.0, 315.0, 313.0, 310.0, 313.0, 312.0, 312.0, 310.0, 316.0, 313.0, 314.0, 313.0, 312.0, 312.0, 312.0, 312.0, 310.0, 314.0, 311.0, 313.0, 312.0, 313.0, 312.0, 314.0, 313.0, 311.0, 313.0], "WindowWidth": [695.0, 686.0, 680.0, 679.0, 678.0, 666.0, 673.0, 666.0, 668.0, 665.0, 680.0, 671.0, 679.0, 672.0, 672.0, 680.0, 667.0, 682.0, 677.0, 678.0, 675.0, 677.0, 679.0, 670.0, 676.0, 671.0, 671.0, 675.0, 675.0, 673.0, 667.0, 679.0, 674.0, 670.0, 676.0, 671.0, 679.0, 671.0, 676.0, 678.0, 672.0, 673.0, 680.0, 673.0, 680.0, 677.0, 676.0, 678.0, 672.0, 670.0, 676.0, 671.0, 670.0, 668.0, 679.0, 659.0, 651.0, 654.0, 683.0, 683.0, 677.0, 670.0, 676.0, 672.0, 673.0, 682.0, 678.0, 674.0, 668.0, 665.0, 678.0, 671.0, 670.0, 662.0, 647.0, 680.0, 675.0, 670.0, 675.0, 670.0, 670.0, 672.0, 672.0, 673.0, 672.0, 669.0, 673.0, 674.0, 673.0, 678.0, 670.0, 668.0, 674.0, 679.0, 675.0, 675.0, 679.0, 676.0, 678.0, 675.0, 679.0, 671.0, 680.0, 675.0, 681.0, 675.0, 678.0, 680.0, 677.0, 675.0, 677.0, 680.0, 673.0, 680.0, 675.0, 679.0, 677.0, 673.0, 675.0, 670.0, 667.0, 674.0, 676.0, 676.0, 676.0, 674.0, 675.0, 674.0, 673.0, 679.0, 671.0, 672.0, 673.0, 671.0, 672.0, 676.0, 674.0, 674.0, 673.0, 672.0, 675.0, 675.0, 676.0, 673.0, 682.0, 673.0, 675.0, 674.0, 676.0, 676.0, 668.0, 674.0, 672.0, 675.0, 673.0, 678.0, 671.0, 678.0, 678.0, 679.0, 676.0, 677.0, 675.0, 673.0, 680.0, 675.0, 682.0, 677.0, 673.0, 678.0, 681.0, 672.0, 676.0, 678.0, 675.0, 674.0, 678.0, 677.0, 676.0, 676.0, 676.0, 682.0, 678.0, 682.0, 672.0, 677.0, 674.0, 675.0, 676.0, 675.0, 677.0, 676.0, 674.0, 672.0, 679.0, 681.0, 671.0, 676.0, 673.0, 668.0, 672.0, 680.0, 676.0, 674.0, 677.0, 679.0, 676.0, 681.0, 672.0, 676.0, 670.0, 675.0, 665.0, 679.0, 669.0, 674.0, 674.0, 671.0, 673.0, 671.0, 678.0, 672.0, 679.0, 682.0, 680.0, 677.0, 676.0, 670.0, 679.0, 676.0, 671.0, 674.0, 675.0, 668.0, 668.0, 668.0, 683.0, 660.0, 678.0, 678.0, 676.0, 675.0, 670.0, 682.0, 675.0, 672.0, 672.0, 675.0, 675.0, 670.0, 677.0, 674.0, 677.0, 674.0, 667.0, 675.0, 678.0, 678.0, 670.0, 678.0, 678.0, 670.0, 669.0, 670.0, 678.0, 674.0, 676.0, 677.0, 674.0, 668.0, 665.0, 678.0, 676.0, 673.0, 669.0, 678.0, 677.0, 671.0, 671.0, 670.0, 672.0, 674.0, 673.0, 670.0, 676.0, 671.0, 671.0, 678.0, 673.0, 672.0, 674.0, 675.0, 677.0, 677.0, 672.0, 658.0, 681.0, 662.0, 687.0, 685.0, 673.0, 674.0, 669.0, 678.0, 681.0, 674.0, 677.0, 662.0, 656.0, 671.0, 690.0, 681.0, 679.0, 683.0, 683.0, 684.0, 670.0, 682.0, 677.0, 671.0, 667.0, 654.0, 682.0, 672.0, 673.0, 671.0, 676.0, 667.0, 676.0, 673.0, 666.0, 682.0, 670.0, 674.0, 678.0, 673.0, 677.0, 659.0, 678.0, 685.0, 674.0, 677.0, 677.0, 676.0, 674.0, 679.0, 675.0, 677.0, 681.0, 675.0, 677.0, 685.0, 678.0, 680.0, 677.0, 674.0, 677.0, 680.0, 677.0, 673.0, 678.0, 678.0, 676.0, 680.0, 675.0, 671.0, 671.0, 677.0, 675.0, 674.0, 669.0, 676.0, 674.0, 679.0, 679.0, 683.0, 683.0, 676.0, 677.0, 676.0, 665.0, 688.0, 678.0, 674.0, 672.0, 672.0, 669.0, 675.0, 665.0, 664.0, 683.0, 672.0, 676.0, 660.0, 690.0, 680.0, 672.0, 677.0, 685.0, 677.0, 680.0, 683.0, 677.0, 683.0, 675.0, 682.0, 680.0, 678.0, 684.0, 679.0, 676.0, 677.0, 677.0, 677.0, 677.0, 676.0, 678.0, 676.0, 684.0, 677.0, 680.0, 678.0, 682.0, 680.0, 685.0, 681.0, 681.0, 678.0, 678.0, 679.0, 677.0, 680.0, 681.0, 682.0, 680.0, 677.0, 677.0, 677.0, 676.0, 677.0, 680.0, 680.0, 678.0, 679.0, 681.0, 674.0, 679.0, 672.0, 684.0, 677.0, 677.0, 678.0, 667.0, 678.0, 681.0, 678.0, 681.0, 679.0, 672.0, 666.0, 683.0, 678.0, 675.0, 674.0, 673.0, 679.0, 663.0, 677.0, 683.0, 679.0, 676.0, 679.0, 665.0, 688.0, 676.0, 681.0, 680.0, 679.0, 678.0, 678.0, 674.0, 682.0, 673.0, 675.0, 680.0, 676.0, 671.0, 677.0, 675.0, 675.0, 671.0, 683.0, 676.0, 677.0, 676.0, 674.0, 674.0, 674.0, 675.0, 672.0, 680.0, 674.0, 677.0, 674.0, 678.0, 675.0, 678.0, 676.0, 673.0, 677.0]}, "slices": {}}, "EventTimestamp": "11-28-42"}