{
  "AcquisitionMatrixPE": 64,
  "AcquisitionNumber": 1,
  "AcquisitionTime": "15:57:12.052500",
  "BandwidthPerPixelPhaseEncode": 28.935,
  "BaseResolution": 64,
  "BodyPartExamined": "BRAIN",
  "CoilCombinationMethod": "Sum of Squares",
  "ConsistencyInfo": "N4_VE11E_LATEST_20181129",
  "ConversionSoftware": "dcm2niix",
  "ConversionSoftwareVersion": "v1.0.20211006",
  "DerivedVendorReportedEchoSpacing": 0.000540003,
  "DeviceSerialNumber": "166182",
  "DwellTime": 3.4e-06,
  "EchoTime": 0.032,
  "EchoTrainLength": 64,
  "EffectiveEchoSpacing": 0.000540003,
  "FlipAngle": 40,
  "ImageOrientationPatientDICOM": [0.999706, -0.0206479, -0.0127224, 0.0209409, 0.999508, 0.0233366],
  "ImageOrientationText": "Tra>Cor(1.4)>Sag(-0.7)",
  "ImageType": [
    "ORIGINAL",
    "PRIMARY",
    "M",
    "ND",
    "NORM",
    "MOSAIC"
],
  "ImagingFrequency": 123.258,
  "InPlanePhaseEncodingDirectionDICOM": "COL",
  "InstitutionAddress": "PEARSE STREET .,City,District,IE,D2",
  "InstitutionName": "TCIN",
  "InstitutionalDepartmentName": "MRI",
  "MRAcquisitionType": "2D",
  "MagneticFieldStrength": 3,
  "Manufacturer": "Siemens",
  "ManufacturersModelName": "Prisma",
  "Modality": "MR",
  "MultibandAccelerationFactor": 4,
  "PartialFourier": 1,
  "PatientPosition": "HFS",
  "PercentPhaseFOV": 100,
  "PercentSampling": 100,
  "PhaseEncodingDirection": "j-",
  "PhaseEncodingSteps": 64,
  "PhaseResolution": 1,
  "PixelBandwidth": 2300,
  "ProcedureStepDescription": "Rhodri^Head BOLD",
  "ProtocolName": "cmrr_mbep2d_se_AP",
  "PulseSequenceDetails": "%SiemensSeq%\\ep2d_bold",
  "ReceiveCoilActiveElements": "HC2,4,6,7;NC2;SC",
  "ReceiveCoilName": "HeadNeck_64",
  "ReconMatrixPE": 64,
  "RefLinesPE": 12,
  "RepetitionTime": 0.61,
  "SAR": 0.281852,
  "ScanOptions": "FS",
  "ScanningSequence": "EP",
  "SequenceName": "*epfid2d1_64",
  "SequenceVariant": "SK",
  "SeriesDescription": "cmrr_mbep2d_se_AP",
  "SeriesNumber": 5,
  "ShimSetting": [-3577, -7424, 3723, 1196, -206, -40, -3, -113],
  "SliceThickness": 3,
  "SliceTiming": [0.26, 0, 0.3275, 0.065, 0.3925, 0.13, 0.4575, 0.195, 0.5225, 0.26, 0, 0.3275, 0.065, 0.3925, 0.13, 0.4575, 0.195, 0.5225, 0.26, 0, 0.3275, 0.065, 0.3925, 0.13, 0.4575, 0.195, 0.5225, 0.26, 0, 0.3275, 0.065, 0.3925, 0.13, 0.4575, 0.195, 0.5225],
  "SoftwareVersions": "syngo MR E11",
  "SpacingBetweenSlices": 3.3,
  "StationName": "AWP166182",
  "TotalReadoutTime": 0.0340202,
  "TxRefAmp": 242.237,
  "dcmmeta_affine": [
    [-2.999117612838745, 0.06282256543636322, -0.04037327319383621, 91.2459716796875],
    [0.06194384768605232, 2.9985249042510986, 0.07786726951599121, -104.76872253417969],
    [-0.03816730156540871, -0.0700097605586052, 3.2988340854644775, -96.892822265625],
    [0.0, 0.0, 0.0, 1.0]
],
  "dcmmeta_reorient_transform": [
    [0.0, -1.0, 0.0, 63.0],
    [1.0, 0.0, 0.0, 0.0],
    [0.0, 0.0, 1.0, 0.0],
    [0.0, 0.0, 0.0, 1.0]
],
  "dcmmeta_shape": [64, 64, 36, 10],
  "dcmmeta_slice_dim": 2,
  "dcmmeta_version": 0.6,
  "global": {
    "const": {
      "AcquisitionMatrix": [64, 0, 0, 64],
      "AngioFlag": "N",
      "BitsAllocated": 16,
      "BitsStored": 12,
      "BodyPartExamined": "BRAIN",
      "Columns": 384,
      "EchoNumbers": 1,
      "EchoTime": 32.0,
      "EchoTrainLength": 64,
      "FlipAngle": 40.0,
      "HighBit": 11,
      "ImageOrientationPatient": [0.99970585768464, -0.020647948726, -0.0127224339035, 0.02094085435706, 0.99950832126828, 0.02333658788834],
      "ImagePositionPatient": [-585.11421491059, -553.99132875764, -106.39822992915],
      "ImageType": [
        "ORIGINAL",
        "PRIMARY",
        "M",
        "ND",
        "NORM",
        "MOSAIC"
],
      "ImagedNucleus": "1H",
      "ImagingFrequency": 123.258021,
      "InPlanePhaseEncodingDirection": "COL",
      "MRAcquisitionType": "2D",
      "MagneticFieldStrength": 3.0,
      "Manufacturer": "SIEMENS",
      "ManufacturerModelName": "Prisma",
      "Modality": "MR",
      "NumberOfAverages": 1.0,
      "NumberOfPhaseEncodingSteps": 64,
      "PercentPhaseFieldOfView": 100.0,
      "PercentSampling": 100.0,
      "PerformedProcedureStepStartTime": "153535.414000",
      "PhotometricInterpretation": "MONOCHROME2",
      "PixelBandwidth": 2300.0,
      "PixelRepresentation": 0,
      "PixelSpacing": [3.0, 3.0],
      "ProtocolName": "cmrr_mbep2d_se_AP",
      "RepetitionTime": 610.0,
      "Rows": 384,
      "SAR": 0.28185206120654,
      "SamplesPerPixel": 1,
      "ScanOptions": "FS",
      "ScanningSequence": "EP",
      "SequenceName": "*epfid2d1_64",
      "SequenceVariant": "SK",
      "SeriesDescription": "cmrr_mbep2d_se_AP",
      "SeriesNumber": 5,
      "SeriesTime": "155718.787000",
      "SliceLocation": -100.44706020794,
      "SliceThickness": 3.0,
      "SmallestImagePixelValue": 0,
      "SoftwareVersions": "syngo MR E11",
      "SpacingBetweenSlices": 3.2999999242717,
      "SpecificCharacterSet": "ISO_IR 100",
      "StudyID": "2",
      "StudyTime": "153535.361000",
      "TransmitCoilName": "Body",
      "VariableFlipAngleFlag": "N",
      "WindowCenterWidthExplanation": "Algo1"
    },
    "slices": {}
  },
  "time": {
    "samples": {
      "AcquisitionNumber": [1, 2, 3, 4, 5, 6, 7, 8, 9, 10],
      "AcquisitionTime": ["155712.052500", "155712.662500", "155713.272500", "155713.882500", "155714.492500", "155715.102500", "155715.712500", "155716.322500", "155716.932500", "155717.542500"],
      "ContentTime": ["155718.790000", "155718.794000", "155718.796000", "155718.798000", "155718.806000", "155718.808000", "155718.811000", "155718.813000", "155718.816000", "155718.818000"],
      "InstanceCreationTime": ["155718.790000", "155718.794000", "155718.796000", "155718.798000", "155718.806000", "155718.808000", "155718.811000", "155718.813000", "155718.816000", "155718.818000"],
      "InstanceNumber": [1, 2, 3, 4, 5, 6, 7, 8, 9, 10],
      "LargestImagePixelValue": [568, 530, 501, 505, 504, 535, 514, 495, 496, 520],
      "WindowCenter": [325.0, 323.0, 321.0, 320.0, 319.0, 316.0, 320.0, 318.0, 318.0, 322.0],
      "WindowWidth": [699.0, 694.0, 690.0, 688.0, 686.0, 681.0, 687.0, 683.0, 685.0, 692.0]
    },
    "slices": {}
  }
}