{"AcquisitionMatrixPE": 64, "AcquisitionNumber": 1, "AcquisitionTime": "10:33:42.700000", "BandwidthPerPixelPhaseEncode": 28.935, "BaseResolution": 64, "BodyPartExamined": "BRAIN", "CoilCombinationMethod": "Sum of Squares", "ConsistencyInfo": "N4_VE11E_LATEST_20181129", "ConversionSoftware": "dcm2niix", "ConversionSoftwareVersion": "v1.0.20230411", "DerivedVendorReportedEchoSpacing": 0.000540003, "DeviceSerialNumber": "166182", "DwellTime": 3.4e-06, "EchoTime": 0.032, "EchoTrainLength": 64, "EffectiveEchoSpacing": 0.000540003, "FlipAngle": 40, "HeudiconvVersion": "0.13.1", "ImageOrientationPatientDICOM": [0.995817, -0.0425454, -0.0808592, 0.0521885, 0.991261, 0.121156], "ImageOrientationText": "Tra>Cor(7.2)>Sag(-4.3)", "ImageType": ["ORIGINAL", "PRIMARY", "M", "ND", "NORM", "MOSAIC"], "ImagingFrequency": 123.257292, "InPlanePhaseEncodingDirectionDICOM": "COL", "InstitutionAddress": "PEARSE STREET .,City,District,IE,D2", "InstitutionName": "TCIN", "InstitutionalDepartmentName": "MRI", "MRAcquisitionType": "2D", "MagneticFieldStrength": 3, "Manufacturer": "Siemens", "ManufacturersModelName": "Prisma", "Modality": "MR", "MultibandAccelerationFactor": 4, "NonlinearGradientCorrection": false, "PartialFourier": 1, "PatientPosition": "HFS", "PercentPhaseFOV": 100, "PercentSampling": 100, "PhaseEncodingDirection": "j-", "PhaseEncodingSteps": 64, "PhaseResolution": 1, "PixelBandwidth": 2300, "ProcedureStepDescription": "Rhodri^Head BOLD", "ProtocolName": "cmrr_mbep2d_bold_Pictures_AP", "PulseSequenceDetails": "%SiemensSeq%\\ep2d_bold", "ReceiveCoilActiveElements": "HC2,4,6,7;SC", "ReceiveCoilName": "HeadNeck_64", "ReconMatrixPE": 64, "RefLinesPE": 12, "RepetitionTime": 0.61, "SAR": 0.273974, "ScanOptions": "FS", "ScanningSequence": "EP", "SequenceName": "*epfid2d1_64", "SequenceVariant": "SK", "SeriesDescription": "cmrr_mbep2d_bold_Pictures_AP", "SeriesNumber": 9, "ShimSetting": [-3569, -7419, 3822, 968, -44, -413, 297, -142], "SliceThickness": 3, "SliceTiming": [0.2625, 0, 0.3275, 0.065, 0.3925, 0.1325, 0.46, 0.1975, 0.525, 0.2625, 0, 0.3275, 0.065, 0.3925, 0.1325, 0.46, 0.1975, 0.525, 0.2625, 0, 0.3275, 0.065, 0.3925, 0.1325, 0.46, 0.1975, 0.525, 0.2625, 0, 0.3275, 0.065, 0.3925, 0.1325, 0.46, 0.1975, 0.525], "SoftwareVersions": "syngo MR E11", "SpacingBetweenSlices": 3.3, "StationName": "AWP166182", "TaskName": "pictures", "TotalReadoutTime": 0.0340202, "TxRefAmp": 234.101, "dcmmeta_affine": [[-2.9874513149261475, 0.15656553208827972, -0.24749301373958588, 95.92259216308594], [0.12763629853725433, 2.9737815856933594, 0.41206926107406616, -112.34260559082031], [-0.24257759749889374, -0.36346903443336487, 3.2648041248321533, -76.09002685546875], [0.0, 0.0, 0.0, 1.0]], "dcmmeta_reorient_transform": [[0.0, -1.0, 0.0, 63.0], [1.0, 0.0, 0.0, 0.0], [0.0, 0.0, 1.0, 0.0], [0.0, 0.0, 0.0, 1.0]], "dcmmeta_shape": [64, 64, 36, 510], "dcmmeta_slice_dim": 2, "dcmmeta_version": 0.6, "global": {"const": {"AcquisitionMatrix": [64, 0, 0, 64], "AngioFlag": "N", "BitsAllocated": 16, "BitsStored": 12, "BodyPartExamined": "BRAIN", "Columns": 384, "EchoNumbers": 1, "EchoTime": 32.0, "EchoTrainLength": 64, "FlipAngle": 40.0, "HighBit": 11, "ImageOrientationPatient": [0.99581708974332, -0.0425454315288, -0.0808591988037, 0.05218851301152, 0.9912605609362, 0.12115634297098], "ImagePositionPatient": [-608.82890815603, -530.38890013434, -118.33120356332], "ImageType": ["ORIGINAL", "PRIMARY", "M", "ND", "NORM", "MOSAIC"], "ImagedNucleus": "1H", "ImagingFrequency": 123.257292, "InPlanePhaseEncodingDirection": "COL", "MRAcquisitionType": "2D", "MagneticFieldStrength": 3.0, "Manufacturer": "SIEMENS", "ManufacturerModelName": "Prisma", "Modality": "MR", "NumberOfAverages": 1.0, "NumberOfPhaseEncodingSteps": 64, "PercentPhaseFieldOfView": 100.0, "PercentSampling": 100.0, "PerformedProcedureStepStartTime": "101530.543000", "PhotometricInterpretation": "MONOCHROME2", "PixelBandwidth": 2300.0, "PixelRepresentation": 0, "PixelSpacing": [3.0, 3.0], "ProtocolName": "cmrr_mbep2d_bold_Pictures_AP", "RepetitionTime": 610.0, "Rows": 384, "SAR": 0.27397397509651, "SamplesPerPixel": 1, "ScanOptions": "FS", "ScanningSequence": "EP", "SequenceName": "*epfid2d1_64", "SequenceVariant": "SK", "SeriesDescription": "cmrr_mbep2d_bold_Pictures_AP", "SeriesNumber": 9, "SeriesTime": "103404.543000", "SliceLocation": -96.500648494269, "SliceThickness": 3.0, "SmallestImagePixelValue": 0, "SoftwareVersions": "syngo MR E11", "SpacingBetweenSlices": 3.2999999285759, "SpecificCharacterSet": "ISO_IR 100", "StudyID": "1", "StudyTime": "101530.339000", "TransmitCoilName": "Body", "VariableFlipAngleFlag": "N", "WindowCenterWidthExplanation": "Algo1"}, "slices": {}}, "time": {"samples": {"AcquisitionNumber": [1, 2, 3, 4, 5, 6, 7, 8, 9, 10, 11, 12, 13, 14, 15, 16, 17, 18, 19, 20, 21, 22, 23, 24, 25, 26, 27, 28, 29, 30, 31, 32, 33, 34, 35, 36, 37, 38, 39, 40, 41, 42, 43, 44, 45, 46, 47, 48, 49, 50, 51, 52, 53, 54, 55, 56, 57, 58, 59, 60, 61, 62, 63, 64, 65, 66, 67, 68, 69, 70, 71, 72, 73, 74, 75, 76, 77, 78, 79, 80, 81, 82, 83, 84, 85, 86, 87, 88, 89, 90, 91, 92, 93, 94, 95, 96, 97, 98, 99, 100, 101, 102, 103, 104, 105, 106, 107, 108, 109, 110, 111, 112, 113, 114, 115, 116, 117, 118, 119, 120, 121, 122, 123, 124, 125, 126, 127, 128, 129, 130, 131, 132, 133, 134, 135, 136, 137, 138, 139, 140, 141, 142, 143, 144, 145, 146, 147, 148, 149, 150, 151, 152, 153, 154, 155, 156, 157, 158, 159, 160, 161, 162, 163, 164, 165, 166, 167, 168, 169, 170, 171, 172, 173, 174, 175, 176, 177, 178, 179, 180, 181, 182, 183, 184, 185, 186, 187, 188, 189, 190, 191, 192, 193, 194, 195, 196, 197, 198, 199, 200, 201, 202, 203, 204, 205, 206, 207, 208, 209, 210, 211, 212, 213, 214, 215, 216, 217, 218, 219, 220, 221, 222, 223, 224, 225, 226, 227, 228, 229, 230, 231, 232, 233, 234, 235, 236, 237, 238, 239, 240, 241, 242, 243, 244, 245, 246, 247, 248, 249, 250, 251, 252, 253, 254, 255, 256, 257, 258, 259, 260, 261, 262, 263, 264, 265, 266, 267, 268, 269, 270, 271, 272, 273, 274, 275, 276, 277, 278, 279, 280, 281, 282, 283, 284, 285, 286, 287, 288, 289, 290, 291, 292, 293, 294, 295, 296, 297, 298, 299, 300, 301, 302, 303, 304, 305, 306, 307, 308, 309, 310, 311, 312, 313, 314, 315, 316, 317, 318, 319, 320, 321, 322, 323, 324, 325, 326, 327, 328, 329, 330, 331, 332, 333, 334, 335, 336, 337, 338, 339, 340, 341, 342, 343, 344, 345, 346, 347, 348, 349, 350, 351, 352, 353, 354, 355, 356, 357, 358, 359, 360, 361, 362, 363, 364, 365, 366, 367, 368, 369, 370, 371, 372, 373, 374, 375, 376, 377, 378, 379, 380, 381, 382, 383, 384, 385, 386, 387, 388, 389, 390, 391, 392, 393, 394, 395, 396, 397, 398, 399, 400, 401, 402, 403, 404, 405, 406, 407, 408, 409, 410, 411, 412, 413, 414, 415, 416, 417, 418, 419, 420, 421, 422, 423, 424, 425, 426, 427, 428, 429, 430, 431, 432, 433, 434, 435, 436, 437, 438, 439, 440, 441, 442, 443, 444, 445, 446, 447, 448, 449, 450, 451, 452, 453, 454, 455, 456, 457, 458, 459, 460, 461, 462, 463, 464, 465, 466, 467, 468, 469, 470, 471, 472, 473, 474, 475, 476, 477, 478, 479, 480, 481, 482, 483, 484, 485, 486, 487, 488, 489, 490, 491, 492, 493, 494, 495, 496, 497, 498, 499, 500, 501, 502, 503, 504, 505, 506, 507, 508, 509, 510], "AcquisitionTime": ["103342.700000", "103343.310000", "103343.920000", "103344.530000", "103345.140000", "103345.750000", "103346.360000", "103346.970000", "103347.580000", "103348.190000", "103348.800000", "103349.410000", "103350.020000", "103350.630000", "103351.240000", "103351.850000", "103352.460000", "103353.070000", "103353.680000", "103354.290000", "103354.900000", "103355.510000", "103356.120000", "103356.730000", "103357.340000", "103357.950000", "103358.560000", "103359.170000", "103359.780000", "103400.390000", "103401.000000", "103401.610000", "103402.220000", "103402.830000", "103403.440000", "103404.050000", "103404.660000", "103405.270000", "103405.880000", "103406.490000", "103407.100000", "103407.710000", "103408.320000", "103408.930000", "103409.540000", "103410.150000", "103410.760000", "103411.370000", "103411.980000", "103412.590000", "103413.200000", "103413.810000", "103414.420000", "103415.030000", "103415.640000", "103416.250000", "103416.860000", "103417.470000", "103418.080000", "103418.690000", "103419.300000", "103419.910000", "103420.520000", "103421.130000", "103421.740000", "103422.350000", "103422.960000", "103423.570000", "103424.180000", "103424.790000", "103425.400000", "103426.010000", "103426.620000", "103427.230000", "103427.840000", "103428.450000", "103429.060000", "103429.670000", "103430.280000", "103430.890000", "103431.500000", "103432.110000", "103432.720000", "103433.330000", "103433.940000", "103434.550000", "103435.160000", "103435.770000", "103436.380000", "103436.990000", "103437.600000", "103438.210000", "103438.820000", "103439.430000", "103440.040000", "103440.650000", "103441.260000", "103441.870000", "103442.480000", "103443.090000", "103443.700000", "103444.310000", "103444.920000", "103445.530000", "103446.140000", "103446.750000", "103447.360000", "103447.970000", "103448.580000", "103449.190000", "103449.800000", "103450.410000", "103451.020000", "103451.630000", "103452.240000", "103452.850000", "103453.460000", "103454.070000", "103454.680000", "103455.290000", "103455.900000", "103456.510000", "103457.120000", "103457.730000", "103458.340000", "103458.950000", "103459.560000", "103500.170000", "103500.780000", "103501.390000", "103502.000000", "103502.610000", "103503.220000", "103503.830000", "103504.440000", "103505.050000", "103505.660000", "103506.270000", "103506.880000", "103507.490000", "103508.100000", "103508.710000", "103509.320000", "103509.930000", "103510.540000", "103511.150000", "103511.760000", "103512.370000", "103512.980000", "103513.590000", "103514.200000", "103514.810000", "103515.420000", "103516.030000", "103516.640000", "103517.250000", "103517.860000", "103518.470000", "103519.080000", "103519.690000", "103520.300000", "103520.910000", "103521.520000", "103522.130000", "103522.740000", "103523.350000", "103523.960000", "103524.570000", "103525.180000", "103525.790000", "103526.400000", "103527.010000", "103527.620000", "103528.230000", "103528.840000", "103529.450000", "103530.060000", "103530.670000", "103531.280000", "103531.890000", "103532.500000", "103533.110000", "103533.720000", "103534.330000", "103534.940000", "103535.550000", "103536.160000", "103536.770000", "103537.380000", "103537.990000", "103538.600000", "103539.210000", "103539.820000", "103540.430000", "103541.040000", "103541.650000", "103542.260000", "103542.870000", "103543.480000", "103544.090000", "103544.700000", "103545.310000", "103545.920000", "103546.530000", "103547.140000", "103547.750000", "103548.360000", "103548.970000", "103549.580000", "103550.190000", "103550.800000", "103551.410000", "103552.020000", "103552.630000", "103553.240000", "103553.850000", "103554.460000", "103555.070000", "103555.680000", "103556.290000", "103556.900000", "103557.510000", "103558.120000", "103558.730000", "103559.340000", "103559.950000", "103600.560000", "103601.170000", "103601.780000", "103602.390000", "103603.000000", "103603.610000", "103604.220000", "103604.830000", "103605.440000", "103606.050000", "103606.660000", "103607.270000", "103607.880000", "103608.490000", "103609.100000", "103609.710000", "103610.320000", "103610.930000", "103611.540000", "103612.150000", "103612.760000", "103613.370000", "103613.980000", "103614.590000", "103615.200000", "103615.810000", "103616.420000", "103617.030000", "103617.640000", "103618.250000", "103618.860000", "103619.470000", "103620.080000", "103620.690000", "103621.300000", "103621.910000", "103622.520000", "103623.130000", "103623.740000", "103624.350000", "103624.960000", "103625.570000", "103626.180000", "103626.790000", "103627.400000", "103628.010000", "103628.620000", "103629.230000", "103629.840000", "103630.450000", "103631.060000", "103631.670000", "103632.280000", "103632.890000", "103633.500000", "103634.110000", "103634.720000", "103635.330000", "103635.940000", "103636.550000", "103637.160000", "103637.770000", "103638.380000", "103638.990000", "103639.600000", "103640.210000", "103640.820000", "103641.430000", "103642.040000", "103642.650000", "103643.260000", "103643.870000", "103644.480000", "103645.090000", "103645.700000", "103646.310000", "103646.920000", "103647.530000", "103648.140000", "103648.750000", "103649.360000", "103649.970000", "103650.580000", "103651.190000", "103651.800000", "103652.410000", "103653.020000", "103653.630000", "103654.240000", "103654.850000", "103655.460000", "103656.070000", "103656.680000", "103657.290000", "103657.900000", "103658.510000", "103659.120000", "103659.730000", "103700.340000", "103700.950000", "103701.560000", "103702.170000", "103702.780000", "103703.390000", "103704.000000", "103704.610000", "103705.220000", "103705.830000", "103706.440000", "103707.050000", "103707.660000", "103708.270000", "103708.880000", "103709.490000", "103710.100000", "103710.710000", "103711.320000", "103711.930000", "103712.540000", "103713.150000", "103713.760000", "103714.370000", "103714.980000", "103715.590000", "103716.200000", "103716.810000", "103717.420000", "103718.030000", "103718.640000", "103719.250000", "103719.860000", "103720.470000", "103721.080000", "103721.690000", "103722.300000", "103722.910000", "103723.520000", "103724.130000", "103724.740000", "103725.350000", "103725.960000", "103726.570000", "103727.180000", "103727.790000", "103728.400000", "103729.010000", "103729.620000", "103730.230000", "103730.840000", "103731.450000", "103732.060000", "103732.670000", "103733.280000", "103733.890000", "103734.500000", "103735.110000", "103735.720000", "103736.330000", "103736.940000", "103737.550000", "103738.160000", "103738.770000", "103739.380000", "103739.990000", "103740.600000", "103741.210000", "103741.820000", "103742.430000", "103743.040000", "103743.650000", "103744.260000", "103744.870000", "103745.480000", "103746.090000", "103746.700000", "103747.310000", "103747.920000", "103748.530000", "103749.140000", "103749.750000", "103750.360000", "103750.970000", "103751.580000", "103752.190000", "103752.800000", "103753.410000", "103754.020000", "103754.630000", "103755.240000", "103755.850000", "103756.460000", "103757.070000", "103757.680000", "103758.290000", "103758.900000", "103759.510000", "103800.120000", "103800.730000", "103801.340000", "103801.950000", "103802.560000", "103803.170000", "103803.780000", "103804.390000", "103805.000000", "103805.610000", "103806.220000", "103806.830000", "103807.440000", "103808.050000", "103808.660000", "103809.270000", "103809.880000", "103810.490000", "103811.100000", "103811.710000", "103812.320000", "103812.930000", "103813.540000", "103814.150000", "103814.760000", "103815.370000", "103815.980000", "103816.590000", "103817.200000", "103817.810000", "103818.420000", "103819.030000", "103819.640000", "103820.250000", "103820.860000", "103821.470000", "103822.080000", "103822.690000", "103823.300000", "103823.910000", "103824.520000", "103825.130000", "103825.740000", "103826.350000", "103826.960000", "103827.570000", "103828.180000", "103828.790000", "103829.400000", "103830.010000", "103830.620000", "103831.230000", "103831.840000", "103832.450000", "103833.060000", "103833.670000", "103834.280000", "103834.890000", "103835.500000", "103836.110000", "103836.720000", "103837.330000", "103837.940000", "103838.550000", "103839.160000", "103839.770000", "103840.380000", "103840.990000", "103841.600000", "103842.210000", "103842.820000", "103843.430000", "103844.040000", "103844.650000", "103845.260000", "103845.870000", "103846.480000", "103847.090000", "103847.700000", "103848.310000", "103848.920000", "103849.530000", "103850.140000", "103850.750000", "103851.360000", "103851.970000", "103852.580000", "103853.190000"], "ContentTime": ["103404.546000", "103404.549000", "103404.552000", "103404.554000", "103404.556000", "103404.559000", "103404.561000", "103404.563000", "103404.566000", "103404.568000", "103404.571000", "103404.573000", "103404.575000", "103404.578000", "103404.580000", "103404.582000", "103404.585000", "103404.591000", "103404.593000", "103404.596000", "103404.598000", "103404.601000", "103404.603000", "103404.605000", "103404.608000", "103404.610000", "103404.613000", "103404.615000", "103404.617000", "103404.620000", "103404.622000", "103404.624000", "103404.627000", "103404.629000", "103404.631000", "103424.541000", "103424.544000", "103424.546000", "103424.549000", "103424.551000", "103424.554000", "103424.556000", "103424.558000", "103424.561000", "103424.563000", "103424.574000", "103424.577000", "103424.579000", "103424.582000", "103424.584000", "103424.587000", "103424.589000", "103424.591000", "103424.594000", "103424.596000", "103424.599000", "103424.601000", "103424.604000", "103424.606000", "103424.608000", "103424.611000", "103424.613000", "103424.616000", "103424.618000", "103424.621000", "103424.623000", "103424.625000", "103424.628000", "103444.541000", "103444.544000", "103444.546000", "103444.549000", "103444.551000", "103444.553000", "103444.556000", "103444.558000", "103444.561000", "103444.563000", "103444.566000", "103444.568000", "103444.570000", "103444.573000", "103444.575000", "103444.577000", "103444.580000", "103444.582000", "103444.590000", "103444.592000", "103444.595000", "103444.597000", "103444.600000", "103444.602000", "103444.604000", "103444.607000", "103444.609000", "103444.612000", "103444.614000", "103444.617000", "103444.619000", "103444.621000", "103444.624000", "103504.541000", "103504.544000", "103504.546000", "103504.549000", "103504.551000", "103504.553000", "103504.556000", "103504.558000", "103504.561000", "103504.563000", "103504.565000", "103504.568000", "103504.570000", "103504.573000", "103504.575000", "103504.577000", "103504.580000", "103504.582000", "103504.585000", "103504.587000", "103504.590000", "103504.592000", "103504.594000", "103504.597000", "103504.599000", "103504.602000", "103504.604000", "103504.607000", "103504.609000", "103504.611000", "103504.614000", "103504.616000", "103504.619000", "103524.541000", "103524.544000", "103524.546000", "103524.549000", "103524.551000", "103524.554000", "103524.556000", "103524.558000", "103524.561000", "103524.563000", "103524.566000", "103524.568000", "103524.571000", "103524.573000", "103524.575000", "103524.578000", "103524.580000", "103524.583000", "103524.585000", "103524.587000", "103524.590000", "103524.592000", "103524.594000", "103524.597000", "103524.600000", "103524.602000", "103524.605000", "103524.607000", "103524.610000", "103524.612000", "103524.614000", "103524.617000", "103544.541000", "103544.544000", "103544.546000", "103544.549000", "103544.556000", "103544.559000", "103544.561000", "103544.569000", "103544.571000", "103544.574000", "103544.586000", "103544.589000", "103544.592000", "103544.594000", "103544.597000", "103544.599000", "103544.602000", "103544.604000", "103544.607000", "103544.609000", "103544.611000", "103544.614000", "103544.616000", "103544.619000", "103544.621000", "103544.623000", "103544.626000", "103544.628000", "103544.631000", "103544.633000", "103544.636000", "103544.638000", "103544.641000", "103604.542000", "103604.544000", "103604.547000", "103604.549000", "103604.551000", "103604.554000", "103604.556000", "103604.558000", "103604.561000", "103604.563000", "103604.565000", "103604.568000", "103604.570000", "103604.572000", "103604.575000", "103604.577000", "103604.579000", "103604.582000", "103604.584000", "103604.587000", "103604.589000", "103604.592000", "103604.594000", "103604.596000", "103604.599000", "103604.601000", "103604.604000", "103604.606000", "103604.608000", "103604.611000", "103604.613000", "103604.615000", "103604.618000", "103624.541000", "103624.544000", "103624.546000", "103624.549000", "103624.551000", "103624.553000", "103624.556000", "103624.558000", "103624.561000", "103624.563000", "103624.565000", "103624.568000", "103624.570000", "103624.573000", "103624.575000", "103624.577000", "103624.580000", "103624.582000", "103624.584000", "103624.587000", "103624.589000", "103624.591000", "103624.594000", "103624.596000", "103624.599000", "103624.601000", "103624.603000", "103624.606000", "103624.608000", "103624.611000", "103624.613000", "103624.615000", "103624.618000", "103644.541000", "103644.544000", "103644.546000", "103644.548000", "103644.551000", "103644.553000", "103644.555000", "103644.558000", "103644.560000", "103644.562000", "103644.565000", "103644.567000", "103644.570000", "103644.572000", "103644.574000", "103644.577000", "103644.579000", "103644.581000", "103644.584000", "103644.586000", "103644.588000", "103644.591000", "103644.593000", "103644.596000", "103644.598000", "103644.601000", "103644.603000", "103644.605000", "103644.608000", "103644.610000", "103644.613000", "103644.615000", "103644.618000", "103704.541000", "103704.544000", "103704.547000", "103704.549000", "103704.551000", "103704.554000", "103704.556000", "103704.559000", "103704.561000", "103704.563000", "103704.566000", "103704.568000", "103704.571000", "103704.573000", "103704.576000", "103704.578000", "103704.580000", "103704.583000", "103704.586000", "103704.588000", "103704.590000", "103704.593000", "103704.595000", "103704.598000", "103704.600000", "103704.603000", "103704.605000", "103704.607000", "103704.610000", "103704.612000", "103704.615000", "103704.617000", "103724.541000", "103724.544000", "103724.546000", "103724.549000", "103724.551000", "103724.553000", "103724.556000", "103724.558000", "103724.560000", "103724.563000", "103724.565000", "103724.568000", "103724.570000", "103724.572000", "103724.575000", "103724.577000", "103724.580000", "103724.582000", "103724.584000", "103724.587000", "103724.589000", "103724.591000", "103724.594000", "103724.596000", "103724.599000", "103724.601000", "103724.604000", "103724.606000", "103724.608000", "103724.611000", "103724.613000", "103724.616000", "103724.620000", "103744.541000", "103744.544000", "103744.546000", "103744.549000", "103744.551000", "103744.554000", "103744.556000", "103744.558000", "103744.561000", "103744.563000", "103744.566000", "103744.568000", "103744.570000", "103744.573000", "103744.575000", "103744.578000", "103744.580000", "103744.582000", "103744.585000", "103744.587000", "103744.589000", "103744.592000", "103744.594000", "103744.597000", "103744.599000", "103744.601000", "103744.604000", "103744.606000", "103744.609000", "103744.611000", "103744.614000", "103744.616000", "103744.618000", "103804.541000", "103804.544000", "103804.546000", "103804.549000", "103804.551000", "103804.553000", "103804.556000", "103804.558000", "103804.561000", "103804.563000", "103804.566000", "103804.568000", "103804.570000", "103804.573000", "103804.575000", "103804.578000", "103804.580000", "103804.582000", "103804.586000", "103804.588000", "103804.590000", "103804.593000", "103804.595000", "103804.598000", "103804.600000", "103804.603000", "103804.605000", "103804.608000", "103804.610000", "103804.613000", "103804.615000", "103804.617000", "103804.620000", "103824.541000", "103824.544000", "103824.547000", "103824.554000", "103824.557000", "103824.560000", "103824.562000", "103824.565000", "103824.567000", "103824.570000", "103824.572000", "103824.574000", "103824.577000", "103824.579000", "103824.582000", "103824.584000", "103824.586000", "103824.589000", "103824.591000", "103824.594000", "103824.596000", "103824.599000", "103824.601000", "103824.604000", "103824.606000", "103824.609000", "103824.611000", "103824.614000", "103824.616000", "103824.618000", "103824.621000", "103824.623000", "103844.541000", "103844.544000", "103844.546000", "103844.549000", "103844.552000", "103844.554000", "103844.556000", "103844.559000", "103844.561000", "103844.564000", "103844.566000", "103844.575000", "103844.577000", "103844.580000", "103844.582000", "103844.585000", "103844.587000", "103844.590000", "103844.592000", "103844.595000", "103844.597000", "103844.600000", "103844.602000", "103844.604000", "103844.607000", "103844.609000", "103844.612000", "103844.614000", "103844.616000", "103844.619000", "103844.621000", "103844.624000", "103844.626000", "103853.803000", "103853.807000", "103853.810000", "103853.813000", "103853.815000", "103853.818000", "103853.820000", "103853.823000", "103853.825000", "103853.828000", "103853.830000", "103853.833000", "103853.835000", "103853.838000", "103853.840000", "103853.843000"], "InstanceCreationTime": ["103404.546000", "103404.549000", "103404.552000", "103404.554000", "103404.556000", "103404.559000", "103404.561000", "103404.563000", "103404.566000", "103404.568000", "103404.571000", "103404.573000", "103404.575000", "103404.578000", "103404.580000", "103404.582000", "103404.585000", "103404.591000", "103404.593000", "103404.596000", "103404.598000", "103404.601000", "103404.603000", "103404.605000", "103404.608000", "103404.610000", "103404.613000", "103404.615000", "103404.617000", "103404.620000", "103404.622000", "103404.624000", "103404.627000", "103404.629000", "103404.631000", "103424.541000", "103424.544000", "103424.546000", "103424.549000", "103424.551000", "103424.554000", "103424.556000", "103424.558000", "103424.561000", "103424.563000", "103424.574000", "103424.577000", "103424.579000", "103424.582000", "103424.584000", "103424.587000", "103424.589000", "103424.591000", "103424.594000", "103424.596000", "103424.599000", "103424.601000", "103424.604000", "103424.606000", "103424.608000", "103424.611000", "103424.613000", "103424.616000", "103424.618000", "103424.621000", "103424.623000", "103424.625000", "103424.628000", "103444.541000", "103444.544000", "103444.546000", "103444.549000", "103444.551000", "103444.553000", "103444.556000", "103444.558000", "103444.561000", "103444.563000", "103444.566000", "103444.568000", "103444.570000", "103444.573000", "103444.575000", "103444.577000", "103444.580000", "103444.582000", "103444.590000", "103444.592000", "103444.595000", "103444.597000", "103444.600000", "103444.602000", "103444.604000", "103444.607000", "103444.609000", "103444.612000", "103444.614000", "103444.617000", "103444.619000", "103444.621000", "103444.624000", "103504.541000", "103504.544000", "103504.546000", "103504.549000", "103504.551000", "103504.553000", "103504.556000", "103504.558000", "103504.561000", "103504.563000", "103504.565000", "103504.568000", "103504.570000", "103504.573000", "103504.575000", "103504.577000", "103504.580000", "103504.582000", "103504.585000", "103504.587000", "103504.590000", "103504.592000", "103504.594000", "103504.597000", "103504.599000", "103504.602000", "103504.604000", "103504.607000", "103504.609000", "103504.611000", "103504.614000", "103504.616000", "103504.619000", "103524.541000", "103524.544000", "103524.546000", "103524.549000", "103524.551000", "103524.554000", "103524.556000", "103524.558000", "103524.561000", "103524.563000", "103524.566000", "103524.568000", "103524.571000", "103524.573000", "103524.575000", "103524.578000", "103524.580000", "103524.583000", "103524.585000", "103524.587000", "103524.590000", "103524.592000", "103524.594000", "103524.597000", "103524.600000", "103524.602000", "103524.605000", "103524.607000", "103524.610000", "103524.612000", "103524.614000", "103524.617000", "103544.541000", "103544.544000", "103544.546000", "103544.549000", "103544.556000", "103544.559000", "103544.561000", "103544.569000", "103544.571000", "103544.574000", "103544.586000", "103544.589000", "103544.592000", "103544.594000", "103544.597000", "103544.599000", "103544.602000", "103544.604000", "103544.607000", "103544.609000", "103544.611000", "103544.614000", "103544.616000", "103544.619000", "103544.621000", "103544.623000", "103544.626000", "103544.628000", "103544.631000", "103544.633000", "103544.636000", "103544.638000", "103544.641000", "103604.542000", "103604.544000", "103604.547000", "103604.549000", "103604.551000", "103604.554000", "103604.556000", "103604.558000", "103604.561000", "103604.563000", "103604.565000", "103604.568000", "103604.570000", "103604.572000", "103604.575000", "103604.577000", "103604.579000", "103604.582000", "103604.584000", "103604.587000", "103604.589000", "103604.592000", "103604.594000", "103604.596000", "103604.599000", "103604.601000", "103604.604000", "103604.606000", "103604.608000", "103604.611000", "103604.613000", "103604.615000", "103604.618000", "103624.541000", "103624.544000", "103624.546000", "103624.549000", "103624.551000", "103624.553000", "103624.556000", "103624.558000", "103624.561000", "103624.563000", "103624.565000", "103624.568000", "103624.570000", "103624.573000", "103624.575000", "103624.577000", "103624.580000", "103624.582000", "103624.584000", "103624.587000", "103624.589000", "103624.591000", "103624.594000", "103624.596000", "103624.599000", "103624.601000", "103624.603000", "103624.606000", "103624.608000", "103624.611000", "103624.613000", "103624.615000", "103624.618000", "103644.541000", "103644.544000", "103644.546000", "103644.548000", "103644.551000", "103644.553000", "103644.555000", "103644.558000", "103644.560000", "103644.562000", "103644.565000", "103644.567000", "103644.570000", "103644.572000", "103644.574000", "103644.577000", "103644.579000", "103644.581000", "103644.584000", "103644.586000", "103644.588000", "103644.591000", "103644.593000", "103644.596000", "103644.598000", "103644.601000", "103644.603000", "103644.605000", "103644.608000", "103644.610000", "103644.613000", "103644.615000", "103644.618000", "103704.541000", "103704.544000", "103704.547000", "103704.549000", "103704.551000", "103704.554000", "103704.556000", "103704.559000", "103704.561000", "103704.563000", "103704.566000", "103704.568000", "103704.571000", "103704.573000", "103704.576000", "103704.578000", "103704.580000", "103704.583000", "103704.586000", "103704.588000", "103704.590000", "103704.593000", "103704.595000", "103704.598000", "103704.600000", "103704.603000", "103704.605000", "103704.607000", "103704.610000", "103704.612000", "103704.615000", "103704.617000", "103724.541000", "103724.544000", "103724.546000", "103724.549000", "103724.551000", "103724.553000", "103724.556000", "103724.558000", "103724.560000", "103724.563000", "103724.565000", "103724.568000", "103724.570000", "103724.572000", "103724.575000", "103724.577000", "103724.580000", "103724.582000", "103724.584000", "103724.587000", "103724.589000", "103724.591000", "103724.594000", "103724.596000", "103724.599000", "103724.601000", "103724.604000", "103724.606000", "103724.608000", "103724.611000", "103724.613000", "103724.616000", "103724.620000", "103744.541000", "103744.544000", "103744.546000", "103744.549000", "103744.551000", "103744.554000", "103744.556000", "103744.558000", "103744.561000", "103744.563000", "103744.566000", "103744.568000", "103744.570000", "103744.573000", "103744.575000", "103744.578000", "103744.580000", "103744.582000", "103744.585000", "103744.587000", "103744.589000", "103744.592000", "103744.594000", "103744.597000", "103744.599000", "103744.601000", "103744.604000", "103744.606000", "103744.609000", "103744.611000", "103744.614000", "103744.616000", "103744.618000", "103804.541000", "103804.544000", "103804.546000", "103804.549000", "103804.551000", "103804.553000", "103804.556000", "103804.558000", "103804.561000", "103804.563000", "103804.566000", "103804.568000", "103804.570000", "103804.573000", "103804.575000", "103804.578000", "103804.580000", "103804.582000", "103804.586000", "103804.588000", "103804.590000", "103804.593000", "103804.595000", "103804.598000", "103804.600000", "103804.603000", "103804.605000", "103804.608000", "103804.610000", "103804.613000", "103804.615000", "103804.617000", "103804.620000", "103824.541000", "103824.544000", "103824.547000", "103824.554000", "103824.557000", "103824.560000", "103824.562000", "103824.565000", "103824.567000", "103824.570000", "103824.572000", "103824.574000", "103824.577000", "103824.579000", "103824.582000", "103824.584000", "103824.586000", "103824.589000", "103824.591000", "103824.594000", "103824.596000", "103824.599000", "103824.601000", "103824.604000", "103824.606000", "103824.609000", "103824.611000", "103824.614000", "103824.616000", "103824.618000", "103824.621000", "103824.623000", "103844.541000", "103844.544000", "103844.546000", "103844.549000", "103844.552000", "103844.554000", "103844.556000", "103844.559000", "103844.561000", "103844.564000", "103844.566000", "103844.575000", "103844.577000", "103844.580000", "103844.582000", "103844.585000", "103844.587000", "103844.590000", "103844.592000", "103844.595000", "103844.597000", "103844.600000", "103844.602000", "103844.604000", "103844.607000", "103844.609000", "103844.612000", "103844.614000", "103844.616000", "103844.619000", "103844.621000", "103844.624000", "103844.626000", "103853.803000", "103853.807000", "103853.810000", "103853.813000", "103853.815000", "103853.818000", "103853.820000", "103853.823000", "103853.825000", "103853.828000", "103853.830000", "103853.833000", "103853.835000", "103853.838000", "103853.840000", "103853.843000"], "InstanceNumber": [1, 2, 3, 4, 5, 6, 7, 8, 9, 10, 11, 12, 13, 14, 15, 16, 17, 18, 19, 20, 21, 22, 23, 24, 25, 26, 27, 28, 29, 30, 31, 32, 33, 34, 35, 36, 37, 38, 39, 40, 41, 42, 43, 44, 45, 46, 47, 48, 49, 50, 51, 52, 53, 54, 55, 56, 57, 58, 59, 60, 61, 62, 63, 64, 65, 66, 67, 68, 69, 70, 71, 72, 73, 74, 75, 76, 77, 78, 79, 80, 81, 82, 83, 84, 85, 86, 87, 88, 89, 90, 91, 92, 93, 94, 95, 96, 97, 98, 99, 100, 101, 102, 103, 104, 105, 106, 107, 108, 109, 110, 111, 112, 113, 114, 115, 116, 117, 118, 119, 120, 121, 122, 123, 124, 125, 126, 127, 128, 129, 130, 131, 132, 133, 134, 135, 136, 137, 138, 139, 140, 141, 142, 143, 144, 145, 146, 147, 148, 149, 150, 151, 152, 153, 154, 155, 156, 157, 158, 159, 160, 161, 162, 163, 164, 165, 166, 167, 168, 169, 170, 171, 172, 173, 174, 175, 176, 177, 178, 179, 180, 181, 182, 183, 184, 185, 186, 187, 188, 189, 190, 191, 192, 193, 194, 195, 196, 197, 198, 199, 200, 201, 202, 203, 204, 205, 206, 207, 208, 209, 210, 211, 212, 213, 214, 215, 216, 217, 218, 219, 220, 221, 222, 223, 224, 225, 226, 227, 228, 229, 230, 231, 232, 233, 234, 235, 236, 237, 238, 239, 240, 241, 242, 243, 244, 245, 246, 247, 248, 249, 250, 251, 252, 253, 254, 255, 256, 257, 258, 259, 260, 261, 262, 263, 264, 265, 266, 267, 268, 269, 270, 271, 272, 273, 274, 275, 276, 277, 278, 279, 280, 281, 282, 283, 284, 285, 286, 287, 288, 289, 290, 291, 292, 293, 294, 295, 296, 297, 298, 299, 300, 301, 302, 303, 304, 305, 306, 307, 308, 309, 310, 311, 312, 313, 314, 315, 316, 317, 318, 319, 320, 321, 322, 323, 324, 325, 326, 327, 328, 329, 330, 331, 332, 333, 334, 335, 336, 337, 338, 339, 340, 341, 342, 343, 344, 345, 346, 347, 348, 349, 350, 351, 352, 353, 354, 355, 356, 357, 358, 359, 360, 361, 362, 363, 364, 365, 366, 367, 368, 369, 370, 371, 372, 373, 374, 375, 376, 377, 378, 379, 380, 381, 382, 383, 384, 385, 386, 387, 388, 389, 390, 391, 392, 393, 394, 395, 396, 397, 398, 399, 400, 401, 402, 403, 404, 405, 406, 407, 408, 409, 410, 411, 412, 413, 414, 415, 416, 417, 418, 419, 420, 421, 422, 423, 424, 425, 426, 427, 428, 429, 430, 431, 432, 433, 434, 435, 436, 437, 438, 439, 440, 441, 442, 443, 444, 445, 446, 447, 448, 449, 450, 451, 452, 453, 454, 455, 456, 457, 458, 459, 460, 461, 462, 463, 464, 465, 466, 467, 468, 469, 470, 471, 472, 473, 474, 475, 476, 477, 478, 479, 480, 481, 482, 483, 484, 485, 486, 487, 488, 489, 490, 491, 492, 493, 494, 495, 496, 497, 498, 499, 500, 501, 502, 503, 504, 505, 506, 507, 508, 509, 510], "LargestImagePixelValue": [512, 521, 500, 497, 486, 478, 474, 476, 475, 473, 476, 478, 483, 477, 478, 475, 474, 474, 481, 475, 473, 471, 471, 473, 471, 473, 473, 475, 474, 475, 475, 472, 475, 480, 480, 476, 491, 474, 494, 510, 501, 500, 497, 496, 491, 500, 501, 503, 502, 491, 497, 503, 498, 504, 502, 496, 499, 498, 497, 498, 487, 491, 490, 492, 491, 488, 493, 491, 494, 493, 496, 491, 489, 491, 496, 493, 497, 493, 496, 497, 497, 500, 497, 503, 495, 493, 501, 504, 500, 502, 498, 499, 496, 504, 497, 499, 498, 497, 504, 498, 500, 501, 500, 501, 500, 499, 500, 502, 499, 506, 505, 499, 497, 505, 506, 502, 503, 499, 504, 502, 503, 503, 505, 502, 503, 504, 503, 509, 506, 505, 507, 504, 505, 502, 508, 505, 505, 503, 507, 510, 506, 505, 502, 504, 502, 500, 506, 504, 500, 502, 502, 510, 505, 504, 521, 513, 510, 509, 514, 515, 518, 513, 511, 513, 515, 513, 516, 514, 512, 511, 513, 515, 518, 517, 516, 508, 502, 499, 513, 512, 513, 514, 514, 514, 515, 513, 517, 515, 513, 518, 518, 515, 516, 519, 517, 518, 520, 520, 519, 516, 515, 516, 516, 514, 515, 513, 514, 514, 517, 518, 516, 515, 519, 516, 516, 519, 517, 521, 521, 522, 521, 521, 523, 524, 523, 522, 518, 516, 513, 512, 515, 514, 518, 515, 516, 512, 517, 513, 513, 518, 518, 516, 521, 518, 522, 520, 517, 522, 519, 521, 521, 521, 522, 520, 521, 522, 519, 522, 522, 525, 521, 526, 522, 521, 503, 497, 516, 513, 514, 513, 516, 517, 514, 518, 516, 513, 516, 516, 516, 516, 517, 517, 517, 514, 517, 516, 517, 521, 518, 517, 519, 522, 521, 521, 522, 522, 521, 520, 516, 521, 520, 515, 519, 519, 520, 517, 518, 521, 518, 524, 519, 523, 516, 523, 524, 522, 522, 521, 517, 516, 516, 517, 516, 519, 519, 517, 517, 516, 518, 516, 515, 518, 519, 518, 520, 519, 522, 521, 521, 521, 519, 523, 518, 520, 519, 515, 517, 516, 516, 517, 517, 514, 513, 517, 517, 514, 515, 517, 517, 516, 517, 517, 518, 515, 516, 518, 516, 514, 516, 517, 515, 512, 519, 517, 519, 518, 521, 518, 519, 519, 519, 517, 517, 515, 514, 514, 516, 516, 515, 516, 513, 513, 515, 516, 517, 518, 516, 515, 514, 512, 512, 513, 513, 512, 512, 511, 510, 511, 520, 515, 514, 514, 519, 517, 519, 519, 520, 520, 517, 517, 519, 516, 515, 513, 510, 509, 513, 515, 512, 515, 513, 514, 512, 516, 517, 517, 514, 516, 515, 515, 517, 516, 515, 516, 518, 515, 516, 514, 513, 516, 516, 515, 514, 518, 517, 516, 518, 519, 517, 518, 517, 513, 519, 516, 518, 518, 518, 518, 518, 518, 516, 516, 514, 513, 513, 511, 514, 515, 520, 512, 518, 517, 517, 516, 517, 518, 516, 519, 517, 513, 510, 513, 511, 510, 511, 516, 515, 513, 515, 518, 515, 513, 515, 514, 512, 511, 513, 513, 512, 515], "WindowCenter": [302.0, 299.0, 298.0, 296.0, 296.0, 296.0, 296.0, 296.0, 296.0, 296.0, 296.0, 295.0, 295.0, 295.0, 295.0, 295.0, 294.0, 295.0, 295.0, 295.0, 294.0, 294.0, 294.0, 294.0, 294.0, 294.0, 294.0, 294.0, 294.0, 295.0, 295.0, 294.0, 295.0, 294.0, 294.0, 294.0, 295.0, 295.0, 296.0, 296.0, 295.0, 295.0, 295.0, 295.0, 296.0, 295.0, 295.0, 295.0, 295.0, 295.0, 295.0, 295.0, 295.0, 295.0, 295.0, 295.0, 295.0, 295.0, 295.0, 295.0, 295.0, 296.0, 295.0, 295.0, 295.0, 295.0, 296.0, 296.0, 295.0, 296.0, 295.0, 296.0, 295.0, 296.0, 296.0, 296.0, 296.0, 296.0, 295.0, 296.0, 295.0, 295.0, 295.0, 295.0, 295.0, 295.0, 295.0, 295.0, 295.0, 295.0, 295.0, 296.0, 296.0, 295.0, 296.0, 295.0, 295.0, 295.0, 296.0, 295.0, 295.0, 295.0, 295.0, 295.0, 295.0, 294.0, 295.0, 295.0, 294.0, 295.0, 295.0, 294.0, 294.0, 294.0, 295.0, 295.0, 295.0, 296.0, 295.0, 295.0, 295.0, 295.0, 296.0, 295.0, 295.0, 296.0, 295.0, 296.0, 296.0, 295.0, 296.0, 295.0, 296.0, 295.0, 296.0, 295.0, 296.0, 295.0, 295.0, 296.0, 295.0, 295.0, 295.0, 295.0, 295.0, 295.0, 295.0, 295.0, 295.0, 295.0, 295.0, 296.0, 295.0, 296.0, 296.0, 296.0, 296.0, 296.0, 296.0, 295.0, 295.0, 296.0, 295.0, 296.0, 296.0, 295.0, 295.0, 295.0, 295.0, 296.0, 295.0, 296.0, 296.0, 296.0, 296.0, 296.0, 296.0, 296.0, 295.0, 295.0, 295.0, 295.0, 295.0, 295.0, 295.0, 295.0, 295.0, 295.0, 295.0, 295.0, 295.0, 295.0, 295.0, 295.0, 296.0, 296.0, 296.0, 296.0, 296.0, 296.0, 295.0, 295.0, 295.0, 295.0, 295.0, 295.0, 295.0, 295.0, 295.0, 295.0, 295.0, 295.0, 295.0, 295.0, 295.0, 295.0, 296.0, 296.0, 296.0, 297.0, 297.0, 296.0, 297.0, 297.0, 296.0, 295.0, 295.0, 295.0, 295.0, 295.0, 295.0, 295.0, 295.0, 295.0, 295.0, 295.0, 294.0, 294.0, 295.0, 294.0, 295.0, 295.0, 295.0, 295.0, 295.0, 295.0, 294.0, 294.0, 294.0, 294.0, 294.0, 294.0, 295.0, 294.0, 295.0, 295.0, 295.0, 295.0, 295.0, 295.0, 296.0, 295.0, 295.0, 296.0, 296.0, 296.0, 296.0, 295.0, 295.0, 295.0, 295.0, 295.0, 294.0, 295.0, 294.0, 294.0, 295.0, 294.0, 294.0, 294.0, 294.0, 294.0, 294.0, 295.0, 295.0, 295.0, 295.0, 295.0, 295.0, 295.0, 295.0, 295.0, 296.0, 295.0, 295.0, 295.0, 295.0, 295.0, 294.0, 295.0, 294.0, 294.0, 295.0, 294.0, 294.0, 294.0, 295.0, 295.0, 295.0, 296.0, 295.0, 296.0, 296.0, 296.0, 297.0, 296.0, 296.0, 295.0, 295.0, 295.0, 295.0, 294.0, 295.0, 295.0, 295.0, 294.0, 295.0, 295.0, 295.0, 295.0, 295.0, 295.0, 295.0, 295.0, 295.0, 295.0, 295.0, 296.0, 296.0, 297.0, 296.0, 297.0, 296.0, 296.0, 295.0, 295.0, 295.0, 295.0, 295.0, 295.0, 295.0, 294.0, 295.0, 295.0, 295.0, 295.0, 295.0, 295.0, 295.0, 295.0, 295.0, 295.0, 295.0, 295.0, 295.0, 296.0, 295.0, 295.0, 295.0, 295.0, 296.0, 295.0, 295.0, 295.0, 295.0, 295.0, 296.0, 296.0, 296.0, 297.0, 297.0, 297.0, 296.0, 296.0, 296.0, 296.0, 295.0, 295.0, 295.0, 295.0, 295.0, 295.0, 295.0, 295.0, 295.0, 295.0, 295.0, 295.0, 295.0, 295.0, 295.0, 295.0, 295.0, 295.0, 295.0, 295.0, 295.0, 295.0, 295.0, 296.0, 296.0, 296.0, 296.0, 296.0, 297.0, 297.0, 296.0, 296.0, 296.0, 296.0, 296.0, 296.0, 295.0, 295.0, 295.0, 294.0, 295.0, 295.0, 294.0, 294.0, 294.0, 294.0, 295.0, 294.0, 294.0, 294.0, 294.0, 295.0, 295.0, 295.0, 295.0, 295.0, 296.0, 295.0, 295.0, 296.0, 296.0, 295.0, 296.0, 296.0, 295.0, 296.0, 295.0, 296.0, 296.0, 296.0, 296.0, 296.0, 297.0, 296.0, 297.0, 296.0, 297.0, 296.0, 297.0, 296.0, 297.0, 296.0, 296.0, 296.0, 296.0, 296.0, 296.0, 296.0, 296.0, 295.0, 296.0, 296.0, 296.0, 295.0, 296.0, 295.0, 295.0, 295.0, 295.0, 295.0, 294.0, 294.0, 294.0, 294.0, 294.0, 295.0, 294.0, 295.0, 294.0, 295.0, 295.0, 294.0, 294.0, 295.0, 294.0, 295.0, 295.0, 295.0, 295.0, 295.0, 295.0, 296.0, 295.0, 296.0], "WindowWidth": [659.0, 654.0, 651.0, 648.0, 648.0, 648.0, 648.0, 648.0, 648.0, 648.0, 647.0, 646.0, 646.0, 646.0, 645.0, 645.0, 645.0, 645.0, 645.0, 645.0, 644.0, 643.0, 643.0, 643.0, 643.0, 643.0, 644.0, 644.0, 644.0, 645.0, 645.0, 645.0, 645.0, 645.0, 645.0, 645.0, 646.0, 646.0, 648.0, 647.0, 646.0, 645.0, 646.0, 646.0, 647.0, 646.0, 646.0, 646.0, 645.0, 645.0, 646.0, 645.0, 646.0, 645.0, 646.0, 646.0, 646.0, 646.0, 646.0, 646.0, 646.0, 647.0, 646.0, 646.0, 646.0, 646.0, 647.0, 647.0, 646.0, 647.0, 646.0, 647.0, 646.0, 647.0, 647.0, 647.0, 647.0, 647.0, 646.0, 647.0, 646.0, 646.0, 646.0, 646.0, 645.0, 646.0, 646.0, 646.0, 646.0, 646.0, 646.0, 647.0, 647.0, 646.0, 647.0, 646.0, 646.0, 646.0, 647.0, 646.0, 646.0, 646.0, 646.0, 646.0, 645.0, 645.0, 645.0, 645.0, 645.0, 645.0, 645.0, 645.0, 645.0, 644.0, 645.0, 645.0, 646.0, 647.0, 646.0, 646.0, 646.0, 646.0, 647.0, 646.0, 646.0, 647.0, 646.0, 647.0, 647.0, 646.0, 647.0, 647.0, 647.0, 646.0, 647.0, 646.0, 647.0, 646.0, 646.0, 647.0, 646.0, 646.0, 646.0, 646.0, 645.0, 646.0, 646.0, 645.0, 646.0, 646.0, 646.0, 647.0, 646.0, 647.0, 647.0, 647.0, 648.0, 647.0, 647.0, 646.0, 645.0, 646.0, 646.0, 647.0, 646.0, 645.0, 646.0, 645.0, 645.0, 647.0, 645.0, 646.0, 646.0, 647.0, 647.0, 648.0, 649.0, 648.0, 646.0, 646.0, 646.0, 645.0, 645.0, 645.0, 645.0, 645.0, 646.0, 645.0, 646.0, 645.0, 646.0, 645.0, 646.0, 645.0, 647.0, 647.0, 647.0, 647.0, 647.0, 647.0, 646.0, 646.0, 646.0, 646.0, 645.0, 646.0, 646.0, 645.0, 645.0, 645.0, 646.0, 646.0, 646.0, 645.0, 646.0, 646.0, 647.0, 648.0, 648.0, 650.0, 649.0, 648.0, 649.0, 649.0, 647.0, 645.0, 646.0, 645.0, 646.0, 646.0, 645.0, 644.0, 645.0, 645.0, 645.0, 645.0, 644.0, 644.0, 646.0, 644.0, 646.0, 646.0, 646.0, 645.0, 645.0, 644.0, 644.0, 644.0, 644.0, 644.0, 644.0, 644.0, 645.0, 644.0, 645.0, 646.0, 646.0, 646.0, 646.0, 646.0, 647.0, 647.0, 646.0, 647.0, 647.0, 647.0, 647.0, 646.0, 646.0, 646.0, 644.0, 646.0, 644.0, 644.0, 644.0, 644.0, 644.0, 644.0, 644.0, 643.0, 644.0, 643.0, 644.0, 644.0, 645.0, 645.0, 645.0, 646.0, 646.0, 646.0, 646.0, 647.0, 647.0, 646.0, 646.0, 646.0, 645.0, 645.0, 644.0, 644.0, 644.0, 644.0, 644.0, 644.0, 644.0, 644.0, 645.0, 645.0, 646.0, 647.0, 646.0, 647.0, 648.0, 647.0, 649.0, 648.0, 648.0, 646.0, 646.0, 646.0, 645.0, 644.0, 645.0, 645.0, 645.0, 644.0, 645.0, 645.0, 645.0, 645.0, 645.0, 645.0, 645.0, 645.0, 646.0, 646.0, 646.0, 647.0, 648.0, 649.0, 648.0, 649.0, 648.0, 648.0, 646.0, 646.0, 646.0, 645.0, 645.0, 645.0, 645.0, 644.0, 644.0, 645.0, 645.0, 645.0, 644.0, 644.0, 645.0, 645.0, 646.0, 646.0, 646.0, 646.0, 646.0, 646.0, 647.0, 646.0, 646.0, 646.0, 647.0, 646.0, 645.0, 646.0, 646.0, 646.0, 647.0, 647.0, 648.0, 649.0, 649.0, 649.0, 648.0, 648.0, 648.0, 648.0, 646.0, 646.0, 645.0, 645.0, 644.0, 645.0, 644.0, 645.0, 645.0, 645.0, 645.0, 645.0, 645.0, 645.0, 645.0, 646.0, 645.0, 646.0, 645.0, 645.0, 645.0, 645.0, 646.0, 647.0, 647.0, 648.0, 648.0, 648.0, 649.0, 649.0, 649.0, 648.0, 648.0, 647.0, 647.0, 647.0, 646.0, 645.0, 645.0, 643.0, 645.0, 645.0, 643.0, 644.0, 643.0, 644.0, 644.0, 644.0, 644.0, 644.0, 644.0, 645.0, 645.0, 646.0, 645.0, 646.0, 646.0, 646.0, 646.0, 646.0, 646.0, 646.0, 646.0, 647.0, 646.0, 648.0, 646.0, 647.0, 648.0, 647.0, 648.0, 648.0, 649.0, 648.0, 649.0, 648.0, 649.0, 648.0, 649.0, 648.0, 649.0, 648.0, 648.0, 648.0, 648.0, 648.0, 648.0, 647.0, 648.0, 646.0, 647.0, 647.0, 647.0, 646.0, 647.0, 646.0, 646.0, 646.0, 645.0, 645.0, 644.0, 644.0, 644.0, 643.0, 643.0, 644.0, 643.0, 644.0, 643.0, 645.0, 644.0, 644.0, 644.0, 644.0, 644.0, 646.0, 646.0, 646.0, 646.0, 646.0, 646.0, 647.0, 646.0, 648.0]}, "slices": {}}, "EventTimestamp": "10-34-47"}