{"AcquisitionMatrixPE": 64, "AcquisitionNumber": 1, "AcquisitionTime": "10:14:53.765000", "BandwidthPerPixelPhaseEncode": 28.935, "BaseResolution": 64, "BodyPartExamined": "BRAIN", "CoilCombinationMethod": "Sum of Squares", "ConsistencyInfo": "N4_VE11E_LATEST_20181129", "ConversionSoftware": "dcm2niix", "ConversionSoftwareVersion": "v1.0.20230411", "DerivedVendorReportedEchoSpacing": 0.000540003, "DeviceSerialNumber": "166182", "DwellTime": 3.4e-06, "EchoTime": 0.032, "EchoTrainLength": 64, "EffectiveEchoSpacing": 0.000540003, "FlipAngle": 40, "HeudiconvVersion": "0.13.1", "ImageOrientationPatientDICOM": [0.999193, 0.0394477, -0.00758022, -0.0390837, 0.998297, 0.0433159], "ImageOrientationText": "Tra>Cor(2.5)>Sag(-0.5)", "ImageType": ["ORIGINAL", "PRIMARY", "M", "ND", "NORM", "MOSAIC"], "ImagingFrequency": 123.257007, "InPlanePhaseEncodingDirectionDICOM": "COL", "InstitutionAddress": "PEARSE STREET .,City,District,IE,D2", "InstitutionName": "TCIN", "InstitutionalDepartmentName": "MRI", "MRAcquisitionType": "2D", "MagneticFieldStrength": 3, "Manufacturer": "Siemens", "ManufacturersModelName": "Prisma", "Modality": "MR", "MultibandAccelerationFactor": 4, "NonlinearGradientCorrection": false, "PartialFourier": 1, "PatientPosition": "HFS", "PercentPhaseFOV": 100, "PercentSampling": 100, "PhaseEncodingDirection": "j-", "PhaseEncodingSteps": 64, "PhaseResolution": 1, "PixelBandwidth": 2300, "ProcedureStepDescription": "Rhodri^Head BOLD", "ProtocolName": "cmrr_mbep2d_Pictures_AP_RDS", "PulseSequenceDetails": "%SiemensSeq%\\ep2d_bold", "ReceiveCoilActiveElements": "HC2,4,6,7;SC", "ReceiveCoilName": "SpecialPurpose_4", "ReconMatrixPE": 64, "RefLinesPE": 12, "RepetitionTime": 0.61, "SAR": 0.307889, "ScanOptions": "FS", "ScanningSequence": "EP", "SequenceName": "*epfid2d1_64", "SequenceVariant": "SK", "SeriesDescription": "cmrr_mbep2d_Pictures_AP_RDS", "SeriesNumber": 16, "ShimSetting": [-3711, -7400, 3901, 1018, -422, 436, -147, -123], "SliceThickness": 3, "SliceTiming": [0.2625, 0, 0.3275, 0.065, 0.3925, 0.13, 0.4575, 0.1975, 0.525, 0.2625, 0, 0.3275, 0.065, 0.3925, 0.13, 0.4575, 0.1975, 0.525, 0.2625, 0, 0.3275, 0.065, 0.3925, 0.13, 0.4575, 0.1975, 0.525, 0.2625, 0, 0.3275, 0.065, 0.3925, 0.13, 0.4575, 0.1975, 0.525], "SoftwareVersions": "syngo MR E11", "SpacingBetweenSlices": 3.3, "StationName": "AWP166182", "TaskName": "pictures", "TotalReadoutTime": 0.0340202, "TxRefAmp": 236.894, "dcmmeta_affine": [[-2.9975786209106445, -0.11725118011236191, -0.030610879883170128, 100.15665435791016], [-0.11834315210580826, 2.994889974594116, 0.14184926450252533, -102.11504364013672], [-0.022740673273801804, -0.12994754314422607, 3.2968077659606934, -92.2144546508789], [0.0, 0.0, 0.0, 1.0]], "dcmmeta_reorient_transform": [[0.0, -1.0, 0.0, 63.0], [1.0, 0.0, 0.0, 0.0], [0.0, 0.0, 1.0, 0.0], [0.0, 0.0, 0.0, 1.0]], "dcmmeta_shape": [64, 64, 36, 510], "dcmmeta_slice_dim": 2, "dcmmeta_version": 0.6, "global": {"const": {"AcquisitionMatrix": [64, 0, 0, 64], "AngioFlag": "N", "BitsAllocated": 16, "BitsStored": 12, "BodyPartExamined": "BRAIN", "Columns": 384, "EchoNumbers": 1, "EchoTime": 32.0, "EchoTrainLength": 64, "FlipAngle": 40.0, "HighBit": 11, "ImageOrientationPatient": [0.9991928831613, 0.03944771773513, -0.0075802246207, -0.0390837256914, 0.99829664907358, 0.04331584969201], "ImagePositionPatient": [-553.62222372457, -584.68031998671, -117.55424769], "ImageType": ["ORIGINAL", "PRIMARY", "M", "ND", "NORM", "MOSAIC"], "ImagedNucleus": "1H", "ImagingFrequency": 123.257007, "InPlanePhaseEncodingDirection": "COL", "MRAcquisitionType": "2D", "MagneticFieldStrength": 3.0, "Manufacturer": "SIEMENS", "ManufacturerModelName": "Prisma", "Modality": "MR", "NumberOfAverages": 1.0, "NumberOfPhaseEncodingSteps": 64, "PercentPhaseFieldOfView": 100.0, "PercentSampling": 100.0, "PerformedProcedureStepStartTime": "092843.586000", "PhotometricInterpretation": "MONOCHROME2", "PixelBandwidth": 2300.0, "PixelRepresentation": 0, "PixelSpacing": [3.0, 3.0], "ProtocolName": "cmrr_mbep2d_Pictures_AP_RDS", "RepetitionTime": 610.0, "Rows": 384, "SAR": 0.30788899429404, "SamplesPerPixel": 1, "ScanOptions": "FS", "ScanningSequence": "EP", "SequenceName": "*epfid2d1_64", "SequenceVariant": "SK", "SeriesDescription": "cmrr_mbep2d_Pictures_AP_RDS", "SeriesNumber": 16, "SeriesTime": "101519.520000", "SliceLocation": -97.443682721405, "SliceThickness": 3.0, "SmallestImagePixelValue": 0, "SoftwareVersions": "syngo MR E11", "SpacingBetweenSlices": 3.300000046761, "SpecificCharacterSet": "ISO_IR 100", "StudyID": "1", "StudyTime": "092843.518000", "TransmitCoilName": "Body", "VariableFlipAngleFlag": "N", "WindowCenterWidthExplanation": "Algo1"}, "slices": {}}, "time": {"samples": {"AcquisitionNumber": [1, 2, 3, 4, 5, 6, 7, 8, 9, 10, 11, 12, 13, 14, 15, 16, 17, 18, 19, 20, 21, 22, 23, 24, 25, 26, 27, 28, 29, 30, 31, 32, 33, 34, 35, 36, 37, 38, 39, 40, 41, 42, 43, 44, 45, 46, 47, 48, 49, 50, 51, 52, 53, 54, 55, 56, 57, 58, 59, 60, 61, 62, 63, 64, 65, 66, 67, 68, 69, 70, 71, 72, 73, 74, 75, 76, 77, 78, 79, 80, 81, 82, 83, 84, 85, 86, 87, 88, 89, 90, 91, 92, 93, 94, 95, 96, 97, 98, 99, 100, 101, 102, 103, 104, 105, 106, 107, 108, 109, 110, 111, 112, 113, 114, 115, 116, 117, 118, 119, 120, 121, 122, 123, 124, 125, 126, 127, 128, 129, 130, 131, 132, 133, 134, 135, 136, 137, 138, 139, 140, 141, 142, 143, 144, 145, 146, 147, 148, 149, 150, 151, 152, 153, 154, 155, 156, 157, 158, 159, 160, 161, 162, 163, 164, 165, 166, 167, 168, 169, 170, 171, 172, 173, 174, 175, 176, 177, 178, 179, 180, 181, 182, 183, 184, 185, 186, 187, 188, 189, 190, 191, 192, 193, 194, 195, 196, 197, 198, 199, 200, 201, 202, 203, 204, 205, 206, 207, 208, 209, 210, 211, 212, 213, 214, 215, 216, 217, 218, 219, 220, 221, 222, 223, 224, 225, 226, 227, 228, 229, 230, 231, 232, 233, 234, 235, 236, 237, 238, 239, 240, 241, 242, 243, 244, 245, 246, 247, 248, 249, 250, 251, 252, 253, 254, 255, 256, 257, 258, 259, 260, 261, 262, 263, 264, 265, 266, 267, 268, 269, 270, 271, 272, 273, 274, 275, 276, 277, 278, 279, 280, 281, 282, 283, 284, 285, 286, 287, 288, 289, 290, 291, 292, 293, 294, 295, 296, 297, 298, 299, 300, 301, 302, 303, 304, 305, 306, 307, 308, 309, 310, 311, 312, 313, 314, 315, 316, 317, 318, 319, 320, 321, 322, 323, 324, 325, 326, 327, 328, 329, 330, 331, 332, 333, 334, 335, 336, 337, 338, 339, 340, 341, 342, 343, 344, 345, 346, 347, 348, 349, 350, 351, 352, 353, 354, 355, 356, 357, 358, 359, 360, 361, 362, 363, 364, 365, 366, 367, 368, 369, 370, 371, 372, 373, 374, 375, 376, 377, 378, 379, 380, 381, 382, 383, 384, 385, 386, 387, 388, 389, 390, 391, 392, 393, 394, 395, 396, 397, 398, 399, 400, 401, 402, 403, 404, 405, 406, 407, 408, 409, 410, 411, 412, 413, 414, 415, 416, 417, 418, 419, 420, 421, 422, 423, 424, 425, 426, 427, 428, 429, 430, 431, 432, 433, 434, 435, 436, 437, 438, 439, 440, 441, 442, 443, 444, 445, 446, 447, 448, 449, 450, 451, 452, 453, 454, 455, 456, 457, 458, 459, 460, 461, 462, 463, 464, 465, 466, 467, 468, 469, 470, 471, 472, 473, 474, 475, 476, 477, 478, 479, 480, 481, 482, 483, 484, 485, 486, 487, 488, 489, 490, 491, 492, 493, 494, 495, 496, 497, 498, 499, 500, 501, 502, 503, 504, 505, 506, 507, 508, 509, 510], "AcquisitionTime": ["101453.765000", "101454.375000", "101454.985000", "101455.595000", "101456.205000", "101456.815000", "101457.425000", "101458.035000", "101458.645000", "101459.255000", "101459.865000", "101500.475000", "101501.085000", "101501.695000", "101502.305000", "101502.915000", "101503.525000", "101504.135000", "101504.745000", "101505.355000", "101505.965000", "101506.575000", "101507.185000", "101507.795000", "101508.405000", "101509.015000", "101509.625000", "101510.235000", "101510.845000", "101511.455000", "101512.065000", "101512.675000", "101513.285000", "101513.895000", "101514.505000", "101515.115000", "101515.725000", "101516.335000", "101516.945000", "101517.555000", "101518.165000", "101518.775000", "101519.385000", "101519.995000", "101520.605000", "101521.215000", "101521.825000", "101522.435000", "101523.045000", "101523.655000", "101524.265000", "101524.875000", "101525.485000", "101526.095000", "101526.705000", "101527.315000", "101527.925000", "101528.535000", "101529.145000", "101529.755000", "101530.365000", "101530.975000", "101531.585000", "101532.195000", "101532.805000", "101533.415000", "101534.025000", "101534.635000", "101535.245000", "101535.855000", "101536.465000", "101537.075000", "101537.685000", "101538.295000", "101538.905000", "101539.515000", "101540.125000", "101540.735000", "101541.345000", "101541.955000", "101542.565000", "101543.175000", "101543.785000", "101544.395000", "101545.005000", "101545.615000", "101546.225000", "101546.835000", "101547.445000", "101548.055000", "101548.665000", "101549.275000", "101549.885000", "101550.495000", "101551.105000", "101551.715000", "101552.325000", "101552.935000", "101553.545000", "101554.155000", "101554.765000", "101555.375000", "101555.985000", "101556.595000", "101557.205000", "101557.815000", "101558.425000", "101559.035000", "101559.645000", "101600.255000", "101600.865000", "101601.475000", "101602.085000", "101602.695000", "101603.305000", "101603.915000", "101604.525000", "101605.135000", "101605.745000", "101606.355000", "101606.965000", "101607.575000", "101608.185000", "101608.795000", "101609.405000", "101610.015000", "101610.625000", "101611.235000", "101611.845000", "101612.455000", "101613.065000", "101613.675000", "101614.285000", "101614.895000", "101615.505000", "101616.115000", "101616.725000", "101617.335000", "101617.945000", "101618.555000", "101619.165000", "101619.775000", "101620.385000", "101620.995000", "101621.605000", "101622.215000", "101622.825000", "101623.435000", "101624.045000", "101624.655000", "101625.265000", "101625.875000", "101626.485000", "101627.095000", "101627.705000", "101628.315000", "101628.925000", "101629.535000", "101630.145000", "101630.755000", "101631.365000", "101631.975000", "101632.585000", "101633.195000", "101633.805000", "101634.415000", "101635.025000", "101635.635000", "101636.245000", "101636.855000", "101637.465000", "101638.075000", "101638.685000", "101639.295000", "101639.905000", "101640.515000", "101641.125000", "101641.735000", "101642.345000", "101642.955000", "101643.565000", "101644.175000", "101644.785000", "101645.395000", "101646.005000", "101646.615000", "101647.225000", "101647.835000", "101648.445000", "101649.055000", "101649.665000", "101650.275000", "101650.885000", "101651.495000", "101652.105000", "101652.715000", "101653.325000", "101653.935000", "101654.545000", "101655.155000", "101655.765000", "101656.375000", "101656.985000", "101657.595000", "101658.205000", "101658.815000", "101659.425000", "101700.035000", "101700.645000", "101701.255000", "101701.865000", "101702.475000", "101703.085000", "101703.695000", "101704.305000", "101704.915000", "101705.525000", "101706.135000", "101706.745000", "101707.355000", "101707.965000", "101708.575000", "101709.185000", "101709.795000", "101710.405000", "101711.015000", "101711.625000", "101712.235000", "101712.845000", "101713.455000", "101714.065000", "101714.675000", "101715.285000", "101715.895000", "101716.505000", "101717.115000", "101717.725000", "101718.335000", "101718.945000", "101719.555000", "101720.165000", "101720.775000", "101721.385000", "101721.995000", "101722.605000", "101723.215000", "101723.825000", "101724.435000", "101725.045000", "101725.655000", "101726.265000", "101726.875000", "101727.485000", "101728.095000", "101728.705000", "101729.315000", "101729.925000", "101730.535000", "101731.145000", "101731.755000", "101732.365000", "101732.975000", "101733.585000", "101734.195000", "101734.805000", "101735.415000", "101736.025000", "101736.635000", "101737.245000", "101737.855000", "101738.465000", "101739.075000", "101739.685000", "101740.295000", "101740.905000", "101741.515000", "101742.125000", "101742.735000", "101743.345000", "101743.955000", "101744.565000", "101745.175000", "101745.785000", "101746.395000", "101747.005000", "101747.615000", "101748.225000", "101748.835000", "101749.445000", "101750.055000", "101750.665000", "101751.275000", "101751.885000", "101752.495000", "101753.105000", "101753.715000", "101754.325000", "101754.935000", "101755.545000", "101756.155000", "101756.765000", "101757.375000", "101757.985000", "101758.595000", "101759.205000", "101759.815000", "101800.425000", "101801.035000", "101801.645000", "101802.255000", "101802.865000", "101803.475000", "101804.085000", "101804.695000", "101805.305000", "101805.915000", "101806.525000", "101807.135000", "101807.745000", "101808.355000", "101808.965000", "101809.575000", "101810.185000", "101810.795000", "101811.405000", "101812.015000", "101812.625000", "101813.235000", "101813.845000", "101814.455000", "101815.065000", "101815.675000", "101816.285000", "101816.895000", "101817.505000", "101818.115000", "101818.725000", "101819.335000", "101819.945000", "101820.555000", "101821.165000", "101821.775000", "101822.385000", "101822.995000", "101823.605000", "101824.215000", "101824.825000", "101825.435000", "101826.045000", "101826.655000", "101827.265000", "101827.875000", "101828.485000", "101829.095000", "101829.705000", "101830.315000", "101830.925000", "101831.535000", "101832.145000", "101832.755000", "101833.365000", "101833.975000", "101834.585000", "101835.195000", "101835.805000", "101836.415000", "101837.025000", "101837.635000", "101838.245000", "101838.855000", "101839.465000", "101840.075000", "101840.685000", "101841.295000", "101841.905000", "101842.515000", "101843.125000", "101843.735000", "101844.345000", "101844.955000", "101845.565000", "101846.175000", "101846.785000", "101847.395000", "101848.005000", "101848.615000", "101849.225000", "101849.835000", "101850.445000", "101851.055000", "101851.665000", "101852.275000", "101852.885000", "101853.495000", "101854.105000", "101854.715000", "101855.325000", "101855.935000", "101856.545000", "101857.155000", "101857.765000", "101858.375000", "101858.985000", "101859.595000", "101900.205000", "101900.815000", "101901.425000", "101902.035000", "101902.645000", "101903.255000", "101903.865000", "101904.475000", "101905.085000", "101905.695000", "101906.305000", "101906.915000", "101907.525000", "101908.135000", "101908.745000", "101909.355000", "101909.965000", "101910.575000", "101911.185000", "101911.795000", "101912.405000", "101913.015000", "101913.625000", "101914.235000", "101914.845000", "101915.455000", "101916.065000", "101916.675000", "101917.285000", "101917.895000", "101918.505000", "101919.115000", "101919.725000", "101920.335000", "101920.945000", "101921.555000", "101922.165000", "101922.775000", "101923.385000", "101923.995000", "101924.605000", "101925.215000", "101925.825000", "101926.435000", "101927.045000", "101927.655000", "101928.265000", "101928.875000", "101929.485000", "101930.095000", "101930.705000", "101931.315000", "101931.925000", "101932.535000", "101933.145000", "101933.755000", "101934.365000", "101934.975000", "101935.585000", "101936.195000", "101936.805000", "101937.415000", "101938.025000", "101938.635000", "101939.245000", "101939.855000", "101940.465000", "101941.075000", "101941.685000", "101942.295000", "101942.905000", "101943.515000", "101944.125000", "101944.735000", "101945.345000", "101945.955000", "101946.565000", "101947.175000", "101947.785000", "101948.395000", "101949.005000", "101949.615000", "101950.225000", "101950.835000", "101951.445000", "101952.055000", "101952.665000", "101953.275000", "101953.885000", "101954.495000", "101955.105000", "101955.715000", "101956.325000", "101956.935000", "101957.545000", "101958.155000", "101958.765000", "101959.375000", "101959.985000", "102000.595000", "102001.205000", "102001.815000", "102002.425000", "102003.035000", "102003.645000", "102004.255000"], "ContentTime": ["101519.523000", "101519.526000", "101519.529000", "101519.531000", "101519.534000", "101519.536000", "101519.539000", "101519.541000", "101519.543000", "101519.546000", "101519.556000", "101519.558000", "101519.560000", "101519.563000", "101519.565000", "101519.572000", "101519.574000", "101519.576000", "101519.586000", "101519.588000", "101519.591000", "101519.593000", "101519.596000", "101519.598000", "101519.600000", "101519.603000", "101519.605000", "101519.608000", "101519.610000", "101519.613000", "101519.615000", "101519.617000", "101519.620000", "101519.622000", "101519.625000", "101519.627000", "101519.630000", "101519.632000", "101519.635000", "101519.637000", "101519.639000", "101539.518000", "101539.521000", "101539.523000", "101539.526000", "101539.528000", "101539.530000", "101539.533000", "101539.535000", "101539.538000", "101539.540000", "101539.543000", "101539.545000", "101539.547000", "101539.550000", "101539.552000", "101539.555000", "101539.557000", "101539.560000", "101539.562000", "101539.564000", "101539.567000", "101539.569000", "101539.572000", "101539.574000", "101539.576000", "101539.579000", "101539.581000", "101539.584000", "101539.586000", "101539.588000", "101539.591000", "101539.593000", "101539.596000", "101559.518000", "101559.521000", "101559.524000", "101559.526000", "101559.528000", "101559.531000", "101559.533000", "101559.536000", "101559.538000", "101559.541000", "101559.543000", "101559.545000", "101559.548000", "101559.550000", "101559.553000", "101559.555000", "101559.558000", "101559.560000", "101559.563000", "101559.565000", "101559.567000", "101559.570000", "101559.573000", "101559.575000", "101559.577000", "101559.580000", "101559.582000", "101559.584000", "101559.587000", "101559.589000", "101559.592000", "101559.594000", "101559.596000", "101619.519000", "101619.522000", "101619.524000", "101619.527000", "101619.529000", "101619.532000", "101619.534000", "101619.536000", "101619.539000", "101619.566000", "101619.568000", "101619.571000", "101619.573000", "101619.575000", "101619.578000", "101619.580000", "101619.583000", "101619.585000", "101619.588000", "101619.590000", "101619.592000", "101619.595000", "101619.597000", "101619.600000", "101619.602000", "101619.605000", "101619.607000", "101619.609000", "101619.612000", "101619.615000", "101619.617000", "101619.620000", "101639.519000", "101639.522000", "101639.524000", "101639.527000", "101639.529000", "101639.531000", "101639.534000", "101639.536000", "101639.539000", "101639.541000", "101639.544000", "101639.546000", "101639.548000", "101639.551000", "101639.553000", "101639.556000", "101639.559000", "101639.561000", "101639.564000", "101639.566000", "101639.568000", "101639.571000", "101639.573000", "101639.576000", "101639.578000", "101639.581000", "101639.583000", "101639.586000", "101639.588000", "101639.591000", "101639.593000", "101639.596000", "101639.598000", "101659.520000", "101659.522000", "101659.525000", "101659.527000", "101659.529000", "101659.532000", "101659.534000", "101659.537000", "101659.539000", "101659.541000", "101659.544000", "101659.546000", "101659.549000", "101659.551000", "101659.553000", "101659.556000", "101659.558000", "101659.561000", "101659.563000", "101659.566000", "101659.568000", "101659.570000", "101659.573000", "101659.575000", "101659.577000", "101659.580000", "101659.582000", "101659.585000", "101659.587000", "101659.589000", "101659.592000", "101659.594000", "101659.596000", "101719.518000", "101719.521000", "101719.523000", "101719.526000", "101719.529000", "101719.532000", "101719.534000", "101719.536000", "101719.539000", "101719.541000", "101719.544000", "101719.546000", "101719.548000", "101719.551000", "101719.553000", "101719.556000", "101719.558000", "101719.561000", "101719.563000", "101719.566000", "101719.568000", "101719.571000", "101719.573000", "101719.576000", "101719.578000", "101719.580000", "101719.583000", "101719.585000", "101719.588000", "101719.590000", "101719.592000", "101719.595000", "101719.597000", "101739.518000", "101739.521000", "101739.523000", "101739.526000", "101739.528000", "101739.531000", "101739.533000", "101739.536000", "101739.538000", "101739.541000", "101739.543000", "101739.545000", "101739.548000", "101739.550000", "101739.553000", "101739.555000", "101739.558000", "101739.560000", "101739.563000", "101739.565000", "101739.568000", "101739.570000", "101739.573000", "101739.575000", "101739.577000", "101739.580000", "101739.582000", "101739.585000", "101739.587000", "101739.590000", "101739.600000", "101739.602000", "101759.518000", "101759.521000", "101759.523000", "101759.526000", "101759.528000", "101759.531000", "101759.533000", "101759.535000", "101759.538000", "101759.540000", "101759.543000", "101759.545000", "101759.548000", "101759.550000", "101759.553000", "101759.555000", "101759.558000", "101759.560000", "101759.563000", "101759.565000", "101759.567000", "101759.570000", "101759.572000", "101759.575000", "101759.577000", "101759.579000", "101759.582000", "101759.585000", "101759.587000", "101759.589000", "101759.592000", "101759.594000", "101759.597000", "101819.518000", "101819.521000", "101819.529000", "101819.531000", "101819.534000", "101819.536000", "101819.539000", "101819.541000", "101819.544000", "101819.546000", "101819.549000", "101819.551000", "101819.553000", "101819.556000", "101819.558000", "101819.561000", "101819.563000", "101819.565000", "101819.568000", "101819.571000", "101819.573000", "101819.575000", "101819.584000", "101819.586000", "101819.588000", "101819.591000", "101819.593000", "101819.596000", "101819.598000", "101819.600000", "101819.603000", "101819.605000", "101819.608000", "101839.519000", "101839.522000", "101839.525000", "101839.527000", "101839.529000", "101839.532000", "101839.535000", "101839.537000", "101839.539000", "101839.542000", "101839.544000", "101839.547000", "101839.549000", "101839.551000", "101839.554000", "101839.556000", "101839.559000", "101839.561000", "101839.564000", "101839.566000", "101839.568000", "101839.571000", "101839.573000", "101839.576000", "101839.578000", "101839.581000", "101839.583000", "101839.586000", "101839.588000", "101839.591000", "101839.593000", "101839.595000", "101839.598000", "101859.519000", "101859.522000", "101859.524000", "101859.527000", "101859.529000", "101859.532000", "101859.534000", "101859.537000", "101859.539000", "101859.542000", "101859.544000", "101859.546000", "101859.549000", "101859.551000", "101859.554000", "101859.556000", "101859.558000", "101859.561000", "101859.563000", "101859.566000", "101859.568000", "101859.571000", "101859.573000", "101859.576000", "101859.578000", "101859.580000", "101859.583000", "101859.585000", "101859.588000", "101859.590000", "101859.593000", "101859.595000", "101859.597000", "101919.519000", "101919.522000", "101919.524000", "101919.527000", "101919.529000", "101919.532000", "101919.534000", "101919.536000", "101919.539000", "101919.542000", "101919.544000", "101919.547000", "101919.549000", "101919.552000", "101919.555000", "101919.557000", "101919.559000", "101919.562000", "101919.564000", "101919.567000", "101919.569000", "101919.572000", "101919.574000", "101919.577000", "101919.579000", "101919.581000", "101919.584000", "101919.586000", "101919.589000", "101919.591000", "101919.594000", "101919.596000", "101939.518000", "101939.521000", "101939.523000", "101939.526000", "101939.528000", "101939.531000", "101939.534000", "101939.536000", "101939.539000", "101939.541000", "101939.544000", "101939.546000", "101939.549000", "101939.551000", "101939.553000", "101939.556000", "101939.558000", "101939.561000", "101939.563000", "101939.565000", "101939.578000", "101939.580000", "101939.583000", "101939.585000", "101939.588000", "101939.590000", "101939.592000", "101939.595000", "101939.597000", "101939.600000", "101939.602000", "101939.605000", "101939.607000", "101959.518000", "101959.521000", "101959.523000", "101959.526000", "101959.528000", "101959.530000", "101959.533000", "101959.535000", "101959.538000", "101959.540000", "101959.543000", "101959.545000", "101959.547000", "101959.550000", "101959.552000", "101959.554000", "101959.557000", "101959.559000", "101959.562000", "101959.564000", "101959.566000", "101959.569000", "101959.571000", "101959.574000", "101959.576000", "101959.579000", "101959.581000", "101959.584000", "101959.586000", "101959.588000", "101959.591000", "101959.593000", "101959.596000", "102005.276000", "102005.279000", "102005.281000", "102005.283000", "102005.286000", "102005.288000", "102005.291000", "102005.293000", "102005.296000", "102005.298000"], "InstanceCreationTime": ["101519.523000", "101519.526000", "101519.529000", "101519.531000", "101519.534000", "101519.536000", "101519.539000", "101519.541000", "101519.543000", "101519.546000", "101519.556000", "101519.558000", "101519.560000", "101519.563000", "101519.565000", "101519.572000", "101519.574000", "101519.576000", "101519.586000", "101519.588000", "101519.591000", "101519.593000", "101519.596000", "101519.598000", "101519.600000", "101519.603000", "101519.605000", "101519.608000", "101519.610000", "101519.613000", "101519.615000", "101519.617000", "101519.620000", "101519.622000", "101519.625000", "101519.627000", "101519.630000", "101519.632000", "101519.635000", "101519.637000", "101519.639000", "101539.518000", "101539.521000", "101539.523000", "101539.526000", "101539.528000", "101539.530000", "101539.533000", "101539.535000", "101539.538000", "101539.540000", "101539.543000", "101539.545000", "101539.547000", "101539.550000", "101539.552000", "101539.555000", "101539.557000", "101539.560000", "101539.562000", "101539.564000", "101539.567000", "101539.569000", "101539.572000", "101539.574000", "101539.576000", "101539.579000", "101539.581000", "101539.584000", "101539.586000", "101539.588000", "101539.591000", "101539.593000", "101539.596000", "101559.518000", "101559.521000", "101559.524000", "101559.526000", "101559.528000", "101559.531000", "101559.533000", "101559.536000", "101559.538000", "101559.541000", "101559.543000", "101559.545000", "101559.548000", "101559.550000", "101559.553000", "101559.555000", "101559.558000", "101559.560000", "101559.563000", "101559.565000", "101559.567000", "101559.570000", "101559.573000", "101559.575000", "101559.577000", "101559.580000", "101559.582000", "101559.584000", "101559.587000", "101559.589000", "101559.592000", "101559.594000", "101559.596000", "101619.519000", "101619.522000", "101619.524000", "101619.527000", "101619.529000", "101619.532000", "101619.534000", "101619.536000", "101619.539000", "101619.566000", "101619.568000", "101619.571000", "101619.573000", "101619.575000", "101619.578000", "101619.580000", "101619.583000", "101619.585000", "101619.588000", "101619.590000", "101619.592000", "101619.595000", "101619.597000", "101619.600000", "101619.602000", "101619.605000", "101619.607000", "101619.609000", "101619.612000", "101619.615000", "101619.617000", "101619.620000", "101639.519000", "101639.522000", "101639.524000", "101639.527000", "101639.529000", "101639.531000", "101639.534000", "101639.536000", "101639.539000", "101639.541000", "101639.544000", "101639.546000", "101639.548000", "101639.551000", "101639.553000", "101639.556000", "101639.559000", "101639.561000", "101639.564000", "101639.566000", "101639.568000", "101639.571000", "101639.573000", "101639.576000", "101639.578000", "101639.581000", "101639.583000", "101639.586000", "101639.588000", "101639.591000", "101639.593000", "101639.596000", "101639.598000", "101659.520000", "101659.522000", "101659.525000", "101659.527000", "101659.529000", "101659.532000", "101659.534000", "101659.537000", "101659.539000", "101659.541000", "101659.544000", "101659.546000", "101659.549000", "101659.551000", "101659.553000", "101659.556000", "101659.558000", "101659.561000", "101659.563000", "101659.566000", "101659.568000", "101659.570000", "101659.573000", "101659.575000", "101659.577000", "101659.580000", "101659.582000", "101659.585000", "101659.587000", "101659.589000", "101659.592000", "101659.594000", "101659.596000", "101719.518000", "101719.521000", "101719.523000", "101719.526000", "101719.529000", "101719.532000", "101719.534000", "101719.536000", "101719.539000", "101719.541000", "101719.544000", "101719.546000", "101719.548000", "101719.551000", "101719.553000", "101719.556000", "101719.558000", "101719.561000", "101719.563000", "101719.566000", "101719.568000", "101719.571000", "101719.573000", "101719.576000", "101719.578000", "101719.580000", "101719.583000", "101719.585000", "101719.588000", "101719.590000", "101719.592000", "101719.595000", "101719.597000", "101739.518000", "101739.521000", "101739.523000", "101739.526000", "101739.528000", "101739.531000", "101739.533000", "101739.536000", "101739.538000", "101739.541000", "101739.543000", "101739.545000", "101739.548000", "101739.550000", "101739.553000", "101739.555000", "101739.558000", "101739.560000", "101739.563000", "101739.565000", "101739.568000", "101739.570000", "101739.573000", "101739.575000", "101739.577000", "101739.580000", "101739.582000", "101739.585000", "101739.587000", "101739.590000", "101739.600000", "101739.602000", "101759.518000", "101759.521000", "101759.523000", "101759.526000", "101759.528000", "101759.531000", "101759.533000", "101759.535000", "101759.538000", "101759.540000", "101759.543000", "101759.545000", "101759.548000", "101759.550000", "101759.553000", "101759.555000", "101759.558000", "101759.560000", "101759.563000", "101759.565000", "101759.567000", "101759.570000", "101759.572000", "101759.575000", "101759.577000", "101759.579000", "101759.582000", "101759.585000", "101759.587000", "101759.589000", "101759.592000", "101759.594000", "101759.597000", "101819.518000", "101819.521000", "101819.529000", "101819.531000", "101819.534000", "101819.536000", "101819.539000", "101819.541000", "101819.544000", "101819.546000", "101819.549000", "101819.551000", "101819.553000", "101819.556000", "101819.558000", "101819.561000", "101819.563000", "101819.565000", "101819.568000", "101819.571000", "101819.573000", "101819.575000", "101819.584000", "101819.586000", "101819.588000", "101819.591000", "101819.593000", "101819.596000", "101819.598000", "101819.600000", "101819.603000", "101819.605000", "101819.608000", "101839.519000", "101839.522000", "101839.525000", "101839.527000", "101839.529000", "101839.532000", "101839.535000", "101839.537000", "101839.539000", "101839.542000", "101839.544000", "101839.547000", "101839.549000", "101839.551000", "101839.554000", "101839.556000", "101839.559000", "101839.561000", "101839.564000", "101839.566000", "101839.568000", "101839.571000", "101839.573000", "101839.576000", "101839.578000", "101839.581000", "101839.583000", "101839.586000", "101839.588000", "101839.591000", "101839.593000", "101839.595000", "101839.598000", "101859.519000", "101859.522000", "101859.524000", "101859.527000", "101859.529000", "101859.532000", "101859.534000", "101859.537000", "101859.539000", "101859.542000", "101859.544000", "101859.546000", "101859.549000", "101859.551000", "101859.554000", "101859.556000", "101859.558000", "101859.561000", "101859.563000", "101859.566000", "101859.568000", "101859.571000", "101859.573000", "101859.576000", "101859.578000", "101859.580000", "101859.583000", "101859.585000", "101859.588000", "101859.590000", "101859.593000", "101859.595000", "101859.597000", "101919.519000", "101919.522000", "101919.524000", "101919.527000", "101919.529000", "101919.532000", "101919.534000", "101919.536000", "101919.539000", "101919.542000", "101919.544000", "101919.547000", "101919.549000", "101919.552000", "101919.555000", "101919.557000", "101919.559000", "101919.562000", "101919.564000", "101919.567000", "101919.569000", "101919.572000", "101919.574000", "101919.577000", "101919.579000", "101919.581000", "101919.584000", "101919.586000", "101919.589000", "101919.591000", "101919.594000", "101919.596000", "101939.518000", "101939.521000", "101939.523000", "101939.526000", "101939.528000", "101939.531000", "101939.534000", "101939.536000", "101939.539000", "101939.541000", "101939.544000", "101939.546000", "101939.549000", "101939.551000", "101939.553000", "101939.556000", "101939.558000", "101939.561000", "101939.563000", "101939.565000", "101939.578000", "101939.580000", "101939.583000", "101939.585000", "101939.588000", "101939.590000", "101939.592000", "101939.595000", "101939.597000", "101939.600000", "101939.602000", "101939.605000", "101939.607000", "101959.518000", "101959.521000", "101959.523000", "101959.526000", "101959.528000", "101959.530000", "101959.533000", "101959.535000", "101959.538000", "101959.540000", "101959.543000", "101959.545000", "101959.547000", "101959.550000", "101959.552000", "101959.554000", "101959.557000", "101959.559000", "101959.562000", "101959.564000", "101959.566000", "101959.569000", "101959.571000", "101959.574000", "101959.576000", "101959.579000", "101959.581000", "101959.584000", "101959.586000", "101959.588000", "101959.591000", "101959.593000", "101959.596000", "102005.276000", "102005.279000", "102005.281000", "102005.283000", "102005.286000", "102005.288000", "102005.291000", "102005.293000", "102005.296000", "102005.298000"], "InstanceNumber": [1, 2, 3, 4, 5, 6, 7, 8, 9, 10, 11, 12, 13, 14, 15, 16, 17, 18, 19, 20, 21, 22, 23, 24, 25, 26, 27, 28, 29, 30, 31, 32, 33, 34, 35, 36, 37, 38, 39, 40, 41, 42, 43, 44, 45, 46, 47, 48, 49, 50, 51, 52, 53, 54, 55, 56, 57, 58, 59, 60, 61, 62, 63, 64, 65, 66, 67, 68, 69, 70, 71, 72, 73, 74, 75, 76, 77, 78, 79, 80, 81, 82, 83, 84, 85, 86, 87, 88, 89, 90, 91, 92, 93, 94, 95, 96, 97, 98, 99, 100, 101, 102, 103, 104, 105, 106, 107, 108, 109, 110, 111, 112, 113, 114, 115, 116, 117, 118, 119, 120, 121, 122, 123, 124, 125, 126, 127, 128, 129, 130, 131, 132, 133, 134, 135, 136, 137, 138, 139, 140, 141, 142, 143, 144, 145, 146, 147, 148, 149, 150, 151, 152, 153, 154, 155, 156, 157, 158, 159, 160, 161, 162, 163, 164, 165, 166, 167, 168, 169, 170, 171, 172, 173, 174, 175, 176, 177, 178, 179, 180, 181, 182, 183, 184, 185, 186, 187, 188, 189, 190, 191, 192, 193, 194, 195, 196, 197, 198, 199, 200, 201, 202, 203, 204, 205, 206, 207, 208, 209, 210, 211, 212, 213, 214, 215, 216, 217, 218, 219, 220, 221, 222, 223, 224, 225, 226, 227, 228, 229, 230, 231, 232, 233, 234, 235, 236, 237, 238, 239, 240, 241, 242, 243, 244, 245, 246, 247, 248, 249, 250, 251, 252, 253, 254, 255, 256, 257, 258, 259, 260, 261, 262, 263, 264, 265, 266, 267, 268, 269, 270, 271, 272, 273, 274, 275, 276, 277, 278, 279, 280, 281, 282, 283, 284, 285, 286, 287, 288, 289, 290, 291, 292, 293, 294, 295, 296, 297, 298, 299, 300, 301, 302, 303, 304, 305, 306, 307, 308, 309, 310, 311, 312, 313, 314, 315, 316, 317, 318, 319, 320, 321, 322, 323, 324, 325, 326, 327, 328, 329, 330, 331, 332, 333, 334, 335, 336, 337, 338, 339, 340, 341, 342, 343, 344, 345, 346, 347, 348, 349, 350, 351, 352, 353, 354, 355, 356, 357, 358, 359, 360, 361, 362, 363, 364, 365, 366, 367, 368, 369, 370, 371, 372, 373, 374, 375, 376, 377, 378, 379, 380, 381, 382, 383, 384, 385, 386, 387, 388, 389, 390, 391, 392, 393, 394, 395, 396, 397, 398, 399, 400, 401, 402, 403, 404, 405, 406, 407, 408, 409, 410, 411, 412, 413, 414, 415, 416, 417, 418, 419, 420, 421, 422, 423, 424, 425, 426, 427, 428, 429, 430, 431, 432, 433, 434, 435, 436, 437, 438, 439, 440, 441, 442, 443, 444, 445, 446, 447, 448, 449, 450, 451, 452, 453, 454, 455, 456, 457, 458, 459, 460, 461, 462, 463, 464, 465, 466, 467, 468, 469, 470, 471, 472, 473, 474, 475, 476, 477, 478, 479, 480, 481, 482, 483, 484, 485, 486, 487, 488, 489, 490, 491, 492, 493, 494, 495, 496, 497, 498, 499, 500, 501, 502, 503, 504, 505, 506, 507, 508, 509, 510], "LargestImagePixelValue": [570, 559, 548, 544, 543, 536, 533, 558, 547, 536, 546, 549, 545, 555, 548, 558, 545, 550, 543, 546, 543, 542, 536, 547, 533, 567, 557, 542, 539, 543, 532, 521, 525, 521, 528, 567, 554, 551, 545, 548, 533, 552, 543, 545, 536, 540, 594, 574, 560, 559, 557, 545, 550, 534, 542, 532, 524, 523, 530, 536, 542, 543, 526, 563, 546, 533, 578, 556, 546, 546, 569, 558, 555, 557, 549, 549, 549, 545, 544, 546, 550, 549, 544, 549, 550, 549, 551, 553, 551, 548, 548, 554, 553, 552, 549, 550, 560, 556, 558, 552, 552, 549, 552, 549, 550, 556, 555, 559, 553, 555, 555, 550, 551, 554, 551, 552, 551, 554, 550, 550, 554, 553, 553, 548, 549, 554, 551, 552, 551, 550, 548, 549, 548, 553, 556, 551, 553, 551, 550, 551, 546, 540, 539, 545, 556, 551, 551, 552, 551, 552, 548, 550, 555, 556, 554, 557, 557, 559, 553, 551, 546, 549, 547, 540, 537, 545, 543, 550, 544, 547, 551, 551, 558, 551, 550, 549, 550, 548, 550, 546, 550, 541, 542, 542, 546, 543, 542, 541, 543, 542, 540, 539, 539, 537, 545, 553, 543, 543, 546, 546, 546, 547, 544, 543, 544, 549, 545, 543, 545, 542, 540, 537, 537, 539, 548, 542, 542, 544, 548, 552, 549, 549, 542, 540, 539, 545, 547, 547, 542, 548, 552, 553, 554, 557, 554, 553, 549, 547, 547, 545, 547, 547, 544, 547, 550, 551, 544, 549, 550, 551, 547, 551, 551, 554, 553, 554, 557, 558, 559, 559, 556, 554, 554, 553, 554, 554, 552, 550, 551, 550, 553, 555, 553, 553, 551, 552, 552, 548, 547, 545, 547, 548, 546, 544, 549, 551, 553, 559, 553, 544, 542, 542, 540, 541, 539, 536, 532, 533, 538, 534, 544, 546, 543, 542, 542, 535, 537, 541, 542, 542, 550, 547, 547, 548, 545, 545, 550, 554, 555, 550, 555, 555, 553, 553, 555, 553, 551, 553, 552, 552, 560, 565, 558, 558, 557, 557, 554, 559, 558, 552, 552, 551, 555, 560, 560, 552, 552, 552, 550, 553, 557, 553, 553, 553, 552, 552, 550, 554, 554, 551, 551, 555, 555, 554, 554, 554, 554, 552, 554, 553, 555, 554, 557, 553, 549, 548, 549, 550, 551, 555, 554, 551, 553, 551, 549, 551, 550, 551, 551, 551, 554, 552, 556, 556, 554, 557, 553, 555, 551, 552, 550, 551, 552, 553, 550, 551, 551, 552, 549, 547, 546, 548, 545, 548, 549, 549, 550, 551, 549, 552, 553, 551, 550, 550, 553, 550, 553, 553, 551, 553, 553, 553, 551, 548, 550, 549, 549, 551, 550, 550, 549, 550, 553, 552, 552, 550, 552, 549, 551, 550, 548, 552, 554, 552, 549, 550, 549, 551, 549, 549, 551, 552, 548, 552, 548, 551, 549, 550, 549, 552, 549, 547, 544, 546, 548, 547, 544, 548, 548, 546, 545, 544, 545, 542, 546, 543, 547, 546, 543, 545, 544, 542, 546, 544, 547, 546, 545, 545, 546, 546, 543, 547, 550, 547, 549, 547, 549, 549, 550, 551], "WindowCenter": [326.0, 324.0, 323.0, 321.0, 321.0, 319.0, 319.0, 319.0, 318.0, 317.0, 318.0, 320.0, 320.0, 320.0, 320.0, 322.0, 323.0, 322.0, 321.0, 320.0, 320.0, 321.0, 321.0, 322.0, 320.0, 321.0, 322.0, 316.0, 321.0, 318.0, 318.0, 319.0, 318.0, 320.0, 320.0, 322.0, 320.0, 320.0, 319.0, 321.0, 320.0, 320.0, 319.0, 319.0, 320.0, 319.0, 318.0, 322.0, 318.0, 317.0, 318.0, 319.0, 321.0, 321.0, 320.0, 319.0, 318.0, 318.0, 319.0, 319.0, 320.0, 319.0, 318.0, 320.0, 320.0, 320.0, 320.0, 322.0, 320.0, 320.0, 321.0, 320.0, 321.0, 320.0, 320.0, 320.0, 320.0, 320.0, 320.0, 321.0, 320.0, 320.0, 320.0, 320.0, 320.0, 320.0, 320.0, 321.0, 320.0, 320.0, 320.0, 321.0, 320.0, 320.0, 320.0, 320.0, 321.0, 320.0, 320.0, 319.0, 320.0, 319.0, 320.0, 319.0, 320.0, 320.0, 321.0, 320.0, 320.0, 321.0, 321.0, 322.0, 321.0, 320.0, 321.0, 320.0, 320.0, 321.0, 320.0, 320.0, 320.0, 320.0, 321.0, 320.0, 319.0, 320.0, 320.0, 320.0, 320.0, 320.0, 320.0, 321.0, 321.0, 321.0, 321.0, 321.0, 320.0, 320.0, 320.0, 319.0, 320.0, 319.0, 320.0, 319.0, 321.0, 320.0, 320.0, 320.0, 320.0, 320.0, 320.0, 320.0, 320.0, 321.0, 320.0, 320.0, 321.0, 320.0, 321.0, 320.0, 320.0, 319.0, 320.0, 320.0, 320.0, 320.0, 320.0, 320.0, 320.0, 320.0, 320.0, 320.0, 320.0, 319.0, 319.0, 320.0, 320.0, 319.0, 319.0, 319.0, 319.0, 319.0, 319.0, 320.0, 319.0, 320.0, 320.0, 319.0, 320.0, 319.0, 320.0, 319.0, 319.0, 320.0, 320.0, 320.0, 320.0, 320.0, 320.0, 320.0, 320.0, 320.0, 320.0, 320.0, 319.0, 320.0, 320.0, 319.0, 320.0, 319.0, 320.0, 320.0, 320.0, 320.0, 320.0, 320.0, 319.0, 320.0, 320.0, 320.0, 320.0, 320.0, 321.0, 320.0, 320.0, 320.0, 320.0, 320.0, 320.0, 320.0, 320.0, 321.0, 321.0, 320.0, 320.0, 320.0, 320.0, 319.0, 319.0, 318.0, 318.0, 319.0, 319.0, 320.0, 320.0, 320.0, 320.0, 320.0, 320.0, 320.0, 320.0, 319.0, 320.0, 320.0, 320.0, 319.0, 319.0, 319.0, 320.0, 320.0, 320.0, 320.0, 321.0, 320.0, 321.0, 320.0, 320.0, 320.0, 320.0, 320.0, 319.0, 320.0, 320.0, 320.0, 319.0, 320.0, 321.0, 321.0, 320.0, 319.0, 319.0, 319.0, 319.0, 319.0, 319.0, 320.0, 320.0, 320.0, 320.0, 320.0, 320.0, 319.0, 320.0, 321.0, 320.0, 320.0, 320.0, 319.0, 320.0, 319.0, 320.0, 319.0, 319.0, 319.0, 319.0, 320.0, 318.0, 319.0, 319.0, 319.0, 320.0, 319.0, 319.0, 320.0, 319.0, 320.0, 320.0, 321.0, 321.0, 321.0, 320.0, 320.0, 320.0, 320.0, 320.0, 320.0, 320.0, 320.0, 320.0, 320.0, 321.0, 321.0, 320.0, 320.0, 321.0, 320.0, 320.0, 320.0, 320.0, 319.0, 320.0, 319.0, 320.0, 322.0, 321.0, 320.0, 321.0, 320.0, 320.0, 320.0, 319.0, 319.0, 319.0, 319.0, 319.0, 318.0, 318.0, 319.0, 319.0, 319.0, 320.0, 320.0, 321.0, 321.0, 322.0, 322.0, 322.0, 321.0, 322.0, 321.0, 321.0, 321.0, 321.0, 321.0, 320.0, 319.0, 318.0, 320.0, 319.0, 320.0, 321.0, 321.0, 321.0, 321.0, 320.0, 321.0, 321.0, 321.0, 321.0, 321.0, 321.0, 321.0, 321.0, 321.0, 321.0, 321.0, 320.0, 321.0, 320.0, 320.0, 319.0, 319.0, 319.0, 320.0, 320.0, 319.0, 319.0, 320.0, 318.0, 319.0, 319.0, 318.0, 318.0, 318.0, 318.0, 318.0, 319.0, 319.0, 320.0, 320.0, 321.0, 321.0, 320.0, 320.0, 320.0, 320.0, 319.0, 319.0, 319.0, 320.0, 319.0, 320.0, 320.0, 320.0, 320.0, 320.0, 321.0, 321.0, 320.0, 321.0, 321.0, 321.0, 322.0, 321.0, 321.0, 321.0, 321.0, 320.0, 321.0, 321.0, 320.0, 321.0, 320.0, 320.0, 320.0, 320.0, 319.0, 320.0, 319.0, 320.0, 321.0, 320.0, 320.0, 321.0, 320.0, 321.0, 320.0, 319.0, 320.0, 320.0, 318.0, 318.0, 318.0, 318.0, 318.0, 320.0, 319.0, 320.0, 321.0, 320.0, 320.0, 321.0, 320.0, 320.0, 321.0, 320.0, 320.0, 320.0, 320.0, 320.0, 320.0, 320.0, 321.0, 320.0, 320.0, 320.0, 320.0, 321.0, 321.0, 321.0, 321.0, 321.0, 323.0, 321.0, 322.0, 321.0, 322.0, 321.0, 322.0, 321.0], "WindowWidth": [696.0, 692.0, 690.0, 686.0, 686.0, 683.0, 683.0, 682.0, 681.0, 680.0, 680.0, 684.0, 684.0, 685.0, 685.0, 687.0, 690.0, 688.0, 687.0, 685.0, 685.0, 687.0, 686.0, 688.0, 684.0, 687.0, 688.0, 677.0, 686.0, 682.0, 681.0, 682.0, 681.0, 684.0, 684.0, 687.0, 684.0, 684.0, 683.0, 687.0, 685.0, 685.0, 682.0, 683.0, 685.0, 683.0, 680.0, 689.0, 682.0, 679.0, 680.0, 682.0, 686.0, 687.0, 684.0, 682.0, 681.0, 681.0, 683.0, 683.0, 684.0, 683.0, 680.0, 685.0, 684.0, 685.0, 683.0, 688.0, 685.0, 684.0, 687.0, 685.0, 686.0, 685.0, 685.0, 685.0, 685.0, 684.0, 685.0, 686.0, 685.0, 684.0, 684.0, 685.0, 685.0, 685.0, 685.0, 686.0, 684.0, 685.0, 685.0, 687.0, 684.0, 684.0, 684.0, 685.0, 687.0, 685.0, 685.0, 683.0, 684.0, 682.0, 684.0, 683.0, 685.0, 685.0, 686.0, 685.0, 685.0, 686.0, 686.0, 687.0, 686.0, 685.0, 686.0, 685.0, 685.0, 686.0, 684.0, 685.0, 686.0, 685.0, 686.0, 685.0, 683.0, 684.0, 684.0, 683.0, 685.0, 684.0, 685.0, 686.0, 686.0, 686.0, 686.0, 687.0, 685.0, 684.0, 685.0, 683.0, 686.0, 683.0, 684.0, 683.0, 686.0, 685.0, 684.0, 684.0, 684.0, 684.0, 685.0, 685.0, 685.0, 686.0, 685.0, 684.0, 686.0, 685.0, 686.0, 684.0, 684.0, 683.0, 685.0, 685.0, 684.0, 685.0, 684.0, 684.0, 683.0, 684.0, 685.0, 684.0, 684.0, 683.0, 682.0, 685.0, 683.0, 683.0, 682.0, 682.0, 683.0, 684.0, 682.0, 683.0, 683.0, 684.0, 683.0, 683.0, 684.0, 683.0, 684.0, 682.0, 682.0, 684.0, 684.0, 685.0, 684.0, 685.0, 685.0, 684.0, 685.0, 684.0, 684.0, 684.0, 683.0, 684.0, 684.0, 683.0, 684.0, 683.0, 684.0, 685.0, 684.0, 684.0, 685.0, 684.0, 683.0, 684.0, 684.0, 685.0, 685.0, 685.0, 686.0, 684.0, 684.0, 684.0, 685.0, 684.0, 684.0, 684.0, 685.0, 686.0, 686.0, 685.0, 685.0, 685.0, 684.0, 682.0, 682.0, 681.0, 682.0, 683.0, 682.0, 684.0, 683.0, 685.0, 685.0, 685.0, 685.0, 685.0, 684.0, 683.0, 684.0, 684.0, 684.0, 683.0, 683.0, 683.0, 684.0, 685.0, 685.0, 684.0, 686.0, 685.0, 685.0, 685.0, 685.0, 685.0, 683.0, 684.0, 683.0, 685.0, 684.0, 684.0, 683.0, 684.0, 686.0, 687.0, 684.0, 683.0, 683.0, 683.0, 683.0, 683.0, 683.0, 684.0, 684.0, 685.0, 685.0, 685.0, 684.0, 683.0, 685.0, 686.0, 684.0, 685.0, 684.0, 683.0, 683.0, 683.0, 684.0, 683.0, 683.0, 682.0, 682.0, 684.0, 682.0, 682.0, 683.0, 683.0, 685.0, 683.0, 683.0, 684.0, 683.0, 684.0, 684.0, 686.0, 686.0, 686.0, 685.0, 685.0, 684.0, 685.0, 684.0, 685.0, 684.0, 684.0, 684.0, 684.0, 687.0, 687.0, 685.0, 685.0, 686.0, 684.0, 684.0, 685.0, 684.0, 683.0, 683.0, 683.0, 684.0, 688.0, 687.0, 685.0, 686.0, 685.0, 684.0, 684.0, 683.0, 683.0, 682.0, 683.0, 683.0, 681.0, 681.0, 682.0, 682.0, 683.0, 685.0, 685.0, 687.0, 686.0, 689.0, 688.0, 688.0, 687.0, 689.0, 687.0, 687.0, 686.0, 686.0, 686.0, 684.0, 683.0, 682.0, 683.0, 683.0, 685.0, 686.0, 686.0, 687.0, 687.0, 685.0, 687.0, 687.0, 686.0, 687.0, 687.0, 687.0, 687.0, 688.0, 687.0, 687.0, 686.0, 685.0, 686.0, 684.0, 684.0, 683.0, 683.0, 683.0, 684.0, 684.0, 683.0, 683.0, 683.0, 682.0, 683.0, 682.0, 681.0, 681.0, 681.0, 681.0, 682.0, 682.0, 683.0, 684.0, 684.0, 686.0, 686.0, 685.0, 684.0, 684.0, 683.0, 683.0, 683.0, 684.0, 684.0, 683.0, 684.0, 684.0, 684.0, 685.0, 685.0, 686.0, 687.0, 685.0, 687.0, 686.0, 687.0, 688.0, 687.0, 686.0, 686.0, 687.0, 685.0, 687.0, 687.0, 684.0, 686.0, 684.0, 685.0, 684.0, 684.0, 684.0, 684.0, 683.0, 685.0, 686.0, 685.0, 685.0, 686.0, 685.0, 686.0, 685.0, 683.0, 684.0, 684.0, 682.0, 682.0, 682.0, 682.0, 682.0, 684.0, 683.0, 684.0, 686.0, 684.0, 685.0, 686.0, 685.0, 685.0, 686.0, 685.0, 685.0, 685.0, 685.0, 685.0, 685.0, 684.0, 686.0, 684.0, 684.0, 686.0, 686.0, 686.0, 686.0, 686.0, 687.0, 687.0, 689.0, 687.0, 688.0, 687.0, 688.0, 688.0, 688.0, 687.0]}, "slices": {}}, "EventTimestamp": "10-17-10"}