{"AcquisitionMatrixPE": 64, "AcquisitionNumber": 1, "AcquisitionTime": "12:55:36.745000", "BandwidthPerPixelPhaseEncode": 28.935, "BaseResolution": 64, "BodyPartExamined": "BRAIN", "CoilCombinationMethod": "Sum of Squares", "ConsistencyInfo": "N4_VE11E_LATEST_20181129", "ConversionSoftware": "dcm2niix", "ConversionSoftwareVersion": "v1.0.20230411", "DerivedVendorReportedEchoSpacing": 0.000540003, "DeviceSerialNumber": "166182", "DwellTime": 3.4e-06, "EchoTime": 0.032, "EchoTrainLength": 64, "EffectiveEchoSpacing": 0.000540003, "FlipAngle": 40, "HeudiconvVersion": "0.13.1", "ImageOrientationPatientDICOM": [0.997822, 0.0553268, 0.0359179, -0.0557869, 0.998371, 0.0119365], "ImageOrientationText": "Tra>Sag(2.0)>Cor(0.8)", "ImageType": ["ORIGINAL", "PRIMARY", "M", "ND", "NORM", "MOSAIC"], "ImagingFrequency": 123.254953, "InPlanePhaseEncodingDirectionDICOM": "COL", "InstitutionAddress": "PEARSE STREET .,City,District,IE,D2", "InstitutionName": "TCIN", "InstitutionalDepartmentName": "MRI", "MRAcquisitionType": "2D", "MagneticFieldStrength": 3, "Manufacturer": "Siemens", "ManufacturersModelName": "Prisma", "Modality": "MR", "MultibandAccelerationFactor": 4, "NonlinearGradientCorrection": false, "PartialFourier": 1, "PatientPosition": "HFS", "PercentPhaseFOV": 100, "PercentSampling": 100, "PhaseEncodingDirection": "j-", "PhaseEncodingSteps": 64, "PhaseResolution": 1, "PixelBandwidth": 2300, "ProcedureStepDescription": "Rhodri^Head BOLD", "ProtocolName": "cmrr_mbep2d_Pictures_AP_RDS", "PulseSequenceDetails": "%SiemensSeq%\\ep2d_bold", "ReceiveCoilActiveElements": "HC2,4,6,7;SC", "ReceiveCoilName": "SpecialPurpose_4", "ReconMatrixPE": 64, "RefLinesPE": 12, "RepetitionTime": 0.61, "SAR": 0.263064, "ScanOptions": "FS", "ScanningSequence": "EP", "SequenceName": "*epfid2d1_64", "SequenceVariant": "SK", "SeriesDescription": "cmrr_mbep2d_Pictures_AP_RDS", "SeriesNumber": 8, "ShimSetting": [-3564, -7498, 3928, 735, -128, 342, 273, -219], "SliceThickness": 3, "SliceTiming": [0.2625, 0, 0.33, 0.0675, 0.395, 0.1325, 0.46, 0.1975, 0.525, 0.2625, 0, 0.33, 0.0675, 0.395, 0.1325, 0.46, 0.1975, 0.525, 0.2625, 0, 0.33, 0.0675, 0.395, 0.1325, 0.46, 0.1975, 0.525, 0.2625, 0, 0.33, 0.0675, 0.395, 0.1325, 0.46, 0.1975, 0.525], "SoftwareVersions": "syngo MR E11", "SpacingBetweenSlices": 3.3, "StationName": "AWP166182", "TaskName": "pictures", "TotalReadoutTime": 0.0340202, "TxRefAmp": 229.002, "dcmmeta_affine": [[-2.9934661388397217, -0.1673608422279358, 0.11615655571222305, 99.95803833007812], [-0.16598045825958252, 2.9951140880584717, 0.04591711610555649, -94.08338928222656], [0.10775358974933624, -0.035809580236673355, 3.297635316848755, -90.4093246459961], [0.0, 0.0, 0.0, 1.0]], "dcmmeta_reorient_transform": [[0.0, -1.0, 0.0, 63.0], [1.0, 0.0, 0.0, 0.0], [0.0, 0.0, 1.0, 0.0], [0.0, 0.0, 0.0, 1.0]], "dcmmeta_shape": [64, 64, 36, 510], "dcmmeta_slice_dim": 2, "dcmmeta_version": 0.6, "global": {"const": {"AcquisitionMatrix": [64, 0, 0, 64], "AngioFlag": "N", "BitsAllocated": 16, "BitsStored": 12, "BodyPartExamined": "BRAIN", "Columns": 384, "EchoNumbers": 1, "EchoTime": 32.0, "EchoTrainLength": 64, "FlipAngle": 40.0, "HighBit": 11, "ImageOrientationPatient": [0.99782205332745, 0.05532681917571, 0.035917864264, -0.0557869462545, 0.9983713417078, 0.0119365273079], "ImagePositionPatient": [-541.59116061122, -600.38390939906, -115.6354338667], "ImageType": ["ORIGINAL", "PRIMARY", "M", "ND", "NORM", "MOSAIC"], "ImagedNucleus": "1H", "ImagingFrequency": 123.254953, "InPlanePhaseEncodingDirection": "COL", "MRAcquisitionType": "2D", "MagneticFieldStrength": 3.0, "Manufacturer": "SIEMENS", "ManufacturerModelName": "Prisma", "Modality": "MR", "NumberOfAverages": 1.0, "NumberOfPhaseEncodingSteps": 64, "PercentPhaseFieldOfView": 100.0, "PercentSampling": 100.0, "PerformedProcedureStepStartTime": "124034.059000", "PhotometricInterpretation": "MONOCHROME2", "PixelBandwidth": 2300.0, "PixelRepresentation": 0, "PixelSpacing": [3.0, 3.0], "ProtocolName": "cmrr_mbep2d_Pictures_AP_RDS", "RepetitionTime": 610.0, "Rows": 384, "SAR": 0.2630638120204, "SamplesPerPixel": 1, "ScanOptions": "FS", "ScanningSequence": "EP", "SequenceName": "*epfid2d1_64", "SequenceVariant": "SK", "SeriesDescription": "cmrr_mbep2d_Pictures_AP_RDS", "SeriesNumber": 8, "SeriesTime": "125551.310000", "SliceLocation": -88.135223762993, "SliceThickness": 3.0, "SmallestImagePixelValue": 0, "SoftwareVersions": "syngo MR E11", "SpacingBetweenSlices": 3.2999999718014, "SpecificCharacterSet": "ISO_IR 100", "StudyID": "1", "StudyTime": "124033.880000", "TransmitCoilName": "Body", "VariableFlipAngleFlag": "N", "WindowCenterWidthExplanation": "Algo1"}, "slices": {}}, "time": {"samples": {"AcquisitionNumber": [1, 2, 3, 4, 5, 6, 7, 8, 9, 10, 11, 12, 13, 14, 15, 16, 17, 18, 19, 20, 21, 22, 23, 24, 25, 26, 27, 28, 29, 30, 31, 32, 33, 34, 35, 36, 37, 38, 39, 40, 41, 42, 43, 44, 45, 46, 47, 48, 49, 50, 51, 52, 53, 54, 55, 56, 57, 58, 59, 60, 61, 62, 63, 64, 65, 66, 67, 68, 69, 70, 71, 72, 73, 74, 75, 76, 77, 78, 79, 80, 81, 82, 83, 84, 85, 86, 87, 88, 89, 90, 91, 92, 93, 94, 95, 96, 97, 98, 99, 100, 101, 102, 103, 104, 105, 106, 107, 108, 109, 110, 111, 112, 113, 114, 115, 116, 117, 118, 119, 120, 121, 122, 123, 124, 125, 126, 127, 128, 129, 130, 131, 132, 133, 134, 135, 136, 137, 138, 139, 140, 141, 142, 143, 144, 145, 146, 147, 148, 149, 150, 151, 152, 153, 154, 155, 156, 157, 158, 159, 160, 161, 162, 163, 164, 165, 166, 167, 168, 169, 170, 171, 172, 173, 174, 175, 176, 177, 178, 179, 180, 181, 182, 183, 184, 185, 186, 187, 188, 189, 190, 191, 192, 193, 194, 195, 196, 197, 198, 199, 200, 201, 202, 203, 204, 205, 206, 207, 208, 209, 210, 211, 212, 213, 214, 215, 216, 217, 218, 219, 220, 221, 222, 223, 224, 225, 226, 227, 228, 229, 230, 231, 232, 233, 234, 235, 236, 237, 238, 239, 240, 241, 242, 243, 244, 245, 246, 247, 248, 249, 250, 251, 252, 253, 254, 255, 256, 257, 258, 259, 260, 261, 262, 263, 264, 265, 266, 267, 268, 269, 270, 271, 272, 273, 274, 275, 276, 277, 278, 279, 280, 281, 282, 283, 284, 285, 286, 287, 288, 289, 290, 291, 292, 293, 294, 295, 296, 297, 298, 299, 300, 301, 302, 303, 304, 305, 306, 307, 308, 309, 310, 311, 312, 313, 314, 315, 316, 317, 318, 319, 320, 321, 322, 323, 324, 325, 326, 327, 328, 329, 330, 331, 332, 333, 334, 335, 336, 337, 338, 339, 340, 341, 342, 343, 344, 345, 346, 347, 348, 349, 350, 351, 352, 353, 354, 355, 356, 357, 358, 359, 360, 361, 362, 363, 364, 365, 366, 367, 368, 369, 370, 371, 372, 373, 374, 375, 376, 377, 378, 379, 380, 381, 382, 383, 384, 385, 386, 387, 388, 389, 390, 391, 392, 393, 394, 395, 396, 397, 398, 399, 400, 401, 402, 403, 404, 405, 406, 407, 408, 409, 410, 411, 412, 413, 414, 415, 416, 417, 418, 419, 420, 421, 422, 423, 424, 425, 426, 427, 428, 429, 430, 431, 432, 433, 434, 435, 436, 437, 438, 439, 440, 441, 442, 443, 444, 445, 446, 447, 448, 449, 450, 451, 452, 453, 454, 455, 456, 457, 458, 459, 460, 461, 462, 463, 464, 465, 466, 467, 468, 469, 470, 471, 472, 473, 474, 475, 476, 477, 478, 479, 480, 481, 482, 483, 484, 485, 486, 487, 488, 489, 490, 491, 492, 493, 494, 495, 496, 497, 498, 499, 500, 501, 502, 503, 504, 505, 506, 507, 508, 509, 510], "AcquisitionTime": ["125536.745000", "125537.355000", "125537.965000", "125538.575000", "125539.185000", "125539.795000", "125540.405000", "125541.015000", "125541.625000", "125542.235000", "125542.845000", "125543.455000", "125544.065000", "125544.675000", "125545.285000", "125545.895000", "125546.505000", "125547.115000", "125547.725000", "125548.335000", "125548.945000", "125549.555000", "125550.165000", "125550.775000", "125551.385000", "125551.995000", "125552.605000", "125553.215000", "125553.825000", "125554.435000", "125555.045000", "125555.655000", "125556.265000", "125556.875000", "125557.485000", "125558.095000", "125558.705000", "125559.315000", "125559.925000", "125600.535000", "125601.145000", "125601.755000", "125602.365000", "125602.975000", "125603.585000", "125604.195000", "125604.805000", "125605.415000", "125606.025000", "125606.635000", "125607.245000", "125607.855000", "125608.465000", "125609.075000", "125609.685000", "125610.295000", "125610.905000", "125611.515000", "125612.125000", "125612.735000", "125613.345000", "125613.955000", "125614.565000", "125615.175000", "125615.785000", "125616.395000", "125617.005000", "125617.615000", "125618.225000", "125618.835000", "125619.445000", "125620.055000", "125620.665000", "125621.275000", "125621.885000", "125622.495000", "125623.105000", "125623.715000", "125624.325000", "125624.935000", "125625.545000", "125626.155000", "125626.765000", "125627.375000", "125627.985000", "125628.595000", "125629.205000", "125629.815000", "125630.425000", "125631.035000", "125631.645000", "125632.255000", "125632.865000", "125633.475000", "125634.085000", "125634.695000", "125635.305000", "125635.915000", "125636.525000", "125637.135000", "125637.745000", "125638.355000", "125638.965000", "125639.575000", "125640.185000", "125640.795000", "125641.405000", "125642.015000", "125642.625000", "125643.235000", "125643.845000", "125644.455000", "125645.065000", "125645.675000", "125646.285000", "125646.895000", "125647.505000", "125648.115000", "125648.725000", "125649.335000", "125649.945000", "125650.555000", "125651.165000", "125651.775000", "125652.385000", "125652.995000", "125653.605000", "125654.215000", "125654.825000", "125655.435000", "125656.045000", "125656.655000", "125657.265000", "125657.875000", "125658.485000", "125659.095000", "125659.705000", "125700.315000", "125700.925000", "125701.535000", "125702.145000", "125702.755000", "125703.365000", "125703.975000", "125704.585000", "125705.195000", "125705.805000", "125706.415000", "125707.025000", "125707.635000", "125708.245000", "125708.855000", "125709.465000", "125710.075000", "125710.685000", "125711.295000", "125711.905000", "125712.515000", "125713.125000", "125713.735000", "125714.345000", "125714.955000", "125715.565000", "125716.175000", "125716.785000", "125717.395000", "125718.005000", "125718.615000", "125719.225000", "125719.835000", "125720.445000", "125721.055000", "125721.665000", "125722.275000", "125722.885000", "125723.495000", "125724.105000", "125724.715000", "125725.325000", "125725.935000", "125726.545000", "125727.155000", "125727.765000", "125728.375000", "125728.985000", "125729.595000", "125730.205000", "125730.815000", "125731.425000", "125732.035000", "125732.645000", "125733.255000", "125733.865000", "125734.475000", "125735.085000", "125735.695000", "125736.305000", "125736.915000", "125737.525000", "125738.135000", "125738.745000", "125739.355000", "125739.965000", "125740.575000", "125741.185000", "125741.795000", "125742.405000", "125743.015000", "125743.625000", "125744.235000", "125744.845000", "125745.455000", "125746.065000", "125746.675000", "125747.285000", "125747.895000", "125748.505000", "125749.115000", "125749.725000", "125750.335000", "125750.945000", "125751.555000", "125752.165000", "125752.775000", "125753.385000", "125753.995000", "125754.605000", "125755.215000", "125755.825000", "125756.435000", "125757.045000", "125757.655000", "125758.265000", "125758.875000", "125759.485000", "125800.095000", "125800.705000", "125801.315000", "125801.925000", "125802.535000", "125803.145000", "125803.755000", "125804.365000", "125804.975000", "125805.585000", "125806.195000", "125806.805000", "125807.415000", "125808.025000", "125808.635000", "125809.245000", "125809.855000", "125810.465000", "125811.075000", "125811.685000", "125812.295000", "125812.905000", "125813.515000", "125814.125000", "125814.735000", "125815.345000", "125815.955000", "125816.565000", "125817.175000", "125817.785000", "125818.395000", "125819.005000", "125819.615000", "125820.225000", "125820.835000", "125821.445000", "125822.055000", "125822.665000", "125823.275000", "125823.885000", "125824.495000", "125825.105000", "125825.715000", "125826.325000", "125826.935000", "125827.545000", "125828.155000", "125828.765000", "125829.375000", "125829.985000", "125830.595000", "125831.205000", "125831.815000", "125832.425000", "125833.035000", "125833.645000", "125834.255000", "125834.865000", "125835.475000", "125836.085000", "125836.695000", "125837.305000", "125837.915000", "125838.525000", "125839.135000", "125839.745000", "125840.355000", "125840.965000", "125841.575000", "125842.185000", "125842.795000", "125843.405000", "125844.015000", "125844.625000", "125845.235000", "125845.845000", "125846.455000", "125847.065000", "125847.675000", "125848.285000", "125848.895000", "125849.505000", "125850.115000", "125850.725000", "125851.335000", "125851.945000", "125852.555000", "125853.165000", "125853.775000", "125854.385000", "125854.995000", "125855.605000", "125856.215000", "125856.825000", "125857.435000", "125858.045000", "125858.655000", "125859.265000", "125859.875000", "125900.485000", "125901.095000", "125901.705000", "125902.315000", "125902.925000", "125903.535000", "125904.145000", "125904.755000", "125905.365000", "125905.975000", "125906.585000", "125907.195000", "125907.805000", "125908.415000", "125909.025000", "125909.635000", "125910.245000", "125910.855000", "125911.465000", "125912.075000", "125912.685000", "125913.295000", "125913.905000", "125914.515000", "125915.125000", "125915.735000", "125916.345000", "125916.955000", "125917.565000", "125918.175000", "125918.785000", "125919.395000", "125920.005000", "125920.615000", "125921.225000", "125921.835000", "125922.445000", "125923.055000", "125923.665000", "125924.275000", "125924.885000", "125925.495000", "125926.105000", "125926.715000", "125927.325000", "125927.935000", "125928.545000", "125929.155000", "125929.765000", "125930.375000", "125930.985000", "125931.595000", "125932.205000", "125932.815000", "125933.425000", "125934.035000", "125934.645000", "125935.255000", "125935.865000", "125936.475000", "125937.085000", "125937.695000", "125938.305000", "125938.915000", "125939.525000", "125940.135000", "125940.745000", "125941.355000", "125941.965000", "125942.575000", "125943.185000", "125943.795000", "125944.405000", "125945.015000", "125945.625000", "125946.235000", "125946.845000", "125947.455000", "125948.065000", "125948.675000", "125949.285000", "125949.895000", "125950.505000", "125951.115000", "125951.725000", "125952.335000", "125952.945000", "125953.555000", "125954.165000", "125954.775000", "125955.385000", "125955.995000", "125956.605000", "125957.215000", "125957.825000", "125958.435000", "125959.045000", "125959.655000", "130000.265000", "130000.875000", "130001.485000", "130002.095000", "130002.705000", "130003.315000", "130003.925000", "130004.535000", "130005.145000", "130005.755000", "130006.365000", "130006.975000", "130007.585000", "130008.195000", "130008.805000", "130009.415000", "130010.025000", "130010.635000", "130011.245000", "130011.855000", "130012.465000", "130013.075000", "130013.685000", "130014.295000", "130014.905000", "130015.515000", "130016.125000", "130016.735000", "130017.345000", "130017.955000", "130018.565000", "130019.175000", "130019.785000", "130020.395000", "130021.005000", "130021.615000", "130022.225000", "130022.835000", "130023.445000", "130024.055000", "130024.665000", "130025.275000", "130025.885000", "130026.495000", "130027.105000", "130027.715000", "130028.325000", "130028.935000", "130029.545000", "130030.155000", "130030.765000", "130031.375000", "130031.985000", "130032.595000", "130033.205000", "130033.815000", "130034.425000", "130035.035000", "130035.645000", "130036.255000", "130036.865000", "130037.475000", "130038.085000", "130038.695000", "130039.305000", "130039.915000", "130040.525000", "130041.135000", "130041.745000", "130042.355000", "130042.965000", "130043.575000", "130044.185000", "130044.795000", "130045.405000", "130046.015000", "130046.625000", "130047.235000"], "ContentTime": ["125551.314000", "125551.317000", "125551.319000", "125551.322000", "125551.324000", "125551.327000", "125551.329000", "125551.331000", "125551.334000", "125551.336000", "125551.338000", "125551.341000", "125551.343000", "125551.345000", "125551.348000", "125551.350000", "125551.352000", "125551.355000", "125551.357000", "125551.360000", "125551.362000", "125551.364000", "125551.370000", "125611.309000", "125611.322000", "125611.325000", "125611.327000", "125611.329000", "125611.332000", "125611.334000", "125611.337000", "125611.339000", "125611.341000", "125611.344000", "125611.346000", "125611.348000", "125611.351000", "125611.353000", "125611.356000", "125611.358000", "125611.360000", "125611.363000", "125611.365000", "125611.367000", "125611.370000", "125611.372000", "125611.375000", "125611.377000", "125611.379000", "125611.386000", "125611.389000", "125611.391000", "125611.394000", "125611.396000", "125611.399000", "125611.401000", "125631.309000", "125631.312000", "125631.314000", "125631.317000", "125631.320000", "125631.322000", "125631.324000", "125631.327000", "125631.334000", "125631.337000", "125631.339000", "125631.342000", "125631.344000", "125631.346000", "125631.349000", "125631.351000", "125631.354000", "125631.356000", "125631.359000", "125631.361000", "125631.364000", "125631.366000", "125631.368000", "125631.371000", "125631.373000", "125631.376000", "125631.378000", "125631.380000", "125631.383000", "125631.385000", "125631.387000", "125631.390000", "125651.309000", "125651.312000", "125651.314000", "125651.316000", "125651.319000", "125651.321000", "125651.324000", "125651.326000", "125651.329000", "125651.331000", "125651.333000", "125651.336000", "125651.338000", "125651.341000", "125651.343000", "125651.345000", "125651.348000", "125651.350000", "125651.353000", "125651.355000", "125651.358000", "125651.360000", "125651.362000", "125651.365000", "125651.367000", "125651.370000", "125651.372000", "125651.374000", "125651.377000", "125651.379000", "125651.381000", "125651.384000", "125651.386000", "125711.308000", "125711.311000", "125711.313000", "125711.316000", "125711.318000", "125711.320000", "125711.323000", "125711.325000", "125711.328000", "125711.330000", "125711.332000", "125711.335000", "125711.337000", "125711.339000", "125711.342000", "125711.344000", "125711.346000", "125711.349000", "125711.351000", "125711.354000", "125711.356000", "125711.358000", "125711.361000", "125711.363000", "125711.365000", "125711.368000", "125711.370000", "125711.373000", "125711.375000", "125711.377000", "125711.393000", "125711.395000", "125711.398000", "125731.308000", "125731.311000", "125731.313000", "125731.316000", "125731.318000", "125731.320000", "125731.323000", "125731.325000", "125731.328000", "125731.330000", "125731.332000", "125731.335000", "125731.337000", "125731.339000", "125731.342000", "125731.344000", "125731.347000", "125731.349000", "125731.351000", "125731.354000", "125731.356000", "125731.359000", "125731.361000", "125731.363000", "125731.366000", "125731.368000", "125731.370000", "125731.373000", "125731.375000", "125731.378000", "125731.380000", "125731.382000", "125731.385000", "125751.309000", "125751.312000", "125751.314000", "125751.317000", "125751.319000", "125751.321000", "125751.324000", "125751.326000", "125751.329000", "125751.331000", "125751.333000", "125751.336000", "125751.338000", "125751.340000", "125751.343000", "125751.345000", "125751.348000", "125751.350000", "125751.353000", "125751.356000", "125751.358000", "125751.361000", "125751.363000", "125751.366000", "125751.368000", "125751.370000", "125751.373000", "125751.380000", "125751.383000", "125751.385000", "125751.388000", "125751.390000", "125811.309000", "125811.312000", "125811.314000", "125811.317000", "125811.319000", "125811.322000", "125811.325000", "125811.328000", "125811.330000", "125811.333000", "125811.335000", "125811.338000", "125811.340000", "125811.342000", "125811.345000", "125811.347000", "125811.349000", "125811.352000", "125811.354000", "125811.357000", "125811.359000", "125811.361000", "125811.364000", "125811.366000", "125811.369000", "125811.371000", "125811.373000", "125811.376000", "125811.379000", "125811.381000", "125811.383000", "125811.386000", "125811.388000", "125831.309000", "125831.312000", "125831.314000", "125831.317000", "125831.320000", "125831.322000", "125831.325000", "125831.327000", "125831.329000", "125831.332000", "125831.334000", "125831.336000", "125831.346000", "125831.348000", "125831.351000", "125831.353000", "125831.356000", "125831.358000", "125831.360000", "125831.363000", "125831.365000", "125831.367000", "125831.370000", "125831.372000", "125831.375000", "125831.377000", "125831.380000", "125831.382000", "125831.385000", "125831.387000", "125831.389000", "125831.392000", "125831.394000", "125851.309000", "125851.312000", "125851.314000", "125851.317000", "125851.319000", "125851.321000", "125851.324000", "125851.326000", "125851.329000", "125851.331000", "125851.333000", "125851.336000", "125851.338000", "125851.340000", "125851.343000", "125851.345000", "125851.348000", "125851.350000", "125851.352000", "125851.355000", "125851.357000", "125851.360000", "125851.362000", "125851.364000", "125851.367000", "125851.369000", "125851.372000", "125851.374000", "125851.376000", "125851.379000", "125851.381000", "125851.384000", "125851.386000", "125911.309000", "125911.312000", "125911.314000", "125911.317000", "125911.319000", "125911.322000", "125911.324000", "125911.326000", "125911.329000", "125911.331000", "125911.333000", "125911.336000", "125911.338000", "125911.341000", "125911.343000", "125911.345000", "125911.348000", "125911.350000", "125911.353000", "125911.355000", "125911.357000", "125911.360000", "125911.362000", "125911.365000", "125911.367000", "125911.369000", "125911.372000", "125911.374000", "125911.377000", "125911.379000", "125911.381000", "125911.384000", "125911.386000", "125931.308000", "125931.311000", "125931.313000", "125931.316000", "125931.318000", "125931.320000", "125931.323000", "125931.325000", "125931.328000", "125931.330000", "125931.333000", "125931.335000", "125931.337000", "125931.340000", "125931.342000", "125931.345000", "125931.347000", "125931.349000", "125931.352000", "125931.354000", "125931.369000", "125931.371000", "125931.374000", "125931.376000", "125931.379000", "125931.381000", "125931.383000", "125931.386000", "125931.388000", "125931.391000", "125931.393000", "125931.396000", "125951.308000", "125951.311000", "125951.313000", "125951.315000", "125951.318000", "125951.320000", "125951.323000", "125951.325000", "125951.327000", "125951.330000", "125951.332000", "125951.334000", "125951.337000", "125951.339000", "125951.342000", "125951.344000", "125951.347000", "125951.349000", "125951.351000", "125951.354000", "125951.356000", "125951.358000", "125951.362000", "125951.364000", "125951.367000", "125951.369000", "125951.371000", "125951.374000", "125951.376000", "125951.378000", "125951.381000", "125951.383000", "125951.386000", "130011.319000", "130011.322000", "130011.324000", "130011.326000", "130011.329000", "130011.331000", "130011.334000", "130011.336000", "130011.339000", "130011.341000", "130011.344000", "130011.346000", "130011.349000", "130011.351000", "130011.353000", "130011.356000", "130011.358000", "130011.361000", "130011.363000", "130011.366000", "130011.368000", "130011.371000", "130011.373000", "130011.375000", "130011.378000", "130011.380000", "130011.383000", "130011.385000", "130011.387000", "130011.390000", "130011.392000", "130011.395000", "130011.397000", "130031.309000", "130031.312000", "130031.314000", "130031.317000", "130031.319000", "130031.321000", "130031.324000", "130031.326000", "130031.329000", "130031.331000", "130031.333000", "130031.336000", "130031.338000", "130031.341000", "130031.343000", "130031.345000", "130031.348000", "130031.350000", "130031.353000", "130031.355000", "130031.357000", "130031.360000", "130031.362000", "130031.365000", "130031.367000", "130031.370000", "130031.372000", "130031.374000", "130031.377000", "130031.379000", "130031.381000", "130031.384000", "130031.386000", "130048.226000", "130048.229000", "130048.231000", "130048.233000", "130048.236000", "130048.238000", "130048.241000", "130048.243000", "130048.245000", "130048.248000", "130048.250000", "130048.253000", "130048.255000", "130048.258000", "130048.260000", "130048.262000", "130048.265000", "130048.267000", "130048.270000", "130048.272000", "130048.275000", "130048.277000", "130048.279000", "130048.282000", "130048.284000", "130048.287000", "130048.289000", "130048.291000"], "InstanceCreationTime": ["125551.314000", "125551.317000", "125551.319000", "125551.322000", "125551.324000", "125551.327000", "125551.329000", "125551.331000", "125551.334000", "125551.336000", "125551.338000", "125551.341000", "125551.343000", "125551.345000", "125551.348000", "125551.350000", "125551.352000", "125551.355000", "125551.357000", "125551.360000", "125551.362000", "125551.364000", "125551.370000", "125611.309000", "125611.322000", "125611.325000", "125611.327000", "125611.329000", "125611.332000", "125611.334000", "125611.337000", "125611.339000", "125611.341000", "125611.344000", "125611.346000", "125611.348000", "125611.351000", "125611.353000", "125611.356000", "125611.358000", "125611.360000", "125611.363000", "125611.365000", "125611.367000", "125611.370000", "125611.372000", "125611.375000", "125611.377000", "125611.379000", "125611.386000", "125611.389000", "125611.391000", "125611.394000", "125611.396000", "125611.399000", "125611.401000", "125631.309000", "125631.312000", "125631.314000", "125631.317000", "125631.320000", "125631.322000", "125631.324000", "125631.327000", "125631.334000", "125631.337000", "125631.339000", "125631.342000", "125631.344000", "125631.346000", "125631.349000", "125631.351000", "125631.354000", "125631.356000", "125631.359000", "125631.361000", "125631.364000", "125631.366000", "125631.368000", "125631.371000", "125631.373000", "125631.376000", "125631.378000", "125631.380000", "125631.383000", "125631.385000", "125631.387000", "125631.390000", "125651.309000", "125651.312000", "125651.314000", "125651.316000", "125651.319000", "125651.321000", "125651.324000", "125651.326000", "125651.329000", "125651.331000", "125651.333000", "125651.336000", "125651.338000", "125651.341000", "125651.343000", "125651.345000", "125651.348000", "125651.350000", "125651.353000", "125651.355000", "125651.358000", "125651.360000", "125651.362000", "125651.365000", "125651.367000", "125651.370000", "125651.372000", "125651.374000", "125651.377000", "125651.379000", "125651.381000", "125651.384000", "125651.386000", "125711.308000", "125711.311000", "125711.313000", "125711.316000", "125711.318000", "125711.320000", "125711.323000", "125711.325000", "125711.328000", "125711.330000", "125711.332000", "125711.335000", "125711.337000", "125711.339000", "125711.342000", "125711.344000", "125711.346000", "125711.349000", "125711.351000", "125711.354000", "125711.356000", "125711.358000", "125711.361000", "125711.363000", "125711.365000", "125711.368000", "125711.370000", "125711.373000", "125711.375000", "125711.377000", "125711.393000", "125711.395000", "125711.398000", "125731.308000", "125731.311000", "125731.313000", "125731.316000", "125731.318000", "125731.320000", "125731.323000", "125731.325000", "125731.328000", "125731.330000", "125731.332000", "125731.335000", "125731.337000", "125731.339000", "125731.342000", "125731.344000", "125731.347000", "125731.349000", "125731.351000", "125731.354000", "125731.356000", "125731.359000", "125731.361000", "125731.363000", "125731.366000", "125731.368000", "125731.370000", "125731.373000", "125731.375000", "125731.378000", "125731.380000", "125731.382000", "125731.385000", "125751.309000", "125751.312000", "125751.314000", "125751.317000", "125751.319000", "125751.321000", "125751.324000", "125751.326000", "125751.329000", "125751.331000", "125751.333000", "125751.336000", "125751.338000", "125751.340000", "125751.343000", "125751.345000", "125751.348000", "125751.350000", "125751.353000", "125751.356000", "125751.358000", "125751.361000", "125751.363000", "125751.366000", "125751.368000", "125751.370000", "125751.373000", "125751.380000", "125751.383000", "125751.385000", "125751.388000", "125751.390000", "125811.309000", "125811.312000", "125811.314000", "125811.317000", "125811.319000", "125811.322000", "125811.325000", "125811.328000", "125811.330000", "125811.333000", "125811.335000", "125811.338000", "125811.340000", "125811.342000", "125811.345000", "125811.347000", "125811.349000", "125811.352000", "125811.354000", "125811.357000", "125811.359000", "125811.361000", "125811.364000", "125811.366000", "125811.369000", "125811.371000", "125811.373000", "125811.376000", "125811.379000", "125811.381000", "125811.383000", "125811.386000", "125811.388000", "125831.309000", "125831.312000", "125831.314000", "125831.317000", "125831.320000", "125831.322000", "125831.325000", "125831.327000", "125831.329000", "125831.332000", "125831.334000", "125831.336000", "125831.346000", "125831.348000", "125831.351000", "125831.353000", "125831.356000", "125831.358000", "125831.360000", "125831.363000", "125831.365000", "125831.367000", "125831.370000", "125831.372000", "125831.375000", "125831.377000", "125831.380000", "125831.382000", "125831.385000", "125831.387000", "125831.389000", "125831.392000", "125831.394000", "125851.309000", "125851.312000", "125851.314000", "125851.317000", "125851.319000", "125851.321000", "125851.324000", "125851.326000", "125851.329000", "125851.331000", "125851.333000", "125851.336000", "125851.338000", "125851.340000", "125851.343000", "125851.345000", "125851.348000", "125851.350000", "125851.352000", "125851.355000", "125851.357000", "125851.360000", "125851.362000", "125851.364000", "125851.367000", "125851.369000", "125851.372000", "125851.374000", "125851.376000", "125851.379000", "125851.381000", "125851.384000", "125851.386000", "125911.309000", "125911.312000", "125911.314000", "125911.317000", "125911.319000", "125911.322000", "125911.324000", "125911.326000", "125911.329000", "125911.331000", "125911.333000", "125911.336000", "125911.338000", "125911.341000", "125911.343000", "125911.345000", "125911.348000", "125911.350000", "125911.353000", "125911.355000", "125911.357000", "125911.360000", "125911.362000", "125911.365000", "125911.367000", "125911.369000", "125911.372000", "125911.374000", "125911.377000", "125911.379000", "125911.381000", "125911.384000", "125911.386000", "125931.308000", "125931.311000", "125931.313000", "125931.316000", "125931.318000", "125931.320000", "125931.323000", "125931.325000", "125931.328000", "125931.330000", "125931.333000", "125931.335000", "125931.337000", "125931.340000", "125931.342000", "125931.345000", "125931.347000", "125931.349000", "125931.352000", "125931.354000", "125931.369000", "125931.371000", "125931.374000", "125931.376000", "125931.379000", "125931.381000", "125931.383000", "125931.386000", "125931.388000", "125931.391000", "125931.393000", "125931.396000", "125951.308000", "125951.311000", "125951.313000", "125951.315000", "125951.318000", "125951.320000", "125951.323000", "125951.325000", "125951.327000", "125951.330000", "125951.332000", "125951.334000", "125951.337000", "125951.339000", "125951.342000", "125951.344000", "125951.347000", "125951.349000", "125951.351000", "125951.354000", "125951.356000", "125951.358000", "125951.362000", "125951.364000", "125951.367000", "125951.369000", "125951.371000", "125951.374000", "125951.376000", "125951.378000", "125951.381000", "125951.383000", "125951.386000", "130011.319000", "130011.322000", "130011.324000", "130011.326000", "130011.329000", "130011.331000", "130011.334000", "130011.336000", "130011.339000", "130011.341000", "130011.344000", "130011.346000", "130011.349000", "130011.351000", "130011.353000", "130011.356000", "130011.358000", "130011.361000", "130011.363000", "130011.366000", "130011.368000", "130011.371000", "130011.373000", "130011.375000", "130011.378000", "130011.380000", "130011.383000", "130011.385000", "130011.387000", "130011.390000", "130011.392000", "130011.395000", "130011.397000", "130031.309000", "130031.312000", "130031.314000", "130031.317000", "130031.319000", "130031.321000", "130031.324000", "130031.326000", "130031.329000", "130031.331000", "130031.333000", "130031.336000", "130031.338000", "130031.341000", "130031.343000", "130031.345000", "130031.348000", "130031.350000", "130031.353000", "130031.355000", "130031.357000", "130031.360000", "130031.362000", "130031.365000", "130031.367000", "130031.370000", "130031.372000", "130031.374000", "130031.377000", "130031.379000", "130031.381000", "130031.384000", "130031.386000", "130048.226000", "130048.229000", "130048.231000", "130048.233000", "130048.236000", "130048.238000", "130048.241000", "130048.243000", "130048.245000", "130048.248000", "130048.250000", "130048.253000", "130048.255000", "130048.258000", "130048.260000", "130048.262000", "130048.265000", "130048.267000", "130048.270000", "130048.272000", "130048.275000", "130048.277000", "130048.279000", "130048.282000", "130048.284000", "130048.287000", "130048.289000", "130048.291000"], "InstanceNumber": [1, 2, 3, 4, 5, 6, 7, 8, 9, 10, 11, 12, 13, 14, 15, 16, 17, 18, 19, 20, 21, 22, 23, 24, 25, 26, 27, 28, 29, 30, 31, 32, 33, 34, 35, 36, 37, 38, 39, 40, 41, 42, 43, 44, 45, 46, 47, 48, 49, 50, 51, 52, 53, 54, 55, 56, 57, 58, 59, 60, 61, 62, 63, 64, 65, 66, 67, 68, 69, 70, 71, 72, 73, 74, 75, 76, 77, 78, 79, 80, 81, 82, 83, 84, 85, 86, 87, 88, 89, 90, 91, 92, 93, 94, 95, 96, 97, 98, 99, 100, 101, 102, 103, 104, 105, 106, 107, 108, 109, 110, 111, 112, 113, 114, 115, 116, 117, 118, 119, 120, 121, 122, 123, 124, 125, 126, 127, 128, 129, 130, 131, 132, 133, 134, 135, 136, 137, 138, 139, 140, 141, 142, 143, 144, 145, 146, 147, 148, 149, 150, 151, 152, 153, 154, 155, 156, 157, 158, 159, 160, 161, 162, 163, 164, 165, 166, 167, 168, 169, 170, 171, 172, 173, 174, 175, 176, 177, 178, 179, 180, 181, 182, 183, 184, 185, 186, 187, 188, 189, 190, 191, 192, 193, 194, 195, 196, 197, 198, 199, 200, 201, 202, 203, 204, 205, 206, 207, 208, 209, 210, 211, 212, 213, 214, 215, 216, 217, 218, 219, 220, 221, 222, 223, 224, 225, 226, 227, 228, 229, 230, 231, 232, 233, 234, 235, 236, 237, 238, 239, 240, 241, 242, 243, 244, 245, 246, 247, 248, 249, 250, 251, 252, 253, 254, 255, 256, 257, 258, 259, 260, 261, 262, 263, 264, 265, 266, 267, 268, 269, 270, 271, 272, 273, 274, 275, 276, 277, 278, 279, 280, 281, 282, 283, 284, 285, 286, 287, 288, 289, 290, 291, 292, 293, 294, 295, 296, 297, 298, 299, 300, 301, 302, 303, 304, 305, 306, 307, 308, 309, 310, 311, 312, 313, 314, 315, 316, 317, 318, 319, 320, 321, 322, 323, 324, 325, 326, 327, 328, 329, 330, 331, 332, 333, 334, 335, 336, 337, 338, 339, 340, 341, 342, 343, 344, 345, 346, 347, 348, 349, 350, 351, 352, 353, 354, 355, 356, 357, 358, 359, 360, 361, 362, 363, 364, 365, 366, 367, 368, 369, 370, 371, 372, 373, 374, 375, 376, 377, 378, 379, 380, 381, 382, 383, 384, 385, 386, 387, 388, 389, 390, 391, 392, 393, 394, 395, 396, 397, 398, 399, 400, 401, 402, 403, 404, 405, 406, 407, 408, 409, 410, 411, 412, 413, 414, 415, 416, 417, 418, 419, 420, 421, 422, 423, 424, 425, 426, 427, 428, 429, 430, 431, 432, 433, 434, 435, 436, 437, 438, 439, 440, 441, 442, 443, 444, 445, 446, 447, 448, 449, 450, 451, 452, 453, 454, 455, 456, 457, 458, 459, 460, 461, 462, 463, 464, 465, 466, 467, 468, 469, 470, 471, 472, 473, 474, 475, 476, 477, 478, 479, 480, 481, 482, 483, 484, 485, 486, 487, 488, 489, 490, 491, 492, 493, 494, 495, 496, 497, 498, 499, 500, 501, 502, 503, 504, 505, 506, 507, 508, 509, 510], "LargestImagePixelValue": [475, 470, 465, 468, 471, 478, 482, 470, 464, 461, 462, 459, 459, 466, 474, 465, 470, 466, 465, 466, 466, 469, 467, 470, 467, 479, 465, 467, 467, 466, 467, 467, 469, 466, 466, 468, 468, 468, 466, 466, 471, 468, 467, 469, 474, 469, 479, 484, 476, 469, 471, 481, 482, 475, 485, 490, 481, 484, 476, 482, 478, 474, 481, 480, 481, 491, 490, 483, 491, 470, 532, 480, 522, 483, 480, 470, 468, 473, 508, 495, 479, 480, 484, 470, 504, 494, 483, 489, 489, 488, 494, 488, 490, 491, 490, 492, 494, 494, 499, 491, 491, 495, 488, 490, 493, 492, 493, 490, 493, 496, 499, 495, 496, 490, 486, 488, 491, 493, 489, 494, 491, 490, 500, 501, 515, 490, 502, 482, 483, 486, 480, 485, 482, 481, 480, 484, 482, 484, 480, 484, 485, 473, 542, 491, 480, 484, 477, 474, 482, 471, 472, 510, 475, 512, 520, 520, 476, 516, 450, 519, 493, 729, 538, 475, 509, 479, 482, 497, 481, 497, 492, 491, 469, 467, 466, 468, 488, 492, 493, 465, 463, 460, 458, 448, 467, 472, 475, 465, 457, 464, 464, 462, 462, 467, 461, 469, 459, 467, 464, 473, 466, 465, 463, 470, 472, 472, 467, 472, 470, 473, 475, 477, 475, 473, 472, 472, 468, 467, 475, 475, 472, 476, 476, 474, 476, 475, 479, 474, 473, 465, 466, 464, 490, 460, 477, 473, 467, 492, 472, 480, 472, 467, 471, 468, 467, 468, 468, 471, 470, 466, 507, 487, 486, 474, 511, 510, 482, 484, 481, 470, 467, 530, 487, 486, 483, 479, 486, 489, 486, 480, 472, 478, 475, 477, 479, 477, 476, 471, 471, 474, 471, 472, 476, 489, 501, 525, 489, 477, 466, 480, 478, 474, 477, 481, 485, 481, 475, 481, 476, 483, 477, 484, 479, 491, 481, 479, 476, 479, 478, 480, 516, 495, 502, 486, 479, 480, 482, 501, 502, 502, 490, 486, 487, 483, 484, 488, 488, 489, 485, 482, 478, 477, 478, 479, 479, 477, 474, 474, 471, 472, 472, 473, 480, 501, 488, 484, 482, 476, 474, 477, 483, 481, 482, 484, 478, 482, 493, 494, 495, 481, 475, 476, 511, 498, 504, 519, 484, 493, 459, 508, 488, 475, 484, 494, 483, 478, 477, 478, 478, 476, 480, 486, 491, 485, 485, 482, 483, 482, 505, 480, 483, 481, 481, 481, 482, 482, 483, 479, 481, 485, 483, 484, 485, 487, 487, 483, 482, 481, 483, 485, 483, 479, 482, 482, 480, 476, 479, 479, 477, 476, 478, 479, 479, 480, 479, 483, 476, 481, 478, 483, 481, 480, 476, 481, 479, 478, 479, 482, 478, 481, 478, 481, 481, 482, 482, 479, 479, 483, 478, 476, 480, 479, 473, 485, 480, 478, 476, 482, 478, 478, 480, 484, 480, 478, 480, 484, 482, 482, 479, 487, 483, 482, 479, 482, 482, 481, 484, 482, 480, 484, 484, 480, 482, 486, 488, 491, 487, 488, 489, 491, 490, 486, 488, 485, 486, 485, 489, 482, 477, 478, 476, 476, 477, 475, 476, 477, 479, 476, 473, 483], "WindowCenter": [281.0, 278.0, 276.0, 275.0, 276.0, 276.0, 275.0, 275.0, 274.0, 274.0, 275.0, 274.0, 275.0, 274.0, 275.0, 274.0, 275.0, 275.0, 274.0, 275.0, 275.0, 275.0, 274.0, 276.0, 275.0, 275.0, 275.0, 274.0, 275.0, 275.0, 275.0, 274.0, 275.0, 274.0, 274.0, 275.0, 274.0, 274.0, 274.0, 274.0, 276.0, 275.0, 275.0, 274.0, 276.0, 275.0, 275.0, 275.0, 275.0, 275.0, 275.0, 275.0, 275.0, 275.0, 275.0, 275.0, 275.0, 275.0, 275.0, 274.0, 276.0, 276.0, 275.0, 275.0, 275.0, 276.0, 276.0, 275.0, 276.0, 275.0, 278.0, 275.0, 276.0, 275.0, 275.0, 275.0, 272.0, 275.0, 275.0, 273.0, 273.0, 273.0, 274.0, 274.0, 275.0, 275.0, 275.0, 275.0, 275.0, 275.0, 275.0, 275.0, 276.0, 275.0, 275.0, 275.0, 276.0, 275.0, 276.0, 275.0, 275.0, 276.0, 276.0, 275.0, 275.0, 275.0, 275.0, 275.0, 276.0, 275.0, 275.0, 276.0, 275.0, 276.0, 276.0, 276.0, 275.0, 275.0, 275.0, 276.0, 275.0, 275.0, 276.0, 276.0, 276.0, 275.0, 276.0, 276.0, 275.0, 276.0, 276.0, 276.0, 275.0, 276.0, 276.0, 276.0, 275.0, 275.0, 275.0, 275.0, 274.0, 271.0, 271.0, 277.0, 274.0, 275.0, 274.0, 275.0, 274.0, 275.0, 267.0, 265.0, 269.0, 277.0, 273.0, 272.0, 273.0, 270.0, 266.0, 270.0, 274.0, 279.0, 273.0, 272.0, 272.0, 274.0, 276.0, 273.0, 276.0, 269.0, 274.0, 279.0, 276.0, 274.0, 270.0, 269.0, 267.0, 275.0, 275.0, 275.0, 274.0, 270.0, 270.0, 271.0, 275.0, 276.0, 276.0, 273.0, 273.0, 274.0, 275.0, 274.0, 273.0, 272.0, 274.0, 274.0, 275.0, 275.0, 274.0, 274.0, 274.0, 274.0, 275.0, 275.0, 276.0, 276.0, 276.0, 277.0, 277.0, 277.0, 277.0, 277.0, 277.0, 277.0, 277.0, 277.0, 276.0, 277.0, 276.0, 276.0, 275.0, 276.0, 276.0, 277.0, 275.0, 275.0, 275.0, 276.0, 276.0, 276.0, 275.0, 274.0, 276.0, 273.0, 274.0, 274.0, 274.0, 275.0, 274.0, 275.0, 275.0, 275.0, 274.0, 274.0, 274.0, 274.0, 274.0, 274.0, 273.0, 274.0, 274.0, 274.0, 275.0, 274.0, 272.0, 278.0, 274.0, 276.0, 276.0, 275.0, 272.0, 278.0, 277.0, 276.0, 275.0, 274.0, 276.0, 276.0, 276.0, 276.0, 275.0, 275.0, 275.0, 276.0, 276.0, 275.0, 275.0, 275.0, 275.0, 274.0, 274.0, 275.0, 275.0, 275.0, 274.0, 277.0, 278.0, 275.0, 275.0, 277.0, 276.0, 276.0, 276.0, 276.0, 275.0, 276.0, 276.0, 275.0, 275.0, 276.0, 276.0, 276.0, 276.0, 277.0, 276.0, 275.0, 275.0, 275.0, 276.0, 275.0, 275.0, 275.0, 277.0, 275.0, 275.0, 275.0, 274.0, 278.0, 277.0, 276.0, 275.0, 276.0, 275.0, 275.0, 277.0, 277.0, 276.0, 277.0, 275.0, 276.0, 276.0, 275.0, 275.0, 275.0, 274.0, 275.0, 275.0, 275.0, 274.0, 275.0, 276.0, 275.0, 276.0, 277.0, 276.0, 276.0, 275.0, 275.0, 275.0, 275.0, 275.0, 276.0, 276.0, 276.0, 276.0, 275.0, 277.0, 276.0, 276.0, 275.0, 275.0, 276.0, 278.0, 277.0, 275.0, 276.0, 276.0, 277.0, 273.0, 274.0, 273.0, 274.0, 272.0, 276.0, 275.0, 275.0, 275.0, 276.0, 276.0, 276.0, 276.0, 276.0, 276.0, 276.0, 275.0, 276.0, 275.0, 275.0, 275.0, 275.0, 274.0, 276.0, 275.0, 276.0, 276.0, 276.0, 276.0, 276.0, 277.0, 277.0, 277.0, 277.0, 277.0, 277.0, 276.0, 275.0, 275.0, 275.0, 275.0, 275.0, 275.0, 276.0, 275.0, 275.0, 276.0, 276.0, 276.0, 275.0, 275.0, 276.0, 275.0, 276.0, 276.0, 276.0, 276.0, 276.0, 276.0, 276.0, 276.0, 276.0, 276.0, 276.0, 277.0, 276.0, 276.0, 276.0, 277.0, 277.0, 276.0, 276.0, 276.0, 277.0, 277.0, 277.0, 277.0, 276.0, 277.0, 277.0, 276.0, 275.0, 276.0, 276.0, 276.0, 276.0, 276.0, 276.0, 276.0, 277.0, 276.0, 276.0, 276.0, 277.0, 277.0, 277.0, 277.0, 277.0, 277.0, 276.0, 276.0, 277.0, 276.0, 277.0, 277.0, 276.0, 277.0, 276.0, 276.0, 277.0, 277.0, 277.0, 276.0, 276.0, 276.0, 276.0, 276.0, 277.0, 277.0, 277.0, 276.0, 277.0, 277.0, 277.0, 276.0, 276.0, 276.0, 275.0, 276.0, 277.0, 276.0, 276.0, 276.0, 277.0, 277.0, 277.0, 276.0, 276.0, 276.0, 275.0, 275.0, 275.0], "WindowWidth": [616.0, 610.0, 607.0, 605.0, 606.0, 607.0, 605.0, 605.0, 603.0, 603.0, 604.0, 603.0, 604.0, 603.0, 605.0, 604.0, 604.0, 604.0, 603.0, 604.0, 604.0, 604.0, 604.0, 607.0, 605.0, 605.0, 605.0, 604.0, 605.0, 605.0, 604.0, 603.0, 604.0, 603.0, 602.0, 604.0, 603.0, 602.0, 604.0, 603.0, 606.0, 604.0, 605.0, 604.0, 607.0, 604.0, 605.0, 605.0, 604.0, 605.0, 605.0, 605.0, 605.0, 605.0, 605.0, 605.0, 605.0, 604.0, 604.0, 604.0, 607.0, 606.0, 605.0, 605.0, 605.0, 606.0, 606.0, 605.0, 607.0, 605.0, 611.0, 603.0, 606.0, 606.0, 605.0, 604.0, 599.0, 605.0, 604.0, 601.0, 601.0, 601.0, 602.0, 603.0, 605.0, 604.0, 605.0, 606.0, 605.0, 604.0, 606.0, 604.0, 607.0, 605.0, 605.0, 605.0, 606.0, 605.0, 606.0, 606.0, 605.0, 606.0, 606.0, 605.0, 605.0, 605.0, 605.0, 605.0, 606.0, 605.0, 605.0, 606.0, 605.0, 606.0, 607.0, 606.0, 605.0, 605.0, 605.0, 606.0, 606.0, 605.0, 607.0, 607.0, 607.0, 605.0, 607.0, 606.0, 606.0, 607.0, 607.0, 607.0, 605.0, 607.0, 606.0, 607.0, 605.0, 605.0, 604.0, 605.0, 602.0, 598.0, 597.0, 609.0, 603.0, 604.0, 603.0, 604.0, 603.0, 605.0, 589.0, 585.0, 594.0, 609.0, 601.0, 598.0, 600.0, 595.0, 586.0, 595.0, 603.0, 611.0, 600.0, 598.0, 599.0, 602.0, 607.0, 601.0, 606.0, 593.0, 603.0, 611.0, 607.0, 602.0, 594.0, 593.0, 589.0, 605.0, 606.0, 605.0, 602.0, 595.0, 595.0, 597.0, 604.0, 606.0, 606.0, 601.0, 601.0, 603.0, 605.0, 602.0, 601.0, 598.0, 604.0, 603.0, 604.0, 604.0, 603.0, 602.0, 603.0, 603.0, 604.0, 605.0, 606.0, 606.0, 607.0, 608.0, 608.0, 609.0, 607.0, 609.0, 609.0, 608.0, 609.0, 608.0, 607.0, 608.0, 607.0, 607.0, 605.0, 606.0, 606.0, 607.0, 604.0, 605.0, 605.0, 606.0, 606.0, 607.0, 605.0, 604.0, 607.0, 601.0, 603.0, 603.0, 602.0, 604.0, 603.0, 605.0, 604.0, 605.0, 603.0, 603.0, 602.0, 602.0, 602.0, 602.0, 602.0, 602.0, 603.0, 603.0, 604.0, 602.0, 598.0, 611.0, 604.0, 607.0, 607.0, 605.0, 599.0, 610.0, 608.0, 606.0, 604.0, 603.0, 606.0, 606.0, 606.0, 607.0, 605.0, 605.0, 605.0, 606.0, 606.0, 604.0, 604.0, 604.0, 604.0, 603.0, 603.0, 604.0, 604.0, 604.0, 601.0, 609.0, 609.0, 605.0, 604.0, 608.0, 607.0, 606.0, 607.0, 607.0, 605.0, 607.0, 606.0, 605.0, 605.0, 606.0, 606.0, 606.0, 607.0, 609.0, 606.0, 605.0, 605.0, 605.0, 606.0, 605.0, 605.0, 605.0, 608.0, 605.0, 605.0, 604.0, 603.0, 610.0, 609.0, 607.0, 605.0, 606.0, 605.0, 605.0, 608.0, 608.0, 607.0, 607.0, 606.0, 606.0, 606.0, 605.0, 605.0, 605.0, 603.0, 605.0, 605.0, 604.0, 604.0, 605.0, 606.0, 605.0, 606.0, 609.0, 607.0, 606.0, 605.0, 605.0, 605.0, 605.0, 606.0, 607.0, 607.0, 606.0, 606.0, 605.0, 608.0, 607.0, 607.0, 606.0, 606.0, 606.0, 611.0, 609.0, 603.0, 607.0, 608.0, 607.0, 600.0, 603.0, 601.0, 602.0, 599.0, 608.0, 605.0, 604.0, 605.0, 606.0, 606.0, 606.0, 606.0, 607.0, 607.0, 607.0, 606.0, 607.0, 605.0, 605.0, 605.0, 605.0, 603.0, 606.0, 605.0, 607.0, 607.0, 606.0, 607.0, 607.0, 607.0, 608.0, 608.0, 609.0, 607.0, 608.0, 606.0, 606.0, 606.0, 605.0, 605.0, 605.0, 605.0, 606.0, 605.0, 606.0, 607.0, 607.0, 607.0, 606.0, 605.0, 606.0, 606.0, 606.0, 608.0, 607.0, 607.0, 606.0, 607.0, 606.0, 606.0, 606.0, 607.0, 607.0, 608.0, 606.0, 606.0, 607.0, 608.0, 609.0, 607.0, 606.0, 607.0, 608.0, 608.0, 609.0, 608.0, 607.0, 608.0, 608.0, 607.0, 606.0, 608.0, 606.0, 607.0, 607.0, 607.0, 607.0, 607.0, 608.0, 607.0, 607.0, 607.0, 608.0, 609.0, 608.0, 608.0, 608.0, 608.0, 607.0, 606.0, 608.0, 607.0, 608.0, 608.0, 607.0, 608.0, 607.0, 607.0, 607.0, 608.0, 608.0, 607.0, 607.0, 607.0, 607.0, 606.0, 608.0, 607.0, 609.0, 607.0, 608.0, 608.0, 608.0, 607.0, 606.0, 607.0, 605.0, 607.0, 608.0, 606.0, 606.0, 606.0, 607.0, 609.0, 608.0, 607.0, 607.0, 607.0, 605.0, 605.0, 605.0]}, "slices": {}}, "EventTimestamp": "12-58-48"}