{
  "AcquisitionMatrixPE": 64,
  "AcquisitionNumber": 1,
  "AcquisitionTime": "15:27:56.642500",
  "BandwidthPerPixelPhaseEncode": 31.25,
  "BaseResolution": 64,
  "BodyPartExamined": "BRAIN",
  "CoilCombinationMethod": "Sum of Squares",
  "ConsistencyInfo": "N4_VE11E_LATEST_20181129",
  "ConversionSoftware": "dcm2niix",
  "ConversionSoftwareVersion": "v1.0.20230411",
  "DerivedVendorReportedEchoSpacing": 0.0005,
  "DeviceSerialNumber": "166182",
  "DwellTime": 3.4e-06,
  "EchoTime": 0.032,
  "EchoTrainLength": 64,
  "EffectiveEchoSpacing": 0.0005,
  "FlipAngle": 40,
  "HeudiconvVersion": "0.13.1",
  "ImageOrientationPatientDICOM": [0.999737, -0.00446281, -0.0224926, 5.31402e-09, 0.980879, -0.194618],
  "ImageOrientationText": "Tra>Cor(-11.2)>Sag(-1.3)",
  "ImageType": [
    "ORIGINAL",
    "PRIMARY",
    "M",
    "ND",
    "NORM",
    "MOSAIC"
],
  "ImagingFrequency": 123.256713,
  "InPlanePhaseEncodingDirectionDICOM": "COL",
  "InstitutionAddress": "PEARSE STREET .,City,District,IE,D2",
  "InstitutionName": "TCIN",
  "InstitutionalDepartmentName": "MRI",
  "MRAcquisitionType": "2D",
  "MagneticFieldStrength": 3,
  "Manufacturer": "Siemens",
  "ManufacturersModelName": "Prisma",
  "MatrixCoilMode": "SENSE",
  "Modality": "MR",
  "NonlinearGradientCorrection": false,
  "PartialFourier": 1,
  "PatientPosition": "HFS",
  "PercentPhaseFOV": 100,
  "PercentSampling": 100,
  "PhaseEncodingDirection": "j",
  "PhaseEncodingSteps": 64,
  "PhaseResolution": 1,
  "PixelBandwidth": 2300,
  "ProcedureStepDescription": "Rhodri^Head BOLD",
  "ProtocolName": "cmrr_SBep2d_se_PA_RDS",
  "PulseSequenceDetails": "%SiemensSeq%\\ep2d_bold",
  "ReceiveCoilActiveElements": "HC2,4,6,7;SC",
  "ReceiveCoilName": "SpecialPurpose_4",
  "ReconMatrixPE": 64,
  "RepetitionTime": 2.26,
  "SAR": 0.316665,
  "ScanOptions": "FS",
  "ScanningSequence": "EP",
  "SequenceName": "*epfid2d1_64",
  "SequenceVariant": "SK",
  "SeriesDescription": "cmrr_SBep2d_se_PA_RDS",
  "SeriesNumber": 7,
  "ShimSetting": [-3699, -7483, 3855, 822, -139, 611, 231, -155],
  "SliceThickness": 3,
  "SliceTiming": [1.12, 0, 1.1825, 0.0625, 1.245, 0.125, 1.3075, 0.1875, 1.37, 0.25, 1.4325, 0.3125, 1.495, 0.375, 1.5575, 0.4375, 1.62, 0.5, 1.68, 0.56, 1.7425, 0.6225, 1.805, 0.685, 1.8675, 0.7475, 1.93, 0.81, 1.9925, 0.8725, 2.055, 0.935, 2.1175, 0.9975, 2.18, 1.06],
  "SoftwareVersions": "syngo MR E11",
  "SpacingBetweenSlices": 3.3,
  "StationName": "AWP166182",
  "TotalReadoutTime": 0.0315,
  "TxRefAmp": 251.029,
  "dcmmeta_affine": [
    [-2.999211072921753, 1.59420565637447e-08, -0.07567253708839417, 100.8593978881836],
    [0.013388417661190033, 2.9426372051239014, -0.6420707106590271, -81.07946014404297],
    [-0.06747782230377197, 0.5838541388511658, 3.2360498905181885, -111.32831573486328],
    [0.0, 0.0, 0.0, 1.0]
],
  "dcmmeta_reorient_transform": [
    [0.0, -1.0, 0.0, 63.0],
    [1.0, 0.0, 0.0, 0.0],
    [0.0, 0.0, 1.0, 0.0],
    [0.0, 0.0, 0.0, 1.0]
],
  "dcmmeta_shape": [64, 64, 36, 10],
  "dcmmeta_slice_dim": 2,
  "dcmmeta_version": 0.6,
  "global": {
    "const": {
      "AcquisitionMatrix": [64, 0, 0, 64],
      "AngioFlag": "N",
      "BitsAllocated": 16,
      "BitsStored": 12,
      "BodyPartExamined": "BRAIN",
      "Columns": 384,
      "EchoNumbers": 1,
      "EchoTime": 32.0,
      "EchoTrainLength": 64,
      "FlipAngle": 40.0,
      "HighBit": 11,
      "ImageOrientationPatient": [0.99973704840164, -0.0044628057783, -0.0224926080696, 5.314019e-09, 0.9808791021577, -0.1946180540194],
      "ImagePositionPatient": [-580.7331850644, -572.9865121555, 29.667611175247],
      "ImageType": [
        "ORIGINAL",
        "PRIMARY",
        "M",
        "ND",
        "NORM",
        "MOSAIC"
],
      "ImagedNucleus": "1H",
      "ImagingFrequency": 123.256713,
      "InPlanePhaseEncodingDirection": "COL",
      "MRAcquisitionType": "2D",
      "MagneticFieldStrength": 3.0,
      "Manufacturer": "SIEMENS",
      "ManufacturerModelName": "Prisma",
      "Modality": "MR",
      "NumberOfAverages": 1.0,
      "NumberOfPhaseEncodingSteps": 64,
      "PercentPhaseFieldOfView": 100.0,
      "PercentSampling": 100.0,
      "PerformedProcedureStepStartTime": "151926.595000",
      "PhotometricInterpretation": "MONOCHROME2",
      "PixelBandwidth": 2300.0,
      "PixelRepresentation": 0,
      "PixelSpacing": [3.0, 3.0],
      "ProtocolName": "cmrr_SBep2d_se_PA_RDS",
      "RepetitionTime": 2260.0,
      "Rows": 384,
      "SAR": 0.31666529699303,
      "SamplesPerPixel": 1,
      "ScanOptions": "FS",
      "ScanningSequence": "EP",
      "SequenceName": "*epfid2d1_64",
      "SequenceVariant": "SK",
      "SeriesDescription": "cmrr_SBep2d_se_PA_RDS",
      "SeriesNumber": 7,
      "SeriesTime": "152819.078000",
      "SliceLocation": -95.708343770033,
      "SliceThickness": 3.0,
      "SmallestImagePixelValue": 0,
      "SoftwareVersions": "syngo MR E11",
      "SpacingBetweenSlices": 3.3000000377794,
      "SpecificCharacterSet": "ISO_IR 100",
      "StudyID": "2",
      "StudyTime": "151926.535000",
      "TransmitCoilName": "Body",
      "VariableFlipAngleFlag": "N",
      "WindowCenterWidthExplanation": "Algo1"
    },
    "slices": {}
  },
  "time": {
    "samples": {
      "AcquisitionNumber": [1, 2, 3, 4, 5, 6, 7, 8, 9, 10],
      "AcquisitionTime": ["152756.642500", "152758.902500", "152801.162500", "152803.422500", "152805.682500", "152807.942500", "152810.202500", "152812.462500", "152814.722500", "152816.982500"],
      "ContentTime": ["152819.089000", "152819.093000", "152819.095000", "152819.098000", "152819.100000", "152819.103000", "152819.105000", "152819.107000", "152819.110000", "152819.112000"],
      "InstanceCreationTime": ["152819.089000", "152819.093000", "152819.095000", "152819.098000", "152819.100000", "152819.103000", "152819.105000", "152819.107000", "152819.110000", "152819.112000"],
      "InstanceNumber": [1, 2, 3, 4, 5, 6, 7, 8, 9, 10],
      "LargestImagePixelValue": [727, 736, 748, 744, 751, 748, 734, 730, 722, 727],
      "WindowCenter": [368.0, 366.0, 365.0, 365.0, 366.0, 366.0, 367.0, 367.0, 367.0, 368.0],
      "WindowWidth": [781.0, 778.0, 775.0, 775.0, 777.0, 778.0, 778.0, 778.0, 779.0, 780.0]
    },
    "slices": {}
  }
}