{"AcquisitionMatrixPE": 64, "AcquisitionNumber": 1, "AcquisitionTime": "12:57:43.715000", "BandwidthPerPixelPhaseEncode": 28.935, "BaseResolution": 64, "BodyPartExamined": "BRAIN", "CoilCombinationMethod": "Sum of Squares", "ConsistencyInfo": "N4_VE11E_LATEST_20181129", "ConversionSoftware": "dcm2niix", "ConversionSoftwareVersion": "v1.0.20230411", "DerivedVendorReportedEchoSpacing": 0.000540003, "DeviceSerialNumber": "166182", "DwellTime": 3.4e-06, "EchoTime": 0.032, "EchoTrainLength": 64, "EffectiveEchoSpacing": 0.000540003, "FlipAngle": 40, "HeudiconvVersion": "0.13.1", "ImageOrientationPatientDICOM": [0.998605, -0.0351635, 0.0393963, 0.0383625, 0.995758, -0.0836271], "ImageOrientationText": "Tra>Cor(-4.9)>Sag(2.1)", "ImageType": ["ORIGINAL", "PRIMARY", "M", "ND", "NORM", "MOSAIC"], "ImagingFrequency": 123.257516, "InPlanePhaseEncodingDirectionDICOM": "COL", "InstitutionAddress": "PEARSE STREET .,City,District,IE,D2", "InstitutionName": "TCIN", "InstitutionalDepartmentName": "MRI", "MRAcquisitionType": "2D", "MagneticFieldStrength": 3, "Manufacturer": "Siemens", "ManufacturersModelName": "Prisma", "Modality": "MR", "MultibandAccelerationFactor": 4, "NonlinearGradientCorrection": false, "PartialFourier": 1, "PatientPosition": "HFS", "PercentPhaseFOV": 100, "PercentSampling": 100, "PhaseEncodingDirection": "j-", "PhaseEncodingSteps": 64, "PhaseResolution": 1, "PixelBandwidth": 2300, "ProcedureStepDescription": "Rhodri^Head BOLD", "ProtocolName": "cmrr_mbep2d_bold_Pictures_AP", "PulseSequenceDetails": "%SiemensSeq%\\ep2d_bold", "ReceiveCoilActiveElements": "HC2,4,6,7;NC2;SC", "ReceiveCoilName": "HeadNeck_64", "ReconMatrixPE": 64, "RefLinesPE": 12, "RepetitionTime": 0.61, "SAR": 0.376971, "ScanOptions": "FS", "ScanningSequence": "EP", "SequenceName": "*epfid2d1_64", "SequenceVariant": "SK", "SeriesDescription": "cmrr_mbep2d_bold_Pictures_AP", "SeriesNumber": 8, "ShimSetting": [-3598, -7401, 3859, 832, -74, 369, -222, -36], "SliceThickness": 3, "SliceTiming": [0.2625, 0, 0.3275, 0.065, 0.3925, 0.13, 0.4575, 0.195, 0.525, 0.2625, 0, 0.3275, 0.065, 0.3925, 0.13, 0.4575, 0.195, 0.525, 0.2625, 0, 0.3275, 0.065, 0.3925, 0.13, 0.4575, 0.195, 0.525, 0.2625, 0, 0.3275, 0.065, 0.3925, 0.13, 0.4575, 0.195, 0.525], "SoftwareVersions": "syngo MR E11", "SpacingBetweenSlices": 3.3, "StationName": "AWP166182", "TaskName": "pictures", "TotalReadoutTime": 0.0340202, "TxRefAmp": 241.513, "dcmmeta_affine": [[-2.995814323425293, 0.11508756130933762, 0.11975223571062088, 91.05093383789062], [0.10549063980579376, 2.9872753620147705, -0.28057175874710083, -100.84680938720703], [0.11818885058164597, 0.25088125467300415, 3.285869598388672, -108.38166046142578], [0.0, 0.0, 0.0, 1.0]], "dcmmeta_reorient_transform": [[0.0, -1.0, 0.0, 63.0], [1.0, 0.0, 0.0, 0.0], [0.0, 0.0, 1.0, 0.0], [0.0, 0.0, 0.0, 1.0]], "dcmmeta_shape": [64, 64, 36, 510], "dcmmeta_slice_dim": 2, "dcmmeta_version": 0.6, "global": {"const": {"AcquisitionMatrix": [64, 0, 0, 64], "AngioFlag": "N", "BitsAllocated": 16, "BitsStored": 12, "BodyPartExamined": "BRAIN", "Columns": 384, "EchoNumbers": 1, "EchoTime": 32.0, "EchoTrainLength": 64, "FlipAngle": 40.0, "HighBit": 11, "ImageOrientationPatient": [0.9986047555731, -0.0351635468821, 0.03939628304108, 0.03836251934772, 0.99575841810243, -0.0836270882397], "ImagePositionPatient": [-596.04574530221, -548.43707193985, -71.345352348178], "ImageType": ["ORIGINAL", "PRIMARY", "M", "ND", "NORM", "MOSAIC"], "ImagedNucleus": "1H", "ImagingFrequency": 123.257516, "InPlanePhaseEncodingDirection": "COL", "MRAcquisitionType": "2D", "MagneticFieldStrength": 3.0, "Manufacturer": "SIEMENS", "ManufacturerModelName": "Prisma", "Modality": "MR", "NumberOfAverages": 1.0, "NumberOfPhaseEncodingSteps": 64, "PercentPhaseFieldOfView": 100.0, "PercentSampling": 100.0, "PerformedProcedureStepStartTime": "124152.454000", "PhotometricInterpretation": "MONOCHROME2", "PixelBandwidth": 2300.0, "PixelRepresentation": 0, "PixelSpacing": [3.0, 3.0], "ProtocolName": "cmrr_mbep2d_bold_Pictures_AP", "RepetitionTime": 610.0, "Rows": 384, "SAR": 0.37697140182996, "SamplesPerPixel": 1, "ScanOptions": "FS", "ScanningSequence": "EP", "SequenceName": "*epfid2d1_64", "SequenceVariant": "SK", "SeriesDescription": "cmrr_mbep2d_bold_Pictures_AP", "SeriesNumber": 8, "SeriesTime": "125815.019000", "SliceLocation": -96.039295223189, "SliceThickness": 3.0, "SmallestImagePixelValue": 0, "SoftwareVersions": "syngo MR E11", "SpacingBetweenSlices": 3.3000000178306, "SpecificCharacterSet": "ISO_IR 100", "StudyID": "1", "StudyTime": "124152.269000", "TransmitCoilName": "Body", "VariableFlipAngleFlag": "N", "WindowCenterWidthExplanation": "Algo1"}, "slices": {}}, "time": {"samples": {"AcquisitionNumber": [1, 2, 3, 4, 5, 6, 7, 8, 9, 10, 11, 12, 13, 14, 15, 16, 17, 18, 19, 20, 21, 22, 23, 24, 25, 26, 27, 28, 29, 30, 31, 32, 33, 34, 35, 36, 37, 38, 39, 40, 41, 42, 43, 44, 45, 46, 47, 48, 49, 50, 51, 52, 53, 54, 55, 56, 57, 58, 59, 60, 61, 62, 63, 64, 65, 66, 67, 68, 69, 70, 71, 72, 73, 74, 75, 76, 77, 78, 79, 80, 81, 82, 83, 84, 85, 86, 87, 88, 89, 90, 91, 92, 93, 94, 95, 96, 97, 98, 99, 100, 101, 102, 103, 104, 105, 106, 107, 108, 109, 110, 111, 112, 113, 114, 115, 116, 117, 118, 119, 120, 121, 122, 123, 124, 125, 126, 127, 128, 129, 130, 131, 132, 133, 134, 135, 136, 137, 138, 139, 140, 141, 142, 143, 144, 145, 146, 147, 148, 149, 150, 151, 152, 153, 154, 155, 156, 157, 158, 159, 160, 161, 162, 163, 164, 165, 166, 167, 168, 169, 170, 171, 172, 173, 174, 175, 176, 177, 178, 179, 180, 181, 182, 183, 184, 185, 186, 187, 188, 189, 190, 191, 192, 193, 194, 195, 196, 197, 198, 199, 200, 201, 202, 203, 204, 205, 206, 207, 208, 209, 210, 211, 212, 213, 214, 215, 216, 217, 218, 219, 220, 221, 222, 223, 224, 225, 226, 227, 228, 229, 230, 231, 232, 233, 234, 235, 236, 237, 238, 239, 240, 241, 242, 243, 244, 245, 246, 247, 248, 249, 250, 251, 252, 253, 254, 255, 256, 257, 258, 259, 260, 261, 262, 263, 264, 265, 266, 267, 268, 269, 270, 271, 272, 273, 274, 275, 276, 277, 278, 279, 280, 281, 282, 283, 284, 285, 286, 287, 288, 289, 290, 291, 292, 293, 294, 295, 296, 297, 298, 299, 300, 301, 302, 303, 304, 305, 306, 307, 308, 309, 310, 311, 312, 313, 314, 315, 316, 317, 318, 319, 320, 321, 322, 323, 324, 325, 326, 327, 328, 329, 330, 331, 332, 333, 334, 335, 336, 337, 338, 339, 340, 341, 342, 343, 344, 345, 346, 347, 348, 349, 350, 351, 352, 353, 354, 355, 356, 357, 358, 359, 360, 361, 362, 363, 364, 365, 366, 367, 368, 369, 370, 371, 372, 373, 374, 375, 376, 377, 378, 379, 380, 381, 382, 383, 384, 385, 386, 387, 388, 389, 390, 391, 392, 393, 394, 395, 396, 397, 398, 399, 400, 401, 402, 403, 404, 405, 406, 407, 408, 409, 410, 411, 412, 413, 414, 415, 416, 417, 418, 419, 420, 421, 422, 423, 424, 425, 426, 427, 428, 429, 430, 431, 432, 433, 434, 435, 436, 437, 438, 439, 440, 441, 442, 443, 444, 445, 446, 447, 448, 449, 450, 451, 452, 453, 454, 455, 456, 457, 458, 459, 460, 461, 462, 463, 464, 465, 466, 467, 468, 469, 470, 471, 472, 473, 474, 475, 476, 477, 478, 479, 480, 481, 482, 483, 484, 485, 486, 487, 488, 489, 490, 491, 492, 493, 494, 495, 496, 497, 498, 499, 500, 501, 502, 503, 504, 505, 506, 507, 508, 509, 510], "AcquisitionTime": ["125743.715000", "125744.325000", "125744.935000", "125745.545000", "125746.155000", "125746.765000", "125747.375000", "125747.985000", "125748.595000", "125749.205000", "125749.815000", "125750.425000", "125751.035000", "125751.645000", "125752.255000", "125752.865000", "125753.475000", "125754.085000", "125754.695000", "125755.305000", "125755.915000", "125756.525000", "125757.135000", "125757.745000", "125758.355000", "125758.965000", "125759.575000", "125800.185000", "125800.795000", "125801.405000", "125802.015000", "125802.625000", "125803.235000", "125803.845000", "125804.455000", "125805.065000", "125805.675000", "125806.285000", "125806.895000", "125807.505000", "125808.115000", "125808.725000", "125809.335000", "125809.945000", "125810.555000", "125811.165000", "125811.775000", "125812.385000", "125812.995000", "125813.605000", "125814.215000", "125814.825000", "125815.435000", "125816.045000", "125816.655000", "125817.265000", "125817.875000", "125818.485000", "125819.095000", "125819.705000", "125820.315000", "125820.925000", "125821.535000", "125822.145000", "125822.755000", "125823.365000", "125823.975000", "125824.585000", "125825.195000", "125825.805000", "125826.415000", "125827.025000", "125827.635000", "125828.245000", "125828.855000", "125829.465000", "125830.075000", "125830.685000", "125831.295000", "125831.905000", "125832.515000", "125833.125000", "125833.735000", "125834.345000", "125834.955000", "125835.565000", "125836.175000", "125836.785000", "125837.395000", "125838.005000", "125838.615000", "125839.225000", "125839.835000", "125840.445000", "125841.055000", "125841.665000", "125842.275000", "125842.885000", "125843.495000", "125844.105000", "125844.715000", "125845.325000", "125845.935000", "125846.545000", "125847.155000", "125847.765000", "125848.375000", "125848.985000", "125849.595000", "125850.205000", "125850.815000", "125851.425000", "125852.035000", "125852.645000", "125853.255000", "125853.865000", "125854.475000", "125855.085000", "125855.695000", "125856.305000", "125856.915000", "125857.525000", "125858.135000", "125858.745000", "125859.355000", "125859.965000", "125900.575000", "125901.185000", "125901.795000", "125902.405000", "125903.015000", "125903.625000", "125904.235000", "125904.845000", "125905.455000", "125906.065000", "125906.675000", "125907.285000", "125907.895000", "125908.505000", "125909.115000", "125909.725000", "125910.335000", "125910.945000", "125911.555000", "125912.165000", "125912.775000", "125913.385000", "125913.995000", "125914.605000", "125915.215000", "125915.825000", "125916.435000", "125917.045000", "125917.655000", "125918.265000", "125918.875000", "125919.485000", "125920.095000", "125920.705000", "125921.315000", "125921.925000", "125922.535000", "125923.145000", "125923.755000", "125924.365000", "125924.975000", "125925.585000", "125926.195000", "125926.805000", "125927.415000", "125928.025000", "125928.635000", "125929.245000", "125929.855000", "125930.465000", "125931.075000", "125931.685000", "125932.295000", "125932.905000", "125933.515000", "125934.125000", "125934.735000", "125935.345000", "125935.955000", "125936.565000", "125937.175000", "125937.785000", "125938.395000", "125939.005000", "125939.615000", "125940.225000", "125940.835000", "125941.445000", "125942.055000", "125942.665000", "125943.275000", "125943.885000", "125944.495000", "125945.105000", "125945.715000", "125946.325000", "125946.935000", "125947.545000", "125948.155000", "125948.765000", "125949.375000", "125949.985000", "125950.595000", "125951.205000", "125951.815000", "125952.425000", "125953.035000", "125953.645000", "125954.255000", "125954.865000", "125955.475000", "125956.085000", "125956.695000", "125957.305000", "125957.915000", "125958.525000", "125959.135000", "125959.745000", "130000.355000", "130000.965000", "130001.575000", "130002.185000", "130002.795000", "130003.405000", "130004.015000", "130004.625000", "130005.235000", "130005.845000", "130006.455000", "130007.065000", "130007.675000", "130008.285000", "130008.895000", "130009.505000", "130010.115000", "130010.725000", "130011.335000", "130011.945000", "130012.555000", "130013.165000", "130013.775000", "130014.385000", "130014.995000", "130015.605000", "130016.215000", "130016.825000", "130017.435000", "130018.045000", "130018.655000", "130019.265000", "130019.875000", "130020.485000", "130021.095000", "130021.705000", "130022.315000", "130022.925000", "130023.535000", "130024.145000", "130024.755000", "130025.365000", "130025.975000", "130026.585000", "130027.195000", "130027.805000", "130028.415000", "130029.025000", "130029.635000", "130030.245000", "130030.855000", "130031.465000", "130032.075000", "130032.685000", "130033.295000", "130033.905000", "130034.515000", "130035.125000", "130035.735000", "130036.345000", "130036.955000", "130037.565000", "130038.175000", "130038.785000", "130039.395000", "130040.005000", "130040.615000", "130041.225000", "130041.835000", "130042.445000", "130043.055000", "130043.665000", "130044.275000", "130044.885000", "130045.495000", "130046.105000", "130046.715000", "130047.325000", "130047.935000", "130048.545000", "130049.155000", "130049.765000", "130050.375000", "130050.985000", "130051.595000", "130052.205000", "130052.815000", "130053.425000", "130054.035000", "130054.645000", "130055.255000", "130055.865000", "130056.475000", "130057.085000", "130057.695000", "130058.305000", "130058.915000", "130059.525000", "130100.135000", "130100.745000", "130101.355000", "130101.965000", "130102.575000", "130103.185000", "130103.795000", "130104.405000", "130105.015000", "130105.625000", "130106.235000", "130106.845000", "130107.455000", "130108.065000", "130108.675000", "130109.285000", "130109.895000", "130110.505000", "130111.115000", "130111.725000", "130112.335000", "130112.945000", "130113.555000", "130114.165000", "130114.775000", "130115.385000", "130115.995000", "130116.605000", "130117.215000", "130117.825000", "130118.435000", "130119.045000", "130119.655000", "130120.265000", "130120.875000", "130121.485000", "130122.095000", "130122.705000", "130123.315000", "130123.925000", "130124.535000", "130125.145000", "130125.755000", "130126.365000", "130126.975000", "130127.585000", "130128.195000", "130128.805000", "130129.415000", "130130.025000", "130130.635000", "130131.245000", "130131.855000", "130132.465000", "130133.075000", "130133.685000", "130134.295000", "130134.905000", "130135.515000", "130136.125000", "130136.735000", "130137.345000", "130137.955000", "130138.565000", "130139.175000", "130139.785000", "130140.395000", "130141.005000", "130141.615000", "130142.225000", "130142.835000", "130143.445000", "130144.055000", "130144.665000", "130145.275000", "130145.885000", "130146.495000", "130147.105000", "130147.715000", "130148.325000", "130148.935000", "130149.545000", "130150.155000", "130150.765000", "130151.375000", "130151.985000", "130152.595000", "130153.205000", "130153.815000", "130154.425000", "130155.035000", "130155.645000", "130156.255000", "130156.865000", "130157.475000", "130158.085000", "130158.695000", "130159.305000", "130159.915000", "130200.525000", "130201.135000", "130201.745000", "130202.355000", "130202.965000", "130203.575000", "130204.185000", "130204.795000", "130205.405000", "130206.015000", "130206.625000", "130207.235000", "130207.845000", "130208.455000", "130209.065000", "130209.675000", "130210.285000", "130210.895000", "130211.505000", "130212.115000", "130212.725000", "130213.335000", "130213.945000", "130214.555000", "130215.165000", "130215.775000", "130216.385000", "130216.995000", "130217.605000", "130218.215000", "130218.825000", "130219.435000", "130220.045000", "130220.655000", "130221.265000", "130221.875000", "130222.485000", "130223.095000", "130223.705000", "130224.315000", "130224.925000", "130225.535000", "130226.145000", "130226.755000", "130227.365000", "130227.975000", "130228.585000", "130229.195000", "130229.805000", "130230.415000", "130231.025000", "130231.635000", "130232.245000", "130232.855000", "130233.465000", "130234.075000", "130234.685000", "130235.295000", "130235.905000", "130236.515000", "130237.125000", "130237.735000", "130238.345000", "130238.955000", "130239.565000", "130240.175000", "130240.785000", "130241.395000", "130242.005000", "130242.615000", "130243.225000", "130243.835000", "130244.445000", "130245.055000", "130245.665000", "130246.275000", "130246.885000", "130247.495000", "130248.105000", "130248.715000", "130249.325000", "130249.935000", "130250.545000", "130251.155000", "130251.765000", "130252.375000", "130252.985000", "130253.595000", "130254.205000"], "ContentTime": ["125815.022000", "125815.026000", "125815.028000", "125815.031000", "125815.036000", "125815.038000", "125815.041000", "125815.043000", "125815.045000", "125815.048000", "125815.050000", "125815.053000", "125815.055000", "125815.058000", "125815.060000", "125815.062000", "125815.065000", "125815.067000", "125815.070000", "125815.072000", "125815.074000", "125815.077000", "125815.079000", "125815.082000", "125815.084000", "125815.086000", "125815.089000", "125815.091000", "125815.094000", "125815.096000", "125815.098000", "125815.101000", "125815.103000", "125815.106000", "125815.108000", "125815.110000", "125815.113000", "125815.115000", "125815.118000", "125815.120000", "125815.122000", "125815.125000", "125815.127000", "125815.130000", "125815.132000", "125815.142000", "125815.144000", "125815.147000", "125815.149000", "125815.152000", "125835.017000", "125835.020000", "125835.022000", "125835.025000", "125835.027000", "125835.030000", "125835.032000", "125835.034000", "125835.037000", "125835.039000", "125835.041000", "125835.044000", "125835.046000", "125835.049000", "125835.051000", "125835.053000", "125835.056000", "125835.058000", "125835.060000", "125835.063000", "125835.065000", "125835.068000", "125835.070000", "125835.072000", "125835.075000", "125835.077000", "125835.080000", "125835.082000", "125835.084000", "125835.087000", "125835.089000", "125835.092000", "125835.094000", "125855.016000", "125855.021000", "125855.024000", "125855.027000", "125855.030000", "125855.032000", "125855.034000", "125855.037000", "125855.039000", "125855.045000", "125855.047000", "125855.050000", "125855.052000", "125855.054000", "125855.057000", "125855.059000", "125855.062000", "125855.064000", "125855.066000", "125855.069000", "125855.071000", "125855.074000", "125855.076000", "125855.078000", "125855.081000", "125855.083000", "125855.085000", "125855.088000", "125855.090000", "125855.093000", "125855.095000", "125855.098000", "125915.016000", "125915.019000", "125915.022000", "125915.024000", "125915.026000", "125915.029000", "125915.031000", "125915.034000", "125915.036000", "125915.038000", "125915.041000", "125915.043000", "125915.045000", "125915.048000", "125915.050000", "125915.053000", "125915.055000", "125915.057000", "125915.060000", "125915.062000", "125915.064000", "125915.067000", "125915.069000", "125915.072000", "125915.075000", "125915.077000", "125915.080000", "125915.082000", "125915.084000", "125915.087000", "125915.089000", "125915.092000", "125915.094000", "125935.016000", "125935.019000", "125935.022000", "125935.038000", "125935.040000", "125935.043000", "125935.045000", "125935.048000", "125935.050000", "125935.052000", "125935.055000", "125935.057000", "125935.060000", "125935.062000", "125935.064000", "125935.067000", "125935.069000", "125935.072000", "125935.074000", "125935.076000", "125935.079000", "125935.081000", "125935.084000", "125935.086000", "125935.089000", "125935.091000", "125935.093000", "125935.096000", "125935.098000", "125935.101000", "125935.103000", "125935.105000", "125935.108000", "125955.016000", "125955.019000", "125955.021000", "125955.024000", "125955.026000", "125955.029000", "125955.031000", "125955.034000", "125955.036000", "125955.039000", "125955.041000", "125955.044000", "125955.046000", "125955.048000", "125955.051000", "125955.053000", "125955.056000", "125955.058000", "125955.060000", "125955.063000", "125955.065000", "125955.068000", "125955.070000", "125955.073000", "125955.075000", "125955.077000", "125955.080000", "125955.082000", "125955.085000", "125955.087000", "125955.090000", "125955.092000", "125955.094000", "130015.016000", "130015.020000", "130015.023000", "130015.025000", "130015.028000", "130015.030000", "130015.032000", "130015.035000", "130015.037000", "130015.040000", "130015.042000", "130015.044000", "130015.047000", "130015.049000", "130015.052000", "130015.054000", "130015.056000", "130015.059000", "130015.061000", "130015.063000", "130015.066000", "130015.068000", "130015.071000", "130015.073000", "130015.075000", "130015.078000", "130015.080000", "130015.082000", "130015.085000", "130015.087000", "130015.090000", "130015.092000", "130035.017000", "130035.020000", "130035.022000", "130035.025000", "130035.028000", "130035.030000", "130035.032000", "130035.035000", "130035.037000", "130035.040000", "130035.042000", "130035.045000", "130035.047000", "130035.049000", "130035.052000", "130035.054000", "130035.057000", "130035.059000", "130035.061000", "130035.064000", "130035.066000", "130035.069000", "130035.071000", "130035.073000", "130035.076000", "130035.078000", "130035.080000", "130035.083000", "130035.085000", "130035.088000", "130035.090000", "130035.092000", "130035.095000", "130055.017000", "130055.019000", "130055.022000", "130055.024000", "130055.027000", "130055.029000", "130055.031000", "130055.034000", "130055.036000", "130055.039000", "130055.041000", "130055.043000", "130055.046000", "130055.048000", "130055.051000", "130055.053000", "130055.055000", "130055.059000", "130055.061000", "130055.063000", "130055.066000", "130055.068000", "130055.071000", "130055.073000", "130055.076000", "130055.078000", "130055.081000", "130055.083000", "130055.085000", "130055.088000", "130055.090000", "130055.093000", "130055.095000", "130115.016000", "130115.019000", "130115.021000", "130115.024000", "130115.026000", "130115.029000", "130115.031000", "130115.034000", "130115.036000", "130115.038000", "130115.041000", "130115.044000", "130115.046000", "130115.048000", "130115.051000", "130115.053000", "130115.056000", "130115.058000", "130115.061000", "130115.063000", "130115.065000", "130115.068000", "130115.070000", "130115.073000", "130115.075000", "130115.077000", "130115.080000", "130115.082000", "130115.085000", "130115.087000", "130115.090000", "130115.092000", "130115.094000", "130135.016000", "130135.019000", "130135.021000", "130135.024000", "130135.026000", "130135.028000", "130135.031000", "130135.033000", "130135.036000", "130135.038000", "130135.040000", "130135.043000", "130135.045000", "130135.048000", "130135.050000", "130135.053000", "130135.055000", "130135.057000", "130135.060000", "130135.062000", "130135.065000", "130135.067000", "130135.069000", "130135.072000", "130135.074000", "130135.077000", "130135.079000", "130135.082000", "130135.084000", "130135.086000", "130135.089000", "130135.091000", "130135.094000", "130155.016000", "130155.019000", "130155.022000", "130155.024000", "130155.026000", "130155.029000", "130155.031000", "130155.034000", "130155.036000", "130155.038000", "130155.041000", "130155.043000", "130155.046000", "130155.048000", "130155.051000", "130155.053000", "130155.056000", "130155.058000", "130155.061000", "130155.063000", "130155.066000", "130155.068000", "130155.071000", "130155.073000", "130155.075000", "130155.078000", "130155.080000", "130155.083000", "130155.085000", "130155.087000", "130155.090000", "130155.092000", "130215.016000", "130215.019000", "130215.022000", "130215.025000", "130215.027000", "130215.030000", "130215.039000", "130215.042000", "130215.044000", "130215.046000", "130215.049000", "130215.051000", "130215.054000", "130215.056000", "130215.058000", "130215.061000", "130215.063000", "130215.066000", "130215.068000", "130215.070000", "130215.073000", "130215.075000", "130215.078000", "130215.080000", "130215.083000", "130215.085000", "130215.088000", "130215.090000", "130215.093000", "130215.095000", "130215.098000", "130215.100000", "130215.103000", "130235.016000", "130235.019000", "130235.022000", "130235.024000", "130235.026000", "130235.029000", "130235.031000", "130235.034000", "130235.036000", "130235.039000", "130235.041000", "130235.044000", "130235.046000", "130235.049000", "130235.051000", "130235.054000", "130235.056000", "130235.059000", "130235.061000", "130235.063000", "130235.066000", "130235.074000", "130235.077000", "130235.079000", "130235.082000", "130235.085000", "130235.087000", "130235.090000", "130235.092000", "130235.095000", "130235.097000", "130235.100000", "130235.102000", "130255.017000", "130255.020000", "130255.023000", "130255.026000", "130255.028000", "130255.030000", "130255.033000", "130255.035000", "130255.038000", "130255.040000", "130255.043000", "130255.045000", "130255.048000", "130255.050000", "130255.053000", "130255.055000", "130255.057000", "130255.060000", "130255.062000", "130255.065000", "130255.067000", "130255.070000", "130255.080000", "130255.082000", "130255.085000", "130255.087000", "130255.090000", "130255.092000", "130255.094000", "130255.097000", "130255.099000", "130255.102000", "130255.104000", "130255.413000"], "InstanceCreationTime": ["125815.022000", "125815.026000", "125815.028000", "125815.031000", "125815.036000", "125815.038000", "125815.041000", "125815.043000", "125815.045000", "125815.048000", "125815.050000", "125815.053000", "125815.055000", "125815.058000", "125815.060000", "125815.062000", "125815.065000", "125815.067000", "125815.070000", "125815.072000", "125815.074000", "125815.077000", "125815.079000", "125815.082000", "125815.084000", "125815.086000", "125815.089000", "125815.091000", "125815.094000", "125815.096000", "125815.098000", "125815.101000", "125815.103000", "125815.106000", "125815.108000", "125815.110000", "125815.113000", "125815.115000", "125815.118000", "125815.120000", "125815.122000", "125815.125000", "125815.127000", "125815.130000", "125815.132000", "125815.142000", "125815.144000", "125815.147000", "125815.149000", "125815.152000", "125835.017000", "125835.020000", "125835.022000", "125835.025000", "125835.027000", "125835.030000", "125835.032000", "125835.034000", "125835.037000", "125835.039000", "125835.041000", "125835.044000", "125835.046000", "125835.049000", "125835.051000", "125835.053000", "125835.056000", "125835.058000", "125835.060000", "125835.063000", "125835.065000", "125835.068000", "125835.070000", "125835.072000", "125835.075000", "125835.077000", "125835.080000", "125835.082000", "125835.084000", "125835.087000", "125835.089000", "125835.092000", "125835.094000", "125855.016000", "125855.021000", "125855.024000", "125855.027000", "125855.030000", "125855.032000", "125855.034000", "125855.037000", "125855.039000", "125855.045000", "125855.047000", "125855.050000", "125855.052000", "125855.054000", "125855.057000", "125855.059000", "125855.062000", "125855.064000", "125855.066000", "125855.069000", "125855.071000", "125855.074000", "125855.076000", "125855.078000", "125855.081000", "125855.083000", "125855.085000", "125855.088000", "125855.090000", "125855.093000", "125855.095000", "125855.098000", "125915.016000", "125915.019000", "125915.022000", "125915.024000", "125915.026000", "125915.029000", "125915.031000", "125915.034000", "125915.036000", "125915.038000", "125915.041000", "125915.043000", "125915.045000", "125915.048000", "125915.050000", "125915.053000", "125915.055000", "125915.057000", "125915.060000", "125915.062000", "125915.064000", "125915.067000", "125915.069000", "125915.072000", "125915.075000", "125915.077000", "125915.080000", "125915.082000", "125915.084000", "125915.087000", "125915.089000", "125915.092000", "125915.094000", "125935.016000", "125935.019000", "125935.022000", "125935.038000", "125935.040000", "125935.043000", "125935.045000", "125935.048000", "125935.050000", "125935.052000", "125935.055000", "125935.057000", "125935.060000", "125935.062000", "125935.064000", "125935.067000", "125935.069000", "125935.072000", "125935.074000", "125935.076000", "125935.079000", "125935.081000", "125935.084000", "125935.086000", "125935.089000", "125935.091000", "125935.093000", "125935.096000", "125935.098000", "125935.101000", "125935.103000", "125935.105000", "125935.108000", "125955.016000", "125955.019000", "125955.021000", "125955.024000", "125955.026000", "125955.029000", "125955.031000", "125955.034000", "125955.036000", "125955.039000", "125955.041000", "125955.044000", "125955.046000", "125955.048000", "125955.051000", "125955.053000", "125955.056000", "125955.058000", "125955.060000", "125955.063000", "125955.065000", "125955.068000", "125955.070000", "125955.073000", "125955.075000", "125955.077000", "125955.080000", "125955.082000", "125955.085000", "125955.087000", "125955.090000", "125955.092000", "125955.094000", "130015.016000", "130015.020000", "130015.023000", "130015.025000", "130015.028000", "130015.030000", "130015.032000", "130015.035000", "130015.037000", "130015.040000", "130015.042000", "130015.044000", "130015.047000", "130015.049000", "130015.052000", "130015.054000", "130015.056000", "130015.059000", "130015.061000", "130015.063000", "130015.066000", "130015.068000", "130015.071000", "130015.073000", "130015.075000", "130015.078000", "130015.080000", "130015.082000", "130015.085000", "130015.087000", "130015.090000", "130015.092000", "130035.017000", "130035.020000", "130035.022000", "130035.025000", "130035.028000", "130035.030000", "130035.032000", "130035.035000", "130035.037000", "130035.040000", "130035.042000", "130035.045000", "130035.047000", "130035.049000", "130035.052000", "130035.054000", "130035.057000", "130035.059000", "130035.061000", "130035.064000", "130035.066000", "130035.069000", "130035.071000", "130035.073000", "130035.076000", "130035.078000", "130035.080000", "130035.083000", "130035.085000", "130035.088000", "130035.090000", "130035.092000", "130035.095000", "130055.017000", "130055.019000", "130055.022000", "130055.024000", "130055.027000", "130055.029000", "130055.031000", "130055.034000", "130055.036000", "130055.039000", "130055.041000", "130055.043000", "130055.046000", "130055.048000", "130055.051000", "130055.053000", "130055.055000", "130055.059000", "130055.061000", "130055.063000", "130055.066000", "130055.068000", "130055.071000", "130055.073000", "130055.076000", "130055.078000", "130055.081000", "130055.083000", "130055.085000", "130055.088000", "130055.090000", "130055.093000", "130055.095000", "130115.016000", "130115.019000", "130115.021000", "130115.024000", "130115.026000", "130115.029000", "130115.031000", "130115.034000", "130115.036000", "130115.038000", "130115.041000", "130115.044000", "130115.046000", "130115.048000", "130115.051000", "130115.053000", "130115.056000", "130115.058000", "130115.061000", "130115.063000", "130115.065000", "130115.068000", "130115.070000", "130115.073000", "130115.075000", "130115.077000", "130115.080000", "130115.082000", "130115.085000", "130115.087000", "130115.090000", "130115.092000", "130115.094000", "130135.016000", "130135.019000", "130135.021000", "130135.024000", "130135.026000", "130135.028000", "130135.031000", "130135.033000", "130135.036000", "130135.038000", "130135.040000", "130135.043000", "130135.045000", "130135.048000", "130135.050000", "130135.053000", "130135.055000", "130135.057000", "130135.060000", "130135.062000", "130135.065000", "130135.067000", "130135.069000", "130135.072000", "130135.074000", "130135.077000", "130135.079000", "130135.082000", "130135.084000", "130135.086000", "130135.089000", "130135.091000", "130135.094000", "130155.016000", "130155.019000", "130155.022000", "130155.024000", "130155.026000", "130155.029000", "130155.031000", "130155.034000", "130155.036000", "130155.038000", "130155.041000", "130155.043000", "130155.046000", "130155.048000", "130155.051000", "130155.053000", "130155.056000", "130155.058000", "130155.061000", "130155.063000", "130155.066000", "130155.068000", "130155.071000", "130155.073000", "130155.075000", "130155.078000", "130155.080000", "130155.083000", "130155.085000", "130155.087000", "130155.090000", "130155.092000", "130215.016000", "130215.019000", "130215.022000", "130215.025000", "130215.027000", "130215.030000", "130215.039000", "130215.042000", "130215.044000", "130215.046000", "130215.049000", "130215.051000", "130215.054000", "130215.056000", "130215.058000", "130215.061000", "130215.063000", "130215.066000", "130215.068000", "130215.070000", "130215.073000", "130215.075000", "130215.078000", "130215.080000", "130215.083000", "130215.085000", "130215.088000", "130215.090000", "130215.093000", "130215.095000", "130215.098000", "130215.100000", "130215.103000", "130235.016000", "130235.019000", "130235.022000", "130235.024000", "130235.026000", "130235.029000", "130235.031000", "130235.034000", "130235.036000", "130235.039000", "130235.041000", "130235.044000", "130235.046000", "130235.049000", "130235.051000", "130235.054000", "130235.056000", "130235.059000", "130235.061000", "130235.063000", "130235.066000", "130235.074000", "130235.077000", "130235.079000", "130235.082000", "130235.085000", "130235.087000", "130235.090000", "130235.092000", "130235.095000", "130235.097000", "130235.100000", "130235.102000", "130255.017000", "130255.020000", "130255.023000", "130255.026000", "130255.028000", "130255.030000", "130255.033000", "130255.035000", "130255.038000", "130255.040000", "130255.043000", "130255.045000", "130255.048000", "130255.050000", "130255.053000", "130255.055000", "130255.057000", "130255.060000", "130255.062000", "130255.065000", "130255.067000", "130255.070000", "130255.080000", "130255.082000", "130255.085000", "130255.087000", "130255.090000", "130255.092000", "130255.094000", "130255.097000", "130255.099000", "130255.102000", "130255.104000", "130255.413000"], "InstanceNumber": [1, 2, 3, 4, 5, 6, 7, 8, 9, 10, 11, 12, 13, 14, 15, 16, 17, 18, 19, 20, 21, 22, 23, 24, 25, 26, 27, 28, 29, 30, 31, 32, 33, 34, 35, 36, 37, 38, 39, 40, 41, 42, 43, 44, 45, 46, 47, 48, 49, 50, 51, 52, 53, 54, 55, 56, 57, 58, 59, 60, 61, 62, 63, 64, 65, 66, 67, 68, 69, 70, 71, 72, 73, 74, 75, 76, 77, 78, 79, 80, 81, 82, 83, 84, 85, 86, 87, 88, 89, 90, 91, 92, 93, 94, 95, 96, 97, 98, 99, 100, 101, 102, 103, 104, 105, 106, 107, 108, 109, 110, 111, 112, 113, 114, 115, 116, 117, 118, 119, 120, 121, 122, 123, 124, 125, 126, 127, 128, 129, 130, 131, 132, 133, 134, 135, 136, 137, 138, 139, 140, 141, 142, 143, 144, 145, 146, 147, 148, 149, 150, 151, 152, 153, 154, 155, 156, 157, 158, 159, 160, 161, 162, 163, 164, 165, 166, 167, 168, 169, 170, 171, 172, 173, 174, 175, 176, 177, 178, 179, 180, 181, 182, 183, 184, 185, 186, 187, 188, 189, 190, 191, 192, 193, 194, 195, 196, 197, 198, 199, 200, 201, 202, 203, 204, 205, 206, 207, 208, 209, 210, 211, 212, 213, 214, 215, 216, 217, 218, 219, 220, 221, 222, 223, 224, 225, 226, 227, 228, 229, 230, 231, 232, 233, 234, 235, 236, 237, 238, 239, 240, 241, 242, 243, 244, 245, 246, 247, 248, 249, 250, 251, 252, 253, 254, 255, 256, 257, 258, 259, 260, 261, 262, 263, 264, 265, 266, 267, 268, 269, 270, 271, 272, 273, 274, 275, 276, 277, 278, 279, 280, 281, 282, 283, 284, 285, 286, 287, 288, 289, 290, 291, 292, 293, 294, 295, 296, 297, 298, 299, 300, 301, 302, 303, 304, 305, 306, 307, 308, 309, 310, 311, 312, 313, 314, 315, 316, 317, 318, 319, 320, 321, 322, 323, 324, 325, 326, 327, 328, 329, 330, 331, 332, 333, 334, 335, 336, 337, 338, 339, 340, 341, 342, 343, 344, 345, 346, 347, 348, 349, 350, 351, 352, 353, 354, 355, 356, 357, 358, 359, 360, 361, 362, 363, 364, 365, 366, 367, 368, 369, 370, 371, 372, 373, 374, 375, 376, 377, 378, 379, 380, 381, 382, 383, 384, 385, 386, 387, 388, 389, 390, 391, 392, 393, 394, 395, 396, 397, 398, 399, 400, 401, 402, 403, 404, 405, 406, 407, 408, 409, 410, 411, 412, 413, 414, 415, 416, 417, 418, 419, 420, 421, 422, 423, 424, 425, 426, 427, 428, 429, 430, 431, 432, 433, 434, 435, 436, 437, 438, 439, 440, 441, 442, 443, 444, 445, 446, 447, 448, 449, 450, 451, 452, 453, 454, 455, 456, 457, 458, 459, 460, 461, 462, 463, 464, 465, 466, 467, 468, 469, 470, 471, 472, 473, 474, 475, 476, 477, 478, 479, 480, 481, 482, 483, 484, 485, 486, 487, 488, 489, 490, 491, 492, 493, 494, 495, 496, 497, 498, 499, 500, 501, 502, 503, 504, 505, 506, 507, 508, 509, 510], "LargestImagePixelValue": [443, 521, 447, 456, 440, 429, 443, 437, 433, 428, 430, 438, 438, 413, 425, 421, 415, 419, 424, 417, 439, 438, 428, 420, 424, 417, 423, 426, 422, 422, 418, 463, 457, 432, 420, 461, 434, 430, 423, 431, 424, 418, 412, 441, 459, 428, 427, 437, 459, 440, 423, 428, 480, 447, 444, 434, 429, 430, 430, 428, 426, 427, 429, 430, 430, 432, 426, 456, 432, 434, 434, 453, 446, 451, 470, 456, 425, 476, 442, 474, 452, 457, 434, 428, 431, 430, 429, 429, 421, 422, 421, 425, 425, 426, 426, 423, 425, 423, 444, 437, 425, 424, 420, 419, 425, 425, 429, 421, 420, 420, 422, 422, 432, 442, 430, 423, 418, 424, 426, 424, 424, 424, 427, 428, 428, 427, 425, 422, 422, 422, 423, 425, 420, 421, 428, 425, 432, 421, 418, 420, 456, 448, 441, 456, 427, 442, 434, 450, 460, 448, 444, 438, 434, 436, 479, 457, 442, 434, 435, 424, 427, 444, 426, 448, 428, 424, 435, 424, 421, 424, 422, 403, 439, 426, 412, 435, 426, 466, 566, 435, 512, 468, 449, 443, 450, 451, 425, 423, 418, 436, 429, 449, 420, 462, 457, 480, 444, 461, 430, 423, 422, 417, 442, 427, 423, 425, 419, 420, 423, 423, 424, 436, 419, 459, 423, 421, 462, 418, 418, 419, 422, 423, 425, 438, 432, 432, 419, 456, 426, 428, 426, 435, 426, 420, 421, 427, 423, 420, 423, 426, 420, 415, 421, 417, 431, 430, 426, 422, 424, 437, 444, 434, 428, 417, 421, 421, 416, 420, 420, 416, 418, 423, 420, 416, 419, 420, 416, 419, 419, 419, 417, 420, 424, 513, 420, 419, 415, 420, 419, 419, 420, 422, 416, 420, 419, 418, 421, 428, 432, 489, 420, 443, 484, 490, 454, 459, 450, 510, 449, 436, 436, 435, 442, 431, 424, 424, 422, 427, 458, 448, 441, 433, 432, 431, 427, 426, 427, 423, 424, 428, 427, 426, 426, 425, 426, 425, 423, 424, 429, 425, 426, 425, 426, 426, 428, 425, 427, 425, 422, 425, 423, 425, 422, 429, 424, 417, 418, 415, 415, 416, 424, 444, 433, 427, 430, 426, 426, 425, 421, 423, 424, 426, 425, 428, 428, 429, 426, 429, 426, 428, 428, 425, 423, 422, 423, 421, 423, 427, 422, 425, 425, 424, 428, 423, 423, 426, 427, 426, 426, 426, 426, 424, 428, 429, 428, 427, 428, 425, 428, 422, 425, 424, 428, 431, 431, 428, 430, 415, 430, 434, 426, 419, 447, 412, 458, 462, 431, 429, 453, 440, 428, 431, 427, 422, 421, 420, 420, 418, 428, 439, 421, 480, 502, 432, 443, 451, 430, 455, 431, 415, 452, 449, 448, 448, 432, 422, 420, 425, 423, 424, 425, 426, 429, 429, 429, 424, 538, 450, 551, 452, 436, 452, 478, 491, 467, 451, 434, 456, 469, 461, 428, 424, 417, 450, 582, 430, 413, 437, 455, 424, 453, 419, 460, 448, 473, 442, 468, 446, 439, 426, 442, 428, 464, 468, 424, 411, 415, 408, 417, 419, 432, 416, 416, 469, 425, 485, 551, 434, 469, 458], "WindowCenter": [276.0, 277.0, 272.0, 274.0, 271.0, 269.0, 270.0, 269.0, 269.0, 269.0, 268.0, 272.0, 270.0, 270.0, 271.0, 270.0, 270.0, 271.0, 270.0, 269.0, 273.0, 272.0, 270.0, 271.0, 271.0, 269.0, 270.0, 274.0, 272.0, 271.0, 271.0, 269.0, 274.0, 271.0, 272.0, 272.0, 272.0, 272.0, 271.0, 272.0, 273.0, 271.0, 267.0, 276.0, 275.0, 272.0, 271.0, 270.0, 274.0, 270.0, 267.0, 271.0, 269.0, 274.0, 274.0, 272.0, 272.0, 272.0, 272.0, 272.0, 272.0, 272.0, 272.0, 272.0, 272.0, 273.0, 272.0, 276.0, 272.0, 272.0, 268.0, 272.0, 268.0, 273.0, 273.0, 274.0, 263.0, 272.0, 272.0, 268.0, 271.0, 268.0, 272.0, 271.0, 271.0, 271.0, 271.0, 273.0, 272.0, 271.0, 271.0, 272.0, 271.0, 272.0, 272.0, 272.0, 271.0, 272.0, 273.0, 273.0, 270.0, 271.0, 272.0, 271.0, 271.0, 271.0, 272.0, 272.0, 272.0, 271.0, 272.0, 271.0, 273.0, 272.0, 272.0, 272.0, 272.0, 272.0, 272.0, 272.0, 272.0, 272.0, 272.0, 272.0, 272.0, 272.0, 272.0, 272.0, 272.0, 272.0, 272.0, 271.0, 272.0, 272.0, 271.0, 271.0, 272.0, 271.0, 272.0, 268.0, 272.0, 272.0, 271.0, 270.0, 262.0, 273.0, 270.0, 271.0, 264.0, 275.0, 270.0, 267.0, 265.0, 272.0, 275.0, 274.0, 273.0, 273.0, 273.0, 272.0, 271.0, 272.0, 269.0, 274.0, 270.0, 270.0, 269.0, 274.0, 271.0, 271.0, 270.0, 264.0, 274.0, 272.0, 269.0, 266.0, 266.0, 270.0, 269.0, 269.0, 268.0, 270.0, 272.0, 270.0, 274.0, 274.0, 272.0, 270.0, 271.0, 264.0, 264.0, 274.0, 265.0, 262.0, 276.0, 274.0, 267.0, 274.0, 269.0, 270.0, 268.0, 269.0, 269.0, 270.0, 269.0, 269.0, 271.0, 271.0, 271.0, 271.0, 272.0, 272.0, 272.0, 271.0, 272.0, 271.0, 272.0, 271.0, 271.0, 271.0, 272.0, 272.0, 273.0, 275.0, 272.0, 272.0, 271.0, 272.0, 271.0, 272.0, 271.0, 273.0, 272.0, 271.0, 273.0, 272.0, 271.0, 272.0, 272.0, 272.0, 272.0, 273.0, 273.0, 272.0, 273.0, 272.0, 272.0, 271.0, 272.0, 272.0, 273.0, 272.0, 272.0, 272.0, 272.0, 272.0, 272.0, 272.0, 272.0, 272.0, 272.0, 273.0, 272.0, 272.0, 272.0, 273.0, 272.0, 272.0, 272.0, 272.0, 272.0, 272.0, 272.0, 274.0, 272.0, 272.0, 272.0, 272.0, 272.0, 272.0, 272.0, 272.0, 272.0, 272.0, 272.0, 272.0, 272.0, 272.0, 275.0, 266.0, 270.0, 258.0, 273.0, 277.0, 272.0, 270.0, 260.0, 273.0, 274.0, 270.0, 274.0, 270.0, 272.0, 271.0, 271.0, 271.0, 270.0, 272.0, 274.0, 273.0, 273.0, 272.0, 272.0, 272.0, 272.0, 272.0, 271.0, 271.0, 272.0, 271.0, 272.0, 272.0, 272.0, 272.0, 272.0, 272.0, 272.0, 272.0, 272.0, 272.0, 272.0, 272.0, 272.0, 272.0, 272.0, 272.0, 272.0, 272.0, 272.0, 273.0, 272.0, 272.0, 272.0, 273.0, 272.0, 271.0, 271.0, 272.0, 271.0, 272.0, 272.0, 273.0, 272.0, 272.0, 272.0, 272.0, 272.0, 273.0, 272.0, 272.0, 272.0, 272.0, 273.0, 272.0, 272.0, 272.0, 272.0, 272.0, 272.0, 272.0, 272.0, 272.0, 271.0, 272.0, 272.0, 272.0, 272.0, 272.0, 271.0, 271.0, 271.0, 271.0, 271.0, 271.0, 271.0, 271.0, 271.0, 271.0, 272.0, 272.0, 272.0, 272.0, 272.0, 272.0, 272.0, 272.0, 272.0, 272.0, 272.0, 272.0, 272.0, 272.0, 272.0, 272.0, 272.0, 272.0, 273.0, 272.0, 272.0, 272.0, 273.0, 270.0, 268.0, 268.0, 270.0, 275.0, 273.0, 269.0, 273.0, 272.0, 271.0, 272.0, 272.0, 272.0, 272.0, 272.0, 272.0, 272.0, 273.0, 271.0, 263.0, 270.0, 275.0, 266.0, 271.0, 274.0, 273.0, 272.0, 271.0, 269.0, 272.0, 272.0, 272.0, 272.0, 273.0, 272.0, 272.0, 272.0, 272.0, 272.0, 272.0, 272.0, 272.0, 272.0, 272.0, 272.0, 269.0, 266.0, 271.0, 263.0, 271.0, 272.0, 274.0, 275.0, 272.0, 273.0, 263.0, 270.0, 263.0, 271.0, 262.0, 266.0, 263.0, 276.0, 275.0, 274.0, 270.0, 273.0, 266.0, 271.0, 262.0, 262.0, 265.0, 266.0, 268.0, 263.0, 279.0, 273.0, 272.0, 272.0, 273.0, 268.0, 270.0, 271.0, 270.0, 270.0, 270.0, 272.0, 268.0, 270.0, 271.0, 270.0, 273.0, 273.0, 268.0, 268.0, 278.0, 265.0, 273.0, 270.0], "WindowWidth": [608.0, 610.0, 601.0, 604.0, 598.0, 595.0, 597.0, 594.0, 594.0, 594.0, 593.0, 599.0, 596.0, 597.0, 598.0, 597.0, 597.0, 598.0, 597.0, 595.0, 603.0, 599.0, 597.0, 598.0, 598.0, 595.0, 596.0, 603.0, 600.0, 599.0, 599.0, 595.0, 603.0, 598.0, 600.0, 600.0, 599.0, 600.0, 599.0, 601.0, 602.0, 598.0, 591.0, 608.0, 605.0, 600.0, 598.0, 596.0, 603.0, 597.0, 591.0, 598.0, 595.0, 604.0, 603.0, 600.0, 599.0, 599.0, 601.0, 600.0, 599.0, 599.0, 599.0, 600.0, 600.0, 601.0, 600.0, 607.0, 600.0, 601.0, 593.0, 601.0, 592.0, 602.0, 601.0, 603.0, 583.0, 600.0, 601.0, 591.0, 597.0, 593.0, 600.0, 600.0, 598.0, 598.0, 598.0, 603.0, 600.0, 598.0, 599.0, 599.0, 599.0, 600.0, 600.0, 600.0, 598.0, 600.0, 602.0, 602.0, 598.0, 598.0, 600.0, 598.0, 597.0, 598.0, 601.0, 599.0, 599.0, 599.0, 599.0, 598.0, 603.0, 600.0, 600.0, 599.0, 599.0, 599.0, 599.0, 600.0, 601.0, 600.0, 600.0, 601.0, 600.0, 601.0, 600.0, 600.0, 599.0, 599.0, 600.0, 599.0, 599.0, 600.0, 598.0, 598.0, 600.0, 598.0, 599.0, 592.0, 601.0, 600.0, 598.0, 597.0, 582.0, 603.0, 597.0, 600.0, 585.0, 607.0, 596.0, 591.0, 586.0, 601.0, 608.0, 604.0, 602.0, 601.0, 601.0, 600.0, 599.0, 599.0, 594.0, 605.0, 597.0, 597.0, 595.0, 603.0, 598.0, 598.0, 597.0, 584.0, 603.0, 600.0, 594.0, 589.0, 590.0, 598.0, 594.0, 594.0, 592.0, 596.0, 602.0, 598.0, 605.0, 603.0, 601.0, 597.0, 598.0, 585.0, 585.0, 604.0, 586.0, 581.0, 608.0, 606.0, 591.0, 604.0, 595.0, 597.0, 593.0, 593.0, 594.0, 597.0, 595.0, 595.0, 598.0, 597.0, 598.0, 598.0, 599.0, 599.0, 599.0, 599.0, 599.0, 599.0, 600.0, 598.0, 598.0, 599.0, 599.0, 599.0, 602.0, 606.0, 600.0, 600.0, 598.0, 600.0, 598.0, 599.0, 598.0, 602.0, 601.0, 599.0, 601.0, 600.0, 599.0, 599.0, 599.0, 599.0, 600.0, 602.0, 603.0, 599.0, 602.0, 599.0, 599.0, 599.0, 599.0, 599.0, 601.0, 600.0, 599.0, 599.0, 599.0, 600.0, 599.0, 600.0, 601.0, 601.0, 600.0, 601.0, 601.0, 601.0, 599.0, 602.0, 600.0, 599.0, 600.0, 599.0, 600.0, 599.0, 601.0, 604.0, 601.0, 601.0, 601.0, 601.0, 601.0, 601.0, 600.0, 600.0, 601.0, 600.0, 600.0, 600.0, 601.0, 600.0, 606.0, 589.0, 597.0, 574.0, 603.0, 609.0, 601.0, 596.0, 578.0, 602.0, 603.0, 595.0, 604.0, 597.0, 600.0, 598.0, 597.0, 597.0, 595.0, 600.0, 603.0, 602.0, 601.0, 601.0, 600.0, 601.0, 601.0, 599.0, 599.0, 599.0, 599.0, 599.0, 599.0, 599.0, 599.0, 599.0, 599.0, 599.0, 601.0, 600.0, 601.0, 601.0, 601.0, 601.0, 601.0, 601.0, 601.0, 601.0, 601.0, 600.0, 600.0, 601.0, 601.0, 601.0, 600.0, 602.0, 600.0, 598.0, 598.0, 599.0, 598.0, 599.0, 600.0, 602.0, 600.0, 600.0, 600.0, 600.0, 600.0, 601.0, 600.0, 600.0, 600.0, 600.0, 601.0, 600.0, 601.0, 600.0, 600.0, 601.0, 600.0, 599.0, 600.0, 600.0, 598.0, 599.0, 599.0, 600.0, 600.0, 600.0, 598.0, 598.0, 598.0, 598.0, 598.0, 598.0, 598.0, 598.0, 598.0, 598.0, 599.0, 600.0, 600.0, 600.0, 600.0, 600.0, 600.0, 599.0, 600.0, 599.0, 599.0, 600.0, 600.0, 600.0, 600.0, 599.0, 600.0, 600.0, 603.0, 600.0, 599.0, 599.0, 601.0, 597.0, 593.0, 592.0, 596.0, 606.0, 601.0, 594.0, 602.0, 601.0, 599.0, 599.0, 600.0, 601.0, 600.0, 600.0, 599.0, 599.0, 601.0, 598.0, 583.0, 597.0, 606.0, 588.0, 598.0, 605.0, 601.0, 600.0, 599.0, 594.0, 599.0, 600.0, 600.0, 600.0, 603.0, 600.0, 600.0, 600.0, 600.0, 600.0, 600.0, 599.0, 601.0, 600.0, 600.0, 600.0, 594.0, 588.0, 600.0, 584.0, 597.0, 600.0, 605.0, 605.0, 601.0, 602.0, 582.0, 596.0, 584.0, 598.0, 582.0, 589.0, 583.0, 607.0, 604.0, 604.0, 596.0, 603.0, 588.0, 598.0, 580.0, 581.0, 587.0, 589.0, 593.0, 584.0, 613.0, 602.0, 600.0, 600.0, 601.0, 593.0, 596.0, 598.0, 597.0, 596.0, 596.0, 599.0, 593.0, 596.0, 598.0, 596.0, 601.0, 602.0, 592.0, 592.0, 612.0, 586.0, 602.0, 597.0]}, "slices": {}}, "EventTimestamp": "12-59-50"}