{"AcquisitionMatrixPE": 64, "AcquisitionNumber": 1, "AcquisitionTime": "15:26:21.695000", "BandwidthPerPixelPhaseEncode": 28.935, "BaseResolution": 64, "BodyPartExamined": "BRAIN", "CoilCombinationMethod": "Sum of Squares", "ConsistencyInfo": "N4_VE11E_LATEST_20181129", "ConversionSoftware": "dcm2niix", "ConversionSoftwareVersion": "v1.0.20230411", "DerivedVendorReportedEchoSpacing": 0.000540003, "DeviceSerialNumber": "166182", "DwellTime": 3.4e-06, "EchoTime": 0.032, "EchoTrainLength": 64, "EffectiveEchoSpacing": 0.000540003, "FlipAngle": 40, "HeudiconvVersion": "0.13.1", "ImageOrientationPatientDICOM": [0.999982, -0.00164009, 0.00571567, 0.00191989, 0.998782, -0.0492962], "ImageOrientationText": "Tra>Cor(-2.8)>Sag(0.3)", "ImageType": ["ORIGINAL", "PRIMARY", "M", "ND", "NORM", "MOSAIC"], "ImagingFrequency": 123.256315, "InPlanePhaseEncodingDirectionDICOM": "COL", "InstitutionAddress": "PEARSE STREET .,City,District,IE,D2", "InstitutionName": "TCIN", "InstitutionalDepartmentName": "MRI", "MRAcquisitionType": "2D", "MagneticFieldStrength": 3, "Manufacturer": "Siemens", "ManufacturersModelName": "Prisma", "Modality": "MR", "MultibandAccelerationFactor": 4, "NonlinearGradientCorrection": false, "PartialFourier": 1, "PatientPosition": "HFS", "PercentPhaseFOV": 100, "PercentSampling": 100, "PhaseEncodingDirection": "j-", "PhaseEncodingSteps": 64, "PhaseResolution": 1, "PixelBandwidth": 2300, "ProcedureStepDescription": "Rhodri^Head BOLD", "ProtocolName": "cmrr_mbep2d_Pictures_AP_RDS", "PulseSequenceDetails": "%SiemensSeq%\\ep2d_bold", "ReceiveCoilActiveElements": "HC2,4,6,7;SC", "ReceiveCoilName": "SpecialPurpose_4", "ReconMatrixPE": 64, "RefLinesPE": 12, "RepetitionTime": 0.61, "SAR": 0.241751, "ScanOptions": "FS", "ScanningSequence": "EP", "SequenceName": "*epfid2d1_64", "SequenceVariant": "SK", "SeriesDescription": "cmrr_mbep2d_Pictures_AP_RDS", "SeriesNumber": 8, "ShimSetting": [-3698, -7482, 3916, 760, 187, 130, 238, 478], "SliceThickness": 3, "SliceTiming": [0.2625, 0, 0.33, 0.0675, 0.395, 0.1325, 0.46, 0.1975, 0.525, 0.2625, 0, 0.33, 0.0675, 0.395, 0.1325, 0.46, 0.1975, 0.525, 0.2625, 0, 0.33, 0.0675, 0.395, 0.1325, 0.46, 0.1975, 0.525, 0.2625, 0, 0.33, 0.0675, 0.395, 0.1325, 0.46, 0.1975, 0.525], "SoftwareVersions": "syngo MR E11", "SpacingBetweenSlices": 3.3, "StationName": "AWP166182", "TaskName": "pictures", "TotalReadoutTime": 0.0340202, "TxRefAmp": 232.25, "dcmmeta_affine": [[-2.9999470710754395, 0.005759655963629484, 0.01857193000614643, 95.18246459960938], [0.004920263309031725, 2.996347188949585, -0.16271081566810608, -99.6903305053711], [0.0171470008790493, 0.14788861572742462, 3.295933961868286, -100.09076690673828], [0.0, 0.0, 0.0, 1.0]], "dcmmeta_reorient_transform": [[0.0, -1.0, 0.0, 63.0], [1.0, 0.0, 0.0, 0.0], [0.0, 0.0, 1.0, 0.0], [0.0, 0.0, 0.0, 1.0]], "dcmmeta_shape": [64, 64, 36, 510], "dcmmeta_slice_dim": 2, "dcmmeta_version": 0.6, "global": {"const": {"AcquisitionMatrix": [64, 0, 0, 64], "AngioFlag": "N", "BitsAllocated": 16, "BitsStored": 12, "BodyPartExamined": "BRAIN", "Columns": 384, "EchoNumbers": 1, "EchoTime": 32.0, "EchoTrainLength": 64, "FlipAngle": 40.0, "HighBit": 11, "ImageOrientationPatient": [0.99998232047443, -0.0016400877058, 0.00571566714372, 0.00191988532192, 0.99878235765555, -0.0492962075252], "ImagePositionPatient": [-576.45837928608, -567.70782408176, -69.855120642127], "ImageType": ["ORIGINAL", "PRIMARY", "M", "ND", "NORM", "MOSAIC"], "ImagedNucleus": "1H", "ImagingFrequency": 123.256315, "InPlanePhaseEncodingDirection": "COL", "MRAcquisitionType": "2D", "MagneticFieldStrength": 3.0, "Manufacturer": "SIEMENS", "ManufacturerModelName": "Prisma", "Modality": "MR", "NumberOfAverages": 1.0, "NumberOfPhaseEncodingSteps": 64, "PercentPhaseFieldOfView": 100.0, "PercentSampling": 100.0, "PerformedProcedureStepStartTime": "151033.670000", "PhotometricInterpretation": "MONOCHROME2", "PixelBandwidth": 2300.0, "PixelRepresentation": 0, "PixelSpacing": [3.0, 3.0], "ProtocolName": "cmrr_mbep2d_Pictures_AP_RDS", "RepetitionTime": 610.0, "Rows": 384, "SAR": 0.24175100878428, "SamplesPerPixel": 1, "ScanOptions": "FS", "ScanningSequence": "EP", "SequenceName": "*epfid2d1_64", "SequenceVariant": "SK", "SeriesDescription": "cmrr_mbep2d_Pictures_AP_RDS", "SeriesNumber": 8, "SeriesTime": "152645.678000", "SliceLocation": -94.516400622258, "SliceThickness": 3.0, "SmallestImagePixelValue": 0, "SoftwareVersions": "syngo MR E11", "SpacingBetweenSlices": 3.2999999603689, "SpecificCharacterSet": "ISO_IR 100", "StudyID": "2", "StudyTime": "151033.601000", "TransmitCoilName": "Body", "VariableFlipAngleFlag": "N", "WindowCenterWidthExplanation": "Algo1"}, "slices": {}}, "time": {"samples": {"AcquisitionNumber": [1, 2, 3, 4, 5, 6, 7, 8, 9, 10, 11, 12, 13, 14, 15, 16, 17, 18, 19, 20, 21, 22, 23, 24, 25, 26, 27, 28, 29, 30, 31, 32, 33, 34, 35, 36, 37, 38, 39, 40, 41, 42, 43, 44, 45, 46, 47, 48, 49, 50, 51, 52, 53, 54, 55, 56, 57, 58, 59, 60, 61, 62, 63, 64, 65, 66, 67, 68, 69, 70, 71, 72, 73, 74, 75, 76, 77, 78, 79, 80, 81, 82, 83, 84, 85, 86, 87, 88, 89, 90, 91, 92, 93, 94, 95, 96, 97, 98, 99, 100, 101, 102, 103, 104, 105, 106, 107, 108, 109, 110, 111, 112, 113, 114, 115, 116, 117, 118, 119, 120, 121, 122, 123, 124, 125, 126, 127, 128, 129, 130, 131, 132, 133, 134, 135, 136, 137, 138, 139, 140, 141, 142, 143, 144, 145, 146, 147, 148, 149, 150, 151, 152, 153, 154, 155, 156, 157, 158, 159, 160, 161, 162, 163, 164, 165, 166, 167, 168, 169, 170, 171, 172, 173, 174, 175, 176, 177, 178, 179, 180, 181, 182, 183, 184, 185, 186, 187, 188, 189, 190, 191, 192, 193, 194, 195, 196, 197, 198, 199, 200, 201, 202, 203, 204, 205, 206, 207, 208, 209, 210, 211, 212, 213, 214, 215, 216, 217, 218, 219, 220, 221, 222, 223, 224, 225, 226, 227, 228, 229, 230, 231, 232, 233, 234, 235, 236, 237, 238, 239, 240, 241, 242, 243, 244, 245, 246, 247, 248, 249, 250, 251, 252, 253, 254, 255, 256, 257, 258, 259, 260, 261, 262, 263, 264, 265, 266, 267, 268, 269, 270, 271, 272, 273, 274, 275, 276, 277, 278, 279, 280, 281, 282, 283, 284, 285, 286, 287, 288, 289, 290, 291, 292, 293, 294, 295, 296, 297, 298, 299, 300, 301, 302, 303, 304, 305, 306, 307, 308, 309, 310, 311, 312, 313, 314, 315, 316, 317, 318, 319, 320, 321, 322, 323, 324, 325, 326, 327, 328, 329, 330, 331, 332, 333, 334, 335, 336, 337, 338, 339, 340, 341, 342, 343, 344, 345, 346, 347, 348, 349, 350, 351, 352, 353, 354, 355, 356, 357, 358, 359, 360, 361, 362, 363, 364, 365, 366, 367, 368, 369, 370, 371, 372, 373, 374, 375, 376, 377, 378, 379, 380, 381, 382, 383, 384, 385, 386, 387, 388, 389, 390, 391, 392, 393, 394, 395, 396, 397, 398, 399, 400, 401, 402, 403, 404, 405, 406, 407, 408, 409, 410, 411, 412, 413, 414, 415, 416, 417, 418, 419, 420, 421, 422, 423, 424, 425, 426, 427, 428, 429, 430, 431, 432, 433, 434, 435, 436, 437, 438, 439, 440, 441, 442, 443, 444, 445, 446, 447, 448, 449, 450, 451, 452, 453, 454, 455, 456, 457, 458, 459, 460, 461, 462, 463, 464, 465, 466, 467, 468, 469, 470, 471, 472, 473, 474, 475, 476, 477, 478, 479, 480, 481, 482, 483, 484, 485, 486, 487, 488, 489, 490, 491, 492, 493, 494, 495, 496, 497, 498, 499, 500, 501, 502, 503, 504, 505, 506, 507, 508, 509, 510], "AcquisitionTime": ["152621.695000", "152622.305000", "152622.915000", "152623.525000", "152624.135000", "152624.745000", "152625.355000", "152625.965000", "152626.575000", "152627.185000", "152627.795000", "152628.405000", "152629.015000", "152629.625000", "152630.235000", "152630.845000", "152631.455000", "152632.065000", "152632.675000", "152633.285000", "152633.895000", "152634.505000", "152635.115000", "152635.725000", "152636.335000", "152636.945000", "152637.555000", "152638.165000", "152638.775000", "152639.385000", "152639.995000", "152640.605000", "152641.215000", "152641.825000", "152642.435000", "152643.045000", "152643.655000", "152644.265000", "152644.875000", "152645.485000", "152646.095000", "152646.705000", "152647.315000", "152647.925000", "152648.535000", "152649.145000", "152649.755000", "152650.365000", "152650.975000", "152651.585000", "152652.195000", "152652.805000", "152653.415000", "152654.025000", "152654.635000", "152655.245000", "152655.855000", "152656.465000", "152657.075000", "152657.685000", "152658.295000", "152658.905000", "152659.515000", "152700.125000", "152700.735000", "152701.345000", "152701.955000", "152702.565000", "152703.175000", "152703.785000", "152704.395000", "152705.005000", "152705.615000", "152706.225000", "152706.835000", "152707.445000", "152708.055000", "152708.665000", "152709.275000", "152709.885000", "152710.495000", "152711.105000", "152711.715000", "152712.325000", "152712.935000", "152713.545000", "152714.155000", "152714.765000", "152715.375000", "152715.985000", "152716.595000", "152717.205000", "152717.815000", "152718.425000", "152719.035000", "152719.645000", "152720.255000", "152720.865000", "152721.475000", "152722.085000", "152722.695000", "152723.305000", "152723.915000", "152724.525000", "152725.135000", "152725.745000", "152726.355000", "152726.965000", "152727.575000", "152728.185000", "152728.795000", "152729.405000", "152730.015000", "152730.625000", "152731.235000", "152731.845000", "152732.455000", "152733.065000", "152733.675000", "152734.285000", "152734.895000", "152735.505000", "152736.115000", "152736.725000", "152737.335000", "152737.945000", "152738.555000", "152739.165000", "152739.775000", "152740.385000", "152740.995000", "152741.605000", "152742.215000", "152742.825000", "152743.435000", "152744.045000", "152744.655000", "152745.265000", "152745.875000", "152746.485000", "152747.095000", "152747.705000", "152748.315000", "152748.925000", "152749.535000", "152750.145000", "152750.755000", "152751.365000", "152751.975000", "152752.585000", "152753.195000", "152753.805000", "152754.415000", "152755.025000", "152755.635000", "152756.245000", "152756.855000", "152757.465000", "152758.075000", "152758.685000", "152759.295000", "152759.905000", "152800.515000", "152801.125000", "152801.735000", "152802.345000", "152802.955000", "152803.565000", "152804.175000", "152804.785000", "152805.395000", "152806.005000", "152806.615000", "152807.225000", "152807.835000", "152808.445000", "152809.055000", "152809.665000", "152810.275000", "152810.885000", "152811.495000", "152812.105000", "152812.715000", "152813.325000", "152813.935000", "152814.545000", "152815.155000", "152815.765000", "152816.375000", "152816.985000", "152817.595000", "152818.205000", "152818.815000", "152819.425000", "152820.035000", "152820.645000", "152821.255000", "152821.865000", "152822.475000", "152823.085000", "152823.695000", "152824.305000", "152824.915000", "152825.525000", "152826.135000", "152826.745000", "152827.355000", "152827.965000", "152828.575000", "152829.185000", "152829.795000", "152830.405000", "152831.015000", "152831.625000", "152832.235000", "152832.845000", "152833.455000", "152834.065000", "152834.675000", "152835.285000", "152835.895000", "152836.505000", "152837.115000", "152837.725000", "152838.335000", "152838.945000", "152839.555000", "152840.165000", "152840.775000", "152841.385000", "152841.995000", "152842.605000", "152843.215000", "152843.825000", "152844.435000", "152845.045000", "152845.655000", "152846.265000", "152846.875000", "152847.485000", "152848.095000", "152848.705000", "152849.315000", "152849.925000", "152850.535000", "152851.145000", "152851.755000", "152852.365000", "152852.975000", "152853.585000", "152854.195000", "152854.805000", "152855.415000", "152856.025000", "152856.635000", "152857.245000", "152857.855000", "152858.465000", "152859.075000", "152859.685000", "152900.295000", "152900.905000", "152901.515000", "152902.125000", "152902.735000", "152903.345000", "152903.955000", "152904.565000", "152905.175000", "152905.785000", "152906.395000", "152907.005000", "152907.615000", "152908.225000", "152908.835000", "152909.445000", "152910.055000", "152910.665000", "152911.275000", "152911.885000", "152912.495000", "152913.105000", "152913.715000", "152914.325000", "152914.935000", "152915.545000", "152916.155000", "152916.765000", "152917.375000", "152917.985000", "152918.595000", "152919.205000", "152919.815000", "152920.425000", "152921.035000", "152921.645000", "152922.255000", "152922.865000", "152923.475000", "152924.085000", "152924.695000", "152925.305000", "152925.915000", "152926.525000", "152927.135000", "152927.745000", "152928.355000", "152928.965000", "152929.575000", "152930.185000", "152930.795000", "152931.405000", "152932.015000", "152932.625000", "152933.235000", "152933.845000", "152934.455000", "152935.065000", "152935.675000", "152936.285000", "152936.895000", "152937.505000", "152938.115000", "152938.725000", "152939.335000", "152939.945000", "152940.555000", "152941.165000", "152941.775000", "152942.385000", "152942.995000", "152943.605000", "152944.215000", "152944.825000", "152945.435000", "152946.045000", "152946.655000", "152947.265000", "152947.875000", "152948.485000", "152949.095000", "152949.705000", "152950.315000", "152950.925000", "152951.535000", "152952.145000", "152952.755000", "152953.365000", "152953.975000", "152954.585000", "152955.195000", "152955.805000", "152956.415000", "152957.025000", "152957.635000", "152958.245000", "152958.855000", "152959.465000", "153000.075000", "153000.685000", "153001.295000", "153001.905000", "153002.515000", "153003.125000", "153003.735000", "153004.345000", "153004.955000", "153005.565000", "153006.175000", "153006.785000", "153007.395000", "153008.005000", "153008.615000", "153009.225000", "153009.835000", "153010.445000", "153011.055000", "153011.665000", "153012.275000", "153012.885000", "153013.495000", "153014.105000", "153014.715000", "153015.325000", "153015.935000", "153016.545000", "153017.155000", "153017.765000", "153018.375000", "153018.985000", "153019.595000", "153020.205000", "153020.815000", "153021.425000", "153022.035000", "153022.645000", "153023.255000", "153023.865000", "153024.475000", "153025.085000", "153025.695000", "153026.305000", "153026.915000", "153027.525000", "153028.135000", "153028.745000", "153029.355000", "153029.965000", "153030.575000", "153031.185000", "153031.795000", "153032.405000", "153033.015000", "153033.625000", "153034.235000", "153034.845000", "153035.455000", "153036.065000", "153036.675000", "153037.285000", "153037.895000", "153038.505000", "153039.115000", "153039.725000", "153040.335000", "153040.945000", "153041.555000", "153042.165000", "153042.775000", "153043.385000", "153043.995000", "153044.605000", "153045.215000", "153045.825000", "153046.435000", "153047.045000", "153047.655000", "153048.265000", "153048.875000", "153049.485000", "153050.095000", "153050.705000", "153051.315000", "153051.925000", "153052.535000", "153053.145000", "153053.755000", "153054.365000", "153054.975000", "153055.585000", "153056.195000", "153056.805000", "153057.415000", "153058.025000", "153058.635000", "153059.245000", "153059.855000", "153100.465000", "153101.075000", "153101.685000", "153102.295000", "153102.905000", "153103.515000", "153104.125000", "153104.735000", "153105.345000", "153105.955000", "153106.565000", "153107.175000", "153107.785000", "153108.395000", "153109.005000", "153109.615000", "153110.225000", "153110.835000", "153111.445000", "153112.055000", "153112.665000", "153113.275000", "153113.885000", "153114.495000", "153115.105000", "153115.715000", "153116.325000", "153116.935000", "153117.545000", "153118.155000", "153118.765000", "153119.375000", "153119.985000", "153120.595000", "153121.205000", "153121.815000", "153122.425000", "153123.035000", "153123.645000", "153124.255000", "153124.865000", "153125.475000", "153126.085000", "153126.695000", "153127.305000", "153127.915000", "153128.525000", "153129.135000", "153129.745000", "153130.355000", "153130.965000", "153131.575000", "153132.185000"], "ContentTime": ["152645.682000", "152645.685000", "152645.687000", "152645.690000", "152645.693000", "152645.695000", "152645.704000", "152645.706000", "152645.708000", "152645.711000", "152645.713000", "152645.716000", "152645.718000", "152645.721000", "152645.723000", "152645.726000", "152645.728000", "152645.730000", "152645.733000", "152645.743000", "152645.745000", "152645.756000", "152645.758000", "152645.761000", "152645.763000", "152645.766000", "152645.768000", "152645.771000", "152645.773000", "152645.775000", "152645.778000", "152645.780000", "152645.782000", "152645.785000", "152645.787000", "152645.790000", "152645.792000", "152645.794000", "152705.677000", "152705.680000", "152705.682000", "152705.685000", "152705.687000", "152705.690000", "152705.692000", "152705.695000", "152705.697000", "152705.699000", "152705.702000", "152705.704000", "152705.707000", "152705.709000", "152705.717000", "152705.720000", "152705.722000", "152705.725000", "152705.727000", "152705.729000", "152705.732000", "152705.734000", "152705.737000", "152705.739000", "152705.741000", "152705.744000", "152705.746000", "152705.748000", "152705.751000", "152705.753000", "152705.756000", "152705.758000", "152725.677000", "152725.680000", "152725.682000", "152725.685000", "152725.687000", "152725.690000", "152725.692000", "152725.694000", "152725.697000", "152725.699000", "152725.702000", "152725.704000", "152725.706000", "152725.709000", "152725.711000", "152725.722000", "152725.724000", "152725.727000", "152725.729000", "152725.731000", "152725.734000", "152725.736000", "152725.738000", "152725.741000", "152725.743000", "152725.746000", "152725.748000", "152725.750000", "152725.753000", "152725.755000", "152725.758000", "152725.761000", "152725.763000", "152745.678000", "152745.681000", "152745.683000", "152745.686000", "152745.688000", "152745.690000", "152745.693000", "152745.695000", "152745.697000", "152745.700000", "152745.702000", "152745.705000", "152745.707000", "152745.710000", "152745.712000", "152745.714000", "152745.717000", "152745.719000", "152745.721000", "152745.724000", "152745.726000", "152745.729000", "152745.731000", "152745.733000", "152745.736000", "152745.738000", "152745.740000", "152745.743000", "152745.752000", "152745.754000", "152745.757000", "152745.759000", "152745.761000", "152805.678000", "152805.681000", "152805.684000", "152805.686000", "152805.689000", "152805.691000", "152805.694000", "152805.696000", "152805.698000", "152805.701000", "152805.703000", "152805.705000", "152805.708000", "152805.710000", "152805.713000", "152805.715000", "152805.717000", "152805.720000", "152805.722000", "152805.725000", "152805.727000", "152805.729000", "152805.732000", "152805.734000", "152805.737000", "152805.739000", "152805.741000", "152805.744000", "152805.746000", "152805.748000", "152805.751000", "152805.753000", "152805.756000", "152825.677000", "152825.680000", "152825.683000", "152825.685000", "152825.687000", "152825.690000", "152825.692000", "152825.695000", "152825.697000", "152825.700000", "152825.702000", "152825.705000", "152825.707000", "152825.709000", "152825.712000", "152825.714000", "152825.717000", "152825.719000", "152825.721000", "152825.724000", "152825.726000", "152825.729000", "152825.731000", "152825.733000", "152825.736000", "152825.738000", "152825.740000", "152825.743000", "152825.746000", "152825.748000", "152825.750000", "152825.753000", "152845.677000", "152845.680000", "152845.682000", "152845.685000", "152845.687000", "152845.689000", "152845.692000", "152845.694000", "152845.697000", "152845.699000", "152845.701000", "152845.704000", "152845.706000", "152845.708000", "152845.711000", "152845.713000", "152845.716000", "152845.718000", "152845.720000", "152845.723000", "152845.725000", "152845.728000", "152845.730000", "152845.733000", "152845.735000", "152845.737000", "152845.740000", "152845.742000", "152845.744000", "152845.747000", "152845.749000", "152845.752000", "152845.754000", "152905.677000", "152905.680000", "152905.682000", "152905.684000", "152905.687000", "152905.689000", "152905.692000", "152905.694000", "152905.697000", "152905.699000", "152905.701000", "152905.704000", "152905.706000", "152905.709000", "152905.711000", "152905.713000", "152905.716000", "152905.718000", "152905.721000", "152905.723000", "152905.725000", "152905.728000", "152905.730000", "152905.733000", "152905.735000", "152905.737000", "152905.740000", "152905.742000", "152905.745000", "152905.747000", "152905.749000", "152905.753000", "152905.755000", "152925.677000", "152925.680000", "152925.682000", "152925.685000", "152925.687000", "152925.690000", "152925.692000", "152925.694000", "152925.697000", "152925.700000", "152925.702000", "152925.704000", "152925.707000", "152925.709000", "152925.712000", "152925.714000", "152925.716000", "152925.719000", "152925.721000", "152925.724000", "152925.726000", "152925.729000", "152925.731000", "152925.733000", "152925.736000", "152925.738000", "152925.741000", "152925.743000", "152925.746000", "152925.748000", "152925.750000", "152925.753000", "152925.755000", "152945.677000", "152945.680000", "152945.682000", "152945.685000", "152945.687000", "152945.689000", "152945.692000", "152945.694000", "152945.697000", "152945.699000", "152945.701000", "152945.704000", "152945.706000", "152945.709000", "152945.716000", "152945.718000", "152945.720000", "152945.723000", "152945.725000", "152945.728000", "152945.730000", "152945.732000", "152945.735000", "152945.737000", "152945.739000", "152945.742000", "152945.744000", "152945.747000", "152945.749000", "152945.751000", "152945.754000", "152945.756000", "152945.759000", "153005.678000", "153005.681000", "153005.683000", "153005.685000", "153005.688000", "153005.690000", "153005.693000", "153005.695000", "153005.697000", "153005.700000", "153005.702000", "153005.705000", "153005.707000", "153005.710000", "153005.712000", "153005.714000", "153005.717000", "153005.719000", "153005.722000", "153005.724000", "153005.726000", "153005.729000", "153005.731000", "153005.734000", "153005.736000", "153005.739000", "153005.741000", "153005.744000", "153005.746000", "153005.749000", "153005.751000", "153005.754000", "153025.678000", "153025.681000", "153025.683000", "153025.686000", "153025.688000", "153025.690000", "153025.693000", "153025.695000", "153025.698000", "153025.700000", "153025.703000", "153025.705000", "153025.707000", "153025.710000", "153025.713000", "153025.715000", "153025.718000", "153025.720000", "153025.723000", "153025.725000", "153025.727000", "153025.730000", "153025.732000", "153025.734000", "153025.737000", "153025.739000", "153025.742000", "153025.744000", "153025.746000", "153025.749000", "153025.751000", "153025.754000", "153025.756000", "153045.677000", "153045.680000", "153045.682000", "153045.685000", "153045.687000", "153045.690000", "153045.692000", "153045.694000", "153045.697000", "153045.699000", "153045.702000", "153045.704000", "153045.707000", "153045.709000", "153045.711000", "153045.714000", "153045.716000", "153045.719000", "153045.721000", "153045.723000", "153045.726000", "153045.728000", "153045.731000", "153045.733000", "153045.735000", "153045.738000", "153045.740000", "153045.743000", "153045.745000", "153045.747000", "153045.750000", "153045.752000", "153045.755000", "153105.677000", "153105.680000", "153105.682000", "153105.684000", "153105.687000", "153105.690000", "153105.692000", "153105.694000", "153105.697000", "153105.699000", "153105.702000", "153105.704000", "153105.706000", "153105.709000", "153105.711000", "153105.713000", "153105.716000", "153105.718000", "153105.721000", "153105.723000", "153105.725000", "153105.728000", "153105.730000", "153105.733000", "153105.735000", "153105.737000", "153105.740000", "153105.742000", "153105.745000", "153105.747000", "153105.749000", "153105.752000", "153105.755000", "153125.677000", "153125.680000", "153125.682000", "153125.684000", "153125.687000", "153125.689000", "153125.692000", "153125.694000", "153125.697000", "153125.699000", "153125.701000", "153125.704000", "153125.706000", "153125.709000", "153125.711000", "153125.713000", "153125.716000", "153125.718000", "153125.721000", "153125.723000", "153125.725000", "153125.728000", "153125.730000", "153125.732000", "153125.735000", "153125.737000", "153125.740000", "153125.742000", "153125.745000", "153125.747000", "153125.749000", "153125.752000", "153125.754000", "153133.551000", "153133.554000", "153133.556000", "153133.559000", "153133.561000", "153133.564000", "153133.566000", "153133.569000", "153133.577000", "153133.580000", "153133.582000", "153133.584000", "153133.587000"], "InstanceCreationTime": ["152645.682000", "152645.685000", "152645.687000", "152645.690000", "152645.693000", "152645.695000", "152645.704000", "152645.706000", "152645.708000", "152645.711000", "152645.713000", "152645.716000", "152645.718000", "152645.721000", "152645.723000", "152645.726000", "152645.728000", "152645.730000", "152645.733000", "152645.743000", "152645.745000", "152645.756000", "152645.758000", "152645.761000", "152645.763000", "152645.766000", "152645.768000", "152645.771000", "152645.773000", "152645.775000", "152645.778000", "152645.780000", "152645.782000", "152645.785000", "152645.787000", "152645.790000", "152645.792000", "152645.794000", "152705.677000", "152705.680000", "152705.682000", "152705.685000", "152705.687000", "152705.690000", "152705.692000", "152705.695000", "152705.697000", "152705.699000", "152705.702000", "152705.704000", "152705.707000", "152705.709000", "152705.717000", "152705.720000", "152705.722000", "152705.725000", "152705.727000", "152705.729000", "152705.732000", "152705.734000", "152705.737000", "152705.739000", "152705.741000", "152705.744000", "152705.746000", "152705.748000", "152705.751000", "152705.753000", "152705.756000", "152705.758000", "152725.677000", "152725.680000", "152725.682000", "152725.685000", "152725.687000", "152725.690000", "152725.692000", "152725.694000", "152725.697000", "152725.699000", "152725.702000", "152725.704000", "152725.706000", "152725.709000", "152725.711000", "152725.722000", "152725.724000", "152725.727000", "152725.729000", "152725.731000", "152725.734000", "152725.736000", "152725.738000", "152725.741000", "152725.743000", "152725.746000", "152725.748000", "152725.750000", "152725.753000", "152725.755000", "152725.758000", "152725.761000", "152725.763000", "152745.678000", "152745.681000", "152745.683000", "152745.686000", "152745.688000", "152745.690000", "152745.693000", "152745.695000", "152745.697000", "152745.700000", "152745.702000", "152745.705000", "152745.707000", "152745.710000", "152745.712000", "152745.714000", "152745.717000", "152745.719000", "152745.721000", "152745.724000", "152745.726000", "152745.729000", "152745.731000", "152745.733000", "152745.736000", "152745.738000", "152745.740000", "152745.743000", "152745.752000", "152745.754000", "152745.757000", "152745.759000", "152745.761000", "152805.678000", "152805.681000", "152805.684000", "152805.686000", "152805.689000", "152805.691000", "152805.694000", "152805.696000", "152805.698000", "152805.701000", "152805.703000", "152805.705000", "152805.708000", "152805.710000", "152805.713000", "152805.715000", "152805.717000", "152805.720000", "152805.722000", "152805.725000", "152805.727000", "152805.729000", "152805.732000", "152805.734000", "152805.737000", "152805.739000", "152805.741000", "152805.744000", "152805.746000", "152805.748000", "152805.751000", "152805.753000", "152805.756000", "152825.677000", "152825.680000", "152825.683000", "152825.685000", "152825.687000", "152825.690000", "152825.692000", "152825.695000", "152825.697000", "152825.700000", "152825.702000", "152825.705000", "152825.707000", "152825.709000", "152825.712000", "152825.714000", "152825.717000", "152825.719000", "152825.721000", "152825.724000", "152825.726000", "152825.729000", "152825.731000", "152825.733000", "152825.736000", "152825.738000", "152825.740000", "152825.743000", "152825.746000", "152825.748000", "152825.750000", "152825.753000", "152845.677000", "152845.680000", "152845.682000", "152845.685000", "152845.687000", "152845.689000", "152845.692000", "152845.694000", "152845.697000", "152845.699000", "152845.701000", "152845.704000", "152845.706000", "152845.708000", "152845.711000", "152845.713000", "152845.716000", "152845.718000", "152845.720000", "152845.723000", "152845.725000", "152845.728000", "152845.730000", "152845.733000", "152845.735000", "152845.737000", "152845.740000", "152845.742000", "152845.744000", "152845.747000", "152845.749000", "152845.752000", "152845.754000", "152905.677000", "152905.680000", "152905.682000", "152905.684000", "152905.687000", "152905.689000", "152905.692000", "152905.694000", "152905.697000", "152905.699000", "152905.701000", "152905.704000", "152905.706000", "152905.709000", "152905.711000", "152905.713000", "152905.716000", "152905.718000", "152905.721000", "152905.723000", "152905.725000", "152905.728000", "152905.730000", "152905.733000", "152905.735000", "152905.737000", "152905.740000", "152905.742000", "152905.745000", "152905.747000", "152905.749000", "152905.753000", "152905.755000", "152925.677000", "152925.680000", "152925.682000", "152925.685000", "152925.687000", "152925.690000", "152925.692000", "152925.694000", "152925.697000", "152925.700000", "152925.702000", "152925.704000", "152925.707000", "152925.709000", "152925.712000", "152925.714000", "152925.716000", "152925.719000", "152925.721000", "152925.724000", "152925.726000", "152925.729000", "152925.731000", "152925.733000", "152925.736000", "152925.738000", "152925.741000", "152925.743000", "152925.746000", "152925.748000", "152925.750000", "152925.753000", "152925.755000", "152945.677000", "152945.680000", "152945.682000", "152945.685000", "152945.687000", "152945.689000", "152945.692000", "152945.694000", "152945.697000", "152945.699000", "152945.701000", "152945.704000", "152945.706000", "152945.709000", "152945.716000", "152945.718000", "152945.720000", "152945.723000", "152945.725000", "152945.728000", "152945.730000", "152945.732000", "152945.735000", "152945.737000", "152945.739000", "152945.742000", "152945.744000", "152945.747000", "152945.749000", "152945.751000", "152945.754000", "152945.756000", "152945.759000", "153005.678000", "153005.681000", "153005.683000", "153005.685000", "153005.688000", "153005.690000", "153005.693000", "153005.695000", "153005.697000", "153005.700000", "153005.702000", "153005.705000", "153005.707000", "153005.710000", "153005.712000", "153005.714000", "153005.717000", "153005.719000", "153005.722000", "153005.724000", "153005.726000", "153005.729000", "153005.731000", "153005.734000", "153005.736000", "153005.739000", "153005.741000", "153005.744000", "153005.746000", "153005.749000", "153005.751000", "153005.754000", "153025.678000", "153025.681000", "153025.683000", "153025.686000", "153025.688000", "153025.690000", "153025.693000", "153025.695000", "153025.698000", "153025.700000", "153025.703000", "153025.705000", "153025.707000", "153025.710000", "153025.713000", "153025.715000", "153025.718000", "153025.720000", "153025.723000", "153025.725000", "153025.727000", "153025.730000", "153025.732000", "153025.734000", "153025.737000", "153025.739000", "153025.742000", "153025.744000", "153025.746000", "153025.749000", "153025.751000", "153025.754000", "153025.756000", "153045.677000", "153045.680000", "153045.682000", "153045.685000", "153045.687000", "153045.690000", "153045.692000", "153045.694000", "153045.697000", "153045.699000", "153045.702000", "153045.704000", "153045.707000", "153045.709000", "153045.711000", "153045.714000", "153045.716000", "153045.719000", "153045.721000", "153045.723000", "153045.726000", "153045.728000", "153045.731000", "153045.733000", "153045.735000", "153045.738000", "153045.740000", "153045.743000", "153045.745000", "153045.747000", "153045.750000", "153045.752000", "153045.755000", "153105.677000", "153105.680000", "153105.682000", "153105.684000", "153105.687000", "153105.690000", "153105.692000", "153105.694000", "153105.697000", "153105.699000", "153105.702000", "153105.704000", "153105.706000", "153105.709000", "153105.711000", "153105.713000", "153105.716000", "153105.718000", "153105.721000", "153105.723000", "153105.725000", "153105.728000", "153105.730000", "153105.733000", "153105.735000", "153105.737000", "153105.740000", "153105.742000", "153105.745000", "153105.747000", "153105.749000", "153105.752000", "153105.755000", "153125.677000", "153125.680000", "153125.682000", "153125.684000", "153125.687000", "153125.689000", "153125.692000", "153125.694000", "153125.697000", "153125.699000", "153125.701000", "153125.704000", "153125.706000", "153125.709000", "153125.711000", "153125.713000", "153125.716000", "153125.718000", "153125.721000", "153125.723000", "153125.725000", "153125.728000", "153125.730000", "153125.732000", "153125.735000", "153125.737000", "153125.740000", "153125.742000", "153125.745000", "153125.747000", "153125.749000", "153125.752000", "153125.754000", "153133.551000", "153133.554000", "153133.556000", "153133.559000", "153133.561000", "153133.564000", "153133.566000", "153133.569000", "153133.577000", "153133.580000", "153133.582000", "153133.584000", "153133.587000"], "InstanceNumber": [1, 2, 3, 4, 5, 6, 7, 8, 9, 10, 11, 12, 13, 14, 15, 16, 17, 18, 19, 20, 21, 22, 23, 24, 25, 26, 27, 28, 29, 30, 31, 32, 33, 34, 35, 36, 37, 38, 39, 40, 41, 42, 43, 44, 45, 46, 47, 48, 49, 50, 51, 52, 53, 54, 55, 56, 57, 58, 59, 60, 61, 62, 63, 64, 65, 66, 67, 68, 69, 70, 71, 72, 73, 74, 75, 76, 77, 78, 79, 80, 81, 82, 83, 84, 85, 86, 87, 88, 89, 90, 91, 92, 93, 94, 95, 96, 97, 98, 99, 100, 101, 102, 103, 104, 105, 106, 107, 108, 109, 110, 111, 112, 113, 114, 115, 116, 117, 118, 119, 120, 121, 122, 123, 124, 125, 126, 127, 128, 129, 130, 131, 132, 133, 134, 135, 136, 137, 138, 139, 140, 141, 142, 143, 144, 145, 146, 147, 148, 149, 150, 151, 152, 153, 154, 155, 156, 157, 158, 159, 160, 161, 162, 163, 164, 165, 166, 167, 168, 169, 170, 171, 172, 173, 174, 175, 176, 177, 178, 179, 180, 181, 182, 183, 184, 185, 186, 187, 188, 189, 190, 191, 192, 193, 194, 195, 196, 197, 198, 199, 200, 201, 202, 203, 204, 205, 206, 207, 208, 209, 210, 211, 212, 213, 214, 215, 216, 217, 218, 219, 220, 221, 222, 223, 224, 225, 226, 227, 228, 229, 230, 231, 232, 233, 234, 235, 236, 237, 238, 239, 240, 241, 242, 243, 244, 245, 246, 247, 248, 249, 250, 251, 252, 253, 254, 255, 256, 257, 258, 259, 260, 261, 262, 263, 264, 265, 266, 267, 268, 269, 270, 271, 272, 273, 274, 275, 276, 277, 278, 279, 280, 281, 282, 283, 284, 285, 286, 287, 288, 289, 290, 291, 292, 293, 294, 295, 296, 297, 298, 299, 300, 301, 302, 303, 304, 305, 306, 307, 308, 309, 310, 311, 312, 313, 314, 315, 316, 317, 318, 319, 320, 321, 322, 323, 324, 325, 326, 327, 328, 329, 330, 331, 332, 333, 334, 335, 336, 337, 338, 339, 340, 341, 342, 343, 344, 345, 346, 347, 348, 349, 350, 351, 352, 353, 354, 355, 356, 357, 358, 359, 360, 361, 362, 363, 364, 365, 366, 367, 368, 369, 370, 371, 372, 373, 374, 375, 376, 377, 378, 379, 380, 381, 382, 383, 384, 385, 386, 387, 388, 389, 390, 391, 392, 393, 394, 395, 396, 397, 398, 399, 400, 401, 402, 403, 404, 405, 406, 407, 408, 409, 410, 411, 412, 413, 414, 415, 416, 417, 418, 419, 420, 421, 422, 423, 424, 425, 426, 427, 428, 429, 430, 431, 432, 433, 434, 435, 436, 437, 438, 439, 440, 441, 442, 443, 444, 445, 446, 447, 448, 449, 450, 451, 452, 453, 454, 455, 456, 457, 458, 459, 460, 461, 462, 463, 464, 465, 466, 467, 468, 469, 470, 471, 472, 473, 474, 475, 476, 477, 478, 479, 480, 481, 482, 483, 484, 485, 486, 487, 488, 489, 490, 491, 492, 493, 494, 495, 496, 497, 498, 499, 500, 501, 502, 503, 504, 505, 506, 507, 508, 509, 510], "LargestImagePixelValue": [467, 453, 446, 453, 424, 413, 404, 411, 410, 407, 407, 416, 424, 421, 434, 430, 417, 414, 411, 407, 410, 413, 419, 421, 417, 411, 417, 416, 413, 417, 415, 415, 419, 419, 421, 418, 419, 421, 425, 430, 417, 434, 441, 426, 423, 424, 422, 423, 424, 424, 424, 419, 435, 437, 422, 428, 419, 420, 421, 417, 420, 424, 425, 420, 428, 419, 433, 420, 421, 426, 428, 425, 426, 426, 420, 420, 421, 420, 417, 419, 416, 418, 420, 422, 418, 416, 416, 420, 429, 424, 418, 422, 421, 424, 420, 422, 420, 424, 429, 432, 425, 417, 441, 420, 437, 439, 445, 422, 422, 443, 434, 427, 438, 428, 428, 430, 431, 431, 430, 420, 421, 433, 423, 421, 422, 424, 419, 424, 424, 422, 424, 420, 423, 429, 426, 432, 428, 417, 424, 432, 442, 427, 427, 422, 420, 424, 440, 422, 430, 431, 416, 424, 425, 421, 423, 417, 431, 430, 427, 426, 422, 423, 434, 447, 442, 436, 439, 438, 417, 422, 427, 431, 430, 428, 431, 416, 414, 452, 445, 435, 436, 434, 433, 433, 428, 430, 427, 430, 426, 431, 430, 426, 428, 431, 436, 427, 433, 426, 429, 424, 425, 424, 422, 432, 424, 442, 452, 446, 433, 431, 428, 427, 427, 422, 425, 425, 440, 433, 425, 420, 424, 424, 433, 427, 426, 428, 427, 425, 426, 426, 430, 432, 429, 427, 427, 427, 428, 434, 434, 431, 427, 429, 429, 425, 427, 422, 422, 419, 420, 417, 425, 422, 420, 420, 430, 424, 440, 433, 429, 427, 427, 436, 414, 429, 423, 426, 426, 427, 425, 433, 421, 434, 423, 423, 432, 420, 422, 422, 433, 428, 425, 424, 422, 438, 418, 413, 418, 418, 423, 423, 420, 423, 424, 432, 441, 432, 426, 428, 425, 431, 439, 451, 431, 434, 436, 428, 424, 427, 425, 427, 425, 429, 427, 425, 425, 433, 439, 436, 434, 427, 424, 427, 427, 423, 438, 428, 430, 427, 426, 423, 440, 433, 430, 446, 438, 436, 438, 437, 437, 437, 436, 433, 433, 421, 439, 418, 425, 424, 426, 427, 429, 434, 431, 430, 440, 434, 422, 429, 436, 430, 427, 423, 421, 444, 439, 433, 421, 420, 422, 435, 447, 442, 438, 437, 432, 434, 435, 438, 437, 433, 430, 425, 427, 431, 434, 436, 434, 437, 433, 423, 433, 428, 432, 421, 431, 424, 438, 435, 431, 434, 426, 433, 419, 424, 421, 435, 426, 418, 422, 416, 422, 437, 433, 432, 441, 432, 435, 433, 439, 437, 431, 440, 427, 427, 432, 431, 424, 423, 429, 431, 442, 440, 439, 432, 433, 430, 434, 433, 443, 434, 428, 424, 427, 427, 434, 420, 418, 427, 487, 486, 495, 444, 424, 433, 454, 476, 468, 452, 459, 444, 449, 446, 509, 465, 447, 429, 434, 444, 442, 495, 448, 413, 431, 425, 424, 429, 435, 439, 428, 424, 419, 414, 421, 416, 431, 421, 420, 415, 423, 426, 427, 428, 434, 419, 432, 436, 437, 432, 432, 426, 432, 433, 431, 430, 425, 442, 442, 425, 436, 426], "WindowCenter": [272.0, 275.0, 277.0, 276.0, 273.0, 272.0, 270.0, 271.0, 271.0, 271.0, 271.0, 272.0, 272.0, 270.0, 273.0, 273.0, 273.0, 273.0, 273.0, 272.0, 274.0, 274.0, 274.0, 273.0, 273.0, 272.0, 273.0, 273.0, 273.0, 273.0, 273.0, 273.0, 273.0, 273.0, 274.0, 273.0, 274.0, 274.0, 274.0, 274.0, 272.0, 274.0, 275.0, 273.0, 273.0, 274.0, 273.0, 273.0, 274.0, 274.0, 274.0, 273.0, 275.0, 275.0, 273.0, 274.0, 273.0, 273.0, 273.0, 273.0, 273.0, 274.0, 273.0, 273.0, 273.0, 273.0, 274.0, 273.0, 273.0, 273.0, 273.0, 272.0, 273.0, 272.0, 273.0, 273.0, 273.0, 272.0, 272.0, 272.0, 272.0, 273.0, 273.0, 272.0, 273.0, 273.0, 273.0, 273.0, 274.0, 274.0, 274.0, 273.0, 273.0, 273.0, 273.0, 273.0, 273.0, 273.0, 273.0, 273.0, 273.0, 273.0, 275.0, 273.0, 275.0, 275.0, 274.0, 273.0, 273.0, 274.0, 274.0, 273.0, 274.0, 273.0, 273.0, 275.0, 274.0, 274.0, 274.0, 274.0, 273.0, 274.0, 273.0, 273.0, 274.0, 273.0, 273.0, 274.0, 274.0, 273.0, 273.0, 274.0, 273.0, 273.0, 273.0, 274.0, 274.0, 273.0, 273.0, 273.0, 274.0, 273.0, 273.0, 274.0, 274.0, 273.0, 273.0, 273.0, 274.0, 273.0, 273.0, 273.0, 273.0, 273.0, 274.0, 273.0, 272.0, 273.0, 272.0, 273.0, 273.0, 273.0, 274.0, 274.0, 274.0, 273.0, 274.0, 273.0, 273.0, 272.0, 273.0, 273.0, 275.0, 274.0, 274.0, 273.0, 273.0, 276.0, 274.0, 274.0, 273.0, 274.0, 273.0, 274.0, 273.0, 273.0, 272.0, 273.0, 273.0, 273.0, 274.0, 273.0, 273.0, 274.0, 274.0, 273.0, 274.0, 273.0, 274.0, 273.0, 273.0, 273.0, 273.0, 274.0, 275.0, 275.0, 275.0, 273.0, 273.0, 273.0, 273.0, 273.0, 273.0, 273.0, 273.0, 273.0, 275.0, 274.0, 274.0, 274.0, 273.0, 273.0, 274.0, 274.0, 273.0, 273.0, 272.0, 273.0, 273.0, 272.0, 273.0, 273.0, 273.0, 274.0, 274.0, 273.0, 273.0, 273.0, 274.0, 273.0, 273.0, 273.0, 273.0, 273.0, 273.0, 273.0, 273.0, 273.0, 273.0, 272.0, 273.0, 274.0, 274.0, 274.0, 273.0, 274.0, 273.0, 274.0, 273.0, 272.0, 272.0, 273.0, 273.0, 273.0, 273.0, 273.0, 273.0, 273.0, 274.0, 273.0, 273.0, 274.0, 274.0, 274.0, 276.0, 274.0, 273.0, 272.0, 273.0, 272.0, 273.0, 272.0, 271.0, 273.0, 272.0, 272.0, 272.0, 272.0, 272.0, 273.0, 274.0, 274.0, 273.0, 274.0, 275.0, 274.0, 274.0, 274.0, 275.0, 275.0, 274.0, 276.0, 274.0, 271.0, 275.0, 272.0, 271.0, 272.0, 272.0, 272.0, 271.0, 272.0, 273.0, 273.0, 273.0, 273.0, 273.0, 273.0, 273.0, 273.0, 273.0, 273.0, 273.0, 273.0, 274.0, 273.0, 273.0, 273.0, 273.0, 273.0, 273.0, 273.0, 274.0, 275.0, 274.0, 274.0, 274.0, 274.0, 274.0, 274.0, 274.0, 274.0, 275.0, 274.0, 276.0, 273.0, 273.0, 273.0, 273.0, 273.0, 273.0, 274.0, 274.0, 273.0, 274.0, 273.0, 274.0, 273.0, 274.0, 274.0, 273.0, 273.0, 273.0, 274.0, 273.0, 273.0, 273.0, 273.0, 273.0, 274.0, 274.0, 273.0, 274.0, 274.0, 274.0, 274.0, 274.0, 273.0, 273.0, 273.0, 273.0, 273.0, 273.0, 273.0, 272.0, 273.0, 273.0, 274.0, 273.0, 273.0, 274.0, 273.0, 273.0, 273.0, 273.0, 273.0, 274.0, 273.0, 273.0, 274.0, 273.0, 274.0, 273.0, 273.0, 273.0, 274.0, 273.0, 273.0, 273.0, 273.0, 273.0, 274.0, 274.0, 274.0, 274.0, 274.0, 274.0, 273.0, 273.0, 273.0, 273.0, 274.0, 273.0, 273.0, 274.0, 274.0, 273.0, 274.0, 273.0, 273.0, 274.0, 274.0, 275.0, 275.0, 274.0, 274.0, 273.0, 274.0, 275.0, 274.0, 273.0, 273.0, 274.0, 274.0, 274.0, 273.0, 273.0, 273.0, 268.0, 274.0, 274.0, 272.0, 271.0, 269.0, 268.0, 269.0, 273.0, 271.0, 273.0, 275.0, 270.0, 268.0, 274.0, 274.0, 274.0, 272.0, 274.0, 273.0, 272.0, 273.0, 271.0, 271.0, 271.0, 271.0, 270.0, 272.0, 271.0, 272.0, 273.0, 271.0, 271.0, 271.0, 272.0, 272.0, 273.0, 272.0, 272.0, 271.0, 273.0, 272.0, 272.0, 272.0, 273.0, 270.0, 273.0, 273.0, 273.0, 273.0, 273.0, 271.0, 273.0, 273.0, 273.0, 273.0, 270.0, 273.0, 272.0, 273.0, 272.0, 273.0], "WindowWidth": [599.0, 604.0, 610.0, 607.0, 601.0, 598.0, 596.0, 596.0, 597.0, 597.0, 597.0, 598.0, 599.0, 594.0, 600.0, 600.0, 600.0, 600.0, 600.0, 598.0, 602.0, 601.0, 603.0, 601.0, 601.0, 598.0, 600.0, 601.0, 601.0, 601.0, 600.0, 600.0, 601.0, 601.0, 602.0, 601.0, 601.0, 603.0, 601.0, 603.0, 599.0, 602.0, 604.0, 600.0, 600.0, 601.0, 600.0, 601.0, 601.0, 603.0, 602.0, 601.0, 605.0, 604.0, 601.0, 602.0, 600.0, 599.0, 600.0, 600.0, 601.0, 603.0, 601.0, 601.0, 600.0, 601.0, 602.0, 601.0, 601.0, 601.0, 601.0, 599.0, 599.0, 599.0, 600.0, 599.0, 599.0, 599.0, 599.0, 598.0, 599.0, 601.0, 601.0, 599.0, 600.0, 601.0, 600.0, 601.0, 602.0, 602.0, 602.0, 600.0, 601.0, 601.0, 600.0, 601.0, 601.0, 601.0, 601.0, 601.0, 601.0, 601.0, 604.0, 601.0, 603.0, 603.0, 602.0, 601.0, 601.0, 601.0, 602.0, 601.0, 602.0, 601.0, 601.0, 603.0, 602.0, 602.0, 602.0, 602.0, 601.0, 602.0, 601.0, 601.0, 602.0, 601.0, 601.0, 602.0, 602.0, 601.0, 601.0, 603.0, 601.0, 601.0, 600.0, 603.0, 602.0, 601.0, 600.0, 601.0, 602.0, 600.0, 599.0, 602.0, 602.0, 601.0, 601.0, 600.0, 603.0, 600.0, 600.0, 601.0, 601.0, 601.0, 603.0, 600.0, 599.0, 599.0, 599.0, 599.0, 600.0, 600.0, 603.0, 603.0, 602.0, 601.0, 602.0, 600.0, 599.0, 599.0, 599.0, 600.0, 603.0, 602.0, 603.0, 601.0, 601.0, 605.0, 603.0, 603.0, 601.0, 603.0, 601.0, 603.0, 600.0, 601.0, 599.0, 601.0, 601.0, 601.0, 602.0, 601.0, 601.0, 602.0, 602.0, 601.0, 603.0, 601.0, 602.0, 601.0, 601.0, 601.0, 601.0, 602.0, 604.0, 604.0, 605.0, 600.0, 600.0, 601.0, 601.0, 601.0, 600.0, 601.0, 601.0, 601.0, 603.0, 602.0, 602.0, 602.0, 601.0, 601.0, 602.0, 602.0, 600.0, 600.0, 599.0, 599.0, 599.0, 599.0, 600.0, 600.0, 600.0, 602.0, 602.0, 600.0, 600.0, 601.0, 602.0, 601.0, 600.0, 600.0, 599.0, 601.0, 599.0, 601.0, 600.0, 600.0, 600.0, 599.0, 600.0, 602.0, 602.0, 601.0, 600.0, 602.0, 600.0, 603.0, 600.0, 598.0, 599.0, 600.0, 600.0, 600.0, 600.0, 600.0, 600.0, 600.0, 601.0, 601.0, 600.0, 602.0, 602.0, 602.0, 606.0, 601.0, 601.0, 599.0, 600.0, 599.0, 600.0, 599.0, 597.0, 600.0, 599.0, 599.0, 598.0, 598.0, 599.0, 600.0, 602.0, 602.0, 601.0, 603.0, 604.0, 602.0, 602.0, 602.0, 603.0, 604.0, 602.0, 605.0, 603.0, 597.0, 605.0, 599.0, 598.0, 599.0, 598.0, 598.0, 597.0, 599.0, 600.0, 600.0, 601.0, 601.0, 601.0, 601.0, 600.0, 601.0, 601.0, 601.0, 601.0, 601.0, 602.0, 599.0, 600.0, 601.0, 601.0, 601.0, 601.0, 601.0, 602.0, 603.0, 602.0, 602.0, 602.0, 603.0, 601.0, 602.0, 602.0, 602.0, 605.0, 602.0, 606.0, 600.0, 600.0, 601.0, 601.0, 600.0, 601.0, 602.0, 602.0, 601.0, 602.0, 601.0, 602.0, 601.0, 602.0, 601.0, 601.0, 600.0, 601.0, 602.0, 601.0, 600.0, 601.0, 601.0, 600.0, 602.0, 602.0, 601.0, 602.0, 602.0, 602.0, 602.0, 602.0, 601.0, 601.0, 601.0, 600.0, 600.0, 600.0, 600.0, 599.0, 600.0, 600.0, 602.0, 601.0, 601.0, 602.0, 600.0, 601.0, 600.0, 601.0, 600.0, 602.0, 601.0, 600.0, 602.0, 600.0, 602.0, 600.0, 601.0, 600.0, 602.0, 600.0, 601.0, 601.0, 601.0, 601.0, 602.0, 602.0, 602.0, 603.0, 603.0, 602.0, 601.0, 601.0, 601.0, 601.0, 602.0, 601.0, 601.0, 602.0, 602.0, 601.0, 602.0, 601.0, 601.0, 602.0, 602.0, 604.0, 603.0, 602.0, 602.0, 601.0, 602.0, 604.0, 603.0, 601.0, 600.0, 603.0, 603.0, 602.0, 600.0, 600.0, 601.0, 591.0, 603.0, 602.0, 600.0, 596.0, 593.0, 591.0, 593.0, 601.0, 597.0, 600.0, 605.0, 596.0, 591.0, 602.0, 603.0, 603.0, 600.0, 603.0, 601.0, 598.0, 600.0, 597.0, 597.0, 597.0, 598.0, 595.0, 598.0, 597.0, 599.0, 600.0, 596.0, 597.0, 597.0, 598.0, 598.0, 600.0, 599.0, 599.0, 597.0, 600.0, 599.0, 598.0, 599.0, 599.0, 596.0, 600.0, 599.0, 601.0, 600.0, 600.0, 597.0, 601.0, 599.0, 599.0, 601.0, 595.0, 602.0, 599.0, 601.0, 599.0, 600.0]}, "slices": {}}, "EventTimestamp": "15-28-51"}