{"AcquisitionMatrixPE": 64, "AcquisitionNumber": 1, "AcquisitionTime": "13:12:56.677500", "BandwidthPerPixelPhaseEncode": 28.935, "BaseResolution": 64, "BodyPartExamined": "BRAIN", "CoilCombinationMethod": "Sum of Squares", "ConsistencyInfo": "N4_VE11E_LATEST_20181129", "ConversionSoftware": "dcm2niix", "ConversionSoftwareVersion": "v1.0.20230411", "DerivedVendorReportedEchoSpacing": 0.000540003, "DeviceSerialNumber": "166182", "DwellTime": 3.4e-06, "EchoTime": 0.032, "EchoTrainLength": 64, "EffectiveEchoSpacing": 0.000540003, "FlipAngle": 40, "HeudiconvVersion": "0.13.1", "ImageOrientationPatientDICOM": [0.996512, -0.0218628, -0.0805373, 0.021744, 0.999761, -0.00235167], "ImageOrientationText": "Tra>Sag(-4.6)>Cor(-0.0)", "ImageType": ["ORIGINAL", "PRIMARY", "M", "ND", "NORM", "MOSAIC"], "ImagingFrequency": 123.256186, "InPlanePhaseEncodingDirectionDICOM": "COL", "InstitutionAddress": "PEARSE STREET .,City,District,IE,D2", "InstitutionName": "TCIN", "InstitutionalDepartmentName": "MRI", "MRAcquisitionType": "2D", "MagneticFieldStrength": 3, "Manufacturer": "Siemens", "ManufacturersModelName": "Prisma", "Modality": "MR", "MultibandAccelerationFactor": 4, "NonlinearGradientCorrection": false, "PartialFourier": 1, "PatientPosition": "HFS", "PercentPhaseFOV": 100, "PercentSampling": 100, "PhaseEncodingDirection": "j-", "PhaseEncodingSteps": 64, "PhaseResolution": 1, "PixelBandwidth": 2300, "ProcedureStepDescription": "Rhodri^Head BOLD", "ProtocolName": "cmrr_mbep2d_Pictures_AP_RDS", "PulseSequenceDetails": "%SiemensSeq%\\ep2d_bold", "ReceiveCoilActiveElements": "HC2,4,6,7;SC", "ReceiveCoilName": "SpecialPurpose_4", "ReconMatrixPE": 64, "RefLinesPE": 12, "RepetitionTime": 0.61, "SAR": 0.357561, "ScanOptions": "FS", "ScanningSequence": "EP", "SequenceName": "*epfid2d1_64", "SequenceVariant": "SK", "SeriesDescription": "cmrr_mbep2d_Pictures_AP_RDS", "SeriesNumber": 12, "ShimSetting": [-3727, -7421, 3811, 800, 205, 54, -128, -144], "SliceThickness": 3, "SliceTiming": [0.2625, 0, 0.3275, 0.065, 0.3925, 0.13, 0.4575, 0.195, 0.525, 0.2625, 0, 0.3275, 0.065, 0.3925, 0.13, 0.4575, 0.195, 0.525, 0.2625, 0, 0.3275, 0.065, 0.3925, 0.13, 0.4575, 0.195, 0.525, 0.2625, 0, 0.3275, 0.065, 0.3925, 0.13, 0.4575, 0.195, 0.525], "SoftwareVersions": "syngo MR E11", "SpacingBetweenSlices": 3.3, "StationName": "AWP166182", "TaskName": "pictures", "TotalReadoutTime": 0.0340202, "TxRefAmp": 248.59, "dcmmeta_affine": [[-2.989535331726074, 0.06523206830024719, -0.2658793032169342, 98.16734313964844], [0.06558840721845627, 2.9992823600769043, -0.00195447844453156, -108.79739379882812], [-0.2416120022535324, 0.007055025082081556, 3.289271116256714, -91.13980102539062], [0.0, 0.0, 0.0, 1.0]], "dcmmeta_reorient_transform": [[0.0, -1.0, 0.0, 63.0], [1.0, 0.0, 0.0, 0.0], [0.0, 0.0, 1.0, 0.0], [0.0, 0.0, 0.0, 1.0]], "dcmmeta_shape": [64, 64, 36, 355], "dcmmeta_slice_dim": 2, "dcmmeta_version": 0.6, "global": {"const": {"AcquisitionMatrix": [64, 0, 0, 64], "AngioFlag": "N", "BitsAllocated": 16, "BitsStored": 12, "BodyPartExamined": "BRAIN", "Columns": 384, "EchoNumbers": 1, "EchoTime": 32.0, "EchoTrainLength": 64, "FlipAngle": 40.0, "HighBit": 11, "ImageOrientationPatient": [0.99651179412874, -0.0218628033809, -0.0805373329001, 0.02174402390832, 0.99976080491743, -0.0023516749629], "ImagePositionPatient": [-591.03975380775, -549.54844180956, -50.908610914271], "ImageType": ["ORIGINAL", "PRIMARY", "M", "ND", "NORM", "MOSAIC"], "ImagedNucleus": "1H", "ImagingFrequency": 123.256186, "InPlanePhaseEncodingDirection": "COL", "MRAcquisitionType": "2D", "MagneticFieldStrength": 3.0, "Manufacturer": "SIEMENS", "ManufacturerModelName": "Prisma", "Modality": "MR", "NumberOfAverages": 1.0, "NumberOfPhaseEncodingSteps": 64, "PercentPhaseFieldOfView": 100.0, "PercentSampling": 100.0, "PerformedProcedureStepStartTime": "121529.165000", "PhotometricInterpretation": "MONOCHROME2", "PixelBandwidth": 2300.0, "PixelRepresentation": 0, "PixelSpacing": [3.0, 3.0], "ProtocolName": "cmrr_mbep2d_Pictures_AP_RDS", "RepetitionTime": 610.0, "Rows": 384, "SAR": 0.35756119586522, "SamplesPerPixel": 1, "ScanOptions": "FS", "ScanningSequence": "EP", "SequenceName": "*epfid2d1_64", "SequenceVariant": "SK", "SeriesDescription": "cmrr_mbep2d_Pictures_AP_RDS", "SeriesNumber": 12, "SeriesTime": "131311.019000", "SliceLocation": -98.688344109672, "SliceThickness": 3.0, "SmallestImagePixelValue": 0, "SoftwareVersions": "syngo MR E11", "SpacingBetweenSlices": 3.3000001160071, "SpecificCharacterSet": "ISO_IR 100", "StudyID": "1", "StudyTime": "121529.046000", "TransmitCoilName": "Body", "VariableFlipAngleFlag": "N", "WindowCenterWidthExplanation": "Algo1"}, "slices": {}}, "time": {"samples": {"AcquisitionNumber": [1, 2, 3, 4, 5, 6, 7, 8, 9, 10, 11, 12, 13, 14, 15, 16, 17, 18, 19, 20, 21, 22, 23, 24, 25, 26, 27, 28, 29, 30, 31, 32, 33, 34, 35, 36, 37, 38, 39, 40, 41, 42, 43, 44, 45, 46, 47, 48, 49, 50, 51, 52, 53, 54, 55, 56, 57, 58, 59, 60, 61, 62, 63, 64, 65, 66, 67, 68, 69, 70, 71, 72, 73, 74, 75, 76, 77, 78, 79, 80, 81, 82, 83, 84, 85, 86, 87, 88, 89, 90, 91, 92, 93, 94, 95, 96, 97, 98, 99, 100, 101, 102, 103, 104, 105, 106, 107, 108, 109, 110, 111, 112, 113, 114, 115, 116, 117, 118, 119, 120, 121, 122, 123, 124, 125, 126, 127, 128, 129, 130, 131, 132, 133, 134, 135, 136, 137, 138, 139, 140, 141, 142, 143, 144, 145, 146, 147, 148, 149, 150, 151, 152, 153, 154, 155, 156, 157, 158, 159, 160, 161, 162, 163, 164, 165, 166, 167, 168, 169, 170, 171, 172, 173, 174, 175, 176, 177, 178, 179, 180, 181, 182, 183, 184, 185, 186, 187, 188, 189, 190, 191, 192, 193, 194, 195, 196, 197, 198, 199, 200, 201, 202, 203, 204, 205, 206, 207, 208, 209, 210, 211, 212, 213, 214, 215, 216, 217, 218, 219, 220, 221, 222, 223, 224, 225, 226, 227, 228, 229, 230, 231, 232, 233, 234, 235, 236, 237, 238, 239, 240, 241, 242, 243, 244, 245, 246, 247, 248, 249, 250, 251, 252, 253, 254, 255, 256, 257, 258, 259, 260, 261, 262, 263, 264, 265, 266, 267, 268, 269, 270, 271, 272, 273, 274, 275, 276, 277, 278, 279, 280, 281, 282, 283, 284, 285, 286, 287, 288, 289, 290, 291, 292, 293, 294, 295, 296, 297, 298, 299, 300, 301, 302, 303, 304, 305, 306, 307, 308, 309, 310, 311, 312, 313, 314, 315, 316, 317, 318, 319, 320, 321, 322, 323, 324, 325, 326, 327, 328, 329, 330, 331, 332, 333, 334, 335, 336, 337, 338, 339, 340, 341, 342, 343, 344, 345, 346, 347, 348, 349, 350, 351, 352, 353, 354, 355], "AcquisitionTime": ["131256.677500", "131257.287500", "131257.897500", "131258.507500", "131259.117500", "131259.727500", "131300.337500", "131300.947500", "131301.557500", "131302.167500", "131302.777500", "131303.387500", "131303.997500", "131304.607500", "131305.217500", "131305.827500", "131306.437500", "131307.047500", "131307.657500", "131308.267500", "131308.877500", "131309.487500", "131310.097500", "131310.707500", "131311.317500", "131311.927500", "131312.537500", "131313.147500", "131313.757500", "131314.367500", "131314.977500", "131315.587500", "131316.197500", "131316.807500", "131317.417500", "131318.027500", "131318.637500", "131319.247500", "131319.857500", "131320.467500", "131321.077500", "131321.687500", "131322.297500", "131322.907500", "131323.517500", "131324.127500", "131324.737500", "131325.347500", "131325.957500", "131326.567500", "131327.177500", "131327.787500", "131328.397500", "131329.007500", "131329.617500", "131330.227500", "131330.837500", "131331.447500", "131332.057500", "131332.667500", "131333.277500", "131333.887500", "131334.497500", "131335.107500", "131335.717500", "131336.327500", "131336.937500", "131337.547500", "131338.157500", "131338.767500", "131339.377500", "131339.987500", "131340.597500", "131341.207500", "131341.817500", "131342.427500", "131343.037500", "131343.647500", "131344.257500", "131344.867500", "131345.477500", "131346.087500", "131346.697500", "131347.307500", "131347.917500", "131348.527500", "131349.137500", "131349.747500", "131350.357500", "131350.967500", "131351.577500", "131352.187500", "131352.797500", "131353.407500", "131354.017500", "131354.627500", "131355.237500", "131355.847500", "131356.457500", "131357.067500", "131357.677500", "131358.287500", "131358.897500", "131359.507500", "131400.117500", "131400.727500", "131401.337500", "131401.947500", "131402.557500", "131403.167500", "131403.777500", "131404.387500", "131404.997500", "131405.607500", "131406.217500", "131406.827500", "131407.437500", "131408.047500", "131408.657500", "131409.267500", "131409.877500", "131410.487500", "131411.097500", "131411.707500", "131412.317500", "131412.927500", "131413.537500", "131414.147500", "131414.757500", "131415.367500", "131415.977500", "131416.587500", "131417.197500", "131417.807500", "131418.417500", "131419.027500", "131419.637500", "131420.247500", "131420.857500", "131421.467500", "131422.077500", "131422.687500", "131423.297500", "131423.907500", "131424.517500", "131425.127500", "131425.737500", "131426.347500", "131426.957500", "131427.567500", "131428.177500", "131428.787500", "131429.397500", "131430.007500", "131430.617500", "131431.227500", "131431.837500", "131432.447500", "131433.057500", "131433.667500", "131434.277500", "131434.887500", "131435.497500", "131436.107500", "131436.717500", "131437.327500", "131437.937500", "131438.547500", "131439.157500", "131439.767500", "131440.377500", "131440.987500", "131441.597500", "131442.207500", "131442.817500", "131443.427500", "131444.037500", "131444.647500", "131445.257500", "131445.867500", "131446.477500", "131447.087500", "131447.697500", "131448.307500", "131448.917500", "131449.527500", "131450.137500", "131450.747500", "131451.357500", "131451.967500", "131452.577500", "131453.187500", "131453.797500", "131454.407500", "131455.017500", "131455.627500", "131456.237500", "131456.847500", "131457.457500", "131458.067500", "131458.677500", "131459.287500", "131459.897500", "131500.507500", "131501.117500", "131501.727500", "131502.337500", "131502.947500", "131503.557500", "131504.167500", "131504.777500", "131505.387500", "131505.997500", "131506.607500", "131507.217500", "131507.827500", "131508.437500", "131509.047500", "131509.657500", "131510.267500", "131510.877500", "131511.487500", "131512.097500", "131512.707500", "131513.317500", "131513.927500", "131514.537500", "131515.147500", "131515.757500", "131516.367500", "131516.977500", "131517.587500", "131518.197500", "131518.807500", "131519.417500", "131520.027500", "131520.637500", "131521.247500", "131521.857500", "131522.467500", "131523.077500", "131523.687500", "131524.297500", "131524.907500", "131525.517500", "131526.127500", "131526.737500", "131527.347500", "131527.957500", "131528.567500", "131529.177500", "131529.787500", "131530.397500", "131531.007500", "131531.617500", "131532.227500", "131532.837500", "131533.447500", "131534.057500", "131534.667500", "131535.277500", "131535.887500", "131536.497500", "131537.107500", "131537.717500", "131538.327500", "131538.937500", "131539.547500", "131540.157500", "131540.767500", "131541.377500", "131541.987500", "131542.597500", "131543.207500", "131543.817500", "131544.427500", "131545.037500", "131545.647500", "131546.257500", "131546.867500", "131547.477500", "131548.087500", "131548.697500", "131549.307500", "131549.917500", "131550.527500", "131551.137500", "131551.747500", "131552.357500", "131552.967500", "131553.577500", "131554.187500", "131554.797500", "131555.407500", "131556.017500", "131556.627500", "131557.237500", "131557.847500", "131558.457500", "131559.067500", "131559.677500", "131600.287500", "131600.897500", "131601.507500", "131602.117500", "131602.727500", "131603.337500", "131603.947500", "131604.557500", "131605.167500", "131605.777500", "131606.387500", "131606.997500", "131607.607500", "131608.217500", "131608.827500", "131609.437500", "131610.047500", "131610.657500", "131611.267500", "131611.877500", "131612.487500", "131613.097500", "131613.707500", "131614.317500", "131614.927500", "131615.537500", "131616.147500", "131616.757500", "131617.367500", "131617.977500", "131618.587500", "131619.197500", "131619.807500", "131620.417500", "131621.027500", "131621.637500", "131622.247500", "131622.857500", "131623.467500", "131624.077500", "131624.687500", "131625.297500", "131625.907500", "131626.517500", "131627.127500", "131627.737500", "131628.347500", "131628.957500", "131629.567500", "131630.177500", "131630.787500", "131631.397500", "131632.007500", "131632.617500"], "ContentTime": ["131311.022000", "131311.025000", "131311.028000", "131311.030000", "131311.033000", "131311.035000", "131311.037000", "131311.040000", "131311.046000", "131311.048000", "131311.051000", "131311.053000", "131311.055000", "131311.062000", "131311.064000", "131311.066000", "131311.073000", "131311.076000", "131311.078000", "131311.081000", "131311.083000", "131311.085000", "131311.088000", "131331.017000", "131331.020000", "131331.022000", "131331.025000", "131331.027000", "131331.029000", "131331.032000", "131331.034000", "131331.036000", "131331.039000", "131331.041000", "131331.043000", "131331.046000", "131331.048000", "131331.051000", "131331.053000", "131331.056000", "131331.058000", "131331.060000", "131331.063000", "131331.065000", "131331.067000", "131331.070000", "131331.072000", "131331.074000", "131331.077000", "131331.111000", "131331.113000", "131331.116000", "131331.118000", "131331.121000", "131331.123000", "131351.016000", "131351.019000", "131351.021000", "131351.024000", "131351.028000", "131351.030000", "131351.033000", "131351.035000", "131351.037000", "131351.040000", "131351.042000", "131351.045000", "131351.047000", "131351.049000", "131351.052000", "131351.054000", "131351.056000", "131351.059000", "131351.061000", "131351.064000", "131351.066000", "131351.068000", "131351.071000", "131351.074000", "131351.076000", "131351.079000", "131351.088000", "131351.090000", "131351.092000", "131351.095000", "131351.097000", "131351.100000", "131351.102000", "131411.016000", "131411.019000", "131411.021000", "131411.024000", "131411.026000", "131411.028000", "131411.031000", "131411.034000", "131411.036000", "131411.038000", "131411.041000", "131411.043000", "131411.046000", "131411.048000", "131411.051000", "131411.053000", "131411.056000", "131411.058000", "131411.061000", "131411.063000", "131411.065000", "131411.068000", "131411.070000", "131411.072000", "131411.075000", "131411.077000", "131411.080000", "131411.082000", "131411.085000", "131411.087000", "131411.089000", "131411.092000", "131411.094000", "131431.017000", "131431.049000", "131431.052000", "131431.059000", "131431.062000", "131431.064000", "131431.066000", "131431.069000", "131431.071000", "131431.074000", "131431.076000", "131431.079000", "131431.081000", "131431.083000", "131431.086000", "131431.088000", "131431.091000", "131431.093000", "131431.095000", "131431.098000", "131431.100000", "131431.102000", "131431.105000", "131431.107000", "131431.110000", "131431.112000", "131431.114000", "131431.117000", "131431.119000", "131431.122000", "131431.124000", "131431.127000", "131431.129000", "131451.017000", "131451.020000", "131451.023000", "131451.025000", "131451.027000", "131451.030000", "131451.032000", "131451.035000", "131451.037000", "131451.039000", "131451.042000", "131451.044000", "131451.047000", "131451.049000", "131451.051000", "131451.054000", "131451.063000", "131451.066000", "131451.068000", "131451.070000", "131451.073000", "131451.075000", "131451.078000", "131451.080000", "131451.082000", "131451.085000", "131451.087000", "131451.089000", "131451.092000", "131451.094000", "131451.097000", "131451.099000", "131511.017000", "131511.024000", "131511.027000", "131511.029000", "131511.031000", "131511.034000", "131511.037000", "131511.039000", "131511.041000", "131511.044000", "131511.046000", "131511.049000", "131511.051000", "131511.054000", "131511.056000", "131511.058000", "131511.061000", "131511.063000", "131511.065000", "131511.068000", "131511.070000", "131511.072000", "131511.075000", "131511.077000", "131511.080000", "131511.082000", "131511.084000", "131511.087000", "131511.089000", "131511.092000", "131511.094000", "131511.096000", "131511.099000", "131531.017000", "131531.020000", "131531.022000", "131531.025000", "131531.027000", "131531.029000", "131531.032000", "131531.034000", "131531.037000", "131531.039000", "131531.041000", "131531.044000", "131531.046000", "131531.048000", "131531.051000", "131531.053000", "131531.056000", "131531.058000", "131531.060000", "131531.063000", "131531.065000", "131531.067000", "131531.070000", "131531.072000", "131531.075000", "131531.077000", "131531.079000", "131531.082000", "131531.084000", "131531.087000", "131531.092000", "131531.094000", "131531.097000", "131551.017000", "131551.020000", "131551.022000", "131551.025000", "131551.027000", "131551.030000", "131551.032000", "131551.034000", "131551.037000", "131551.039000", "131551.042000", "131551.044000", "131551.046000", "131551.049000", "131551.051000", "131551.054000", "131551.056000", "131551.058000", "131551.061000", "131551.063000", "131551.066000", "131551.068000", "131551.071000", "131551.073000", "131551.082000", "131551.084000", "131551.086000", "131551.089000", "131551.091000", "131551.094000", "131551.096000", "131551.099000", "131551.101000", "131611.016000", "131611.019000", "131611.021000", "131611.024000", "131611.026000", "131611.029000", "131611.031000", "131611.033000", "131611.036000", "131611.038000", "131611.041000", "131611.043000", "131611.046000", "131611.048000", "131611.050000", "131611.053000", "131611.055000", "131611.058000", "131611.060000", "131611.062000", "131611.065000", "131611.067000", "131611.070000", "131611.072000", "131611.074000", "131611.077000", "131611.079000", "131611.082000", "131611.084000", "131611.086000", "131611.089000", "131611.091000", "131611.094000", "131631.016000", "131631.019000", "131631.022000", "131631.024000", "131631.027000", "131631.029000", "131631.032000", "131631.034000", "131631.037000", "131631.039000", "131631.042000", "131631.044000", "131631.047000", "131631.050000", "131631.053000", "131631.056000", "131631.058000", "131631.061000", "131631.063000", "131631.066000", "131631.068000", "131631.071000", "131631.073000", "131631.076000", "131631.078000", "131631.081000", "131631.083000", "131631.086000", "131631.088000", "131631.091000", "131631.093000", "131631.096000", "131634.088000", "131634.091000", "131634.093000", "131634.096000", "131634.098000"], "InstanceCreationTime": ["131311.022000", "131311.025000", "131311.028000", "131311.030000", "131311.033000", "131311.035000", "131311.037000", "131311.040000", "131311.046000", "131311.048000", "131311.051000", "131311.053000", "131311.055000", "131311.062000", "131311.064000", "131311.066000", "131311.073000", "131311.076000", "131311.078000", "131311.081000", "131311.083000", "131311.085000", "131311.088000", "131331.017000", "131331.020000", "131331.022000", "131331.025000", "131331.027000", "131331.029000", "131331.032000", "131331.034000", "131331.036000", "131331.039000", "131331.041000", "131331.043000", "131331.046000", "131331.048000", "131331.051000", "131331.053000", "131331.056000", "131331.058000", "131331.060000", "131331.063000", "131331.065000", "131331.067000", "131331.070000", "131331.072000", "131331.074000", "131331.077000", "131331.111000", "131331.113000", "131331.116000", "131331.118000", "131331.121000", "131331.123000", "131351.016000", "131351.019000", "131351.021000", "131351.024000", "131351.028000", "131351.030000", "131351.033000", "131351.035000", "131351.037000", "131351.040000", "131351.042000", "131351.045000", "131351.047000", "131351.049000", "131351.052000", "131351.054000", "131351.056000", "131351.059000", "131351.061000", "131351.064000", "131351.066000", "131351.068000", "131351.071000", "131351.074000", "131351.076000", "131351.079000", "131351.088000", "131351.090000", "131351.092000", "131351.095000", "131351.097000", "131351.100000", "131351.102000", "131411.016000", "131411.019000", "131411.021000", "131411.024000", "131411.026000", "131411.028000", "131411.031000", "131411.034000", "131411.036000", "131411.038000", "131411.041000", "131411.043000", "131411.046000", "131411.048000", "131411.051000", "131411.053000", "131411.056000", "131411.058000", "131411.061000", "131411.063000", "131411.065000", "131411.068000", "131411.070000", "131411.072000", "131411.075000", "131411.077000", "131411.080000", "131411.082000", "131411.085000", "131411.087000", "131411.089000", "131411.092000", "131411.094000", "131431.017000", "131431.049000", "131431.052000", "131431.059000", "131431.062000", "131431.064000", "131431.066000", "131431.069000", "131431.071000", "131431.074000", "131431.076000", "131431.079000", "131431.081000", "131431.083000", "131431.086000", "131431.088000", "131431.091000", "131431.093000", "131431.095000", "131431.098000", "131431.100000", "131431.102000", "131431.105000", "131431.107000", "131431.110000", "131431.112000", "131431.114000", "131431.117000", "131431.119000", "131431.122000", "131431.124000", "131431.127000", "131431.129000", "131451.017000", "131451.020000", "131451.023000", "131451.025000", "131451.027000", "131451.030000", "131451.032000", "131451.035000", "131451.037000", "131451.039000", "131451.042000", "131451.044000", "131451.047000", "131451.049000", "131451.051000", "131451.054000", "131451.063000", "131451.066000", "131451.068000", "131451.070000", "131451.073000", "131451.075000", "131451.078000", "131451.080000", "131451.082000", "131451.085000", "131451.087000", "131451.089000", "131451.092000", "131451.094000", "131451.097000", "131451.099000", "131511.017000", "131511.024000", "131511.027000", "131511.029000", "131511.031000", "131511.034000", "131511.037000", "131511.039000", "131511.041000", "131511.044000", "131511.046000", "131511.049000", "131511.051000", "131511.054000", "131511.056000", "131511.058000", "131511.061000", "131511.063000", "131511.065000", "131511.068000", "131511.070000", "131511.072000", "131511.075000", "131511.077000", "131511.080000", "131511.082000", "131511.084000", "131511.087000", "131511.089000", "131511.092000", "131511.094000", "131511.096000", "131511.099000", "131531.017000", "131531.020000", "131531.022000", "131531.025000", "131531.027000", "131531.029000", "131531.032000", "131531.034000", "131531.037000", "131531.039000", "131531.041000", "131531.044000", "131531.046000", "131531.048000", "131531.051000", "131531.053000", "131531.056000", "131531.058000", "131531.060000", "131531.063000", "131531.065000", "131531.067000", "131531.070000", "131531.072000", "131531.075000", "131531.077000", "131531.079000", "131531.082000", "131531.084000", "131531.087000", "131531.092000", "131531.094000", "131531.097000", "131551.017000", "131551.020000", "131551.022000", "131551.025000", "131551.027000", "131551.030000", "131551.032000", "131551.034000", "131551.037000", "131551.039000", "131551.042000", "131551.044000", "131551.046000", "131551.049000", "131551.051000", "131551.054000", "131551.056000", "131551.058000", "131551.061000", "131551.063000", "131551.066000", "131551.068000", "131551.071000", "131551.073000", "131551.082000", "131551.084000", "131551.086000", "131551.089000", "131551.091000", "131551.094000", "131551.096000", "131551.099000", "131551.101000", "131611.016000", "131611.019000", "131611.021000", "131611.024000", "131611.026000", "131611.029000", "131611.031000", "131611.033000", "131611.036000", "131611.038000", "131611.041000", "131611.043000", "131611.046000", "131611.048000", "131611.050000", "131611.053000", "131611.055000", "131611.058000", "131611.060000", "131611.062000", "131611.065000", "131611.067000", "131611.070000", "131611.072000", "131611.074000", "131611.077000", "131611.079000", "131611.082000", "131611.084000", "131611.086000", "131611.089000", "131611.091000", "131611.094000", "131631.016000", "131631.019000", "131631.022000", "131631.024000", "131631.027000", "131631.029000", "131631.032000", "131631.034000", "131631.037000", "131631.039000", "131631.042000", "131631.044000", "131631.047000", "131631.050000", "131631.053000", "131631.056000", "131631.058000", "131631.061000", "131631.063000", "131631.066000", "131631.068000", "131631.071000", "131631.073000", "131631.076000", "131631.078000", "131631.081000", "131631.083000", "131631.086000", "131631.088000", "131631.091000", "131631.093000", "131631.096000", "131634.088000", "131634.091000", "131634.093000", "131634.096000", "131634.098000"], "InstanceNumber": [1, 2, 3, 4, 5, 6, 7, 8, 9, 10, 11, 12, 13, 14, 15, 16, 17, 18, 19, 20, 21, 22, 23, 24, 25, 26, 27, 28, 29, 30, 31, 32, 33, 34, 35, 36, 37, 38, 39, 40, 41, 42, 43, 44, 45, 46, 47, 48, 49, 50, 51, 52, 53, 54, 55, 56, 57, 58, 59, 60, 61, 62, 63, 64, 65, 66, 67, 68, 69, 70, 71, 72, 73, 74, 75, 76, 77, 78, 79, 80, 81, 82, 83, 84, 85, 86, 87, 88, 89, 90, 91, 92, 93, 94, 95, 96, 97, 98, 99, 100, 101, 102, 103, 104, 105, 106, 107, 108, 109, 110, 111, 112, 113, 114, 115, 116, 117, 118, 119, 120, 121, 122, 123, 124, 125, 126, 127, 128, 129, 130, 131, 132, 133, 134, 135, 136, 137, 138, 139, 140, 141, 142, 143, 144, 145, 146, 147, 148, 149, 150, 151, 152, 153, 154, 155, 156, 157, 158, 159, 160, 161, 162, 163, 164, 165, 166, 167, 168, 169, 170, 171, 172, 173, 174, 175, 176, 177, 178, 179, 180, 181, 182, 183, 184, 185, 186, 187, 188, 189, 190, 191, 192, 193, 194, 195, 196, 197, 198, 199, 200, 201, 202, 203, 204, 205, 206, 207, 208, 209, 210, 211, 212, 213, 214, 215, 216, 217, 218, 219, 220, 221, 222, 223, 224, 225, 226, 227, 228, 229, 230, 231, 232, 233, 234, 235, 236, 237, 238, 239, 240, 241, 242, 243, 244, 245, 246, 247, 248, 249, 250, 251, 252, 253, 254, 255, 256, 257, 258, 259, 260, 261, 262, 263, 264, 265, 266, 267, 268, 269, 270, 271, 272, 273, 274, 275, 276, 277, 278, 279, 280, 281, 282, 283, 284, 285, 286, 287, 288, 289, 290, 291, 292, 293, 294, 295, 296, 297, 298, 299, 300, 301, 302, 303, 304, 305, 306, 307, 308, 309, 310, 311, 312, 313, 314, 315, 316, 317, 318, 319, 320, 321, 322, 323, 324, 325, 326, 327, 328, 329, 330, 331, 332, 333, 334, 335, 336, 337, 338, 339, 340, 341, 342, 343, 344, 345, 346, 347, 348, 349, 350, 351, 352, 353, 354, 355], "LargestImagePixelValue": [523, 554, 493, 573, 560, 528, 510, 502, 496, 507, 523, 514, 516, 506, 519, 494, 507, 513, 526, 505, 510, 505, 520, 514, 511, 503, 500, 507, 502, 506, 501, 512, 497, 515, 509, 571, 541, 531, 515, 512, 515, 522, 508, 512, 538, 520, 518, 529, 501, 516, 503, 509, 495, 495, 505, 502, 521, 510, 507, 504, 513, 531, 533, 521, 519, 512, 503, 526, 517, 516, 527, 512, 505, 498, 494, 501, 497, 510, 516, 512, 515, 513, 516, 510, 527, 511, 533, 521, 512, 512, 519, 513, 499, 516, 511, 511, 506, 508, 506, 505, 528, 515, 509, 511, 506, 508, 516, 506, 502, 509, 509, 525, 543, 566, 542, 524, 513, 505, 536, 510, 539, 530, 516, 518, 529, 500, 544, 520, 502, 561, 545, 545, 517, 516, 517, 512, 507, 511, 503, 517, 519, 536, 516, 511, 492, 498, 512, 503, 502, 498, 499, 506, 528, 521, 511, 519, 526, 523, 526, 515, 514, 508, 514, 536, 506, 534, 519, 552, 551, 579, 567, 541, 524, 543, 529, 499, 606, 581, 563, 550, 532, 532, 522, 516, 516, 525, 513, 534, 544, 564, 537, 521, 525, 509, 532, 532, 540, 532, 543, 521, 537, 549, 548, 525, 517, 521, 520, 521, 513, 518, 532, 536, 524, 530, 554, 531, 542, 532, 538, 543, 545, 565, 550, 545, 552, 556, 553, 499, 589, 549, 579, 492, 594, 598, 544, 559, 563, 543, 533, 528, 556, 578, 554, 556, 557, 567, 553, 583, 573, 560, 564, 578, 585, 565, 548, 547, 528, 532, 534, 545, 523, 547, 543, 575, 574, 549, 540, 542, 533, 526, 544, 523, 529, 530, 529, 563, 540, 512, 543, 535, 527, 549, 525, 546, 535, 524, 547, 548, 531, 532, 607, 531, 530, 529, 526, 518, 581, 554, 569, 546, 529, 552, 542, 532, 530, 532, 529, 539, 552, 541, 541, 538, 532, 538, 572, 545, 525, 529, 543, 548, 556, 534, 527, 565, 528, 613, 555, 481, 596, 630, 673, 591, 554, 536, 550, 508, 518, 571, 602, 586, 588, 565, 531, 508, 554, 519, 523, 518, 517, 516, 527, 531, 524, 526, 522], "WindowCenter": [317.0, 313.0, 306.0, 303.0, 305.0, 305.0, 303.0, 303.0, 303.0, 303.0, 304.0, 303.0, 306.0, 305.0, 307.0, 300.0, 302.0, 303.0, 304.0, 303.0, 304.0, 304.0, 304.0, 304.0, 305.0, 304.0, 304.0, 306.0, 305.0, 305.0, 305.0, 307.0, 305.0, 305.0, 304.0, 305.0, 305.0, 305.0, 305.0, 305.0, 305.0, 304.0, 303.0, 304.0, 306.0, 305.0, 304.0, 306.0, 304.0, 307.0, 304.0, 303.0, 303.0, 303.0, 303.0, 304.0, 303.0, 304.0, 303.0, 303.0, 304.0, 303.0, 305.0, 305.0, 305.0, 306.0, 303.0, 303.0, 304.0, 302.0, 305.0, 306.0, 305.0, 303.0, 302.0, 304.0, 304.0, 305.0, 305.0, 305.0, 305.0, 305.0, 306.0, 306.0, 308.0, 306.0, 304.0, 304.0, 305.0, 304.0, 305.0, 305.0, 304.0, 306.0, 305.0, 305.0, 304.0, 304.0, 304.0, 306.0, 306.0, 306.0, 305.0, 307.0, 306.0, 306.0, 309.0, 306.0, 306.0, 306.0, 300.0, 301.0, 301.0, 303.0, 305.0, 303.0, 303.0, 304.0, 308.0, 303.0, 304.0, 306.0, 305.0, 307.0, 309.0, 307.0, 306.0, 304.0, 303.0, 309.0, 305.0, 304.0, 304.0, 304.0, 304.0, 305.0, 305.0, 305.0, 306.0, 306.0, 306.0, 306.0, 307.0, 304.0, 304.0, 303.0, 303.0, 303.0, 303.0, 302.0, 301.0, 301.0, 302.0, 302.0, 302.0, 304.0, 304.0, 305.0, 306.0, 306.0, 305.0, 304.0, 306.0, 308.0, 306.0, 307.0, 304.0, 305.0, 309.0, 307.0, 305.0, 304.0, 303.0, 304.0, 301.0, 293.0, 305.0, 303.0, 301.0, 302.0, 302.0, 302.0, 304.0, 305.0, 305.0, 306.0, 307.0, 307.0, 306.0, 304.0, 303.0, 302.0, 301.0, 300.0, 303.0, 302.0, 303.0, 303.0, 302.0, 304.0, 303.0, 305.0, 304.0, 302.0, 303.0, 303.0, 303.0, 303.0, 304.0, 304.0, 304.0, 307.0, 305.0, 304.0, 305.0, 303.0, 303.0, 304.0, 303.0, 303.0, 303.0, 304.0, 304.0, 303.0, 304.0, 304.0, 304.0, 304.0, 302.0, 310.0, 305.0, 297.0, 299.0, 304.0, 303.0, 304.0, 303.0, 306.0, 304.0, 303.0, 303.0, 305.0, 303.0, 305.0, 304.0, 302.0, 305.0, 303.0, 302.0, 301.0, 302.0, 303.0, 303.0, 302.0, 304.0, 303.0, 303.0, 304.0, 303.0, 303.0, 303.0, 309.0, 306.0, 306.0, 305.0, 305.0, 305.0, 304.0, 305.0, 303.0, 307.0, 304.0, 304.0, 303.0, 304.0, 312.0, 306.0, 300.0, 304.0, 301.0, 300.0, 302.0, 301.0, 303.0, 303.0, 303.0, 300.0, 303.0, 302.0, 305.0, 305.0, 302.0, 306.0, 305.0, 304.0, 303.0, 308.0, 300.0, 303.0, 302.0, 300.0, 303.0, 302.0, 304.0, 302.0, 303.0, 303.0, 305.0, 306.0, 306.0, 306.0, 306.0, 306.0, 306.0, 311.0, 306.0, 305.0, 304.0, 303.0, 303.0, 302.0, 305.0, 296.0, 301.0, 294.0, 306.0, 304.0, 293.0, 296.0, 305.0, 307.0, 304.0, 304.0, 303.0, 296.0, 285.0, 294.0, 303.0, 298.0, 312.0, 307.0, 306.0, 304.0, 305.0, 305.0, 303.0, 303.0, 302.0, 303.0, 303.0, 304.0, 304.0, 303.0, 304.0, 303.0], "WindowWidth": [688.0, 679.0, 665.0, 660.0, 665.0, 664.0, 660.0, 659.0, 659.0, 659.0, 662.0, 660.0, 665.0, 664.0, 667.0, 654.0, 658.0, 660.0, 661.0, 660.0, 661.0, 662.0, 662.0, 662.0, 663.0, 661.0, 662.0, 665.0, 663.0, 664.0, 663.0, 666.0, 663.0, 664.0, 663.0, 665.0, 663.0, 663.0, 664.0, 663.0, 664.0, 662.0, 660.0, 662.0, 665.0, 663.0, 662.0, 666.0, 662.0, 668.0, 662.0, 661.0, 661.0, 660.0, 661.0, 661.0, 660.0, 662.0, 661.0, 661.0, 662.0, 660.0, 663.0, 664.0, 663.0, 665.0, 660.0, 661.0, 661.0, 659.0, 663.0, 666.0, 665.0, 660.0, 659.0, 662.0, 662.0, 663.0, 665.0, 663.0, 664.0, 665.0, 665.0, 665.0, 670.0, 665.0, 663.0, 662.0, 663.0, 662.0, 663.0, 665.0, 662.0, 667.0, 664.0, 663.0, 662.0, 662.0, 662.0, 666.0, 666.0, 665.0, 664.0, 668.0, 665.0, 665.0, 672.0, 666.0, 666.0, 666.0, 654.0, 656.0, 657.0, 660.0, 664.0, 660.0, 660.0, 662.0, 669.0, 661.0, 663.0, 665.0, 664.0, 669.0, 671.0, 668.0, 665.0, 662.0, 660.0, 673.0, 664.0, 663.0, 662.0, 662.0, 663.0, 665.0, 663.0, 664.0, 665.0, 666.0, 665.0, 666.0, 667.0, 662.0, 663.0, 660.0, 660.0, 660.0, 660.0, 658.0, 656.0, 657.0, 658.0, 659.0, 659.0, 662.0, 662.0, 663.0, 666.0, 666.0, 664.0, 662.0, 665.0, 669.0, 667.0, 667.0, 663.0, 663.0, 672.0, 667.0, 665.0, 662.0, 661.0, 663.0, 656.0, 641.0, 664.0, 660.0, 658.0, 658.0, 658.0, 659.0, 662.0, 663.0, 665.0, 666.0, 667.0, 668.0, 666.0, 663.0, 660.0, 658.0, 657.0, 655.0, 661.0, 658.0, 661.0, 660.0, 658.0, 663.0, 661.0, 664.0, 663.0, 659.0, 661.0, 661.0, 660.0, 661.0, 662.0, 662.0, 663.0, 668.0, 664.0, 663.0, 664.0, 661.0, 660.0, 662.0, 661.0, 661.0, 660.0, 662.0, 662.0, 661.0, 661.0, 662.0, 662.0, 662.0, 660.0, 673.0, 664.0, 649.0, 653.0, 662.0, 660.0, 662.0, 660.0, 666.0, 663.0, 660.0, 661.0, 665.0, 661.0, 665.0, 662.0, 658.0, 664.0, 660.0, 658.0, 656.0, 658.0, 661.0, 661.0, 658.0, 662.0, 660.0, 660.0, 661.0, 660.0, 661.0, 661.0, 672.0, 667.0, 665.0, 664.0, 665.0, 663.0, 663.0, 663.0, 661.0, 669.0, 662.0, 662.0, 661.0, 662.0, 677.0, 667.0, 654.0, 663.0, 657.0, 654.0, 658.0, 657.0, 660.0, 661.0, 660.0, 655.0, 660.0, 659.0, 664.0, 664.0, 659.0, 665.0, 664.0, 663.0, 660.0, 670.0, 655.0, 661.0, 658.0, 655.0, 660.0, 658.0, 662.0, 658.0, 660.0, 661.0, 665.0, 667.0, 666.0, 667.0, 667.0, 667.0, 667.0, 675.0, 667.0, 665.0, 663.0, 662.0, 661.0, 660.0, 664.0, 647.0, 657.0, 644.0, 666.0, 662.0, 641.0, 648.0, 664.0, 668.0, 663.0, 661.0, 660.0, 647.0, 624.0, 642.0, 660.0, 651.0, 678.0, 668.0, 666.0, 661.0, 663.0, 663.0, 659.0, 660.0, 659.0, 660.0, 660.0, 661.0, 662.0, 661.0, 661.0, 660.0]}, "slices": {}}, "EventTimestamp": "13-15-28"}