{"AcquisitionMatrixPE": 64, "AcquisitionNumber": 1, "AcquisitionTime": "12:44:17.780000", "BandwidthPerPixelPhaseEncode": 28.935, "BaseResolution": 64, "BodyPartExamined": "BRAIN", "CoilCombinationMethod": "Sum of Squares", "ConsistencyInfo": "N4_VE11E_LATEST_20181129", "ConversionSoftware": "dcm2niix", "ConversionSoftwareVersion": "v1.0.20230411", "DerivedVendorReportedEchoSpacing": 0.000540003, "DeviceSerialNumber": "166182", "DwellTime": 3.4e-06, "EchoTime": 0.032, "EchoTrainLength": 64, "EffectiveEchoSpacing": 0.000540003, "FlipAngle": 40, "HeudiconvVersion": "0.13.1", "ImageOrientationPatientDICOM": [0.996512, -0.0218628, -0.0805373, 0.021744, 0.999761, -0.00235167], "ImageOrientationText": "Tra>Sag(-4.6)>Cor(-0.0)", "ImageType": ["ORIGINAL", "PRIMARY", "M", "ND", "NORM", "MOSAIC"], "ImagingFrequency": 123.256185, "InPlanePhaseEncodingDirectionDICOM": "COL", "InstitutionAddress": "PEARSE STREET .,City,District,IE,D2", "InstitutionName": "TCIN", "InstitutionalDepartmentName": "MRI", "MRAcquisitionType": "2D", "MagneticFieldStrength": 3, "Manufacturer": "Siemens", "ManufacturersModelName": "Prisma", "Modality": "MR", "MultibandAccelerationFactor": 4, "NonlinearGradientCorrection": false, "PartialFourier": 1, "PatientPosition": "HFS", "PercentPhaseFOV": 100, "PercentSampling": 100, "PhaseEncodingDirection": "j-", "PhaseEncodingSteps": 64, "PhaseResolution": 1, "PixelBandwidth": 2300, "ProcedureStepDescription": "Rhodri^Head BOLD", "ProtocolName": "cmrr_mbep2d_Pictures_AP_RDS", "PulseSequenceDetails": "%SiemensSeq%\\ep2d_bold", "ReceiveCoilActiveElements": "HC2,4,6,7;SC", "ReceiveCoilName": "SpecialPurpose_4", "ReconMatrixPE": 64, "RefLinesPE": 12, "RepetitionTime": 0.61, "SAR": 0.357561, "ScanOptions": "FS", "ScanningSequence": "EP", "SequenceName": "*epfid2d1_64", "SequenceVariant": "SK", "SeriesDescription": "cmrr_mbep2d_Pictures_AP_RDS", "SeriesNumber": 8, "ShimSetting": [-3727, -7421, 3811, 800, 205, 54, -128, -144], "SliceThickness": 3, "SliceTiming": [0.26, 0, 0.3275, 0.065, 0.3925, 0.13, 0.4575, 0.195, 0.5225, 0.26, 0, 0.3275, 0.065, 0.3925, 0.13, 0.4575, 0.195, 0.5225, 0.26, 0, 0.3275, 0.065, 0.3925, 0.13, 0.4575, 0.195, 0.5225, 0.26, 0, 0.3275, 0.065, 0.3925, 0.13, 0.4575, 0.195, 0.5225], "SoftwareVersions": "syngo MR E11", "SpacingBetweenSlices": 3.3, "StationName": "AWP166182", "TaskName": "pictures", "TotalReadoutTime": 0.0340202, "TxRefAmp": 248.59, "dcmmeta_affine": [[-2.989535331726074, 0.06523206830024719, -0.2658793032169342, 98.16734313964844], [0.06558840721845627, 2.9992823600769043, -0.00195447844453156, -108.79739379882812], [-0.2416120022535324, 0.007055025082081556, 3.289271116256714, -91.13980102539062], [0.0, 0.0, 0.0, 1.0]], "dcmmeta_reorient_transform": [[0.0, -1.0, 0.0, 63.0], [1.0, 0.0, 0.0, 0.0], [0.0, 0.0, 1.0, 0.0], [0.0, 0.0, 0.0, 1.0]], "dcmmeta_shape": [64, 64, 36, 510], "dcmmeta_slice_dim": 2, "dcmmeta_version": 0.6, "global": {"const": {"AcquisitionMatrix": [64, 0, 0, 64], "AngioFlag": "N", "BitsAllocated": 16, "BitsStored": 12, "BodyPartExamined": "BRAIN", "Columns": 384, "EchoNumbers": 1, "EchoTime": 32.0, "EchoTrainLength": 64, "FlipAngle": 40.0, "HighBit": 11, "ImageOrientationPatient": [0.99651179412874, -0.0218628033809, -0.0805373329001, 0.02174402390832, 0.99976080491743, -0.0023516749629], "ImagePositionPatient": [-591.03975380775, -549.54844180956, -50.908610914271], "ImageType": ["ORIGINAL", "PRIMARY", "M", "ND", "NORM", "MOSAIC"], "ImagedNucleus": "1H", "ImagingFrequency": 123.256185, "InPlanePhaseEncodingDirection": "COL", "MRAcquisitionType": "2D", "MagneticFieldStrength": 3.0, "Manufacturer": "SIEMENS", "ManufacturerModelName": "Prisma", "Modality": "MR", "NumberOfAverages": 1.0, "NumberOfPhaseEncodingSteps": 64, "PercentPhaseFieldOfView": 100.0, "PercentSampling": 100.0, "PerformedProcedureStepStartTime": "121529.165000", "PhotometricInterpretation": "MONOCHROME2", "PixelBandwidth": 2300.0, "PixelRepresentation": 0, "PixelSpacing": [3.0, 3.0], "ProtocolName": "cmrr_mbep2d_Pictures_AP_RDS", "RepetitionTime": 610.0, "Rows": 384, "SAR": 0.35756119586522, "SamplesPerPixel": 1, "ScanOptions": "FS", "ScanningSequence": "EP", "SequenceName": "*epfid2d1_64", "SequenceVariant": "SK", "SeriesDescription": "cmrr_mbep2d_Pictures_AP_RDS", "SeriesNumber": 8, "SeriesTime": "124440.261000", "SliceLocation": -98.688344109672, "SliceThickness": 3.0, "SmallestImagePixelValue": 0, "SoftwareVersions": "syngo MR E11", "SpacingBetweenSlices": 3.3000001160071, "SpecificCharacterSet": "ISO_IR 100", "StudyID": "1", "StudyTime": "121529.046000", "TransmitCoilName": "Body", "VariableFlipAngleFlag": "N", "WindowCenterWidthExplanation": "Algo1"}, "slices": {}}, "time": {"samples": {"AcquisitionNumber": [1, 2, 3, 4, 5, 6, 7, 8, 9, 10, 11, 12, 13, 14, 15, 16, 17, 18, 19, 20, 21, 22, 23, 24, 25, 26, 27, 28, 29, 30, 31, 32, 33, 34, 35, 36, 37, 38, 39, 40, 41, 42, 43, 44, 45, 46, 47, 48, 49, 50, 51, 52, 53, 54, 55, 56, 57, 58, 59, 60, 61, 62, 63, 64, 65, 66, 67, 68, 69, 70, 71, 72, 73, 74, 75, 76, 77, 78, 79, 80, 81, 82, 83, 84, 85, 86, 87, 88, 89, 90, 91, 92, 93, 94, 95, 96, 97, 98, 99, 100, 101, 102, 103, 104, 105, 106, 107, 108, 109, 110, 111, 112, 113, 114, 115, 116, 117, 118, 119, 120, 121, 122, 123, 124, 125, 126, 127, 128, 129, 130, 131, 132, 133, 134, 135, 136, 137, 138, 139, 140, 141, 142, 143, 144, 145, 146, 147, 148, 149, 150, 151, 152, 153, 154, 155, 156, 157, 158, 159, 160, 161, 162, 163, 164, 165, 166, 167, 168, 169, 170, 171, 172, 173, 174, 175, 176, 177, 178, 179, 180, 181, 182, 183, 184, 185, 186, 187, 188, 189, 190, 191, 192, 193, 194, 195, 196, 197, 198, 199, 200, 201, 202, 203, 204, 205, 206, 207, 208, 209, 210, 211, 212, 213, 214, 215, 216, 217, 218, 219, 220, 221, 222, 223, 224, 225, 226, 227, 228, 229, 230, 231, 232, 233, 234, 235, 236, 237, 238, 239, 240, 241, 242, 243, 244, 245, 246, 247, 248, 249, 250, 251, 252, 253, 254, 255, 256, 257, 258, 259, 260, 261, 262, 263, 264, 265, 266, 267, 268, 269, 270, 271, 272, 273, 274, 275, 276, 277, 278, 279, 280, 281, 282, 283, 284, 285, 286, 287, 288, 289, 290, 291, 292, 293, 294, 295, 296, 297, 298, 299, 300, 301, 302, 303, 304, 305, 306, 307, 308, 309, 310, 311, 312, 313, 314, 315, 316, 317, 318, 319, 320, 321, 322, 323, 324, 325, 326, 327, 328, 329, 330, 331, 332, 333, 334, 335, 336, 337, 338, 339, 340, 341, 342, 343, 344, 345, 346, 347, 348, 349, 350, 351, 352, 353, 354, 355, 356, 357, 358, 359, 360, 361, 362, 363, 364, 365, 366, 367, 368, 369, 370, 371, 372, 373, 374, 375, 376, 377, 378, 379, 380, 381, 382, 383, 384, 385, 386, 387, 388, 389, 390, 391, 392, 393, 394, 395, 396, 397, 398, 399, 400, 401, 402, 403, 404, 405, 406, 407, 408, 409, 410, 411, 412, 413, 414, 415, 416, 417, 418, 419, 420, 421, 422, 423, 424, 425, 426, 427, 428, 429, 430, 431, 432, 433, 434, 435, 436, 437, 438, 439, 440, 441, 442, 443, 444, 445, 446, 447, 448, 449, 450, 451, 452, 453, 454, 455, 456, 457, 458, 459, 460, 461, 462, 463, 464, 465, 466, 467, 468, 469, 470, 471, 472, 473, 474, 475, 476, 477, 478, 479, 480, 481, 482, 483, 484, 485, 486, 487, 488, 489, 490, 491, 492, 493, 494, 495, 496, 497, 498, 499, 500, 501, 502, 503, 504, 505, 506, 507, 508, 509, 510], "AcquisitionTime": ["124417.780000", "124418.390000", "124419.000000", "124419.610000", "124420.220000", "124420.830000", "124421.440000", "124422.050000", "124422.660000", "124423.270000", "124423.880000", "124424.490000", "124425.100000", "124425.710000", "124426.320000", "124426.930000", "124427.540000", "124428.150000", "124428.760000", "124429.370000", "124429.980000", "124430.590000", "124431.200000", "124431.810000", "124432.420000", "124433.030000", "124433.640000", "124434.250000", "124434.860000", "124435.470000", "124436.080000", "124436.690000", "124437.300000", "124437.910000", "124438.520000", "124439.130000", "124439.740000", "124440.350000", "124440.960000", "124441.570000", "124442.180000", "124442.790000", "124443.400000", "124444.010000", "124444.620000", "124445.230000", "124445.840000", "124446.450000", "124447.060000", "124447.670000", "124448.280000", "124448.890000", "124449.500000", "124450.110000", "124450.720000", "124451.330000", "124451.940000", "124452.550000", "124453.160000", "124453.770000", "124454.380000", "124454.990000", "124455.600000", "124456.210000", "124456.820000", "124457.430000", "124458.040000", "124458.650000", "124459.260000", "124459.870000", "124500.480000", "124501.090000", "124501.700000", "124502.310000", "124502.920000", "124503.530000", "124504.140000", "124504.750000", "124505.360000", "124505.970000", "124506.580000", "124507.190000", "124507.800000", "124508.410000", "124509.020000", "124509.630000", "124510.240000", "124510.850000", "124511.460000", "124512.070000", "124512.680000", "124513.290000", "124513.900000", "124514.510000", "124515.120000", "124515.730000", "124516.340000", "124516.950000", "124517.560000", "124518.170000", "124518.780000", "124519.390000", "124520.000000", "124520.610000", "124521.220000", "124521.830000", "124522.440000", "124523.050000", "124523.660000", "124524.270000", "124524.880000", "124525.490000", "124526.100000", "124526.710000", "124527.320000", "124527.930000", "124528.540000", "124529.150000", "124529.760000", "124530.370000", "124530.980000", "124531.590000", "124532.200000", "124532.810000", "124533.420000", "124534.030000", "124534.640000", "124535.250000", "124535.860000", "124536.470000", "124537.080000", "124537.690000", "124538.300000", "124538.910000", "124539.520000", "124540.130000", "124540.740000", "124541.350000", "124541.960000", "124542.570000", "124543.180000", "124543.790000", "124544.400000", "124545.010000", "124545.620000", "124546.230000", "124546.840000", "124547.450000", "124548.060000", "124548.670000", "124549.280000", "124549.890000", "124550.500000", "124551.110000", "124551.720000", "124552.330000", "124552.940000", "124553.550000", "124554.160000", "124554.770000", "124555.380000", "124555.990000", "124556.600000", "124557.210000", "124557.820000", "124558.430000", "124559.040000", "124559.650000", "124600.260000", "124600.870000", "124601.480000", "124602.090000", "124602.700000", "124603.310000", "124603.920000", "124604.530000", "124605.140000", "124605.750000", "124606.360000", "124606.970000", "124607.580000", "124608.190000", "124608.800000", "124609.410000", "124610.020000", "124610.630000", "124611.240000", "124611.850000", "124612.460000", "124613.070000", "124613.680000", "124614.290000", "124614.900000", "124615.510000", "124616.120000", "124616.730000", "124617.340000", "124617.950000", "124618.560000", "124619.170000", "124619.780000", "124620.390000", "124621.000000", "124621.610000", "124622.220000", "124622.830000", "124623.440000", "124624.050000", "124624.660000", "124625.270000", "124625.880000", "124626.490000", "124627.100000", "124627.710000", "124628.320000", "124628.930000", "124629.540000", "124630.150000", "124630.760000", "124631.370000", "124631.980000", "124632.590000", "124633.200000", "124633.810000", "124634.420000", "124635.030000", "124635.640000", "124636.250000", "124636.860000", "124637.470000", "124638.080000", "124638.690000", "124639.300000", "124639.910000", "124640.520000", "124641.130000", "124641.740000", "124642.350000", "124642.960000", "124643.570000", "124644.180000", "124644.790000", "124645.400000", "124646.010000", "124646.620000", "124647.230000", "124647.840000", "124648.450000", "124649.060000", "124649.670000", "124650.280000", "124650.890000", "124651.500000", "124652.110000", "124652.720000", "124653.330000", "124653.940000", "124654.550000", "124655.160000", "124655.770000", "124656.380000", "124656.990000", "124657.600000", "124658.210000", "124658.820000", "124659.430000", "124700.040000", "124700.650000", "124701.260000", "124701.870000", "124702.480000", "124703.090000", "124703.700000", "124704.310000", "124704.920000", "124705.530000", "124706.140000", "124706.750000", "124707.360000", "124707.970000", "124708.580000", "124709.190000", "124709.800000", "124710.410000", "124711.020000", "124711.630000", "124712.240000", "124712.850000", "124713.460000", "124714.070000", "124714.680000", "124715.290000", "124715.900000", "124716.510000", "124717.120000", "124717.730000", "124718.340000", "124718.950000", "124719.560000", "124720.170000", "124720.780000", "124721.390000", "124722.000000", "124722.610000", "124723.220000", "124723.830000", "124724.440000", "124725.050000", "124725.660000", "124726.270000", "124726.880000", "124727.490000", "124728.100000", "124728.710000", "124729.320000", "124729.930000", "124730.540000", "124731.150000", "124731.760000", "124732.370000", "124732.980000", "124733.590000", "124734.200000", "124734.810000", "124735.420000", "124736.030000", "124736.640000", "124737.250000", "124737.860000", "124738.470000", "124739.080000", "124739.690000", "124740.300000", "124740.910000", "124741.520000", "124742.130000", "124742.740000", "124743.350000", "124743.960000", "124744.570000", "124745.180000", "124745.790000", "124746.400000", "124747.010000", "124747.620000", "124748.230000", "124748.840000", "124749.450000", "124750.060000", "124750.670000", "124751.280000", "124751.890000", "124752.500000", "124753.110000", "124753.720000", "124754.330000", "124754.940000", "124755.550000", "124756.160000", "124756.770000", "124757.380000", "124757.990000", "124758.600000", "124759.210000", "124759.820000", "124800.430000", "124801.040000", "124801.650000", "124802.260000", "124802.870000", "124803.480000", "124804.090000", "124804.700000", "124805.310000", "124805.920000", "124806.530000", "124807.140000", "124807.750000", "124808.360000", "124808.970000", "124809.580000", "124810.190000", "124810.800000", "124811.410000", "124812.020000", "124812.630000", "124813.240000", "124813.850000", "124814.460000", "124815.070000", "124815.680000", "124816.290000", "124816.900000", "124817.510000", "124818.120000", "124818.730000", "124819.340000", "124819.950000", "124820.560000", "124821.170000", "124821.780000", "124822.390000", "124823.000000", "124823.610000", "124824.220000", "124824.830000", "124825.440000", "124826.050000", "124826.660000", "124827.270000", "124827.880000", "124828.490000", "124829.100000", "124829.710000", "124830.320000", "124830.930000", "124831.540000", "124832.150000", "124832.760000", "124833.370000", "124833.980000", "124834.590000", "124835.200000", "124835.810000", "124836.420000", "124837.030000", "124837.640000", "124838.250000", "124838.860000", "124839.470000", "124840.080000", "124840.690000", "124841.300000", "124841.910000", "124842.520000", "124843.130000", "124843.740000", "124844.350000", "124844.960000", "124845.570000", "124846.180000", "124846.790000", "124847.400000", "124848.010000", "124848.620000", "124849.230000", "124849.840000", "124850.450000", "124851.060000", "124851.670000", "124852.280000", "124852.890000", "124853.500000", "124854.110000", "124854.720000", "124855.330000", "124855.940000", "124856.550000", "124857.160000", "124857.770000", "124858.380000", "124858.990000", "124859.600000", "124900.210000", "124900.820000", "124901.430000", "124902.040000", "124902.650000", "124903.260000", "124903.870000", "124904.480000", "124905.090000", "124905.700000", "124906.310000", "124906.920000", "124907.530000", "124908.140000", "124908.750000", "124909.360000", "124909.970000", "124910.580000", "124911.190000", "124911.800000", "124912.410000", "124913.020000", "124913.630000", "124914.240000", "124914.850000", "124915.460000", "124916.070000", "124916.680000", "124917.290000", "124917.900000", "124918.510000", "124919.120000", "124919.730000", "124920.340000", "124920.950000", "124921.560000", "124922.170000", "124922.780000", "124923.390000", "124924.000000", "124924.610000", "124925.220000", "124925.830000", "124926.440000", "124927.050000", "124927.660000", "124928.270000"], "ContentTime": ["124440.264000", "124440.267000", "124440.270000", "124440.272000", "124440.275000", "124440.277000", "124440.280000", "124440.282000", "124440.285000", "124440.287000", "124440.290000", "124440.292000", "124440.295000", "124440.297000", "124440.299000", "124440.308000", "124440.311000", "124440.313000", "124440.316000", "124440.318000", "124440.320000", "124440.323000", "124440.325000", "124440.328000", "124440.330000", "124440.332000", "124440.335000", "124440.338000", "124440.340000", "124440.342000", "124440.345000", "124440.347000", "124440.349000", "124440.352000", "124440.354000", "124440.357000", "124500.258000", "124500.261000", "124500.263000", "124500.265000", "124500.268000", "124500.270000", "124500.273000", "124500.282000", "124500.284000", "124500.287000", "124500.289000", "124500.292000", "124500.294000", "124500.297000", "124500.299000", "124500.301000", "124500.304000", "124500.306000", "124500.309000", "124500.311000", "124500.313000", "124500.316000", "124500.318000", "124500.321000", "124500.323000", "124500.325000", "124500.328000", "124500.330000", "124500.333000", "124500.335000", "124500.337000", "124500.340000", "124500.342000", "124520.258000", "124520.261000", "124520.263000", "124520.267000", "124520.270000", "124520.272000", "124520.275000", "124520.277000", "124520.280000", "124520.296000", "124520.298000", "124520.306000", "124520.308000", "124520.310000", "124520.313000", "124520.315000", "124520.318000", "124520.320000", "124520.322000", "124520.325000", "124520.328000", "124520.330000", "124520.333000", "124520.335000", "124520.338000", "124520.340000", "124520.342000", "124520.345000", "124520.347000", "124520.350000", "124520.352000", "124520.354000", "124520.357000", "124540.259000", "124540.262000", "124540.264000", "124540.266000", "124540.269000", "124540.271000", "124540.274000", "124540.276000", "124540.278000", "124540.281000", "124540.283000", "124540.285000", "124540.288000", "124540.290000", "124540.293000", "124540.295000", "124540.298000", "124540.300000", "124540.302000", "124540.305000", "124540.307000", "124540.309000", "124540.312000", "124540.314000", "124540.316000", "124540.319000", "124540.321000", "124540.323000", "124540.326000", "124540.328000", "124540.330000", "124540.333000", "124540.335000", "124600.259000", "124600.262000", "124600.264000", "124600.267000", "124600.269000", "124600.271000", "124600.274000", "124600.276000", "124600.279000", "124600.281000", "124600.283000", "124600.286000", "124600.288000", "124600.290000", "124600.293000", "124600.295000", "124600.297000", "124600.300000", "124600.302000", "124600.304000", "124600.307000", "124600.309000", "124600.311000", "124600.314000", "124600.316000", "124600.319000", "124600.321000", "124600.323000", "124600.326000", "124600.328000", "124600.330000", "124600.333000", "124620.259000", "124620.262000", "124620.264000", "124620.267000", "124620.269000", "124620.277000", "124620.279000", "124620.281000", "124620.284000", "124620.286000", "124620.289000", "124620.291000", "124620.294000", "124620.296000", "124620.298000", "124620.301000", "124620.303000", "124620.306000", "124620.308000", "124620.310000", "124620.313000", "124620.315000", "124620.318000", "124620.320000", "124620.324000", "124620.327000", "124620.329000", "124620.331000", "124620.334000", "124620.336000", "124620.339000", "124620.341000", "124620.343000", "124640.259000", "124640.262000", "124640.264000", "124640.266000", "124640.269000", "124640.271000", "124640.274000", "124640.276000", "124640.278000", "124640.281000", "124640.283000", "124640.285000", "124640.288000", "124640.290000", "124640.292000", "124640.295000", "124640.297000", "124640.300000", "124640.302000", "124640.304000", "124640.307000", "124640.309000", "124640.311000", "124640.314000", "124640.316000", "124640.319000", "124640.321000", "124640.323000", "124640.326000", "124640.328000", "124640.331000", "124640.333000", "124640.336000", "124700.259000", "124700.262000", "124700.264000", "124700.267000", "124700.269000", "124700.271000", "124700.274000", "124700.276000", "124700.279000", "124700.281000", "124700.283000", "124700.286000", "124700.288000", "124700.290000", "124700.293000", "124700.295000", "124700.298000", "124700.300000", "124700.302000", "124700.305000", "124700.307000", "124700.309000", "124700.312000", "124700.314000", "124700.317000", "124700.319000", "124700.322000", "124700.324000", "124700.326000", "124700.329000", "124700.331000", "124700.333000", "124700.336000", "124720.258000", "124720.261000", "124720.263000", "124720.266000", "124720.269000", "124720.271000", "124720.274000", "124720.276000", "124720.278000", "124720.281000", "124720.283000", "124720.286000", "124720.288000", "124720.290000", "124720.293000", "124720.295000", "124720.298000", "124720.300000", "124720.302000", "124720.305000", "124720.307000", "124720.309000", "124720.312000", "124720.314000", "124720.317000", "124720.319000", "124720.321000", "124720.324000", "124720.326000", "124720.329000", "124720.331000", "124720.334000", "124740.258000", "124740.261000", "124740.263000", "124740.266000", "124740.268000", "124740.271000", "124740.273000", "124740.275000", "124740.278000", "124740.280000", "124740.282000", "124740.285000", "124740.289000", "124740.291000", "124740.294000", "124740.296000", "124740.298000", "124740.301000", "124740.303000", "124740.306000", "124740.308000", "124740.310000", "124740.313000", "124740.315000", "124740.318000", "124740.320000", "124740.323000", "124740.325000", "124740.327000", "124740.330000", "124740.332000", "124740.334000", "124740.337000", "124800.259000", "124800.262000", "124800.264000", "124800.267000", "124800.269000", "124800.271000", "124800.274000", "124800.276000", "124800.279000", "124800.281000", "124800.284000", "124800.286000", "124800.289000", "124800.291000", "124800.294000", "124800.296000", "124800.299000", "124800.301000", "124800.304000", "124800.306000", "124800.309000", "124800.311000", "124800.313000", "124800.316000", "124800.318000", "124800.321000", "124800.323000", "124800.326000", "124800.328000", "124800.331000", "124800.333000", "124800.336000", "124800.338000", "124820.259000", "124820.262000", "124820.264000", "124820.267000", "124820.269000", "124820.272000", "124820.274000", "124820.276000", "124820.279000", "124820.296000", "124820.299000", "124820.301000", "124820.304000", "124820.306000", "124820.309000", "124820.311000", "124820.314000", "124820.316000", "124820.318000", "124820.321000", "124820.323000", "124820.326000", "124820.328000", "124820.330000", "124820.333000", "124820.335000", "124820.338000", "124820.340000", "124820.342000", "124820.345000", "124820.347000", "124820.350000", "124820.352000", "124840.259000", "124840.262000", "124840.265000", "124840.267000", "124840.269000", "124840.272000", "124840.274000", "124840.277000", "124840.279000", "124840.282000", "124840.284000", "124840.286000", "124840.289000", "124840.291000", "124840.294000", "124840.296000", "124840.299000", "124840.301000", "124840.304000", "124840.306000", "124840.308000", "124840.311000", "124840.313000", "124840.316000", "124840.318000", "124840.320000", "124840.323000", "124840.325000", "124840.328000", "124840.330000", "124840.333000", "124840.335000", "124840.337000", "124900.259000", "124900.262000", "124900.264000", "124900.267000", "124900.269000", "124900.272000", "124900.274000", "124900.277000", "124900.279000", "124900.281000", "124900.284000", "124900.286000", "124900.288000", "124900.291000", "124900.293000", "124900.296000", "124900.298000", "124900.300000", "124900.303000", "124900.305000", "124900.308000", "124900.310000", "124900.312000", "124900.315000", "124900.317000", "124900.320000", "124900.322000", "124900.324000", "124900.327000", "124900.329000", "124900.332000", "124900.334000", "124920.258000", "124920.261000", "124920.263000", "124920.266000", "124920.268000", "124920.271000", "124920.273000", "124920.276000", "124920.278000", "124920.281000", "124920.283000", "124920.285000", "124920.288000", "124920.290000", "124920.293000", "124920.295000", "124920.298000", "124920.300000", "124920.303000", "124920.305000", "124920.307000", "124920.310000", "124920.312000", "124920.315000", "124920.317000", "124920.319000", "124920.322000", "124920.324000", "124920.327000", "124920.329000", "124920.332000", "124920.334000", "124920.337000", "124928.942000", "124928.945000", "124928.948000", "124928.950000", "124928.952000", "124928.955000", "124928.957000", "124928.960000", "124928.962000", "124928.964000", "124928.967000", "124928.969000", "124928.972000", "124928.974000", "124928.977000"], "InstanceCreationTime": ["124440.264000", "124440.267000", "124440.270000", "124440.272000", "124440.275000", "124440.277000", "124440.280000", "124440.282000", "124440.285000", "124440.287000", "124440.290000", "124440.292000", "124440.295000", "124440.297000", "124440.299000", "124440.308000", "124440.311000", "124440.313000", "124440.316000", "124440.318000", "124440.320000", "124440.323000", "124440.325000", "124440.328000", "124440.330000", "124440.332000", "124440.335000", "124440.338000", "124440.340000", "124440.342000", "124440.345000", "124440.347000", "124440.349000", "124440.352000", "124440.354000", "124440.357000", "124500.258000", "124500.261000", "124500.263000", "124500.265000", "124500.268000", "124500.270000", "124500.273000", "124500.282000", "124500.284000", "124500.287000", "124500.289000", "124500.292000", "124500.294000", "124500.297000", "124500.299000", "124500.301000", "124500.304000", "124500.306000", "124500.309000", "124500.311000", "124500.313000", "124500.316000", "124500.318000", "124500.321000", "124500.323000", "124500.325000", "124500.328000", "124500.330000", "124500.333000", "124500.335000", "124500.337000", "124500.340000", "124500.342000", "124520.258000", "124520.261000", "124520.263000", "124520.267000", "124520.270000", "124520.272000", "124520.275000", "124520.277000", "124520.280000", "124520.296000", "124520.298000", "124520.306000", "124520.308000", "124520.310000", "124520.313000", "124520.315000", "124520.318000", "124520.320000", "124520.322000", "124520.325000", "124520.328000", "124520.330000", "124520.333000", "124520.335000", "124520.338000", "124520.340000", "124520.342000", "124520.345000", "124520.347000", "124520.350000", "124520.352000", "124520.354000", "124520.357000", "124540.259000", "124540.262000", "124540.264000", "124540.266000", "124540.269000", "124540.271000", "124540.274000", "124540.276000", "124540.278000", "124540.281000", "124540.283000", "124540.285000", "124540.288000", "124540.290000", "124540.293000", "124540.295000", "124540.298000", "124540.300000", "124540.302000", "124540.305000", "124540.307000", "124540.309000", "124540.312000", "124540.314000", "124540.316000", "124540.319000", "124540.321000", "124540.323000", "124540.326000", "124540.328000", "124540.330000", "124540.333000", "124540.335000", "124600.259000", "124600.262000", "124600.264000", "124600.267000", "124600.269000", "124600.271000", "124600.274000", "124600.276000", "124600.279000", "124600.281000", "124600.283000", "124600.286000", "124600.288000", "124600.290000", "124600.293000", "124600.295000", "124600.297000", "124600.300000", "124600.302000", "124600.304000", "124600.307000", "124600.309000", "124600.311000", "124600.314000", "124600.316000", "124600.319000", "124600.321000", "124600.323000", "124600.326000", "124600.328000", "124600.330000", "124600.333000", "124620.259000", "124620.262000", "124620.264000", "124620.267000", "124620.269000", "124620.277000", "124620.279000", "124620.281000", "124620.284000", "124620.286000", "124620.289000", "124620.291000", "124620.294000", "124620.296000", "124620.298000", "124620.301000", "124620.303000", "124620.306000", "124620.308000", "124620.310000", "124620.313000", "124620.315000", "124620.318000", "124620.320000", "124620.324000", "124620.327000", "124620.329000", "124620.331000", "124620.334000", "124620.336000", "124620.339000", "124620.341000", "124620.343000", "124640.259000", "124640.262000", "124640.264000", "124640.266000", "124640.269000", "124640.271000", "124640.274000", "124640.276000", "124640.278000", "124640.281000", "124640.283000", "124640.285000", "124640.288000", "124640.290000", "124640.292000", "124640.295000", "124640.297000", "124640.300000", "124640.302000", "124640.304000", "124640.307000", "124640.309000", "124640.311000", "124640.314000", "124640.316000", "124640.319000", "124640.321000", "124640.323000", "124640.326000", "124640.328000", "124640.331000", "124640.333000", "124640.336000", "124700.259000", "124700.262000", "124700.264000", "124700.267000", "124700.269000", "124700.271000", "124700.274000", "124700.276000", "124700.279000", "124700.281000", "124700.283000", "124700.286000", "124700.288000", "124700.290000", "124700.293000", "124700.295000", "124700.298000", "124700.300000", "124700.302000", "124700.305000", "124700.307000", "124700.309000", "124700.312000", "124700.314000", "124700.317000", "124700.319000", "124700.322000", "124700.324000", "124700.326000", "124700.329000", "124700.331000", "124700.333000", "124700.336000", "124720.258000", "124720.261000", "124720.263000", "124720.266000", "124720.269000", "124720.271000", "124720.274000", "124720.276000", "124720.278000", "124720.281000", "124720.283000", "124720.286000", "124720.288000", "124720.290000", "124720.293000", "124720.295000", "124720.298000", "124720.300000", "124720.302000", "124720.305000", "124720.307000", "124720.309000", "124720.312000", "124720.314000", "124720.317000", "124720.319000", "124720.321000", "124720.324000", "124720.326000", "124720.329000", "124720.331000", "124720.334000", "124740.258000", "124740.261000", "124740.263000", "124740.266000", "124740.268000", "124740.271000", "124740.273000", "124740.275000", "124740.278000", "124740.280000", "124740.282000", "124740.285000", "124740.289000", "124740.291000", "124740.294000", "124740.296000", "124740.298000", "124740.301000", "124740.303000", "124740.306000", "124740.308000", "124740.310000", "124740.313000", "124740.315000", "124740.318000", "124740.320000", "124740.323000", "124740.325000", "124740.327000", "124740.330000", "124740.332000", "124740.334000", "124740.337000", "124800.259000", "124800.262000", "124800.264000", "124800.267000", "124800.269000", "124800.271000", "124800.274000", "124800.276000", "124800.279000", "124800.281000", "124800.284000", "124800.286000", "124800.289000", "124800.291000", "124800.294000", "124800.296000", "124800.299000", "124800.301000", "124800.304000", "124800.306000", "124800.309000", "124800.311000", "124800.313000", "124800.316000", "124800.318000", "124800.321000", "124800.323000", "124800.326000", "124800.328000", "124800.331000", "124800.333000", "124800.336000", "124800.338000", "124820.259000", "124820.262000", "124820.264000", "124820.267000", "124820.269000", "124820.272000", "124820.274000", "124820.276000", "124820.279000", "124820.296000", "124820.299000", "124820.301000", "124820.304000", "124820.306000", "124820.309000", "124820.311000", "124820.314000", "124820.316000", "124820.318000", "124820.321000", "124820.323000", "124820.326000", "124820.328000", "124820.330000", "124820.333000", "124820.335000", "124820.338000", "124820.340000", "124820.342000", "124820.345000", "124820.347000", "124820.350000", "124820.352000", "124840.259000", "124840.262000", "124840.265000", "124840.267000", "124840.269000", "124840.272000", "124840.274000", "124840.277000", "124840.279000", "124840.282000", "124840.284000", "124840.286000", "124840.289000", "124840.291000", "124840.294000", "124840.296000", "124840.299000", "124840.301000", "124840.304000", "124840.306000", "124840.308000", "124840.311000", "124840.313000", "124840.316000", "124840.318000", "124840.320000", "124840.323000", "124840.325000", "124840.328000", "124840.330000", "124840.333000", "124840.335000", "124840.337000", "124900.259000", "124900.262000", "124900.264000", "124900.267000", "124900.269000", "124900.272000", "124900.274000", "124900.277000", "124900.279000", "124900.281000", "124900.284000", "124900.286000", "124900.288000", "124900.291000", "124900.293000", "124900.296000", "124900.298000", "124900.300000", "124900.303000", "124900.305000", "124900.308000", "124900.310000", "124900.312000", "124900.315000", "124900.317000", "124900.320000", "124900.322000", "124900.324000", "124900.327000", "124900.329000", "124900.332000", "124900.334000", "124920.258000", "124920.261000", "124920.263000", "124920.266000", "124920.268000", "124920.271000", "124920.273000", "124920.276000", "124920.278000", "124920.281000", "124920.283000", "124920.285000", "124920.288000", "124920.290000", "124920.293000", "124920.295000", "124920.298000", "124920.300000", "124920.303000", "124920.305000", "124920.307000", "124920.310000", "124920.312000", "124920.315000", "124920.317000", "124920.319000", "124920.322000", "124920.324000", "124920.327000", "124920.329000", "124920.332000", "124920.334000", "124920.337000", "124928.942000", "124928.945000", "124928.948000", "124928.950000", "124928.952000", "124928.955000", "124928.957000", "124928.960000", "124928.962000", "124928.964000", "124928.967000", "124928.969000", "124928.972000", "124928.974000", "124928.977000"], "InstanceNumber": [1, 2, 3, 4, 5, 6, 7, 8, 9, 10, 11, 12, 13, 14, 15, 16, 17, 18, 19, 20, 21, 22, 23, 24, 25, 26, 27, 28, 29, 30, 31, 32, 33, 34, 35, 36, 37, 38, 39, 40, 41, 42, 43, 44, 45, 46, 47, 48, 49, 50, 51, 52, 53, 54, 55, 56, 57, 58, 59, 60, 61, 62, 63, 64, 65, 66, 67, 68, 69, 70, 71, 72, 73, 74, 75, 76, 77, 78, 79, 80, 81, 82, 83, 84, 85, 86, 87, 88, 89, 90, 91, 92, 93, 94, 95, 96, 97, 98, 99, 100, 101, 102, 103, 104, 105, 106, 107, 108, 109, 110, 111, 112, 113, 114, 115, 116, 117, 118, 119, 120, 121, 122, 123, 124, 125, 126, 127, 128, 129, 130, 131, 132, 133, 134, 135, 136, 137, 138, 139, 140, 141, 142, 143, 144, 145, 146, 147, 148, 149, 150, 151, 152, 153, 154, 155, 156, 157, 158, 159, 160, 161, 162, 163, 164, 165, 166, 167, 168, 169, 170, 171, 172, 173, 174, 175, 176, 177, 178, 179, 180, 181, 182, 183, 184, 185, 186, 187, 188, 189, 190, 191, 192, 193, 194, 195, 196, 197, 198, 199, 200, 201, 202, 203, 204, 205, 206, 207, 208, 209, 210, 211, 212, 213, 214, 215, 216, 217, 218, 219, 220, 221, 222, 223, 224, 225, 226, 227, 228, 229, 230, 231, 232, 233, 234, 235, 236, 237, 238, 239, 240, 241, 242, 243, 244, 245, 246, 247, 248, 249, 250, 251, 252, 253, 254, 255, 256, 257, 258, 259, 260, 261, 262, 263, 264, 265, 266, 267, 268, 269, 270, 271, 272, 273, 274, 275, 276, 277, 278, 279, 280, 281, 282, 283, 284, 285, 286, 287, 288, 289, 290, 291, 292, 293, 294, 295, 296, 297, 298, 299, 300, 301, 302, 303, 304, 305, 306, 307, 308, 309, 310, 311, 312, 313, 314, 315, 316, 317, 318, 319, 320, 321, 322, 323, 324, 325, 326, 327, 328, 329, 330, 331, 332, 333, 334, 335, 336, 337, 338, 339, 340, 341, 342, 343, 344, 345, 346, 347, 348, 349, 350, 351, 352, 353, 354, 355, 356, 357, 358, 359, 360, 361, 362, 363, 364, 365, 366, 367, 368, 369, 370, 371, 372, 373, 374, 375, 376, 377, 378, 379, 380, 381, 382, 383, 384, 385, 386, 387, 388, 389, 390, 391, 392, 393, 394, 395, 396, 397, 398, 399, 400, 401, 402, 403, 404, 405, 406, 407, 408, 409, 410, 411, 412, 413, 414, 415, 416, 417, 418, 419, 420, 421, 422, 423, 424, 425, 426, 427, 428, 429, 430, 431, 432, 433, 434, 435, 436, 437, 438, 439, 440, 441, 442, 443, 444, 445, 446, 447, 448, 449, 450, 451, 452, 453, 454, 455, 456, 457, 458, 459, 460, 461, 462, 463, 464, 465, 466, 467, 468, 469, 470, 471, 472, 473, 474, 475, 476, 477, 478, 479, 480, 481, 482, 483, 484, 485, 486, 487, 488, 489, 490, 491, 492, 493, 494, 495, 496, 497, 498, 499, 500, 501, 502, 503, 504, 505, 506, 507, 508, 509, 510], "LargestImagePixelValue": [503, 511, 483, 496, 555, 485, 481, 469, 468, 469, 489, 466, 467, 474, 489, 546, 482, 578, 486, 573, 479, 530, 486, 513, 520, 478, 556, 469, 533, 502, 503, 552, 506, 555, 478, 525, 549, 493, 595, 510, 516, 483, 482, 475, 474, 480, 474, 478, 475, 485, 472, 472, 477, 478, 502, 472, 477, 478, 477, 482, 476, 481, 480, 478, 483, 482, 503, 505, 481, 474, 473, 476, 472, 477, 474, 475, 483, 476, 479, 496, 479, 475, 476, 507, 485, 474, 491, 472, 527, 483, 473, 474, 474, 471, 474, 472, 470, 502, 473, 478, 472, 486, 480, 487, 477, 490, 474, 500, 475, 493, 477, 485, 478, 475, 502, 477, 504, 475, 481, 479, 500, 476, 474, 481, 476, 475, 478, 472, 497, 470, 520, 476, 489, 474, 504, 472, 497, 473, 476, 474, 477, 472, 479, 476, 480, 477, 475, 485, 481, 475, 477, 476, 483, 475, 499, 476, 489, 474, 483, 477, 477, 477, 499, 475, 519, 478, 521, 475, 523, 476, 508, 475, 488, 476, 480, 477, 478, 480, 476, 476, 476, 479, 479, 488, 478, 490, 479, 526, 476, 534, 476, 516, 477, 503, 474, 484, 476, 477, 477, 480, 478, 477, 482, 478, 540, 479, 503, 476, 479, 478, 479, 481, 477, 498, 478, 480, 479, 479, 476, 477, 514, 478, 479, 480, 477, 502, 476, 506, 480, 473, 547, 479, 483, 484, 487, 490, 482, 480, 487, 482, 512, 479, 484, 480, 484, 482, 484, 497, 484, 481, 483, 482, 482, 481, 502, 483, 484, 484, 485, 527, 483, 485, 483, 484, 484, 483, 530, 488, 482, 484, 486, 487, 485, 521, 484, 486, 485, 485, 517, 482, 482, 484, 482, 483, 482, 480, 482, 513, 483, 483, 481, 486, 483, 481, 507, 485, 490, 483, 482, 484, 484, 483, 481, 537, 481, 481, 482, 480, 511, 482, 483, 482, 482, 481, 479, 479, 480, 514, 482, 518, 483, 494, 480, 479, 481, 477, 481, 480, 521, 480, 487, 481, 484, 485, 479, 482, 482, 481, 481, 482, 516, 481, 483, 481, 481, 484, 482, 494, 483, 486, 484, 483, 501, 481, 483, 482, 486, 484, 485, 491, 481, 486, 483, 484, 489, 483, 485, 479, 482, 484, 483, 480, 479, 482, 481, 481, 481, 482, 482, 481, 482, 480, 483, 482, 479, 478, 479, 499, 487, 510, 479, 522, 476, 494, 476, 478, 480, 490, 476, 510, 479, 484, 480, 477, 475, 477, 496, 480, 517, 483, 482, 476, 475, 478, 479, 501, 478, 494, 482, 497, 481, 481, 480, 478, 476, 481, 491, 476, 477, 480, 481, 479, 480, 499, 484, 478, 490, 478, 537, 489, 484, 483, 479, 479, 484, 482, 496, 474, 480, 478, 481, 490, 476, 479, 477, 479, 494, 478, 482, 476, 481, 481, 478, 483, 484, 482, 482, 475, 474, 471, 469, 492, 471, 477, 473, 472, 472, 471, 481, 469, 473, 472, 472, 470, 471, 471, 471, 474, 473, 470, 474, 474, 471, 471, 476, 472, 475, 474, 470, 474, 473, 474, 473, 476, 474, 471, 477, 471, 478, 472], "WindowCenter": [308.0, 303.0, 300.0, 298.0, 302.0, 301.0, 300.0, 300.0, 299.0, 300.0, 301.0, 302.0, 301.0, 302.0, 302.0, 303.0, 302.0, 304.0, 301.0, 304.0, 301.0, 302.0, 303.0, 302.0, 302.0, 302.0, 302.0, 301.0, 303.0, 302.0, 303.0, 303.0, 303.0, 303.0, 303.0, 303.0, 302.0, 303.0, 305.0, 305.0, 302.0, 301.0, 300.0, 301.0, 301.0, 301.0, 302.0, 302.0, 303.0, 304.0, 303.0, 302.0, 303.0, 302.0, 301.0, 301.0, 301.0, 302.0, 301.0, 302.0, 302.0, 303.0, 302.0, 302.0, 302.0, 302.0, 304.0, 305.0, 302.0, 301.0, 301.0, 301.0, 301.0, 301.0, 301.0, 301.0, 302.0, 302.0, 301.0, 301.0, 302.0, 302.0, 302.0, 302.0, 302.0, 301.0, 302.0, 302.0, 302.0, 302.0, 301.0, 301.0, 302.0, 302.0, 302.0, 302.0, 302.0, 302.0, 303.0, 302.0, 302.0, 303.0, 302.0, 302.0, 303.0, 303.0, 302.0, 303.0, 302.0, 302.0, 302.0, 303.0, 302.0, 303.0, 302.0, 303.0, 303.0, 303.0, 302.0, 303.0, 303.0, 303.0, 303.0, 304.0, 303.0, 303.0, 302.0, 303.0, 303.0, 302.0, 303.0, 302.0, 302.0, 302.0, 303.0, 301.0, 303.0, 302.0, 302.0, 302.0, 302.0, 302.0, 302.0, 302.0, 302.0, 302.0, 302.0, 303.0, 302.0, 302.0, 302.0, 301.0, 302.0, 302.0, 302.0, 302.0, 302.0, 301.0, 302.0, 302.0, 302.0, 302.0, 302.0, 302.0, 304.0, 303.0, 303.0, 302.0, 302.0, 302.0, 302.0, 302.0, 302.0, 302.0, 302.0, 302.0, 302.0, 302.0, 302.0, 302.0, 302.0, 302.0, 302.0, 302.0, 302.0, 302.0, 302.0, 303.0, 301.0, 303.0, 302.0, 302.0, 302.0, 302.0, 302.0, 302.0, 302.0, 302.0, 302.0, 303.0, 303.0, 302.0, 302.0, 302.0, 303.0, 303.0, 302.0, 301.0, 302.0, 302.0, 303.0, 302.0, 302.0, 302.0, 302.0, 302.0, 302.0, 303.0, 302.0, 302.0, 303.0, 302.0, 301.0, 302.0, 302.0, 303.0, 302.0, 302.0, 301.0, 301.0, 303.0, 302.0, 302.0, 301.0, 301.0, 301.0, 302.0, 302.0, 302.0, 302.0, 303.0, 302.0, 302.0, 302.0, 301.0, 302.0, 302.0, 302.0, 303.0, 302.0, 302.0, 302.0, 302.0, 302.0, 303.0, 302.0, 302.0, 302.0, 302.0, 303.0, 302.0, 303.0, 302.0, 302.0, 302.0, 302.0, 303.0, 302.0, 302.0, 302.0, 302.0, 302.0, 302.0, 302.0, 302.0, 301.0, 302.0, 302.0, 302.0, 301.0, 302.0, 302.0, 301.0, 302.0, 303.0, 302.0, 302.0, 303.0, 302.0, 302.0, 302.0, 302.0, 302.0, 302.0, 302.0, 303.0, 303.0, 302.0, 302.0, 302.0, 302.0, 302.0, 302.0, 303.0, 302.0, 302.0, 302.0, 301.0, 302.0, 302.0, 302.0, 302.0, 302.0, 302.0, 302.0, 303.0, 302.0, 303.0, 302.0, 302.0, 303.0, 302.0, 302.0, 302.0, 302.0, 301.0, 302.0, 302.0, 302.0, 301.0, 302.0, 302.0, 302.0, 302.0, 302.0, 302.0, 302.0, 302.0, 302.0, 302.0, 303.0, 302.0, 302.0, 302.0, 302.0, 302.0, 302.0, 302.0, 303.0, 302.0, 302.0, 302.0, 302.0, 302.0, 302.0, 302.0, 303.0, 302.0, 303.0, 303.0, 302.0, 302.0, 302.0, 303.0, 302.0, 303.0, 302.0, 302.0, 302.0, 303.0, 302.0, 302.0, 303.0, 303.0, 302.0, 302.0, 302.0, 302.0, 302.0, 302.0, 303.0, 304.0, 303.0, 303.0, 303.0, 302.0, 302.0, 302.0, 302.0, 302.0, 301.0, 304.0, 302.0, 302.0, 301.0, 301.0, 302.0, 301.0, 301.0, 301.0, 302.0, 301.0, 301.0, 302.0, 301.0, 301.0, 302.0, 302.0, 301.0, 302.0, 302.0, 302.0, 302.0, 302.0, 302.0, 302.0, 302.0, 301.0, 302.0, 301.0, 302.0, 301.0, 302.0, 302.0, 301.0, 302.0, 302.0, 301.0, 301.0, 302.0, 302.0, 302.0, 301.0, 302.0, 302.0, 302.0, 302.0, 301.0, 302.0, 302.0, 301.0, 301.0, 301.0, 301.0, 301.0, 301.0, 301.0, 302.0, 301.0, 301.0, 301.0, 301.0, 301.0, 302.0, 302.0, 302.0, 301.0, 302.0, 302.0, 302.0, 302.0, 302.0, 301.0, 302.0, 302.0, 302.0, 303.0, 302.0, 302.0, 303.0, 302.0, 302.0, 302.0, 302.0, 302.0, 302.0, 302.0, 302.0, 302.0, 302.0, 302.0, 302.0, 302.0, 302.0, 302.0, 302.0, 302.0, 303.0, 303.0, 301.0, 302.0, 302.0, 302.0, 302.0, 302.0, 302.0, 303.0, 302.0, 302.0, 303.0, 302.0, 303.0, 303.0, 302.0, 302.0, 303.0, 302.0, 303.0, 302.0, 303.0], "WindowWidth": [670.0, 659.0, 653.0, 650.0, 656.0, 655.0, 653.0, 654.0, 651.0, 653.0, 656.0, 657.0, 656.0, 657.0, 658.0, 658.0, 657.0, 660.0, 656.0, 661.0, 656.0, 657.0, 659.0, 657.0, 657.0, 657.0, 658.0, 656.0, 659.0, 658.0, 658.0, 659.0, 658.0, 659.0, 659.0, 658.0, 657.0, 658.0, 663.0, 664.0, 657.0, 655.0, 654.0, 655.0, 656.0, 656.0, 657.0, 658.0, 659.0, 662.0, 660.0, 658.0, 659.0, 657.0, 656.0, 655.0, 656.0, 657.0, 656.0, 658.0, 657.0, 659.0, 658.0, 657.0, 658.0, 658.0, 662.0, 664.0, 657.0, 656.0, 655.0, 656.0, 656.0, 656.0, 656.0, 657.0, 657.0, 658.0, 656.0, 656.0, 658.0, 657.0, 658.0, 657.0, 657.0, 656.0, 658.0, 658.0, 657.0, 657.0, 657.0, 656.0, 657.0, 657.0, 658.0, 658.0, 658.0, 658.0, 659.0, 658.0, 658.0, 659.0, 658.0, 657.0, 660.0, 660.0, 658.0, 659.0, 659.0, 659.0, 659.0, 659.0, 658.0, 659.0, 658.0, 660.0, 659.0, 660.0, 658.0, 659.0, 659.0, 660.0, 659.0, 661.0, 659.0, 659.0, 659.0, 659.0, 659.0, 657.0, 659.0, 658.0, 658.0, 658.0, 659.0, 656.0, 659.0, 657.0, 657.0, 658.0, 658.0, 658.0, 657.0, 658.0, 657.0, 658.0, 658.0, 660.0, 659.0, 657.0, 657.0, 657.0, 658.0, 657.0, 658.0, 657.0, 659.0, 656.0, 658.0, 657.0, 658.0, 658.0, 658.0, 657.0, 660.0, 659.0, 659.0, 658.0, 657.0, 657.0, 658.0, 658.0, 658.0, 658.0, 658.0, 658.0, 658.0, 658.0, 658.0, 658.0, 658.0, 657.0, 658.0, 659.0, 658.0, 658.0, 659.0, 659.0, 657.0, 659.0, 657.0, 657.0, 659.0, 658.0, 657.0, 658.0, 658.0, 658.0, 658.0, 660.0, 659.0, 659.0, 658.0, 659.0, 659.0, 659.0, 658.0, 657.0, 658.0, 658.0, 659.0, 658.0, 658.0, 657.0, 658.0, 658.0, 657.0, 659.0, 658.0, 659.0, 659.0, 658.0, 657.0, 657.0, 658.0, 659.0, 657.0, 658.0, 657.0, 657.0, 658.0, 657.0, 657.0, 657.0, 657.0, 656.0, 659.0, 658.0, 658.0, 657.0, 659.0, 657.0, 657.0, 657.0, 657.0, 658.0, 658.0, 658.0, 659.0, 658.0, 658.0, 658.0, 658.0, 658.0, 659.0, 658.0, 657.0, 658.0, 659.0, 659.0, 658.0, 659.0, 658.0, 659.0, 658.0, 659.0, 658.0, 658.0, 657.0, 657.0, 658.0, 657.0, 658.0, 657.0, 657.0, 657.0, 657.0, 657.0, 658.0, 657.0, 657.0, 657.0, 656.0, 658.0, 659.0, 658.0, 657.0, 659.0, 658.0, 658.0, 657.0, 658.0, 658.0, 658.0, 658.0, 660.0, 659.0, 658.0, 658.0, 659.0, 658.0, 658.0, 658.0, 659.0, 657.0, 657.0, 657.0, 657.0, 658.0, 658.0, 658.0, 658.0, 659.0, 658.0, 658.0, 659.0, 658.0, 659.0, 658.0, 658.0, 659.0, 658.0, 658.0, 659.0, 657.0, 657.0, 657.0, 657.0, 657.0, 657.0, 658.0, 658.0, 658.0, 658.0, 658.0, 658.0, 659.0, 658.0, 658.0, 658.0, 659.0, 658.0, 658.0, 659.0, 658.0, 658.0, 658.0, 658.0, 659.0, 657.0, 659.0, 658.0, 657.0, 657.0, 658.0, 658.0, 660.0, 657.0, 659.0, 659.0, 658.0, 658.0, 658.0, 660.0, 657.0, 659.0, 658.0, 659.0, 658.0, 659.0, 659.0, 658.0, 659.0, 659.0, 658.0, 658.0, 657.0, 658.0, 659.0, 658.0, 660.0, 661.0, 660.0, 660.0, 659.0, 659.0, 658.0, 658.0, 658.0, 658.0, 656.0, 660.0, 657.0, 658.0, 656.0, 656.0, 657.0, 655.0, 657.0, 656.0, 657.0, 655.0, 656.0, 657.0, 655.0, 656.0, 658.0, 657.0, 656.0, 658.0, 657.0, 657.0, 658.0, 657.0, 657.0, 658.0, 657.0, 656.0, 657.0, 656.0, 657.0, 656.0, 657.0, 657.0, 656.0, 657.0, 658.0, 655.0, 657.0, 657.0, 657.0, 657.0, 656.0, 657.0, 657.0, 657.0, 658.0, 655.0, 657.0, 657.0, 656.0, 656.0, 655.0, 656.0, 655.0, 655.0, 656.0, 657.0, 656.0, 656.0, 657.0, 656.0, 656.0, 657.0, 658.0, 658.0, 657.0, 658.0, 658.0, 657.0, 657.0, 657.0, 657.0, 659.0, 658.0, 657.0, 659.0, 658.0, 658.0, 659.0, 658.0, 658.0, 657.0, 658.0, 658.0, 657.0, 658.0, 658.0, 657.0, 657.0, 657.0, 657.0, 658.0, 657.0, 657.0, 657.0, 657.0, 660.0, 659.0, 657.0, 658.0, 658.0, 658.0, 659.0, 658.0, 658.0, 659.0, 658.0, 658.0, 660.0, 659.0, 659.0, 660.0, 659.0, 657.0, 659.0, 658.0, 659.0, 658.0, 659.0]}, "slices": {}}, "EventTimestamp": "12-46-53"}