{
    "AcquisitionMatrixPE": 64,
    "AcquisitionNumber": 1,
    "AcquisitionTime": "10:38:2.700000",
    "BandwidthPerPixelPhaseEncode": 28.935,
    "BaseResolution": 64,
    "BodyPartExamined": "BRAIN",
    "CoilString": "HC2_4_6_7;SC",
    "ConsistencyInfo": "N4_VE11E_LATEST_20181129",
    "ConversionSoftware": "dcm2niix",
    "ConversionSoftwareVersion": "v1.0.20190902",
    "DerivedVendorReportedEchoSpacing": 0.000540003,
    "DeviceSerialNumber": "166182",
    "DwellTime": 3.4e-06,
    "EchoTime": 0.032,
    "EchoTrainLength": 64,
    "EffectiveEchoSpacing": 0.000540003,
    "FlipAngle": 40,
    "ImageOrientationPatientDICOM": [
        0.994427,
        0.0427889,
        -0.096358,
        -0.0312511,
        0.992496,
        0.118215
    ],
    "ImageType": [
        "ORIGINAL",
        "PRIMARY",
        "M",
        "ND",
        "NORM",
        "MOSAIC"
    ],
    "ImagingFrequency": 123.257,
    "InPlanePhaseEncodingDirectionDICOM": "COL",
    "InstitutionAddress": "PEARSE_STREET_._City_District_IE_D2",
    "InstitutionName": "TCIN",
    "InstitutionalDepartmentName": "MRI",
    "MRAcquisitionType": "2D",
    "MagneticFieldStrength": 3,
    "Manufacturer": "Siemens",
    "ManufacturersModelName": "Prisma",
    "Modality": "MR",
    "MultibandAccelerationFactor": 4,
    "PartialFourier": 1,
    "PatientPosition": "HFS",
    "PercentPhaseFOV": 100,
    "PhaseEncodingDirection": "j-",
    "PhaseEncodingSteps": 64,
    "PhaseResolution": 1,
    "PixelBandwidth": 2300,
    "ProcedureStepDescription": "Rhodri_Head_BOLD",
    "ProtocolName": "cmrr_mbep2d_bold_Pictures_AP",
    "PulseSequenceDetails": "%SiemensSeq%_ep2d_bold",
    "ReceiveCoilActiveElements": "HC2,4,6,7;SC",
    "ReceiveCoilName": "HeadNeck_64",
    "ReconMatrixPE": 64,
    "RefLinesPE": 12,
    "RepetitionTime": 0.61,
    "SAR": 0.277354,
    "ScanOptions": "FS",
    "ScanningSequence": "EP",
    "SequenceName": "_epfid2d1_64",
    "SequenceVariant": "SK",
    "SeriesDescription": "cmrr_mbep2d_bold_Pictures_AP",
    "SeriesNumber": 10,
    "ShimSetting": [
        -3619,
        -7418,
        3750,
        1346,
        -139,
        -324,
        108,
        167
    ],
    "SliceThickness": 3,
    "SliceTiming": [
        0.2625,
        0,
        0.3275,
        0.065,
        0.3925,
        0.1325,
        0.46,
        0.1975,
        0.525,
        0.2625,
        0,
        0.3275,
        0.065,
        0.3925,
        0.1325,
        0.46,
        0.1975,
        0.525,
        0.2625,
        0,
        0.3275,
        0.065,
        0.3925,
        0.1325,
        0.46,
        0.1975,
        0.525,
        0.2625,
        0,
        0.3275,
        0.065,
        0.3925,
        0.1325,
        0.46,
        0.1975,
        0.525
    ],
    "SoftwareVersions": "syngo_MR_E11",
    "SpacingBetweenSlices": 3.3,
    "StationName": "AWP166182",
    "TaskName": "pictures",
    "TotalReadoutTime": 0.0340202,
    "TxRefAmp": 239.614,
    "dcmmeta_affine": [
        [
            -2.9832797050476074,
            -0.09375318139791489,
            -0.3322877585887909,
            104.11190795898438
        ],
        [
            -0.12836670875549316,
            2.9774885177612305,
            0.37799713015556335,
            -100.55998992919922
        ],
        [
            -0.2890741229057312,
            -0.35464420914649963,
            3.2613959312438965,
            -73.25306701660156
        ],
        [
            0.0,
            0.0,
            0.0,
            1.0
        ]
    ],
    "dcmmeta_reorient_transform": [
        [
            0.0,
            -1.0,
            0.0,
            63.0
        ],
        [
            1.0,
            0.0,
            0.0,
            0.0
        ],
        [
            0.0,
            0.0,
            1.0,
            0.0
        ],
        [
            0.0,
            0.0,
            0.0,
            1.0
        ]
    ],
    "dcmmeta_shape": [
        64,
        64,
        36,
        316
    ],
    "dcmmeta_slice_dim": 2,
    "dcmmeta_version": 0.6,
    "global": {
        "const": {
            "AcquisitionMatrix": [
                64,
                0,
                0,
                64
            ],
            "AngioFlag": "N",
            "BitsAllocated": 16,
            "BitsStored": 12,
            "BodyPartExamined": "BRAIN",
            "Columns": 384,
            "EchoNumbers": 1,
            "EchoTime": 32.0,
            "EchoTrainLength": 64,
            "FlipAngle": 40.0,
            "HighBit": 11,
            "ImageOrientationPatient": [
                0.99442658773025,
                0.04278890511935,
                -0.0963580365815,
                -0.0312510598987,
                0.99249617030247,
                0.1182147333886
            ],
            "ImagePositionPatient": [
                -560.52971176945,
                -583.95861906949,
                -106.08686336672
            ],
            "ImageType": [
                "ORIGINAL",
                "PRIMARY",
                "M",
                "ND",
                "NORM",
                "MOSAIC"
            ],
            "ImagedNucleus": "1H",
            "ImagingFrequency": 123.25703,
            "InPlanePhaseEncodingDirection": "COL",
            "MRAcquisitionType": "2D",
            "MagneticFieldStrength": 3.0,
            "Manufacturer": "SIEMENS",
            "ManufacturerModelName": "Prisma",
            "Modality": "MR",
            "NumberOfAverages": 1.0,
            "NumberOfPhaseEncodingSteps": 64,
            "PercentPhaseFieldOfView": 100.0,
            "PercentSampling": 100.0,
            "PerformedProcedureStepStartTime": "100957.476000",
            "PhotometricInterpretation": "MONOCHROME2",
            "PixelBandwidth": 2300.0,
            "PixelRepresentation": 0,
            "PixelSpacing": [
                3.0,
                3.0
            ],
            "ProtocolName": "cmrr_mbep2d_bold_Pictures_AP",
            "RepetitionTime": 610.0,
            "Rows": 384,
            "SAR": 0.27735433746174,
            "SamplesPerPixel": 1,
            "ScanOptions": "FS",
            "ScanningSequence": "EP",
            "SequenceName": "*epfid2d1_64",
            "SequenceVariant": "SK",
            "SeriesDescription": "cmrr_mbep2d_bold_Pictures_AP",
            "SeriesNumber": 10,
            "SeriesTime": "103822.112000",
            "SliceLocation": -94.398103873372,
            "SliceThickness": 3.0,
            "SmallestImagePixelValue": 0,
            "SoftwareVersions": "syngo MR E11",
            "SpacingBetweenSlices": 3.3000001048933,
            "SpecificCharacterSet": "ISO_IR 100",
            "StudyID": "1",
            "StudyTime": "100957.308000",
            "TransmitCoilName": "Body",
            "VariableFlipAngleFlag": "N",
            "WindowCenterWidthExplanation": "Algo1"
        },
