{"AcquisitionMatrixPE": 64, "AcquisitionNumber": 1, "AcquisitionTime": "09:58:17.685000", "BandwidthPerPixelPhaseEncode": 28.935, "BaseResolution": 64, "BodyPartExamined": "BRAIN", "CoilString": "HC2_4_6_7", "ConsistencyInfo": "N4_VE11E_LATEST_20181129", "ConversionSoftware": "dcm2niix", "ConversionSoftwareVersion": "v1.0.20190902", "DerivedVendorReportedEchoSpacing": 0.000540003, "DeviceSerialNumber": "166182", "DwellTime": 3.4e-06, "EchoTime": 0.032, "EchoTrainLength": 64, "EffectiveEchoSpacing": 0.000540003, "FlipAngle": 40, "ImageOrientationPatientDICOM": [0.998489, 0.00541547, 0.0546864, -0.00435676, 0.999801, -0.0194602], "ImageType": ["ORIGINAL", "PRIMARY", "M", "ND", "NORM", "MOSAIC"], "ImagingFrequency": 123.256, "InPlanePhaseEncodingDirectionDICOM": "COL", "InstitutionAddress": "PEARSE_STREET_._City_District_IE_D2", "InstitutionName": "TCIN", "InstitutionalDepartmentName": "MRI", "MRAcquisitionType": "2D", "MagneticFieldStrength": 3, "Manufacturer": "Siemens", "ManufacturersModelName": "Prisma", "Modality": "MR", "MultibandAccelerationFactor": 4, "PartialFourier": 1, "PatientPosition": "HFS", "PercentPhaseFOV": 100, "PhaseEncodingDirection": "j-", "PhaseEncodingSteps": 64, "PhaseResolution": 1, "PixelBandwidth": 2300, "ProcedureStepDescription": "Rhodri_Head_BOLD", "ProtocolName": "cmrr_mbep2d_Pictures_AP_RDS", "PulseSequenceDetails": "%SiemensSeq%_ep2d_bold", "ReceiveCoilActiveElements": "HC2,4,6,7", "ReceiveCoilName": "HeadNeck_64", "ReconMatrixPE": 64, "RefLinesPE": 12, "RepetitionTime": 0.61, "SAR": 0.264223, "ScanOptions": "FS", "ScanningSequence": "EP", "SequenceName": "_epfid2d1_64", "SequenceVariant": "SK", "SeriesDescription": "cmrr_mbep2d_Pictures_AP_RDS", "SeriesNumber": 11, "ShimSetting": [-3615, -7503, 3853, 797, -87, 324, 10, -47], "SliceThickness": 3, "SliceTiming": [0.2625, 0, 0.3275, 0.065, 0.3925, 0.13, 0.4575, 0.1975, 0.525, 0.2625, 0, 0.3275, 0.065, 0.3925, 0.13, 0.4575, 0.1975, 0.525, 0.2625, 0, 0.3275, 0.065, 0.3925, 0.13, 0.4575, 0.1975, 0.525, 0.2625, 0, 0.3275, 0.065, 0.3925, 0.13, 0.4575, 0.1975, 0.525], "SoftwareVersions": "syngo_MR_E11", "SpacingBetweenSlices": 3.3, "StationName": "AWP166182", "TaskName": "pictures", "TotalReadoutTime": 0.0340202, "TxRefAmp": 257.327, "dcmmeta_affine": [[-2.995466709136963, -0.013070294633507729, 0.18077710270881653, 95.46446990966797], [-0.016246400773525238, 2.999403476715088, -0.06333538144826889, -102.84868621826172], [0.16405928134918213, 0.0583806075155735, 3.294435977935791, -96.58712005615234], [0.0, 0.0, 0.0, 1.0]], "dcmmeta_reorient_transform": [[0.0, -1.0, 0.0, 63.0], [1.0, 0.0, 0.0, 0.0], [0.0, 0.0, 1.0, 0.0], [0.0, 0.0, 0.0, 1.0]], "dcmmeta_shape": [64, 64, 36, 80], "dcmmeta_slice_dim": 2, "dcmmeta_version": 0.6, "global": {"const": {"AcquisitionMatrix": [64, 0, 0, 64], "AngioFlag": "N", "BitsAllocated": 16, "BitsStored": 12, "BodyPartExamined": "BRAIN", "Columns": 384, "EchoNumbers": 1, "EchoTime": 32.0, "EchoTrainLength": 64, "FlipAngle": 40.0, "HighBit": 11, "ImageOrientationPatient": [0.99848889185295, 0.00541546722686, 0.05468642940423, -0.0043567648345, 0.9998011397782, -0.0194602029379], "ImagePositionPatient": [-571.82446469402, -568.61770070113, -109.81773411795], "ImageType": ["ORIGINAL", "PRIMARY", "M", "ND", "NORM", "MOSAIC"], "ImagedNucleus": "1H", "ImagingFrequency": 123.256199, "InPlanePhaseEncodingDirection": "COL", "MRAcquisitionType": "2D", "MagneticFieldStrength": 3.0, "Manufacturer": "SIEMENS", "ManufacturerModelName": "Prisma", "Modality": "MR", "NumberOfAverages": 1.0, "NumberOfPhaseEncodingSteps": 64, "PercentPhaseFieldOfView": 100.0, "PercentSampling": 100.0, "PerformedProcedureStepStartTime": "093825.908000", "PhotometricInterpretation": "MONOCHROME2", "PixelBandwidth": 2300.0, "PixelRepresentation": 0, "PixelSpacing": [3.0, 3.0], "ProtocolName": "cmrr_mbep2d_Pictures_AP_RDS", "RepetitionTime": 610.0, "Rows": 384, "SAR": 0.26422305540739, "SamplesPerPixel": 1, "ScanOptions": "FS", "ScanningSequence": "EP", "SequenceName": "*epfid2d1_64", "SequenceVariant": "SK", "SeriesDescription": "cmrr_mbep2d_Pictures_AP_RDS", "SeriesNumber": 11, "SeriesTime": "095840.260000", "SliceLocation": -89.220709577738, "SliceThickness": 3.0, "SmallestImagePixelValue": 0, "SoftwareVersions": "syngo MR E11", "SpacingBetweenSlices": 3.2999999266825, "SpecificCharacterSet": "ISO_IR 100", "StudyID": "1", "StudyTime": "093825.707000", "TransmitCoilName": "Body", "VariableFlipAngleFlag": "N", "WindowCenterWidthExplanation": "Algo1"}, "slices": {}}, "time": {"samples": {"AcquisitionNumber": [1, 2, 3, 4, 5, 6, 7, 8, 9, 10, 11, 12, 13, 14, 15, 16, 17, 18, 19, 20, 21, 22, 23, 24, 25, 26, 27, 28, 29, 30, 31, 32, 33, 34, 35, 36, 37, 38, 39, 40, 41, 42, 43, 44, 45, 46, 47, 48, 49, 50, 51, 52, 53, 54, 55, 56, 57, 58, 59, 60, 61, 62, 63, 64, 65, 66, 67, 68, 69, 70, 71, 72, 73, 74, 75, 76, 77, 78, 79, 80], "AcquisitionTime": ["095817.685000", "095818.295000", "095818.905000", "095819.515000", "095820.125000", "095820.735000", "095821.345000", "095821.955000", "095822.565000", "095823.175000", "095823.785000", "095824.395000", "095825.005000", "095825.615000", "095826.225000", "095826.835000", "095827.445000", "095828.055000", "095828.665000", "095829.275000", "095829.885000", "095830.495000", "095831.105000", "095831.715000", "095832.325000", "095832.935000", "095833.545000", "095834.155000", "095834.765000", "095835.375000", "095835.985000", "095836.595000", "095837.205000", "095837.815000", "095838.425000", "095839.035000", "095839.645000", "095840.255000", "095840.865000", "095841.475000", "095842.085000", "095842.695000", "095843.305000", "095843.915000", "095844.525000", "095845.135000", "095845.745000", "095846.355000", "095846.965000", "095847.575000", "095848.185000", "095848.795000", "095849.405000", "095850.015000", "095850.625000", "095851.235000", "095851.845000", "095852.455000", "095853.065000", "095853.675000", "095854.285000", "095854.895000", "095855.505000", "095856.115000", "095856.725000", "095857.335000", "095857.945000", "095858.555000", "095859.165000", "095859.775000", "095900.385000", "095900.995000", "095901.605000", "095902.215000", "095902.825000", "095903.435000", "095904.045000", "095904.655000", "095905.265000", "095905.875000"], "ContentTime": ["095840.263000", "095840.266000", "095840.268000", "095840.271000", "095840.273000", "095840.275000", "095840.278000", "095840.280000", "095840.282000", "095840.285000", "095840.287000", "095840.290000", "095840.292000", "095840.294000", "095840.297000", "095840.299000", "095840.301000", "095840.309000", "095840.311000", "095840.314000", "095840.316000", "095840.322000", "095840.325000", "095840.327000", "095840.329000", "095840.332000", "095840.334000", "095840.337000", "095840.339000", "095840.341000", "095840.344000", "095840.346000", "095840.349000", "095840.351000", "095840.353000", "095840.356000", "095900.259000", "095900.262000", "095900.264000", "095900.267000", "095900.269000", "095900.271000", "095900.274000", "095900.276000", "095900.278000", "095900.281000", "095900.283000", "095900.285000", "095900.288000", "095900.290000", "095900.294000", "095900.296000", "095900.299000", "095900.301000", "095900.304000", "095900.306000", "095900.308000", "095900.311000", "095900.313000", "095900.315000", "095900.318000", "095900.320000", "095900.322000", "095900.325000", "095900.327000", "095900.329000", "095900.332000", "095900.334000", "095900.336000", "095907.701000", "095907.704000", "095907.707000", "095907.709000", "095907.712000", "095907.714000", "095907.716000", "095907.732000", "095907.737000", "095907.739000", "095907.742000"], "InstanceCreationTime": ["095840.263000", "095840.266000", "095840.268000", "095840.271000", "095840.273000", "095840.275000", "095840.278000", "095840.280000", "095840.282000", "095840.285000", "095840.287000", "095840.290000", "095840.292000", "095840.294000", "095840.297000", "095840.299000", "095840.301000", "095840.309000", "095840.311000", "095840.314000", "095840.316000", "095840.322000", "095840.325000", "095840.327000", "095840.329000", "095840.332000", "095840.334000", "095840.337000", "095840.339000", "095840.341000", "095840.344000", "095840.346000", "095840.349000", "095840.351000", "095840.353000", "095840.356000", "095900.259000", "095900.262000", "095900.264000", "095900.267000", "095900.269000", "095900.271000", "095900.274000", "095900.276000", "095900.278000", "095900.281000", "095900.283000", "095900.285000", "095900.288000", "095900.290000", "095900.294000", "095900.296000", "095900.299000", "095900.301000", "095900.304000", "095900.306000", "095900.308000", "095900.311000", "095900.313000", "095900.315000", "095900.318000", "095900.320000", "095900.322000", "095900.325000", "095900.327000", "095900.329000", "095900.332000", "095900.334000", "095900.336000", "095907.701000", "095907.704000", "095907.707000", "095907.709000", "095907.712000", "095907.714000", "095907.716000", "095907.732000", "095907.737000", "095907.739000", "095907.742000"], "InstanceNumber": [1, 2, 3, 4, 5, 6, 7, 8, 9, 10, 11, 12, 13, 14, 15, 16, 17, 18, 19, 20, 21, 22, 23, 24, 25, 26, 27, 28, 29, 30, 31, 32, 33, 34, 35, 36, 37, 38, 39, 40, 41, 42, 43, 44, 45, 46, 47, 48, 49, 50, 51, 52, 53, 54, 55, 56, 57, 58, 59, 60, 61, 62, 63, 64, 65, 66, 67, 68, 69, 70, 71, 72, 73, 74, 75, 76, 77, 78, 79, 80], "LargestImagePixelValue": [985, 800, 847, 837, 737, 999, 828, 957, 921, 763, 750, 945, 769, 848, 745, 736, 826, 827, 755, 933, 760, 828, 904, 835, 766, 853, 858, 816, 958, 759, 852, 769, 938, 751, 764, 963, 754, 870, 828, 747, 816, 762, 1031, 728, 994, 835, 757, 786, 793, 767, 1201, 808, 781, 728, 812, 1188, 939, 816, 1020, 904, 720, 1200, 874, 844, 995, 1104, 1002, 782, 858, 951, 898, 909, 898, 727, 792, 829, 1021, 867, 993, 929], "WindowCenter": [449.0, 411.0, 443.0, 439.0, 424.0, 439.0, 430.0, 433.0, 436.0, 431.0, 425.0, 426.0, 419.0, 443.0, 433.0, 433.0, 432.0, 435.0, 430.0, 433.0, 419.0, 425.0, 426.0, 419.0, 415.0, 439.0, 432.0, 421.0, 441.0, 421.0, 441.0, 432.0, 441.0, 434.0, 430.0, 443.0, 426.0, 421.0, 435.0, 419.0, 429.0, 412.0, 437.0, 423.0, 429.0, 419.0, 406.0, 432.0, 430.0, 424.0, 439.0, 426.0, 438.0, 431.0, 423.0, 441.0, 419.0, 439.0, 441.0, 427.0, 426.0, 435.0, 435.0, 437.0, 429.0, 428.0, 430.0, 425.0, 437.0, 430.0, 443.0, 436.0, 429.0, 413.0, 438.0, 424.0, 440.0, 430.0, 440.0, 435.0], "WindowWidth": [943.0, 871.0, 935.0, 926.0, 896.0, 925.0, 908.0, 913.0, 920.0, 910.0, 898.0, 899.0, 888.0, 935.0, 913.0, 914.0, 912.0, 918.0, 908.0, 912.0, 886.0, 899.0, 900.0, 886.0, 881.0, 924.0, 911.0, 890.0, 928.0, 890.0, 930.0, 912.0, 927.0, 916.0, 908.0, 931.0, 899.0, 890.0, 916.0, 888.0, 907.0, 873.0, 919.0, 894.0, 906.0, 886.0, 860.0, 912.0, 907.0, 895.0, 921.0, 900.0, 924.0, 910.0, 893.0, 928.0, 885.0, 925.0, 927.0, 900.0, 900.0, 914.0, 916.0, 921.0, 905.0, 901.0, 905.0, 898.0, 922.0, 905.0, 933.0, 919.0, 904.0, 875.0, 923.0, 895.0, 926.0, 906.0, 926.0, 917.0]}, "slices": {}}, "EventTimestamp": "10-00-49"}