{
  "AcquisitionMatrixPE": 64,
  "AcquisitionNumber": 1,
  "AcquisitionTime": "15:25:6.092500",
  "BandwidthPerPixelPhaseEncode": 31.25,
  "BaseResolution": 64,
  "BodyPartExamined": "BRAIN",
  "CoilCombinationMethod": "Sum of Squares",
  "ConsistencyInfo": "N4_VE11E_LATEST_20181129",
  "ConversionSoftware": "dcm2niix",
  "ConversionSoftwareVersion": "v1.0.20230411",
  "DerivedVendorReportedEchoSpacing": 0.0005,
  "DeviceSerialNumber": "166182",
  "DwellTime": 3.4e-06,
  "EchoTime": 0.032,
  "EchoTrainLength": 64,
  "EffectiveEchoSpacing": 0.0005,
  "FlipAngle": 40,
  "HeudiconvVersion": "0.13.1",
  "ImageOrientationPatientDICOM": [0.976168, 0.193875, -0.0975071, -0.202155, 0.975772, -0.0836764],
  "ImageOrientationText": "Tra>Cor(-5.8)>Sag(-4.5)",
  "ImageType": [
    "ORIGINAL",
    "PRIMARY",
    "M",
    "ND",
    "NORM",
    "MOSAIC"
],
  "ImagingFrequency": 123.257365,
  "InPlanePhaseEncodingDirectionDICOM": "COL",
  "InstitutionAddress": "PEARSE STREET .,City,District,IE,D2",
  "InstitutionName": "TCIN",
  "InstitutionalDepartmentName": "MRI",
  "MRAcquisitionType": "2D",
  "MagneticFieldStrength": 3,
  "Manufacturer": "Siemens",
  "ManufacturersModelName": "Prisma",
  "MatrixCoilMode": "SENSE",
  "Modality": "MR",
  "NonlinearGradientCorrection": false,
  "PartialFourier": 1,
  "PatientPosition": "HFS",
  "PercentPhaseFOV": 100,
  "PercentSampling": 100,
  "PhaseEncodingDirection": "j-",
  "PhaseEncodingSteps": 64,
  "PhaseResolution": 1,
  "PixelBandwidth": 2300,
  "ProcedureStepDescription": "Rhodri^Head BOLD",
  "ProtocolName": "cmrr_SBep2d_se_AP",
  "PulseSequenceDetails": "%SiemensSeq%\\ep2d_bold",
  "ReceiveCoilActiveElements": "HC2,4,6,7;NC2;SC",
  "ReceiveCoilName": "HeadNeck_64",
  "ReconMatrixPE": 64,
  "RepetitionTime": 2.26,
  "SAR": 0.370412,
  "ScanOptions": "FS",
  "ScanningSequence": "EP",
  "SequenceName": "*epfid2d1_64",
  "SequenceVariant": "SK",
  "SeriesDescription": "cmrr_SBep2d_se_AP",
  "SeriesNumber": 8,
  "ShimSetting": [-3666, -7414, 3976, 633, -221, 906, -19, -10],
  "SliceThickness": 3,
  "SliceTiming": [1.12, 0, 1.1825, 0.0625, 1.245, 0.125, 1.3075, 0.1875, 1.37, 0.25, 1.43, 0.31, 1.4925, 0.3725, 1.555, 0.435, 1.6175, 0.4975, 1.68, 0.56, 1.7425, 0.6225, 1.805, 0.685, 1.8675, 0.7475, 1.93, 0.81, 1.99, 0.87, 2.0525, 0.9325, 2.115, 0.995, 2.1775, 1.0575],
  "SoftwareVersions": "syngo MR E11",
  "SpacingBetweenSlices": 3.3,
  "StationName": "AWP166182",
  "TotalReadoutTime": 0.0315,
  "TxRefAmp": 262.655,
  "dcmmeta_affine": [
    [-2.9285051822662354, -0.6064643859863281, -0.2604424059391022, 117.4512939453125],
    [-0.5816256403923035, 2.9273171424865723, -0.3345995843410492, -80.65823364257812],
    [-0.29252129793167114, 0.25102928280830383, 3.272646188735962, -97.93595886230469],
    [0.0, 0.0, 0.0, 1.0]
],
  "dcmmeta_reorient_transform": [
    [0.0, -1.0, 0.0, 63.0],
    [1.0, 0.0, 0.0, 0.0],
    [0.0, 0.0, 1.0, 0.0],
    [0.0, 0.0, 0.0, 1.0]
],
  "dcmmeta_shape": [64, 64, 36, 10],
  "dcmmeta_slice_dim": 2,
  "dcmmeta_version": 0.6,
  "global": {
    "const": {
      "AcquisitionMatrix": [64, 0, 0, 64],
      "AngioFlag": "N",
      "BitsAllocated": 16,
      "BitsStored": 12,
      "BodyPartExamined": "BRAIN",
      "Columns": 384,
      "EchoNumbers": 1,
      "EchoTime": 32.0,
      "EchoTrainLength": 64,
      "FlipAngle": 40.0,
      "HighBit": 11,
      "ImageOrientationPatient": [0.97616841113067, 0.19387521533675, -0.0975070971199, -0.2021547915321, 0.97577235859478, -0.0836764271643],
      "ImagePositionPatient": [-450.7705760823, -665.19357938968, 4.8469776268559],
      "ImageType": [
        "ORIGINAL",
        "PRIMARY",
        "M",
        "ND",
        "NORM",
        "MOSAIC"
],
      "ImagedNucleus": "1H",
      "ImagingFrequency": 123.257365,
      "InPlanePhaseEncodingDirection": "COL",
      "MRAcquisitionType": "2D",
      "MagneticFieldStrength": 3.0,
      "Manufacturer": "SIEMENS",
      "ManufacturerModelName": "Prisma",
      "Modality": "MR",
      "NumberOfAverages": 1.0,
      "NumberOfPhaseEncodingSteps": 64,
      "PercentPhaseFieldOfView": 100.0,
      "PercentSampling": 100.0,
      "PerformedProcedureStepStartTime": "150953.581000",
      "PhotometricInterpretation": "MONOCHROME2",
      "PixelBandwidth": 2300.0,
      "PixelRepresentation": 0,
      "PixelSpacing": [3.0, 3.0],
      "ProtocolName": "cmrr_SBep2d_se_AP",
      "RepetitionTime": 2260.0,
      "Rows": 384,
      "SAR": 0.37041194722265,
      "SamplesPerPixel": 1,
      "ScanOptions": "FS",
      "ScanningSequence": "EP",
      "SequenceName": "*epfid2d1_64",
      "SequenceVariant": "SK",
      "SeriesDescription": "cmrr_SBep2d_se_AP",
      "SeriesNumber": 8,
      "SeriesTime": "152527.632000",
      "SliceLocation": -98.215402333715,
      "SliceThickness": 3.0,
      "SmallestImagePixelValue": 0,
      "SoftwareVersions": "syngo MR E11",
      "SpacingBetweenSlices": 3.2999999880211,
      "SpecificCharacterSet": "ISO_IR 100",
      "StudyID": "1",
      "StudyTime": "150953.486000",
      "TransmitCoilName": "Body",
      "VariableFlipAngleFlag": "N",
      "WindowCenterWidthExplanation": "Algo1"
    },
    "slices": {}
  },
  "time": {
    "samples": {
      "AcquisitionNumber": [1, 2, 3, 4, 5, 6, 7, 8, 9, 10],
      "AcquisitionTime": ["152506.092500", "152508.352500", "152510.612500", "152512.872500", "152515.132500", "152517.392500", "152519.652500", "152521.912500", "152524.172500", "152526.432500"],
      "ContentTime": ["152527.636000", "152527.639000", "152527.641000", "152527.644000", "152527.646000", "152527.649000", "152527.651000", "152527.653000", "152527.656000", "152527.661000"],
      "InstanceCreationTime": ["152527.636000", "152527.639000", "152527.641000", "152527.644000", "152527.646000", "152527.649000", "152527.651000", "152527.653000", "152527.656000", "152527.661000"],
      "InstanceNumber": [1, 2, 3, 4, 5, 6, 7, 8, 9, 10],
      "LargestImagePixelValue": [725, 683, 718, 722, 700, 734, 693, 702, 702, 745],
      "WindowCenter": [374.0, 376.0, 377.0, 375.0, 369.0, 376.0, 375.0, 375.0, 373.0, 374.0],
      "WindowWidth": [797.0, 802.0, 803.0, 798.0, 788.0, 800.0, 799.0, 798.0, 796.0, 796.0]
    },
    "slices": {}
  }
}