{"AcquisitionMatrixPE": 64, "AcquisitionNumber": 1, "AcquisitionTime": "12:53:43.657500", "BandwidthPerPixelPhaseEncode": 28.935, "BaseResolution": 64, "BodyPartExamined": "BRAIN", "CoilCombinationMethod": "Sum of Squares", "ConsistencyInfo": "N4_VE11E_LATEST_20181129", "ConversionSoftware": "dcm2niix", "ConversionSoftwareVersion": "v1.0.20230411", "DerivedVendorReportedEchoSpacing": 0.000540003, "DeviceSerialNumber": "166182", "DwellTime": 3.4e-06, "EchoTime": 0.032, "EchoTrainLength": 64, "EffectiveEchoSpacing": 0.000540003, "FlipAngle": 40, "HeudiconvVersion": "0.13.1", "ImageOrientationPatientDICOM": [0.997773, 0.0131755, -0.065389, -0.0104491, 0.999069, 0.0418647], "ImageOrientationText": "Tra>Sag(-3.8)>Cor(2.4)", "ImageType": ["ORIGINAL", "PRIMARY", "M", "ND", "NORM", "MOSAIC"], "ImagingFrequency": 123.255605, "InPlanePhaseEncodingDirectionDICOM": "COL", "InstitutionAddress": "PEARSE STREET .,City,District,IE,D2", "InstitutionName": "TCIN", "InstitutionalDepartmentName": "MRI", "MRAcquisitionType": "2D", "MagneticFieldStrength": 3, "Manufacturer": "Siemens", "ManufacturersModelName": "Prisma", "Modality": "MR", "MultibandAccelerationFactor": 4, "NonlinearGradientCorrection": false, "PartialFourier": 1, "PatientPosition": "HFS", "PercentPhaseFOV": 100, "PercentSampling": 100, "PhaseEncodingDirection": "j-", "PhaseEncodingSteps": 64, "PhaseResolution": 1, "PixelBandwidth": 2300, "ProcedureStepDescription": "Rhodri^Head BOLD", "ProtocolName": "cmrr_mbep2d_Pictures_AP_RDS", "PulseSequenceDetails": "%SiemensSeq%\\ep2d_bold", "ReceiveCoilActiveElements": "HC2,4,6,7;SC", "ReceiveCoilName": "SpecialPurpose_4", "ReconMatrixPE": 64, "RefLinesPE": 12, "RepetitionTime": 0.61, "SAR": 0.304211, "ScanOptions": "FS", "ScanningSequence": "EP", "SequenceName": "*epfid2d1_64", "SequenceVariant": "SK", "SeriesDescription": "cmrr_mbep2d_Pictures_AP_RDS", "SeriesNumber": 12, "ShimSetting": [-3641, -7486, 3750, 1097, 46, 185, 18, 207], "SliceThickness": 3, "SliceTiming": [0.2625, 0, 0.3275, 0.065, 0.395, 0.1325, 0.46, 0.1975, 0.525, 0.2625, 0, 0.3275, 0.065, 0.395, 0.1325, 0.46, 0.1975, 0.525, 0.2625, 0, 0.3275, 0.065, 0.395, 0.1325, 0.46, 0.1975, 0.525, 0.2625, 0, 0.3275, 0.065, 0.395, 0.1325, 0.46, 0.1975, 0.525], "SoftwareVersions": "syngo MR E11", "SpacingBetweenSlices": 3.3, "StationName": "AWP166182", "TaskName": "pictures", "TotalReadoutTime": 0.0340202, "TxRefAmp": 246.051, "dcmmeta_affine": [[-2.993318557739258, -0.03134716674685478, -0.21740302443504333, 100.2104263305664], [-0.03952663764357567, 2.997205972671509, 0.135591059923172, -98.57212829589844], [-0.19616703689098358, -0.12559407949447632, 3.2900381088256836, -92.83744812011719], [0.0, 0.0, 0.0, 1.0]], "dcmmeta_reorient_transform": [[0.0, -1.0, 0.0, 63.0], [1.0, 0.0, 0.0, 0.0], [0.0, 0.0, 1.0, 0.0], [0.0, 0.0, 0.0, 1.0]], "dcmmeta_shape": [64, 64, 36, 54], "dcmmeta_slice_dim": 2, "dcmmeta_version": 0.6, "global": {"const": {"AcquisitionMatrix": [64, 0, 0, 64], "AngioFlag": "N", "BitsAllocated": 16, "BitsStored": 12, "BodyPartExamined": "BRAIN", "Columns": 384, "EchoNumbers": 1, "EchoTime": 32.0, "EchoTrainLength": 64, "FlipAngle": 40.0, "HighBit": 11, "ImageOrientationPatient": [0.99777286085301, 0.01317554597743, -0.0653890138585, -0.0104490555141, 0.99906864870854, 0.04186469164538], "ImagePositionPatient": [-572.15097979363, -576.12906357167, -89.458199633733], "ImageType": ["ORIGINAL", "PRIMARY", "M", "ND", "NORM", "MOSAIC"], "ImagedNucleus": "1H", "ImagingFrequency": 123.255605, "InPlanePhaseEncodingDirection": "COL", "MRAcquisitionType": "2D", "MagneticFieldStrength": 3.0, "Manufacturer": "SIEMENS", "ManufacturerModelName": "Prisma", "Modality": "MR", "NumberOfAverages": 1.0, "NumberOfPhaseEncodingSteps": 64, "PercentPhaseFieldOfView": 100.0, "PercentSampling": 100.0, "PerformedProcedureStepStartTime": "122209.650000", "PhotometricInterpretation": "MONOCHROME2", "PixelBandwidth": 2300.0, "PixelRepresentation": 0, "PixelSpacing": [3.0, 3.0], "ProtocolName": "cmrr_mbep2d_Pictures_AP_RDS", "RepetitionTime": 610.0, "Rows": 384, "SAR": 0.30421091780245, "SamplesPerPixel": 1, "ScanOptions": "FS", "ScanningSequence": "EP", "SequenceName": "*epfid2d1_64", "SequenceVariant": "SK", "SeriesDescription": "cmrr_mbep2d_Pictures_AP_RDS", "SeriesNumber": 12, "SeriesTime": "125409.758000", "SliceLocation": -103.2091793149, "SliceThickness": 3.0, "SmallestImagePixelValue": 0, "SoftwareVersions": "syngo MR E11", "SpacingBetweenSlices": 3.2999999382641, "SpecificCharacterSet": "ISO_IR 100", "StudyID": "1", "StudyTime": "122209.489000", "TransmitCoilName": "Body", "VariableFlipAngleFlag": "N", "WindowCenterWidthExplanation": "Algo1"}, "slices": {}}, "time": {"samples": {"AcquisitionNumber": [1, 2, 3, 4, 5, 6, 7, 8, 9, 10, 11, 12, 13, 14, 15, 16, 17, 18, 19, 20, 21, 22, 23, 24, 25, 26, 27, 28, 29, 30, 31, 32, 33, 34, 35, 36, 37, 38, 39, 40, 41, 42, 43, 44, 45, 46, 47, 48, 49, 50, 51, 52, 53, 54], "AcquisitionTime": ["125343.657500", "125344.267500", "125344.877500", "125345.487500", "125346.097500", "125346.707500", "125347.317500", "125347.927500", "125348.537500", "125349.147500", "125349.757500", "125350.367500", "125350.977500", "125351.587500", "125352.197500", "125352.807500", "125353.417500", "125354.027500", "125354.637500", "125355.247500", "125355.857500", "125356.467500", "125357.077500", "125357.687500", "125358.297500", "125358.907500", "125359.517500", "125400.127500", "125400.737500", "125401.347500", "125401.957500", "125402.567500", "125403.177500", "125403.787500", "125404.397500", "125405.007500", "125405.617500", "125406.227500", "125406.837500", "125407.447500", "125408.057500", "125408.667500", "125409.277500", "125409.887500", "125410.497500", "125411.107500", "125411.717500", "125412.327500", "125412.937500", "125413.547500", "125414.157500", "125414.767500", "125415.377500", "125415.987500"], "ContentTime": ["125409.762000", "125409.765000", "125409.774000", "125409.776000", "125409.780000", "125409.782000", "125409.785000", "125409.787000", "125409.790000", "125409.792000", "125409.794000", "125409.797000", "125409.799000", "125409.802000", "125409.804000", "125409.807000", "125409.814000", "125409.817000", "125409.819000", "125409.821000", "125409.824000", "125409.826000", "125409.829000", "125409.831000", "125409.834000", "125409.836000", "125409.838000", "125409.841000", "125409.843000", "125409.846000", "125409.848000", "125409.850000", "125409.853000", "125409.855000", "125409.857000", "125409.860000", "125409.862000", "125409.871000", "125409.873000", "125409.875000", "125409.878000", "125409.880000", "125417.085000", "125417.088000", "125417.090000", "125417.093000", "125417.095000", "125417.098000", "125417.100000", "125417.103000", "125417.105000", "125417.107000", "125417.117000", "125417.120000"], "InstanceCreationTime": ["125409.762000", "125409.765000", "125409.774000", "125409.776000", "125409.780000", "125409.782000", "125409.785000", "125409.787000", "125409.790000", "125409.792000", "125409.794000", "125409.797000", "125409.799000", "125409.802000", "125409.804000", "125409.807000", "125409.814000", "125409.817000", "125409.819000", "125409.821000", "125409.824000", "125409.826000", "125409.829000", "125409.831000", "125409.834000", "125409.836000", "125409.838000", "125409.841000", "125409.843000", "125409.846000", "125409.848000", "125409.850000", "125409.853000", "125409.855000", "125409.857000", "125409.860000", "125409.862000", "125409.871000", "125409.873000", "125409.875000", "125409.878000", "125409.880000", "125417.085000", "125417.088000", "125417.090000", "125417.093000", "125417.095000", "125417.098000", "125417.100000", "125417.103000", "125417.105000", "125417.107000", "125417.117000", "125417.120000"], "InstanceNumber": [1, 2, 3, 4, 5, 6, 7, 8, 9, 10, 11, 12, 13, 14, 15, 16, 17, 18, 19, 20, 21, 22, 23, 24, 25, 26, 27, 28, 29, 30, 31, 32, 33, 34, 35, 36, 37, 38, 39, 40, 41, 42, 43, 44, 45, 46, 47, 48, 49, 50, 51, 52, 53, 54], "LargestImagePixelValue": [451, 427, 438, 422, 420, 419, 419, 423, 420, 421, 426, 423, 421, 445, 443, 427, 425, 419, 422, 421, 441, 422, 421, 425, 424, 425, 433, 424, 421, 428, 419, 420, 462, 458, 434, 435, 436, 421, 422, 426, 424, 424, 428, 434, 429, 448, 431, 441, 432, 427, 434, 424, 425, 435], "WindowCenter": [290.0, 286.0, 284.0, 283.0, 282.0, 283.0, 283.0, 283.0, 282.0, 282.0, 282.0, 282.0, 282.0, 283.0, 280.0, 282.0, 283.0, 282.0, 282.0, 280.0, 285.0, 281.0, 282.0, 282.0, 282.0, 282.0, 283.0, 282.0, 282.0, 282.0, 282.0, 282.0, 279.0, 285.0, 282.0, 282.0, 283.0, 282.0, 282.0, 283.0, 283.0, 284.0, 284.0, 284.0, 284.0, 284.0, 285.0, 285.0, 286.0, 285.0, 284.0, 284.0, 283.0, 284.0], "WindowWidth": [633.0, 625.0, 621.0, 620.0, 617.0, 620.0, 620.0, 619.0, 617.0, 617.0, 617.0, 616.0, 616.0, 618.0, 613.0, 616.0, 618.0, 617.0, 616.0, 614.0, 623.0, 616.0, 618.0, 616.0, 618.0, 617.0, 619.0, 617.0, 616.0, 616.0, 616.0, 618.0, 611.0, 623.0, 618.0, 618.0, 619.0, 616.0, 617.0, 618.0, 619.0, 622.0, 620.0, 620.0, 621.0, 621.0, 622.0, 622.0, 624.0, 623.0, 621.0, 621.0, 619.0, 620.0]}, "slices": {}}, "EventTimestamp": "12-56-06"}