{"AcquisitionMatrixPE": 64, "AcquisitionNumber": 1, "AcquisitionTime": "12:10:34.687500", "BandwidthPerPixelPhaseEncode": 28.935, "BaseResolution": 64, "BodyPartExamined": "BRAIN", "CoilString": "HC2_4_6_7", "ConsistencyInfo": "N4_VE11E_LATEST_20181129", "ConversionSoftware": "dcm2niix", "ConversionSoftwareVersion": "v1.0.20190902", "DerivedVendorReportedEchoSpacing": 0.000540003, "DeviceSerialNumber": "166182", "DwellTime": 3.4e-06, "EchoTime": 0.032, "EchoTrainLength": 64, "EffectiveEchoSpacing": 0.000540003, "FlipAngle": 40, "ImageOrientationPatientDICOM": [0.99503, -0.0986023, 0.0138543, 0.0993173, 0.992765, -0.0674745], "ImageType": ["ORIGINAL", "PRIMARY", "M", "ND", "NORM", "MOSAIC"], "ImagingFrequency": 123.256, "InPlanePhaseEncodingDirectionDICOM": "COL", "InstitutionAddress": "PEARSE_STREET_._City_District_IE_D2", "InstitutionName": "TCIN", "InstitutionalDepartmentName": "MRI", "MRAcquisitionType": "2D", "MagneticFieldStrength": 3, "Manufacturer": "Siemens", "ManufacturersModelName": "Prisma", "Modality": "MR", "MultibandAccelerationFactor": 4, "PartialFourier": 1, "PatientPosition": "HFS", "PercentPhaseFOV": 100, "PhaseEncodingDirection": "j-", "PhaseEncodingSteps": 64, "PhaseResolution": 1, "PixelBandwidth": 2300, "ProcedureStepDescription": "Rhodri_Head_BOLD", "ProtocolName": "cmrr_mbep2d_Pictures_AP_RDS", "PulseSequenceDetails": "%SiemensSeq%_ep2d_bold", "ReceiveCoilActiveElements": "HC2,4,6,7", "ReceiveCoilName": "HeadNeck_64", "ReconMatrixPE": 64, "RefLinesPE": 12, "RepetitionTime": 0.61, "SAR": 0.192928, "ScanOptions": "FS", "ScanningSequence": "EP", "SequenceName": "_epfid2d1_64", "SequenceVariant": "SK", "SeriesDescription": "cmrr_mbep2d_Pictures_AP_RDS", "SeriesNumber": 10, "ShimSetting": [-3607, -7546, 3696, 1027, -87, 491, 235, -1], "SliceThickness": 3, "SliceTiming": [0.2625, 0, 0.3275, 0.065, 0.3925, 0.13, 0.4575, 0.1975, 0.525, 0.2625, 0, 0.3275, 0.065, 0.3925, 0.13, 0.4575, 0.1975, 0.525, 0.2625, 0, 0.3275, 0.065, 0.3925, 0.13, 0.4575, 0.1975, 0.525, 0.2625, 0, 0.3275, 0.065, 0.3925, 0.13, 0.4575, 0.1975, 0.525], "SoftwareVersions": "syngo_MR_E11", "SpacingBetweenSlices": 3.3, "StationName": "AWP166182", "TaskName": "pictures", "TotalReadoutTime": 0.0340202, "TxRefAmp": 251.362, "dcmmeta_affine": [[-2.9850914478302, 0.2979518175125122, 0.02343299612402916, 88.92061614990234], [0.29580673575401306, 2.9782962799072266, -0.22610007226467133, -101.55860137939453], [0.04156282916665077, 0.202423557639122, 3.2921619415283203, -118.8464584350586], [0.0, 0.0, 0.0, 1.0]], "dcmmeta_reorient_transform": [[0.0, -1.0, 0.0, 63.0], [1.0, 0.0, 0.0, 0.0], [0.0, 0.0, 1.0, 0.0], [0.0, 0.0, 0.0, 1.0]], "dcmmeta_shape": [64, 64, 36, 73], "dcmmeta_slice_dim": 2, "dcmmeta_version": 0.6, "global": {"const": {"AcquisitionMatrix": [64, 0, 0, 64], "AngioFlag": "N", "BitsAllocated": 16, "BitsStored": 12, "BodyPartExamined": "BRAIN", "Columns": 384, "EchoNumbers": 1, "EchoTime": 32.0, "EchoTrainLength": 64, "FlipAngle": 40.0, "HighBit": 11, "ImageOrientationPatient": [0.99503047987584, -0.0986022471881, 0.01385427614501, 0.09931727557894, 0.99276546475665, -0.0674745193247], "ImagePositionPatient": [-632.97850699966, -515.27241657206, -80.356057677522], "ImageType": ["ORIGINAL", "PRIMARY", "M", "ND", "NORM", "MOSAIC"], "ImagedNucleus": "1H", "ImagingFrequency": 123.256238, "InPlanePhaseEncodingDirection": "COL", "MRAcquisitionType": "2D", "MagneticFieldStrength": 3.0, "Manufacturer": "SIEMENS", "ManufacturerModelName": "Prisma", "Modality": "MR", "NumberOfAverages": 1.0, "NumberOfPhaseEncodingSteps": 64, "PercentPhaseFieldOfView": 100.0, "PercentSampling": 100.0, "PerformedProcedureStepStartTime": "114635.192000", "PhotometricInterpretation": "MONOCHROME2", "PixelBandwidth": 2300.0, "PixelRepresentation": 0, "PixelSpacing": [3.0, 3.0], "ProtocolName": "cmrr_mbep2d_Pictures_AP_RDS", "RepetitionTime": 610.0, "Rows": 384, "SAR": 0.19292803279558, "SamplesPerPixel": 1, "ScanOptions": "FS", "ScanningSequence": "EP", "SequenceName": "*epfid2d1_64", "SequenceVariant": "SK", "SeriesDescription": "cmrr_mbep2d_Pictures_AP_RDS", "SeriesNumber": 10, "SeriesTime": "121059.595000", "SliceLocation": -110.9744527139, "SliceThickness": 3.0, "SmallestImagePixelValue": 0, "SoftwareVersions": "syngo MR E11", "SpacingBetweenSlices": 3.3000000629358, "SpecificCharacterSet": "ISO_IR 100", "StudyID": "1", "StudyTime": "114635.121000", "TransmitCoilName": "Body", "VariableFlipAngleFlag": "N", "WindowCenterWidthExplanation": "Algo1"}, "slices": {}}, "time": {"samples": {"AcquisitionNumber": [1, 2, 3, 4, 5, 6, 7, 8, 9, 10, 11, 12, 13, 14, 15, 16, 17, 18, 19, 20, 21, 22, 23, 24, 25, 26, 27, 28, 29, 30, 31, 32, 33, 34, 35, 36, 37, 38, 39, 40, 41, 42, 43, 44, 45, 46, 47, 48, 49, 50, 51, 52, 53, 54, 55, 56, 57, 58, 59, 60, 61, 62, 63, 64, 65, 66, 67, 68, 69, 70, 71, 72, 73], "AcquisitionTime": ["121034.687500", "121035.297500", "121035.907500", "121036.517500", "121037.127500", "121037.737500", "121038.347500", "121038.957500", "121039.567500", "121040.177500", "121040.787500", "121041.397500", "121042.007500", "121042.617500", "121043.227500", "121043.837500", "121044.447500", "121045.057500", "121045.667500", "121046.277500", "121046.887500", "121047.497500", "121048.107500", "121048.717500", "121049.327500", "121049.937500", "121050.547500", "121051.157500", "121051.767500", "121052.377500", "121052.987500", "121053.597500", "121054.207500", "121054.817500", "121055.427500", "121056.037500", "121056.647500", "121057.257500", "121057.867500", "121058.477500", "121059.087500", "121059.697500", "121100.307500", "121100.917500", "121101.527500", "121102.137500", "121102.747500", "121103.357500", "121103.967500", "121104.577500", "121105.187500", "121105.797500", "121106.407500", "121107.017500", "121107.627500", "121108.237500", "121108.847500", "121109.457500", "121110.067500", "121110.677500", "121111.287500", "121111.897500", "121112.507500", "121113.117500", "121113.727500", "121114.337500", "121114.947500", "121115.557500", "121116.167500", "121116.777500", "121117.387500", "121117.997500", "121118.607500"], "ContentTime": ["121059.598000", "121059.601000", "121059.604000", "121059.606000", "121059.609000", "121059.611000", "121059.614000", "121059.617000", "121059.619000", "121059.622000", "121059.624000", "121059.626000", "121059.629000", "121059.631000", "121059.635000", "121059.637000", "121059.639000", "121059.642000", "121059.644000", "121059.652000", "121059.655000", "121059.657000", "121059.659000", "121059.662000", "121059.665000", "121059.667000", "121059.669000", "121059.672000", "121059.674000", "121059.677000", "121059.679000", "121059.682000", "121059.684000", "121059.686000", "121059.689000", "121059.691000", "121059.694000", "121059.696000", "121059.698000", "121119.593000", "121119.596000", "121119.599000", "121119.601000", "121119.604000", "121119.606000", "121119.608000", "121119.611000", "121119.613000", "121119.615000", "121119.618000", "121119.620000", "121119.623000", "121119.625000", "121119.627000", "121119.630000", "121119.632000", "121119.634000", "121119.637000", "121119.639000", "121119.642000", "121119.644000", "121119.646000", "121119.649000", "121119.651000", "121119.653000", "121119.656000", "121119.658000", "121119.661000", "121119.663000", "121119.665000", "121119.668000", "121119.670000", "121120.477000"], "InstanceCreationTime": ["121059.598000", "121059.601000", "121059.604000", "121059.606000", "121059.609000", "121059.611000", "121059.614000", "121059.617000", "121059.619000", "121059.622000", "121059.624000", "121059.626000", "121059.629000", "121059.631000", "121059.635000", "121059.637000", "121059.639000", "121059.642000", "121059.644000", "121059.652000", "121059.655000", "121059.657000", "121059.659000", "121059.662000", "121059.665000", "121059.667000", "121059.669000", "121059.672000", "121059.674000", "121059.677000", "121059.679000", "121059.682000", "121059.684000", "121059.686000", "121059.689000", "121059.691000", "121059.694000", "121059.696000", "121059.698000", "121119.593000", "121119.596000", "121119.599000", "121119.601000", "121119.604000", "121119.606000", "121119.608000", "121119.611000", "121119.613000", "121119.615000", "121119.618000", "121119.620000", "121119.623000", "121119.625000", "121119.627000", "121119.630000", "121119.632000", "121119.634000", "121119.637000", "121119.639000", "121119.642000", "121119.644000", "121119.646000", "121119.649000", "121119.651000", "121119.653000", "121119.656000", "121119.658000", "121119.661000", "121119.663000", "121119.665000", "121119.668000", "121119.670000", "121120.477000"], "InstanceNumber": [1, 2, 3, 4, 5, 6, 7, 8, 9, 10, 11, 12, 13, 14, 15, 16, 17, 18, 19, 20, 21, 22, 23, 24, 25, 26, 27, 28, 29, 30, 31, 32, 33, 34, 35, 36, 37, 38, 39, 40, 41, 42, 43, 44, 45, 46, 47, 48, 49, 50, 51, 52, 53, 54, 55, 56, 57, 58, 59, 60, 61, 62, 63, 64, 65, 66, 67, 68, 69, 70, 71, 72, 73], "LargestImagePixelValue": [654, 826, 750, 627, 677, 787, 614, 621, 770, 625, 609, 612, 643, 636, 636, 630, 733, 660, 636, 620, 683, 622, 629, 649, 648, 622, 628, 705, 730, 639, 617, 748, 671, 697, 669, 679, 701, 613, 618, 868, 680, 646, 704, 677, 674, 706, 633, 742, 691, 676, 746, 625, 618, 636, 610, 638, 631, 633, 662, 668, 809, 833, 705, 627, 871, 740, 702, 674, 642, 627, 707, 650, 629], "WindowCenter": [376.0, 378.0, 375.0, 371.0, 371.0, 375.0, 373.0, 371.0, 374.0, 372.0, 370.0, 371.0, 375.0, 374.0, 375.0, 372.0, 376.0, 374.0, 374.0, 370.0, 374.0, 373.0, 372.0, 374.0, 376.0, 373.0, 374.0, 375.0, 376.0, 372.0, 370.0, 370.0, 372.0, 374.0, 371.0, 372.0, 373.0, 371.0, 370.0, 375.0, 372.0, 369.0, 375.0, 372.0, 370.0, 371.0, 367.0, 382.0, 376.0, 371.0, 375.0, 371.0, 369.0, 372.0, 369.0, 374.0, 371.0, 373.0, 373.0, 372.0, 374.0, 376.0, 372.0, 369.0, 376.0, 370.0, 370.0, 371.0, 369.0, 367.0, 373.0, 371.0, 370.0], "WindowWidth": [804.0, 806.0, 799.0, 794.0, 793.0, 801.0, 798.0, 794.0, 799.0, 797.0, 793.0, 794.0, 803.0, 801.0, 801.0, 796.0, 802.0, 799.0, 799.0, 793.0, 800.0, 797.0, 795.0, 800.0, 805.0, 798.0, 800.0, 801.0, 803.0, 796.0, 792.0, 791.0, 797.0, 799.0, 794.0, 795.0, 797.0, 795.0, 791.0, 800.0, 795.0, 789.0, 802.0, 795.0, 791.0, 794.0, 787.0, 814.0, 803.0, 795.0, 801.0, 793.0, 791.0, 797.0, 790.0, 799.0, 794.0, 798.0, 799.0, 795.0, 798.0, 802.0, 796.0, 790.0, 802.0, 792.0, 792.0, 794.0, 790.0, 788.0, 798.0, 794.0, 793.0]}, "slices": {}}, "EventTimestamp": "12-13-05"}