{"AcquisitionMatrixPE": 64, "AcquisitionNumber": 1, "AcquisitionTime": "11:49:32.735000", "BandwidthPerPixelPhaseEncode": 28.935, "BaseResolution": 64, "BodyPartExamined": "BRAIN", "CoilString": "HC2_4_6_7;SC", "ConsistencyInfo": "N4_VE11E_LATEST_20181129", "ConversionSoftware": "dcm2niix", "ConversionSoftwareVersion": "v1.0.20190902", "DerivedVendorReportedEchoSpacing": 0.000540003, "DeviceSerialNumber": "166182", "DwellTime": 3.4e-06, "EchoTime": 0.032, "EchoTrainLength": 64, "EffectiveEchoSpacing": 0.000540003, "FlipAngle": 40, "ImageOrientationPatientDICOM": [0.999128, -0.0386056, -0.0159021, 0.0369856, 0.995077, -0.0919473], "ImageType": ["ORIGINAL", "PRIMARY", "M", "ND", "NORM", "MOSAIC"], "ImagingFrequency": 123.255, "InPlanePhaseEncodingDirectionDICOM": "COL", "InstitutionAddress": "PEARSE_STREET_._City_District_IE_D2", "InstitutionName": "TCIN", "InstitutionalDepartmentName": "MRI", "MRAcquisitionType": "2D", "MagneticFieldStrength": 3, "Manufacturer": "Siemens", "ManufacturersModelName": "Prisma", "Modality": "MR", "MultibandAccelerationFactor": 4, "PartialFourier": 1, "PatientPosition": "HFS", "PercentPhaseFOV": 100, "PhaseEncodingDirection": "j-", "PhaseEncodingSteps": 64, "PhaseResolution": 1, "PixelBandwidth": 2300, "ProcedureStepDescription": "Rhodri_Head_BOLD", "ProtocolName": "cmrr_mbep2d_Pictures_AP_RDS", "PulseSequenceDetails": "%SiemensSeq%_ep2d_bold", "ReceiveCoilActiveElements": "HC2,4,6,7;SC", "ReceiveCoilName": "SpecialPurpose_4", "ReconMatrixPE": 64, "RefLinesPE": 12, "RepetitionTime": 0.61, "SAR": 0.197406, "ScanOptions": "FS", "ScanningSequence": "EP", "SequenceName": "_epfid2d1_64", "SequenceVariant": "SK", "SeriesDescription": "cmrr_mbep2d_Pictures_AP_RDS", "SeriesNumber": 8, "ShimSetting": [-3651, -7426, 3981, 1141, -258, 503, -162, -88], "SliceThickness": 3, "SliceTiming": [0.26, 0, 0.3275, 0.065, 0.3925, 0.13, 0.4575, 0.195, 0.5225, 0.26, 0, 0.3275, 0.065, 0.3925, 0.13, 0.4575, 0.195, 0.5225, 0.26, 0, 0.3275, 0.065, 0.3925, 0.13, 0.4575, 0.195, 0.5225, 0.26, 0, 0.3275, 0.065, 0.3925, 0.13, 0.4575, 0.195, 0.5225], "SoftwareVersions": "syngo_MR_E11", "SpacingBetweenSlices": 3.3, "StationName": "AWP166182", "TaskName": "pictures", "TotalReadoutTime": 0.0340202, "TxRefAmp": 219.88, "dcmmeta_affine": [[-2.9973840713500977, 0.11095676571130753, -0.063932403922081, 94.80159759521484], [0.11581666022539139, 2.9852302074432373, -0.30122068524360657, -103.6877670288086], [-0.047706205397844315, 0.27584195137023926, 3.2856016159057617, -81.60212707519531], [0.0, 0.0, 0.0, 1.0]], "dcmmeta_reorient_transform": [[0.0, -1.0, 0.0, 63.0], [1.0, 0.0, 0.0, 0.0], [0.0, 0.0, 1.0, 0.0], [0.0, 0.0, 0.0, 1.0]], "dcmmeta_shape": [64, 64, 36, 510], "dcmmeta_slice_dim": 2, "dcmmeta_version": 0.6, "global": {"const": {"AcquisitionMatrix": [64, 0, 0, 64], "AngioFlag": "N", "BitsAllocated": 16, "BitsStored": 12, "BodyPartExamined": "BRAIN", "Columns": 384, "EchoNumbers": 1, "EchoTime": 32.0, "EchoTrainLength": 64, "FlipAngle": 40.0, "HighBit": 11, "ImageOrientationPatient": [0.99912798757033, -0.038605552543, -0.015902067995, 0.03698558748623, 0.99507675926656, -0.0919473190793], "ImagePositionPatient": [-599.12638685533, -543.4879199861, -12.456374505183], "ImageType": ["ORIGINAL", "PRIMARY", "M", "ND", "NORM", "MOSAIC"], "ImagedNucleus": "1H", "ImagingFrequency": 123.254905, "InPlanePhaseEncodingDirection": "COL", "MRAcquisitionType": "2D", "MagneticFieldStrength": 3.0, "Manufacturer": "SIEMENS", "ManufacturerModelName": "Prisma", "Modality": "MR", "NumberOfAverages": 1.0, "NumberOfPhaseEncodingSteps": 64, "PercentPhaseFieldOfView": 100.0, "PercentSampling": 100.0, "PerformedProcedureStepStartTime": "113505.376000", "PhotometricInterpretation": "MONOCHROME2", "PixelBandwidth": 2300.0, "PixelRepresentation": 0, "PixelSpacing": [3.0, 3.0], "ProtocolName": "cmrr_mbep2d_Pictures_AP_RDS", "RepetitionTime": 610.0, "Rows": 384, "SAR": 0.19740588655512, "SamplesPerPixel": 1, "ScanOptions": "FS", "ScanningSequence": "EP", "SequenceName": "*epfid2d1_64", "SequenceVariant": "SK", "SeriesDescription": "cmrr_mbep2d_Pictures_AP_RDS", "SeriesNumber": 8, "SeriesTime": "115003.275000", "SliceLocation": -73.618204059635, "SliceThickness": 3.0, "SmallestImagePixelValue": 0, "SoftwareVersions": "syngo MR E11", "SpacingBetweenSlices": 3.2999999667318, "SpecificCharacterSet": "ISO_IR 100", "StudyID": "1", "StudyTime": "113505.193000", "TransmitCoilName": "Body", "VariableFlipAngleFlag": "N", "WindowCenterWidthExplanation": "Algo1"}, "slices": {}}, "time": {"samples": {"AcquisitionNumber": [1, 2, 3, 4, 5, 6, 7, 8, 9, 10, 11, 12, 13, 14, 15, 16, 17, 18, 19, 20, 21, 22, 23, 24, 25, 26, 27, 28, 29, 30, 31, 32, 33, 34, 35, 36, 37, 38, 39, 40, 41, 42, 43, 44, 45, 46, 47, 48, 49, 50, 51, 52, 53, 54, 55, 56, 57, 58, 59, 60, 61, 62, 63, 64, 65, 66, 67, 68, 69, 70, 71, 72, 73, 74, 75, 76, 77, 78, 79, 80, 81, 82, 83, 84, 85, 86, 87, 88, 89, 90, 91, 92, 93, 94, 95, 96, 97, 98, 99, 100, 101, 102, 103, 104, 105, 106, 107, 108, 109, 110, 111, 112, 113, 114, 115, 116, 117, 118, 119, 120, 121, 122, 123, 124, 125, 126, 127, 128, 129, 130, 131, 132, 133, 134, 135, 136, 137, 138, 139, 140, 141, 142, 143, 144, 145, 146, 147, 148, 149, 150, 151, 152, 153, 154, 155, 156, 157, 158, 159, 160, 161, 162, 163, 164, 165, 166, 167, 168, 169, 170, 171, 172, 173, 174, 175, 176, 177, 178, 179, 180, 181, 182, 183, 184, 185, 186, 187, 188, 189, 190, 191, 192, 193, 194, 195, 196, 197, 198, 199, 200, 201, 202, 203, 204, 205, 206, 207, 208, 209, 210, 211, 212, 213, 214, 215, 216, 217, 218, 219, 220, 221, 222, 223, 224, 225, 226, 227, 228, 229, 230, 231, 232, 233, 234, 235, 236, 237, 238, 239, 240, 241, 242, 243, 244, 245, 246, 247, 248, 249, 250, 251, 252, 253, 254, 255, 256, 257, 258, 259, 260, 261, 262, 263, 264, 265, 266, 267, 268, 269, 270, 271, 272, 273, 274, 275, 276, 277, 278, 279, 280, 281, 282, 283, 284, 285, 286, 287, 288, 289, 290, 291, 292, 293, 294, 295, 296, 297, 298, 299, 300, 301, 302, 303, 304, 305, 306, 307, 308, 309, 310, 311, 312, 313, 314, 315, 316, 317, 318, 319, 320, 321, 322, 323, 324, 325, 326, 327, 328, 329, 330, 331, 332, 333, 334, 335, 336, 337, 338, 339, 340, 341, 342, 343, 344, 345, 346, 347, 348, 349, 350, 351, 352, 353, 354, 355, 356, 357, 358, 359, 360, 361, 362, 363, 364, 365, 366, 367, 368, 369, 370, 371, 372, 373, 374, 375, 376, 377, 378, 379, 380, 381, 382, 383, 384, 385, 386, 387, 388, 389, 390, 391, 392, 393, 394, 395, 396, 397, 398, 399, 400, 401, 402, 403, 404, 405, 406, 407, 408, 409, 410, 411, 412, 413, 414, 415, 416, 417, 418, 419, 420, 421, 422, 423, 424, 425, 426, 427, 428, 429, 430, 431, 432, 433, 434, 435, 436, 437, 438, 439, 440, 441, 442, 443, 444, 445, 446, 447, 448, 449, 450, 451, 452, 453, 454, 455, 456, 457, 458, 459, 460, 461, 462, 463, 464, 465, 466, 467, 468, 469, 470, 471, 472, 473, 474, 475, 476, 477, 478, 479, 480, 481, 482, 483, 484, 485, 486, 487, 488, 489, 490, 491, 492, 493, 494, 495, 496, 497, 498, 499, 500, 501, 502, 503, 504, 505, 506, 507, 508, 509, 510], "AcquisitionTime": ["114932.735000", "114933.345000", "114933.955000", "114934.565000", "114935.175000", "114935.785000", "114936.395000", "114937.005000", "114937.615000", "114938.225000", "114938.835000", "114939.445000", "114940.055000", "114940.665000", "114941.275000", "114941.885000", "114942.495000", "114943.105000", "114943.715000", "114944.325000", "114944.935000", "114945.545000", "114946.155000", "114946.765000", "114947.375000", "114947.985000", "114948.595000", "114949.205000", "114949.815000", "114950.425000", "114951.035000", "114951.645000", "114952.255000", "114952.865000", "114953.475000", "114954.085000", "114954.695000", "114955.305000", "114955.915000", "114956.525000", "114957.135000", "114957.745000", "114958.355000", "114958.965000", "114959.575000", "115000.185000", "115000.795000", "115001.405000", "115002.015000", "115002.625000", "115003.235000", "115003.845000", "115004.455000", "115005.065000", "115005.675000", "115006.285000", "115006.895000", "115007.505000", "115008.115000", "115008.725000", "115009.335000", "115009.945000", "115010.555000", "115011.165000", "115011.775000", "115012.385000", "115012.995000", "115013.605000", "115014.215000", "115014.825000", "115015.435000", "115016.045000", "115016.655000", "115017.265000", "115017.875000", "115018.485000", "115019.095000", "115019.705000", "115020.315000", "115020.925000", "115021.535000", "115022.145000", "115022.755000", "115023.365000", "115023.975000", "115024.585000", "115025.195000", "115025.805000", "115026.415000", "115027.025000", "115027.635000", "115028.245000", "115028.855000", "115029.465000", "115030.075000", "115030.685000", "115031.295000", "115031.905000", "115032.515000", "115033.125000", "115033.735000", "115034.345000", "115034.955000", "115035.565000", "115036.175000", "115036.785000", "115037.395000", "115038.005000", "115038.615000", "115039.225000", "115039.835000", "115040.445000", "115041.055000", "115041.665000", "115042.275000", "115042.885000", "115043.495000", "115044.105000", "115044.715000", "115045.325000", "115045.935000", "115046.545000", "115047.155000", "115047.765000", "115048.375000", "115048.985000", "115049.595000", "115050.205000", "115050.815000", "115051.425000", "115052.035000", "115052.645000", "115053.255000", "115053.865000", "115054.475000", "115055.085000", "115055.695000", "115056.305000", "115056.915000", "115057.525000", "115058.135000", "115058.745000", "115059.355000", "115059.965000", "115100.575000", "115101.185000", "115101.795000", "115102.405000", "115103.015000", "115103.625000", "115104.235000", "115104.845000", "115105.455000", "115106.065000", "115106.675000", "115107.285000", "115107.895000", "115108.505000", "115109.115000", "115109.725000", "115110.335000", "115110.945000", "115111.555000", "115112.165000", "115112.775000", "115113.385000", "115113.995000", "115114.605000", "115115.215000", "115115.825000", "115116.435000", "115117.045000", "115117.655000", "115118.265000", "115118.875000", "115119.485000", "115120.095000", "115120.705000", "115121.315000", "115121.925000", "115122.535000", "115123.145000", "115123.755000", "115124.365000", "115124.975000", "115125.585000", "115126.195000", "115126.805000", "115127.415000", "115128.025000", "115128.635000", "115129.245000", "115129.855000", "115130.465000", "115131.075000", "115131.685000", "115132.295000", "115132.905000", "115133.515000", "115134.125000", "115134.735000", "115135.345000", "115135.955000", "115136.565000", "115137.175000", "115137.785000", "115138.395000", "115139.005000", "115139.615000", "115140.225000", "115140.835000", "115141.445000", "115142.055000", "115142.665000", "115143.275000", "115143.885000", "115144.495000", "115145.105000", "115145.715000", "115146.325000", "115146.935000", "115147.545000", "115148.155000", "115148.765000", "115149.375000", "115149.985000", "115150.595000", "115151.205000", "115151.815000", "115152.425000", "115153.035000", "115153.645000", "115154.255000", "115154.865000", "115155.475000", "115156.085000", "115156.695000", "115157.305000", "115157.915000", "115158.525000", "115159.135000", "115159.745000", "115200.355000", "115200.965000", "115201.575000", "115202.185000", "115202.795000", "115203.405000", "115204.015000", "115204.625000", "115205.235000", "115205.845000", "115206.455000", "115207.065000", "115207.675000", "115208.285000", "115208.895000", "115209.505000", "115210.115000", "115210.725000", "115211.335000", "115211.945000", "115212.555000", "115213.165000", "115213.775000", "115214.385000", "115214.995000", "115215.605000", "115216.215000", "115216.825000", "115217.435000", "115218.045000", "115218.655000", "115219.265000", "115219.875000", "115220.485000", "115221.095000", "115221.705000", "115222.315000", "115222.925000", "115223.535000", "115224.145000", "115224.755000", "115225.365000", "115225.975000", "115226.585000", "115227.195000", "115227.805000", "115228.415000", "115229.025000", "115229.635000", "115230.245000", "115230.855000", "115231.465000", "115232.075000", "115232.685000", "115233.295000", "115233.905000", "115234.515000", "115235.125000", "115235.735000", "115236.345000", "115236.955000", "115237.565000", "115238.175000", "115238.785000", "115239.395000", "115240.005000", "115240.615000", "115241.225000", "115241.835000", "115242.445000", "115243.055000", "115243.665000", "115244.275000", "115244.885000", "115245.495000", "115246.105000", "115246.715000", "115247.325000", "115247.935000", "115248.545000", "115249.155000", "115249.765000", "115250.375000", "115250.985000", "115251.595000", "115252.205000", "115252.815000", "115253.425000", "115254.035000", "115254.645000", "115255.255000", "115255.865000", "115256.475000", "115257.085000", "115257.695000", "115258.305000", "115258.915000", "115259.525000", "115300.135000", "115300.745000", "115301.355000", "115301.965000", "115302.575000", "115303.185000", "115303.795000", "115304.405000", "115305.015000", "115305.625000", "115306.235000", "115306.845000", "115307.455000", "115308.065000", "115308.675000", "115309.285000", "115309.895000", "115310.505000", "115311.115000", "115311.725000", "115312.335000", "115312.945000", "115313.555000", "115314.165000", "115314.775000", "115315.385000", "115315.995000", "115316.605000", "115317.215000", "115317.825000", "115318.435000", "115319.045000", "115319.655000", "115320.265000", "115320.875000", "115321.485000", "115322.095000", "115322.705000", "115323.315000", "115323.925000", "115324.535000", "115325.145000", "115325.755000", "115326.365000", "115326.975000", "115327.585000", "115328.195000", "115328.805000", "115329.415000", "115330.025000", "115330.635000", "115331.245000", "115331.855000", "115332.465000", "115333.075000", "115333.685000", "115334.295000", "115334.905000", "115335.515000", "115336.125000", "115336.735000", "115337.345000", "115337.955000", "115338.565000", "115339.175000", "115339.785000", "115340.395000", "115341.005000", "115341.615000", "115342.225000", "115342.835000", "115343.445000", "115344.055000", "115344.665000", "115345.275000", "115345.885000", "115346.495000", "115347.105000", "115347.715000", "115348.325000", "115348.935000", "115349.545000", "115350.155000", "115350.765000", "115351.375000", "115351.985000", "115352.595000", "115353.205000", "115353.815000", "115354.425000", "115355.035000", "115355.645000", "115356.255000", "115356.865000", "115357.475000", "115358.085000", "115358.695000", "115359.305000", "115359.915000", "115400.525000", "115401.135000", "115401.745000", "115402.355000", "115402.965000", "115403.575000", "115404.185000", "115404.795000", "115405.405000", "115406.015000", "115406.625000", "115407.235000", "115407.845000", "115408.455000", "115409.065000", "115409.675000", "115410.285000", "115410.895000", "115411.505000", "115412.115000", "115412.725000", "115413.335000", "115413.945000", "115414.555000", "115415.165000", "115415.775000", "115416.385000", "115416.995000", "115417.605000", "115418.215000", "115418.825000", "115419.435000", "115420.045000", "115420.655000", "115421.265000", "115421.875000", "115422.485000", "115423.095000", "115423.705000", "115424.315000", "115424.925000", "115425.535000", "115426.145000", "115426.755000", "115427.365000", "115427.975000", "115428.585000", "115429.195000", "115429.805000", "115430.415000", "115431.025000", "115431.635000", "115432.245000", "115432.855000", "115433.465000", "115434.075000", "115434.685000", "115435.295000", "115435.905000", "115436.515000", "115437.125000", "115437.735000", "115438.345000", "115438.955000", "115439.565000", "115440.175000", "115440.785000", "115441.395000", "115442.005000", "115442.615000", "115443.225000"], "ContentTime": ["115003.279000", "115003.282000", "115003.284000", "115003.287000", "115003.289000", "115003.292000", "115003.294000", "115003.297000", "115003.299000", "115003.302000", "115003.304000", "115003.306000", "115003.309000", "115003.311000", "115003.314000", "115003.325000", "115003.327000", "115003.329000", "115003.332000", "115003.334000", "115003.337000", "115003.339000", "115003.342000", "115003.344000", "115003.346000", "115003.349000", "115003.351000", "115003.354000", "115003.356000", "115003.358000", "115003.363000", "115003.365000", "115003.368000", "115003.370000", "115003.372000", "115003.375000", "115003.377000", "115003.380000", "115003.382000", "115003.385000", "115003.387000", "115003.390000", "115003.392000", "115003.394000", "115003.397000", "115003.399000", "115003.401000", "115003.404000", "115003.406000", "115003.408000", "115023.274000", "115023.277000", "115023.280000", "115023.301000", "115023.303000", "115023.306000", "115023.308000", "115023.311000", "115023.313000", "115023.315000", "115023.318000", "115023.320000", "115023.323000", "115023.325000", "115023.328000", "115023.330000", "115023.332000", "115023.335000", "115023.337000", "115023.340000", "115023.342000", "115023.346000", "115023.348000", "115023.350000", "115023.353000", "115023.355000", "115023.358000", "115023.360000", "115023.363000", "115023.365000", "115023.368000", "115023.375000", "115043.274000", "115043.277000", "115043.279000", "115043.282000", "115043.284000", "115043.286000", "115043.289000", "115043.291000", "115043.294000", "115043.296000", "115043.298000", "115043.301000", "115043.303000", "115043.305000", "115043.308000", "115043.311000", "115043.324000", "115043.326000", "115043.329000", "115043.331000", "115043.333000", "115043.336000", "115043.338000", "115043.340000", "115043.343000", "115043.345000", "115043.347000", "115043.350000", "115043.352000", "115043.355000", "115043.357000", "115043.359000", "115043.362000", "115103.273000", "115103.276000", "115103.278000", "115103.281000", "115103.283000", "115103.285000", "115103.288000", "115103.290000", "115103.292000", "115103.295000", "115103.297000", "115103.300000", "115103.302000", "115103.305000", "115103.307000", "115103.310000", "115103.312000", "115103.315000", "115103.317000", "115103.319000", "115103.322000", "115103.324000", "115103.327000", "115103.329000", "115103.331000", "115103.339000", "115103.341000", "115103.344000", "115103.346000", "115103.349000", "115103.351000", "115103.354000", "115103.356000", "115123.273000", "115123.276000", "115123.278000", "115123.281000", "115123.283000", "115123.286000", "115123.288000", "115123.290000", "115123.293000", "115123.295000", "115123.298000", "115123.300000", "115123.302000", "115123.305000", "115123.307000", "115123.309000", "115123.312000", "115123.314000", "115123.317000", "115123.319000", "115123.324000", "115123.326000", "115123.329000", "115123.331000", "115123.334000", "115123.336000", "115123.339000", "115123.341000", "115123.344000", "115123.346000", "115123.349000", "115123.351000", "115123.353000", "115143.273000", "115143.276000", "115143.278000", "115143.281000", "115143.283000", "115143.286000", "115143.288000", "115143.291000", "115143.293000", "115143.296000", "115143.298000", "115143.301000", "115143.303000", "115143.305000", "115143.308000", "115143.310000", "115143.313000", "115143.315000", "115143.318000", "115143.320000", "115143.322000", "115143.325000", "115143.327000", "115143.330000", "115143.332000", "115143.335000", "115143.337000", "115143.339000", "115143.346000", "115143.349000", "115143.351000", "115143.354000", "115143.356000", "115203.274000", "115203.277000", "115203.279000", "115203.282000", "115203.285000", "115203.287000", "115203.289000", "115203.292000", "115203.294000", "115203.296000", "115203.299000", "115203.301000", "115203.304000", "115203.306000", "115203.309000", "115203.311000", "115203.313000", "115203.316000", "115203.318000", "115203.321000", "115203.323000", "115203.325000", "115203.328000", "115203.330000", "115203.333000", "115203.335000", "115203.338000", "115203.340000", "115203.342000", "115203.345000", "115203.347000", "115203.350000", "115223.274000", "115223.277000", "115223.279000", "115223.282000", "115223.285000", "115223.287000", "115223.289000", "115223.292000", "115223.294000", "115223.297000", "115223.299000", "115223.302000", "115223.304000", "115223.307000", "115223.309000", "115223.311000", "115223.314000", "115223.316000", "115223.319000", "115223.321000", "115223.323000", "115223.326000", "115223.328000", "115223.330000", "115223.333000", "115223.335000", "115223.338000", "115223.340000", "115223.343000", "115223.345000", "115223.348000", "115223.351000", "115223.354000", "115243.274000", "115243.277000", "115243.279000", "115243.282000", "115243.284000", "115243.287000", "115243.289000", "115243.291000", "115243.294000", "115243.296000", "115243.298000", "115243.301000", "115243.303000", "115243.305000", "115243.308000", "115243.310000", "115243.313000", "115243.315000", "115243.317000", "115243.320000", "115243.322000", "115243.324000", "115243.327000", "115243.329000", "115243.331000", "115243.334000", "115243.336000", "115243.338000", "115243.341000", "115243.343000", "115243.346000", "115243.348000", "115243.350000", "115303.273000", "115303.312000", "115303.314000", "115303.316000", "115303.319000", "115303.321000", "115303.324000", "115303.326000", "115303.328000", "115303.331000", "115303.333000", "115303.335000", "115303.338000", "115303.340000", "115303.342000", "115303.345000", "115303.347000", "115303.349000", "115303.352000", "115303.354000", "115303.357000", "115303.359000", "115303.362000", "115303.364000", "115303.367000", "115303.373000", "115303.376000", "115303.378000", "115303.380000", "115303.383000", "115303.385000", "115303.388000", "115303.390000", "115323.274000", "115323.276000", "115323.279000", "115323.281000", "115323.283000", "115323.286000", "115323.288000", "115323.291000", "115323.310000", "115323.312000", "115323.315000", "115323.317000", "115323.320000", "115323.322000", "115323.324000", "115323.332000", "115323.334000", "115323.337000", "115323.339000", "115323.342000", "115323.344000", "115323.347000", "115323.349000", "115323.352000", "115323.354000", "115323.356000", "115323.359000", "115323.361000", "115323.364000", "115323.366000", "115323.368000", "115323.371000", "115343.273000", "115343.276000", "115343.278000", "115343.281000", "115343.283000", "115343.285000", "115343.288000", "115343.290000", "115343.293000", "115343.295000", "115343.298000", "115343.300000", "115343.302000", "115343.305000", "115343.307000", "115343.310000", "115343.313000", "115343.315000", "115343.317000", "115343.320000", "115343.322000", "115343.325000", "115343.327000", "115343.330000", "115343.332000", "115343.335000", "115343.337000", "115343.339000", "115343.342000", "115343.344000", "115343.346000", "115343.349000", "115343.351000", "115403.273000", "115403.276000", "115403.278000", "115403.281000", "115403.283000", "115403.286000", "115403.288000", "115403.290000", "115403.293000", "115403.295000", "115403.297000", "115403.300000", "115403.302000", "115403.305000", "115403.307000", "115403.310000", "115403.312000", "115403.315000", "115403.317000", "115403.319000", "115403.322000", "115403.324000", "115403.327000", "115403.329000", "115403.332000", "115403.334000", "115403.336000", "115403.339000", "115403.341000", "115403.344000", "115403.346000", "115403.349000", "115403.351000", "115423.274000", "115423.277000", "115423.279000", "115423.282000", "115423.284000", "115423.286000", "115423.289000", "115423.291000", "115423.294000", "115423.296000", "115423.298000", "115423.301000", "115423.303000", "115423.305000", "115423.308000", "115423.310000", "115423.313000", "115423.315000", "115423.317000", "115423.320000", "115423.322000", "115423.324000", "115423.327000", "115423.329000", "115423.332000", "115423.334000", "115423.336000", "115423.339000", "115423.341000", "115423.343000", "115423.346000", "115423.348000", "115423.350000", "115443.274000", "115443.277000", "115443.280000", "115443.282000", "115443.284000", "115443.287000", "115443.289000", "115443.292000", "115443.294000", "115443.297000", "115443.299000", "115443.301000", "115443.304000", "115443.306000", "115443.308000", "115443.311000", "115443.313000", "115443.316000", "115443.318000", "115443.320000", "115443.323000", "115443.325000", "115443.328000", "115443.330000", "115443.333000", "115443.335000", "115443.337000", "115443.340000", "115443.342000", "115443.345000", "115443.347000", "115443.350000", "115443.352000", "115443.784000"], "InstanceCreationTime": ["115003.279000", "115003.282000", "115003.284000", "115003.287000", "115003.289000", "115003.292000", "115003.294000", "115003.297000", "115003.299000", "115003.302000", "115003.304000", "115003.306000", "115003.309000", "115003.311000", "115003.314000", "115003.325000", "115003.327000", "115003.329000", "115003.332000", "115003.334000", "115003.337000", "115003.339000", "115003.342000", "115003.344000", "115003.346000", "115003.349000", "115003.351000", "115003.354000", "115003.356000", "115003.358000", "115003.363000", "115003.365000", "115003.368000", "115003.370000", "115003.372000", "115003.375000", "115003.377000", "115003.380000", "115003.382000", "115003.385000", "115003.387000", "115003.390000", "115003.392000", "115003.394000", "115003.397000", "115003.399000", "115003.401000", "115003.404000", "115003.406000", "115003.408000", "115023.274000", "115023.277000", "115023.280000", "115023.301000", "115023.303000", "115023.306000", "115023.308000", "115023.311000", "115023.313000", "115023.315000", "115023.318000", "115023.320000", "115023.323000", "115023.325000", "115023.328000", "115023.330000", "115023.332000", "115023.335000", "115023.337000", "115023.340000", "115023.342000", "115023.346000", "115023.348000", "115023.350000", "115023.353000", "115023.355000", "115023.358000", "115023.360000", "115023.363000", "115023.365000", "115023.368000", "115023.375000", "115043.274000", "115043.277000", "115043.279000", "115043.282000", "115043.284000", "115043.286000", "115043.289000", "115043.291000", "115043.294000", "115043.296000", "115043.298000", "115043.301000", "115043.303000", "115043.305000", "115043.308000", "115043.311000", "115043.324000", "115043.326000", "115043.329000", "115043.331000", "115043.333000", "115043.336000", "115043.338000", "115043.340000", "115043.343000", "115043.345000", "115043.347000", "115043.350000", "115043.352000", "115043.355000", "115043.357000", "115043.359000", "115043.362000", "115103.273000", "115103.276000", "115103.278000", "115103.281000", "115103.283000", "115103.285000", "115103.288000", "115103.290000", "115103.292000", "115103.295000", "115103.297000", "115103.300000", "115103.302000", "115103.305000", "115103.307000", "115103.310000", "115103.312000", "115103.315000", "115103.317000", "115103.319000", "115103.322000", "115103.324000", "115103.327000", "115103.329000", "115103.331000", "115103.339000", "115103.341000", "115103.344000", "115103.346000", "115103.349000", "115103.351000", "115103.354000", "115103.356000", "115123.273000", "115123.276000", "115123.278000", "115123.281000", "115123.283000", "115123.286000", "115123.288000", "115123.290000", "115123.293000", "115123.295000", "115123.298000", "115123.300000", "115123.302000", "115123.305000", "115123.307000", "115123.309000", "115123.312000", "115123.314000", "115123.317000", "115123.319000", "115123.324000", "115123.326000", "115123.329000", "115123.331000", "115123.334000", "115123.336000", "115123.339000", "115123.341000", "115123.344000", "115123.346000", "115123.349000", "115123.351000", "115123.353000", "115143.273000", "115143.276000", "115143.278000", "115143.281000", "115143.283000", "115143.286000", "115143.288000", "115143.291000", "115143.293000", "115143.296000", "115143.298000", "115143.301000", "115143.303000", "115143.305000", "115143.308000", "115143.310000", "115143.313000", "115143.315000", "115143.318000", "115143.320000", "115143.322000", "115143.325000", "115143.327000", "115143.330000", "115143.332000", "115143.335000", "115143.337000", "115143.339000", "115143.346000", "115143.349000", "115143.351000", "115143.354000", "115143.356000", "115203.274000", "115203.277000", "115203.279000", "115203.282000", "115203.285000", "115203.287000", "115203.289000", "115203.292000", "115203.294000", "115203.296000", "115203.299000", "115203.301000", "115203.304000", "115203.306000", "115203.309000", "115203.311000", "115203.313000", "115203.316000", "115203.318000", "115203.321000", "115203.323000", "115203.325000", "115203.328000", "115203.330000", "115203.333000", "115203.335000", "115203.338000", "115203.340000", "115203.342000", "115203.345000", "115203.347000", "115203.350000", "115223.274000", "115223.277000", "115223.279000", "115223.282000", "115223.285000", "115223.287000", "115223.289000", "115223.292000", "115223.294000", "115223.297000", "115223.299000", "115223.302000", "115223.304000", "115223.307000", "115223.309000", "115223.311000", "115223.314000", "115223.316000", "115223.319000", "115223.321000", "115223.323000", "115223.326000", "115223.328000", "115223.330000", "115223.333000", "115223.335000", "115223.338000", "115223.340000", "115223.343000", "115223.345000", "115223.348000", "115223.351000", "115223.354000", "115243.274000", "115243.277000", "115243.279000", "115243.282000", "115243.284000", "115243.287000", "115243.289000", "115243.291000", "115243.294000", "115243.296000", "115243.298000", "115243.301000", "115243.303000", "115243.305000", "115243.308000", "115243.310000", "115243.313000", "115243.315000", "115243.317000", "115243.320000", "115243.322000", "115243.324000", "115243.327000", "115243.329000", "115243.331000", "115243.334000", "115243.336000", "115243.338000", "115243.341000", "115243.343000", "115243.346000", "115243.348000", "115243.350000", "115303.273000", "115303.312000", "115303.314000", "115303.316000", "115303.319000", "115303.321000", "115303.324000", "115303.326000", "115303.328000", "115303.331000", "115303.333000", "115303.335000", "115303.338000", "115303.340000", "115303.342000", "115303.345000", "115303.347000", "115303.349000", "115303.352000", "115303.354000", "115303.357000", "115303.359000", "115303.362000", "115303.364000", "115303.367000", "115303.373000", "115303.376000", "115303.378000", "115303.380000", "115303.383000", "115303.385000", "115303.388000", "115303.390000", "115323.274000", "115323.276000", "115323.279000", "115323.281000", "115323.283000", "115323.286000", "115323.288000", "115323.291000", "115323.310000", "115323.312000", "115323.315000", "115323.317000", "115323.320000", "115323.322000", "115323.324000", "115323.332000", "115323.334000", "115323.337000", "115323.339000", "115323.342000", "115323.344000", "115323.347000", "115323.349000", "115323.352000", "115323.354000", "115323.356000", "115323.359000", "115323.361000", "115323.364000", "115323.366000", "115323.368000", "115323.371000", "115343.273000", "115343.276000", "115343.278000", "115343.281000", "115343.283000", "115343.285000", "115343.288000", "115343.290000", "115343.293000", "115343.295000", "115343.298000", "115343.300000", "115343.302000", "115343.305000", "115343.307000", "115343.310000", "115343.313000", "115343.315000", "115343.317000", "115343.320000", "115343.322000", "115343.325000", "115343.327000", "115343.330000", "115343.332000", "115343.335000", "115343.337000", "115343.339000", "115343.342000", "115343.344000", "115343.346000", "115343.349000", "115343.351000", "115403.273000", "115403.276000", "115403.278000", "115403.281000", "115403.283000", "115403.286000", "115403.288000", "115403.290000", "115403.293000", "115403.295000", "115403.297000", "115403.300000", "115403.302000", "115403.305000", "115403.307000", "115403.310000", "115403.312000", "115403.315000", "115403.317000", "115403.319000", "115403.322000", "115403.324000", "115403.327000", "115403.329000", "115403.332000", "115403.334000", "115403.336000", "115403.339000", "115403.341000", "115403.344000", "115403.346000", "115403.349000", "115403.351000", "115423.274000", "115423.277000", "115423.279000", "115423.282000", "115423.284000", "115423.286000", "115423.289000", "115423.291000", "115423.294000", "115423.296000", "115423.298000", "115423.301000", "115423.303000", "115423.305000", "115423.308000", "115423.310000", "115423.313000", "115423.315000", "115423.317000", "115423.320000", "115423.322000", "115423.324000", "115423.327000", "115423.329000", "115423.332000", "115423.334000", "115423.336000", "115423.339000", "115423.341000", "115423.343000", "115423.346000", "115423.348000", "115423.350000", "115443.274000", "115443.277000", "115443.280000", "115443.282000", "115443.284000", "115443.287000", "115443.289000", "115443.292000", "115443.294000", "115443.297000", "115443.299000", "115443.301000", "115443.304000", "115443.306000", "115443.308000", "115443.311000", "115443.313000", "115443.316000", "115443.318000", "115443.320000", "115443.323000", "115443.325000", "115443.328000", "115443.330000", "115443.333000", "115443.335000", "115443.337000", "115443.340000", "115443.342000", "115443.345000", "115443.347000", "115443.350000", "115443.352000", "115443.784000"], "InstanceNumber": [1, 2, 3, 4, 5, 6, 7, 8, 9, 10, 11, 12, 13, 14, 15, 16, 17, 18, 19, 20, 21, 22, 23, 24, 25, 26, 27, 28, 29, 30, 31, 32, 33, 34, 35, 36, 37, 38, 39, 40, 41, 42, 43, 44, 45, 46, 47, 48, 49, 50, 51, 52, 53, 54, 55, 56, 57, 58, 59, 60, 61, 62, 63, 64, 65, 66, 67, 68, 69, 70, 71, 72, 73, 74, 75, 76, 77, 78, 79, 80, 81, 82, 83, 84, 85, 86, 87, 88, 89, 90, 91, 92, 93, 94, 95, 96, 97, 98, 99, 100, 101, 102, 103, 104, 105, 106, 107, 108, 109, 110, 111, 112, 113, 114, 115, 116, 117, 118, 119, 120, 121, 122, 123, 124, 125, 126, 127, 128, 129, 130, 131, 132, 133, 134, 135, 136, 137, 138, 139, 140, 141, 142, 143, 144, 145, 146, 147, 148, 149, 150, 151, 152, 153, 154, 155, 156, 157, 158, 159, 160, 161, 162, 163, 164, 165, 166, 167, 168, 169, 170, 171, 172, 173, 174, 175, 176, 177, 178, 179, 180, 181, 182, 183, 184, 185, 186, 187, 188, 189, 190, 191, 192, 193, 194, 195, 196, 197, 198, 199, 200, 201, 202, 203, 204, 205, 206, 207, 208, 209, 210, 211, 212, 213, 214, 215, 216, 217, 218, 219, 220, 221, 222, 223, 224, 225, 226, 227, 228, 229, 230, 231, 232, 233, 234, 235, 236, 237, 238, 239, 240, 241, 242, 243, 244, 245, 246, 247, 248, 249, 250, 251, 252, 253, 254, 255, 256, 257, 258, 259, 260, 261, 262, 263, 264, 265, 266, 267, 268, 269, 270, 271, 272, 273, 274, 275, 276, 277, 278, 279, 280, 281, 282, 283, 284, 285, 286, 287, 288, 289, 290, 291, 292, 293, 294, 295, 296, 297, 298, 299, 300, 301, 302, 303, 304, 305, 306, 307, 308, 309, 310, 311, 312, 313, 314, 315, 316, 317, 318, 319, 320, 321, 322, 323, 324, 325, 326, 327, 328, 329, 330, 331, 332, 333, 334, 335, 336, 337, 338, 339, 340, 341, 342, 343, 344, 345, 346, 347, 348, 349, 350, 351, 352, 353, 354, 355, 356, 357, 358, 359, 360, 361, 362, 363, 364, 365, 366, 367, 368, 369, 370, 371, 372, 373, 374, 375, 376, 377, 378, 379, 380, 381, 382, 383, 384, 385, 386, 387, 388, 389, 390, 391, 392, 393, 394, 395, 396, 397, 398, 399, 400, 401, 402, 403, 404, 405, 406, 407, 408, 409, 410, 411, 412, 413, 414, 415, 416, 417, 418, 419, 420, 421, 422, 423, 424, 425, 426, 427, 428, 429, 430, 431, 432, 433, 434, 435, 436, 437, 438, 439, 440, 441, 442, 443, 444, 445, 446, 447, 448, 449, 450, 451, 452, 453, 454, 455, 456, 457, 458, 459, 460, 461, 462, 463, 464, 465, 466, 467, 468, 469, 470, 471, 472, 473, 474, 475, 476, 477, 478, 479, 480, 481, 482, 483, 484, 485, 486, 487, 488, 489, 490, 491, 492, 493, 494, 495, 496, 497, 498, 499, 500, 501, 502, 503, 504, 505, 506, 507, 508, 509, 510], "LargestImagePixelValue": [649, 585, 634, 582, 663, 592, 665, 617, 675, 586, 613, 614, 645, 671, 672, 673, 617, 667, 585, 620, 600, 573, 603, 592, 650, 607, 717, 716, 656, 631, 594, 625, 619, 600, 737, 713, 649, 582, 558, 558, 562, 563, 567, 569, 566, 565, 596, 621, 606, 665, 612, 632, 631, 600, 677, 578, 616, 597, 587, 569, 562, 559, 563, 581, 588, 583, 638, 585, 600, 570, 612, 566, 557, 606, 547, 638, 634, 594, 560, 582, 583, 641, 706, 687, 667, 656, 637, 641, 636, 664, 617, 565, 631, 581, 645, 618, 615, 579, 585, 590, 570, 622, 633, 571, 632, 561, 655, 592, 717, 631, 637, 677, 592, 650, 570, 721, 591, 676, 616, 684, 603, 642, 631, 613, 656, 603, 663, 647, 664, 643, 574, 562, 790, 789, 725, 724, 620, 605, 644, 592, 569, 650, 569, 601, 572, 577, 810, 711, 756, 696, 696, 640, 617, 563, 565, 597, 581, 560, 576, 568, 609, 641, 711, 696, 644, 568, 680, 581, 569, 567, 569, 574, 569, 689, 647, 619, 643, 626, 659, 770, 608, 623, 583, 671, 590, 676, 659, 606, 573, 571, 587, 621, 570, 686, 604, 737, 646, 679, 664, 622, 649, 595, 621, 615, 641, 611, 640, 582, 610, 561, 560, 569, 579, 584, 581, 647, 610, 769, 647, 624, 644, 571, 577, 566, 567, 572, 563, 563, 594, 652, 610, 647, 641, 646, 575, 619, 581, 597, 589, 614, 568, 580, 603, 595, 666, 654, 672, 741, 618, 579, 592, 626, 690, 609, 621, 794, 729, 762, 635, 634, 615, 657, 711, 615, 603, 632, 603, 602, 608, 666, 589, 571, 585, 589, 587, 580, 581, 578, 573, 580, 581, 582, 579, 588, 585, 585, 577, 590, 581, 582, 579, 580, 585, 584, 580, 580, 580, 573, 577, 578, 595, 699, 671, 595, 586, 609, 576, 568, 574, 575, 576, 607, 591, 622, 585, 642, 578, 604, 573, 593, 572, 570, 580, 575, 625, 583, 630, 586, 638, 630, 575, 568, 627, 575, 569, 694, 641, 576, 576, 574, 584, 575, 570, 585, 578, 574, 579, 650, 583, 597, 573, 585, 579, 578, 592, 574, 599, 576, 578, 634, 581, 602, 599, 608, 590, 581, 613, 574, 606, 580, 578, 579, 584, 577, 581, 575, 581, 594, 595, 614, 594, 617, 578, 644, 586, 629, 587, 591, 608, 574, 615, 585, 596, 578, 579, 594, 578, 599, 576, 581, 579, 581, 580, 589, 593, 596, 614, 588, 583, 576, 564, 563, 566, 566, 572, 570, 628, 568, 658, 587, 630, 575, 587, 567, 571, 621, 564, 610, 579, 583, 580, 561, 566, 569, 568, 570, 565, 562, 636, 574, 636, 606, 593, 598, 582, 614, 577, 617, 579, 599, 652, 580, 604, 578, 565, 595, 566, 566, 567, 566, 587, 569, 569, 574, 571, 570, 574, 573, 574, 574, 570, 567, 567, 577, 566, 569, 569, 571, 569, 563, 568, 566, 566, 568, 568, 598, 567, 567, 627, 563, 571, 605, 567, 645, 566, 561, 564, 560, 612, 560, 563, 565, 563, 567, 561, 561, 561, 559, 562, 561], "WindowCenter": [338.0, 334.0, 333.0, 332.0, 331.0, 331.0, 330.0, 331.0, 332.0, 330.0, 330.0, 331.0, 331.0, 330.0, 332.0, 332.0, 331.0, 331.0, 330.0, 331.0, 330.0, 333.0, 332.0, 331.0, 331.0, 331.0, 330.0, 329.0, 334.0, 330.0, 330.0, 329.0, 329.0, 331.0, 332.0, 332.0, 333.0, 330.0, 330.0, 330.0, 329.0, 330.0, 329.0, 329.0, 330.0, 331.0, 330.0, 331.0, 330.0, 331.0, 330.0, 330.0, 330.0, 331.0, 331.0, 331.0, 331.0, 330.0, 332.0, 331.0, 330.0, 330.0, 330.0, 330.0, 330.0, 330.0, 330.0, 330.0, 329.0, 329.0, 330.0, 330.0, 331.0, 331.0, 330.0, 332.0, 331.0, 331.0, 330.0, 331.0, 330.0, 330.0, 330.0, 329.0, 329.0, 330.0, 329.0, 331.0, 331.0, 330.0, 329.0, 328.0, 329.0, 328.0, 329.0, 330.0, 329.0, 327.0, 328.0, 329.0, 329.0, 330.0, 331.0, 329.0, 330.0, 329.0, 331.0, 330.0, 332.0, 330.0, 332.0, 332.0, 331.0, 332.0, 331.0, 333.0, 331.0, 332.0, 330.0, 331.0, 331.0, 331.0, 330.0, 329.0, 330.0, 331.0, 331.0, 333.0, 331.0, 330.0, 330.0, 329.0, 332.0, 332.0, 332.0, 331.0, 330.0, 329.0, 330.0, 329.0, 328.0, 329.0, 328.0, 329.0, 328.0, 328.0, 332.0, 332.0, 331.0, 331.0, 330.0, 330.0, 330.0, 329.0, 329.0, 330.0, 329.0, 329.0, 330.0, 331.0, 331.0, 331.0, 332.0, 331.0, 330.0, 330.0, 331.0, 330.0, 330.0, 331.0, 331.0, 331.0, 330.0, 332.0, 331.0, 330.0, 330.0, 330.0, 329.0, 325.0, 335.0, 330.0, 327.0, 328.0, 328.0, 328.0, 328.0, 329.0, 329.0, 328.0, 330.0, 330.0, 328.0, 330.0, 329.0, 330.0, 328.0, 328.0, 328.0, 328.0, 328.0, 328.0, 327.0, 327.0, 330.0, 331.0, 329.0, 328.0, 328.0, 327.0, 328.0, 329.0, 331.0, 330.0, 329.0, 330.0, 329.0, 333.0, 332.0, 332.0, 331.0, 330.0, 331.0, 331.0, 330.0, 332.0, 331.0, 330.0, 331.0, 333.0, 331.0, 331.0, 331.0, 331.0, 330.0, 331.0, 330.0, 331.0, 331.0, 331.0, 330.0, 330.0, 329.0, 331.0, 332.0, 331.0, 331.0, 330.0, 330.0, 329.0, 328.0, 329.0, 329.0, 331.0, 331.0, 332.0, 330.0, 330.0, 328.0, 329.0, 330.0, 330.0, 331.0, 330.0, 327.0, 326.0, 327.0, 326.0, 328.0, 332.0, 329.0, 326.0, 327.0, 328.0, 329.0, 330.0, 330.0, 330.0, 331.0, 330.0, 330.0, 330.0, 330.0, 330.0, 331.0, 331.0, 331.0, 331.0, 331.0, 331.0, 331.0, 331.0, 331.0, 332.0, 331.0, 332.0, 332.0, 331.0, 331.0, 332.0, 331.0, 335.0, 332.0, 331.0, 331.0, 330.0, 330.0, 330.0, 330.0, 330.0, 330.0, 330.0, 330.0, 330.0, 329.0, 330.0, 330.0, 329.0, 330.0, 329.0, 329.0, 329.0, 328.0, 329.0, 329.0, 328.0, 329.0, 327.0, 331.0, 331.0, 329.0, 329.0, 330.0, 330.0, 329.0, 331.0, 331.0, 329.0, 329.0, 329.0, 329.0, 329.0, 330.0, 330.0, 330.0, 331.0, 330.0, 331.0, 330.0, 329.0, 330.0, 329.0, 329.0, 329.0, 329.0, 330.0, 330.0, 330.0, 329.0, 330.0, 329.0, 330.0, 330.0, 329.0, 329.0, 329.0, 330.0, 330.0, 330.0, 329.0, 330.0, 330.0, 330.0, 330.0, 330.0, 331.0, 330.0, 331.0, 330.0, 331.0, 330.0, 330.0, 330.0, 330.0, 329.0, 329.0, 329.0, 329.0, 329.0, 329.0, 329.0, 329.0, 329.0, 330.0, 329.0, 330.0, 330.0, 330.0, 332.0, 332.0, 332.0, 330.0, 331.0, 331.0, 331.0, 328.0, 333.0, 331.0, 331.0, 331.0, 331.0, 331.0, 331.0, 331.0, 330.0, 330.0, 330.0, 329.0, 330.0, 330.0, 330.0, 329.0, 329.0, 328.0, 329.0, 329.0, 328.0, 329.0, 329.0, 328.0, 329.0, 329.0, 329.0, 330.0, 330.0, 330.0, 330.0, 329.0, 330.0, 330.0, 330.0, 329.0, 329.0, 329.0, 329.0, 329.0, 329.0, 329.0, 328.0, 328.0, 329.0, 328.0, 328.0, 329.0, 328.0, 329.0, 329.0, 328.0, 330.0, 329.0, 330.0, 330.0, 329.0, 330.0, 330.0, 330.0, 330.0, 330.0, 330.0, 331.0, 330.0, 330.0, 330.0, 330.0, 329.0, 330.0, 330.0, 329.0, 330.0, 329.0, 329.0, 330.0, 329.0, 329.0, 329.0, 329.0, 329.0, 329.0, 329.0, 329.0, 328.0, 329.0, 329.0, 329.0, 329.0, 328.0, 329.0, 328.0, 330.0, 329.0, 329.0, 330.0, 329.0, 330.0, 329.0, 330.0, 329.0, 329.0, 329.0, 329.0], "WindowWidth": [727.0, 720.0, 717.0, 714.0, 712.0, 712.0, 711.0, 713.0, 714.0, 712.0, 712.0, 712.0, 713.0, 711.0, 714.0, 713.0, 712.0, 712.0, 711.0, 712.0, 712.0, 717.0, 714.0, 713.0, 713.0, 712.0, 710.0, 708.0, 719.0, 711.0, 711.0, 709.0, 708.0, 713.0, 713.0, 715.0, 716.0, 712.0, 710.0, 710.0, 709.0, 710.0, 709.0, 709.0, 711.0, 712.0, 712.0, 712.0, 711.0, 713.0, 711.0, 711.0, 711.0, 713.0, 713.0, 712.0, 713.0, 711.0, 716.0, 713.0, 712.0, 711.0, 710.0, 712.0, 711.0, 712.0, 712.0, 711.0, 710.0, 710.0, 710.0, 711.0, 713.0, 713.0, 712.0, 715.0, 713.0, 712.0, 712.0, 712.0, 712.0, 711.0, 711.0, 708.0, 709.0, 710.0, 709.0, 713.0, 712.0, 711.0, 709.0, 708.0, 708.0, 708.0, 709.0, 710.0, 708.0, 706.0, 707.0, 708.0, 709.0, 711.0, 713.0, 709.0, 711.0, 709.0, 712.0, 711.0, 713.0, 711.0, 714.0, 714.0, 713.0, 714.0, 713.0, 715.0, 713.0, 713.0, 711.0, 712.0, 713.0, 713.0, 711.0, 710.0, 710.0, 712.0, 712.0, 715.0, 712.0, 711.0, 711.0, 710.0, 713.0, 715.0, 713.0, 712.0, 710.0, 709.0, 710.0, 709.0, 708.0, 708.0, 708.0, 709.0, 708.0, 707.0, 714.0, 715.0, 713.0, 712.0, 711.0, 710.0, 710.0, 708.0, 709.0, 711.0, 709.0, 709.0, 712.0, 713.0, 714.0, 713.0, 713.0, 712.0, 710.0, 711.0, 712.0, 710.0, 710.0, 712.0, 712.0, 713.0, 711.0, 714.0, 713.0, 711.0, 710.0, 710.0, 709.0, 700.0, 720.0, 712.0, 706.0, 706.0, 706.0, 707.0, 706.0, 709.0, 710.0, 707.0, 711.0, 711.0, 708.0, 710.0, 708.0, 711.0, 708.0, 707.0, 707.0, 706.0, 707.0, 707.0, 705.0, 705.0, 711.0, 713.0, 709.0, 707.0, 707.0, 706.0, 707.0, 709.0, 713.0, 711.0, 710.0, 710.0, 710.0, 715.0, 715.0, 714.0, 712.0, 712.0, 713.0, 713.0, 712.0, 714.0, 713.0, 711.0, 713.0, 716.0, 712.0, 712.0, 713.0, 713.0, 711.0, 712.0, 712.0, 713.0, 713.0, 713.0, 711.0, 711.0, 710.0, 713.0, 715.0, 712.0, 713.0, 710.0, 711.0, 710.0, 708.0, 709.0, 709.0, 713.0, 713.0, 713.0, 712.0, 711.0, 708.0, 709.0, 711.0, 711.0, 712.0, 711.0, 706.0, 703.0, 706.0, 704.0, 707.0, 714.0, 709.0, 703.0, 705.0, 707.0, 709.0, 712.0, 710.0, 712.0, 712.0, 712.0, 710.0, 711.0, 710.0, 712.0, 712.0, 713.0, 713.0, 713.0, 714.0, 713.0, 714.0, 713.0, 714.0, 714.0, 714.0, 714.0, 715.0, 714.0, 714.0, 714.0, 714.0, 720.0, 714.0, 713.0, 712.0, 712.0, 711.0, 712.0, 710.0, 710.0, 712.0, 712.0, 711.0, 711.0, 709.0, 711.0, 710.0, 709.0, 710.0, 709.0, 708.0, 709.0, 708.0, 709.0, 710.0, 708.0, 708.0, 706.0, 713.0, 712.0, 709.0, 708.0, 711.0, 711.0, 709.0, 713.0, 713.0, 709.0, 709.0, 709.0, 708.0, 709.0, 711.0, 711.0, 711.0, 712.0, 711.0, 713.0, 711.0, 710.0, 710.0, 710.0, 710.0, 710.0, 710.0, 712.0, 711.0, 710.0, 710.0, 711.0, 710.0, 711.0, 711.0, 710.0, 710.0, 710.0, 711.0, 711.0, 711.0, 710.0, 711.0, 711.0, 712.0, 711.0, 711.0, 712.0, 711.0, 712.0, 711.0, 712.0, 711.0, 711.0, 711.0, 711.0, 709.0, 710.0, 710.0, 709.0, 710.0, 710.0, 710.0, 709.0, 710.0, 712.0, 710.0, 711.0, 711.0, 711.0, 716.0, 716.0, 714.0, 712.0, 713.0, 713.0, 713.0, 708.0, 716.0, 713.0, 713.0, 714.0, 714.0, 712.0, 713.0, 712.0, 711.0, 711.0, 710.0, 709.0, 710.0, 711.0, 711.0, 710.0, 709.0, 707.0, 709.0, 709.0, 708.0, 708.0, 709.0, 708.0, 709.0, 709.0, 709.0, 711.0, 710.0, 712.0, 711.0, 710.0, 711.0, 711.0, 711.0, 709.0, 708.0, 709.0, 710.0, 709.0, 709.0, 709.0, 708.0, 708.0, 709.0, 707.0, 708.0, 709.0, 708.0, 709.0, 709.0, 708.0, 710.0, 710.0, 711.0, 711.0, 710.0, 711.0, 711.0, 711.0, 711.0, 711.0, 711.0, 712.0, 711.0, 711.0, 711.0, 711.0, 710.0, 711.0, 711.0, 709.0, 711.0, 710.0, 710.0, 711.0, 709.0, 709.0, 710.0, 709.0, 709.0, 709.0, 709.0, 710.0, 708.0, 709.0, 709.0, 709.0, 709.0, 708.0, 709.0, 709.0, 712.0, 709.0, 710.0, 711.0, 710.0, 711.0, 710.0, 711.0, 710.0, 710.0, 710.0, 709.0]}, "slices": {}}, "EventTimestamp": "11-52-51"}