{"AcquisitionMatrixPE": 64, "AcquisitionNumber": 1, "AcquisitionTime": "16:29:21.787500", "BandwidthPerPixelPhaseEncode": 28.935, "BaseResolution": 64, "BodyPartExamined": "BRAIN", "CoilCombinationMethod": "Sum of Squares", "ConsistencyInfo": "N4_VE11E_LATEST_20181129", "ConversionSoftware": "dcm2niix", "ConversionSoftwareVersion": "v1.0.20230411", "DerivedVendorReportedEchoSpacing": 0.000540003, "DeviceSerialNumber": "166182", "DwellTime": 3.4e-06, "EchoTime": 0.032, "EchoTrainLength": 64, "EffectiveEchoSpacing": 0.000540003, "FlipAngle": 40, "HeudiconvVersion": "0.13.1", "ImageOrientationPatientDICOM": [0.995052, -0.0574754, -0.0810499, 0.0504072, 0.994958, -0.0867105], "ImageOrientationText": "Tra>Sag(-4.9)>Cor(-4.7)", "ImageType": ["ORIGINAL", "PRIMARY", "M", "ND", "NORM", "MOSAIC"], "ImagingFrequency": 123.257452, "InPlanePhaseEncodingDirectionDICOM": "COL", "InstitutionAddress": "PEARSE STREET .,City,District,IE,D2", "InstitutionName": "TCIN", "InstitutionalDepartmentName": "MRI", "MRAcquisitionType": "2D", "MagneticFieldStrength": 3, "Manufacturer": "Siemens", "ManufacturersModelName": "Prisma", "Modality": "MR", "MultibandAccelerationFactor": 4, "NonlinearGradientCorrection": false, "PartialFourier": 1, "PatientPosition": "HFS", "PercentPhaseFOV": 100, "PercentSampling": 100, "PhaseEncodingDirection": "j-", "PhaseEncodingSteps": 64, "PhaseResolution": 1, "PixelBandwidth": 2300, "ProcedureStepDescription": "Rhodri^Head BOLD", "ProtocolName": "cmrr_mbep2d_bold_Pictures_AP", "PulseSequenceDetails": "%SiemensSeq%\\ep2d_bold", "ReceiveCoilActiveElements": "HC2,4,6,7;NC2;SC", "ReceiveCoilName": "SpecialPurpose_4", "ReconMatrixPE": 64, "RefLinesPE": 12, "RepetitionTime": 0.61, "SAR": 0.283155, "ScanOptions": "FS", "ScanningSequence": "EP", "SequenceName": "*epfid2d1_64", "SequenceVariant": "SK", "SeriesDescription": "cmrr_mbep2d_bold_Pictures_AP", "SeriesNumber": 7, "ShimSetting": [-3624, -7449, 3808, 948, 16, 477, 1, 225], "SliceThickness": 3, "SliceTiming": [0.2625, 0, 0.3275, 0.065, 0.3925, 0.1325, 0.46, 0.1975, 0.525, 0.2625, 0, 0.3275, 0.065, 0.3925, 0.1325, 0.46, 0.1975, 0.525, 0.2625, 0, 0.3275, 0.065, 0.3925, 0.1325, 0.46, 0.1975, 0.525, 0.2625, 0, 0.3275, 0.065, 0.3925, 0.1325, 0.46, 0.1975, 0.525], "SoftwareVersions": "syngo MR E11", "SpacingBetweenSlices": 3.3, "StationName": "AWP166182", "TaskName": "pictures", "TotalReadoutTime": 0.0340202, "TxRefAmp": 246.35, "dcmmeta_affine": [[-2.985154390335083, 0.15122154355049133, -0.2825622856616974, 97.64605712890625], [0.17242629826068878, 2.984872579574585, -0.27124637365341187, -104.22481536865234], [-0.24314971268177032, 0.2601313591003418, 3.276672601699829, -108.41417694091797], [0.0, 0.0, 0.0, 1.0]], "dcmmeta_reorient_transform": [[0.0, -1.0, 0.0, 63.0], [1.0, 0.0, 0.0, 0.0], [0.0, 0.0, 1.0, 0.0], [0.0, 0.0, 0.0, 1.0]], "dcmmeta_shape": [64, 64, 36, 89], "dcmmeta_slice_dim": 2, "dcmmeta_version": 0.6, "global": {"const": {"AcquisitionMatrix": [64, 0, 0, 64], "AngioFlag": "N", "BitsAllocated": 16, "BitsStored": 12, "BodyPartExamined": "BRAIN", "Columns": 384, "EchoNumbers": 1, "EchoTime": 32.0, "EchoTrainLength": 64, "FlipAngle": 40.0, "HighBit": 11, "ImageOrientationPatient": [0.99505149994973, -0.0574754332991, -0.0810499044717, 0.05040717895449, 0.99495749330018, -0.0867104540161], "ImagePositionPatient": [-608.99318046744, -533.8135410342, -11.500931033022], "ImageType": ["ORIGINAL", "PRIMARY", "M", "ND", "NORM", "MOSAIC"], "ImagedNucleus": "1H", "ImagingFrequency": 123.257452, "InPlanePhaseEncodingDirection": "COL", "MRAcquisitionType": "2D", "MagneticFieldStrength": 3.0, "Manufacturer": "SIEMENS", "ManufacturerModelName": "Prisma", "Modality": "MR", "NumberOfAverages": 1.0, "NumberOfPhaseEncodingSteps": 64, "PercentPhaseFieldOfView": 100.0, "PercentSampling": 100.0, "PerformedProcedureStepStartTime": "162353.011000", "PhotometricInterpretation": "MONOCHROME2", "PixelBandwidth": 2300.0, "PixelRepresentation": 0, "PixelSpacing": [3.0, 3.0], "ProtocolName": "cmrr_mbep2d_bold_Pictures_AP", "RepetitionTime": 610.0, "Rows": 384, "SAR": 0.2831550674983, "SamplesPerPixel": 1, "ScanOptions": "FS", "ScanningSequence": "EP", "SequenceName": "*epfid2d1_64", "SequenceVariant": "SK", "SeriesDescription": "cmrr_mbep2d_bold_Pictures_AP", "SeriesNumber": 7, "SeriesTime": "162945.611000", "SliceLocation": -107.44189979162, "SliceThickness": 3.0, "SmallestImagePixelValue": 0, "SoftwareVersions": "syngo MR E11", "SpacingBetweenSlices": 3.3000000063888, "SpecificCharacterSet": "ISO_IR 100", "StudyID": "2", "StudyTime": "162352.903000", "TransmitCoilName": "Body", "VariableFlipAngleFlag": "N", "WindowCenterWidthExplanation": "Algo1"}, "slices": {}}, "time": {"samples": {"AcquisitionNumber": [1, 2, 3, 4, 5, 6, 7, 8, 9, 10, 11, 12, 13, 14, 15, 16, 17, 18, 19, 20, 21, 22, 23, 24, 25, 26, 27, 28, 29, 30, 31, 32, 33, 34, 35, 36, 37, 38, 39, 40, 41, 42, 43, 44, 45, 46, 47, 48, 49, 50, 51, 52, 53, 54, 55, 56, 57, 58, 59, 60, 61, 62, 63, 64, 65, 66, 67, 68, 69, 70, 71, 72, 73, 74, 75, 76, 77, 78, 79, 80, 81, 82, 83, 84, 85, 86, 87, 88, 89], "AcquisitionTime": ["162921.787500", "162922.397500", "162923.007500", "162923.617500", "162924.227500", "162924.837500", "162925.447500", "162926.057500", "162926.667500", "162927.277500", "162927.887500", "162928.497500", "162929.107500", "162929.717500", "162930.327500", "162930.937500", "162931.547500", "162932.157500", "162932.767500", "162933.377500", "162933.987500", "162934.597500", "162935.207500", "162935.817500", "162936.427500", "162937.037500", "162937.647500", "162938.257500", "162938.867500", "162939.477500", "162940.087500", "162940.697500", "162941.307500", "162941.917500", "162942.527500", "162943.137500", "162943.747500", "162944.357500", "162944.967500", "162945.577500", "162946.187500", "162946.797500", "162947.407500", "162948.017500", "162948.627500", "162949.237500", "162949.847500", "162950.457500", "162951.067500", "162951.677500", "162952.287500", "162952.897500", "162953.507500", "162954.117500", "162954.727500", "162955.337500", "162955.947500", "162956.557500", "162957.167500", "162957.777500", "162958.387500", "162958.997500", "162959.607500", "163000.217500", "163000.827500", "163001.437500", "163002.047500", "163002.657500", "163003.267500", "163003.877500", "163004.487500", "163005.097500", "163005.707500", "163006.317500", "163006.927500", "163007.537500", "163008.147500", "163008.757500", "163009.367500", "163009.977500", "163010.587500", "163011.197500", "163011.807500", "163012.417500", "163013.027500", "163013.637500", "163014.247500", "163014.857500", "163015.467500"], "ContentTime": ["162945.614000", "162945.617000", "162945.620000", "162945.623000", "162945.625000", "162945.627000", "162945.630000", "162945.632000", "162945.635000", "162945.637000", "162945.643000", "162945.645000", "162945.648000", "162945.650000", "162945.652000", "162945.655000", "162945.657000", "162945.660000", "162945.663000", "162945.665000", "162945.668000", "162945.670000", "162945.673000", "162945.675000", "162945.677000", "162945.680000", "162945.682000", "162945.685000", "162945.687000", "162945.689000", "162945.692000", "162945.702000", "162945.705000", "162945.707000", "162945.710000", "162945.712000", "162945.714000", "163005.609000", "163005.612000", "163005.614000", "163005.617000", "163005.619000", "163005.622000", "163005.624000", "163005.626000", "163005.629000", "163005.637000", "163005.639000", "163005.642000", "163005.644000", "163005.646000", "163005.649000", "163005.651000", "163005.654000", "163005.656000", "163005.659000", "163005.661000", "163005.663000", "163005.666000", "163005.668000", "163005.671000", "163005.673000", "163005.676000", "163005.678000", "163005.680000", "163005.683000", "163005.685000", "163005.688000", "163005.690000", "163005.692000", "163017.464000", "163017.467000", "163017.469000", "163017.472000", "163017.474000", "163017.477000", "163017.479000", "163017.482000", "163017.484000", "163017.487000", "163017.490000", "163017.494000", "163017.497000", "163017.499000", "163017.502000", "163017.504000", "163017.507000", "163017.510000", "163017.513000"], "InstanceCreationTime": ["162945.614000", "162945.617000", "162945.620000", "162945.623000", "162945.625000", "162945.627000", "162945.630000", "162945.632000", "162945.635000", "162945.637000", "162945.643000", "162945.645000", "162945.648000", "162945.650000", "162945.652000", "162945.655000", "162945.657000", "162945.660000", "162945.663000", "162945.665000", "162945.668000", "162945.670000", "162945.673000", "162945.675000", "162945.677000", "162945.680000", "162945.682000", "162945.685000", "162945.687000", "162945.689000", "162945.692000", "162945.702000", "162945.705000", "162945.707000", "162945.710000", "162945.712000", "162945.714000", "163005.609000", "163005.612000", "163005.614000", "163005.617000", "163005.619000", "163005.622000", "163005.624000", "163005.626000", "163005.629000", "163005.637000", "163005.639000", "163005.642000", "163005.644000", "163005.646000", "163005.649000", "163005.651000", "163005.654000", "163005.656000", "163005.659000", "163005.661000", "163005.663000", "163005.666000", "163005.668000", "163005.671000", "163005.673000", "163005.676000", "163005.678000", "163005.680000", "163005.683000", "163005.685000", "163005.688000", "163005.690000", "163005.692000", "163017.464000", "163017.467000", "163017.469000", "163017.472000", "163017.474000", "163017.477000", "163017.479000", "163017.482000", "163017.484000", "163017.487000", "163017.490000", "163017.494000", "163017.497000", "163017.499000", "163017.502000", "163017.504000", "163017.507000", "163017.510000", "163017.513000"], "InstanceNumber": [1, 2, 3, 4, 5, 6, 7, 8, 9, 10, 11, 12, 13, 14, 15, 16, 17, 18, 19, 20, 21, 22, 23, 24, 25, 26, 27, 28, 29, 30, 31, 32, 33, 34, 35, 36, 37, 38, 39, 40, 41, 42, 43, 44, 45, 46, 47, 48, 49, 50, 51, 52, 53, 54, 55, 56, 57, 58, 59, 60, 61, 62, 63, 64, 65, 66, 67, 68, 69, 70, 71, 72, 73, 74, 75, 76, 77, 78, 79, 80, 81, 82, 83, 84, 85, 86, 87, 88, 89], "LargestImagePixelValue": [591, 513, 522, 538, 475, 472, 503, 448, 464, 451, 452, 448, 434, 430, 449, 463, 452, 450, 439, 436, 450, 455, 467, 472, 450, 501, 453, 449, 485, 452, 445, 468, 459, 473, 484, 468, 446, 442, 449, 454, 439, 460, 454, 447, 451, 436, 479, 477, 462, 452, 455, 448, 463, 488, 473, 471, 451, 481, 493, 471, 467, 524, 473, 494, 540, 471, 443, 447, 439, 448, 484, 476, 448, 447, 456, 456, 500, 474, 452, 468, 454, 455, 454, 453, 488, 493, 487, 467, 461], "WindowCenter": [302.0, 299.0, 296.0, 295.0, 293.0, 294.0, 293.0, 291.0, 293.0, 293.0, 293.0, 293.0, 293.0, 294.0, 293.0, 294.0, 295.0, 295.0, 294.0, 294.0, 295.0, 294.0, 294.0, 295.0, 295.0, 298.0, 295.0, 293.0, 296.0, 293.0, 293.0, 295.0, 293.0, 295.0, 293.0, 293.0, 292.0, 293.0, 294.0, 294.0, 293.0, 293.0, 294.0, 294.0, 292.0, 289.0, 292.0, 294.0, 293.0, 293.0, 294.0, 295.0, 296.0, 294.0, 295.0, 295.0, 295.0, 294.0, 296.0, 293.0, 295.0, 293.0, 292.0, 291.0, 293.0, 291.0, 289.0, 287.0, 292.0, 288.0, 292.0, 296.0, 291.0, 290.0, 297.0, 295.0, 293.0, 293.0, 291.0, 294.0, 293.0, 293.0, 294.0, 289.0, 295.0, 292.0, 294.0, 292.0, 294.0], "WindowWidth": [655.0, 649.0, 644.0, 642.0, 638.0, 640.0, 637.0, 635.0, 638.0, 638.0, 638.0, 638.0, 639.0, 639.0, 639.0, 640.0, 641.0, 642.0, 639.0, 640.0, 642.0, 641.0, 640.0, 641.0, 642.0, 647.0, 641.0, 639.0, 644.0, 639.0, 637.0, 641.0, 639.0, 642.0, 638.0, 637.0, 636.0, 638.0, 639.0, 641.0, 637.0, 639.0, 640.0, 639.0, 637.0, 631.0, 637.0, 640.0, 639.0, 638.0, 640.0, 642.0, 644.0, 640.0, 642.0, 642.0, 641.0, 639.0, 644.0, 638.0, 641.0, 638.0, 636.0, 632.0, 637.0, 635.0, 630.0, 626.0, 635.0, 627.0, 635.0, 643.0, 633.0, 632.0, 645.0, 642.0, 637.0, 638.0, 633.0, 640.0, 637.0, 639.0, 640.0, 630.0, 642.0, 635.0, 640.0, 635.0, 639.0]}, "slices": {}}, "EventTimestamp": "16-31-26"}