{"AcquisitionMatrixPE": 64, "AcquisitionNumber": 1, "AcquisitionTime": "10:40:43.690000", "BandwidthPerPixelPhaseEncode": 28.935, "BaseResolution": 64, "BodyPartExamined": "BRAIN", "CoilCombinationMethod": "Sum of Squares", "ConsistencyInfo": "N4_VE11E_LATEST_20181129", "ConversionSoftware": "dcm2niix", "ConversionSoftwareVersion": "v1.0.20230411", "DerivedVendorReportedEchoSpacing": 0.000540003, "DeviceSerialNumber": "166182", "DwellTime": 3.4e-06, "EchoTime": 0.032, "EchoTrainLength": 64, "EffectiveEchoSpacing": 0.000540003, "FlipAngle": 40, "HeudiconvVersion": "0.13.1", "ImageOrientationPatientDICOM": [0.999935, -0.00992826, 0.00558483, 0.0101227, 0.999303, -0.0359278], "ImageOrientationText": "Tra>Cor(-2.1)>Sag(0.3)", "ImageType": ["ORIGINAL", "PRIMARY", "M", "ND", "NORM", "MOSAIC"], "ImagingFrequency": 123.256902, "InPlanePhaseEncodingDirectionDICOM": "COL", "InstitutionAddress": "PEARSE STREET .,City,District,IE,D2", "InstitutionName": "TCIN", "InstitutionalDepartmentName": "MRI", "MRAcquisitionType": "2D", "MagneticFieldStrength": 3, "Manufacturer": "Siemens", "ManufacturersModelName": "Prisma", "Modality": "MR", "MultibandAccelerationFactor": 4, "NonlinearGradientCorrection": false, "PartialFourier": 1, "PatientPosition": "HFS", "PercentPhaseFOV": 100, "PercentSampling": 100, "PhaseEncodingDirection": "j-", "PhaseEncodingSteps": 64, "PhaseResolution": 1, "PixelBandwidth": 2300, "ProcedureStepDescription": "Rhodri^Head BOLD", "ProtocolName": "cmrr_mbep2d_bold_Pictures_AP", "PulseSequenceDetails": "%SiemensSeq%\\ep2d_bold", "ReceiveCoilActiveElements": "HC2,4,6,7;SC", "ReceiveCoilName": "HeadNeck_64", "ReconMatrixPE": 64, "RefLinesPE": 12, "RepetitionTime": 0.61, "SAR": 0.275512, "ScanOptions": "FS", "ScanningSequence": "EP", "SequenceName": "*epfid2d1_64", "SequenceVariant": "SK", "SeriesDescription": "cmrr_mbep2d_bold_Pictures_AP", "SeriesNumber": 9, "ShimSetting": [-3568, -7421, 4092, 955, -117, 240, 308, 75], "SliceThickness": 3, "SliceTiming": [0.2625, 0, 0.3275, 0.065, 0.3925, 0.13, 0.4575, 0.1975, 0.525, 0.2625, 0, 0.3275, 0.065, 0.3925, 0.13, 0.4575, 0.1975, 0.525, 0.2625, 0, 0.3275, 0.065, 0.3925, 0.13, 0.4575, 0.1975, 0.525, 0.2625, 0, 0.3275, 0.065, 0.3925, 0.13, 0.4575, 0.1975, 0.525], "SoftwareVersions": "syngo MR E11", "SpacingBetweenSlices": 3.3, "StationName": "AWP166182", "TaskName": "pictures", "TotalReadoutTime": 0.0340202, "TxRefAmp": 228.764, "dcmmeta_affine": [[-2.999805450439453, 0.030367953702807426, 0.017239980399608612, 97.18733215332031], [0.0297847893089056, 2.9979093074798584, -0.1187405064702034, -93.20811462402344], [0.01675448566675186, 0.10778331011533737, 3.2978179454803467, -54.37638854980469], [0.0, 0.0, 0.0, 1.0]], "dcmmeta_reorient_transform": [[0.0, -1.0, 0.0, 63.0], [1.0, 0.0, 0.0, 0.0], [0.0, 0.0, 1.0, 0.0], [0.0, 0.0, 0.0, 1.0]], "dcmmeta_shape": [64, 64, 36, 423], "dcmmeta_slice_dim": 2, "dcmmeta_version": 0.6, "global": {"const": {"AcquisitionMatrix": [64, 0, 0, 64], "AngioFlag": "N", "BitsAllocated": 16, "BitsStored": 12, "BodyPartExamined": "BRAIN", "Columns": 384, "EchoNumbers": 1, "EchoTime": 32.0, "EchoTrainLength": 64, "FlipAngle": 40.0, "HighBit": 11, "ImageOrientationPatient": [0.99993511753747, -0.0099282629742, 0.00558482852488, 0.01012265139396, 0.99930312079955, -0.0359277704436], "ImagePositionPatient": [-583.92824247004, -570.56011057797, -33.021427857166], "ImageType": ["ORIGINAL", "PRIMARY", "M", "ND", "NORM", "MOSAIC"], "ImagedNucleus": "1H", "ImagingFrequency": 123.256902, "InPlanePhaseEncodingDirection": "COL", "MRAcquisitionType": "2D", "MagneticFieldStrength": 3.0, "Manufacturer": "SIEMENS", "ManufacturerModelName": "Prisma", "Modality": "MR", "NumberOfAverages": 1.0, "NumberOfPhaseEncodingSteps": 64, "PercentPhaseFieldOfView": 100.0, "PercentSampling": 100.0, "PerformedProcedureStepStartTime": "102724.592000", "PhotometricInterpretation": "MONOCHROME2", "PixelBandwidth": 2300.0, "PixelRepresentation": 0, "PixelSpacing": [3.0, 3.0], "ProtocolName": "cmrr_mbep2d_bold_Pictures_AP", "RepetitionTime": 610.0, "Rows": 384, "SAR": 0.27551163999999, "SamplesPerPixel": 1, "ScanOptions": "FS", "ScanningSequence": "EP", "SequenceName": "*epfid2d1_64", "SequenceVariant": "SK", "SeriesDescription": "cmrr_mbep2d_bold_Pictures_AP", "SeriesNumber": 9, "SeriesTime": "104059.151000", "SliceLocation": -50.478892767207, "SliceThickness": 3.0, "SmallestImagePixelValue": 0, "SoftwareVersions": "syngo MR E11", "SpacingBetweenSlices": 3.3000000063428, "SpecificCharacterSet": "ISO_IR 100", "StudyID": "1", "StudyTime": "102724.362000", "TransmitCoilName": "Body", "VariableFlipAngleFlag": "N", "WindowCenterWidthExplanation": "Algo1"}, "slices": {}}, "time": {"samples": {"AcquisitionNumber": [1, 2, 3, 4, 5, 6, 7, 8, 9, 10, 11, 12, 13, 14, 15, 16, 17, 18, 19, 20, 21, 22, 23, 24, 25, 26, 27, 28, 29, 30, 31, 32, 33, 34, 35, 36, 37, 38, 39, 40, 41, 42, 43, 44, 45, 46, 47, 48, 49, 50, 51, 52, 53, 54, 55, 56, 57, 58, 59, 60, 61, 62, 63, 64, 65, 66, 67, 68, 69, 70, 71, 72, 73, 74, 75, 76, 77, 78, 79, 80, 81, 82, 83, 84, 85, 86, 87, 88, 89, 90, 91, 92, 93, 94, 95, 96, 97, 98, 99, 100, 101, 102, 103, 104, 105, 106, 107, 108, 109, 110, 111, 112, 113, 114, 115, 116, 117, 118, 119, 120, 121, 122, 123, 124, 125, 126, 127, 128, 129, 130, 131, 132, 133, 134, 135, 136, 137, 138, 139, 140, 141, 142, 143, 144, 145, 146, 147, 148, 149, 150, 151, 152, 153, 154, 155, 156, 157, 158, 159, 160, 161, 162, 163, 164, 165, 166, 167, 168, 169, 170, 171, 172, 173, 174, 175, 176, 177, 178, 179, 180, 181, 182, 183, 184, 185, 186, 187, 188, 189, 190, 191, 192, 193, 194, 195, 196, 197, 198, 199, 200, 201, 202, 203, 204, 205, 206, 207, 208, 209, 210, 211, 212, 213, 214, 215, 216, 217, 218, 219, 220, 221, 222, 223, 224, 225, 226, 227, 228, 229, 230, 231, 232, 233, 234, 235, 236, 237, 238, 239, 240, 241, 242, 243, 244, 245, 246, 247, 248, 249, 250, 251, 252, 253, 254, 255, 256, 257, 258, 259, 260, 261, 262, 263, 264, 265, 266, 267, 268, 269, 270, 271, 272, 273, 274, 275, 276, 277, 278, 279, 280, 281, 282, 283, 284, 285, 286, 287, 288, 289, 290, 291, 292, 293, 294, 295, 296, 297, 298, 299, 300, 301, 302, 303, 304, 305, 306, 307, 308, 309, 310, 311, 312, 313, 314, 315, 316, 317, 318, 319, 320, 321, 322, 323, 324, 325, 326, 327, 328, 329, 330, 331, 332, 333, 334, 335, 336, 337, 338, 339, 340, 341, 342, 343, 344, 345, 346, 347, 348, 349, 350, 351, 352, 353, 354, 355, 356, 357, 358, 359, 360, 361, 362, 363, 364, 365, 366, 367, 368, 369, 370, 371, 372, 373, 374, 375, 376, 377, 378, 379, 380, 381, 382, 383, 384, 385, 386, 387, 388, 389, 390, 391, 392, 393, 394, 395, 396, 397, 398, 399, 400, 401, 402, 403, 404, 405, 406, 407, 408, 409, 410, 411, 412, 413, 414, 415, 416, 417, 418, 419, 420, 421, 422, 423], "AcquisitionTime": ["104043.690000", "104044.300000", "104044.910000", "104045.520000", "104046.130000", "104046.740000", "104047.350000", "104047.960000", "104048.570000", "104049.180000", "104049.790000", "104050.400000", "104051.010000", "104051.620000", "104052.230000", "104052.840000", "104053.450000", "104054.060000", "104054.670000", "104055.280000", "104055.890000", "104056.500000", "104057.110000", "104057.720000", "104058.330000", "104058.940000", "104059.550000", "104100.160000", "104100.770000", "104101.380000", "104101.990000", "104102.600000", "104103.210000", "104103.820000", "104104.430000", "104105.040000", "104105.650000", "104106.260000", "104106.870000", "104107.480000", "104108.090000", "104108.700000", "104109.310000", "104109.920000", "104110.530000", "104111.140000", "104111.750000", "104112.360000", "104112.970000", "104113.580000", "104114.190000", "104114.800000", "104115.410000", "104116.020000", "104116.630000", "104117.240000", "104117.850000", "104118.460000", "104119.070000", "104119.680000", "104120.290000", "104120.900000", "104121.510000", "104122.120000", "104122.730000", "104123.340000", "104123.950000", "104124.560000", "104125.170000", "104125.780000", "104126.390000", "104127.000000", "104127.610000", "104128.220000", "104128.830000", "104129.440000", "104130.050000", "104130.660000", "104131.270000", "104131.880000", "104132.490000", "104133.100000", "104133.710000", "104134.320000", "104134.930000", "104135.540000", "104136.150000", "104136.760000", "104137.370000", "104137.980000", "104138.590000", "104139.200000", "104139.810000", "104140.420000", "104141.030000", "104141.640000", "104142.250000", "104142.860000", "104143.470000", "104144.080000", "104144.690000", "104145.300000", "104145.910000", "104146.520000", "104147.130000", "104147.740000", "104148.350000", "104148.960000", "104149.570000", "104150.180000", "104150.790000", "104151.400000", "104152.010000", "104152.620000", "104153.230000", "104153.840000", "104154.450000", "104155.060000", "104155.670000", "104156.280000", "104156.890000", "104157.500000", "104158.110000", "104158.720000", "104159.330000", "104159.940000", "104200.550000", "104201.160000", "104201.770000", "104202.380000", "104202.990000", "104203.600000", "104204.210000", "104204.820000", "104205.430000", "104206.040000", "104206.650000", "104207.260000", "104207.870000", "104208.480000", "104209.090000", "104209.700000", "104210.310000", "104210.920000", "104211.530000", "104212.140000", "104212.750000", "104213.360000", "104213.970000", "104214.580000", "104215.190000", "104215.800000", "104216.410000", "104217.020000", "104217.630000", "104218.240000", "104218.850000", "104219.460000", "104220.070000", "104220.680000", "104221.290000", "104221.900000", "104222.510000", "104223.120000", "104223.730000", "104224.340000", "104224.950000", "104225.560000", "104226.170000", "104226.780000", "104227.390000", "104228.000000", "104228.610000", "104229.220000", "104229.830000", "104230.440000", "104231.050000", "104231.660000", "104232.270000", "104232.880000", "104233.490000", "104234.100000", "104234.710000", "104235.320000", "104235.930000", "104236.540000", "104237.150000", "104237.760000", "104238.370000", "104238.980000", "104239.590000", "104240.200000", "104240.810000", "104241.420000", "104242.030000", "104242.640000", "104243.250000", "104243.860000", "104244.470000", "104245.080000", "104245.690000", "104246.300000", "104246.910000", "104247.520000", "104248.130000", "104248.740000", "104249.350000", "104249.960000", "104250.570000", "104251.180000", "104251.790000", "104252.400000", "104253.010000", "104253.620000", "104254.230000", "104254.840000", "104255.450000", "104256.060000", "104256.670000", "104257.280000", "104257.890000", "104258.500000", "104259.110000", "104259.720000", "104300.330000", "104300.940000", "104301.550000", "104302.160000", "104302.770000", "104303.380000", "104303.990000", "104304.600000", "104305.210000", "104305.820000", "104306.430000", "104307.040000", "104307.650000", "104308.260000", "104308.870000", "104309.480000", "104310.090000", "104310.700000", "104311.310000", "104311.920000", "104312.530000", "104313.140000", "104313.750000", "104314.360000", "104314.970000", "104315.580000", "104316.190000", "104316.800000", "104317.410000", "104318.020000", "104318.630000", "104319.240000", "104319.850000", "104320.460000", "104321.070000", "104321.680000", "104322.290000", "104322.900000", "104323.510000", "104324.120000", "104324.730000", "104325.340000", "104325.950000", "104326.560000", "104327.170000", "104327.780000", "104328.390000", "104329.000000", "104329.610000", "104330.220000", "104330.830000", "104331.440000", "104332.050000", "104332.660000", "104333.270000", "104333.880000", "104334.490000", "104335.100000", "104335.710000", "104336.320000", "104336.930000", "104337.540000", "104338.150000", "104338.760000", "104339.370000", "104339.980000", "104340.590000", "104341.200000", "104341.810000", "104342.420000", "104343.030000", "104343.640000", "104344.250000", "104344.860000", "104345.470000", "104346.080000", "104346.690000", "104347.300000", "104347.910000", "104348.520000", "104349.130000", "104349.740000", "104350.350000", "104350.960000", "104351.570000", "104352.180000", "104352.790000", "104353.400000", "104354.010000", "104354.620000", "104355.230000", "104355.840000", "104356.450000", "104357.060000", "104357.670000", "104358.280000", "104358.890000", "104359.500000", "104400.110000", "104400.720000", "104401.330000", "104401.940000", "104402.550000", "104403.160000", "104403.770000", "104404.380000", "104404.990000", "104405.600000", "104406.210000", "104406.820000", "104407.430000", "104408.040000", "104408.650000", "104409.260000", "104409.870000", "104410.480000", "104411.090000", "104411.700000", "104412.310000", "104412.920000", "104413.530000", "104414.140000", "104414.750000", "104415.360000", "104415.970000", "104416.580000", "104417.190000", "104417.800000", "104418.410000", "104419.020000", "104419.630000", "104420.240000", "104420.850000", "104421.460000", "104422.070000", "104422.680000", "104423.290000", "104423.900000", "104424.510000", "104425.120000", "104425.730000", "104426.340000", "104426.950000", "104427.560000", "104428.170000", "104428.780000", "104429.390000", "104430.000000", "104430.610000", "104431.220000", "104431.830000", "104432.440000", "104433.050000", "104433.660000", "104434.270000", "104434.880000", "104435.490000", "104436.100000", "104436.710000", "104437.320000", "104437.930000", "104438.540000", "104439.150000", "104439.760000", "104440.370000", "104440.980000", "104441.590000", "104442.200000", "104442.810000", "104443.420000", "104444.030000", "104444.640000", "104445.250000", "104445.860000", "104446.470000", "104447.080000", "104447.690000", "104448.300000", "104448.910000", "104449.520000", "104450.130000", "104450.740000", "104451.350000", "104451.960000", "104452.570000", "104453.180000", "104453.790000", "104454.400000", "104455.010000", "104455.620000", "104456.230000", "104456.840000", "104457.450000", "104458.060000", "104458.670000", "104459.280000", "104459.890000", "104500.500000", "104501.110000"], "ContentTime": ["104059.155000", "104059.158000", "104059.160000", "104059.163000", "104059.165000", "104059.167000", "104059.170000", "104059.172000", "104059.174000", "104059.177000", "104059.179000", "104059.182000", "104059.184000", "104059.186000", "104059.188000", "104059.191000", "104059.193000", "104059.195000", "104059.198000", "104059.200000", "104059.203000", "104059.208000", "104059.211000", "104059.221000", "104119.151000", "104119.158000", "104119.160000", "104119.162000", "104119.165000", "104119.167000", "104119.169000", "104119.172000", "104119.174000", "104119.177000", "104119.179000", "104119.182000", "104119.184000", "104119.186000", "104119.189000", "104119.191000", "104119.193000", "104119.196000", "104119.209000", "104119.212000", "104119.214000", "104119.216000", "104119.219000", "104119.221000", "104119.223000", "104119.226000", "104119.228000", "104119.230000", "104119.233000", "104119.235000", "104119.237000", "104119.240000", "104119.242000", "104139.151000", "104139.154000", "104139.156000", "104139.159000", "104139.161000", "104139.163000", "104139.166000", "104139.168000", "104139.176000", "104139.179000", "104139.181000", "104139.183000", "104139.186000", "104139.188000", "104139.190000", "104139.193000", "104139.195000", "104139.197000", "104139.200000", "104139.202000", "104139.204000", "104139.207000", "104139.209000", "104139.212000", "104139.214000", "104139.217000", "104139.219000", "104139.221000", "104139.224000", "104139.226000", "104139.228000", "104139.231000", "104139.233000", "104159.150000", "104159.153000", "104159.155000", "104159.157000", "104159.160000", "104159.162000", "104159.164000", "104159.167000", "104159.169000", "104159.171000", "104159.174000", "104159.176000", "104159.178000", "104159.181000", "104159.183000", "104159.185000", "104159.188000", "104159.190000", "104159.192000", "104159.195000", "104159.197000", "104159.199000", "104159.202000", "104159.204000", "104159.206000", "104159.209000", "104159.211000", "104159.214000", "104159.216000", "104159.218000", "104159.221000", "104159.223000", "104159.225000", "104219.150000", "104219.153000", "104219.155000", "104219.158000", "104219.160000", "104219.162000", "104219.165000", "104219.167000", "104219.170000", "104219.172000", "104219.174000", "104219.177000", "104219.179000", "104219.182000", "104219.184000", "104219.187000", "104219.189000", "104219.191000", "104219.194000", "104219.196000", "104219.199000", "104219.201000", "104219.204000", "104219.206000", "104219.209000", "104219.212000", "104219.214000", "104219.216000", "104219.219000", "104219.221000", "104219.224000", "104219.226000", "104239.150000", "104239.153000", "104239.155000", "104239.157000", "104239.160000", "104239.162000", "104239.165000", "104239.167000", "104239.169000", "104239.172000", "104239.174000", "104239.176000", "104239.179000", "104239.181000", "104239.185000", "104239.188000", "104239.190000", "104239.193000", "104239.195000", "104239.197000", "104239.200000", "104239.202000", "104239.205000", "104239.207000", "104239.209000", "104239.212000", "104239.214000", "104239.216000", "104239.219000", "104239.221000", "104239.224000", "104239.226000", "104239.228000", "104259.150000", "104259.153000", "104259.155000", "104259.157000", "104259.160000", "104259.162000", "104259.164000", "104259.167000", "104259.169000", "104259.172000", "104259.174000", "104259.176000", "104259.179000", "104259.181000", "104259.183000", "104259.186000", "104259.188000", "104259.190000", "104259.193000", "104259.195000", "104259.197000", "104259.200000", "104259.202000", "104259.205000", "104259.207000", "104259.209000", "104259.212000", "104259.214000", "104259.238000", "104259.240000", "104259.243000", "104259.245000", "104259.247000", "104319.150000", "104319.153000", "104319.155000", "104319.158000", "104319.160000", "104319.162000", "104319.165000", "104319.167000", "104319.169000", "104319.172000", "104319.174000", "104319.176000", "104319.179000", "104319.188000", "104319.190000", "104319.193000", "104319.195000", "104319.198000", "104319.200000", "104319.202000", "104319.205000", "104319.207000", "104319.209000", "104319.212000", "104319.214000", "104319.216000", "104319.219000", "104319.221000", "104319.223000", "104319.226000", "104319.228000", "104319.231000", "104319.233000", "104339.151000", "104339.154000", "104339.156000", "104339.159000", "104339.161000", "104339.163000", "104339.166000", "104339.175000", "104339.177000", "104339.179000", "104339.182000", "104339.184000", "104339.186000", "104339.189000", "104339.191000", "104339.194000", "104339.196000", "104339.199000", "104339.201000", "104339.204000", "104339.206000", "104339.208000", "104339.211000", "104339.213000", "104339.216000", "104339.218000", "104339.221000", "104339.223000", "104339.226000", "104339.228000", "104339.230000", "104339.233000", "104339.235000", "104359.151000", "104359.154000", "104359.156000", "104359.159000", "104359.161000", "104359.163000", "104359.166000", "104359.168000", "104359.170000", "104359.173000", "104359.175000", "104359.177000", "104359.180000", "104359.183000", "104359.185000", "104359.188000", "104359.191000", "104359.193000", "104359.195000", "104359.198000", "104359.200000", "104359.202000", "104359.205000", "104359.207000", "104359.210000", "104359.212000", "104359.214000", "104359.217000", "104359.219000", "104359.222000", "104359.224000", "104359.226000", "104419.150000", "104419.162000", "104419.164000", "104419.167000", "104419.169000", "104419.171000", "104419.174000", "104419.176000", "104419.179000", "104419.181000", "104419.184000", "104419.186000", "104419.188000", "104419.191000", "104419.193000", "104419.196000", "104419.198000", "104419.200000", "104419.203000", "104419.205000", "104419.207000", "104419.210000", "104419.212000", "104419.215000", "104419.217000", "104419.219000", "104419.222000", "104419.225000", "104419.228000", "104419.230000", "104419.233000", "104419.235000", "104419.237000", "104439.150000", "104439.153000", "104439.155000", "104439.158000", "104439.160000", "104439.162000", "104439.170000", "104439.172000", "104439.175000", "104439.177000", "104439.180000", "104439.182000", "104439.184000", "104439.187000", "104439.189000", "104439.192000", "104439.194000", "104439.196000", "104439.199000", "104439.201000", "104439.204000", "104439.206000", "104439.209000", "104439.211000", "104439.214000", "104439.216000", "104439.219000", "104439.221000", "104439.223000", "104439.226000", "104439.229000", "104439.231000", "104439.234000", "104459.150000", "104459.153000", "104459.155000", "104459.157000", "104459.160000", "104459.163000", "104459.165000", "104459.167000", "104459.170000", "104459.172000", "104459.175000", "104459.177000", "104459.179000", "104459.182000", "104459.184000", "104459.186000", "104459.189000", "104459.191000", "104459.194000", "104459.196000", "104459.198000", "104459.201000", "104459.203000", "104459.205000", "104459.208000", "104459.210000", "104459.213000", "104459.215000", "104459.217000", "104459.220000", "104459.222000", "104459.224000", "104459.227000", "104502.670000", "104502.673000", "104502.675000", "104502.677000", "104502.680000"], "InstanceCreationTime": ["104059.155000", "104059.158000", "104059.160000", "104059.163000", "104059.165000", "104059.167000", "104059.170000", "104059.172000", "104059.174000", "104059.177000", "104059.179000", "104059.182000", "104059.184000", "104059.186000", "104059.188000", "104059.191000", "104059.193000", "104059.195000", "104059.198000", "104059.200000", "104059.203000", "104059.208000", "104059.211000", "104059.221000", "104119.151000", "104119.158000", "104119.160000", "104119.162000", "104119.165000", "104119.167000", "104119.169000", "104119.172000", "104119.174000", "104119.177000", "104119.179000", "104119.182000", "104119.184000", "104119.186000", "104119.189000", "104119.191000", "104119.193000", "104119.196000", "104119.209000", "104119.212000", "104119.214000", "104119.216000", "104119.219000", "104119.221000", "104119.223000", "104119.226000", "104119.228000", "104119.230000", "104119.233000", "104119.235000", "104119.237000", "104119.240000", "104119.242000", "104139.151000", "104139.154000", "104139.156000", "104139.159000", "104139.161000", "104139.163000", "104139.166000", "104139.168000", "104139.176000", "104139.179000", "104139.181000", "104139.183000", "104139.186000", "104139.188000", "104139.190000", "104139.193000", "104139.195000", "104139.197000", "104139.200000", "104139.202000", "104139.204000", "104139.207000", "104139.209000", "104139.212000", "104139.214000", "104139.217000", "104139.219000", "104139.221000", "104139.224000", "104139.226000", "104139.228000", "104139.231000", "104139.233000", "104159.150000", "104159.153000", "104159.155000", "104159.157000", "104159.160000", "104159.162000", "104159.164000", "104159.167000", "104159.169000", "104159.171000", "104159.174000", "104159.176000", "104159.178000", "104159.181000", "104159.183000", "104159.185000", "104159.188000", "104159.190000", "104159.192000", "104159.195000", "104159.197000", "104159.199000", "104159.202000", "104159.204000", "104159.206000", "104159.209000", "104159.211000", "104159.214000", "104159.216000", "104159.218000", "104159.221000", "104159.223000", "104159.225000", "104219.150000", "104219.153000", "104219.155000", "104219.158000", "104219.160000", "104219.162000", "104219.165000", "104219.167000", "104219.170000", "104219.172000", "104219.174000", "104219.177000", "104219.179000", "104219.182000", "104219.184000", "104219.187000", "104219.189000", "104219.191000", "104219.194000", "104219.196000", "104219.199000", "104219.201000", "104219.204000", "104219.206000", "104219.209000", "104219.212000", "104219.214000", "104219.216000", "104219.219000", "104219.221000", "104219.224000", "104219.226000", "104239.150000", "104239.153000", "104239.155000", "104239.157000", "104239.160000", "104239.162000", "104239.165000", "104239.167000", "104239.169000", "104239.172000", "104239.174000", "104239.176000", "104239.179000", "104239.181000", "104239.185000", "104239.188000", "104239.190000", "104239.193000", "104239.195000", "104239.197000", "104239.200000", "104239.202000", "104239.205000", "104239.207000", "104239.209000", "104239.212000", "104239.214000", "104239.216000", "104239.219000", "104239.221000", "104239.224000", "104239.226000", "104239.228000", "104259.150000", "104259.153000", "104259.155000", "104259.157000", "104259.160000", "104259.162000", "104259.164000", "104259.167000", "104259.169000", "104259.172000", "104259.174000", "104259.176000", "104259.179000", "104259.181000", "104259.183000", "104259.186000", "104259.188000", "104259.190000", "104259.193000", "104259.195000", "104259.197000", "104259.200000", "104259.202000", "104259.205000", "104259.207000", "104259.209000", "104259.212000", "104259.214000", "104259.238000", "104259.240000", "104259.243000", "104259.245000", "104259.247000", "104319.150000", "104319.153000", "104319.155000", "104319.158000", "104319.160000", "104319.162000", "104319.165000", "104319.167000", "104319.169000", "104319.172000", "104319.174000", "104319.176000", "104319.179000", "104319.188000", "104319.190000", "104319.193000", "104319.195000", "104319.198000", "104319.200000", "104319.202000", "104319.205000", "104319.207000", "104319.209000", "104319.212000", "104319.214000", "104319.216000", "104319.219000", "104319.221000", "104319.223000", "104319.226000", "104319.228000", "104319.231000", "104319.233000", "104339.151000", "104339.154000", "104339.156000", "104339.159000", "104339.161000", "104339.163000", "104339.166000", "104339.175000", "104339.177000", "104339.179000", "104339.182000", "104339.184000", "104339.186000", "104339.189000", "104339.191000", "104339.194000", "104339.196000", "104339.199000", "104339.201000", "104339.204000", "104339.206000", "104339.208000", "104339.211000", "104339.213000", "104339.216000", "104339.218000", "104339.221000", "104339.223000", "104339.226000", "104339.228000", "104339.230000", "104339.233000", "104339.235000", "104359.151000", "104359.154000", "104359.156000", "104359.159000", "104359.161000", "104359.163000", "104359.166000", "104359.168000", "104359.170000", "104359.173000", "104359.175000", "104359.177000", "104359.180000", "104359.183000", "104359.185000", "104359.188000", "104359.191000", "104359.193000", "104359.195000", "104359.198000", "104359.200000", "104359.202000", "104359.205000", "104359.207000", "104359.210000", "104359.212000", "104359.214000", "104359.217000", "104359.219000", "104359.222000", "104359.224000", "104359.226000", "104419.150000", "104419.162000", "104419.164000", "104419.167000", "104419.169000", "104419.171000", "104419.174000", "104419.176000", "104419.179000", "104419.181000", "104419.184000", "104419.186000", "104419.188000", "104419.191000", "104419.193000", "104419.196000", "104419.198000", "104419.200000", "104419.203000", "104419.205000", "104419.207000", "104419.210000", "104419.212000", "104419.215000", "104419.217000", "104419.219000", "104419.222000", "104419.225000", "104419.228000", "104419.230000", "104419.233000", "104419.235000", "104419.237000", "104439.150000", "104439.153000", "104439.155000", "104439.158000", "104439.160000", "104439.162000", "104439.170000", "104439.172000", "104439.175000", "104439.177000", "104439.180000", "104439.182000", "104439.184000", "104439.187000", "104439.189000", "104439.192000", "104439.194000", "104439.196000", "104439.199000", "104439.201000", "104439.204000", "104439.206000", "104439.209000", "104439.211000", "104439.214000", "104439.216000", "104439.219000", "104439.221000", "104439.223000", "104439.226000", "104439.229000", "104439.231000", "104439.234000", "104459.150000", "104459.153000", "104459.155000", "104459.157000", "104459.160000", "104459.163000", "104459.165000", "104459.167000", "104459.170000", "104459.172000", "104459.175000", "104459.177000", "104459.179000", "104459.182000", "104459.184000", "104459.186000", "104459.189000", "104459.191000", "104459.194000", "104459.196000", "104459.198000", "104459.201000", "104459.203000", "104459.205000", "104459.208000", "104459.210000", "104459.213000", "104459.215000", "104459.217000", "104459.220000", "104459.222000", "104459.224000", "104459.227000", "104502.670000", "104502.673000", "104502.675000", "104502.677000", "104502.680000"], "InstanceNumber": [1, 2, 3, 4, 5, 6, 7, 8, 9, 10, 11, 12, 13, 14, 15, 16, 17, 18, 19, 20, 21, 22, 23, 24, 25, 26, 27, 28, 29, 30, 31, 32, 33, 34, 35, 36, 37, 38, 39, 40, 41, 42, 43, 44, 45, 46, 47, 48, 49, 50, 51, 52, 53, 54, 55, 56, 57, 58, 59, 60, 61, 62, 63, 64, 65, 66, 67, 68, 69, 70, 71, 72, 73, 74, 75, 76, 77, 78, 79, 80, 81, 82, 83, 84, 85, 86, 87, 88, 89, 90, 91, 92, 93, 94, 95, 96, 97, 98, 99, 100, 101, 102, 103, 104, 105, 106, 107, 108, 109, 110, 111, 112, 113, 114, 115, 116, 117, 118, 119, 120, 121, 122, 123, 124, 125, 126, 127, 128, 129, 130, 131, 132, 133, 134, 135, 136, 137, 138, 139, 140, 141, 142, 143, 144, 145, 146, 147, 148, 149, 150, 151, 152, 153, 154, 155, 156, 157, 158, 159, 160, 161, 162, 163, 164, 165, 166, 167, 168, 169, 170, 171, 172, 173, 174, 175, 176, 177, 178, 179, 180, 181, 182, 183, 184, 185, 186, 187, 188, 189, 190, 191, 192, 193, 194, 195, 196, 197, 198, 199, 200, 201, 202, 203, 204, 205, 206, 207, 208, 209, 210, 211, 212, 213, 214, 215, 216, 217, 218, 219, 220, 221, 222, 223, 224, 225, 226, 227, 228, 229, 230, 231, 232, 233, 234, 235, 236, 237, 238, 239, 240, 241, 242, 243, 244, 245, 246, 247, 248, 249, 250, 251, 252, 253, 254, 255, 256, 257, 258, 259, 260, 261, 262, 263, 264, 265, 266, 267, 268, 269, 270, 271, 272, 273, 274, 275, 276, 277, 278, 279, 280, 281, 282, 283, 284, 285, 286, 287, 288, 289, 290, 291, 292, 293, 294, 295, 296, 297, 298, 299, 300, 301, 302, 303, 304, 305, 306, 307, 308, 309, 310, 311, 312, 313, 314, 315, 316, 317, 318, 319, 320, 321, 322, 323, 324, 325, 326, 327, 328, 329, 330, 331, 332, 333, 334, 335, 336, 337, 338, 339, 340, 341, 342, 343, 344, 345, 346, 347, 348, 349, 350, 351, 352, 353, 354, 355, 356, 357, 358, 359, 360, 361, 362, 363, 364, 365, 366, 367, 368, 369, 370, 371, 372, 373, 374, 375, 376, 377, 378, 379, 380, 381, 382, 383, 384, 385, 386, 387, 388, 389, 390, 391, 392, 393, 394, 395, 396, 397, 398, 399, 400, 401, 402, 403, 404, 405, 406, 407, 408, 409, 410, 411, 412, 413, 414, 415, 416, 417, 418, 419, 420, 421, 422, 423], "LargestImagePixelValue": [579, 563, 583, 573, 581, 563, 563, 588, 571, 570, 565, 573, 560, 565, 550, 583, 569, 568, 602, 560, 571, 561, 580, 574, 590, 614, 563, 554, 596, 605, 567, 557, 581, 576, 566, 562, 606, 587, 579, 580, 578, 655, 617, 548, 575, 540, 527, 601, 574, 553, 550, 667, 569, 599, 578, 579, 567, 658, 572, 594, 569, 570, 569, 566, 576, 575, 558, 599, 559, 555, 568, 562, 550, 563, 554, 564, 572, 566, 571, 571, 559, 569, 556, 561, 559, 566, 559, 568, 559, 567, 571, 612, 635, 591, 592, 635, 636, 564, 572, 552, 556, 624, 566, 547, 549, 568, 608, 569, 566, 586, 554, 566, 598, 641, 544, 559, 585, 586, 605, 560, 579, 583, 573, 560, 573, 569, 553, 553, 560, 556, 559, 564, 591, 582, 640, 572, 585, 572, 585, 584, 565, 617, 598, 547, 548, 543, 545, 552, 562, 567, 544, 550, 563, 558, 547, 553, 552, 565, 555, 563, 579, 614, 554, 556, 561, 557, 582, 565, 561, 562, 570, 559, 553, 557, 555, 557, 570, 573, 560, 561, 569, 595, 572, 573, 583, 564, 576, 558, 569, 549, 585, 592, 551, 598, 589, 567, 571, 600, 553, 547, 553, 546, 574, 593, 544, 586, 540, 602, 548, 558, 588, 633, 547, 562, 573, 560, 549, 573, 580, 559, 542, 564, 564, 578, 560, 567, 610, 549, 567, 591, 574, 563, 566, 573, 574, 565, 519, 588, 562, 559, 558, 600, 562, 547, 536, 619, 563, 574, 565, 557, 553, 567, 568, 565, 577, 573, 590, 570, 564, 546, 578, 561, 550, 589, 575, 578, 568, 556, 587, 539, 551, 557, 564, 558, 553, 563, 577, 555, 553, 586, 610, 595, 574, 574, 553, 554, 595, 562, 553, 591, 594, 607, 657, 608, 570, 677, 569, 568, 551, 553, 563, 564, 546, 544, 658, 579, 585, 585, 596, 553, 735, 593, 546, 561, 573, 564, 583, 565, 555, 562, 556, 561, 535, 572, 554, 547, 554, 554, 614, 581, 564, 553, 566, 589, 575, 565, 603, 580, 602, 573, 560, 552, 563, 551, 558, 631, 558, 544, 608, 595, 583, 562, 607, 579, 576, 563, 565, 561, 563, 570, 617, 574, 646, 552, 606, 587, 557, 576, 556, 555, 583, 586, 581, 565, 592, 660, 577, 581, 543, 555, 565, 540, 578, 557, 575, 612, 566, 555, 592, 556, 562, 570, 564, 544, 595, 571, 568, 560, 561, 581, 558, 557, 559, 588, 566, 616, 569, 521, 597, 573, 580, 545, 663, 574, 570, 569, 558, 581, 570, 595, 591, 597, 611], "WindowCenter": [317.0, 314.0, 316.0, 316.0, 315.0, 313.0, 314.0, 316.0, 316.0, 315.0, 314.0, 315.0, 316.0, 313.0, 314.0, 313.0, 315.0, 313.0, 313.0, 311.0, 315.0, 311.0, 316.0, 316.0, 314.0, 313.0, 308.0, 306.0, 313.0, 314.0, 312.0, 310.0, 313.0, 310.0, 311.0, 312.0, 315.0, 313.0, 313.0, 314.0, 308.0, 320.0, 316.0, 309.0, 309.0, 307.0, 302.0, 316.0, 311.0, 308.0, 304.0, 310.0, 312.0, 313.0, 312.0, 310.0, 309.0, 315.0, 308.0, 313.0, 311.0, 313.0, 312.0, 313.0, 313.0, 312.0, 315.0, 313.0, 311.0, 312.0, 310.0, 313.0, 310.0, 310.0, 312.0, 313.0, 313.0, 313.0, 314.0, 314.0, 314.0, 314.0, 311.0, 313.0, 314.0, 313.0, 310.0, 312.0, 314.0, 314.0, 311.0, 313.0, 313.0, 313.0, 313.0, 315.0, 316.0, 314.0, 315.0, 312.0, 313.0, 315.0, 315.0, 310.0, 309.0, 316.0, 311.0, 309.0, 315.0, 314.0, 311.0, 311.0, 314.0, 313.0, 309.0, 311.0, 309.0, 311.0, 313.0, 310.0, 311.0, 314.0, 314.0, 312.0, 314.0, 315.0, 312.0, 313.0, 316.0, 314.0, 310.0, 314.0, 313.0, 315.0, 316.0, 311.0, 313.0, 311.0, 312.0, 313.0, 308.0, 317.0, 313.0, 310.0, 311.0, 311.0, 312.0, 307.0, 311.0, 311.0, 313.0, 315.0, 314.0, 316.0, 315.0, 314.0, 313.0, 309.0, 310.0, 307.0, 304.0, 313.0, 310.0, 310.0, 307.0, 310.0, 312.0, 314.0, 311.0, 316.0, 315.0, 315.0, 317.0, 316.0, 316.0, 316.0, 315.0, 315.0, 313.0, 312.0, 313.0, 314.0, 311.0, 312.0, 312.0, 312.0, 312.0, 311.0, 313.0, 311.0, 315.0, 315.0, 310.0, 316.0, 315.0, 312.0, 314.0, 315.0, 314.0, 314.0, 315.0, 311.0, 316.0, 315.0, 310.0, 313.0, 313.0, 311.0, 309.0, 308.0, 311.0, 313.0, 308.0, 309.0, 314.0, 310.0, 308.0, 311.0, 315.0, 310.0, 312.0, 313.0, 308.0, 314.0, 314.0, 315.0, 314.0, 312.0, 312.0, 314.0, 312.0, 313.0, 305.0, 315.0, 308.0, 313.0, 305.0, 312.0, 312.0, 309.0, 308.0, 313.0, 308.0, 307.0, 304.0, 310.0, 310.0, 311.0, 310.0, 308.0, 309.0, 311.0, 312.0, 312.0, 313.0, 313.0, 313.0, 311.0, 313.0, 311.0, 311.0, 312.0, 310.0, 315.0, 312.0, 310.0, 311.0, 309.0, 310.0, 310.0, 310.0, 305.0, 311.0, 313.0, 313.0, 313.0, 311.0, 310.0, 309.0, 311.0, 310.0, 308.0, 310.0, 312.0, 310.0, 310.0, 315.0, 314.0, 313.0, 318.0, 317.0, 314.0, 317.0, 314.0, 313.0, 314.0, 313.0, 312.0, 309.0, 312.0, 313.0, 313.0, 311.0, 311.0, 316.0, 313.0, 312.0, 313.0, 311.0, 311.0, 313.0, 310.0, 310.0, 310.0, 308.0, 304.0, 313.0, 305.0, 308.0, 310.0, 305.0, 312.0, 308.0, 313.0, 311.0, 311.0, 311.0, 308.0, 312.0, 313.0, 314.0, 310.0, 309.0, 311.0, 311.0, 309.0, 313.0, 313.0, 312.0, 314.0, 310.0, 310.0, 308.0, 307.0, 307.0, 312.0, 306.0, 307.0, 308.0, 310.0, 308.0, 311.0, 311.0, 312.0, 308.0, 307.0, 311.0, 312.0, 314.0, 315.0, 314.0, 313.0, 318.0, 312.0, 316.0, 310.0, 309.0, 310.0, 306.0, 308.0, 308.0, 312.0, 310.0, 309.0, 309.0, 311.0, 310.0, 312.0, 308.0, 310.0, 312.0, 306.0, 314.0, 310.0, 313.0, 312.0, 310.0, 311.0, 315.0, 307.0, 313.0, 310.0, 309.0, 307.0, 312.0, 308.0, 311.0, 309.0, 305.0, 307.0, 310.0, 306.0, 304.0, 308.0, 307.0, 314.0, 309.0, 303.0, 309.0, 311.0, 307.0, 304.0, 313.0, 314.0, 311.0, 309.0, 311.0, 313.0, 311.0, 309.0, 316.0, 314.0, 314.0], "WindowWidth": [686.0, 680.0, 683.0, 684.0, 682.0, 677.0, 679.0, 684.0, 682.0, 680.0, 679.0, 681.0, 682.0, 678.0, 679.0, 678.0, 681.0, 677.0, 678.0, 675.0, 682.0, 674.0, 684.0, 684.0, 680.0, 678.0, 669.0, 665.0, 678.0, 680.0, 675.0, 672.0, 678.0, 672.0, 673.0, 676.0, 682.0, 678.0, 678.0, 679.0, 668.0, 692.0, 683.0, 672.0, 670.0, 666.0, 658.0, 683.0, 674.0, 669.0, 661.0, 672.0, 676.0, 677.0, 676.0, 672.0, 671.0, 681.0, 669.0, 678.0, 674.0, 677.0, 676.0, 677.0, 679.0, 675.0, 682.0, 678.0, 675.0, 676.0, 673.0, 677.0, 671.0, 672.0, 675.0, 677.0, 678.0, 677.0, 680.0, 680.0, 679.0, 680.0, 674.0, 677.0, 679.0, 677.0, 671.0, 676.0, 680.0, 681.0, 675.0, 678.0, 678.0, 677.0, 678.0, 681.0, 683.0, 680.0, 681.0, 676.0, 679.0, 681.0, 683.0, 673.0, 670.0, 685.0, 674.0, 671.0, 683.0, 681.0, 676.0, 675.0, 679.0, 677.0, 671.0, 674.0, 669.0, 674.0, 678.0, 673.0, 675.0, 680.0, 680.0, 676.0, 679.0, 682.0, 676.0, 677.0, 683.0, 681.0, 673.0, 681.0, 678.0, 682.0, 684.0, 673.0, 678.0, 675.0, 676.0, 678.0, 668.0, 685.0, 679.0, 672.0, 674.0, 674.0, 677.0, 667.0, 673.0, 674.0, 678.0, 682.0, 680.0, 683.0, 682.0, 680.0, 678.0, 671.0, 673.0, 667.0, 661.0, 678.0, 673.0, 673.0, 667.0, 673.0, 677.0, 680.0, 674.0, 683.0, 681.0, 682.0, 685.0, 684.0, 684.0, 685.0, 683.0, 682.0, 678.0, 676.0, 679.0, 679.0, 675.0, 676.0, 675.0, 675.0, 676.0, 673.0, 678.0, 675.0, 682.0, 681.0, 672.0, 683.0, 681.0, 675.0, 679.0, 681.0, 679.0, 680.0, 682.0, 674.0, 683.0, 682.0, 673.0, 679.0, 678.0, 673.0, 671.0, 668.0, 675.0, 678.0, 670.0, 671.0, 680.0, 673.0, 669.0, 674.0, 682.0, 673.0, 677.0, 678.0, 668.0, 681.0, 679.0, 683.0, 680.0, 677.0, 678.0, 681.0, 677.0, 679.0, 663.0, 682.0, 669.0, 678.0, 662.0, 677.0, 677.0, 671.0, 669.0, 678.0, 669.0, 666.0, 662.0, 673.0, 673.0, 674.0, 673.0, 669.0, 671.0, 675.0, 676.0, 676.0, 677.0, 678.0, 677.0, 674.0, 678.0, 675.0, 675.0, 676.0, 672.0, 681.0, 676.0, 674.0, 675.0, 670.0, 672.0, 672.0, 671.0, 662.0, 673.0, 678.0, 678.0, 679.0, 675.0, 673.0, 670.0, 674.0, 671.0, 668.0, 673.0, 675.0, 673.0, 673.0, 681.0, 680.0, 679.0, 689.0, 685.0, 681.0, 686.0, 681.0, 678.0, 680.0, 679.0, 678.0, 671.0, 676.0, 678.0, 678.0, 675.0, 674.0, 684.0, 678.0, 676.0, 678.0, 674.0, 673.0, 678.0, 671.0, 672.0, 672.0, 669.0, 661.0, 678.0, 663.0, 668.0, 672.0, 663.0, 677.0, 668.0, 679.0, 675.0, 674.0, 673.0, 668.0, 677.0, 678.0, 679.0, 672.0, 672.0, 673.0, 674.0, 671.0, 678.0, 678.0, 676.0, 681.0, 673.0, 673.0, 668.0, 666.0, 667.0, 676.0, 665.0, 666.0, 669.0, 673.0, 668.0, 674.0, 673.0, 677.0, 669.0, 667.0, 673.0, 677.0, 680.0, 682.0, 680.0, 679.0, 688.0, 676.0, 684.0, 673.0, 670.0, 673.0, 664.0, 669.0, 669.0, 676.0, 672.0, 671.0, 670.0, 674.0, 672.0, 675.0, 668.0, 672.0, 677.0, 664.0, 679.0, 672.0, 677.0, 676.0, 673.0, 673.0, 682.0, 667.0, 678.0, 672.0, 671.0, 666.0, 678.0, 669.0, 674.0, 671.0, 662.0, 666.0, 673.0, 664.0, 661.0, 669.0, 666.0, 681.0, 670.0, 659.0, 671.0, 674.0, 667.0, 662.0, 678.0, 681.0, 674.0, 670.0, 674.0, 678.0, 674.0, 670.0, 684.0, 680.0, 680.0]}, "slices": {}}, "EventTimestamp": "10-42-53"}