{"AcquisitionMatrixPE": 64, "AcquisitionNumber": 1, "AcquisitionTime": "14:24:40.710000", "BandwidthPerPixelPhaseEncode": 28.935, "BaseResolution": 64, "BodyPartExamined": "BRAIN", "CoilCombinationMethod": "Sum of Squares", "ConsistencyInfo": "N4_VE11E_LATEST_20181129", "ConversionSoftware": "dcm2niix", "ConversionSoftwareVersion": "v1.0.20230411", "DerivedVendorReportedEchoSpacing": 0.000540003, "DeviceSerialNumber": "166182", "DwellTime": 3.4e-06, "EchoTime": 0.032, "EchoTrainLength": 64, "EffectiveEchoSpacing": 0.000540003, "FlipAngle": 40, "HeudiconvVersion": "0.13.1", "ImageOrientationPatientDICOM": [0.998251, 0.0508326, 0.0301807, -0.0505692, 0.998676, -0.00942663], "ImageOrientationText": "Tra>Sag(1.8)>Cor(-0.5)", "ImageType": ["ORIGINAL", "PRIMARY", "M", "ND", "NORM", "MOSAIC"], "ImagingFrequency": 123.254777, "InPlanePhaseEncodingDirectionDICOM": "COL", "InstitutionAddress": "PEARSE STREET .,City,District,IE,D2", "InstitutionName": "TCIN", "InstitutionalDepartmentName": "MRI", "MRAcquisitionType": "2D", "MagneticFieldStrength": 3, "Manufacturer": "Siemens", "ManufacturersModelName": "Prisma", "Modality": "MR", "MultibandAccelerationFactor": 4, "NonlinearGradientCorrection": false, "PartialFourier": 1, "PatientPosition": "HFS", "PercentPhaseFOV": 100, "PercentSampling": 100, "PhaseEncodingDirection": "j-", "PhaseEncodingSteps": 64, "PhaseResolution": 1, "PixelBandwidth": 2300, "ProcedureStepDescription": "Rhodri^Head BOLD", "ProtocolName": "cmrr_mbep2d_Pictures_AP_RDS", "PulseSequenceDetails": "%SiemensSeq%\\ep2d_bold", "ReceiveCoilActiveElements": "HC2,4,6,7;SC", "ReceiveCoilName": "SpecialPurpose_4", "ReconMatrixPE": 64, "RefLinesPE": 12, "RepetitionTime": 0.61, "SAR": 0.296211, "ScanOptions": "FS", "ScanningSequence": "EP", "SequenceName": "*epfid2d1_64", "SequenceVariant": "SK", "SeriesDescription": "cmrr_mbep2d_Pictures_AP_RDS", "SeriesNumber": 8, "ShimSetting": [-3576, -7424, 3988, 985, -93, 291, -70, 93], "SliceThickness": 3, "SliceTiming": [0.2625, 0, 0.3275, 0.065, 0.3925, 0.13, 0.4575, 0.195, 0.5225, 0.2625, 0, 0.3275, 0.065, 0.3925, 0.13, 0.4575, 0.195, 0.5225, 0.2625, 0, 0.3275, 0.065, 0.3925, 0.13, 0.4575, 0.195, 0.5225, 0.2625, 0, 0.3275, 0.065, 0.3925, 0.13, 0.4575, 0.195, 0.5225], "SoftwareVersions": "syngo MR E11", "SpacingBetweenSlices": 3.3, "StationName": "AWP166182", "TaskName": "pictures", "TotalReadoutTime": 0.0340202, "TxRefAmp": 232.171, "dcmmeta_affine": [[-2.994753122329712, -0.15170767903327942, 0.10104577243328094, 99.29191589355469], [-0.15249775350093842, 2.996028184890747, -0.026016950607299805, -104.68705749511719], [0.09054212272167206, 0.028279876336455345, 3.2983500957489014, -81.17842864990234], [0.0, 0.0, 0.0, 1.0]], "dcmmeta_reorient_transform": [[0.0, -1.0, 0.0, 63.0], [1.0, 0.0, 0.0, 0.0], [0.0, 0.0, 1.0, 0.0], [0.0, 0.0, 0.0, 1.0]], "dcmmeta_shape": [64, 64, 36, 510], "dcmmeta_slice_dim": 2, "dcmmeta_version": 0.6, "global": {"const": {"AcquisitionMatrix": [64, 0, 0, 64], "AngioFlag": "N", "BitsAllocated": 16, "BitsStored": 12, "BodyPartExamined": "BRAIN", "Columns": 384, "EchoNumbers": 1, "EchoTime": 32.0, "EchoTrainLength": 64, "FlipAngle": 40.0, "HighBit": 11, "ImageOrientationPatient": [0.99825105725148, 0.0508325832063, 0.03018070875364, -0.0505692248446, 0.99867606971764, -0.0094266256924], "ImagePositionPatient": [-544.62161443841, -587.82687673861, -89.358755529802], "ImageType": ["ORIGINAL", "PRIMARY", "M", "ND", "NORM", "MOSAIC"], "ImagedNucleus": "1H", "ImagingFrequency": 123.254777, "InPlanePhaseEncodingDirection": "COL", "MRAcquisitionType": "2D", "MagneticFieldStrength": 3.0, "Manufacturer": "SIEMENS", "ManufacturerModelName": "Prisma", "Modality": "MR", "NumberOfAverages": 1.0, "NumberOfPhaseEncodingSteps": 64, "PercentPhaseFieldOfView": 100.0, "PercentSampling": 100.0, "PerformedProcedureStepStartTime": "141019.848000", "PhotometricInterpretation": "MONOCHROME2", "PixelBandwidth": 2300.0, "PixelRepresentation": 0, "PixelSpacing": [3.0, 3.0], "ProtocolName": "cmrr_mbep2d_Pictures_AP_RDS", "RepetitionTime": 610.0, "Rows": 384, "SAR": 0.29621090754172, "SamplesPerPixel": 1, "ScanOptions": "FS", "ScanningSequence": "EP", "SequenceName": "*epfid2d1_64", "SequenceVariant": "SK", "SeriesDescription": "cmrr_mbep2d_Pictures_AP_RDS", "SeriesNumber": 8, "SeriesTime": "142510.040000", "SliceLocation": -77.272182751619, "SliceThickness": 3.0, "SmallestImagePixelValue": 0, "SoftwareVersions": "syngo MR E11", "SpacingBetweenSlices": 3.3000000665581, "SpecificCharacterSet": "ISO_IR 100", "StudyID": "1", "StudyTime": "141019.653000", "TransmitCoilName": "Body", "VariableFlipAngleFlag": "N", "WindowCenterWidthExplanation": "Algo1"}, "slices": {}}, "time": {"samples": {"AcquisitionNumber": [1, 2, 3, 4, 5, 6, 7, 8, 9, 10, 11, 12, 13, 14, 15, 16, 17, 18, 19, 20, 21, 22, 23, 24, 25, 26, 27, 28, 29, 30, 31, 32, 33, 34, 35, 36, 37, 38, 39, 40, 41, 42, 43, 44, 45, 46, 47, 48, 49, 50, 51, 52, 53, 54, 55, 56, 57, 58, 59, 60, 61, 62, 63, 64, 65, 66, 67, 68, 69, 70, 71, 72, 73, 74, 75, 76, 77, 78, 79, 80, 81, 82, 83, 84, 85, 86, 87, 88, 89, 90, 91, 92, 93, 94, 95, 96, 97, 98, 99, 100, 101, 102, 103, 104, 105, 106, 107, 108, 109, 110, 111, 112, 113, 114, 115, 116, 117, 118, 119, 120, 121, 122, 123, 124, 125, 126, 127, 128, 129, 130, 131, 132, 133, 134, 135, 136, 137, 138, 139, 140, 141, 142, 143, 144, 145, 146, 147, 148, 149, 150, 151, 152, 153, 154, 155, 156, 157, 158, 159, 160, 161, 162, 163, 164, 165, 166, 167, 168, 169, 170, 171, 172, 173, 174, 175, 176, 177, 178, 179, 180, 181, 182, 183, 184, 185, 186, 187, 188, 189, 190, 191, 192, 193, 194, 195, 196, 197, 198, 199, 200, 201, 202, 203, 204, 205, 206, 207, 208, 209, 210, 211, 212, 213, 214, 215, 216, 217, 218, 219, 220, 221, 222, 223, 224, 225, 226, 227, 228, 229, 230, 231, 232, 233, 234, 235, 236, 237, 238, 239, 240, 241, 242, 243, 244, 245, 246, 247, 248, 249, 250, 251, 252, 253, 254, 255, 256, 257, 258, 259, 260, 261, 262, 263, 264, 265, 266, 267, 268, 269, 270, 271, 272, 273, 274, 275, 276, 277, 278, 279, 280, 281, 282, 283, 284, 285, 286, 287, 288, 289, 290, 291, 292, 293, 294, 295, 296, 297, 298, 299, 300, 301, 302, 303, 304, 305, 306, 307, 308, 309, 310, 311, 312, 313, 314, 315, 316, 317, 318, 319, 320, 321, 322, 323, 324, 325, 326, 327, 328, 329, 330, 331, 332, 333, 334, 335, 336, 337, 338, 339, 340, 341, 342, 343, 344, 345, 346, 347, 348, 349, 350, 351, 352, 353, 354, 355, 356, 357, 358, 359, 360, 361, 362, 363, 364, 365, 366, 367, 368, 369, 370, 371, 372, 373, 374, 375, 376, 377, 378, 379, 380, 381, 382, 383, 384, 385, 386, 387, 388, 389, 390, 391, 392, 393, 394, 395, 396, 397, 398, 399, 400, 401, 402, 403, 404, 405, 406, 407, 408, 409, 410, 411, 412, 413, 414, 415, 416, 417, 418, 419, 420, 421, 422, 423, 424, 425, 426, 427, 428, 429, 430, 431, 432, 433, 434, 435, 436, 437, 438, 439, 440, 441, 442, 443, 444, 445, 446, 447, 448, 449, 450, 451, 452, 453, 454, 455, 456, 457, 458, 459, 460, 461, 462, 463, 464, 465, 466, 467, 468, 469, 470, 471, 472, 473, 474, 475, 476, 477, 478, 479, 480, 481, 482, 483, 484, 485, 486, 487, 488, 489, 490, 491, 492, 493, 494, 495, 496, 497, 498, 499, 500, 501, 502, 503, 504, 505, 506, 507, 508, 509, 510], "AcquisitionTime": ["142440.710000", "142441.320000", "142441.930000", "142442.540000", "142443.150000", "142443.760000", "142444.370000", "142444.980000", "142445.590000", "142446.200000", "142446.810000", "142447.420000", "142448.030000", "142448.640000", "142449.250000", "142449.860000", "142450.470000", "142451.080000", "142451.690000", "142452.300000", "142452.910000", "142453.520000", "142454.130000", "142454.740000", "142455.350000", "142455.960000", "142456.570000", "142457.180000", "142457.790000", "142458.400000", "142459.010000", "142459.620000", "142500.230000", "142500.840000", "142501.450000", "142502.060000", "142502.670000", "142503.280000", "142503.890000", "142504.500000", "142505.110000", "142505.720000", "142506.330000", "142506.940000", "142507.550000", "142508.160000", "142508.770000", "142509.380000", "142509.990000", "142510.600000", "142511.210000", "142511.820000", "142512.430000", "142513.040000", "142513.650000", "142514.260000", "142514.870000", "142515.480000", "142516.090000", "142516.700000", "142517.310000", "142517.920000", "142518.530000", "142519.140000", "142519.750000", "142520.360000", "142520.970000", "142521.580000", "142522.190000", "142522.800000", "142523.410000", "142524.020000", "142524.630000", "142525.240000", "142525.850000", "142526.460000", "142527.070000", "142527.680000", "142528.290000", "142528.900000", "142529.510000", "142530.120000", "142530.730000", "142531.340000", "142531.950000", "142532.560000", "142533.170000", "142533.780000", "142534.390000", "142535.000000", "142535.610000", "142536.220000", "142536.830000", "142537.440000", "142538.050000", "142538.660000", "142539.270000", "142539.880000", "142540.490000", "142541.100000", "142541.710000", "142542.320000", "142542.930000", "142543.540000", "142544.150000", "142544.760000", "142545.370000", "142545.980000", "142546.590000", "142547.200000", "142547.810000", "142548.420000", "142549.030000", "142549.640000", "142550.250000", "142550.860000", "142551.470000", "142552.080000", "142552.690000", "142553.300000", "142553.910000", "142554.520000", "142555.130000", "142555.740000", "142556.350000", "142556.960000", "142557.570000", "142558.180000", "142558.790000", "142559.400000", "142600.010000", "142600.620000", "142601.230000", "142601.840000", "142602.450000", "142603.060000", "142603.670000", "142604.280000", "142604.890000", "142605.500000", "142606.110000", "142606.720000", "142607.330000", "142607.940000", "142608.550000", "142609.160000", "142609.770000", "142610.380000", "142610.990000", "142611.600000", "142612.210000", "142612.820000", "142613.430000", "142614.040000", "142614.650000", "142615.260000", "142615.870000", "142616.480000", "142617.090000", "142617.700000", "142618.310000", "142618.920000", "142619.530000", "142620.140000", "142620.750000", "142621.360000", "142621.970000", "142622.580000", "142623.190000", "142623.800000", "142624.410000", "142625.020000", "142625.630000", "142626.240000", "142626.850000", "142627.460000", "142628.070000", "142628.680000", "142629.290000", "142629.900000", "142630.510000", "142631.120000", "142631.730000", "142632.340000", "142632.950000", "142633.560000", "142634.170000", "142634.780000", "142635.390000", "142636.000000", "142636.610000", "142637.220000", "142637.830000", "142638.440000", "142639.050000", "142639.660000", "142640.270000", "142640.880000", "142641.490000", "142642.100000", "142642.710000", "142643.320000", "142643.930000", "142644.540000", "142645.150000", "142645.760000", "142646.370000", "142646.980000", "142647.590000", "142648.200000", "142648.810000", "142649.420000", "142650.030000", "142650.640000", "142651.250000", "142651.860000", "142652.470000", "142653.080000", "142653.690000", "142654.300000", "142654.910000", "142655.520000", "142656.130000", "142656.740000", "142657.350000", "142657.960000", "142658.570000", "142659.180000", "142659.790000", "142700.400000", "142701.010000", "142701.620000", "142702.230000", "142702.840000", "142703.450000", "142704.060000", "142704.670000", "142705.280000", "142705.890000", "142706.500000", "142707.110000", "142707.720000", "142708.330000", "142708.940000", "142709.550000", "142710.160000", "142710.770000", "142711.380000", "142711.990000", "142712.600000", "142713.210000", "142713.820000", "142714.430000", "142715.040000", "142715.650000", "142716.260000", "142716.870000", "142717.480000", "142718.090000", "142718.700000", "142719.310000", "142719.920000", "142720.530000", "142721.140000", "142721.750000", "142722.360000", "142722.970000", "142723.580000", "142724.190000", "142724.800000", "142725.410000", "142726.020000", "142726.630000", "142727.240000", "142727.850000", "142728.460000", "142729.070000", "142729.680000", "142730.290000", "142730.900000", "142731.510000", "142732.120000", "142732.730000", "142733.340000", "142733.950000", "142734.560000", "142735.170000", "142735.780000", "142736.390000", "142737.000000", "142737.610000", "142738.220000", "142738.830000", "142739.440000", "142740.050000", "142740.660000", "142741.270000", "142741.880000", "142742.490000", "142743.100000", "142743.710000", "142744.320000", "142744.930000", "142745.540000", "142746.150000", "142746.760000", "142747.370000", "142747.980000", "142748.590000", "142749.200000", "142749.810000", "142750.420000", "142751.030000", "142751.640000", "142752.250000", "142752.860000", "142753.470000", "142754.080000", "142754.690000", "142755.300000", "142755.910000", "142756.520000", "142757.130000", "142757.740000", "142758.350000", "142758.960000", "142759.570000", "142800.180000", "142800.790000", "142801.400000", "142802.010000", "142802.620000", "142803.230000", "142803.840000", "142804.450000", "142805.060000", "142805.670000", "142806.280000", "142806.890000", "142807.500000", "142808.110000", "142808.720000", "142809.330000", "142809.940000", "142810.550000", "142811.160000", "142811.770000", "142812.380000", "142812.990000", "142813.600000", "142814.210000", "142814.820000", "142815.430000", "142816.040000", "142816.650000", "142817.260000", "142817.870000", "142818.480000", "142819.090000", "142819.700000", "142820.310000", "142820.920000", "142821.530000", "142822.140000", "142822.750000", "142823.360000", "142823.970000", "142824.580000", "142825.190000", "142825.800000", "142826.410000", "142827.020000", "142827.630000", "142828.240000", "142828.850000", "142829.460000", "142830.070000", "142830.680000", "142831.290000", "142831.900000", "142832.510000", "142833.120000", "142833.730000", "142834.340000", "142834.950000", "142835.560000", "142836.170000", "142836.780000", "142837.390000", "142838.000000", "142838.610000", "142839.220000", "142839.830000", "142840.440000", "142841.050000", "142841.660000", "142842.270000", "142842.880000", "142843.490000", "142844.100000", "142844.710000", "142845.320000", "142845.930000", "142846.540000", "142847.150000", "142847.760000", "142848.370000", "142848.980000", "142849.590000", "142850.200000", "142850.810000", "142851.420000", "142852.030000", "142852.640000", "142853.250000", "142853.860000", "142854.470000", "142855.080000", "142855.690000", "142856.300000", "142856.910000", "142857.520000", "142858.130000", "142858.740000", "142859.350000", "142859.960000", "142900.570000", "142901.180000", "142901.790000", "142902.400000", "142903.010000", "142903.620000", "142904.230000", "142904.840000", "142905.450000", "142906.060000", "142906.670000", "142907.280000", "142907.890000", "142908.500000", "142909.110000", "142909.720000", "142910.330000", "142910.940000", "142911.550000", "142912.160000", "142912.770000", "142913.380000", "142913.990000", "142914.600000", "142915.210000", "142915.820000", "142916.430000", "142917.040000", "142917.650000", "142918.260000", "142918.870000", "142919.480000", "142920.090000", "142920.700000", "142921.310000", "142921.920000", "142922.530000", "142923.140000", "142923.750000", "142924.360000", "142924.970000", "142925.580000", "142926.190000", "142926.800000", "142927.410000", "142928.020000", "142928.630000", "142929.240000", "142929.850000", "142930.460000", "142931.070000", "142931.680000", "142932.290000", "142932.900000", "142933.510000", "142934.120000", "142934.730000", "142935.340000", "142935.950000", "142936.560000", "142937.170000", "142937.780000", "142938.390000", "142939.000000", "142939.610000", "142940.220000", "142940.830000", "142941.440000", "142942.050000", "142942.660000", "142943.270000", "142943.880000", "142944.490000", "142945.100000", "142945.710000", "142946.320000", "142946.930000", "142947.540000", "142948.150000", "142948.760000", "142949.370000", "142949.980000", "142950.590000", "142951.200000"], "ContentTime": ["142510.044000", "142510.052000", "142510.055000", "142510.057000", "142510.060000", "142510.062000", "142510.064000", "142510.074000", "142510.076000", "142510.079000", "142510.081000", "142510.083000", "142510.086000", "142510.088000", "142510.091000", "142510.093000", "142510.095000", "142510.098000", "142510.100000", "142510.103000", "142510.105000", "142510.108000", "142510.110000", "142510.112000", "142510.115000", "142510.117000", "142510.119000", "142510.122000", "142510.124000", "142510.126000", "142510.129000", "142510.131000", "142510.134000", "142510.136000", "142510.138000", "142510.141000", "142510.143000", "142510.146000", "142510.148000", "142510.151000", "142510.153000", "142510.156000", "142510.158000", "142510.160000", "142510.163000", "142510.168000", "142510.171000", "142530.039000", "142530.042000", "142530.044000", "142530.046000", "142530.049000", "142530.051000", "142530.054000", "142530.056000", "142530.058000", "142530.061000", "142530.063000", "142530.066000", "142530.068000", "142530.070000", "142530.073000", "142530.075000", "142530.077000", "142530.080000", "142530.082000", "142530.084000", "142530.087000", "142530.089000", "142530.092000", "142530.094000", "142530.096000", "142530.099000", "142530.101000", "142530.103000", "142530.106000", "142530.108000", "142530.111000", "142530.113000", "142530.115000", "142550.040000", "142550.043000", "142550.045000", "142550.048000", "142550.054000", "142550.057000", "142550.059000", "142550.061000", "142550.064000", "142550.066000", "142550.069000", "142550.071000", "142550.074000", "142550.076000", "142550.079000", "142550.081000", "142550.083000", "142550.086000", "142550.088000", "142550.091000", "142550.093000", "142550.095000", "142550.098000", "142550.100000", "142550.103000", "142550.105000", "142550.107000", "142550.110000", "142550.112000", "142550.115000", "142550.117000", "142550.119000", "142550.122000", "142610.040000", "142610.043000", "142610.045000", "142610.048000", "142610.051000", "142610.053000", "142610.056000", "142610.058000", "142610.061000", "142610.063000", "142610.065000", "142610.068000", "142610.071000", "142610.073000", "142610.075000", "142610.078000", "142610.080000", "142610.083000", "142610.085000", "142610.099000", "142610.101000", "142610.104000", "142610.106000", "142610.108000", "142610.111000", "142610.113000", "142610.115000", "142610.118000", "142610.120000", "142610.122000", "142610.125000", "142610.127000", "142630.040000", "142630.043000", "142630.045000", "142630.048000", "142630.050000", "142630.053000", "142630.055000", "142630.057000", "142630.060000", "142630.062000", "142630.065000", "142630.067000", "142630.070000", "142630.072000", "142630.074000", "142630.080000", "142630.083000", "142630.085000", "142630.087000", "142630.090000", "142630.092000", "142630.095000", "142630.097000", "142630.100000", "142630.102000", "142630.105000", "142630.107000", "142630.109000", "142630.112000", "142630.114000", "142630.117000", "142630.120000", "142630.123000", "142650.039000", "142650.042000", "142650.044000", "142650.047000", "142650.049000", "142650.051000", "142650.054000", "142650.056000", "142650.059000", "142650.062000", "142650.064000", "142650.067000", "142650.069000", "142650.072000", "142650.074000", "142650.076000", "142650.079000", "142650.081000", "142650.084000", "142650.086000", "142650.088000", "142650.091000", "142650.093000", "142650.095000", "142650.098000", "142650.100000", "142650.103000", "142650.105000", "142650.107000", "142650.110000", "142650.112000", "142650.114000", "142650.117000", "142710.039000", "142710.042000", "142710.044000", "142710.046000", "142710.049000", "142710.051000", "142710.064000", "142710.066000", "142710.069000", "142710.071000", "142710.074000", "142710.076000", "142710.079000", "142710.081000", "142710.084000", "142710.086000", "142710.088000", "142710.091000", "142710.093000", "142710.096000", "142710.098000", "142710.100000", "142710.103000", "142710.105000", "142710.108000", "142710.110000", "142710.113000", "142710.115000", "142710.118000", "142710.120000", "142710.123000", "142710.125000", "142710.128000", "142730.039000", "142730.042000", "142730.044000", "142730.046000", "142730.049000", "142730.052000", "142730.054000", "142730.057000", "142730.059000", "142730.062000", "142730.064000", "142730.067000", "142730.069000", "142730.071000", "142730.074000", "142730.076000", "142730.079000", "142730.081000", "142730.083000", "142730.086000", "142730.088000", "142730.091000", "142730.093000", "142730.096000", "142730.098000", "142730.100000", "142730.103000", "142730.105000", "142730.107000", "142730.110000", "142730.112000", "142730.115000", "142750.039000", "142750.042000", "142750.044000", "142750.047000", "142750.049000", "142750.051000", "142750.054000", "142750.056000", "142750.059000", "142750.061000", "142750.064000", "142750.066000", "142750.068000", "142750.071000", "142750.073000", "142750.076000", "142750.078000", "142750.080000", "142750.083000", "142750.085000", "142750.088000", "142750.090000", "142750.093000", "142750.095000", "142750.097000", "142750.100000", "142750.102000", "142750.105000", "142750.107000", "142750.109000", "142750.112000", "142750.114000", "142750.116000", "142810.040000", "142810.043000", "142810.045000", "142810.048000", "142810.050000", "142810.053000", "142810.055000", "142810.057000", "142810.060000", "142810.062000", "142810.065000", "142810.067000", "142810.069000", "142810.072000", "142810.074000", "142810.077000", "142810.079000", "142810.082000", "142810.084000", "142810.086000", "142810.089000", "142810.091000", "142810.094000", "142810.096000", "142810.099000", "142810.101000", "142810.103000", "142810.106000", "142810.108000", "142810.111000", "142810.113000", "142810.116000", "142810.118000", "142830.040000", "142830.043000", "142830.045000", "142830.048000", "142830.050000", "142830.053000", "142830.055000", "142830.058000", "142830.060000", "142830.063000", "142830.071000", "142830.073000", "142830.076000", "142830.078000", "142830.081000", "142830.083000", "142830.086000", "142830.088000", "142830.090000", "142830.093000", "142830.095000", "142830.098000", "142830.100000", "142830.103000", "142830.105000", "142830.107000", "142830.110000", "142830.112000", "142830.115000", "142830.117000", "142830.120000", "142830.122000", "142830.125000", "142850.040000", "142850.043000", "142850.045000", "142850.048000", "142850.050000", "142850.053000", "142850.055000", "142850.058000", "142850.060000", "142850.062000", "142850.065000", "142850.067000", "142850.070000", "142850.072000", "142850.074000", "142850.077000", "142850.079000", "142850.082000", "142850.084000", "142850.087000", "142850.089000", "142850.091000", "142850.105000", "142850.108000", "142850.110000", "142850.113000", "142850.115000", "142850.117000", "142850.120000", "142850.122000", "142850.125000", "142850.127000", "142850.129000", "142910.039000", "142910.042000", "142910.045000", "142910.047000", "142910.050000", "142910.052000", "142910.054000", "142910.057000", "142910.059000", "142910.062000", "142910.064000", "142910.067000", "142910.069000", "142910.072000", "142910.074000", "142910.076000", "142910.079000", "142910.081000", "142910.084000", "142910.086000", "142910.088000", "142910.091000", "142910.093000", "142910.096000", "142910.098000", "142910.100000", "142910.103000", "142910.105000", "142910.108000", "142910.110000", "142910.113000", "142910.115000", "142930.039000", "142930.042000", "142930.044000", "142930.047000", "142930.049000", "142930.051000", "142930.054000", "142930.056000", "142930.059000", "142930.061000", "142930.063000", "142930.066000", "142930.069000", "142930.071000", "142930.074000", "142930.076000", "142930.079000", "142930.081000", "142930.083000", "142930.090000", "142930.093000", "142930.095000", "142930.097000", "142930.100000", "142930.102000", "142930.105000", "142930.107000", "142930.109000", "142930.112000", "142930.114000", "142930.117000", "142930.119000", "142930.122000", "142950.039000", "142950.042000", "142950.044000", "142950.047000", "142950.049000", "142950.051000", "142950.054000", "142950.056000", "142950.059000", "142950.061000", "142950.063000", "142950.066000", "142950.068000", "142950.071000", "142950.073000", "142950.076000", "142950.078000", "142950.080000", "142950.083000", "142950.085000", "142950.088000", "142950.090000", "142950.093000", "142950.095000", "142950.097000", "142950.100000", "142950.102000", "142950.104000", "142950.107000", "142950.109000", "142950.111000", "142950.114000", "142950.116000", "142952.159000", "142952.161000", "142952.164000", "142952.166000"], "InstanceCreationTime": ["142510.044000", "142510.052000", "142510.055000", "142510.057000", "142510.060000", "142510.062000", "142510.064000", "142510.074000", "142510.076000", "142510.079000", "142510.081000", "142510.083000", "142510.086000", "142510.088000", "142510.091000", "142510.093000", "142510.095000", "142510.098000", "142510.100000", "142510.103000", "142510.105000", "142510.108000", "142510.110000", "142510.112000", "142510.115000", "142510.117000", "142510.119000", "142510.122000", "142510.124000", "142510.126000", "142510.129000", "142510.131000", "142510.134000", "142510.136000", "142510.138000", "142510.141000", "142510.143000", "142510.146000", "142510.148000", "142510.151000", "142510.153000", "142510.156000", "142510.158000", "142510.160000", "142510.163000", "142510.168000", "142510.171000", "142530.039000", "142530.042000", "142530.044000", "142530.046000", "142530.049000", "142530.051000", "142530.054000", "142530.056000", "142530.058000", "142530.061000", "142530.063000", "142530.066000", "142530.068000", "142530.070000", "142530.073000", "142530.075000", "142530.077000", "142530.080000", "142530.082000", "142530.084000", "142530.087000", "142530.089000", "142530.092000", "142530.094000", "142530.096000", "142530.099000", "142530.101000", "142530.103000", "142530.106000", "142530.108000", "142530.111000", "142530.113000", "142530.115000", "142550.040000", "142550.043000", "142550.045000", "142550.048000", "142550.054000", "142550.057000", "142550.059000", "142550.061000", "142550.064000", "142550.066000", "142550.069000", "142550.071000", "142550.074000", "142550.076000", "142550.079000", "142550.081000", "142550.083000", "142550.086000", "142550.088000", "142550.091000", "142550.093000", "142550.095000", "142550.098000", "142550.100000", "142550.103000", "142550.105000", "142550.107000", "142550.110000", "142550.112000", "142550.115000", "142550.117000", "142550.119000", "142550.122000", "142610.040000", "142610.043000", "142610.045000", "142610.048000", "142610.051000", "142610.053000", "142610.056000", "142610.058000", "142610.061000", "142610.063000", "142610.065000", "142610.068000", "142610.071000", "142610.073000", "142610.075000", "142610.078000", "142610.080000", "142610.083000", "142610.085000", "142610.099000", "142610.101000", "142610.104000", "142610.106000", "142610.108000", "142610.111000", "142610.113000", "142610.115000", "142610.118000", "142610.120000", "142610.122000", "142610.125000", "142610.127000", "142630.040000", "142630.043000", "142630.045000", "142630.048000", "142630.050000", "142630.053000", "142630.055000", "142630.057000", "142630.060000", "142630.062000", "142630.065000", "142630.067000", "142630.070000", "142630.072000", "142630.074000", "142630.080000", "142630.083000", "142630.085000", "142630.087000", "142630.090000", "142630.092000", "142630.095000", "142630.097000", "142630.100000", "142630.102000", "142630.105000", "142630.107000", "142630.109000", "142630.112000", "142630.114000", "142630.117000", "142630.120000", "142630.123000", "142650.039000", "142650.042000", "142650.044000", "142650.047000", "142650.049000", "142650.051000", "142650.054000", "142650.056000", "142650.059000", "142650.062000", "142650.064000", "142650.067000", "142650.069000", "142650.072000", "142650.074000", "142650.076000", "142650.079000", "142650.081000", "142650.084000", "142650.086000", "142650.088000", "142650.091000", "142650.093000", "142650.095000", "142650.098000", "142650.100000", "142650.103000", "142650.105000", "142650.107000", "142650.110000", "142650.112000", "142650.114000", "142650.117000", "142710.039000", "142710.042000", "142710.044000", "142710.046000", "142710.049000", "142710.051000", "142710.064000", "142710.066000", "142710.069000", "142710.071000", "142710.074000", "142710.076000", "142710.079000", "142710.081000", "142710.084000", "142710.086000", "142710.088000", "142710.091000", "142710.093000", "142710.096000", "142710.098000", "142710.100000", "142710.103000", "142710.105000", "142710.108000", "142710.110000", "142710.113000", "142710.115000", "142710.118000", "142710.120000", "142710.123000", "142710.125000", "142710.128000", "142730.039000", "142730.042000", "142730.044000", "142730.046000", "142730.049000", "142730.052000", "142730.054000", "142730.057000", "142730.059000", "142730.062000", "142730.064000", "142730.067000", "142730.069000", "142730.071000", "142730.074000", "142730.076000", "142730.079000", "142730.081000", "142730.083000", "142730.086000", "142730.088000", "142730.091000", "142730.093000", "142730.096000", "142730.098000", "142730.100000", "142730.103000", "142730.105000", "142730.107000", "142730.110000", "142730.112000", "142730.115000", "142750.039000", "142750.042000", "142750.044000", "142750.047000", "142750.049000", "142750.051000", "142750.054000", "142750.056000", "142750.059000", "142750.061000", "142750.064000", "142750.066000", "142750.068000", "142750.071000", "142750.073000", "142750.076000", "142750.078000", "142750.080000", "142750.083000", "142750.085000", "142750.088000", "142750.090000", "142750.093000", "142750.095000", "142750.097000", "142750.100000", "142750.102000", "142750.105000", "142750.107000", "142750.109000", "142750.112000", "142750.114000", "142750.116000", "142810.040000", "142810.043000", "142810.045000", "142810.048000", "142810.050000", "142810.053000", "142810.055000", "142810.057000", "142810.060000", "142810.062000", "142810.065000", "142810.067000", "142810.069000", "142810.072000", "142810.074000", "142810.077000", "142810.079000", "142810.082000", "142810.084000", "142810.086000", "142810.089000", "142810.091000", "142810.094000", "142810.096000", "142810.099000", "142810.101000", "142810.103000", "142810.106000", "142810.108000", "142810.111000", "142810.113000", "142810.116000", "142810.118000", "142830.040000", "142830.043000", "142830.045000", "142830.048000", "142830.050000", "142830.053000", "142830.055000", "142830.058000", "142830.060000", "142830.063000", "142830.071000", "142830.073000", "142830.076000", "142830.078000", "142830.081000", "142830.083000", "142830.086000", "142830.088000", "142830.090000", "142830.093000", "142830.095000", "142830.098000", "142830.100000", "142830.103000", "142830.105000", "142830.107000", "142830.110000", "142830.112000", "142830.115000", "142830.117000", "142830.120000", "142830.122000", "142830.125000", "142850.040000", "142850.043000", "142850.045000", "142850.048000", "142850.050000", "142850.053000", "142850.055000", "142850.058000", "142850.060000", "142850.062000", "142850.065000", "142850.067000", "142850.070000", "142850.072000", "142850.074000", "142850.077000", "142850.079000", "142850.082000", "142850.084000", "142850.087000", "142850.089000", "142850.091000", "142850.105000", "142850.108000", "142850.110000", "142850.113000", "142850.115000", "142850.117000", "142850.120000", "142850.122000", "142850.125000", "142850.127000", "142850.129000", "142910.039000", "142910.042000", "142910.045000", "142910.047000", "142910.050000", "142910.052000", "142910.054000", "142910.057000", "142910.059000", "142910.062000", "142910.064000", "142910.067000", "142910.069000", "142910.072000", "142910.074000", "142910.076000", "142910.079000", "142910.081000", "142910.084000", "142910.086000", "142910.088000", "142910.091000", "142910.093000", "142910.096000", "142910.098000", "142910.100000", "142910.103000", "142910.105000", "142910.108000", "142910.110000", "142910.113000", "142910.115000", "142930.039000", "142930.042000", "142930.044000", "142930.047000", "142930.049000", "142930.051000", "142930.054000", "142930.056000", "142930.059000", "142930.061000", "142930.063000", "142930.066000", "142930.069000", "142930.071000", "142930.074000", "142930.076000", "142930.079000", "142930.081000", "142930.083000", "142930.090000", "142930.093000", "142930.095000", "142930.097000", "142930.100000", "142930.102000", "142930.105000", "142930.107000", "142930.109000", "142930.112000", "142930.114000", "142930.117000", "142930.119000", "142930.122000", "142950.039000", "142950.042000", "142950.044000", "142950.047000", "142950.049000", "142950.051000", "142950.054000", "142950.056000", "142950.059000", "142950.061000", "142950.063000", "142950.066000", "142950.068000", "142950.071000", "142950.073000", "142950.076000", "142950.078000", "142950.080000", "142950.083000", "142950.085000", "142950.088000", "142950.090000", "142950.093000", "142950.095000", "142950.097000", "142950.100000", "142950.102000", "142950.104000", "142950.107000", "142950.109000", "142950.111000", "142950.114000", "142950.116000", "142952.159000", "142952.161000", "142952.164000", "142952.166000"], "InstanceNumber": [1, 2, 3, 4, 5, 6, 7, 8, 9, 10, 11, 12, 13, 14, 15, 16, 17, 18, 19, 20, 21, 22, 23, 24, 25, 26, 27, 28, 29, 30, 31, 32, 33, 34, 35, 36, 37, 38, 39, 40, 41, 42, 43, 44, 45, 46, 47, 48, 49, 50, 51, 52, 53, 54, 55, 56, 57, 58, 59, 60, 61, 62, 63, 64, 65, 66, 67, 68, 69, 70, 71, 72, 73, 74, 75, 76, 77, 78, 79, 80, 81, 82, 83, 84, 85, 86, 87, 88, 89, 90, 91, 92, 93, 94, 95, 96, 97, 98, 99, 100, 101, 102, 103, 104, 105, 106, 107, 108, 109, 110, 111, 112, 113, 114, 115, 116, 117, 118, 119, 120, 121, 122, 123, 124, 125, 126, 127, 128, 129, 130, 131, 132, 133, 134, 135, 136, 137, 138, 139, 140, 141, 142, 143, 144, 145, 146, 147, 148, 149, 150, 151, 152, 153, 154, 155, 156, 157, 158, 159, 160, 161, 162, 163, 164, 165, 166, 167, 168, 169, 170, 171, 172, 173, 174, 175, 176, 177, 178, 179, 180, 181, 182, 183, 184, 185, 186, 187, 188, 189, 190, 191, 192, 193, 194, 195, 196, 197, 198, 199, 200, 201, 202, 203, 204, 205, 206, 207, 208, 209, 210, 211, 212, 213, 214, 215, 216, 217, 218, 219, 220, 221, 222, 223, 224, 225, 226, 227, 228, 229, 230, 231, 232, 233, 234, 235, 236, 237, 238, 239, 240, 241, 242, 243, 244, 245, 246, 247, 248, 249, 250, 251, 252, 253, 254, 255, 256, 257, 258, 259, 260, 261, 262, 263, 264, 265, 266, 267, 268, 269, 270, 271, 272, 273, 274, 275, 276, 277, 278, 279, 280, 281, 282, 283, 284, 285, 286, 287, 288, 289, 290, 291, 292, 293, 294, 295, 296, 297, 298, 299, 300, 301, 302, 303, 304, 305, 306, 307, 308, 309, 310, 311, 312, 313, 314, 315, 316, 317, 318, 319, 320, 321, 322, 323, 324, 325, 326, 327, 328, 329, 330, 331, 332, 333, 334, 335, 336, 337, 338, 339, 340, 341, 342, 343, 344, 345, 346, 347, 348, 349, 350, 351, 352, 353, 354, 355, 356, 357, 358, 359, 360, 361, 362, 363, 364, 365, 366, 367, 368, 369, 370, 371, 372, 373, 374, 375, 376, 377, 378, 379, 380, 381, 382, 383, 384, 385, 386, 387, 388, 389, 390, 391, 392, 393, 394, 395, 396, 397, 398, 399, 400, 401, 402, 403, 404, 405, 406, 407, 408, 409, 410, 411, 412, 413, 414, 415, 416, 417, 418, 419, 420, 421, 422, 423, 424, 425, 426, 427, 428, 429, 430, 431, 432, 433, 434, 435, 436, 437, 438, 439, 440, 441, 442, 443, 444, 445, 446, 447, 448, 449, 450, 451, 452, 453, 454, 455, 456, 457, 458, 459, 460, 461, 462, 463, 464, 465, 466, 467, 468, 469, 470, 471, 472, 473, 474, 475, 476, 477, 478, 479, 480, 481, 482, 483, 484, 485, 486, 487, 488, 489, 490, 491, 492, 493, 494, 495, 496, 497, 498, 499, 500, 501, 502, 503, 504, 505, 506, 507, 508, 509, 510], "LargestImagePixelValue": [537, 565, 557, 510, 594, 571, 536, 533, 512, 515, 523, 525, 530, 537, 611, 627, 526, 650, 576, 551, 539, 555, 512, 497, 512, 539, 520, 510, 629, 519, 518, 564, 511, 510, 505, 502, 511, 511, 510, 512, 559, 508, 510, 513, 602, 546, 536, 536, 505, 531, 625, 580, 558, 582, 531, 509, 570, 599, 631, 529, 549, 610, 516, 554, 560, 559, 528, 513, 504, 498, 501, 504, 507, 503, 508, 523, 532, 503, 501, 502, 504, 500, 531, 528, 547, 540, 527, 566, 524, 514, 512, 509, 508, 563, 551, 575, 520, 513, 611, 511, 512, 503, 516, 527, 520, 510, 512, 517, 513, 512, 570, 520, 517, 519, 523, 513, 512, 513, 511, 539, 547, 538, 564, 536, 643, 581, 561, 546, 555, 530, 527, 527, 514, 514, 513, 521, 510, 610, 612, 522, 527, 529, 530, 516, 510, 504, 510, 502, 554, 518, 527, 515, 511, 516, 511, 520, 517, 512, 509, 521, 512, 538, 523, 513, 507, 503, 514, 528, 527, 580, 503, 527, 522, 513, 510, 509, 506, 507, 506, 503, 516, 515, 515, 565, 556, 517, 537, 530, 557, 567, 556, 531, 516, 525, 523, 515, 544, 529, 511, 506, 533, 534, 513, 505, 504, 509, 514, 586, 508, 531, 513, 508, 506, 540, 509, 511, 512, 511, 528, 512, 527, 506, 549, 531, 520, 516, 492, 541, 549, 533, 525, 525, 508, 518, 553, 579, 576, 530, 509, 635, 537, 576, 564, 536, 518, 524, 650, 595, 544, 539, 518, 531, 526, 510, 516, 512, 523, 522, 518, 541, 653, 509, 512, 506, 512, 524, 515, 515, 517, 516, 514, 512, 532, 516, 515, 552, 528, 515, 507, 512, 510, 509, 514, 515, 516, 513, 591, 511, 558, 512, 514, 550, 505, 530, 506, 523, 517, 515, 507, 515, 519, 512, 515, 527, 507, 515, 509, 510, 512, 508, 514, 515, 541, 517, 581, 588, 543, 496, 523, 496, 582, 567, 590, 566, 610, 551, 534, 528, 515, 507, 502, 536, 516, 511, 509, 516, 508, 511, 510, 508, 585, 511, 526, 510, 533, 522, 507, 533, 547, 501, 540, 510, 521, 530, 515, 520, 503, 509, 517, 507, 507, 507, 520, 517, 520, 514, 509, 511, 529, 511, 511, 538, 516, 510, 546, 520, 510, 519, 517, 507, 695, 525, 541, 619, 524, 513, 532, 521, 530, 521, 513, 514, 506, 509, 510, 513, 511, 510, 511, 519, 521, 524, 509, 512, 505, 520, 515, 515, 512, 513, 536, 514, 519, 509, 512, 509, 567, 507, 548, 549, 547, 546, 548, 537, 521, 498, 498, 523, 510, 507, 507, 514, 512, 509, 511, 508, 508, 519, 539, 581, 631, 511, 589, 541, 504, 553, 527, 508, 543, 564, 538, 517, 576, 510, 523, 646, 553, 565, 548, 531, 503, 523, 529, 545, 550, 532, 525, 519, 515, 512, 507, 504, 546, 569, 592, 541, 536, 512, 514, 509, 545, 538, 518, 520, 517, 510, 523, 532, 510, 523, 524, 515, 529, 510, 504, 548, 511, 502, 503, 522, 595, 512, 523, 507, 500, 512, 512, 513, 522, 518], "WindowCenter": [317.0, 313.0, 311.0, 307.0, 316.0, 312.0, 308.0, 315.0, 310.0, 310.0, 312.0, 311.0, 313.0, 315.0, 315.0, 306.0, 307.0, 302.0, 314.0, 315.0, 313.0, 311.0, 310.0, 312.0, 311.0, 310.0, 313.0, 310.0, 310.0, 312.0, 312.0, 312.0, 311.0, 312.0, 311.0, 311.0, 312.0, 313.0, 313.0, 314.0, 314.0, 311.0, 312.0, 312.0, 309.0, 311.0, 313.0, 311.0, 309.0, 313.0, 301.0, 314.0, 316.0, 316.0, 310.0, 306.0, 317.0, 315.0, 312.0, 310.0, 309.0, 314.0, 310.0, 308.0, 315.0, 314.0, 312.0, 313.0, 312.0, 311.0, 311.0, 313.0, 312.0, 312.0, 313.0, 312.0, 314.0, 313.0, 311.0, 311.0, 310.0, 310.0, 311.0, 303.0, 314.0, 310.0, 309.0, 311.0, 310.0, 311.0, 311.0, 312.0, 311.0, 312.0, 312.0, 312.0, 311.0, 312.0, 315.0, 310.0, 311.0, 311.0, 312.0, 313.0, 313.0, 312.0, 312.0, 313.0, 312.0, 313.0, 314.0, 312.0, 312.0, 311.0, 311.0, 310.0, 311.0, 311.0, 311.0, 312.0, 314.0, 313.0, 314.0, 310.0, 315.0, 309.0, 311.0, 311.0, 311.0, 311.0, 312.0, 313.0, 312.0, 312.0, 311.0, 312.0, 312.0, 312.0, 312.0, 310.0, 312.0, 310.0, 314.0, 312.0, 313.0, 311.0, 312.0, 312.0, 311.0, 315.0, 312.0, 312.0, 311.0, 312.0, 311.0, 313.0, 313.0, 314.0, 313.0, 313.0, 313.0, 314.0, 314.0, 315.0, 313.0, 311.0, 309.0, 313.0, 299.0, 319.0, 311.0, 314.0, 312.0, 312.0, 312.0, 312.0, 310.0, 311.0, 311.0, 311.0, 313.0, 310.0, 307.0, 316.0, 314.0, 310.0, 306.0, 298.0, 317.0, 315.0, 313.0, 311.0, 309.0, 311.0, 305.0, 311.0, 313.0, 311.0, 310.0, 309.0, 310.0, 312.0, 312.0, 311.0, 311.0, 311.0, 311.0, 313.0, 311.0, 311.0, 310.0, 309.0, 310.0, 312.0, 310.0, 311.0, 311.0, 311.0, 312.0, 312.0, 312.0, 311.0, 315.0, 312.0, 310.0, 311.0, 307.0, 314.0, 314.0, 311.0, 309.0, 312.0, 306.0, 296.0, 316.0, 319.0, 317.0, 312.0, 310.0, 305.0, 306.0, 321.0, 317.0, 313.0, 312.0, 308.0, 307.0, 315.0, 310.0, 309.0, 309.0, 310.0, 311.0, 313.0, 310.0, 310.0, 309.0, 308.0, 309.0, 310.0, 312.0, 307.0, 308.0, 308.0, 309.0, 310.0, 309.0, 309.0, 309.0, 309.0, 309.0, 309.0, 309.0, 310.0, 306.0, 309.0, 308.0, 308.0, 307.0, 308.0, 308.0, 308.0, 311.0, 310.0, 309.0, 308.0, 309.0, 309.0, 309.0, 308.0, 308.0, 309.0, 309.0, 310.0, 309.0, 310.0, 309.0, 309.0, 307.0, 308.0, 309.0, 309.0, 310.0, 309.0, 309.0, 310.0, 309.0, 308.0, 309.0, 309.0, 309.0, 309.0, 309.0, 310.0, 314.0, 311.0, 311.0, 307.0, 309.0, 300.0, 303.0, 309.0, 306.0, 304.0, 316.0, 307.0, 312.0, 312.0, 311.0, 312.0, 311.0, 312.0, 309.0, 309.0, 309.0, 309.0, 308.0, 309.0, 309.0, 302.0, 311.0, 307.0, 304.0, 308.0, 311.0, 310.0, 308.0, 312.0, 309.0, 308.0, 311.0, 310.0, 309.0, 311.0, 309.0, 307.0, 308.0, 312.0, 312.0, 310.0, 309.0, 309.0, 311.0, 312.0, 311.0, 309.0, 308.0, 309.0, 309.0, 308.0, 308.0, 309.0, 308.0, 308.0, 311.0, 310.0, 309.0, 310.0, 310.0, 310.0, 304.0, 305.0, 312.0, 318.0, 312.0, 308.0, 308.0, 307.0, 309.0, 308.0, 310.0, 310.0, 309.0, 311.0, 310.0, 310.0, 309.0, 309.0, 309.0, 309.0, 310.0, 310.0, 308.0, 309.0, 309.0, 309.0, 309.0, 308.0, 308.0, 308.0, 308.0, 308.0, 308.0, 308.0, 308.0, 308.0, 309.0, 311.0, 304.0, 310.0, 306.0, 308.0, 310.0, 309.0, 310.0, 310.0, 308.0, 309.0, 309.0, 310.0, 309.0, 310.0, 310.0, 309.0, 310.0, 310.0, 309.0, 310.0, 309.0, 304.0, 311.0, 301.0, 314.0, 307.0, 305.0, 304.0, 308.0, 316.0, 304.0, 313.0, 311.0, 311.0, 310.0, 311.0, 310.0, 306.0, 305.0, 305.0, 307.0, 310.0, 306.0, 304.0, 305.0, 306.0, 313.0, 306.0, 307.0, 309.0, 308.0, 308.0, 309.0, 306.0, 300.0, 312.0, 309.0, 311.0, 305.0, 308.0, 305.0, 306.0, 308.0, 309.0, 308.0, 309.0, 309.0, 307.0, 308.0, 309.0, 306.0, 308.0, 299.0, 307.0, 313.0, 310.0, 309.0, 310.0, 309.0, 307.0, 307.0, 307.0, 310.0, 309.0, 308.0, 305.0, 308.0, 309.0, 310.0, 310.0, 311.0, 312.0], "WindowWidth": [685.0, 678.0, 673.0, 665.0, 684.0, 674.0, 668.0, 680.0, 671.0, 671.0, 676.0, 673.0, 678.0, 680.0, 681.0, 663.0, 665.0, 656.0, 680.0, 682.0, 677.0, 672.0, 672.0, 674.0, 672.0, 672.0, 678.0, 672.0, 670.0, 675.0, 675.0, 674.0, 673.0, 675.0, 673.0, 673.0, 676.0, 677.0, 677.0, 679.0, 678.0, 674.0, 674.0, 675.0, 670.0, 675.0, 678.0, 674.0, 670.0, 678.0, 653.0, 681.0, 683.0, 682.0, 672.0, 664.0, 684.0, 680.0, 675.0, 672.0, 669.0, 678.0, 672.0, 666.0, 681.0, 680.0, 675.0, 678.0, 675.0, 673.0, 674.0, 677.0, 676.0, 675.0, 677.0, 676.0, 679.0, 678.0, 674.0, 673.0, 672.0, 672.0, 674.0, 657.0, 680.0, 672.0, 670.0, 672.0, 671.0, 672.0, 672.0, 675.0, 674.0, 676.0, 674.0, 676.0, 673.0, 675.0, 680.0, 672.0, 673.0, 673.0, 675.0, 677.0, 676.0, 675.0, 675.0, 677.0, 676.0, 677.0, 678.0, 676.0, 675.0, 673.0, 673.0, 672.0, 673.0, 673.0, 673.0, 675.0, 679.0, 677.0, 678.0, 672.0, 682.0, 668.0, 674.0, 674.0, 673.0, 674.0, 674.0, 677.0, 675.0, 674.0, 673.0, 675.0, 675.0, 676.0, 676.0, 671.0, 675.0, 672.0, 678.0, 674.0, 676.0, 673.0, 674.0, 675.0, 673.0, 682.0, 675.0, 674.0, 673.0, 674.0, 674.0, 677.0, 677.0, 678.0, 678.0, 678.0, 677.0, 680.0, 680.0, 682.0, 677.0, 674.0, 670.0, 677.0, 651.0, 689.0, 674.0, 681.0, 677.0, 675.0, 675.0, 675.0, 672.0, 673.0, 673.0, 674.0, 677.0, 672.0, 665.0, 684.0, 679.0, 672.0, 663.0, 647.0, 684.0, 682.0, 676.0, 673.0, 670.0, 673.0, 662.0, 673.0, 677.0, 674.0, 671.0, 670.0, 670.0, 676.0, 675.0, 673.0, 674.0, 673.0, 674.0, 676.0, 674.0, 673.0, 671.0, 670.0, 671.0, 675.0, 672.0, 673.0, 672.0, 673.0, 676.0, 675.0, 676.0, 673.0, 681.0, 675.0, 671.0, 674.0, 666.0, 679.0, 679.0, 674.0, 670.0, 675.0, 665.0, 645.0, 684.0, 690.0, 684.0, 674.0, 672.0, 660.0, 663.0, 694.0, 684.0, 677.0, 674.0, 667.0, 665.0, 680.0, 671.0, 670.0, 670.0, 670.0, 672.0, 677.0, 672.0, 672.0, 670.0, 668.0, 669.0, 671.0, 675.0, 666.0, 667.0, 667.0, 669.0, 672.0, 669.0, 669.0, 668.0, 669.0, 669.0, 669.0, 669.0, 671.0, 664.0, 669.0, 667.0, 667.0, 666.0, 668.0, 668.0, 667.0, 672.0, 670.0, 669.0, 668.0, 669.0, 668.0, 670.0, 668.0, 667.0, 669.0, 669.0, 671.0, 669.0, 671.0, 669.0, 670.0, 666.0, 667.0, 669.0, 670.0, 670.0, 669.0, 670.0, 671.0, 669.0, 668.0, 670.0, 670.0, 670.0, 670.0, 670.0, 671.0, 678.0, 672.0, 674.0, 667.0, 670.0, 653.0, 659.0, 669.0, 664.0, 660.0, 682.0, 666.0, 675.0, 675.0, 673.0, 674.0, 674.0, 674.0, 670.0, 670.0, 669.0, 670.0, 668.0, 670.0, 670.0, 656.0, 675.0, 666.0, 661.0, 668.0, 673.0, 671.0, 668.0, 674.0, 670.0, 668.0, 673.0, 671.0, 668.0, 673.0, 669.0, 665.0, 667.0, 674.0, 675.0, 672.0, 670.0, 670.0, 673.0, 676.0, 673.0, 668.0, 667.0, 669.0, 669.0, 668.0, 668.0, 670.0, 668.0, 667.0, 672.0, 671.0, 669.0, 671.0, 672.0, 671.0, 658.0, 662.0, 675.0, 686.0, 675.0, 668.0, 668.0, 665.0, 669.0, 668.0, 671.0, 671.0, 670.0, 673.0, 671.0, 671.0, 670.0, 670.0, 670.0, 670.0, 671.0, 671.0, 668.0, 670.0, 669.0, 671.0, 669.0, 668.0, 667.0, 668.0, 668.0, 667.0, 668.0, 668.0, 667.0, 668.0, 669.0, 674.0, 660.0, 671.0, 663.0, 667.0, 672.0, 669.0, 671.0, 671.0, 668.0, 670.0, 670.0, 671.0, 670.0, 672.0, 671.0, 671.0, 671.0, 671.0, 669.0, 671.0, 670.0, 658.0, 674.0, 655.0, 679.0, 666.0, 661.0, 661.0, 668.0, 682.0, 660.0, 678.0, 674.0, 673.0, 671.0, 674.0, 671.0, 663.0, 662.0, 662.0, 668.0, 671.0, 665.0, 661.0, 663.0, 664.0, 678.0, 663.0, 666.0, 669.0, 666.0, 668.0, 669.0, 663.0, 654.0, 676.0, 670.0, 674.0, 662.0, 667.0, 663.0, 665.0, 668.0, 669.0, 668.0, 669.0, 670.0, 666.0, 668.0, 669.0, 665.0, 668.0, 650.0, 666.0, 678.0, 671.0, 669.0, 671.0, 670.0, 666.0, 666.0, 666.0, 670.0, 669.0, 667.0, 662.0, 668.0, 669.0, 671.0, 671.0, 673.0, 674.0]}, "slices": {}}, "EventTimestamp": "14-28-02"}