{"AcquisitionMatrixPE": 64, "AcquisitionNumber": 1, "AcquisitionTime": "10:37:3.710000", "BandwidthPerPixelPhaseEncode": 28.935, "BaseResolution": 64, "BodyPartExamined": "BRAIN", "CoilString": "HC2_4_6_7;SC", "ConsistencyInfo": "N4_VE11E_LATEST_20181129", "ConversionSoftware": "dcm2niix", "ConversionSoftwareVersion": "v1.0.20190902", "DerivedVendorReportedEchoSpacing": 0.000540003, "DeviceSerialNumber": "166182", "DwellTime": 3.4e-06, "EchoTime": 0.032, "EchoTrainLength": 64, "EffectiveEchoSpacing": 0.000540003, "FlipAngle": 40, "ImageOrientationPatientDICOM": [0.998335, -0.0126407, -0.0562826, 0.0141145, 0.999566, 0.0258659], "ImageType": ["ORIGINAL", "PRIMARY", "M", "ND", "NORM", "MOSAIC"], "ImagingFrequency": 123.256, "InPlanePhaseEncodingDirectionDICOM": "COL", "InstitutionAddress": "PEARSE_STREET_._City_District_IE_D2", "InstitutionName": "TCIN", "InstitutionalDepartmentName": "MRI", "MRAcquisitionType": "2D", "MagneticFieldStrength": 3, "Manufacturer": "Siemens", "ManufacturersModelName": "Prisma", "Modality": "MR", "MultibandAccelerationFactor": 4, "PartialFourier": 1, "PatientPosition": "HFS", "PercentPhaseFOV": 100, "PhaseEncodingDirection": "j-", "PhaseEncodingSteps": 64, "PhaseResolution": 1, "PixelBandwidth": 2300, "ProcedureStepDescription": "Rhodri_Head_BOLD", "ProtocolName": "cmrr_mbep2d_Pictures_AP_RDS", "PulseSequenceDetails": "%SiemensSeq%_ep2d_bold", "ReceiveCoilActiveElements": "HC2,4,6,7;SC", "ReceiveCoilName": "SpecialPurpose_4", "ReconMatrixPE": 64, "RefLinesPE": 12, "RepetitionTime": 0.61, "SAR": 0.27823, "ScanOptions": "FS", "ScanningSequence": "EP", "SequenceName": "_epfid2d1_64", "SequenceVariant": "SK", "SeriesDescription": "cmrr_mbep2d_Pictures_AP_RDS", "SeriesNumber": 8, "ShimSetting": [-3680, -7466, 4163, 1031, -27, 1092, -69, -9], "SliceThickness": 3, "SliceTiming": [0.2625, 0, 0.3275, 0.065, 0.3925, 0.13, 0.46, 0.1975, 0.525, 0.2625, 0, 0.3275, 0.065, 0.3925, 0.13, 0.46, 0.1975, 0.525, 0.2625, 0, 0.3275, 0.065, 0.3925, 0.13, 0.46, 0.1975, 0.525, 0.2625, 0, 0.3275, 0.065, 0.3925, 0.13, 0.46, 0.1975, 0.525], "SoftwareVersions": "syngo_MR_E11", "SpacingBetweenSlices": 3.3, "StationName": "AWP166182", "TaskName": "pictures", "TotalReadoutTime": 0.0340202, "TxRefAmp": 220.465, "dcmmeta_affine": [[-2.995004653930664, 0.04234350472688675, -0.1845730096101761, 95.83442687988281], [0.03792206570506096, 2.998697280883789, 0.08783676475286484, -115.84717559814453], [-0.16884784400463104, -0.07759761065244675, 3.293663263320923, -72.29999542236328], [0.0, 0.0, 0.0, 1.0]], "dcmmeta_reorient_transform": [[0.0, -1.0, 0.0, 63.0], [1.0, 0.0, 0.0, 0.0], [0.0, 0.0, 1.0, 0.0], [0.0, 0.0, 0.0, 1.0]], "dcmmeta_shape": [64, 64, 36, 510], "dcmmeta_slice_dim": 2, "dcmmeta_version": 0.6, "global": {"const": {"AcquisitionMatrix": [64, 0, 0, 64], "AngioFlag": "N", "BitsAllocated": 16, "BitsStored": 12, "BodyPartExamined": "BRAIN", "Columns": 384, "EchoNumbers": 1, "EchoTime": 32.0, "EchoTrainLength": 64, "FlipAngle": 40.0, "HighBit": 11, "ImageOrientationPatient": [0.99833485381326, -0.0126406888661, -0.0562826140709, 0.01411450142361, 0.99956577454295, 0.02586586963383], "ImagePositionPatient": [-584.47776118499, -546.79479425039, -62.588605411748], "ImageType": ["ORIGINAL", "PRIMARY", "M", "ND", "NORM", "MOSAIC"], "ImagedNucleus": "1H", "ImagingFrequency": 123.256023, "InPlanePhaseEncodingDirection": "COL", "MRAcquisitionType": "2D", "MagneticFieldStrength": 3.0, "Manufacturer": "SIEMENS", "ManufacturerModelName": "Prisma", "Modality": "MR", "NumberOfAverages": 1.0, "NumberOfPhaseEncodingSteps": 64, "PercentPhaseFieldOfView": 100.0, "PercentSampling": 100.0, "PerformedProcedureStepStartTime": "101822.696000", "PhotometricInterpretation": "MONOCHROME2", "PixelBandwidth": 2300.0, "PixelRepresentation": 0, "PixelSpacing": [3.0, 3.0], "ProtocolName": "cmrr_mbep2d_Pictures_AP_RDS", "RepetitionTime": 610.0, "Rows": 384, "SAR": 0.27822984659385, "SamplesPerPixel": 1, "ScanOptions": "FS", "ScanningSequence": "EP", "SequenceName": "*epfid2d1_64", "SequenceVariant": "SK", "SeriesDescription": "cmrr_mbep2d_Pictures_AP_RDS", "SeriesNumber": 8, "SeriesTime": "103718.402000", "SliceLocation": -80.604824035098, "SliceThickness": 3.0, "SmallestImagePixelValue": 0, "SoftwareVersions": "syngo MR E11", "SpacingBetweenSlices": 3.3000001164017, "SpecificCharacterSet": "ISO_IR 100", "StudyID": "1", "StudyTime": "101822.473000", "TransmitCoilName": "Body", "VariableFlipAngleFlag": "N", "WindowCenterWidthExplanation": "Algo1"}, "slices": {}}, "time": {"samples": {"AcquisitionNumber": [1, 2, 3, 4, 5, 6, 7, 8, 9, 10, 11, 12, 13, 14, 15, 16, 17, 18, 19, 20, 21, 22, 23, 24, 25, 26, 27, 28, 29, 30, 31, 32, 33, 34, 35, 36, 37, 38, 39, 40, 41, 42, 43, 44, 45, 46, 47, 48, 49, 50, 51, 52, 53, 54, 55, 56, 57, 58, 59, 60, 61, 62, 63, 64, 65, 66, 67, 68, 69, 70, 71, 72, 73, 74, 75, 76, 77, 78, 79, 80, 81, 82, 83, 84, 85, 86, 87, 88, 89, 90, 91, 92, 93, 94, 95, 96, 97, 98, 99, 100, 101, 102, 103, 104, 105, 106, 107, 108, 109, 110, 111, 112, 113, 114, 115, 116, 117, 118, 119, 120, 121, 122, 123, 124, 125, 126, 127, 128, 129, 130, 131, 132, 133, 134, 135, 136, 137, 138, 139, 140, 141, 142, 143, 144, 145, 146, 147, 148, 149, 150, 151, 152, 153, 154, 155, 156, 157, 158, 159, 160, 161, 162, 163, 164, 165, 166, 167, 168, 169, 170, 171, 172, 173, 174, 175, 176, 177, 178, 179, 180, 181, 182, 183, 184, 185, 186, 187, 188, 189, 190, 191, 192, 193, 194, 195, 196, 197, 198, 199, 200, 201, 202, 203, 204, 205, 206, 207, 208, 209, 210, 211, 212, 213, 214, 215, 216, 217, 218, 219, 220, 221, 222, 223, 224, 225, 226, 227, 228, 229, 230, 231, 232, 233, 234, 235, 236, 237, 238, 239, 240, 241, 242, 243, 244, 245, 246, 247, 248, 249, 250, 251, 252, 253, 254, 255, 256, 257, 258, 259, 260, 261, 262, 263, 264, 265, 266, 267, 268, 269, 270, 271, 272, 273, 274, 275, 276, 277, 278, 279, 280, 281, 282, 283, 284, 285, 286, 287, 288, 289, 290, 291, 292, 293, 294, 295, 296, 297, 298, 299, 300, 301, 302, 303, 304, 305, 306, 307, 308, 309, 310, 311, 312, 313, 314, 315, 316, 317, 318, 319, 320, 321, 322, 323, 324, 325, 326, 327, 328, 329, 330, 331, 332, 333, 334, 335, 336, 337, 338, 339, 340, 341, 342, 343, 344, 345, 346, 347, 348, 349, 350, 351, 352, 353, 354, 355, 356, 357, 358, 359, 360, 361, 362, 363, 364, 365, 366, 367, 368, 369, 370, 371, 372, 373, 374, 375, 376, 377, 378, 379, 380, 381, 382, 383, 384, 385, 386, 387, 388, 389, 390, 391, 392, 393, 394, 395, 396, 397, 398, 399, 400, 401, 402, 403, 404, 405, 406, 407, 408, 409, 410, 411, 412, 413, 414, 415, 416, 417, 418, 419, 420, 421, 422, 423, 424, 425, 426, 427, 428, 429, 430, 431, 432, 433, 434, 435, 436, 437, 438, 439, 440, 441, 442, 443, 444, 445, 446, 447, 448, 449, 450, 451, 452, 453, 454, 455, 456, 457, 458, 459, 460, 461, 462, 463, 464, 465, 466, 467, 468, 469, 470, 471, 472, 473, 474, 475, 476, 477, 478, 479, 480, 481, 482, 483, 484, 485, 486, 487, 488, 489, 490, 491, 492, 493, 494, 495, 496, 497, 498, 499, 500, 501, 502, 503, 504, 505, 506, 507, 508, 509, 510], "AcquisitionTime": ["103703.710000", "103704.320000", "103704.930000", "103705.540000", "103706.150000", "103706.760000", "103707.370000", "103707.980000", "103708.590000", "103709.200000", "103709.810000", "103710.420000", "103711.030000", "103711.640000", "103712.250000", "103712.860000", "103713.470000", "103714.080000", "103714.690000", "103715.300000", "103715.910000", "103716.520000", "103717.130000", "103717.740000", "103718.350000", "103718.960000", "103719.570000", "103720.180000", "103720.790000", "103721.400000", "103722.010000", "103722.620000", "103723.230000", "103723.840000", "103724.450000", "103725.060000", "103725.670000", "103726.280000", "103726.890000", "103727.500000", "103728.110000", "103728.720000", "103729.330000", "103729.940000", "103730.550000", "103731.160000", "103731.770000", "103732.380000", "103732.990000", "103733.600000", "103734.210000", "103734.820000", "103735.430000", "103736.040000", "103736.650000", "103737.260000", "103737.870000", "103738.480000", "103739.090000", "103739.700000", "103740.310000", "103740.920000", "103741.530000", "103742.140000", "103742.750000", "103743.360000", "103743.970000", "103744.580000", "103745.190000", "103745.800000", "103746.410000", "103747.020000", "103747.630000", "103748.240000", "103748.850000", "103749.460000", "103750.070000", "103750.680000", "103751.290000", "103751.900000", "103752.510000", "103753.120000", "103753.730000", "103754.340000", "103754.950000", "103755.560000", "103756.170000", "103756.780000", "103757.390000", "103758.000000", "103758.610000", "103759.220000", "103759.830000", "103800.440000", "103801.050000", "103801.660000", "103802.270000", "103802.880000", "103803.490000", "103804.100000", "103804.710000", "103805.320000", "103805.930000", "103806.540000", "103807.150000", "103807.760000", "103808.370000", "103808.980000", "103809.590000", "103810.200000", "103810.810000", "103811.420000", "103812.030000", "103812.640000", "103813.250000", "103813.860000", "103814.470000", "103815.080000", "103815.690000", "103816.300000", "103816.910000", "103817.520000", "103818.130000", "103818.740000", "103819.350000", "103819.960000", "103820.570000", "103821.180000", "103821.790000", "103822.400000", "103823.010000", "103823.620000", "103824.230000", "103824.840000", "103825.450000", "103826.060000", "103826.670000", "103827.280000", "103827.890000", "103828.500000", "103829.110000", "103829.720000", "103830.330000", "103830.940000", "103831.550000", "103832.160000", "103832.770000", "103833.380000", "103833.990000", "103834.600000", "103835.210000", "103835.820000", "103836.430000", "103837.040000", "103837.650000", "103838.260000", "103838.870000", "103839.480000", "103840.090000", "103840.700000", "103841.310000", "103841.920000", "103842.530000", "103843.140000", "103843.750000", "103844.360000", "103844.970000", "103845.580000", "103846.190000", "103846.800000", "103847.410000", "103848.020000", "103848.630000", "103849.240000", "103849.850000", "103850.460000", "103851.070000", "103851.680000", "103852.290000", "103852.900000", "103853.510000", "103854.120000", "103854.730000", "103855.340000", "103855.950000", "103856.560000", "103857.170000", "103857.780000", "103858.390000", "103859.000000", "103859.610000", "103900.220000", "103900.830000", "103901.440000", "103902.050000", "103902.660000", "103903.270000", "103903.880000", "103904.490000", "103905.100000", "103905.710000", "103906.320000", "103906.930000", "103907.540000", "103908.150000", "103908.760000", "103909.370000", "103909.980000", "103910.590000", "103911.200000", "103911.810000", "103912.420000", "103913.030000", "103913.640000", "103914.250000", "103914.860000", "103915.470000", "103916.080000", "103916.690000", "103917.300000", "103917.910000", "103918.520000", "103919.130000", "103919.740000", "103920.350000", "103920.960000", "103921.570000", "103922.180000", "103922.790000", "103923.400000", "103924.010000", "103924.620000", "103925.230000", "103925.840000", "103926.450000", "103927.060000", "103927.670000", "103928.280000", "103928.890000", "103929.500000", "103930.110000", "103930.720000", "103931.330000", "103931.940000", "103932.550000", "103933.160000", "103933.770000", "103934.380000", "103934.990000", "103935.600000", "103936.210000", "103936.820000", "103937.430000", "103938.040000", "103938.650000", "103939.260000", "103939.870000", "103940.480000", "103941.090000", "103941.700000", "103942.310000", "103942.920000", "103943.530000", "103944.140000", "103944.750000", "103945.360000", "103945.970000", "103946.580000", "103947.190000", "103947.800000", "103948.410000", "103949.020000", "103949.630000", "103950.240000", "103950.850000", "103951.460000", "103952.070000", "103952.680000", "103953.290000", "103953.900000", "103954.510000", "103955.120000", "103955.730000", "103956.340000", "103956.950000", "103957.560000", "103958.170000", "103958.780000", "103959.390000", "104000.000000", "104000.610000", "104001.220000", "104001.830000", "104002.440000", "104003.050000", "104003.660000", "104004.270000", "104004.880000", "104005.490000", "104006.100000", "104006.710000", "104007.320000", "104007.930000", "104008.540000", "104009.150000", "104009.760000", "104010.370000", "104010.980000", "104011.590000", "104012.200000", "104012.810000", "104013.420000", "104014.030000", "104014.640000", "104015.250000", "104015.860000", "104016.470000", "104017.080000", "104017.690000", "104018.300000", "104018.910000", "104019.520000", "104020.130000", "104020.740000", "104021.350000", "104021.960000", "104022.570000", "104023.180000", "104023.790000", "104024.400000", "104025.010000", "104025.620000", "104026.230000", "104026.840000", "104027.450000", "104028.060000", "104028.670000", "104029.280000", "104029.890000", "104030.500000", "104031.110000", "104031.720000", "104032.330000", "104032.940000", "104033.550000", "104034.160000", "104034.770000", "104035.380000", "104035.990000", "104036.600000", "104037.210000", "104037.820000", "104038.430000", "104039.040000", "104039.650000", "104040.260000", "104040.870000", "104041.480000", "104042.090000", "104042.700000", "104043.310000", "104043.920000", "104044.530000", "104045.140000", "104045.750000", "104046.360000", "104046.970000", "104047.580000", "104048.190000", "104048.800000", "104049.410000", "104050.020000", "104050.630000", "104051.240000", "104051.850000", "104052.460000", "104053.070000", "104053.680000", "104054.290000", "104054.900000", "104055.510000", "104056.120000", "104056.730000", "104057.340000", "104057.950000", "104058.560000", "104059.170000", "104059.780000", "104100.390000", "104101.000000", "104101.610000", "104102.220000", "104102.830000", "104103.440000", "104104.050000", "104104.660000", "104105.270000", "104105.880000", "104106.490000", "104107.100000", "104107.710000", "104108.320000", "104108.930000", "104109.540000", "104110.150000", "104110.760000", "104111.370000", "104111.980000", "104112.590000", "104113.200000", "104113.810000", "104114.420000", "104115.030000", "104115.640000", "104116.250000", "104116.860000", "104117.470000", "104118.080000", "104118.690000", "104119.300000", "104119.910000", "104120.520000", "104121.130000", "104121.740000", "104122.350000", "104122.960000", "104123.570000", "104124.180000", "104124.790000", "104125.400000", "104126.010000", "104126.620000", "104127.230000", "104127.840000", "104128.450000", "104129.060000", "104129.670000", "104130.280000", "104130.890000", "104131.500000", "104132.110000", "104132.720000", "104133.330000", "104133.940000", "104134.550000", "104135.160000", "104135.770000", "104136.380000", "104136.990000", "104137.600000", "104138.210000", "104138.820000", "104139.430000", "104140.040000", "104140.650000", "104141.260000", "104141.870000", "104142.480000", "104143.090000", "104143.700000", "104144.310000", "104144.920000", "104145.530000", "104146.140000", "104146.750000", "104147.360000", "104147.970000", "104148.580000", "104149.190000", "104149.800000", "104150.410000", "104151.020000", "104151.630000", "104152.240000", "104152.850000", "104153.460000", "104154.070000", "104154.680000", "104155.290000", "104155.900000", "104156.510000", "104157.120000", "104157.730000", "104158.340000", "104158.950000", "104159.560000", "104200.170000", "104200.780000", "104201.390000", "104202.000000", "104202.610000", "104203.220000", "104203.830000", "104204.440000", "104205.050000", "104205.660000", "104206.270000", "104206.880000", "104207.490000", "104208.100000", "104208.710000", "104209.320000", "104209.930000", "104210.540000", "104211.150000", "104211.760000", "104212.370000", "104212.980000", "104213.590000", "104214.200000"], "ContentTime": ["103718.406000", "103718.409000", "103718.412000", "103718.414000", "103718.420000", "103718.423000", "103718.425000", "103718.427000", "103718.430000", "103718.432000", "103718.435000", "103718.437000", "103718.439000", "103718.442000", "103718.444000", "103718.446000", "103718.449000", "103718.451000", "103718.454000", "103718.456000", "103718.461000", "103718.464000", "103718.474000", "103738.401000", "103738.404000", "103738.407000", "103738.409000", "103738.411000", "103738.414000", "103738.416000", "103738.418000", "103738.421000", "103738.423000", "103738.426000", "103738.428000", "103738.430000", "103738.433000", "103738.441000", "103738.443000", "103738.445000", "103738.448000", "103738.450000", "103738.452000", "103738.455000", "103738.457000", "103738.459000", "103738.462000", "103738.464000", "103738.466000", "103738.469000", "103738.471000", "103738.474000", "103738.476000", "103738.478000", "103738.481000", "103738.483000", "103758.401000", "103758.404000", "103758.406000", "103758.409000", "103758.411000", "103758.413000", "103758.416000", "103758.419000", "103758.422000", "103758.424000", "103758.426000", "103758.429000", "103758.431000", "103758.434000", "103758.436000", "103758.438000", "103758.441000", "103758.443000", "103758.445000", "103758.448000", "103758.450000", "103758.453000", "103758.455000", "103758.457000", "103758.460000", "103758.462000", "103758.464000", "103758.467000", "103758.469000", "103758.471000", "103758.474000", "103758.476000", "103758.479000", "103818.401000", "103818.404000", "103818.406000", "103818.409000", "103818.411000", "103818.413000", "103818.416000", "103818.418000", "103818.421000", "103818.423000", "103818.425000", "103818.428000", "103818.430000", "103818.432000", "103818.435000", "103818.437000", "103818.439000", "103818.442000", "103818.444000", "103818.446000", "103818.449000", "103818.451000", "103818.454000", "103818.456000", "103818.458000", "103818.461000", "103818.463000", "103818.466000", "103818.468000", "103818.470000", "103818.473000", "103818.475000", "103818.478000", "103838.401000", "103838.404000", "103838.406000", "103838.409000", "103838.411000", "103838.413000", "103838.416000", "103838.418000", "103838.420000", "103838.423000", "103838.438000", "103838.440000", "103838.443000", "103838.445000", "103838.448000", "103838.450000", "103838.452000", "103838.455000", "103838.457000", "103838.459000", "103838.462000", "103838.464000", "103838.466000", "103838.469000", "103838.471000", "103838.474000", "103838.476000", "103838.478000", "103838.481000", "103838.483000", "103838.486000", "103838.488000", "103858.401000", "103858.404000", "103858.406000", "103858.409000", "103858.411000", "103858.413000", "103858.416000", "103858.418000", "103858.421000", "103858.423000", "103858.425000", "103858.428000", "103858.430000", "103858.432000", "103858.435000", "103858.437000", "103858.440000", "103858.442000", "103858.445000", "103858.447000", "103858.450000", "103858.452000", "103858.454000", "103858.457000", "103858.459000", "103858.462000", "103858.464000", "103858.466000", "103858.469000", "103858.471000", "103858.474000", "103858.476000", "103858.479000", "103918.401000", "103918.404000", "103918.406000", "103918.409000", "103918.411000", "103918.413000", "103918.416000", "103918.418000", "103918.420000", "103918.423000", "103918.425000", "103918.427000", "103918.430000", "103918.432000", "103918.435000", "103918.437000", "103918.439000", "103918.442000", "103918.444000", "103918.446000", "103918.449000", "103918.451000", "103918.454000", "103918.456000", "103918.459000", "103918.461000", "103918.463000", "103918.466000", "103918.468000", "103918.471000", "103918.473000", "103918.475000", "103918.478000", "103938.401000", "103938.404000", "103938.406000", "103938.409000", "103938.411000", "103938.413000", "103938.416000", "103938.419000", "103938.421000", "103938.424000", "103938.426000", "103938.428000", "103938.431000", "103938.441000", "103938.444000", "103938.446000", "103938.449000", "103938.451000", "103938.453000", "103938.456000", "103938.458000", "103938.460000", "103938.463000", "103938.465000", "103938.468000", "103938.470000", "103938.473000", "103938.475000", "103938.477000", "103938.480000", "103938.482000", "103938.485000", "103938.487000", "103958.401000", "103958.404000", "103958.406000", "103958.409000", "103958.411000", "103958.413000", "103958.416000", "103958.418000", "103958.421000", "103958.423000", "103958.425000", "103958.428000", "103958.430000", "103958.432000", "103958.435000", "103958.437000", "103958.440000", "103958.442000", "103958.444000", "103958.447000", "103958.449000", "103958.452000", "103958.454000", "103958.456000", "103958.459000", "103958.461000", "103958.463000", "103958.466000", "103958.468000", "103958.471000", "103958.473000", "103958.476000", "103958.478000", "104018.401000", "104018.404000", "104018.406000", "104018.409000", "104018.411000", "104018.414000", "104018.416000", "104018.419000", "104018.421000", "104018.423000", "104018.426000", "104018.428000", "104018.430000", "104018.433000", "104018.435000", "104018.438000", "104018.440000", "104018.442000", "104018.445000", "104018.447000", "104018.450000", "104018.452000", "104018.454000", "104018.457000", "104018.459000", "104018.461000", "104018.464000", "104018.466000", "104018.469000", "104018.471000", "104018.473000", "104018.476000", "104038.401000", "104038.404000", "104038.406000", "104038.409000", "104038.411000", "104038.413000", "104038.416000", "104038.418000", "104038.421000", "104038.423000", "104038.434000", "104038.436000", "104038.439000", "104038.441000", "104038.443000", "104038.446000", "104038.448000", "104038.451000", "104038.453000", "104038.456000", "104038.458000", "104038.460000", "104038.463000", "104038.465000", "104038.468000", "104038.470000", "104038.473000", "104038.475000", "104038.477000", "104038.480000", "104038.482000", "104038.485000", "104038.488000", "104058.401000", "104058.404000", "104058.406000", "104058.409000", "104058.411000", "104058.413000", "104058.416000", "104058.418000", "104058.420000", "104058.423000", "104058.425000", "104058.428000", "104058.430000", "104058.432000", "104058.435000", "104058.437000", "104058.439000", "104058.442000", "104058.444000", "104058.447000", "104058.449000", "104058.451000", "104058.454000", "104058.456000", "104058.459000", "104058.461000", "104058.463000", "104058.466000", "104058.468000", "104058.471000", "104058.473000", "104058.475000", "104058.478000", "104118.401000", "104118.404000", "104118.406000", "104118.409000", "104118.411000", "104118.413000", "104118.416000", "104118.418000", "104118.420000", "104118.423000", "104118.425000", "104118.428000", "104118.430000", "104118.433000", "104118.435000", "104118.437000", "104118.440000", "104118.442000", "104118.444000", "104118.447000", "104118.449000", "104118.451000", "104118.454000", "104118.456000", "104118.458000", "104118.461000", "104118.463000", "104118.466000", "104118.468000", "104118.470000", "104118.473000", "104118.475000", "104118.478000", "104138.401000", "104138.404000", "104138.406000", "104138.409000", "104138.411000", "104138.413000", "104138.416000", "104138.418000", "104138.427000", "104138.430000", "104138.432000", "104138.435000", "104138.437000", "104138.440000", "104138.442000", "104138.445000", "104138.447000", "104138.450000", "104138.452000", "104138.454000", "104138.457000", "104138.459000", "104138.462000", "104138.464000", "104138.466000", "104138.469000", "104138.471000", "104138.474000", "104138.476000", "104138.478000", "104138.481000", "104138.483000", "104158.401000", "104158.404000", "104158.406000", "104158.409000", "104158.411000", "104158.414000", "104158.416000", "104158.419000", "104158.421000", "104158.423000", "104158.426000", "104158.428000", "104158.430000", "104158.433000", "104158.435000", "104158.438000", "104158.440000", "104158.443000", "104158.445000", "104158.447000", "104158.450000", "104158.452000", "104158.455000", "104158.457000", "104158.460000", "104158.462000", "104158.465000", "104158.467000", "104158.470000", "104158.472000", "104158.474000", "104158.480000", "104158.482000", "104214.998000", "104215.001000", "104215.004000", "104215.006000", "104215.009000", "104215.011000", "104215.014000", "104215.016000", "104215.018000", "104215.021000", "104215.023000", "104215.026000", "104215.028000", "104215.030000", "104215.033000", "104215.035000", "104215.038000", "104215.040000", "104215.042000", "104215.045000", "104215.047000", "104215.050000", "104215.052000", "104215.054000", "104215.057000", "104215.059000", "104215.061000", "104215.064000"], "InstanceCreationTime": ["103718.406000", "103718.409000", "103718.412000", "103718.414000", "103718.420000", "103718.423000", "103718.425000", "103718.427000", "103718.430000", "103718.432000", "103718.435000", "103718.437000", "103718.439000", "103718.442000", "103718.444000", "103718.446000", "103718.449000", "103718.451000", "103718.454000", "103718.456000", "103718.461000", "103718.464000", "103718.474000", "103738.401000", "103738.404000", "103738.407000", "103738.409000", "103738.411000", "103738.414000", "103738.416000", "103738.418000", "103738.421000", "103738.423000", "103738.426000", "103738.428000", "103738.430000", "103738.433000", "103738.441000", "103738.443000", "103738.445000", "103738.448000", "103738.450000", "103738.452000", "103738.455000", "103738.457000", "103738.459000", "103738.462000", "103738.464000", "103738.466000", "103738.469000", "103738.471000", "103738.474000", "103738.476000", "103738.478000", "103738.481000", "103738.483000", "103758.401000", "103758.404000", "103758.406000", "103758.409000", "103758.411000", "103758.413000", "103758.416000", "103758.419000", "103758.422000", "103758.424000", "103758.426000", "103758.429000", "103758.431000", "103758.434000", "103758.436000", "103758.438000", "103758.441000", "103758.443000", "103758.445000", "103758.448000", "103758.450000", "103758.453000", "103758.455000", "103758.457000", "103758.460000", "103758.462000", "103758.464000", "103758.467000", "103758.469000", "103758.471000", "103758.474000", "103758.476000", "103758.479000", "103818.401000", "103818.404000", "103818.406000", "103818.409000", "103818.411000", "103818.413000", "103818.416000", "103818.418000", "103818.421000", "103818.423000", "103818.425000", "103818.428000", "103818.430000", "103818.432000", "103818.435000", "103818.437000", "103818.439000", "103818.442000", "103818.444000", "103818.446000", "103818.449000", "103818.451000", "103818.454000", "103818.456000", "103818.458000", "103818.461000", "103818.463000", "103818.466000", "103818.468000", "103818.470000", "103818.473000", "103818.475000", "103818.478000", "103838.401000", "103838.404000", "103838.406000", "103838.409000", "103838.411000", "103838.413000", "103838.416000", "103838.418000", "103838.420000", "103838.423000", "103838.438000", "103838.440000", "103838.443000", "103838.445000", "103838.448000", "103838.450000", "103838.452000", "103838.455000", "103838.457000", "103838.459000", "103838.462000", "103838.464000", "103838.466000", "103838.469000", "103838.471000", "103838.474000", "103838.476000", "103838.478000", "103838.481000", "103838.483000", "103838.486000", "103838.488000", "103858.401000", "103858.404000", "103858.406000", "103858.409000", "103858.411000", "103858.413000", "103858.416000", "103858.418000", "103858.421000", "103858.423000", "103858.425000", "103858.428000", "103858.430000", "103858.432000", "103858.435000", "103858.437000", "103858.440000", "103858.442000", "103858.445000", "103858.447000", "103858.450000", "103858.452000", "103858.454000", "103858.457000", "103858.459000", "103858.462000", "103858.464000", "103858.466000", "103858.469000", "103858.471000", "103858.474000", "103858.476000", "103858.479000", "103918.401000", "103918.404000", "103918.406000", "103918.409000", "103918.411000", "103918.413000", "103918.416000", "103918.418000", "103918.420000", "103918.423000", "103918.425000", "103918.427000", "103918.430000", "103918.432000", "103918.435000", "103918.437000", "103918.439000", "103918.442000", "103918.444000", "103918.446000", "103918.449000", "103918.451000", "103918.454000", "103918.456000", "103918.459000", "103918.461000", "103918.463000", "103918.466000", "103918.468000", "103918.471000", "103918.473000", "103918.475000", "103918.478000", "103938.401000", "103938.404000", "103938.406000", "103938.409000", "103938.411000", "103938.413000", "103938.416000", "103938.419000", "103938.421000", "103938.424000", "103938.426000", "103938.428000", "103938.431000", "103938.441000", "103938.444000", "103938.446000", "103938.449000", "103938.451000", "103938.453000", "103938.456000", "103938.458000", "103938.460000", "103938.463000", "103938.465000", "103938.468000", "103938.470000", "103938.473000", "103938.475000", "103938.477000", "103938.480000", "103938.482000", "103938.485000", "103938.487000", "103958.401000", "103958.404000", "103958.406000", "103958.409000", "103958.411000", "103958.413000", "103958.416000", "103958.418000", "103958.421000", "103958.423000", "103958.425000", "103958.428000", "103958.430000", "103958.432000", "103958.435000", "103958.437000", "103958.440000", "103958.442000", "103958.444000", "103958.447000", "103958.449000", "103958.452000", "103958.454000", "103958.456000", "103958.459000", "103958.461000", "103958.463000", "103958.466000", "103958.468000", "103958.471000", "103958.473000", "103958.476000", "103958.478000", "104018.401000", "104018.404000", "104018.406000", "104018.409000", "104018.411000", "104018.414000", "104018.416000", "104018.419000", "104018.421000", "104018.423000", "104018.426000", "104018.428000", "104018.430000", "104018.433000", "104018.435000", "104018.438000", "104018.440000", "104018.442000", "104018.445000", "104018.447000", "104018.450000", "104018.452000", "104018.454000", "104018.457000", "104018.459000", "104018.461000", "104018.464000", "104018.466000", "104018.469000", "104018.471000", "104018.473000", "104018.476000", "104038.401000", "104038.404000", "104038.406000", "104038.409000", "104038.411000", "104038.413000", "104038.416000", "104038.418000", "104038.421000", "104038.423000", "104038.434000", "104038.436000", "104038.439000", "104038.441000", "104038.443000", "104038.446000", "104038.448000", "104038.451000", "104038.453000", "104038.456000", "104038.458000", "104038.460000", "104038.463000", "104038.465000", "104038.468000", "104038.470000", "104038.473000", "104038.475000", "104038.477000", "104038.480000", "104038.482000", "104038.485000", "104038.488000", "104058.401000", "104058.404000", "104058.406000", "104058.409000", "104058.411000", "104058.413000", "104058.416000", "104058.418000", "104058.420000", "104058.423000", "104058.425000", "104058.428000", "104058.430000", "104058.432000", "104058.435000", "104058.437000", "104058.439000", "104058.442000", "104058.444000", "104058.447000", "104058.449000", "104058.451000", "104058.454000", "104058.456000", "104058.459000", "104058.461000", "104058.463000", "104058.466000", "104058.468000", "104058.471000", "104058.473000", "104058.475000", "104058.478000", "104118.401000", "104118.404000", "104118.406000", "104118.409000", "104118.411000", "104118.413000", "104118.416000", "104118.418000", "104118.420000", "104118.423000", "104118.425000", "104118.428000", "104118.430000", "104118.433000", "104118.435000", "104118.437000", "104118.440000", "104118.442000", "104118.444000", "104118.447000", "104118.449000", "104118.451000", "104118.454000", "104118.456000", "104118.458000", "104118.461000", "104118.463000", "104118.466000", "104118.468000", "104118.470000", "104118.473000", "104118.475000", "104118.478000", "104138.401000", "104138.404000", "104138.406000", "104138.409000", "104138.411000", "104138.413000", "104138.416000", "104138.418000", "104138.427000", "104138.430000", "104138.432000", "104138.435000", "104138.437000", "104138.440000", "104138.442000", "104138.445000", "104138.447000", "104138.450000", "104138.452000", "104138.454000", "104138.457000", "104138.459000", "104138.462000", "104138.464000", "104138.466000", "104138.469000", "104138.471000", "104138.474000", "104138.476000", "104138.478000", "104138.481000", "104138.483000", "104158.401000", "104158.404000", "104158.406000", "104158.409000", "104158.411000", "104158.414000", "104158.416000", "104158.419000", "104158.421000", "104158.423000", "104158.426000", "104158.428000", "104158.430000", "104158.433000", "104158.435000", "104158.438000", "104158.440000", "104158.443000", "104158.445000", "104158.447000", "104158.450000", "104158.452000", "104158.455000", "104158.457000", "104158.460000", "104158.462000", "104158.465000", "104158.467000", "104158.470000", "104158.472000", "104158.474000", "104158.480000", "104158.482000", "104214.998000", "104215.001000", "104215.004000", "104215.006000", "104215.009000", "104215.011000", "104215.014000", "104215.016000", "104215.018000", "104215.021000", "104215.023000", "104215.026000", "104215.028000", "104215.030000", "104215.033000", "104215.035000", "104215.038000", "104215.040000", "104215.042000", "104215.045000", "104215.047000", "104215.050000", "104215.052000", "104215.054000", "104215.057000", "104215.059000", "104215.061000", "104215.064000"], "InstanceNumber": [1, 2, 3, 4, 5, 6, 7, 8, 9, 10, 11, 12, 13, 14, 15, 16, 17, 18, 19, 20, 21, 22, 23, 24, 25, 26, 27, 28, 29, 30, 31, 32, 33, 34, 35, 36, 37, 38, 39, 40, 41, 42, 43, 44, 45, 46, 47, 48, 49, 50, 51, 52, 53, 54, 55, 56, 57, 58, 59, 60, 61, 62, 63, 64, 65, 66, 67, 68, 69, 70, 71, 72, 73, 74, 75, 76, 77, 78, 79, 80, 81, 82, 83, 84, 85, 86, 87, 88, 89, 90, 91, 92, 93, 94, 95, 96, 97, 98, 99, 100, 101, 102, 103, 104, 105, 106, 107, 108, 109, 110, 111, 112, 113, 114, 115, 116, 117, 118, 119, 120, 121, 122, 123, 124, 125, 126, 127, 128, 129, 130, 131, 132, 133, 134, 135, 136, 137, 138, 139, 140, 141, 142, 143, 144, 145, 146, 147, 148, 149, 150, 151, 152, 153, 154, 155, 156, 157, 158, 159, 160, 161, 162, 163, 164, 165, 166, 167, 168, 169, 170, 171, 172, 173, 174, 175, 176, 177, 178, 179, 180, 181, 182, 183, 184, 185, 186, 187, 188, 189, 190, 191, 192, 193, 194, 195, 196, 197, 198, 199, 200, 201, 202, 203, 204, 205, 206, 207, 208, 209, 210, 211, 212, 213, 214, 215, 216, 217, 218, 219, 220, 221, 222, 223, 224, 225, 226, 227, 228, 229, 230, 231, 232, 233, 234, 235, 236, 237, 238, 239, 240, 241, 242, 243, 244, 245, 246, 247, 248, 249, 250, 251, 252, 253, 254, 255, 256, 257, 258, 259, 260, 261, 262, 263, 264, 265, 266, 267, 268, 269, 270, 271, 272, 273, 274, 275, 276, 277, 278, 279, 280, 281, 282, 283, 284, 285, 286, 287, 288, 289, 290, 291, 292, 293, 294, 295, 296, 297, 298, 299, 300, 301, 302, 303, 304, 305, 306, 307, 308, 309, 310, 311, 312, 313, 314, 315, 316, 317, 318, 319, 320, 321, 322, 323, 324, 325, 326, 327, 328, 329, 330, 331, 332, 333, 334, 335, 336, 337, 338, 339, 340, 341, 342, 343, 344, 345, 346, 347, 348, 349, 350, 351, 352, 353, 354, 355, 356, 357, 358, 359, 360, 361, 362, 363, 364, 365, 366, 367, 368, 369, 370, 371, 372, 373, 374, 375, 376, 377, 378, 379, 380, 381, 382, 383, 384, 385, 386, 387, 388, 389, 390, 391, 392, 393, 394, 395, 396, 397, 398, 399, 400, 401, 402, 403, 404, 405, 406, 407, 408, 409, 410, 411, 412, 413, 414, 415, 416, 417, 418, 419, 420, 421, 422, 423, 424, 425, 426, 427, 428, 429, 430, 431, 432, 433, 434, 435, 436, 437, 438, 439, 440, 441, 442, 443, 444, 445, 446, 447, 448, 449, 450, 451, 452, 453, 454, 455, 456, 457, 458, 459, 460, 461, 462, 463, 464, 465, 466, 467, 468, 469, 470, 471, 472, 473, 474, 475, 476, 477, 478, 479, 480, 481, 482, 483, 484, 485, 486, 487, 488, 489, 490, 491, 492, 493, 494, 495, 496, 497, 498, 499, 500, 501, 502, 503, 504, 505, 506, 507, 508, 509, 510], "LargestImagePixelValue": [614, 660, 672, 627, 653, 608, 598, 587, 632, 635, 619, 613, 620, 608, 600, 597, 602, 630, 665, 635, 620, 649, 650, 599, 596, 640, 625, 611, 602, 595, 594, 592, 615, 606, 585, 613, 626, 590, 634, 613, 599, 597, 594, 586, 617, 689, 600, 666, 656, 628, 604, 610, 608, 620, 612, 602, 605, 596, 601, 559, 616, 590, 613, 612, 603, 573, 612, 579, 632, 599, 586, 590, 582, 575, 627, 575, 605, 580, 629, 665, 606, 607, 584, 618, 627, 613, 573, 606, 569, 601, 604, 585, 582, 578, 574, 565, 696, 668, 576, 589, 604, 593, 599, 584, 588, 587, 584, 612, 591, 598, 609, 599, 573, 569, 601, 607, 578, 594, 575, 585, 565, 577, 573, 577, 571, 582, 633, 631, 605, 590, 591, 586, 604, 595, 595, 587, 609, 585, 653, 621, 641, 603, 609, 601, 623, 614, 600, 601, 653, 637, 599, 617, 618, 602, 610, 597, 631, 630, 618, 610, 609, 603, 621, 621, 602, 620, 611, 598, 602, 641, 617, 578, 640, 583, 646, 630, 627, 591, 613, 588, 675, 621, 583, 572, 641, 622, 668, 620, 617, 592, 619, 616, 592, 645, 678, 629, 606, 639, 613, 603, 609, 596, 601, 592, 582, 571, 574, 587, 593, 580, 584, 620, 635, 602, 632, 618, 601, 612, 610, 592, 583, 651, 630, 614, 618, 599, 614, 622, 623, 615, 599, 608, 626, 642, 589, 664, 623, 623, 599, 647, 597, 648, 638, 668, 603, 616, 583, 600, 607, 604, 592, 594, 601, 600, 631, 599, 597, 589, 587, 597, 592, 597, 590, 582, 589, 601, 597, 597, 602, 574, 604, 570, 632, 607, 573, 568, 575, 567, 608, 605, 589, 667, 689, 638, 644, 632, 621, 618, 606, 567, 637, 605, 577, 595, 608, 614, 578, 634, 588, 601, 559, 621, 597, 612, 579, 609, 593, 594, 588, 575, 574, 624, 600, 586, 579, 583, 593, 592, 578, 589, 585, 586, 597, 612, 640, 671, 661, 595, 620, 653, 608, 643, 617, 593, 607, 617, 624, 618, 602, 589, 610, 609, 658, 616, 588, 595, 580, 603, 582, 598, 575, 599, 635, 592, 646, 632, 612, 613, 627, 573, 606, 589, 628, 670, 657, 562, 606, 647, 638, 644, 605, 672, 608, 628, 707, 670, 638, 612, 626, 639, 579, 619, 585, 608, 576, 645, 602, 596, 597, 590, 588, 604, 585, 606, 602, 596, 595, 560, 609, 608, 612, 597, 587, 632, 606, 606, 651, 605, 627, 605, 610, 589, 577, 583, 575, 567, 643, 611, 641, 607, 610, 592, 617, 594, 585, 591, 615, 595, 581, 613, 588, 577, 608, 599, 581, 594, 584, 578, 567, 586, 590, 584, 586, 610, 571, 623, 592, 575, 595, 585, 609, 586, 577, 571, 633, 604, 627, 614, 663, 623, 675, 620, 660, 614, 624, 612, 590, 580, 616, 670, 639, 608, 618, 610, 614, 646, 622, 603, 613, 593, 609, 623, 623, 636, 592, 575, 632, 653, 652, 595, 642, 608, 619, 630, 601, 601, 659, 619, 619, 666, 621, 611, 619, 628, 638, 677, 610, 582, 606, 611], "WindowCenter": [340.0, 345.0, 331.0, 340.0, 342.0, 340.0, 339.0, 338.0, 340.0, 340.0, 339.0, 339.0, 339.0, 340.0, 337.0, 338.0, 338.0, 340.0, 328.0, 328.0, 336.0, 341.0, 342.0, 333.0, 330.0, 339.0, 339.0, 338.0, 337.0, 341.0, 338.0, 338.0, 336.0, 336.0, 335.0, 335.0, 337.0, 334.0, 337.0, 336.0, 335.0, 336.0, 335.0, 330.0, 332.0, 329.0, 335.0, 337.0, 342.0, 341.0, 336.0, 337.0, 339.0, 338.0, 336.0, 335.0, 335.0, 335.0, 337.0, 332.0, 337.0, 335.0, 338.0, 335.0, 336.0, 337.0, 333.0, 327.0, 341.0, 337.0, 336.0, 338.0, 336.0, 335.0, 337.0, 336.0, 331.0, 334.0, 335.0, 336.0, 334.0, 336.0, 336.0, 336.0, 337.0, 339.0, 332.0, 336.0, 333.0, 338.0, 337.0, 336.0, 335.0, 336.0, 336.0, 323.0, 329.0, 344.0, 338.0, 336.0, 336.0, 336.0, 337.0, 336.0, 335.0, 335.0, 336.0, 338.0, 334.0, 329.0, 336.0, 336.0, 335.0, 327.0, 335.0, 333.0, 337.0, 338.0, 336.0, 337.0, 334.0, 335.0, 334.0, 334.0, 337.0, 330.0, 339.0, 338.0, 335.0, 335.0, 335.0, 334.0, 339.0, 338.0, 335.0, 333.0, 333.0, 329.0, 337.0, 333.0, 329.0, 340.0, 333.0, 320.0, 344.0, 336.0, 336.0, 330.0, 337.0, 336.0, 328.0, 339.0, 333.0, 334.0, 337.0, 335.0, 328.0, 337.0, 336.0, 337.0, 340.0, 337.0, 340.0, 337.0, 336.0, 337.0, 338.0, 334.0, 335.0, 333.0, 338.0, 329.0, 334.0, 327.0, 337.0, 340.0, 334.0, 330.0, 336.0, 330.0, 338.0, 341.0, 334.0, 331.0, 337.0, 336.0, 336.0, 332.0, 334.0, 335.0, 338.0, 338.0, 332.0, 333.0, 338.0, 341.0, 340.0, 339.0, 338.0, 336.0, 340.0, 337.0, 336.0, 337.0, 336.0, 336.0, 337.0, 336.0, 337.0, 335.0, 336.0, 338.0, 338.0, 331.0, 337.0, 342.0, 340.0, 337.0, 337.0, 336.0, 325.0, 310.0, 348.0, 343.0, 340.0, 337.0, 336.0, 338.0, 339.0, 336.0, 335.0, 338.0, 340.0, 337.0, 334.0, 338.0, 338.0, 337.0, 334.0, 340.0, 336.0, 335.0, 337.0, 342.0, 340.0, 340.0, 336.0, 335.0, 337.0, 336.0, 336.0, 338.0, 335.0, 334.0, 339.0, 339.0, 341.0, 337.0, 337.0, 336.0, 336.0, 341.0, 337.0, 334.0, 336.0, 341.0, 337.0, 338.0, 337.0, 334.0, 337.0, 335.0, 335.0, 338.0, 336.0, 336.0, 336.0, 334.0, 336.0, 336.0, 321.0, 325.0, 343.0, 343.0, 339.0, 339.0, 339.0, 339.0, 332.0, 328.0, 342.0, 337.0, 337.0, 336.0, 335.0, 334.0, 327.0, 340.0, 340.0, 340.0, 332.0, 340.0, 336.0, 334.0, 336.0, 335.0, 334.0, 335.0, 336.0, 337.0, 337.0, 336.0, 334.0, 337.0, 335.0, 336.0, 340.0, 338.0, 336.0, 337.0, 337.0, 338.0, 326.0, 334.0, 331.0, 336.0, 336.0, 331.0, 326.0, 347.0, 336.0, 339.0, 337.0, 337.0, 333.0, 335.0, 336.0, 341.0, 337.0, 333.0, 323.0, 320.0, 340.0, 343.0, 337.0, 336.0, 338.0, 338.0, 337.0, 334.0, 332.0, 335.0, 337.0, 327.0, 342.0, 340.0, 341.0, 341.0, 342.0, 338.0, 337.0, 332.0, 336.0, 336.0, 336.0, 327.0, 336.0, 332.0, 334.0, 341.0, 335.0, 341.0, 332.0, 327.0, 338.0, 338.0, 333.0, 336.0, 335.0, 339.0, 335.0, 341.0, 328.0, 340.0, 334.0, 338.0, 340.0, 338.0, 337.0, 337.0, 336.0, 339.0, 339.0, 338.0, 335.0, 334.0, 337.0, 331.0, 336.0, 336.0, 337.0, 337.0, 335.0, 334.0, 335.0, 336.0, 338.0, 333.0, 343.0, 338.0, 339.0, 339.0, 338.0, 337.0, 337.0, 335.0, 324.0, 339.0, 334.0, 338.0, 339.0, 335.0, 337.0, 336.0, 336.0, 337.0, 340.0, 340.0, 336.0, 334.0, 339.0, 337.0, 339.0, 337.0, 336.0, 338.0, 337.0, 336.0, 336.0, 336.0, 335.0, 335.0, 335.0, 333.0, 336.0, 339.0, 338.0, 337.0, 339.0, 337.0, 338.0, 337.0, 335.0, 335.0, 336.0, 333.0, 338.0, 321.0, 339.0, 336.0, 339.0, 339.0, 339.0, 335.0, 340.0, 339.0, 337.0, 337.0, 338.0, 341.0, 337.0, 339.0, 336.0, 334.0, 334.0, 339.0, 339.0, 337.0, 338.0, 339.0, 339.0, 337.0, 339.0, 339.0, 338.0, 336.0, 335.0, 338.0, 334.0, 327.0, 339.0, 335.0, 334.0, 337.0, 331.0, 332.0, 333.0, 345.0, 335.0, 341.0, 340.0, 338.0, 335.0, 334.0, 334.0, 337.0, 338.0, 334.0, 338.0, 337.0], "WindowWidth": [725.0, 734.0, 709.0, 726.0, 729.0, 725.0, 724.0, 720.0, 726.0, 725.0, 723.0, 724.0, 724.0, 725.0, 720.0, 721.0, 722.0, 726.0, 701.0, 703.0, 719.0, 727.0, 728.0, 713.0, 707.0, 722.0, 722.0, 721.0, 720.0, 727.0, 722.0, 720.0, 717.0, 717.0, 715.0, 716.0, 720.0, 714.0, 720.0, 717.0, 716.0, 716.0, 716.0, 707.0, 710.0, 704.0, 715.0, 720.0, 728.0, 727.0, 719.0, 719.0, 723.0, 721.0, 717.0, 715.0, 716.0, 716.0, 720.0, 709.0, 718.0, 715.0, 722.0, 716.0, 716.0, 718.0, 713.0, 700.0, 726.0, 719.0, 719.0, 721.0, 717.0, 715.0, 720.0, 717.0, 708.0, 713.0, 716.0, 717.0, 714.0, 716.0, 717.0, 717.0, 720.0, 723.0, 710.0, 718.0, 712.0, 721.0, 718.0, 717.0, 717.0, 718.0, 717.0, 693.0, 704.0, 732.0, 722.0, 718.0, 718.0, 718.0, 720.0, 717.0, 716.0, 716.0, 717.0, 721.0, 713.0, 703.0, 718.0, 717.0, 716.0, 701.0, 717.0, 712.0, 719.0, 721.0, 718.0, 719.0, 715.0, 716.0, 714.0, 714.0, 719.0, 706.0, 723.0, 721.0, 715.0, 715.0, 715.0, 714.0, 724.0, 722.0, 717.0, 711.0, 713.0, 704.0, 719.0, 712.0, 705.0, 725.0, 712.0, 688.0, 733.0, 718.0, 717.0, 705.0, 719.0, 718.0, 702.0, 725.0, 711.0, 714.0, 720.0, 715.0, 703.0, 718.0, 716.0, 719.0, 725.0, 720.0, 726.0, 720.0, 719.0, 720.0, 722.0, 714.0, 716.0, 712.0, 722.0, 704.0, 714.0, 700.0, 720.0, 725.0, 714.0, 706.0, 718.0, 705.0, 722.0, 727.0, 713.0, 707.0, 721.0, 717.0, 718.0, 709.0, 714.0, 716.0, 721.0, 721.0, 710.0, 710.0, 720.0, 726.0, 725.0, 724.0, 722.0, 718.0, 725.0, 719.0, 718.0, 720.0, 718.0, 718.0, 720.0, 718.0, 719.0, 715.0, 718.0, 721.0, 721.0, 708.0, 719.0, 728.0, 725.0, 719.0, 718.0, 718.0, 697.0, 669.0, 740.0, 730.0, 724.0, 720.0, 718.0, 722.0, 723.0, 717.0, 716.0, 722.0, 725.0, 719.0, 713.0, 721.0, 721.0, 719.0, 714.0, 725.0, 718.0, 716.0, 719.0, 730.0, 726.0, 725.0, 717.0, 715.0, 719.0, 718.0, 718.0, 722.0, 715.0, 713.0, 723.0, 722.0, 726.0, 719.0, 719.0, 717.0, 717.0, 727.0, 720.0, 714.0, 716.0, 728.0, 719.0, 722.0, 719.0, 713.0, 720.0, 715.0, 716.0, 722.0, 718.0, 717.0, 716.0, 714.0, 717.0, 716.0, 688.0, 696.0, 732.0, 731.0, 722.0, 722.0, 724.0, 722.0, 710.0, 702.0, 730.0, 720.0, 719.0, 718.0, 715.0, 713.0, 700.0, 724.0, 724.0, 724.0, 710.0, 725.0, 717.0, 715.0, 717.0, 716.0, 713.0, 715.0, 717.0, 720.0, 719.0, 716.0, 714.0, 720.0, 715.0, 717.0, 725.0, 721.0, 718.0, 719.0, 719.0, 722.0, 699.0, 713.0, 710.0, 718.0, 718.0, 709.0, 699.0, 741.0, 718.0, 724.0, 719.0, 719.0, 711.0, 714.0, 717.0, 728.0, 720.0, 711.0, 693.0, 686.0, 727.0, 730.0, 720.0, 717.0, 721.0, 722.0, 720.0, 712.0, 709.0, 714.0, 719.0, 699.0, 729.0, 723.0, 726.0, 726.0, 729.0, 720.0, 719.0, 710.0, 717.0, 715.0, 717.0, 699.0, 717.0, 710.0, 713.0, 728.0, 716.0, 726.0, 709.0, 700.0, 722.0, 722.0, 712.0, 716.0, 715.0, 723.0, 715.0, 728.0, 702.0, 725.0, 714.0, 721.0, 724.0, 720.0, 719.0, 720.0, 718.0, 722.0, 723.0, 722.0, 716.0, 714.0, 720.0, 706.0, 717.0, 718.0, 719.0, 719.0, 715.0, 713.0, 715.0, 717.0, 720.0, 712.0, 729.0, 722.0, 723.0, 723.0, 721.0, 719.0, 719.0, 716.0, 695.0, 724.0, 714.0, 721.0, 723.0, 716.0, 720.0, 718.0, 719.0, 719.0, 725.0, 725.0, 718.0, 714.0, 724.0, 719.0, 722.0, 718.0, 716.0, 720.0, 720.0, 718.0, 717.0, 718.0, 716.0, 716.0, 716.0, 712.0, 716.0, 723.0, 722.0, 719.0, 723.0, 720.0, 721.0, 720.0, 716.0, 716.0, 718.0, 714.0, 723.0, 690.0, 723.0, 717.0, 723.0, 723.0, 723.0, 715.0, 724.0, 722.0, 720.0, 718.0, 722.0, 727.0, 718.0, 723.0, 717.0, 714.0, 713.0, 722.0, 722.0, 718.0, 720.0, 722.0, 723.0, 720.0, 723.0, 724.0, 721.0, 717.0, 714.0, 722.0, 715.0, 701.0, 723.0, 714.0, 714.0, 719.0, 709.0, 710.0, 712.0, 735.0, 717.0, 727.0, 727.0, 722.0, 716.0, 712.0, 712.0, 720.0, 721.0, 714.0, 720.0, 720.0]}, "slices": {}}, "EventTimestamp": "10-39-29"}