{"AcquisitionMatrixPE": 64, "AcquisitionNumber": 1, "AcquisitionTime": "10:49:26.705000", "BandwidthPerPixelPhaseEncode": 28.935, "BaseResolution": 64, "BodyPartExamined": "BRAIN", "CoilString": "HC2_4_6_7;SC", "ConsistencyInfo": "N4_VE11E_LATEST_20181129", "ConversionSoftware": "dcm2niix", "ConversionSoftwareVersion": "v1.0.20190902", "DerivedVendorReportedEchoSpacing": 0.000540003, "DeviceSerialNumber": "166182", "DwellTime": 3.4e-06, "EchoTime": 0.032, "EchoTrainLength": 64, "EffectiveEchoSpacing": 0.000540003, "FlipAngle": 40, "ImageOrientationPatientDICOM": [0.998335, -0.0126407, -0.0562826, 0.0141145, 0.999566, 0.0258659], "ImageType": ["ORIGINAL", "PRIMARY", "M", "ND", "NORM", "MOSAIC"], "ImagingFrequency": 123.256, "InPlanePhaseEncodingDirectionDICOM": "COL", "InstitutionAddress": "PEARSE_STREET_._City_District_IE_D2", "InstitutionName": "TCIN", "InstitutionalDepartmentName": "MRI", "MRAcquisitionType": "2D", "MagneticFieldStrength": 3, "Manufacturer": "Siemens", "ManufacturersModelName": "Prisma", "Modality": "MR", "MultibandAccelerationFactor": 4, "PartialFourier": 1, "PatientPosition": "HFS", "PercentPhaseFOV": 100, "PhaseEncodingDirection": "j-", "PhaseEncodingSteps": 64, "PhaseResolution": 1, "PixelBandwidth": 2300, "ProcedureStepDescription": "Rhodri_Head_BOLD", "ProtocolName": "cmrr_mbep2d_Pictures_AP_RDS", "PulseSequenceDetails": "%SiemensSeq%_ep2d_bold", "ReceiveCoilActiveElements": "HC2,4,6,7;SC", "ReceiveCoilName": "SpecialPurpose_4", "ReconMatrixPE": 64, "RefLinesPE": 12, "RepetitionTime": 0.61, "SAR": 0.27823, "ScanOptions": "FS", "ScanningSequence": "EP", "SequenceName": "_epfid2d1_64", "SequenceVariant": "SK", "SeriesDescription": "cmrr_mbep2d_Pictures_AP_RDS", "SeriesNumber": 10, "ShimSetting": [-3680, -7466, 4163, 1031, -27, 1092, -69, -9], "SliceThickness": 3, "SliceTiming": [0.26, 0, 0.3275, 0.065, 0.3925, 0.13, 0.4575, 0.195, 0.5225, 0.26, 0, 0.3275, 0.065, 0.3925, 0.13, 0.4575, 0.195, 0.5225, 0.26, 0, 0.3275, 0.065, 0.3925, 0.13, 0.4575, 0.195, 0.5225, 0.26, 0, 0.3275, 0.065, 0.3925, 0.13, 0.4575, 0.195, 0.5225], "SoftwareVersions": "syngo_MR_E11", "SpacingBetweenSlices": 3.3, "StationName": "AWP166182", "TaskName": "pictures", "TotalReadoutTime": 0.0340202, "TxRefAmp": 220.465, "dcmmeta_affine": [[-2.995004653930664, 0.04234350472688675, -0.1845730096101761, 95.83442687988281], [0.03792206570506096, 2.998697280883789, 0.08783676475286484, -115.84717559814453], [-0.16884784400463104, -0.07759761065244675, 3.293663263320923, -72.29999542236328], [0.0, 0.0, 0.0, 1.0]], "dcmmeta_reorient_transform": [[0.0, -1.0, 0.0, 63.0], [1.0, 0.0, 0.0, 0.0], [0.0, 0.0, 1.0, 0.0], [0.0, 0.0, 0.0, 1.0]], "dcmmeta_shape": [64, 64, 36, 138], "dcmmeta_slice_dim": 2, "dcmmeta_version": 0.6, "global": {"const": {"AcquisitionMatrix": [64, 0, 0, 64], "AngioFlag": "N", "BitsAllocated": 16, "BitsStored": 12, "BodyPartExamined": "BRAIN", "Columns": 384, "EchoNumbers": 1, "EchoTime": 32.0, "EchoTrainLength": 64, "FlipAngle": 40.0, "HighBit": 11, "ImageOrientationPatient": [0.99833485381326, -0.0126406888661, -0.0562826140709, 0.01411450142361, 0.99956577454295, 0.02586586963383], "ImagePositionPatient": [-584.47776118499, -546.79479425039, -62.588605411748], "ImageType": ["ORIGINAL", "PRIMARY", "M", "ND", "NORM", "MOSAIC"], "ImagedNucleus": "1H", "ImagingFrequency": 123.256029, "InPlanePhaseEncodingDirection": "COL", "MRAcquisitionType": "2D", "MagneticFieldStrength": 3.0, "Manufacturer": "SIEMENS", "ManufacturerModelName": "Prisma", "Modality": "MR", "NumberOfAverages": 1.0, "NumberOfPhaseEncodingSteps": 64, "PercentPhaseFieldOfView": 100.0, "PercentSampling": 100.0, "PerformedProcedureStepStartTime": "101822.696000", "PhotometricInterpretation": "MONOCHROME2", "PixelBandwidth": 2300.0, "PixelRepresentation": 0, "PixelSpacing": [3.0, 3.0], "ProtocolName": "cmrr_mbep2d_Pictures_AP_RDS", "RepetitionTime": 610.0, "Rows": 384, "SAR": 0.27822984659385, "SamplesPerPixel": 1, "ScanOptions": "FS", "ScanningSequence": "EP", "SequenceName": "*epfid2d1_64", "SequenceVariant": "SK", "SeriesDescription": "cmrr_mbep2d_Pictures_AP_RDS", "SeriesNumber": 10, "SeriesTime": "104958.317000", "SliceLocation": -80.604824035098, "SliceThickness": 3.0, "SmallestImagePixelValue": 0, "SoftwareVersions": "syngo MR E11", "SpacingBetweenSlices": 3.3000001164017, "SpecificCharacterSet": "ISO_IR 100", "StudyID": "1", "StudyTime": "101822.473000", "TransmitCoilName": "Body", "VariableFlipAngleFlag": "N", "WindowCenterWidthExplanation": "Algo1"}, "slices": {}}, "time": {"samples": {"AcquisitionNumber": [1, 2, 3, 4, 5, 6, 7, 8, 9, 10, 11, 12, 13, 14, 15, 16, 17, 18, 19, 20, 21, 22, 23, 24, 25, 26, 27, 28, 29, 30, 31, 32, 33, 34, 35, 36, 37, 38, 39, 40, 41, 42, 43, 44, 45, 46, 47, 48, 49, 50, 51, 52, 53, 54, 55, 56, 57, 58, 59, 60, 61, 62, 63, 64, 65, 66, 67, 68, 69, 70, 71, 72, 73, 74, 75, 76, 77, 78, 79, 80, 81, 82, 83, 84, 85, 86, 87, 88, 89, 90, 91, 92, 93, 94, 95, 96, 97, 98, 99, 100, 101, 102, 103, 104, 105, 106, 107, 108, 109, 110, 111, 112, 113, 114, 115, 116, 117, 118, 119, 120, 121, 122, 123, 124, 125, 126, 127, 128, 129, 130, 131, 132, 133, 134, 135, 136, 137, 138], "AcquisitionTime": ["104926.705000", "104927.315000", "104927.925000", "104928.535000", "104929.145000", "104929.755000", "104930.365000", "104930.975000", "104931.585000", "104932.195000", "104932.805000", "104933.415000", "104934.025000", "104934.635000", "104935.245000", "104935.855000", "104936.465000", "104937.075000", "104937.685000", "104938.295000", "104938.905000", "104939.515000", "104940.125000", "104940.735000", "104941.345000", "104941.955000", "104942.565000", "104943.175000", "104943.785000", "104944.395000", "104945.005000", "104945.615000", "104946.225000", "104946.835000", "104947.445000", "104948.055000", "104948.665000", "104949.275000", "104949.885000", "104950.495000", "104951.105000", "104951.715000", "104952.325000", "104952.935000", "104953.545000", "104954.155000", "104954.765000", "104955.375000", "104955.985000", "104956.595000", "104957.205000", "104957.815000", "104958.425000", "104959.035000", "104959.645000", "105000.255000", "105000.865000", "105001.475000", "105002.085000", "105002.695000", "105003.305000", "105003.915000", "105004.525000", "105005.135000", "105005.745000", "105006.355000", "105006.965000", "105007.575000", "105008.185000", "105008.795000", "105009.405000", "105010.015000", "105010.625000", "105011.235000", "105011.845000", "105012.455000", "105013.065000", "105013.675000", "105014.285000", "105014.895000", "105015.505000", "105016.115000", "105016.725000", "105017.335000", "105017.945000", "105018.555000", "105019.165000", "105019.775000", "105020.385000", "105020.995000", "105021.605000", "105022.215000", "105022.825000", "105023.435000", "105024.045000", "105024.655000", "105025.265000", "105025.875000", "105026.485000", "105027.095000", "105027.705000", "105028.315000", "105028.925000", "105029.535000", "105030.145000", "105030.755000", "105031.365000", "105031.975000", "105032.585000", "105033.195000", "105033.805000", "105034.415000", "105035.025000", "105035.635000", "105036.245000", "105036.855000", "105037.465000", "105038.075000", "105038.685000", "105039.295000", "105039.905000", "105040.515000", "105041.125000", "105041.735000", "105042.345000", "105042.955000", "105043.565000", "105044.175000", "105044.785000", "105045.395000", "105046.005000", "105046.615000", "105047.225000", "105047.835000", "105048.445000", "105049.055000", "105049.665000", "105050.275000"], "ContentTime": ["104958.321000", "104958.324000", "104958.326000", "104958.333000", "104958.336000", "104958.338000", "104958.340000", "104958.343000", "104958.345000", "104958.348000", "104958.350000", "104958.352000", "104958.355000", "104958.357000", "104958.360000", "104958.362000", "104958.365000", "104958.367000", "104958.369000", "104958.372000", "104958.374000", "104958.376000", "104958.379000", "104958.381000", "104958.383000", "104958.386000", "104958.388000", "104958.391000", "104958.393000", "104958.395000", "104958.398000", "104958.400000", "104958.402000", "104958.405000", "104958.407000", "104958.409000", "104958.419000", "104958.421000", "104958.424000", "104958.426000", "104958.428000", "104958.431000", "104958.433000", "104958.435000", "104958.438000", "104958.441000", "104958.443000", "104958.446000", "104958.448000", "104958.450000", "105018.316000", "105018.319000", "105018.321000", "105018.324000", "105018.326000", "105018.328000", "105018.331000", "105018.333000", "105018.335000", "105018.338000", "105018.340000", "105018.343000", "105018.345000", "105018.347000", "105018.350000", "105018.352000", "105018.354000", "105018.357000", "105018.359000", "105018.361000", "105018.364000", "105018.366000", "105018.369000", "105018.371000", "105018.373000", "105018.376000", "105018.378000", "105018.380000", "105018.383000", "105018.385000", "105018.387000", "105018.390000", "105018.392000", "105038.316000", "105038.319000", "105038.321000", "105038.323000", "105038.326000", "105038.328000", "105038.331000", "105038.333000", "105038.335000", "105038.338000", "105038.340000", "105038.342000", "105038.345000", "105038.347000", "105038.349000", "105038.352000", "105038.354000", "105038.357000", "105038.359000", "105038.361000", "105038.364000", "105038.366000", "105038.368000", "105038.371000", "105038.373000", "105038.375000", "105038.378000", "105038.380000", "105038.383000", "105038.385000", "105038.387000", "105038.390000", "105038.392000", "105052.004000", "105052.007000", "105052.009000", "105052.011000", "105052.014000", "105052.016000", "105052.018000", "105052.021000", "105052.023000", "105052.026000", "105052.028000", "105052.030000", "105052.033000", "105052.035000", "105052.038000", "105052.040000", "105052.042000", "105052.046000", "105052.048000", "105052.061000", "105052.064000", "105052.067000"], "InstanceCreationTime": ["104958.321000", "104958.324000", "104958.326000", "104958.333000", "104958.336000", "104958.338000", "104958.340000", "104958.343000", "104958.345000", "104958.348000", "104958.350000", "104958.352000", "104958.355000", "104958.357000", "104958.360000", "104958.362000", "104958.365000", "104958.367000", "104958.369000", "104958.372000", "104958.374000", "104958.376000", "104958.379000", "104958.381000", "104958.383000", "104958.386000", "104958.388000", "104958.391000", "104958.393000", "104958.395000", "104958.398000", "104958.400000", "104958.402000", "104958.405000", "104958.407000", "104958.409000", "104958.419000", "104958.421000", "104958.424000", "104958.426000", "104958.428000", "104958.431000", "104958.433000", "104958.435000", "104958.438000", "104958.441000", "104958.443000", "104958.446000", "104958.448000", "104958.450000", "105018.316000", "105018.319000", "105018.321000", "105018.324000", "105018.326000", "105018.328000", "105018.331000", "105018.333000", "105018.335000", "105018.338000", "105018.340000", "105018.343000", "105018.345000", "105018.347000", "105018.350000", "105018.352000", "105018.354000", "105018.357000", "105018.359000", "105018.361000", "105018.364000", "105018.366000", "105018.369000", "105018.371000", "105018.373000", "105018.376000", "105018.378000", "105018.380000", "105018.383000", "105018.385000", "105018.387000", "105018.390000", "105018.392000", "105038.316000", "105038.319000", "105038.321000", "105038.323000", "105038.326000", "105038.328000", "105038.331000", "105038.333000", "105038.335000", "105038.338000", "105038.340000", "105038.342000", "105038.345000", "105038.347000", "105038.349000", "105038.352000", "105038.354000", "105038.357000", "105038.359000", "105038.361000", "105038.364000", "105038.366000", "105038.368000", "105038.371000", "105038.373000", "105038.375000", "105038.378000", "105038.380000", "105038.383000", "105038.385000", "105038.387000", "105038.390000", "105038.392000", "105052.004000", "105052.007000", "105052.009000", "105052.011000", "105052.014000", "105052.016000", "105052.018000", "105052.021000", "105052.023000", "105052.026000", "105052.028000", "105052.030000", "105052.033000", "105052.035000", "105052.038000", "105052.040000", "105052.042000", "105052.046000", "105052.048000", "105052.061000", "105052.064000", "105052.067000"], "InstanceNumber": [1, 2, 3, 4, 5, 6, 7, 8, 9, 10, 11, 12, 13, 14, 15, 16, 17, 18, 19, 20, 21, 22, 23, 24, 25, 26, 27, 28, 29, 30, 31, 32, 33, 34, 35, 36, 37, 38, 39, 40, 41, 42, 43, 44, 45, 46, 47, 48, 49, 50, 51, 52, 53, 54, 55, 56, 57, 58, 59, 60, 61, 62, 63, 64, 65, 66, 67, 68, 69, 70, 71, 72, 73, 74, 75, 76, 77, 78, 79, 80, 81, 82, 83, 84, 85, 86, 87, 88, 89, 90, 91, 92, 93, 94, 95, 96, 97, 98, 99, 100, 101, 102, 103, 104, 105, 106, 107, 108, 109, 110, 111, 112, 113, 114, 115, 116, 117, 118, 119, 120, 121, 122, 123, 124, 125, 126, 127, 128, 129, 130, 131, 132, 133, 134, 135, 136, 137, 138], "LargestImagePixelValue": [640, 627, 620, 612, 601, 644, 608, 652, 631, 628, 589, 609, 605, 599, 668, 630, 617, 609, 623, 673, 628, 605, 612, 638, 615, 587, 607, 618, 638, 622, 636, 611, 644, 617, 597, 583, 592, 592, 635, 666, 617, 606, 594, 618, 593, 663, 620, 671, 641, 604, 593, 635, 609, 596, 597, 608, 578, 630, 625, 633, 600, 635, 605, 637, 623, 592, 614, 627, 594, 617, 638, 614, 572, 631, 633, 609, 595, 620, 618, 636, 623, 612, 638, 601, 622, 568, 653, 618, 612, 634, 601, 605, 636, 642, 599, 610, 613, 617, 630, 619, 618, 622, 608, 623, 597, 641, 659, 624, 617, 621, 643, 595, 609, 586, 598, 615, 622, 591, 589, 600, 616, 630, 570, 577, 604, 608, 634, 600, 656, 667, 615, 624, 628, 616, 628, 631, 624, 591], "WindowCenter": [346.0, 341.0, 341.0, 342.0, 342.0, 341.0, 338.0, 342.0, 341.0, 341.0, 338.0, 339.0, 337.0, 337.0, 333.0, 338.0, 341.0, 339.0, 335.0, 336.0, 344.0, 339.0, 339.0, 338.0, 336.0, 333.0, 336.0, 337.0, 337.0, 337.0, 339.0, 338.0, 338.0, 340.0, 338.0, 337.0, 336.0, 335.0, 322.0, 339.0, 339.0, 335.0, 329.0, 334.0, 334.0, 326.0, 327.0, 347.0, 336.0, 338.0, 335.0, 340.0, 333.0, 336.0, 335.0, 333.0, 326.0, 334.0, 337.0, 330.0, 336.0, 341.0, 337.0, 332.0, 338.0, 334.0, 340.0, 337.0, 334.0, 339.0, 337.0, 336.0, 320.0, 327.0, 343.0, 339.0, 334.0, 338.0, 337.0, 338.0, 340.0, 335.0, 335.0, 336.0, 336.0, 330.0, 330.0, 336.0, 335.0, 336.0, 331.0, 334.0, 339.0, 337.0, 335.0, 337.0, 338.0, 338.0, 340.0, 334.0, 336.0, 334.0, 329.0, 335.0, 329.0, 338.0, 342.0, 331.0, 336.0, 339.0, 337.0, 335.0, 333.0, 331.0, 335.0, 340.0, 335.0, 336.0, 334.0, 334.0, 333.0, 337.0, 332.0, 334.0, 327.0, 335.0, 334.0, 324.0, 332.0, 339.0, 335.0, 336.0, 335.0, 334.0, 336.0, 337.0, 331.0, 325.0], "WindowWidth": [737.0, 727.0, 727.0, 728.0, 728.0, 726.0, 721.0, 728.0, 726.0, 726.0, 722.0, 723.0, 719.0, 719.0, 711.0, 720.0, 726.0, 722.0, 715.0, 718.0, 733.0, 722.0, 722.0, 721.0, 717.0, 712.0, 717.0, 718.0, 718.0, 719.0, 724.0, 720.0, 721.0, 725.0, 721.0, 718.0, 717.0, 715.0, 690.0, 723.0, 722.0, 716.0, 703.0, 713.0, 713.0, 700.0, 700.0, 739.0, 719.0, 722.0, 716.0, 724.0, 712.0, 717.0, 716.0, 713.0, 698.0, 715.0, 719.0, 707.0, 716.0, 727.0, 720.0, 710.0, 721.0, 715.0, 725.0, 718.0, 714.0, 724.0, 720.0, 718.0, 687.0, 702.0, 732.0, 725.0, 714.0, 721.0, 720.0, 722.0, 725.0, 716.0, 717.0, 718.0, 719.0, 706.0, 707.0, 719.0, 715.0, 717.0, 708.0, 713.0, 721.0, 721.0, 716.0, 719.0, 722.0, 722.0, 726.0, 714.0, 718.0, 713.0, 703.0, 715.0, 705.0, 719.0, 730.0, 708.0, 718.0, 723.0, 719.0, 715.0, 712.0, 708.0, 716.0, 725.0, 715.0, 718.0, 713.0, 714.0, 712.0, 719.0, 710.0, 714.0, 700.0, 715.0, 714.0, 694.0, 709.0, 725.0, 717.0, 717.0, 716.0, 713.0, 718.0, 719.0, 708.0, 697.0]}, "slices": {}}, "EventTimestamp": "10-52-05"}