{"AcquisitionMatrixPE": 64, "AcquisitionNumber": 1, "AcquisitionTime": "11:56:53.777500", "BandwidthPerPixelPhaseEncode": 28.935, "BaseResolution": 64, "BodyPartExamined": "BRAIN", "CoilCombinationMethod": "Sum of Squares", "ConsistencyInfo": "N4_VE11E_LATEST_20181129", "ConversionSoftware": "dcm2niix", "ConversionSoftwareVersion": "v1.0.20230411", "DerivedVendorReportedEchoSpacing": 0.000540003, "DeviceSerialNumber": "166182", "DwellTime": 3.4e-06, "EchoTime": 0.032, "EchoTrainLength": 64, "EffectiveEchoSpacing": 0.000540003, "FlipAngle": 40, "HeudiconvVersion": "0.13.1", "ImageOrientationPatientDICOM": [0.994898, -0.1005, 0.00880954, 0.100883, 0.990463, -0.0938341], "ImageOrientationText": "Tra>Cor(-5.4)>Sag(-0.0)", "ImageType": ["ORIGINAL", "PRIMARY", "M", "ND", "NORM", "MOSAIC"], "ImagingFrequency": 123.25539, "InPlanePhaseEncodingDirectionDICOM": "COL", "InstitutionAddress": "PEARSE STREET .,City,District,IE,D2", "InstitutionName": "TCIN", "InstitutionalDepartmentName": "MRI", "MRAcquisitionType": "2D", "MagneticFieldStrength": 3, "Manufacturer": "Siemens", "ManufacturersModelName": "Prisma", "Modality": "MR", "MultibandAccelerationFactor": 4, "NonlinearGradientCorrection": false, "PartialFourier": 1, "PatientPosition": "HFS", "PercentPhaseFOV": 100, "PercentSampling": 100, "PhaseEncodingDirection": "j-", "PhaseEncodingSteps": 64, "PhaseResolution": 1, "PixelBandwidth": 2300, "ProcedureStepDescription": "Rhodri^Head BOLD", "ProtocolName": "cmrr_mbep2d_Pictures_AP_RDS", "PulseSequenceDetails": "%SiemensSeq%\\ep2d_bold", "ReceiveCoilActiveElements": "HC2,4,6,7", "ReceiveCoilName": "HeadNeck_64", "ReconMatrixPE": 64, "RefLinesPE": 12, "RepetitionTime": 0.61, "SAR": 0.244618, "ScanOptions": "FS", "ScanningSequence": "EP", "SequenceName": "*epfid2d1_64", "SequenceVariant": "SK", "SeriesDescription": "cmrr_mbep2d_Pictures_AP_RDS", "SeriesNumber": 8, "ShimSetting": [-3582, -7413, 3883, 584, -24, 288, -146, -19], "SliceThickness": 3, "SliceTiming": [0.2625, 0, 0.3275, 0.065, 0.3925, 0.13, 0.4575, 0.1975, 0.525, 0.2625, 0, 0.3275, 0.065, 0.3925, 0.13, 0.4575, 0.1975, 0.525, 0.2625, 0, 0.3275, 0.065, 0.3925, 0.13, 0.4575, 0.1975, 0.525, 0.2625, 0, 0.3275, 0.065, 0.3925, 0.13, 0.4575, 0.1975, 0.525], "SoftwareVersions": "syngo MR E11", "SpacingBetweenSlices": 3.3, "StationName": "AWP166182", "TaskName": "pictures", "TotalReadoutTime": 0.0340202, "TxRefAmp": 267.405, "dcmmeta_affine": [[-2.984694242477417, 0.30264776945114136, -0.002325747860595584, 86.73060607910156], [0.30149903893470764, 2.97139048576355, -0.31100550293922424, -87.41690826416016], [0.02642861008644104, 0.28150230646133423, 3.285311222076416, -117.7564468383789], [0.0, 0.0, 0.0, 1.0]], "dcmmeta_reorient_transform": [[0.0, -1.0, 0.0, 63.0], [1.0, 0.0, 0.0, 0.0], [0.0, 0.0, 1.0, 0.0], [0.0, 0.0, 0.0, 1.0]], "dcmmeta_shape": [64, 64, 36, 510], "dcmmeta_slice_dim": 2, "dcmmeta_version": 0.6, "global": {"const": {"AcquisitionMatrix": [64, 0, 0, 64], "AngioFlag": "N", "BitsAllocated": 16, "BitsStored": 12, "BodyPartExamined": "BRAIN", "Columns": 384, "EchoNumbers": 1, "EchoTime": 32.0, "EchoTrainLength": 64, "FlipAngle": 40.0, "HighBit": 11, "ImageOrientationPatient": [0.99489808885904, -0.1004996758327, 0.00880953700008, 0.10088258561779, 0.99046346004256, -0.0938340995565], "ImagePositionPatient": [-631.77213812174, -526.9633055069, -59.210010292686], "ImageType": ["ORIGINAL", "PRIMARY", "M", "ND", "NORM", "MOSAIC"], "ImagedNucleus": "1H", "ImagingFrequency": 123.25539, "InPlanePhaseEncodingDirection": "COL", "MRAcquisitionType": "2D", "MagneticFieldStrength": 3.0, "Manufacturer": "SIEMENS", "ManufacturerModelName": "Prisma", "Modality": "MR", "NumberOfAverages": 1.0, "NumberOfPhaseEncodingSteps": 64, "PercentPhaseFieldOfView": 100.0, "PercentSampling": 100.0, "PerformedProcedureStepStartTime": "113750.107000", "PhotometricInterpretation": "MONOCHROME2", "PixelBandwidth": 2300.0, "PixelRepresentation": 0, "PixelSpacing": [3.0, 3.0], "ProtocolName": "cmrr_mbep2d_Pictures_AP_RDS", "RepetitionTime": 610.0, "Rows": 384, "SAR": 0.24461785139347, "SamplesPerPixel": 1, "ScanOptions": "FS", "ScanningSequence": "EP", "SequenceName": "*epfid2d1_64", "SequenceVariant": "SK", "SeriesDescription": "cmrr_mbep2d_Pictures_AP_RDS", "SeriesNumber": 8, "SeriesTime": "115713.723000", "SliceLocation": -109.05489417204, "SliceThickness": 3.0, "SmallestImagePixelValue": 0, "SoftwareVersions": "syngo MR E11", "SpacingBetweenSlices": 3.2999999508139, "SpecificCharacterSet": "ISO_IR 100", "StudyID": "1", "StudyTime": "113750.038000", "TransmitCoilName": "Body", "VariableFlipAngleFlag": "N", "WindowCenterWidthExplanation": "Algo1"}, "slices": {}}, "time": {"samples": {"AcquisitionNumber": [1, 2, 3, 4, 5, 6, 7, 8, 9, 10, 11, 12, 13, 14, 15, 16, 17, 18, 19, 20, 21, 22, 23, 24, 25, 26, 27, 28, 29, 30, 31, 32, 33, 34, 35, 36, 37, 38, 39, 40, 41, 42, 43, 44, 45, 46, 47, 48, 49, 50, 51, 52, 53, 54, 55, 56, 57, 58, 59, 60, 61, 62, 63, 64, 65, 66, 67, 68, 69, 70, 71, 72, 73, 74, 75, 76, 77, 78, 79, 80, 81, 82, 83, 84, 85, 86, 87, 88, 89, 90, 91, 92, 93, 94, 95, 96, 97, 98, 99, 100, 101, 102, 103, 104, 105, 106, 107, 108, 109, 110, 111, 112, 113, 114, 115, 116, 117, 118, 119, 120, 121, 122, 123, 124, 125, 126, 127, 128, 129, 130, 131, 132, 133, 134, 135, 136, 137, 138, 139, 140, 141, 142, 143, 144, 145, 146, 147, 148, 149, 150, 151, 152, 153, 154, 155, 156, 157, 158, 159, 160, 161, 162, 163, 164, 165, 166, 167, 168, 169, 170, 171, 172, 173, 174, 175, 176, 177, 178, 179, 180, 181, 182, 183, 184, 185, 186, 187, 188, 189, 190, 191, 192, 193, 194, 195, 196, 197, 198, 199, 200, 201, 202, 203, 204, 205, 206, 207, 208, 209, 210, 211, 212, 213, 214, 215, 216, 217, 218, 219, 220, 221, 222, 223, 224, 225, 226, 227, 228, 229, 230, 231, 232, 233, 234, 235, 236, 237, 238, 239, 240, 241, 242, 243, 244, 245, 246, 247, 248, 249, 250, 251, 252, 253, 254, 255, 256, 257, 258, 259, 260, 261, 262, 263, 264, 265, 266, 267, 268, 269, 270, 271, 272, 273, 274, 275, 276, 277, 278, 279, 280, 281, 282, 283, 284, 285, 286, 287, 288, 289, 290, 291, 292, 293, 294, 295, 296, 297, 298, 299, 300, 301, 302, 303, 304, 305, 306, 307, 308, 309, 310, 311, 312, 313, 314, 315, 316, 317, 318, 319, 320, 321, 322, 323, 324, 325, 326, 327, 328, 329, 330, 331, 332, 333, 334, 335, 336, 337, 338, 339, 340, 341, 342, 343, 344, 345, 346, 347, 348, 349, 350, 351, 352, 353, 354, 355, 356, 357, 358, 359, 360, 361, 362, 363, 364, 365, 366, 367, 368, 369, 370, 371, 372, 373, 374, 375, 376, 377, 378, 379, 380, 381, 382, 383, 384, 385, 386, 387, 388, 389, 390, 391, 392, 393, 394, 395, 396, 397, 398, 399, 400, 401, 402, 403, 404, 405, 406, 407, 408, 409, 410, 411, 412, 413, 414, 415, 416, 417, 418, 419, 420, 421, 422, 423, 424, 425, 426, 427, 428, 429, 430, 431, 432, 433, 434, 435, 436, 437, 438, 439, 440, 441, 442, 443, 444, 445, 446, 447, 448, 449, 450, 451, 452, 453, 454, 455, 456, 457, 458, 459, 460, 461, 462, 463, 464, 465, 466, 467, 468, 469, 470, 471, 472, 473, 474, 475, 476, 477, 478, 479, 480, 481, 482, 483, 484, 485, 486, 487, 488, 489, 490, 491, 492, 493, 494, 495, 496, 497, 498, 499, 500, 501, 502, 503, 504, 505, 506, 507, 508, 509, 510], "AcquisitionTime": ["115653.777500", "115654.387500", "115654.997500", "115655.607500", "115656.217500", "115656.827500", "115657.437500", "115658.047500", "115658.657500", "115659.267500", "115659.877500", "115700.487500", "115701.097500", "115701.707500", "115702.317500", "115702.927500", "115703.537500", "115704.147500", "115704.757500", "115705.367500", "115705.977500", "115706.587500", "115707.197500", "115707.807500", "115708.417500", "115709.027500", "115709.637500", "115710.247500", "115710.857500", "115711.467500", "115712.077500", "115712.687500", "115713.297500", "115713.907500", "115714.517500", "115715.127500", "115715.737500", "115716.347500", "115716.957500", "115717.567500", "115718.177500", "115718.787500", "115719.397500", "115720.007500", "115720.617500", "115721.227500", "115721.837500", "115722.447500", "115723.057500", "115723.667500", "115724.277500", "115724.887500", "115725.497500", "115726.107500", "115726.717500", "115727.327500", "115727.937500", "115728.547500", "115729.157500", "115729.767500", "115730.377500", "115730.987500", "115731.597500", "115732.207500", "115732.817500", "115733.427500", "115734.037500", "115734.647500", "115735.257500", "115735.867500", "115736.477500", "115737.087500", "115737.697500", "115738.307500", "115738.917500", "115739.527500", "115740.137500", "115740.747500", "115741.357500", "115741.967500", "115742.577500", "115743.187500", "115743.797500", "115744.407500", "115745.017500", "115745.627500", "115746.237500", "115746.847500", "115747.457500", "115748.067500", "115748.677500", "115749.287500", "115749.897500", "115750.507500", "115751.117500", "115751.727500", "115752.337500", "115752.947500", "115753.557500", "115754.167500", "115754.777500", "115755.387500", "115755.997500", "115756.607500", "115757.217500", "115757.827500", "115758.437500", "115759.047500", "115759.657500", "115800.267500", "115800.877500", "115801.487500", "115802.097500", "115802.707500", "115803.317500", "115803.927500", "115804.537500", "115805.147500", "115805.757500", "115806.367500", "115806.977500", "115807.587500", "115808.197500", "115808.807500", "115809.417500", "115810.027500", "115810.637500", "115811.247500", "115811.857500", "115812.467500", "115813.077500", "115813.687500", "115814.297500", "115814.907500", "115815.517500", "115816.127500", "115816.737500", "115817.347500", "115817.957500", "115818.567500", "115819.177500", "115819.787500", "115820.397500", "115821.007500", "115821.617500", "115822.227500", "115822.837500", "115823.447500", "115824.057500", "115824.667500", "115825.277500", "115825.887500", "115826.497500", "115827.107500", "115827.717500", "115828.327500", "115828.937500", "115829.547500", "115830.157500", "115830.767500", "115831.377500", "115831.987500", "115832.597500", "115833.207500", "115833.817500", "115834.427500", "115835.037500", "115835.647500", "115836.257500", "115836.867500", "115837.477500", "115838.087500", "115838.697500", "115839.307500", "115839.917500", "115840.527500", "115841.137500", "115841.747500", "115842.357500", "115842.967500", "115843.577500", "115844.187500", "115844.797500", "115845.407500", "115846.017500", "115846.627500", "115847.237500", "115847.847500", "115848.457500", "115849.067500", "115849.677500", "115850.287500", "115850.897500", "115851.507500", "115852.117500", "115852.727500", "115853.337500", "115853.947500", "115854.557500", "115855.167500", "115855.777500", "115856.387500", "115856.997500", "115857.607500", "115858.217500", "115858.827500", "115859.437500", "115900.047500", "115900.657500", "115901.267500", "115901.877500", "115902.487500", "115903.097500", "115903.707500", "115904.317500", "115904.927500", "115905.537500", "115906.147500", "115906.757500", "115907.367500", "115907.977500", "115908.587500", "115909.197500", "115909.807500", "115910.417500", "115911.027500", "115911.637500", "115912.247500", "115912.857500", "115913.467500", "115914.077500", "115914.687500", "115915.297500", "115915.907500", "115916.517500", "115917.127500", "115917.737500", "115918.347500", "115918.957500", "115919.567500", "115920.177500", "115920.787500", "115921.397500", "115922.007500", "115922.617500", "115923.227500", "115923.837500", "115924.447500", "115925.057500", "115925.667500", "115926.277500", "115926.887500", "115927.497500", "115928.107500", "115928.717500", "115929.327500", "115929.937500", "115930.547500", "115931.157500", "115931.767500", "115932.377500", "115932.987500", "115933.597500", "115934.207500", "115934.817500", "115935.427500", "115936.037500", "115936.647500", "115937.257500", "115937.867500", "115938.477500", "115939.087500", "115939.697500", "115940.307500", "115940.917500", "115941.527500", "115942.137500", "115942.747500", "115943.357500", "115943.967500", "115944.577500", "115945.187500", "115945.797500", "115946.407500", "115947.017500", "115947.627500", "115948.237500", "115948.847500", "115949.457500", "115950.067500", "115950.677500", "115951.287500", "115951.897500", "115952.507500", "115953.117500", "115953.727500", "115954.337500", "115954.947500", "115955.557500", "115956.167500", "115956.777500", "115957.387500", "115957.997500", "115958.607500", "115959.217500", "115959.827500", "120000.437500", "120001.047500", "120001.657500", "120002.267500", "120002.877500", "120003.487500", "120004.097500", "120004.707500", "120005.317500", "120005.927500", "120006.537500", "120007.147500", "120007.757500", "120008.367500", "120008.977500", "120009.587500", "120010.197500", "120010.807500", "120011.417500", "120012.027500", "120012.637500", "120013.247500", "120013.857500", "120014.467500", "120015.077500", "120015.687500", "120016.297500", "120016.907500", "120017.517500", "120018.127500", "120018.737500", "120019.347500", "120019.957500", "120020.567500", "120021.177500", "120021.787500", "120022.397500", "120023.007500", "120023.617500", "120024.227500", "120024.837500", "120025.447500", "120026.057500", "120026.667500", "120027.277500", "120027.887500", "120028.497500", "120029.107500", "120029.717500", "120030.327500", "120030.937500", "120031.547500", "120032.157500", "120032.767500", "120033.377500", "120033.987500", "120034.597500", "120035.207500", "120035.817500", "120036.427500", "120037.037500", "120037.647500", "120038.257500", "120038.867500", "120039.477500", "120040.087500", "120040.697500", "120041.307500", "120041.917500", "120042.527500", "120043.137500", "120043.747500", "120044.357500", "120044.967500", "120045.577500", "120046.187500", "120046.797500", "120047.407500", "120048.017500", "120048.627500", "120049.237500", "120049.847500", "120050.457500", "120051.067500", "120051.677500", "120052.287500", "120052.897500", "120053.507500", "120054.117500", "120054.727500", "120055.337500", "120055.947500", "120056.557500", "120057.167500", "120057.777500", "120058.387500", "120058.997500", "120059.607500", "120100.217500", "120100.827500", "120101.437500", "120102.047500", "120102.657500", "120103.267500", "120103.877500", "120104.487500", "120105.097500", "120105.707500", "120106.317500", "120106.927500", "120107.537500", "120108.147500", "120108.757500", "120109.367500", "120109.977500", "120110.587500", "120111.197500", "120111.807500", "120112.417500", "120113.027500", "120113.637500", "120114.247500", "120114.857500", "120115.467500", "120116.077500", "120116.687500", "120117.297500", "120117.907500", "120118.517500", "120119.127500", "120119.737500", "120120.347500", "120120.957500", "120121.567500", "120122.177500", "120122.787500", "120123.397500", "120124.007500", "120124.617500", "120125.227500", "120125.837500", "120126.447500", "120127.057500", "120127.667500", "120128.277500", "120128.887500", "120129.497500", "120130.107500", "120130.717500", "120131.327500", "120131.937500", "120132.547500", "120133.157500", "120133.767500", "120134.377500", "120134.987500", "120135.597500", "120136.207500", "120136.817500", "120137.427500", "120138.037500", "120138.647500", "120139.257500", "120139.867500", "120140.477500", "120141.087500", "120141.697500", "120142.307500", "120142.917500", "120143.527500", "120144.137500", "120144.747500", "120145.357500", "120145.967500", "120146.577500", "120147.187500", "120147.797500", "120148.407500", "120149.017500", "120149.627500", "120150.237500", "120150.847500", "120151.457500", "120152.067500", "120152.677500", "120153.287500", "120153.897500", "120154.507500", "120155.117500", "120155.727500", "120156.337500", "120156.947500", "120157.557500", "120158.167500", "120158.777500", "120159.387500", "120159.997500", "120200.607500", "120201.217500", "120201.827500", "120202.437500", "120203.047500", "120203.657500", "120204.267500"], "ContentTime": ["115713.727000", "115713.736000", "115713.746000", "115713.748000", "115713.751000", "115713.753000", "115713.756000", "115713.758000", "115713.760000", "115713.763000", "115713.765000", "115713.768000", "115713.770000", "115713.773000", "115713.778000", "115713.781000", "115713.783000", "115713.786000", "115713.788000", "115713.790000", "115713.793000", "115713.795000", "115713.797000", "115713.800000", "115713.802000", "115713.805000", "115713.807000", "115713.813000", "115713.815000", "115713.818000", "115713.820000", "115733.723000", "115733.726000", "115733.728000", "115733.731000", "115733.733000", "115733.735000", "115733.775000", "115733.777000", "115733.780000", "115733.782000", "115733.784000", "115733.787000", "115733.790000", "115733.792000", "115733.794000", "115733.797000", "115733.799000", "115733.802000", "115733.810000", "115733.813000", "115733.815000", "115733.817000", "115733.820000", "115733.822000", "115733.825000", "115733.827000", "115733.830000", "115733.832000", "115733.835000", "115733.837000", "115733.839000", "115733.842000", "115733.844000", "115753.723000", "115753.726000", "115753.729000", "115753.731000", "115753.733000", "115753.736000", "115753.738000", "115753.741000", "115753.743000", "115753.745000", "115753.748000", "115753.751000", "115753.753000", "115753.762000", "115753.765000", "115753.767000", "115753.770000", "115753.772000", "115753.774000", "115753.777000", "115753.779000", "115753.782000", "115753.784000", "115753.786000", "115753.789000", "115753.791000", "115753.794000", "115753.796000", "115753.799000", "115753.801000", "115753.804000", "115753.806000", "115813.723000", "115813.726000", "115813.728000", "115813.731000", "115813.733000", "115813.735000", "115813.739000", "115813.741000", "115813.743000", "115813.746000", "115813.748000", "115813.751000", "115813.753000", "115813.755000", "115813.758000", "115813.760000", "115813.763000", "115813.765000", "115813.767000", "115813.770000", "115813.772000", "115813.775000", "115813.777000", "115813.779000", "115813.782000", "115813.784000", "115813.786000", "115813.789000", "115813.792000", "115813.795000", "115813.797000", "115813.800000", "115813.802000", "115833.723000", "115833.726000", "115833.728000", "115833.731000", "115833.733000", "115833.735000", "115833.738000", "115833.740000", "115833.743000", "115833.745000", "115833.748000", "115833.750000", "115833.752000", "115833.755000", "115833.757000", "115833.760000", "115833.762000", "115833.764000", "115833.767000", "115833.769000", "115833.772000", "115833.774000", "115833.776000", "115833.779000", "115833.781000", "115833.783000", "115833.786000", "115833.788000", "115833.791000", "115833.793000", "115833.795000", "115833.798000", "115833.800000", "115853.723000", "115853.726000", "115853.728000", "115853.731000", "115853.733000", "115853.736000", "115853.738000", "115853.740000", "115853.743000", "115853.745000", "115853.747000", "115853.750000", "115853.752000", "115853.754000", "115853.757000", "115853.759000", "115853.762000", "115853.764000", "115853.767000", "115853.769000", "115853.771000", "115853.774000", "115853.776000", "115853.778000", "115853.781000", "115853.783000", "115853.785000", "115853.788000", "115853.790000", "115853.793000", "115853.795000", "115853.797000", "115853.800000", "115913.723000", "115913.728000", "115913.730000", "115913.732000", "115913.735000", "115913.737000", "115913.740000", "115913.742000", "115913.745000", "115913.747000", "115913.749000", "115913.752000", "115913.754000", "115913.756000", "115913.759000", "115913.761000", "115913.764000", "115913.771000", "115913.773000", "115913.776000", "115913.778000", "115913.780000", "115913.783000", "115913.785000", "115913.787000", "115913.790000", "115913.792000", "115913.795000", "115913.797000", "115913.800000", "115913.802000", "115913.804000", "115913.807000", "115933.722000", "115933.725000", "115933.727000", "115933.730000", "115933.732000", "115933.734000", "115933.737000", "115933.739000", "115933.742000", "115933.744000", "115933.746000", "115933.749000", "115933.757000", "115933.760000", "115933.762000", "115933.765000", "115933.767000", "115933.769000", "115933.772000", "115933.774000", "115933.777000", "115933.779000", "115933.781000", "115933.784000", "115933.786000", "115933.789000", "115933.791000", "115933.793000", "115933.796000", "115933.798000", "115933.864000", "115933.866000", "115953.723000", "115953.729000", "115953.731000", "115953.734000", "115953.736000", "115953.739000", "115953.741000", "115953.744000", "115953.746000", "115953.748000", "115953.751000", "115953.753000", "115953.756000", "115953.758000", "115953.760000", "115953.763000", "115953.765000", "115953.768000", "115953.770000", "115953.772000", "115953.775000", "115953.778000", "115953.781000", "115953.783000", "115953.785000", "115953.788000", "115953.790000", "115953.793000", "115953.795000", "115953.798000", "115953.814000", "115953.816000", "115953.819000", "120013.723000", "120013.726000", "120013.728000", "120013.731000", "120013.733000", "120013.736000", "120013.738000", "120013.740000", "120013.743000", "120013.754000", "120013.756000", "120013.758000", "120013.761000", "120013.763000", "120013.765000", "120013.768000", "120013.770000", "120013.773000", "120013.775000", "120013.777000", "120013.780000", "120013.782000", "120013.784000", "120013.787000", "120013.789000", "120013.792000", "120013.794000", "120013.797000", "120013.799000", "120013.879000", "120013.881000", "120013.884000", "120013.886000", "120033.723000", "120033.726000", "120033.728000", "120033.731000", "120033.733000", "120033.735000", "120033.738000", "120033.740000", "120033.743000", "120033.745000", "120033.748000", "120033.750000", "120033.752000", "120033.755000", "120033.757000", "120033.760000", "120033.762000", "120033.764000", "120033.767000", "120033.769000", "120033.772000", "120033.774000", "120033.777000", "120033.779000", "120033.782000", "120033.784000", "120033.787000", "120033.789000", "120033.791000", "120033.794000", "120033.796000", "120033.799000", "120033.801000", "120053.723000", "120053.726000", "120053.729000", "120053.731000", "120053.733000", "120053.736000", "120053.738000", "120053.741000", "120053.743000", "120053.746000", "120053.748000", "120053.750000", "120053.753000", "120053.755000", "120053.758000", "120053.760000", "120053.762000", "120053.765000", "120053.767000", "120053.770000", "120053.772000", "120053.775000", "120053.777000", "120053.779000", "120053.782000", "120053.792000", "120053.795000", "120053.797000", "120053.800000", "120053.823000", "120053.826000", "120053.828000", "120053.830000", "120113.723000", "120113.726000", "120113.729000", "120113.731000", "120113.733000", "120113.736000", "120113.739000", "120113.741000", "120113.744000", "120113.746000", "120113.748000", "120113.751000", "120113.753000", "120113.756000", "120113.758000", "120113.761000", "120113.763000", "120113.766000", "120113.768000", "120113.770000", "120113.773000", "120113.775000", "120113.777000", "120113.780000", "120113.782000", "120113.785000", "120113.787000", "120113.789000", "120113.792000", "120113.794000", "120113.797000", "120113.799000", "120133.723000", "120133.726000", "120133.728000", "120133.731000", "120133.733000", "120133.736000", "120133.738000", "120133.740000", "120133.743000", "120133.745000", "120133.747000", "120133.750000", "120133.752000", "120133.755000", "120133.757000", "120133.760000", "120133.762000", "120133.765000", "120133.767000", "120133.770000", "120133.772000", "120133.775000", "120133.777000", "120133.779000", "120133.782000", "120133.784000", "120133.787000", "120133.789000", "120133.792000", "120133.794000", "120133.796000", "120133.799000", "120133.802000", "120153.723000", "120153.725000", "120153.728000", "120153.730000", "120153.733000", "120153.735000", "120153.738000", "120153.740000", "120153.743000", "120153.745000", "120153.753000", "120153.756000", "120153.758000", "120153.761000", "120153.763000", "120153.766000", "120153.768000", "120153.771000", "120153.773000", "120153.775000", "120153.778000", "120153.780000", "120153.783000", "120153.785000", "120153.788000", "120153.790000", "120153.792000", "120153.795000", "120153.797000", "120153.800000", "120153.802000", "120153.805000", "120153.807000", "120205.703000", "120205.706000", "120205.708000", "120205.711000", "120205.713000", "120205.716000", "120205.718000", "120205.720000", "120205.723000", "120205.725000", "120205.728000", "120205.730000", "120205.732000", "120205.735000", "120205.737000", "120205.740000", "120205.742000", "120205.745000", "120205.747000", "120205.750000"], "InstanceCreationTime": ["115713.727000", "115713.736000", "115713.746000", "115713.748000", "115713.751000", "115713.753000", "115713.756000", "115713.758000", "115713.760000", "115713.763000", "115713.765000", "115713.768000", "115713.770000", "115713.773000", "115713.778000", "115713.781000", "115713.783000", "115713.786000", "115713.788000", "115713.790000", "115713.793000", "115713.795000", "115713.797000", "115713.800000", "115713.802000", "115713.805000", "115713.807000", "115713.813000", "115713.815000", "115713.818000", "115713.820000", "115733.723000", "115733.726000", "115733.728000", "115733.731000", "115733.733000", "115733.735000", "115733.775000", "115733.777000", "115733.780000", "115733.782000", "115733.784000", "115733.787000", "115733.790000", "115733.792000", "115733.794000", "115733.797000", "115733.799000", "115733.802000", "115733.810000", "115733.813000", "115733.815000", "115733.817000", "115733.820000", "115733.822000", "115733.825000", "115733.827000", "115733.830000", "115733.832000", "115733.835000", "115733.837000", "115733.839000", "115733.842000", "115733.844000", "115753.723000", "115753.726000", "115753.729000", "115753.731000", "115753.733000", "115753.736000", "115753.738000", "115753.741000", "115753.743000", "115753.745000", "115753.748000", "115753.751000", "115753.753000", "115753.762000", "115753.765000", "115753.767000", "115753.770000", "115753.772000", "115753.774000", "115753.777000", "115753.779000", "115753.782000", "115753.784000", "115753.786000", "115753.789000", "115753.791000", "115753.794000", "115753.796000", "115753.799000", "115753.801000", "115753.804000", "115753.806000", "115813.723000", "115813.726000", "115813.728000", "115813.731000", "115813.733000", "115813.735000", "115813.739000", "115813.741000", "115813.743000", "115813.746000", "115813.748000", "115813.751000", "115813.753000", "115813.755000", "115813.758000", "115813.760000", "115813.763000", "115813.765000", "115813.767000", "115813.770000", "115813.772000", "115813.775000", "115813.777000", "115813.779000", "115813.782000", "115813.784000", "115813.786000", "115813.789000", "115813.792000", "115813.795000", "115813.797000", "115813.800000", "115813.802000", "115833.723000", "115833.726000", "115833.728000", "115833.731000", "115833.733000", "115833.735000", "115833.738000", "115833.740000", "115833.743000", "115833.745000", "115833.748000", "115833.750000", "115833.752000", "115833.755000", "115833.757000", "115833.760000", "115833.762000", "115833.764000", "115833.767000", "115833.769000", "115833.772000", "115833.774000", "115833.776000", "115833.779000", "115833.781000", "115833.783000", "115833.786000", "115833.788000", "115833.791000", "115833.793000", "115833.795000", "115833.798000", "115833.800000", "115853.723000", "115853.726000", "115853.728000", "115853.731000", "115853.733000", "115853.736000", "115853.738000", "115853.740000", "115853.743000", "115853.745000", "115853.747000", "115853.750000", "115853.752000", "115853.754000", "115853.757000", "115853.759000", "115853.762000", "115853.764000", "115853.767000", "115853.769000", "115853.771000", "115853.774000", "115853.776000", "115853.778000", "115853.781000", "115853.783000", "115853.785000", "115853.788000", "115853.790000", "115853.793000", "115853.795000", "115853.797000", "115853.800000", "115913.723000", "115913.728000", "115913.730000", "115913.732000", "115913.735000", "115913.737000", "115913.740000", "115913.742000", "115913.745000", "115913.747000", "115913.749000", "115913.752000", "115913.754000", "115913.756000", "115913.759000", "115913.761000", "115913.764000", "115913.771000", "115913.773000", "115913.776000", "115913.778000", "115913.780000", "115913.783000", "115913.785000", "115913.787000", "115913.790000", "115913.792000", "115913.795000", "115913.797000", "115913.800000", "115913.802000", "115913.804000", "115913.807000", "115933.722000", "115933.725000", "115933.727000", "115933.730000", "115933.732000", "115933.734000", "115933.737000", "115933.739000", "115933.742000", "115933.744000", "115933.746000", "115933.749000", "115933.757000", "115933.760000", "115933.762000", "115933.765000", "115933.767000", "115933.769000", "115933.772000", "115933.774000", "115933.777000", "115933.779000", "115933.781000", "115933.784000", "115933.786000", "115933.789000", "115933.791000", "115933.793000", "115933.796000", "115933.798000", "115933.864000", "115933.866000", "115953.723000", "115953.729000", "115953.731000", "115953.734000", "115953.736000", "115953.739000", "115953.741000", "115953.744000", "115953.746000", "115953.748000", "115953.751000", "115953.753000", "115953.756000", "115953.758000", "115953.760000", "115953.763000", "115953.765000", "115953.768000", "115953.770000", "115953.772000", "115953.775000", "115953.778000", "115953.781000", "115953.783000", "115953.785000", "115953.788000", "115953.790000", "115953.793000", "115953.795000", "115953.798000", "115953.814000", "115953.816000", "115953.819000", "120013.723000", "120013.726000", "120013.728000", "120013.731000", "120013.733000", "120013.736000", "120013.738000", "120013.740000", "120013.743000", "120013.754000", "120013.756000", "120013.758000", "120013.761000", "120013.763000", "120013.765000", "120013.768000", "120013.770000", "120013.773000", "120013.775000", "120013.777000", "120013.780000", "120013.782000", "120013.784000", "120013.787000", "120013.789000", "120013.792000", "120013.794000", "120013.797000", "120013.799000", "120013.879000", "120013.881000", "120013.884000", "120013.886000", "120033.723000", "120033.726000", "120033.728000", "120033.731000", "120033.733000", "120033.735000", "120033.738000", "120033.740000", "120033.743000", "120033.745000", "120033.748000", "120033.750000", "120033.752000", "120033.755000", "120033.757000", "120033.760000", "120033.762000", "120033.764000", "120033.767000", "120033.769000", "120033.772000", "120033.774000", "120033.777000", "120033.779000", "120033.782000", "120033.784000", "120033.787000", "120033.789000", "120033.791000", "120033.794000", "120033.796000", "120033.799000", "120033.801000", "120053.723000", "120053.726000", "120053.729000", "120053.731000", "120053.733000", "120053.736000", "120053.738000", "120053.741000", "120053.743000", "120053.746000", "120053.748000", "120053.750000", "120053.753000", "120053.755000", "120053.758000", "120053.760000", "120053.762000", "120053.765000", "120053.767000", "120053.770000", "120053.772000", "120053.775000", "120053.777000", "120053.779000", "120053.782000", "120053.792000", "120053.795000", "120053.797000", "120053.800000", "120053.823000", "120053.826000", "120053.828000", "120053.830000", "120113.723000", "120113.726000", "120113.729000", "120113.731000", "120113.733000", "120113.736000", "120113.739000", "120113.741000", "120113.744000", "120113.746000", "120113.748000", "120113.751000", "120113.753000", "120113.756000", "120113.758000", "120113.761000", "120113.763000", "120113.766000", "120113.768000", "120113.770000", "120113.773000", "120113.775000", "120113.777000", "120113.780000", "120113.782000", "120113.785000", "120113.787000", "120113.789000", "120113.792000", "120113.794000", "120113.797000", "120113.799000", "120133.723000", "120133.726000", "120133.728000", "120133.731000", "120133.733000", "120133.736000", "120133.738000", "120133.740000", "120133.743000", "120133.745000", "120133.747000", "120133.750000", "120133.752000", "120133.755000", "120133.757000", "120133.760000", "120133.762000", "120133.765000", "120133.767000", "120133.770000", "120133.772000", "120133.775000", "120133.777000", "120133.779000", "120133.782000", "120133.784000", "120133.787000", "120133.789000", "120133.792000", "120133.794000", "120133.796000", "120133.799000", "120133.802000", "120153.723000", "120153.725000", "120153.728000", "120153.730000", "120153.733000", "120153.735000", "120153.738000", "120153.740000", "120153.743000", "120153.745000", "120153.753000", "120153.756000", "120153.758000", "120153.761000", "120153.763000", "120153.766000", "120153.768000", "120153.771000", "120153.773000", "120153.775000", "120153.778000", "120153.780000", "120153.783000", "120153.785000", "120153.788000", "120153.790000", "120153.792000", "120153.795000", "120153.797000", "120153.800000", "120153.802000", "120153.805000", "120153.807000", "120205.703000", "120205.706000", "120205.708000", "120205.711000", "120205.713000", "120205.716000", "120205.718000", "120205.720000", "120205.723000", "120205.725000", "120205.728000", "120205.730000", "120205.732000", "120205.735000", "120205.737000", "120205.740000", "120205.742000", "120205.745000", "120205.747000", "120205.750000"], "InstanceNumber": [1, 2, 3, 4, 5, 6, 7, 8, 9, 10, 11, 12, 13, 14, 15, 16, 17, 18, 19, 20, 21, 22, 23, 24, 25, 26, 27, 28, 29, 30, 31, 32, 33, 34, 35, 36, 37, 38, 39, 40, 41, 42, 43, 44, 45, 46, 47, 48, 49, 50, 51, 52, 53, 54, 55, 56, 57, 58, 59, 60, 61, 62, 63, 64, 65, 66, 67, 68, 69, 70, 71, 72, 73, 74, 75, 76, 77, 78, 79, 80, 81, 82, 83, 84, 85, 86, 87, 88, 89, 90, 91, 92, 93, 94, 95, 96, 97, 98, 99, 100, 101, 102, 103, 104, 105, 106, 107, 108, 109, 110, 111, 112, 113, 114, 115, 116, 117, 118, 119, 120, 121, 122, 123, 124, 125, 126, 127, 128, 129, 130, 131, 132, 133, 134, 135, 136, 137, 138, 139, 140, 141, 142, 143, 144, 145, 146, 147, 148, 149, 150, 151, 152, 153, 154, 155, 156, 157, 158, 159, 160, 161, 162, 163, 164, 165, 166, 167, 168, 169, 170, 171, 172, 173, 174, 175, 176, 177, 178, 179, 180, 181, 182, 183, 184, 185, 186, 187, 188, 189, 190, 191, 192, 193, 194, 195, 196, 197, 198, 199, 200, 201, 202, 203, 204, 205, 206, 207, 208, 209, 210, 211, 212, 213, 214, 215, 216, 217, 218, 219, 220, 221, 222, 223, 224, 225, 226, 227, 228, 229, 230, 231, 232, 233, 234, 235, 236, 237, 238, 239, 240, 241, 242, 243, 244, 245, 246, 247, 248, 249, 250, 251, 252, 253, 254, 255, 256, 257, 258, 259, 260, 261, 262, 263, 264, 265, 266, 267, 268, 269, 270, 271, 272, 273, 274, 275, 276, 277, 278, 279, 280, 281, 282, 283, 284, 285, 286, 287, 288, 289, 290, 291, 292, 293, 294, 295, 296, 297, 298, 299, 300, 301, 302, 303, 304, 305, 306, 307, 308, 309, 310, 311, 312, 313, 314, 315, 316, 317, 318, 319, 320, 321, 322, 323, 324, 325, 326, 327, 328, 329, 330, 331, 332, 333, 334, 335, 336, 337, 338, 339, 340, 341, 342, 343, 344, 345, 346, 347, 348, 349, 350, 351, 352, 353, 354, 355, 356, 357, 358, 359, 360, 361, 362, 363, 364, 365, 366, 367, 368, 369, 370, 371, 372, 373, 374, 375, 376, 377, 378, 379, 380, 381, 382, 383, 384, 385, 386, 387, 388, 389, 390, 391, 392, 393, 394, 395, 396, 397, 398, 399, 400, 401, 402, 403, 404, 405, 406, 407, 408, 409, 410, 411, 412, 413, 414, 415, 416, 417, 418, 419, 420, 421, 422, 423, 424, 425, 426, 427, 428, 429, 430, 431, 432, 433, 434, 435, 436, 437, 438, 439, 440, 441, 442, 443, 444, 445, 446, 447, 448, 449, 450, 451, 452, 453, 454, 455, 456, 457, 458, 459, 460, 461, 462, 463, 464, 465, 466, 467, 468, 469, 470, 471, 472, 473, 474, 475, 476, 477, 478, 479, 480, 481, 482, 483, 484, 485, 486, 487, 488, 489, 490, 491, 492, 493, 494, 495, 496, 497, 498, 499, 500, 501, 502, 503, 504, 505, 506, 507, 508, 509, 510], "LargestImagePixelValue": [760, 675, 612, 676, 685, 741, 611, 615, 621, 613, 718, 619, 667, 615, 653, 615, 615, 698, 618, 623, 769, 601, 636, 604, 602, 681, 594, 604, 636, 614, 717, 598, 672, 662, 641, 645, 644, 612, 745, 595, 630, 736, 611, 678, 729, 614, 621, 780, 608, 629, 620, 595, 643, 597, 653, 601, 630, 658, 604, 739, 621, 749, 592, 676, 666, 625, 631, 669, 591, 755, 601, 640, 709, 632, 606, 732, 639, 643, 693, 613, 610, 611, 645, 637, 625, 577, 645, 620, 606, 654, 579, 644, 598, 581, 677, 608, 621, 710, 608, 604, 655, 585, 654, 600, 606, 631, 627, 617, 755, 608, 665, 690, 639, 618, 613, 616, 675, 616, 608, 692, 610, 606, 791, 596, 601, 654, 584, 645, 615, 620, 596, 591, 624, 672, 607, 738, 608, 630, 654, 643, 608, 781, 631, 611, 690, 605, 681, 666, 627, 601, 646, 622, 612, 721, 615, 614, 697, 599, 592, 640, 642, 605, 621, 630, 616, 672, 582, 639, 649, 592, 710, 607, 582, 640, 633, 582, 642, 598, 620, 645, 624, 625, 609, 613, 594, 621, 595, 764, 620, 599, 672, 620, 589, 641, 609, 604, 638, 626, 615, 623, 613, 619, 611, 602, 747, 620, 619, 742, 597, 632, 724, 593, 696, 602, 594, 625, 620, 594, 625, 618, 602, 685, 617, 603, 745, 604, 657, 614, 609, 775, 619, 616, 658, 592, 737, 614, 605, 681, 589, 635, 621, 602, 707, 635, 613, 645, 609, 631, 621, 611, 666, 624, 636, 602, 601, 629, 618, 593, 623, 612, 618, 782, 630, 593, 632, 634, 591, 627, 611, 595, 718, 605, 614, 598, 619, 629, 610, 736, 633, 620, 592, 642, 645, 726, 601, 657, 649, 591, 679, 632, 607, 687, 582, 655, 618, 610, 728, 627, 680, 631, 620, 683, 628, 642, 735, 632, 614, 616, 634, 632, 597, 638, 661, 623, 617, 663, 628, 633, 609, 616, 686, 590, 661, 618, 611, 720, 628, 668, 599, 608, 681, 607, 630, 607, 590, 671, 622, 611, 608, 635, 624, 595, 595, 635, 611, 592, 653, 676, 611, 627, 597, 588, 658, 628, 604, 673, 633, 617, 689, 639, 620, 650, 594, 698, 617, 619, 636, 634, 605, 663, 613, 596, 660, 612, 598, 653, 634, 631, 652, 625, 645, 613, 604, 648, 638, 626, 669, 647, 613, 708, 641, 613, 661, 633, 593, 660, 610, 607, 621, 619, 631, 622, 645, 630, 617, 634, 639, 599, 636, 638, 604, 595, 625, 629, 626, 632, 589, 641, 608, 603, 614, 625, 625, 639, 580, 651, 611, 612, 615, 634, 603, 670, 615, 595, 689, 643, 597, 672, 622, 614, 618, 624, 616, 600, 648, 621, 600, 587, 641, 592, 598, 646, 598, 603, 646, 601, 614, 639, 596, 605, 649, 599, 611, 641, 598, 650, 619, 622, 650, 630, 668, 645, 644, 597, 584, 645, 612, 625, 619, 619, 616, 627, 630, 617, 644, 636, 627, 635, 622, 614, 656, 610, 592, 640, 603, 596, 629, 603, 618, 615, 611, 626, 597, 585, 637, 602, 619, 675, 623, 630], "WindowCenter": [384.0, 379.0, 376.0, 378.0, 379.0, 380.0, 376.0, 376.0, 375.0, 376.0, 379.0, 377.0, 376.0, 376.0, 377.0, 376.0, 375.0, 378.0, 377.0, 376.0, 378.0, 374.0, 375.0, 375.0, 374.0, 377.0, 376.0, 374.0, 376.0, 376.0, 377.0, 375.0, 378.0, 376.0, 376.0, 376.0, 376.0, 374.0, 377.0, 375.0, 375.0, 377.0, 374.0, 378.0, 377.0, 375.0, 374.0, 379.0, 374.0, 375.0, 374.0, 375.0, 376.0, 376.0, 377.0, 375.0, 376.0, 377.0, 376.0, 378.0, 375.0, 379.0, 375.0, 376.0, 376.0, 376.0, 375.0, 375.0, 374.0, 378.0, 375.0, 375.0, 376.0, 375.0, 373.0, 377.0, 375.0, 375.0, 376.0, 374.0, 374.0, 374.0, 375.0, 375.0, 376.0, 374.0, 376.0, 375.0, 375.0, 377.0, 374.0, 376.0, 376.0, 375.0, 376.0, 376.0, 376.0, 378.0, 375.0, 376.0, 377.0, 375.0, 377.0, 376.0, 377.0, 377.0, 377.0, 377.0, 380.0, 376.0, 377.0, 377.0, 377.0, 376.0, 375.0, 375.0, 377.0, 376.0, 374.0, 377.0, 375.0, 374.0, 381.0, 376.0, 376.0, 377.0, 375.0, 376.0, 375.0, 376.0, 376.0, 376.0, 377.0, 379.0, 376.0, 380.0, 377.0, 377.0, 377.0, 378.0, 377.0, 380.0, 377.0, 377.0, 379.0, 376.0, 378.0, 378.0, 377.0, 375.0, 376.0, 378.0, 376.0, 378.0, 376.0, 376.0, 379.0, 376.0, 376.0, 376.0, 376.0, 376.0, 376.0, 377.0, 377.0, 379.0, 377.0, 378.0, 378.0, 376.0, 380.0, 376.0, 375.0, 377.0, 378.0, 377.0, 378.0, 376.0, 377.0, 377.0, 378.0, 377.0, 377.0, 377.0, 377.0, 379.0, 377.0, 381.0, 377.0, 376.0, 378.0, 377.0, 376.0, 377.0, 376.0, 377.0, 377.0, 377.0, 378.0, 377.0, 378.0, 378.0, 378.0, 378.0, 381.0, 378.0, 377.0, 380.0, 376.0, 377.0, 380.0, 377.0, 379.0, 377.0, 377.0, 378.0, 378.0, 378.0, 378.0, 378.0, 377.0, 378.0, 377.0, 376.0, 380.0, 376.0, 378.0, 378.0, 377.0, 380.0, 377.0, 377.0, 378.0, 376.0, 381.0, 378.0, 377.0, 378.0, 376.0, 378.0, 377.0, 377.0, 381.0, 379.0, 377.0, 376.0, 376.0, 378.0, 377.0, 377.0, 378.0, 379.0, 379.0, 376.0, 377.0, 378.0, 378.0, 376.0, 376.0, 379.0, 378.0, 381.0, 378.0, 377.0, 378.0, 378.0, 376.0, 377.0, 379.0, 378.0, 379.0, 376.0, 378.0, 378.0, 379.0, 379.0, 378.0, 381.0, 378.0, 379.0, 379.0, 379.0, 377.0, 381.0, 377.0, 378.0, 378.0, 376.0, 379.0, 378.0, 376.0, 379.0, 376.0, 378.0, 377.0, 378.0, 380.0, 377.0, 378.0, 377.0, 376.0, 378.0, 377.0, 378.0, 380.0, 377.0, 377.0, 376.0, 377.0, 377.0, 376.0, 377.0, 378.0, 378.0, 378.0, 378.0, 377.0, 375.0, 375.0, 376.0, 378.0, 377.0, 379.0, 377.0, 376.0, 379.0, 377.0, 378.0, 377.0, 376.0, 378.0, 377.0, 377.0, 377.0, 376.0, 378.0, 377.0, 376.0, 376.0, 377.0, 377.0, 376.0, 376.0, 378.0, 377.0, 377.0, 378.0, 379.0, 377.0, 377.0, 377.0, 376.0, 378.0, 378.0, 377.0, 378.0, 378.0, 377.0, 379.0, 379.0, 376.0, 378.0, 377.0, 378.0, 377.0, 378.0, 377.0, 378.0, 376.0, 378.0, 377.0, 377.0, 377.0, 377.0, 377.0, 378.0, 378.0, 378.0, 378.0, 377.0, 378.0, 377.0, 377.0, 377.0, 378.0, 378.0, 378.0, 378.0, 377.0, 379.0, 378.0, 377.0, 378.0, 377.0, 377.0, 377.0, 375.0, 377.0, 376.0, 376.0, 377.0, 377.0, 377.0, 378.0, 377.0, 377.0, 378.0, 376.0, 378.0, 377.0, 377.0, 376.0, 376.0, 376.0, 376.0, 377.0, 375.0, 377.0, 376.0, 375.0, 376.0, 376.0, 376.0, 377.0, 375.0, 378.0, 377.0, 376.0, 377.0, 378.0, 377.0, 378.0, 377.0, 377.0, 378.0, 378.0, 376.0, 378.0, 377.0, 377.0, 377.0, 377.0, 377.0, 377.0, 378.0, 377.0, 376.0, 376.0, 377.0, 376.0, 377.0, 378.0, 377.0, 376.0, 378.0, 376.0, 377.0, 377.0, 376.0, 376.0, 377.0, 376.0, 377.0, 377.0, 376.0, 378.0, 376.0, 376.0, 378.0, 377.0, 377.0, 377.0, 376.0, 376.0, 375.0, 377.0, 376.0, 376.0, 376.0, 376.0, 376.0, 376.0, 377.0, 376.0, 376.0, 376.0, 375.0, 375.0, 375.0, 375.0, 376.0, 375.0, 375.0, 376.0, 378.0, 378.0, 376.0, 374.0, 376.0, 375.0, 376.0, 376.0, 376.0, 376.0, 378.0, 376.0, 377.0, 378.0, 377.0, 377.0], "WindowWidth": [819.0, 810.0, 805.0, 808.0, 809.0, 809.0, 804.0, 804.0, 802.0, 804.0, 808.0, 805.0, 804.0, 803.0, 805.0, 804.0, 803.0, 807.0, 806.0, 804.0, 806.0, 801.0, 801.0, 803.0, 801.0, 805.0, 803.0, 801.0, 804.0, 804.0, 805.0, 802.0, 806.0, 803.0, 803.0, 803.0, 803.0, 801.0, 805.0, 802.0, 802.0, 805.0, 801.0, 806.0, 805.0, 802.0, 801.0, 808.0, 800.0, 801.0, 801.0, 803.0, 803.0, 804.0, 805.0, 802.0, 803.0, 806.0, 804.0, 807.0, 802.0, 808.0, 802.0, 804.0, 803.0, 804.0, 801.0, 802.0, 801.0, 805.0, 802.0, 801.0, 803.0, 802.0, 799.0, 803.0, 802.0, 802.0, 803.0, 801.0, 800.0, 799.0, 801.0, 801.0, 804.0, 801.0, 803.0, 802.0, 802.0, 805.0, 800.0, 804.0, 805.0, 803.0, 804.0, 804.0, 804.0, 807.0, 802.0, 804.0, 806.0, 803.0, 805.0, 804.0, 806.0, 807.0, 806.0, 805.0, 810.0, 804.0, 806.0, 805.0, 806.0, 804.0, 803.0, 802.0, 806.0, 804.0, 801.0, 805.0, 803.0, 801.0, 810.0, 805.0, 805.0, 805.0, 802.0, 803.0, 802.0, 803.0, 804.0, 805.0, 807.0, 808.0, 804.0, 811.0, 806.0, 806.0, 806.0, 809.0, 806.0, 810.0, 806.0, 807.0, 809.0, 804.0, 807.0, 806.0, 805.0, 803.0, 804.0, 807.0, 805.0, 807.0, 804.0, 803.0, 808.0, 805.0, 804.0, 804.0, 803.0, 805.0, 804.0, 805.0, 805.0, 809.0, 806.0, 807.0, 807.0, 805.0, 810.0, 804.0, 803.0, 806.0, 807.0, 807.0, 808.0, 805.0, 806.0, 806.0, 808.0, 806.0, 806.0, 806.0, 805.0, 809.0, 806.0, 811.0, 806.0, 805.0, 807.0, 806.0, 806.0, 807.0, 805.0, 806.0, 805.0, 807.0, 807.0, 807.0, 808.0, 807.0, 807.0, 807.0, 812.0, 808.0, 807.0, 810.0, 805.0, 807.0, 810.0, 807.0, 809.0, 806.0, 806.0, 808.0, 808.0, 808.0, 807.0, 807.0, 806.0, 808.0, 806.0, 805.0, 810.0, 805.0, 807.0, 809.0, 806.0, 811.0, 806.0, 806.0, 808.0, 805.0, 811.0, 808.0, 807.0, 808.0, 804.0, 807.0, 806.0, 807.0, 812.0, 809.0, 806.0, 804.0, 805.0, 809.0, 806.0, 806.0, 808.0, 809.0, 809.0, 805.0, 806.0, 808.0, 807.0, 805.0, 805.0, 809.0, 807.0, 812.0, 808.0, 807.0, 809.0, 807.0, 805.0, 807.0, 810.0, 809.0, 809.0, 805.0, 809.0, 808.0, 811.0, 810.0, 807.0, 813.0, 808.0, 811.0, 810.0, 810.0, 806.0, 812.0, 806.0, 808.0, 808.0, 805.0, 809.0, 807.0, 805.0, 809.0, 805.0, 807.0, 806.0, 808.0, 811.0, 807.0, 807.0, 806.0, 805.0, 808.0, 806.0, 807.0, 809.0, 805.0, 806.0, 804.0, 805.0, 806.0, 804.0, 806.0, 807.0, 808.0, 807.0, 807.0, 806.0, 802.0, 802.0, 804.0, 807.0, 806.0, 809.0, 806.0, 805.0, 809.0, 805.0, 806.0, 806.0, 805.0, 807.0, 805.0, 806.0, 805.0, 805.0, 807.0, 806.0, 805.0, 804.0, 805.0, 806.0, 805.0, 805.0, 807.0, 806.0, 806.0, 808.0, 809.0, 806.0, 806.0, 806.0, 804.0, 808.0, 807.0, 806.0, 808.0, 807.0, 806.0, 809.0, 809.0, 805.0, 807.0, 806.0, 806.0, 807.0, 807.0, 806.0, 807.0, 805.0, 807.0, 806.0, 805.0, 806.0, 807.0, 806.0, 807.0, 807.0, 808.0, 807.0, 806.0, 807.0, 807.0, 806.0, 807.0, 807.0, 807.0, 808.0, 807.0, 806.0, 808.0, 807.0, 806.0, 807.0, 806.0, 806.0, 806.0, 802.0, 806.0, 805.0, 804.0, 806.0, 805.0, 806.0, 807.0, 806.0, 806.0, 808.0, 804.0, 807.0, 805.0, 805.0, 804.0, 805.0, 805.0, 805.0, 805.0, 803.0, 806.0, 804.0, 803.0, 804.0, 804.0, 805.0, 806.0, 803.0, 806.0, 806.0, 805.0, 806.0, 808.0, 806.0, 807.0, 807.0, 805.0, 807.0, 807.0, 804.0, 806.0, 806.0, 806.0, 806.0, 806.0, 806.0, 806.0, 808.0, 806.0, 805.0, 805.0, 806.0, 804.0, 806.0, 807.0, 806.0, 805.0, 807.0, 805.0, 805.0, 806.0, 804.0, 805.0, 805.0, 804.0, 806.0, 807.0, 805.0, 807.0, 805.0, 805.0, 807.0, 806.0, 805.0, 805.0, 805.0, 803.0, 803.0, 805.0, 805.0, 804.0, 804.0, 803.0, 804.0, 804.0, 804.0, 804.0, 804.0, 804.0, 803.0, 802.0, 803.0, 803.0, 803.0, 803.0, 802.0, 804.0, 808.0, 807.0, 803.0, 801.0, 804.0, 802.0, 804.0, 805.0, 805.0, 805.0, 807.0, 805.0, 806.0, 808.0, 806.0, 805.0]}, "slices": {}}, "EventTimestamp": "11-59-51"}