{"AcquisitionMatrixPE": 64, "AcquisitionNumber": 1, "AcquisitionTime": "12:24:2.692500", "BandwidthPerPixelPhaseEncode": 28.935, "BaseResolution": 64, "BodyPartExamined": "BRAIN", "CoilString": "HC2_4_6_7;SC", "ConsistencyInfo": "N4_VE11E_LATEST_20181129", "ConversionSoftware": "dcm2niix", "ConversionSoftwareVersion": "v1.0.20190902", "DerivedVendorReportedEchoSpacing": 0.000540003, "DeviceSerialNumber": "166182", "DwellTime": 3.4e-06, "EchoTime": 0.032, "EchoTrainLength": 64, "EffectiveEchoSpacing": 0.000540003, "FlipAngle": 40, "ImageOrientationPatientDICOM": [0.998893, -0.0324091, -0.0341081, 0.0303444, 0.997773, -0.0594027], "ImageType": ["ORIGINAL", "PRIMARY", "M", "ND", "NORM", "MOSAIC"], "ImagingFrequency": 123.256, "InPlanePhaseEncodingDirectionDICOM": "COL", "InstitutionAddress": "PEARSE_STREET_._City_District_IE_D2", "InstitutionName": "TCIN", "InstitutionalDepartmentName": "MRI", "MRAcquisitionType": "2D", "MagneticFieldStrength": 3, "Manufacturer": "Siemens", "ManufacturersModelName": "Prisma", "Modality": "MR", "MultibandAccelerationFactor": 4, "PartialFourier": 1, "PatientPosition": "HFS", "PercentPhaseFOV": 100, "PhaseEncodingDirection": "j-", "PhaseEncodingSteps": 64, "PhaseResolution": 1, "PixelBandwidth": 2300, "ProcedureStepDescription": "Rhodri_Head_BOLD", "ProtocolName": "cmrr_mbep2d_Pictures_AP_RDS", "PulseSequenceDetails": "%SiemensSeq%_ep2d_bold", "ReceiveCoilActiveElements": "HC2,4,6,7;SC", "ReceiveCoilName": "SpecialPurpose_4", "ReconMatrixPE": 64, "RefLinesPE": 12, "RepetitionTime": 0.61, "SAR": 0.351, "ScanOptions": "FS", "ScanningSequence": "EP", "SequenceName": "_epfid2d1_64", "SequenceVariant": "SK", "SeriesDescription": "cmrr_mbep2d_Pictures_AP_RDS", "SeriesNumber": 10, "ShimSetting": [-3603, -7433, 3867, 972, -67, 68, 194, -62], "SliceThickness": 3, "SliceTiming": [0.2625, 0, 0.3275, 0.065, 0.3925, 0.13, 0.4575, 0.195, 0.5225, 0.2625, 0, 0.3275, 0.065, 0.3925, 0.13, 0.4575, 0.195, 0.5225, 0.2625, 0, 0.3275, 0.065, 0.3925, 0.13, 0.4575, 0.195, 0.5225, 0.2625, 0, 0.3275, 0.065, 0.3925, 0.13, 0.4575, 0.195, 0.5225], "SoftwareVersions": "syngo_MR_E11", "SpacingBetweenSlices": 3.3, "StationName": "AWP166182", "TaskName": "pictures", "TotalReadoutTime": 0.0340202, "TxRefAmp": 239.99, "dcmmeta_affine": [[-2.9966776371002197, 0.0910332128405571, -0.11865920573472977, 92.47171020507812], [0.09722729027271271, 2.9933183193206787, -0.1923963725566864, -97.69750213623047], [-0.10232434421777725, 0.178208127617836, 3.2922489643096924, -94.80989837646484], [0.0, 0.0, 0.0, 1.0]], "dcmmeta_reorient_transform": [[0.0, -1.0, 0.0, 63.0], [1.0, 0.0, 0.0, 0.0], [0.0, 0.0, 1.0, 0.0], [0.0, 0.0, 0.0, 1.0]], "dcmmeta_shape": [64, 64, 36, 510], "dcmmeta_slice_dim": 2, "dcmmeta_version": 0.6, "global": {"const": {"AcquisitionMatrix": [64, 0, 0, 64], "AngioFlag": "N", "BitsAllocated": 16, "BitsStored": 12, "BodyPartExamined": "BRAIN", "Columns": 384, "EchoNumbers": 1, "EchoTime": 32.0, "EchoTrainLength": 64, "FlipAngle": 40.0, "HighBit": 11, "ImageOrientationPatient": [0.99889253029779, -0.0324090959016, -0.0341081136698, 0.03034440505178, 0.99777278728409, -0.0594027106906], "ImagePositionPatient": [-592.24053148113, -554.25612922167, -38.697587250948], "ImageType": ["ORIGINAL", "PRIMARY", "M", "ND", "NORM", "MOSAIC"], "ImagedNucleus": "1H", "ImagingFrequency": 123.256363, "InPlanePhaseEncodingDirection": "COL", "MRAcquisitionType": "2D", "MagneticFieldStrength": 3.0, "Manufacturer": "SIEMENS", "ManufacturerModelName": "Prisma", "Modality": "MR", "NumberOfAverages": 1.0, "NumberOfPhaseEncodingSteps": 64, "PercentPhaseFieldOfView": 100.0, "PercentSampling": 100.0, "PerformedProcedureStepStartTime": "120057.384000", "PhotometricInterpretation": "MONOCHROME2", "PixelBandwidth": 2300.0, "PixelRepresentation": 0, "PixelSpacing": [3.0, 3.0], "ProtocolName": "cmrr_mbep2d_Pictures_AP_RDS", "RepetitionTime": 610.0, "Rows": 384, "SAR": 0.35099976042877, "SamplesPerPixel": 1, "ScanOptions": "FS", "ScanningSequence": "EP", "SequenceName": "*epfid2d1_64", "SequenceVariant": "SK", "SeriesDescription": "cmrr_mbep2d_Pictures_AP_RDS", "SeriesNumber": 10, "SeriesTime": "122430.731000", "SliceLocation": -92.216290776965, "SliceThickness": 3.0, "SmallestImagePixelValue": 0, "SoftwareVersions": "syngo MR E11", "SpacingBetweenSlices": 3.2999999487388, "SpecificCharacterSet": "ISO_IR 100", "StudyID": "1", "StudyTime": "120057.202000", "TransmitCoilName": "Body", "VariableFlipAngleFlag": "N", "WindowCenterWidthExplanation": "Algo1"}, "slices": {}}, "time": {"samples": {"AcquisitionNumber": [1, 2, 3, 4, 5, 6, 7, 8, 9, 10, 11, 12, 13, 14, 15, 16, 17, 18, 19, 20, 21, 22, 23, 24, 25, 26, 27, 28, 29, 30, 31, 32, 33, 34, 35, 36, 37, 38, 39, 40, 41, 42, 43, 44, 45, 46, 47, 48, 49, 50, 51, 52, 53, 54, 55, 56, 57, 58, 59, 60, 61, 62, 63, 64, 65, 66, 67, 68, 69, 70, 71, 72, 73, 74, 75, 76, 77, 78, 79, 80, 81, 82, 83, 84, 85, 86, 87, 88, 89, 90, 91, 92, 93, 94, 95, 96, 97, 98, 99, 100, 101, 102, 103, 104, 105, 106, 107, 108, 109, 110, 111, 112, 113, 114, 115, 116, 117, 118, 119, 120, 121, 122, 123, 124, 125, 126, 127, 128, 129, 130, 131, 132, 133, 134, 135, 136, 137, 138, 139, 140, 141, 142, 143, 144, 145, 146, 147, 148, 149, 150, 151, 152, 153, 154, 155, 156, 157, 158, 159, 160, 161, 162, 163, 164, 165, 166, 167, 168, 169, 170, 171, 172, 173, 174, 175, 176, 177, 178, 179, 180, 181, 182, 183, 184, 185, 186, 187, 188, 189, 190, 191, 192, 193, 194, 195, 196, 197, 198, 199, 200, 201, 202, 203, 204, 205, 206, 207, 208, 209, 210, 211, 212, 213, 214, 215, 216, 217, 218, 219, 220, 221, 222, 223, 224, 225, 226, 227, 228, 229, 230, 231, 232, 233, 234, 235, 236, 237, 238, 239, 240, 241, 242, 243, 244, 245, 246, 247, 248, 249, 250, 251, 252, 253, 254, 255, 256, 257, 258, 259, 260, 261, 262, 263, 264, 265, 266, 267, 268, 269, 270, 271, 272, 273, 274, 275, 276, 277, 278, 279, 280, 281, 282, 283, 284, 285, 286, 287, 288, 289, 290, 291, 292, 293, 294, 295, 296, 297, 298, 299, 300, 301, 302, 303, 304, 305, 306, 307, 308, 309, 310, 311, 312, 313, 314, 315, 316, 317, 318, 319, 320, 321, 322, 323, 324, 325, 326, 327, 328, 329, 330, 331, 332, 333, 334, 335, 336, 337, 338, 339, 340, 341, 342, 343, 344, 345, 346, 347, 348, 349, 350, 351, 352, 353, 354, 355, 356, 357, 358, 359, 360, 361, 362, 363, 364, 365, 366, 367, 368, 369, 370, 371, 372, 373, 374, 375, 376, 377, 378, 379, 380, 381, 382, 383, 384, 385, 386, 387, 388, 389, 390, 391, 392, 393, 394, 395, 396, 397, 398, 399, 400, 401, 402, 403, 404, 405, 406, 407, 408, 409, 410, 411, 412, 413, 414, 415, 416, 417, 418, 419, 420, 421, 422, 423, 424, 425, 426, 427, 428, 429, 430, 431, 432, 433, 434, 435, 436, 437, 438, 439, 440, 441, 442, 443, 444, 445, 446, 447, 448, 449, 450, 451, 452, 453, 454, 455, 456, 457, 458, 459, 460, 461, 462, 463, 464, 465, 466, 467, 468, 469, 470, 471, 472, 473, 474, 475, 476, 477, 478, 479, 480, 481, 482, 483, 484, 485, 486, 487, 488, 489, 490, 491, 492, 493, 494, 495, 496, 497, 498, 499, 500, 501, 502, 503, 504, 505, 506, 507, 508, 509, 510], "AcquisitionTime": ["122402.692500", "122403.302500", "122403.912500", "122404.522500", "122405.132500", "122405.742500", "122406.352500", "122406.962500", "122407.572500", "122408.182500", "122408.792500", "122409.402500", "122410.012500", "122410.622500", "122411.232500", "122411.842500", "122412.452500", "122413.062500", "122413.672500", "122414.282500", "122414.892500", "122415.502500", "122416.112500", "122416.722500", "122417.332500", "122417.942500", "122418.552500", "122419.162500", "122419.772500", "122420.382500", "122420.992500", "122421.602500", "122422.212500", "122422.822500", "122423.432500", "122424.042500", "122424.652500", "122425.262500", "122425.872500", "122426.482500", "122427.092500", "122427.702500", "122428.312500", "122428.922500", "122429.532500", "122430.142500", "122430.752500", "122431.362500", "122431.972500", "122432.582500", "122433.192500", "122433.802500", "122434.412500", "122435.022500", "122435.632500", "122436.242500", "122436.852500", "122437.462500", "122438.072500", "122438.682500", "122439.292500", "122439.902500", "122440.512500", "122441.122500", "122441.732500", "122442.342500", "122442.952500", "122443.562500", "122444.172500", "122444.782500", "122445.392500", "122446.002500", "122446.612500", "122447.222500", "122447.832500", "122448.442500", "122449.052500", "122449.662500", "122450.272500", "122450.882500", "122451.492500", "122452.102500", "122452.712500", "122453.322500", "122453.932500", "122454.542500", "122455.152500", "122455.762500", "122456.372500", "122456.982500", "122457.592500", "122458.202500", "122458.812500", "122459.422500", "122500.032500", "122500.642500", "122501.252500", "122501.862500", "122502.472500", "122503.082500", "122503.692500", "122504.302500", "122504.912500", "122505.522500", "122506.132500", "122506.742500", "122507.352500", "122507.962500", "122508.572500", "122509.182500", "122509.792500", "122510.402500", "122511.012500", "122511.622500", "122512.232500", "122512.842500", "122513.452500", "122514.062500", "122514.672500", "122515.282500", "122515.892500", "122516.502500", "122517.112500", "122517.722500", "122518.332500", "122518.942500", "122519.552500", "122520.162500", "122520.772500", "122521.382500", "122521.992500", "122522.602500", "122523.212500", "122523.822500", "122524.432500", "122525.042500", "122525.652500", "122526.262500", "122526.872500", "122527.482500", "122528.092500", "122528.702500", "122529.312500", "122529.922500", "122530.532500", "122531.142500", "122531.752500", "122532.362500", "122532.972500", "122533.582500", "122534.192500", "122534.802500", "122535.412500", "122536.022500", "122536.632500", "122537.242500", "122537.852500", "122538.462500", "122539.072500", "122539.682500", "122540.292500", "122540.902500", "122541.512500", "122542.122500", "122542.732500", "122543.342500", "122543.952500", "122544.562500", "122545.172500", "122545.782500", "122546.392500", "122547.002500", "122547.612500", "122548.222500", "122548.832500", "122549.442500", "122550.052500", "122550.662500", "122551.272500", "122551.882500", "122552.492500", "122553.102500", "122553.712500", "122554.322500", "122554.932500", "122555.542500", "122556.152500", "122556.762500", "122557.372500", "122557.982500", "122558.592500", "122559.202500", "122559.812500", "122600.422500", "122601.032500", "122601.642500", "122602.252500", "122602.862500", "122603.472500", "122604.082500", "122604.692500", "122605.302500", "122605.912500", "122606.522500", "122607.132500", "122607.742500", "122608.352500", "122608.962500", "122609.572500", "122610.182500", "122610.792500", "122611.402500", "122612.012500", "122612.622500", "122613.232500", "122613.842500", "122614.452500", "122615.062500", "122615.672500", "122616.282500", "122616.892500", "122617.502500", "122618.112500", "122618.722500", "122619.332500", "122619.942500", "122620.552500", "122621.162500", "122621.772500", "122622.382500", "122622.992500", "122623.602500", "122624.212500", "122624.822500", "122625.432500", "122626.042500", "122626.652500", "122627.262500", "122627.872500", "122628.482500", "122629.092500", "122629.702500", "122630.312500", "122630.922500", "122631.532500", "122632.142500", "122632.752500", "122633.362500", "122633.972500", "122634.582500", "122635.192500", "122635.802500", "122636.412500", "122637.022500", "122637.632500", "122638.242500", "122638.852500", "122639.462500", "122640.072500", "122640.682500", "122641.292500", "122641.902500", "122642.512500", "122643.122500", "122643.732500", "122644.342500", "122644.952500", "122645.562500", "122646.172500", "122646.782500", "122647.392500", "122648.002500", "122648.612500", "122649.222500", "122649.832500", "122650.442500", "122651.052500", "122651.662500", "122652.272500", "122652.882500", "122653.492500", "122654.102500", "122654.712500", "122655.322500", "122655.932500", "122656.542500", "122657.152500", "122657.762500", "122658.372500", "122658.982500", "122659.592500", "122700.202500", "122700.812500", "122701.422500", "122702.032500", "122702.642500", "122703.252500", "122703.862500", "122704.472500", "122705.082500", "122705.692500", "122706.302500", "122706.912500", "122707.522500", "122708.132500", "122708.742500", "122709.352500", "122709.962500", "122710.572500", "122711.182500", "122711.792500", "122712.402500", "122713.012500", "122713.622500", "122714.232500", "122714.842500", "122715.452500", "122716.062500", "122716.672500", "122717.282500", "122717.892500", "122718.502500", "122719.112500", "122719.722500", "122720.332500", "122720.942500", "122721.552500", "122722.162500", "122722.772500", "122723.382500", "122723.992500", "122724.602500", "122725.212500", "122725.822500", "122726.432500", "122727.042500", "122727.652500", "122728.262500", "122728.872500", "122729.482500", "122730.092500", "122730.702500", "122731.312500", "122731.922500", "122732.532500", "122733.142500", "122733.752500", "122734.362500", "122734.972500", "122735.582500", "122736.192500", "122736.802500", "122737.412500", "122738.022500", "122738.632500", "122739.242500", "122739.852500", "122740.462500", "122741.072500", "122741.682500", "122742.292500", "122742.902500", "122743.512500", "122744.122500", "122744.732500", "122745.342500", "122745.952500", "122746.562500", "122747.172500", "122747.782500", "122748.392500", "122749.002500", "122749.612500", "122750.222500", "122750.832500", "122751.442500", "122752.052500", "122752.662500", "122753.272500", "122753.882500", "122754.492500", "122755.102500", "122755.712500", "122756.322500", "122756.932500", "122757.542500", "122758.152500", "122758.762500", "122759.372500", "122759.982500", "122800.592500", "122801.202500", "122801.812500", "122802.422500", "122803.032500", "122803.642500", "122804.252500", "122804.862500", "122805.472500", "122806.082500", "122806.692500", "122807.302500", "122807.912500", "122808.522500", "122809.132500", "122809.742500", "122810.352500", "122810.962500", "122811.572500", "122812.182500", "122812.792500", "122813.402500", "122814.012500", "122814.622500", "122815.232500", "122815.842500", "122816.452500", "122817.062500", "122817.672500", "122818.282500", "122818.892500", "122819.502500", "122820.112500", "122820.722500", "122821.332500", "122821.942500", "122822.552500", "122823.162500", "122823.772500", "122824.382500", "122824.992500", "122825.602500", "122826.212500", "122826.822500", "122827.432500", "122828.042500", "122828.652500", "122829.262500", "122829.872500", "122830.482500", "122831.092500", "122831.702500", "122832.312500", "122832.922500", "122833.532500", "122834.142500", "122834.752500", "122835.362500", "122835.972500", "122836.582500", "122837.192500", "122837.802500", "122838.412500", "122839.022500", "122839.632500", "122840.242500", "122840.852500", "122841.462500", "122842.072500", "122842.682500", "122843.292500", "122843.902500", "122844.512500", "122845.122500", "122845.732500", "122846.342500", "122846.952500", "122847.562500", "122848.172500", "122848.782500", "122849.392500", "122850.002500", "122850.612500", "122851.222500", "122851.832500", "122852.442500", "122853.052500", "122853.662500", "122854.272500", "122854.882500", "122855.492500", "122856.102500", "122856.712500", "122857.322500", "122857.932500", "122858.542500", "122859.152500", "122859.762500", "122900.372500", "122900.982500", "122901.592500", "122902.202500", "122902.812500", "122903.422500", "122904.032500", "122904.642500", "122905.252500", "122905.862500", "122906.472500", "122907.082500", "122907.692500", "122908.302500", "122908.912500", "122909.522500", "122910.132500", "122910.742500", "122911.352500", "122911.962500", "122912.572500", "122913.182500"], "ContentTime": ["122430.734000", "122430.737000", "122430.740000", "122430.750000", "122430.752000", "122430.755000", "122430.757000", "122430.760000", "122430.762000", "122430.764000", "122430.771000", "122430.774000", "122430.776000", "122430.778000", "122430.781000", "122430.783000", "122430.786000", "122430.788000", "122430.791000", "122430.793000", "122430.795000", "122430.798000", "122430.801000", "122430.804000", "122430.807000", "122430.809000", "122430.811000", "122430.814000", "122430.816000", "122430.819000", "122430.821000", "122430.823000", "122430.826000", "122430.828000", "122430.831000", "122430.833000", "122430.835000", "122430.838000", "122430.840000", "122430.843000", "122430.845000", "122430.848000", "122430.850000", "122430.852000", "122430.855000", "122450.730000", "122450.733000", "122450.735000", "122450.738000", "122450.740000", "122450.742000", "122450.745000", "122450.748000", "122450.750000", "122450.752000", "122450.755000", "122450.757000", "122450.760000", "122450.762000", "122450.765000", "122450.767000", "122450.769000", "122450.772000", "122450.774000", "122450.776000", "122450.779000", "122450.781000", "122450.784000", "122450.786000", "122450.788000", "122450.791000", "122450.793000", "122450.795000", "122450.798000", "122450.800000", "122450.803000", "122450.805000", "122450.808000", "122510.729000", "122510.732000", "122510.734000", "122510.737000", "122510.739000", "122510.742000", "122510.744000", "122510.747000", "122510.749000", "122510.752000", "122510.754000", "122510.757000", "122510.759000", "122510.761000", "122510.764000", "122510.766000", "122510.769000", "122510.771000", "122510.773000", "122510.776000", "122510.778000", "122510.781000", "122510.783000", "122510.786000", "122510.788000", "122510.790000", "122510.793000", "122510.795000", "122510.798000", "122510.800000", "122510.803000", "122510.805000", "122510.808000", "122530.729000", "122530.732000", "122530.735000", "122530.737000", "122530.740000", "122530.742000", "122530.745000", "122530.747000", "122530.750000", "122530.752000", "122530.754000", "122530.757000", "122530.759000", "122530.762000", "122530.764000", "122530.767000", "122530.769000", "122530.771000", "122530.774000", "122530.776000", "122530.779000", "122530.781000", "122530.783000", "122530.786000", "122530.788000", "122530.794000", "122530.796000", "122530.799000", "122530.801000", "122530.804000", "122530.806000", "122530.808000", "122550.729000", "122550.732000", "122550.734000", "122550.736000", "122550.739000", "122550.741000", "122550.744000", "122550.746000", "122550.749000", "122550.751000", "122550.753000", "122550.756000", "122550.758000", "122550.761000", "122550.774000", "122550.777000", "122550.779000", "122550.782000", "122550.784000", "122550.786000", "122550.789000", "122550.791000", "122550.793000", "122550.796000", "122550.798000", "122550.801000", "122550.803000", "122550.806000", "122550.808000", "122550.811000", "122550.813000", "122550.815000", "122550.818000", "122610.729000", "122610.732000", "122610.734000", "122610.737000", "122610.739000", "122610.741000", "122610.744000", "122610.746000", "122610.749000", "122610.751000", "122610.754000", "122610.756000", "122610.758000", "122610.761000", "122610.763000", "122610.766000", "122610.768000", "122610.771000", "122610.773000", "122610.775000", "122610.778000", "122610.780000", "122610.782000", "122610.785000", "122610.787000", "122610.790000", "122610.792000", "122610.795000", "122610.797000", "122610.800000", "122610.802000", "122610.804000", "122610.807000", "122630.729000", "122630.732000", "122630.735000", "122630.737000", "122630.739000", "122630.742000", "122630.744000", "122630.747000", "122630.749000", "122630.751000", "122630.754000", "122630.756000", "122630.758000", "122630.761000", "122630.763000", "122630.766000", "122630.768000", "122630.770000", "122630.773000", "122630.775000", "122630.777000", "122630.780000", "122630.782000", "122630.785000", "122630.787000", "122630.789000", "122630.792000", "122630.794000", "122630.797000", "122630.799000", "122630.802000", "122630.804000", "122630.807000", "122650.729000", "122650.732000", "122650.734000", "122650.737000", "122650.739000", "122650.742000", "122650.744000", "122650.747000", "122650.749000", "122650.751000", "122650.754000", "122650.756000", "122650.759000", "122650.761000", "122650.764000", "122650.766000", "122650.768000", "122650.771000", "122650.773000", "122650.776000", "122650.778000", "122650.780000", "122650.783000", "122650.785000", "122650.788000", "122650.790000", "122650.792000", "122650.795000", "122650.797000", "122650.800000", "122650.802000", "122650.805000", "122650.807000", "122710.730000", "122710.733000", "122710.735000", "122710.738000", "122710.740000", "122710.743000", "122710.745000", "122710.747000", "122710.750000", "122710.752000", "122710.755000", "122710.757000", "122710.760000", "122710.762000", "122710.764000", "122710.767000", "122710.769000", "122710.772000", "122710.774000", "122710.776000", "122710.779000", "122710.782000", "122710.784000", "122710.787000", "122710.789000", "122710.792000", "122710.794000", "122710.796000", "122710.799000", "122710.801000", "122710.804000", "122710.806000", "122730.729000", "122730.732000", "122730.734000", "122730.737000", "122730.739000", "122730.742000", "122730.744000", "122730.747000", "122730.749000", "122730.752000", "122730.755000", "122730.757000", "122730.760000", "122730.762000", "122730.765000", "122730.767000", "122730.775000", "122730.778000", "122730.780000", "122730.782000", "122730.785000", "122730.787000", "122730.790000", "122730.792000", "122730.794000", "122730.797000", "122730.799000", "122730.802000", "122730.804000", "122730.807000", "122730.809000", "122730.812000", "122730.814000", "122750.729000", "122750.732000", "122750.734000", "122750.737000", "122750.740000", "122750.742000", "122750.745000", "122750.747000", "122750.749000", "122750.752000", "122750.754000", "122750.756000", "122750.759000", "122750.762000", "122750.764000", "122750.766000", "122750.769000", "122750.771000", "122750.773000", "122750.776000", "122750.778000", "122750.781000", "122750.783000", "122750.786000", "122750.788000", "122750.791000", "122750.793000", "122750.795000", "122750.798000", "122750.801000", "122750.803000", "122750.805000", "122750.808000", "122810.729000", "122810.732000", "122810.734000", "122810.737000", "122810.739000", "122810.742000", "122810.744000", "122810.746000", "122810.749000", "122810.751000", "122810.754000", "122810.756000", "122810.759000", "122810.761000", "122810.763000", "122810.766000", "122810.768000", "122810.771000", "122810.773000", "122810.775000", "122810.778000", "122810.780000", "122810.783000", "122810.785000", "122810.787000", "122810.790000", "122810.792000", "122810.795000", "122810.797000", "122810.800000", "122810.802000", "122810.804000", "122810.807000", "122830.729000", "122830.732000", "122830.734000", "122830.737000", "122830.739000", "122830.742000", "122830.744000", "122830.747000", "122830.756000", "122830.758000", "122830.761000", "122830.763000", "122830.766000", "122830.768000", "122830.770000", "122830.773000", "122830.775000", "122830.778000", "122830.780000", "122830.782000", "122830.785000", "122830.787000", "122830.790000", "122830.792000", "122830.794000", "122830.797000", "122830.814000", "122830.817000", "122830.819000", "122830.821000", "122830.824000", "122830.826000", "122830.829000", "122850.729000", "122850.732000", "122850.734000", "122850.737000", "122850.739000", "122850.742000", "122850.744000", "122850.746000", "122850.749000", "122850.751000", "122850.754000", "122850.756000", "122850.758000", "122850.761000", "122850.763000", "122850.766000", "122850.768000", "122850.771000", "122850.773000", "122850.775000", "122850.785000", "122850.788000", "122850.790000", "122850.792000", "122850.795000", "122850.797000", "122850.800000", "122850.802000", "122850.805000", "122850.807000", "122850.810000", "122850.812000", "122910.729000", "122910.732000", "122910.734000", "122910.737000", "122910.739000", "122910.742000", "122910.744000", "122910.746000", "122910.749000", "122910.751000", "122910.754000", "122910.756000", "122910.759000", "122910.761000", "122910.763000", "122910.766000", "122910.768000", "122910.771000", "122910.773000", "122910.775000", "122910.778000", "122910.780000", "122910.783000", "122910.785000", "122910.787000", "122910.791000", "122910.793000", "122910.796000", "122910.798000", "122910.801000", "122910.803000", "122910.806000", "122910.808000", "122913.970000", "122913.973000", "122913.976000", "122913.978000", "122913.981000", "122913.983000"], "InstanceCreationTime": ["122430.734000", "122430.737000", "122430.740000", "122430.750000", "122430.752000", "122430.755000", "122430.757000", "122430.760000", "122430.762000", "122430.764000", "122430.771000", "122430.774000", "122430.776000", "122430.778000", "122430.781000", "122430.783000", "122430.786000", "122430.788000", "122430.791000", "122430.793000", "122430.795000", "122430.798000", "122430.801000", "122430.804000", "122430.807000", "122430.809000", "122430.811000", "122430.814000", "122430.816000", "122430.819000", "122430.821000", "122430.823000", "122430.826000", "122430.828000", "122430.831000", "122430.833000", "122430.835000", "122430.838000", "122430.840000", "122430.843000", "122430.845000", "122430.848000", "122430.850000", "122430.852000", "122430.855000", "122450.730000", "122450.733000", "122450.735000", "122450.738000", "122450.740000", "122450.742000", "122450.745000", "122450.748000", "122450.750000", "122450.752000", "122450.755000", "122450.757000", "122450.760000", "122450.762000", "122450.765000", "122450.767000", "122450.769000", "122450.772000", "122450.774000", "122450.776000", "122450.779000", "122450.781000", "122450.784000", "122450.786000", "122450.788000", "122450.791000", "122450.793000", "122450.795000", "122450.798000", "122450.800000", "122450.803000", "122450.805000", "122450.808000", "122510.729000", "122510.732000", "122510.734000", "122510.737000", "122510.739000", "122510.742000", "122510.744000", "122510.747000", "122510.749000", "122510.752000", "122510.754000", "122510.757000", "122510.759000", "122510.761000", "122510.764000", "122510.766000", "122510.769000", "122510.771000", "122510.773000", "122510.776000", "122510.778000", "122510.781000", "122510.783000", "122510.786000", "122510.788000", "122510.790000", "122510.793000", "122510.795000", "122510.798000", "122510.800000", "122510.803000", "122510.805000", "122510.808000", "122530.729000", "122530.732000", "122530.735000", "122530.737000", "122530.740000", "122530.742000", "122530.745000", "122530.747000", "122530.750000", "122530.752000", "122530.754000", "122530.757000", "122530.759000", "122530.762000", "122530.764000", "122530.767000", "122530.769000", "122530.771000", "122530.774000", "122530.776000", "122530.779000", "122530.781000", "122530.783000", "122530.786000", "122530.788000", "122530.794000", "122530.796000", "122530.799000", "122530.801000", "122530.804000", "122530.806000", "122530.808000", "122550.729000", "122550.732000", "122550.734000", "122550.736000", "122550.739000", "122550.741000", "122550.744000", "122550.746000", "122550.749000", "122550.751000", "122550.753000", "122550.756000", "122550.758000", "122550.761000", "122550.774000", "122550.777000", "122550.779000", "122550.782000", "122550.784000", "122550.786000", "122550.789000", "122550.791000", "122550.793000", "122550.796000", "122550.798000", "122550.801000", "122550.803000", "122550.806000", "122550.808000", "122550.811000", "122550.813000", "122550.815000", "122550.818000", "122610.729000", "122610.732000", "122610.734000", "122610.737000", "122610.739000", "122610.741000", "122610.744000", "122610.746000", "122610.749000", "122610.751000", "122610.754000", "122610.756000", "122610.758000", "122610.761000", "122610.763000", "122610.766000", "122610.768000", "122610.771000", "122610.773000", "122610.775000", "122610.778000", "122610.780000", "122610.782000", "122610.785000", "122610.787000", "122610.790000", "122610.792000", "122610.795000", "122610.797000", "122610.800000", "122610.802000", "122610.804000", "122610.807000", "122630.729000", "122630.732000", "122630.735000", "122630.737000", "122630.739000", "122630.742000", "122630.744000", "122630.747000", "122630.749000", "122630.751000", "122630.754000", "122630.756000", "122630.758000", "122630.761000", "122630.763000", "122630.766000", "122630.768000", "122630.770000", "122630.773000", "122630.775000", "122630.777000", "122630.780000", "122630.782000", "122630.785000", "122630.787000", "122630.789000", "122630.792000", "122630.794000", "122630.797000", "122630.799000", "122630.802000", "122630.804000", "122630.807000", "122650.729000", "122650.732000", "122650.734000", "122650.737000", "122650.739000", "122650.742000", "122650.744000", "122650.747000", "122650.749000", "122650.751000", "122650.754000", "122650.756000", "122650.759000", "122650.761000", "122650.764000", "122650.766000", "122650.768000", "122650.771000", "122650.773000", "122650.776000", "122650.778000", "122650.780000", "122650.783000", "122650.785000", "122650.788000", "122650.790000", "122650.792000", "122650.795000", "122650.797000", "122650.800000", "122650.802000", "122650.805000", "122650.807000", "122710.730000", "122710.733000", "122710.735000", "122710.738000", "122710.740000", "122710.743000", "122710.745000", "122710.747000", "122710.750000", "122710.752000", "122710.755000", "122710.757000", "122710.760000", "122710.762000", "122710.764000", "122710.767000", "122710.769000", "122710.772000", "122710.774000", "122710.776000", "122710.779000", "122710.782000", "122710.784000", "122710.787000", "122710.789000", "122710.792000", "122710.794000", "122710.796000", "122710.799000", "122710.801000", "122710.804000", "122710.806000", "122730.729000", "122730.732000", "122730.734000", "122730.737000", "122730.739000", "122730.742000", "122730.744000", "122730.747000", "122730.749000", "122730.752000", "122730.755000", "122730.757000", "122730.760000", "122730.762000", "122730.765000", "122730.767000", "122730.775000", "122730.778000", "122730.780000", "122730.782000", "122730.785000", "122730.787000", "122730.790000", "122730.792000", "122730.794000", "122730.797000", "122730.799000", "122730.802000", "122730.804000", "122730.807000", "122730.809000", "122730.812000", "122730.814000", "122750.729000", "122750.732000", "122750.734000", "122750.737000", "122750.740000", "122750.742000", "122750.745000", "122750.747000", "122750.749000", "122750.752000", "122750.754000", "122750.756000", "122750.759000", "122750.762000", "122750.764000", "122750.766000", "122750.769000", "122750.771000", "122750.773000", "122750.776000", "122750.778000", "122750.781000", "122750.783000", "122750.786000", "122750.788000", "122750.791000", "122750.793000", "122750.795000", "122750.798000", "122750.801000", "122750.803000", "122750.805000", "122750.808000", "122810.729000", "122810.732000", "122810.734000", "122810.737000", "122810.739000", "122810.742000", "122810.744000", "122810.746000", "122810.749000", "122810.751000", "122810.754000", "122810.756000", "122810.759000", "122810.761000", "122810.763000", "122810.766000", "122810.768000", "122810.771000", "122810.773000", "122810.775000", "122810.778000", "122810.780000", "122810.783000", "122810.785000", "122810.787000", "122810.790000", "122810.792000", "122810.795000", "122810.797000", "122810.800000", "122810.802000", "122810.804000", "122810.807000", "122830.729000", "122830.732000", "122830.734000", "122830.737000", "122830.739000", "122830.742000", "122830.744000", "122830.747000", "122830.756000", "122830.758000", "122830.761000", "122830.763000", "122830.766000", "122830.768000", "122830.770000", "122830.773000", "122830.775000", "122830.778000", "122830.780000", "122830.782000", "122830.785000", "122830.787000", "122830.790000", "122830.792000", "122830.794000", "122830.797000", "122830.814000", "122830.817000", "122830.819000", "122830.821000", "122830.824000", "122830.826000", "122830.829000", "122850.729000", "122850.732000", "122850.734000", "122850.737000", "122850.739000", "122850.742000", "122850.744000", "122850.746000", "122850.749000", "122850.751000", "122850.754000", "122850.756000", "122850.758000", "122850.761000", "122850.763000", "122850.766000", "122850.768000", "122850.771000", "122850.773000", "122850.775000", "122850.785000", "122850.788000", "122850.790000", "122850.792000", "122850.795000", "122850.797000", "122850.800000", "122850.802000", "122850.805000", "122850.807000", "122850.810000", "122850.812000", "122910.729000", "122910.732000", "122910.734000", "122910.737000", "122910.739000", "122910.742000", "122910.744000", "122910.746000", "122910.749000", "122910.751000", "122910.754000", "122910.756000", "122910.759000", "122910.761000", "122910.763000", "122910.766000", "122910.768000", "122910.771000", "122910.773000", "122910.775000", "122910.778000", "122910.780000", "122910.783000", "122910.785000", "122910.787000", "122910.791000", "122910.793000", "122910.796000", "122910.798000", "122910.801000", "122910.803000", "122910.806000", "122910.808000", "122913.970000", "122913.973000", "122913.976000", "122913.978000", "122913.981000", "122913.983000"], "InstanceNumber": [1, 2, 3, 4, 5, 6, 7, 8, 9, 10, 11, 12, 13, 14, 15, 16, 17, 18, 19, 20, 21, 22, 23, 24, 25, 26, 27, 28, 29, 30, 31, 32, 33, 34, 35, 36, 37, 38, 39, 40, 41, 42, 43, 44, 45, 46, 47, 48, 49, 50, 51, 52, 53, 54, 55, 56, 57, 58, 59, 60, 61, 62, 63, 64, 65, 66, 67, 68, 69, 70, 71, 72, 73, 74, 75, 76, 77, 78, 79, 80, 81, 82, 83, 84, 85, 86, 87, 88, 89, 90, 91, 92, 93, 94, 95, 96, 97, 98, 99, 100, 101, 102, 103, 104, 105, 106, 107, 108, 109, 110, 111, 112, 113, 114, 115, 116, 117, 118, 119, 120, 121, 122, 123, 124, 125, 126, 127, 128, 129, 130, 131, 132, 133, 134, 135, 136, 137, 138, 139, 140, 141, 142, 143, 144, 145, 146, 147, 148, 149, 150, 151, 152, 153, 154, 155, 156, 157, 158, 159, 160, 161, 162, 163, 164, 165, 166, 167, 168, 169, 170, 171, 172, 173, 174, 175, 176, 177, 178, 179, 180, 181, 182, 183, 184, 185, 186, 187, 188, 189, 190, 191, 192, 193, 194, 195, 196, 197, 198, 199, 200, 201, 202, 203, 204, 205, 206, 207, 208, 209, 210, 211, 212, 213, 214, 215, 216, 217, 218, 219, 220, 221, 222, 223, 224, 225, 226, 227, 228, 229, 230, 231, 232, 233, 234, 235, 236, 237, 238, 239, 240, 241, 242, 243, 244, 245, 246, 247, 248, 249, 250, 251, 252, 253, 254, 255, 256, 257, 258, 259, 260, 261, 262, 263, 264, 265, 266, 267, 268, 269, 270, 271, 272, 273, 274, 275, 276, 277, 278, 279, 280, 281, 282, 283, 284, 285, 286, 287, 288, 289, 290, 291, 292, 293, 294, 295, 296, 297, 298, 299, 300, 301, 302, 303, 304, 305, 306, 307, 308, 309, 310, 311, 312, 313, 314, 315, 316, 317, 318, 319, 320, 321, 322, 323, 324, 325, 326, 327, 328, 329, 330, 331, 332, 333, 334, 335, 336, 337, 338, 339, 340, 341, 342, 343, 344, 345, 346, 347, 348, 349, 350, 351, 352, 353, 354, 355, 356, 357, 358, 359, 360, 361, 362, 363, 364, 365, 366, 367, 368, 369, 370, 371, 372, 373, 374, 375, 376, 377, 378, 379, 380, 381, 382, 383, 384, 385, 386, 387, 388, 389, 390, 391, 392, 393, 394, 395, 396, 397, 398, 399, 400, 401, 402, 403, 404, 405, 406, 407, 408, 409, 410, 411, 412, 413, 414, 415, 416, 417, 418, 419, 420, 421, 422, 423, 424, 425, 426, 427, 428, 429, 430, 431, 432, 433, 434, 435, 436, 437, 438, 439, 440, 441, 442, 443, 444, 445, 446, 447, 448, 449, 450, 451, 452, 453, 454, 455, 456, 457, 458, 459, 460, 461, 462, 463, 464, 465, 466, 467, 468, 469, 470, 471, 472, 473, 474, 475, 476, 477, 478, 479, 480, 481, 482, 483, 484, 485, 486, 487, 488, 489, 490, 491, 492, 493, 494, 495, 496, 497, 498, 499, 500, 501, 502, 503, 504, 505, 506, 507, 508, 509, 510], "LargestImagePixelValue": [576, 566, 551, 551, 549, 542, 535, 531, 529, 533, 535, 526, 527, 531, 529, 537, 534, 531, 529, 528, 531, 540, 537, 538, 540, 536, 539, 542, 535, 534, 537, 535, 533, 533, 531, 532, 528, 540, 543, 541, 547, 542, 541, 538, 538, 537, 542, 539, 539, 542, 536, 538, 544, 541, 531, 541, 531, 542, 539, 532, 523, 517, 533, 527, 530, 520, 521, 514, 517, 513, 518, 520, 535, 522, 522, 519, 518, 515, 514, 515, 516, 521, 518, 518, 520, 521, 527, 531, 522, 530, 523, 525, 524, 522, 518, 518, 517, 522, 522, 527, 515, 523, 523, 524, 519, 519, 520, 521, 523, 525, 521, 516, 516, 515, 518, 517, 525, 529, 525, 517, 520, 523, 525, 529, 532, 526, 527, 528, 518, 523, 559, 547, 525, 521, 528, 519, 515, 515, 513, 516, 514, 515, 519, 522, 530, 527, 525, 524, 524, 523, 529, 523, 520, 520, 526, 518, 512, 512, 515, 509, 516, 515, 524, 530, 520, 520, 515, 526, 515, 517, 513, 517, 517, 520, 515, 523, 523, 516, 515, 515, 523, 515, 528, 522, 519, 522, 518, 521, 518, 517, 520, 520, 519, 519, 525, 528, 517, 516, 513, 509, 513, 513, 519, 520, 528, 526, 524, 525, 523, 522, 523, 520, 521, 520, 522, 522, 522, 526, 524, 522, 524, 522, 527, 527, 531, 527, 528, 525, 522, 519, 518, 527, 523, 521, 521, 537, 520, 519, 516, 514, 515, 521, 517, 518, 518, 518, 517, 522, 517, 515, 519, 538, 530, 524, 528, 519, 517, 525, 522, 520, 526, 525, 530, 523, 524, 523, 527, 527, 526, 521, 520, 528, 526, 526, 521, 523, 524, 523, 524, 526, 525, 527, 525, 528, 526, 531, 527, 524, 524, 532, 528, 528, 528, 526, 526, 527, 530, 530, 529, 524, 524, 525, 529, 528, 528, 531, 532, 531, 532, 530, 528, 533, 534, 527, 530, 529, 526, 526, 529, 532, 523, 526, 527, 524, 524, 528, 524, 526, 525, 523, 527, 526, 524, 524, 529, 531, 530, 525, 527, 526, 528, 529, 524, 524, 530, 531, 524, 532, 528, 522, 529, 528, 528, 527, 530, 528, 526, 532, 531, 530, 525, 533, 526, 528, 531, 526, 524, 526, 531, 529, 525, 528, 533, 527, 527, 528, 527, 530, 528, 526, 531, 529, 525, 523, 530, 528, 524, 519, 523, 521, 521, 519, 519, 526, 520, 521, 522, 522, 531, 550, 572, 539, 527, 530, 525, 525, 534, 537, 546, 522, 520, 518, 533, 545, 532, 530, 526, 535, 545, 538, 546, 543, 549, 573, 537, 524, 533, 539, 534, 528, 534, 542, 537, 534, 533, 533, 532, 529, 546, 538, 542, 564, 552, 537, 524, 524, 525, 544, 566, 537, 570, 541, 507, 554, 562, 533, 612, 522, 509, 514, 535, 525, 514, 537, 544, 522, 544, 530, 524, 520, 529, 532, 517, 535, 523, 517, 519, 516, 517, 524, 523, 518, 519, 520, 540, 520, 537, 532, 523, 536, 520, 529, 532, 533, 532, 530, 530, 530, 527, 540, 539, 532, 533, 533, 524, 539, 542, 536, 533, 554], "WindowCenter": [307.0, 304.0, 303.0, 303.0, 302.0, 301.0, 301.0, 301.0, 300.0, 301.0, 301.0, 301.0, 301.0, 301.0, 300.0, 301.0, 301.0, 301.0, 300.0, 300.0, 301.0, 301.0, 301.0, 301.0, 300.0, 301.0, 302.0, 301.0, 302.0, 301.0, 301.0, 301.0, 301.0, 300.0, 301.0, 300.0, 300.0, 301.0, 300.0, 300.0, 300.0, 300.0, 300.0, 300.0, 301.0, 300.0, 301.0, 300.0, 301.0, 301.0, 301.0, 300.0, 301.0, 301.0, 301.0, 302.0, 301.0, 301.0, 300.0, 300.0, 300.0, 300.0, 301.0, 300.0, 300.0, 300.0, 301.0, 301.0, 300.0, 302.0, 301.0, 301.0, 301.0, 301.0, 301.0, 300.0, 301.0, 301.0, 300.0, 300.0, 300.0, 300.0, 301.0, 301.0, 301.0, 302.0, 303.0, 303.0, 303.0, 303.0, 302.0, 302.0, 302.0, 301.0, 301.0, 300.0, 301.0, 300.0, 301.0, 301.0, 300.0, 301.0, 302.0, 301.0, 301.0, 301.0, 301.0, 302.0, 301.0, 302.0, 301.0, 301.0, 300.0, 300.0, 300.0, 300.0, 300.0, 300.0, 301.0, 300.0, 300.0, 300.0, 301.0, 301.0, 302.0, 302.0, 302.0, 301.0, 301.0, 297.0, 306.0, 302.0, 301.0, 300.0, 300.0, 299.0, 299.0, 299.0, 299.0, 299.0, 300.0, 300.0, 300.0, 300.0, 301.0, 300.0, 301.0, 301.0, 300.0, 301.0, 301.0, 300.0, 301.0, 301.0, 300.0, 301.0, 300.0, 300.0, 301.0, 300.0, 302.0, 302.0, 303.0, 304.0, 303.0, 303.0, 302.0, 303.0, 302.0, 302.0, 302.0, 302.0, 302.0, 301.0, 301.0, 302.0, 301.0, 300.0, 300.0, 301.0, 300.0, 301.0, 301.0, 301.0, 301.0, 302.0, 302.0, 302.0, 302.0, 301.0, 301.0, 301.0, 300.0, 301.0, 301.0, 302.0, 300.0, 301.0, 301.0, 300.0, 301.0, 301.0, 302.0, 302.0, 302.0, 301.0, 302.0, 302.0, 302.0, 301.0, 301.0, 301.0, 301.0, 301.0, 301.0, 300.0, 300.0, 301.0, 301.0, 302.0, 302.0, 303.0, 303.0, 303.0, 304.0, 303.0, 303.0, 303.0, 303.0, 302.0, 301.0, 301.0, 301.0, 301.0, 301.0, 302.0, 301.0, 301.0, 301.0, 301.0, 302.0, 302.0, 302.0, 302.0, 302.0, 302.0, 302.0, 302.0, 301.0, 300.0, 300.0, 302.0, 301.0, 300.0, 300.0, 299.0, 300.0, 300.0, 301.0, 302.0, 302.0, 302.0, 302.0, 303.0, 302.0, 302.0, 302.0, 302.0, 302.0, 302.0, 302.0, 302.0, 303.0, 302.0, 302.0, 301.0, 302.0, 302.0, 302.0, 302.0, 303.0, 303.0, 303.0, 303.0, 304.0, 303.0, 303.0, 303.0, 302.0, 303.0, 303.0, 303.0, 303.0, 303.0, 302.0, 302.0, 302.0, 302.0, 302.0, 301.0, 301.0, 302.0, 303.0, 303.0, 303.0, 304.0, 304.0, 305.0, 304.0, 304.0, 303.0, 304.0, 304.0, 304.0, 303.0, 303.0, 302.0, 303.0, 303.0, 303.0, 302.0, 302.0, 302.0, 302.0, 302.0, 302.0, 303.0, 303.0, 303.0, 303.0, 302.0, 303.0, 302.0, 303.0, 302.0, 303.0, 304.0, 303.0, 303.0, 303.0, 303.0, 303.0, 303.0, 303.0, 303.0, 304.0, 303.0, 303.0, 303.0, 303.0, 303.0, 304.0, 303.0, 304.0, 304.0, 303.0, 304.0, 304.0, 304.0, 304.0, 304.0, 304.0, 304.0, 304.0, 305.0, 304.0, 303.0, 303.0, 304.0, 303.0, 304.0, 303.0, 304.0, 304.0, 304.0, 304.0, 304.0, 304.0, 303.0, 304.0, 305.0, 305.0, 305.0, 305.0, 305.0, 305.0, 304.0, 304.0, 303.0, 303.0, 303.0, 303.0, 303.0, 303.0, 304.0, 303.0, 303.0, 304.0, 303.0, 305.0, 306.0, 303.0, 303.0, 303.0, 303.0, 303.0, 303.0, 304.0, 305.0, 304.0, 303.0, 302.0, 300.0, 302.0, 304.0, 302.0, 303.0, 303.0, 303.0, 301.0, 300.0, 303.0, 297.0, 303.0, 300.0, 300.0, 302.0, 303.0, 303.0, 305.0, 304.0, 304.0, 304.0, 303.0, 303.0, 303.0, 302.0, 303.0, 301.0, 302.0, 302.0, 302.0, 301.0, 299.0, 303.0, 300.0, 297.0, 299.0, 302.0, 298.0, 307.0, 302.0, 300.0, 299.0, 304.0, 298.0, 304.0, 299.0, 300.0, 300.0, 302.0, 302.0, 300.0, 299.0, 301.0, 303.0, 304.0, 303.0, 303.0, 303.0, 304.0, 304.0, 303.0, 305.0, 303.0, 302.0, 302.0, 302.0, 302.0, 302.0, 302.0, 302.0, 302.0, 302.0, 304.0, 303.0, 303.0, 304.0, 303.0, 305.0, 303.0, 303.0, 303.0, 304.0, 304.0, 303.0, 303.0, 303.0, 302.0, 304.0, 302.0, 303.0, 300.0, 305.0, 302.0, 306.0, 304.0, 302.0, 301.0, 300.0], "WindowWidth": [666.0, 661.0, 658.0, 658.0, 657.0, 656.0, 656.0, 656.0, 654.0, 655.0, 656.0, 655.0, 655.0, 656.0, 654.0, 655.0, 655.0, 654.0, 654.0, 654.0, 655.0, 655.0, 656.0, 656.0, 654.0, 654.0, 657.0, 656.0, 657.0, 656.0, 655.0, 656.0, 654.0, 654.0, 655.0, 654.0, 654.0, 655.0, 654.0, 654.0, 654.0, 654.0, 654.0, 654.0, 654.0, 653.0, 655.0, 654.0, 655.0, 655.0, 655.0, 654.0, 656.0, 655.0, 656.0, 658.0, 654.0, 654.0, 654.0, 654.0, 653.0, 653.0, 654.0, 653.0, 654.0, 654.0, 655.0, 654.0, 654.0, 656.0, 656.0, 655.0, 656.0, 655.0, 655.0, 654.0, 655.0, 655.0, 654.0, 654.0, 654.0, 654.0, 655.0, 656.0, 656.0, 657.0, 659.0, 659.0, 659.0, 659.0, 658.0, 658.0, 657.0, 656.0, 655.0, 654.0, 655.0, 654.0, 655.0, 655.0, 654.0, 656.0, 657.0, 656.0, 656.0, 656.0, 656.0, 657.0, 656.0, 657.0, 655.0, 655.0, 654.0, 654.0, 653.0, 653.0, 653.0, 654.0, 655.0, 653.0, 654.0, 654.0, 654.0, 656.0, 657.0, 657.0, 657.0, 657.0, 655.0, 649.0, 665.0, 657.0, 655.0, 653.0, 653.0, 652.0, 651.0, 651.0, 651.0, 651.0, 653.0, 653.0, 654.0, 654.0, 656.0, 654.0, 654.0, 654.0, 654.0, 654.0, 654.0, 653.0, 654.0, 654.0, 654.0, 656.0, 654.0, 654.0, 655.0, 654.0, 656.0, 657.0, 659.0, 661.0, 659.0, 659.0, 658.0, 659.0, 657.0, 658.0, 658.0, 657.0, 656.0, 656.0, 655.0, 658.0, 656.0, 654.0, 654.0, 655.0, 654.0, 656.0, 656.0, 656.0, 655.0, 657.0, 657.0, 658.0, 657.0, 656.0, 656.0, 655.0, 654.0, 656.0, 656.0, 658.0, 654.0, 655.0, 654.0, 653.0, 654.0, 655.0, 657.0, 657.0, 657.0, 656.0, 657.0, 656.0, 657.0, 656.0, 656.0, 654.0, 655.0, 655.0, 655.0, 654.0, 654.0, 654.0, 655.0, 656.0, 657.0, 659.0, 659.0, 660.0, 661.0, 659.0, 659.0, 659.0, 658.0, 657.0, 656.0, 656.0, 655.0, 655.0, 655.0, 658.0, 655.0, 655.0, 655.0, 656.0, 656.0, 657.0, 658.0, 657.0, 657.0, 657.0, 657.0, 657.0, 655.0, 654.0, 653.0, 657.0, 655.0, 653.0, 653.0, 652.0, 653.0, 653.0, 655.0, 656.0, 656.0, 656.0, 657.0, 658.0, 657.0, 657.0, 657.0, 657.0, 657.0, 657.0, 657.0, 657.0, 658.0, 657.0, 656.0, 655.0, 656.0, 657.0, 656.0, 658.0, 658.0, 659.0, 658.0, 659.0, 660.0, 659.0, 660.0, 659.0, 657.0, 659.0, 659.0, 659.0, 659.0, 659.0, 657.0, 657.0, 657.0, 657.0, 656.0, 655.0, 655.0, 657.0, 658.0, 659.0, 659.0, 661.0, 660.0, 662.0, 660.0, 661.0, 659.0, 661.0, 660.0, 661.0, 659.0, 658.0, 658.0, 658.0, 658.0, 659.0, 658.0, 656.0, 656.0, 656.0, 657.0, 658.0, 659.0, 659.0, 659.0, 659.0, 658.0, 658.0, 658.0, 658.0, 658.0, 659.0, 660.0, 658.0, 659.0, 659.0, 660.0, 659.0, 658.0, 658.0, 659.0, 660.0, 659.0, 659.0, 658.0, 658.0, 658.0, 660.0, 659.0, 661.0, 660.0, 659.0, 660.0, 660.0, 661.0, 661.0, 661.0, 661.0, 661.0, 660.0, 662.0, 661.0, 660.0, 659.0, 660.0, 659.0, 660.0, 660.0, 660.0, 661.0, 660.0, 660.0, 660.0, 660.0, 660.0, 661.0, 663.0, 662.0, 662.0, 662.0, 662.0, 662.0, 661.0, 661.0, 660.0, 659.0, 660.0, 659.0, 659.0, 659.0, 660.0, 659.0, 660.0, 662.0, 659.0, 662.0, 664.0, 659.0, 659.0, 658.0, 659.0, 659.0, 660.0, 660.0, 664.0, 661.0, 659.0, 658.0, 653.0, 658.0, 662.0, 657.0, 658.0, 659.0, 660.0, 656.0, 653.0, 659.0, 648.0, 659.0, 654.0, 654.0, 657.0, 659.0, 659.0, 662.0, 661.0, 661.0, 661.0, 659.0, 658.0, 658.0, 657.0, 659.0, 655.0, 658.0, 657.0, 657.0, 655.0, 651.0, 660.0, 653.0, 647.0, 651.0, 656.0, 649.0, 666.0, 658.0, 652.0, 650.0, 660.0, 648.0, 662.0, 652.0, 653.0, 652.0, 657.0, 656.0, 652.0, 651.0, 655.0, 659.0, 660.0, 659.0, 659.0, 659.0, 660.0, 660.0, 659.0, 662.0, 659.0, 657.0, 657.0, 657.0, 657.0, 656.0, 656.0, 656.0, 658.0, 657.0, 661.0, 658.0, 658.0, 660.0, 659.0, 663.0, 658.0, 658.0, 658.0, 660.0, 660.0, 659.0, 659.0, 659.0, 657.0, 660.0, 658.0, 659.0, 653.0, 662.0, 658.0, 665.0, 662.0, 658.0, 656.0, 652.0]}, "slices": {}}, "EventTimestamp": "12-26-31"}