{"AcquisitionMatrixPE": 64, "AcquisitionNumber": 1, "AcquisitionTime": "14:22:51.692500", "BandwidthPerPixelPhaseEncode": 28.935, "BaseResolution": 64, "BodyPartExamined": "BRAIN", "CoilString": "HC2_4_6_7", "ConsistencyInfo": "N4_VE11E_LATEST_20181129", "ConversionSoftware": "dcm2niix", "ConversionSoftwareVersion": "v1.0.20190902", "DerivedVendorReportedEchoSpacing": 0.000540003, "DeviceSerialNumber": "166182", "DwellTime": 3.4e-06, "EchoTime": 0.032, "EchoTrainLength": 64, "EffectiveEchoSpacing": 0.000540003, "FlipAngle": 40, "ImageOrientationPatientDICOM": [0.991018, 0.117976, -0.0629722, -0.123965, 0.987066, -0.101657], "ImageType": ["ORIGINAL", "PRIMARY", "M", "ND", "NORM", "MOSAIC"], "ImagingFrequency": 123.256, "InPlanePhaseEncodingDirectionDICOM": "COL", "InstitutionAddress": "PEARSE_STREET_._City_District_IE_D2", "InstitutionName": "TCIN", "InstitutionalDepartmentName": "MRI", "MRAcquisitionType": "2D", "MagneticFieldStrength": 3, "Manufacturer": "Siemens", "ManufacturersModelName": "Prisma", "Modality": "MR", "MultibandAccelerationFactor": 4, "PartialFourier": 1, "PatientPosition": "HFS", "PercentPhaseFOV": 100, "PhaseEncodingDirection": "j-", "PhaseEncodingSteps": 64, "PhaseResolution": 1, "PixelBandwidth": 2300, "ProcedureStepDescription": "Rhodri_Head_BOLD", "ProtocolName": "cmrr_mbep2d_Pictures_AP_RDS", "PulseSequenceDetails": "%SiemensSeq%_ep2d_bold", "ReceiveCoilActiveElements": "HC2,4,6,7", "ReceiveCoilName": "HeadNeck_64", "ReconMatrixPE": 64, "RefLinesPE": 12, "RepetitionTime": 0.61, "SAR": 0.398593, "ScanOptions": "FS", "ScanningSequence": "EP", "SequenceName": "_epfid2d1_64", "SequenceVariant": "SK", "SeriesDescription": "cmrr_mbep2d_Pictures_AP_RDS", "SeriesNumber": 8, "ShimSetting": [-3615, -7329, 4095, 701, -103, 576, -150, -28], "SliceThickness": 3, "SliceTiming": [0.2625, 0, 0.33, 0.0675, 0.395, 0.1325, 0.46, 0.1975, 0.525, 0.2625, 0, 0.33, 0.0675, 0.395, 0.1325, 0.46, 0.1975, 0.525, 0.2625, 0, 0.33, 0.0675, 0.395, 0.1325, 0.46, 0.1975, 0.525, 0.2625, 0, 0.33, 0.0675, 0.395, 0.1325, 0.46, 0.1975, 0.525], "SoftwareVersions": "syngo_MR_E11", "SpacingBetweenSlices": 3.3, "StationName": "AWP166182", "TaskName": "pictures", "TotalReadoutTime": 0.0340202, "TxRefAmp": 239.637, "dcmmeta_affine": [[-2.973053455352783, -0.3718941807746887, -0.1655436009168625, 106.87662506103516], [-0.3539269268512726, 2.9611971378326416, -0.3582143783569336, -93.54649353027344], [-0.18891668319702148, 0.3049697279930115, 3.2763209342956543, -75.05062103271484], [0.0, 0.0, 0.0, 1.0]], "dcmmeta_reorient_transform": [[0.0, -1.0, 0.0, 63.0], [1.0, 0.0, 0.0, 0.0], [0.0, 0.0, 1.0, 0.0], [0.0, 0.0, 0.0, 1.0]], "dcmmeta_shape": [64, 64, 36, 510], "dcmmeta_slice_dim": 2, "dcmmeta_version": 0.6, "global": {"const": {"AcquisitionMatrix": [64, 0, 0, 64], "AngioFlag": "N", "BitsAllocated": 16, "BitsStored": 12, "BodyPartExamined": "BRAIN", "Columns": 384, "EchoNumbers": 1, "EchoTime": 32.0, "EchoTrainLength": 64, "FlipAngle": 40.0, "HighBit": 11, "ImageOrientationPatient": [0.99101778257496, 0.11797564533374, -0.0629722298184, -0.1239647317506, 0.98706569483301, -0.1016565756153], "ImagePositionPatient": [-499.63275517063, -623.42876539674, 23.184300450332], "ImageType": ["ORIGINAL", "PRIMARY", "M", "ND", "NORM", "MOSAIC"], "ImagedNucleus": "1H", "ImagingFrequency": 123.256105, "InPlanePhaseEncodingDirection": "COL", "MRAcquisitionType": "2D", "MagneticFieldStrength": 3.0, "Manufacturer": "SIEMENS", "ManufacturerModelName": "Prisma", "Modality": "MR", "NumberOfAverages": 1.0, "NumberOfPhaseEncodingSteps": 64, "PercentPhaseFieldOfView": 100.0, "PercentSampling": 100.0, "PerformedProcedureStepStartTime": "141424.908000", "PhotometricInterpretation": "MONOCHROME2", "PixelBandwidth": 2300.0, "PixelRepresentation": 0, "PixelSpacing": [3.0, 3.0], "ProtocolName": "cmrr_mbep2d_Pictures_AP_RDS", "RepetitionTime": 610.0, "Rows": 384, "SAR": 0.39859286436624, "SamplesPerPixel": 1, "ScanOptions": "FS", "ScanningSequence": "EP", "SequenceName": "*epfid2d1_64", "SequenceVariant": "SK", "SeriesDescription": "cmrr_mbep2d_Pictures_AP_RDS", "SeriesNumber": 8, "SeriesTime": "142315.798000", "SliceLocation": -69.719074029256, "SliceThickness": 3.0, "SmallestImagePixelValue": 0, "SoftwareVersions": "syngo MR E11", "SpacingBetweenSlices": 3.3000000942023, "SpecificCharacterSet": "ISO_IR 100", "StudyID": "1", "StudyTime": "141424.794000", "TransmitCoilName": "Body", "VariableFlipAngleFlag": "N", "WindowCenterWidthExplanation": "Algo1"}, "slices": {}}, "time": {"samples": {"AcquisitionNumber": [1, 2, 3, 4, 5, 6, 7, 8, 9, 10, 11, 12, 13, 14, 15, 16, 17, 18, 19, 20, 21, 22, 23, 24, 25, 26, 27, 28, 29, 30, 31, 32, 33, 34, 35, 36, 37, 38, 39, 40, 41, 42, 43, 44, 45, 46, 47, 48, 49, 50, 51, 52, 53, 54, 55, 56, 57, 58, 59, 60, 61, 62, 63, 64, 65, 66, 67, 68, 69, 70, 71, 72, 73, 74, 75, 76, 77, 78, 79, 80, 81, 82, 83, 84, 85, 86, 87, 88, 89, 90, 91, 92, 93, 94, 95, 96, 97, 98, 99, 100, 101, 102, 103, 104, 105, 106, 107, 108, 109, 110, 111, 112, 113, 114, 115, 116, 117, 118, 119, 120, 121, 122, 123, 124, 125, 126, 127, 128, 129, 130, 131, 132, 133, 134, 135, 136, 137, 138, 139, 140, 141, 142, 143, 144, 145, 146, 147, 148, 149, 150, 151, 152, 153, 154, 155, 156, 157, 158, 159, 160, 161, 162, 163, 164, 165, 166, 167, 168, 169, 170, 171, 172, 173, 174, 175, 176, 177, 178, 179, 180, 181, 182, 183, 184, 185, 186, 187, 188, 189, 190, 191, 192, 193, 194, 195, 196, 197, 198, 199, 200, 201, 202, 203, 204, 205, 206, 207, 208, 209, 210, 211, 212, 213, 214, 215, 216, 217, 218, 219, 220, 221, 222, 223, 224, 225, 226, 227, 228, 229, 230, 231, 232, 233, 234, 235, 236, 237, 238, 239, 240, 241, 242, 243, 244, 245, 246, 247, 248, 249, 250, 251, 252, 253, 254, 255, 256, 257, 258, 259, 260, 261, 262, 263, 264, 265, 266, 267, 268, 269, 270, 271, 272, 273, 274, 275, 276, 277, 278, 279, 280, 281, 282, 283, 284, 285, 286, 287, 288, 289, 290, 291, 292, 293, 294, 295, 296, 297, 298, 299, 300, 301, 302, 303, 304, 305, 306, 307, 308, 309, 310, 311, 312, 313, 314, 315, 316, 317, 318, 319, 320, 321, 322, 323, 324, 325, 326, 327, 328, 329, 330, 331, 332, 333, 334, 335, 336, 337, 338, 339, 340, 341, 342, 343, 344, 345, 346, 347, 348, 349, 350, 351, 352, 353, 354, 355, 356, 357, 358, 359, 360, 361, 362, 363, 364, 365, 366, 367, 368, 369, 370, 371, 372, 373, 374, 375, 376, 377, 378, 379, 380, 381, 382, 383, 384, 385, 386, 387, 388, 389, 390, 391, 392, 393, 394, 395, 396, 397, 398, 399, 400, 401, 402, 403, 404, 405, 406, 407, 408, 409, 410, 411, 412, 413, 414, 415, 416, 417, 418, 419, 420, 421, 422, 423, 424, 425, 426, 427, 428, 429, 430, 431, 432, 433, 434, 435, 436, 437, 438, 439, 440, 441, 442, 443, 444, 445, 446, 447, 448, 449, 450, 451, 452, 453, 454, 455, 456, 457, 458, 459, 460, 461, 462, 463, 464, 465, 466, 467, 468, 469, 470, 471, 472, 473, 474, 475, 476, 477, 478, 479, 480, 481, 482, 483, 484, 485, 486, 487, 488, 489, 490, 491, 492, 493, 494, 495, 496, 497, 498, 499, 500, 501, 502, 503, 504, 505, 506, 507, 508, 509, 510], "AcquisitionTime": ["142251.692500", "142252.302500", "142252.912500", "142253.522500", "142254.132500", "142254.742500", "142255.352500", "142255.962500", "142256.572500", "142257.182500", "142257.792500", "142258.402500", "142259.012500", "142259.622500", "142300.232500", "142300.842500", "142301.452500", "142302.062500", "142302.672500", "142303.282500", "142303.892500", "142304.502500", "142305.112500", "142305.722500", "142306.332500", "142306.942500", "142307.552500", "142308.162500", "142308.772500", "142309.382500", "142309.992500", "142310.602500", "142311.212500", "142311.822500", "142312.432500", "142313.042500", "142313.652500", "142314.262500", "142314.872500", "142315.482500", "142316.092500", "142316.702500", "142317.312500", "142317.922500", "142318.532500", "142319.142500", "142319.752500", "142320.362500", "142320.972500", "142321.582500", "142322.192500", "142322.802500", "142323.412500", "142324.022500", "142324.632500", "142325.242500", "142325.852500", "142326.462500", "142327.072500", "142327.682500", "142328.292500", "142328.902500", "142329.512500", "142330.122500", "142330.732500", "142331.342500", "142331.952500", "142332.562500", "142333.172500", "142333.782500", "142334.392500", "142335.002500", "142335.612500", "142336.222500", "142336.832500", "142337.442500", "142338.052500", "142338.662500", "142339.272500", "142339.882500", "142340.492500", "142341.102500", "142341.712500", "142342.322500", "142342.932500", "142343.542500", "142344.152500", "142344.762500", "142345.372500", "142345.982500", "142346.592500", "142347.202500", "142347.812500", "142348.422500", "142349.032500", "142349.642500", "142350.252500", "142350.862500", "142351.472500", "142352.082500", "142352.692500", "142353.302500", "142353.912500", "142354.522500", "142355.132500", "142355.742500", "142356.352500", "142356.962500", "142357.572500", "142358.182500", "142358.792500", "142359.402500", "142400.012500", "142400.622500", "142401.232500", "142401.842500", "142402.452500", "142403.062500", "142403.672500", "142404.282500", "142404.892500", "142405.502500", "142406.112500", "142406.722500", "142407.332500", "142407.942500", "142408.552500", "142409.162500", "142409.772500", "142410.382500", "142410.992500", "142411.602500", "142412.212500", "142412.822500", "142413.432500", "142414.042500", "142414.652500", "142415.262500", "142415.872500", "142416.482500", "142417.092500", "142417.702500", "142418.312500", "142418.922500", "142419.532500", "142420.142500", "142420.752500", "142421.362500", "142421.972500", "142422.582500", "142423.192500", "142423.802500", "142424.412500", "142425.022500", "142425.632500", "142426.242500", "142426.852500", "142427.462500", "142428.072500", "142428.682500", "142429.292500", "142429.902500", "142430.512500", "142431.122500", "142431.732500", "142432.342500", "142432.952500", "142433.562500", "142434.172500", "142434.782500", "142435.392500", "142436.002500", "142436.612500", "142437.222500", "142437.832500", "142438.442500", "142439.052500", "142439.662500", "142440.272500", "142440.882500", "142441.492500", "142442.102500", "142442.712500", "142443.322500", "142443.932500", "142444.542500", "142445.152500", "142445.762500", "142446.372500", "142446.982500", "142447.592500", "142448.202500", "142448.812500", "142449.422500", "142450.032500", "142450.642500", "142451.252500", "142451.862500", "142452.472500", "142453.082500", "142453.692500", "142454.302500", "142454.912500", "142455.522500", "142456.132500", "142456.742500", "142457.352500", "142457.962500", "142458.572500", "142459.182500", "142459.792500", "142500.402500", "142501.012500", "142501.622500", "142502.232500", "142502.842500", "142503.452500", "142504.062500", "142504.672500", "142505.282500", "142505.892500", "142506.502500", "142507.112500", "142507.722500", "142508.332500", "142508.942500", "142509.552500", "142510.162500", "142510.772500", "142511.382500", "142511.992500", "142512.602500", "142513.212500", "142513.822500", "142514.432500", "142515.042500", "142515.652500", "142516.262500", "142516.872500", "142517.482500", "142518.092500", "142518.702500", "142519.312500", "142519.922500", "142520.532500", "142521.142500", "142521.752500", "142522.362500", "142522.972500", "142523.582500", "142524.192500", "142524.802500", "142525.412500", "142526.022500", "142526.632500", "142527.242500", "142527.852500", "142528.462500", "142529.072500", "142529.682500", "142530.292500", "142530.902500", "142531.512500", "142532.122500", "142532.732500", "142533.342500", "142533.952500", "142534.562500", "142535.172500", "142535.782500", "142536.392500", "142537.002500", "142537.612500", "142538.222500", "142538.832500", "142539.442500", "142540.052500", "142540.662500", "142541.272500", "142541.882500", "142542.492500", "142543.102500", "142543.712500", "142544.322500", "142544.932500", "142545.542500", "142546.152500", "142546.762500", "142547.372500", "142547.982500", "142548.592500", "142549.202500", "142549.812500", "142550.422500", "142551.032500", "142551.642500", "142552.252500", "142552.862500", "142553.472500", "142554.082500", "142554.692500", "142555.302500", "142555.912500", "142556.522500", "142557.132500", "142557.742500", "142558.352500", "142558.962500", "142559.572500", "142600.182500", "142600.792500", "142601.402500", "142602.012500", "142602.622500", "142603.232500", "142603.842500", "142604.452500", "142605.062500", "142605.672500", "142606.282500", "142606.892500", "142607.502500", "142608.112500", "142608.722500", "142609.332500", "142609.942500", "142610.552500", "142611.162500", "142611.772500", "142612.382500", "142612.992500", "142613.602500", "142614.212500", "142614.822500", "142615.432500", "142616.042500", "142616.652500", "142617.262500", "142617.872500", "142618.482500", "142619.092500", "142619.702500", "142620.312500", "142620.922500", "142621.532500", "142622.142500", "142622.752500", "142623.362500", "142623.972500", "142624.582500", "142625.192500", "142625.802500", "142626.412500", "142627.022500", "142627.632500", "142628.242500", "142628.852500", "142629.462500", "142630.072500", "142630.682500", "142631.292500", "142631.902500", "142632.512500", "142633.122500", "142633.732500", "142634.342500", "142634.952500", "142635.562500", "142636.172500", "142636.782500", "142637.392500", "142638.002500", "142638.612500", "142639.222500", "142639.832500", "142640.442500", "142641.052500", "142641.662500", "142642.272500", "142642.882500", "142643.492500", "142644.102500", "142644.712500", "142645.322500", "142645.932500", "142646.542500", "142647.152500", "142647.762500", "142648.372500", "142648.982500", "142649.592500", "142650.202500", "142650.812500", "142651.422500", "142652.032500", "142652.642500", "142653.252500", "142653.862500", "142654.472500", "142655.082500", "142655.692500", "142656.302500", "142656.912500", "142657.522500", "142658.132500", "142658.742500", "142659.352500", "142659.962500", "142700.572500", "142701.182500", "142701.792500", "142702.402500", "142703.012500", "142703.622500", "142704.232500", "142704.842500", "142705.452500", "142706.062500", "142706.672500", "142707.282500", "142707.892500", "142708.502500", "142709.112500", "142709.722500", "142710.332500", "142710.942500", "142711.552500", "142712.162500", "142712.772500", "142713.382500", "142713.992500", "142714.602500", "142715.212500", "142715.822500", "142716.432500", "142717.042500", "142717.652500", "142718.262500", "142718.872500", "142719.482500", "142720.092500", "142720.702500", "142721.312500", "142721.922500", "142722.532500", "142723.142500", "142723.752500", "142724.362500", "142724.972500", "142725.582500", "142726.192500", "142726.802500", "142727.412500", "142728.022500", "142728.632500", "142729.242500", "142729.852500", "142730.462500", "142731.072500", "142731.682500", "142732.292500", "142732.902500", "142733.512500", "142734.122500", "142734.732500", "142735.342500", "142735.952500", "142736.562500", "142737.172500", "142737.782500", "142738.392500", "142739.002500", "142739.612500", "142740.222500", "142740.832500", "142741.442500", "142742.052500", "142742.662500", "142743.272500", "142743.882500", "142744.492500", "142745.102500", "142745.712500", "142746.322500", "142746.932500", "142747.542500", "142748.152500", "142748.762500", "142749.372500", "142749.982500", "142750.592500", "142751.202500", "142751.812500", "142752.422500", "142753.032500", "142753.642500", "142754.252500", "142754.862500", "142755.472500", "142756.082500", "142756.692500", "142757.302500", "142757.912500", "142758.522500", "142759.132500", "142759.742500", "142800.352500", "142800.962500", "142801.572500", "142802.182500"], "ContentTime": ["142315.801000", "142315.804000", "142315.807000", "142315.809000", "142315.812000", "142315.814000", "142315.816000", "142315.819000", "142315.821000", "142315.824000", "142315.826000", "142315.829000", "142315.831000", "142315.834000", "142315.836000", "142315.838000", "142315.841000", "142315.843000", "142315.846000", "142315.857000", "142315.860000", "142315.862000", "142315.864000", "142315.867000", "142315.869000", "142315.872000", "142315.874000", "142315.876000", "142315.882000", "142315.885000", "142315.887000", "142315.890000", "142315.892000", "142315.894000", "142315.897000", "142315.899000", "142315.901000", "142315.904000", "142315.906000", "142335.796000", "142335.799000", "142335.801000", "142335.804000", "142335.806000", "142335.809000", "142335.811000", "142335.813000", "142335.816000", "142335.818000", "142335.821000", "142335.828000", "142335.831000", "142335.833000", "142335.836000", "142335.838000", "142335.841000", "142335.844000", "142335.846000", "142335.849000", "142335.851000", "142335.854000", "142335.856000", "142335.859000", "142335.861000", "142335.863000", "142335.866000", "142335.868000", "142335.870000", "142335.873000", "142335.875000", "142335.878000", "142355.796000", "142355.799000", "142355.801000", "142355.804000", "142355.807000", "142355.809000", "142355.812000", "142355.814000", "142355.817000", "142355.819000", "142355.822000", "142355.824000", "142355.827000", "142355.829000", "142355.831000", "142355.834000", "142355.836000", "142355.839000", "142355.841000", "142355.844000", "142355.846000", "142355.848000", "142355.851000", "142355.853000", "142355.856000", "142355.858000", "142355.860000", "142355.863000", "142355.865000", "142355.868000", "142355.870000", "142355.873000", "142355.875000", "142415.796000", "142415.799000", "142415.801000", "142415.804000", "142415.806000", "142415.809000", "142415.811000", "142415.814000", "142415.816000", "142415.818000", "142415.821000", "142415.823000", "142415.826000", "142415.828000", "142415.831000", "142415.833000", "142415.835000", "142415.838000", "142415.840000", "142415.843000", "142415.845000", "142415.849000", "142415.852000", "142415.854000", "142415.857000", "142415.859000", "142415.861000", "142415.864000", "142415.866000", "142415.868000", "142415.871000", "142415.873000", "142415.876000", "142435.796000", "142435.799000", "142435.801000", "142435.804000", "142435.806000", "142435.809000", "142435.811000", "142435.814000", "142435.816000", "142435.818000", "142435.821000", "142435.823000", "142435.826000", "142435.828000", "142435.830000", "142435.833000", "142435.835000", "142435.837000", "142435.840000", "142435.842000", "142435.845000", "142435.847000", "142435.850000", "142435.852000", "142435.854000", "142435.857000", "142435.859000", "142435.861000", "142435.864000", "142435.866000", "142435.869000", "142435.871000", "142435.873000", "142455.796000", "142455.799000", "142455.801000", "142455.804000", "142455.806000", "142455.809000", "142455.811000", "142455.813000", "142455.816000", "142455.818000", "142455.821000", "142455.823000", "142455.825000", "142455.828000", "142455.830000", "142455.833000", "142455.835000", "142455.837000", "142455.840000", "142455.842000", "142455.845000", "142455.847000", "142455.849000", "142455.852000", "142455.854000", "142455.856000", "142455.859000", "142455.861000", "142455.864000", "142455.866000", "142455.868000", "142455.871000", "142455.873000", "142515.797000", "142515.800000", "142515.803000", "142515.805000", "142515.807000", "142515.810000", "142515.813000", "142515.815000", "142515.817000", "142515.820000", "142515.822000", "142515.825000", "142515.827000", "142515.830000", "142515.832000", "142515.835000", "142515.837000", "142515.840000", "142515.842000", "142515.845000", "142515.847000", "142515.850000", "142515.852000", "142515.854000", "142515.857000", "142515.859000", "142515.862000", "142515.864000", "142515.866000", "142515.869000", "142515.872000", "142515.874000", "142535.796000", "142535.799000", "142535.801000", "142535.804000", "142535.807000", "142535.809000", "142535.811000", "142535.814000", "142535.816000", "142535.819000", "142535.821000", "142535.823000", "142535.826000", "142535.828000", "142535.830000", "142535.833000", "142535.835000", "142535.838000", "142535.840000", "142535.843000", "142535.845000", "142535.849000", "142535.852000", "142535.854000", "142535.857000", "142535.859000", "142535.861000", "142535.864000", "142535.866000", "142535.869000", "142535.871000", "142535.873000", "142535.876000", "142555.796000", "142555.799000", "142555.801000", "142555.804000", "142555.806000", "142555.809000", "142555.811000", "142555.814000", "142555.816000", "142555.818000", "142555.821000", "142555.823000", "142555.840000", "142555.843000", "142555.845000", "142555.848000", "142555.850000", "142555.852000", "142555.855000", "142555.857000", "142555.860000", "142555.862000", "142555.864000", "142555.867000", "142555.869000", "142555.872000", "142555.874000", "142555.877000", "142555.879000", "142555.881000", "142555.884000", "142555.886000", "142555.889000", "142615.796000", "142615.799000", "142615.802000", "142615.804000", "142615.806000", "142615.809000", "142615.811000", "142615.814000", "142615.816000", "142615.819000", "142615.821000", "142615.823000", "142615.826000", "142615.841000", "142615.843000", "142615.846000", "142615.848000", "142615.850000", "142615.853000", "142615.855000", "142615.858000", "142615.860000", "142615.863000", "142615.865000", "142615.867000", "142615.870000", "142615.872000", "142615.875000", "142615.877000", "142615.879000", "142615.882000", "142615.884000", "142615.887000", "142635.796000", "142635.799000", "142635.801000", "142635.804000", "142635.806000", "142635.809000", "142635.811000", "142635.814000", "142635.816000", "142635.818000", "142635.821000", "142635.823000", "142635.826000", "142635.828000", "142635.831000", "142635.833000", "142635.835000", "142635.838000", "142635.840000", "142635.843000", "142635.845000", "142635.847000", "142635.850000", "142635.852000", "142635.855000", "142635.857000", "142635.860000", "142635.862000", "142635.865000", "142635.867000", "142635.870000", "142635.872000", "142635.874000", "142655.797000", "142655.799000", "142655.802000", "142655.812000", "142655.815000", "142655.817000", "142655.820000", "142655.822000", "142655.824000", "142655.827000", "142655.829000", "142655.832000", "142655.834000", "142655.837000", "142655.839000", "142655.841000", "142655.844000", "142655.846000", "142655.849000", "142655.851000", "142655.853000", "142655.856000", "142655.858000", "142655.861000", "142655.863000", "142655.865000", "142655.868000", "142655.870000", "142655.872000", "142655.875000", "142655.877000", "142655.880000", "142715.796000", "142715.799000", "142715.802000", "142715.804000", "142715.806000", "142715.809000", "142715.811000", "142715.814000", "142715.816000", "142715.819000", "142715.821000", "142715.824000", "142715.826000", "142715.828000", "142715.831000", "142715.841000", "142715.844000", "142715.846000", "142715.848000", "142715.851000", "142715.853000", "142715.856000", "142715.858000", "142715.861000", "142715.863000", "142715.865000", "142715.868000", "142715.870000", "142715.873000", "142715.875000", "142715.877000", "142715.880000", "142715.882000", "142735.797000", "142735.800000", "142735.802000", "142735.805000", "142735.807000", "142735.810000", "142735.812000", "142735.814000", "142735.817000", "142735.819000", "142735.822000", "142735.824000", "142735.827000", "142735.829000", "142735.831000", "142735.834000", "142735.836000", "142735.838000", "142735.841000", "142735.843000", "142735.846000", "142735.848000", "142735.851000", "142735.853000", "142735.855000", "142735.858000", "142735.860000", "142735.863000", "142735.865000", "142735.868000", "142735.870000", "142735.872000", "142735.875000", "142755.796000", "142755.799000", "142755.802000", "142755.804000", "142755.806000", "142755.809000", "142755.811000", "142755.814000", "142755.816000", "142755.819000", "142755.821000", "142755.823000", "142755.826000", "142755.828000", "142755.831000", "142755.833000", "142755.835000", "142755.838000", "142755.840000", "142755.843000", "142755.845000", "142755.848000", "142755.850000", "142755.853000", "142755.855000", "142755.858000", "142755.860000", "142755.863000", "142755.865000", "142755.867000", "142755.870000", "142755.872000", "142755.880000", "142802.978000", "142802.981000", "142802.983000", "142802.986000", "142802.989000", "142802.991000", "142802.993000", "142802.996000", "142802.998000", "142803.001000", "142803.003000", "142803.006000"], "InstanceCreationTime": ["142315.801000", "142315.804000", "142315.807000", "142315.809000", "142315.812000", "142315.814000", "142315.816000", "142315.819000", "142315.821000", "142315.824000", "142315.826000", "142315.829000", "142315.831000", "142315.834000", "142315.836000", "142315.838000", "142315.841000", "142315.843000", "142315.846000", "142315.857000", "142315.860000", "142315.862000", "142315.864000", "142315.867000", "142315.869000", "142315.872000", "142315.874000", "142315.876000", "142315.882000", "142315.885000", "142315.887000", "142315.890000", "142315.892000", "142315.894000", "142315.897000", "142315.899000", "142315.901000", "142315.904000", "142315.906000", "142335.796000", "142335.799000", "142335.801000", "142335.804000", "142335.806000", "142335.809000", "142335.811000", "142335.813000", "142335.816000", "142335.818000", "142335.821000", "142335.828000", "142335.831000", "142335.833000", "142335.836000", "142335.838000", "142335.841000", "142335.844000", "142335.846000", "142335.849000", "142335.851000", "142335.854000", "142335.856000", "142335.859000", "142335.861000", "142335.863000", "142335.866000", "142335.868000", "142335.870000", "142335.873000", "142335.875000", "142335.878000", "142355.796000", "142355.799000", "142355.801000", "142355.804000", "142355.807000", "142355.809000", "142355.812000", "142355.814000", "142355.817000", "142355.819000", "142355.822000", "142355.824000", "142355.827000", "142355.829000", "142355.831000", "142355.834000", "142355.836000", "142355.839000", "142355.841000", "142355.844000", "142355.846000", "142355.848000", "142355.851000", "142355.853000", "142355.856000", "142355.858000", "142355.860000", "142355.863000", "142355.865000", "142355.868000", "142355.870000", "142355.873000", "142355.875000", "142415.796000", "142415.799000", "142415.801000", "142415.804000", "142415.806000", "142415.809000", "142415.811000", "142415.814000", "142415.816000", "142415.818000", "142415.821000", "142415.823000", "142415.826000", "142415.828000", "142415.831000", "142415.833000", "142415.835000", "142415.838000", "142415.840000", "142415.843000", "142415.845000", "142415.849000", "142415.852000", "142415.854000", "142415.857000", "142415.859000", "142415.861000", "142415.864000", "142415.866000", "142415.868000", "142415.871000", "142415.873000", "142415.876000", "142435.796000", "142435.799000", "142435.801000", "142435.804000", "142435.806000", "142435.809000", "142435.811000", "142435.814000", "142435.816000", "142435.818000", "142435.821000", "142435.823000", "142435.826000", "142435.828000", "142435.830000", "142435.833000", "142435.835000", "142435.837000", "142435.840000", "142435.842000", "142435.845000", "142435.847000", "142435.850000", "142435.852000", "142435.854000", "142435.857000", "142435.859000", "142435.861000", "142435.864000", "142435.866000", "142435.869000", "142435.871000", "142435.873000", "142455.796000", "142455.799000", "142455.801000", "142455.804000", "142455.806000", "142455.809000", "142455.811000", "142455.813000", "142455.816000", "142455.818000", "142455.821000", "142455.823000", "142455.825000", "142455.828000", "142455.830000", "142455.833000", "142455.835000", "142455.837000", "142455.840000", "142455.842000", "142455.845000", "142455.847000", "142455.849000", "142455.852000", "142455.854000", "142455.856000", "142455.859000", "142455.861000", "142455.864000", "142455.866000", "142455.868000", "142455.871000", "142455.873000", "142515.797000", "142515.800000", "142515.803000", "142515.805000", "142515.807000", "142515.810000", "142515.813000", "142515.815000", "142515.817000", "142515.820000", "142515.822000", "142515.825000", "142515.827000", "142515.830000", "142515.832000", "142515.835000", "142515.837000", "142515.840000", "142515.842000", "142515.845000", "142515.847000", "142515.850000", "142515.852000", "142515.854000", "142515.857000", "142515.859000", "142515.862000", "142515.864000", "142515.866000", "142515.869000", "142515.872000", "142515.874000", "142535.796000", "142535.799000", "142535.801000", "142535.804000", "142535.807000", "142535.809000", "142535.811000", "142535.814000", "142535.816000", "142535.819000", "142535.821000", "142535.823000", "142535.826000", "142535.828000", "142535.830000", "142535.833000", "142535.835000", "142535.838000", "142535.840000", "142535.843000", "142535.845000", "142535.849000", "142535.852000", "142535.854000", "142535.857000", "142535.859000", "142535.861000", "142535.864000", "142535.866000", "142535.869000", "142535.871000", "142535.873000", "142535.876000", "142555.796000", "142555.799000", "142555.801000", "142555.804000", "142555.806000", "142555.809000", "142555.811000", "142555.814000", "142555.816000", "142555.818000", "142555.821000", "142555.823000", "142555.840000", "142555.843000", "142555.845000", "142555.848000", "142555.850000", "142555.852000", "142555.855000", "142555.857000", "142555.860000", "142555.862000", "142555.864000", "142555.867000", "142555.869000", "142555.872000", "142555.874000", "142555.877000", "142555.879000", "142555.881000", "142555.884000", "142555.886000", "142555.889000", "142615.796000", "142615.799000", "142615.802000", "142615.804000", "142615.806000", "142615.809000", "142615.811000", "142615.814000", "142615.816000", "142615.819000", "142615.821000", "142615.823000", "142615.826000", "142615.841000", "142615.843000", "142615.846000", "142615.848000", "142615.850000", "142615.853000", "142615.855000", "142615.858000", "142615.860000", "142615.863000", "142615.865000", "142615.867000", "142615.870000", "142615.872000", "142615.875000", "142615.877000", "142615.879000", "142615.882000", "142615.884000", "142615.887000", "142635.796000", "142635.799000", "142635.801000", "142635.804000", "142635.806000", "142635.809000", "142635.811000", "142635.814000", "142635.816000", "142635.818000", "142635.821000", "142635.823000", "142635.826000", "142635.828000", "142635.831000", "142635.833000", "142635.835000", "142635.838000", "142635.840000", "142635.843000", "142635.845000", "142635.847000", "142635.850000", "142635.852000", "142635.855000", "142635.857000", "142635.860000", "142635.862000", "142635.865000", "142635.867000", "142635.870000", "142635.872000", "142635.874000", "142655.797000", "142655.799000", "142655.802000", "142655.812000", "142655.815000", "142655.817000", "142655.820000", "142655.822000", "142655.824000", "142655.827000", "142655.829000", "142655.832000", "142655.834000", "142655.837000", "142655.839000", "142655.841000", "142655.844000", "142655.846000", "142655.849000", "142655.851000", "142655.853000", "142655.856000", "142655.858000", "142655.861000", "142655.863000", "142655.865000", "142655.868000", "142655.870000", "142655.872000", "142655.875000", "142655.877000", "142655.880000", "142715.796000", "142715.799000", "142715.802000", "142715.804000", "142715.806000", "142715.809000", "142715.811000", "142715.814000", "142715.816000", "142715.819000", "142715.821000", "142715.824000", "142715.826000", "142715.828000", "142715.831000", "142715.841000", "142715.844000", "142715.846000", "142715.848000", "142715.851000", "142715.853000", "142715.856000", "142715.858000", "142715.861000", "142715.863000", "142715.865000", "142715.868000", "142715.870000", "142715.873000", "142715.875000", "142715.877000", "142715.880000", "142715.882000", "142735.797000", "142735.800000", "142735.802000", "142735.805000", "142735.807000", "142735.810000", "142735.812000", "142735.814000", "142735.817000", "142735.819000", "142735.822000", "142735.824000", "142735.827000", "142735.829000", "142735.831000", "142735.834000", "142735.836000", "142735.838000", "142735.841000", "142735.843000", "142735.846000", "142735.848000", "142735.851000", "142735.853000", "142735.855000", "142735.858000", "142735.860000", "142735.863000", "142735.865000", "142735.868000", "142735.870000", "142735.872000", "142735.875000", "142755.796000", "142755.799000", "142755.802000", "142755.804000", "142755.806000", "142755.809000", "142755.811000", "142755.814000", "142755.816000", "142755.819000", "142755.821000", "142755.823000", "142755.826000", "142755.828000", "142755.831000", "142755.833000", "142755.835000", "142755.838000", "142755.840000", "142755.843000", "142755.845000", "142755.848000", "142755.850000", "142755.853000", "142755.855000", "142755.858000", "142755.860000", "142755.863000", "142755.865000", "142755.867000", "142755.870000", "142755.872000", "142755.880000", "142802.978000", "142802.981000", "142802.983000", "142802.986000", "142802.989000", "142802.991000", "142802.993000", "142802.996000", "142802.998000", "142803.001000", "142803.003000", "142803.006000"], "InstanceNumber": [1, 2, 3, 4, 5, 6, 7, 8, 9, 10, 11, 12, 13, 14, 15, 16, 17, 18, 19, 20, 21, 22, 23, 24, 25, 26, 27, 28, 29, 30, 31, 32, 33, 34, 35, 36, 37, 38, 39, 40, 41, 42, 43, 44, 45, 46, 47, 48, 49, 50, 51, 52, 53, 54, 55, 56, 57, 58, 59, 60, 61, 62, 63, 64, 65, 66, 67, 68, 69, 70, 71, 72, 73, 74, 75, 76, 77, 78, 79, 80, 81, 82, 83, 84, 85, 86, 87, 88, 89, 90, 91, 92, 93, 94, 95, 96, 97, 98, 99, 100, 101, 102, 103, 104, 105, 106, 107, 108, 109, 110, 111, 112, 113, 114, 115, 116, 117, 118, 119, 120, 121, 122, 123, 124, 125, 126, 127, 128, 129, 130, 131, 132, 133, 134, 135, 136, 137, 138, 139, 140, 141, 142, 143, 144, 145, 146, 147, 148, 149, 150, 151, 152, 153, 154, 155, 156, 157, 158, 159, 160, 161, 162, 163, 164, 165, 166, 167, 168, 169, 170, 171, 172, 173, 174, 175, 176, 177, 178, 179, 180, 181, 182, 183, 184, 185, 186, 187, 188, 189, 190, 191, 192, 193, 194, 195, 196, 197, 198, 199, 200, 201, 202, 203, 204, 205, 206, 207, 208, 209, 210, 211, 212, 213, 214, 215, 216, 217, 218, 219, 220, 221, 222, 223, 224, 225, 226, 227, 228, 229, 230, 231, 232, 233, 234, 235, 236, 237, 238, 239, 240, 241, 242, 243, 244, 245, 246, 247, 248, 249, 250, 251, 252, 253, 254, 255, 256, 257, 258, 259, 260, 261, 262, 263, 264, 265, 266, 267, 268, 269, 270, 271, 272, 273, 274, 275, 276, 277, 278, 279, 280, 281, 282, 283, 284, 285, 286, 287, 288, 289, 290, 291, 292, 293, 294, 295, 296, 297, 298, 299, 300, 301, 302, 303, 304, 305, 306, 307, 308, 309, 310, 311, 312, 313, 314, 315, 316, 317, 318, 319, 320, 321, 322, 323, 324, 325, 326, 327, 328, 329, 330, 331, 332, 333, 334, 335, 336, 337, 338, 339, 340, 341, 342, 343, 344, 345, 346, 347, 348, 349, 350, 351, 352, 353, 354, 355, 356, 357, 358, 359, 360, 361, 362, 363, 364, 365, 366, 367, 368, 369, 370, 371, 372, 373, 374, 375, 376, 377, 378, 379, 380, 381, 382, 383, 384, 385, 386, 387, 388, 389, 390, 391, 392, 393, 394, 395, 396, 397, 398, 399, 400, 401, 402, 403, 404, 405, 406, 407, 408, 409, 410, 411, 412, 413, 414, 415, 416, 417, 418, 419, 420, 421, 422, 423, 424, 425, 426, 427, 428, 429, 430, 431, 432, 433, 434, 435, 436, 437, 438, 439, 440, 441, 442, 443, 444, 445, 446, 447, 448, 449, 450, 451, 452, 453, 454, 455, 456, 457, 458, 459, 460, 461, 462, 463, 464, 465, 466, 467, 468, 469, 470, 471, 472, 473, 474, 475, 476, 477, 478, 479, 480, 481, 482, 483, 484, 485, 486, 487, 488, 489, 490, 491, 492, 493, 494, 495, 496, 497, 498, 499, 500, 501, 502, 503, 504, 505, 506, 507, 508, 509, 510], "LargestImagePixelValue": [877, 852, 829, 880, 862, 847, 830, 831, 835, 836, 851, 834, 827, 812, 829, 814, 827, 829, 844, 866, 863, 856, 859, 856, 854, 830, 843, 870, 833, 836, 853, 852, 857, 855, 856, 857, 850, 856, 856, 852, 857, 854, 855, 859, 847, 854, 857, 849, 854, 857, 853, 856, 852, 849, 847, 859, 852, 853, 845, 851, 850, 860, 853, 857, 855, 850, 850, 840, 842, 851, 850, 845, 856, 861, 857, 853, 858, 852, 842, 835, 859, 858, 852, 848, 846, 834, 837, 843, 833, 832, 831, 850, 854, 861, 869, 864, 865, 851, 867, 865, 864, 864, 859, 843, 838, 834, 846, 853, 861, 859, 851, 864, 868, 861, 881, 858, 840, 843, 841, 848, 831, 846, 839, 827, 827, 829, 826, 834, 835, 834, 828, 826, 828, 835, 860, 860, 844, 845, 868, 859, 850, 858, 845, 835, 846, 839, 841, 833, 835, 838, 845, 858, 892, 861, 844, 830, 829, 829, 842, 853, 856, 858, 858, 848, 838, 848, 843, 861, 851, 849, 852, 847, 836, 838, 841, 859, 848, 865, 843, 840, 838, 832, 839, 832, 829, 824, 855, 839, 838, 846, 835, 832, 845, 846, 834, 839, 835, 839, 839, 867, 856, 885, 868, 845, 827, 838, 828, 836, 834, 827, 827, 839, 834, 833, 840, 844, 846, 855, 844, 869, 888, 861, 867, 848, 840, 839, 833, 836, 835, 830, 819, 847, 821, 831, 828, 833, 820, 843, 835, 834, 832, 830, 823, 816, 831, 830, 835, 843, 838, 825, 842, 838, 873, 815, 857, 882, 843, 834, 868, 863, 832, 826, 816, 872, 795, 859, 843, 833, 882, 891, 962, 926, 890, 919, 865, 857, 926, 866, 904, 950, 876, 874, 801, 834, 840, 866, 880, 796, 903, 890, 843, 901, 848, 888, 841, 839, 822, 841, 831, 834, 825, 830, 825, 829, 823, 833, 829, 841, 829, 825, 841, 836, 839, 842, 837, 828, 861, 848, 827, 855, 877, 846, 837, 848, 840, 841, 831, 843, 844, 849, 842, 838, 833, 837, 839, 830, 836, 845, 849, 849, 851, 849, 849, 842, 844, 842, 845, 839, 837, 837, 844, 842, 839, 837, 836, 835, 839, 825, 831, 824, 831, 826, 829, 826, 829, 830, 835, 834, 835, 832, 837, 832, 835, 835, 837, 836, 835, 841, 845, 843, 838, 840, 840, 842, 838, 839, 838, 839, 841, 840, 844, 844, 846, 841, 843, 846, 844, 841, 845, 846, 842, 844, 842, 841, 842, 842, 845, 843, 845, 841, 841, 840, 838, 843, 834, 837, 829, 829, 826, 846, 837, 834, 836, 832, 839, 835, 844, 843, 837, 844, 840, 841, 845, 842, 849, 842, 842, 841, 845, 841, 845, 846, 850, 847, 848, 846, 847, 849, 845, 842, 850, 817, 845, 838, 830, 844, 879, 835, 830, 873, 879, 902, 909, 888, 924, 912, 898, 861, 866, 969, 889, 874, 851, 848, 819, 935, 884, 852, 881, 900, 835, 846, 850, 866, 835, 897, 860, 836, 819, 834, 852, 842, 820, 846, 825, 861, 838, 825, 796, 826, 866, 824, 807, 841, 817, 865, 826, 834, 845, 875], "WindowCenter": [448.0, 443.0, 440.0, 443.0, 445.0, 440.0, 437.0, 438.0, 438.0, 437.0, 439.0, 437.0, 437.0, 436.0, 437.0, 436.0, 437.0, 438.0, 438.0, 438.0, 439.0, 438.0, 439.0, 438.0, 437.0, 437.0, 440.0, 441.0, 438.0, 437.0, 438.0, 438.0, 438.0, 439.0, 438.0, 440.0, 439.0, 439.0, 439.0, 439.0, 439.0, 441.0, 439.0, 440.0, 440.0, 440.0, 440.0, 438.0, 439.0, 439.0, 438.0, 438.0, 438.0, 439.0, 438.0, 440.0, 439.0, 439.0, 439.0, 438.0, 440.0, 439.0, 438.0, 439.0, 440.0, 438.0, 439.0, 439.0, 438.0, 439.0, 439.0, 437.0, 438.0, 438.0, 438.0, 438.0, 440.0, 438.0, 439.0, 437.0, 438.0, 437.0, 438.0, 437.0, 439.0, 437.0, 438.0, 437.0, 438.0, 437.0, 439.0, 438.0, 439.0, 439.0, 439.0, 439.0, 440.0, 439.0, 439.0, 440.0, 439.0, 439.0, 441.0, 440.0, 441.0, 439.0, 439.0, 439.0, 438.0, 441.0, 439.0, 439.0, 438.0, 439.0, 440.0, 440.0, 438.0, 441.0, 439.0, 438.0, 437.0, 440.0, 439.0, 438.0, 439.0, 438.0, 438.0, 439.0, 439.0, 439.0, 438.0, 438.0, 438.0, 440.0, 441.0, 440.0, 439.0, 437.0, 438.0, 439.0, 439.0, 439.0, 439.0, 439.0, 440.0, 439.0, 440.0, 439.0, 438.0, 438.0, 440.0, 439.0, 442.0, 440.0, 439.0, 439.0, 439.0, 440.0, 439.0, 440.0, 439.0, 440.0, 440.0, 441.0, 441.0, 440.0, 438.0, 439.0, 440.0, 440.0, 440.0, 439.0, 438.0, 438.0, 439.0, 440.0, 439.0, 441.0, 439.0, 439.0, 439.0, 438.0, 438.0, 438.0, 437.0, 438.0, 440.0, 439.0, 438.0, 439.0, 439.0, 438.0, 439.0, 439.0, 439.0, 439.0, 439.0, 440.0, 439.0, 439.0, 438.0, 440.0, 441.0, 441.0, 439.0, 439.0, 438.0, 439.0, 438.0, 438.0, 440.0, 439.0, 439.0, 439.0, 439.0, 439.0, 439.0, 441.0, 439.0, 439.0, 440.0, 440.0, 439.0, 440.0, 439.0, 440.0, 439.0, 439.0, 440.0, 439.0, 440.0, 440.0, 439.0, 439.0, 440.0, 440.0, 441.0, 440.0, 440.0, 439.0, 439.0, 440.0, 438.0, 440.0, 439.0, 439.0, 439.0, 440.0, 439.0, 439.0, 441.0, 440.0, 440.0, 437.0, 442.0, 441.0, 440.0, 439.0, 439.0, 439.0, 439.0, 438.0, 439.0, 442.0, 437.0, 439.0, 441.0, 435.0, 442.0, 437.0, 445.0, 437.0, 439.0, 441.0, 435.0, 419.0, 447.0, 438.0, 435.0, 450.0, 443.0, 438.0, 434.0, 439.0, 440.0, 437.0, 435.0, 429.0, 443.0, 435.0, 439.0, 441.0, 433.0, 441.0, 435.0, 435.0, 435.0, 437.0, 437.0, 437.0, 437.0, 436.0, 437.0, 437.0, 437.0, 437.0, 436.0, 434.0, 438.0, 437.0, 439.0, 437.0, 441.0, 436.0, 439.0, 437.0, 439.0, 440.0, 439.0, 440.0, 441.0, 438.0, 436.0, 438.0, 438.0, 438.0, 437.0, 438.0, 438.0, 439.0, 439.0, 440.0, 440.0, 440.0, 442.0, 440.0, 440.0, 441.0, 440.0, 439.0, 439.0, 438.0, 439.0, 440.0, 439.0, 439.0, 438.0, 439.0, 439.0, 439.0, 439.0, 439.0, 439.0, 439.0, 438.0, 441.0, 439.0, 437.0, 438.0, 437.0, 439.0, 439.0, 438.0, 437.0, 437.0, 438.0, 439.0, 438.0, 439.0, 439.0, 438.0, 438.0, 439.0, 438.0, 439.0, 439.0, 440.0, 438.0, 439.0, 438.0, 439.0, 439.0, 439.0, 439.0, 439.0, 439.0, 439.0, 438.0, 439.0, 439.0, 438.0, 439.0, 438.0, 438.0, 439.0, 439.0, 438.0, 439.0, 438.0, 439.0, 439.0, 439.0, 438.0, 441.0, 439.0, 439.0, 439.0, 440.0, 440.0, 439.0, 439.0, 439.0, 440.0, 439.0, 439.0, 440.0, 439.0, 437.0, 438.0, 439.0, 438.0, 438.0, 439.0, 439.0, 439.0, 438.0, 438.0, 438.0, 438.0, 438.0, 439.0, 439.0, 438.0, 439.0, 439.0, 439.0, 439.0, 438.0, 439.0, 438.0, 439.0, 439.0, 439.0, 438.0, 439.0, 439.0, 439.0, 439.0, 439.0, 439.0, 440.0, 439.0, 437.0, 440.0, 441.0, 437.0, 441.0, 437.0, 434.0, 429.0, 438.0, 439.0, 440.0, 440.0, 443.0, 433.0, 438.0, 428.0, 437.0, 439.0, 442.0, 441.0, 440.0, 431.0, 426.0, 440.0, 442.0, 434.0, 431.0, 442.0, 431.0, 439.0, 437.0, 438.0, 433.0, 439.0, 436.0, 436.0, 433.0, 434.0, 433.0, 434.0, 435.0, 434.0, 435.0, 434.0, 432.0, 430.0, 436.0, 436.0, 437.0, 433.0, 434.0, 431.0, 437.0, 437.0, 435.0, 436.0, 434.0, 435.0], "WindowWidth": [944.0, 933.0, 927.0, 933.0, 937.0, 927.0, 922.0, 923.0, 923.0, 922.0, 926.0, 922.0, 921.0, 919.0, 921.0, 919.0, 922.0, 924.0, 922.0, 923.0, 926.0, 923.0, 925.0, 923.0, 922.0, 921.0, 927.0, 928.0, 924.0, 922.0, 924.0, 923.0, 923.0, 925.0, 924.0, 927.0, 926.0, 926.0, 925.0, 925.0, 926.0, 929.0, 926.0, 927.0, 927.0, 928.0, 927.0, 923.0, 925.0, 925.0, 923.0, 924.0, 923.0, 926.0, 924.0, 927.0, 925.0, 925.0, 925.0, 924.0, 927.0, 925.0, 924.0, 925.0, 927.0, 924.0, 926.0, 925.0, 925.0, 925.0, 926.0, 922.0, 923.0, 924.0, 923.0, 922.0, 928.0, 923.0, 926.0, 921.0, 923.0, 920.0, 924.0, 921.0, 925.0, 922.0, 923.0, 921.0, 923.0, 922.0, 924.0, 923.0, 925.0, 925.0, 925.0, 925.0, 927.0, 925.0, 925.0, 927.0, 926.0, 926.0, 929.0, 928.0, 929.0, 926.0, 926.0, 925.0, 923.0, 929.0, 924.0, 925.0, 924.0, 925.0, 927.0, 928.0, 924.0, 929.0, 925.0, 924.0, 922.0, 927.0, 924.0, 923.0, 925.0, 924.0, 923.0, 924.0, 925.0, 925.0, 925.0, 924.0, 923.0, 926.0, 930.0, 929.0, 926.0, 922.0, 924.0, 925.0, 925.0, 926.0, 926.0, 927.0, 928.0, 926.0, 928.0, 925.0, 924.0, 923.0, 927.0, 926.0, 930.0, 928.0, 926.0, 927.0, 926.0, 928.0, 926.0, 928.0, 925.0, 927.0, 927.0, 930.0, 930.0, 927.0, 924.0, 926.0, 928.0, 927.0, 928.0, 926.0, 924.0, 924.0, 925.0, 927.0, 926.0, 929.0, 925.0, 925.0, 926.0, 924.0, 923.0, 923.0, 922.0, 924.0, 927.0, 926.0, 924.0, 926.0, 926.0, 924.0, 926.0, 927.0, 926.0, 925.0, 926.0, 927.0, 925.0, 926.0, 924.0, 928.0, 929.0, 930.0, 926.0, 925.0, 924.0, 925.0, 923.0, 924.0, 927.0, 925.0, 926.0, 925.0, 926.0, 925.0, 926.0, 929.0, 925.0, 926.0, 928.0, 927.0, 925.0, 929.0, 925.0, 928.0, 926.0, 926.0, 927.0, 926.0, 927.0, 927.0, 925.0, 926.0, 927.0, 928.0, 929.0, 928.0, 927.0, 925.0, 926.0, 927.0, 923.0, 928.0, 926.0, 927.0, 925.0, 927.0, 925.0, 926.0, 929.0, 929.0, 927.0, 922.0, 932.0, 930.0, 927.0, 926.0, 926.0, 926.0, 926.0, 923.0, 927.0, 932.0, 923.0, 926.0, 929.0, 919.0, 931.0, 923.0, 936.0, 921.0, 926.0, 930.0, 917.0, 887.0, 940.0, 922.0, 915.0, 945.0, 932.0, 924.0, 917.0, 926.0, 927.0, 923.0, 917.0, 905.0, 934.0, 918.0, 926.0, 928.0, 913.0, 929.0, 918.0, 918.0, 919.0, 921.0, 922.0, 921.0, 921.0, 919.0, 922.0, 922.0, 922.0, 921.0, 919.0, 916.0, 923.0, 921.0, 925.0, 921.0, 929.0, 920.0, 925.0, 922.0, 925.0, 928.0, 926.0, 928.0, 930.0, 923.0, 921.0, 924.0, 923.0, 924.0, 921.0, 925.0, 923.0, 925.0, 925.0, 927.0, 927.0, 928.0, 932.0, 929.0, 928.0, 931.0, 928.0, 925.0, 926.0, 924.0, 925.0, 928.0, 926.0, 925.0, 923.0, 925.0, 926.0, 926.0, 925.0, 925.0, 925.0, 926.0, 924.0, 929.0, 925.0, 922.0, 924.0, 922.0, 924.0, 925.0, 925.0, 922.0, 922.0, 923.0, 925.0, 923.0, 925.0, 925.0, 924.0, 924.0, 925.0, 924.0, 925.0, 926.0, 927.0, 924.0, 926.0, 925.0, 927.0, 925.0, 925.0, 926.0, 926.0, 926.0, 925.0, 924.0, 925.0, 925.0, 924.0, 925.0, 924.0, 923.0, 925.0, 925.0, 924.0, 925.0, 924.0, 925.0, 926.0, 925.0, 924.0, 930.0, 926.0, 926.0, 925.0, 928.0, 927.0, 926.0, 926.0, 925.0, 928.0, 927.0, 926.0, 928.0, 927.0, 922.0, 924.0, 926.0, 924.0, 924.0, 925.0, 925.0, 925.0, 924.0, 923.0, 924.0, 923.0, 923.0, 926.0, 925.0, 924.0, 925.0, 926.0, 926.0, 925.0, 924.0, 926.0, 924.0, 926.0, 926.0, 926.0, 923.0, 925.0, 925.0, 925.0, 926.0, 926.0, 926.0, 928.0, 927.0, 923.0, 927.0, 929.0, 922.0, 929.0, 922.0, 915.0, 904.0, 923.0, 926.0, 927.0, 928.0, 933.0, 914.0, 922.0, 903.0, 920.0, 923.0, 931.0, 928.0, 927.0, 909.0, 900.0, 928.0, 931.0, 916.0, 909.0, 932.0, 909.0, 926.0, 921.0, 922.0, 914.0, 925.0, 919.0, 919.0, 913.0, 915.0, 914.0, 915.0, 918.0, 914.0, 917.0, 916.0, 912.0, 908.0, 919.0, 919.0, 920.0, 913.0, 915.0, 910.0, 922.0, 922.0, 918.0, 920.0, 915.0, 918.0]}, "slices": {}}, "EventTimestamp": "14-25-24"}