{
    "AcquisitionMatrixPE": 64,
    "AcquisitionNumber": 1,
    "AcquisitionTime": "11:53:37.700000",
    "BandwidthPerPixelPhaseEncode": 28.935,
    "BaseResolution": 64,
    "BodyPartExamined": "BRAIN",
    "CoilString": "HC2_4_6_7",
    "ConsistencyInfo": "N4_VE11E_LATEST_20181129",
    "ConversionSoftware": "dcm2niix",
    "ConversionSoftwareVersion": "v1.0.20190902",
    "DerivedVendorReportedEchoSpacing": 0.000540003,
    "DeviceSerialNumber": "166182",
    "DwellTime": 3.4e-06,
    "EchoTime": 0.032,
    "EchoTrainLength": 64,
    "EffectiveEchoSpacing": 0.000540003,
    "FlipAngle": 40,
    "ImageOrientationPatientDICOM": [
        0.998733,
        -0.0432977,
        -0.025664,
        0.0418593,
        0.997655,
        -0.0541594
    ],
    "ImageType": [
        "ORIGINAL",
        "PRIMARY",
        "M",
        "ND",
        "NORM",
        "MOSAIC"
    ],
    "ImagingFrequency": 123.256,
    "InPlanePhaseEncodingDirectionDICOM": "COL",
    "InstitutionAddress": "PEARSE_STREET_._City_District_IE_D2",
    "InstitutionName": "TCIN",
    "InstitutionalDepartmentName": "MRI",
    "MRAcquisitionType": "2D",
    "MagneticFieldStrength": 3,
    "Manufacturer": "Siemens",
    "ManufacturersModelName": "Prisma",
    "Modality": "MR",
    "MultibandAccelerationFactor": 4,
    "PartialFourier": 1,
    "PatientPosition": "HFS",
    "PercentPhaseFOV": 100,
    "PhaseEncodingDirection": "j-",
    "PhaseEncodingSteps": 64,
    "PhaseResolution": 1,
    "PixelBandwidth": 2300,
    "ProcedureStepDescription": "Rhodri_Head_BOLD",
    "ProtocolName": "cmrr_mbep2d_Pictures_AP_RDS",
    "PulseSequenceDetails": "%SiemensSeq%_ep2d_bold",
    "ReceiveCoilActiveElements": "HC2,4,6,7",
    "ReceiveCoilName": "HeadNeck_64",
    "ReconMatrixPE": 64,
    "RefLinesPE": 12,
    "RepetitionTime": 0.61,
    "SAR": 0.192569,
    "ScanOptions": "FS",
    "ScanningSequence": "EP",
    "SequenceName": "_epfid2d1_64",
    "SequenceVariant": "SK",
    "SeriesDescription": "cmrr_mbep2d_Pictures_AP_RDS",
    "SeriesNumber": 8,
    "ShimSetting": [
        -3617,
        -7505,
        3875,
        688,
        -2,
        194,
        282,
        15
    ],
    "SliceThickness": 3,
    "SliceTiming": [
        0.2625,
        0,
        0.3275,
        0.065,
        0.3925,
        0.13,
        0.4575,
        0.1975,
        0.525,
        0.2625,
        0,
        0.3275,
        0.065,
        0.3925,
        0.13,
        0.4575,
        0.1975,
        0.525,
        0.2625,
        0,
        0.3275,
        0.065,
        0.3925,
        0.13,
        0.4575,
        0.1975,
        0.525,
        0.2625,
        0,
        0.3275,
        0.065,
        0.3925,
        0.13,
        0.4575,
        0.1975,
        0.525
    ],
    "SoftwareVersions": "syngo_MR_E11",
    "SpacingBetweenSlices": 3.3,
    "StationName": "AWP166182",
    "TaskName": "pictures",
    "TotalReadoutTime": 0.0340202,
    "TxRefAmp": 232.9,
    "dcmmeta_affine": [
        [
            -2.9961977005004883,
            0.1255778819322586,
            -0.09223093837499619,
            94.00704956054688
        ],
        [
            0.1298932135105133,
            2.9929635524749756,
            -0.17495432496070862,
            -98.9889907836914
        ],
        [
            -0.07699195295572281,
            0.16247814893722534,
            3.2940680980682373,
            -88.31123352050781
        ],
        [
            0.0,
            0.0,
            0.0,
            1.0
        ]
    ],
    "dcmmeta_reorient_transform": [
        [
            0.0,
            -1.0,
            0.0,
            63.0
        ],
        [
            1.0,
            0.0,
            0.0,
            0.0
        ],
        [
            0.0,
            0.0,
            1.0,
            0.0
        ],
        [
            0.0,
            0.0,
            0.0,
            1.0
        ]
    ],
    "dcmmeta_shape": [
        64,
        64,
        36,
        184
    ],
    "dcmmeta_slice_dim": 2,
    "dcmmeta_version": 0.6,
    "global": {
        "const": {
            "AcquisitionMatrix": [
                64,
                0,
                0,
                64
            ],
            "AngioFlag": "N",
            "BitsAllocated": 16,
            "BitsStored": 12,
            "BodyPartExamined": "BRAIN",
            "Columns": 384,
            "EchoNumbers": 1,
            "EchoTime": 32.0,
            "EchoTrainLength": 64,
            "FlipAngle": 40.0,
            "HighBit": 11,
            "ImageOrientationPatient": [
                0.9987325295674,
                -0.0432977401901,
                -0.02566398407,
                0.04185929644293,
                0.99765452953652,
                -0.0541593851199
            ],
            "ImagePositionPatient": [
                -601.40253613582,
                -547.65897426944,
                -39.759890896921
            ],
            "ImageType": [
                "ORIGINAL",
                "PRIMARY",
                "M",
                "ND",
                "NORM",
                "MOSAIC"
            ],
            "ImagedNucleus": "1H",
            "ImagingFrequency": 123.256039,
            "InPlanePhaseEncodingDirection": "COL",
            "MRAcquisitionType": "2D",
            "MagneticFieldStrength": 3.0,
            "Manufacturer": "SIEMENS",
            "ManufacturerModelName": "Prisma",
            "Modality": "MR",
            "NumberOfAverages": 1.0,
            "NumberOfPhaseEncodingSteps": 64,
            "PercentPhaseFieldOfView": 100.0,
            "PercentSampling": 100.0,
            "PerformedProcedureStepStartTime": "114030.182000",
            "PhotometricInterpretation": "MONOCHROME2",
            "PixelBandwidth": 2300.0,
            "PixelRepresentation": 0,
            "PixelSpacing": [
                3.0,
                3.0
            ],
            "ProtocolName": "cmrr_mbep2d_Pictures_AP_RDS",
            "RepetitionTime": 610.0,
            "Rows": 384,
            "SAR": 0.1925685701331,
            "SamplesPerPixel": 1,
            "ScanOptions": "FS",
            "ScanningSequence": "EP",
            "SequenceName": "*epfid2d1_64",
            "SequenceVariant": "SK",
            "SeriesDescription": "cmrr_mbep2d_Pictures_AP_RDS",
            "SeriesNumber": 8,
            "SeriesTime": "115356.801000",
            "SliceLocation": -85.531822778574,
            "SliceThickness": 3.0,
            "SmallestImagePixelValue": 0,
            "SoftwareVersions": "syngo MR E11",
            "SpacingBetweenSlices": 3.299999968571,
            "SpecificCharacterSet": "ISO_IR 100",
            "StudyID": "1",
            "StudyTime": "114030.065000",
            "TransmitCoilName": "Body",
            "VariableFlipAngleFlag": "N",
            "WindowCenterWidthExplanation": "Algo1"
        },
