{
  "AcquisitionMatrixPE": 64,
  "AcquisitionNumber": 1,
  "AcquisitionTime": "15:51:7.692500",
  "BandwidthPerPixelPhaseEncode": 28.935,
  "BaseResolution": 64,
  "BodyPartExamined": "BRAIN",
  "CoilCombinationMethod": "Sum of Squares",
  "ConsistencyInfo": "N4_VE11E_LATEST_20181129",
  "ConversionSoftware": "dcm2niix",
  "ConversionSoftwareVersion": "v1.0.20230411",
  "DerivedVendorReportedEchoSpacing": 0.000540003,
  "DeviceSerialNumber": "166182",
  "DwellTime": 3.4e-06,
  "EchoTime": 0.032,
  "EchoTrainLength": 64,
  "EffectiveEchoSpacing": 0.000540003,
  "FlipAngle": 40,
  "HeudiconvVersion": "0.13.1",
  "ImageOrientationPatientDICOM": [0.962848, -0.267497, 0.036993, 0.268832, 0.962452, -0.0376116],
  "ImageOrientationText": "Tra>Cor(-2.6)>Sag(1.5)",
  "ImageType": [
    "ORIGINAL",
    "PRIMARY",
    "M",
    "ND",
    "NORM",
    "MOSAIC"
],
  "ImagingFrequency": 123.257245,
  "InPlanePhaseEncodingDirectionDICOM": "COL",
  "InstitutionAddress": "PEARSE STREET .,City,District,IE,D2",
  "InstitutionName": "TCIN",
  "InstitutionalDepartmentName": "MRI",
  "MRAcquisitionType": "2D",
  "MagneticFieldStrength": 3,
  "Manufacturer": "Siemens",
  "ManufacturersModelName": "Prisma",
  "Modality": "MR",
  "MultibandAccelerationFactor": 4,
  "NonlinearGradientCorrection": false,
  "PartialFourier": 1,
  "PatientPosition": "HFS",
  "PercentPhaseFOV": 100,
  "PercentSampling": 100,
  "PhaseEncodingDirection": "j-",
  "PhaseEncodingSteps": 64,
  "PhaseResolution": 1,
  "PixelBandwidth": 2300,
  "ProcedureStepDescription": "Rhodri^Head BOLD",
  "ProtocolName": "cmrr_mbep2d_se_AP",
  "PulseSequenceDetails": "%SiemensSeq%\\ep2d_bold",
  "ReceiveCoilActiveElements": "HC2,4,6,7;SC",
  "ReceiveCoilName": "SpecialPurpose_4",
  "ReconMatrixPE": 64,
  "RefLinesPE": 12,
  "RepetitionTime": 0.61,
  "SAR": 0.274459,
  "ScanOptions": "FS",
  "ScanningSequence": "EP",
  "SequenceName": "*epfid2d1_64",
  "SequenceVariant": "SK",
  "SeriesDescription": "cmrr_mbep2d_se_AP",
  "SeriesNumber": 6,
  "ShimSetting": [-3623, -7408, 3934, 1026, -128, 343, -90, 47],
  "SliceThickness": 3,
  "SliceTiming": [0.2625, 0, 0.3275, 0.065, 0.395, 0.1325, 0.46, 0.1975, 0.525, 0.2625, 0, 0.3275, 0.065, 0.395, 0.1325, 0.46, 0.1975, 0.525, 0.2625, 0, 0.3275, 0.065, 0.395, 0.1325, 0.46, 0.1975, 0.525, 0.2625, 0, 0.3275, 0.065, 0.395, 0.1325, 0.46, 0.1975, 0.525],
  "SoftwareVersions": "syngo MR E11",
  "SpacingBetweenSlices": 3.3,
  "StationName": "AWP166182",
  "TotalReadoutTime": 0.0340202,
  "TxRefAmp": 232.795,
  "dcmmeta_affine": [
    [-2.888544797897339, 0.8064963221549988, 0.0842919871211052, 62.777198791503906],
    [0.8024911284446716, 2.887357234954834, -0.15232530236244202, -127.58468627929688],
    [0.11097905784845352, 0.11283482611179352, 3.2954046726226807, -86.53160095214844],
    [0.0, 0.0, 0.0, 1.0]
],
  "dcmmeta_reorient_transform": [
    [0.0, -1.0, 0.0, 63.0],
    [1.0, 0.0, 0.0, 0.0],
    [0.0, 0.0, 1.0, 0.0],
    [0.0, 0.0, 0.0, 1.0]
],
  "dcmmeta_shape": [64, 64, 36, 10],
  "dcmmeta_slice_dim": 2,
  "dcmmeta_version": 0.6,
  "global": {
    "const": {
      "AcquisitionMatrix": [64, 0, 0, 64],
      "AngioFlag": "N",
      "BitsAllocated": 16,
      "BitsStored": 12,
      "BodyPartExamined": "BRAIN",
      "Columns": 384,
      "EchoNumbers": 1,
      "EchoTime": 32.0,
      "EchoTrainLength": 64,
      "FlipAngle": 40.0,
      "HighBit": 11,
      "ImageOrientationPatient": [0.96284829901266, -0.2674970461132, 0.03699301838367, 0.26883211658172, 0.96245241963627, -0.0376116076562],
      "ImagePositionPatient": [-704.79306746891, -387.89740355535, -79.126083936455],
      "ImageType": [
        "ORIGINAL",
        "PRIMARY",
        "M",
        "ND",
        "NORM",
        "MOSAIC"
],
      "ImagedNucleus": "1H",
      "ImagingFrequency": 123.257245,
      "InPlanePhaseEncodingDirection": "COL",
      "MRAcquisitionType": "2D",
      "MagneticFieldStrength": 3.0,
      "Manufacturer": "SIEMENS",
      "ManufacturerModelName": "Prisma",
      "Modality": "MR",
      "NumberOfAverages": 1.0,
      "NumberOfPhaseEncodingSteps": 64,
      "PercentPhaseFieldOfView": 100.0,
      "PercentSampling": 100.0,
      "PerformedProcedureStepStartTime": "152926.413000",
      "PhotometricInterpretation": "MONOCHROME2",
      "PixelBandwidth": 2300.0,
      "PixelRepresentation": 0,
      "PixelSpacing": [3.0, 3.0],
      "ProtocolName": "cmrr_mbep2d_se_AP",
      "RepetitionTime": 610.0,
      "Rows": 384,
      "SAR": 0.27445856508831,
      "SamplesPerPixel": 1,
      "ScanOptions": "FS",
      "ScanningSequence": "EP",
      "SequenceName": "*epfid2d1_64",
      "SequenceVariant": "SK",
      "SeriesDescription": "cmrr_mbep2d_se_AP",
      "SeriesNumber": 6,
      "SeriesTime": "155114.165000",
      "SliceLocation": -78.918378524156,
      "SliceThickness": 3.0,
      "SmallestImagePixelValue": 0,
      "SoftwareVersions": "syngo MR E11",
      "SpacingBetweenSlices": 3.2999999394765,
      "SpecificCharacterSet": "ISO_IR 100",
      "StudyID": "2",
      "StudyTime": "152926.371000",
      "TransmitCoilName": "Body",
      "VariableFlipAngleFlag": "N",
      "WindowCenterWidthExplanation": "Algo1"
    },
    "slices": {}
  },
  "time": {
    "samples": {
      "AcquisitionNumber": [1, 2, 3, 4, 5, 6, 7, 8, 9, 10],
      "AcquisitionTime": ["155107.692500", "155108.302500", "155108.912500", "155109.522500", "155110.132500", "155110.742500", "155111.352500", "155111.962500", "155112.572500", "155113.182500"],
      "ContentTime": ["155114.168000", "155114.171000", "155114.174000", "155114.176000", "155114.179000", "155114.181000", "155114.183000", "155114.186000", "155114.188000", "155114.191000"],
      "InstanceCreationTime": ["155114.168000", "155114.171000", "155114.174000", "155114.176000", "155114.179000", "155114.181000", "155114.183000", "155114.186000", "155114.188000", "155114.191000"],
      "InstanceNumber": [1, 2, 3, 4, 5, 6, 7, 8, 9, 10],
      "LargestImagePixelValue": [562, 562, 543, 522, 526, 526, 521, 514, 520, 528],
      "WindowCenter": [313.0, 312.0, 309.0, 308.0, 307.0, 307.0, 307.0, 306.0, 307.0, 307.0],
      "WindowWidth": [679.0, 678.0, 672.0, 669.0, 668.0, 667.0, 667.0, 666.0, 667.0, 667.0]
    },
    "slices": {}
  }
}