{"AcquisitionMatrixPE": 64, "AcquisitionNumber": 1, "AcquisitionTime": "14:29:15.730000", "BandwidthPerPixelPhaseEncode": 28.935, "BaseResolution": 64, "BodyPartExamined": "BRAIN", "CoilCombinationMethod": "Sum of Squares", "ConsistencyInfo": "N4_VE11E_LATEST_20181129", "ConversionSoftware": "dcm2niix", "ConversionSoftwareVersion": "v1.0.20230411", "DerivedVendorReportedEchoSpacing": 0.000540003, "DeviceSerialNumber": "166182", "DwellTime": 3.4e-06, "EchoTime": 0.032, "EchoTrainLength": 64, "EffectiveEchoSpacing": 0.000540003, "FlipAngle": 40, "HeudiconvVersion": "0.13.1", "ImageOrientationPatientDICOM": [0.997605, -0.0479074, -0.0498886, 0.0407656, 0.989944, -0.135456], "ImageOrientationText": "Tra>Cor(-7.7)>Sag(-3.2)", "ImageType": ["ORIGINAL", "PRIMARY", "M", "ND", "NORM", "MOSAIC"], "ImagingFrequency": 123.256204, "InPlanePhaseEncodingDirectionDICOM": "COL", "InstitutionAddress": "PEARSE STREET .,City,District,IE,D2", "InstitutionName": "TCIN", "InstitutionalDepartmentName": "MRI", "MRAcquisitionType": "2D", "MagneticFieldStrength": 3, "Manufacturer": "Siemens", "ManufacturersModelName": "Prisma", "Modality": "MR", "MultibandAccelerationFactor": 4, "NonlinearGradientCorrection": false, "PartialFourier": 1, "PatientPosition": "HFS", "PercentPhaseFOV": 100, "PercentSampling": 100, "PhaseEncodingDirection": "j-", "PhaseEncodingSteps": 64, "PhaseResolution": 1, "PixelBandwidth": 2300, "ProcedureStepDescription": "Rhodri^Head BOLD", "ProtocolName": "cmrr_mbep2d_Pictures_AP_RDS", "PulseSequenceDetails": "%SiemensSeq%\\ep2d_bold", "ReceiveCoilActiveElements": "HC2,4,6,7;SC", "ReceiveCoilName": "SpecialPurpose_4", "ReconMatrixPE": 64, "RefLinesPE": 12, "RepetitionTime": 0.61, "SAR": 0.353978, "ScanOptions": "FS", "ScanningSequence": "EP", "SequenceName": "*epfid2d1_64", "SequenceVariant": "SK", "SeriesDescription": "cmrr_mbep2d_Pictures_AP_RDS", "SeriesNumber": 9, "ShimSetting": [-3651, -7574, 3953, 1080, -97, 289, 226, 71], "SliceThickness": 3, "SliceTiming": [0.26, 0, 0.3275, 0.065, 0.3925, 0.13, 0.4575, 0.195, 0.5225, 0.26, 0, 0.3275, 0.065, 0.3925, 0.13, 0.4575, 0.195, 0.5225, 0.26, 0, 0.3275, 0.065, 0.3925, 0.13, 0.4575, 0.195, 0.5225, 0.26, 0, 0.3275, 0.065, 0.3925, 0.13, 0.4575, 0.195, 0.5225], "SoftwareVersions": "syngo MR E11", "SpacingBetweenSlices": 3.3, "StationName": "AWP166182", "TaskName": "pictures", "TotalReadoutTime": 0.0340202, "TxRefAmp": 235.089, "dcmmeta_affine": [[-2.9928154945373535, 0.12229675054550171, -0.18439167737960815, 94.88331604003906], [0.14372217655181885, 2.9698331356048584, -0.4392223358154297, -107.92018127441406], [-0.14966577291488647, 0.4063674211502075, 3.265437602996826, -91.84952545166016], [0.0, 0.0, 0.0, 1.0]], "dcmmeta_reorient_transform": [[0.0, -1.0, 0.0, 63.0], [1.0, 0.0, 0.0, 0.0], [0.0, 0.0, 1.0, 0.0], [0.0, 0.0, 0.0, 1.0]], "dcmmeta_shape": [64, 64, 36, 225], "dcmmeta_slice_dim": 2, "dcmmeta_version": 0.6, "global": {"const": {"AcquisitionMatrix": [64, 0, 0, 64], "AngioFlag": "N", "BitsAllocated": 16, "BitsStored": 12, "BodyPartExamined": "BRAIN", "Columns": 384, "EchoNumbers": 1, "EchoTime": 32.0, "EchoTrainLength": 64, "FlipAngle": 40.0, "HighBit": 11, "ImageOrientationPatient": [0.9976051372547, -0.0479073939566, -0.0498885931584, 0.04076558395174, 0.98994438766623, -0.1354558101124], "ImagePositionPatient": [-601.00596008227, -531.35706180996, 22.71693341287], "ImageType": ["ORIGINAL", "PRIMARY", "M", "ND", "NORM", "MOSAIC"], "ImagedNucleus": "1H", "ImagingFrequency": 123.256204, "InPlanePhaseEncodingDirection": "COL", "MRAcquisitionType": "2D", "MagneticFieldStrength": 3.0, "Manufacturer": "SIEMENS", "ManufacturerModelName": "Prisma", "Modality": "MR", "NumberOfAverages": 1.0, "NumberOfPhaseEncodingSteps": 64, "PercentPhaseFieldOfView": 100.0, "PercentSampling": 100.0, "PerformedProcedureStepStartTime": "141221.409000", "PhotometricInterpretation": "MONOCHROME2", "PixelBandwidth": 2300.0, "PixelRepresentation": 0, "PixelSpacing": [3.0, 3.0], "ProtocolName": "cmrr_mbep2d_Pictures_AP_RDS", "RepetitionTime": 610.0, "Rows": 384, "SAR": 0.35397819710139, "SamplesPerPixel": 1, "ScanOptions": "FS", "ScanningSequence": "EP", "SequenceName": "*epfid2d1_64", "SequenceVariant": "SK", "SeriesDescription": "cmrr_mbep2d_Pictures_AP_RDS", "SeriesNumber": 9, "SeriesTime": "142936.568000", "SliceLocation": -81.825349680317, "SliceThickness": 3.0, "SmallestImagePixelValue": 0, "SoftwareVersions": "syngo MR E11", "SpacingBetweenSlices": 3.2999999874637, "SpecificCharacterSet": "ISO_IR 100", "StudyID": "1", "StudyTime": "141221.302000", "TransmitCoilName": "Body", "VariableFlipAngleFlag": "N", "WindowCenterWidthExplanation": "Algo1"}, "slices": {}}, "time": {"samples": {"AcquisitionNumber": [1, 2, 3, 4, 5, 6, 7, 8, 9, 10, 11, 12, 13, 14, 15, 16, 17, 18, 19, 20, 21, 22, 23, 24, 25, 26, 27, 28, 29, 30, 31, 32, 33, 34, 35, 36, 37, 38, 39, 40, 41, 42, 43, 44, 45, 46, 47, 48, 49, 50, 51, 52, 53, 54, 55, 56, 57, 58, 59, 60, 61, 62, 63, 64, 65, 66, 67, 68, 69, 70, 71, 72, 73, 74, 75, 76, 77, 78, 79, 80, 81, 82, 83, 84, 85, 86, 87, 88, 89, 90, 91, 92, 93, 94, 95, 96, 97, 98, 99, 100, 101, 102, 103, 104, 105, 106, 107, 108, 109, 110, 111, 112, 113, 114, 115, 116, 117, 118, 119, 120, 121, 122, 123, 124, 125, 126, 127, 128, 129, 130, 131, 132, 133, 134, 135, 136, 137, 138, 139, 140, 141, 142, 143, 144, 145, 146, 147, 148, 149, 150, 151, 152, 153, 154, 155, 156, 157, 158, 159, 160, 161, 162, 163, 164, 165, 166, 167, 168, 169, 170, 171, 172, 173, 174, 175, 176, 177, 178, 179, 180, 181, 182, 183, 184, 185, 186, 187, 188, 189, 190, 191, 192, 193, 194, 195, 196, 197, 198, 199, 200, 201, 202, 203, 204, 205, 206, 207, 208, 209, 210, 211, 212, 213, 214, 215, 216, 217, 218, 219, 220, 221, 222, 223, 224, 225], "AcquisitionTime": ["142915.730000", "142916.340000", "142916.950000", "142917.560000", "142918.170000", "142918.780000", "142919.390000", "142920.000000", "142920.610000", "142921.220000", "142921.830000", "142922.440000", "142923.050000", "142923.660000", "142924.270000", "142924.880000", "142925.490000", "142926.100000", "142926.710000", "142927.320000", "142927.930000", "142928.540000", "142929.150000", "142929.760000", "142930.370000", "142930.980000", "142931.590000", "142932.200000", "142932.810000", "142933.420000", "142934.030000", "142934.640000", "142935.250000", "142935.860000", "142936.470000", "142937.080000", "142937.690000", "142938.300000", "142938.910000", "142939.520000", "142940.130000", "142940.740000", "142941.350000", "142941.960000", "142942.570000", "142943.180000", "142943.790000", "142944.400000", "142945.010000", "142945.620000", "142946.230000", "142946.840000", "142947.450000", "142948.060000", "142948.670000", "142949.280000", "142949.890000", "142950.500000", "142951.110000", "142951.720000", "142952.330000", "142952.940000", "142953.550000", "142954.160000", "142954.770000", "142955.380000", "142955.990000", "142956.600000", "142957.210000", "142957.820000", "142958.430000", "142959.040000", "142959.650000", "143000.260000", "143000.870000", "143001.480000", "143002.090000", "143002.700000", "143003.310000", "143003.920000", "143004.530000", "143005.140000", "143005.750000", "143006.360000", "143006.970000", "143007.580000", "143008.190000", "143008.800000", "143009.410000", "143010.020000", "143010.630000", "143011.240000", "143011.850000", "143012.460000", "143013.070000", "143013.680000", "143014.290000", "143014.900000", "143015.510000", "143016.120000", "143016.730000", "143017.340000", "143017.950000", "143018.560000", "143019.170000", "143019.780000", "143020.390000", "143021.000000", "143021.610000", "143022.220000", "143022.830000", "143023.440000", "143024.050000", "143024.660000", "143025.270000", "143025.880000", "143026.490000", "143027.100000", "143027.710000", "143028.320000", "143028.930000", "143029.540000", "143030.150000", "143030.760000", "143031.370000", "143031.980000", "143032.590000", "143033.200000", "143033.810000", "143034.420000", "143035.030000", "143035.640000", "143036.250000", "143036.860000", "143037.470000", "143038.080000", "143038.690000", "143039.300000", "143039.910000", "143040.520000", "143041.130000", "143041.740000", "143042.350000", "143042.960000", "143043.570000", "143044.180000", "143044.790000", "143045.400000", "143046.010000", "143046.620000", "143047.230000", "143047.840000", "143048.450000", "143049.060000", "143049.670000", "143050.280000", "143050.890000", "143051.500000", "143052.110000", "143052.720000", "143053.330000", "143053.940000", "143054.550000", "143055.160000", "143055.770000", "143056.380000", "143056.990000", "143057.600000", "143058.210000", "143058.820000", "143059.430000", "143100.040000", "143100.650000", "143101.260000", "143101.870000", "143102.480000", "143103.090000", "143103.700000", "143104.310000", "143104.920000", "143105.530000", "143106.140000", "143106.750000", "143107.360000", "143107.970000", "143108.580000", "143109.190000", "143109.800000", "143110.410000", "143111.020000", "143111.630000", "143112.240000", "143112.850000", "143113.460000", "143114.070000", "143114.680000", "143115.290000", "143115.900000", "143116.510000", "143117.120000", "143117.730000", "143118.340000", "143118.950000", "143119.560000", "143120.170000", "143120.780000", "143121.390000", "143122.000000", "143122.610000", "143123.220000", "143123.830000", "143124.440000", "143125.050000", "143125.660000", "143126.270000", "143126.880000", "143127.490000", "143128.100000", "143128.710000", "143129.320000", "143129.930000", "143130.540000", "143131.150000", "143131.760000", "143132.370000"], "ContentTime": ["142936.571000", "142936.574000", "142936.577000", "142936.579000", "142936.581000", "142936.584000", "142936.586000", "142936.588000", "142936.591000", "142936.593000", "142936.595000", "142936.598000", "142936.600000", "142936.602000", "142936.605000", "142936.607000", "142936.610000", "142936.612000", "142936.619000", "142936.622000", "142936.624000", "142936.626000", "142936.629000", "142936.631000", "142936.634000", "142936.636000", "142936.638000", "142936.641000", "142936.643000", "142936.645000", "142936.648000", "142936.650000", "142936.653000", "142956.535000", "142956.538000", "142956.540000", "142956.543000", "142956.545000", "142956.547000", "142956.550000", "142956.552000", "142956.554000", "142956.557000", "142956.559000", "142956.561000", "142956.564000", "142956.566000", "142956.568000", "142956.571000", "142956.573000", "142956.575000", "142956.578000", "142956.580000", "142956.582000", "142956.585000", "142956.587000", "142956.589000", "142956.592000", "142956.594000", "142956.597000", "142956.599000", "142956.610000", "142956.613000", "142956.615000", "142956.617000", "143016.535000", "143016.538000", "143016.540000", "143016.542000", "143016.545000", "143016.547000", "143016.549000", "143016.552000", "143016.554000", "143016.556000", "143016.559000", "143016.561000", "143016.564000", "143016.567000", "143016.569000", "143016.572000", "143016.574000", "143016.576000", "143016.579000", "143016.581000", "143016.583000", "143016.586000", "143016.588000", "143016.590000", "143016.593000", "143016.595000", "143016.597000", "143016.600000", "143016.602000", "143016.605000", "143016.607000", "143016.609000", "143016.612000", "143036.534000", "143036.537000", "143036.539000", "143036.541000", "143036.544000", "143036.546000", "143036.548000", "143036.551000", "143036.553000", "143036.555000", "143036.558000", "143036.560000", "143036.562000", "143036.565000", "143036.567000", "143036.569000", "143036.572000", "143036.574000", "143036.576000", "143036.579000", "143036.581000", "143036.583000", "143036.586000", "143036.588000", "143036.590000", "143036.593000", "143036.595000", "143036.597000", "143036.600000", "143036.602000", "143036.605000", "143036.607000", "143036.609000", "143056.535000", "143056.538000", "143056.540000", "143056.542000", "143056.545000", "143056.547000", "143056.549000", "143056.552000", "143056.554000", "143056.556000", "143056.559000", "143056.561000", "143056.563000", "143056.566000", "143056.568000", "143056.570000", "143056.573000", "143056.575000", "143056.577000", "143056.580000", "143056.582000", "143056.584000", "143056.587000", "143056.589000", "143056.591000", "143056.594000", "143056.596000", "143056.598000", "143056.601000", "143056.603000", "143056.606000", "143056.608000", "143056.610000", "143116.535000", "143116.538000", "143116.540000", "143116.542000", "143116.545000", "143116.547000", "143116.549000", "143116.552000", "143116.554000", "143116.556000", "143116.559000", "143116.561000", "143116.563000", "143116.566000", "143116.568000", "143116.570000", "143116.573000", "143116.575000", "143116.577000", "143116.580000", "143116.582000", "143116.584000", "143116.587000", "143116.589000", "143116.591000", "143116.594000", "143116.596000", "143116.598000", "143116.601000", "143116.603000", "143116.605000", "143116.608000", "143116.610000", "143134.105000", "143134.107000", "143134.110000", "143134.112000", "143134.115000", "143134.117000", "143134.119000", "143134.122000", "143134.124000", "143134.126000", "143134.129000", "143134.131000", "143134.136000", "143134.140000", "143134.142000", "143134.145000", "143134.147000", "143134.153000", "143134.156000", "143134.158000", "143134.164000", "143134.169000", "143134.171000", "143134.174000", "143134.177000", "143134.180000", "143134.183000", "143134.186000"], "InstanceCreationTime": ["142936.571000", "142936.574000", "142936.577000", "142936.579000", "142936.581000", "142936.584000", "142936.586000", "142936.588000", "142936.591000", "142936.593000", "142936.595000", "142936.598000", "142936.600000", "142936.602000", "142936.605000", "142936.607000", "142936.610000", "142936.612000", "142936.619000", "142936.622000", "142936.624000", "142936.626000", "142936.629000", "142936.631000", "142936.634000", "142936.636000", "142936.638000", "142936.641000", "142936.643000", "142936.645000", "142936.648000", "142936.650000", "142936.653000", "142956.535000", "142956.538000", "142956.540000", "142956.543000", "142956.545000", "142956.547000", "142956.550000", "142956.552000", "142956.554000", "142956.557000", "142956.559000", "142956.561000", "142956.564000", "142956.566000", "142956.568000", "142956.571000", "142956.573000", "142956.575000", "142956.578000", "142956.580000", "142956.582000", "142956.585000", "142956.587000", "142956.589000", "142956.592000", "142956.594000", "142956.597000", "142956.599000", "142956.610000", "142956.613000", "142956.615000", "142956.617000", "143016.535000", "143016.538000", "143016.540000", "143016.542000", "143016.545000", "143016.547000", "143016.549000", "143016.552000", "143016.554000", "143016.556000", "143016.559000", "143016.561000", "143016.564000", "143016.567000", "143016.569000", "143016.572000", "143016.574000", "143016.576000", "143016.579000", "143016.581000", "143016.583000", "143016.586000", "143016.588000", "143016.590000", "143016.593000", "143016.595000", "143016.597000", "143016.600000", "143016.602000", "143016.605000", "143016.607000", "143016.609000", "143016.612000", "143036.534000", "143036.537000", "143036.539000", "143036.541000", "143036.544000", "143036.546000", "143036.548000", "143036.551000", "143036.553000", "143036.555000", "143036.558000", "143036.560000", "143036.562000", "143036.565000", "143036.567000", "143036.569000", "143036.572000", "143036.574000", "143036.576000", "143036.579000", "143036.581000", "143036.583000", "143036.586000", "143036.588000", "143036.590000", "143036.593000", "143036.595000", "143036.597000", "143036.600000", "143036.602000", "143036.605000", "143036.607000", "143036.609000", "143056.535000", "143056.538000", "143056.540000", "143056.542000", "143056.545000", "143056.547000", "143056.549000", "143056.552000", "143056.554000", "143056.556000", "143056.559000", "143056.561000", "143056.563000", "143056.566000", "143056.568000", "143056.570000", "143056.573000", "143056.575000", "143056.577000", "143056.580000", "143056.582000", "143056.584000", "143056.587000", "143056.589000", "143056.591000", "143056.594000", "143056.596000", "143056.598000", "143056.601000", "143056.603000", "143056.606000", "143056.608000", "143056.610000", "143116.535000", "143116.538000", "143116.540000", "143116.542000", "143116.545000", "143116.547000", "143116.549000", "143116.552000", "143116.554000", "143116.556000", "143116.559000", "143116.561000", "143116.563000", "143116.566000", "143116.568000", "143116.570000", "143116.573000", "143116.575000", "143116.577000", "143116.580000", "143116.582000", "143116.584000", "143116.587000", "143116.589000", "143116.591000", "143116.594000", "143116.596000", "143116.598000", "143116.601000", "143116.603000", "143116.605000", "143116.608000", "143116.610000", "143134.105000", "143134.107000", "143134.110000", "143134.112000", "143134.115000", "143134.117000", "143134.119000", "143134.122000", "143134.124000", "143134.126000", "143134.129000", "143134.131000", "143134.136000", "143134.140000", "143134.142000", "143134.145000", "143134.147000", "143134.153000", "143134.156000", "143134.158000", "143134.164000", "143134.169000", "143134.171000", "143134.174000", "143134.177000", "143134.180000", "143134.183000", "143134.186000"], "InstanceNumber": [1, 2, 3, 4, 5, 6, 7, 8, 9, 10, 11, 12, 13, 14, 15, 16, 17, 18, 19, 20, 21, 22, 23, 24, 25, 26, 27, 28, 29, 30, 31, 32, 33, 34, 35, 36, 37, 38, 39, 40, 41, 42, 43, 44, 45, 46, 47, 48, 49, 50, 51, 52, 53, 54, 55, 56, 57, 58, 59, 60, 61, 62, 63, 64, 65, 66, 67, 68, 69, 70, 71, 72, 73, 74, 75, 76, 77, 78, 79, 80, 81, 82, 83, 84, 85, 86, 87, 88, 89, 90, 91, 92, 93, 94, 95, 96, 97, 98, 99, 100, 101, 102, 103, 104, 105, 106, 107, 108, 109, 110, 111, 112, 113, 114, 115, 116, 117, 118, 119, 120, 121, 122, 123, 124, 125, 126, 127, 128, 129, 130, 131, 132, 133, 134, 135, 136, 137, 138, 139, 140, 141, 142, 143, 144, 145, 146, 147, 148, 149, 150, 151, 152, 153, 154, 155, 156, 157, 158, 159, 160, 161, 162, 163, 164, 165, 166, 167, 168, 169, 170, 171, 172, 173, 174, 175, 176, 177, 178, 179, 180, 181, 182, 183, 184, 185, 186, 187, 188, 189, 190, 191, 192, 193, 194, 195, 196, 197, 198, 199, 200, 201, 202, 203, 204, 205, 206, 207, 208, 209, 210, 211, 212, 213, 214, 215, 216, 217, 218, 219, 220, 221, 222, 223, 224, 225], "LargestImagePixelValue": [526, 545, 522, 548, 521, 510, 502, 504, 503, 504, 506, 514, 503, 508, 506, 502, 515, 506, 508, 501, 508, 509, 510, 512, 513, 511, 516, 519, 518, 514, 514, 509, 513, 516, 510, 514, 510, 515, 513, 515, 512, 512, 512, 519, 513, 512, 511, 510, 515, 517, 509, 514, 510, 512, 510, 515, 512, 511, 510, 509, 508, 508, 512, 503, 509, 507, 512, 514, 512, 508, 514, 510, 509, 511, 510, 511, 517, 514, 512, 509, 512, 509, 509, 509, 511, 503, 507, 508, 509, 506, 503, 507, 505, 504, 510, 508, 505, 504, 503, 503, 503, 507, 511, 519, 515, 522, 521, 522, 513, 516, 517, 512, 516, 516, 514, 514, 514, 514, 515, 515, 514, 517, 515, 518, 514, 521, 517, 517, 518, 518, 518, 516, 521, 517, 520, 519, 523, 519, 522, 520, 516, 522, 518, 516, 520, 522, 521, 522, 519, 520, 522, 516, 516, 520, 517, 519, 521, 524, 517, 521, 520, 524, 521, 525, 523, 522, 522, 524, 525, 523, 525, 526, 530, 528, 524, 524, 524, 523, 524, 522, 523, 521, 521, 519, 521, 517, 522, 518, 519, 520, 520, 518, 522, 521, 521, 522, 521, 522, 522, 519, 519, 522, 522, 519, 524, 522, 521, 521, 523, 524, 521, 523, 521, 523, 523, 523, 525, 520, 525, 525, 525, 525, 525, 521, 528], "WindowCenter": [305.0, 307.0, 302.0, 305.0, 302.0, 301.0, 301.0, 300.0, 300.0, 300.0, 301.0, 303.0, 301.0, 300.0, 301.0, 301.0, 303.0, 301.0, 301.0, 300.0, 301.0, 301.0, 301.0, 302.0, 302.0, 302.0, 302.0, 302.0, 302.0, 302.0, 302.0, 301.0, 301.0, 302.0, 302.0, 301.0, 301.0, 302.0, 302.0, 302.0, 301.0, 301.0, 301.0, 302.0, 301.0, 302.0, 302.0, 302.0, 303.0, 302.0, 302.0, 302.0, 302.0, 302.0, 302.0, 302.0, 302.0, 302.0, 302.0, 302.0, 301.0, 301.0, 302.0, 301.0, 302.0, 301.0, 302.0, 303.0, 302.0, 302.0, 302.0, 301.0, 302.0, 302.0, 302.0, 302.0, 302.0, 302.0, 302.0, 301.0, 302.0, 301.0, 302.0, 302.0, 302.0, 301.0, 302.0, 302.0, 302.0, 302.0, 302.0, 303.0, 302.0, 302.0, 302.0, 302.0, 302.0, 302.0, 302.0, 302.0, 302.0, 302.0, 303.0, 302.0, 303.0, 303.0, 302.0, 302.0, 302.0, 302.0, 302.0, 302.0, 302.0, 302.0, 302.0, 302.0, 302.0, 302.0, 302.0, 302.0, 302.0, 302.0, 302.0, 302.0, 302.0, 302.0, 302.0, 302.0, 302.0, 302.0, 303.0, 302.0, 302.0, 302.0, 302.0, 303.0, 303.0, 303.0, 302.0, 303.0, 302.0, 303.0, 302.0, 302.0, 302.0, 303.0, 302.0, 302.0, 302.0, 302.0, 302.0, 303.0, 302.0, 302.0, 302.0, 302.0, 302.0, 302.0, 303.0, 302.0, 302.0, 302.0, 303.0, 302.0, 302.0, 302.0, 302.0, 302.0, 302.0, 302.0, 302.0, 303.0, 303.0, 303.0, 303.0, 303.0, 302.0, 303.0, 303.0, 303.0, 303.0, 302.0, 302.0, 303.0, 302.0, 302.0, 302.0, 302.0, 302.0, 302.0, 302.0, 302.0, 302.0, 302.0, 302.0, 302.0, 303.0, 302.0, 302.0, 302.0, 303.0, 302.0, 302.0, 302.0, 302.0, 302.0, 302.0, 302.0, 302.0, 302.0, 302.0, 302.0, 302.0, 302.0, 303.0, 302.0, 303.0, 302.0, 303.0, 303.0, 303.0, 303.0, 303.0, 303.0, 303.0], "WindowWidth": [663.0, 667.0, 657.0, 663.0, 657.0, 655.0, 655.0, 654.0, 654.0, 653.0, 654.0, 659.0, 655.0, 653.0, 656.0, 654.0, 658.0, 655.0, 655.0, 653.0, 654.0, 655.0, 655.0, 657.0, 657.0, 656.0, 657.0, 657.0, 658.0, 656.0, 656.0, 655.0, 656.0, 657.0, 656.0, 656.0, 656.0, 657.0, 657.0, 657.0, 656.0, 656.0, 656.0, 657.0, 656.0, 657.0, 657.0, 657.0, 658.0, 657.0, 656.0, 657.0, 657.0, 657.0, 657.0, 658.0, 657.0, 657.0, 656.0, 656.0, 656.0, 656.0, 657.0, 655.0, 656.0, 655.0, 657.0, 658.0, 657.0, 656.0, 657.0, 656.0, 656.0, 656.0, 656.0, 656.0, 656.0, 657.0, 657.0, 655.0, 657.0, 655.0, 656.0, 656.0, 657.0, 655.0, 656.0, 656.0, 656.0, 658.0, 657.0, 658.0, 656.0, 657.0, 658.0, 657.0, 657.0, 657.0, 657.0, 657.0, 657.0, 657.0, 659.0, 657.0, 659.0, 658.0, 658.0, 657.0, 658.0, 657.0, 657.0, 657.0, 656.0, 657.0, 657.0, 658.0, 657.0, 657.0, 656.0, 657.0, 657.0, 657.0, 656.0, 656.0, 657.0, 656.0, 657.0, 657.0, 657.0, 656.0, 658.0, 657.0, 656.0, 658.0, 658.0, 659.0, 658.0, 658.0, 657.0, 658.0, 658.0, 658.0, 658.0, 656.0, 658.0, 659.0, 657.0, 657.0, 658.0, 657.0, 657.0, 658.0, 656.0, 657.0, 657.0, 656.0, 656.0, 656.0, 658.0, 657.0, 657.0, 657.0, 658.0, 656.0, 657.0, 657.0, 657.0, 656.0, 656.0, 657.0, 657.0, 658.0, 659.0, 659.0, 658.0, 659.0, 658.0, 659.0, 659.0, 659.0, 659.0, 658.0, 658.0, 659.0, 658.0, 657.0, 656.0, 656.0, 656.0, 657.0, 657.0, 658.0, 657.0, 658.0, 657.0, 657.0, 658.0, 657.0, 658.0, 658.0, 658.0, 657.0, 657.0, 658.0, 657.0, 657.0, 657.0, 657.0, 656.0, 657.0, 657.0, 657.0, 657.0, 657.0, 658.0, 657.0, 658.0, 658.0, 659.0, 658.0, 659.0, 659.0, 659.0, 659.0, 659.0]}, "slices": {}}, "EventTimestamp": "14-31-47"}