{
  "AcquisitionMatrixPE": 64,
  "AcquisitionNumber": 1,
  "AcquisitionTime": "10:35:21.567500",
  "BandwidthPerPixelPhaseEncode": 31.25,
  "BaseResolution": 64,
  "BodyPartExamined": "BRAIN",
  "CoilString": "HC2_4_6_7;SC",
  "ConsistencyInfo": "N4_VE11E_LATEST_20181129",
  "ConversionSoftware": "dcm2niix",
  "ConversionSoftwareVersion": "v1.0.20190902",
  "DerivedVendorReportedEchoSpacing": 0.0005,
  "DeviceSerialNumber": "166182",
  "DwellTime": 3.4e-06,
  "EchoTime": 0.032,
  "EchoTrainLength": 64,
  "EffectiveEchoSpacing": 0.0005,
  "FlipAngle": 40,
  "ImageOrientationPatientDICOM": [0.998335, -0.0126407, -0.0562826, 0.0141145, 0.999566, 0.0258659],
  "ImageType": [
    "ORIGINAL",
    "PRIMARY",
    "M",
    "ND",
    "NORM",
    "MOSAIC"
],
  "ImagingFrequency": 123.256,
  "InPlanePhaseEncodingDirectionDICOM": "COL",
  "InstitutionAddress": "PEARSE_STREET_._City_District_IE_D2",
  "InstitutionName": "TCIN",
  "InstitutionalDepartmentName": "MRI",
  "MRAcquisitionType": "2D",
  "MagneticFieldStrength": 3,
  "Manufacturer": "Siemens",
  "ManufacturersModelName": "Prisma",
  "Modality": "MR",
  "PartialFourier": 1,
  "PatientPosition": "HFS",
  "PercentPhaseFOV": 100,
  "PhaseEncodingDirection": "j-",
  "PhaseEncodingSteps": 64,
  "PhaseResolution": 1,
  "PixelBandwidth": 2300,
  "ProcedureStepDescription": "Rhodri_Head_BOLD",
  "ProtocolName": "cmrr_SBep2d_se_AP_RDS",
  "PulseSequenceDetails": "%SiemensSeq%_ep2d_bold",
  "ReceiveCoilActiveElements": "HC2,4,6,7;SC",
  "ReceiveCoilName": "HeadNeck_64",
  "ReconMatrixPE": 64,
  "RepetitionTime": 2.26,
  "SAR": 0.234607,
  "ScanOptions": "FS",
  "ScanningSequence": "EP",
  "SequenceName": "_epfid2d1_64",
  "SequenceVariant": "SK",
  "SeriesDescription": "cmrr_SBep2d_se_AP_RDS",
  "SeriesNumber": 6,
  "ShimSetting": [-3680, -7466, 4163, 1031, -27, 1092, -69, -9],
  "SliceThickness": 3,
  "SliceTiming": [1.12, 0, 1.1825, 0.0625, 1.245, 0.125, 1.3075, 0.1875, 1.37, 0.25, 1.43, 0.31, 1.4925, 0.3725, 1.555, 0.435, 1.6175, 0.4975, 1.68, 0.56, 1.7425, 0.6225, 1.805, 0.685, 1.8675, 0.7475, 1.93, 0.81, 1.99, 0.87, 2.0525, 0.9325, 2.115, 0.995, 2.1775, 1.0575],
  "SoftwareVersions": "syngo_MR_E11",
  "SpacingBetweenSlices": 3.3,
  "StationName": "AWP166182",
  "TotalReadoutTime": 0.0315,
  "TxRefAmp": 220.465,
  "dcmmeta_affine": [
    [-2.995004653930664, 0.04234350472688675, -0.1845730096101761, 95.83442687988281],
    [0.03792206570506096, 2.998697280883789, 0.08783676475286484, -115.84717559814453],
    [-0.16884784400463104, -0.07759761065244675, 3.293663263320923, -72.29999542236328],
    [0.0, 0.0, 0.0, 1.0]
],
  "dcmmeta_reorient_transform": [
    [0.0, -1.0, 0.0, 63.0],
    [1.0, 0.0, 0.0, 0.0],
    [0.0, 0.0, 1.0, 0.0],
    [0.0, 0.0, 0.0, 1.0]
],
  "dcmmeta_shape": [64, 64, 36, 10],
  "dcmmeta_slice_dim": 2,
  "dcmmeta_version": 0.6,
  "global": {
    "const": {
      "AcquisitionMatrix": [64, 0, 0, 64],
      "AngioFlag": "N",
      "BitsAllocated": 16,
      "BitsStored": 12,
      "BodyPartExamined": "BRAIN",
      "Columns": 384,
      "EchoNumbers": 1,
      "EchoTime": 32.0,
      "EchoTrainLength": 64,
      "FlipAngle": 40.0,
      "HighBit": 11,
      "ImageOrientationPatient": [0.99833485381326, -0.0126406888661, -0.0562826140709, 0.01411450142361, 0.99956577454295, 0.02586586963383],
      "ImagePositionPatient": [-584.47776118499, -546.79479425039, -62.588605411748],
      "ImageType": [
        "ORIGINAL",
        "PRIMARY",
        "M",
        "ND",
        "NORM",
        "MOSAIC"
],
      "ImagedNucleus": "1H",
      "ImagingFrequency": 123.25602,
      "InPlanePhaseEncodingDirection": "COL",
      "MRAcquisitionType": "2D",
      "MagneticFieldStrength": 3.0,
      "Manufacturer": "SIEMENS",
      "ManufacturerModelName": "Prisma",
      "Modality": "MR",
      "NumberOfAverages": 1.0,
      "NumberOfPhaseEncodingSteps": 64,
      "PercentPhaseFieldOfView": 100.0,
      "PercentSampling": 100.0,
      "PerformedProcedureStepStartTime": "101822.696000",
      "PhotometricInterpretation": "MONOCHROME2",
      "PixelBandwidth": 2300.0,
      "PixelRepresentation": 0,
      "PixelSpacing": [3.0, 3.0],
      "ProtocolName": "cmrr_SBep2d_se_AP_RDS",
      "RepetitionTime": 2260.0,
      "Rows": 384,
      "SAR": 0.23460653173097,
      "SamplesPerPixel": 1,
      "ScanOptions": "FS",
      "ScanningSequence": "EP",
      "SequenceName": "*epfid2d1_64",
      "SequenceVariant": "SK",
      "SeriesDescription": "cmrr_SBep2d_se_AP_RDS",
      "SeriesNumber": 6,
      "SeriesTime": "103543.215000",
      "SliceLocation": -80.604824035098,
      "SliceThickness": 3.0,
      "SmallestImagePixelValue": 0,
      "SoftwareVersions": "syngo MR E11",
      "SpacingBetweenSlices": 3.3000001164017,
      "SpecificCharacterSet": "ISO_IR 100",
      "StudyID": "1",
      "StudyTime": "101822.473000",
      "TransmitCoilName": "Body",
      "VariableFlipAngleFlag": "N",
      "WindowCenterWidthExplanation": "Algo1"
    },
    "slices": {}
  },
  "time": {
    "samples": {
      "AcquisitionNumber": [1, 2, 3, 4, 5, 6, 7, 8, 9, 10],
      "AcquisitionTime": ["103521.567500", "103523.827500", "103526.087500", "103528.347500", "103530.607500", "103532.867500", "103535.127500", "103537.387500", "103539.647500", "103541.907500"],
      "ContentTime": ["103543.219000", "103543.222000", "103543.224000", "103543.226000", "103543.229000", "103543.231000", "103543.233000", "103543.236000", "103543.238000", "103543.241000"],
      "InstanceCreationTime": ["103543.219000", "103543.222000", "103543.224000", "103543.226000", "103543.229000", "103543.231000", "103543.233000", "103543.236000", "103543.238000", "103543.241000"],
      "InstanceNumber": [1, 2, 3, 4, 5, 6, 7, 8, 9, 10],
      "LargestImagePixelValue": [848, 898, 867, 900, 856, 843, 830, 836, 906, 832],
      "WindowCenter": [429.0, 428.0, 430.0, 427.0, 428.0, 429.0, 424.0, 429.0, 427.0, 424.0],
      "WindowWidth": [896.0, 894.0, 899.0, 893.0, 894.0, 896.0, 887.0, 896.0, 891.0, 886.0]
    },
    "slices": {}
  }
}