{"AcquisitionMatrixPE": 64, "AcquisitionNumber": 1, "AcquisitionTime": "15:39:50.710000", "BandwidthPerPixelPhaseEncode": 28.935, "BaseResolution": 64, "BodyPartExamined": "BRAIN", "CoilCombinationMethod": "Sum of Squares", "ConsistencyInfo": "N4_VE11E_LATEST_20181129", "ConversionSoftware": "dcm2niix", "ConversionSoftwareVersion": "v1.0.20230411", "DerivedVendorReportedEchoSpacing": 0.000540003, "DeviceSerialNumber": "166182", "DwellTime": 3.4e-06, "EchoTime": 0.032, "EchoTrainLength": 64, "EffectiveEchoSpacing": 0.000540003, "FlipAngle": 40, "HeudiconvVersion": "0.13.1", "ImageOrientationPatientDICOM": [0.996014, 0.0885243, -0.0109603, -0.0883662, 0.995987, 0.0141611], "ImageOrientationText": "Tra>Cor(0.8)>Sag(-0.7)", "ImageType": ["ORIGINAL", "PRIMARY", "M", "ND", "NORM", "MOSAIC"], "ImagingFrequency": 123.255653, "InPlanePhaseEncodingDirectionDICOM": "COL", "InstitutionAddress": "PEARSE STREET .,City,District,IE,D2", "InstitutionName": "TCIN", "InstitutionalDepartmentName": "MRI", "MRAcquisitionType": "2D", "MagneticFieldStrength": 3, "Manufacturer": "Siemens", "ManufacturersModelName": "Prisma", "Modality": "MR", "MultibandAccelerationFactor": 4, "NonlinearGradientCorrection": false, "PartialFourier": 1, "PatientPosition": "HFS", "PercentPhaseFOV": 100, "PercentSampling": 100, "PhaseEncodingDirection": "j-", "PhaseEncodingSteps": 64, "PhaseResolution": 1, "PixelBandwidth": 2300, "ProcedureStepDescription": "Rhodri^Head BOLD", "ProtocolName": "cmrr_mbep2d_Pictures_AP_RDS", "PulseSequenceDetails": "%SiemensSeq%\\ep2d_bold", "ReceiveCoilActiveElements": "HC2,4,6,7;SC", "ReceiveCoilName": "SpecialPurpose_4", "ReconMatrixPE": 64, "RefLinesPE": 12, "RepetitionTime": 0.61, "SAR": 0.321676, "ScanOptions": "FS", "ScanningSequence": "EP", "SequenceName": "*epfid2d1_64", "SequenceVariant": "SK", "SeriesDescription": "cmrr_mbep2d_Pictures_AP_RDS", "SeriesNumber": 8, "ShimSetting": [-3688, -7506, 3848, 1087, 155, -119, 306, 125], "SliceThickness": 3, "SliceTiming": [0.26, 0, 0.3275, 0.065, 0.3925, 0.13, 0.4575, 0.195, 0.5225, 0.26, 0, 0.3275, 0.065, 0.3925, 0.13, 0.4575, 0.195, 0.5225, 0.26, 0, 0.3275, 0.065, 0.3925, 0.13, 0.4575, 0.195, 0.5225, 0.26, 0, 0.3275, 0.065, 0.3925, 0.13, 0.4575, 0.195, 0.5225], "SoftwareVersions": "syngo MR E11", "SpacingBetweenSlices": 3.3, "StationName": "AWP166182", "TaskName": "pictures", "TotalReadoutTime": 0.0340202, "TxRefAmp": 242.05, "dcmmeta_affine": [[-2.9880411624908447, -0.26509854197502136, -0.04016080126166344, 104.45157623291016], [-0.26557305455207825, 2.987962245941162, 0.043349359184503555, -89.98037719726562], [-0.03288094326853752, -0.04248342290520668, 3.2994706630706787, -97.01675415039062], [0.0, 0.0, 0.0, 1.0]], "dcmmeta_reorient_transform": [[0.0, -1.0, 0.0, 63.0], [1.0, 0.0, 0.0, 0.0], [0.0, 0.0, 1.0, 0.0], [0.0, 0.0, 0.0, 1.0]], "dcmmeta_shape": [64, 64, 36, 69], "dcmmeta_slice_dim": 2, "dcmmeta_version": 0.6, "global": {"const": {"AcquisitionMatrix": [64, 0, 0, 64], "AngioFlag": "N", "BitsAllocated": 16, "BitsStored": 12, "BodyPartExamined": "BRAIN", "Columns": 384, "EchoNumbers": 1, "EchoTime": 32.0, "EchoTrainLength": 64, "FlipAngle": 40.0, "HighBit": 11, "ImageOrientationPatient": [0.99601371015036, 0.08852435091324, -0.0109603142243, -0.0883661798377, 0.99598738965276, 0.01416114096983], "ImagePositionPatient": [-523.42117915886, -618.82687629359, -101.22960912779], "ImageType": ["ORIGINAL", "PRIMARY", "M", "ND", "NORM", "MOSAIC"], "ImagedNucleus": "1H", "ImagingFrequency": 123.255653, "InPlanePhaseEncodingDirection": "COL", "MRAcquisitionType": "2D", "MagneticFieldStrength": 3.0, "Manufacturer": "SIEMENS", "ManufacturerModelName": "Prisma", "Modality": "MR", "NumberOfAverages": 1.0, "NumberOfPhaseEncodingSteps": 64, "PercentPhaseFieldOfView": 100.0, "PercentSampling": 100.0, "PerformedProcedureStepStartTime": "153137.711000", "PhotometricInterpretation": "MONOCHROME2", "PixelBandwidth": 2300.0, "PixelRepresentation": 0, "PixelSpacing": [3.0, 3.0], "ProtocolName": "cmrr_mbep2d_Pictures_AP_RDS", "RepetitionTime": 610.0, "Rows": 384, "SAR": 0.32167640236876, "SamplesPerPixel": 1, "ScanOptions": "FS", "ScanningSequence": "EP", "SequenceName": "*epfid2d1_64", "SequenceVariant": "SK", "SeriesDescription": "cmrr_mbep2d_Pictures_AP_RDS", "SeriesNumber": 8, "SeriesTime": "154009.759000", "SliceLocation": -99.454367287765, "SliceThickness": 3.0, "SmallestImagePixelValue": 0, "SoftwareVersions": "syngo MR E11", "SpacingBetweenSlices": 3.299999880039, "SpecificCharacterSet": "ISO_IR 100", "StudyID": "2", "StudyTime": "153137.659000", "TransmitCoilName": "Body", "VariableFlipAngleFlag": "N", "WindowCenterWidthExplanation": "Algo1"}, "slices": {}}, "time": {"samples": {"AcquisitionNumber": [1, 2, 3, 4, 5, 6, 7, 8, 9, 10, 11, 12, 13, 14, 15, 16, 17, 18, 19, 20, 21, 22, 23, 24, 25, 26, 27, 28, 29, 30, 31, 32, 33, 34, 35, 36, 37, 38, 39, 40, 41, 42, 43, 44, 45, 46, 47, 48, 49, 50, 51, 52, 53, 54, 55, 56, 57, 58, 59, 60, 61, 62, 63, 64, 65, 66, 67, 68, 69], "AcquisitionTime": ["153950.710000", "153951.320000", "153951.930000", "153952.540000", "153953.150000", "153953.760000", "153954.370000", "153954.980000", "153955.590000", "153956.200000", "153956.810000", "153957.420000", "153958.030000", "153958.640000", "153959.250000", "153959.860000", "154000.470000", "154001.080000", "154001.690000", "154002.300000", "154002.910000", "154003.520000", "154004.130000", "154004.740000", "154005.350000", "154005.960000", "154006.570000", "154007.180000", "154007.790000", "154008.400000", "154009.010000", "154009.620000", "154010.230000", "154010.840000", "154011.450000", "154012.060000", "154012.670000", "154013.280000", "154013.890000", "154014.500000", "154015.110000", "154015.720000", "154016.330000", "154016.940000", "154017.550000", "154018.160000", "154018.770000", "154019.380000", "154019.990000", "154020.600000", "154021.210000", "154021.820000", "154022.430000", "154023.040000", "154023.650000", "154024.260000", "154024.870000", "154025.480000", "154026.090000", "154026.700000", "154027.310000", "154027.920000", "154028.530000", "154029.140000", "154029.750000", "154030.360000", "154030.970000", "154031.580000", "154032.190000"], "ContentTime": ["154009.763000", "154009.766000", "154009.768000", "154009.771000", "154009.773000", "154009.775000", "154009.778000", "154009.780000", "154009.782000", "154009.785000", "154009.787000", "154009.789000", "154009.792000", "154009.794000", "154009.797000", "154009.804000", "154009.806000", "154009.809000", "154009.811000", "154009.814000", "154009.816000", "154009.819000", "154009.821000", "154009.823000", "154009.826000", "154009.828000", "154009.830000", "154009.839000", "154009.842000", "154009.844000", "154009.846000", "154029.758000", "154029.761000", "154029.763000", "154029.765000", "154029.768000", "154029.770000", "154029.772000", "154029.775000", "154029.777000", "154029.779000", "154029.782000", "154029.784000", "154029.786000", "154029.789000", "154029.791000", "154029.793000", "154029.796000", "154029.798000", "154029.845000", "154029.855000", "154029.857000", "154029.860000", "154029.862000", "154029.864000", "154029.867000", "154029.869000", "154029.871000", "154029.874000", "154029.876000", "154029.878000", "154029.881000", "154029.883000", "154029.885000", "154033.353000", "154033.356000", "154033.358000", "154033.361000", "154033.363000"], "InstanceCreationTime": ["154009.763000", "154009.766000", "154009.768000", "154009.771000", "154009.773000", "154009.775000", "154009.778000", "154009.780000", "154009.782000", "154009.785000", "154009.787000", "154009.789000", "154009.792000", "154009.794000", "154009.797000", "154009.804000", "154009.806000", "154009.809000", "154009.811000", "154009.814000", "154009.816000", "154009.819000", "154009.821000", "154009.823000", "154009.826000", "154009.828000", "154009.830000", "154009.839000", "154009.842000", "154009.844000", "154009.846000", "154029.758000", "154029.761000", "154029.763000", "154029.765000", "154029.768000", "154029.770000", "154029.772000", "154029.775000", "154029.777000", "154029.779000", "154029.782000", "154029.784000", "154029.786000", "154029.789000", "154029.791000", "154029.793000", "154029.796000", "154029.798000", "154029.845000", "154029.855000", "154029.857000", "154029.860000", "154029.862000", "154029.864000", "154029.867000", "154029.869000", "154029.871000", "154029.874000", "154029.876000", "154029.878000", "154029.881000", "154029.883000", "154029.885000", "154033.353000", "154033.356000", "154033.358000", "154033.361000", "154033.363000"], "InstanceNumber": [1, 2, 3, 4, 5, 6, 7, 8, 9, 10, 11, 12, 13, 14, 15, 16, 17, 18, 19, 20, 21, 22, 23, 24, 25, 26, 27, 28, 29, 30, 31, 32, 33, 34, 35, 36, 37, 38, 39, 40, 41, 42, 43, 44, 45, 46, 47, 48, 49, 50, 51, 52, 53, 54, 55, 56, 57, 58, 59, 60, 61, 62, 63, 64, 65, 66, 67, 68, 69], "LargestImagePixelValue": [424, 390, 393, 425, 396, 396, 426, 383, 386, 403, 401, 411, 401, 391, 429, 412, 401, 400, 405, 392, 459, 388, 415, 414, 430, 395, 404, 380, 410, 406, 400, 401, 383, 410, 440, 398, 389, 394, 444, 404, 397, 407, 476, 403, 364, 439, 471, 397, 409, 405, 385, 378, 378, 471, 386, 396, 392, 400, 404, 422, 426, 394, 387, 402, 454, 388, 403, 442, 393], "WindowCenter": [253.0, 252.0, 248.0, 251.0, 249.0, 252.0, 249.0, 247.0, 247.0, 248.0, 249.0, 249.0, 250.0, 249.0, 251.0, 248.0, 249.0, 250.0, 251.0, 249.0, 252.0, 249.0, 249.0, 249.0, 249.0, 250.0, 250.0, 248.0, 248.0, 249.0, 249.0, 251.0, 247.0, 248.0, 249.0, 249.0, 247.0, 249.0, 248.0, 249.0, 248.0, 248.0, 249.0, 245.0, 239.0, 245.0, 246.0, 248.0, 250.0, 249.0, 249.0, 245.0, 247.0, 250.0, 243.0, 248.0, 250.0, 248.0, 246.0, 248.0, 249.0, 247.0, 247.0, 249.0, 251.0, 246.0, 248.0, 249.0, 250.0], "WindowWidth": [563.0, 561.0, 553.0, 560.0, 554.0, 561.0, 556.0, 552.0, 551.0, 554.0, 556.0, 556.0, 558.0, 554.0, 558.0, 553.0, 555.0, 558.0, 560.0, 555.0, 561.0, 556.0, 554.0, 556.0, 555.0, 556.0, 558.0, 553.0, 554.0, 556.0, 556.0, 559.0, 551.0, 554.0, 555.0, 555.0, 551.0, 556.0, 553.0, 555.0, 554.0, 554.0, 554.0, 547.0, 536.0, 547.0, 549.0, 552.0, 557.0, 554.0, 555.0, 547.0, 550.0, 555.0, 543.0, 553.0, 557.0, 554.0, 550.0, 554.0, 555.0, 551.0, 551.0, 554.0, 558.0, 549.0, 553.0, 556.0, 558.0]}, "slices": {}}, "EventTimestamp": "15-42-43"}