{"AcquisitionMatrixPE": 64, "AcquisitionNumber": 1, "AcquisitionTime": "13:14:16.722500", "BandwidthPerPixelPhaseEncode": 28.935, "BaseResolution": 64, "BodyPartExamined": "BRAIN", "CoilString": "HC2_4_6_7;SC", "ConsistencyInfo": "N4_VE11E_LATEST_20181129", "ConversionSoftware": "dcm2niix", "ConversionSoftwareVersion": "v1.0.20190902", "DerivedVendorReportedEchoSpacing": 0.000540003, "DeviceSerialNumber": "166182", "DwellTime": 3.4e-06, "EchoTime": 0.032, "EchoTrainLength": 64, "EffectiveEchoSpacing": 0.000540003, "FlipAngle": 40, "ImageOrientationPatientDICOM": [0.993464, 0.100418, -0.0542715, -0.0989858, 0.994682, 0.028463], "ImageType": ["ORIGINAL", "PRIMARY", "M", "ND", "NORM", "MOSAIC"], "ImagingFrequency": 123.257, "InPlanePhaseEncodingDirectionDICOM": "COL", "InstitutionAddress": "PEARSE_STREET_._City_District_IE_D2", "InstitutionName": "TCIN", "InstitutionalDepartmentName": "MRI", "MRAcquisitionType": "2D", "MagneticFieldStrength": 3, "Manufacturer": "Siemens", "ManufacturersModelName": "Prisma", "Modality": "MR", "MultibandAccelerationFactor": 4, "PartialFourier": 1, "PatientPosition": "HFS", "PercentPhaseFOV": 100, "PhaseEncodingDirection": "j-", "PhaseEncodingSteps": 64, "PhaseResolution": 1, "PixelBandwidth": 2300, "ProcedureStepDescription": "Rhodri_Head_BOLD", "ProtocolName": "cmrr_mbep2d_Pictures_AP_RDS", "PulseSequenceDetails": "%SiemensSeq%_ep2d_bold", "ReceiveCoilActiveElements": "HC2,4,6,7;SC", "ReceiveCoilName": "SpecialPurpose_4", "ReconMatrixPE": 64, "RefLinesPE": 12, "RepetitionTime": 0.61, "SAR": 0.221149, "ScanOptions": "FS", "ScanningSequence": "EP", "SequenceName": "_epfid2d1_64", "SequenceVariant": "SK", "SeriesDescription": "cmrr_mbep2d_Pictures_AP_RDS", "SeriesNumber": 8, "ShimSetting": [-3649, -7498, 3825, 1035, 6, 270, 274, 22], "SliceThickness": 3, "SliceTiming": [0.2625, 0, 0.33, 0.0675, 0.395, 0.1325, 0.46, 0.1975, 0.525, 0.2625, 0, 0.33, 0.0675, 0.395, 0.1325, 0.46, 0.1975, 0.525, 0.2625, 0, 0.33, 0.0675, 0.395, 0.1325, 0.46, 0.1975, 0.525, 0.2625, 0, 0.33, 0.0675, 0.395, 0.1325, 0.46, 0.1975, 0.525], "SoftwareVersions": "syngo_MR_E11", "SpacingBetweenSlices": 3.3, "StationName": "AWP166182", "TaskName": "pictures", "TotalReadoutTime": 0.0340202, "TxRefAmp": 230.647, "dcmmeta_affine": [[-2.9803922176361084, -0.2969573140144348, -0.1875755339860916, 107.76360321044922], [-0.3012527823448181, 2.9840450286865234, 0.07558611780405045, -87.51081848144531], [-0.16281454265117645, -0.08538907021284103, 3.293797731399536, -85.0660629272461], [0.0, 0.0, 0.0, 1.0]], "dcmmeta_reorient_transform": [[0.0, -1.0, 0.0, 63.0], [1.0, 0.0, 0.0, 0.0], [0.0, 0.0, 1.0, 0.0], [0.0, 0.0, 0.0, 1.0]], "dcmmeta_shape": [64, 64, 36, 510], "dcmmeta_slice_dim": 2, "dcmmeta_version": 0.6, "global": {"const": {"AcquisitionMatrix": [64, 0, 0, 64], "AngioFlag": "N", "BitsAllocated": 16, "BitsStored": 12, "BodyPartExamined": "BRAIN", "Columns": 384, "EchoNumbers": 1, "EchoTime": 32.0, "EchoTrainLength": 64, "FlipAngle": 40.0, "HighBit": 11, "ImageOrientationPatient": [0.99346409613691, 0.10041759083936, -0.0542715131251, -0.0989857695658, 0.99468169467987, 0.02846302324491], "ImagePositionPatient": [-518.40488988805, -626.13167683188, -78.057497084862], "ImageType": ["ORIGINAL", "PRIMARY", "M", "ND", "NORM", "MOSAIC"], "ImagedNucleus": "1H", "ImagingFrequency": 123.256504, "InPlanePhaseEncodingDirection": "COL", "MRAcquisitionType": "2D", "MagneticFieldStrength": 3.0, "Manufacturer": "SIEMENS", "ManufacturerModelName": "Prisma", "Modality": "MR", "NumberOfAverages": 1.0, "NumberOfPhaseEncodingSteps": 64, "PercentPhaseFieldOfView": 100.0, "PercentSampling": 100.0, "PerformedProcedureStepStartTime": "130242.344000", "PhotometricInterpretation": "MONOCHROME2", "PixelBandwidth": 2300.0, "PixelRepresentation": 0, "PixelSpacing": [3.0, 3.0], "ProtocolName": "cmrr_mbep2d_Pictures_AP_RDS", "RepetitionTime": 610.0, "Rows": 384, "SAR": 0.22114884826397, "SamplesPerPixel": 1, "ScanOptions": "FS", "ScanningSequence": "EP", "SequenceName": "*epfid2d1_64", "SequenceVariant": "SK", "SeriesDescription": "cmrr_mbep2d_Pictures_AP_RDS", "SeriesNumber": 8, "SeriesTime": "131439.520000", "SliceLocation": -93.035999667377, "SliceThickness": 3.0, "SmallestImagePixelValue": 0, "SoftwareVersions": "syngo MR E11", "SpacingBetweenSlices": 3.3000000999606, "SpecificCharacterSet": "ISO_IR 100", "StudyID": "2", "StudyTime": "130242.294000", "TransmitCoilName": "Body", "VariableFlipAngleFlag": "N", "WindowCenterWidthExplanation": "Algo1"}, "slices": {}}, "time": {"samples": {"AcquisitionNumber": [1, 2, 3, 4, 5, 6, 7, 8, 9, 10, 11, 12, 13, 14, 15, 16, 17, 18, 19, 20, 21, 22, 23, 24, 25, 26, 27, 28, 29, 30, 31, 32, 33, 34, 35, 36, 37, 38, 39, 40, 41, 42, 43, 44, 45, 46, 47, 48, 49, 50, 51, 52, 53, 54, 55, 56, 57, 58, 59, 60, 61, 62, 63, 64, 65, 66, 67, 68, 69, 70, 71, 72, 73, 74, 75, 76, 77, 78, 79, 80, 81, 82, 83, 84, 85, 86, 87, 88, 89, 90, 91, 92, 93, 94, 95, 96, 97, 98, 99, 100, 101, 102, 103, 104, 105, 106, 107, 108, 109, 110, 111, 112, 113, 114, 115, 116, 117, 118, 119, 120, 121, 122, 123, 124, 125, 126, 127, 128, 129, 130, 131, 132, 133, 134, 135, 136, 137, 138, 139, 140, 141, 142, 143, 144, 145, 146, 147, 148, 149, 150, 151, 152, 153, 154, 155, 156, 157, 158, 159, 160, 161, 162, 163, 164, 165, 166, 167, 168, 169, 170, 171, 172, 173, 174, 175, 176, 177, 178, 179, 180, 181, 182, 183, 184, 185, 186, 187, 188, 189, 190, 191, 192, 193, 194, 195, 196, 197, 198, 199, 200, 201, 202, 203, 204, 205, 206, 207, 208, 209, 210, 211, 212, 213, 214, 215, 216, 217, 218, 219, 220, 221, 222, 223, 224, 225, 226, 227, 228, 229, 230, 231, 232, 233, 234, 235, 236, 237, 238, 239, 240, 241, 242, 243, 244, 245, 246, 247, 248, 249, 250, 251, 252, 253, 254, 255, 256, 257, 258, 259, 260, 261, 262, 263, 264, 265, 266, 267, 268, 269, 270, 271, 272, 273, 274, 275, 276, 277, 278, 279, 280, 281, 282, 283, 284, 285, 286, 287, 288, 289, 290, 291, 292, 293, 294, 295, 296, 297, 298, 299, 300, 301, 302, 303, 304, 305, 306, 307, 308, 309, 310, 311, 312, 313, 314, 315, 316, 317, 318, 319, 320, 321, 322, 323, 324, 325, 326, 327, 328, 329, 330, 331, 332, 333, 334, 335, 336, 337, 338, 339, 340, 341, 342, 343, 344, 345, 346, 347, 348, 349, 350, 351, 352, 353, 354, 355, 356, 357, 358, 359, 360, 361, 362, 363, 364, 365, 366, 367, 368, 369, 370, 371, 372, 373, 374, 375, 376, 377, 378, 379, 380, 381, 382, 383, 384, 385, 386, 387, 388, 389, 390, 391, 392, 393, 394, 395, 396, 397, 398, 399, 400, 401, 402, 403, 404, 405, 406, 407, 408, 409, 410, 411, 412, 413, 414, 415, 416, 417, 418, 419, 420, 421, 422, 423, 424, 425, 426, 427, 428, 429, 430, 431, 432, 433, 434, 435, 436, 437, 438, 439, 440, 441, 442, 443, 444, 445, 446, 447, 448, 449, 450, 451, 452, 453, 454, 455, 456, 457, 458, 459, 460, 461, 462, 463, 464, 465, 466, 467, 468, 469, 470, 471, 472, 473, 474, 475, 476, 477, 478, 479, 480, 481, 482, 483, 484, 485, 486, 487, 488, 489, 490, 491, 492, 493, 494, 495, 496, 497, 498, 499, 500, 501, 502, 503, 504, 505, 506, 507, 508, 509, 510], "AcquisitionTime": ["131416.722500", "131417.332500", "131417.942500", "131418.552500", "131419.162500", "131419.772500", "131420.382500", "131420.992500", "131421.602500", "131422.212500", "131422.822500", "131423.432500", "131424.042500", "131424.652500", "131425.262500", "131425.872500", "131426.482500", "131427.092500", "131427.702500", "131428.312500", "131428.922500", "131429.532500", "131430.142500", "131430.752500", "131431.362500", "131431.972500", "131432.582500", "131433.192500", "131433.802500", "131434.412500", "131435.022500", "131435.632500", "131436.242500", "131436.852500", "131437.462500", "131438.072500", "131438.682500", "131439.292500", "131439.902500", "131440.512500", "131441.122500", "131441.732500", "131442.342500", "131442.952500", "131443.562500", "131444.172500", "131444.782500", "131445.392500", "131446.002500", "131446.612500", "131447.222500", "131447.832500", "131448.442500", "131449.052500", "131449.662500", "131450.272500", "131450.882500", "131451.492500", "131452.102500", "131452.712500", "131453.322500", "131453.932500", "131454.542500", "131455.152500", "131455.762500", "131456.372500", "131456.982500", "131457.592500", "131458.202500", "131458.812500", "131459.422500", "131500.032500", "131500.642500", "131501.252500", "131501.862500", "131502.472500", "131503.082500", "131503.692500", "131504.302500", "131504.912500", "131505.522500", "131506.132500", "131506.742500", "131507.352500", "131507.962500", "131508.572500", "131509.182500", "131509.792500", "131510.402500", "131511.012500", "131511.622500", "131512.232500", "131512.842500", "131513.452500", "131514.062500", "131514.672500", "131515.282500", "131515.892500", "131516.502500", "131517.112500", "131517.722500", "131518.332500", "131518.942500", "131519.552500", "131520.162500", "131520.772500", "131521.382500", "131521.992500", "131522.602500", "131523.212500", "131523.822500", "131524.432500", "131525.042500", "131525.652500", "131526.262500", "131526.872500", "131527.482500", "131528.092500", "131528.702500", "131529.312500", "131529.922500", "131530.532500", "131531.142500", "131531.752500", "131532.362500", "131532.972500", "131533.582500", "131534.192500", "131534.802500", "131535.412500", "131536.022500", "131536.632500", "131537.242500", "131537.852500", "131538.462500", "131539.072500", "131539.682500", "131540.292500", "131540.902500", "131541.512500", "131542.122500", "131542.732500", "131543.342500", "131543.952500", "131544.562500", "131545.172500", "131545.782500", "131546.392500", "131547.002500", "131547.612500", "131548.222500", "131548.832500", "131549.442500", "131550.052500", "131550.662500", "131551.272500", "131551.882500", "131552.492500", "131553.102500", "131553.712500", "131554.322500", "131554.932500", "131555.542500", "131556.152500", "131556.762500", "131557.372500", "131557.982500", "131558.592500", "131559.202500", "131559.812500", "131600.422500", "131601.032500", "131601.642500", "131602.252500", "131602.862500", "131603.472500", "131604.082500", "131604.692500", "131605.302500", "131605.912500", "131606.522500", "131607.132500", "131607.742500", "131608.352500", "131608.962500", "131609.572500", "131610.182500", "131610.792500", "131611.402500", "131612.012500", "131612.622500", "131613.232500", "131613.842500", "131614.452500", "131615.062500", "131615.672500", "131616.282500", "131616.892500", "131617.502500", "131618.112500", "131618.722500", "131619.332500", "131619.942500", "131620.552500", "131621.162500", "131621.772500", "131622.382500", "131622.992500", "131623.602500", "131624.212500", "131624.822500", "131625.432500", "131626.042500", "131626.652500", "131627.262500", "131627.872500", "131628.482500", "131629.092500", "131629.702500", "131630.312500", "131630.922500", "131631.532500", "131632.142500", "131632.752500", "131633.362500", "131633.972500", "131634.582500", "131635.192500", "131635.802500", "131636.412500", "131637.022500", "131637.632500", "131638.242500", "131638.852500", "131639.462500", "131640.072500", "131640.682500", "131641.292500", "131641.902500", "131642.512500", "131643.122500", "131643.732500", "131644.342500", "131644.952500", "131645.562500", "131646.172500", "131646.782500", "131647.392500", "131648.002500", "131648.612500", "131649.222500", "131649.832500", "131650.442500", "131651.052500", "131651.662500", "131652.272500", "131652.882500", "131653.492500", "131654.102500", "131654.712500", "131655.322500", "131655.932500", "131656.542500", "131657.152500", "131657.762500", "131658.372500", "131658.982500", "131659.592500", "131700.202500", "131700.812500", "131701.422500", "131702.032500", "131702.642500", "131703.252500", "131703.862500", "131704.472500", "131705.082500", "131705.692500", "131706.302500", "131706.912500", "131707.522500", "131708.132500", "131708.742500", "131709.352500", "131709.962500", "131710.572500", "131711.182500", "131711.792500", "131712.402500", "131713.012500", "131713.622500", "131714.232500", "131714.842500", "131715.452500", "131716.062500", "131716.672500", "131717.282500", "131717.892500", "131718.502500", "131719.112500", "131719.722500", "131720.332500", "131720.942500", "131721.552500", "131722.162500", "131722.772500", "131723.382500", "131723.992500", "131724.602500", "131725.212500", "131725.822500", "131726.432500", "131727.042500", "131727.652500", "131728.262500", "131728.872500", "131729.482500", "131730.092500", "131730.702500", "131731.312500", "131731.922500", "131732.532500", "131733.142500", "131733.752500", "131734.362500", "131734.972500", "131735.582500", "131736.192500", "131736.802500", "131737.412500", "131738.022500", "131738.632500", "131739.242500", "131739.852500", "131740.462500", "131741.072500", "131741.682500", "131742.292500", "131742.902500", "131743.512500", "131744.122500", "131744.732500", "131745.342500", "131745.952500", "131746.562500", "131747.172500", "131747.782500", "131748.392500", "131749.002500", "131749.612500", "131750.222500", "131750.832500", "131751.442500", "131752.052500", "131752.662500", "131753.272500", "131753.882500", "131754.492500", "131755.102500", "131755.712500", "131756.322500", "131756.932500", "131757.542500", "131758.152500", "131758.762500", "131759.372500", "131759.982500", "131800.592500", "131801.202500", "131801.812500", "131802.422500", "131803.032500", "131803.642500", "131804.252500", "131804.862500", "131805.472500", "131806.082500", "131806.692500", "131807.302500", "131807.912500", "131808.522500", "131809.132500", "131809.742500", "131810.352500", "131810.962500", "131811.572500", "131812.182500", "131812.792500", "131813.402500", "131814.012500", "131814.622500", "131815.232500", "131815.842500", "131816.452500", "131817.062500", "131817.672500", "131818.282500", "131818.892500", "131819.502500", "131820.112500", "131820.722500", "131821.332500", "131821.942500", "131822.552500", "131823.162500", "131823.772500", "131824.382500", "131824.992500", "131825.602500", "131826.212500", "131826.822500", "131827.432500", "131828.042500", "131828.652500", "131829.262500", "131829.872500", "131830.482500", "131831.092500", "131831.702500", "131832.312500", "131832.922500", "131833.532500", "131834.142500", "131834.752500", "131835.362500", "131835.972500", "131836.582500", "131837.192500", "131837.802500", "131838.412500", "131839.022500", "131839.632500", "131840.242500", "131840.852500", "131841.462500", "131842.072500", "131842.682500", "131843.292500", "131843.902500", "131844.512500", "131845.122500", "131845.732500", "131846.342500", "131846.952500", "131847.562500", "131848.172500", "131848.782500", "131849.392500", "131850.002500", "131850.612500", "131851.222500", "131851.832500", "131852.442500", "131853.052500", "131853.662500", "131854.272500", "131854.882500", "131855.492500", "131856.102500", "131856.712500", "131857.322500", "131857.932500", "131858.542500", "131859.152500", "131859.762500", "131900.372500", "131900.982500", "131901.592500", "131902.202500", "131902.812500", "131903.422500", "131904.032500", "131904.642500", "131905.252500", "131905.862500", "131906.472500", "131907.082500", "131907.692500", "131908.302500", "131908.912500", "131909.522500", "131910.132500", "131910.742500", "131911.352500", "131911.962500", "131912.572500", "131913.182500", "131913.792500", "131914.402500", "131915.012500", "131915.622500", "131916.232500", "131916.842500", "131917.452500", "131918.062500", "131918.672500", "131919.282500", "131919.892500", "131920.502500", "131921.112500", "131921.722500", "131922.332500", "131922.942500", "131923.552500", "131924.162500", "131924.772500", "131925.382500", "131925.992500", "131926.602500", "131927.212500"], "ContentTime": ["131439.523000", "131439.526000", "131439.529000", "131439.531000", "131439.534000", "131439.536000", "131439.539000", "131439.541000", "131439.544000", "131439.546000", "131439.548000", "131439.551000", "131439.553000", "131439.555000", "131439.564000", "131439.567000", "131439.569000", "131439.572000", "131439.574000", "131439.576000", "131439.579000", "131439.581000", "131439.584000", "131439.586000", "131439.588000", "131439.591000", "131439.593000", "131439.596000", "131439.598000", "131439.601000", "131439.605000", "131439.608000", "131439.610000", "131439.613000", "131439.615000", "131459.518000", "131459.521000", "131459.523000", "131459.526000", "131459.528000", "131459.530000", "131459.533000", "131459.535000", "131459.542000", "131459.544000", "131459.547000", "131459.549000", "131459.551000", "131459.554000", "131459.556000", "131459.559000", "131459.561000", "131459.564000", "131459.566000", "131459.568000", "131459.571000", "131459.573000", "131459.576000", "131459.578000", "131459.581000", "131459.583000", "131459.585000", "131459.588000", "131459.590000", "131459.593000", "131459.595000", "131459.597000", "131459.600000", "131519.518000", "131519.521000", "131519.523000", "131519.525000", "131519.528000", "131519.530000", "131519.533000", "131519.535000", "131519.538000", "131519.540000", "131519.542000", "131519.545000", "131519.547000", "131519.550000", "131519.552000", "131519.555000", "131519.559000", "131519.562000", "131519.564000", "131519.566000", "131519.569000", "131519.571000", "131519.574000", "131519.576000", "131519.579000", "131519.581000", "131519.584000", "131519.586000", "131519.588000", "131519.591000", "131519.593000", "131519.596000", "131519.598000", "131539.518000", "131539.521000", "131539.524000", "131539.526000", "131539.528000", "131539.531000", "131539.533000", "131539.536000", "131539.538000", "131539.540000", "131539.543000", "131539.545000", "131539.548000", "131539.550000", "131539.553000", "131539.555000", "131539.557000", "131539.560000", "131539.562000", "131539.564000", "131539.567000", "131539.569000", "131539.572000", "131539.574000", "131539.576000", "131539.583000", "131539.585000", "131539.588000", "131539.590000", "131539.593000", "131539.602000", "131539.605000", "131539.607000", "131559.518000", "131559.521000", "131559.523000", "131559.526000", "131559.528000", "131559.530000", "131559.533000", "131559.535000", "131559.537000", "131559.540000", "131559.542000", "131559.545000", "131559.547000", "131559.549000", "131559.552000", "131559.555000", "131559.557000", "131559.559000", "131559.562000", "131559.564000", "131559.567000", "131559.569000", "131559.571000", "131559.574000", "131559.576000", "131559.578000", "131559.581000", "131559.583000", "131559.586000", "131559.589000", "131559.591000", "131559.593000", "131559.596000", "131619.518000", "131619.521000", "131619.523000", "131619.526000", "131619.529000", "131619.531000", "131619.533000", "131619.536000", "131619.538000", "131619.541000", "131619.543000", "131619.546000", "131619.548000", "131619.550000", "131619.553000", "131619.555000", "131619.558000", "131619.560000", "131619.562000", "131619.565000", "131619.568000", "131619.570000", "131619.581000", "131619.583000", "131619.585000", "131619.588000", "131619.590000", "131619.593000", "131619.595000", "131619.597000", "131619.600000", "131619.602000", "131639.519000", "131639.522000", "131639.524000", "131639.527000", "131639.529000", "131639.531000", "131639.534000", "131639.536000", "131639.539000", "131639.541000", "131639.545000", "131639.547000", "131639.550000", "131639.552000", "131639.554000", "131639.557000", "131639.559000", "131639.562000", "131639.564000", "131639.566000", "131639.569000", "131639.571000", "131639.574000", "131639.576000", "131639.579000", "131639.581000", "131639.583000", "131639.586000", "131639.588000", "131639.591000", "131639.593000", "131639.596000", "131639.598000", "131659.519000", "131659.522000", "131659.524000", "131659.527000", "131659.530000", "131659.532000", "131659.534000", "131659.537000", "131659.539000", "131659.542000", "131659.544000", "131659.547000", "131659.549000", "131659.551000", "131659.554000", "131659.557000", "131659.559000", "131659.561000", "131659.564000", "131659.566000", "131659.569000", "131659.571000", "131659.574000", "131659.576000", "131659.579000", "131659.581000", "131659.583000", "131659.586000", "131659.588000", "131659.591000", "131659.593000", "131659.596000", "131659.598000", "131719.518000", "131719.521000", "131719.523000", "131719.526000", "131719.528000", "131719.530000", "131719.533000", "131719.535000", "131719.538000", "131719.540000", "131719.542000", "131719.545000", "131719.547000", "131719.550000", "131719.552000", "131719.555000", "131719.557000", "131719.559000", "131719.562000", "131719.564000", "131719.567000", "131719.569000", "131719.571000", "131719.574000", "131719.576000", "131719.579000", "131719.581000", "131719.584000", "131719.586000", "131719.589000", "131719.591000", "131719.593000", "131719.596000", "131739.518000", "131739.521000", "131739.523000", "131739.526000", "131739.528000", "131739.530000", "131739.533000", "131739.535000", "131739.538000", "131739.540000", "131739.543000", "131739.545000", "131739.548000", "131739.550000", "131739.552000", "131739.555000", "131739.557000", "131739.560000", "131739.562000", "131739.564000", "131739.567000", "131739.569000", "131739.572000", "131739.605000", "131739.607000", "131739.609000", "131739.612000", "131739.614000", "131739.617000", "131739.619000", "131739.622000", "131739.624000", "131739.626000", "131759.518000", "131759.521000", "131759.523000", "131759.526000", "131759.528000", "131759.531000", "131759.533000", "131759.535000", "131759.538000", "131759.540000", "131759.543000", "131759.545000", "131759.548000", "131759.550000", "131759.553000", "131759.555000", "131759.557000", "131759.560000", "131759.562000", "131759.565000", "131759.567000", "131759.569000", "131759.572000", "131759.574000", "131759.577000", "131759.585000", "131759.587000", "131759.590000", "131759.592000", "131759.595000", "131759.597000", "131759.599000", "131819.518000", "131819.521000", "131819.523000", "131819.526000", "131819.528000", "131819.531000", "131819.533000", "131819.536000", "131819.538000", "131819.540000", "131819.543000", "131819.545000", "131819.548000", "131819.550000", "131819.552000", "131819.555000", "131819.557000", "131819.560000", "131819.562000", "131819.565000", "131819.567000", "131819.569000", "131819.572000", "131819.574000", "131819.577000", "131819.579000", "131819.582000", "131819.585000", "131819.587000", "131819.590000", "131819.592000", "131819.595000", "131819.597000", "131839.518000", "131839.521000", "131839.523000", "131839.526000", "131839.528000", "131839.531000", "131839.533000", "131839.536000", "131839.538000", "131839.541000", "131839.543000", "131839.545000", "131839.548000", "131839.550000", "131839.553000", "131839.555000", "131839.557000", "131839.560000", "131839.562000", "131839.565000", "131839.567000", "131839.570000", "131839.572000", "131839.574000", "131839.577000", "131839.579000", "131839.582000", "131839.584000", "131839.586000", "131839.589000", "131839.591000", "131839.594000", "131839.596000", "131859.519000", "131859.522000", "131859.524000", "131859.527000", "131859.530000", "131859.532000", "131859.549000", "131859.551000", "131859.554000", "131859.556000", "131859.558000", "131859.561000", "131859.563000", "131859.566000", "131859.568000", "131859.571000", "131859.573000", "131859.576000", "131859.578000", "131859.580000", "131859.583000", "131859.585000", "131859.588000", "131859.590000", "131859.593000", "131859.595000", "131859.598000", "131859.600000", "131859.603000", "131859.605000", "131859.608000", "131859.610000", "131859.613000", "131919.519000", "131919.522000", "131919.524000", "131919.527000", "131919.529000", "131919.532000", "131919.534000", "131919.537000", "131919.539000", "131919.541000", "131919.544000", "131919.546000", "131919.549000", "131919.551000", "131919.554000", "131919.556000", "131919.558000", "131919.561000", "131919.563000", "131919.566000", "131919.568000", "131919.571000", "131919.573000", "131919.576000", "131919.578000", "131919.580000", "131919.583000", "131919.585000", "131919.587000", "131919.590000", "131919.592000", "131919.595000", "131928.636000", "131928.639000", "131928.642000", "131928.644000", "131928.646000", "131928.649000", "131928.651000", "131928.654000", "131928.656000", "131928.659000", "131928.661000", "131928.664000", "131928.666000", "131928.669000", "131928.671000", "131928.673000"], "InstanceCreationTime": ["131439.523000", "131439.526000", "131439.529000", "131439.531000", "131439.534000", "131439.536000", "131439.539000", "131439.541000", "131439.544000", "131439.546000", "131439.548000", "131439.551000", "131439.553000", "131439.555000", "131439.564000", "131439.567000", "131439.569000", "131439.572000", "131439.574000", "131439.576000", "131439.579000", "131439.581000", "131439.584000", "131439.586000", "131439.588000", "131439.591000", "131439.593000", "131439.596000", "131439.598000", "131439.601000", "131439.605000", "131439.608000", "131439.610000", "131439.613000", "131439.615000", "131459.518000", "131459.521000", "131459.523000", "131459.526000", "131459.528000", "131459.530000", "131459.533000", "131459.535000", "131459.542000", "131459.544000", "131459.547000", "131459.549000", "131459.551000", "131459.554000", "131459.556000", "131459.559000", "131459.561000", "131459.564000", "131459.566000", "131459.568000", "131459.571000", "131459.573000", "131459.576000", "131459.578000", "131459.581000", "131459.583000", "131459.585000", "131459.588000", "131459.590000", "131459.593000", "131459.595000", "131459.597000", "131459.600000", "131519.518000", "131519.521000", "131519.523000", "131519.525000", "131519.528000", "131519.530000", "131519.533000", "131519.535000", "131519.538000", "131519.540000", "131519.542000", "131519.545000", "131519.547000", "131519.550000", "131519.552000", "131519.555000", "131519.559000", "131519.562000", "131519.564000", "131519.566000", "131519.569000", "131519.571000", "131519.574000", "131519.576000", "131519.579000", "131519.581000", "131519.584000", "131519.586000", "131519.588000", "131519.591000", "131519.593000", "131519.596000", "131519.598000", "131539.518000", "131539.521000", "131539.524000", "131539.526000", "131539.528000", "131539.531000", "131539.533000", "131539.536000", "131539.538000", "131539.540000", "131539.543000", "131539.545000", "131539.548000", "131539.550000", "131539.553000", "131539.555000", "131539.557000", "131539.560000", "131539.562000", "131539.564000", "131539.567000", "131539.569000", "131539.572000", "131539.574000", "131539.576000", "131539.583000", "131539.585000", "131539.588000", "131539.590000", "131539.593000", "131539.602000", "131539.605000", "131539.607000", "131559.518000", "131559.521000", "131559.523000", "131559.526000", "131559.528000", "131559.530000", "131559.533000", "131559.535000", "131559.537000", "131559.540000", "131559.542000", "131559.545000", "131559.547000", "131559.549000", "131559.552000", "131559.555000", "131559.557000", "131559.559000", "131559.562000", "131559.564000", "131559.567000", "131559.569000", "131559.571000", "131559.574000", "131559.576000", "131559.578000", "131559.581000", "131559.583000", "131559.586000", "131559.589000", "131559.591000", "131559.593000", "131559.596000", "131619.518000", "131619.521000", "131619.523000", "131619.526000", "131619.529000", "131619.531000", "131619.533000", "131619.536000", "131619.538000", "131619.541000", "131619.543000", "131619.546000", "131619.548000", "131619.550000", "131619.553000", "131619.555000", "131619.558000", "131619.560000", "131619.562000", "131619.565000", "131619.568000", "131619.570000", "131619.581000", "131619.583000", "131619.585000", "131619.588000", "131619.590000", "131619.593000", "131619.595000", "131619.597000", "131619.600000", "131619.602000", "131639.519000", "131639.522000", "131639.524000", "131639.527000", "131639.529000", "131639.531000", "131639.534000", "131639.536000", "131639.539000", "131639.541000", "131639.545000", "131639.547000", "131639.550000", "131639.552000", "131639.554000", "131639.557000", "131639.559000", "131639.562000", "131639.564000", "131639.566000", "131639.569000", "131639.571000", "131639.574000", "131639.576000", "131639.579000", "131639.581000", "131639.583000", "131639.586000", "131639.588000", "131639.591000", "131639.593000", "131639.596000", "131639.598000", "131659.519000", "131659.522000", "131659.524000", "131659.527000", "131659.530000", "131659.532000", "131659.534000", "131659.537000", "131659.539000", "131659.542000", "131659.544000", "131659.547000", "131659.549000", "131659.551000", "131659.554000", "131659.557000", "131659.559000", "131659.561000", "131659.564000", "131659.566000", "131659.569000", "131659.571000", "131659.574000", "131659.576000", "131659.579000", "131659.581000", "131659.583000", "131659.586000", "131659.588000", "131659.591000", "131659.593000", "131659.596000", "131659.598000", "131719.518000", "131719.521000", "131719.523000", "131719.526000", "131719.528000", "131719.530000", "131719.533000", "131719.535000", "131719.538000", "131719.540000", "131719.542000", "131719.545000", "131719.547000", "131719.550000", "131719.552000", "131719.555000", "131719.557000", "131719.559000", "131719.562000", "131719.564000", "131719.567000", "131719.569000", "131719.571000", "131719.574000", "131719.576000", "131719.579000", "131719.581000", "131719.584000", "131719.586000", "131719.589000", "131719.591000", "131719.593000", "131719.596000", "131739.518000", "131739.521000", "131739.523000", "131739.526000", "131739.528000", "131739.530000", "131739.533000", "131739.535000", "131739.538000", "131739.540000", "131739.543000", "131739.545000", "131739.548000", "131739.550000", "131739.552000", "131739.555000", "131739.557000", "131739.560000", "131739.562000", "131739.564000", "131739.567000", "131739.569000", "131739.572000", "131739.605000", "131739.607000", "131739.609000", "131739.612000", "131739.614000", "131739.617000", "131739.619000", "131739.622000", "131739.624000", "131739.626000", "131759.518000", "131759.521000", "131759.523000", "131759.526000", "131759.528000", "131759.531000", "131759.533000", "131759.535000", "131759.538000", "131759.540000", "131759.543000", "131759.545000", "131759.548000", "131759.550000", "131759.553000", "131759.555000", "131759.557000", "131759.560000", "131759.562000", "131759.565000", "131759.567000", "131759.569000", "131759.572000", "131759.574000", "131759.577000", "131759.585000", "131759.587000", "131759.590000", "131759.592000", "131759.595000", "131759.597000", "131759.599000", "131819.518000", "131819.521000", "131819.523000", "131819.526000", "131819.528000", "131819.531000", "131819.533000", "131819.536000", "131819.538000", "131819.540000", "131819.543000", "131819.545000", "131819.548000", "131819.550000", "131819.552000", "131819.555000", "131819.557000", "131819.560000", "131819.562000", "131819.565000", "131819.567000", "131819.569000", "131819.572000", "131819.574000", "131819.577000", "131819.579000", "131819.582000", "131819.585000", "131819.587000", "131819.590000", "131819.592000", "131819.595000", "131819.597000", "131839.518000", "131839.521000", "131839.523000", "131839.526000", "131839.528000", "131839.531000", "131839.533000", "131839.536000", "131839.538000", "131839.541000", "131839.543000", "131839.545000", "131839.548000", "131839.550000", "131839.553000", "131839.555000", "131839.557000", "131839.560000", "131839.562000", "131839.565000", "131839.567000", "131839.570000", "131839.572000", "131839.574000", "131839.577000", "131839.579000", "131839.582000", "131839.584000", "131839.586000", "131839.589000", "131839.591000", "131839.594000", "131839.596000", "131859.519000", "131859.522000", "131859.524000", "131859.527000", "131859.530000", "131859.532000", "131859.549000", "131859.551000", "131859.554000", "131859.556000", "131859.558000", "131859.561000", "131859.563000", "131859.566000", "131859.568000", "131859.571000", "131859.573000", "131859.576000", "131859.578000", "131859.580000", "131859.583000", "131859.585000", "131859.588000", "131859.590000", "131859.593000", "131859.595000", "131859.598000", "131859.600000", "131859.603000", "131859.605000", "131859.608000", "131859.610000", "131859.613000", "131919.519000", "131919.522000", "131919.524000", "131919.527000", "131919.529000", "131919.532000", "131919.534000", "131919.537000", "131919.539000", "131919.541000", "131919.544000", "131919.546000", "131919.549000", "131919.551000", "131919.554000", "131919.556000", "131919.558000", "131919.561000", "131919.563000", "131919.566000", "131919.568000", "131919.571000", "131919.573000", "131919.576000", "131919.578000", "131919.580000", "131919.583000", "131919.585000", "131919.587000", "131919.590000", "131919.592000", "131919.595000", "131928.636000", "131928.639000", "131928.642000", "131928.644000", "131928.646000", "131928.649000", "131928.651000", "131928.654000", "131928.656000", "131928.659000", "131928.661000", "131928.664000", "131928.666000", "131928.669000", "131928.671000", "131928.673000"], "InstanceNumber": [1, 2, 3, 4, 5, 6, 7, 8, 9, 10, 11, 12, 13, 14, 15, 16, 17, 18, 19, 20, 21, 22, 23, 24, 25, 26, 27, 28, 29, 30, 31, 32, 33, 34, 35, 36, 37, 38, 39, 40, 41, 42, 43, 44, 45, 46, 47, 48, 49, 50, 51, 52, 53, 54, 55, 56, 57, 58, 59, 60, 61, 62, 63, 64, 65, 66, 67, 68, 69, 70, 71, 72, 73, 74, 75, 76, 77, 78, 79, 80, 81, 82, 83, 84, 85, 86, 87, 88, 89, 90, 91, 92, 93, 94, 95, 96, 97, 98, 99, 100, 101, 102, 103, 104, 105, 106, 107, 108, 109, 110, 111, 112, 113, 114, 115, 116, 117, 118, 119, 120, 121, 122, 123, 124, 125, 126, 127, 128, 129, 130, 131, 132, 133, 134, 135, 136, 137, 138, 139, 140, 141, 142, 143, 144, 145, 146, 147, 148, 149, 150, 151, 152, 153, 154, 155, 156, 157, 158, 159, 160, 161, 162, 163, 164, 165, 166, 167, 168, 169, 170, 171, 172, 173, 174, 175, 176, 177, 178, 179, 180, 181, 182, 183, 184, 185, 186, 187, 188, 189, 190, 191, 192, 193, 194, 195, 196, 197, 198, 199, 200, 201, 202, 203, 204, 205, 206, 207, 208, 209, 210, 211, 212, 213, 214, 215, 216, 217, 218, 219, 220, 221, 222, 223, 224, 225, 226, 227, 228, 229, 230, 231, 232, 233, 234, 235, 236, 237, 238, 239, 240, 241, 242, 243, 244, 245, 246, 247, 248, 249, 250, 251, 252, 253, 254, 255, 256, 257, 258, 259, 260, 261, 262, 263, 264, 265, 266, 267, 268, 269, 270, 271, 272, 273, 274, 275, 276, 277, 278, 279, 280, 281, 282, 283, 284, 285, 286, 287, 288, 289, 290, 291, 292, 293, 294, 295, 296, 297, 298, 299, 300, 301, 302, 303, 304, 305, 306, 307, 308, 309, 310, 311, 312, 313, 314, 315, 316, 317, 318, 319, 320, 321, 322, 323, 324, 325, 326, 327, 328, 329, 330, 331, 332, 333, 334, 335, 336, 337, 338, 339, 340, 341, 342, 343, 344, 345, 346, 347, 348, 349, 350, 351, 352, 353, 354, 355, 356, 357, 358, 359, 360, 361, 362, 363, 364, 365, 366, 367, 368, 369, 370, 371, 372, 373, 374, 375, 376, 377, 378, 379, 380, 381, 382, 383, 384, 385, 386, 387, 388, 389, 390, 391, 392, 393, 394, 395, 396, 397, 398, 399, 400, 401, 402, 403, 404, 405, 406, 407, 408, 409, 410, 411, 412, 413, 414, 415, 416, 417, 418, 419, 420, 421, 422, 423, 424, 425, 426, 427, 428, 429, 430, 431, 432, 433, 434, 435, 436, 437, 438, 439, 440, 441, 442, 443, 444, 445, 446, 447, 448, 449, 450, 451, 452, 453, 454, 455, 456, 457, 458, 459, 460, 461, 462, 463, 464, 465, 466, 467, 468, 469, 470, 471, 472, 473, 474, 475, 476, 477, 478, 479, 480, 481, 482, 483, 484, 485, 486, 487, 488, 489, 490, 491, 492, 493, 494, 495, 496, 497, 498, 499, 500, 501, 502, 503, 504, 505, 506, 507, 508, 509, 510], "LargestImagePixelValue": [480, 458, 458, 455, 456, 455, 454, 454, 452, 451, 451, 454, 453, 455, 453, 454, 457, 453, 450, 450, 455, 452, 453, 454, 451, 457, 454, 453, 452, 440, 453, 447, 440, 445, 452, 447, 447, 457, 456, 463, 459, 459, 460, 461, 457, 455, 456, 447, 449, 449, 470, 453, 453, 448, 446, 455, 454, 455, 452, 454, 451, 450, 456, 450, 455, 453, 457, 453, 453, 448, 456, 449, 451, 454, 442, 448, 446, 449, 448, 447, 454, 445, 446, 452, 449, 450, 449, 447, 449, 447, 453, 450, 443, 446, 445, 442, 441, 445, 445, 446, 449, 447, 445, 443, 457, 446, 446, 459, 450, 447, 445, 446, 443, 456, 464, 454, 455, 449, 473, 458, 450, 444, 447, 447, 451, 451, 446, 442, 440, 444, 450, 447, 458, 456, 447, 450, 449, 448, 445, 453, 455, 445, 462, 452, 449, 443, 433, 463, 454, 450, 441, 457, 447, 447, 459, 437, 448, 437, 467, 454, 447, 460, 462, 456, 441, 455, 443, 447, 449, 442, 452, 439, 463, 468, 457, 453, 445, 459, 470, 446, 448, 453, 453, 450, 446, 442, 453, 451, 441, 449, 456, 458, 458, 457, 455, 458, 459, 455, 461, 443, 451, 450, 449, 455, 444, 440, 449, 448, 450, 446, 438, 454, 469, 444, 454, 450, 442, 454, 458, 453, 466, 461, 455, 454, 453, 443, 438, 450, 449, 456, 442, 451, 464, 445, 448, 454, 452, 448, 447, 448, 448, 439, 462, 470, 462, 460, 459, 467, 458, 458, 448, 504, 468, 452, 451, 454, 447, 452, 450, 436, 445, 441, 454, 454, 440, 441, 447, 448, 449, 441, 443, 444, 442, 450, 458, 452, 446, 448, 451, 443, 452, 445, 444, 446, 450, 449, 450, 449, 459, 455, 458, 455, 452, 456, 455, 445, 445, 454, 448, 452, 452, 465, 458, 446, 454, 454, 456, 451, 451, 444, 450, 488, 455, 450, 470, 447, 458, 458, 455, 463, 451, 450, 438, 450, 443, 444, 451, 451, 454, 452, 455, 453, 449, 445, 445, 447, 447, 451, 443, 455, 454, 452, 446, 444, 450, 450, 446, 437, 452, 458, 437, 442, 457, 456, 458, 454, 449, 456, 456, 453, 454, 442, 448, 497, 448, 447, 445, 446, 450, 448, 448, 441, 444, 446, 439, 443, 453, 444, 448, 451, 446, 450, 450, 449, 447, 444, 455, 449, 442, 443, 448, 444, 452, 448, 444, 449, 449, 452, 450, 452, 453, 449, 450, 442, 468, 453, 441, 444, 481, 457, 448, 463, 449, 444, 444, 447, 446, 449, 445, 442, 441, 462, 441, 446, 451, 450, 434, 440, 441, 440, 440, 440, 445, 456, 466, 449, 451, 441, 442, 439, 443, 443, 454, 442, 443, 447, 448, 446, 446, 443, 447, 455, 442, 440, 453, 450, 447, 444, 455, 466, 458, 450, 443, 439, 453, 446, 441, 445, 430, 449, 446, 444, 451, 450, 452, 457, 446, 451, 443, 440, 436, 462, 457, 444, 446, 440, 438, 442, 445, 455, 459, 447, 440, 445, 448, 451, 455, 449, 451, 444, 443, 437, 446, 445, 467, 456, 455, 435, 434, 450], "WindowCenter": [288.0, 285.0, 284.0, 283.0, 283.0, 283.0, 283.0, 283.0, 283.0, 282.0, 282.0, 282.0, 281.0, 282.0, 282.0, 282.0, 282.0, 283.0, 283.0, 283.0, 282.0, 284.0, 282.0, 281.0, 282.0, 281.0, 281.0, 283.0, 281.0, 280.0, 282.0, 281.0, 281.0, 281.0, 282.0, 282.0, 282.0, 282.0, 282.0, 282.0, 282.0, 282.0, 283.0, 283.0, 282.0, 283.0, 283.0, 282.0, 282.0, 281.0, 281.0, 281.0, 281.0, 281.0, 281.0, 282.0, 283.0, 282.0, 281.0, 282.0, 282.0, 282.0, 282.0, 282.0, 282.0, 282.0, 282.0, 281.0, 281.0, 281.0, 282.0, 282.0, 282.0, 281.0, 282.0, 282.0, 281.0, 282.0, 281.0, 283.0, 282.0, 282.0, 282.0, 282.0, 282.0, 283.0, 281.0, 281.0, 282.0, 282.0, 282.0, 282.0, 282.0, 282.0, 281.0, 283.0, 281.0, 282.0, 282.0, 282.0, 282.0, 281.0, 282.0, 281.0, 283.0, 281.0, 282.0, 282.0, 282.0, 282.0, 281.0, 281.0, 282.0, 283.0, 282.0, 282.0, 281.0, 282.0, 283.0, 282.0, 282.0, 281.0, 281.0, 281.0, 281.0, 282.0, 281.0, 281.0, 281.0, 281.0, 282.0, 282.0, 282.0, 283.0, 282.0, 282.0, 282.0, 282.0, 282.0, 282.0, 283.0, 283.0, 282.0, 282.0, 282.0, 283.0, 282.0, 283.0, 283.0, 283.0, 282.0, 281.0, 280.0, 281.0, 283.0, 281.0, 281.0, 280.0, 281.0, 283.0, 280.0, 282.0, 283.0, 282.0, 280.0, 283.0, 281.0, 280.0, 282.0, 280.0, 282.0, 281.0, 282.0, 280.0, 284.0, 281.0, 280.0, 282.0, 281.0, 281.0, 280.0, 282.0, 282.0, 282.0, 281.0, 280.0, 282.0, 282.0, 282.0, 283.0, 282.0, 280.0, 284.0, 283.0, 282.0, 281.0, 282.0, 282.0, 283.0, 281.0, 282.0, 283.0, 281.0, 280.0, 283.0, 280.0, 283.0, 281.0, 283.0, 281.0, 281.0, 282.0, 282.0, 282.0, 282.0, 282.0, 281.0, 282.0, 282.0, 282.0, 282.0, 283.0, 283.0, 283.0, 283.0, 281.0, 282.0, 283.0, 282.0, 282.0, 280.0, 281.0, 282.0, 281.0, 280.0, 281.0, 281.0, 281.0, 282.0, 281.0, 281.0, 280.0, 283.0, 280.0, 283.0, 283.0, 284.0, 283.0, 283.0, 282.0, 283.0, 282.0, 281.0, 281.0, 282.0, 282.0, 280.0, 281.0, 282.0, 280.0, 280.0, 281.0, 283.0, 281.0, 280.0, 282.0, 281.0, 281.0, 281.0, 280.0, 281.0, 281.0, 282.0, 281.0, 282.0, 282.0, 280.0, 281.0, 281.0, 282.0, 282.0, 281.0, 283.0, 280.0, 282.0, 282.0, 281.0, 281.0, 282.0, 281.0, 281.0, 282.0, 281.0, 283.0, 283.0, 282.0, 282.0, 284.0, 282.0, 281.0, 282.0, 283.0, 281.0, 281.0, 282.0, 282.0, 283.0, 281.0, 280.0, 280.0, 282.0, 283.0, 280.0, 279.0, 282.0, 281.0, 281.0, 282.0, 281.0, 280.0, 281.0, 281.0, 281.0, 281.0, 281.0, 281.0, 282.0, 282.0, 283.0, 283.0, 282.0, 282.0, 283.0, 280.0, 280.0, 280.0, 280.0, 280.0, 280.0, 282.0, 278.0, 281.0, 279.0, 280.0, 282.0, 282.0, 280.0, 281.0, 279.0, 283.0, 281.0, 281.0, 282.0, 282.0, 283.0, 281.0, 281.0, 281.0, 281.0, 281.0, 281.0, 282.0, 280.0, 283.0, 281.0, 281.0, 281.0, 281.0, 282.0, 282.0, 281.0, 281.0, 280.0, 282.0, 282.0, 282.0, 282.0, 281.0, 281.0, 281.0, 280.0, 282.0, 281.0, 281.0, 281.0, 281.0, 282.0, 280.0, 282.0, 282.0, 282.0, 281.0, 281.0, 282.0, 280.0, 281.0, 281.0, 282.0, 282.0, 281.0, 281.0, 281.0, 281.0, 280.0, 281.0, 282.0, 279.0, 278.0, 286.0, 284.0, 282.0, 283.0, 282.0, 281.0, 282.0, 282.0, 281.0, 281.0, 280.0, 281.0, 280.0, 282.0, 281.0, 281.0, 282.0, 281.0, 281.0, 281.0, 280.0, 281.0, 281.0, 280.0, 280.0, 280.0, 283.0, 280.0, 280.0, 280.0, 280.0, 280.0, 279.0, 280.0, 280.0, 280.0, 280.0, 280.0, 280.0, 280.0, 281.0, 281.0, 282.0, 284.0, 280.0, 281.0, 283.0, 282.0, 282.0, 282.0, 284.0, 282.0, 281.0, 282.0, 281.0, 281.0, 281.0, 280.0, 281.0, 281.0, 280.0, 281.0, 280.0, 281.0, 282.0, 282.0, 282.0, 280.0, 283.0, 284.0, 283.0, 282.0, 282.0, 283.0, 282.0, 282.0, 282.0, 282.0, 281.0, 281.0, 281.0, 283.0, 281.0, 281.0, 281.0, 282.0, 283.0, 282.0, 283.0, 281.0, 281.0, 283.0, 281.0, 280.0, 283.0, 282.0, 281.0, 281.0, 281.0, 280.0, 279.0, 278.0], "WindowWidth": [629.0, 623.0, 622.0, 620.0, 619.0, 619.0, 619.0, 619.0, 619.0, 617.0, 617.0, 617.0, 616.0, 617.0, 617.0, 617.0, 618.0, 619.0, 619.0, 619.0, 617.0, 620.0, 617.0, 615.0, 617.0, 616.0, 616.0, 619.0, 616.0, 615.0, 617.0, 616.0, 616.0, 617.0, 617.0, 618.0, 617.0, 618.0, 618.0, 618.0, 617.0, 617.0, 619.0, 619.0, 617.0, 619.0, 619.0, 618.0, 617.0, 616.0, 615.0, 616.0, 616.0, 615.0, 616.0, 617.0, 619.0, 617.0, 615.0, 617.0, 617.0, 618.0, 617.0, 617.0, 618.0, 617.0, 617.0, 616.0, 616.0, 616.0, 617.0, 617.0, 617.0, 616.0, 617.0, 617.0, 616.0, 617.0, 616.0, 619.0, 618.0, 617.0, 618.0, 617.0, 617.0, 618.0, 616.0, 617.0, 617.0, 617.0, 617.0, 617.0, 617.0, 617.0, 616.0, 619.0, 616.0, 617.0, 617.0, 618.0, 617.0, 616.0, 617.0, 616.0, 619.0, 616.0, 617.0, 617.0, 617.0, 617.0, 616.0, 616.0, 617.0, 619.0, 617.0, 617.0, 616.0, 617.0, 619.0, 617.0, 617.0, 616.0, 616.0, 616.0, 616.0, 617.0, 616.0, 616.0, 616.0, 616.0, 617.0, 618.0, 618.0, 619.0, 617.0, 617.0, 618.0, 618.0, 618.0, 618.0, 619.0, 619.0, 618.0, 618.0, 618.0, 619.0, 618.0, 620.0, 619.0, 620.0, 619.0, 617.0, 615.0, 615.0, 619.0, 616.0, 616.0, 615.0, 616.0, 619.0, 614.0, 618.0, 619.0, 618.0, 615.0, 619.0, 615.0, 614.0, 618.0, 615.0, 618.0, 616.0, 617.0, 615.0, 622.0, 616.0, 615.0, 617.0, 616.0, 616.0, 614.0, 617.0, 618.0, 618.0, 616.0, 615.0, 618.0, 618.0, 617.0, 619.0, 618.0, 614.0, 621.0, 619.0, 617.0, 616.0, 618.0, 617.0, 620.0, 616.0, 618.0, 619.0, 616.0, 614.0, 619.0, 615.0, 619.0, 617.0, 619.0, 616.0, 617.0, 618.0, 617.0, 617.0, 617.0, 617.0, 616.0, 618.0, 618.0, 618.0, 618.0, 620.0, 620.0, 620.0, 619.0, 617.0, 618.0, 619.0, 618.0, 618.0, 614.0, 616.0, 618.0, 616.0, 615.0, 616.0, 616.0, 616.0, 617.0, 616.0, 616.0, 614.0, 619.0, 614.0, 619.0, 619.0, 621.0, 619.0, 619.0, 618.0, 619.0, 617.0, 616.0, 616.0, 617.0, 618.0, 615.0, 616.0, 617.0, 613.0, 615.0, 617.0, 619.0, 616.0, 614.0, 618.0, 617.0, 617.0, 615.0, 615.0, 616.0, 615.0, 617.0, 616.0, 617.0, 618.0, 615.0, 616.0, 616.0, 618.0, 618.0, 617.0, 619.0, 615.0, 617.0, 617.0, 616.0, 616.0, 618.0, 615.0, 616.0, 617.0, 616.0, 619.0, 619.0, 618.0, 618.0, 621.0, 618.0, 616.0, 618.0, 619.0, 616.0, 617.0, 617.0, 618.0, 620.0, 615.0, 614.0, 615.0, 617.0, 620.0, 613.0, 612.0, 617.0, 615.0, 616.0, 617.0, 616.0, 615.0, 616.0, 615.0, 616.0, 617.0, 616.0, 616.0, 617.0, 617.0, 619.0, 620.0, 617.0, 617.0, 620.0, 615.0, 615.0, 614.0, 613.0, 614.0, 613.0, 617.0, 611.0, 615.0, 613.0, 614.0, 617.0, 618.0, 615.0, 616.0, 612.0, 619.0, 615.0, 615.0, 617.0, 618.0, 619.0, 616.0, 616.0, 616.0, 616.0, 615.0, 615.0, 618.0, 615.0, 618.0, 616.0, 616.0, 616.0, 615.0, 618.0, 618.0, 616.0, 616.0, 615.0, 618.0, 617.0, 617.0, 617.0, 616.0, 616.0, 616.0, 614.0, 617.0, 615.0, 616.0, 616.0, 616.0, 617.0, 614.0, 618.0, 618.0, 618.0, 616.0, 616.0, 618.0, 615.0, 616.0, 616.0, 618.0, 617.0, 616.0, 616.0, 616.0, 616.0, 615.0, 617.0, 617.0, 613.0, 611.0, 625.0, 621.0, 618.0, 620.0, 618.0, 617.0, 618.0, 618.0, 616.0, 617.0, 615.0, 616.0, 615.0, 617.0, 616.0, 616.0, 617.0, 616.0, 615.0, 616.0, 615.0, 615.0, 616.0, 615.0, 615.0, 613.0, 619.0, 615.0, 614.0, 613.0, 614.0, 613.0, 613.0, 613.0, 614.0, 615.0, 614.0, 615.0, 615.0, 615.0, 616.0, 616.0, 618.0, 621.0, 613.0, 616.0, 619.0, 618.0, 618.0, 618.0, 621.0, 618.0, 616.0, 617.0, 615.0, 616.0, 616.0, 615.0, 616.0, 616.0, 613.0, 616.0, 615.0, 616.0, 617.0, 617.0, 617.0, 614.0, 620.0, 621.0, 619.0, 618.0, 618.0, 620.0, 617.0, 617.0, 618.0, 617.0, 616.0, 616.0, 616.0, 619.0, 616.0, 616.0, 616.0, 617.0, 619.0, 617.0, 620.0, 617.0, 616.0, 619.0, 617.0, 615.0, 620.0, 617.0, 616.0, 615.0, 616.0, 614.0, 612.0, 609.0]}, "slices": {}}, "EventTimestamp": "13-16-40"}