{"AcquisitionMatrixPE": 64, "AcquisitionNumber": 1, "AcquisitionTime": "14:25:45.662500", "BandwidthPerPixelPhaseEncode": 28.935, "BaseResolution": 64, "BodyPartExamined": "BRAIN", "CoilCombinationMethod": "Sum of Squares", "ConsistencyInfo": "N4_VE11E_LATEST_20181129", "ConversionSoftware": "dcm2niix", "ConversionSoftwareVersion": "v1.0.20230411", "DerivedVendorReportedEchoSpacing": 0.000540003, "DeviceSerialNumber": "166182", "DwellTime": 3.4e-06, "EchoTime": 0.032, "EchoTrainLength": 64, "EffectiveEchoSpacing": 0.000540003, "FlipAngle": 40, "HeudiconvVersion": "0.13.1", "ImageOrientationPatientDICOM": [0.998515, 0.0529278, 0.0128807, -0.0535533, 0.997083, 0.0543741], "ImageOrientationText": "Tra>Cor(3.2)>Sag(0.6)", "ImageType": ["ORIGINAL", "PRIMARY", "M", "ND", "NORM", "MOSAIC"], "ImagingFrequency": 123.256036, "InPlanePhaseEncodingDirectionDICOM": "COL", "InstitutionAddress": "PEARSE STREET .,City,District,IE,D2", "InstitutionName": "TCIN", "InstitutionalDepartmentName": "MRI", "MRAcquisitionType": "2D", "MagneticFieldStrength": 3, "Manufacturer": "Siemens", "ManufacturersModelName": "Prisma", "Modality": "MR", "MultibandAccelerationFactor": 4, "NonlinearGradientCorrection": false, "PartialFourier": 1, "PatientPosition": "HFS", "PercentPhaseFOV": 100, "PercentSampling": 100, "PhaseEncodingDirection": "j-", "PhaseEncodingSteps": 64, "PhaseResolution": 1, "PixelBandwidth": 2300, "ProcedureStepDescription": "Rhodri^Head BOLD", "ProtocolName": "cmrr_mbep2d_Pictures_AP_RDS", "PulseSequenceDetails": "%SiemensSeq%\\ep2d_bold", "ReceiveCoilActiveElements": "HC2,4,6,7;SC", "ReceiveCoilName": "SpecialPurpose_4", "ReconMatrixPE": 64, "RefLinesPE": 12, "RepetitionTime": 0.61, "SAR": 0.257382, "ScanOptions": "FS", "ScanningSequence": "EP", "SequenceName": "*epfid2d1_64", "SequenceVariant": "SK", "SeriesDescription": "cmrr_mbep2d_Pictures_AP_RDS", "SeriesNumber": 13, "ShimSetting": [-3602, -7392, 3759, 1101, -211, -202, -32, 64], "SliceThickness": 3, "SliceTiming": [0.2625, 0, 0.3275, 0.065, 0.3925, 0.13, 0.4575, 0.1975, 0.525, 0.2625, 0, 0.3275, 0.065, 0.3925, 0.13, 0.4575, 0.1975, 0.525, 0.2625, 0, 0.3275, 0.065, 0.3925, 0.13, 0.4575, 0.1975, 0.525, 0.2625, 0, 0.3275, 0.065, 0.3925, 0.13, 0.4575, 0.1975, 0.525], "SoftwareVersions": "syngo MR E11", "SpacingBetweenSlices": 3.3, "StationName": "AWP166182", "TaskName": "pictures", "TotalReadoutTime": 0.0340202, "TxRefAmp": 237.744, "dcmmeta_affine": [[-2.9955458641052246, -0.16065990924835205, 0.032885413616895676, 99.47843170166016], [-0.15878333151340485, 2.991250514984131, 0.18144461512565613, -104.92191314697266], [0.03864223510026932, -0.16312243044376373, 3.294843912124634, -95.13655090332031], [0.0, 0.0, 0.0, 1.0]], "dcmmeta_reorient_transform": [[0.0, -1.0, 0.0, 63.0], [1.0, 0.0, 0.0, 0.0], [0.0, 0.0, 1.0, 0.0], [0.0, 0.0, 0.0, 1.0]], "dcmmeta_shape": [64, 64, 36, 510], "dcmmeta_slice_dim": 2, "dcmmeta_version": 0.6, "global": {"const": {"AcquisitionMatrix": [64, 0, 0, 64], "AngioFlag": "N", "BitsAllocated": 16, "BitsStored": 12, "BodyPartExamined": "BRAIN", "Columns": 384, "EchoNumbers": 1, "EchoTime": 32.0, "EchoTrainLength": 64, "FlipAngle": 40.0, "HighBit": 11, "ImageOrientationPatient": [0.99851526615745, 0.05292777769296, 0.01288074528156, -0.0535533054409, 0.99708349511062, 0.05437414141241], "ImagePositionPatient": [-542.93860017021, -587.53227934397, -137.69560947449], "ImageType": ["ORIGINAL", "PRIMARY", "M", "ND", "NORM", "MOSAIC"], "ImagedNucleus": "1H", "ImagingFrequency": 123.256036, "InPlanePhaseEncodingDirection": "COL", "MRAcquisitionType": "2D", "MagneticFieldStrength": 3.0, "Manufacturer": "SIEMENS", "ManufacturerModelName": "Prisma", "Modality": "MR", "NumberOfAverages": 1.0, "NumberOfPhaseEncodingSteps": 64, "PercentPhaseFieldOfView": 100.0, "PercentSampling": 100.0, "PerformedProcedureStepStartTime": "140237.936000", "PhotometricInterpretation": "MONOCHROME2", "PixelBandwidth": 2300.0, "PixelRepresentation": 0, "PixelSpacing": [3.0, 3.0], "ProtocolName": "cmrr_mbep2d_Pictures_AP_RDS", "RepetitionTime": 610.0, "Rows": 384, "SAR": 0.25738202263269, "SamplesPerPixel": 1, "ScanOptions": "FS", "ScanningSequence": "EP", "SequenceName": "*epfid2d1_64", "SequenceVariant": "SK", "SeriesDescription": "cmrr_mbep2d_Pictures_AP_RDS", "SeriesNumber": 13, "SeriesTime": "142603.550000", "SliceLocation": -99.765519117206, "SliceThickness": 3.0, "SmallestImagePixelValue": 0, "SoftwareVersions": "syngo MR E11", "SpacingBetweenSlices": 3.3000000883704, "SpecificCharacterSet": "ISO_IR 100", "StudyID": "1", "StudyTime": "140237.855000", "TransmitCoilName": "Body", "VariableFlipAngleFlag": "N", "WindowCenterWidthExplanation": "Algo1"}, "slices": {}}, "time": {"samples": {"AcquisitionNumber": [1, 2, 3, 4, 5, 6, 7, 8, 9, 10, 11, 12, 13, 14, 15, 16, 17, 18, 19, 20, 21, 22, 23, 24, 25, 26, 27, 28, 29, 30, 31, 32, 33, 34, 35, 36, 37, 38, 39, 40, 41, 42, 43, 44, 45, 46, 47, 48, 49, 50, 51, 52, 53, 54, 55, 56, 57, 58, 59, 60, 61, 62, 63, 64, 65, 66, 67, 68, 69, 70, 71, 72, 73, 74, 75, 76, 77, 78, 79, 80, 81, 82, 83, 84, 85, 86, 87, 88, 89, 90, 91, 92, 93, 94, 95, 96, 97, 98, 99, 100, 101, 102, 103, 104, 105, 106, 107, 108, 109, 110, 111, 112, 113, 114, 115, 116, 117, 118, 119, 120, 121, 122, 123, 124, 125, 126, 127, 128, 129, 130, 131, 132, 133, 134, 135, 136, 137, 138, 139, 140, 141, 142, 143, 144, 145, 146, 147, 148, 149, 150, 151, 152, 153, 154, 155, 156, 157, 158, 159, 160, 161, 162, 163, 164, 165, 166, 167, 168, 169, 170, 171, 172, 173, 174, 175, 176, 177, 178, 179, 180, 181, 182, 183, 184, 185, 186, 187, 188, 189, 190, 191, 192, 193, 194, 195, 196, 197, 198, 199, 200, 201, 202, 203, 204, 205, 206, 207, 208, 209, 210, 211, 212, 213, 214, 215, 216, 217, 218, 219, 220, 221, 222, 223, 224, 225, 226, 227, 228, 229, 230, 231, 232, 233, 234, 235, 236, 237, 238, 239, 240, 241, 242, 243, 244, 245, 246, 247, 248, 249, 250, 251, 252, 253, 254, 255, 256, 257, 258, 259, 260, 261, 262, 263, 264, 265, 266, 267, 268, 269, 270, 271, 272, 273, 274, 275, 276, 277, 278, 279, 280, 281, 282, 283, 284, 285, 286, 287, 288, 289, 290, 291, 292, 293, 294, 295, 296, 297, 298, 299, 300, 301, 302, 303, 304, 305, 306, 307, 308, 309, 310, 311, 312, 313, 314, 315, 316, 317, 318, 319, 320, 321, 322, 323, 324, 325, 326, 327, 328, 329, 330, 331, 332, 333, 334, 335, 336, 337, 338, 339, 340, 341, 342, 343, 344, 345, 346, 347, 348, 349, 350, 351, 352, 353, 354, 355, 356, 357, 358, 359, 360, 361, 362, 363, 364, 365, 366, 367, 368, 369, 370, 371, 372, 373, 374, 375, 376, 377, 378, 379, 380, 381, 382, 383, 384, 385, 386, 387, 388, 389, 390, 391, 392, 393, 394, 395, 396, 397, 398, 399, 400, 401, 402, 403, 404, 405, 406, 407, 408, 409, 410, 411, 412, 413, 414, 415, 416, 417, 418, 419, 420, 421, 422, 423, 424, 425, 426, 427, 428, 429, 430, 431, 432, 433, 434, 435, 436, 437, 438, 439, 440, 441, 442, 443, 444, 445, 446, 447, 448, 449, 450, 451, 452, 453, 454, 455, 456, 457, 458, 459, 460, 461, 462, 463, 464, 465, 466, 467, 468, 469, 470, 471, 472, 473, 474, 475, 476, 477, 478, 479, 480, 481, 482, 483, 484, 485, 486, 487, 488, 489, 490, 491, 492, 493, 494, 495, 496, 497, 498, 499, 500, 501, 502, 503, 504, 505, 506, 507, 508, 509, 510], "AcquisitionTime": ["142545.662500", "142546.272500", "142546.882500", "142547.492500", "142548.102500", "142548.712500", "142549.322500", "142549.932500", "142550.542500", "142551.152500", "142551.762500", "142552.372500", "142552.982500", "142553.592500", "142554.202500", "142554.812500", "142555.422500", "142556.032500", "142556.642500", "142557.252500", "142557.862500", "142558.472500", "142559.082500", "142559.692500", "142600.302500", "142600.912500", "142601.522500", "142602.132500", "142602.742500", "142603.352500", "142603.962500", "142604.572500", "142605.182500", "142605.792500", "142606.402500", "142607.012500", "142607.622500", "142608.232500", "142608.842500", "142609.452500", "142610.062500", "142610.672500", "142611.282500", "142611.892500", "142612.502500", "142613.112500", "142613.722500", "142614.332500", "142614.942500", "142615.552500", "142616.162500", "142616.772500", "142617.382500", "142617.992500", "142618.602500", "142619.212500", "142619.822500", "142620.432500", "142621.042500", "142621.652500", "142622.262500", "142622.872500", "142623.482500", "142624.092500", "142624.702500", "142625.312500", "142625.922500", "142626.532500", "142627.142500", "142627.752500", "142628.362500", "142628.972500", "142629.582500", "142630.192500", "142630.802500", "142631.412500", "142632.022500", "142632.632500", "142633.242500", "142633.852500", "142634.462500", "142635.072500", "142635.682500", "142636.292500", "142636.902500", "142637.512500", "142638.122500", "142638.732500", "142639.342500", "142639.952500", "142640.562500", "142641.172500", "142641.782500", "142642.392500", "142643.002500", "142643.612500", "142644.222500", "142644.832500", "142645.442500", "142646.052500", "142646.662500", "142647.272500", "142647.882500", "142648.492500", "142649.102500", "142649.712500", "142650.322500", "142650.932500", "142651.542500", "142652.152500", "142652.762500", "142653.372500", "142653.982500", "142654.592500", "142655.202500", "142655.812500", "142656.422500", "142657.032500", "142657.642500", "142658.252500", "142658.862500", "142659.472500", "142700.082500", "142700.692500", "142701.302500", "142701.912500", "142702.522500", "142703.132500", "142703.742500", "142704.352500", "142704.962500", "142705.572500", "142706.182500", "142706.792500", "142707.402500", "142708.012500", "142708.622500", "142709.232500", "142709.842500", "142710.452500", "142711.062500", "142711.672500", "142712.282500", "142712.892500", "142713.502500", "142714.112500", "142714.722500", "142715.332500", "142715.942500", "142716.552500", "142717.162500", "142717.772500", "142718.382500", "142718.992500", "142719.602500", "142720.212500", "142720.822500", "142721.432500", "142722.042500", "142722.652500", "142723.262500", "142723.872500", "142724.482500", "142725.092500", "142725.702500", "142726.312500", "142726.922500", "142727.532500", "142728.142500", "142728.752500", "142729.362500", "142729.972500", "142730.582500", "142731.192500", "142731.802500", "142732.412500", "142733.022500", "142733.632500", "142734.242500", "142734.852500", "142735.462500", "142736.072500", "142736.682500", "142737.292500", "142737.902500", "142738.512500", "142739.122500", "142739.732500", "142740.342500", "142740.952500", "142741.562500", "142742.172500", "142742.782500", "142743.392500", "142744.002500", "142744.612500", "142745.222500", "142745.832500", "142746.442500", "142747.052500", "142747.662500", "142748.272500", "142748.882500", "142749.492500", "142750.102500", "142750.712500", "142751.322500", "142751.932500", "142752.542500", "142753.152500", "142753.762500", "142754.372500", "142754.982500", "142755.592500", "142756.202500", "142756.812500", "142757.422500", "142758.032500", "142758.642500", "142759.252500", "142759.862500", "142800.472500", "142801.082500", "142801.692500", "142802.302500", "142802.912500", "142803.522500", "142804.132500", "142804.742500", "142805.352500", "142805.962500", "142806.572500", "142807.182500", "142807.792500", "142808.402500", "142809.012500", "142809.622500", "142810.232500", "142810.842500", "142811.452500", "142812.062500", "142812.672500", "142813.282500", "142813.892500", "142814.502500", "142815.112500", "142815.722500", "142816.332500", "142816.942500", "142817.552500", "142818.162500", "142818.772500", "142819.382500", "142819.992500", "142820.602500", "142821.212500", "142821.822500", "142822.432500", "142823.042500", "142823.652500", "142824.262500", "142824.872500", "142825.482500", "142826.092500", "142826.702500", "142827.312500", "142827.922500", "142828.532500", "142829.142500", "142829.752500", "142830.362500", "142830.972500", "142831.582500", "142832.192500", "142832.802500", "142833.412500", "142834.022500", "142834.632500", "142835.242500", "142835.852500", "142836.462500", "142837.072500", "142837.682500", "142838.292500", "142838.902500", "142839.512500", "142840.122500", "142840.732500", "142841.342500", "142841.952500", "142842.562500", "142843.172500", "142843.782500", "142844.392500", "142845.002500", "142845.612500", "142846.222500", "142846.832500", "142847.442500", "142848.052500", "142848.662500", "142849.272500", "142849.882500", "142850.492500", "142851.102500", "142851.712500", "142852.322500", "142852.932500", "142853.542500", "142854.152500", "142854.762500", "142855.372500", "142855.982500", "142856.592500", "142857.202500", "142857.812500", "142858.422500", "142859.032500", "142859.642500", "142900.252500", "142900.862500", "142901.472500", "142902.082500", "142902.692500", "142903.302500", "142903.912500", "142904.522500", "142905.132500", "142905.742500", "142906.352500", "142906.962500", "142907.572500", "142908.182500", "142908.792500", "142909.402500", "142910.012500", "142910.622500", "142911.232500", "142911.842500", "142912.452500", "142913.062500", "142913.672500", "142914.282500", "142914.892500", "142915.502500", "142916.112500", "142916.722500", "142917.332500", "142917.942500", "142918.552500", "142919.162500", "142919.772500", "142920.382500", "142920.992500", "142921.602500", "142922.212500", "142922.822500", "142923.432500", "142924.042500", "142924.652500", "142925.262500", "142925.872500", "142926.482500", "142927.092500", "142927.702500", "142928.312500", "142928.922500", "142929.532500", "142930.142500", "142930.752500", "142931.362500", "142931.972500", "142932.582500", "142933.192500", "142933.802500", "142934.412500", "142935.022500", "142935.632500", "142936.242500", "142936.852500", "142937.462500", "142938.072500", "142938.682500", "142939.292500", "142939.902500", "142940.512500", "142941.122500", "142941.732500", "142942.342500", "142942.952500", "142943.562500", "142944.172500", "142944.782500", "142945.392500", "142946.002500", "142946.612500", "142947.222500", "142947.832500", "142948.442500", "142949.052500", "142949.662500", "142950.272500", "142950.882500", "142951.492500", "142952.102500", "142952.712500", "142953.322500", "142953.932500", "142954.542500", "142955.152500", "142955.762500", "142956.372500", "142956.982500", "142957.592500", "142958.202500", "142958.812500", "142959.422500", "143000.032500", "143000.642500", "143001.252500", "143001.862500", "143002.472500", "143003.082500", "143003.692500", "143004.302500", "143004.912500", "143005.522500", "143006.132500", "143006.742500", "143007.352500", "143007.962500", "143008.572500", "143009.182500", "143009.792500", "143010.402500", "143011.012500", "143011.622500", "143012.232500", "143012.842500", "143013.452500", "143014.062500", "143014.672500", "143015.282500", "143015.892500", "143016.502500", "143017.112500", "143017.722500", "143018.332500", "143018.942500", "143019.552500", "143020.162500", "143020.772500", "143021.382500", "143021.992500", "143022.602500", "143023.212500", "143023.822500", "143024.432500", "143025.042500", "143025.652500", "143026.262500", "143026.872500", "143027.482500", "143028.092500", "143028.702500", "143029.312500", "143029.922500", "143030.532500", "143031.142500", "143031.752500", "143032.362500", "143032.972500", "143033.582500", "143034.192500", "143034.802500", "143035.412500", "143036.022500", "143036.632500", "143037.242500", "143037.852500", "143038.462500", "143039.072500", "143039.682500", "143040.292500", "143040.902500", "143041.512500", "143042.122500", "143042.732500", "143043.342500", "143043.952500", "143044.562500", "143045.172500", "143045.782500", "143046.392500", "143047.002500", "143047.612500", "143048.222500", "143048.832500", "143049.442500", "143050.052500", "143050.662500", "143051.272500", "143051.882500", "143052.492500", "143053.102500", "143053.712500", "143054.322500", "143054.932500", "143055.542500", "143056.152500"], "ContentTime": ["142603.553000", "142603.556000", "142603.558000", "142603.561000", "142603.563000", "142603.565000", "142603.568000", "142603.570000", "142603.572000", "142603.575000", "142603.577000", "142603.587000", "142603.589000", "142603.591000", "142603.594000", "142603.603000", "142603.605000", "142603.608000", "142603.610000", "142603.613000", "142603.615000", "142603.618000", "142603.620000", "142603.622000", "142603.625000", "142603.627000", "142603.629000", "142603.632000", "142623.548000", "142623.551000", "142623.553000", "142623.556000", "142623.558000", "142623.560000", "142623.563000", "142623.565000", "142623.567000", "142623.570000", "142623.585000", "142623.587000", "142623.590000", "142623.592000", "142623.595000", "142623.597000", "142623.599000", "142623.602000", "142623.604000", "142623.609000", "142623.611000", "142623.613000", "142623.616000", "142623.618000", "142623.621000", "142623.623000", "142623.626000", "142623.628000", "142623.631000", "142623.633000", "142623.636000", "142623.638000", "142643.548000", "142643.551000", "142643.553000", "142643.555000", "142643.558000", "142643.560000", "142643.563000", "142643.565000", "142643.567000", "142643.570000", "142643.572000", "142643.574000", "142643.583000", "142643.585000", "142643.587000", "142643.590000", "142643.592000", "142643.595000", "142643.598000", "142643.600000", "142643.602000", "142643.605000", "142643.607000", "142643.610000", "142643.612000", "142643.614000", "142643.617000", "142643.619000", "142643.622000", "142643.624000", "142643.626000", "142643.629000", "142643.631000", "142703.548000", "142703.551000", "142703.553000", "142703.556000", "142703.558000", "142703.560000", "142703.563000", "142703.565000", "142703.567000", "142703.570000", "142703.572000", "142703.574000", "142703.577000", "142703.579000", "142703.582000", "142703.584000", "142703.587000", "142703.589000", "142703.591000", "142703.594000", "142703.596000", "142703.598000", "142703.601000", "142703.603000", "142703.606000", "142703.608000", "142703.610000", "142703.613000", "142703.615000", "142703.617000", "142703.620000", "142703.622000", "142703.624000", "142723.548000", "142723.551000", "142723.553000", "142723.555000", "142723.558000", "142723.560000", "142723.573000", "142723.576000", "142723.578000", "142723.580000", "142723.583000", "142723.585000", "142723.587000", "142723.590000", "142723.592000", "142723.595000", "142723.597000", "142723.599000", "142723.602000", "142723.604000", "142723.606000", "142723.609000", "142723.611000", "142723.614000", "142723.616000", "142723.619000", "142723.621000", "142723.623000", "142723.626000", "142723.628000", "142723.630000", "142723.633000", "142723.635000", "142743.548000", "142743.551000", "142743.553000", "142743.556000", "142743.558000", "142743.560000", "142743.563000", "142743.565000", "142743.567000", "142743.570000", "142743.572000", "142743.574000", "142743.577000", "142743.579000", "142743.582000", "142743.584000", "142743.586000", "142743.589000", "142743.591000", "142743.593000", "142743.596000", "142743.598000", "142743.601000", "142743.603000", "142743.605000", "142743.608000", "142743.610000", "142743.612000", "142743.615000", "142743.618000", "142743.620000", "142743.622000", "142803.548000", "142803.551000", "142803.553000", "142803.555000", "142803.558000", "142803.560000", "142803.563000", "142803.565000", "142803.567000", "142803.570000", "142803.572000", "142803.575000", "142803.577000", "142803.579000", "142803.582000", "142803.584000", "142803.586000", "142803.589000", "142803.591000", "142803.594000", "142803.596000", "142803.598000", "142803.601000", "142803.603000", "142803.605000", "142803.608000", "142803.610000", "142803.613000", "142803.615000", "142803.617000", "142803.620000", "142803.622000", "142803.624000", "142823.548000", "142823.551000", "142823.553000", "142823.556000", "142823.558000", "142823.561000", "142823.563000", "142823.565000", "142823.568000", "142823.570000", "142823.572000", "142823.575000", "142823.577000", "142823.580000", "142823.582000", "142823.584000", "142823.587000", "142823.589000", "142823.591000", "142823.594000", "142823.596000", "142823.599000", "142823.601000", "142823.603000", "142823.606000", "142823.608000", "142823.611000", "142823.613000", "142823.615000", "142823.618000", "142823.620000", "142823.622000", "142823.625000", "142843.548000", "142843.551000", "142843.553000", "142843.556000", "142843.558000", "142843.560000", "142843.563000", "142843.565000", "142843.568000", "142843.570000", "142843.572000", "142843.575000", "142843.577000", "142843.580000", "142843.582000", "142843.584000", "142843.587000", "142843.589000", "142843.591000", "142843.594000", "142843.596000", "142843.598000", "142843.601000", "142843.603000", "142843.606000", "142843.608000", "142843.610000", "142843.613000", "142843.615000", "142843.618000", "142843.620000", "142843.623000", "142843.625000", "142903.548000", "142903.551000", "142903.554000", "142903.556000", "142903.558000", "142903.561000", "142903.563000", "142903.566000", "142903.568000", "142903.570000", "142903.573000", "142903.575000", "142903.578000", "142903.580000", "142903.583000", "142903.585000", "142903.587000", "142903.590000", "142903.592000", "142903.595000", "142903.597000", "142903.599000", "142903.602000", "142903.604000", "142903.606000", "142903.609000", "142903.611000", "142903.614000", "142903.616000", "142903.619000", "142903.621000", "142903.624000", "142903.626000", "142923.548000", "142923.551000", "142923.553000", "142923.556000", "142923.558000", "142923.561000", "142923.563000", "142923.565000", "142923.568000", "142923.570000", "142923.573000", "142923.575000", "142923.578000", "142923.580000", "142923.582000", "142923.585000", "142923.588000", "142923.590000", "142923.593000", "142923.595000", "142923.598000", "142923.600000", "142923.603000", "142923.605000", "142923.608000", "142923.610000", "142923.613000", "142923.615000", "142923.618000", "142923.620000", "142923.622000", "142923.625000", "142943.548000", "142943.551000", "142943.553000", "142943.556000", "142943.558000", "142943.561000", "142943.563000", "142943.565000", "142943.568000", "142943.570000", "142943.572000", "142943.575000", "142943.577000", "142943.580000", "142943.582000", "142943.584000", "142943.587000", "142943.589000", "142943.592000", "142943.594000", "142943.596000", "142943.599000", "142943.601000", "142943.604000", "142943.606000", "142943.608000", "142943.611000", "142943.613000", "142943.616000", "142943.618000", "142943.620000", "142943.623000", "142943.625000", "143003.548000", "143003.551000", "143003.553000", "143003.556000", "143003.558000", "143003.560000", "143003.563000", "143003.565000", "143003.568000", "143003.580000", "143003.582000", "143003.585000", "143003.587000", "143003.589000", "143003.592000", "143003.594000", "143003.597000", "143003.599000", "143003.602000", "143003.604000", "143003.607000", "143003.609000", "143003.611000", "143003.614000", "143003.616000", "143003.619000", "143003.621000", "143003.623000", "143003.626000", "143003.628000", "143003.631000", "143003.633000", "143003.636000", "143023.548000", "143023.551000", "143023.554000", "143023.556000", "143023.558000", "143023.561000", "143023.563000", "143023.566000", "143023.568000", "143023.571000", "143023.573000", "143023.575000", "143023.578000", "143023.580000", "143023.583000", "143023.585000", "143023.587000", "143023.590000", "143023.592000", "143023.594000", "143023.597000", "143023.599000", "143023.602000", "143023.604000", "143023.610000", "143023.613000", "143023.615000", "143023.618000", "143023.620000", "143023.622000", "143023.625000", "143023.627000", "143023.630000", "143043.548000", "143043.551000", "143043.553000", "143043.555000", "143043.558000", "143043.560000", "143043.563000", "143043.565000", "143043.567000", "143043.570000", "143043.572000", "143043.575000", "143043.577000", "143043.580000", "143043.582000", "143043.585000", "143043.587000", "143043.590000", "143043.592000", "143043.594000", "143043.597000", "143043.599000", "143043.602000", "143043.604000", "143043.606000", "143043.609000", "143043.611000", "143043.614000", "143043.616000", "143043.618000", "143043.621000", "143043.623000", "143043.626000", "143057.490000", "143057.493000", "143057.495000", "143057.497000", "143057.500000", "143057.502000", "143057.505000", "143057.507000", "143057.510000", "143057.512000", "143057.515000", "143057.517000", "143057.519000", "143057.522000", "143057.524000", "143057.527000", "143057.529000", "143057.532000", "143057.534000", "143057.536000", "143057.539000", "143057.541000", "143057.543000"], "InstanceCreationTime": ["142603.553000", "142603.556000", "142603.558000", "142603.561000", "142603.563000", "142603.565000", "142603.568000", "142603.570000", "142603.572000", "142603.575000", "142603.577000", "142603.587000", "142603.589000", "142603.591000", "142603.594000", "142603.603000", "142603.605000", "142603.608000", "142603.610000", "142603.613000", "142603.615000", "142603.618000", "142603.620000", "142603.622000", "142603.625000", "142603.627000", "142603.629000", "142603.632000", "142623.548000", "142623.551000", "142623.553000", "142623.556000", "142623.558000", "142623.560000", "142623.563000", "142623.565000", "142623.567000", "142623.570000", "142623.585000", "142623.587000", "142623.590000", "142623.592000", "142623.595000", "142623.597000", "142623.599000", "142623.602000", "142623.604000", "142623.609000", "142623.611000", "142623.613000", "142623.616000", "142623.618000", "142623.621000", "142623.623000", "142623.626000", "142623.628000", "142623.631000", "142623.633000", "142623.636000", "142623.638000", "142643.548000", "142643.551000", "142643.553000", "142643.555000", "142643.558000", "142643.560000", "142643.563000", "142643.565000", "142643.567000", "142643.570000", "142643.572000", "142643.574000", "142643.583000", "142643.585000", "142643.587000", "142643.590000", "142643.592000", "142643.595000", "142643.598000", "142643.600000", "142643.602000", "142643.605000", "142643.607000", "142643.610000", "142643.612000", "142643.614000", "142643.617000", "142643.619000", "142643.622000", "142643.624000", "142643.626000", "142643.629000", "142643.631000", "142703.548000", "142703.551000", "142703.553000", "142703.556000", "142703.558000", "142703.560000", "142703.563000", "142703.565000", "142703.567000", "142703.570000", "142703.572000", "142703.574000", "142703.577000", "142703.579000", "142703.582000", "142703.584000", "142703.587000", "142703.589000", "142703.591000", "142703.594000", "142703.596000", "142703.598000", "142703.601000", "142703.603000", "142703.606000", "142703.608000", "142703.610000", "142703.613000", "142703.615000", "142703.617000", "142703.620000", "142703.622000", "142703.624000", "142723.548000", "142723.551000", "142723.553000", "142723.555000", "142723.558000", "142723.560000", "142723.573000", "142723.576000", "142723.578000", "142723.580000", "142723.583000", "142723.585000", "142723.587000", "142723.590000", "142723.592000", "142723.595000", "142723.597000", "142723.599000", "142723.602000", "142723.604000", "142723.606000", "142723.609000", "142723.611000", "142723.614000", "142723.616000", "142723.619000", "142723.621000", "142723.623000", "142723.626000", "142723.628000", "142723.630000", "142723.633000", "142723.635000", "142743.548000", "142743.551000", "142743.553000", "142743.556000", "142743.558000", "142743.560000", "142743.563000", "142743.565000", "142743.567000", "142743.570000", "142743.572000", "142743.574000", "142743.577000", "142743.579000", "142743.582000", "142743.584000", "142743.586000", "142743.589000", "142743.591000", "142743.593000", "142743.596000", "142743.598000", "142743.601000", "142743.603000", "142743.605000", "142743.608000", "142743.610000", "142743.612000", "142743.615000", "142743.618000", "142743.620000", "142743.622000", "142803.548000", "142803.551000", "142803.553000", "142803.555000", "142803.558000", "142803.560000", "142803.563000", "142803.565000", "142803.567000", "142803.570000", "142803.572000", "142803.575000", "142803.577000", "142803.579000", "142803.582000", "142803.584000", "142803.586000", "142803.589000", "142803.591000", "142803.594000", "142803.596000", "142803.598000", "142803.601000", "142803.603000", "142803.605000", "142803.608000", "142803.610000", "142803.613000", "142803.615000", "142803.617000", "142803.620000", "142803.622000", "142803.624000", "142823.548000", "142823.551000", "142823.553000", "142823.556000", "142823.558000", "142823.561000", "142823.563000", "142823.565000", "142823.568000", "142823.570000", "142823.572000", "142823.575000", "142823.577000", "142823.580000", "142823.582000", "142823.584000", "142823.587000", "142823.589000", "142823.591000", "142823.594000", "142823.596000", "142823.599000", "142823.601000", "142823.603000", "142823.606000", "142823.608000", "142823.611000", "142823.613000", "142823.615000", "142823.618000", "142823.620000", "142823.622000", "142823.625000", "142843.548000", "142843.551000", "142843.553000", "142843.556000", "142843.558000", "142843.560000", "142843.563000", "142843.565000", "142843.568000", "142843.570000", "142843.572000", "142843.575000", "142843.577000", "142843.580000", "142843.582000", "142843.584000", "142843.587000", "142843.589000", "142843.591000", "142843.594000", "142843.596000", "142843.598000", "142843.601000", "142843.603000", "142843.606000", "142843.608000", "142843.610000", "142843.613000", "142843.615000", "142843.618000", "142843.620000", "142843.623000", "142843.625000", "142903.548000", "142903.551000", "142903.554000", "142903.556000", "142903.558000", "142903.561000", "142903.563000", "142903.566000", "142903.568000", "142903.570000", "142903.573000", "142903.575000", "142903.578000", "142903.580000", "142903.583000", "142903.585000", "142903.587000", "142903.590000", "142903.592000", "142903.595000", "142903.597000", "142903.599000", "142903.602000", "142903.604000", "142903.606000", "142903.609000", "142903.611000", "142903.614000", "142903.616000", "142903.619000", "142903.621000", "142903.624000", "142903.626000", "142923.548000", "142923.551000", "142923.553000", "142923.556000", "142923.558000", "142923.561000", "142923.563000", "142923.565000", "142923.568000", "142923.570000", "142923.573000", "142923.575000", "142923.578000", "142923.580000", "142923.582000", "142923.585000", "142923.588000", "142923.590000", "142923.593000", "142923.595000", "142923.598000", "142923.600000", "142923.603000", "142923.605000", "142923.608000", "142923.610000", "142923.613000", "142923.615000", "142923.618000", "142923.620000", "142923.622000", "142923.625000", "142943.548000", "142943.551000", "142943.553000", "142943.556000", "142943.558000", "142943.561000", "142943.563000", "142943.565000", "142943.568000", "142943.570000", "142943.572000", "142943.575000", "142943.577000", "142943.580000", "142943.582000", "142943.584000", "142943.587000", "142943.589000", "142943.592000", "142943.594000", "142943.596000", "142943.599000", "142943.601000", "142943.604000", "142943.606000", "142943.608000", "142943.611000", "142943.613000", "142943.616000", "142943.618000", "142943.620000", "142943.623000", "142943.625000", "143003.548000", "143003.551000", "143003.553000", "143003.556000", "143003.558000", "143003.560000", "143003.563000", "143003.565000", "143003.568000", "143003.580000", "143003.582000", "143003.585000", "143003.587000", "143003.589000", "143003.592000", "143003.594000", "143003.597000", "143003.599000", "143003.602000", "143003.604000", "143003.607000", "143003.609000", "143003.611000", "143003.614000", "143003.616000", "143003.619000", "143003.621000", "143003.623000", "143003.626000", "143003.628000", "143003.631000", "143003.633000", "143003.636000", "143023.548000", "143023.551000", "143023.554000", "143023.556000", "143023.558000", "143023.561000", "143023.563000", "143023.566000", "143023.568000", "143023.571000", "143023.573000", "143023.575000", "143023.578000", "143023.580000", "143023.583000", "143023.585000", "143023.587000", "143023.590000", "143023.592000", "143023.594000", "143023.597000", "143023.599000", "143023.602000", "143023.604000", "143023.610000", "143023.613000", "143023.615000", "143023.618000", "143023.620000", "143023.622000", "143023.625000", "143023.627000", "143023.630000", "143043.548000", "143043.551000", "143043.553000", "143043.555000", "143043.558000", "143043.560000", "143043.563000", "143043.565000", "143043.567000", "143043.570000", "143043.572000", "143043.575000", "143043.577000", "143043.580000", "143043.582000", "143043.585000", "143043.587000", "143043.590000", "143043.592000", "143043.594000", "143043.597000", "143043.599000", "143043.602000", "143043.604000", "143043.606000", "143043.609000", "143043.611000", "143043.614000", "143043.616000", "143043.618000", "143043.621000", "143043.623000", "143043.626000", "143057.490000", "143057.493000", "143057.495000", "143057.497000", "143057.500000", "143057.502000", "143057.505000", "143057.507000", "143057.510000", "143057.512000", "143057.515000", "143057.517000", "143057.519000", "143057.522000", "143057.524000", "143057.527000", "143057.529000", "143057.532000", "143057.534000", "143057.536000", "143057.539000", "143057.541000", "143057.543000"], "InstanceNumber": [1, 2, 3, 4, 5, 6, 7, 8, 9, 10, 11, 12, 13, 14, 15, 16, 17, 18, 19, 20, 21, 22, 23, 24, 25, 26, 27, 28, 29, 30, 31, 32, 33, 34, 35, 36, 37, 38, 39, 40, 41, 42, 43, 44, 45, 46, 47, 48, 49, 50, 51, 52, 53, 54, 55, 56, 57, 58, 59, 60, 61, 62, 63, 64, 65, 66, 67, 68, 69, 70, 71, 72, 73, 74, 75, 76, 77, 78, 79, 80, 81, 82, 83, 84, 85, 86, 87, 88, 89, 90, 91, 92, 93, 94, 95, 96, 97, 98, 99, 100, 101, 102, 103, 104, 105, 106, 107, 108, 109, 110, 111, 112, 113, 114, 115, 116, 117, 118, 119, 120, 121, 122, 123, 124, 125, 126, 127, 128, 129, 130, 131, 132, 133, 134, 135, 136, 137, 138, 139, 140, 141, 142, 143, 144, 145, 146, 147, 148, 149, 150, 151, 152, 153, 154, 155, 156, 157, 158, 159, 160, 161, 162, 163, 164, 165, 166, 167, 168, 169, 170, 171, 172, 173, 174, 175, 176, 177, 178, 179, 180, 181, 182, 183, 184, 185, 186, 187, 188, 189, 190, 191, 192, 193, 194, 195, 196, 197, 198, 199, 200, 201, 202, 203, 204, 205, 206, 207, 208, 209, 210, 211, 212, 213, 214, 215, 216, 217, 218, 219, 220, 221, 222, 223, 224, 225, 226, 227, 228, 229, 230, 231, 232, 233, 234, 235, 236, 237, 238, 239, 240, 241, 242, 243, 244, 245, 246, 247, 248, 249, 250, 251, 252, 253, 254, 255, 256, 257, 258, 259, 260, 261, 262, 263, 264, 265, 266, 267, 268, 269, 270, 271, 272, 273, 274, 275, 276, 277, 278, 279, 280, 281, 282, 283, 284, 285, 286, 287, 288, 289, 290, 291, 292, 293, 294, 295, 296, 297, 298, 299, 300, 301, 302, 303, 304, 305, 306, 307, 308, 309, 310, 311, 312, 313, 314, 315, 316, 317, 318, 319, 320, 321, 322, 323, 324, 325, 326, 327, 328, 329, 330, 331, 332, 333, 334, 335, 336, 337, 338, 339, 340, 341, 342, 343, 344, 345, 346, 347, 348, 349, 350, 351, 352, 353, 354, 355, 356, 357, 358, 359, 360, 361, 362, 363, 364, 365, 366, 367, 368, 369, 370, 371, 372, 373, 374, 375, 376, 377, 378, 379, 380, 381, 382, 383, 384, 385, 386, 387, 388, 389, 390, 391, 392, 393, 394, 395, 396, 397, 398, 399, 400, 401, 402, 403, 404, 405, 406, 407, 408, 409, 410, 411, 412, 413, 414, 415, 416, 417, 418, 419, 420, 421, 422, 423, 424, 425, 426, 427, 428, 429, 430, 431, 432, 433, 434, 435, 436, 437, 438, 439, 440, 441, 442, 443, 444, 445, 446, 447, 448, 449, 450, 451, 452, 453, 454, 455, 456, 457, 458, 459, 460, 461, 462, 463, 464, 465, 466, 467, 468, 469, 470, 471, 472, 473, 474, 475, 476, 477, 478, 479, 480, 481, 482, 483, 484, 485, 486, 487, 488, 489, 490, 491, 492, 493, 494, 495, 496, 497, 498, 499, 500, 501, 502, 503, 504, 505, 506, 507, 508, 509, 510], "LargestImagePixelValue": [532, 524, 518, 516, 537, 531, 521, 525, 554, 517, 512, 507, 537, 533, 528, 523, 542, 542, 539, 540, 536, 536, 539, 541, 543, 548, 534, 528, 539, 552, 547, 544, 545, 544, 543, 543, 541, 543, 549, 542, 543, 519, 520, 574, 546, 554, 528, 546, 527, 522, 535, 525, 544, 546, 534, 518, 523, 546, 532, 545, 559, 548, 555, 538, 539, 568, 533, 508, 601, 552, 550, 560, 550, 566, 533, 514, 517, 554, 537, 569, 560, 562, 532, 548, 553, 555, 539, 542, 561, 537, 524, 528, 538, 579, 547, 541, 530, 527, 507, 553, 557, 624, 557, 541, 526, 539, 523, 518, 532, 532, 523, 534, 603, 543, 541, 544, 527, 557, 571, 572, 519, 520, 557, 532, 542, 543, 540, 531, 534, 537, 537, 533, 547, 533, 525, 538, 575, 545, 545, 514, 518, 514, 533, 524, 542, 527, 548, 538, 541, 531, 518, 532, 548, 541, 536, 552, 548, 558, 555, 541, 529, 531, 583, 614, 599, 536, 521, 575, 547, 528, 524, 540, 534, 526, 522, 525, 526, 535, 526, 566, 561, 546, 558, 547, 538, 559, 544, 542, 541, 591, 568, 545, 540, 520, 567, 506, 527, 567, 570, 546, 543, 518, 580, 536, 581, 517, 529, 630, 575, 572, 541, 530, 549, 512, 560, 553, 542, 525, 582, 590, 559, 553, 526, 535, 536, 533, 540, 534, 536, 563, 552, 532, 547, 590, 567, 554, 539, 542, 529, 561, 565, 518, 591, 558, 642, 546, 560, 543, 513, 587, 558, 533, 532, 552, 548, 519, 552, 590, 578, 541, 536, 549, 541, 514, 551, 572, 525, 541, 512, 629, 569, 519, 548, 626, 522, 537, 511, 538, 522, 541, 511, 514, 516, 508, 514, 545, 551, 541, 510, 556, 541, 552, 520, 508, 516, 542, 522, 516, 535, 527, 538, 539, 554, 525, 521, 531, 524, 524, 516, 529, 530, 564, 543, 527, 526, 516, 528, 522, 523, 589, 552, 566, 551, 532, 528, 534, 526, 507, 545, 530, 542, 529, 515, 508, 567, 520, 600, 559, 532, 522, 534, 569, 539, 549, 557, 553, 523, 524, 523, 526, 540, 525, 518, 578, 574, 517, 531, 550, 528, 544, 544, 514, 525, 574, 538, 545, 523, 513, 517, 521, 537, 523, 536, 529, 580, 599, 497, 495, 617, 534, 597, 546, 536, 530, 553, 548, 557, 652, 530, 556, 550, 547, 519, 517, 514, 530, 537, 546, 543, 515, 546, 524, 511, 521, 526, 521, 519, 518, 521, 548, 528, 550, 516, 517, 551, 534, 525, 536, 574, 509, 566, 551, 595, 569, 555, 515, 547, 549, 577, 537, 586, 553, 542, 520, 548, 548, 542, 513, 534, 536, 520, 559, 535, 534, 518, 524, 502, 523, 534, 520, 515, 514, 513, 510, 540, 532, 523, 516, 513, 511, 508, 506, 509, 512, 510, 509, 510, 509, 514, 511, 511, 514, 514, 516, 516, 524, 520, 515, 537, 549, 556, 552, 552, 547, 542, 558, 576, 566, 525, 536, 563, 538, 518, 568, 525, 517, 567, 510, 521, 524, 520, 560, 675, 551, 522, 547, 514, 524, 591, 588], "WindowCenter": [325.0, 323.0, 320.0, 320.0, 321.0, 319.0, 319.0, 318.0, 319.0, 320.0, 319.0, 319.0, 322.0, 321.0, 319.0, 320.0, 321.0, 318.0, 319.0, 319.0, 318.0, 319.0, 318.0, 319.0, 319.0, 321.0, 321.0, 319.0, 321.0, 321.0, 319.0, 319.0, 318.0, 318.0, 318.0, 319.0, 319.0, 318.0, 320.0, 320.0, 319.0, 317.0, 312.0, 323.0, 321.0, 315.0, 314.0, 319.0, 321.0, 318.0, 318.0, 317.0, 319.0, 319.0, 318.0, 318.0, 317.0, 317.0, 320.0, 320.0, 319.0, 316.0, 322.0, 320.0, 318.0, 319.0, 318.0, 306.0, 325.0, 323.0, 320.0, 322.0, 319.0, 319.0, 319.0, 319.0, 317.0, 314.0, 318.0, 320.0, 321.0, 321.0, 318.0, 314.0, 318.0, 321.0, 321.0, 318.0, 312.0, 310.0, 312.0, 319.0, 320.0, 323.0, 319.0, 318.0, 317.0, 319.0, 319.0, 317.0, 310.0, 320.0, 318.0, 318.0, 317.0, 317.0, 316.0, 316.0, 317.0, 318.0, 317.0, 318.0, 319.0, 317.0, 317.0, 320.0, 315.0, 310.0, 317.0, 317.0, 315.0, 315.0, 316.0, 314.0, 316.0, 318.0, 319.0, 319.0, 318.0, 319.0, 319.0, 320.0, 321.0, 319.0, 316.0, 312.0, 312.0, 317.0, 321.0, 319.0, 318.0, 319.0, 323.0, 319.0, 320.0, 318.0, 317.0, 315.0, 317.0, 318.0, 317.0, 317.0, 317.0, 318.0, 317.0, 319.0, 318.0, 316.0, 319.0, 318.0, 317.0, 319.0, 317.0, 317.0, 315.0, 314.0, 311.0, 319.0, 315.0, 315.0, 316.0, 317.0, 317.0, 317.0, 318.0, 318.0, 320.0, 319.0, 317.0, 316.0, 318.0, 320.0, 319.0, 317.0, 317.0, 317.0, 317.0, 317.0, 317.0, 320.0, 320.0, 318.0, 320.0, 305.0, 320.0, 302.0, 318.0, 313.0, 321.0, 315.0, 316.0, 298.0, 320.0, 308.0, 315.0, 311.0, 310.0, 320.0, 306.0, 321.0, 318.0, 317.0, 314.0, 309.0, 310.0, 304.0, 320.0, 308.0, 314.0, 312.0, 318.0, 316.0, 313.0, 317.0, 317.0, 318.0, 317.0, 315.0, 311.0, 314.0, 317.0, 317.0, 315.0, 316.0, 317.0, 317.0, 317.0, 316.0, 315.0, 314.0, 308.0, 299.0, 309.0, 310.0, 318.0, 312.0, 317.0, 314.0, 302.0, 301.0, 319.0, 315.0, 315.0, 316.0, 314.0, 311.0, 316.0, 307.0, 316.0, 311.0, 318.0, 313.0, 315.0, 312.0, 315.0, 314.0, 312.0, 315.0, 313.0, 315.0, 315.0, 314.0, 314.0, 317.0, 315.0, 319.0, 314.0, 315.0, 315.0, 316.0, 315.0, 315.0, 315.0, 314.0, 312.0, 318.0, 317.0, 317.0, 316.0, 311.0, 309.0, 319.0, 304.0, 310.0, 320.0, 320.0, 316.0, 312.0, 318.0, 316.0, 311.0, 315.0, 317.0, 315.0, 318.0, 315.0, 315.0, 317.0, 311.0, 316.0, 317.0, 320.0, 318.0, 317.0, 318.0, 317.0, 315.0, 319.0, 303.0, 311.0, 315.0, 319.0, 315.0, 314.0, 310.0, 312.0, 316.0, 310.0, 314.0, 315.0, 317.0, 313.0, 314.0, 313.0, 307.0, 305.0, 305.0, 323.0, 315.0, 314.0, 315.0, 319.0, 310.0, 317.0, 316.0, 315.0, 317.0, 316.0, 317.0, 316.0, 316.0, 317.0, 314.0, 310.0, 314.0, 315.0, 316.0, 315.0, 314.0, 320.0, 320.0, 316.0, 311.0, 317.0, 318.0, 316.0, 316.0, 314.0, 316.0, 315.0, 316.0, 311.0, 316.0, 313.0, 314.0, 317.0, 309.0, 309.0, 318.0, 311.0, 319.0, 317.0, 317.0, 315.0, 315.0, 305.0, 318.0, 320.0, 317.0, 320.0, 318.0, 318.0, 316.0, 316.0, 316.0, 316.0, 320.0, 316.0, 317.0, 317.0, 320.0, 316.0, 315.0, 317.0, 317.0, 316.0, 316.0, 318.0, 318.0, 317.0, 318.0, 317.0, 312.0, 314.0, 316.0, 316.0, 313.0, 316.0, 318.0, 305.0, 316.0, 309.0, 324.0, 314.0, 321.0, 317.0, 317.0, 312.0, 315.0, 318.0, 321.0, 319.0, 319.0, 318.0, 319.0, 317.0, 316.0, 316.0, 311.0, 315.0, 317.0, 317.0, 319.0, 317.0, 317.0, 317.0, 314.0, 317.0, 318.0, 318.0, 316.0, 315.0, 315.0, 315.0, 316.0, 317.0, 316.0, 316.0, 317.0, 317.0, 316.0, 316.0, 315.0, 317.0, 317.0, 317.0, 317.0, 316.0, 317.0, 317.0, 316.0, 316.0, 316.0, 317.0, 316.0, 316.0, 317.0, 318.0, 322.0, 321.0, 319.0, 317.0, 318.0, 317.0, 315.0, 317.0, 308.0, 319.0, 313.0, 313.0, 317.0, 314.0, 314.0, 316.0, 318.0, 315.0, 317.0, 316.0, 320.0, 317.0, 314.0, 316.0, 322.0, 318.0, 318.0, 317.0, 315.0, 311.0, 319.0, 319.0], "WindowWidth": [698.0, 693.0, 689.0, 688.0, 690.0, 687.0, 686.0, 684.0, 687.0, 688.0, 687.0, 686.0, 691.0, 690.0, 687.0, 689.0, 691.0, 685.0, 686.0, 686.0, 685.0, 686.0, 684.0, 686.0, 687.0, 690.0, 689.0, 688.0, 690.0, 689.0, 686.0, 686.0, 684.0, 684.0, 685.0, 685.0, 686.0, 684.0, 688.0, 688.0, 687.0, 682.0, 673.0, 694.0, 690.0, 681.0, 677.0, 687.0, 692.0, 684.0, 685.0, 682.0, 686.0, 686.0, 685.0, 684.0, 683.0, 683.0, 688.0, 689.0, 688.0, 680.0, 691.0, 689.0, 684.0, 687.0, 684.0, 662.0, 698.0, 694.0, 687.0, 693.0, 687.0, 686.0, 686.0, 686.0, 683.0, 677.0, 685.0, 689.0, 690.0, 690.0, 685.0, 677.0, 685.0, 689.0, 689.0, 685.0, 673.0, 669.0, 672.0, 685.0, 687.0, 694.0, 687.0, 685.0, 683.0, 687.0, 686.0, 683.0, 670.0, 688.0, 685.0, 684.0, 683.0, 682.0, 681.0, 681.0, 683.0, 684.0, 683.0, 685.0, 686.0, 684.0, 682.0, 687.0, 679.0, 668.0, 684.0, 683.0, 679.0, 679.0, 681.0, 677.0, 680.0, 685.0, 685.0, 686.0, 684.0, 687.0, 686.0, 688.0, 690.0, 686.0, 681.0, 673.0, 673.0, 682.0, 691.0, 686.0, 685.0, 686.0, 693.0, 686.0, 689.0, 684.0, 682.0, 679.0, 683.0, 684.0, 683.0, 682.0, 683.0, 684.0, 683.0, 686.0, 684.0, 681.0, 686.0, 685.0, 684.0, 687.0, 682.0, 683.0, 679.0, 678.0, 671.0, 686.0, 680.0, 679.0, 680.0, 683.0, 683.0, 683.0, 684.0, 685.0, 688.0, 686.0, 682.0, 682.0, 685.0, 688.0, 686.0, 683.0, 682.0, 682.0, 683.0, 683.0, 683.0, 687.0, 689.0, 685.0, 689.0, 660.0, 689.0, 654.0, 685.0, 676.0, 689.0, 679.0, 682.0, 647.0, 689.0, 664.0, 678.0, 672.0, 670.0, 689.0, 662.0, 690.0, 684.0, 682.0, 677.0, 666.0, 668.0, 657.0, 687.0, 664.0, 676.0, 673.0, 684.0, 680.0, 675.0, 682.0, 682.0, 683.0, 682.0, 678.0, 670.0, 677.0, 682.0, 682.0, 679.0, 679.0, 683.0, 681.0, 681.0, 681.0, 678.0, 676.0, 664.0, 649.0, 667.0, 669.0, 685.0, 672.0, 682.0, 678.0, 654.0, 653.0, 686.0, 678.0, 677.0, 679.0, 676.0, 672.0, 680.0, 662.0, 681.0, 672.0, 685.0, 675.0, 678.0, 673.0, 678.0, 676.0, 672.0, 679.0, 673.0, 677.0, 678.0, 676.0, 675.0, 680.0, 678.0, 686.0, 676.0, 679.0, 678.0, 680.0, 679.0, 679.0, 678.0, 677.0, 674.0, 685.0, 683.0, 683.0, 680.0, 671.0, 668.0, 685.0, 658.0, 670.0, 687.0, 688.0, 680.0, 672.0, 684.0, 681.0, 671.0, 680.0, 682.0, 679.0, 685.0, 678.0, 678.0, 682.0, 671.0, 681.0, 683.0, 688.0, 685.0, 683.0, 684.0, 683.0, 680.0, 688.0, 656.0, 672.0, 678.0, 685.0, 679.0, 675.0, 669.0, 672.0, 679.0, 669.0, 677.0, 680.0, 683.0, 675.0, 676.0, 673.0, 663.0, 659.0, 659.0, 694.0, 677.0, 676.0, 677.0, 685.0, 668.0, 680.0, 680.0, 677.0, 683.0, 680.0, 683.0, 681.0, 680.0, 681.0, 676.0, 668.0, 676.0, 679.0, 681.0, 678.0, 677.0, 688.0, 689.0, 680.0, 671.0, 682.0, 684.0, 681.0, 680.0, 676.0, 681.0, 679.0, 681.0, 670.0, 680.0, 675.0, 677.0, 683.0, 666.0, 667.0, 684.0, 671.0, 687.0, 682.0, 684.0, 677.0, 678.0, 660.0, 686.0, 688.0, 682.0, 689.0, 684.0, 685.0, 681.0, 681.0, 680.0, 681.0, 688.0, 681.0, 682.0, 682.0, 689.0, 681.0, 680.0, 683.0, 684.0, 681.0, 680.0, 685.0, 684.0, 683.0, 685.0, 683.0, 673.0, 677.0, 681.0, 679.0, 674.0, 681.0, 684.0, 659.0, 681.0, 665.0, 696.0, 677.0, 691.0, 682.0, 683.0, 672.0, 678.0, 684.0, 691.0, 687.0, 687.0, 684.0, 687.0, 683.0, 681.0, 681.0, 673.0, 679.0, 682.0, 682.0, 686.0, 682.0, 682.0, 682.0, 678.0, 682.0, 685.0, 684.0, 681.0, 679.0, 679.0, 679.0, 681.0, 682.0, 680.0, 681.0, 683.0, 682.0, 682.0, 681.0, 680.0, 683.0, 682.0, 682.0, 682.0, 681.0, 683.0, 682.0, 681.0, 681.0, 680.0, 682.0, 681.0, 681.0, 683.0, 684.0, 691.0, 691.0, 687.0, 683.0, 684.0, 682.0, 679.0, 683.0, 666.0, 687.0, 676.0, 675.0, 682.0, 676.0, 676.0, 682.0, 685.0, 679.0, 683.0, 680.0, 688.0, 682.0, 676.0, 681.0, 692.0, 685.0, 685.0, 684.0, 678.0, 670.0, 685.0, 686.0]}, "slices": {}}, "EventTimestamp": "14-28-16"}