{
  "AcquisitionMatrixPE": 64,
  "AcquisitionNumber": 1,
  "AcquisitionTime": "15:00:50.730000",
  "BandwidthPerPixelPhaseEncode": 28.935,
  "BaseResolution": 64,
  "BodyPartExamined": "BRAIN",
  "CoilCombinationMethod": "Sum of Squares",
  "ConsistencyInfo": "N4_VE11E_LATEST_20181129",
  "ConversionSoftware": "dcm2niix",
  "ConversionSoftwareVersion": "v1.0.20211006",
  "DerivedVendorReportedEchoSpacing": 0.000540003,
  "DeviceSerialNumber": "166182",
  "DwellTime": 3.4e-06,
  "EchoTime": 0.032,
  "EchoTrainLength": 64,
  "EffectiveEchoSpacing": 0.000540003,
  "FlipAngle": 40,
  "ImageOrientationPatientDICOM": [0.996787, 0.0670909, 0.0437554, -0.0679541, 0.997516, 0.0185459],
  "ImageOrientationText": "Tra>Sag(2.4)>Cor(1.2)",
  "ImageType": [
    "ORIGINAL",
    "PRIMARY",
    "M",
    "ND",
    "NORM",
    "MOSAIC"
],
  "ImagingFrequency": 123.258,
  "InPlanePhaseEncodingDirectionDICOM": "ROW",
  "InstitutionAddress": "PEARSE STREET .,City,District,IE,D2",
  "InstitutionName": "TCIN",
  "InstitutionalDepartmentName": "MRI",
  "MRAcquisitionType": "2D",
  "MagneticFieldStrength": 3,
  "Manufacturer": "Siemens",
  "ManufacturersModelName": "Prisma",
  "Modality": "MR",
  "MultibandAccelerationFactor": 4,
  "PartialFourier": 1,
  "PatientPosition": "HFS",
  "PercentPhaseFOV": 100,
  "PercentSampling": 100,
  "PhaseEncodingDirection": "i",
  "PhaseEncodingSteps": 64,
  "PhaseResolution": 1,
  "PixelBandwidth": 2300,
  "ProcedureStepDescription": "Rhodri^Head BOLD",
  "ProtocolName": "cmrr_mbep2d_se_PA",
  "PulseSequenceDetails": "%SiemensSeq%\\ep2d_bold",
  "ReceiveCoilActiveElements": "HC2,4,6,7;NC2;SC",
  "ReceiveCoilName": "HeadNeck_64",
  "ReconMatrixPE": 64,
  "RefLinesPE": 12,
  "RepetitionTime": 0.61,
  "SAR": 0.256061,
  "ScanOptions": "FS",
  "ScanningSequence": "EP",
  "SequenceName": "*epfid2d1_64",
  "SequenceVariant": "SK",
  "SeriesDescription": "cmrr_mbep2d_se_PA",
  "SeriesNumber": 6,
  "ShimSetting": [-3592, -7469, 3842, 1064, -338, 281, 47, -8],
  "SliceThickness": 3,
  "SliceTiming": [0.2625, 0, 0.3275, 0.065, 0.3925, 0.1325, 0.46, 0.1975, 0.525, 0.2625, 0, 0.3275, 0.065, 0.3925, 0.1325, 0.46, 0.1975, 0.525, 0.2625, 0, 0.3275, 0.065, 0.3925, 0.1325, 0.46, 0.1975, 0.525, 0.2625, 0, 0.3275, 0.065, 0.3925, 0.1325, 0.46, 0.1975, 0.525],
  "SoftwareVersions": "syngo MR E11",
  "SpacingBetweenSlices": 3.3,
  "StationName": "AWP166182",
  "TotalReadoutTime": 0.0340202,
  "TxRefAmp": 243.066,
  "dcmmeta_affine": [
    [-2.990360975265503, -0.20386233925819397, 0.13992823660373688, 101.91487121582031],
    [-0.20127281546592712, 2.9925482273101807, 0.07081707566976547, -98.31684112548828],
    [0.13126634061336517, -0.05563783645629883, 3.296271562576294, -98.82310485839844],
    [0.0, 0.0, 0.0, 1.0]
],
  "dcmmeta_reorient_transform": [
    [0.0, -1.0, 0.0, 63.0],
    [1.0, 0.0, 0.0, 0.0],
    [0.0, 0.0, 1.0, 0.0],
    [0.0, 0.0, 0.0, 1.0]
],
  "dcmmeta_shape": [64, 64, 36, 10],
  "dcmmeta_slice_dim": 2,
  "dcmmeta_version": 0.6,
  "global": {
    "const": {
      "AcquisitionMatrix": [0, 64, 64, 0],
      "AngioFlag": "N",
      "BitsAllocated": 16,
      "BitsStored": 12,
      "BodyPartExamined": "BRAIN",
      "Columns": 384,
      "EchoNumbers": 1,
      "EchoTime": 32.0,
      "EchoTrainLength": 64,
      "FlipAngle": 40.0,
      "HighBit": 11,
      "ImageOrientationPatient": [0.99678697151693, 0.0670909408317, 0.04375544620313, -0.0679541154705, 0.99751605805945, 0.01854594576048],
      "ImagePositionPatient": [-534.91131381732, -601.22505351859, -132.23296047465],
      "ImageType": [
        "ORIGINAL",
        "PRIMARY",
        "M",
        "ND",
        "NORM",
        "MOSAIC"
],
      "ImagedNucleus": "1H",
      "ImagingFrequency": 123.257532,
      "InPlanePhaseEncodingDirection": "ROW",
      "MRAcquisitionType": "2D",
      "MagneticFieldStrength": 3.0,
      "Manufacturer": "SIEMENS",
      "ManufacturerModelName": "Prisma",
      "Modality": "MR",
      "NumberOfAverages": 1.0,
      "NumberOfPhaseEncodingSteps": 64,
      "PercentPhaseFieldOfView": 100.0,
      "PercentSampling": 100.0,
      "PerformedProcedureStepStartTime": "143611.191000",
      "PhotometricInterpretation": "MONOCHROME2",
      "PixelBandwidth": 2300.0,
      "PixelRepresentation": 0,
      "PixelSpacing": [3.0, 3.0],
      "ProtocolName": "cmrr_mbep2d_se_PA",
      "RepetitionTime": 610.0,
      "Rows": 384,
      "SAR": 0.25606050938931,
      "SamplesPerPixel": 1,
      "ScanOptions": "FS",
      "ScanningSequence": "EP",
      "SequenceName": "*epfid2d1_64",
      "SequenceVariant": "SK",
      "SeriesDescription": "cmrr_mbep2d_se_PA",
      "SeriesNumber": 6,
      "SeriesTime": "150057.010000",
      "SliceLocation": -96.49985697248,
      "SliceThickness": 3.0,
      "SmallestImagePixelValue": 0,
      "SoftwareVersions": "syngo MR E11",
      "SpacingBetweenSlices": 3.3000000771499,
      "SpecificCharacterSet": "ISO_IR 100",
      "StudyID": "1",
      "StudyTime": "143611.119000",
      "TransmitCoilName": "Body",
      "VariableFlipAngleFlag": "N",
      "WindowCenterWidthExplanation": "Algo1"
    },
    "slices": {}
  },
  "time": {
    "samples": {
      "AcquisitionNumber": [1, 2, 3, 4, 5, 6, 7, 8, 9, 10],
      "AcquisitionTime": ["150050.730000", "150051.340000", "150051.950000", "150052.560000", "150053.170000", "150053.780000", "150054.390000", "150055.000000", "150055.610000", "150056.220000"],
      "ContentTime": ["150057.013000", "150057.016000", "150057.019000", "150057.024000", "150057.026000", "150057.029000", "150057.031000", "150057.041000", "150057.044000", "150057.046000"],
      "InstanceCreationTime": ["150057.013000", "150057.016000", "150057.019000", "150057.024000", "150057.026000", "150057.029000", "150057.031000", "150057.041000", "150057.044000", "150057.046000"],
      "InstanceNumber": [1, 2, 3, 4, 5, 6, 7, 8, 9, 10],
      "LargestImagePixelValue": [468, 462, 452, 465, 451, 449, 453, 446, 455, 449],
      "WindowCenter": [295.0, 293.0, 292.0, 292.0, 291.0, 290.0, 290.0, 289.0, 290.0, 289.0],
      "WindowWidth": [643.0, 638.0, 636.0, 636.0, 634.0, 633.0, 632.0, 631.0, 633.0, 632.0]
    },
    "slices": {}
  }
}