{"AcquisitionMatrixPE": 64, "AcquisitionNumber": 1, "AcquisitionTime": "10:28:15.792500", "BandwidthPerPixelPhaseEncode": 28.935, "BaseResolution": 64, "BodyPartExamined": "BRAIN", "CoilCombinationMethod": "Sum of Squares", "ConsistencyInfo": "N4_VE11E_LATEST_20181129", "ConversionSoftware": "dcm2niix", "ConversionSoftwareVersion": "v1.0.20230411", "DerivedVendorReportedEchoSpacing": 0.000540003, "DeviceSerialNumber": "166182", "DwellTime": 3.4e-06, "EchoTime": 0.032, "EchoTrainLength": 64, "EffectiveEchoSpacing": 0.000540003, "FlipAngle": 40, "HeudiconvVersion": "0.13.1", "ImageOrientationPatientDICOM": [0.999829, -0.00433104, 0.0180038, 0.00523519, 0.998711, -0.0504802], "ImageOrientationText": "Tra>Cor(-2.9)>Sag(1.0)", "ImageType": ["ORIGINAL", "PRIMARY", "M", "ND", "NORM", "MOSAIC"], "ImagingFrequency": 123.256608, "InPlanePhaseEncodingDirectionDICOM": "COL", "InstitutionAddress": "PEARSE STREET .,City,District,IE,D2", "InstitutionName": "MRI DEPT", "InstitutionalDepartmentName": "MRI", "MRAcquisitionType": "2D", "MagneticFieldStrength": 3, "Manufacturer": "Siemens", "ManufacturersModelName": "Prisma", "Modality": "MR", "MultibandAccelerationFactor": 4, "NonlinearGradientCorrection": false, "PartialFourier": 1, "PatientPosition": "HFS", "PercentPhaseFOV": 100, "PercentSampling": 100, "PhaseEncodingDirection": "j-", "PhaseEncodingSteps": 64, "PhaseResolution": 1, "PixelBandwidth": 2300, "ProcedureStepDescription": "Rhodri^Head BOLD", "ProtocolName": "cmrr_mbep2d_Pictures_AP_RDS", "PulseSequenceDetails": "%SiemensSeq%\\ep2d_bold", "ReceiveCoilActiveElements": "HC2,4,6,7;SC", "ReceiveCoilName": "SpecialPurpose_4", "ReconMatrixPE": 64, "RefLinesPE": 12, "RepetitionTime": 0.61, "SAR": 0.264312, "ScanOptions": "FS", "ScanningSequence": "EP", "SequenceName": "*epfid2d1_64", "SequenceVariant": "SK", "SeriesDescription": "cmrr_mbep2d_Pictures_AP_RDS", "SeriesNumber": 9, "ShimSetting": [-3665, -7613, 3852, 1076, -350, 420, 689, 150], "SliceThickness": 3, "SliceTiming": [0.2625, 0, 0.3275, 0.065, 0.3925, 0.13, 0.46, 0.1975, 0.525, 0.2625, 0, 0.3275, 0.065, 0.3925, 0.13, 0.46, 0.1975, 0.525, 0.2625, 0, 0.3275, 0.065, 0.3925, 0.13, 0.46, 0.1975, 0.525, 0.2625, 0, 0.3275, 0.065, 0.3925, 0.13, 0.46, 0.1975, 0.525], "SoftwareVersions": "syngo MR E11", "SpacingBetweenSlices": 3.3, "StationName": "AWP166182", "TaskName": "pictures", "TotalReadoutTime": 0.0340202, "TxRefAmp": 232.017, "dcmmeta_affine": [[-2.999485731124878, 0.015705568715929985, 0.05861440300941467, 92.42875671386719], [0.012993116863071918, 2.996134042739868, -0.16686715185642242, -99.2256088256836], [0.05401132255792618, 0.15144062042236328, 3.295257091522217, -103.72992706298828], [0.0, 0.0, 0.0, 1.0]], "dcmmeta_reorient_transform": [[0.0, -1.0, 0.0, 63.0], [1.0, 0.0, 0.0, 0.0], [0.0, 0.0, 1.0, 0.0], [0.0, 0.0, 0.0, 1.0]], "dcmmeta_shape": [64, 64, 36, 510], "dcmmeta_slice_dim": 2, "dcmmeta_version": 0.6, "global": {"const": {"AcquisitionMatrix": [64, 0, 0, 64], "AngioFlag": "N", "BitsAllocated": 16, "BitsStored": 12, "BodyPartExamined": "BRAIN", "Columns": 384, "EchoNumbers": 1, "EchoTime": 32.0, "EchoTrainLength": 64, "FlipAngle": 40.0, "HighBit": 11, "ImageOrientationPatient": [0.99982853841558, -0.004331038847, 0.01800377383436, 0.00523518945324, 0.99871134048967, -0.050480205712], "ImagePositionPatient": [-575.8487939586, -566.83337912078, -78.600482892314], "ImageType": ["ORIGINAL", "PRIMARY", "M", "ND", "NORM", "MOSAIC"], "ImagedNucleus": "1H", "ImagingFrequency": 123.256608, "InPlanePhaseEncodingDirection": "COL", "MRAcquisitionType": "2D", "MagneticFieldStrength": 3.0, "Manufacturer": "SIEMENS", "ManufacturerModelName": "Prisma", "Modality": "MR", "NumberOfAverages": 1.0, "NumberOfPhaseEncodingSteps": 64, "PercentPhaseFieldOfView": 100.0, "PercentSampling": 100.0, "PerformedProcedureStepStartTime": "100718.615000", "PhotometricInterpretation": "MONOCHROME2", "PixelBandwidth": 2300.0, "PixelRepresentation": 0, "PixelSpacing": [3.0, 3.0], "ProtocolName": "cmrr_mbep2d_Pictures_AP_RDS", "RepetitionTime": 610.0, "Rows": 384, "SAR": 0.26431240626792, "SamplesPerPixel": 1, "ScanOptions": "FS", "ScanningSequence": "EP", "SequenceName": "*epfid2d1_64", "SequenceVariant": "SK", "SeriesDescription": "cmrr_mbep2d_Pictures_AP_RDS", "SeriesNumber": 9, "SeriesTime": "102829.639000", "SliceLocation": -96.921708938353, "SliceThickness": 3.0, "SmallestImagePixelValue": 0, "SoftwareVersions": "syngo MR E11", "SpacingBetweenSlices": 3.2999998710266, "SpecificCharacterSet": "ISO_IR 100", "StudyID": "1", "StudyTime": "100718.516000", "TransmitCoilName": "Body", "VariableFlipAngleFlag": "N", "WindowCenterWidthExplanation": "Algo1"}, "slices": {}}, "time": {"samples": {"AcquisitionNumber": [1, 2, 3, 4, 5, 6, 7, 8, 9, 10, 11, 12, 13, 14, 15, 16, 17, 18, 19, 20, 21, 22, 23, 24, 25, 26, 27, 28, 29, 30, 31, 32, 33, 34, 35, 36, 37, 38, 39, 40, 41, 42, 43, 44, 45, 46, 47, 48, 49, 50, 51, 52, 53, 54, 55, 56, 57, 58, 59, 60, 61, 62, 63, 64, 65, 66, 67, 68, 69, 70, 71, 72, 73, 74, 75, 76, 77, 78, 79, 80, 81, 82, 83, 84, 85, 86, 87, 88, 89, 90, 91, 92, 93, 94, 95, 96, 97, 98, 99, 100, 101, 102, 103, 104, 105, 106, 107, 108, 109, 110, 111, 112, 113, 114, 115, 116, 117, 118, 119, 120, 121, 122, 123, 124, 125, 126, 127, 128, 129, 130, 131, 132, 133, 134, 135, 136, 137, 138, 139, 140, 141, 142, 143, 144, 145, 146, 147, 148, 149, 150, 151, 152, 153, 154, 155, 156, 157, 158, 159, 160, 161, 162, 163, 164, 165, 166, 167, 168, 169, 170, 171, 172, 173, 174, 175, 176, 177, 178, 179, 180, 181, 182, 183, 184, 185, 186, 187, 188, 189, 190, 191, 192, 193, 194, 195, 196, 197, 198, 199, 200, 201, 202, 203, 204, 205, 206, 207, 208, 209, 210, 211, 212, 213, 214, 215, 216, 217, 218, 219, 220, 221, 222, 223, 224, 225, 226, 227, 228, 229, 230, 231, 232, 233, 234, 235, 236, 237, 238, 239, 240, 241, 242, 243, 244, 245, 246, 247, 248, 249, 250, 251, 252, 253, 254, 255, 256, 257, 258, 259, 260, 261, 262, 263, 264, 265, 266, 267, 268, 269, 270, 271, 272, 273, 274, 275, 276, 277, 278, 279, 280, 281, 282, 283, 284, 285, 286, 287, 288, 289, 290, 291, 292, 293, 294, 295, 296, 297, 298, 299, 300, 301, 302, 303, 304, 305, 306, 307, 308, 309, 310, 311, 312, 313, 314, 315, 316, 317, 318, 319, 320, 321, 322, 323, 324, 325, 326, 327, 328, 329, 330, 331, 332, 333, 334, 335, 336, 337, 338, 339, 340, 341, 342, 343, 344, 345, 346, 347, 348, 349, 350, 351, 352, 353, 354, 355, 356, 357, 358, 359, 360, 361, 362, 363, 364, 365, 366, 367, 368, 369, 370, 371, 372, 373, 374, 375, 376, 377, 378, 379, 380, 381, 382, 383, 384, 385, 386, 387, 388, 389, 390, 391, 392, 393, 394, 395, 396, 397, 398, 399, 400, 401, 402, 403, 404, 405, 406, 407, 408, 409, 410, 411, 412, 413, 414, 415, 416, 417, 418, 419, 420, 421, 422, 423, 424, 425, 426, 427, 428, 429, 430, 431, 432, 433, 434, 435, 436, 437, 438, 439, 440, 441, 442, 443, 444, 445, 446, 447, 448, 449, 450, 451, 452, 453, 454, 455, 456, 457, 458, 459, 460, 461, 462, 463, 464, 465, 466, 467, 468, 469, 470, 471, 472, 473, 474, 475, 476, 477, 478, 479, 480, 481, 482, 483, 484, 485, 486, 487, 488, 489, 490, 491, 492, 493, 494, 495, 496, 497, 498, 499, 500, 501, 502, 503, 504, 505, 506, 507, 508, 509, 510], "AcquisitionTime": ["102815.792500", "102816.402500", "102817.012500", "102817.622500", "102818.232500", "102818.842500", "102819.452500", "102820.062500", "102820.672500", "102821.282500", "102821.892500", "102822.502500", "102823.112500", "102823.722500", "102824.332500", "102824.942500", "102825.552500", "102826.162500", "102826.772500", "102827.382500", "102827.992500", "102828.602500", "102829.212500", "102829.822500", "102830.432500", "102831.042500", "102831.652500", "102832.262500", "102832.872500", "102833.482500", "102834.092500", "102834.702500", "102835.312500", "102835.922500", "102836.532500", "102837.142500", "102837.752500", "102838.362500", "102838.972500", "102839.582500", "102840.192500", "102840.802500", "102841.412500", "102842.022500", "102842.632500", "102843.242500", "102843.852500", "102844.462500", "102845.072500", "102845.682500", "102846.292500", "102846.902500", "102847.512500", "102848.122500", "102848.732500", "102849.342500", "102849.952500", "102850.562500", "102851.172500", "102851.782500", "102852.392500", "102853.002500", "102853.612500", "102854.222500", "102854.832500", "102855.442500", "102856.052500", "102856.662500", "102857.272500", "102857.882500", "102858.492500", "102859.102500", "102859.712500", "102900.322500", "102900.932500", "102901.542500", "102902.152500", "102902.762500", "102903.372500", "102903.982500", "102904.592500", "102905.202500", "102905.812500", "102906.422500", "102907.032500", "102907.642500", "102908.252500", "102908.862500", "102909.472500", "102910.082500", "102910.692500", "102911.302500", "102911.912500", "102912.522500", "102913.132500", "102913.742500", "102914.352500", "102914.962500", "102915.572500", "102916.182500", "102916.792500", "102917.402500", "102918.012500", "102918.622500", "102919.232500", "102919.842500", "102920.452500", "102921.062500", "102921.672500", "102922.282500", "102922.892500", "102923.502500", "102924.112500", "102924.722500", "102925.332500", "102925.942500", "102926.552500", "102927.162500", "102927.772500", "102928.382500", "102928.992500", "102929.602500", "102930.212500", "102930.822500", "102931.432500", "102932.042500", "102932.652500", "102933.262500", "102933.872500", "102934.482500", "102935.092500", "102935.702500", "102936.312500", "102936.922500", "102937.532500", "102938.142500", "102938.752500", "102939.362500", "102939.972500", "102940.582500", "102941.192500", "102941.802500", "102942.412500", "102943.022500", "102943.632500", "102944.242500", "102944.852500", "102945.462500", "102946.072500", "102946.682500", "102947.292500", "102947.902500", "102948.512500", "102949.122500", "102949.732500", "102950.342500", "102950.952500", "102951.562500", "102952.172500", "102952.782500", "102953.392500", "102954.002500", "102954.612500", "102955.222500", "102955.832500", "102956.442500", "102957.052500", "102957.662500", "102958.272500", "102958.882500", "102959.492500", "103000.102500", "103000.712500", "103001.322500", "103001.932500", "103002.542500", "103003.152500", "103003.762500", "103004.372500", "103004.982500", "103005.592500", "103006.202500", "103006.812500", "103007.422500", "103008.032500", "103008.642500", "103009.252500", "103009.862500", "103010.472500", "103011.082500", "103011.692500", "103012.302500", "103012.912500", "103013.522500", "103014.132500", "103014.742500", "103015.352500", "103015.962500", "103016.572500", "103017.182500", "103017.792500", "103018.402500", "103019.012500", "103019.622500", "103020.232500", "103020.842500", "103021.452500", "103022.062500", "103022.672500", "103023.282500", "103023.892500", "103024.502500", "103025.112500", "103025.722500", "103026.332500", "103026.942500", "103027.552500", "103028.162500", "103028.772500", "103029.382500", "103029.992500", "103030.602500", "103031.212500", "103031.822500", "103032.432500", "103033.042500", "103033.652500", "103034.262500", "103034.872500", "103035.482500", "103036.092500", "103036.702500", "103037.312500", "103037.922500", "103038.532500", "103039.142500", "103039.752500", "103040.362500", "103040.972500", "103041.582500", "103042.192500", "103042.802500", "103043.412500", "103044.022500", "103044.632500", "103045.242500", "103045.852500", "103046.462500", "103047.072500", "103047.682500", "103048.292500", "103048.902500", "103049.512500", "103050.122500", "103050.732500", "103051.342500", "103051.952500", "103052.562500", "103053.172500", "103053.782500", "103054.392500", "103055.002500", "103055.612500", "103056.222500", "103056.832500", "103057.442500", "103058.052500", "103058.662500", "103059.272500", "103059.882500", "103100.492500", "103101.102500", "103101.712500", "103102.322500", "103102.932500", "103103.542500", "103104.152500", "103104.762500", "103105.372500", "103105.982500", "103106.592500", "103107.202500", "103107.812500", "103108.422500", "103109.032500", "103109.642500", "103110.252500", "103110.862500", "103111.472500", "103112.082500", "103112.692500", "103113.302500", "103113.912500", "103114.522500", "103115.132500", "103115.742500", "103116.352500", "103116.962500", "103117.572500", "103118.182500", "103118.792500", "103119.402500", "103120.012500", "103120.622500", "103121.232500", "103121.842500", "103122.452500", "103123.062500", "103123.672500", "103124.282500", "103124.892500", "103125.502500", "103126.112500", "103126.722500", "103127.332500", "103127.942500", "103128.552500", "103129.162500", "103129.772500", "103130.382500", "103130.992500", "103131.602500", "103132.212500", "103132.822500", "103133.432500", "103134.042500", "103134.652500", "103135.262500", "103135.872500", "103136.482500", "103137.092500", "103137.702500", "103138.312500", "103138.922500", "103139.532500", "103140.142500", "103140.752500", "103141.362500", "103141.972500", "103142.582500", "103143.192500", "103143.802500", "103144.412500", "103145.022500", "103145.632500", "103146.242500", "103146.852500", "103147.462500", "103148.072500", "103148.682500", "103149.292500", "103149.902500", "103150.512500", "103151.122500", "103151.732500", "103152.342500", "103152.952500", "103153.562500", "103154.172500", "103154.782500", "103155.392500", "103156.002500", "103156.612500", "103157.222500", "103157.832500", "103158.442500", "103159.052500", "103159.662500", "103200.272500", "103200.882500", "103201.492500", "103202.102500", "103202.712500", "103203.322500", "103203.932500", "103204.542500", "103205.152500", "103205.762500", "103206.372500", "103206.982500", "103207.592500", "103208.202500", "103208.812500", "103209.422500", "103210.032500", "103210.642500", "103211.252500", "103211.862500", "103212.472500", "103213.082500", "103213.692500", "103214.302500", "103214.912500", "103215.522500", "103216.132500", "103216.742500", "103217.352500", "103217.962500", "103218.572500", "103219.182500", "103219.792500", "103220.402500", "103221.012500", "103221.622500", "103222.232500", "103222.842500", "103223.452500", "103224.062500", "103224.672500", "103225.282500", "103225.892500", "103226.502500", "103227.112500", "103227.722500", "103228.332500", "103228.942500", "103229.552500", "103230.162500", "103230.772500", "103231.382500", "103231.992500", "103232.602500", "103233.212500", "103233.822500", "103234.432500", "103235.042500", "103235.652500", "103236.262500", "103236.872500", "103237.482500", "103238.092500", "103238.702500", "103239.312500", "103239.922500", "103240.532500", "103241.142500", "103241.752500", "103242.362500", "103242.972500", "103243.582500", "103244.192500", "103244.802500", "103245.412500", "103246.022500", "103246.632500", "103247.242500", "103247.852500", "103248.462500", "103249.072500", "103249.682500", "103250.292500", "103250.902500", "103251.512500", "103252.122500", "103252.732500", "103253.342500", "103253.952500", "103254.562500", "103255.172500", "103255.782500", "103256.392500", "103257.002500", "103257.612500", "103258.222500", "103258.832500", "103259.442500", "103300.052500", "103300.662500", "103301.272500", "103301.882500", "103302.492500", "103303.102500", "103303.712500", "103304.322500", "103304.932500", "103305.542500", "103306.152500", "103306.762500", "103307.372500", "103307.982500", "103308.592500", "103309.202500", "103309.812500", "103310.422500", "103311.032500", "103311.642500", "103312.252500", "103312.862500", "103313.472500", "103314.082500", "103314.692500", "103315.302500", "103315.912500", "103316.522500", "103317.132500", "103317.742500", "103318.352500", "103318.962500", "103319.572500", "103320.182500", "103320.792500", "103321.402500", "103322.012500", "103322.622500", "103323.232500", "103323.842500", "103324.452500", "103325.062500", "103325.672500", "103326.282500"], "ContentTime": ["102829.643000", "102829.646000", "102829.648000", "102829.651000", "102829.653000", "102829.660000", "102829.663000", "102829.665000", "102829.668000", "102829.670000", "102829.672000", "102829.677000", "102829.680000", "102829.682000", "102829.684000", "102829.687000", "102829.689000", "102829.692000", "102829.694000", "102829.697000", "102829.699000", "102829.701000", "102849.638000", "102849.641000", "102849.643000", "102849.646000", "102849.648000", "102849.650000", "102849.653000", "102849.655000", "102849.658000", "102849.660000", "102849.663000", "102849.665000", "102849.667000", "102849.670000", "102849.672000", "102849.675000", "102849.677000", "102849.679000", "102849.682000", "102849.684000", "102849.686000", "102849.689000", "102849.691000", "102849.694000", "102849.696000", "102849.699000", "102849.701000", "102849.703000", "102849.706000", "102849.708000", "102849.711000", "102849.713000", "102849.715000", "102909.638000", "102909.641000", "102909.653000", "102909.661000", "102909.664000", "102909.666000", "102909.669000", "102909.671000", "102909.674000", "102909.677000", "102909.679000", "102909.682000", "102909.684000", "102909.686000", "102909.689000", "102909.691000", "102909.694000", "102909.696000", "102909.698000", "102909.701000", "102909.703000", "102909.706000", "102909.708000", "102909.711000", "102909.713000", "102909.715000", "102909.718000", "102909.720000", "102909.723000", "102909.725000", "102909.727000", "102909.730000", "102929.638000", "102929.642000", "102929.645000", "102929.648000", "102929.650000", "102929.652000", "102929.655000", "102929.657000", "102929.660000", "102929.662000", "102929.664000", "102929.667000", "102929.669000", "102929.672000", "102929.674000", "102929.683000", "102929.685000", "102929.687000", "102929.690000", "102929.692000", "102929.695000", "102929.697000", "102929.699000", "102929.702000", "102929.704000", "102929.707000", "102929.709000", "102929.712000", "102929.714000", "102929.716000", "102929.719000", "102929.721000", "102929.724000", "102949.638000", "102949.641000", "102949.643000", "102949.646000", "102949.648000", "102949.651000", "102949.653000", "102949.655000", "102949.658000", "102949.660000", "102949.662000", "102949.665000", "102949.667000", "102949.670000", "102949.672000", "102949.674000", "102949.677000", "102949.679000", "102949.682000", "102949.684000", "102949.686000", "102949.689000", "102949.691000", "102949.694000", "102949.696000", "102949.699000", "102949.701000", "102949.703000", "102949.706000", "102949.708000", "102949.711000", "102949.713000", "102949.715000", "103009.638000", "103009.641000", "103009.643000", "103009.646000", "103009.648000", "103009.651000", "103009.653000", "103009.655000", "103009.664000", "103009.666000", "103009.669000", "103009.671000", "103009.674000", "103009.676000", "103009.678000", "103009.681000", "103009.683000", "103009.686000", "103009.688000", "103009.691000", "103009.693000", "103009.696000", "103009.698000", "103009.700000", "103009.703000", "103009.705000", "103009.708000", "103009.710000", "103009.712000", "103009.715000", "103009.717000", "103009.720000", "103009.722000", "103029.638000", "103029.641000", "103029.644000", "103029.646000", "103029.648000", "103029.651000", "103029.653000", "103029.656000", "103029.658000", "103029.661000", "103029.663000", "103029.665000", "103029.668000", "103029.670000", "103029.673000", "103029.675000", "103029.678000", "103029.680000", "103029.682000", "103029.685000", "103029.687000", "103029.690000", "103029.692000", "103029.695000", "103029.697000", "103029.699000", "103029.702000", "103029.704000", "103029.707000", "103029.709000", "103029.712000", "103029.714000", "103029.716000", "103049.638000", "103049.641000", "103049.644000", "103049.646000", "103049.648000", "103049.651000", "103049.653000", "103049.656000", "103049.658000", "103049.661000", "103049.663000", "103049.666000", "103049.668000", "103049.671000", "103049.673000", "103049.675000", "103049.678000", "103049.680000", "103049.682000", "103049.685000", "103049.687000", "103049.690000", "103049.692000", "103049.695000", "103049.697000", "103049.699000", "103049.702000", "103049.704000", "103049.707000", "103049.709000", "103049.712000", "103049.721000", "103109.638000", "103109.641000", "103109.643000", "103109.646000", "103109.648000", "103109.650000", "103109.653000", "103109.655000", "103109.658000", "103109.660000", "103109.662000", "103109.665000", "103109.667000", "103109.670000", "103109.672000", "103109.674000", "103109.677000", "103109.680000", "103109.683000", "103109.685000", "103109.688000", "103109.690000", "103109.693000", "103109.695000", "103109.698000", "103109.700000", "103109.702000", "103109.705000", "103109.707000", "103109.710000", "103109.712000", "103109.716000", "103109.718000", "103129.638000", "103129.641000", "103129.643000", "103129.646000", "103129.648000", "103129.651000", "103129.653000", "103129.656000", "103129.658000", "103129.660000", "103129.663000", "103129.665000", "103129.667000", "103129.670000", "103129.672000", "103129.675000", "103129.677000", "103129.679000", "103129.682000", "103129.684000", "103129.687000", "103129.689000", "103129.691000", "103129.694000", "103129.696000", "103129.699000", "103129.701000", "103129.704000", "103129.706000", "103129.708000", "103129.711000", "103129.713000", "103129.716000", "103149.638000", "103149.641000", "103149.643000", "103149.645000", "103149.648000", "103149.650000", "103149.653000", "103149.655000", "103149.658000", "103149.660000", "103149.663000", "103149.665000", "103149.668000", "103149.670000", "103149.672000", "103149.675000", "103149.677000", "103149.679000", "103149.682000", "103149.684000", "103149.687000", "103149.689000", "103149.692000", "103149.694000", "103149.697000", "103149.699000", "103149.701000", "103149.704000", "103149.706000", "103149.709000", "103149.711000", "103149.714000", "103149.716000", "103209.638000", "103209.641000", "103209.643000", "103209.646000", "103209.648000", "103209.651000", "103209.653000", "103209.655000", "103209.658000", "103209.660000", "103209.663000", "103209.665000", "103209.668000", "103209.670000", "103209.672000", "103209.675000", "103209.677000", "103209.680000", "103209.682000", "103209.685000", "103209.687000", "103209.689000", "103209.692000", "103209.694000", "103209.697000", "103209.699000", "103209.702000", "103209.704000", "103209.706000", "103209.709000", "103209.711000", "103209.714000", "103209.716000", "103229.638000", "103229.641000", "103229.644000", "103229.646000", "103229.649000", "103229.651000", "103229.653000", "103229.656000", "103229.658000", "103229.661000", "103229.663000", "103229.665000", "103229.668000", "103229.670000", "103229.673000", "103229.675000", "103229.678000", "103229.680000", "103229.682000", "103229.685000", "103229.687000", "103229.690000", "103229.692000", "103229.695000", "103229.697000", "103229.700000", "103229.702000", "103229.704000", "103229.707000", "103229.709000", "103229.712000", "103229.714000", "103249.638000", "103249.641000", "103249.643000", "103249.646000", "103249.648000", "103249.651000", "103249.653000", "103249.656000", "103249.658000", "103249.660000", "103249.663000", "103249.665000", "103249.668000", "103249.670000", "103249.672000", "103249.675000", "103249.677000", "103249.680000", "103249.682000", "103249.685000", "103249.687000", "103249.690000", "103249.692000", "103249.695000", "103249.697000", "103249.699000", "103249.702000", "103249.704000", "103249.707000", "103249.709000", "103249.712000", "103249.714000", "103249.716000", "103309.638000", "103309.641000", "103309.643000", "103309.646000", "103309.648000", "103309.651000", "103309.653000", "103309.656000", "103309.658000", "103309.660000", "103309.663000", "103309.665000", "103309.668000", "103309.670000", "103309.673000", "103309.675000", "103309.677000", "103309.680000", "103309.682000", "103309.685000", "103309.687000", "103309.690000", "103309.692000", "103309.694000", "103309.697000", "103309.699000", "103309.702000", "103309.704000", "103309.706000", "103309.709000", "103309.711000", "103309.714000", "103309.716000", "103327.054000", "103327.056000", "103327.059000", "103327.061000", "103327.064000", "103327.066000", "103327.069000", "103327.071000", "103327.074000", "103327.076000", "103327.078000", "103327.081000", "103327.083000", "103327.086000", "103327.088000", "103327.090000", "103327.093000", "103327.095000", "103327.098000", "103327.100000", "103327.108000", "103327.110000", "103327.113000", "103327.115000", "103327.118000", "103327.120000", "103327.122000", "103327.125000", "103327.127000"], "InstanceCreationTime": ["102829.643000", "102829.646000", "102829.648000", "102829.651000", "102829.653000", "102829.660000", "102829.663000", "102829.665000", "102829.668000", "102829.670000", "102829.672000", "102829.677000", "102829.680000", "102829.682000", "102829.684000", "102829.687000", "102829.689000", "102829.692000", "102829.694000", "102829.697000", "102829.699000", "102829.701000", "102849.638000", "102849.641000", "102849.643000", "102849.646000", "102849.648000", "102849.650000", "102849.653000", "102849.655000", "102849.658000", "102849.660000", "102849.663000", "102849.665000", "102849.667000", "102849.670000", "102849.672000", "102849.675000", "102849.677000", "102849.679000", "102849.682000", "102849.684000", "102849.686000", "102849.689000", "102849.691000", "102849.694000", "102849.696000", "102849.699000", "102849.701000", "102849.703000", "102849.706000", "102849.708000", "102849.711000", "102849.713000", "102849.715000", "102909.638000", "102909.641000", "102909.653000", "102909.661000", "102909.664000", "102909.666000", "102909.669000", "102909.671000", "102909.674000", "102909.677000", "102909.679000", "102909.682000", "102909.684000", "102909.686000", "102909.689000", "102909.691000", "102909.694000", "102909.696000", "102909.698000", "102909.701000", "102909.703000", "102909.706000", "102909.708000", "102909.711000", "102909.713000", "102909.715000", "102909.718000", "102909.720000", "102909.723000", "102909.725000", "102909.727000", "102909.730000", "102929.638000", "102929.642000", "102929.645000", "102929.648000", "102929.650000", "102929.652000", "102929.655000", "102929.657000", "102929.660000", "102929.662000", "102929.664000", "102929.667000", "102929.669000", "102929.672000", "102929.674000", "102929.683000", "102929.685000", "102929.687000", "102929.690000", "102929.692000", "102929.695000", "102929.697000", "102929.699000", "102929.702000", "102929.704000", "102929.707000", "102929.709000", "102929.712000", "102929.714000", "102929.716000", "102929.719000", "102929.721000", "102929.724000", "102949.638000", "102949.641000", "102949.643000", "102949.646000", "102949.648000", "102949.651000", "102949.653000", "102949.655000", "102949.658000", "102949.660000", "102949.662000", "102949.665000", "102949.667000", "102949.670000", "102949.672000", "102949.674000", "102949.677000", "102949.679000", "102949.682000", "102949.684000", "102949.686000", "102949.689000", "102949.691000", "102949.694000", "102949.696000", "102949.699000", "102949.701000", "102949.703000", "102949.706000", "102949.708000", "102949.711000", "102949.713000", "102949.715000", "103009.638000", "103009.641000", "103009.643000", "103009.646000", "103009.648000", "103009.651000", "103009.653000", "103009.655000", "103009.664000", "103009.666000", "103009.669000", "103009.671000", "103009.674000", "103009.676000", "103009.678000", "103009.681000", "103009.683000", "103009.686000", "103009.688000", "103009.691000", "103009.693000", "103009.696000", "103009.698000", "103009.700000", "103009.703000", "103009.705000", "103009.708000", "103009.710000", "103009.712000", "103009.715000", "103009.717000", "103009.720000", "103009.722000", "103029.638000", "103029.641000", "103029.644000", "103029.646000", "103029.648000", "103029.651000", "103029.653000", "103029.656000", "103029.658000", "103029.661000", "103029.663000", "103029.665000", "103029.668000", "103029.670000", "103029.673000", "103029.675000", "103029.678000", "103029.680000", "103029.682000", "103029.685000", "103029.687000", "103029.690000", "103029.692000", "103029.695000", "103029.697000", "103029.699000", "103029.702000", "103029.704000", "103029.707000", "103029.709000", "103029.712000", "103029.714000", "103029.716000", "103049.638000", "103049.641000", "103049.644000", "103049.646000", "103049.648000", "103049.651000", "103049.653000", "103049.656000", "103049.658000", "103049.661000", "103049.663000", "103049.666000", "103049.668000", "103049.671000", "103049.673000", "103049.675000", "103049.678000", "103049.680000", "103049.682000", "103049.685000", "103049.687000", "103049.690000", "103049.692000", "103049.695000", "103049.697000", "103049.699000", "103049.702000", "103049.704000", "103049.707000", "103049.709000", "103049.712000", "103049.721000", "103109.638000", "103109.641000", "103109.643000", "103109.646000", "103109.648000", "103109.650000", "103109.653000", "103109.655000", "103109.658000", "103109.660000", "103109.662000", "103109.665000", "103109.667000", "103109.670000", "103109.672000", "103109.674000", "103109.677000", "103109.680000", "103109.683000", "103109.685000", "103109.688000", "103109.690000", "103109.693000", "103109.695000", "103109.698000", "103109.700000", "103109.702000", "103109.705000", "103109.707000", "103109.710000", "103109.712000", "103109.716000", "103109.718000", "103129.638000", "103129.641000", "103129.643000", "103129.646000", "103129.648000", "103129.651000", "103129.653000", "103129.656000", "103129.658000", "103129.660000", "103129.663000", "103129.665000", "103129.667000", "103129.670000", "103129.672000", "103129.675000", "103129.677000", "103129.679000", "103129.682000", "103129.684000", "103129.687000", "103129.689000", "103129.691000", "103129.694000", "103129.696000", "103129.699000", "103129.701000", "103129.704000", "103129.706000", "103129.708000", "103129.711000", "103129.713000", "103129.716000", "103149.638000", "103149.641000", "103149.643000", "103149.645000", "103149.648000", "103149.650000", "103149.653000", "103149.655000", "103149.658000", "103149.660000", "103149.663000", "103149.665000", "103149.668000", "103149.670000", "103149.672000", "103149.675000", "103149.677000", "103149.679000", "103149.682000", "103149.684000", "103149.687000", "103149.689000", "103149.692000", "103149.694000", "103149.697000", "103149.699000", "103149.701000", "103149.704000", "103149.706000", "103149.709000", "103149.711000", "103149.714000", "103149.716000", "103209.638000", "103209.641000", "103209.643000", "103209.646000", "103209.648000", "103209.651000", "103209.653000", "103209.655000", "103209.658000", "103209.660000", "103209.663000", "103209.665000", "103209.668000", "103209.670000", "103209.672000", "103209.675000", "103209.677000", "103209.680000", "103209.682000", "103209.685000", "103209.687000", "103209.689000", "103209.692000", "103209.694000", "103209.697000", "103209.699000", "103209.702000", "103209.704000", "103209.706000", "103209.709000", "103209.711000", "103209.714000", "103209.716000", "103229.638000", "103229.641000", "103229.644000", "103229.646000", "103229.649000", "103229.651000", "103229.653000", "103229.656000", "103229.658000", "103229.661000", "103229.663000", "103229.665000", "103229.668000", "103229.670000", "103229.673000", "103229.675000", "103229.678000", "103229.680000", "103229.682000", "103229.685000", "103229.687000", "103229.690000", "103229.692000", "103229.695000", "103229.697000", "103229.700000", "103229.702000", "103229.704000", "103229.707000", "103229.709000", "103229.712000", "103229.714000", "103249.638000", "103249.641000", "103249.643000", "103249.646000", "103249.648000", "103249.651000", "103249.653000", "103249.656000", "103249.658000", "103249.660000", "103249.663000", "103249.665000", "103249.668000", "103249.670000", "103249.672000", "103249.675000", "103249.677000", "103249.680000", "103249.682000", "103249.685000", "103249.687000", "103249.690000", "103249.692000", "103249.695000", "103249.697000", "103249.699000", "103249.702000", "103249.704000", "103249.707000", "103249.709000", "103249.712000", "103249.714000", "103249.716000", "103309.638000", "103309.641000", "103309.643000", "103309.646000", "103309.648000", "103309.651000", "103309.653000", "103309.656000", "103309.658000", "103309.660000", "103309.663000", "103309.665000", "103309.668000", "103309.670000", "103309.673000", "103309.675000", "103309.677000", "103309.680000", "103309.682000", "103309.685000", "103309.687000", "103309.690000", "103309.692000", "103309.694000", "103309.697000", "103309.699000", "103309.702000", "103309.704000", "103309.706000", "103309.709000", "103309.711000", "103309.714000", "103309.716000", "103327.054000", "103327.056000", "103327.059000", "103327.061000", "103327.064000", "103327.066000", "103327.069000", "103327.071000", "103327.074000", "103327.076000", "103327.078000", "103327.081000", "103327.083000", "103327.086000", "103327.088000", "103327.090000", "103327.093000", "103327.095000", "103327.098000", "103327.100000", "103327.108000", "103327.110000", "103327.113000", "103327.115000", "103327.118000", "103327.120000", "103327.122000", "103327.125000", "103327.127000"], "InstanceNumber": [1, 2, 3, 4, 5, 6, 7, 8, 9, 10, 11, 12, 13, 14, 15, 16, 17, 18, 19, 20, 21, 22, 23, 24, 25, 26, 27, 28, 29, 30, 31, 32, 33, 34, 35, 36, 37, 38, 39, 40, 41, 42, 43, 44, 45, 46, 47, 48, 49, 50, 51, 52, 53, 54, 55, 56, 57, 58, 59, 60, 61, 62, 63, 64, 65, 66, 67, 68, 69, 70, 71, 72, 73, 74, 75, 76, 77, 78, 79, 80, 81, 82, 83, 84, 85, 86, 87, 88, 89, 90, 91, 92, 93, 94, 95, 96, 97, 98, 99, 100, 101, 102, 103, 104, 105, 106, 107, 108, 109, 110, 111, 112, 113, 114, 115, 116, 117, 118, 119, 120, 121, 122, 123, 124, 125, 126, 127, 128, 129, 130, 131, 132, 133, 134, 135, 136, 137, 138, 139, 140, 141, 142, 143, 144, 145, 146, 147, 148, 149, 150, 151, 152, 153, 154, 155, 156, 157, 158, 159, 160, 161, 162, 163, 164, 165, 166, 167, 168, 169, 170, 171, 172, 173, 174, 175, 176, 177, 178, 179, 180, 181, 182, 183, 184, 185, 186, 187, 188, 189, 190, 191, 192, 193, 194, 195, 196, 197, 198, 199, 200, 201, 202, 203, 204, 205, 206, 207, 208, 209, 210, 211, 212, 213, 214, 215, 216, 217, 218, 219, 220, 221, 222, 223, 224, 225, 226, 227, 228, 229, 230, 231, 232, 233, 234, 235, 236, 237, 238, 239, 240, 241, 242, 243, 244, 245, 246, 247, 248, 249, 250, 251, 252, 253, 254, 255, 256, 257, 258, 259, 260, 261, 262, 263, 264, 265, 266, 267, 268, 269, 270, 271, 272, 273, 274, 275, 276, 277, 278, 279, 280, 281, 282, 283, 284, 285, 286, 287, 288, 289, 290, 291, 292, 293, 294, 295, 296, 297, 298, 299, 300, 301, 302, 303, 304, 305, 306, 307, 308, 309, 310, 311, 312, 313, 314, 315, 316, 317, 318, 319, 320, 321, 322, 323, 324, 325, 326, 327, 328, 329, 330, 331, 332, 333, 334, 335, 336, 337, 338, 339, 340, 341, 342, 343, 344, 345, 346, 347, 348, 349, 350, 351, 352, 353, 354, 355, 356, 357, 358, 359, 360, 361, 362, 363, 364, 365, 366, 367, 368, 369, 370, 371, 372, 373, 374, 375, 376, 377, 378, 379, 380, 381, 382, 383, 384, 385, 386, 387, 388, 389, 390, 391, 392, 393, 394, 395, 396, 397, 398, 399, 400, 401, 402, 403, 404, 405, 406, 407, 408, 409, 410, 411, 412, 413, 414, 415, 416, 417, 418, 419, 420, 421, 422, 423, 424, 425, 426, 427, 428, 429, 430, 431, 432, 433, 434, 435, 436, 437, 438, 439, 440, 441, 442, 443, 444, 445, 446, 447, 448, 449, 450, 451, 452, 453, 454, 455, 456, 457, 458, 459, 460, 461, 462, 463, 464, 465, 466, 467, 468, 469, 470, 471, 472, 473, 474, 475, 476, 477, 478, 479, 480, 481, 482, 483, 484, 485, 486, 487, 488, 489, 490, 491, 492, 493, 494, 495, 496, 497, 498, 499, 500, 501, 502, 503, 504, 505, 506, 507, 508, 509, 510], "LargestImagePixelValue": [508, 508, 503, 497, 501, 500, 498, 505, 503, 509, 498, 503, 504, 498, 504, 500, 503, 505, 499, 509, 504, 499, 504, 504, 504, 507, 499, 517, 517, 513, 520, 515, 523, 513, 504, 505, 501, 507, 530, 509, 530, 500, 506, 512, 507, 516, 517, 515, 522, 513, 527, 520, 519, 533, 520, 520, 519, 513, 519, 517, 529, 524, 526, 526, 520, 522, 521, 522, 520, 518, 529, 544, 530, 520, 516, 519, 507, 509, 509, 509, 528, 520, 520, 522, 513, 518, 525, 522, 537, 534, 530, 537, 525, 532, 532, 531, 532, 532, 530, 532, 525, 530, 536, 531, 533, 525, 527, 530, 526, 532, 527, 522, 529, 531, 529, 537, 529, 532, 528, 525, 529, 525, 529, 521, 514, 509, 512, 515, 541, 526, 521, 529, 523, 526, 526, 531, 527, 529, 528, 526, 532, 529, 535, 529, 524, 534, 523, 534, 529, 523, 527, 526, 523, 532, 549, 529, 539, 524, 535, 531, 537, 531, 532, 534, 528, 538, 530, 529, 539, 529, 538, 531, 524, 538, 532, 535, 537, 528, 537, 533, 531, 534, 528, 533, 530, 531, 535, 527, 536, 533, 530, 535, 530, 532, 537, 537, 539, 532, 539, 538, 541, 544, 531, 546, 538, 542, 538, 527, 540, 537, 537, 540, 529, 539, 538, 536, 543, 533, 543, 533, 541, 531, 538, 529, 528, 536, 531, 540, 537, 531, 536, 526, 536, 529, 536, 532, 534, 535, 531, 540, 533, 531, 540, 531, 545, 539, 534, 544, 535, 548, 534, 538, 537, 532, 540, 532, 531, 534, 529, 531, 530, 529, 545, 544, 531, 536, 536, 549, 538, 539, 539, 529, 541, 537, 532, 541, 535, 531, 538, 529, 538, 529, 531, 532, 530, 533, 533, 529, 535, 531, 523, 532, 539, 531, 536, 525, 539, 532, 534, 537, 529, 538, 530, 537, 535, 534, 536, 529, 541, 534, 531, 532, 530, 530, 540, 531, 535, 536, 529, 544, 531, 542, 537, 531, 540, 540, 532, 538, 529, 538, 533, 541, 538, 540, 538, 538, 544, 535, 540, 534, 533, 537, 528, 540, 531, 535, 541, 529, 542, 541, 526, 542, 529, 539, 535, 537, 539, 533, 536, 530, 535, 538, 531, 537, 539, 532, 544, 540, 541, 543, 533, 546, 533, 540, 538, 530, 541, 536, 537, 549, 540, 541, 545, 532, 546, 535, 536, 540, 532, 541, 535, 531, 544, 532, 529, 544, 532, 542, 540, 532, 544, 537, 537, 543, 534, 541, 537, 538, 540, 533, 536, 539, 535, 546, 535, 537, 536, 531, 540, 531, 538, 534, 532, 541, 533, 540, 545, 527, 542, 537, 531, 542, 530, 541, 531, 539, 535, 533, 540, 531, 537, 533, 529, 537, 539, 536, 543, 532, 541, 532, 535, 537, 527, 537, 530, 533, 538, 529, 538, 530, 534, 536, 531, 539, 535, 529, 538, 532, 530, 539, 531, 540, 533, 534, 541, 535, 541, 536, 530, 541, 530, 538, 531, 530, 530, 538, 532, 536, 529, 542, 530, 540, 534, 536, 538, 535, 535, 537, 533, 542, 531, 532, 536, 531, 535, 534, 534, 533, 542, 531], "WindowCenter": [282.0, 279.0, 278.0, 277.0, 277.0, 276.0, 276.0, 277.0, 276.0, 277.0, 277.0, 277.0, 277.0, 276.0, 277.0, 276.0, 277.0, 277.0, 276.0, 277.0, 277.0, 276.0, 276.0, 277.0, 277.0, 277.0, 276.0, 277.0, 277.0, 277.0, 276.0, 276.0, 277.0, 277.0, 277.0, 277.0, 277.0, 277.0, 278.0, 278.0, 278.0, 276.0, 276.0, 276.0, 276.0, 277.0, 277.0, 277.0, 277.0, 277.0, 277.0, 277.0, 277.0, 278.0, 277.0, 278.0, 278.0, 278.0, 278.0, 277.0, 277.0, 277.0, 277.0, 277.0, 277.0, 276.0, 277.0, 277.0, 276.0, 276.0, 276.0, 280.0, 279.0, 277.0, 278.0, 277.0, 276.0, 277.0, 277.0, 277.0, 278.0, 277.0, 277.0, 277.0, 277.0, 277.0, 276.0, 277.0, 278.0, 278.0, 278.0, 278.0, 278.0, 278.0, 279.0, 278.0, 278.0, 279.0, 278.0, 278.0, 276.0, 277.0, 278.0, 277.0, 278.0, 277.0, 277.0, 278.0, 277.0, 278.0, 277.0, 277.0, 277.0, 277.0, 277.0, 278.0, 277.0, 278.0, 277.0, 277.0, 277.0, 278.0, 278.0, 279.0, 277.0, 277.0, 278.0, 277.0, 279.0, 278.0, 277.0, 278.0, 278.0, 277.0, 277.0, 277.0, 277.0, 277.0, 277.0, 277.0, 278.0, 277.0, 277.0, 277.0, 277.0, 277.0, 277.0, 277.0, 277.0, 277.0, 277.0, 276.0, 277.0, 277.0, 280.0, 279.0, 278.0, 277.0, 277.0, 277.0, 277.0, 277.0, 278.0, 278.0, 278.0, 278.0, 277.0, 278.0, 278.0, 277.0, 278.0, 277.0, 277.0, 278.0, 278.0, 278.0, 278.0, 277.0, 278.0, 278.0, 278.0, 278.0, 277.0, 278.0, 278.0, 278.0, 278.0, 278.0, 278.0, 278.0, 278.0, 278.0, 277.0, 278.0, 278.0, 277.0, 278.0, 277.0, 277.0, 278.0, 278.0, 278.0, 278.0, 278.0, 278.0, 278.0, 278.0, 277.0, 278.0, 277.0, 277.0, 278.0, 277.0, 278.0, 278.0, 278.0, 278.0, 278.0, 278.0, 278.0, 278.0, 277.0, 278.0, 277.0, 278.0, 277.0, 278.0, 278.0, 278.0, 278.0, 277.0, 277.0, 277.0, 278.0, 279.0, 279.0, 278.0, 278.0, 278.0, 278.0, 278.0, 278.0, 278.0, 277.0, 278.0, 277.0, 277.0, 278.0, 277.0, 278.0, 277.0, 278.0, 278.0, 278.0, 278.0, 277.0, 277.0, 277.0, 277.0, 277.0, 277.0, 277.0, 278.0, 279.0, 278.0, 279.0, 279.0, 279.0, 279.0, 278.0, 278.0, 278.0, 278.0, 278.0, 278.0, 277.0, 277.0, 278.0, 278.0, 278.0, 278.0, 277.0, 277.0, 278.0, 277.0, 277.0, 277.0, 277.0, 278.0, 278.0, 278.0, 278.0, 279.0, 278.0, 278.0, 278.0, 278.0, 278.0, 278.0, 278.0, 278.0, 277.0, 279.0, 278.0, 278.0, 278.0, 278.0, 278.0, 278.0, 277.0, 278.0, 277.0, 278.0, 278.0, 279.0, 279.0, 279.0, 278.0, 278.0, 279.0, 278.0, 279.0, 278.0, 278.0, 279.0, 279.0, 278.0, 278.0, 277.0, 279.0, 278.0, 278.0, 279.0, 278.0, 279.0, 278.0, 279.0, 279.0, 278.0, 278.0, 278.0, 278.0, 278.0, 278.0, 277.0, 278.0, 277.0, 277.0, 278.0, 278.0, 278.0, 279.0, 279.0, 279.0, 278.0, 278.0, 278.0, 278.0, 278.0, 278.0, 278.0, 278.0, 278.0, 278.0, 278.0, 278.0, 279.0, 278.0, 278.0, 279.0, 279.0, 279.0, 278.0, 278.0, 278.0, 278.0, 278.0, 278.0, 279.0, 278.0, 278.0, 279.0, 278.0, 279.0, 279.0, 278.0, 279.0, 279.0, 279.0, 278.0, 278.0, 279.0, 278.0, 278.0, 278.0, 278.0, 278.0, 278.0, 278.0, 279.0, 278.0, 278.0, 278.0, 278.0, 279.0, 278.0, 279.0, 278.0, 279.0, 278.0, 279.0, 278.0, 278.0, 279.0, 278.0, 278.0, 278.0, 278.0, 278.0, 278.0, 279.0, 278.0, 278.0, 278.0, 278.0, 278.0, 278.0, 277.0, 278.0, 278.0, 278.0, 278.0, 278.0, 278.0, 278.0, 278.0, 279.0, 279.0, 279.0, 278.0, 278.0, 278.0, 278.0, 278.0, 278.0, 278.0, 279.0, 278.0, 279.0, 278.0, 279.0, 278.0, 278.0, 279.0, 278.0, 278.0, 278.0, 277.0, 278.0, 278.0, 278.0, 278.0, 278.0, 278.0, 278.0, 277.0, 278.0, 278.0, 278.0, 278.0, 278.0, 278.0, 278.0, 278.0, 277.0, 278.0, 278.0, 277.0, 278.0, 278.0, 278.0, 278.0, 278.0, 278.0, 277.0, 278.0, 277.0, 278.0, 278.0, 278.0, 278.0, 279.0, 278.0, 279.0, 278.0, 279.0, 278.0, 278.0, 279.0, 278.0, 278.0, 278.0, 278.0, 278.0, 278.0, 277.0, 278.0, 278.0, 278.0, 278.0], "WindowWidth": [620.0, 614.0, 612.0, 610.0, 610.0, 609.0, 609.0, 609.0, 609.0, 609.0, 609.0, 611.0, 611.0, 609.0, 610.0, 609.0, 610.0, 609.0, 609.0, 609.0, 610.0, 608.0, 609.0, 609.0, 609.0, 609.0, 608.0, 610.0, 610.0, 610.0, 609.0, 608.0, 610.0, 610.0, 610.0, 610.0, 609.0, 609.0, 612.0, 612.0, 612.0, 608.0, 608.0, 609.0, 609.0, 610.0, 610.0, 610.0, 610.0, 610.0, 610.0, 610.0, 610.0, 611.0, 610.0, 612.0, 611.0, 611.0, 611.0, 610.0, 610.0, 609.0, 610.0, 609.0, 609.0, 608.0, 610.0, 610.0, 608.0, 608.0, 609.0, 615.0, 612.0, 609.0, 611.0, 610.0, 609.0, 609.0, 609.0, 610.0, 612.0, 610.0, 610.0, 610.0, 609.0, 609.0, 609.0, 610.0, 611.0, 612.0, 611.0, 611.0, 611.0, 611.0, 613.0, 612.0, 612.0, 613.0, 611.0, 611.0, 609.0, 610.0, 611.0, 610.0, 611.0, 610.0, 610.0, 611.0, 610.0, 611.0, 610.0, 610.0, 610.0, 610.0, 610.0, 612.0, 611.0, 611.0, 610.0, 610.0, 611.0, 611.0, 612.0, 613.0, 610.0, 610.0, 612.0, 610.0, 613.0, 611.0, 610.0, 612.0, 612.0, 611.0, 611.0, 611.0, 609.0, 610.0, 610.0, 610.0, 611.0, 610.0, 610.0, 609.0, 610.0, 611.0, 610.0, 611.0, 611.0, 610.0, 609.0, 609.0, 610.0, 610.0, 615.0, 614.0, 612.0, 609.0, 610.0, 610.0, 610.0, 610.0, 611.0, 612.0, 612.0, 612.0, 610.0, 611.0, 612.0, 610.0, 612.0, 611.0, 611.0, 612.0, 611.0, 612.0, 612.0, 611.0, 612.0, 611.0, 612.0, 611.0, 611.0, 612.0, 611.0, 611.0, 612.0, 611.0, 612.0, 612.0, 612.0, 612.0, 611.0, 612.0, 611.0, 611.0, 612.0, 610.0, 611.0, 612.0, 612.0, 612.0, 612.0, 612.0, 612.0, 612.0, 612.0, 610.0, 611.0, 610.0, 611.0, 611.0, 610.0, 612.0, 612.0, 612.0, 612.0, 611.0, 611.0, 611.0, 612.0, 610.0, 611.0, 610.0, 611.0, 610.0, 611.0, 611.0, 612.0, 611.0, 611.0, 610.0, 611.0, 612.0, 613.0, 612.0, 612.0, 612.0, 612.0, 612.0, 612.0, 612.0, 611.0, 611.0, 611.0, 610.0, 610.0, 612.0, 611.0, 612.0, 610.0, 611.0, 612.0, 612.0, 611.0, 610.0, 610.0, 611.0, 610.0, 610.0, 610.0, 610.0, 612.0, 613.0, 611.0, 613.0, 613.0, 614.0, 612.0, 611.0, 611.0, 611.0, 611.0, 611.0, 611.0, 610.0, 610.0, 611.0, 612.0, 611.0, 611.0, 610.0, 610.0, 611.0, 610.0, 610.0, 610.0, 610.0, 611.0, 611.0, 611.0, 611.0, 613.0, 611.0, 612.0, 611.0, 611.0, 612.0, 611.0, 611.0, 612.0, 610.0, 613.0, 612.0, 612.0, 611.0, 612.0, 612.0, 612.0, 610.0, 611.0, 610.0, 611.0, 611.0, 613.0, 613.0, 613.0, 611.0, 612.0, 613.0, 612.0, 612.0, 612.0, 611.0, 612.0, 613.0, 611.0, 611.0, 610.0, 612.0, 611.0, 612.0, 612.0, 612.0, 612.0, 612.0, 613.0, 613.0, 612.0, 611.0, 611.0, 611.0, 611.0, 611.0, 610.0, 611.0, 610.0, 610.0, 611.0, 612.0, 611.0, 613.0, 614.0, 613.0, 611.0, 611.0, 611.0, 611.0, 611.0, 611.0, 611.0, 611.0, 611.0, 611.0, 611.0, 611.0, 613.0, 611.0, 611.0, 613.0, 612.0, 612.0, 612.0, 612.0, 612.0, 611.0, 612.0, 611.0, 612.0, 612.0, 612.0, 613.0, 612.0, 613.0, 613.0, 612.0, 613.0, 613.0, 613.0, 612.0, 611.0, 612.0, 612.0, 612.0, 611.0, 611.0, 611.0, 612.0, 611.0, 612.0, 611.0, 611.0, 612.0, 612.0, 613.0, 612.0, 612.0, 611.0, 612.0, 611.0, 612.0, 611.0, 612.0, 614.0, 611.0, 612.0, 611.0, 612.0, 611.0, 611.0, 612.0, 611.0, 612.0, 611.0, 611.0, 611.0, 611.0, 610.0, 612.0, 611.0, 611.0, 611.0, 611.0, 612.0, 612.0, 611.0, 612.0, 613.0, 613.0, 612.0, 611.0, 611.0, 611.0, 611.0, 611.0, 612.0, 613.0, 612.0, 613.0, 612.0, 613.0, 611.0, 612.0, 612.0, 611.0, 612.0, 611.0, 610.0, 611.0, 611.0, 611.0, 611.0, 611.0, 611.0, 611.0, 610.0, 611.0, 611.0, 612.0, 611.0, 611.0, 611.0, 611.0, 611.0, 610.0, 611.0, 611.0, 610.0, 611.0, 611.0, 611.0, 611.0, 611.0, 611.0, 609.0, 611.0, 609.0, 611.0, 611.0, 611.0, 611.0, 613.0, 612.0, 614.0, 611.0, 612.0, 612.0, 611.0, 613.0, 611.0, 611.0, 611.0, 611.0, 611.0, 611.0, 610.0, 611.0, 611.0, 611.0, 611.0]}, "slices": {}}, "EventTimestamp": "10-30-35"}