{"AcquisitionMatrixPE": 64, "AcquisitionNumber": 1, "AcquisitionTime": "10:38:56.695000", "BandwidthPerPixelPhaseEncode": 28.935, "BaseResolution": 64, "BodyPartExamined": "BRAIN", "CoilCombinationMethod": "Sum of Squares", "ConsistencyInfo": "N4_VE11E_LATEST_20181129", "ConversionSoftware": "dcm2niix", "ConversionSoftwareVersion": "v1.0.20230411", "DerivedVendorReportedEchoSpacing": 0.000540003, "DeviceSerialNumber": "166182", "DwellTime": 3.4e-06, "EchoTime": 0.032, "EchoTrainLength": 64, "EffectiveEchoSpacing": 0.000540003, "FlipAngle": 40, "HeudiconvVersion": "0.13.1", "ImageOrientationPatientDICOM": [0.999829, -0.00433104, 0.0180038, 0.00523519, 0.998711, -0.0504802], "ImageOrientationText": "Tra>Cor(-2.9)>Sag(1.0)", "ImageType": ["ORIGINAL", "PRIMARY", "M", "ND", "NORM", "MOSAIC"], "ImagingFrequency": 123.256608, "InPlanePhaseEncodingDirectionDICOM": "COL", "InstitutionAddress": "PEARSE STREET .,City,District,IE,D2", "InstitutionName": "MRI DEPT", "InstitutionalDepartmentName": "MRI", "MRAcquisitionType": "2D", "MagneticFieldStrength": 3, "Manufacturer": "Siemens", "ManufacturersModelName": "Prisma", "Modality": "MR", "MultibandAccelerationFactor": 4, "NonlinearGradientCorrection": false, "PartialFourier": 1, "PatientPosition": "HFS", "PercentPhaseFOV": 100, "PercentSampling": 100, "PhaseEncodingDirection": "j-", "PhaseEncodingSteps": 64, "PhaseResolution": 1, "PixelBandwidth": 2300, "ProcedureStepDescription": "Rhodri^Head BOLD", "ProtocolName": "cmrr_mbep2d_Pictures_AP_RDS", "PulseSequenceDetails": "%SiemensSeq%\\ep2d_bold", "ReceiveCoilActiveElements": "HC2,4,6,7;SC", "ReceiveCoilName": "SpecialPurpose_4", "ReconMatrixPE": 64, "RefLinesPE": 12, "RepetitionTime": 0.61, "SAR": 0.264312, "ScanOptions": "FS", "ScanningSequence": "EP", "SequenceName": "*epfid2d1_64", "SequenceVariant": "SK", "SeriesDescription": "cmrr_mbep2d_Pictures_AP_RDS", "SeriesNumber": 11, "ShimSetting": [-3665, -7613, 3852, 1076, -350, 420, 689, 150], "SliceThickness": 3, "SliceTiming": [0.2625, 0, 0.3275, 0.065, 0.3925, 0.13, 0.4575, 0.195, 0.5225, 0.2625, 0, 0.3275, 0.065, 0.3925, 0.13, 0.4575, 0.195, 0.5225, 0.2625, 0, 0.3275, 0.065, 0.3925, 0.13, 0.4575, 0.195, 0.5225, 0.2625, 0, 0.3275, 0.065, 0.3925, 0.13, 0.4575, 0.195, 0.5225], "SoftwareVersions": "syngo MR E11", "SpacingBetweenSlices": 3.3, "StationName": "AWP166182", "TaskName": "pictures", "TotalReadoutTime": 0.0340202, "TxRefAmp": 232.017, "dcmmeta_affine": [[-2.999485731124878, 0.015705568715929985, 0.05861440300941467, 92.42875671386719], [0.012993116863071918, 2.996134042739868, -0.16686715185642242, -99.2256088256836], [0.05401132255792618, 0.15144062042236328, 3.295257091522217, -103.72992706298828], [0.0, 0.0, 0.0, 1.0]], "dcmmeta_reorient_transform": [[0.0, -1.0, 0.0, 63.0], [1.0, 0.0, 0.0, 0.0], [0.0, 0.0, 1.0, 0.0], [0.0, 0.0, 0.0, 1.0]], "dcmmeta_shape": [64, 64, 36, 510], "dcmmeta_slice_dim": 2, "dcmmeta_version": 0.6, "global": {"const": {"AcquisitionMatrix": [64, 0, 0, 64], "AngioFlag": "N", "BitsAllocated": 16, "BitsStored": 12, "BodyPartExamined": "BRAIN", "Columns": 384, "EchoNumbers": 1, "EchoTime": 32.0, "EchoTrainLength": 64, "FlipAngle": 40.0, "HighBit": 11, "ImageOrientationPatient": [0.99982853841558, -0.004331038847, 0.01800377383436, 0.00523518945324, 0.99871134048967, -0.050480205712], "ImagePositionPatient": [-575.8487939586, -566.83337912078, -78.600482892314], "ImageType": ["ORIGINAL", "PRIMARY", "M", "ND", "NORM", "MOSAIC"], "ImagedNucleus": "1H", "ImagingFrequency": 123.256608, "InPlanePhaseEncodingDirection": "COL", "MRAcquisitionType": "2D", "MagneticFieldStrength": 3.0, "Manufacturer": "SIEMENS", "ManufacturerModelName": "Prisma", "Modality": "MR", "NumberOfAverages": 1.0, "NumberOfPhaseEncodingSteps": 64, "PercentPhaseFieldOfView": 100.0, "PercentSampling": 100.0, "PerformedProcedureStepStartTime": "100718.615000", "PhotometricInterpretation": "MONOCHROME2", "PixelBandwidth": 2300.0, "PixelRepresentation": 0, "PixelSpacing": [3.0, 3.0], "ProtocolName": "cmrr_mbep2d_Pictures_AP_RDS", "RepetitionTime": 610.0, "Rows": 384, "SAR": 0.26431240626792, "SamplesPerPixel": 1, "ScanOptions": "FS", "ScanningSequence": "EP", "SequenceName": "*epfid2d1_64", "SequenceVariant": "SK", "SeriesDescription": "cmrr_mbep2d_Pictures_AP_RDS", "SeriesNumber": 11, "SeriesTime": "103909.811000", "SliceLocation": -96.921708938353, "SliceThickness": 3.0, "SmallestImagePixelValue": 0, "SoftwareVersions": "syngo MR E11", "SpacingBetweenSlices": 3.2999998710266, "SpecificCharacterSet": "ISO_IR 100", "StudyID": "1", "StudyTime": "100718.516000", "TransmitCoilName": "Body", "VariableFlipAngleFlag": "N", "WindowCenterWidthExplanation": "Algo1"}, "slices": {}}, "time": {"samples": {"AcquisitionNumber": [1, 2, 3, 4, 5, 6, 7, 8, 9, 10, 11, 12, 13, 14, 15, 16, 17, 18, 19, 20, 21, 22, 23, 24, 25, 26, 27, 28, 29, 30, 31, 32, 33, 34, 35, 36, 37, 38, 39, 40, 41, 42, 43, 44, 45, 46, 47, 48, 49, 50, 51, 52, 53, 54, 55, 56, 57, 58, 59, 60, 61, 62, 63, 64, 65, 66, 67, 68, 69, 70, 71, 72, 73, 74, 75, 76, 77, 78, 79, 80, 81, 82, 83, 84, 85, 86, 87, 88, 89, 90, 91, 92, 93, 94, 95, 96, 97, 98, 99, 100, 101, 102, 103, 104, 105, 106, 107, 108, 109, 110, 111, 112, 113, 114, 115, 116, 117, 118, 119, 120, 121, 122, 123, 124, 125, 126, 127, 128, 129, 130, 131, 132, 133, 134, 135, 136, 137, 138, 139, 140, 141, 142, 143, 144, 145, 146, 147, 148, 149, 150, 151, 152, 153, 154, 155, 156, 157, 158, 159, 160, 161, 162, 163, 164, 165, 166, 167, 168, 169, 170, 171, 172, 173, 174, 175, 176, 177, 178, 179, 180, 181, 182, 183, 184, 185, 186, 187, 188, 189, 190, 191, 192, 193, 194, 195, 196, 197, 198, 199, 200, 201, 202, 203, 204, 205, 206, 207, 208, 209, 210, 211, 212, 213, 214, 215, 216, 217, 218, 219, 220, 221, 222, 223, 224, 225, 226, 227, 228, 229, 230, 231, 232, 233, 234, 235, 236, 237, 238, 239, 240, 241, 242, 243, 244, 245, 246, 247, 248, 249, 250, 251, 252, 253, 254, 255, 256, 257, 258, 259, 260, 261, 262, 263, 264, 265, 266, 267, 268, 269, 270, 271, 272, 273, 274, 275, 276, 277, 278, 279, 280, 281, 282, 283, 284, 285, 286, 287, 288, 289, 290, 291, 292, 293, 294, 295, 296, 297, 298, 299, 300, 301, 302, 303, 304, 305, 306, 307, 308, 309, 310, 311, 312, 313, 314, 315, 316, 317, 318, 319, 320, 321, 322, 323, 324, 325, 326, 327, 328, 329, 330, 331, 332, 333, 334, 335, 336, 337, 338, 339, 340, 341, 342, 343, 344, 345, 346, 347, 348, 349, 350, 351, 352, 353, 354, 355, 356, 357, 358, 359, 360, 361, 362, 363, 364, 365, 366, 367, 368, 369, 370, 371, 372, 373, 374, 375, 376, 377, 378, 379, 380, 381, 382, 383, 384, 385, 386, 387, 388, 389, 390, 391, 392, 393, 394, 395, 396, 397, 398, 399, 400, 401, 402, 403, 404, 405, 406, 407, 408, 409, 410, 411, 412, 413, 414, 415, 416, 417, 418, 419, 420, 421, 422, 423, 424, 425, 426, 427, 428, 429, 430, 431, 432, 433, 434, 435, 436, 437, 438, 439, 440, 441, 442, 443, 444, 445, 446, 447, 448, 449, 450, 451, 452, 453, 454, 455, 456, 457, 458, 459, 460, 461, 462, 463, 464, 465, 466, 467, 468, 469, 470, 471, 472, 473, 474, 475, 476, 477, 478, 479, 480, 481, 482, 483, 484, 485, 486, 487, 488, 489, 490, 491, 492, 493, 494, 495, 496, 497, 498, 499, 500, 501, 502, 503, 504, 505, 506, 507, 508, 509, 510], "AcquisitionTime": ["103856.695000", "103857.305000", "103857.915000", "103858.525000", "103859.135000", "103859.745000", "103900.355000", "103900.965000", "103901.575000", "103902.185000", "103902.795000", "103903.405000", "103904.015000", "103904.625000", "103905.235000", "103905.845000", "103906.455000", "103907.065000", "103907.675000", "103908.285000", "103908.895000", "103909.505000", "103910.115000", "103910.725000", "103911.335000", "103911.945000", "103912.555000", "103913.165000", "103913.775000", "103914.385000", "103914.995000", "103915.605000", "103916.215000", "103916.825000", "103917.435000", "103918.045000", "103918.655000", "103919.265000", "103919.875000", "103920.485000", "103921.095000", "103921.705000", "103922.315000", "103922.925000", "103923.535000", "103924.145000", "103924.755000", "103925.365000", "103925.975000", "103926.585000", "103927.195000", "103927.805000", "103928.415000", "103929.025000", "103929.635000", "103930.245000", "103930.855000", "103931.465000", "103932.075000", "103932.685000", "103933.295000", "103933.905000", "103934.515000", "103935.125000", "103935.735000", "103936.345000", "103936.955000", "103937.565000", "103938.175000", "103938.785000", "103939.395000", "103940.005000", "103940.615000", "103941.225000", "103941.835000", "103942.445000", "103943.055000", "103943.665000", "103944.275000", "103944.885000", "103945.495000", "103946.105000", "103946.715000", "103947.325000", "103947.935000", "103948.545000", "103949.155000", "103949.765000", "103950.375000", "103950.985000", "103951.595000", "103952.205000", "103952.815000", "103953.425000", "103954.035000", "103954.645000", "103955.255000", "103955.865000", "103956.475000", "103957.085000", "103957.695000", "103958.305000", "103958.915000", "103959.525000", "104000.135000", "104000.745000", "104001.355000", "104001.965000", "104002.575000", "104003.185000", "104003.795000", "104004.405000", "104005.015000", "104005.625000", "104006.235000", "104006.845000", "104007.455000", "104008.065000", "104008.675000", "104009.285000", "104009.895000", "104010.505000", "104011.115000", "104011.725000", "104012.335000", "104012.945000", "104013.555000", "104014.165000", "104014.775000", "104015.385000", "104015.995000", "104016.605000", "104017.215000", "104017.825000", "104018.435000", "104019.045000", "104019.655000", "104020.265000", "104020.875000", "104021.485000", "104022.095000", "104022.705000", "104023.315000", "104023.925000", "104024.535000", "104025.145000", "104025.755000", "104026.365000", "104026.975000", "104027.585000", "104028.195000", "104028.805000", "104029.415000", "104030.025000", "104030.635000", "104031.245000", "104031.855000", "104032.465000", "104033.075000", "104033.685000", "104034.295000", "104034.905000", "104035.515000", "104036.125000", "104036.735000", "104037.345000", "104037.955000", "104038.565000", "104039.175000", "104039.785000", "104040.395000", "104041.005000", "104041.615000", "104042.225000", "104042.835000", "104043.445000", "104044.055000", "104044.665000", "104045.275000", "104045.885000", "104046.495000", "104047.105000", "104047.715000", "104048.325000", "104048.935000", "104049.545000", "104050.155000", "104050.765000", "104051.375000", "104051.985000", "104052.595000", "104053.205000", "104053.815000", "104054.425000", "104055.035000", "104055.645000", "104056.255000", "104056.865000", "104057.475000", "104058.085000", "104058.695000", "104059.305000", "104059.915000", "104100.525000", "104101.135000", "104101.745000", "104102.355000", "104102.965000", "104103.575000", "104104.185000", "104104.795000", "104105.405000", "104106.015000", "104106.625000", "104107.235000", "104107.845000", "104108.455000", "104109.065000", "104109.675000", "104110.285000", "104110.895000", "104111.505000", "104112.115000", "104112.725000", "104113.335000", "104113.945000", "104114.555000", "104115.165000", "104115.775000", "104116.385000", "104116.995000", "104117.605000", "104118.215000", "104118.825000", "104119.435000", "104120.045000", "104120.655000", "104121.265000", "104121.875000", "104122.485000", "104123.095000", "104123.705000", "104124.315000", "104124.925000", "104125.535000", "104126.145000", "104126.755000", "104127.365000", "104127.975000", "104128.585000", "104129.195000", "104129.805000", "104130.415000", "104131.025000", "104131.635000", "104132.245000", "104132.855000", "104133.465000", "104134.075000", "104134.685000", "104135.295000", "104135.905000", "104136.515000", "104137.125000", "104137.735000", "104138.345000", "104138.955000", "104139.565000", "104140.175000", "104140.785000", "104141.395000", "104142.005000", "104142.615000", "104143.225000", "104143.835000", "104144.445000", "104145.055000", "104145.665000", "104146.275000", "104146.885000", "104147.495000", "104148.105000", "104148.715000", "104149.325000", "104149.935000", "104150.545000", "104151.155000", "104151.765000", "104152.375000", "104152.985000", "104153.595000", "104154.205000", "104154.815000", "104155.425000", "104156.035000", "104156.645000", "104157.255000", "104157.865000", "104158.475000", "104159.085000", "104159.695000", "104200.305000", "104200.915000", "104201.525000", "104202.135000", "104202.745000", "104203.355000", "104203.965000", "104204.575000", "104205.185000", "104205.795000", "104206.405000", "104207.015000", "104207.625000", "104208.235000", "104208.845000", "104209.455000", "104210.065000", "104210.675000", "104211.285000", "104211.895000", "104212.505000", "104213.115000", "104213.725000", "104214.335000", "104214.945000", "104215.555000", "104216.165000", "104216.775000", "104217.385000", "104217.995000", "104218.605000", "104219.215000", "104219.825000", "104220.435000", "104221.045000", "104221.655000", "104222.265000", "104222.875000", "104223.485000", "104224.095000", "104224.705000", "104225.315000", "104225.925000", "104226.535000", "104227.145000", "104227.755000", "104228.365000", "104228.975000", "104229.585000", "104230.195000", "104230.805000", "104231.415000", "104232.025000", "104232.635000", "104233.245000", "104233.855000", "104234.465000", "104235.075000", "104235.685000", "104236.295000", "104236.905000", "104237.515000", "104238.125000", "104238.735000", "104239.345000", "104239.955000", "104240.565000", "104241.175000", "104241.785000", "104242.395000", "104243.005000", "104243.615000", "104244.225000", "104244.835000", "104245.445000", "104246.055000", "104246.665000", "104247.275000", "104247.885000", "104248.495000", "104249.105000", "104249.715000", "104250.325000", "104250.935000", "104251.545000", "104252.155000", "104252.765000", "104253.375000", "104253.985000", "104254.595000", "104255.205000", "104255.815000", "104256.425000", "104257.035000", "104257.645000", "104258.255000", "104258.865000", "104259.475000", "104300.085000", "104300.695000", "104301.305000", "104301.915000", "104302.525000", "104303.135000", "104303.745000", "104304.355000", "104304.965000", "104305.575000", "104306.185000", "104306.795000", "104307.405000", "104308.015000", "104308.625000", "104309.235000", "104309.845000", "104310.455000", "104311.065000", "104311.675000", "104312.285000", "104312.895000", "104313.505000", "104314.115000", "104314.725000", "104315.335000", "104315.945000", "104316.555000", "104317.165000", "104317.775000", "104318.385000", "104318.995000", "104319.605000", "104320.215000", "104320.825000", "104321.435000", "104322.045000", "104322.655000", "104323.265000", "104323.875000", "104324.485000", "104325.095000", "104325.705000", "104326.315000", "104326.925000", "104327.535000", "104328.145000", "104328.755000", "104329.365000", "104329.975000", "104330.585000", "104331.195000", "104331.805000", "104332.415000", "104333.025000", "104333.635000", "104334.245000", "104334.855000", "104335.465000", "104336.075000", "104336.685000", "104337.295000", "104337.905000", "104338.515000", "104339.125000", "104339.735000", "104340.345000", "104340.955000", "104341.565000", "104342.175000", "104342.785000", "104343.395000", "104344.005000", "104344.615000", "104345.225000", "104345.835000", "104346.445000", "104347.055000", "104347.665000", "104348.275000", "104348.885000", "104349.495000", "104350.105000", "104350.715000", "104351.325000", "104351.935000", "104352.545000", "104353.155000", "104353.765000", "104354.375000", "104354.985000", "104355.595000", "104356.205000", "104356.815000", "104357.425000", "104358.035000", "104358.645000", "104359.255000", "104359.865000", "104400.475000", "104401.085000", "104401.695000", "104402.305000", "104402.915000", "104403.525000", "104404.135000", "104404.745000", "104405.355000", "104405.965000", "104406.575000", "104407.185000"], "ContentTime": ["103909.814000", "103909.817000", "103909.820000", "103909.822000", "103909.825000", "103909.827000", "103909.834000", "103909.837000", "103909.839000", "103909.842000", "103909.848000", "103909.851000", "103909.853000", "103909.860000", "103909.870000", "103909.873000", "103909.875000", "103909.878000", "103909.880000", "103909.882000", "103909.885000", "103929.810000", "103929.813000", "103929.816000", "103929.818000", "103929.821000", "103929.823000", "103929.825000", "103929.835000", "103929.838000", "103929.840000", "103929.842000", "103929.845000", "103929.847000", "103929.849000", "103929.852000", "103929.854000", "103929.857000", "103929.859000", "103929.862000", "103929.864000", "103929.866000", "103929.869000", "103929.871000", "103929.873000", "103929.876000", "103929.878000", "103929.888000", "103929.891000", "103929.893000", "103929.896000", "103929.898000", "103929.900000", "103949.810000", "103949.813000", "103949.815000", "103949.818000", "103949.820000", "103949.823000", "103949.825000", "103949.827000", "103949.830000", "103949.836000", "103949.839000", "103949.841000", "103949.843000", "103949.846000", "103949.848000", "103949.851000", "103949.853000", "103949.855000", "103949.858000", "103949.860000", "103949.863000", "103949.865000", "103949.867000", "103949.870000", "103949.872000", "103949.874000", "103949.877000", "103949.879000", "103949.882000", "103949.884000", "103949.886000", "103949.889000", "103949.891000", "104009.810000", "104009.813000", "104009.815000", "104009.817000", "104009.821000", "104009.824000", "104009.826000", "104009.828000", "104009.831000", "104009.833000", "104009.836000", "104009.838000", "104009.840000", "104009.843000", "104009.845000", "104009.847000", "104009.850000", "104009.852000", "104009.854000", "104009.857000", "104009.859000", "104009.862000", "104009.864000", "104009.866000", "104009.869000", "104009.871000", "104009.873000", "104009.876000", "104009.878000", "104009.881000", "104009.883000", "104009.885000", "104009.888000", "104029.810000", "104029.813000", "104029.815000", "104029.818000", "104029.820000", "104029.827000", "104029.829000", "104029.831000", "104029.834000", "104029.836000", "104029.839000", "104029.841000", "104029.844000", "104029.846000", "104029.848000", "104029.851000", "104029.853000", "104029.856000", "104029.858000", "104029.860000", "104029.863000", "104029.865000", "104029.867000", "104029.870000", "104029.872000", "104029.875000", "104029.877000", "104029.879000", "104029.882000", "104029.884000", "104029.887000", "104029.889000", "104029.891000", "104049.810000", "104049.813000", "104049.816000", "104049.818000", "104049.820000", "104049.823000", "104049.825000", "104049.827000", "104049.830000", "104049.832000", "104049.835000", "104049.837000", "104049.839000", "104049.842000", "104049.844000", "104049.847000", "104049.849000", "104049.851000", "104049.854000", "104049.856000", "104049.858000", "104049.861000", "104049.863000", "104049.866000", "104049.868000", "104049.870000", "104049.873000", "104049.875000", "104049.877000", "104049.880000", "104049.882000", "104049.884000", "104049.887000", "104109.810000", "104109.813000", "104109.815000", "104109.818000", "104109.820000", "104109.822000", "104109.825000", "104109.827000", "104109.830000", "104109.832000", "104109.835000", "104109.837000", "104109.839000", "104109.842000", "104109.844000", "104109.846000", "104109.849000", "104109.851000", "104109.854000", "104109.856000", "104109.858000", "104109.861000", "104109.863000", "104109.866000", "104109.868000", "104109.871000", "104109.873000", "104109.876000", "104109.878000", "104109.881000", "104109.883000", "104109.885000", "104129.810000", "104129.813000", "104129.815000", "104129.818000", "104129.821000", "104129.823000", "104129.826000", "104129.828000", "104129.830000", "104129.833000", "104129.836000", "104129.839000", "104129.841000", "104129.843000", "104129.846000", "104129.848000", "104129.851000", "104129.853000", "104129.856000", "104129.858000", "104129.860000", "104129.863000", "104129.865000", "104129.868000", "104129.870000", "104129.872000", "104129.875000", "104129.877000", "104129.880000", "104129.882000", "104129.884000", "104129.887000", "104129.889000", "104149.810000", "104149.813000", "104149.815000", "104149.818000", "104149.820000", "104149.823000", "104149.825000", "104149.827000", "104149.830000", "104149.832000", "104149.841000", "104149.843000", "104149.845000", "104149.848000", "104149.850000", "104149.853000", "104149.855000", "104149.857000", "104149.860000", "104149.871000", "104149.873000", "104149.876000", "104149.878000", "104149.881000", "104149.883000", "104149.886000", "104149.888000", "104149.890000", "104149.893000", "104149.895000", "104149.897000", "104149.900000", "104149.902000", "104209.810000", "104209.813000", "104209.815000", "104209.817000", "104209.820000", "104209.822000", "104209.825000", "104209.827000", "104209.830000", "104209.832000", "104209.834000", "104209.837000", "104209.839000", "104209.841000", "104209.844000", "104209.846000", "104209.849000", "104209.851000", "104209.853000", "104209.856000", "104209.858000", "104209.860000", "104209.863000", "104209.865000", "104209.868000", "104209.870000", "104209.873000", "104209.875000", "104209.877000", "104209.880000", "104209.882000", "104209.885000", "104209.887000", "104229.810000", "104229.813000", "104229.815000", "104229.818000", "104229.820000", "104229.822000", "104229.825000", "104229.827000", "104229.829000", "104229.832000", "104229.834000", "104229.837000", "104229.839000", "104229.842000", "104229.844000", "104229.846000", "104229.849000", "104229.851000", "104229.854000", "104229.856000", "104229.858000", "104229.861000", "104229.863000", "104229.865000", "104229.868000", "104229.870000", "104229.873000", "104229.875000", "104229.877000", "104229.880000", "104229.882000", "104229.885000", "104229.887000", "104249.810000", "104249.813000", "104249.815000", "104249.817000", "104249.820000", "104249.823000", "104249.825000", "104249.827000", "104249.830000", "104249.833000", "104249.835000", "104249.837000", "104249.840000", "104249.842000", "104249.845000", "104249.847000", "104249.850000", "104249.852000", "104249.855000", "104249.857000", "104249.859000", "104249.862000", "104249.864000", "104249.875000", "104249.877000", "104249.880000", "104249.882000", "104249.885000", "104249.887000", "104249.889000", "104249.892000", "104249.894000", "104309.810000", "104309.813000", "104309.815000", "104309.818000", "104309.820000", "104309.822000", "104309.825000", "104309.827000", "104309.830000", "104309.832000", "104309.835000", "104309.837000", "104309.839000", "104309.842000", "104309.844000", "104309.846000", "104309.849000", "104309.851000", "104309.854000", "104309.856000", "104309.858000", "104309.861000", "104309.863000", "104309.866000", "104309.868000", "104309.870000", "104309.873000", "104309.876000", "104309.878000", "104309.881000", "104309.883000", "104309.886000", "104309.888000", "104329.810000", "104329.813000", "104329.815000", "104329.818000", "104329.820000", "104329.822000", "104329.825000", "104329.827000", "104329.830000", "104329.832000", "104329.835000", "104329.837000", "104329.839000", "104329.842000", "104329.844000", "104329.847000", "104329.849000", "104329.851000", "104329.854000", "104329.856000", "104329.858000", "104329.861000", "104329.863000", "104329.866000", "104329.868000", "104329.870000", "104329.873000", "104329.875000", "104329.877000", "104329.880000", "104329.882000", "104329.885000", "104329.887000", "104349.810000", "104349.813000", "104349.815000", "104349.818000", "104349.820000", "104349.823000", "104349.825000", "104349.827000", "104349.830000", "104349.832000", "104349.835000", "104349.837000", "104349.840000", "104349.842000", "104349.844000", "104349.847000", "104349.849000", "104349.852000", "104349.854000", "104349.856000", "104349.859000", "104349.861000", "104349.864000", "104349.866000", "104349.868000", "104349.871000", "104349.873000", "104349.875000", "104349.878000", "104349.880000", "104349.883000", "104349.885000", "104349.887000", "104407.956000", "104407.958000", "104407.961000", "104407.964000", "104407.966000", "104407.969000", "104407.971000", "104407.974000", "104407.976000", "104407.978000", "104407.981000", "104407.983000", "104407.986000", "104407.988000", "104407.990000", "104407.993000", "104407.995000", "104407.998000", "104408.001000", "104408.004000", "104408.006000", "104408.008000", "104408.011000", "104408.013000", "104408.016000", "104408.018000", "104408.020000", "104408.023000", "104408.025000", "104408.027000"], "InstanceCreationTime": ["103909.814000", "103909.817000", "103909.820000", "103909.822000", "103909.825000", "103909.827000", "103909.834000", "103909.837000", "103909.839000", "103909.842000", "103909.848000", "103909.851000", "103909.853000", "103909.860000", "103909.870000", "103909.873000", "103909.875000", "103909.878000", "103909.880000", "103909.882000", "103909.885000", "103929.810000", "103929.813000", "103929.816000", "103929.818000", "103929.821000", "103929.823000", "103929.825000", "103929.835000", "103929.838000", "103929.840000", "103929.842000", "103929.845000", "103929.847000", "103929.849000", "103929.852000", "103929.854000", "103929.857000", "103929.859000", "103929.862000", "103929.864000", "103929.866000", "103929.869000", "103929.871000", "103929.873000", "103929.876000", "103929.878000", "103929.888000", "103929.891000", "103929.893000", "103929.896000", "103929.898000", "103929.900000", "103949.810000", "103949.813000", "103949.815000", "103949.818000", "103949.820000", "103949.823000", "103949.825000", "103949.827000", "103949.830000", "103949.836000", "103949.839000", "103949.841000", "103949.843000", "103949.846000", "103949.848000", "103949.851000", "103949.853000", "103949.855000", "103949.858000", "103949.860000", "103949.863000", "103949.865000", "103949.867000", "103949.870000", "103949.872000", "103949.874000", "103949.877000", "103949.879000", "103949.882000", "103949.884000", "103949.886000", "103949.889000", "103949.891000", "104009.810000", "104009.813000", "104009.815000", "104009.817000", "104009.821000", "104009.824000", "104009.826000", "104009.828000", "104009.831000", "104009.833000", "104009.836000", "104009.838000", "104009.840000", "104009.843000", "104009.845000", "104009.847000", "104009.850000", "104009.852000", "104009.854000", "104009.857000", "104009.859000", "104009.862000", "104009.864000", "104009.866000", "104009.869000", "104009.871000", "104009.873000", "104009.876000", "104009.878000", "104009.881000", "104009.883000", "104009.885000", "104009.888000", "104029.810000", "104029.813000", "104029.815000", "104029.818000", "104029.820000", "104029.827000", "104029.829000", "104029.831000", "104029.834000", "104029.836000", "104029.839000", "104029.841000", "104029.844000", "104029.846000", "104029.848000", "104029.851000", "104029.853000", "104029.856000", "104029.858000", "104029.860000", "104029.863000", "104029.865000", "104029.867000", "104029.870000", "104029.872000", "104029.875000", "104029.877000", "104029.879000", "104029.882000", "104029.884000", "104029.887000", "104029.889000", "104029.891000", "104049.810000", "104049.813000", "104049.816000", "104049.818000", "104049.820000", "104049.823000", "104049.825000", "104049.827000", "104049.830000", "104049.832000", "104049.835000", "104049.837000", "104049.839000", "104049.842000", "104049.844000", "104049.847000", "104049.849000", "104049.851000", "104049.854000", "104049.856000", "104049.858000", "104049.861000", "104049.863000", "104049.866000", "104049.868000", "104049.870000", "104049.873000", "104049.875000", "104049.877000", "104049.880000", "104049.882000", "104049.884000", "104049.887000", "104109.810000", "104109.813000", "104109.815000", "104109.818000", "104109.820000", "104109.822000", "104109.825000", "104109.827000", "104109.830000", "104109.832000", "104109.835000", "104109.837000", "104109.839000", "104109.842000", "104109.844000", "104109.846000", "104109.849000", "104109.851000", "104109.854000", "104109.856000", "104109.858000", "104109.861000", "104109.863000", "104109.866000", "104109.868000", "104109.871000", "104109.873000", "104109.876000", "104109.878000", "104109.881000", "104109.883000", "104109.885000", "104129.810000", "104129.813000", "104129.815000", "104129.818000", "104129.821000", "104129.823000", "104129.826000", "104129.828000", "104129.830000", "104129.833000", "104129.836000", "104129.839000", "104129.841000", "104129.843000", "104129.846000", "104129.848000", "104129.851000", "104129.853000", "104129.856000", "104129.858000", "104129.860000", "104129.863000", "104129.865000", "104129.868000", "104129.870000", "104129.872000", "104129.875000", "104129.877000", "104129.880000", "104129.882000", "104129.884000", "104129.887000", "104129.889000", "104149.810000", "104149.813000", "104149.815000", "104149.818000", "104149.820000", "104149.823000", "104149.825000", "104149.827000", "104149.830000", "104149.832000", "104149.841000", "104149.843000", "104149.845000", "104149.848000", "104149.850000", "104149.853000", "104149.855000", "104149.857000", "104149.860000", "104149.871000", "104149.873000", "104149.876000", "104149.878000", "104149.881000", "104149.883000", "104149.886000", "104149.888000", "104149.890000", "104149.893000", "104149.895000", "104149.897000", "104149.900000", "104149.902000", "104209.810000", "104209.813000", "104209.815000", "104209.817000", "104209.820000", "104209.822000", "104209.825000", "104209.827000", "104209.830000", "104209.832000", "104209.834000", "104209.837000", "104209.839000", "104209.841000", "104209.844000", "104209.846000", "104209.849000", "104209.851000", "104209.853000", "104209.856000", "104209.858000", "104209.860000", "104209.863000", "104209.865000", "104209.868000", "104209.870000", "104209.873000", "104209.875000", "104209.877000", "104209.880000", "104209.882000", "104209.885000", "104209.887000", "104229.810000", "104229.813000", "104229.815000", "104229.818000", "104229.820000", "104229.822000", "104229.825000", "104229.827000", "104229.829000", "104229.832000", "104229.834000", "104229.837000", "104229.839000", "104229.842000", "104229.844000", "104229.846000", "104229.849000", "104229.851000", "104229.854000", "104229.856000", "104229.858000", "104229.861000", "104229.863000", "104229.865000", "104229.868000", "104229.870000", "104229.873000", "104229.875000", "104229.877000", "104229.880000", "104229.882000", "104229.885000", "104229.887000", "104249.810000", "104249.813000", "104249.815000", "104249.817000", "104249.820000", "104249.823000", "104249.825000", "104249.827000", "104249.830000", "104249.833000", "104249.835000", "104249.837000", "104249.840000", "104249.842000", "104249.845000", "104249.847000", "104249.850000", "104249.852000", "104249.855000", "104249.857000", "104249.859000", "104249.862000", "104249.864000", "104249.875000", "104249.877000", "104249.880000", "104249.882000", "104249.885000", "104249.887000", "104249.889000", "104249.892000", "104249.894000", "104309.810000", "104309.813000", "104309.815000", "104309.818000", "104309.820000", "104309.822000", "104309.825000", "104309.827000", "104309.830000", "104309.832000", "104309.835000", "104309.837000", "104309.839000", "104309.842000", "104309.844000", "104309.846000", "104309.849000", "104309.851000", "104309.854000", "104309.856000", "104309.858000", "104309.861000", "104309.863000", "104309.866000", "104309.868000", "104309.870000", "104309.873000", "104309.876000", "104309.878000", "104309.881000", "104309.883000", "104309.886000", "104309.888000", "104329.810000", "104329.813000", "104329.815000", "104329.818000", "104329.820000", "104329.822000", "104329.825000", "104329.827000", "104329.830000", "104329.832000", "104329.835000", "104329.837000", "104329.839000", "104329.842000", "104329.844000", "104329.847000", "104329.849000", "104329.851000", "104329.854000", "104329.856000", "104329.858000", "104329.861000", "104329.863000", "104329.866000", "104329.868000", "104329.870000", "104329.873000", "104329.875000", "104329.877000", "104329.880000", "104329.882000", "104329.885000", "104329.887000", "104349.810000", "104349.813000", "104349.815000", "104349.818000", "104349.820000", "104349.823000", "104349.825000", "104349.827000", "104349.830000", "104349.832000", "104349.835000", "104349.837000", "104349.840000", "104349.842000", "104349.844000", "104349.847000", "104349.849000", "104349.852000", "104349.854000", "104349.856000", "104349.859000", "104349.861000", "104349.864000", "104349.866000", "104349.868000", "104349.871000", "104349.873000", "104349.875000", "104349.878000", "104349.880000", "104349.883000", "104349.885000", "104349.887000", "104407.956000", "104407.958000", "104407.961000", "104407.964000", "104407.966000", "104407.969000", "104407.971000", "104407.974000", "104407.976000", "104407.978000", "104407.981000", "104407.983000", "104407.986000", "104407.988000", "104407.990000", "104407.993000", "104407.995000", "104407.998000", "104408.001000", "104408.004000", "104408.006000", "104408.008000", "104408.011000", "104408.013000", "104408.016000", "104408.018000", "104408.020000", "104408.023000", "104408.025000", "104408.027000"], "InstanceNumber": [1, 2, 3, 4, 5, 6, 7, 8, 9, 10, 11, 12, 13, 14, 15, 16, 17, 18, 19, 20, 21, 22, 23, 24, 25, 26, 27, 28, 29, 30, 31, 32, 33, 34, 35, 36, 37, 38, 39, 40, 41, 42, 43, 44, 45, 46, 47, 48, 49, 50, 51, 52, 53, 54, 55, 56, 57, 58, 59, 60, 61, 62, 63, 64, 65, 66, 67, 68, 69, 70, 71, 72, 73, 74, 75, 76, 77, 78, 79, 80, 81, 82, 83, 84, 85, 86, 87, 88, 89, 90, 91, 92, 93, 94, 95, 96, 97, 98, 99, 100, 101, 102, 103, 104, 105, 106, 107, 108, 109, 110, 111, 112, 113, 114, 115, 116, 117, 118, 119, 120, 121, 122, 123, 124, 125, 126, 127, 128, 129, 130, 131, 132, 133, 134, 135, 136, 137, 138, 139, 140, 141, 142, 143, 144, 145, 146, 147, 148, 149, 150, 151, 152, 153, 154, 155, 156, 157, 158, 159, 160, 161, 162, 163, 164, 165, 166, 167, 168, 169, 170, 171, 172, 173, 174, 175, 176, 177, 178, 179, 180, 181, 182, 183, 184, 185, 186, 187, 188, 189, 190, 191, 192, 193, 194, 195, 196, 197, 198, 199, 200, 201, 202, 203, 204, 205, 206, 207, 208, 209, 210, 211, 212, 213, 214, 215, 216, 217, 218, 219, 220, 221, 222, 223, 224, 225, 226, 227, 228, 229, 230, 231, 232, 233, 234, 235, 236, 237, 238, 239, 240, 241, 242, 243, 244, 245, 246, 247, 248, 249, 250, 251, 252, 253, 254, 255, 256, 257, 258, 259, 260, 261, 262, 263, 264, 265, 266, 267, 268, 269, 270, 271, 272, 273, 274, 275, 276, 277, 278, 279, 280, 281, 282, 283, 284, 285, 286, 287, 288, 289, 290, 291, 292, 293, 294, 295, 296, 297, 298, 299, 300, 301, 302, 303, 304, 305, 306, 307, 308, 309, 310, 311, 312, 313, 314, 315, 316, 317, 318, 319, 320, 321, 322, 323, 324, 325, 326, 327, 328, 329, 330, 331, 332, 333, 334, 335, 336, 337, 338, 339, 340, 341, 342, 343, 344, 345, 346, 347, 348, 349, 350, 351, 352, 353, 354, 355, 356, 357, 358, 359, 360, 361, 362, 363, 364, 365, 366, 367, 368, 369, 370, 371, 372, 373, 374, 375, 376, 377, 378, 379, 380, 381, 382, 383, 384, 385, 386, 387, 388, 389, 390, 391, 392, 393, 394, 395, 396, 397, 398, 399, 400, 401, 402, 403, 404, 405, 406, 407, 408, 409, 410, 411, 412, 413, 414, 415, 416, 417, 418, 419, 420, 421, 422, 423, 424, 425, 426, 427, 428, 429, 430, 431, 432, 433, 434, 435, 436, 437, 438, 439, 440, 441, 442, 443, 444, 445, 446, 447, 448, 449, 450, 451, 452, 453, 454, 455, 456, 457, 458, 459, 460, 461, 462, 463, 464, 465, 466, 467, 468, 469, 470, 471, 472, 473, 474, 475, 476, 477, 478, 479, 480, 481, 482, 483, 484, 485, 486, 487, 488, 489, 490, 491, 492, 493, 494, 495, 496, 497, 498, 499, 500, 501, 502, 503, 504, 505, 506, 507, 508, 509, 510], "LargestImagePixelValue": [511, 506, 505, 499, 509, 503, 501, 501, 503, 516, 497, 511, 504, 503, 509, 506, 498, 516, 502, 496, 520, 503, 514, 517, 516, 511, 511, 520, 520, 513, 509, 511, 513, 511, 520, 518, 507, 525, 511, 514, 522, 518, 526, 521, 525, 519, 519, 517, 523, 517, 531, 521, 521, 525, 517, 528, 517, 521, 519, 521, 516, 530, 520, 529, 518, 523, 523, 516, 526, 519, 512, 523, 518, 521, 518, 531, 518, 536, 527, 529, 531, 523, 540, 523, 538, 523, 532, 524, 520, 529, 519, 526, 523, 535, 518, 528, 518, 520, 530, 521, 534, 522, 521, 531, 517, 520, 523, 518, 536, 520, 531, 523, 525, 529, 520, 523, 526, 518, 533, 519, 534, 526, 523, 528, 521, 528, 520, 527, 522, 522, 526, 519, 529, 522, 518, 525, 525, 520, 531, 520, 526, 530, 523, 533, 523, 533, 529, 524, 530, 530, 521, 532, 522, 519, 523, 524, 517, 530, 523, 519, 529, 521, 523, 524, 525, 529, 525, 517, 528, 523, 521, 532, 519, 524, 525, 520, 520, 524, 519, 525, 521, 523, 526, 516, 527, 524, 517, 527, 521, 518, 524, 523, 525, 522, 528, 521, 530, 521, 526, 523, 520, 523, 519, 525, 526, 517, 525, 519, 520, 531, 517, 527, 524, 517, 529, 517, 524, 528, 515, 531, 520, 519, 524, 520, 521, 524, 528, 522, 523, 520, 526, 521, 522, 524, 520, 513, 525, 523, 514, 518, 518, 548, 541, 521, 532, 524, 518, 531, 519, 514, 522, 518, 516, 522, 520, 519, 518, 518, 523, 522, 526, 523, 524, 527, 524, 522, 524, 521, 524, 524, 519, 524, 518, 513, 526, 522, 510, 523, 521, 513, 523, 522, 514, 523, 525, 519, 521, 522, 522, 521, 525, 522, 521, 528, 520, 515, 525, 520, 514, 515, 524, 518, 514, 528, 523, 514, 528, 517, 522, 524, 514, 521, 518, 512, 520, 517, 515, 526, 521, 518, 514, 515, 521, 520, 517, 522, 522, 514, 543, 528, 536, 535, 523, 529, 519, 509, 525, 519, 508, 515, 519, 517, 516, 512, 515, 524, 521, 510, 514, 524, 520, 510, 516, 527, 515, 514, 522, 519, 516, 520, 517, 517, 526, 516, 515, 530, 522, 513, 511, 515, 515, 517, 518, 511, 519, 520, 523, 525, 510, 522, 533, 523, 532, 525, 513, 533, 523, 511, 521, 521, 511, 518, 519, 517, 517, 515, 515, 518, 518, 512, 516, 514, 514, 515, 514, 523, 517, 521, 516, 520, 513, 513, 517, 509, 515, 516, 507, 516, 516, 509, 513, 522, 514, 510, 525, 518, 518, 515, 524, 516, 514, 517, 517, 517, 515, 512, 514, 519, 514, 518, 516, 517, 518, 513, 516, 513, 519, 515, 515, 520, 517, 508, 506, 519, 513, 511, 521, 514, 512, 526, 518, 508, 524, 515, 504, 524, 517, 505, 523, 518, 504, 520, 515, 508, 524, 518, 508, 514, 523, 519, 507, 520, 526, 518, 507, 518, 527, 516, 510, 513, 510, 505, 509, 509, 505, 513, 507, 509, 509, 507, 508, 509, 505, 507, 513, 510, 506, 509, 509, 508], "WindowCenter": [281.0, 279.0, 279.0, 277.0, 278.0, 277.0, 277.0, 278.0, 277.0, 279.0, 277.0, 277.0, 277.0, 277.0, 277.0, 277.0, 277.0, 278.0, 277.0, 276.0, 279.0, 277.0, 278.0, 278.0, 278.0, 278.0, 278.0, 278.0, 279.0, 278.0, 278.0, 278.0, 278.0, 278.0, 278.0, 279.0, 278.0, 278.0, 278.0, 278.0, 279.0, 278.0, 279.0, 278.0, 279.0, 278.0, 278.0, 279.0, 278.0, 278.0, 279.0, 278.0, 278.0, 279.0, 278.0, 279.0, 278.0, 278.0, 278.0, 279.0, 278.0, 279.0, 278.0, 278.0, 278.0, 278.0, 278.0, 278.0, 277.0, 278.0, 277.0, 277.0, 277.0, 278.0, 277.0, 279.0, 278.0, 279.0, 278.0, 278.0, 279.0, 278.0, 279.0, 278.0, 279.0, 278.0, 278.0, 278.0, 278.0, 278.0, 278.0, 278.0, 278.0, 278.0, 278.0, 278.0, 278.0, 278.0, 279.0, 278.0, 279.0, 278.0, 278.0, 278.0, 278.0, 278.0, 278.0, 277.0, 279.0, 278.0, 279.0, 278.0, 279.0, 278.0, 278.0, 279.0, 279.0, 278.0, 278.0, 278.0, 279.0, 279.0, 278.0, 278.0, 278.0, 279.0, 278.0, 278.0, 278.0, 278.0, 278.0, 278.0, 278.0, 277.0, 277.0, 278.0, 277.0, 277.0, 278.0, 278.0, 278.0, 279.0, 278.0, 279.0, 278.0, 279.0, 278.0, 278.0, 278.0, 278.0, 278.0, 278.0, 278.0, 277.0, 277.0, 277.0, 277.0, 278.0, 278.0, 277.0, 278.0, 277.0, 278.0, 278.0, 278.0, 278.0, 278.0, 278.0, 278.0, 278.0, 278.0, 278.0, 278.0, 277.0, 277.0, 278.0, 278.0, 277.0, 277.0, 277.0, 278.0, 277.0, 278.0, 277.0, 277.0, 278.0, 277.0, 278.0, 277.0, 277.0, 278.0, 278.0, 278.0, 278.0, 278.0, 278.0, 279.0, 279.0, 278.0, 278.0, 278.0, 278.0, 278.0, 278.0, 278.0, 278.0, 278.0, 278.0, 278.0, 279.0, 278.0, 278.0, 278.0, 277.0, 277.0, 278.0, 278.0, 278.0, 277.0, 278.0, 277.0, 277.0, 277.0, 278.0, 277.0, 277.0, 278.0, 278.0, 278.0, 278.0, 278.0, 278.0, 278.0, 278.0, 277.0, 278.0, 278.0, 278.0, 277.0, 277.0, 279.0, 280.0, 279.0, 278.0, 278.0, 278.0, 278.0, 279.0, 278.0, 278.0, 277.0, 277.0, 277.0, 277.0, 277.0, 277.0, 276.0, 277.0, 277.0, 277.0, 277.0, 278.0, 278.0, 278.0, 278.0, 278.0, 278.0, 278.0, 278.0, 278.0, 278.0, 278.0, 277.0, 278.0, 278.0, 278.0, 277.0, 277.0, 277.0, 277.0, 277.0, 277.0, 278.0, 277.0, 277.0, 278.0, 277.0, 278.0, 278.0, 278.0, 278.0, 278.0, 278.0, 278.0, 278.0, 278.0, 278.0, 278.0, 277.0, 277.0, 277.0, 277.0, 277.0, 278.0, 278.0, 277.0, 279.0, 278.0, 278.0, 278.0, 278.0, 278.0, 277.0, 278.0, 277.0, 277.0, 278.0, 278.0, 277.0, 277.0, 277.0, 277.0, 277.0, 277.0, 278.0, 279.0, 278.0, 278.0, 280.0, 279.0, 280.0, 280.0, 279.0, 279.0, 279.0, 278.0, 278.0, 278.0, 278.0, 278.0, 277.0, 277.0, 277.0, 277.0, 277.0, 277.0, 277.0, 277.0, 277.0, 277.0, 277.0, 277.0, 278.0, 278.0, 278.0, 278.0, 277.0, 278.0, 278.0, 278.0, 277.0, 278.0, 278.0, 278.0, 278.0, 279.0, 278.0, 278.0, 278.0, 278.0, 278.0, 278.0, 278.0, 277.0, 277.0, 277.0, 278.0, 278.0, 278.0, 278.0, 279.0, 279.0, 279.0, 279.0, 279.0, 279.0, 278.0, 278.0, 278.0, 278.0, 278.0, 278.0, 278.0, 278.0, 278.0, 278.0, 278.0, 278.0, 278.0, 278.0, 278.0, 278.0, 278.0, 278.0, 278.0, 278.0, 278.0, 278.0, 279.0, 278.0, 279.0, 278.0, 278.0, 278.0, 278.0, 278.0, 278.0, 278.0, 278.0, 277.0, 278.0, 278.0, 277.0, 277.0, 278.0, 278.0, 278.0, 278.0, 278.0, 279.0, 278.0, 278.0, 278.0, 278.0, 278.0, 278.0, 277.0, 278.0, 278.0, 278.0, 278.0, 278.0, 278.0, 278.0, 278.0, 278.0, 278.0, 278.0, 278.0, 279.0, 278.0, 278.0, 278.0, 278.0, 278.0, 278.0, 279.0, 278.0, 278.0, 279.0, 279.0, 278.0, 279.0, 279.0, 278.0, 279.0, 278.0, 278.0, 278.0, 278.0, 278.0, 279.0, 278.0, 278.0, 278.0, 278.0, 278.0, 278.0, 278.0, 278.0, 278.0, 278.0, 278.0, 278.0, 278.0, 278.0, 279.0, 279.0, 279.0, 280.0, 279.0, 278.0, 279.0, 279.0, 279.0, 280.0, 278.0, 278.0, 278.0, 278.0, 278.0, 277.0, 277.0, 277.0, 278.0, 277.0, 277.0, 277.0, 278.0, 277.0], "WindowWidth": [618.0, 613.0, 612.0, 609.0, 611.0, 609.0, 609.0, 611.0, 609.0, 613.0, 610.0, 610.0, 610.0, 610.0, 610.0, 610.0, 610.0, 611.0, 610.0, 609.0, 613.0, 610.0, 611.0, 611.0, 611.0, 611.0, 611.0, 611.0, 612.0, 611.0, 611.0, 611.0, 611.0, 611.0, 611.0, 612.0, 611.0, 611.0, 611.0, 611.0, 612.0, 611.0, 613.0, 611.0, 614.0, 612.0, 611.0, 612.0, 612.0, 611.0, 612.0, 611.0, 612.0, 613.0, 612.0, 613.0, 611.0, 612.0, 611.0, 612.0, 611.0, 612.0, 612.0, 611.0, 611.0, 611.0, 611.0, 611.0, 610.0, 611.0, 610.0, 609.0, 610.0, 612.0, 610.0, 612.0, 611.0, 613.0, 612.0, 611.0, 612.0, 612.0, 613.0, 611.0, 613.0, 612.0, 612.0, 612.0, 611.0, 612.0, 612.0, 611.0, 611.0, 612.0, 612.0, 612.0, 612.0, 611.0, 612.0, 611.0, 613.0, 611.0, 611.0, 611.0, 611.0, 611.0, 611.0, 610.0, 613.0, 611.0, 614.0, 611.0, 612.0, 612.0, 612.0, 613.0, 613.0, 612.0, 612.0, 611.0, 613.0, 613.0, 612.0, 612.0, 612.0, 613.0, 611.0, 611.0, 611.0, 611.0, 612.0, 612.0, 611.0, 610.0, 610.0, 612.0, 610.0, 610.0, 611.0, 612.0, 611.0, 612.0, 612.0, 613.0, 612.0, 613.0, 612.0, 612.0, 612.0, 612.0, 612.0, 612.0, 611.0, 611.0, 611.0, 610.0, 611.0, 611.0, 611.0, 610.0, 611.0, 610.0, 612.0, 611.0, 612.0, 612.0, 612.0, 612.0, 612.0, 611.0, 612.0, 612.0, 611.0, 610.0, 610.0, 611.0, 611.0, 610.0, 610.0, 610.0, 611.0, 610.0, 611.0, 610.0, 610.0, 611.0, 610.0, 611.0, 611.0, 610.0, 612.0, 612.0, 612.0, 611.0, 612.0, 612.0, 613.0, 613.0, 612.0, 612.0, 612.0, 612.0, 612.0, 612.0, 612.0, 612.0, 611.0, 612.0, 612.0, 613.0, 612.0, 611.0, 612.0, 610.0, 611.0, 611.0, 611.0, 611.0, 611.0, 611.0, 611.0, 610.0, 610.0, 611.0, 611.0, 610.0, 611.0, 612.0, 612.0, 612.0, 612.0, 612.0, 612.0, 612.0, 611.0, 611.0, 611.0, 611.0, 610.0, 610.0, 613.0, 615.0, 613.0, 612.0, 612.0, 612.0, 612.0, 613.0, 612.0, 612.0, 610.0, 610.0, 610.0, 610.0, 609.0, 610.0, 609.0, 610.0, 610.0, 610.0, 610.0, 611.0, 611.0, 611.0, 612.0, 612.0, 612.0, 612.0, 612.0, 612.0, 612.0, 611.0, 611.0, 611.0, 611.0, 612.0, 610.0, 610.0, 610.0, 610.0, 610.0, 611.0, 611.0, 611.0, 611.0, 612.0, 610.0, 612.0, 612.0, 612.0, 612.0, 612.0, 612.0, 612.0, 612.0, 612.0, 611.0, 611.0, 611.0, 610.0, 611.0, 610.0, 611.0, 612.0, 612.0, 610.0, 613.0, 611.0, 612.0, 612.0, 612.0, 611.0, 611.0, 611.0, 611.0, 611.0, 611.0, 612.0, 611.0, 610.0, 610.0, 611.0, 611.0, 611.0, 611.0, 613.0, 612.0, 612.0, 615.0, 614.0, 615.0, 615.0, 614.0, 614.0, 614.0, 613.0, 613.0, 612.0, 611.0, 611.0, 611.0, 610.0, 610.0, 610.0, 610.0, 609.0, 611.0, 611.0, 610.0, 611.0, 610.0, 610.0, 611.0, 612.0, 611.0, 611.0, 611.0, 611.0, 611.0, 612.0, 611.0, 612.0, 612.0, 611.0, 612.0, 613.0, 612.0, 612.0, 612.0, 612.0, 611.0, 611.0, 611.0, 610.0, 611.0, 611.0, 611.0, 612.0, 612.0, 612.0, 614.0, 614.0, 613.0, 614.0, 613.0, 614.0, 613.0, 613.0, 612.0, 612.0, 612.0, 611.0, 612.0, 611.0, 611.0, 611.0, 612.0, 611.0, 611.0, 611.0, 611.0, 611.0, 611.0, 612.0, 611.0, 613.0, 612.0, 612.0, 613.0, 612.0, 613.0, 612.0, 613.0, 612.0, 613.0, 613.0, 611.0, 611.0, 612.0, 611.0, 611.0, 611.0, 611.0, 610.0, 612.0, 612.0, 612.0, 612.0, 612.0, 613.0, 612.0, 612.0, 612.0, 612.0, 612.0, 612.0, 611.0, 612.0, 612.0, 611.0, 611.0, 612.0, 612.0, 612.0, 612.0, 612.0, 612.0, 612.0, 612.0, 613.0, 612.0, 611.0, 612.0, 612.0, 612.0, 612.0, 613.0, 613.0, 612.0, 614.0, 613.0, 613.0, 614.0, 614.0, 612.0, 614.0, 613.0, 613.0, 613.0, 612.0, 611.0, 613.0, 612.0, 611.0, 613.0, 612.0, 611.0, 612.0, 612.0, 612.0, 611.0, 612.0, 612.0, 612.0, 611.0, 612.0, 614.0, 613.0, 614.0, 616.0, 614.0, 612.0, 614.0, 614.0, 614.0, 615.0, 613.0, 613.0, 612.0, 612.0, 611.0, 610.0, 611.0, 611.0, 611.0, 610.0, 610.0, 611.0, 611.0, 611.0]}, "slices": {}}, "EventTimestamp": "10-41-16"}