{"AcquisitionMatrixPE": 64, "AcquisitionNumber": 1, "AcquisitionTime": "14:52:22.700000", "BandwidthPerPixelPhaseEncode": 28.935, "BaseResolution": 64, "BodyPartExamined": "BRAIN", "CoilCombinationMethod": "Sum of Squares", "ConsistencyInfo": "N4_VE11E_LATEST_20181129", "ConversionSoftware": "dcm2niix", "ConversionSoftwareVersion": "v1.0.20230411", "DerivedVendorReportedEchoSpacing": 0.000540003, "DeviceSerialNumber": "166182", "DwellTime": 3.4e-06, "EchoTime": 0.032, "EchoTrainLength": 64, "EffectiveEchoSpacing": 0.000540003, "FlipAngle": 40, "HeudiconvVersion": "0.13.1", "ImageOrientationPatientDICOM": [0.999032, -0.0424928, 0.0113322, 0.0436187, 0.99028, -0.132072], "ImageOrientationText": "Tra>Cor(-7.6)>Sag(0.3)", "ImageType": ["ORIGINAL", "PRIMARY", "M", "ND", "NORM", "MOSAIC"], "ImagingFrequency": 123.256715, "InPlanePhaseEncodingDirectionDICOM": "COL", "InstitutionAddress": "PEARSE STREET .,City,District,IE,D2", "InstitutionName": "TCIN", "InstitutionalDepartmentName": "MRI", "MRAcquisitionType": "2D", "MagneticFieldStrength": 3, "Manufacturer": "Siemens", "ManufacturersModelName": "Prisma", "Modality": "MR", "MultibandAccelerationFactor": 4, "NonlinearGradientCorrection": false, "PartialFourier": 1, "PatientPosition": "HFS", "PercentPhaseFOV": 100, "PercentSampling": 100, "PhaseEncodingDirection": "j-", "PhaseEncodingSteps": 64, "PhaseResolution": 1, "PixelBandwidth": 2300, "ProcedureStepDescription": "Rhodri^Head BOLD", "ProtocolName": "cmrr_mbep2d_Pictures_AP_RDS", "PulseSequenceDetails": "%SiemensSeq%\\ep2d_bold", "ReceiveCoilActiveElements": "HC2,4,6,7;SC", "ReceiveCoilName": "HeadNeck_64", "ReconMatrixPE": 64, "RefLinesPE": 12, "RepetitionTime": 0.61, "SAR": 0.363722, "ScanOptions": "FS", "ScanningSequence": "EP", "SequenceName": "*epfid2d1_64", "SequenceVariant": "SK", "SeriesDescription": "cmrr_mbep2d_Pictures_AP_RDS", "SeriesNumber": 8, "ShimSetting": [-3690, -7509, 3884, 776, -49, 703, 164, 12], "SliceThickness": 3, "SliceTiming": [0.2625, 0, 0.3275, 0.065, 0.3925, 0.1325, 0.46, 0.1975, 0.525, 0.2625, 0, 0.3275, 0.065, 0.3925, 0.1325, 0.46, 0.1975, 0.525, 0.2625, 0, 0.3275, 0.065, 0.3925, 0.1325, 0.46, 0.1975, 0.525, 0.2625, 0, 0.3275, 0.065, 0.3925, 0.1325, 0.46, 0.1975, 0.525], "SoftwareVersions": "syngo MR E11", "SpacingBetweenSlices": 3.3, "StationName": "AWP166182", "TaskName": "pictures", "TotalReadoutTime": 0.0340202, "TxRefAmp": 247.989, "dcmmeta_affine": [[-2.9970974922180176, 0.13085602223873138, 0.018512960523366928, 91.60164642333984], [0.12747851014137268, 2.9708399772644043, -0.4370456039905548, -88.98138427734375], [0.033996693789958954, 0.39621463418006897, 3.270878791809082, -105.34098052978516], [0.0, 0.0, 0.0, 1.0]], "dcmmeta_reorient_transform": [[0.0, -1.0, 0.0, 63.0], [1.0, 0.0, 0.0, 0.0], [0.0, 0.0, 1.0, 0.0], [0.0, 0.0, 0.0, 1.0]], "dcmmeta_shape": [64, 64, 36, 510], "dcmmeta_slice_dim": 2, "dcmmeta_version": 0.6, "global": {"const": {"AcquisitionMatrix": [64, 0, 0, 64], "AngioFlag": "N", "BitsAllocated": 16, "BitsStored": 12, "BodyPartExamined": "BRAIN", "Columns": 384, "EchoNumbers": 1, "EchoTime": 32.0, "EchoTrainLength": 64, "FlipAngle": 40.0, "HighBit": 11, "ImageOrientationPatient": [0.99903250168714, -0.0424928358351, 0.01133223170514, 0.04361867268073, 0.99028001995852, -0.1320715467636], "ImagePositionPatient": [-600.31813912711, -553.11938730479, -22.424590622525], "ImageType": ["ORIGINAL", "PRIMARY", "M", "ND", "NORM", "MOSAIC"], "ImagedNucleus": "1H", "ImagingFrequency": 123.256715, "InPlanePhaseEncodingDirection": "COL", "MRAcquisitionType": "2D", "MagneticFieldStrength": 3.0, "Manufacturer": "SIEMENS", "ManufacturerModelName": "Prisma", "Modality": "MR", "NumberOfAverages": 1.0, "NumberOfPhaseEncodingSteps": 64, "PercentPhaseFieldOfView": 100.0, "PercentSampling": 100.0, "PerformedProcedureStepStartTime": "144320.439000", "PhotometricInterpretation": "MONOCHROME2", "PixelBandwidth": 2300.0, "PixelRepresentation": 0, "PixelSpacing": [3.0, 3.0], "ProtocolName": "cmrr_mbep2d_Pictures_AP_RDS", "RepetitionTime": 610.0, "Rows": 384, "SAR": 0.36372239655488, "SamplesPerPixel": 1, "ScanOptions": "FS", "ScanningSequence": "EP", "SequenceName": "*epfid2d1_64", "SequenceVariant": "SK", "SeriesDescription": "cmrr_mbep2d_Pictures_AP_RDS", "SeriesNumber": 8, "SeriesTime": "145245.607000", "SliceLocation": -92.112986311976, "SliceThickness": 3.0, "SmallestImagePixelValue": 0, "SoftwareVersions": "syngo MR E11", "SpacingBetweenSlices": 3.2999998707496, "SpecificCharacterSet": "ISO_IR 100", "StudyID": "1", "StudyTime": "144320.342000", "TransmitCoilName": "Body", "VariableFlipAngleFlag": "N", "WindowCenterWidthExplanation": "Algo1"}, "slices": {}}, "time": {"samples": {"AcquisitionNumber": [1, 2, 3, 4, 5, 6, 7, 8, 9, 10, 11, 12, 13, 14, 15, 16, 17, 18, 19, 20, 21, 22, 23, 24, 25, 26, 27, 28, 29, 30, 31, 32, 33, 34, 35, 36, 37, 38, 39, 40, 41, 42, 43, 44, 45, 46, 47, 48, 49, 50, 51, 52, 53, 54, 55, 56, 57, 58, 59, 60, 61, 62, 63, 64, 65, 66, 67, 68, 69, 70, 71, 72, 73, 74, 75, 76, 77, 78, 79, 80, 81, 82, 83, 84, 85, 86, 87, 88, 89, 90, 91, 92, 93, 94, 95, 96, 97, 98, 99, 100, 101, 102, 103, 104, 105, 106, 107, 108, 109, 110, 111, 112, 113, 114, 115, 116, 117, 118, 119, 120, 121, 122, 123, 124, 125, 126, 127, 128, 129, 130, 131, 132, 133, 134, 135, 136, 137, 138, 139, 140, 141, 142, 143, 144, 145, 146, 147, 148, 149, 150, 151, 152, 153, 154, 155, 156, 157, 158, 159, 160, 161, 162, 163, 164, 165, 166, 167, 168, 169, 170, 171, 172, 173, 174, 175, 176, 177, 178, 179, 180, 181, 182, 183, 184, 185, 186, 187, 188, 189, 190, 191, 192, 193, 194, 195, 196, 197, 198, 199, 200, 201, 202, 203, 204, 205, 206, 207, 208, 209, 210, 211, 212, 213, 214, 215, 216, 217, 218, 219, 220, 221, 222, 223, 224, 225, 226, 227, 228, 229, 230, 231, 232, 233, 234, 235, 236, 237, 238, 239, 240, 241, 242, 243, 244, 245, 246, 247, 248, 249, 250, 251, 252, 253, 254, 255, 256, 257, 258, 259, 260, 261, 262, 263, 264, 265, 266, 267, 268, 269, 270, 271, 272, 273, 274, 275, 276, 277, 278, 279, 280, 281, 282, 283, 284, 285, 286, 287, 288, 289, 290, 291, 292, 293, 294, 295, 296, 297, 298, 299, 300, 301, 302, 303, 304, 305, 306, 307, 308, 309, 310, 311, 312, 313, 314, 315, 316, 317, 318, 319, 320, 321, 322, 323, 324, 325, 326, 327, 328, 329, 330, 331, 332, 333, 334, 335, 336, 337, 338, 339, 340, 341, 342, 343, 344, 345, 346, 347, 348, 349, 350, 351, 352, 353, 354, 355, 356, 357, 358, 359, 360, 361, 362, 363, 364, 365, 366, 367, 368, 369, 370, 371, 372, 373, 374, 375, 376, 377, 378, 379, 380, 381, 382, 383, 384, 385, 386, 387, 388, 389, 390, 391, 392, 393, 394, 395, 396, 397, 398, 399, 400, 401, 402, 403, 404, 405, 406, 407, 408, 409, 410, 411, 412, 413, 414, 415, 416, 417, 418, 419, 420, 421, 422, 423, 424, 425, 426, 427, 428, 429, 430, 431, 432, 433, 434, 435, 436, 437, 438, 439, 440, 441, 442, 443, 444, 445, 446, 447, 448, 449, 450, 451, 452, 453, 454, 455, 456, 457, 458, 459, 460, 461, 462, 463, 464, 465, 466, 467, 468, 469, 470, 471, 472, 473, 474, 475, 476, 477, 478, 479, 480, 481, 482, 483, 484, 485, 486, 487, 488, 489, 490, 491, 492, 493, 494, 495, 496, 497, 498, 499, 500, 501, 502, 503, 504, 505, 506, 507, 508, 509, 510], "AcquisitionTime": ["145222.700000", "145223.310000", "145223.920000", "145224.530000", "145225.140000", "145225.750000", "145226.360000", "145226.970000", "145227.580000", "145228.190000", "145228.800000", "145229.410000", "145230.020000", "145230.630000", "145231.240000", "145231.850000", "145232.460000", "145233.070000", "145233.680000", "145234.290000", "145234.900000", "145235.510000", "145236.120000", "145236.730000", "145237.340000", "145237.950000", "145238.560000", "145239.170000", "145239.780000", "145240.390000", "145241.000000", "145241.610000", "145242.220000", "145242.830000", "145243.440000", "145244.050000", "145244.660000", "145245.270000", "145245.880000", "145246.490000", "145247.100000", "145247.710000", "145248.320000", "145248.930000", "145249.540000", "145250.150000", "145250.760000", "145251.370000", "145251.980000", "145252.590000", "145253.200000", "145253.810000", "145254.420000", "145255.030000", "145255.640000", "145256.250000", "145256.860000", "145257.470000", "145258.080000", "145258.690000", "145259.300000", "145259.910000", "145300.520000", "145301.130000", "145301.740000", "145302.350000", "145302.960000", "145303.570000", "145304.180000", "145304.790000", "145305.400000", "145306.010000", "145306.620000", "145307.230000", "145307.840000", "145308.450000", "145309.060000", "145309.670000", "145310.280000", "145310.890000", "145311.500000", "145312.110000", "145312.720000", "145313.330000", "145313.940000", "145314.550000", "145315.160000", "145315.770000", "145316.380000", "145316.990000", "145317.600000", "145318.210000", "145318.820000", "145319.430000", "145320.040000", "145320.650000", "145321.260000", "145321.870000", "145322.480000", "145323.090000", "145323.700000", "145324.310000", "145324.920000", "145325.530000", "145326.140000", "145326.750000", "145327.360000", "145327.970000", "145328.580000", "145329.190000", "145329.800000", "145330.410000", "145331.020000", "145331.630000", "145332.240000", "145332.850000", "145333.460000", "145334.070000", "145334.680000", "145335.290000", "145335.900000", "145336.510000", "145337.120000", "145337.730000", "145338.340000", "145338.950000", "145339.560000", "145340.170000", "145340.780000", "145341.390000", "145342.000000", "145342.610000", "145343.220000", "145343.830000", "145344.440000", "145345.050000", "145345.660000", "145346.270000", "145346.880000", "145347.490000", "145348.100000", "145348.710000", "145349.320000", "145349.930000", "145350.540000", "145351.150000", "145351.760000", "145352.370000", "145352.980000", "145353.590000", "145354.200000", "145354.810000", "145355.420000", "145356.030000", "145356.640000", "145357.250000", "145357.860000", "145358.470000", "145359.080000", "145359.690000", "145400.300000", "145400.910000", "145401.520000", "145402.130000", "145402.740000", "145403.350000", "145403.960000", "145404.570000", "145405.180000", "145405.790000", "145406.400000", "145407.010000", "145407.620000", "145408.230000", "145408.840000", "145409.450000", "145410.060000", "145410.670000", "145411.280000", "145411.890000", "145412.500000", "145413.110000", "145413.720000", "145414.330000", "145414.940000", "145415.550000", "145416.160000", "145416.770000", "145417.380000", "145417.990000", "145418.600000", "145419.210000", "145419.820000", "145420.430000", "145421.040000", "145421.650000", "145422.260000", "145422.870000", "145423.480000", "145424.090000", "145424.700000", "145425.310000", "145425.920000", "145426.530000", "145427.140000", "145427.750000", "145428.360000", "145428.970000", "145429.580000", "145430.190000", "145430.800000", "145431.410000", "145432.020000", "145432.630000", "145433.240000", "145433.850000", "145434.460000", "145435.070000", "145435.680000", "145436.290000", "145436.900000", "145437.510000", "145438.120000", "145438.730000", "145439.340000", "145439.950000", "145440.560000", "145441.170000", "145441.780000", "145442.390000", "145443.000000", "145443.610000", "145444.220000", "145444.830000", "145445.440000", "145446.050000", "145446.660000", "145447.270000", "145447.880000", "145448.490000", "145449.100000", "145449.710000", "145450.320000", "145450.930000", "145451.540000", "145452.150000", "145452.760000", "145453.370000", "145453.980000", "145454.590000", "145455.200000", "145455.810000", "145456.420000", "145457.030000", "145457.640000", "145458.250000", "145458.860000", "145459.470000", "145500.080000", "145500.690000", "145501.300000", "145501.910000", "145502.520000", "145503.130000", "145503.740000", "145504.350000", "145504.960000", "145505.570000", "145506.180000", "145506.790000", "145507.400000", "145508.010000", "145508.620000", "145509.230000", "145509.840000", "145510.450000", "145511.060000", "145511.670000", "145512.280000", "145512.890000", "145513.500000", "145514.110000", "145514.720000", "145515.330000", "145515.940000", "145516.550000", "145517.160000", "145517.770000", "145518.380000", "145518.990000", "145519.600000", "145520.210000", "145520.820000", "145521.430000", "145522.040000", "145522.650000", "145523.260000", "145523.870000", "145524.480000", "145525.090000", "145525.700000", "145526.310000", "145526.920000", "145527.530000", "145528.140000", "145528.750000", "145529.360000", "145529.970000", "145530.580000", "145531.190000", "145531.800000", "145532.410000", "145533.020000", "145533.630000", "145534.240000", "145534.850000", "145535.460000", "145536.070000", "145536.680000", "145537.290000", "145537.900000", "145538.510000", "145539.120000", "145539.730000", "145540.340000", "145540.950000", "145541.560000", "145542.170000", "145542.780000", "145543.390000", "145544.000000", "145544.610000", "145545.220000", "145545.830000", "145546.440000", "145547.050000", "145547.660000", "145548.270000", "145548.880000", "145549.490000", "145550.100000", "145550.710000", "145551.320000", "145551.930000", "145552.540000", "145553.150000", "145553.760000", "145554.370000", "145554.980000", "145555.590000", "145556.200000", "145556.810000", "145557.420000", "145558.030000", "145558.640000", "145559.250000", "145559.860000", "145600.470000", "145601.080000", "145601.690000", "145602.300000", "145602.910000", "145603.520000", "145604.130000", "145604.740000", "145605.350000", "145605.960000", "145606.570000", "145607.180000", "145607.790000", "145608.400000", "145609.010000", "145609.620000", "145610.230000", "145610.840000", "145611.450000", "145612.060000", "145612.670000", "145613.280000", "145613.890000", "145614.500000", "145615.110000", "145615.720000", "145616.330000", "145616.940000", "145617.550000", "145618.160000", "145618.770000", "145619.380000", "145619.990000", "145620.600000", "145621.210000", "145621.820000", "145622.430000", "145623.040000", "145623.650000", "145624.260000", "145624.870000", "145625.480000", "145626.090000", "145626.700000", "145627.310000", "145627.920000", "145628.530000", "145629.140000", "145629.750000", "145630.360000", "145630.970000", "145631.580000", "145632.190000", "145632.800000", "145633.410000", "145634.020000", "145634.630000", "145635.240000", "145635.850000", "145636.460000", "145637.070000", "145637.680000", "145638.290000", "145638.900000", "145639.510000", "145640.120000", "145640.730000", "145641.340000", "145641.950000", "145642.560000", "145643.170000", "145643.780000", "145644.390000", "145645.000000", "145645.610000", "145646.220000", "145646.830000", "145647.440000", "145648.050000", "145648.660000", "145649.270000", "145649.880000", "145650.490000", "145651.100000", "145651.710000", "145652.320000", "145652.930000", "145653.540000", "145654.150000", "145654.760000", "145655.370000", "145655.980000", "145656.590000", "145657.200000", "145657.810000", "145658.420000", "145659.030000", "145659.640000", "145700.250000", "145700.860000", "145701.470000", "145702.080000", "145702.690000", "145703.300000", "145703.910000", "145704.520000", "145705.130000", "145705.740000", "145706.350000", "145706.960000", "145707.570000", "145708.180000", "145708.790000", "145709.400000", "145710.010000", "145710.620000", "145711.230000", "145711.840000", "145712.450000", "145713.060000", "145713.670000", "145714.280000", "145714.890000", "145715.500000", "145716.110000", "145716.720000", "145717.330000", "145717.940000", "145718.550000", "145719.160000", "145719.770000", "145720.380000", "145720.990000", "145721.600000", "145722.210000", "145722.820000", "145723.430000", "145724.040000", "145724.650000", "145725.260000", "145725.870000", "145726.480000", "145727.090000", "145727.700000", "145728.310000", "145728.920000", "145729.530000", "145730.140000", "145730.750000", "145731.360000", "145731.970000", "145732.580000", "145733.190000"], "ContentTime": ["145245.610000", "145245.613000", "145245.616000", "145245.618000", "145245.621000", "145245.623000", "145245.625000", "145245.628000", "145245.630000", "145245.632000", "145245.635000", "145245.640000", "145245.642000", "145245.645000", "145245.647000", "145245.650000", "145245.652000", "145245.656000", "145245.658000", "145245.660000", "145245.663000", "145245.665000", "145245.668000", "145245.670000", "145245.673000", "145245.675000", "145245.677000", "145245.680000", "145245.687000", "145245.690000", "145245.692000", "145245.695000", "145245.697000", "145245.699000", "145245.702000", "145245.704000", "145305.605000", "145305.608000", "145305.610000", "145305.613000", "145305.617000", "145305.619000", "145305.621000", "145305.624000", "145305.626000", "145305.629000", "145305.631000", "145305.633000", "145305.636000", "145305.638000", "145305.641000", "145305.643000", "145305.646000", "145305.648000", "145305.650000", "145305.653000", "145305.655000", "145305.658000", "145305.660000", "145305.662000", "145305.665000", "145305.667000", "145305.669000", "145305.672000", "145305.674000", "145305.677000", "145305.679000", "145305.681000", "145305.684000", "145325.605000", "145325.608000", "145325.610000", "145325.613000", "145325.616000", "145325.618000", "145325.621000", "145325.624000", "145325.626000", "145325.628000", "145325.631000", "145325.633000", "145325.636000", "145325.638000", "145325.640000", "145325.643000", "145325.645000", "145325.648000", "145325.650000", "145325.652000", "145325.655000", "145325.657000", "145325.660000", "145325.662000", "145325.664000", "145325.667000", "145325.669000", "145325.672000", "145325.674000", "145325.681000", "145325.684000", "145325.686000", "145325.688000", "145345.604000", "145345.607000", "145345.609000", "145345.612000", "145345.614000", "145345.616000", "145345.619000", "145345.621000", "145345.624000", "145345.626000", "145345.628000", "145345.631000", "145345.633000", "145345.636000", "145345.638000", "145345.640000", "145345.643000", "145345.645000", "145345.648000", "145345.650000", "145345.652000", "145345.655000", "145345.657000", "145345.659000", "145345.662000", "145345.665000", "145345.667000", "145345.670000", "145345.672000", "145345.674000", "145345.677000", "145345.687000", "145345.690000", "145405.605000", "145405.608000", "145405.611000", "145405.613000", "145405.616000", "145405.618000", "145405.620000", "145405.623000", "145405.625000", "145405.628000", "145405.630000", "145405.633000", "145405.635000", "145405.637000", "145405.640000", "145405.642000", "145405.645000", "145405.647000", "145405.650000", "145405.652000", "145405.654000", "145405.657000", "145405.659000", "145405.662000", "145405.664000", "145405.666000", "145405.669000", "145405.671000", "145405.674000", "145405.676000", "145405.678000", "145405.681000", "145425.605000", "145425.608000", "145425.611000", "145425.634000", "145425.637000", "145425.639000", "145425.642000", "145425.644000", "145425.646000", "145425.649000", "145425.651000", "145425.654000", "145425.656000", "145425.659000", "145425.661000", "145425.663000", "145425.666000", "145425.668000", "145425.671000", "145425.673000", "145425.675000", "145425.678000", "145425.680000", "145425.683000", "145425.685000", "145425.687000", "145425.690000", "145425.693000", "145425.696000", "145425.699000", "145425.701000", "145425.703000", "145425.706000", "145445.605000", "145445.608000", "145445.615000", "145445.618000", "145445.620000", "145445.623000", "145445.625000", "145445.628000", "145445.630000", "145445.633000", "145445.635000", "145445.637000", "145445.640000", "145445.642000", "145445.645000", "145445.647000", "145445.650000", "145445.652000", "145445.654000", "145445.657000", "145445.659000", "145445.661000", "145445.664000", "145445.666000", "145445.669000", "145445.671000", "145445.674000", "145445.676000", "145445.678000", "145445.681000", "145445.683000", "145445.686000", "145445.688000", "145505.605000", "145505.608000", "145505.610000", "145505.613000", "145505.615000", "145505.617000", "145505.620000", "145505.622000", "145505.625000", "145505.627000", "145505.629000", "145505.632000", "145505.634000", "145505.637000", "145505.639000", "145505.642000", "145505.644000", "145505.646000", "145505.649000", "145505.651000", "145505.653000", "145505.656000", "145505.658000", "145505.661000", "145505.663000", "145505.665000", "145505.668000", "145505.670000", "145505.672000", "145505.675000", "145505.677000", "145505.680000", "145505.682000", "145525.605000", "145525.608000", "145525.610000", "145525.612000", "145525.615000", "145525.617000", "145525.620000", "145525.622000", "145525.624000", "145525.627000", "145525.630000", "145525.632000", "145525.635000", "145525.637000", "145525.640000", "145525.642000", "145525.645000", "145525.647000", "145525.650000", "145525.652000", "145525.654000", "145525.657000", "145525.659000", "145525.661000", "145525.664000", "145525.666000", "145525.669000", "145525.671000", "145525.673000", "145525.676000", "145525.678000", "145525.681000", "145545.605000", "145545.608000", "145545.610000", "145545.613000", "145545.615000", "145545.618000", "145545.620000", "145545.622000", "145545.625000", "145545.627000", "145545.630000", "145545.632000", "145545.634000", "145545.637000", "145545.639000", "145545.642000", "145545.644000", "145545.647000", "145545.649000", "145545.652000", "145545.654000", "145545.657000", "145545.659000", "145545.662000", "145545.664000", "145545.666000", "145545.669000", "145545.671000", "145545.674000", "145545.676000", "145545.678000", "145545.681000", "145545.683000", "145605.605000", "145605.607000", "145605.609000", "145605.612000", "145605.614000", "145605.617000", "145605.619000", "145605.622000", "145605.624000", "145605.626000", "145605.629000", "145605.631000", "145605.634000", "145605.636000", "145605.638000", "145605.641000", "145605.643000", "145605.646000", "145605.648000", "145605.651000", "145605.653000", "145605.655000", "145605.658000", "145605.660000", "145605.662000", "145605.665000", "145605.667000", "145605.670000", "145605.672000", "145605.675000", "145605.677000", "145605.680000", "145605.682000", "145625.605000", "145625.608000", "145625.610000", "145625.613000", "145625.615000", "145625.618000", "145625.620000", "145625.622000", "145625.625000", "145625.627000", "145625.630000", "145625.632000", "145625.635000", "145625.637000", "145625.640000", "145625.642000", "145625.644000", "145625.647000", "145625.649000", "145625.652000", "145625.654000", "145625.657000", "145625.659000", "145625.661000", "145625.664000", "145625.666000", "145625.669000", "145625.671000", "145625.673000", "145625.676000", "145625.678000", "145625.681000", "145625.683000", "145645.605000", "145645.608000", "145645.610000", "145645.613000", "145645.615000", "145645.618000", "145645.620000", "145645.623000", "145645.625000", "145645.627000", "145645.630000", "145645.632000", "145645.635000", "145645.637000", "145645.640000", "145645.642000", "145645.645000", "145645.647000", "145645.650000", "145645.652000", "145645.655000", "145645.657000", "145645.660000", "145645.662000", "145645.664000", "145645.667000", "145645.669000", "145645.672000", "145645.674000", "145645.676000", "145645.679000", "145645.681000", "145645.684000", "145705.605000", "145705.608000", "145705.611000", "145705.613000", "145705.615000", "145705.630000", "145705.632000", "145705.635000", "145705.637000", "145705.640000", "145705.642000", "145705.645000", "145705.647000", "145705.650000", "145705.652000", "145705.655000", "145705.657000", "145705.659000", "145705.662000", "145705.664000", "145705.667000", "145705.669000", "145705.671000", "145705.674000", "145705.677000", "145705.679000", "145705.682000", "145705.685000", "145705.687000", "145705.689000", "145705.696000", "145705.698000", "145725.605000", "145725.608000", "145725.610000", "145725.613000", "145725.615000", "145725.617000", "145725.620000", "145725.622000", "145725.625000", "145725.627000", "145725.629000", "145725.632000", "145725.634000", "145725.637000", "145725.639000", "145725.643000", "145725.645000", "145725.648000", "145725.650000", "145725.653000", "145725.655000", "145725.658000", "145725.660000", "145725.663000", "145725.665000", "145725.668000", "145725.670000", "145725.673000", "145725.675000", "145725.677000", "145725.680000", "145725.682000", "145725.685000", "145734.309000", "145734.312000", "145734.314000", "145734.317000", "145734.319000", "145734.321000", "145734.324000", "145734.326000", "145734.329000", "145734.331000", "145734.334000", "145734.336000", "145734.338000", "145734.341000", "145734.343000"], "InstanceCreationTime": ["145245.610000", "145245.613000", "145245.616000", "145245.618000", "145245.621000", "145245.623000", "145245.625000", "145245.628000", "145245.630000", "145245.632000", "145245.635000", "145245.640000", "145245.642000", "145245.645000", "145245.647000", "145245.650000", "145245.652000", "145245.656000", "145245.658000", "145245.660000", "145245.663000", "145245.665000", "145245.668000", "145245.670000", "145245.673000", "145245.675000", "145245.677000", "145245.680000", "145245.687000", "145245.690000", "145245.692000", "145245.695000", "145245.697000", "145245.699000", "145245.702000", "145245.704000", "145305.605000", "145305.608000", "145305.610000", "145305.613000", "145305.617000", "145305.619000", "145305.621000", "145305.624000", "145305.626000", "145305.629000", "145305.631000", "145305.633000", "145305.636000", "145305.638000", "145305.641000", "145305.643000", "145305.646000", "145305.648000", "145305.650000", "145305.653000", "145305.655000", "145305.658000", "145305.660000", "145305.662000", "145305.665000", "145305.667000", "145305.669000", "145305.672000", "145305.674000", "145305.677000", "145305.679000", "145305.681000", "145305.684000", "145325.605000", "145325.608000", "145325.610000", "145325.613000", "145325.616000", "145325.618000", "145325.621000", "145325.624000", "145325.626000", "145325.628000", "145325.631000", "145325.633000", "145325.636000", "145325.638000", "145325.640000", "145325.643000", "145325.645000", "145325.648000", "145325.650000", "145325.652000", "145325.655000", "145325.657000", "145325.660000", "145325.662000", "145325.664000", "145325.667000", "145325.669000", "145325.672000", "145325.674000", "145325.681000", "145325.684000", "145325.686000", "145325.688000", "145345.604000", "145345.607000", "145345.609000", "145345.612000", "145345.614000", "145345.616000", "145345.619000", "145345.621000", "145345.624000", "145345.626000", "145345.628000", "145345.631000", "145345.633000", "145345.636000", "145345.638000", "145345.640000", "145345.643000", "145345.645000", "145345.648000", "145345.650000", "145345.652000", "145345.655000", "145345.657000", "145345.659000", "145345.662000", "145345.665000", "145345.667000", "145345.670000", "145345.672000", "145345.674000", "145345.677000", "145345.687000", "145345.690000", "145405.605000", "145405.608000", "145405.611000", "145405.613000", "145405.616000", "145405.618000", "145405.620000", "145405.623000", "145405.625000", "145405.628000", "145405.630000", "145405.633000", "145405.635000", "145405.637000", "145405.640000", "145405.642000", "145405.645000", "145405.647000", "145405.650000", "145405.652000", "145405.654000", "145405.657000", "145405.659000", "145405.662000", "145405.664000", "145405.666000", "145405.669000", "145405.671000", "145405.674000", "145405.676000", "145405.678000", "145405.681000", "145425.605000", "145425.608000", "145425.611000", "145425.634000", "145425.637000", "145425.639000", "145425.642000", "145425.644000", "145425.646000", "145425.649000", "145425.651000", "145425.654000", "145425.656000", "145425.659000", "145425.661000", "145425.663000", "145425.666000", "145425.668000", "145425.671000", "145425.673000", "145425.675000", "145425.678000", "145425.680000", "145425.683000", "145425.685000", "145425.687000", "145425.690000", "145425.693000", "145425.696000", "145425.699000", "145425.701000", "145425.703000", "145425.706000", "145445.605000", "145445.608000", "145445.615000", "145445.618000", "145445.620000", "145445.623000", "145445.625000", "145445.628000", "145445.630000", "145445.633000", "145445.635000", "145445.637000", "145445.640000", "145445.642000", "145445.645000", "145445.647000", "145445.650000", "145445.652000", "145445.654000", "145445.657000", "145445.659000", "145445.661000", "145445.664000", "145445.666000", "145445.669000", "145445.671000", "145445.674000", "145445.676000", "145445.678000", "145445.681000", "145445.683000", "145445.686000", "145445.688000", "145505.605000", "145505.608000", "145505.610000", "145505.613000", "145505.615000", "145505.617000", "145505.620000", "145505.622000", "145505.625000", "145505.627000", "145505.629000", "145505.632000", "145505.634000", "145505.637000", "145505.639000", "145505.642000", "145505.644000", "145505.646000", "145505.649000", "145505.651000", "145505.653000", "145505.656000", "145505.658000", "145505.661000", "145505.663000", "145505.665000", "145505.668000", "145505.670000", "145505.672000", "145505.675000", "145505.677000", "145505.680000", "145505.682000", "145525.605000", "145525.608000", "145525.610000", "145525.612000", "145525.615000", "145525.617000", "145525.620000", "145525.622000", "145525.624000", "145525.627000", "145525.630000", "145525.632000", "145525.635000", "145525.637000", "145525.640000", "145525.642000", "145525.645000", "145525.647000", "145525.650000", "145525.652000", "145525.654000", "145525.657000", "145525.659000", "145525.661000", "145525.664000", "145525.666000", "145525.669000", "145525.671000", "145525.673000", "145525.676000", "145525.678000", "145525.681000", "145545.605000", "145545.608000", "145545.610000", "145545.613000", "145545.615000", "145545.618000", "145545.620000", "145545.622000", "145545.625000", "145545.627000", "145545.630000", "145545.632000", "145545.634000", "145545.637000", "145545.639000", "145545.642000", "145545.644000", "145545.647000", "145545.649000", "145545.652000", "145545.654000", "145545.657000", "145545.659000", "145545.662000", "145545.664000", "145545.666000", "145545.669000", "145545.671000", "145545.674000", "145545.676000", "145545.678000", "145545.681000", "145545.683000", "145605.605000", "145605.607000", "145605.609000", "145605.612000", "145605.614000", "145605.617000", "145605.619000", "145605.622000", "145605.624000", "145605.626000", "145605.629000", "145605.631000", "145605.634000", "145605.636000", "145605.638000", "145605.641000", "145605.643000", "145605.646000", "145605.648000", "145605.651000", "145605.653000", "145605.655000", "145605.658000", "145605.660000", "145605.662000", "145605.665000", "145605.667000", "145605.670000", "145605.672000", "145605.675000", "145605.677000", "145605.680000", "145605.682000", "145625.605000", "145625.608000", "145625.610000", "145625.613000", "145625.615000", "145625.618000", "145625.620000", "145625.622000", "145625.625000", "145625.627000", "145625.630000", "145625.632000", "145625.635000", "145625.637000", "145625.640000", "145625.642000", "145625.644000", "145625.647000", "145625.649000", "145625.652000", "145625.654000", "145625.657000", "145625.659000", "145625.661000", "145625.664000", "145625.666000", "145625.669000", "145625.671000", "145625.673000", "145625.676000", "145625.678000", "145625.681000", "145625.683000", "145645.605000", "145645.608000", "145645.610000", "145645.613000", "145645.615000", "145645.618000", "145645.620000", "145645.623000", "145645.625000", "145645.627000", "145645.630000", "145645.632000", "145645.635000", "145645.637000", "145645.640000", "145645.642000", "145645.645000", "145645.647000", "145645.650000", "145645.652000", "145645.655000", "145645.657000", "145645.660000", "145645.662000", "145645.664000", "145645.667000", "145645.669000", "145645.672000", "145645.674000", "145645.676000", "145645.679000", "145645.681000", "145645.684000", "145705.605000", "145705.608000", "145705.611000", "145705.613000", "145705.615000", "145705.630000", "145705.632000", "145705.635000", "145705.637000", "145705.640000", "145705.642000", "145705.645000", "145705.647000", "145705.650000", "145705.652000", "145705.655000", "145705.657000", "145705.659000", "145705.662000", "145705.664000", "145705.667000", "145705.669000", "145705.671000", "145705.674000", "145705.677000", "145705.679000", "145705.682000", "145705.685000", "145705.687000", "145705.689000", "145705.696000", "145705.698000", "145725.605000", "145725.608000", "145725.610000", "145725.613000", "145725.615000", "145725.617000", "145725.620000", "145725.622000", "145725.625000", "145725.627000", "145725.629000", "145725.632000", "145725.634000", "145725.637000", "145725.639000", "145725.643000", "145725.645000", "145725.648000", "145725.650000", "145725.653000", "145725.655000", "145725.658000", "145725.660000", "145725.663000", "145725.665000", "145725.668000", "145725.670000", "145725.673000", "145725.675000", "145725.677000", "145725.680000", "145725.682000", "145725.685000", "145734.309000", "145734.312000", "145734.314000", "145734.317000", "145734.319000", "145734.321000", "145734.324000", "145734.326000", "145734.329000", "145734.331000", "145734.334000", "145734.336000", "145734.338000", "145734.341000", "145734.343000"], "InstanceNumber": [1, 2, 3, 4, 5, 6, 7, 8, 9, 10, 11, 12, 13, 14, 15, 16, 17, 18, 19, 20, 21, 22, 23, 24, 25, 26, 27, 28, 29, 30, 31, 32, 33, 34, 35, 36, 37, 38, 39, 40, 41, 42, 43, 44, 45, 46, 47, 48, 49, 50, 51, 52, 53, 54, 55, 56, 57, 58, 59, 60, 61, 62, 63, 64, 65, 66, 67, 68, 69, 70, 71, 72, 73, 74, 75, 76, 77, 78, 79, 80, 81, 82, 83, 84, 85, 86, 87, 88, 89, 90, 91, 92, 93, 94, 95, 96, 97, 98, 99, 100, 101, 102, 103, 104, 105, 106, 107, 108, 109, 110, 111, 112, 113, 114, 115, 116, 117, 118, 119, 120, 121, 122, 123, 124, 125, 126, 127, 128, 129, 130, 131, 132, 133, 134, 135, 136, 137, 138, 139, 140, 141, 142, 143, 144, 145, 146, 147, 148, 149, 150, 151, 152, 153, 154, 155, 156, 157, 158, 159, 160, 161, 162, 163, 164, 165, 166, 167, 168, 169, 170, 171, 172, 173, 174, 175, 176, 177, 178, 179, 180, 181, 182, 183, 184, 185, 186, 187, 188, 189, 190, 191, 192, 193, 194, 195, 196, 197, 198, 199, 200, 201, 202, 203, 204, 205, 206, 207, 208, 209, 210, 211, 212, 213, 214, 215, 216, 217, 218, 219, 220, 221, 222, 223, 224, 225, 226, 227, 228, 229, 230, 231, 232, 233, 234, 235, 236, 237, 238, 239, 240, 241, 242, 243, 244, 245, 246, 247, 248, 249, 250, 251, 252, 253, 254, 255, 256, 257, 258, 259, 260, 261, 262, 263, 264, 265, 266, 267, 268, 269, 270, 271, 272, 273, 274, 275, 276, 277, 278, 279, 280, 281, 282, 283, 284, 285, 286, 287, 288, 289, 290, 291, 292, 293, 294, 295, 296, 297, 298, 299, 300, 301, 302, 303, 304, 305, 306, 307, 308, 309, 310, 311, 312, 313, 314, 315, 316, 317, 318, 319, 320, 321, 322, 323, 324, 325, 326, 327, 328, 329, 330, 331, 332, 333, 334, 335, 336, 337, 338, 339, 340, 341, 342, 343, 344, 345, 346, 347, 348, 349, 350, 351, 352, 353, 354, 355, 356, 357, 358, 359, 360, 361, 362, 363, 364, 365, 366, 367, 368, 369, 370, 371, 372, 373, 374, 375, 376, 377, 378, 379, 380, 381, 382, 383, 384, 385, 386, 387, 388, 389, 390, 391, 392, 393, 394, 395, 396, 397, 398, 399, 400, 401, 402, 403, 404, 405, 406, 407, 408, 409, 410, 411, 412, 413, 414, 415, 416, 417, 418, 419, 420, 421, 422, 423, 424, 425, 426, 427, 428, 429, 430, 431, 432, 433, 434, 435, 436, 437, 438, 439, 440, 441, 442, 443, 444, 445, 446, 447, 448, 449, 450, 451, 452, 453, 454, 455, 456, 457, 458, 459, 460, 461, 462, 463, 464, 465, 466, 467, 468, 469, 470, 471, 472, 473, 474, 475, 476, 477, 478, 479, 480, 481, 482, 483, 484, 485, 486, 487, 488, 489, 490, 491, 492, 493, 494, 495, 496, 497, 498, 499, 500, 501, 502, 503, 504, 505, 506, 507, 508, 509, 510], "LargestImagePixelValue": [466, 481, 441, 445, 434, 435, 419, 441, 425, 423, 426, 430, 431, 430, 426, 427, 426, 426, 432, 434, 427, 428, 431, 428, 430, 429, 435, 433, 428, 433, 431, 438, 427, 426, 431, 430, 429, 431, 430, 430, 429, 428, 432, 431, 429, 434, 438, 425, 431, 422, 421, 427, 447, 436, 431, 436, 438, 436, 439, 429, 422, 423, 421, 424, 424, 424, 423, 426, 424, 424, 423, 431, 439, 447, 437, 433, 428, 432, 432, 444, 434, 437, 429, 446, 438, 440, 437, 440, 443, 443, 432, 432, 430, 434, 431, 438, 434, 439, 439, 435, 434, 437, 430, 437, 433, 434, 435, 439, 436, 432, 433, 437, 436, 434, 432, 437, 435, 476, 458, 445, 436, 435, 431, 439, 433, 436, 430, 431, 431, 435, 435, 437, 430, 435, 432, 437, 434, 434, 435, 436, 435, 429, 438, 435, 431, 438, 433, 441, 436, 437, 433, 436, 430, 437, 434, 435, 435, 432, 433, 428, 436, 433, 437, 436, 437, 433, 436, 429, 432, 435, 450, 438, 442, 434, 440, 435, 435, 433, 433, 433, 431, 433, 433, 433, 437, 436, 439, 439, 438, 433, 430, 436, 434, 432, 433, 432, 432, 435, 432, 434, 431, 436, 427, 427, 432, 431, 429, 431, 428, 435, 429, 430, 426, 428, 433, 425, 431, 430, 434, 432, 448, 449, 450, 446, 444, 442, 435, 433, 430, 434, 433, 434, 433, 430, 433, 432, 438, 433, 436, 434, 435, 434, 435, 441, 438, 435, 434, 433, 431, 430, 434, 432, 428, 431, 433, 432, 430, 432, 430, 435, 433, 434, 436, 437, 438, 430, 433, 435, 430, 434, 436, 433, 433, 432, 431, 433, 435, 433, 432, 433, 434, 431, 435, 434, 437, 438, 438, 442, 436, 431, 428, 434, 429, 432, 429, 428, 432, 428, 435, 430, 434, 430, 426, 431, 426, 428, 427, 427, 430, 424, 425, 430, 426, 436, 434, 430, 432, 427, 430, 432, 430, 432, 427, 429, 431, 428, 430, 429, 428, 433, 429, 431, 433, 431, 428, 429, 430, 430, 430, 431, 425, 432, 428, 427, 428, 425, 429, 425, 426, 429, 425, 426, 427, 429, 431, 435, 434, 440, 436, 439, 431, 433, 440, 442, 442, 442, 451, 428, 443, 447, 447, 463, 445, 442, 449, 461, 459, 469, 447, 460, 449, 434, 432, 432, 437, 437, 442, 438, 440, 440, 438, 436, 435, 440, 438, 438, 440, 439, 439, 436, 433, 439, 433, 431, 434, 429, 429, 427, 430, 422, 429, 428, 432, 437, 433, 435, 432, 428, 435, 430, 433, 433, 430, 434, 431, 428, 432, 434, 431, 434, 432, 434, 435, 436, 435, 432, 431, 432, 438, 435, 436, 435, 435, 435, 436, 436, 435, 434, 441, 438, 462, 452, 447, 439, 432, 432, 436, 432, 428, 433, 431, 433, 435, 433, 436, 437, 433, 433, 432, 434, 433, 433, 434, 430, 432, 436, 435, 438, 432, 435, 434, 435, 434, 434, 438, 435, 437, 440, 440, 438, 439, 438, 439, 441, 439, 436, 436, 436, 440, 438, 438, 435, 435, 435, 435, 440, 435, 434, 435, 438], "WindowCenter": [284.0, 282.0, 281.0, 279.0, 279.0, 278.0, 277.0, 277.0, 277.0, 276.0, 276.0, 276.0, 277.0, 277.0, 277.0, 277.0, 277.0, 278.0, 279.0, 279.0, 278.0, 278.0, 279.0, 278.0, 278.0, 279.0, 280.0, 279.0, 278.0, 278.0, 278.0, 279.0, 278.0, 277.0, 278.0, 278.0, 277.0, 278.0, 278.0, 278.0, 277.0, 277.0, 278.0, 278.0, 277.0, 280.0, 278.0, 277.0, 278.0, 277.0, 277.0, 277.0, 279.0, 278.0, 277.0, 278.0, 279.0, 278.0, 280.0, 279.0, 279.0, 278.0, 278.0, 278.0, 278.0, 278.0, 278.0, 278.0, 278.0, 278.0, 278.0, 279.0, 280.0, 279.0, 278.0, 278.0, 277.0, 278.0, 279.0, 279.0, 278.0, 277.0, 277.0, 279.0, 278.0, 278.0, 278.0, 278.0, 279.0, 279.0, 279.0, 278.0, 278.0, 279.0, 279.0, 280.0, 278.0, 280.0, 279.0, 279.0, 278.0, 278.0, 278.0, 279.0, 278.0, 278.0, 279.0, 278.0, 279.0, 278.0, 278.0, 277.0, 278.0, 278.0, 277.0, 277.0, 276.0, 279.0, 278.0, 277.0, 277.0, 277.0, 278.0, 279.0, 280.0, 279.0, 279.0, 279.0, 280.0, 278.0, 279.0, 279.0, 278.0, 278.0, 278.0, 278.0, 278.0, 278.0, 278.0, 279.0, 278.0, 278.0, 279.0, 279.0, 278.0, 278.0, 278.0, 278.0, 279.0, 279.0, 278.0, 279.0, 279.0, 280.0, 280.0, 279.0, 279.0, 279.0, 279.0, 278.0, 279.0, 279.0, 278.0, 279.0, 278.0, 277.0, 278.0, 277.0, 278.0, 279.0, 279.0, 278.0, 278.0, 278.0, 279.0, 279.0, 278.0, 279.0, 278.0, 278.0, 278.0, 278.0, 278.0, 278.0, 278.0, 278.0, 278.0, 278.0, 278.0, 278.0, 278.0, 278.0, 278.0, 278.0, 278.0, 278.0, 278.0, 279.0, 279.0, 278.0, 278.0, 277.0, 277.0, 278.0, 278.0, 278.0, 277.0, 278.0, 277.0, 278.0, 278.0, 278.0, 278.0, 278.0, 278.0, 277.0, 278.0, 279.0, 279.0, 279.0, 282.0, 279.0, 279.0, 278.0, 278.0, 278.0, 279.0, 278.0, 277.0, 278.0, 278.0, 278.0, 278.0, 278.0, 278.0, 278.0, 278.0, 277.0, 278.0, 278.0, 278.0, 278.0, 278.0, 279.0, 278.0, 278.0, 278.0, 277.0, 277.0, 277.0, 278.0, 277.0, 277.0, 277.0, 277.0, 277.0, 277.0, 278.0, 278.0, 278.0, 278.0, 279.0, 279.0, 279.0, 279.0, 279.0, 278.0, 278.0, 277.0, 277.0, 278.0, 277.0, 277.0, 277.0, 277.0, 278.0, 277.0, 277.0, 277.0, 278.0, 278.0, 278.0, 278.0, 278.0, 279.0, 279.0, 280.0, 279.0, 278.0, 277.0, 277.0, 277.0, 278.0, 277.0, 277.0, 278.0, 278.0, 277.0, 279.0, 279.0, 279.0, 278.0, 278.0, 278.0, 278.0, 277.0, 277.0, 277.0, 277.0, 277.0, 277.0, 277.0, 277.0, 279.0, 278.0, 278.0, 278.0, 277.0, 278.0, 278.0, 278.0, 278.0, 277.0, 278.0, 278.0, 277.0, 277.0, 278.0, 278.0, 277.0, 277.0, 277.0, 278.0, 278.0, 277.0, 277.0, 277.0, 278.0, 278.0, 278.0, 278.0, 278.0, 277.0, 277.0, 277.0, 277.0, 278.0, 277.0, 278.0, 277.0, 278.0, 278.0, 277.0, 277.0, 278.0, 279.0, 279.0, 279.0, 279.0, 279.0, 279.0, 279.0, 278.0, 280.0, 279.0, 280.0, 280.0, 278.0, 275.0, 281.0, 278.0, 279.0, 279.0, 275.0, 280.0, 280.0, 278.0, 279.0, 278.0, 279.0, 278.0, 278.0, 276.0, 276.0, 276.0, 276.0, 277.0, 277.0, 277.0, 277.0, 278.0, 278.0, 277.0, 278.0, 278.0, 278.0, 279.0, 278.0, 278.0, 278.0, 279.0, 280.0, 279.0, 279.0, 279.0, 278.0, 278.0, 277.0, 278.0, 278.0, 278.0, 278.0, 279.0, 278.0, 279.0, 279.0, 279.0, 278.0, 279.0, 279.0, 278.0, 279.0, 279.0, 278.0, 279.0, 279.0, 278.0, 279.0, 278.0, 279.0, 279.0, 280.0, 281.0, 281.0, 280.0, 280.0, 279.0, 280.0, 279.0, 280.0, 279.0, 279.0, 280.0, 279.0, 279.0, 279.0, 279.0, 279.0, 278.0, 279.0, 282.0, 280.0, 278.0, 278.0, 278.0, 279.0, 279.0, 279.0, 278.0, 279.0, 279.0, 278.0, 279.0, 280.0, 279.0, 279.0, 278.0, 279.0, 279.0, 279.0, 278.0, 279.0, 279.0, 279.0, 279.0, 279.0, 279.0, 278.0, 279.0, 279.0, 279.0, 278.0, 278.0, 278.0, 278.0, 279.0, 280.0, 279.0, 279.0, 279.0, 278.0, 279.0, 279.0, 279.0, 279.0, 279.0, 278.0, 278.0, 278.0, 278.0, 277.0, 278.0, 278.0, 278.0, 278.0, 278.0, 277.0, 277.0, 278.0, 278.0], "WindowWidth": [621.0, 618.0, 616.0, 612.0, 611.0, 610.0, 608.0, 609.0, 609.0, 607.0, 607.0, 607.0, 608.0, 608.0, 609.0, 609.0, 609.0, 611.0, 611.0, 612.0, 610.0, 610.0, 611.0, 609.0, 610.0, 612.0, 613.0, 611.0, 610.0, 610.0, 610.0, 612.0, 609.0, 608.0, 609.0, 609.0, 609.0, 610.0, 610.0, 610.0, 609.0, 609.0, 610.0, 610.0, 609.0, 613.0, 610.0, 608.0, 609.0, 608.0, 609.0, 609.0, 611.0, 610.0, 608.0, 609.0, 611.0, 610.0, 613.0, 611.0, 611.0, 610.0, 610.0, 610.0, 610.0, 610.0, 610.0, 610.0, 610.0, 610.0, 610.0, 611.0, 613.0, 612.0, 610.0, 610.0, 609.0, 610.0, 612.0, 612.0, 610.0, 608.0, 608.0, 612.0, 610.0, 611.0, 610.0, 610.0, 612.0, 613.0, 611.0, 611.0, 610.0, 611.0, 612.0, 614.0, 611.0, 614.0, 612.0, 611.0, 611.0, 610.0, 609.0, 612.0, 611.0, 611.0, 611.0, 610.0, 612.0, 610.0, 609.0, 608.0, 609.0, 610.0, 609.0, 609.0, 606.0, 612.0, 609.0, 609.0, 608.0, 608.0, 610.0, 613.0, 614.0, 612.0, 612.0, 612.0, 614.0, 611.0, 613.0, 611.0, 610.0, 610.0, 610.0, 611.0, 610.0, 610.0, 611.0, 612.0, 611.0, 611.0, 612.0, 612.0, 610.0, 611.0, 610.0, 611.0, 611.0, 612.0, 610.0, 613.0, 612.0, 613.0, 614.0, 613.0, 612.0, 611.0, 611.0, 611.0, 612.0, 611.0, 611.0, 611.0, 610.0, 608.0, 609.0, 608.0, 610.0, 611.0, 611.0, 610.0, 611.0, 611.0, 613.0, 612.0, 610.0, 611.0, 610.0, 609.0, 610.0, 609.0, 609.0, 609.0, 611.0, 611.0, 611.0, 611.0, 610.0, 610.0, 609.0, 611.0, 611.0, 611.0, 611.0, 610.0, 611.0, 613.0, 612.0, 611.0, 610.0, 609.0, 609.0, 610.0, 610.0, 610.0, 609.0, 610.0, 609.0, 611.0, 610.0, 610.0, 611.0, 610.0, 611.0, 609.0, 611.0, 611.0, 612.0, 611.0, 617.0, 612.0, 612.0, 611.0, 611.0, 610.0, 612.0, 611.0, 609.0, 610.0, 610.0, 610.0, 610.0, 611.0, 610.0, 610.0, 609.0, 609.0, 610.0, 610.0, 610.0, 610.0, 610.0, 611.0, 611.0, 610.0, 611.0, 609.0, 609.0, 609.0, 610.0, 609.0, 608.0, 609.0, 609.0, 609.0, 609.0, 610.0, 610.0, 610.0, 610.0, 612.0, 612.0, 612.0, 612.0, 611.0, 610.0, 609.0, 609.0, 609.0, 609.0, 609.0, 609.0, 609.0, 609.0, 611.0, 609.0, 608.0, 609.0, 610.0, 610.0, 610.0, 610.0, 611.0, 612.0, 612.0, 615.0, 613.0, 610.0, 609.0, 608.0, 609.0, 610.0, 609.0, 609.0, 610.0, 610.0, 609.0, 611.0, 612.0, 612.0, 610.0, 610.0, 610.0, 610.0, 609.0, 609.0, 609.0, 609.0, 608.0, 608.0, 608.0, 609.0, 612.0, 611.0, 611.0, 610.0, 608.0, 610.0, 611.0, 610.0, 610.0, 609.0, 610.0, 610.0, 609.0, 609.0, 609.0, 609.0, 609.0, 609.0, 609.0, 610.0, 610.0, 609.0, 609.0, 609.0, 609.0, 610.0, 610.0, 610.0, 610.0, 609.0, 609.0, 609.0, 609.0, 609.0, 609.0, 609.0, 609.0, 609.0, 609.0, 609.0, 609.0, 611.0, 612.0, 612.0, 612.0, 613.0, 612.0, 612.0, 612.0, 610.0, 614.0, 612.0, 613.0, 615.0, 610.0, 603.0, 616.0, 611.0, 612.0, 612.0, 605.0, 614.0, 614.0, 611.0, 613.0, 609.0, 612.0, 609.0, 610.0, 607.0, 606.0, 606.0, 607.0, 607.0, 607.0, 609.0, 609.0, 611.0, 610.0, 609.0, 610.0, 611.0, 610.0, 612.0, 611.0, 611.0, 610.0, 613.0, 614.0, 613.0, 611.0, 611.0, 610.0, 610.0, 609.0, 611.0, 611.0, 611.0, 610.0, 612.0, 611.0, 612.0, 611.0, 612.0, 611.0, 612.0, 611.0, 611.0, 611.0, 612.0, 611.0, 612.0, 611.0, 611.0, 612.0, 611.0, 612.0, 613.0, 614.0, 616.0, 616.0, 614.0, 613.0, 613.0, 613.0, 613.0, 613.0, 613.0, 613.0, 613.0, 612.0, 612.0, 612.0, 612.0, 612.0, 611.0, 613.0, 617.0, 613.0, 611.0, 610.0, 611.0, 613.0, 612.0, 612.0, 610.0, 611.0, 612.0, 611.0, 612.0, 614.0, 611.0, 611.0, 611.0, 611.0, 611.0, 611.0, 611.0, 612.0, 611.0, 611.0, 612.0, 612.0, 611.0, 611.0, 611.0, 612.0, 611.0, 610.0, 610.0, 610.0, 610.0, 612.0, 613.0, 612.0, 611.0, 611.0, 611.0, 611.0, 613.0, 612.0, 611.0, 611.0, 610.0, 610.0, 610.0, 610.0, 609.0, 610.0, 610.0, 609.0, 609.0, 609.0, 609.0, 609.0, 610.0, 610.0]}, "slices": {}}, "EventTimestamp": "14-54-32"}