{"AcquisitionMatrixPE": 64, "AcquisitionNumber": 1, "AcquisitionTime": "15:03:8.677500", "BandwidthPerPixelPhaseEncode": 28.935, "BaseResolution": 64, "BodyPartExamined": "BRAIN", "CoilCombinationMethod": "Sum of Squares", "ConsistencyInfo": "N4_VE11E_LATEST_20181129", "ConversionSoftware": "dcm2niix", "ConversionSoftwareVersion": "v1.0.20230411", "DerivedVendorReportedEchoSpacing": 0.000540003, "DeviceSerialNumber": "166182", "DwellTime": 3.4e-06, "EchoTime": 0.032, "EchoTrainLength": 64, "EffectiveEchoSpacing": 0.000540003, "FlipAngle": 40, "HeudiconvVersion": "0.13.1", "ImageOrientationPatientDICOM": [0.999032, -0.0424928, 0.0113322, 0.0436187, 0.99028, -0.132072], "ImageOrientationText": "Tra>Cor(-7.6)>Sag(0.3)", "ImageType": ["ORIGINAL", "PRIMARY", "M", "ND", "NORM", "MOSAIC"], "ImagingFrequency": 123.25672, "InPlanePhaseEncodingDirectionDICOM": "COL", "InstitutionAddress": "PEARSE STREET .,City,District,IE,D2", "InstitutionName": "TCIN", "InstitutionalDepartmentName": "MRI", "MRAcquisitionType": "2D", "MagneticFieldStrength": 3, "Manufacturer": "Siemens", "ManufacturersModelName": "Prisma", "Modality": "MR", "MultibandAccelerationFactor": 4, "NonlinearGradientCorrection": false, "PartialFourier": 1, "PatientPosition": "HFS", "PercentPhaseFOV": 100, "PercentSampling": 100, "PhaseEncodingDirection": "j-", "PhaseEncodingSteps": 64, "PhaseResolution": 1, "PixelBandwidth": 2300, "ProcedureStepDescription": "Rhodri^Head BOLD", "ProtocolName": "cmrr_mbep2d_Pictures_AP_RDS", "PulseSequenceDetails": "%SiemensSeq%\\ep2d_bold", "ReceiveCoilActiveElements": "HC2,4,6,7;SC", "ReceiveCoilName": "HeadNeck_64", "ReconMatrixPE": 64, "RefLinesPE": 12, "RepetitionTime": 0.61, "SAR": 0.363722, "ScanOptions": "FS", "ScanningSequence": "EP", "SequenceName": "*epfid2d1_64", "SequenceVariant": "SK", "SeriesDescription": "cmrr_mbep2d_Pictures_AP_RDS", "SeriesNumber": 10, "ShimSetting": [-3690, -7509, 3884, 776, -49, 703, 164, 12], "SliceThickness": 3, "SliceTiming": [0.2625, 0, 0.3275, 0.065, 0.395, 0.1325, 0.46, 0.1975, 0.525, 0.2625, 0, 0.3275, 0.065, 0.395, 0.1325, 0.46, 0.1975, 0.525, 0.2625, 0, 0.3275, 0.065, 0.395, 0.1325, 0.46, 0.1975, 0.525, 0.2625, 0, 0.3275, 0.065, 0.395, 0.1325, 0.46, 0.1975, 0.525], "SoftwareVersions": "syngo MR E11", "SpacingBetweenSlices": 3.3, "StationName": "AWP166182", "TaskName": "pictures", "TotalReadoutTime": 0.0340202, "TxRefAmp": 247.989, "dcmmeta_affine": [[-2.9970974922180176, 0.13085602223873138, 0.018512960523366928, 91.60164642333984], [0.12747851014137268, 2.9708399772644043, -0.4370456039905548, -88.98138427734375], [0.033996693789958954, 0.39621463418006897, 3.270878791809082, -105.34098052978516], [0.0, 0.0, 0.0, 1.0]], "dcmmeta_reorient_transform": [[0.0, -1.0, 0.0, 63.0], [1.0, 0.0, 0.0, 0.0], [0.0, 0.0, 1.0, 0.0], [0.0, 0.0, 0.0, 1.0]], "dcmmeta_shape": [64, 64, 36, 105], "dcmmeta_slice_dim": 2, "dcmmeta_version": 0.6, "global": {"const": {"AcquisitionMatrix": [64, 0, 0, 64], "AngioFlag": "N", "BitsAllocated": 16, "BitsStored": 12, "BodyPartExamined": "BRAIN", "Columns": 384, "EchoNumbers": 1, "EchoTime": 32.0, "EchoTrainLength": 64, "FlipAngle": 40.0, "HighBit": 11, "ImageOrientationPatient": [0.99903250168714, -0.0424928358351, 0.01133223170514, 0.04361867268073, 0.99028001995852, -0.1320715467636], "ImagePositionPatient": [-600.31813912711, -553.11938730479, -22.424590622525], "ImageType": ["ORIGINAL", "PRIMARY", "M", "ND", "NORM", "MOSAIC"], "ImagedNucleus": "1H", "ImagingFrequency": 123.25672, "InPlanePhaseEncodingDirection": "COL", "MRAcquisitionType": "2D", "MagneticFieldStrength": 3.0, "Manufacturer": "SIEMENS", "ManufacturerModelName": "Prisma", "Modality": "MR", "NumberOfAverages": 1.0, "NumberOfPhaseEncodingSteps": 64, "PercentPhaseFieldOfView": 100.0, "PercentSampling": 100.0, "PerformedProcedureStepStartTime": "144320.439000", "PhotometricInterpretation": "MONOCHROME2", "PixelBandwidth": 2300.0, "PixelRepresentation": 0, "PixelSpacing": [3.0, 3.0], "ProtocolName": "cmrr_mbep2d_Pictures_AP_RDS", "RepetitionTime": 610.0, "Rows": 384, "SAR": 0.36372239655488, "SamplesPerPixel": 1, "ScanOptions": "FS", "ScanningSequence": "EP", "SequenceName": "*epfid2d1_64", "SequenceVariant": "SK", "SeriesDescription": "cmrr_mbep2d_Pictures_AP_RDS", "SeriesNumber": 10, "SeriesTime": "150325.519000", "SliceLocation": -92.112986311976, "SliceThickness": 3.0, "SmallestImagePixelValue": 0, "SoftwareVersions": "syngo MR E11", "SpacingBetweenSlices": 3.2999998707496, "SpecificCharacterSet": "ISO_IR 100", "StudyID": "1", "StudyTime": "144320.342000", "TransmitCoilName": "Body", "VariableFlipAngleFlag": "N", "WindowCenterWidthExplanation": "Algo1"}, "slices": {}}, "time": {"samples": {"AcquisitionNumber": [1, 2, 3, 4, 5, 6, 7, 8, 9, 10, 11, 12, 13, 14, 15, 16, 17, 18, 19, 20, 21, 22, 23, 24, 25, 26, 27, 28, 29, 30, 31, 32, 33, 34, 35, 36, 37, 38, 39, 40, 41, 42, 43, 44, 45, 46, 47, 48, 49, 50, 51, 52, 53, 54, 55, 56, 57, 58, 59, 60, 61, 62, 63, 64, 65, 66, 67, 68, 69, 70, 71, 72, 73, 74, 75, 76, 77, 78, 79, 80, 81, 82, 83, 84, 85, 86, 87, 88, 89, 90, 91, 92, 93, 94, 95, 96, 97, 98, 99, 100, 101, 102, 103, 104, 105], "AcquisitionTime": ["150308.677500", "150309.287500", "150309.897500", "150310.507500", "150311.117500", "150311.727500", "150312.337500", "150312.947500", "150313.557500", "150314.167500", "150314.777500", "150315.387500", "150315.997500", "150316.607500", "150317.217500", "150317.827500", "150318.437500", "150319.047500", "150319.657500", "150320.267500", "150320.877500", "150321.487500", "150322.097500", "150322.707500", "150323.317500", "150323.927500", "150324.537500", "150325.147500", "150325.757500", "150326.367500", "150326.977500", "150327.587500", "150328.197500", "150328.807500", "150329.417500", "150330.027500", "150330.637500", "150331.247500", "150331.857500", "150332.467500", "150333.077500", "150333.687500", "150334.297500", "150334.907500", "150335.517500", "150336.127500", "150336.737500", "150337.347500", "150337.957500", "150338.567500", "150339.177500", "150339.787500", "150340.397500", "150341.007500", "150341.617500", "150342.227500", "150342.837500", "150343.447500", "150344.057500", "150344.667500", "150345.277500", "150345.887500", "150346.497500", "150347.107500", "150347.717500", "150348.327500", "150348.937500", "150349.547500", "150350.157500", "150350.767500", "150351.377500", "150351.987500", "150352.597500", "150353.207500", "150353.817500", "150354.427500", "150355.037500", "150355.647500", "150356.257500", "150356.867500", "150357.477500", "150358.087500", "150358.697500", "150359.307500", "150359.917500", "150400.527500", "150401.137500", "150401.747500", "150402.357500", "150402.967500", "150403.577500", "150404.187500", "150404.797500", "150405.407500", "150406.017500", "150406.627500", "150407.237500", "150407.847500", "150408.457500", "150409.067500", "150409.677500", "150410.287500", "150410.897500", "150411.507500", "150412.117500"], "ContentTime": ["150325.523000", "150325.526000", "150325.528000", "150325.531000", "150325.533000", "150325.536000", "150325.538000", "150325.540000", "150325.543000", "150325.545000", "150325.548000", "150325.561000", "150325.564000", "150325.566000", "150325.568000", "150325.571000", "150325.573000", "150325.576000", "150325.578000", "150325.581000", "150325.583000", "150325.585000", "150325.597000", "150325.599000", "150325.602000", "150325.604000", "150345.518000", "150345.521000", "150345.523000", "150345.526000", "150345.528000", "150345.530000", "150345.533000", "150345.535000", "150345.537000", "150345.540000", "150345.549000", "150345.551000", "150345.554000", "150345.557000", "150345.559000", "150345.562000", "150345.564000", "150345.566000", "150345.569000", "150345.571000", "150345.574000", "150345.576000", "150345.579000", "150345.581000", "150345.583000", "150345.586000", "150345.590000", "150345.593000", "150345.595000", "150345.598000", "150345.600000", "150345.602000", "150345.605000", "150405.518000", "150405.521000", "150405.523000", "150405.525000", "150405.528000", "150405.530000", "150405.533000", "150405.535000", "150405.538000", "150405.540000", "150405.542000", "150405.545000", "150405.547000", "150405.549000", "150405.552000", "150405.554000", "150405.557000", "150405.559000", "150405.561000", "150405.564000", "150405.566000", "150405.569000", "150405.571000", "150405.573000", "150405.576000", "150405.578000", "150405.580000", "150405.583000", "150405.585000", "150405.588000", "150405.590000", "150405.593000", "150405.595000", "150413.950000", "150413.952000", "150413.955000", "150413.957000", "150413.959000", "150413.962000", "150413.964000", "150413.967000", "150413.969000", "150413.971000", "150413.974000", "150413.976000", "150413.981000"], "InstanceCreationTime": ["150325.523000", "150325.526000", "150325.528000", "150325.531000", "150325.533000", "150325.536000", "150325.538000", "150325.540000", "150325.543000", "150325.545000", "150325.548000", "150325.561000", "150325.564000", "150325.566000", "150325.568000", "150325.571000", "150325.573000", "150325.576000", "150325.578000", "150325.581000", "150325.583000", "150325.585000", "150325.597000", "150325.599000", "150325.602000", "150325.604000", "150345.518000", "150345.521000", "150345.523000", "150345.526000", "150345.528000", "150345.530000", "150345.533000", "150345.535000", "150345.537000", "150345.540000", "150345.549000", "150345.551000", "150345.554000", "150345.557000", "150345.559000", "150345.562000", "150345.564000", "150345.566000", "150345.569000", "150345.571000", "150345.574000", "150345.576000", "150345.579000", "150345.581000", "150345.583000", "150345.586000", "150345.590000", "150345.593000", "150345.595000", "150345.598000", "150345.600000", "150345.602000", "150345.605000", "150405.518000", "150405.521000", "150405.523000", "150405.525000", "150405.528000", "150405.530000", "150405.533000", "150405.535000", "150405.538000", "150405.540000", "150405.542000", "150405.545000", "150405.547000", "150405.549000", "150405.552000", "150405.554000", "150405.557000", "150405.559000", "150405.561000", "150405.564000", "150405.566000", "150405.569000", "150405.571000", "150405.573000", "150405.576000", "150405.578000", "150405.580000", "150405.583000", "150405.585000", "150405.588000", "150405.590000", "150405.593000", "150405.595000", "150413.950000", "150413.952000", "150413.955000", "150413.957000", "150413.959000", "150413.962000", "150413.964000", "150413.967000", "150413.969000", "150413.971000", "150413.974000", "150413.976000", "150413.981000"], "InstanceNumber": [1, 2, 3, 4, 5, 6, 7, 8, 9, 10, 11, 12, 13, 14, 15, 16, 17, 18, 19, 20, 21, 22, 23, 24, 25, 26, 27, 28, 29, 30, 31, 32, 33, 34, 35, 36, 37, 38, 39, 40, 41, 42, 43, 44, 45, 46, 47, 48, 49, 50, 51, 52, 53, 54, 55, 56, 57, 58, 59, 60, 61, 62, 63, 64, 65, 66, 67, 68, 69, 70, 71, 72, 73, 74, 75, 76, 77, 78, 79, 80, 81, 82, 83, 84, 85, 86, 87, 88, 89, 90, 91, 92, 93, 94, 95, 96, 97, 98, 99, 100, 101, 102, 103, 104, 105], "LargestImagePixelValue": [444, 439, 437, 432, 435, 434, 426, 428, 437, 431, 455, 453, 445, 447, 439, 444, 436, 437, 434, 439, 439, 437, 442, 446, 449, 453, 447, 447, 449, 444, 446, 443, 447, 441, 443, 444, 437, 449, 439, 439, 439, 435, 441, 437, 436, 445, 437, 435, 434, 438, 435, 436, 439, 441, 438, 439, 436, 440, 432, 444, 431, 433, 435, 432, 435, 437, 434, 432, 436, 437, 434, 434, 430, 432, 433, 436, 434, 437, 432, 431, 431, 432, 432, 435, 431, 432, 433, 430, 432, 430, 446, 430, 431, 434, 431, 431, 431, 430, 431, 431, 432, 430, 432, 429, 429], "WindowCenter": [283.0, 281.0, 280.0, 279.0, 279.0, 279.0, 278.0, 278.0, 279.0, 278.0, 280.0, 280.0, 279.0, 279.0, 279.0, 279.0, 278.0, 278.0, 279.0, 279.0, 279.0, 279.0, 279.0, 279.0, 279.0, 280.0, 278.0, 278.0, 278.0, 277.0, 277.0, 277.0, 278.0, 278.0, 278.0, 278.0, 278.0, 279.0, 279.0, 280.0, 279.0, 279.0, 279.0, 279.0, 278.0, 278.0, 278.0, 278.0, 278.0, 277.0, 277.0, 277.0, 277.0, 277.0, 277.0, 278.0, 278.0, 278.0, 278.0, 279.0, 279.0, 279.0, 278.0, 279.0, 279.0, 279.0, 279.0, 278.0, 279.0, 279.0, 278.0, 278.0, 278.0, 278.0, 278.0, 278.0, 278.0, 279.0, 279.0, 279.0, 279.0, 279.0, 279.0, 279.0, 279.0, 279.0, 278.0, 278.0, 278.0, 278.0, 279.0, 278.0, 278.0, 279.0, 279.0, 279.0, 279.0, 280.0, 280.0, 279.0, 280.0, 280.0, 280.0, 279.0, 278.0], "WindowWidth": [620.0, 615.0, 614.0, 612.0, 612.0, 612.0, 609.0, 609.0, 612.0, 611.0, 614.0, 614.0, 612.0, 612.0, 611.0, 611.0, 611.0, 611.0, 612.0, 613.0, 613.0, 611.0, 613.0, 613.0, 613.0, 614.0, 611.0, 610.0, 610.0, 609.0, 609.0, 609.0, 609.0, 609.0, 610.0, 610.0, 610.0, 612.0, 612.0, 613.0, 612.0, 612.0, 612.0, 613.0, 611.0, 610.0, 610.0, 610.0, 609.0, 608.0, 608.0, 608.0, 608.0, 609.0, 608.0, 609.0, 609.0, 610.0, 609.0, 613.0, 611.0, 611.0, 611.0, 611.0, 613.0, 611.0, 612.0, 611.0, 611.0, 611.0, 610.0, 610.0, 609.0, 610.0, 610.0, 611.0, 611.0, 612.0, 611.0, 611.0, 612.0, 612.0, 612.0, 612.0, 612.0, 611.0, 610.0, 610.0, 611.0, 609.0, 611.0, 610.0, 611.0, 612.0, 612.0, 613.0, 613.0, 613.0, 613.0, 613.0, 613.0, 613.0, 613.0, 612.0, 611.0]}, "slices": {}}, "EventTimestamp": "15-05-21"}