{
  "AcquisitionMatrixPE": 64,
  "AcquisitionNumber": 1,
  "AcquisitionTime": "15:29:50.607500",
  "BandwidthPerPixelPhaseEncode": 31.25,
  "BaseResolution": 64,
  "BodyPartExamined": "BRAIN",
  "CoilCombinationMethod": "Sum of Squares",
  "ConsistencyInfo": "N4_VE11E_LATEST_20181129",
  "ConversionSoftware": "dcm2niix",
  "ConversionSoftwareVersion": "v1.0.20230411",
  "DerivedVendorReportedEchoSpacing": 0.0005,
  "DeviceSerialNumber": "166182",
  "DwellTime": 3.4e-06,
  "EchoTime": 0.032,
  "EchoTrainLength": 64,
  "EffectiveEchoSpacing": 0.0005,
  "FlipAngle": 40,
  "HeudiconvVersion": "0.13.1",
  "ImageOrientationPatientDICOM": [0.999765, 0.021645, -0.000861832, -0.0214658, 0.995265, 0.0947976],
  "ImageOrientationText": "Tra>Cor(5.4)>Sag(-0.2)",
  "ImageType": [
    "ORIGINAL",
    "PRIMARY",
    "M",
    "ND",
    "NORM",
    "MOSAIC"
],
  "ImagingFrequency": 123.257033,
  "InPlanePhaseEncodingDirectionDICOM": "COL",
  "InstitutionAddress": "PEARSE STREET .,City,District,IE,D2",
  "InstitutionName": "TCIN",
  "InstitutionalDepartmentName": "MRI",
  "MRAcquisitionType": "2D",
  "MagneticFieldStrength": 3,
  "Manufacturer": "Siemens",
  "ManufacturersModelName": "Prisma",
  "MatrixCoilMode": "SENSE",
  "Modality": "MR",
  "NonlinearGradientCorrection": false,
  "PartialFourier": 1,
  "PatientPosition": "HFS",
  "PercentPhaseFOV": 100,
  "PercentSampling": 100,
  "PhaseEncodingDirection": "j-",
  "PhaseEncodingSteps": 64,
  "PhaseResolution": 1,
  "PixelBandwidth": 2300,
  "ProcedureStepDescription": "Rhodri^Head BOLD",
  "ProtocolName": "cmrr_SBep2d_se_AP",
  "PulseSequenceDetails": "%SiemensSeq%\\ep2d_bold",
  "ReceiveCoilActiveElements": "HC2,4,6,7;SC",
  "ReceiveCoilName": "SpecialPurpose_4",
  "ReconMatrixPE": 64,
  "RepetitionTime": 2.26,
  "SAR": 0.266566,
  "ScanOptions": "FS",
  "ScanningSequence": "EP",
  "SequenceName": "*epfid2d1_64",
  "SequenceVariant": "SK",
  "SeriesDescription": "cmrr_SBep2d_se_AP",
  "SeriesNumber": 6,
  "ShimSetting": [-3651, -7367, 3788, 972, -146, 124, -97, 122],
  "SliceThickness": 3,
  "SliceTiming": [1.1175, 0, 1.18, 0.06, 1.2425, 0.1225, 1.305, 0.185, 1.3675, 0.2475, 1.43, 0.31, 1.4925, 0.3725, 1.555, 0.435, 1.6175, 0.4975, 1.6775, 0.5575, 1.74, 0.62, 1.8025, 0.6825, 1.865, 0.745, 1.9275, 0.8075, 1.99, 0.87, 2.0525, 0.9325, 2.115, 0.995, 2.1775, 1.0575],
  "SoftwareVersions": "syngo MR E11",
  "SpacingBetweenSlices": 3.3,
  "StationName": "AWP166182",
  "TotalReadoutTime": 0.0315,
  "TxRefAmp": 246.567,
  "dcmmeta_affine": [
    [-2.999295949935913, -0.06439743936061859, -0.009601814672350883, 100.98286437988281],
    [-0.0649348795413971, 2.985795259475708, 0.31269749999046326, -103.01155090332031],
    [-0.0025854958221316338, -0.28439268469810486, 3.285137414932251, -101.93004608154297],
    [0.0, 0.0, 0.0, 1.0]
],
  "dcmmeta_reorient_transform": [
    [0.0, -1.0, 0.0, 63.0],
    [1.0, 0.0, 0.0, 0.0],
    [0.0, 0.0, 1.0, 0.0],
    [0.0, 0.0, 0.0, 1.0]
],
  "dcmmeta_shape": [64, 64, 36, 10],
  "dcmmeta_slice_dim": 2,
  "dcmmeta_version": 0.6,
  "global": {
    "const": {
      "AcquisitionMatrix": [64, 0, 0, 64],
      "AngioFlag": "N",
      "BitsAllocated": 16,
      "BitsStored": 12,
      "BodyPartExamined": "BRAIN",
      "Columns": 384,
      "EchoNumbers": 1,
      "EchoTime": 32.0,
      "EchoTrainLength": 64,
      "FlipAngle": 40.0,
      "HighBit": 11,
      "ImageOrientationPatient": [0.99976534892413, 0.02164496099081, -0.0008618319534, -0.0214658119091, 0.99526511093922, 0.09479756255427],
      "ImagePositionPatient": [-566.50960204813, -573.21038861889, -164.93593743012],
      "ImageType": [
        "ORIGINAL",
        "PRIMARY",
        "M",
        "ND",
        "NORM",
        "MOSAIC"
],
      "ImagedNucleus": "1H",
      "ImagingFrequency": 123.257033,
      "InPlanePhaseEncodingDirection": "COL",
      "MRAcquisitionType": "2D",
      "MagneticFieldStrength": 3.0,
      "Manufacturer": "SIEMENS",
      "ManufacturerModelName": "Prisma",
      "Modality": "MR",
      "NumberOfAverages": 1.0,
      "NumberOfPhaseEncodingSteps": 64,
      "PercentPhaseFieldOfView": 100.0,
      "PercentSampling": 100.0,
      "PerformedProcedureStepStartTime": "151524.614000",
      "PhotometricInterpretation": "MONOCHROME2",
      "PixelBandwidth": 2300.0,
      "PixelRepresentation": 0,
      "PixelSpacing": [3.0, 3.0],
      "ProtocolName": "cmrr_SBep2d_se_AP",
      "RepetitionTime": 2260.0,
      "Rows": 384,
      "SAR": 0.26656610101445,
      "SamplesPerPixel": 1,
      "ScanOptions": "FS",
      "ScanningSequence": "EP",
      "SequenceName": "*epfid2d1_64",
      "SequenceVariant": "SK",
      "SeriesDescription": "cmrr_SBep2d_se_AP",
      "SeriesNumber": 6,
      "SeriesTime": "153013.070000",
      "SliceLocation": -111.52584538511,
      "SliceThickness": 3.0,
      "SmallestImagePixelValue": 0,
      "SoftwareVersions": "syngo MR E11",
      "SpacingBetweenSlices": 3.299999913584,
      "SpecificCharacterSet": "ISO_IR 100",
      "StudyID": "2",
      "StudyTime": "151524.554000",
      "TransmitCoilName": "Body",
      "VariableFlipAngleFlag": "N",
      "WindowCenterWidthExplanation": "Algo1"
    },
    "slices": {}
  },
  "time": {
    "samples": {
      "AcquisitionNumber": [1, 2, 3, 4, 5, 6, 7, 8, 9, 10],
      "AcquisitionTime": ["152950.607500", "152952.867500", "152955.127500", "152957.387500", "152959.647500", "153001.907500", "153004.167500", "153006.427500", "153008.687500", "153010.947500"],
      "ContentTime": ["153013.074000", "153013.077000", "153013.080000", "153013.082000", "153013.084000", "153013.087000", "153013.089000", "153013.092000", "153013.094000", "153013.097000"],
      "InstanceCreationTime": ["153013.074000", "153013.077000", "153013.080000", "153013.082000", "153013.084000", "153013.087000", "153013.089000", "153013.092000", "153013.094000", "153013.097000"],
      "InstanceNumber": [1, 2, 3, 4, 5, 6, 7, 8, 9, 10],
      "LargestImagePixelValue": [739, 787, 731, 701, 753, 735, 710, 706, 737, 752],
      "WindowCenter": [376.0, 382.0, 384.0, 377.0, 383.0, 381.0, 379.0, 378.0, 375.0, 372.0],
      "WindowWidth": [794.0, 806.0, 811.0, 798.0, 808.0, 804.0, 800.0, 799.0, 792.0, 787.0]
    },
    "slices": {}
  }
}