{"AcquisitionMatrixPE": 64, "AcquisitionNumber": 1, "AcquisitionTime": "11:55:45.740000", "BandwidthPerPixelPhaseEncode": 28.935, "BaseResolution": 64, "BodyPartExamined": "BRAIN", "CoilCombinationMethod": "Sum of Squares", "ConsistencyInfo": "N4_VE11E_LATEST_20181129", "ConversionSoftware": "dcm2niix", "ConversionSoftwareVersion": "v1.0.20230411", "DerivedVendorReportedEchoSpacing": 0.000540003, "DeviceSerialNumber": "166182", "DwellTime": 3.4e-06, "EchoTime": 0.032, "EchoTrainLength": 64, "EffectiveEchoSpacing": 0.000540003, "FlipAngle": 40, "HeudiconvVersion": "0.13.1", "ImageOrientationPatientDICOM": [0.998616, 0.00792937, -0.0519992, -0.00522885, 0.99864, 0.0518659], "ImageOrientationText": "Tra>Sag(-3.0)>Cor(3.0)", "ImageType": ["ORIGINAL", "PRIMARY", "M", "ND", "NORM", "MOSAIC"], "ImagingFrequency": 123.254774, "InPlanePhaseEncodingDirectionDICOM": "COL", "InstitutionAddress": "PEARSE STREET .,City,District,IE,D2", "InstitutionName": "TCIN", "InstitutionalDepartmentName": "MRI", "MRAcquisitionType": "2D", "MagneticFieldStrength": 3, "Manufacturer": "Siemens", "ManufacturersModelName": "Prisma", "Modality": "MR", "MultibandAccelerationFactor": 4, "NonlinearGradientCorrection": false, "PartialFourier": 1, "PatientPosition": "HFS", "PercentPhaseFOV": 100, "PercentSampling": 100, "PhaseEncodingDirection": "j-", "PhaseEncodingSteps": 64, "PhaseResolution": 1, "PixelBandwidth": 2300, "ProcedureStepDescription": "Rhodri^Head BOLD", "ProtocolName": "cmrr_mbep2d_Pictures_AP_RDS", "PulseSequenceDetails": "%SiemensSeq%\\ep2d_bold", "ReceiveCoilActiveElements": "HC2,4,6,7;SC", "ReceiveCoilName": "SpecialPurpose_4", "ReconMatrixPE": 64, "RefLinesPE": 12, "RepetitionTime": 0.61, "SAR": 0.247392, "ScanOptions": "FS", "ScanningSequence": "EP", "SequenceName": "*epfid2d1_64", "SequenceVariant": "SK", "SeriesDescription": "cmrr_mbep2d_Pictures_AP_RDS", "SeriesNumber": 8, "ShimSetting": [-3597, -7460, 3948, 903, -177, 446, -70, 154], "SliceThickness": 3, "SliceTiming": [0.26, 0, 0.3275, 0.065, 0.3925, 0.13, 0.4575, 0.195, 0.5225, 0.26, 0, 0.3275, 0.065, 0.3925, 0.13, 0.4575, 0.195, 0.5225, 0.26, 0, 0.3275, 0.065, 0.3925, 0.13, 0.4575, 0.195, 0.5225, 0.26, 0, 0.3275, 0.065, 0.3925, 0.13, 0.4575, 0.195, 0.5225], "SoftwareVersions": "syngo MR E11", "SpacingBetweenSlices": 3.3, "StationName": "AWP166182", "TaskName": "pictures", "TotalReadoutTime": 0.0340202, "TxRefAmp": 222.777, "dcmmeta_affine": [[-2.99584698677063, -0.015686536207795143, -0.17272105813026428, 98.37765502929688], [-0.02378811500966549, 2.9959211349487305, 0.17002329230308533, -104.98529052734375], [-0.15599745512008667, -0.1555977314710617, 3.2910878658294678, -73.87784576416016], [0.0, 0.0, 0.0, 1.0]], "dcmmeta_reorient_transform": [[0.0, -1.0, 0.0, 63.0], [1.0, 0.0, 0.0, 0.0], [0.0, 0.0, 1.0, 0.0], [0.0, 0.0, 0.0, 1.0]], "dcmmeta_shape": [64, 64, 36, 180], "dcmmeta_slice_dim": 2, "dcmmeta_version": 0.6, "global": {"const": {"AcquisitionMatrix": [64, 0, 0, 64], "AngioFlag": "N", "BitsAllocated": 16, "BitsStored": 12, "BodyPartExamined": "BRAIN", "Columns": 384, "EchoNumbers": 1, "EchoTime": 32.0, "EchoTrainLength": 64, "FlipAngle": 40.0, "HighBit": 11, "ImageOrientationPatient": [0.99861564836223, 0.00792937138168, -0.0519991530275, -0.0052288455892, 0.99864036903498, 0.05186590891409], "ImagePositionPatient": [-574.21507155436, -566.91121706508, -83.616542101142], "ImageType": ["ORIGINAL", "PRIMARY", "M", "ND", "NORM", "MOSAIC"], "ImagedNucleus": "1H", "ImagingFrequency": 123.254774, "InPlanePhaseEncodingDirection": "COL", "MRAcquisitionType": "2D", "MagneticFieldStrength": 3.0, "Manufacturer": "SIEMENS", "ManufacturerModelName": "Prisma", "Modality": "MR", "NumberOfAverages": 1.0, "NumberOfPhaseEncodingSteps": 64, "PercentPhaseFieldOfView": 100.0, "PercentSampling": 100.0, "PerformedProcedureStepStartTime": "114236.002000", "PhotometricInterpretation": "MONOCHROME2", "PixelBandwidth": 2300.0, "PixelRepresentation": 0, "PixelSpacing": [3.0, 3.0], "ProtocolName": "cmrr_mbep2d_Pictures_AP_RDS", "RepetitionTime": 610.0, "Rows": 384, "SAR": 0.24739213264571, "SamplesPerPixel": 1, "ScanOptions": "FS", "ScanningSequence": "EP", "SequenceName": "*epfid2d1_64", "SequenceVariant": "SK", "SeriesDescription": "cmrr_mbep2d_Pictures_AP_RDS", "SeriesNumber": 8, "SeriesTime": "115559.787000", "SliceLocation": -84.236458279961, "SliceThickness": 3.0, "SmallestImagePixelValue": 0, "SoftwareVersions": "syngo MR E11", "SpacingBetweenSlices": 3.2999998847304, "SpecificCharacterSet": "ISO_IR 100", "StudyID": "1", "StudyTime": "114235.935000", "TransmitCoilName": "Body", "VariableFlipAngleFlag": "N", "WindowCenterWidthExplanation": "Algo1"}, "slices": {}}, "time": {"samples": {"AcquisitionNumber": [1, 2, 3, 4, 5, 6, 7, 8, 9, 10, 11, 12, 13, 14, 15, 16, 17, 18, 19, 20, 21, 22, 23, 24, 25, 26, 27, 28, 29, 30, 31, 32, 33, 34, 35, 36, 37, 38, 39, 40, 41, 42, 43, 44, 45, 46, 47, 48, 49, 50, 51, 52, 53, 54, 55, 56, 57, 58, 59, 60, 61, 62, 63, 64, 65, 66, 67, 68, 69, 70, 71, 72, 73, 74, 75, 76, 77, 78, 79, 80, 81, 82, 83, 84, 85, 86, 87, 88, 89, 90, 91, 92, 93, 94, 95, 96, 97, 98, 99, 100, 101, 102, 103, 104, 105, 106, 107, 108, 109, 110, 111, 112, 113, 114, 115, 116, 117, 118, 119, 120, 121, 122, 123, 124, 125, 126, 127, 128, 129, 130, 131, 132, 133, 134, 135, 136, 137, 138, 139, 140, 141, 142, 143, 144, 145, 146, 147, 148, 149, 150, 151, 152, 153, 154, 155, 156, 157, 158, 159, 160, 161, 162, 163, 164, 165, 166, 167, 168, 169, 170, 171, 172, 173, 174, 175, 176, 177, 178, 179, 180], "AcquisitionTime": ["115545.740000", "115546.350000", "115546.960000", "115547.570000", "115548.180000", "115548.790000", "115549.400000", "115550.010000", "115550.620000", "115551.230000", "115551.840000", "115552.450000", "115553.060000", "115553.670000", "115554.280000", "115554.890000", "115555.500000", "115556.110000", "115556.720000", "115557.330000", "115557.940000", "115558.550000", "115559.160000", "115559.770000", "115600.380000", "115600.990000", "115601.600000", "115602.210000", "115602.820000", "115603.430000", "115604.040000", "115604.650000", "115605.260000", "115605.870000", "115606.480000", "115607.090000", "115607.700000", "115608.310000", "115608.920000", "115609.530000", "115610.140000", "115610.750000", "115611.360000", "115611.970000", "115612.580000", "115613.190000", "115613.800000", "115614.410000", "115615.020000", "115615.630000", "115616.240000", "115616.850000", "115617.460000", "115618.070000", "115618.680000", "115619.290000", "115619.900000", "115620.510000", "115621.120000", "115621.730000", "115622.340000", "115622.950000", "115623.560000", "115624.170000", "115624.780000", "115625.390000", "115626.000000", "115626.610000", "115627.220000", "115627.830000", "115628.440000", "115629.050000", "115629.660000", "115630.270000", "115630.880000", "115631.490000", "115632.100000", "115632.710000", "115633.320000", "115633.930000", "115634.540000", "115635.150000", "115635.760000", "115636.370000", "115636.980000", "115637.590000", "115638.200000", "115638.810000", "115639.420000", "115640.030000", "115640.640000", "115641.250000", "115641.860000", "115642.470000", "115643.080000", "115643.690000", "115644.300000", "115644.910000", "115645.520000", "115646.130000", "115646.740000", "115647.350000", "115647.960000", "115648.570000", "115649.180000", "115649.790000", "115650.400000", "115651.010000", "115651.620000", "115652.230000", "115652.840000", "115653.450000", "115654.060000", "115654.670000", "115655.280000", "115655.890000", "115656.500000", "115657.110000", "115657.720000", "115658.330000", "115658.940000", "115659.550000", "115700.160000", "115700.770000", "115701.380000", "115701.990000", "115702.600000", "115703.210000", "115703.820000", "115704.430000", "115705.040000", "115705.650000", "115706.260000", "115706.870000", "115707.480000", "115708.090000", "115708.700000", "115709.310000", "115709.920000", "115710.530000", "115711.140000", "115711.750000", "115712.360000", "115712.970000", "115713.580000", "115714.190000", "115714.800000", "115715.410000", "115716.020000", "115716.630000", "115717.240000", "115717.850000", "115718.460000", "115719.070000", "115719.680000", "115720.290000", "115720.900000", "115721.510000", "115722.120000", "115722.730000", "115723.340000", "115723.950000", "115724.560000", "115725.170000", "115725.780000", "115726.390000", "115727.000000", "115727.610000", "115728.220000", "115728.830000", "115729.440000", "115730.050000", "115730.660000", "115731.270000", "115731.880000", "115732.490000", "115733.100000", "115733.710000", "115734.320000", "115734.930000"], "ContentTime": ["115559.790000", "115559.793000", "115559.795000", "115559.798000", "115559.800000", "115559.803000", "115559.805000", "115559.807000", "115559.810000", "115559.812000", "115559.814000", "115559.817000", "115559.819000", "115559.822000", "115559.824000", "115559.827000", "115559.829000", "115559.831000", "115559.834000", "115559.836000", "115559.847000", "115559.850000", "115559.852000", "115619.786000", "115619.789000", "115619.800000", "115619.802000", "115619.804000", "115619.807000", "115619.809000", "115619.811000", "115619.814000", "115619.817000", "115619.819000", "115619.822000", "115619.824000", "115619.827000", "115619.829000", "115619.832000", "115619.834000", "115619.836000", "115619.839000", "115619.841000", "115619.844000", "115619.846000", "115619.848000", "115619.851000", "115619.853000", "115619.856000", "115619.858000", "115619.860000", "115619.863000", "115619.870000", "115619.872000", "115619.875000", "115639.786000", "115639.789000", "115639.792000", "115639.794000", "115639.797000", "115639.799000", "115639.802000", "115639.804000", "115639.806000", "115639.809000", "115639.815000", "115639.817000", "115639.820000", "115639.822000", "115639.824000", "115639.827000", "115639.829000", "115639.832000", "115639.834000", "115639.836000", "115639.839000", "115639.841000", "115639.843000", "115639.846000", "115639.849000", "115639.851000", "115639.854000", "115639.856000", "115639.858000", "115639.861000", "115639.863000", "115639.866000", "115639.868000", "115659.786000", "115659.789000", "115659.791000", "115659.794000", "115659.796000", "115659.798000", "115659.801000", "115659.803000", "115659.806000", "115659.808000", "115659.811000", "115659.813000", "115659.816000", "115659.818000", "115659.820000", "115659.823000", "115659.825000", "115659.828000", "115659.830000", "115659.832000", "115659.835000", "115659.837000", "115659.840000", "115659.842000", "115659.844000", "115659.847000", "115659.849000", "115659.852000", "115659.854000", "115659.856000", "115659.859000", "115659.861000", "115659.864000", "115719.786000", "115719.789000", "115719.791000", "115719.794000", "115719.796000", "115719.798000", "115719.801000", "115719.803000", "115719.805000", "115719.808000", "115719.810000", "115719.813000", "115719.815000", "115719.817000", "115719.820000", "115719.822000", "115719.825000", "115719.827000", "115719.829000", "115719.832000", "115719.834000", "115719.837000", "115719.839000", "115719.843000", "115719.845000", "115719.848000", "115719.851000", "115719.853000", "115719.855000", "115719.858000", "115719.872000", "115719.874000", "115719.877000", "115735.782000", "115735.785000", "115735.787000", "115735.790000", "115735.792000", "115735.795000", "115735.797000", "115735.800000", "115735.802000", "115735.805000", "115735.807000", "115735.810000", "115735.812000", "115735.815000", "115735.817000", "115735.820000", "115735.826000", "115735.828000", "115735.831000", "115735.833000", "115735.836000", "115735.840000", "115735.842000", "115735.845000", "115735.848000", "115735.850000"], "InstanceCreationTime": ["115559.790000", "115559.793000", "115559.795000", "115559.798000", "115559.800000", "115559.803000", "115559.805000", "115559.807000", "115559.810000", "115559.812000", "115559.814000", "115559.817000", "115559.819000", "115559.822000", "115559.824000", "115559.827000", "115559.829000", "115559.831000", "115559.834000", "115559.836000", "115559.847000", "115559.850000", "115559.852000", "115619.786000", "115619.789000", "115619.800000", "115619.802000", "115619.804000", "115619.807000", "115619.809000", "115619.811000", "115619.814000", "115619.817000", "115619.819000", "115619.822000", "115619.824000", "115619.827000", "115619.829000", "115619.832000", "115619.834000", "115619.836000", "115619.839000", "115619.841000", "115619.844000", "115619.846000", "115619.848000", "115619.851000", "115619.853000", "115619.856000", "115619.858000", "115619.860000", "115619.863000", "115619.870000", "115619.872000", "115619.875000", "115639.786000", "115639.789000", "115639.792000", "115639.794000", "115639.797000", "115639.799000", "115639.802000", "115639.804000", "115639.806000", "115639.809000", "115639.815000", "115639.817000", "115639.820000", "115639.822000", "115639.824000", "115639.827000", "115639.829000", "115639.832000", "115639.834000", "115639.836000", "115639.839000", "115639.841000", "115639.843000", "115639.846000", "115639.849000", "115639.851000", "115639.854000", "115639.856000", "115639.858000", "115639.861000", "115639.863000", "115639.866000", "115639.868000", "115659.786000", "115659.789000", "115659.791000", "115659.794000", "115659.796000", "115659.798000", "115659.801000", "115659.803000", "115659.806000", "115659.808000", "115659.811000", "115659.813000", "115659.816000", "115659.818000", "115659.820000", "115659.823000", "115659.825000", "115659.828000", "115659.830000", "115659.832000", "115659.835000", "115659.837000", "115659.840000", "115659.842000", "115659.844000", "115659.847000", "115659.849000", "115659.852000", "115659.854000", "115659.856000", "115659.859000", "115659.861000", "115659.864000", "115719.786000", "115719.789000", "115719.791000", "115719.794000", "115719.796000", "115719.798000", "115719.801000", "115719.803000", "115719.805000", "115719.808000", "115719.810000", "115719.813000", "115719.815000", "115719.817000", "115719.820000", "115719.822000", "115719.825000", "115719.827000", "115719.829000", "115719.832000", "115719.834000", "115719.837000", "115719.839000", "115719.843000", "115719.845000", "115719.848000", "115719.851000", "115719.853000", "115719.855000", "115719.858000", "115719.872000", "115719.874000", "115719.877000", "115735.782000", "115735.785000", "115735.787000", "115735.790000", "115735.792000", "115735.795000", "115735.797000", "115735.800000", "115735.802000", "115735.805000", "115735.807000", "115735.810000", "115735.812000", "115735.815000", "115735.817000", "115735.820000", "115735.826000", "115735.828000", "115735.831000", "115735.833000", "115735.836000", "115735.840000", "115735.842000", "115735.845000", "115735.848000", "115735.850000"], "InstanceNumber": [1, 2, 3, 4, 5, 6, 7, 8, 9, 10, 11, 12, 13, 14, 15, 16, 17, 18, 19, 20, 21, 22, 23, 24, 25, 26, 27, 28, 29, 30, 31, 32, 33, 34, 35, 36, 37, 38, 39, 40, 41, 42, 43, 44, 45, 46, 47, 48, 49, 50, 51, 52, 53, 54, 55, 56, 57, 58, 59, 60, 61, 62, 63, 64, 65, 66, 67, 68, 69, 70, 71, 72, 73, 74, 75, 76, 77, 78, 79, 80, 81, 82, 83, 84, 85, 86, 87, 88, 89, 90, 91, 92, 93, 94, 95, 96, 97, 98, 99, 100, 101, 102, 103, 104, 105, 106, 107, 108, 109, 110, 111, 112, 113, 114, 115, 116, 117, 118, 119, 120, 121, 122, 123, 124, 125, 126, 127, 128, 129, 130, 131, 132, 133, 134, 135, 136, 137, 138, 139, 140, 141, 142, 143, 144, 145, 146, 147, 148, 149, 150, 151, 152, 153, 154, 155, 156, 157, 158, 159, 160, 161, 162, 163, 164, 165, 166, 167, 168, 169, 170, 171, 172, 173, 174, 175, 176, 177, 178, 179, 180], "LargestImagePixelValue": [570, 555, 534, 522, 549, 594, 552, 559, 529, 560, 564, 549, 544, 554, 548, 517, 523, 514, 505, 519, 545, 535, 525, 580, 546, 548, 551, 538, 518, 515, 520, 515, 535, 564, 560, 554, 524, 549, 529, 544, 539, 541, 538, 520, 520, 516, 516, 514, 512, 511, 521, 518, 518, 521, 523, 584, 529, 583, 566, 528, 593, 559, 546, 545, 534, 553, 556, 538, 530, 532, 532, 530, 529, 521, 531, 531, 540, 543, 534, 531, 521, 509, 585, 550, 552, 575, 536, 554, 520, 518, 545, 554, 525, 554, 587, 566, 592, 557, 551, 563, 558, 558, 543, 539, 541, 545, 540, 534, 541, 541, 539, 532, 536, 531, 529, 528, 518, 524, 519, 520, 525, 521, 520, 524, 521, 518, 522, 526, 531, 532, 536, 533, 534, 539, 530, 532, 531, 528, 528, 533, 531, 530, 534, 529, 517, 523, 522, 530, 532, 540, 510, 550, 496, 475, 507, 523, 534, 527, 559, 536, 526, 514, 539, 522, 507, 516, 524, 534, 499, 523, 577, 534, 570, 583, 555, 526, 541, 541, 525, 551], "WindowCenter": [309.0, 305.0, 300.0, 300.0, 297.0, 301.0, 303.0, 303.0, 300.0, 298.0, 303.0, 303.0, 300.0, 299.0, 300.0, 300.0, 301.0, 302.0, 299.0, 297.0, 300.0, 283.0, 292.0, 299.0, 295.0, 303.0, 303.0, 301.0, 298.0, 299.0, 301.0, 298.0, 299.0, 299.0, 299.0, 300.0, 302.0, 301.0, 301.0, 302.0, 302.0, 303.0, 305.0, 300.0, 301.0, 301.0, 300.0, 301.0, 301.0, 300.0, 301.0, 302.0, 302.0, 302.0, 302.0, 288.0, 292.0, 310.0, 300.0, 298.0, 298.0, 300.0, 300.0, 300.0, 301.0, 299.0, 303.0, 301.0, 300.0, 304.0, 303.0, 304.0, 303.0, 303.0, 303.0, 303.0, 304.0, 303.0, 302.0, 302.0, 301.0, 281.0, 303.0, 303.0, 307.0, 304.0, 300.0, 302.0, 299.0, 300.0, 299.0, 302.0, 289.0, 294.0, 302.0, 301.0, 304.0, 301.0, 304.0, 304.0, 306.0, 306.0, 303.0, 302.0, 302.0, 302.0, 302.0, 303.0, 303.0, 302.0, 302.0, 301.0, 302.0, 302.0, 302.0, 302.0, 302.0, 302.0, 301.0, 302.0, 302.0, 302.0, 301.0, 302.0, 303.0, 303.0, 304.0, 304.0, 302.0, 302.0, 302.0, 301.0, 302.0, 304.0, 302.0, 302.0, 302.0, 303.0, 302.0, 303.0, 302.0, 302.0, 302.0, 302.0, 302.0, 303.0, 301.0, 301.0, 302.0, 302.0, 288.0, 291.0, 294.0, 290.0, 295.0, 303.0, 303.0, 301.0, 305.0, 301.0, 301.0, 302.0, 304.0, 304.0, 300.0, 301.0, 301.0, 301.0, 294.0, 298.0, 301.0, 295.0, 301.0, 304.0, 301.0, 299.0, 303.0, 300.0, 300.0, 287.0], "WindowWidth": [671.0, 663.0, 653.0, 653.0, 648.0, 654.0, 658.0, 659.0, 652.0, 648.0, 658.0, 657.0, 652.0, 652.0, 652.0, 653.0, 655.0, 657.0, 651.0, 646.0, 653.0, 621.0, 638.0, 650.0, 643.0, 658.0, 658.0, 655.0, 649.0, 651.0, 654.0, 648.0, 650.0, 651.0, 651.0, 653.0, 656.0, 655.0, 654.0, 656.0, 656.0, 658.0, 663.0, 654.0, 655.0, 655.0, 653.0, 654.0, 654.0, 653.0, 655.0, 656.0, 656.0, 656.0, 657.0, 628.0, 637.0, 672.0, 653.0, 649.0, 649.0, 654.0, 653.0, 654.0, 654.0, 651.0, 658.0, 654.0, 653.0, 660.0, 658.0, 660.0, 659.0, 659.0, 659.0, 658.0, 659.0, 659.0, 657.0, 657.0, 655.0, 617.0, 657.0, 658.0, 666.0, 661.0, 653.0, 656.0, 652.0, 652.0, 649.0, 656.0, 632.0, 642.0, 658.0, 655.0, 661.0, 654.0, 661.0, 659.0, 663.0, 663.0, 658.0, 656.0, 656.0, 656.0, 656.0, 658.0, 658.0, 657.0, 656.0, 655.0, 657.0, 657.0, 656.0, 656.0, 656.0, 656.0, 656.0, 657.0, 656.0, 657.0, 655.0, 657.0, 659.0, 659.0, 660.0, 659.0, 657.0, 655.0, 656.0, 655.0, 656.0, 660.0, 656.0, 657.0, 656.0, 658.0, 657.0, 658.0, 657.0, 656.0, 656.0, 656.0, 656.0, 658.0, 655.0, 654.0, 656.0, 656.0, 629.0, 633.0, 641.0, 633.0, 641.0, 658.0, 657.0, 655.0, 663.0, 655.0, 654.0, 656.0, 660.0, 660.0, 653.0, 653.0, 654.0, 654.0, 641.0, 648.0, 656.0, 642.0, 654.0, 661.0, 654.0, 650.0, 657.0, 652.0, 654.0, 628.0]}, "slices": {}}, "EventTimestamp": "11-59-10"}