{"AcquisitionMatrixPE": 64, "AcquisitionNumber": 1, "AcquisitionTime": "11:07:17.962500", "BandwidthPerPixelPhaseEncode": 28.935, "BaseResolution": 64, "BodyPartExamined": "BRAIN", "CoilCombinationMethod": "Sum of Squares", "ConsistencyInfo": "N4_VE11E_LATEST_20181129", "ConversionSoftware": "dcm2niix", "ConversionSoftwareVersion": "v1.0.20230411", "DerivedVendorReportedEchoSpacing": 0.000540003, "DeviceSerialNumber": "166182", "DwellTime": 3.4e-06, "EchoTime": 0.032, "EchoTrainLength": 64, "EffectiveEchoSpacing": 0.000540003, "FlipAngle": 40, "HeudiconvVersion": "0.13.1", "ImageOrientationPatientDICOM": [0.99841, 0.056206, -0.00419878, -0.0563442, 0.997215, -0.048867], "ImageOrientationText": "Tra>Cor(-2.8)>Sag(-0.1)", "ImageType": ["ORIGINAL", "PRIMARY", "M", "ND", "NORM", "MOSAIC"], "ImagingFrequency": 123.256131, "InPlanePhaseEncodingDirectionDICOM": "COL", "InstitutionAddress": "PEARSE STREET .,City,District,IE,D2", "InstitutionName": "TCIN", "InstitutionalDepartmentName": "MRI", "MRAcquisitionType": "2D", "MagneticFieldStrength": 3, "Manufacturer": "Siemens", "ManufacturersModelName": "Prisma", "Modality": "MR", "MultibandAccelerationFactor": 4, "NonlinearGradientCorrection": false, "PartialFourier": 1, "PatientPosition": "HFS", "PercentPhaseFOV": 100, "PercentSampling": 100, "PhaseEncodingDirection": "j-", "PhaseEncodingSteps": 64, "PhaseResolution": 1, "PixelBandwidth": 2300, "ProcedureStepDescription": "Rhodri^Head BOLD", "ProtocolName": "cmrr_mbep2d_Pictures_AP_RDS", "PulseSequenceDetails": "%SiemensSeq%\\ep2d_bold", "ReceiveCoilActiveElements": "HC2,4,6,7;SC", "ReceiveCoilName": "SpecialPurpose_4", "ReconMatrixPE": 64, "RefLinesPE": 12, "RepetitionTime": 0.61, "SAR": 0.34522, "ScanOptions": "FS", "ScanningSequence": "EP", "SequenceName": "*epfid2d1_64", "SequenceVariant": "SK", "SeriesDescription": "cmrr_mbep2d_Pictures_AP_RDS", "SeriesNumber": 5, "ShimSetting": [-3587, -7396, 3952, 611, 13, 378, 126, 257], "SliceThickness": 3, "SliceTiming": [0.2625, 0, 0.3275, 0.065, 0.3925, 0.1325, 0.46, 0.1975, 0.525, 0.2625, 0, 0.3275, 0.065, 0.3925, 0.1325, 0.46, 0.1975, 0.525, 0.2625, 0, 0.3275, 0.065, 0.3925, 0.1325, 0.46, 0.1975, 0.525, 0.2625, 0, 0.3275, 0.065, 0.3925, 0.1325, 0.46, 0.1975, 0.525], "SoftwareVersions": "syngo MR E11", "SpacingBetweenSlices": 3.3, "StationName": "AWP166182", "TaskName": "pictures", "TotalReadoutTime": 0.0340202, "TxRefAmp": 245.526, "dcmmeta_affine": [[-2.9952311515808105, -0.1690327376127243, -0.004753532353788614, 104.41857147216797], [-0.1686181277036667, 2.9916443824768066, -0.16178534924983978, -95.66978454589844], [-0.012596333399415016, 0.1466009020805359, 3.2960283756256104, -89.10941314697266], [0.0, 0.0, 0.0, 1.0]], "dcmmeta_reorient_transform": [[0.0, -1.0, 0.0, 63.0], [1.0, 0.0, 0.0, 0.0], [0.0, 0.0, 1.0, 0.0], [0.0, 0.0, 0.0, 1.0]], "dcmmeta_shape": [64, 64, 36, 510], "dcmmeta_slice_dim": 2, "dcmmeta_version": 0.6, "global": {"const": {"AcquisitionMatrix": [64, 0, 0, 64], "AngioFlag": "N", "BitsAllocated": 16, "BitsStored": 12, "BodyPartExamined": "BRAIN", "Columns": 384, "EchoNumbers": 1, "EchoTime": 32.0, "EchoTrainLength": 64, "FlipAngle": 40.0, "HighBit": 11, "ImageOrientationPatient": [0.99841036192963, 0.05620604466126, -0.0041987778086, -0.0563442477438, 0.99721479395304, -0.0488669670369], "ImagePositionPatient": [-545.9612451774, -598.44581617355, -54.401995959199], "ImageType": ["ORIGINAL", "PRIMARY", "M", "ND", "NORM", "MOSAIC"], "ImagedNucleus": "1H", "ImagingFrequency": 123.256131, "InPlanePhaseEncodingDirection": "COL", "MRAcquisitionType": "2D", "MagneticFieldStrength": 3.0, "Manufacturer": "SIEMENS", "ManufacturerModelName": "Prisma", "Modality": "MR", "NumberOfAverages": 1.0, "NumberOfPhaseEncodingSteps": 64, "PercentPhaseFieldOfView": 100.0, "PercentSampling": 100.0, "PerformedProcedureStepStartTime": "105149.831000", "PhotometricInterpretation": "MONOCHROME2", "PixelBandwidth": 2300.0, "PixelRepresentation": 0, "PixelSpacing": [3.0, 3.0], "ProtocolName": "cmrr_mbep2d_Pictures_AP_RDS", "RepetitionTime": 610.0, "Rows": 384, "SAR": 0.34521999167049, "SamplesPerPixel": 1, "ScanOptions": "FS", "ScanningSequence": "EP", "SequenceName": "*epfid2d1_64", "SequenceVariant": "SK", "SeriesDescription": "cmrr_mbep2d_Pictures_AP_RDS", "SeriesNumber": 5, "SeriesTime": "110740.020000", "SliceLocation": -84.462282036692, "SliceThickness": 3.0, "SmallestImagePixelValue": 0, "SoftwareVersions": "syngo MR E11", "SpacingBetweenSlices": 3.3000000017708, "SpecificCharacterSet": "ISO_IR 100", "StudyID": "2", "StudyTime": "105149.796000", "TransmitCoilName": "Body", "VariableFlipAngleFlag": "N", "WindowCenterWidthExplanation": "Algo1"}, "slices": {}}, "time": {"samples": {"AcquisitionNumber": [1, 2, 3, 4, 5, 6, 7, 8, 9, 10, 11, 12, 13, 14, 15, 16, 17, 18, 19, 20, 21, 22, 23, 24, 25, 26, 27, 28, 29, 30, 31, 32, 33, 34, 35, 36, 37, 38, 39, 40, 41, 42, 43, 44, 45, 46, 47, 48, 49, 50, 51, 52, 53, 54, 55, 56, 57, 58, 59, 60, 61, 62, 63, 64, 65, 66, 67, 68, 69, 70, 71, 72, 73, 74, 75, 76, 77, 78, 79, 80, 81, 82, 83, 84, 85, 86, 87, 88, 89, 90, 91, 92, 93, 94, 95, 96, 97, 98, 99, 100, 101, 102, 103, 104, 105, 106, 107, 108, 109, 110, 111, 112, 113, 114, 115, 116, 117, 118, 119, 120, 121, 122, 123, 124, 125, 126, 127, 128, 129, 130, 131, 132, 133, 134, 135, 136, 137, 138, 139, 140, 141, 142, 143, 144, 145, 146, 147, 148, 149, 150, 151, 152, 153, 154, 155, 156, 157, 158, 159, 160, 161, 162, 163, 164, 165, 166, 167, 168, 169, 170, 171, 172, 173, 174, 175, 176, 177, 178, 179, 180, 181, 182, 183, 184, 185, 186, 187, 188, 189, 190, 191, 192, 193, 194, 195, 196, 197, 198, 199, 200, 201, 202, 203, 204, 205, 206, 207, 208, 209, 210, 211, 212, 213, 214, 215, 216, 217, 218, 219, 220, 221, 222, 223, 224, 225, 226, 227, 228, 229, 230, 231, 232, 233, 234, 235, 236, 237, 238, 239, 240, 241, 242, 243, 244, 245, 246, 247, 248, 249, 250, 251, 252, 253, 254, 255, 256, 257, 258, 259, 260, 261, 262, 263, 264, 265, 266, 267, 268, 269, 270, 271, 272, 273, 274, 275, 276, 277, 278, 279, 280, 281, 282, 283, 284, 285, 286, 287, 288, 289, 290, 291, 292, 293, 294, 295, 296, 297, 298, 299, 300, 301, 302, 303, 304, 305, 306, 307, 308, 309, 310, 311, 312, 313, 314, 315, 316, 317, 318, 319, 320, 321, 322, 323, 324, 325, 326, 327, 328, 329, 330, 331, 332, 333, 334, 335, 336, 337, 338, 339, 340, 341, 342, 343, 344, 345, 346, 347, 348, 349, 350, 351, 352, 353, 354, 355, 356, 357, 358, 359, 360, 361, 362, 363, 364, 365, 366, 367, 368, 369, 370, 371, 372, 373, 374, 375, 376, 377, 378, 379, 380, 381, 382, 383, 384, 385, 386, 387, 388, 389, 390, 391, 392, 393, 394, 395, 396, 397, 398, 399, 400, 401, 402, 403, 404, 405, 406, 407, 408, 409, 410, 411, 412, 413, 414, 415, 416, 417, 418, 419, 420, 421, 422, 423, 424, 425, 426, 427, 428, 429, 430, 431, 432, 433, 434, 435, 436, 437, 438, 439, 440, 441, 442, 443, 444, 445, 446, 447, 448, 449, 450, 451, 452, 453, 454, 455, 456, 457, 458, 459, 460, 461, 462, 463, 464, 465, 466, 467, 468, 469, 470, 471, 472, 473, 474, 475, 476, 477, 478, 479, 480, 481, 482, 483, 484, 485, 486, 487, 488, 489, 490, 491, 492, 493, 494, 495, 496, 497, 498, 499, 500, 501, 502, 503, 504, 505, 506, 507, 508, 509, 510], "AcquisitionTime": ["110717.962500", "110718.572500", "110719.182500", "110719.792500", "110720.402500", "110721.012500", "110721.622500", "110722.232500", "110722.842500", "110723.452500", "110724.062500", "110724.672500", "110725.282500", "110725.892500", "110726.502500", "110727.112500", "110727.722500", "110728.332500", "110728.942500", "110729.552500", "110730.162500", "110730.772500", "110731.382500", "110731.992500", "110732.602500", "110733.212500", "110733.822500", "110734.432500", "110735.042500", "110735.652500", "110736.262500", "110736.872500", "110737.482500", "110738.092500", "110738.702500", "110739.312500", "110739.922500", "110740.532500", "110741.142500", "110741.752500", "110742.362500", "110742.972500", "110743.582500", "110744.192500", "110744.802500", "110745.412500", "110746.022500", "110746.632500", "110747.242500", "110747.852500", "110748.462500", "110749.072500", "110749.682500", "110750.292500", "110750.902500", "110751.512500", "110752.122500", "110752.732500", "110753.342500", "110753.952500", "110754.562500", "110755.172500", "110755.782500", "110756.392500", "110757.002500", "110757.612500", "110758.222500", "110758.832500", "110759.442500", "110800.052500", "110800.662500", "110801.272500", "110801.882500", "110802.492500", "110803.102500", "110803.712500", "110804.322500", "110804.932500", "110805.542500", "110806.152500", "110806.762500", "110807.372500", "110807.982500", "110808.592500", "110809.202500", "110809.812500", "110810.422500", "110811.032500", "110811.642500", "110812.252500", "110812.862500", "110813.472500", "110814.082500", "110814.692500", "110815.302500", "110815.912500", "110816.522500", "110817.132500", "110817.742500", "110818.352500", "110818.962500", "110819.572500", "110820.182500", "110820.792500", "110821.402500", "110822.012500", "110822.622500", "110823.232500", "110823.842500", "110824.452500", "110825.062500", "110825.672500", "110826.282500", "110826.892500", "110827.502500", "110828.112500", "110828.722500", "110829.332500", "110829.942500", "110830.552500", "110831.162500", "110831.772500", "110832.382500", "110832.992500", "110833.602500", "110834.212500", "110834.822500", "110835.432500", "110836.042500", "110836.652500", "110837.262500", "110837.872500", "110838.482500", "110839.092500", "110839.702500", "110840.312500", "110840.922500", "110841.532500", "110842.142500", "110842.752500", "110843.362500", "110843.972500", "110844.582500", "110845.192500", "110845.802500", "110846.412500", "110847.022500", "110847.632500", "110848.242500", "110848.852500", "110849.462500", "110850.072500", "110850.682500", "110851.292500", "110851.902500", "110852.512500", "110853.122500", "110853.732500", "110854.342500", "110854.952500", "110855.562500", "110856.172500", "110856.782500", "110857.392500", "110858.002500", "110858.612500", "110859.222500", "110859.832500", "110900.442500", "110901.052500", "110901.662500", "110902.272500", "110902.882500", "110903.492500", "110904.102500", "110904.712500", "110905.322500", "110905.932500", "110906.542500", "110907.152500", "110907.762500", "110908.372500", "110908.982500", "110909.592500", "110910.202500", "110910.812500", "110911.422500", "110912.032500", "110912.642500", "110913.252500", "110913.862500", "110914.472500", "110915.082500", "110915.692500", "110916.302500", "110916.912500", "110917.522500", "110918.132500", "110918.742500", "110919.352500", "110919.962500", "110920.572500", "110921.182500", "110921.792500", "110922.402500", "110923.012500", "110923.622500", "110924.232500", "110924.842500", "110925.452500", "110926.062500", "110926.672500", "110927.282500", "110927.892500", "110928.502500", "110929.112500", "110929.722500", "110930.332500", "110930.942500", "110931.552500", "110932.162500", "110932.772500", "110933.382500", "110933.992500", "110934.602500", "110935.212500", "110935.822500", "110936.432500", "110937.042500", "110937.652500", "110938.262500", "110938.872500", "110939.482500", "110940.092500", "110940.702500", "110941.312500", "110941.922500", "110942.532500", "110943.142500", "110943.752500", "110944.362500", "110944.972500", "110945.582500", "110946.192500", "110946.802500", "110947.412500", "110948.022500", "110948.632500", "110949.242500", "110949.852500", "110950.462500", "110951.072500", "110951.682500", "110952.292500", "110952.902500", "110953.512500", "110954.122500", "110954.732500", "110955.342500", "110955.952500", "110956.562500", "110957.172500", "110957.782500", "110958.392500", "110959.002500", "110959.612500", "111000.222500", "111000.832500", "111001.442500", "111002.052500", "111002.662500", "111003.272500", "111003.882500", "111004.492500", "111005.102500", "111005.712500", "111006.322500", "111006.932500", "111007.542500", "111008.152500", "111008.762500", "111009.372500", "111009.982500", "111010.592500", "111011.202500", "111011.812500", "111012.422500", "111013.032500", "111013.642500", "111014.252500", "111014.862500", "111015.472500", "111016.082500", "111016.692500", "111017.302500", "111017.912500", "111018.522500", "111019.132500", "111019.742500", "111020.352500", "111020.962500", "111021.572500", "111022.182500", "111022.792500", "111023.402500", "111024.012500", "111024.622500", "111025.232500", "111025.842500", "111026.452500", "111027.062500", "111027.672500", "111028.282500", "111028.892500", "111029.502500", "111030.112500", "111030.722500", "111031.332500", "111031.942500", "111032.552500", "111033.162500", "111033.772500", "111034.382500", "111034.992500", "111035.602500", "111036.212500", "111036.822500", "111037.432500", "111038.042500", "111038.652500", "111039.262500", "111039.872500", "111040.482500", "111041.092500", "111041.702500", "111042.312500", "111042.922500", "111043.532500", "111044.142500", "111044.752500", "111045.362500", "111045.972500", "111046.582500", "111047.192500", "111047.802500", "111048.412500", "111049.022500", "111049.632500", "111050.242500", "111050.852500", "111051.462500", "111052.072500", "111052.682500", "111053.292500", "111053.902500", "111054.512500", "111055.122500", "111055.732500", "111056.342500", "111056.952500", "111057.562500", "111058.172500", "111058.782500", "111059.392500", "111100.002500", "111100.612500", "111101.222500", "111101.832500", "111102.442500", "111103.052500", "111103.662500", "111104.272500", "111104.882500", "111105.492500", "111106.102500", "111106.712500", "111107.322500", "111107.932500", "111108.542500", "111109.152500", "111109.762500", "111110.372500", "111110.982500", "111111.592500", "111112.202500", "111112.812500", "111113.422500", "111114.032500", "111114.642500", "111115.252500", "111115.862500", "111116.472500", "111117.082500", "111117.692500", "111118.302500", "111118.912500", "111119.522500", "111120.132500", "111120.742500", "111121.352500", "111121.962500", "111122.572500", "111123.182500", "111123.792500", "111124.402500", "111125.012500", "111125.622500", "111126.232500", "111126.842500", "111127.452500", "111128.062500", "111128.672500", "111129.282500", "111129.892500", "111130.502500", "111131.112500", "111131.722500", "111132.332500", "111132.942500", "111133.552500", "111134.162500", "111134.772500", "111135.382500", "111135.992500", "111136.602500", "111137.212500", "111137.822500", "111138.432500", "111139.042500", "111139.652500", "111140.262500", "111140.872500", "111141.482500", "111142.092500", "111142.702500", "111143.312500", "111143.922500", "111144.532500", "111145.142500", "111145.752500", "111146.362500", "111146.972500", "111147.582500", "111148.192500", "111148.802500", "111149.412500", "111150.022500", "111150.632500", "111151.242500", "111151.852500", "111152.462500", "111153.072500", "111153.682500", "111154.292500", "111154.902500", "111155.512500", "111156.122500", "111156.732500", "111157.342500", "111157.952500", "111158.562500", "111159.172500", "111159.782500", "111200.392500", "111201.002500", "111201.612500", "111202.222500", "111202.832500", "111203.442500", "111204.052500", "111204.662500", "111205.272500", "111205.882500", "111206.492500", "111207.102500", "111207.712500", "111208.322500", "111208.932500", "111209.542500", "111210.152500", "111210.762500", "111211.372500", "111211.982500", "111212.592500", "111213.202500", "111213.812500", "111214.422500", "111215.032500", "111215.642500", "111216.252500", "111216.862500", "111217.472500", "111218.082500", "111218.692500", "111219.302500", "111219.912500", "111220.522500", "111221.132500", "111221.742500", "111222.352500", "111222.962500", "111223.572500", "111224.182500", "111224.792500", "111225.402500", "111226.012500", "111226.622500", "111227.232500", "111227.842500", "111228.452500"], "ContentTime": ["110740.023000", "110740.027000", "110740.029000", "110740.032000", "110740.034000", "110740.036000", "110740.039000", "110740.041000", "110740.043000", "110740.046000", "110740.048000", "110740.050000", "110740.053000", "110740.055000", "110740.063000", "110740.065000", "110740.068000", "110740.070000", "110740.072000", "110740.075000", "110740.077000", "110740.079000", "110740.082000", "110740.084000", "110740.086000", "110740.089000", "110740.091000", "110740.098000", "110740.100000", "110740.103000", "110740.105000", "110740.108000", "110740.110000", "110740.112000", "110740.115000", "110800.019000", "110800.022000", "110800.025000", "110800.027000", "110800.029000", "110800.032000", "110800.034000", "110800.037000", "110800.039000", "110800.041000", "110800.044000", "110800.051000", "110800.054000", "110800.056000", "110800.058000", "110800.061000", "110800.063000", "110800.066000", "110800.068000", "110800.070000", "110800.073000", "110800.075000", "110800.078000", "110800.080000", "110800.082000", "110800.085000", "110800.087000", "110800.090000", "110800.092000", "110800.094000", "110800.097000", "110800.099000", "110800.101000", "110820.019000", "110820.022000", "110820.024000", "110820.026000", "110820.029000", "110820.032000", "110820.034000", "110820.036000", "110820.039000", "110820.041000", "110820.044000", "110820.046000", "110820.048000", "110820.053000", "110820.056000", "110820.059000", "110820.061000", "110820.063000", "110820.066000", "110820.068000", "110820.070000", "110820.073000", "110820.075000", "110820.077000", "110820.080000", "110820.082000", "110820.085000", "110820.087000", "110820.090000", "110820.092000", "110820.094000", "110820.097000", "110840.019000", "110840.022000", "110840.024000", "110840.027000", "110840.029000", "110840.031000", "110840.034000", "110840.036000", "110840.038000", "110840.041000", "110840.043000", "110840.045000", "110840.048000", "110840.050000", "110840.053000", "110840.055000", "110840.057000", "110840.060000", "110840.062000", "110840.065000", "110840.067000", "110840.069000", "110840.072000", "110840.074000", "110840.077000", "110840.079000", "110840.081000", "110840.084000", "110840.086000", "110840.088000", "110840.091000", "110840.093000", "110840.096000", "110900.019000", "110900.022000", "110900.024000", "110900.027000", "110900.029000", "110900.032000", "110900.034000", "110900.036000", "110900.039000", "110900.041000", "110900.043000", "110900.046000", "110900.048000", "110900.050000", "110900.053000", "110900.055000", "110900.057000", "110900.060000", "110900.080000", "110900.082000", "110900.085000", "110900.087000", "110900.090000", "110900.092000", "110900.094000", "110900.097000", "110900.099000", "110900.101000", "110900.104000", "110900.106000", "110900.109000", "110900.111000", "110900.113000", "110920.019000", "110920.022000", "110920.024000", "110920.027000", "110920.029000", "110920.031000", "110920.034000", "110920.036000", "110920.039000", "110920.041000", "110920.043000", "110920.046000", "110920.048000", "110920.050000", "110920.053000", "110920.055000", "110920.057000", "110920.060000", "110920.062000", "110920.065000", "110920.067000", "110920.069000", "110920.072000", "110920.074000", "110920.077000", "110920.079000", "110920.081000", "110920.084000", "110920.086000", "110920.089000", "110920.091000", "110920.093000", "110920.096000", "110940.018000", "110940.021000", "110940.023000", "110940.026000", "110940.028000", "110940.030000", "110940.033000", "110940.035000", "110940.037000", "110940.040000", "110940.042000", "110940.051000", "110940.053000", "110940.056000", "110940.058000", "110940.061000", "110940.063000", "110940.065000", "110940.068000", "110940.070000", "110940.072000", "110940.075000", "110940.077000", "110940.079000", "110940.082000", "110940.084000", "110940.087000", "110940.089000", "110940.091000", "110940.094000", "110940.096000", "110940.099000", "110940.101000", "111000.018000", "111000.021000", "111000.023000", "111000.026000", "111000.029000", "111000.031000", "111000.034000", "111000.036000", "111000.039000", "111000.041000", "111000.044000", "111000.046000", "111000.048000", "111000.051000", "111000.053000", "111000.056000", "111000.058000", "111000.060000", "111000.063000", "111000.065000", "111000.068000", "111000.070000", "111000.072000", "111000.075000", "111000.077000", "111000.079000", "111000.082000", "111000.084000", "111000.086000", "111000.089000", "111000.091000", "111000.094000", "111020.019000", "111020.022000", "111020.024000", "111020.027000", "111020.029000", "111020.031000", "111020.034000", "111020.036000", "111020.038000", "111020.041000", "111020.044000", "111020.046000", "111020.049000", "111020.051000", "111020.054000", "111020.056000", "111020.058000", "111020.061000", "111020.063000", "111020.065000", "111020.068000", "111020.070000", "111020.073000", "111020.075000", "111020.077000", "111020.080000", "111020.082000", "111020.085000", "111020.087000", "111020.090000", "111020.092000", "111020.094000", "111020.097000", "111040.019000", "111040.022000", "111040.024000", "111040.027000", "111040.029000", "111040.032000", "111040.034000", "111040.037000", "111040.039000", "111040.041000", "111040.044000", "111040.046000", "111040.049000", "111040.051000", "111040.053000", "111040.056000", "111040.058000", "111040.061000", "111040.063000", "111040.065000", "111040.068000", "111040.070000", "111040.073000", "111040.075000", "111040.077000", "111040.080000", "111040.082000", "111040.084000", "111040.087000", "111040.089000", "111040.092000", "111040.094000", "111040.096000", "111100.019000", "111100.022000", "111100.025000", "111100.027000", "111100.029000", "111100.032000", "111100.034000", "111100.037000", "111100.039000", "111100.041000", "111100.044000", "111100.046000", "111100.049000", "111100.051000", "111100.053000", "111100.056000", "111100.058000", "111100.061000", "111100.063000", "111100.065000", "111100.068000", "111100.070000", "111100.073000", "111100.075000", "111100.077000", "111100.080000", "111100.082000", "111100.084000", "111100.087000", "111100.089000", "111100.091000", "111100.094000", "111100.096000", "111120.019000", "111120.022000", "111120.024000", "111120.027000", "111120.029000", "111120.031000", "111120.034000", "111120.036000", "111120.039000", "111120.041000", "111120.043000", "111120.046000", "111120.048000", "111120.050000", "111120.053000", "111120.055000", "111120.058000", "111120.060000", "111120.062000", "111120.065000", "111120.067000", "111120.070000", "111120.072000", "111120.074000", "111120.077000", "111120.087000", "111120.089000", "111120.091000", "111120.094000", "111120.096000", "111120.099000", "111120.101000", "111120.103000", "111140.019000", "111140.022000", "111140.025000", "111140.027000", "111140.029000", "111140.032000", "111140.034000", "111140.037000", "111140.039000", "111140.041000", "111140.044000", "111140.046000", "111140.048000", "111140.051000", "111140.053000", "111140.056000", "111140.058000", "111140.061000", "111140.063000", "111140.065000", "111140.082000", "111140.084000", "111140.087000", "111140.089000", "111140.091000", "111140.094000", "111140.096000", "111140.098000", "111140.101000", "111140.103000", "111140.106000", "111140.108000", "111200.019000", "111200.021000", "111200.024000", "111200.026000", "111200.029000", "111200.031000", "111200.033000", "111200.036000", "111200.038000", "111200.041000", "111200.043000", "111200.045000", "111200.048000", "111200.050000", "111200.053000", "111200.055000", "111200.057000", "111200.060000", "111200.062000", "111200.064000", "111200.067000", "111200.069000", "111200.072000", "111200.074000", "111200.076000", "111200.079000", "111200.082000", "111200.085000", "111200.087000", "111200.089000", "111200.092000", "111200.094000", "111200.096000", "111220.018000", "111220.021000", "111220.023000", "111220.026000", "111220.028000", "111220.031000", "111220.033000", "111220.035000", "111220.038000", "111220.040000", "111220.042000", "111220.045000", "111220.047000", "111220.049000", "111220.052000", "111220.054000", "111220.057000", "111220.059000", "111220.061000", "111220.064000", "111220.066000", "111220.069000", "111220.071000", "111220.073000", "111220.076000", "111220.079000", "111220.081000", "111220.084000", "111220.086000", "111220.088000", "111220.091000", "111220.093000", "111220.096000", "111229.498000", "111229.501000", "111229.504000", "111229.506000", "111229.508000", "111229.511000", "111229.513000", "111229.516000", "111229.518000", "111229.521000", "111229.523000", "111229.526000", "111229.528000", "111229.531000", "111229.533000", "111229.535000"], "InstanceCreationTime": ["110740.023000", "110740.027000", "110740.029000", "110740.032000", "110740.034000", "110740.036000", "110740.039000", "110740.041000", "110740.043000", "110740.046000", "110740.048000", "110740.050000", "110740.053000", "110740.055000", "110740.063000", "110740.065000", "110740.068000", "110740.070000", "110740.072000", "110740.075000", "110740.077000", "110740.079000", "110740.082000", "110740.084000", "110740.086000", "110740.089000", "110740.091000", "110740.098000", "110740.100000", "110740.103000", "110740.105000", "110740.108000", "110740.110000", "110740.112000", "110740.115000", "110800.019000", "110800.022000", "110800.025000", "110800.027000", "110800.029000", "110800.032000", "110800.034000", "110800.037000", "110800.039000", "110800.041000", "110800.044000", "110800.051000", "110800.054000", "110800.056000", "110800.058000", "110800.061000", "110800.063000", "110800.066000", "110800.068000", "110800.070000", "110800.073000", "110800.075000", "110800.078000", "110800.080000", "110800.082000", "110800.085000", "110800.087000", "110800.090000", "110800.092000", "110800.094000", "110800.097000", "110800.099000", "110800.101000", "110820.019000", "110820.022000", "110820.024000", "110820.026000", "110820.029000", "110820.032000", "110820.034000", "110820.036000", "110820.039000", "110820.041000", "110820.044000", "110820.046000", "110820.048000", "110820.053000", "110820.056000", "110820.059000", "110820.061000", "110820.063000", "110820.066000", "110820.068000", "110820.070000", "110820.073000", "110820.075000", "110820.077000", "110820.080000", "110820.082000", "110820.085000", "110820.087000", "110820.090000", "110820.092000", "110820.094000", "110820.097000", "110840.019000", "110840.022000", "110840.024000", "110840.027000", "110840.029000", "110840.031000", "110840.034000", "110840.036000", "110840.038000", "110840.041000", "110840.043000", "110840.045000", "110840.048000", "110840.050000", "110840.053000", "110840.055000", "110840.057000", "110840.060000", "110840.062000", "110840.065000", "110840.067000", "110840.069000", "110840.072000", "110840.074000", "110840.077000", "110840.079000", "110840.081000", "110840.084000", "110840.086000", "110840.088000", "110840.091000", "110840.093000", "110840.096000", "110900.019000", "110900.022000", "110900.024000", "110900.027000", "110900.029000", "110900.032000", "110900.034000", "110900.036000", "110900.039000", "110900.041000", "110900.043000", "110900.046000", "110900.048000", "110900.050000", "110900.053000", "110900.055000", "110900.057000", "110900.060000", "110900.080000", "110900.082000", "110900.085000", "110900.087000", "110900.090000", "110900.092000", "110900.094000", "110900.097000", "110900.099000", "110900.101000", "110900.104000", "110900.106000", "110900.109000", "110900.111000", "110900.113000", "110920.019000", "110920.022000", "110920.024000", "110920.027000", "110920.029000", "110920.031000", "110920.034000", "110920.036000", "110920.039000", "110920.041000", "110920.043000", "110920.046000", "110920.048000", "110920.050000", "110920.053000", "110920.055000", "110920.057000", "110920.060000", "110920.062000", "110920.065000", "110920.067000", "110920.069000", "110920.072000", "110920.074000", "110920.077000", "110920.079000", "110920.081000", "110920.084000", "110920.086000", "110920.089000", "110920.091000", "110920.093000", "110920.096000", "110940.018000", "110940.021000", "110940.023000", "110940.026000", "110940.028000", "110940.030000", "110940.033000", "110940.035000", "110940.037000", "110940.040000", "110940.042000", "110940.051000", "110940.053000", "110940.056000", "110940.058000", "110940.061000", "110940.063000", "110940.065000", "110940.068000", "110940.070000", "110940.072000", "110940.075000", "110940.077000", "110940.079000", "110940.082000", "110940.084000", "110940.087000", "110940.089000", "110940.091000", "110940.094000", "110940.096000", "110940.099000", "110940.101000", "111000.018000", "111000.021000", "111000.023000", "111000.026000", "111000.029000", "111000.031000", "111000.034000", "111000.036000", "111000.039000", "111000.041000", "111000.044000", "111000.046000", "111000.048000", "111000.051000", "111000.053000", "111000.056000", "111000.058000", "111000.060000", "111000.063000", "111000.065000", "111000.068000", "111000.070000", "111000.072000", "111000.075000", "111000.077000", "111000.079000", "111000.082000", "111000.084000", "111000.086000", "111000.089000", "111000.091000", "111000.094000", "111020.019000", "111020.022000", "111020.024000", "111020.027000", "111020.029000", "111020.031000", "111020.034000", "111020.036000", "111020.038000", "111020.041000", "111020.044000", "111020.046000", "111020.049000", "111020.051000", "111020.054000", "111020.056000", "111020.058000", "111020.061000", "111020.063000", "111020.065000", "111020.068000", "111020.070000", "111020.073000", "111020.075000", "111020.077000", "111020.080000", "111020.082000", "111020.085000", "111020.087000", "111020.090000", "111020.092000", "111020.094000", "111020.097000", "111040.019000", "111040.022000", "111040.024000", "111040.027000", "111040.029000", "111040.032000", "111040.034000", "111040.037000", "111040.039000", "111040.041000", "111040.044000", "111040.046000", "111040.049000", "111040.051000", "111040.053000", "111040.056000", "111040.058000", "111040.061000", "111040.063000", "111040.065000", "111040.068000", "111040.070000", "111040.073000", "111040.075000", "111040.077000", "111040.080000", "111040.082000", "111040.084000", "111040.087000", "111040.089000", "111040.092000", "111040.094000", "111040.096000", "111100.019000", "111100.022000", "111100.025000", "111100.027000", "111100.029000", "111100.032000", "111100.034000", "111100.037000", "111100.039000", "111100.041000", "111100.044000", "111100.046000", "111100.049000", "111100.051000", "111100.053000", "111100.056000", "111100.058000", "111100.061000", "111100.063000", "111100.065000", "111100.068000", "111100.070000", "111100.073000", "111100.075000", "111100.077000", "111100.080000", "111100.082000", "111100.084000", "111100.087000", "111100.089000", "111100.091000", "111100.094000", "111100.096000", "111120.019000", "111120.022000", "111120.024000", "111120.027000", "111120.029000", "111120.031000", "111120.034000", "111120.036000", "111120.039000", "111120.041000", "111120.043000", "111120.046000", "111120.048000", "111120.050000", "111120.053000", "111120.055000", "111120.058000", "111120.060000", "111120.062000", "111120.065000", "111120.067000", "111120.070000", "111120.072000", "111120.074000", "111120.077000", "111120.087000", "111120.089000", "111120.091000", "111120.094000", "111120.096000", "111120.099000", "111120.101000", "111120.103000", "111140.019000", "111140.022000", "111140.025000", "111140.027000", "111140.029000", "111140.032000", "111140.034000", "111140.037000", "111140.039000", "111140.041000", "111140.044000", "111140.046000", "111140.048000", "111140.051000", "111140.053000", "111140.056000", "111140.058000", "111140.061000", "111140.063000", "111140.065000", "111140.082000", "111140.084000", "111140.087000", "111140.089000", "111140.091000", "111140.094000", "111140.096000", "111140.098000", "111140.101000", "111140.103000", "111140.106000", "111140.108000", "111200.019000", "111200.021000", "111200.024000", "111200.026000", "111200.029000", "111200.031000", "111200.033000", "111200.036000", "111200.038000", "111200.041000", "111200.043000", "111200.045000", "111200.048000", "111200.050000", "111200.053000", "111200.055000", "111200.057000", "111200.060000", "111200.062000", "111200.064000", "111200.067000", "111200.069000", "111200.072000", "111200.074000", "111200.076000", "111200.079000", "111200.082000", "111200.085000", "111200.087000", "111200.089000", "111200.092000", "111200.094000", "111200.096000", "111220.018000", "111220.021000", "111220.023000", "111220.026000", "111220.028000", "111220.031000", "111220.033000", "111220.035000", "111220.038000", "111220.040000", "111220.042000", "111220.045000", "111220.047000", "111220.049000", "111220.052000", "111220.054000", "111220.057000", "111220.059000", "111220.061000", "111220.064000", "111220.066000", "111220.069000", "111220.071000", "111220.073000", "111220.076000", "111220.079000", "111220.081000", "111220.084000", "111220.086000", "111220.088000", "111220.091000", "111220.093000", "111220.096000", "111229.498000", "111229.501000", "111229.504000", "111229.506000", "111229.508000", "111229.511000", "111229.513000", "111229.516000", "111229.518000", "111229.521000", "111229.523000", "111229.526000", "111229.528000", "111229.531000", "111229.533000", "111229.535000"], "InstanceNumber": [1, 2, 3, 4, 5, 6, 7, 8, 9, 10, 11, 12, 13, 14, 15, 16, 17, 18, 19, 20, 21, 22, 23, 24, 25, 26, 27, 28, 29, 30, 31, 32, 33, 34, 35, 36, 37, 38, 39, 40, 41, 42, 43, 44, 45, 46, 47, 48, 49, 50, 51, 52, 53, 54, 55, 56, 57, 58, 59, 60, 61, 62, 63, 64, 65, 66, 67, 68, 69, 70, 71, 72, 73, 74, 75, 76, 77, 78, 79, 80, 81, 82, 83, 84, 85, 86, 87, 88, 89, 90, 91, 92, 93, 94, 95, 96, 97, 98, 99, 100, 101, 102, 103, 104, 105, 106, 107, 108, 109, 110, 111, 112, 113, 114, 115, 116, 117, 118, 119, 120, 121, 122, 123, 124, 125, 126, 127, 128, 129, 130, 131, 132, 133, 134, 135, 136, 137, 138, 139, 140, 141, 142, 143, 144, 145, 146, 147, 148, 149, 150, 151, 152, 153, 154, 155, 156, 157, 158, 159, 160, 161, 162, 163, 164, 165, 166, 167, 168, 169, 170, 171, 172, 173, 174, 175, 176, 177, 178, 179, 180, 181, 182, 183, 184, 185, 186, 187, 188, 189, 190, 191, 192, 193, 194, 195, 196, 197, 198, 199, 200, 201, 202, 203, 204, 205, 206, 207, 208, 209, 210, 211, 212, 213, 214, 215, 216, 217, 218, 219, 220, 221, 222, 223, 224, 225, 226, 227, 228, 229, 230, 231, 232, 233, 234, 235, 236, 237, 238, 239, 240, 241, 242, 243, 244, 245, 246, 247, 248, 249, 250, 251, 252, 253, 254, 255, 256, 257, 258, 259, 260, 261, 262, 263, 264, 265, 266, 267, 268, 269, 270, 271, 272, 273, 274, 275, 276, 277, 278, 279, 280, 281, 282, 283, 284, 285, 286, 287, 288, 289, 290, 291, 292, 293, 294, 295, 296, 297, 298, 299, 300, 301, 302, 303, 304, 305, 306, 307, 308, 309, 310, 311, 312, 313, 314, 315, 316, 317, 318, 319, 320, 321, 322, 323, 324, 325, 326, 327, 328, 329, 330, 331, 332, 333, 334, 335, 336, 337, 338, 339, 340, 341, 342, 343, 344, 345, 346, 347, 348, 349, 350, 351, 352, 353, 354, 355, 356, 357, 358, 359, 360, 361, 362, 363, 364, 365, 366, 367, 368, 369, 370, 371, 372, 373, 374, 375, 376, 377, 378, 379, 380, 381, 382, 383, 384, 385, 386, 387, 388, 389, 390, 391, 392, 393, 394, 395, 396, 397, 398, 399, 400, 401, 402, 403, 404, 405, 406, 407, 408, 409, 410, 411, 412, 413, 414, 415, 416, 417, 418, 419, 420, 421, 422, 423, 424, 425, 426, 427, 428, 429, 430, 431, 432, 433, 434, 435, 436, 437, 438, 439, 440, 441, 442, 443, 444, 445, 446, 447, 448, 449, 450, 451, 452, 453, 454, 455, 456, 457, 458, 459, 460, 461, 462, 463, 464, 465, 466, 467, 468, 469, 470, 471, 472, 473, 474, 475, 476, 477, 478, 479, 480, 481, 482, 483, 484, 485, 486, 487, 488, 489, 490, 491, 492, 493, 494, 495, 496, 497, 498, 499, 500, 501, 502, 503, 504, 505, 506, 507, 508, 509, 510], "LargestImagePixelValue": [584, 584, 562, 540, 553, 554, 539, 530, 542, 535, 534, 534, 533, 534, 542, 538, 536, 535, 546, 569, 548, 543, 545, 547, 548, 536, 543, 543, 553, 554, 547, 534, 534, 541, 541, 539, 539, 537, 541, 530, 530, 524, 531, 551, 539, 541, 542, 541, 537, 538, 540, 539, 541, 538, 541, 543, 548, 543, 540, 539, 539, 538, 543, 550, 541, 546, 543, 541, 542, 539, 545, 540, 541, 540, 544, 546, 545, 547, 545, 554, 538, 540, 544, 542, 535, 543, 541, 548, 547, 547, 544, 543, 545, 544, 538, 542, 548, 545, 540, 541, 543, 545, 552, 540, 542, 544, 543, 539, 542, 540, 548, 541, 538, 540, 546, 544, 541, 543, 565, 551, 544, 542, 537, 544, 544, 541, 536, 535, 541, 539, 537, 538, 542, 538, 540, 539, 543, 543, 542, 544, 543, 544, 542, 543, 550, 546, 544, 547, 547, 544, 542, 545, 547, 542, 541, 546, 543, 542, 545, 547, 546, 542, 541, 547, 547, 544, 543, 540, 539, 536, 536, 545, 541, 532, 543, 532, 556, 558, 541, 536, 536, 553, 542, 535, 538, 539, 537, 540, 539, 541, 541, 541, 543, 539, 542, 538, 542, 540, 546, 542, 542, 541, 543, 541, 546, 543, 551, 554, 544, 543, 537, 535, 534, 532, 533, 530, 533, 535, 534, 537, 535, 539, 535, 538, 536, 537, 536, 536, 535, 532, 533, 533, 532, 532, 531, 532, 535, 534, 529, 535, 546, 545, 534, 529, 533, 532, 532, 541, 538, 541, 539, 534, 535, 538, 537, 546, 571, 535, 572, 559, 547, 543, 538, 538, 536, 538, 535, 533, 548, 547, 540, 538, 536, 533, 554, 579, 564, 557, 552, 547, 544, 541, 538, 545, 543, 539, 539, 547, 541, 538, 545, 550, 545, 538, 537, 541, 536, 541, 542, 540, 542, 542, 554, 537, 547, 542, 539, 535, 539, 546, 543, 544, 540, 534, 536, 530, 534, 534, 536, 534, 530, 535, 533, 535, 535, 535, 534, 536, 528, 527, 527, 528, 529, 529, 528, 530, 532, 530, 531, 534, 539, 544, 534, 536, 544, 542, 534, 537, 535, 539, 536, 547, 548, 538, 558, 543, 538, 538, 543, 533, 534, 531, 555, 568, 545, 540, 533, 531, 541, 568, 544, 539, 537, 532, 531, 533, 532, 531, 531, 531, 532, 532, 532, 531, 531, 532, 533, 532, 535, 532, 532, 533, 532, 532, 537, 534, 533, 534, 531, 541, 534, 549, 536, 539, 540, 534, 539, 535, 534, 532, 534, 535, 535, 535, 533, 535, 530, 536, 538, 537, 558, 547, 537, 529, 524, 530, 528, 530, 527, 533, 548, 574, 571, 546, 566, 541, 534, 528, 528, 538, 570, 545, 541, 539, 537, 572, 541, 552, 552, 545, 539, 541, 537, 536, 538, 538, 539, 540, 538, 534, 534, 539, 535, 532, 532, 532, 532, 532, 540, 538, 532, 532, 532, 544, 536, 533, 534, 528, 529, 529, 528, 531, 535, 530, 532, 537, 533, 531, 532, 534, 534, 533, 530, 535, 533, 533, 532, 533, 535, 533, 535, 534, 536, 539, 538, 536, 535, 535, 540, 536], "WindowCenter": [329.0, 322.0, 324.0, 322.0, 321.0, 320.0, 319.0, 318.0, 319.0, 318.0, 319.0, 319.0, 319.0, 319.0, 319.0, 320.0, 319.0, 319.0, 321.0, 322.0, 320.0, 320.0, 319.0, 319.0, 319.0, 319.0, 320.0, 320.0, 320.0, 320.0, 319.0, 320.0, 319.0, 321.0, 319.0, 319.0, 319.0, 319.0, 322.0, 320.0, 320.0, 319.0, 321.0, 321.0, 320.0, 319.0, 319.0, 319.0, 320.0, 319.0, 319.0, 319.0, 319.0, 318.0, 319.0, 319.0, 320.0, 319.0, 319.0, 319.0, 319.0, 319.0, 319.0, 321.0, 320.0, 320.0, 320.0, 319.0, 319.0, 319.0, 319.0, 319.0, 319.0, 319.0, 319.0, 319.0, 319.0, 319.0, 319.0, 320.0, 321.0, 319.0, 320.0, 320.0, 319.0, 320.0, 320.0, 320.0, 319.0, 319.0, 319.0, 319.0, 319.0, 320.0, 320.0, 321.0, 320.0, 320.0, 319.0, 319.0, 319.0, 319.0, 321.0, 320.0, 319.0, 319.0, 320.0, 320.0, 321.0, 320.0, 321.0, 319.0, 319.0, 319.0, 320.0, 319.0, 319.0, 319.0, 321.0, 319.0, 319.0, 320.0, 320.0, 319.0, 319.0, 319.0, 319.0, 319.0, 318.0, 319.0, 319.0, 319.0, 318.0, 318.0, 319.0, 320.0, 318.0, 319.0, 318.0, 318.0, 318.0, 318.0, 318.0, 318.0, 319.0, 318.0, 319.0, 319.0, 319.0, 319.0, 319.0, 318.0, 318.0, 319.0, 319.0, 319.0, 318.0, 319.0, 318.0, 320.0, 319.0, 319.0, 319.0, 318.0, 320.0, 319.0, 320.0, 319.0, 319.0, 318.0, 318.0, 319.0, 320.0, 318.0, 319.0, 318.0, 319.0, 320.0, 320.0, 319.0, 319.0, 319.0, 319.0, 319.0, 318.0, 318.0, 318.0, 319.0, 319.0, 319.0, 319.0, 319.0, 319.0, 319.0, 319.0, 319.0, 318.0, 318.0, 319.0, 319.0, 319.0, 319.0, 319.0, 319.0, 319.0, 320.0, 322.0, 321.0, 319.0, 319.0, 319.0, 319.0, 319.0, 319.0, 319.0, 319.0, 320.0, 319.0, 318.0, 319.0, 318.0, 319.0, 318.0, 318.0, 319.0, 319.0, 318.0, 318.0, 318.0, 319.0, 318.0, 318.0, 317.0, 318.0, 318.0, 318.0, 319.0, 318.0, 319.0, 319.0, 319.0, 320.0, 320.0, 319.0, 319.0, 318.0, 320.0, 319.0, 319.0, 319.0, 319.0, 320.0, 319.0, 320.0, 319.0, 321.0, 322.0, 318.0, 320.0, 319.0, 318.0, 318.0, 319.0, 318.0, 318.0, 319.0, 319.0, 318.0, 319.0, 319.0, 318.0, 319.0, 319.0, 319.0, 320.0, 321.0, 319.0, 320.0, 320.0, 319.0, 319.0, 319.0, 319.0, 319.0, 319.0, 319.0, 319.0, 319.0, 318.0, 318.0, 318.0, 319.0, 318.0, 318.0, 317.0, 318.0, 318.0, 319.0, 319.0, 319.0, 319.0, 320.0, 323.0, 320.0, 319.0, 319.0, 319.0, 319.0, 318.0, 319.0, 318.0, 319.0, 319.0, 319.0, 320.0, 319.0, 318.0, 318.0, 319.0, 319.0, 319.0, 319.0, 319.0, 318.0, 318.0, 319.0, 320.0, 320.0, 319.0, 319.0, 318.0, 319.0, 319.0, 318.0, 319.0, 319.0, 319.0, 319.0, 319.0, 318.0, 320.0, 320.0, 319.0, 319.0, 320.0, 319.0, 319.0, 319.0, 319.0, 318.0, 319.0, 319.0, 318.0, 319.0, 321.0, 319.0, 319.0, 319.0, 320.0, 319.0, 319.0, 319.0, 320.0, 321.0, 318.0, 318.0, 318.0, 318.0, 319.0, 320.0, 318.0, 319.0, 318.0, 318.0, 318.0, 318.0, 319.0, 319.0, 318.0, 319.0, 319.0, 319.0, 319.0, 318.0, 319.0, 318.0, 319.0, 318.0, 319.0, 319.0, 318.0, 318.0, 318.0, 319.0, 319.0, 319.0, 319.0, 319.0, 318.0, 319.0, 319.0, 319.0, 319.0, 319.0, 319.0, 319.0, 319.0, 319.0, 319.0, 318.0, 319.0, 319.0, 319.0, 319.0, 319.0, 319.0, 319.0, 320.0, 320.0, 319.0, 322.0, 319.0, 317.0, 319.0, 318.0, 319.0, 318.0, 318.0, 319.0, 319.0, 320.0, 322.0, 321.0, 321.0, 322.0, 319.0, 318.0, 318.0, 318.0, 316.0, 321.0, 321.0, 318.0, 318.0, 318.0, 320.0, 318.0, 318.0, 320.0, 320.0, 319.0, 319.0, 319.0, 318.0, 319.0, 319.0, 319.0, 319.0, 318.0, 318.0, 318.0, 318.0, 319.0, 319.0, 318.0, 318.0, 319.0, 318.0, 320.0, 319.0, 319.0, 319.0, 319.0, 320.0, 319.0, 319.0, 318.0, 318.0, 318.0, 319.0, 319.0, 319.0, 318.0, 319.0, 319.0, 320.0, 320.0, 319.0, 319.0, 319.0, 319.0, 320.0, 320.0, 319.0, 319.0, 318.0, 318.0, 318.0, 319.0, 319.0, 318.0, 318.0, 319.0, 319.0, 319.0, 320.0, 319.0, 319.0, 319.0, 319.0], "WindowWidth": [709.0, 696.0, 699.0, 696.0, 693.0, 692.0, 690.0, 689.0, 690.0, 689.0, 690.0, 690.0, 690.0, 690.0, 690.0, 691.0, 689.0, 690.0, 693.0, 695.0, 692.0, 692.0, 690.0, 690.0, 690.0, 689.0, 692.0, 692.0, 691.0, 691.0, 690.0, 691.0, 690.0, 693.0, 690.0, 690.0, 690.0, 690.0, 696.0, 692.0, 691.0, 690.0, 693.0, 694.0, 691.0, 691.0, 691.0, 690.0, 691.0, 690.0, 690.0, 690.0, 690.0, 689.0, 690.0, 690.0, 691.0, 690.0, 690.0, 689.0, 690.0, 690.0, 690.0, 694.0, 691.0, 691.0, 691.0, 690.0, 690.0, 690.0, 690.0, 690.0, 691.0, 690.0, 690.0, 690.0, 690.0, 690.0, 690.0, 692.0, 693.0, 690.0, 691.0, 691.0, 690.0, 691.0, 691.0, 691.0, 690.0, 690.0, 690.0, 690.0, 690.0, 691.0, 692.0, 693.0, 692.0, 691.0, 690.0, 690.0, 691.0, 690.0, 694.0, 692.0, 691.0, 691.0, 692.0, 692.0, 695.0, 692.0, 693.0, 690.0, 689.0, 690.0, 692.0, 690.0, 690.0, 690.0, 694.0, 690.0, 690.0, 691.0, 691.0, 690.0, 689.0, 690.0, 690.0, 690.0, 689.0, 689.0, 690.0, 690.0, 689.0, 689.0, 690.0, 691.0, 689.0, 690.0, 688.0, 688.0, 688.0, 688.0, 688.0, 689.0, 690.0, 689.0, 689.0, 690.0, 690.0, 690.0, 690.0, 688.0, 689.0, 690.0, 690.0, 690.0, 689.0, 690.0, 689.0, 692.0, 690.0, 690.0, 690.0, 689.0, 691.0, 691.0, 692.0, 690.0, 690.0, 689.0, 688.0, 690.0, 692.0, 689.0, 690.0, 689.0, 691.0, 692.0, 692.0, 690.0, 690.0, 691.0, 690.0, 689.0, 688.0, 689.0, 689.0, 690.0, 690.0, 690.0, 689.0, 690.0, 690.0, 690.0, 690.0, 689.0, 689.0, 689.0, 690.0, 691.0, 691.0, 689.0, 690.0, 690.0, 691.0, 692.0, 695.0, 694.0, 690.0, 689.0, 689.0, 689.0, 689.0, 689.0, 690.0, 689.0, 691.0, 689.0, 689.0, 690.0, 689.0, 690.0, 689.0, 689.0, 691.0, 690.0, 689.0, 689.0, 689.0, 689.0, 689.0, 689.0, 687.0, 687.0, 688.0, 688.0, 690.0, 689.0, 690.0, 690.0, 690.0, 691.0, 691.0, 690.0, 690.0, 688.0, 692.0, 691.0, 690.0, 690.0, 690.0, 691.0, 690.0, 691.0, 691.0, 693.0, 696.0, 688.0, 692.0, 690.0, 688.0, 687.0, 690.0, 688.0, 688.0, 689.0, 691.0, 688.0, 690.0, 690.0, 689.0, 690.0, 691.0, 690.0, 692.0, 694.0, 691.0, 691.0, 691.0, 690.0, 690.0, 690.0, 690.0, 690.0, 691.0, 690.0, 690.0, 690.0, 688.0, 687.0, 688.0, 690.0, 689.0, 687.0, 687.0, 688.0, 689.0, 690.0, 690.0, 690.0, 690.0, 692.0, 699.0, 691.0, 690.0, 690.0, 690.0, 689.0, 689.0, 690.0, 688.0, 690.0, 690.0, 690.0, 692.0, 690.0, 689.0, 689.0, 689.0, 689.0, 689.0, 690.0, 689.0, 688.0, 688.0, 690.0, 692.0, 692.0, 691.0, 689.0, 689.0, 690.0, 690.0, 689.0, 689.0, 690.0, 690.0, 690.0, 690.0, 689.0, 692.0, 692.0, 690.0, 690.0, 692.0, 690.0, 689.0, 690.0, 690.0, 689.0, 689.0, 691.0, 689.0, 690.0, 694.0, 690.0, 690.0, 690.0, 692.0, 690.0, 690.0, 690.0, 692.0, 694.0, 689.0, 689.0, 687.0, 687.0, 689.0, 692.0, 689.0, 689.0, 689.0, 689.0, 688.0, 688.0, 689.0, 689.0, 689.0, 690.0, 689.0, 690.0, 689.0, 689.0, 690.0, 689.0, 689.0, 689.0, 690.0, 689.0, 689.0, 689.0, 689.0, 689.0, 689.0, 691.0, 690.0, 689.0, 689.0, 690.0, 691.0, 691.0, 690.0, 690.0, 691.0, 689.0, 690.0, 689.0, 690.0, 689.0, 690.0, 690.0, 691.0, 690.0, 690.0, 691.0, 691.0, 692.0, 693.0, 691.0, 696.0, 690.0, 687.0, 690.0, 688.0, 689.0, 688.0, 689.0, 689.0, 690.0, 693.0, 695.0, 693.0, 694.0, 696.0, 691.0, 689.0, 688.0, 688.0, 685.0, 695.0, 694.0, 689.0, 687.0, 687.0, 692.0, 689.0, 689.0, 691.0, 692.0, 690.0, 690.0, 690.0, 689.0, 690.0, 690.0, 690.0, 690.0, 689.0, 689.0, 688.0, 689.0, 690.0, 689.0, 689.0, 689.0, 690.0, 689.0, 692.0, 691.0, 690.0, 690.0, 691.0, 692.0, 690.0, 689.0, 689.0, 689.0, 688.0, 689.0, 689.0, 689.0, 689.0, 689.0, 689.0, 692.0, 691.0, 690.0, 689.0, 689.0, 690.0, 692.0, 691.0, 690.0, 690.0, 689.0, 689.0, 689.0, 689.0, 689.0, 689.0, 688.0, 690.0, 690.0, 690.0, 691.0, 690.0, 691.0, 691.0, 689.0]}, "slices": {}}, "EventTimestamp": "11-09-21"}