{"AcquisitionMatrixPE": 64, "AcquisitionNumber": 1, "AcquisitionTime": "10:13:15.695000", "BandwidthPerPixelPhaseEncode": 28.935, "BaseResolution": 64, "BodyPartExamined": "BRAIN", "CoilCombinationMethod": "Sum of Squares", "ConsistencyInfo": "N4_VE11E_LATEST_20181129", "ConversionSoftware": "dcm2niix", "ConversionSoftwareVersion": "v1.0.20230411", "DerivedVendorReportedEchoSpacing": 0.000540003, "DeviceSerialNumber": "166182", "DwellTime": 3.4e-06, "EchoTime": 0.032, "EchoTrainLength": 64, "EffectiveEchoSpacing": 0.000540003, "FlipAngle": 40, "HeudiconvVersion": "0.13.1", "ImageOrientationPatientDICOM": [0.990792, 0.124257, -0.0537737, -0.120776, 0.99063, 0.0637625], "ImageOrientationText": "Tra>Sag(-3.5)>Cor(3.2)", "ImageType": ["ORIGINAL", "PRIMARY", "M", "ND", "NORM", "MOSAIC"], "ImagingFrequency": 123.255607, "InPlanePhaseEncodingDirectionDICOM": "COL", "InstitutionAddress": "PEARSE STREET .,City,District,IE,D2", "InstitutionName": "TCIN", "InstitutionalDepartmentName": "MRI", "MRAcquisitionType": "2D", "MagneticFieldStrength": 3, "Manufacturer": "Siemens", "ManufacturersModelName": "Prisma", "Modality": "MR", "MultibandAccelerationFactor": 4, "NonlinearGradientCorrection": false, "PartialFourier": 1, "PatientPosition": "HFS", "PercentPhaseFOV": 100, "PercentSampling": 100, "PhaseEncodingDirection": "j-", "PhaseEncodingSteps": 64, "PhaseResolution": 1, "PixelBandwidth": 2300, "ProcedureStepDescription": "Rhodri^Head BOLD", "ProtocolName": "cmrr_mbep2d_Pictures_AP_RDS", "PulseSequenceDetails": "%SiemensSeq%\\ep2d_bold", "ReceiveCoilActiveElements": "HC2,4,6,7;SC", "ReceiveCoilName": "SpecialPurpose_4", "ReconMatrixPE": 64, "RefLinesPE": 12, "RepetitionTime": 0.61, "SAR": 0.276096, "ScanOptions": "FS", "ScanningSequence": "EP", "SequenceName": "*epfid2d1_64", "SequenceVariant": "SK", "SeriesDescription": "cmrr_mbep2d_Pictures_AP_RDS", "SeriesNumber": 8, "ShimSetting": [-3585, -7454, 3776, 1224, -163, 73, 238, -70], "SliceThickness": 3, "SliceTiming": [0.2625, 0, 0.3275, 0.065, 0.3925, 0.13, 0.4575, 0.195, 0.5225, 0.2625, 0, 0.3275, 0.065, 0.3925, 0.13, 0.4575, 0.195, 0.5225, 0.2625, 0, 0.3275, 0.065, 0.3925, 0.13, 0.4575, 0.195, 0.5225, 0.2625, 0, 0.3275, 0.065, 0.3925, 0.13, 0.4575, 0.195, 0.5225], "SoftwareVersions": "syngo MR E11", "SpacingBetweenSlices": 3.3, "StationName": "AWP166182", "TaskName": "pictures", "TotalReadoutTime": 0.0340202, "TxRefAmp": 242.494, "dcmmeta_affine": [[-2.9723756313323975, -0.3623290956020355, -0.20193633437156677, 110.45049285888672], [-0.37277188897132874, 2.9718894958496094, 0.18704640865325928, -86.47122955322266], [-0.1613212376832962, -0.19128738343715668, 3.2885005474090576, -83.94992065429688], [0.0, 0.0, 0.0, 1.0]], "dcmmeta_reorient_transform": [[0.0, -1.0, 0.0, 63.0], [1.0, 0.0, 0.0, 0.0], [0.0, 0.0, 1.0, 0.0], [0.0, 0.0, 0.0, 1.0]], "dcmmeta_shape": [64, 64, 36, 510], "dcmmeta_slice_dim": 2, "dcmmeta_version": 0.6, "global": {"const": {"AcquisitionMatrix": [64, 0, 0, 64], "AngioFlag": "N", "BitsAllocated": 16, "BitsStored": 12, "BodyPartExamined": "BRAIN", "Columns": 384, "EchoNumbers": 1, "EchoTime": 32.0, "EchoTrainLength": 64, "FlipAngle": 40.0, "HighBit": 11, "ImageOrientationPatient": [0.99079185881487, 0.12425730088842, -0.0537737452861, -0.1207763656362, 0.99062980871667, 0.06376246219902], "ImagePositionPatient": [-505.23119515091, -635.90361902673, -100.79560757025], "ImageType": ["ORIGINAL", "PRIMARY", "M", "ND", "NORM", "MOSAIC"], "ImagedNucleus": "1H", "ImagingFrequency": 123.255607, "InPlanePhaseEncodingDirection": "COL", "MRAcquisitionType": "2D", "MagneticFieldStrength": 3.0, "Manufacturer": "SIEMENS", "ManufacturerModelName": "Prisma", "Modality": "MR", "NumberOfAverages": 1.0, "NumberOfPhaseEncodingSteps": 64, "PercentPhaseFieldOfView": 100.0, "PercentSampling": 100.0, "PerformedProcedureStepStartTime": "100025.052000", "PhotometricInterpretation": "MONOCHROME2", "PixelBandwidth": 2300.0, "PixelRepresentation": 0, "PixelSpacing": [3.0, 3.0], "ProtocolName": "cmrr_mbep2d_Pictures_AP_RDS", "RepetitionTime": 610.0, "Rows": 384, "SAR": 0.27609574744416, "SamplesPerPixel": 1, "ScanOptions": "FS", "ScanningSequence": "EP", "SequenceName": "*epfid2d1_64", "SequenceVariant": "SK", "SeriesDescription": "cmrr_mbep2d_Pictures_AP_RDS", "SeriesNumber": 8, "SeriesTime": "101342.585000", "SliceLocation": -95.317407513647, "SliceThickness": 3.0, "SmallestImagePixelValue": 0, "SoftwareVersions": "syngo MR E11", "SpacingBetweenSlices": 3.3000000137072, "SpecificCharacterSet": "ISO_IR 100", "StudyID": "1", "StudyTime": "100024.852000", "TransmitCoilName": "Body", "VariableFlipAngleFlag": "N", "WindowCenterWidthExplanation": "Algo1"}, "slices": {}}, "time": {"samples": {"AcquisitionNumber": [1, 2, 3, 4, 5, 6, 7, 8, 9, 10, 11, 12, 13, 14, 15, 16, 17, 18, 19, 20, 21, 22, 23, 24, 25, 26, 27, 28, 29, 30, 31, 32, 33, 34, 35, 36, 37, 38, 39, 40, 41, 42, 43, 44, 45, 46, 47, 48, 49, 50, 51, 52, 53, 54, 55, 56, 57, 58, 59, 60, 61, 62, 63, 64, 65, 66, 67, 68, 69, 70, 71, 72, 73, 74, 75, 76, 77, 78, 79, 80, 81, 82, 83, 84, 85, 86, 87, 88, 89, 90, 91, 92, 93, 94, 95, 96, 97, 98, 99, 100, 101, 102, 103, 104, 105, 106, 107, 108, 109, 110, 111, 112, 113, 114, 115, 116, 117, 118, 119, 120, 121, 122, 123, 124, 125, 126, 127, 128, 129, 130, 131, 132, 133, 134, 135, 136, 137, 138, 139, 140, 141, 142, 143, 144, 145, 146, 147, 148, 149, 150, 151, 152, 153, 154, 155, 156, 157, 158, 159, 160, 161, 162, 163, 164, 165, 166, 167, 168, 169, 170, 171, 172, 173, 174, 175, 176, 177, 178, 179, 180, 181, 182, 183, 184, 185, 186, 187, 188, 189, 190, 191, 192, 193, 194, 195, 196, 197, 198, 199, 200, 201, 202, 203, 204, 205, 206, 207, 208, 209, 210, 211, 212, 213, 214, 215, 216, 217, 218, 219, 220, 221, 222, 223, 224, 225, 226, 227, 228, 229, 230, 231, 232, 233, 234, 235, 236, 237, 238, 239, 240, 241, 242, 243, 244, 245, 246, 247, 248, 249, 250, 251, 252, 253, 254, 255, 256, 257, 258, 259, 260, 261, 262, 263, 264, 265, 266, 267, 268, 269, 270, 271, 272, 273, 274, 275, 276, 277, 278, 279, 280, 281, 282, 283, 284, 285, 286, 287, 288, 289, 290, 291, 292, 293, 294, 295, 296, 297, 298, 299, 300, 301, 302, 303, 304, 305, 306, 307, 308, 309, 310, 311, 312, 313, 314, 315, 316, 317, 318, 319, 320, 321, 322, 323, 324, 325, 326, 327, 328, 329, 330, 331, 332, 333, 334, 335, 336, 337, 338, 339, 340, 341, 342, 343, 344, 345, 346, 347, 348, 349, 350, 351, 352, 353, 354, 355, 356, 357, 358, 359, 360, 361, 362, 363, 364, 365, 366, 367, 368, 369, 370, 371, 372, 373, 374, 375, 376, 377, 378, 379, 380, 381, 382, 383, 384, 385, 386, 387, 388, 389, 390, 391, 392, 393, 394, 395, 396, 397, 398, 399, 400, 401, 402, 403, 404, 405, 406, 407, 408, 409, 410, 411, 412, 413, 414, 415, 416, 417, 418, 419, 420, 421, 422, 423, 424, 425, 426, 427, 428, 429, 430, 431, 432, 433, 434, 435, 436, 437, 438, 439, 440, 441, 442, 443, 444, 445, 446, 447, 448, 449, 450, 451, 452, 453, 454, 455, 456, 457, 458, 459, 460, 461, 462, 463, 464, 465, 466, 467, 468, 469, 470, 471, 472, 473, 474, 475, 476, 477, 478, 479, 480, 481, 482, 483, 484, 485, 486, 487, 488, 489, 490, 491, 492, 493, 494, 495, 496, 497, 498, 499, 500, 501, 502, 503, 504, 505, 506, 507, 508, 509, 510], "AcquisitionTime": ["101315.695000", "101316.305000", "101316.915000", "101317.525000", "101318.135000", "101318.745000", "101319.355000", "101319.965000", "101320.575000", "101321.185000", "101321.795000", "101322.405000", "101323.015000", "101323.625000", "101324.235000", "101324.845000", "101325.455000", "101326.065000", "101326.675000", "101327.285000", "101327.895000", "101328.505000", "101329.115000", "101329.725000", "101330.335000", "101330.945000", "101331.555000", "101332.165000", "101332.775000", "101333.385000", "101333.995000", "101334.605000", "101335.215000", "101335.825000", "101336.435000", "101337.045000", "101337.655000", "101338.265000", "101338.875000", "101339.485000", "101340.095000", "101340.705000", "101341.315000", "101341.925000", "101342.535000", "101343.145000", "101343.755000", "101344.365000", "101344.975000", "101345.585000", "101346.195000", "101346.805000", "101347.415000", "101348.025000", "101348.635000", "101349.245000", "101349.855000", "101350.465000", "101351.075000", "101351.685000", "101352.295000", "101352.905000", "101353.515000", "101354.125000", "101354.735000", "101355.345000", "101355.955000", "101356.565000", "101357.175000", "101357.785000", "101358.395000", "101359.005000", "101359.615000", "101400.225000", "101400.835000", "101401.445000", "101402.055000", "101402.665000", "101403.275000", "101403.885000", "101404.495000", "101405.105000", "101405.715000", "101406.325000", "101406.935000", "101407.545000", "101408.155000", "101408.765000", "101409.375000", "101409.985000", "101410.595000", "101411.205000", "101411.815000", "101412.425000", "101413.035000", "101413.645000", "101414.255000", "101414.865000", "101415.475000", "101416.085000", "101416.695000", "101417.305000", "101417.915000", "101418.525000", "101419.135000", "101419.745000", "101420.355000", "101420.965000", "101421.575000", "101422.185000", "101422.795000", "101423.405000", "101424.015000", "101424.625000", "101425.235000", "101425.845000", "101426.455000", "101427.065000", "101427.675000", "101428.285000", "101428.895000", "101429.505000", "101430.115000", "101430.725000", "101431.335000", "101431.945000", "101432.555000", "101433.165000", "101433.775000", "101434.385000", "101434.995000", "101435.605000", "101436.215000", "101436.825000", "101437.435000", "101438.045000", "101438.655000", "101439.265000", "101439.875000", "101440.485000", "101441.095000", "101441.705000", "101442.315000", "101442.925000", "101443.535000", "101444.145000", "101444.755000", "101445.365000", "101445.975000", "101446.585000", "101447.195000", "101447.805000", "101448.415000", "101449.025000", "101449.635000", "101450.245000", "101450.855000", "101451.465000", "101452.075000", "101452.685000", "101453.295000", "101453.905000", "101454.515000", "101455.125000", "101455.735000", "101456.345000", "101456.955000", "101457.565000", "101458.175000", "101458.785000", "101459.395000", "101500.005000", "101500.615000", "101501.225000", "101501.835000", "101502.445000", "101503.055000", "101503.665000", "101504.275000", "101504.885000", "101505.495000", "101506.105000", "101506.715000", "101507.325000", "101507.935000", "101508.545000", "101509.155000", "101509.765000", "101510.375000", "101510.985000", "101511.595000", "101512.205000", "101512.815000", "101513.425000", "101514.035000", "101514.645000", "101515.255000", "101515.865000", "101516.475000", "101517.085000", "101517.695000", "101518.305000", "101518.915000", "101519.525000", "101520.135000", "101520.745000", "101521.355000", "101521.965000", "101522.575000", "101523.185000", "101523.795000", "101524.405000", "101525.015000", "101525.625000", "101526.235000", "101526.845000", "101527.455000", "101528.065000", "101528.675000", "101529.285000", "101529.895000", "101530.505000", "101531.115000", "101531.725000", "101532.335000", "101532.945000", "101533.555000", "101534.165000", "101534.775000", "101535.385000", "101535.995000", "101536.605000", "101537.215000", "101537.825000", "101538.435000", "101539.045000", "101539.655000", "101540.265000", "101540.875000", "101541.485000", "101542.095000", "101542.705000", "101543.315000", "101543.925000", "101544.535000", "101545.145000", "101545.755000", "101546.365000", "101546.975000", "101547.585000", "101548.195000", "101548.805000", "101549.415000", "101550.025000", "101550.635000", "101551.245000", "101551.855000", "101552.465000", "101553.075000", "101553.685000", "101554.295000", "101554.905000", "101555.515000", "101556.125000", "101556.735000", "101557.345000", "101557.955000", "101558.565000", "101559.175000", "101559.785000", "101600.395000", "101601.005000", "101601.615000", "101602.225000", "101602.835000", "101603.445000", "101604.055000", "101604.665000", "101605.275000", "101605.885000", "101606.495000", "101607.105000", "101607.715000", "101608.325000", "101608.935000", "101609.545000", "101610.155000", "101610.765000", "101611.375000", "101611.985000", "101612.595000", "101613.205000", "101613.815000", "101614.425000", "101615.035000", "101615.645000", "101616.255000", "101616.865000", "101617.475000", "101618.085000", "101618.695000", "101619.305000", "101619.915000", "101620.525000", "101621.135000", "101621.745000", "101622.355000", "101622.965000", "101623.575000", "101624.185000", "101624.795000", "101625.405000", "101626.015000", "101626.625000", "101627.235000", "101627.845000", "101628.455000", "101629.065000", "101629.675000", "101630.285000", "101630.895000", "101631.505000", "101632.115000", "101632.725000", "101633.335000", "101633.945000", "101634.555000", "101635.165000", "101635.775000", "101636.385000", "101636.995000", "101637.605000", "101638.215000", "101638.825000", "101639.435000", "101640.045000", "101640.655000", "101641.265000", "101641.875000", "101642.485000", "101643.095000", "101643.705000", "101644.315000", "101644.925000", "101645.535000", "101646.145000", "101646.755000", "101647.365000", "101647.975000", "101648.585000", "101649.195000", "101649.805000", "101650.415000", "101651.025000", "101651.635000", "101652.245000", "101652.855000", "101653.465000", "101654.075000", "101654.685000", "101655.295000", "101655.905000", "101656.515000", "101657.125000", "101657.735000", "101658.345000", "101658.955000", "101659.565000", "101700.175000", "101700.785000", "101701.395000", "101702.005000", "101702.615000", "101703.225000", "101703.835000", "101704.445000", "101705.055000", "101705.665000", "101706.275000", "101706.885000", "101707.495000", "101708.105000", "101708.715000", "101709.325000", "101709.935000", "101710.545000", "101711.155000", "101711.765000", "101712.375000", "101712.985000", "101713.595000", "101714.205000", "101714.815000", "101715.425000", "101716.035000", "101716.645000", "101717.255000", "101717.865000", "101718.475000", "101719.085000", "101719.695000", "101720.305000", "101720.915000", "101721.525000", "101722.135000", "101722.745000", "101723.355000", "101723.965000", "101724.575000", "101725.185000", "101725.795000", "101726.405000", "101727.015000", "101727.625000", "101728.235000", "101728.845000", "101729.455000", "101730.065000", "101730.675000", "101731.285000", "101731.895000", "101732.505000", "101733.115000", "101733.725000", "101734.335000", "101734.945000", "101735.555000", "101736.165000", "101736.775000", "101737.385000", "101737.995000", "101738.605000", "101739.215000", "101739.825000", "101740.435000", "101741.045000", "101741.655000", "101742.265000", "101742.875000", "101743.485000", "101744.095000", "101744.705000", "101745.315000", "101745.925000", "101746.535000", "101747.145000", "101747.755000", "101748.365000", "101748.975000", "101749.585000", "101750.195000", "101750.805000", "101751.415000", "101752.025000", "101752.635000", "101753.245000", "101753.855000", "101754.465000", "101755.075000", "101755.685000", "101756.295000", "101756.905000", "101757.515000", "101758.125000", "101758.735000", "101759.345000", "101759.955000", "101800.565000", "101801.175000", "101801.785000", "101802.395000", "101803.005000", "101803.615000", "101804.225000", "101804.835000", "101805.445000", "101806.055000", "101806.665000", "101807.275000", "101807.885000", "101808.495000", "101809.105000", "101809.715000", "101810.325000", "101810.935000", "101811.545000", "101812.155000", "101812.765000", "101813.375000", "101813.985000", "101814.595000", "101815.205000", "101815.815000", "101816.425000", "101817.035000", "101817.645000", "101818.255000", "101818.865000", "101819.475000", "101820.085000", "101820.695000", "101821.305000", "101821.915000", "101822.525000", "101823.135000", "101823.745000", "101824.355000", "101824.965000", "101825.575000", "101826.185000"], "ContentTime": ["101342.588000", "101342.600000", "101342.603000", "101342.605000", "101342.607000", "101342.610000", "101342.613000", "101342.615000", "101342.618000", "101342.620000", "101342.622000", "101342.625000", "101342.627000", "101342.630000", "101342.632000", "101342.634000", "101342.637000", "101342.645000", "101342.647000", "101342.650000", "101342.652000", "101342.654000", "101342.657000", "101342.659000", "101342.661000", "101342.664000", "101342.666000", "101342.669000", "101342.671000", "101342.674000", "101342.676000", "101342.679000", "101342.681000", "101342.683000", "101342.686000", "101342.688000", "101342.690000", "101342.693000", "101342.695000", "101342.698000", "101342.700000", "101342.702000", "101342.705000", "101402.582000", "101402.585000", "101402.588000", "101402.590000", "101402.592000", "101402.595000", "101402.597000", "101402.599000", "101402.602000", "101402.604000", "101402.606000", "101402.609000", "101402.611000", "101402.614000", "101402.616000", "101402.618000", "101402.621000", "101402.623000", "101402.625000", "101402.628000", "101402.630000", "101402.632000", "101402.635000", "101402.637000", "101402.639000", "101402.642000", "101402.645000", "101402.647000", "101402.650000", "101402.652000", "101402.654000", "101402.657000", "101402.659000", "101422.582000", "101422.585000", "101422.587000", "101422.590000", "101422.592000", "101422.594000", "101422.597000", "101422.599000", "101422.604000", "101422.606000", "101422.608000", "101422.611000", "101422.613000", "101422.616000", "101422.618000", "101422.620000", "101422.623000", "101422.625000", "101422.627000", "101422.630000", "101422.632000", "101422.634000", "101422.637000", "101422.639000", "101422.641000", "101422.644000", "101422.646000", "101422.649000", "101422.651000", "101422.653000", "101422.656000", "101422.658000", "101422.661000", "101442.582000", "101442.585000", "101442.587000", "101442.590000", "101442.592000", "101442.594000", "101442.597000", "101442.599000", "101442.623000", "101442.626000", "101442.628000", "101442.631000", "101442.633000", "101442.636000", "101442.638000", "101442.640000", "101442.643000", "101442.645000", "101442.648000", "101442.650000", "101442.652000", "101442.655000", "101442.661000", "101442.664000", "101442.666000", "101442.668000", "101442.671000", "101442.673000", "101442.676000", "101442.678000", "101442.680000", "101442.683000", "101442.685000", "101502.583000", "101502.587000", "101502.589000", "101502.592000", "101502.595000", "101502.597000", "101502.599000", "101502.602000", "101502.604000", "101502.606000", "101502.609000", "101502.611000", "101502.613000", "101502.616000", "101502.618000", "101502.621000", "101502.623000", "101502.625000", "101502.628000", "101502.630000", "101502.632000", "101502.635000", "101502.637000", "101502.639000", "101502.642000", "101502.644000", "101502.646000", "101502.649000", "101502.651000", "101502.654000", "101502.656000", "101502.658000", "101522.583000", "101522.586000", "101522.589000", "101522.591000", "101522.593000", "101522.596000", "101522.598000", "101522.600000", "101522.603000", "101522.605000", "101522.608000", "101522.610000", "101522.612000", "101522.615000", "101522.617000", "101522.620000", "101522.622000", "101522.624000", "101522.627000", "101522.629000", "101522.631000", "101522.634000", "101522.636000", "101522.639000", "101522.641000", "101522.643000", "101522.646000", "101522.648000", "101522.650000", "101522.653000", "101522.655000", "101522.658000", "101522.660000", "101542.583000", "101542.586000", "101542.588000", "101542.591000", "101542.593000", "101542.596000", "101542.598000", "101542.600000", "101542.603000", "101542.605000", "101542.607000", "101542.610000", "101542.612000", "101542.614000", "101542.617000", "101542.619000", "101542.622000", "101542.624000", "101542.626000", "101542.629000", "101542.631000", "101542.634000", "101542.636000", "101542.638000", "101542.641000", "101542.643000", "101542.645000", "101542.654000", "101542.656000", "101542.658000", "101542.661000", "101542.663000", "101542.666000", "101602.583000", "101602.586000", "101602.588000", "101602.591000", "101602.594000", "101602.596000", "101602.598000", "101602.601000", "101602.603000", "101602.605000", "101602.608000", "101602.610000", "101602.613000", "101602.615000", "101602.617000", "101602.620000", "101602.622000", "101602.625000", "101602.627000", "101602.629000", "101602.632000", "101602.634000", "101602.636000", "101602.639000", "101602.641000", "101602.644000", "101602.646000", "101602.648000", "101602.651000", "101602.653000", "101602.656000", "101602.669000", "101602.671000", "101622.582000", "101622.585000", "101622.587000", "101622.590000", "101622.592000", "101622.594000", "101622.597000", "101622.599000", "101622.602000", "101622.604000", "101622.606000", "101622.609000", "101622.611000", "101622.614000", "101622.616000", "101622.618000", "101622.621000", "101622.623000", "101622.625000", "101622.628000", "101622.630000", "101622.633000", "101622.635000", "101622.637000", "101622.640000", "101622.642000", "101622.645000", "101622.647000", "101622.649000", "101622.652000", "101622.654000", "101622.657000", "101622.659000", "101642.582000", "101642.585000", "101642.587000", "101642.590000", "101642.592000", "101642.595000", "101642.597000", "101642.599000", "101642.602000", "101642.605000", "101642.607000", "101642.609000", "101642.612000", "101642.614000", "101642.617000", "101642.620000", "101642.622000", "101642.624000", "101642.627000", "101642.629000", "101642.632000", "101642.634000", "101642.637000", "101642.639000", "101642.642000", "101642.644000", "101642.647000", "101642.649000", "101642.651000", "101642.654000", "101642.656000", "101642.659000", "101702.582000", "101702.585000", "101702.588000", "101702.591000", "101702.593000", "101702.596000", "101702.598000", "101702.600000", "101702.603000", "101702.605000", "101702.608000", "101702.610000", "101702.612000", "101702.615000", "101702.617000", "101702.619000", "101702.622000", "101702.624000", "101702.627000", "101702.629000", "101702.631000", "101702.634000", "101702.636000", "101702.639000", "101702.641000", "101702.644000", "101702.646000", "101702.648000", "101702.651000", "101702.653000", "101702.656000", "101702.658000", "101702.660000", "101722.583000", "101722.586000", "101722.588000", "101722.591000", "101722.593000", "101722.595000", "101722.598000", "101722.600000", "101722.602000", "101722.605000", "101722.607000", "101722.610000", "101722.612000", "101722.614000", "101722.617000", "101722.619000", "101722.621000", "101722.624000", "101722.626000", "101722.628000", "101722.631000", "101722.633000", "101722.650000", "101722.653000", "101722.655000", "101722.658000", "101722.660000", "101722.662000", "101722.665000", "101722.667000", "101722.670000", "101722.672000", "101722.675000", "101742.583000", "101742.586000", "101742.588000", "101742.591000", "101742.593000", "101742.595000", "101742.598000", "101742.600000", "101742.603000", "101742.605000", "101742.607000", "101742.610000", "101742.612000", "101742.614000", "101742.617000", "101742.619000", "101742.621000", "101742.624000", "101742.626000", "101742.628000", "101742.631000", "101742.633000", "101742.636000", "101742.638000", "101742.640000", "101742.643000", "101742.645000", "101742.647000", "101742.650000", "101742.652000", "101742.655000", "101742.657000", "101742.659000", "101802.583000", "101802.586000", "101802.588000", "101802.591000", "101802.593000", "101802.596000", "101802.598000", "101802.600000", "101802.603000", "101802.605000", "101802.608000", "101802.610000", "101802.612000", "101802.615000", "101802.617000", "101802.619000", "101802.622000", "101802.624000", "101802.627000", "101802.629000", "101802.631000", "101802.634000", "101802.636000", "101802.638000", "101802.641000", "101802.643000", "101802.645000", "101802.648000", "101802.650000", "101802.652000", "101802.655000", "101802.657000", "101802.660000", "101822.583000", "101822.594000", "101822.596000", "101822.598000", "101822.601000", "101822.603000", "101822.605000", "101822.608000", "101822.610000", "101822.613000", "101822.615000", "101822.617000", "101822.620000", "101822.622000", "101822.624000", "101822.627000", "101822.629000", "101822.632000", "101822.634000", "101822.636000", "101822.639000", "101822.641000", "101822.644000", "101822.646000", "101822.648000", "101822.651000", "101822.653000", "101822.655000", "101822.658000", "101822.660000", "101822.663000", "101822.665000", "101826.898000", "101826.901000", "101826.903000", "101826.906000", "101826.908000", "101826.911000", "101826.913000", "101826.916000"], "InstanceCreationTime": ["101342.588000", "101342.600000", "101342.603000", "101342.605000", "101342.607000", "101342.610000", "101342.613000", "101342.615000", "101342.618000", "101342.620000", "101342.622000", "101342.625000", "101342.627000", "101342.630000", "101342.632000", "101342.634000", "101342.637000", "101342.645000", "101342.647000", "101342.650000", "101342.652000", "101342.654000", "101342.657000", "101342.659000", "101342.661000", "101342.664000", "101342.666000", "101342.669000", "101342.671000", "101342.674000", "101342.676000", "101342.679000", "101342.681000", "101342.683000", "101342.686000", "101342.688000", "101342.690000", "101342.693000", "101342.695000", "101342.698000", "101342.700000", "101342.702000", "101342.705000", "101402.582000", "101402.585000", "101402.588000", "101402.590000", "101402.592000", "101402.595000", "101402.597000", "101402.599000", "101402.602000", "101402.604000", "101402.606000", "101402.609000", "101402.611000", "101402.614000", "101402.616000", "101402.618000", "101402.621000", "101402.623000", "101402.625000", "101402.628000", "101402.630000", "101402.632000", "101402.635000", "101402.637000", "101402.639000", "101402.642000", "101402.645000", "101402.647000", "101402.650000", "101402.652000", "101402.654000", "101402.657000", "101402.659000", "101422.582000", "101422.585000", "101422.587000", "101422.590000", "101422.592000", "101422.594000", "101422.597000", "101422.599000", "101422.604000", "101422.606000", "101422.608000", "101422.611000", "101422.613000", "101422.616000", "101422.618000", "101422.620000", "101422.623000", "101422.625000", "101422.627000", "101422.630000", "101422.632000", "101422.634000", "101422.637000", "101422.639000", "101422.641000", "101422.644000", "101422.646000", "101422.649000", "101422.651000", "101422.653000", "101422.656000", "101422.658000", "101422.661000", "101442.582000", "101442.585000", "101442.587000", "101442.590000", "101442.592000", "101442.594000", "101442.597000", "101442.599000", "101442.623000", "101442.626000", "101442.628000", "101442.631000", "101442.633000", "101442.636000", "101442.638000", "101442.640000", "101442.643000", "101442.645000", "101442.648000", "101442.650000", "101442.652000", "101442.655000", "101442.661000", "101442.664000", "101442.666000", "101442.668000", "101442.671000", "101442.673000", "101442.676000", "101442.678000", "101442.680000", "101442.683000", "101442.685000", "101502.583000", "101502.587000", "101502.589000", "101502.592000", "101502.595000", "101502.597000", "101502.599000", "101502.602000", "101502.604000", "101502.606000", "101502.609000", "101502.611000", "101502.613000", "101502.616000", "101502.618000", "101502.621000", "101502.623000", "101502.625000", "101502.628000", "101502.630000", "101502.632000", "101502.635000", "101502.637000", "101502.639000", "101502.642000", "101502.644000", "101502.646000", "101502.649000", "101502.651000", "101502.654000", "101502.656000", "101502.658000", "101522.583000", "101522.586000", "101522.589000", "101522.591000", "101522.593000", "101522.596000", "101522.598000", "101522.600000", "101522.603000", "101522.605000", "101522.608000", "101522.610000", "101522.612000", "101522.615000", "101522.617000", "101522.620000", "101522.622000", "101522.624000", "101522.627000", "101522.629000", "101522.631000", "101522.634000", "101522.636000", "101522.639000", "101522.641000", "101522.643000", "101522.646000", "101522.648000", "101522.650000", "101522.653000", "101522.655000", "101522.658000", "101522.660000", "101542.583000", "101542.586000", "101542.588000", "101542.591000", "101542.593000", "101542.596000", "101542.598000", "101542.600000", "101542.603000", "101542.605000", "101542.607000", "101542.610000", "101542.612000", "101542.614000", "101542.617000", "101542.619000", "101542.622000", "101542.624000", "101542.626000", "101542.629000", "101542.631000", "101542.634000", "101542.636000", "101542.638000", "101542.641000", "101542.643000", "101542.645000", "101542.654000", "101542.656000", "101542.658000", "101542.661000", "101542.663000", "101542.666000", "101602.583000", "101602.586000", "101602.588000", "101602.591000", "101602.594000", "101602.596000", "101602.598000", "101602.601000", "101602.603000", "101602.605000", "101602.608000", "101602.610000", "101602.613000", "101602.615000", "101602.617000", "101602.620000", "101602.622000", "101602.625000", "101602.627000", "101602.629000", "101602.632000", "101602.634000", "101602.636000", "101602.639000", "101602.641000", "101602.644000", "101602.646000", "101602.648000", "101602.651000", "101602.653000", "101602.656000", "101602.669000", "101602.671000", "101622.582000", "101622.585000", "101622.587000", "101622.590000", "101622.592000", "101622.594000", "101622.597000", "101622.599000", "101622.602000", "101622.604000", "101622.606000", "101622.609000", "101622.611000", "101622.614000", "101622.616000", "101622.618000", "101622.621000", "101622.623000", "101622.625000", "101622.628000", "101622.630000", "101622.633000", "101622.635000", "101622.637000", "101622.640000", "101622.642000", "101622.645000", "101622.647000", "101622.649000", "101622.652000", "101622.654000", "101622.657000", "101622.659000", "101642.582000", "101642.585000", "101642.587000", "101642.590000", "101642.592000", "101642.595000", "101642.597000", "101642.599000", "101642.602000", "101642.605000", "101642.607000", "101642.609000", "101642.612000", "101642.614000", "101642.617000", "101642.620000", "101642.622000", "101642.624000", "101642.627000", "101642.629000", "101642.632000", "101642.634000", "101642.637000", "101642.639000", "101642.642000", "101642.644000", "101642.647000", "101642.649000", "101642.651000", "101642.654000", "101642.656000", "101642.659000", "101702.582000", "101702.585000", "101702.588000", "101702.591000", "101702.593000", "101702.596000", "101702.598000", "101702.600000", "101702.603000", "101702.605000", "101702.608000", "101702.610000", "101702.612000", "101702.615000", "101702.617000", "101702.619000", "101702.622000", "101702.624000", "101702.627000", "101702.629000", "101702.631000", "101702.634000", "101702.636000", "101702.639000", "101702.641000", "101702.644000", "101702.646000", "101702.648000", "101702.651000", "101702.653000", "101702.656000", "101702.658000", "101702.660000", "101722.583000", "101722.586000", "101722.588000", "101722.591000", "101722.593000", "101722.595000", "101722.598000", "101722.600000", "101722.602000", "101722.605000", "101722.607000", "101722.610000", "101722.612000", "101722.614000", "101722.617000", "101722.619000", "101722.621000", "101722.624000", "101722.626000", "101722.628000", "101722.631000", "101722.633000", "101722.650000", "101722.653000", "101722.655000", "101722.658000", "101722.660000", "101722.662000", "101722.665000", "101722.667000", "101722.670000", "101722.672000", "101722.675000", "101742.583000", "101742.586000", "101742.588000", "101742.591000", "101742.593000", "101742.595000", "101742.598000", "101742.600000", "101742.603000", "101742.605000", "101742.607000", "101742.610000", "101742.612000", "101742.614000", "101742.617000", "101742.619000", "101742.621000", "101742.624000", "101742.626000", "101742.628000", "101742.631000", "101742.633000", "101742.636000", "101742.638000", "101742.640000", "101742.643000", "101742.645000", "101742.647000", "101742.650000", "101742.652000", "101742.655000", "101742.657000", "101742.659000", "101802.583000", "101802.586000", "101802.588000", "101802.591000", "101802.593000", "101802.596000", "101802.598000", "101802.600000", "101802.603000", "101802.605000", "101802.608000", "101802.610000", "101802.612000", "101802.615000", "101802.617000", "101802.619000", "101802.622000", "101802.624000", "101802.627000", "101802.629000", "101802.631000", "101802.634000", "101802.636000", "101802.638000", "101802.641000", "101802.643000", "101802.645000", "101802.648000", "101802.650000", "101802.652000", "101802.655000", "101802.657000", "101802.660000", "101822.583000", "101822.594000", "101822.596000", "101822.598000", "101822.601000", "101822.603000", "101822.605000", "101822.608000", "101822.610000", "101822.613000", "101822.615000", "101822.617000", "101822.620000", "101822.622000", "101822.624000", "101822.627000", "101822.629000", "101822.632000", "101822.634000", "101822.636000", "101822.639000", "101822.641000", "101822.644000", "101822.646000", "101822.648000", "101822.651000", "101822.653000", "101822.655000", "101822.658000", "101822.660000", "101822.663000", "101822.665000", "101826.898000", "101826.901000", "101826.903000", "101826.906000", "101826.908000", "101826.911000", "101826.913000", "101826.916000"], "InstanceNumber": [1, 2, 3, 4, 5, 6, 7, 8, 9, 10, 11, 12, 13, 14, 15, 16, 17, 18, 19, 20, 21, 22, 23, 24, 25, 26, 27, 28, 29, 30, 31, 32, 33, 34, 35, 36, 37, 38, 39, 40, 41, 42, 43, 44, 45, 46, 47, 48, 49, 50, 51, 52, 53, 54, 55, 56, 57, 58, 59, 60, 61, 62, 63, 64, 65, 66, 67, 68, 69, 70, 71, 72, 73, 74, 75, 76, 77, 78, 79, 80, 81, 82, 83, 84, 85, 86, 87, 88, 89, 90, 91, 92, 93, 94, 95, 96, 97, 98, 99, 100, 101, 102, 103, 104, 105, 106, 107, 108, 109, 110, 111, 112, 113, 114, 115, 116, 117, 118, 119, 120, 121, 122, 123, 124, 125, 126, 127, 128, 129, 130, 131, 132, 133, 134, 135, 136, 137, 138, 139, 140, 141, 142, 143, 144, 145, 146, 147, 148, 149, 150, 151, 152, 153, 154, 155, 156, 157, 158, 159, 160, 161, 162, 163, 164, 165, 166, 167, 168, 169, 170, 171, 172, 173, 174, 175, 176, 177, 178, 179, 180, 181, 182, 183, 184, 185, 186, 187, 188, 189, 190, 191, 192, 193, 194, 195, 196, 197, 198, 199, 200, 201, 202, 203, 204, 205, 206, 207, 208, 209, 210, 211, 212, 213, 214, 215, 216, 217, 218, 219, 220, 221, 222, 223, 224, 225, 226, 227, 228, 229, 230, 231, 232, 233, 234, 235, 236, 237, 238, 239, 240, 241, 242, 243, 244, 245, 246, 247, 248, 249, 250, 251, 252, 253, 254, 255, 256, 257, 258, 259, 260, 261, 262, 263, 264, 265, 266, 267, 268, 269, 270, 271, 272, 273, 274, 275, 276, 277, 278, 279, 280, 281, 282, 283, 284, 285, 286, 287, 288, 289, 290, 291, 292, 293, 294, 295, 296, 297, 298, 299, 300, 301, 302, 303, 304, 305, 306, 307, 308, 309, 310, 311, 312, 313, 314, 315, 316, 317, 318, 319, 320, 321, 322, 323, 324, 325, 326, 327, 328, 329, 330, 331, 332, 333, 334, 335, 336, 337, 338, 339, 340, 341, 342, 343, 344, 345, 346, 347, 348, 349, 350, 351, 352, 353, 354, 355, 356, 357, 358, 359, 360, 361, 362, 363, 364, 365, 366, 367, 368, 369, 370, 371, 372, 373, 374, 375, 376, 377, 378, 379, 380, 381, 382, 383, 384, 385, 386, 387, 388, 389, 390, 391, 392, 393, 394, 395, 396, 397, 398, 399, 400, 401, 402, 403, 404, 405, 406, 407, 408, 409, 410, 411, 412, 413, 414, 415, 416, 417, 418, 419, 420, 421, 422, 423, 424, 425, 426, 427, 428, 429, 430, 431, 432, 433, 434, 435, 436, 437, 438, 439, 440, 441, 442, 443, 444, 445, 446, 447, 448, 449, 450, 451, 452, 453, 454, 455, 456, 457, 458, 459, 460, 461, 462, 463, 464, 465, 466, 467, 468, 469, 470, 471, 472, 473, 474, 475, 476, 477, 478, 479, 480, 481, 482, 483, 484, 485, 486, 487, 488, 489, 490, 491, 492, 493, 494, 495, 496, 497, 498, 499, 500, 501, 502, 503, 504, 505, 506, 507, 508, 509, 510], "LargestImagePixelValue": [470, 462, 458, 455, 454, 491, 462, 471, 492, 466, 458, 454, 490, 473, 460, 475, 479, 451, 461, 454, 463, 453, 453, 457, 470, 467, 446, 482, 453, 448, 455, 448, 459, 459, 449, 471, 448, 459, 454, 469, 469, 465, 462, 454, 466, 459, 466, 479, 450, 476, 445, 458, 466, 478, 472, 462, 467, 464, 471, 467, 485, 453, 474, 450, 476, 462, 463, 459, 444, 443, 460, 480, 458, 434, 466, 451, 448, 454, 454, 457, 450, 497, 472, 474, 463, 472, 469, 461, 460, 456, 452, 453, 463, 461, 462, 461, 459, 463, 476, 470, 460, 463, 456, 455, 458, 461, 462, 458, 458, 471, 449, 472, 488, 468, 458, 460, 457, 484, 477, 447, 463, 457, 446, 450, 465, 478, 480, 492, 472, 460, 471, 463, 476, 461, 452, 445, 445, 443, 452, 456, 448, 473, 463, 459, 464, 454, 453, 459, 521, 452, 466, 458, 474, 455, 460, 461, 462, 459, 456, 451, 455, 454, 448, 452, 460, 439, 490, 481, 461, 440, 470, 461, 478, 485, 455, 455, 486, 481, 472, 459, 457, 458, 464, 467, 466, 461, 460, 455, 450, 464, 455, 451, 450, 454, 459, 458, 450, 464, 463, 472, 461, 454, 464, 482, 469, 489, 471, 462, 478, 448, 476, 468, 456, 461, 453, 447, 448, 503, 501, 461, 482, 491, 474, 457, 445, 439, 440, 439, 440, 447, 451, 469, 445, 446, 445, 439, 465, 460, 444, 443, 451, 446, 452, 452, 455, 457, 459, 483, 460, 461, 460, 461, 535, 448, 479, 457, 452, 451, 457, 451, 469, 476, 450, 451, 449, 462, 454, 445, 448, 456, 447, 535, 457, 448, 451, 455, 450, 454, 451, 478, 464, 497, 465, 463, 465, 457, 459, 510, 446, 442, 442, 446, 453, 455, 455, 456, 454, 449, 451, 444, 444, 455, 484, 447, 441, 442, 442, 437, 439, 441, 447, 452, 453, 448, 449, 446, 452, 450, 451, 446, 445, 449, 456, 456, 461, 451, 469, 456, 453, 456, 452, 450, 452, 445, 447, 457, 450, 495, 453, 464, 455, 470, 468, 485, 448, 444, 441, 440, 443, 444, 442, 445, 448, 448, 453, 457, 473, 452, 456, 448, 446, 450, 446, 461, 463, 450, 458, 451, 450, 449, 470, 456, 503, 458, 460, 508, 467, 452, 462, 481, 453, 458, 455, 450, 448, 453, 449, 467, 478, 474, 467, 454, 457, 451, 449, 449, 448, 458, 454, 483, 468, 505, 447, 463, 445, 463, 463, 461, 458, 454, 448, 459, 453, 448, 460, 459, 457, 455, 455, 447, 450, 442, 472, 488, 478, 467, 478, 471, 460, 455, 453, 452, 449, 483, 447, 457, 447, 447, 441, 442, 449, 457, 453, 502, 493, 464, 456, 461, 450, 484, 465, 459, 460, 462, 449, 449, 446, 443, 468, 460, 453, 448, 450, 454, 472, 483, 455, 459, 454, 451, 470, 487, 475, 465, 481, 453, 466, 460, 452, 460, 466, 463, 458, 457, 460, 459, 466, 444, 442, 485, 517, 500, 475, 466, 480, 469, 477, 505, 481, 482, 465, 456, 460, 463, 461, 467, 450, 449, 442, 442], "WindowCenter": [292.0, 288.0, 289.0, 289.0, 287.0, 287.0, 286.0, 289.0, 288.0, 285.0, 285.0, 287.0, 287.0, 286.0, 285.0, 287.0, 286.0, 287.0, 288.0, 288.0, 287.0, 288.0, 287.0, 285.0, 288.0, 286.0, 283.0, 288.0, 285.0, 286.0, 286.0, 286.0, 287.0, 286.0, 287.0, 287.0, 285.0, 286.0, 287.0, 287.0, 288.0, 287.0, 287.0, 287.0, 287.0, 288.0, 287.0, 287.0, 287.0, 286.0, 286.0, 286.0, 286.0, 287.0, 287.0, 285.0, 287.0, 287.0, 289.0, 289.0, 288.0, 288.0, 284.0, 286.0, 285.0, 284.0, 286.0, 284.0, 283.0, 282.0, 283.0, 287.0, 284.0, 283.0, 284.0, 287.0, 286.0, 288.0, 286.0, 288.0, 286.0, 290.0, 287.0, 288.0, 287.0, 287.0, 286.0, 285.0, 286.0, 287.0, 288.0, 286.0, 287.0, 287.0, 286.0, 287.0, 285.0, 285.0, 287.0, 287.0, 286.0, 286.0, 285.0, 286.0, 288.0, 288.0, 287.0, 288.0, 288.0, 288.0, 287.0, 286.0, 287.0, 286.0, 286.0, 286.0, 285.0, 283.0, 289.0, 285.0, 284.0, 286.0, 285.0, 284.0, 282.0, 285.0, 288.0, 290.0, 288.0, 288.0, 288.0, 283.0, 285.0, 286.0, 285.0, 284.0, 283.0, 285.0, 286.0, 288.0, 286.0, 288.0, 285.0, 284.0, 287.0, 286.0, 288.0, 286.0, 287.0, 288.0, 287.0, 286.0, 288.0, 286.0, 287.0, 288.0, 287.0, 287.0, 289.0, 287.0, 287.0, 285.0, 288.0, 287.0, 288.0, 285.0, 290.0, 289.0, 288.0, 283.0, 287.0, 282.0, 285.0, 287.0, 284.0, 287.0, 287.0, 288.0, 287.0, 287.0, 287.0, 287.0, 288.0, 287.0, 286.0, 287.0, 288.0, 287.0, 288.0, 290.0, 288.0, 287.0, 288.0, 287.0, 288.0, 288.0, 288.0, 287.0, 289.0, 288.0, 287.0, 287.0, 287.0, 288.0, 287.0, 290.0, 287.0, 288.0, 287.0, 284.0, 287.0, 285.0, 285.0, 286.0, 286.0, 286.0, 286.0, 287.0, 286.0, 282.0, 286.0, 288.0, 287.0, 287.0, 286.0, 284.0, 283.0, 286.0, 285.0, 286.0, 286.0, 284.0, 285.0, 285.0, 285.0, 285.0, 287.0, 286.0, 287.0, 286.0, 286.0, 284.0, 285.0, 286.0, 286.0, 287.0, 287.0, 288.0, 288.0, 287.0, 287.0, 289.0, 288.0, 284.0, 287.0, 286.0, 286.0, 285.0, 286.0, 285.0, 288.0, 286.0, 287.0, 287.0, 287.0, 288.0, 287.0, 287.0, 288.0, 287.0, 288.0, 290.0, 285.0, 287.0, 285.0, 288.0, 287.0, 286.0, 283.0, 284.0, 285.0, 289.0, 287.0, 286.0, 288.0, 287.0, 285.0, 285.0, 285.0, 282.0, 280.0, 286.0, 288.0, 287.0, 288.0, 289.0, 290.0, 288.0, 287.0, 288.0, 284.0, 287.0, 287.0, 285.0, 284.0, 284.0, 284.0, 283.0, 284.0, 284.0, 285.0, 287.0, 287.0, 285.0, 285.0, 287.0, 287.0, 286.0, 287.0, 286.0, 286.0, 286.0, 287.0, 287.0, 287.0, 287.0, 287.0, 287.0, 286.0, 287.0, 288.0, 287.0, 288.0, 287.0, 288.0, 288.0, 287.0, 289.0, 287.0, 287.0, 287.0, 288.0, 288.0, 288.0, 287.0, 286.0, 286.0, 285.0, 286.0, 286.0, 286.0, 287.0, 286.0, 287.0, 287.0, 287.0, 287.0, 287.0, 288.0, 287.0, 287.0, 287.0, 287.0, 288.0, 287.0, 288.0, 287.0, 287.0, 287.0, 285.0, 288.0, 288.0, 288.0, 284.0, 282.0, 289.0, 286.0, 286.0, 285.0, 289.0, 286.0, 286.0, 286.0, 286.0, 287.0, 286.0, 287.0, 288.0, 288.0, 287.0, 287.0, 287.0, 287.0, 286.0, 286.0, 286.0, 286.0, 285.0, 289.0, 288.0, 288.0, 285.0, 285.0, 285.0, 283.0, 283.0, 289.0, 287.0, 286.0, 287.0, 285.0, 287.0, 286.0, 286.0, 287.0, 287.0, 287.0, 287.0, 287.0, 287.0, 285.0, 283.0, 291.0, 289.0, 288.0, 287.0, 288.0, 287.0, 286.0, 287.0, 286.0, 286.0, 286.0, 287.0, 286.0, 286.0, 286.0, 286.0, 285.0, 286.0, 286.0, 287.0, 284.0, 288.0, 287.0, 287.0, 286.0, 287.0, 287.0, 286.0, 287.0, 288.0, 286.0, 287.0, 287.0, 287.0, 286.0, 285.0, 288.0, 288.0, 287.0, 286.0, 286.0, 288.0, 286.0, 287.0, 287.0, 286.0, 287.0, 286.0, 290.0, 287.0, 289.0, 285.0, 286.0, 284.0, 284.0, 286.0, 287.0, 286.0, 286.0, 285.0, 287.0, 287.0, 286.0, 287.0, 290.0, 287.0, 282.0, 283.0, 289.0, 288.0, 287.0, 285.0, 286.0, 284.0, 284.0, 291.0, 288.0, 287.0, 287.0, 286.0, 287.0, 289.0, 289.0, 290.0, 287.0, 287.0, 286.0, 285.0], "WindowWidth": [637.0, 629.0, 631.0, 631.0, 627.0, 627.0, 625.0, 631.0, 627.0, 624.0, 624.0, 627.0, 626.0, 625.0, 623.0, 627.0, 625.0, 627.0, 629.0, 629.0, 627.0, 629.0, 627.0, 624.0, 629.0, 626.0, 620.0, 629.0, 622.0, 625.0, 625.0, 625.0, 627.0, 626.0, 626.0, 626.0, 624.0, 624.0, 626.0, 627.0, 628.0, 626.0, 627.0, 627.0, 626.0, 628.0, 626.0, 626.0, 627.0, 626.0, 625.0, 626.0, 626.0, 627.0, 627.0, 623.0, 628.0, 627.0, 631.0, 630.0, 628.0, 629.0, 622.0, 625.0, 624.0, 621.0, 625.0, 622.0, 620.0, 618.0, 620.0, 628.0, 622.0, 619.0, 621.0, 627.0, 625.0, 630.0, 624.0, 629.0, 625.0, 633.0, 627.0, 629.0, 627.0, 627.0, 626.0, 624.0, 625.0, 627.0, 628.0, 625.0, 627.0, 627.0, 625.0, 628.0, 624.0, 623.0, 628.0, 627.0, 625.0, 625.0, 623.0, 626.0, 629.0, 629.0, 627.0, 629.0, 628.0, 629.0, 627.0, 626.0, 627.0, 625.0, 625.0, 625.0, 624.0, 619.0, 631.0, 623.0, 622.0, 625.0, 624.0, 623.0, 617.0, 624.0, 629.0, 632.0, 628.0, 629.0, 628.0, 620.0, 623.0, 626.0, 624.0, 621.0, 621.0, 623.0, 625.0, 628.0, 626.0, 628.0, 624.0, 622.0, 626.0, 625.0, 628.0, 625.0, 627.0, 629.0, 627.0, 624.0, 628.0, 625.0, 627.0, 629.0, 627.0, 627.0, 631.0, 628.0, 629.0, 625.0, 628.0, 626.0, 629.0, 624.0, 634.0, 632.0, 629.0, 620.0, 627.0, 619.0, 624.0, 627.0, 621.0, 627.0, 628.0, 629.0, 628.0, 627.0, 627.0, 627.0, 629.0, 628.0, 626.0, 627.0, 628.0, 627.0, 629.0, 633.0, 629.0, 628.0, 629.0, 628.0, 629.0, 629.0, 628.0, 628.0, 631.0, 629.0, 628.0, 628.0, 627.0, 628.0, 627.0, 633.0, 627.0, 629.0, 628.0, 621.0, 627.0, 624.0, 624.0, 625.0, 626.0, 625.0, 626.0, 627.0, 625.0, 618.0, 625.0, 629.0, 628.0, 627.0, 625.0, 621.0, 620.0, 625.0, 623.0, 625.0, 626.0, 622.0, 624.0, 624.0, 624.0, 624.0, 628.0, 626.0, 627.0, 626.0, 625.0, 622.0, 624.0, 625.0, 626.0, 626.0, 628.0, 629.0, 629.0, 628.0, 627.0, 632.0, 629.0, 623.0, 627.0, 625.0, 625.0, 624.0, 625.0, 624.0, 630.0, 626.0, 628.0, 628.0, 627.0, 629.0, 628.0, 627.0, 629.0, 627.0, 629.0, 632.0, 624.0, 628.0, 622.0, 629.0, 627.0, 626.0, 620.0, 621.0, 623.0, 631.0, 628.0, 625.0, 628.0, 628.0, 623.0, 623.0, 623.0, 618.0, 614.0, 626.0, 628.0, 627.0, 628.0, 630.0, 632.0, 631.0, 628.0, 629.0, 622.0, 627.0, 627.0, 623.0, 621.0, 621.0, 622.0, 621.0, 622.0, 623.0, 623.0, 628.0, 627.0, 624.0, 624.0, 628.0, 626.0, 626.0, 626.0, 626.0, 626.0, 625.0, 627.0, 628.0, 627.0, 627.0, 628.0, 627.0, 626.0, 627.0, 630.0, 628.0, 628.0, 628.0, 629.0, 629.0, 627.0, 630.0, 628.0, 628.0, 628.0, 630.0, 629.0, 629.0, 627.0, 626.0, 626.0, 624.0, 626.0, 626.0, 626.0, 627.0, 626.0, 627.0, 627.0, 628.0, 627.0, 628.0, 629.0, 627.0, 628.0, 628.0, 628.0, 630.0, 628.0, 629.0, 627.0, 627.0, 628.0, 623.0, 628.0, 629.0, 629.0, 622.0, 618.0, 630.0, 624.0, 624.0, 624.0, 630.0, 626.0, 625.0, 626.0, 625.0, 627.0, 626.0, 626.0, 630.0, 629.0, 627.0, 628.0, 627.0, 627.0, 626.0, 626.0, 626.0, 625.0, 624.0, 631.0, 630.0, 629.0, 623.0, 623.0, 623.0, 620.0, 619.0, 630.0, 627.0, 626.0, 628.0, 624.0, 628.0, 626.0, 625.0, 626.0, 627.0, 627.0, 627.0, 627.0, 626.0, 624.0, 619.0, 635.0, 630.0, 628.0, 628.0, 629.0, 628.0, 626.0, 628.0, 626.0, 626.0, 625.0, 627.0, 625.0, 626.0, 625.0, 625.0, 623.0, 626.0, 625.0, 628.0, 622.0, 630.0, 627.0, 627.0, 625.0, 627.0, 627.0, 626.0, 628.0, 629.0, 626.0, 627.0, 627.0, 627.0, 626.0, 624.0, 630.0, 629.0, 627.0, 625.0, 625.0, 629.0, 626.0, 628.0, 628.0, 626.0, 626.0, 626.0, 632.0, 628.0, 630.0, 623.0, 626.0, 622.0, 622.0, 624.0, 627.0, 625.0, 625.0, 624.0, 626.0, 627.0, 626.0, 628.0, 633.0, 627.0, 618.0, 619.0, 632.0, 630.0, 627.0, 624.0, 624.0, 621.0, 622.0, 635.0, 629.0, 627.0, 627.0, 626.0, 627.0, 630.0, 631.0, 633.0, 628.0, 627.0, 625.0, 624.0]}, "slices": {}}, "EventTimestamp": "10-16-08"}