{"AcquisitionMatrixPE": 64, "AcquisitionNumber": 1, "AcquisitionTime": "10:24:4.712500", "BandwidthPerPixelPhaseEncode": 28.935, "BaseResolution": 64, "BodyPartExamined": "BRAIN", "CoilCombinationMethod": "Sum of Squares", "ConsistencyInfo": "N4_VE11E_LATEST_20181129", "ConversionSoftware": "dcm2niix", "ConversionSoftwareVersion": "v1.0.20230411", "DerivedVendorReportedEchoSpacing": 0.000540003, "DeviceSerialNumber": "166182", "DwellTime": 3.4e-06, "EchoTime": 0.032, "EchoTrainLength": 64, "EffectiveEchoSpacing": 0.000540003, "FlipAngle": 40, "HeudiconvVersion": "0.13.1", "ImageOrientationPatientDICOM": [0.990792, 0.124257, -0.0537737, -0.120776, 0.99063, 0.0637625], "ImageOrientationText": "Tra>Sag(-3.5)>Cor(3.2)", "ImageType": ["ORIGINAL", "PRIMARY", "M", "ND", "NORM", "MOSAIC"], "ImagingFrequency": 123.255604, "InPlanePhaseEncodingDirectionDICOM": "COL", "InstitutionAddress": "PEARSE STREET .,City,District,IE,D2", "InstitutionName": "TCIN", "InstitutionalDepartmentName": "MRI", "MRAcquisitionType": "2D", "MagneticFieldStrength": 3, "Manufacturer": "Siemens", "ManufacturersModelName": "Prisma", "Modality": "MR", "MultibandAccelerationFactor": 4, "NonlinearGradientCorrection": false, "PartialFourier": 1, "PatientPosition": "HFS", "PercentPhaseFOV": 100, "PercentSampling": 100, "PhaseEncodingDirection": "j-", "PhaseEncodingSteps": 64, "PhaseResolution": 1, "PixelBandwidth": 2300, "ProcedureStepDescription": "Rhodri^Head BOLD", "ProtocolName": "cmrr_mbep2d_Pictures_AP_RDS", "PulseSequenceDetails": "%SiemensSeq%\\ep2d_bold", "ReceiveCoilActiveElements": "HC2,4,6,7;SC", "ReceiveCoilName": "SpecialPurpose_4", "ReconMatrixPE": 64, "RefLinesPE": 12, "RepetitionTime": 0.61, "SAR": 0.276096, "ScanOptions": "FS", "ScanningSequence": "EP", "SequenceName": "*epfid2d1_64", "SequenceVariant": "SK", "SeriesDescription": "cmrr_mbep2d_Pictures_AP_RDS", "SeriesNumber": 10, "ShimSetting": [-3585, -7454, 3776, 1224, -163, 73, 238, -70], "SliceThickness": 3, "SliceTiming": [0.2625, 0, 0.3275, 0.065, 0.3925, 0.13, 0.46, 0.1975, 0.525, 0.2625, 0, 0.3275, 0.065, 0.3925, 0.13, 0.46, 0.1975, 0.525, 0.2625, 0, 0.3275, 0.065, 0.3925, 0.13, 0.46, 0.1975, 0.525, 0.2625, 0, 0.3275, 0.065, 0.3925, 0.13, 0.46, 0.1975, 0.525], "SoftwareVersions": "syngo MR E11", "SpacingBetweenSlices": 3.3, "StationName": "AWP166182", "TaskName": "pictures", "TotalReadoutTime": 0.0340202, "TxRefAmp": 242.494, "dcmmeta_affine": [[-2.9723756313323975, -0.3623290956020355, -0.20193633437156677, 110.45049285888672], [-0.37277188897132874, 2.9718894958496094, 0.18704640865325928, -86.47122955322266], [-0.1613212376832962, -0.19128738343715668, 3.2885005474090576, -83.94992065429688], [0.0, 0.0, 0.0, 1.0]], "dcmmeta_reorient_transform": [[0.0, -1.0, 0.0, 63.0], [1.0, 0.0, 0.0, 0.0], [0.0, 0.0, 1.0, 0.0], [0.0, 0.0, 0.0, 1.0]], "dcmmeta_shape": [64, 64, 36, 510], "dcmmeta_slice_dim": 2, "dcmmeta_version": 0.6, "global": {"const": {"AcquisitionMatrix": [64, 0, 0, 64], "AngioFlag": "N", "BitsAllocated": 16, "BitsStored": 12, "BodyPartExamined": "BRAIN", "Columns": 384, "EchoNumbers": 1, "EchoTime": 32.0, "EchoTrainLength": 64, "FlipAngle": 40.0, "HighBit": 11, "ImageOrientationPatient": [0.99079185881487, 0.12425730088842, -0.0537737452861, -0.1207763656362, 0.99062980871667, 0.06376246219902], "ImagePositionPatient": [-505.23119515091, -635.90361902673, -100.79560757025], "ImageType": ["ORIGINAL", "PRIMARY", "M", "ND", "NORM", "MOSAIC"], "ImagedNucleus": "1H", "ImagingFrequency": 123.255604, "InPlanePhaseEncodingDirection": "COL", "MRAcquisitionType": "2D", "MagneticFieldStrength": 3.0, "Manufacturer": "SIEMENS", "ManufacturerModelName": "Prisma", "Modality": "MR", "NumberOfAverages": 1.0, "NumberOfPhaseEncodingSteps": 64, "PercentPhaseFieldOfView": 100.0, "PercentSampling": 100.0, "PerformedProcedureStepStartTime": "100025.052000", "PhotometricInterpretation": "MONOCHROME2", "PixelBandwidth": 2300.0, "PixelRepresentation": 0, "PixelSpacing": [3.0, 3.0], "ProtocolName": "cmrr_mbep2d_Pictures_AP_RDS", "RepetitionTime": 610.0, "Rows": 384, "SAR": 0.27609574744416, "SamplesPerPixel": 1, "ScanOptions": "FS", "ScanningSequence": "EP", "SequenceName": "*epfid2d1_64", "SequenceVariant": "SK", "SeriesDescription": "cmrr_mbep2d_Pictures_AP_RDS", "SeriesNumber": 10, "SeriesTime": "102422.493000", "SliceLocation": -95.317407513647, "SliceThickness": 3.0, "SmallestImagePixelValue": 0, "SoftwareVersions": "syngo MR E11", "SpacingBetweenSlices": 3.3000000137072, "SpecificCharacterSet": "ISO_IR 100", "StudyID": "1", "StudyTime": "100024.852000", "TransmitCoilName": "Body", "VariableFlipAngleFlag": "N", "WindowCenterWidthExplanation": "Algo1"}, "slices": {}}, "time": {"samples": {"AcquisitionNumber": [1, 2, 3, 4, 5, 6, 7, 8, 9, 10, 11, 12, 13, 14, 15, 16, 17, 18, 19, 20, 21, 22, 23, 24, 25, 26, 27, 28, 29, 30, 31, 32, 33, 34, 35, 36, 37, 38, 39, 40, 41, 42, 43, 44, 45, 46, 47, 48, 49, 50, 51, 52, 53, 54, 55, 56, 57, 58, 59, 60, 61, 62, 63, 64, 65, 66, 67, 68, 69, 70, 71, 72, 73, 74, 75, 76, 77, 78, 79, 80, 81, 82, 83, 84, 85, 86, 87, 88, 89, 90, 91, 92, 93, 94, 95, 96, 97, 98, 99, 100, 101, 102, 103, 104, 105, 106, 107, 108, 109, 110, 111, 112, 113, 114, 115, 116, 117, 118, 119, 120, 121, 122, 123, 124, 125, 126, 127, 128, 129, 130, 131, 132, 133, 134, 135, 136, 137, 138, 139, 140, 141, 142, 143, 144, 145, 146, 147, 148, 149, 150, 151, 152, 153, 154, 155, 156, 157, 158, 159, 160, 161, 162, 163, 164, 165, 166, 167, 168, 169, 170, 171, 172, 173, 174, 175, 176, 177, 178, 179, 180, 181, 182, 183, 184, 185, 186, 187, 188, 189, 190, 191, 192, 193, 194, 195, 196, 197, 198, 199, 200, 201, 202, 203, 204, 205, 206, 207, 208, 209, 210, 211, 212, 213, 214, 215, 216, 217, 218, 219, 220, 221, 222, 223, 224, 225, 226, 227, 228, 229, 230, 231, 232, 233, 234, 235, 236, 237, 238, 239, 240, 241, 242, 243, 244, 245, 246, 247, 248, 249, 250, 251, 252, 253, 254, 255, 256, 257, 258, 259, 260, 261, 262, 263, 264, 265, 266, 267, 268, 269, 270, 271, 272, 273, 274, 275, 276, 277, 278, 279, 280, 281, 282, 283, 284, 285, 286, 287, 288, 289, 290, 291, 292, 293, 294, 295, 296, 297, 298, 299, 300, 301, 302, 303, 304, 305, 306, 307, 308, 309, 310, 311, 312, 313, 314, 315, 316, 317, 318, 319, 320, 321, 322, 323, 324, 325, 326, 327, 328, 329, 330, 331, 332, 333, 334, 335, 336, 337, 338, 339, 340, 341, 342, 343, 344, 345, 346, 347, 348, 349, 350, 351, 352, 353, 354, 355, 356, 357, 358, 359, 360, 361, 362, 363, 364, 365, 366, 367, 368, 369, 370, 371, 372, 373, 374, 375, 376, 377, 378, 379, 380, 381, 382, 383, 384, 385, 386, 387, 388, 389, 390, 391, 392, 393, 394, 395, 396, 397, 398, 399, 400, 401, 402, 403, 404, 405, 406, 407, 408, 409, 410, 411, 412, 413, 414, 415, 416, 417, 418, 419, 420, 421, 422, 423, 424, 425, 426, 427, 428, 429, 430, 431, 432, 433, 434, 435, 436, 437, 438, 439, 440, 441, 442, 443, 444, 445, 446, 447, 448, 449, 450, 451, 452, 453, 454, 455, 456, 457, 458, 459, 460, 461, 462, 463, 464, 465, 466, 467, 468, 469, 470, 471, 472, 473, 474, 475, 476, 477, 478, 479, 480, 481, 482, 483, 484, 485, 486, 487, 488, 489, 490, 491, 492, 493, 494, 495, 496, 497, 498, 499, 500, 501, 502, 503, 504, 505, 506, 507, 508, 509, 510], "AcquisitionTime": ["102404.712500", "102405.322500", "102405.932500", "102406.542500", "102407.152500", "102407.762500", "102408.372500", "102408.982500", "102409.592500", "102410.202500", "102410.812500", "102411.422500", "102412.032500", "102412.642500", "102413.252500", "102413.862500", "102414.472500", "102415.082500", "102415.692500", "102416.302500", "102416.912500", "102417.522500", "102418.132500", "102418.742500", "102419.352500", "102419.962500", "102420.572500", "102421.182500", "102421.792500", "102422.402500", "102423.012500", "102423.622500", "102424.232500", "102424.842500", "102425.452500", "102426.062500", "102426.672500", "102427.282500", "102427.892500", "102428.502500", "102429.112500", "102429.722500", "102430.332500", "102430.942500", "102431.552500", "102432.162500", "102432.772500", "102433.382500", "102433.992500", "102434.602500", "102435.212500", "102435.822500", "102436.432500", "102437.042500", "102437.652500", "102438.262500", "102438.872500", "102439.482500", "102440.092500", "102440.702500", "102441.312500", "102441.922500", "102442.532500", "102443.142500", "102443.752500", "102444.362500", "102444.972500", "102445.582500", "102446.192500", "102446.802500", "102447.412500", "102448.022500", "102448.632500", "102449.242500", "102449.852500", "102450.462500", "102451.072500", "102451.682500", "102452.292500", "102452.902500", "102453.512500", "102454.122500", "102454.732500", "102455.342500", "102455.952500", "102456.562500", "102457.172500", "102457.782500", "102458.392500", "102459.002500", "102459.612500", "102500.222500", "102500.832500", "102501.442500", "102502.052500", "102502.662500", "102503.272500", "102503.882500", "102504.492500", "102505.102500", "102505.712500", "102506.322500", "102506.932500", "102507.542500", "102508.152500", "102508.762500", "102509.372500", "102509.982500", "102510.592500", "102511.202500", "102511.812500", "102512.422500", "102513.032500", "102513.642500", "102514.252500", "102514.862500", "102515.472500", "102516.082500", "102516.692500", "102517.302500", "102517.912500", "102518.522500", "102519.132500", "102519.742500", "102520.352500", "102520.962500", "102521.572500", "102522.182500", "102522.792500", "102523.402500", "102524.012500", "102524.622500", "102525.232500", "102525.842500", "102526.452500", "102527.062500", "102527.672500", "102528.282500", "102528.892500", "102529.502500", "102530.112500", "102530.722500", "102531.332500", "102531.942500", "102532.552500", "102533.162500", "102533.772500", "102534.382500", "102534.992500", "102535.602500", "102536.212500", "102536.822500", "102537.432500", "102538.042500", "102538.652500", "102539.262500", "102539.872500", "102540.482500", "102541.092500", "102541.702500", "102542.312500", "102542.922500", "102543.532500", "102544.142500", "102544.752500", "102545.362500", "102545.972500", "102546.582500", "102547.192500", "102547.802500", "102548.412500", "102549.022500", "102549.632500", "102550.242500", "102550.852500", "102551.462500", "102552.072500", "102552.682500", "102553.292500", "102553.902500", "102554.512500", "102555.122500", "102555.732500", "102556.342500", "102556.952500", "102557.562500", "102558.172500", "102558.782500", "102559.392500", "102600.002500", "102600.612500", "102601.222500", "102601.832500", "102602.442500", "102603.052500", "102603.662500", "102604.272500", "102604.882500", "102605.492500", "102606.102500", "102606.712500", "102607.322500", "102607.932500", "102608.542500", "102609.152500", "102609.762500", "102610.372500", "102610.982500", "102611.592500", "102612.202500", "102612.812500", "102613.422500", "102614.032500", "102614.642500", "102615.252500", "102615.862500", "102616.472500", "102617.082500", "102617.692500", "102618.302500", "102618.912500", "102619.522500", "102620.132500", "102620.742500", "102621.352500", "102621.962500", "102622.572500", "102623.182500", "102623.792500", "102624.402500", "102625.012500", "102625.622500", "102626.232500", "102626.842500", "102627.452500", "102628.062500", "102628.672500", "102629.282500", "102629.892500", "102630.502500", "102631.112500", "102631.722500", "102632.332500", "102632.942500", "102633.552500", "102634.162500", "102634.772500", "102635.382500", "102635.992500", "102636.602500", "102637.212500", "102637.822500", "102638.432500", "102639.042500", "102639.652500", "102640.262500", "102640.872500", "102641.482500", "102642.092500", "102642.702500", "102643.312500", "102643.922500", "102644.532500", "102645.142500", "102645.752500", "102646.362500", "102646.972500", "102647.582500", "102648.192500", "102648.802500", "102649.412500", "102650.022500", "102650.632500", "102651.242500", "102651.852500", "102652.462500", "102653.072500", "102653.682500", "102654.292500", "102654.902500", "102655.512500", "102656.122500", "102656.732500", "102657.342500", "102657.952500", "102658.562500", "102659.172500", "102659.782500", "102700.392500", "102701.002500", "102701.612500", "102702.222500", "102702.832500", "102703.442500", "102704.052500", "102704.662500", "102705.272500", "102705.882500", "102706.492500", "102707.102500", "102707.712500", "102708.322500", "102708.932500", "102709.542500", "102710.152500", "102710.762500", "102711.372500", "102711.982500", "102712.592500", "102713.202500", "102713.812500", "102714.422500", "102715.032500", "102715.642500", "102716.252500", "102716.862500", "102717.472500", "102718.082500", "102718.692500", "102719.302500", "102719.912500", "102720.522500", "102721.132500", "102721.742500", "102722.352500", "102722.962500", "102723.572500", "102724.182500", "102724.792500", "102725.402500", "102726.012500", "102726.622500", "102727.232500", "102727.842500", "102728.452500", "102729.062500", "102729.672500", "102730.282500", "102730.892500", "102731.502500", "102732.112500", "102732.722500", "102733.332500", "102733.942500", "102734.552500", "102735.162500", "102735.772500", "102736.382500", "102736.992500", "102737.602500", "102738.212500", "102738.822500", "102739.432500", "102740.042500", "102740.652500", "102741.262500", "102741.872500", "102742.482500", "102743.092500", "102743.702500", "102744.312500", "102744.922500", "102745.532500", "102746.142500", "102746.752500", "102747.362500", "102747.972500", "102748.582500", "102749.192500", "102749.802500", "102750.412500", "102751.022500", "102751.632500", "102752.242500", "102752.852500", "102753.462500", "102754.072500", "102754.682500", "102755.292500", "102755.902500", "102756.512500", "102757.122500", "102757.732500", "102758.342500", "102758.952500", "102759.562500", "102800.172500", "102800.782500", "102801.392500", "102802.002500", "102802.612500", "102803.222500", "102803.832500", "102804.442500", "102805.052500", "102805.662500", "102806.272500", "102806.882500", "102807.492500", "102808.102500", "102808.712500", "102809.322500", "102809.932500", "102810.542500", "102811.152500", "102811.762500", "102812.372500", "102812.982500", "102813.592500", "102814.202500", "102814.812500", "102815.422500", "102816.032500", "102816.642500", "102817.252500", "102817.862500", "102818.472500", "102819.082500", "102819.692500", "102820.302500", "102820.912500", "102821.522500", "102822.132500", "102822.742500", "102823.352500", "102823.962500", "102824.572500", "102825.182500", "102825.792500", "102826.402500", "102827.012500", "102827.622500", "102828.232500", "102828.842500", "102829.452500", "102830.062500", "102830.672500", "102831.282500", "102831.892500", "102832.502500", "102833.112500", "102833.722500", "102834.332500", "102834.942500", "102835.552500", "102836.162500", "102836.772500", "102837.382500", "102837.992500", "102838.602500", "102839.212500", "102839.822500", "102840.432500", "102841.042500", "102841.652500", "102842.262500", "102842.872500", "102843.482500", "102844.092500", "102844.702500", "102845.312500", "102845.922500", "102846.532500", "102847.142500", "102847.752500", "102848.362500", "102848.972500", "102849.582500", "102850.192500", "102850.802500", "102851.412500", "102852.022500", "102852.632500", "102853.242500", "102853.852500", "102854.462500", "102855.072500", "102855.682500", "102856.292500", "102856.902500", "102857.512500", "102858.122500", "102858.732500", "102859.342500", "102859.952500", "102900.562500", "102901.172500", "102901.782500", "102902.392500", "102903.002500", "102903.612500", "102904.222500", "102904.832500", "102905.442500", "102906.052500", "102906.662500", "102907.272500", "102907.882500", "102908.492500", "102909.102500", "102909.712500", "102910.322500", "102910.932500", "102911.542500", "102912.152500", "102912.762500", "102913.372500", "102913.982500", "102914.592500", "102915.202500"], "ContentTime": ["102422.497000", "102422.500000", "102422.502000", "102422.505000", "102422.507000", "102422.510000", "102422.512000", "102422.514000", "102422.517000", "102422.519000", "102422.521000", "102422.533000", "102422.536000", "102422.538000", "102422.547000", "102422.549000", "102422.552000", "102422.554000", "102422.557000", "102422.566000", "102422.569000", "102422.571000", "102422.573000", "102422.576000", "102422.578000", "102422.580000", "102422.583000", "102422.586000", "102442.492000", "102442.495000", "102442.497000", "102442.499000", "102442.505000", "102442.507000", "102442.510000", "102442.512000", "102442.515000", "102442.517000", "102442.519000", "102442.522000", "102442.524000", "102442.527000", "102442.529000", "102442.531000", "102442.534000", "102442.536000", "102442.539000", "102442.541000", "102442.543000", "102442.546000", "102442.548000", "102442.551000", "102442.553000", "102442.555000", "102442.564000", "102442.566000", "102442.569000", "102442.571000", "102442.574000", "102442.576000", "102442.579000", "102502.492000", "102502.495000", "102502.498000", "102502.500000", "102502.502000", "102502.505000", "102502.507000", "102502.510000", "102502.512000", "102502.514000", "102502.517000", "102502.519000", "102502.521000", "102502.524000", "102502.526000", "102502.529000", "102502.531000", "102502.533000", "102502.536000", "102502.538000", "102502.540000", "102502.543000", "102502.545000", "102502.547000", "102502.550000", "102502.552000", "102502.555000", "102502.557000", "102502.559000", "102502.562000", "102502.564000", "102502.566000", "102502.568000", "102522.492000", "102522.495000", "102522.498000", "102522.500000", "102522.503000", "102522.505000", "102522.508000", "102522.510000", "102522.512000", "102522.515000", "102522.517000", "102522.520000", "102522.522000", "102522.524000", "102522.527000", "102522.529000", "102522.531000", "102522.534000", "102522.536000", "102522.538000", "102522.541000", "102522.543000", "102522.546000", "102522.548000", "102522.550000", "102522.553000", "102522.555000", "102522.557000", "102522.560000", "102522.562000", "102522.564000", "102522.567000", "102542.491000", "102542.494000", "102542.496000", "102542.499000", "102542.501000", "102542.503000", "102542.506000", "102542.508000", "102542.511000", "102542.513000", "102542.515000", "102542.518000", "102542.520000", "102542.523000", "102542.525000", "102542.527000", "102542.530000", "102542.532000", "102542.535000", "102542.537000", "102542.539000", "102542.542000", "102542.544000", "102542.546000", "102542.549000", "102542.551000", "102542.554000", "102542.556000", "102542.558000", "102542.561000", "102542.563000", "102542.584000", "102542.587000", "102602.491000", "102602.494000", "102602.496000", "102602.499000", "102602.501000", "102602.504000", "102602.506000", "102602.508000", "102602.511000", "102602.513000", "102602.516000", "102602.518000", "102602.520000", "102602.523000", "102602.525000", "102602.528000", "102602.530000", "102602.532000", "102602.535000", "102602.537000", "102602.540000", "102602.542000", "102602.545000", "102602.547000", "102602.549000", "102602.552000", "102602.554000", "102602.557000", "102602.559000", "102602.562000", "102602.564000", "102602.566000", "102602.569000", "102622.491000", "102622.494000", "102622.496000", "102622.499000", "102622.501000", "102622.504000", "102622.506000", "102622.508000", "102622.511000", "102622.513000", "102622.516000", "102622.518000", "102622.520000", "102622.523000", "102622.525000", "102622.528000", "102622.530000", "102622.533000", "102622.535000", "102622.537000", "102622.540000", "102622.542000", "102622.544000", "102622.547000", "102622.549000", "102622.552000", "102622.554000", "102622.557000", "102622.559000", "102622.561000", "102622.564000", "102622.566000", "102622.569000", "102642.492000", "102642.495000", "102642.497000", "102642.500000", "102642.502000", "102642.504000", "102642.507000", "102642.509000", "102642.512000", "102642.514000", "102642.517000", "102642.519000", "102642.521000", "102642.524000", "102642.526000", "102642.529000", "102642.531000", "102642.533000", "102642.536000", "102642.538000", "102642.540000", "102642.543000", "102642.545000", "102642.548000", "102642.550000", "102642.552000", "102642.555000", "102642.557000", "102642.560000", "102642.562000", "102642.565000", "102642.567000", "102642.569000", "102702.492000", "102702.495000", "102702.497000", "102702.500000", "102702.503000", "102702.505000", "102702.508000", "102702.510000", "102702.512000", "102702.515000", "102702.517000", "102702.520000", "102702.522000", "102702.525000", "102702.527000", "102702.530000", "102702.532000", "102702.535000", "102702.537000", "102702.540000", "102702.542000", "102702.545000", "102702.547000", "102702.549000", "102702.552000", "102702.554000", "102702.557000", "102702.559000", "102702.561000", "102702.564000", "102702.566000", "102702.568000", "102722.492000", "102722.495000", "102722.497000", "102722.500000", "102722.503000", "102722.506000", "102722.508000", "102722.510000", "102722.513000", "102722.515000", "102722.518000", "102722.520000", "102722.522000", "102722.525000", "102722.527000", "102722.530000", "102722.532000", "102722.534000", "102722.537000", "102722.539000", "102722.542000", "102722.544000", "102722.546000", "102722.549000", "102722.551000", "102722.554000", "102722.556000", "102722.559000", "102722.561000", "102722.564000", "102722.566000", "102722.568000", "102722.571000", "102742.492000", "102742.495000", "102742.497000", "102742.500000", "102742.502000", "102742.505000", "102742.507000", "102742.509000", "102742.512000", "102742.514000", "102742.517000", "102742.519000", "102742.521000", "102742.524000", "102742.526000", "102742.529000", "102742.531000", "102742.534000", "102742.536000", "102742.538000", "102742.541000", "102742.543000", "102742.546000", "102742.548000", "102742.550000", "102742.553000", "102742.555000", "102742.558000", "102742.560000", "102742.563000", "102742.565000", "102742.567000", "102742.570000", "102802.491000", "102802.494000", "102802.497000", "102802.499000", "102802.501000", "102802.504000", "102802.506000", "102802.509000", "102802.511000", "102802.513000", "102802.516000", "102802.518000", "102802.521000", "102802.523000", "102802.526000", "102802.528000", "102802.531000", "102802.533000", "102802.536000", "102802.538000", "102802.540000", "102802.543000", "102802.545000", "102802.548000", "102802.550000", "102802.552000", "102802.555000", "102802.557000", "102802.559000", "102802.562000", "102802.564000", "102802.567000", "102802.569000", "102822.491000", "102822.494000", "102822.497000", "102822.499000", "102822.502000", "102822.504000", "102822.506000", "102822.509000", "102822.511000", "102822.514000", "102822.516000", "102822.518000", "102822.521000", "102822.523000", "102822.526000", "102822.528000", "102822.530000", "102822.533000", "102822.535000", "102822.538000", "102822.540000", "102822.542000", "102822.545000", "102822.547000", "102822.550000", "102822.552000", "102822.555000", "102822.557000", "102822.559000", "102822.562000", "102822.564000", "102822.567000", "102822.569000", "102842.491000", "102842.494000", "102842.497000", "102842.499000", "102842.502000", "102842.504000", "102842.507000", "102842.509000", "102842.511000", "102842.514000", "102842.516000", "102842.519000", "102842.521000", "102842.524000", "102842.526000", "102842.528000", "102842.531000", "102842.533000", "102842.536000", "102842.538000", "102842.540000", "102842.543000", "102842.546000", "102842.548000", "102842.550000", "102842.553000", "102842.555000", "102842.558000", "102842.560000", "102842.563000", "102842.565000", "102842.568000", "102902.493000", "102902.495000", "102902.498000", "102902.500000", "102902.502000", "102902.505000", "102902.507000", "102902.510000", "102902.512000", "102902.514000", "102902.517000", "102902.519000", "102902.522000", "102902.524000", "102902.526000", "102902.529000", "102902.531000", "102902.534000", "102902.536000", "102902.538000", "102902.541000", "102902.544000", "102902.547000", "102902.549000", "102902.551000", "102902.554000", "102902.556000", "102902.559000", "102902.561000", "102902.563000", "102902.566000", "102902.568000", "102902.571000", "102916.095000", "102916.098000", "102916.100000", "102916.103000", "102916.105000", "102916.108000", "102916.110000", "102916.113000", "102916.115000", "102916.118000", "102916.120000", "102916.122000", "102916.125000", "102916.128000", "102916.130000", "102916.133000", "102916.135000", "102916.138000", "102916.140000", "102916.142000", "102916.145000", "102916.147000", "102916.149000"], "InstanceCreationTime": ["102422.497000", "102422.500000", "102422.502000", "102422.505000", "102422.507000", "102422.510000", "102422.512000", "102422.514000", "102422.517000", "102422.519000", "102422.521000", "102422.533000", "102422.536000", "102422.538000", "102422.547000", "102422.549000", "102422.552000", "102422.554000", "102422.557000", "102422.566000", "102422.569000", "102422.571000", "102422.573000", "102422.576000", "102422.578000", "102422.580000", "102422.583000", "102422.586000", "102442.492000", "102442.495000", "102442.497000", "102442.499000", "102442.505000", "102442.507000", "102442.510000", "102442.512000", "102442.515000", "102442.517000", "102442.519000", "102442.522000", "102442.524000", "102442.527000", "102442.529000", "102442.531000", "102442.534000", "102442.536000", "102442.539000", "102442.541000", "102442.543000", "102442.546000", "102442.548000", "102442.551000", "102442.553000", "102442.555000", "102442.564000", "102442.566000", "102442.569000", "102442.571000", "102442.574000", "102442.576000", "102442.579000", "102502.492000", "102502.495000", "102502.498000", "102502.500000", "102502.502000", "102502.505000", "102502.507000", "102502.510000", "102502.512000", "102502.514000", "102502.517000", "102502.519000", "102502.521000", "102502.524000", "102502.526000", "102502.529000", "102502.531000", "102502.533000", "102502.536000", "102502.538000", "102502.540000", "102502.543000", "102502.545000", "102502.547000", "102502.550000", "102502.552000", "102502.555000", "102502.557000", "102502.559000", "102502.562000", "102502.564000", "102502.566000", "102502.568000", "102522.492000", "102522.495000", "102522.498000", "102522.500000", "102522.503000", "102522.505000", "102522.508000", "102522.510000", "102522.512000", "102522.515000", "102522.517000", "102522.520000", "102522.522000", "102522.524000", "102522.527000", "102522.529000", "102522.531000", "102522.534000", "102522.536000", "102522.538000", "102522.541000", "102522.543000", "102522.546000", "102522.548000", "102522.550000", "102522.553000", "102522.555000", "102522.557000", "102522.560000", "102522.562000", "102522.564000", "102522.567000", "102542.491000", "102542.494000", "102542.496000", "102542.499000", "102542.501000", "102542.503000", "102542.506000", "102542.508000", "102542.511000", "102542.513000", "102542.515000", "102542.518000", "102542.520000", "102542.523000", "102542.525000", "102542.527000", "102542.530000", "102542.532000", "102542.535000", "102542.537000", "102542.539000", "102542.542000", "102542.544000", "102542.546000", "102542.549000", "102542.551000", "102542.554000", "102542.556000", "102542.558000", "102542.561000", "102542.563000", "102542.584000", "102542.587000", "102602.491000", "102602.494000", "102602.496000", "102602.499000", "102602.501000", "102602.504000", "102602.506000", "102602.508000", "102602.511000", "102602.513000", "102602.516000", "102602.518000", "102602.520000", "102602.523000", "102602.525000", "102602.528000", "102602.530000", "102602.532000", "102602.535000", "102602.537000", "102602.540000", "102602.542000", "102602.545000", "102602.547000", "102602.549000", "102602.552000", "102602.554000", "102602.557000", "102602.559000", "102602.562000", "102602.564000", "102602.566000", "102602.569000", "102622.491000", "102622.494000", "102622.496000", "102622.499000", "102622.501000", "102622.504000", "102622.506000", "102622.508000", "102622.511000", "102622.513000", "102622.516000", "102622.518000", "102622.520000", "102622.523000", "102622.525000", "102622.528000", "102622.530000", "102622.533000", "102622.535000", "102622.537000", "102622.540000", "102622.542000", "102622.544000", "102622.547000", "102622.549000", "102622.552000", "102622.554000", "102622.557000", "102622.559000", "102622.561000", "102622.564000", "102622.566000", "102622.569000", "102642.492000", "102642.495000", "102642.497000", "102642.500000", "102642.502000", "102642.504000", "102642.507000", "102642.509000", "102642.512000", "102642.514000", "102642.517000", "102642.519000", "102642.521000", "102642.524000", "102642.526000", "102642.529000", "102642.531000", "102642.533000", "102642.536000", "102642.538000", "102642.540000", "102642.543000", "102642.545000", "102642.548000", "102642.550000", "102642.552000", "102642.555000", "102642.557000", "102642.560000", "102642.562000", "102642.565000", "102642.567000", "102642.569000", "102702.492000", "102702.495000", "102702.497000", "102702.500000", "102702.503000", "102702.505000", "102702.508000", "102702.510000", "102702.512000", "102702.515000", "102702.517000", "102702.520000", "102702.522000", "102702.525000", "102702.527000", "102702.530000", "102702.532000", "102702.535000", "102702.537000", "102702.540000", "102702.542000", "102702.545000", "102702.547000", "102702.549000", "102702.552000", "102702.554000", "102702.557000", "102702.559000", "102702.561000", "102702.564000", "102702.566000", "102702.568000", "102722.492000", "102722.495000", "102722.497000", "102722.500000", "102722.503000", "102722.506000", "102722.508000", "102722.510000", "102722.513000", "102722.515000", "102722.518000", "102722.520000", "102722.522000", "102722.525000", "102722.527000", "102722.530000", "102722.532000", "102722.534000", "102722.537000", "102722.539000", "102722.542000", "102722.544000", "102722.546000", "102722.549000", "102722.551000", "102722.554000", "102722.556000", "102722.559000", "102722.561000", "102722.564000", "102722.566000", "102722.568000", "102722.571000", "102742.492000", "102742.495000", "102742.497000", "102742.500000", "102742.502000", "102742.505000", "102742.507000", "102742.509000", "102742.512000", "102742.514000", "102742.517000", "102742.519000", "102742.521000", "102742.524000", "102742.526000", "102742.529000", "102742.531000", "102742.534000", "102742.536000", "102742.538000", "102742.541000", "102742.543000", "102742.546000", "102742.548000", "102742.550000", "102742.553000", "102742.555000", "102742.558000", "102742.560000", "102742.563000", "102742.565000", "102742.567000", "102742.570000", "102802.491000", "102802.494000", "102802.497000", "102802.499000", "102802.501000", "102802.504000", "102802.506000", "102802.509000", "102802.511000", "102802.513000", "102802.516000", "102802.518000", "102802.521000", "102802.523000", "102802.526000", "102802.528000", "102802.531000", "102802.533000", "102802.536000", "102802.538000", "102802.540000", "102802.543000", "102802.545000", "102802.548000", "102802.550000", "102802.552000", "102802.555000", "102802.557000", "102802.559000", "102802.562000", "102802.564000", "102802.567000", "102802.569000", "102822.491000", "102822.494000", "102822.497000", "102822.499000", "102822.502000", "102822.504000", "102822.506000", "102822.509000", "102822.511000", "102822.514000", "102822.516000", "102822.518000", "102822.521000", "102822.523000", "102822.526000", "102822.528000", "102822.530000", "102822.533000", "102822.535000", "102822.538000", "102822.540000", "102822.542000", "102822.545000", "102822.547000", "102822.550000", "102822.552000", "102822.555000", "102822.557000", "102822.559000", "102822.562000", "102822.564000", "102822.567000", "102822.569000", "102842.491000", "102842.494000", "102842.497000", "102842.499000", "102842.502000", "102842.504000", "102842.507000", "102842.509000", "102842.511000", "102842.514000", "102842.516000", "102842.519000", "102842.521000", "102842.524000", "102842.526000", "102842.528000", "102842.531000", "102842.533000", "102842.536000", "102842.538000", "102842.540000", "102842.543000", "102842.546000", "102842.548000", "102842.550000", "102842.553000", "102842.555000", "102842.558000", "102842.560000", "102842.563000", "102842.565000", "102842.568000", "102902.493000", "102902.495000", "102902.498000", "102902.500000", "102902.502000", "102902.505000", "102902.507000", "102902.510000", "102902.512000", "102902.514000", "102902.517000", "102902.519000", "102902.522000", "102902.524000", "102902.526000", "102902.529000", "102902.531000", "102902.534000", "102902.536000", "102902.538000", "102902.541000", "102902.544000", "102902.547000", "102902.549000", "102902.551000", "102902.554000", "102902.556000", "102902.559000", "102902.561000", "102902.563000", "102902.566000", "102902.568000", "102902.571000", "102916.095000", "102916.098000", "102916.100000", "102916.103000", "102916.105000", "102916.108000", "102916.110000", "102916.113000", "102916.115000", "102916.118000", "102916.120000", "102916.122000", "102916.125000", "102916.128000", "102916.130000", "102916.133000", "102916.135000", "102916.138000", "102916.140000", "102916.142000", "102916.145000", "102916.147000", "102916.149000"], "InstanceNumber": [1, 2, 3, 4, 5, 6, 7, 8, 9, 10, 11, 12, 13, 14, 15, 16, 17, 18, 19, 20, 21, 22, 23, 24, 25, 26, 27, 28, 29, 30, 31, 32, 33, 34, 35, 36, 37, 38, 39, 40, 41, 42, 43, 44, 45, 46, 47, 48, 49, 50, 51, 52, 53, 54, 55, 56, 57, 58, 59, 60, 61, 62, 63, 64, 65, 66, 67, 68, 69, 70, 71, 72, 73, 74, 75, 76, 77, 78, 79, 80, 81, 82, 83, 84, 85, 86, 87, 88, 89, 90, 91, 92, 93, 94, 95, 96, 97, 98, 99, 100, 101, 102, 103, 104, 105, 106, 107, 108, 109, 110, 111, 112, 113, 114, 115, 116, 117, 118, 119, 120, 121, 122, 123, 124, 125, 126, 127, 128, 129, 130, 131, 132, 133, 134, 135, 136, 137, 138, 139, 140, 141, 142, 143, 144, 145, 146, 147, 148, 149, 150, 151, 152, 153, 154, 155, 156, 157, 158, 159, 160, 161, 162, 163, 164, 165, 166, 167, 168, 169, 170, 171, 172, 173, 174, 175, 176, 177, 178, 179, 180, 181, 182, 183, 184, 185, 186, 187, 188, 189, 190, 191, 192, 193, 194, 195, 196, 197, 198, 199, 200, 201, 202, 203, 204, 205, 206, 207, 208, 209, 210, 211, 212, 213, 214, 215, 216, 217, 218, 219, 220, 221, 222, 223, 224, 225, 226, 227, 228, 229, 230, 231, 232, 233, 234, 235, 236, 237, 238, 239, 240, 241, 242, 243, 244, 245, 246, 247, 248, 249, 250, 251, 252, 253, 254, 255, 256, 257, 258, 259, 260, 261, 262, 263, 264, 265, 266, 267, 268, 269, 270, 271, 272, 273, 274, 275, 276, 277, 278, 279, 280, 281, 282, 283, 284, 285, 286, 287, 288, 289, 290, 291, 292, 293, 294, 295, 296, 297, 298, 299, 300, 301, 302, 303, 304, 305, 306, 307, 308, 309, 310, 311, 312, 313, 314, 315, 316, 317, 318, 319, 320, 321, 322, 323, 324, 325, 326, 327, 328, 329, 330, 331, 332, 333, 334, 335, 336, 337, 338, 339, 340, 341, 342, 343, 344, 345, 346, 347, 348, 349, 350, 351, 352, 353, 354, 355, 356, 357, 358, 359, 360, 361, 362, 363, 364, 365, 366, 367, 368, 369, 370, 371, 372, 373, 374, 375, 376, 377, 378, 379, 380, 381, 382, 383, 384, 385, 386, 387, 388, 389, 390, 391, 392, 393, 394, 395, 396, 397, 398, 399, 400, 401, 402, 403, 404, 405, 406, 407, 408, 409, 410, 411, 412, 413, 414, 415, 416, 417, 418, 419, 420, 421, 422, 423, 424, 425, 426, 427, 428, 429, 430, 431, 432, 433, 434, 435, 436, 437, 438, 439, 440, 441, 442, 443, 444, 445, 446, 447, 448, 449, 450, 451, 452, 453, 454, 455, 456, 457, 458, 459, 460, 461, 462, 463, 464, 465, 466, 467, 468, 469, 470, 471, 472, 473, 474, 475, 476, 477, 478, 479, 480, 481, 482, 483, 484, 485, 486, 487, 488, 489, 490, 491, 492, 493, 494, 495, 496, 497, 498, 499, 500, 501, 502, 503, 504, 505, 506, 507, 508, 509, 510], "LargestImagePixelValue": [472, 458, 453, 457, 464, 451, 477, 474, 480, 460, 455, 454, 468, 450, 446, 457, 447, 455, 456, 468, 458, 452, 454, 452, 450, 452, 476, 465, 459, 505, 520, 463, 483, 492, 475, 468, 464, 465, 450, 462, 447, 484, 451, 491, 477, 473, 459, 450, 469, 483, 454, 464, 474, 471, 498, 470, 456, 468, 481, 463, 464, 463, 457, 464, 459, 458, 452, 453, 452, 457, 456, 454, 459, 479, 479, 498, 494, 471, 460, 471, 518, 466, 491, 479, 462, 480, 475, 471, 469, 478, 484, 493, 484, 495, 482, 474, 469, 483, 458, 481, 477, 482, 469, 466, 465, 465, 464, 472, 459, 460, 456, 452, 454, 456, 448, 636, 482, 497, 460, 489, 487, 500, 509, 479, 471, 470, 475, 457, 459, 450, 463, 465, 459, 454, 480, 468, 471, 456, 442, 480, 470, 463, 460, 458, 455, 479, 596, 444, 526, 463, 492, 469, 472, 474, 495, 469, 476, 462, 461, 458, 461, 461, 470, 492, 482, 469, 465, 460, 457, 467, 462, 459, 461, 467, 462, 476, 460, 454, 467, 497, 464, 448, 447, 472, 458, 448, 453, 468, 459, 454, 463, 453, 455, 455, 456, 456, 454, 456, 450, 470, 473, 484, 456, 459, 463, 484, 465, 466, 469, 483, 455, 447, 466, 461, 462, 462, 457, 461, 452, 494, 492, 474, 464, 451, 453, 441, 474, 486, 458, 457, 453, 452, 464, 465, 461, 455, 455, 456, 474, 460, 489, 615, 456, 449, 496, 471, 476, 475, 506, 486, 482, 468, 456, 466, 446, 473, 549, 492, 484, 501, 467, 482, 467, 477, 452, 458, 457, 456, 474, 454, 453, 440, 449, 467, 481, 477, 477, 478, 457, 455, 462, 451, 454, 446, 449, 451, 451, 463, 462, 454, 452, 461, 458, 458, 477, 490, 468, 537, 472, 522, 502, 493, 480, 467, 494, 471, 457, 449, 453, 452, 456, 458, 459, 461, 465, 466, 458, 461, 471, 460, 455, 456, 451, 465, 451, 446, 462, 460, 463, 475, 446, 450, 450, 447, 455, 471, 478, 465, 444, 505, 480, 506, 485, 476, 462, 483, 486, 455, 458, 451, 469, 457, 470, 485, 485, 485, 527, 454, 465, 463, 456, 450, 450, 451, 453, 450, 450, 456, 458, 455, 482, 460, 458, 460, 452, 451, 459, 456, 455, 455, 458, 458, 457, 457, 456, 452, 453, 457, 452, 460, 454, 458, 454, 457, 453, 458, 448, 448, 446, 458, 465, 462, 465, 483, 466, 454, 460, 449, 455, 450, 456, 474, 481, 454, 449, 462, 452, 473, 453, 465, 452, 453, 458, 451, 450, 452, 454, 454, 454, 492, 483, 500, 494, 560, 459, 479, 468, 508, 518, 486, 468, 453, 463, 467, 473, 466, 474, 465, 461, 460, 454, 461, 463, 456, 458, 458, 479, 489, 499, 447, 481, 505, 504, 482, 473, 462, 458, 454, 454, 452, 468, 469, 495, 479, 509, 473, 454, 493, 547, 500, 499, 489, 510, 484, 480, 475, 475, 466, 503, 487, 527, 447, 460, 438, 520, 474, 453, 500, 457, 446, 484, 563, 439, 535, 492, 440, 464, 466, 449, 447], "WindowCenter": [293.0, 289.0, 286.0, 289.0, 287.0, 286.0, 286.0, 288.0, 289.0, 288.0, 287.0, 286.0, 288.0, 287.0, 286.0, 287.0, 286.0, 287.0, 287.0, 288.0, 288.0, 288.0, 288.0, 288.0, 286.0, 287.0, 288.0, 287.0, 288.0, 266.0, 288.0, 286.0, 286.0, 288.0, 289.0, 287.0, 286.0, 286.0, 285.0, 285.0, 283.0, 287.0, 283.0, 285.0, 284.0, 283.0, 283.0, 285.0, 284.0, 290.0, 285.0, 286.0, 288.0, 285.0, 287.0, 284.0, 285.0, 285.0, 287.0, 285.0, 286.0, 284.0, 285.0, 287.0, 287.0, 286.0, 286.0, 286.0, 287.0, 286.0, 287.0, 286.0, 286.0, 284.0, 288.0, 284.0, 286.0, 289.0, 281.0, 286.0, 286.0, 284.0, 280.0, 285.0, 284.0, 285.0, 286.0, 286.0, 288.0, 288.0, 285.0, 288.0, 285.0, 285.0, 286.0, 285.0, 285.0, 288.0, 286.0, 287.0, 285.0, 285.0, 284.0, 284.0, 286.0, 287.0, 287.0, 290.0, 287.0, 287.0, 287.0, 287.0, 287.0, 287.0, 282.0, 284.0, 290.0, 286.0, 279.0, 283.0, 282.0, 282.0, 287.0, 287.0, 287.0, 287.0, 286.0, 287.0, 286.0, 286.0, 287.0, 287.0, 288.0, 288.0, 289.0, 285.0, 288.0, 287.0, 286.0, 285.0, 287.0, 287.0, 287.0, 286.0, 286.0, 286.0, 286.0, 274.0, 279.0, 283.0, 287.0, 285.0, 288.0, 283.0, 287.0, 287.0, 287.0, 285.0, 288.0, 287.0, 287.0, 288.0, 289.0, 289.0, 289.0, 287.0, 287.0, 288.0, 288.0, 288.0, 286.0, 286.0, 286.0, 287.0, 287.0, 289.0, 286.0, 286.0, 288.0, 288.0, 283.0, 283.0, 277.0, 287.0, 286.0, 285.0, 285.0, 286.0, 286.0, 286.0, 286.0, 285.0, 286.0, 286.0, 286.0, 288.0, 286.0, 286.0, 287.0, 287.0, 282.0, 290.0, 289.0, 286.0, 281.0, 285.0, 285.0, 284.0, 283.0, 284.0, 284.0, 281.0, 284.0, 285.0, 286.0, 285.0, 286.0, 284.0, 276.0, 287.0, 288.0, 289.0, 287.0, 287.0, 286.0, 285.0, 286.0, 287.0, 286.0, 286.0, 286.0, 286.0, 287.0, 287.0, 286.0, 286.0, 286.0, 286.0, 288.0, 286.0, 285.0, 292.0, 287.0, 284.0, 287.0, 283.0, 283.0, 280.0, 287.0, 283.0, 289.0, 287.0, 285.0, 285.0, 285.0, 286.0, 283.0, 287.0, 285.0, 285.0, 283.0, 286.0, 285.0, 285.0, 284.0, 284.0, 285.0, 285.0, 285.0, 289.0, 286.0, 285.0, 286.0, 283.0, 287.0, 286.0, 286.0, 288.0, 286.0, 286.0, 286.0, 287.0, 287.0, 286.0, 286.0, 287.0, 287.0, 288.0, 287.0, 287.0, 287.0, 287.0, 287.0, 286.0, 288.0, 287.0, 286.0, 285.0, 282.0, 285.0, 281.0, 286.0, 284.0, 282.0, 285.0, 283.0, 283.0, 283.0, 282.0, 285.0, 285.0, 284.0, 285.0, 285.0, 285.0, 286.0, 288.0, 287.0, 289.0, 287.0, 285.0, 285.0, 283.0, 285.0, 284.0, 284.0, 285.0, 284.0, 285.0, 286.0, 285.0, 285.0, 285.0, 285.0, 285.0, 289.0, 285.0, 288.0, 275.0, 286.0, 286.0, 286.0, 284.0, 284.0, 285.0, 285.0, 284.0, 285.0, 285.0, 284.0, 285.0, 285.0, 285.0, 285.0, 283.0, 285.0, 288.0, 283.0, 285.0, 285.0, 285.0, 285.0, 285.0, 287.0, 286.0, 287.0, 287.0, 287.0, 287.0, 285.0, 285.0, 286.0, 285.0, 283.0, 284.0, 284.0, 285.0, 285.0, 285.0, 286.0, 286.0, 286.0, 286.0, 286.0, 286.0, 286.0, 287.0, 286.0, 287.0, 286.0, 284.0, 285.0, 285.0, 285.0, 285.0, 289.0, 286.0, 285.0, 285.0, 287.0, 285.0, 282.0, 286.0, 289.0, 286.0, 284.0, 284.0, 284.0, 287.0, 285.0, 284.0, 286.0, 288.0, 285.0, 284.0, 285.0, 285.0, 286.0, 286.0, 289.0, 285.0, 284.0, 285.0, 287.0, 285.0, 284.0, 286.0, 286.0, 286.0, 286.0, 286.0, 287.0, 288.0, 288.0, 286.0, 285.0, 283.0, 285.0, 285.0, 288.0, 285.0, 285.0, 289.0, 287.0, 287.0, 286.0, 288.0, 286.0, 286.0, 285.0, 284.0, 288.0, 286.0, 286.0, 286.0, 286.0, 289.0, 287.0, 282.0, 273.0, 277.0, 283.0, 287.0, 284.0, 285.0, 285.0, 285.0, 286.0, 286.0, 286.0, 287.0, 285.0, 284.0, 281.0, 287.0, 284.0, 286.0, 285.0, 283.0, 282.0, 279.0, 289.0, 285.0, 285.0, 284.0, 285.0, 286.0, 287.0, 279.0, 276.0, 266.0, 270.0, 292.0, 285.0, 285.0, 282.0, 284.0, 266.0, 275.0, 279.0, 280.0, 285.0, 277.0, 290.0, 285.0, 281.0, 283.0, 287.0, 285.0, 285.0], "WindowWidth": [640.0, 632.0, 625.0, 630.0, 628.0, 626.0, 625.0, 630.0, 630.0, 628.0, 627.0, 625.0, 630.0, 628.0, 625.0, 627.0, 626.0, 628.0, 627.0, 629.0, 629.0, 629.0, 630.0, 630.0, 626.0, 627.0, 630.0, 627.0, 630.0, 587.0, 629.0, 625.0, 625.0, 629.0, 630.0, 628.0, 626.0, 626.0, 624.0, 624.0, 621.0, 627.0, 621.0, 624.0, 623.0, 620.0, 621.0, 624.0, 623.0, 633.0, 624.0, 627.0, 629.0, 624.0, 627.0, 623.0, 623.0, 625.0, 628.0, 625.0, 626.0, 623.0, 624.0, 627.0, 627.0, 626.0, 625.0, 626.0, 627.0, 626.0, 627.0, 625.0, 626.0, 622.0, 629.0, 622.0, 627.0, 631.0, 617.0, 626.0, 626.0, 622.0, 615.0, 624.0, 623.0, 623.0, 626.0, 626.0, 630.0, 630.0, 624.0, 630.0, 624.0, 624.0, 625.0, 624.0, 625.0, 630.0, 626.0, 628.0, 624.0, 624.0, 622.0, 622.0, 626.0, 629.0, 628.0, 633.0, 629.0, 629.0, 628.0, 627.0, 627.0, 627.0, 618.0, 621.0, 634.0, 626.0, 613.0, 620.0, 617.0, 618.0, 628.0, 628.0, 628.0, 627.0, 626.0, 627.0, 625.0, 625.0, 628.0, 627.0, 629.0, 630.0, 631.0, 624.0, 630.0, 628.0, 625.0, 624.0, 628.0, 627.0, 627.0, 626.0, 625.0, 626.0, 624.0, 603.0, 613.0, 621.0, 628.0, 625.0, 628.0, 619.0, 628.0, 629.0, 628.0, 623.0, 628.0, 627.0, 628.0, 630.0, 630.0, 631.0, 631.0, 628.0, 629.0, 630.0, 629.0, 629.0, 626.0, 625.0, 626.0, 627.0, 629.0, 630.0, 626.0, 626.0, 629.0, 628.0, 620.0, 621.0, 609.0, 626.0, 625.0, 624.0, 623.0, 625.0, 626.0, 626.0, 626.0, 624.0, 625.0, 625.0, 625.0, 628.0, 626.0, 626.0, 627.0, 627.0, 617.0, 634.0, 632.0, 626.0, 615.0, 625.0, 623.0, 623.0, 620.0, 623.0, 622.0, 617.0, 622.0, 624.0, 624.0, 623.0, 626.0, 622.0, 606.0, 628.0, 629.0, 632.0, 628.0, 627.0, 625.0, 623.0, 626.0, 627.0, 625.0, 625.0, 624.0, 625.0, 627.0, 627.0, 626.0, 626.0, 625.0, 625.0, 628.0, 626.0, 623.0, 637.0, 628.0, 623.0, 628.0, 620.0, 619.0, 614.0, 627.0, 621.0, 631.0, 628.0, 624.0, 624.0, 623.0, 625.0, 620.0, 627.0, 623.0, 623.0, 620.0, 625.0, 623.0, 623.0, 621.0, 621.0, 623.0, 624.0, 624.0, 631.0, 626.0, 623.0, 626.0, 620.0, 628.0, 626.0, 626.0, 630.0, 626.0, 626.0, 625.0, 627.0, 627.0, 625.0, 625.0, 627.0, 627.0, 630.0, 628.0, 627.0, 627.0, 627.0, 628.0, 626.0, 629.0, 628.0, 626.0, 622.0, 617.0, 624.0, 616.0, 627.0, 622.0, 618.0, 624.0, 620.0, 620.0, 620.0, 619.0, 624.0, 623.0, 623.0, 624.0, 624.0, 624.0, 625.0, 629.0, 626.0, 631.0, 628.0, 624.0, 624.0, 621.0, 625.0, 622.0, 621.0, 624.0, 622.0, 624.0, 625.0, 625.0, 624.0, 623.0, 625.0, 624.0, 631.0, 625.0, 629.0, 606.0, 626.0, 626.0, 625.0, 622.0, 621.0, 624.0, 623.0, 622.0, 623.0, 623.0, 621.0, 623.0, 624.0, 623.0, 624.0, 621.0, 625.0, 628.0, 621.0, 624.0, 624.0, 623.0, 624.0, 625.0, 627.0, 626.0, 627.0, 628.0, 628.0, 628.0, 624.0, 624.0, 625.0, 624.0, 621.0, 622.0, 622.0, 624.0, 624.0, 624.0, 625.0, 626.0, 626.0, 626.0, 626.0, 625.0, 625.0, 627.0, 626.0, 628.0, 626.0, 623.0, 623.0, 623.0, 625.0, 624.0, 632.0, 626.0, 624.0, 624.0, 627.0, 624.0, 618.0, 626.0, 631.0, 625.0, 622.0, 621.0, 622.0, 627.0, 625.0, 622.0, 626.0, 629.0, 624.0, 622.0, 624.0, 624.0, 625.0, 626.0, 631.0, 624.0, 622.0, 624.0, 628.0, 624.0, 623.0, 627.0, 627.0, 626.0, 626.0, 625.0, 628.0, 630.0, 629.0, 627.0, 625.0, 620.0, 624.0, 625.0, 629.0, 624.0, 625.0, 631.0, 628.0, 628.0, 626.0, 629.0, 627.0, 626.0, 625.0, 623.0, 629.0, 627.0, 627.0, 625.0, 626.0, 631.0, 628.0, 618.0, 601.0, 608.0, 619.0, 627.0, 622.0, 623.0, 624.0, 624.0, 626.0, 625.0, 626.0, 628.0, 624.0, 622.0, 616.0, 627.0, 622.0, 625.0, 624.0, 620.0, 617.0, 613.0, 631.0, 624.0, 623.0, 623.0, 624.0, 627.0, 628.0, 612.0, 606.0, 586.0, 595.0, 636.0, 622.0, 623.0, 617.0, 620.0, 586.0, 604.0, 613.0, 614.0, 623.0, 607.0, 633.0, 623.0, 615.0, 619.0, 626.0, 624.0, 624.0]}, "slices": {}}, "EventTimestamp": "10-26-57"}