{"AcquisitionMatrixPE": 64, "AcquisitionNumber": 1, "AcquisitionTime": "15:06:49.667500", "BandwidthPerPixelPhaseEncode": 28.935, "BaseResolution": 64, "BodyPartExamined": "BRAIN", "CoilString": "HC2_4_6_7", "ConsistencyInfo": "N4_VE11E_LATEST_20181129", "ConversionSoftware": "dcm2niix", "ConversionSoftwareVersion": "v1.0.20190902", "DerivedVendorReportedEchoSpacing": 0.000540003, "DeviceSerialNumber": "166182", "DwellTime": 3.4e-06, "EchoTime": 0.032, "EchoTrainLength": 64, "EffectiveEchoSpacing": 0.000540003, "FlipAngle": 40, "ImageOrientationPatientDICOM": [0.998448, -0.0211603, 0.0515211, 0.0331219, 0.969261, -0.243796], "ImageType": ["ORIGINAL", "PRIMARY", "M", "ND", "NORM", "MOSAIC"], "ImagingFrequency": 123.255, "InPlanePhaseEncodingDirectionDICOM": "COL", "InstitutionAddress": "PEARSE_STREET_._City_District_IE_D2", "InstitutionName": "TCIN", "InstitutionalDepartmentName": "MRI", "MRAcquisitionType": "2D", "MagneticFieldStrength": 3, "Manufacturer": "Siemens", "ManufacturersModelName": "Prisma", "Modality": "MR", "MultibandAccelerationFactor": 4, "PartialFourier": 1, "PatientPosition": "HFS", "PercentPhaseFOV": 100, "PhaseEncodingDirection": "j-", "PhaseEncodingSteps": 64, "PhaseResolution": 1, "PixelBandwidth": 2300, "ProcedureStepDescription": "Rhodri_Head_BOLD", "ProtocolName": "cmrr_mbep2d_Pictures_AP_RDS", "PulseSequenceDetails": "%SiemensSeq%_ep2d_bold", "ReceiveCoilActiveElements": "HC2,4,6,7", "ReceiveCoilName": "HeadNeck_64", "ReconMatrixPE": 64, "RefLinesPE": 12, "RepetitionTime": 0.61, "SAR": 0.204278, "ScanOptions": "FS", "ScanningSequence": "EP", "SequenceName": "_epfid2d1_64", "SequenceVariant": "SK", "SeriesDescription": "cmrr_mbep2d_Pictures_AP_RDS", "SeriesNumber": 10, "ShimSetting": [-3631, -7411, 4042, 725, -89, 495, 169, -34], "SliceThickness": 3, "SliceTiming": [0.2625, 0, 0.3275, 0.0675, 0.395, 0.1325, 0.46, 0.1975, 0.525, 0.2625, 0, 0.3275, 0.0675, 0.395, 0.1325, 0.46, 0.1975, 0.525, 0.2625, 0, 0.3275, 0.0675, 0.395, 0.1325, 0.46, 0.1975, 0.525, 0.2625, 0, 0.3275, 0.0675, 0.395, 0.1325, 0.46, 0.1975, 0.525], "SoftwareVersions": "syngo_MR_E11", "SpacingBetweenSlices": 3.3, "StationName": "AWP166182", "TaskName": "pictures", "TotalReadoutTime": 0.0340202, "TxRefAmp": 233.383, "dcmmeta_affine": [[-2.9953432083129883, 0.0993657261133194, 0.14776916801929474, 91.86677551269531], [0.0634809136390686, 2.9077820777893066, -0.8089101910591125, -91.00733184814453], [0.15456317365169525, 0.7313888072967529, 3.1959080696105957, -84.05548095703125], [0.0, 0.0, 0.0, 1.0]], "dcmmeta_reorient_transform": [[0.0, -1.0, 0.0, 63.0], [1.0, 0.0, 0.0, 0.0], [0.0, 0.0, 1.0, 0.0], [0.0, 0.0, 0.0, 1.0]], "dcmmeta_shape": [64, 64, 36, 105], "dcmmeta_slice_dim": 2, "dcmmeta_version": 0.6, "global": {"const": {"AcquisitionMatrix": [64, 0, 0, 64], "AngioFlag": "N", "BitsAllocated": 16, "BitsStored": 12, "BodyPartExamined": "BRAIN", "Columns": 384, "EchoNumbers": 1, "EchoTime": 32.0, "EchoTrainLength": 64, "FlipAngle": 40.0, "HighBit": 11, "ImageOrientationPatient": [0.99844770617893, -0.0211603043534, 0.05152105924478, 0.03312190843263, 0.9692607075789, -0.2437962672508], "ImagePositionPatient": [-593.28023303651, -547.27113679949, 54.314110814891], "ImageType": ["ORIGINAL", "PRIMARY", "M", "ND", "NORM", "MOSAIC"], "ImagedNucleus": "1H", "ImagingFrequency": 123.254924, "InPlanePhaseEncodingDirection": "COL", "MRAcquisitionType": "2D", "MagneticFieldStrength": 3.0, "Manufacturer": "SIEMENS", "ManufacturerModelName": "Prisma", "Modality": "MR", "NumberOfAverages": 1.0, "NumberOfPhaseEncodingSteps": 64, "PercentPhaseFieldOfView": 100.0, "PercentSampling": 100.0, "PerformedProcedureStepStartTime": "134611.458000", "PhotometricInterpretation": "MONOCHROME2", "PixelBandwidth": 2300.0, "PixelRepresentation": 0, "PixelSpacing": [3.0, 3.0], "ProtocolName": "cmrr_mbep2d_Pictures_AP_RDS", "RepetitionTime": 610.0, "Rows": 384, "SAR": 0.20427756034627, "SamplesPerPixel": 1, "ScanOptions": "FS", "ScanningSequence": "EP", "SequenceName": "*epfid2d1_64", "SequenceVariant": "SK", "SeriesDescription": "cmrr_mbep2d_Pictures_AP_RDS", "SeriesNumber": 10, "SeriesTime": "150712.057000", "SliceLocation": -54.982353547616, "SliceThickness": 3.0, "SmallestImagePixelValue": 0, "SoftwareVersions": "syngo MR E11", "SpacingBetweenSlices": 3.300000044012, "SpecificCharacterSet": "ISO_IR 100", "StudyID": "1", "StudyTime": "134611.363000", "TransmitCoilName": "Body", "VariableFlipAngleFlag": "N", "WindowCenterWidthExplanation": "Algo1"}, "slices": {}}, "time": {"samples": {"AcquisitionNumber": [1, 2, 3, 4, 5, 6, 7, 8, 9, 10, 11, 12, 13, 14, 15, 16, 17, 18, 19, 20, 21, 22, 23, 24, 25, 26, 27, 28, 29, 30, 31, 32, 33, 34, 35, 36, 37, 38, 39, 40, 41, 42, 43, 44, 45, 46, 47, 48, 49, 50, 51, 52, 53, 54, 55, 56, 57, 58, 59, 60, 61, 62, 63, 64, 65, 66, 67, 68, 69, 70, 71, 72, 73, 74, 75, 76, 77, 78, 79, 80, 81, 82, 83, 84, 85, 86, 87, 88, 89, 90, 91, 92, 93, 94, 95, 96, 97, 98, 99, 100, 101, 102, 103, 104, 105], "AcquisitionTime": ["150649.667500", "150650.277500", "150650.887500", "150651.497500", "150652.107500", "150652.717500", "150653.327500", "150653.937500", "150654.547500", "150655.157500", "150655.767500", "150656.377500", "150656.987500", "150657.597500", "150658.207500", "150658.817500", "150659.427500", "150700.037500", "150700.647500", "150701.257500", "150701.867500", "150702.477500", "150703.087500", "150703.697500", "150704.307500", "150704.917500", "150705.527500", "150706.137500", "150706.747500", "150707.357500", "150707.967500", "150708.577500", "150709.187500", "150709.797500", "150710.407500", "150711.017500", "150711.627500", "150712.237500", "150712.847500", "150713.457500", "150714.067500", "150714.677500", "150715.287500", "150715.897500", "150716.507500", "150717.117500", "150717.727500", "150718.337500", "150718.947500", "150719.557500", "150720.167500", "150720.777500", "150721.387500", "150721.997500", "150722.607500", "150723.217500", "150723.827500", "150724.437500", "150725.047500", "150725.657500", "150726.267500", "150726.877500", "150727.487500", "150728.097500", "150728.707500", "150729.317500", "150729.927500", "150730.537500", "150731.147500", "150731.757500", "150732.367500", "150732.977500", "150733.587500", "150734.197500", "150734.807500", "150735.417500", "150736.027500", "150736.637500", "150737.247500", "150737.857500", "150738.467500", "150739.077500", "150739.687500", "150740.297500", "150740.907500", "150741.517500", "150742.127500", "150742.737500", "150743.347500", "150743.957500", "150744.567500", "150745.177500", "150745.787500", "150746.397500", "150747.007500", "150747.617500", "150748.227500", "150748.837500", "150749.447500", "150750.057500", "150750.667500", "150751.277500", "150751.887500", "150752.497500", "150753.107500"], "ContentTime": ["150712.061000", "150712.064000", "150712.066000", "150712.069000", "150712.072000", "150712.074000", "150712.076000", "150712.079000", "150712.081000", "150712.084000", "150712.086000", "150712.088000", "150712.091000", "150712.093000", "150712.095000", "150712.098000", "150712.100000", "150712.105000", "150712.108000", "150712.110000", "150712.112000", "150712.115000", "150712.117000", "150712.120000", "150712.122000", "150712.124000", "150712.127000", "150712.129000", "150712.132000", "150712.141000", "150712.143000", "150712.146000", "150712.148000", "150712.150000", "150712.153000", "150712.155000", "150732.031000", "150732.034000", "150732.036000", "150732.039000", "150732.041000", "150732.043000", "150732.046000", "150732.048000", "150732.050000", "150732.053000", "150732.055000", "150732.057000", "150732.060000", "150732.062000", "150732.064000", "150732.067000", "150732.069000", "150732.071000", "150732.074000", "150732.076000", "150732.079000", "150732.081000", "150732.083000", "150732.086000", "150732.088000", "150732.090000", "150732.093000", "150732.095000", "150732.098000", "150732.100000", "150732.102000", "150732.104000", "150732.107000", "150752.031000", "150752.034000", "150752.036000", "150752.039000", "150752.041000", "150752.043000", "150752.046000", "150752.048000", "150752.050000", "150752.053000", "150752.055000", "150752.058000", "150752.061000", "150752.063000", "150752.066000", "150752.068000", "150752.073000", "150752.075000", "150752.077000", "150752.080000", "150752.082000", "150752.084000", "150752.087000", "150752.089000", "150752.091000", "150752.094000", "150752.096000", "150752.098000", "150752.101000", "150752.103000", "150752.105000", "150752.108000", "150752.110000", "150754.510000", "150754.513000", "150754.515000"], "InstanceCreationTime": ["150712.061000", "150712.064000", "150712.066000", "150712.069000", "150712.072000", "150712.074000", "150712.076000", "150712.079000", "150712.081000", "150712.084000", "150712.086000", "150712.088000", "150712.091000", "150712.093000", "150712.095000", "150712.098000", "150712.100000", "150712.105000", "150712.108000", "150712.110000", "150712.112000", "150712.115000", "150712.117000", "150712.120000", "150712.122000", "150712.124000", "150712.127000", "150712.129000", "150712.132000", "150712.141000", "150712.143000", "150712.146000", "150712.148000", "150712.150000", "150712.153000", "150712.155000", "150732.031000", "150732.034000", "150732.036000", "150732.039000", "150732.041000", "150732.043000", "150732.046000", "150732.048000", "150732.050000", "150732.053000", "150732.055000", "150732.057000", "150732.060000", "150732.062000", "150732.064000", "150732.067000", "150732.069000", "150732.071000", "150732.074000", "150732.076000", "150732.079000", "150732.081000", "150732.083000", "150732.086000", "150732.088000", "150732.090000", "150732.093000", "150732.095000", "150732.098000", "150732.100000", "150732.102000", "150732.104000", "150732.107000", "150752.031000", "150752.034000", "150752.036000", "150752.039000", "150752.041000", "150752.043000", "150752.046000", "150752.048000", "150752.050000", "150752.053000", "150752.055000", "150752.058000", "150752.061000", "150752.063000", "150752.066000", "150752.068000", "150752.073000", "150752.075000", "150752.077000", "150752.080000", "150752.082000", "150752.084000", "150752.087000", "150752.089000", "150752.091000", "150752.094000", "150752.096000", "150752.098000", "150752.101000", "150752.103000", "150752.105000", "150752.108000", "150752.110000", "150754.510000", "150754.513000", "150754.515000"], "InstanceNumber": [1, 2, 3, 4, 5, 6, 7, 8, 9, 10, 11, 12, 13, 14, 15, 16, 17, 18, 19, 20, 21, 22, 23, 24, 25, 26, 27, 28, 29, 30, 31, 32, 33, 34, 35, 36, 37, 38, 39, 40, 41, 42, 43, 44, 45, 46, 47, 48, 49, 50, 51, 52, 53, 54, 55, 56, 57, 58, 59, 60, 61, 62, 63, 64, 65, 66, 67, 68, 69, 70, 71, 72, 73, 74, 75, 76, 77, 78, 79, 80, 81, 82, 83, 84, 85, 86, 87, 88, 89, 90, 91, 92, 93, 94, 95, 96, 97, 98, 99, 100, 101, 102, 103, 104, 105], "LargestImagePixelValue": [1028, 965, 831, 902, 775, 748, 901, 984, 802, 801, 844, 894, 1138, 1010, 917, 856, 785, 751, 869, 941, 1129, 1056, 797, 1149, 858, 894, 810, 799, 788, 1099, 894, 845, 771, 881, 1116, 1044, 845, 781, 837, 880, 1019, 1076, 810, 767, 887, 806, 767, 795, 812, 775, 1061, 1002, 821, 981, 821, 774, 1008, 876, 1172, 740, 766, 838, 913, 766, 775, 948, 941, 889, 741, 1060, 873, 806, 1041, 927, 1078, 1036, 837, 877, 820, 749, 918, 854, 896, 1171, 1079, 970, 1096, 922, 935, 877, 758, 1077, 1129, 984, 746, 734, 921, 791, 983, 908, 845, 762, 775, 763, 743], "WindowCenter": [446.0, 445.0, 436.0, 434.0, 432.0, 431.0, 433.0, 434.0, 430.0, 430.0, 435.0, 431.0, 441.0, 435.0, 436.0, 434.0, 436.0, 435.0, 433.0, 429.0, 435.0, 435.0, 426.0, 432.0, 423.0, 437.0, 434.0, 431.0, 430.0, 437.0, 433.0, 437.0, 425.0, 437.0, 439.0, 440.0, 436.0, 433.0, 435.0, 433.0, 438.0, 435.0, 436.0, 435.0, 435.0, 432.0, 433.0, 436.0, 434.0, 435.0, 436.0, 433.0, 428.0, 434.0, 434.0, 431.0, 434.0, 431.0, 437.0, 428.0, 426.0, 431.0, 432.0, 431.0, 428.0, 428.0, 429.0, 429.0, 431.0, 437.0, 431.0, 429.0, 432.0, 434.0, 431.0, 427.0, 428.0, 435.0, 433.0, 429.0, 430.0, 424.0, 420.0, 436.0, 434.0, 432.0, 432.0, 428.0, 429.0, 429.0, 427.0, 433.0, 430.0, 430.0, 424.0, 422.0, 427.0, 425.0, 434.0, 432.0, 431.0, 429.0, 430.0, 432.0, 428.0], "WindowWidth": [938.0, 936.0, 918.0, 914.0, 910.0, 910.0, 913.0, 913.0, 906.0, 906.0, 916.0, 907.0, 925.0, 915.0, 919.0, 914.0, 918.0, 917.0, 912.0, 904.0, 915.0, 915.0, 900.0, 910.0, 893.0, 920.0, 916.0, 910.0, 908.0, 918.0, 913.0, 921.0, 899.0, 920.0, 924.0, 926.0, 919.0, 913.0, 917.0, 912.0, 921.0, 914.0, 920.0, 918.0, 916.0, 912.0, 912.0, 919.0, 916.0, 917.0, 917.0, 910.0, 903.0, 914.0, 915.0, 910.0, 912.0, 908.0, 918.0, 903.0, 900.0, 909.0, 910.0, 909.0, 902.0, 901.0, 905.0, 904.0, 909.0, 920.0, 908.0, 905.0, 910.0, 914.0, 907.0, 900.0, 902.0, 916.0, 912.0, 905.0, 906.0, 894.0, 887.0, 916.0, 913.0, 910.0, 909.0, 903.0, 903.0, 904.0, 902.0, 912.0, 905.0, 906.0, 897.0, 892.0, 900.0, 896.0, 913.0, 910.0, 908.0, 906.0, 907.0, 910.0, 904.0]}, "slices": {}}, "EventTimestamp": "15-10-15"}