{
    "AcquisitionMatrixPE": 64,
    "AcquisitionNumber": 1,
    "AcquisitionTime": "15:04:20.820000",
    "BandwidthPerPixelPhaseEncode": 28.935,
    "BaseResolution": 64,
    "BodyPartExamined": "BRAIN",
    "CoilCombinationMethod": "Sum of Squares",
    "ConsistencyInfo": "N4_VE11E_LATEST_20181129",
    "ConversionSoftware": "dcm2niix",
    "ConversionSoftwareVersion": "v1.0.20211006",
    "DerivedVendorReportedEchoSpacing": 0.000540003,
    "DeviceSerialNumber": "166182",
    "DwellTime": 3.4e-06,
    "EchoTime": 0.032,
    "EchoTrainLength": 64,
    "EffectiveEchoSpacing": 0.000540003,
    "FlipAngle": 40,
    "ImageOrientationPatientDICOM": [
        0.997581,
        0.0683978,
        0.0124264,
        -0.0680083,
        0.99725,
        -0.0294516
    ],
    "ImageOrientationText": "Tra>Cor(-1.6)>Sag(0.8)",
    "ImageType": [
        "ORIGINAL",
        "PRIMARY",
        "M",
        "ND",
        "NORM",
        "MOSAIC"
    ],
    "ImagingFrequency": 123.258,
    "InPlanePhaseEncodingDirectionDICOM": "COL",
    "InstitutionAddress": "PEARSE STREET .,City,District,IE,D2",
    "InstitutionName": "TCIN",
    "InstitutionalDepartmentName": "MRI",
    "MRAcquisitionType": "2D",
    "MagneticFieldStrength": 3,
    "Manufacturer": "Siemens",
    "ManufacturersModelName": "Prisma",
    "Modality": "MR",
    "MultibandAccelerationFactor": 4,
    "PartialFourier": 1,
    "PatientPosition": "HFS",
    "PercentPhaseFOV": 100,
    "PercentSampling": 100,
    "PhaseEncodingDirection": "j-",
    "PhaseEncodingSteps": 64,
    "PhaseResolution": 1,
    "PixelBandwidth": 2300,
    "ProcedureStepDescription": "Rhodri^Head BOLD",
    "ProtocolName": "cmrr_mbep2d_bold_Pictures_AP",
    "PulseSequenceDetails": "%SiemensSeq%\\ep2d_bold",
    "ReceiveCoilActiveElements": "HC2,4,6,7;NC2;SC",
    "ReceiveCoilName": "HeadNeck_64",
    "ReconMatrixPE": 64,
    "RefLinesPE": 12,
    "RepetitionTime": 0.61,
    "SAR": 0.312339,
    "ScanOptions": "FS",
    "ScanningSequence": "EP",
    "SequenceName": "*epfid2d1_64",
    "SequenceVariant": "SK",
    "SeriesDescription": "cmrr_mbep2d_bold_Pictures_AP",
    "SeriesNumber": 7,
    "ShimSetting": [
        -3591,
        -7464,
        3839,
        1032,
        -345,
        228,
        56,
        -9
    ],
    "SliceThickness": 3,
    "SliceTiming": [
        0.2625,
        0,
        0.3275,
        0.0675,
        0.395,
        0.1325,
        0.46,
        0.1975,
        0.525,
        0.2625,
        0,
        0.3275,
        0.0675,
        0.395,
        0.1325,
        0.46,
        0.1975,
        0.525,
        0.2625,
        0,
        0.3275,
        0.0675,
        0.395,
        0.1325,
        0.46,
        0.1975,
        0.525,
        0.2625,
        0,
        0.3275,
        0.0675,
        0.395,
        0.1325,
        0.46,
        0.1975,
        0.525
    ],
    "SoftwareVersions": "syngo MR E11",
    "SpacingBetweenSlices": 3.3,
    "StationName": "AWP166182",
    "TaskName": "pictures",
    "TotalReadoutTime": 0.0340202,
    "TxRefAmp": 243.066,
    "dcmmeta_affine": [
        [
            -2.9927423000335693,
            -0.2040247768163681,
            0.0475420281291008,
            102.78955841064453
        ],
        [
            -0.2051934152841568,
            2.9917497634887695,
            -0.09416624158620834,
            -92.82591247558594
        ],
        [
            0.03727927431464195,
            0.08835472911596298,
            3.298313617706299,
            -103.75963592529297
        ],
        [
            0.0,
            0.0,
            0.0,
            1.0
        ]
    ],
    "dcmmeta_reorient_transform": [
        [
            0.0,
            -1.0,
            0.0,
            63.0
        ],
        [
            1.0,
            0.0,
            0.0,
            0.0
        ],
        [
            0.0,
            0.0,
            1.0,
            0.0
        ],
        [
            0.0,
            0.0,
            0.0,
            1.0
        ]
    ],
    "dcmmeta_shape": [
        64,
        64,
        36,
        90
    ],
    "dcmmeta_slice_dim": 2,
    "dcmmeta_version": 0.6,
    "global": {
        "const": {
            "AcquisitionMatrix": [
                64,
                0,
                0,
                64
            ],
            "AngioFlag": "N",
            "BitsAllocated": 16,
            "BitsStored": 12,
            "BodyPartExamined": "BRAIN",
            "Columns": 384,
            "EchoNumbers": 1,
            "EchoTime": 32.0,
            "EchoTrainLength": 64,
            "FlipAngle": 40.0,
            "HighBit": 11,
            "ImageOrientationPatient": [
                0.99758073565056,
                0.06839780581094,
                0.01242642423003,
                -0.068008261248,
                0.99724995919713,
                -0.0294515752268
            ],
            "ImagePositionPatient": [
                -536.13078319111,
                -607.16525402496,
                -90.021218409181
            ],
            "ImageType": [
                "ORIGINAL",
                "PRIMARY",
                "M",
                "ND",
                "NORM",
                "MOSAIC"
            ],
            "ImagedNucleus": "1H",
            "ImagingFrequency": 123.257528,
            "InPlanePhaseEncodingDirection": "COL",
            "MRAcquisitionType": "2D",
            "MagneticFieldStrength": 3.0,
            "Manufacturer": "SIEMENS",
            "ManufacturerModelName": "Prisma",
            "Modality": "MR",
            "NumberOfAverages": 1.0,
            "NumberOfPhaseEncodingSteps": 64,
            "PercentPhaseFieldOfView": 100.0,
            "PercentSampling": 100.0,
            "PerformedProcedureStepStartTime": "143611.191000",
            "PhotometricInterpretation": "MONOCHROME2",
            "PixelBandwidth": 2300.0,
            "PixelRepresentation": 0,
            "PixelSpacing": [
                3.0,
                3.0
            ],
            "ProtocolName": "cmrr_mbep2d_bold_Pictures_AP",
            "RepetitionTime": 610.0,
            "Rows": 384,
            "SAR": 0.31233922463692,
            "SamplesPerPixel": 1,
            "ScanOptions": "FS",
            "ScanningSequence": "EP",
            "SequenceName": "*epfid2d1_64",
            "SequenceVariant": "SK",
            "SeriesDescription": "cmrr_mbep2d_bold_Pictures_AP",
            "SeriesNumber": 7,
            "SeriesTime": "150446.942000",
            "SliceLocation": -99.576949671984,
            "SliceThickness": 3.0,
            "SmallestImagePixelValue": 0,
            "SoftwareVersions": "syngo MR E11",
            "SpacingBetweenSlices": 3.3000001051771,
            "SpecificCharacterSet": "ISO_IR 100",
            "StudyID": "1",
            "StudyTime": "143611.119000",
            "TransmitCoilName": "Body",
            "VariableFlipAngleFlag": "N",
            "WindowCenterWidthExplanation": "Algo1"
        },
