{"AcquisitionMatrixPE": 64, "AcquisitionNumber": 1, "AcquisitionTime": "14:35:36.797500", "BandwidthPerPixelPhaseEncode": 28.935, "BaseResolution": 64, "BodyPartExamined": "BRAIN", "CoilCombinationMethod": "Sum of Squares", "ConsistencyInfo": "N4_VE11E_LATEST_20181129", "ConversionSoftware": "dcm2niix", "ConversionSoftwareVersion": "v1.0.20230411", "DerivedVendorReportedEchoSpacing": 0.000540003, "DeviceSerialNumber": "166182", "DwellTime": 3.4e-06, "EchoTime": 0.032, "EchoTrainLength": 64, "EffectiveEchoSpacing": 0.000540003, "FlipAngle": 40, "HeudiconvVersion": "0.13.1", "ImageOrientationPatientDICOM": [0.996471, -0.0716571, 0.0437165, 0.0733512, 0.996564, -0.0384604], "ImageOrientationText": "Tra>Cor(-2.4)>Sag(2.3)", "ImageType": ["ORIGINAL", "PRIMARY", "M", "ND", "NORM", "MOSAIC"], "ImagingFrequency": 123.254644, "InPlanePhaseEncodingDirectionDICOM": "COL", "InstitutionAddress": "PEARSE STREET .,City,District,IE,D2", "InstitutionName": "TCIN", "InstitutionalDepartmentName": "MRI", "MRAcquisitionType": "2D", "MagneticFieldStrength": 3, "Manufacturer": "Siemens", "ManufacturersModelName": "Prisma", "Modality": "MR", "MultibandAccelerationFactor": 4, "NonlinearGradientCorrection": false, "PartialFourier": 1, "PatientPosition": "HFS", "PercentPhaseFOV": 100, "PercentSampling": 100, "PhaseEncodingDirection": "j-", "PhaseEncodingSteps": 64, "PhaseResolution": 1, "PixelBandwidth": 2300, "ProcedureStepDescription": "Rhodri^Head BOLD", "ProtocolName": "cmrr_mbep2d_Pictures_AP_RDS", "PulseSequenceDetails": "%SiemensSeq%\\ep2d_bold", "ReceiveCoilActiveElements": "HC2,4,6,7;SC", "ReceiveCoilName": "SpecialPurpose_4", "ReconMatrixPE": 64, "RefLinesPE": 12, "RepetitionTime": 0.61, "SAR": 0.29325, "ScanOptions": "FS", "ScanningSequence": "EP", "SequenceName": "*epfid2d1_64", "SequenceVariant": "SK", "SeriesDescription": "cmrr_mbep2d_Pictures_AP_RDS", "SeriesNumber": 13, "ShimSetting": [-3563, -7471, 3903, 733, -51, -77, 55, 211], "SliceThickness": 3, "SliceTiming": [0.2625, 0, 0.3275, 0.065, 0.3925, 0.13, 0.4575, 0.195, 0.5225, 0.2625, 0, 0.3275, 0.065, 0.3925, 0.13, 0.4575, 0.195, 0.5225, 0.2625, 0, 0.3275, 0.065, 0.3925, 0.13, 0.4575, 0.195, 0.5225, 0.2625, 0, 0.3275, 0.065, 0.3925, 0.13, 0.4575, 0.195, 0.5225], "SoftwareVersions": "syngo MR E11", "SpacingBetweenSlices": 3.3, "StationName": "AWP166182", "TaskName": "pictures", "TotalReadoutTime": 0.0340202, "TxRefAmp": 241.484, "dcmmeta_affine": [[-2.989412546157837, 0.22005347907543182, 0.13467401266098022, 85.27262115478516], [0.2149713933467865, 2.9896929264068604, -0.13705332577228546, -111.83211517333984], [0.13114939630031586, 0.1153811663389206, 3.294401168823242, -99.27507781982422], [0.0, 0.0, 0.0, 1.0]], "dcmmeta_reorient_transform": [[0.0, -1.0, 0.0, 63.0], [1.0, 0.0, 0.0, 0.0], [0.0, 0.0, 1.0, 0.0], [0.0, 0.0, 0.0, 1.0]], "dcmmeta_shape": [64, 64, 36, 510], "dcmmeta_slice_dim": 2, "dcmmeta_version": 0.6, "global": {"const": {"AcquisitionMatrix": [64, 0, 0, 64], "AngioFlag": "N", "BitsAllocated": 16, "BitsStored": 12, "BodyPartExamined": "BRAIN", "Columns": 384, "EchoNumbers": 1, "EchoTime": 32.0, "EchoTrainLength": 64, "FlipAngle": 40.0, "HighBit": 11, "ImageOrientationPatient": [0.99647083546695, -0.0716571331921, 0.0437164651646, 0.07335116141635, 0.99656430077696, -0.0384603891789], "ImagePositionPatient": [-612.65054563279, -520.47397603865, -94.528979870282], "ImageType": ["ORIGINAL", "PRIMARY", "M", "ND", "NORM", "MOSAIC"], "ImagedNucleus": "1H", "ImagingFrequency": 123.254644, "InPlanePhaseEncodingDirection": "COL", "MRAcquisitionType": "2D", "MagneticFieldStrength": 3.0, "Manufacturer": "SIEMENS", "ManufacturerModelName": "Prisma", "Modality": "MR", "NumberOfAverages": 1.0, "NumberOfPhaseEncodingSteps": 64, "PercentPhaseFieldOfView": 100.0, "PercentSampling": 100.0, "PerformedProcedureStepStartTime": "141247.895000", "PhotometricInterpretation": "MONOCHROME2", "PixelBandwidth": 2300.0, "PixelRepresentation": 0, "PixelSpacing": [3.0, 3.0], "ProtocolName": "cmrr_mbep2d_Pictures_AP_RDS", "RepetitionTime": 610.0, "Rows": 384, "SAR": 0.29324956795359, "SamplesPerPixel": 1, "ScanOptions": "FS", "ScanningSequence": "EP", "SequenceName": "*epfid2d1_64", "SequenceVariant": "SK", "SeriesDescription": "cmrr_mbep2d_Pictures_AP_RDS", "SeriesNumber": 13, "SeriesTime": "143606.283000", "SliceLocation": -90.982110375063, "SliceThickness": 3.0, "SmallestImagePixelValue": 0, "SoftwareVersions": "syngo MR E11", "SpacingBetweenSlices": 3.3000000178819, "SpecificCharacterSet": "ISO_IR 100", "StudyID": "1", "StudyTime": "141247.806000", "TransmitCoilName": "Body", "VariableFlipAngleFlag": "N", "WindowCenterWidthExplanation": "Algo1"}, "slices": {}}, "time": {"samples": {"AcquisitionNumber": [1, 2, 3, 4, 5, 6, 7, 8, 9, 10, 11, 12, 13, 14, 15, 16, 17, 18, 19, 20, 21, 22, 23, 24, 25, 26, 27, 28, 29, 30, 31, 32, 33, 34, 35, 36, 37, 38, 39, 40, 41, 42, 43, 44, 45, 46, 47, 48, 49, 50, 51, 52, 53, 54, 55, 56, 57, 58, 59, 60, 61, 62, 63, 64, 65, 66, 67, 68, 69, 70, 71, 72, 73, 74, 75, 76, 77, 78, 79, 80, 81, 82, 83, 84, 85, 86, 87, 88, 89, 90, 91, 92, 93, 94, 95, 96, 97, 98, 99, 100, 101, 102, 103, 104, 105, 106, 107, 108, 109, 110, 111, 112, 113, 114, 115, 116, 117, 118, 119, 120, 121, 122, 123, 124, 125, 126, 127, 128, 129, 130, 131, 132, 133, 134, 135, 136, 137, 138, 139, 140, 141, 142, 143, 144, 145, 146, 147, 148, 149, 150, 151, 152, 153, 154, 155, 156, 157, 158, 159, 160, 161, 162, 163, 164, 165, 166, 167, 168, 169, 170, 171, 172, 173, 174, 175, 176, 177, 178, 179, 180, 181, 182, 183, 184, 185, 186, 187, 188, 189, 190, 191, 192, 193, 194, 195, 196, 197, 198, 199, 200, 201, 202, 203, 204, 205, 206, 207, 208, 209, 210, 211, 212, 213, 214, 215, 216, 217, 218, 219, 220, 221, 222, 223, 224, 225, 226, 227, 228, 229, 230, 231, 232, 233, 234, 235, 236, 237, 238, 239, 240, 241, 242, 243, 244, 245, 246, 247, 248, 249, 250, 251, 252, 253, 254, 255, 256, 257, 258, 259, 260, 261, 262, 263, 264, 265, 266, 267, 268, 269, 270, 271, 272, 273, 274, 275, 276, 277, 278, 279, 280, 281, 282, 283, 284, 285, 286, 287, 288, 289, 290, 291, 292, 293, 294, 295, 296, 297, 298, 299, 300, 301, 302, 303, 304, 305, 306, 307, 308, 309, 310, 311, 312, 313, 314, 315, 316, 317, 318, 319, 320, 321, 322, 323, 324, 325, 326, 327, 328, 329, 330, 331, 332, 333, 334, 335, 336, 337, 338, 339, 340, 341, 342, 343, 344, 345, 346, 347, 348, 349, 350, 351, 352, 353, 354, 355, 356, 357, 358, 359, 360, 361, 362, 363, 364, 365, 366, 367, 368, 369, 370, 371, 372, 373, 374, 375, 376, 377, 378, 379, 380, 381, 382, 383, 384, 385, 386, 387, 388, 389, 390, 391, 392, 393, 394, 395, 396, 397, 398, 399, 400, 401, 402, 403, 404, 405, 406, 407, 408, 409, 410, 411, 412, 413, 414, 415, 416, 417, 418, 419, 420, 421, 422, 423, 424, 425, 426, 427, 428, 429, 430, 431, 432, 433, 434, 435, 436, 437, 438, 439, 440, 441, 442, 443, 444, 445, 446, 447, 448, 449, 450, 451, 452, 453, 454, 455, 456, 457, 458, 459, 460, 461, 462, 463, 464, 465, 466, 467, 468, 469, 470, 471, 472, 473, 474, 475, 476, 477, 478, 479, 480, 481, 482, 483, 484, 485, 486, 487, 488, 489, 490, 491, 492, 493, 494, 495, 496, 497, 498, 499, 500, 501, 502, 503, 504, 505, 506, 507, 508, 509, 510], "AcquisitionTime": ["143536.797500", "143537.407500", "143538.017500", "143538.627500", "143539.237500", "143539.847500", "143540.457500", "143541.067500", "143541.677500", "143542.287500", "143542.897500", "143543.507500", "143544.117500", "143544.727500", "143545.337500", "143545.947500", "143546.557500", "143547.167500", "143547.777500", "143548.387500", "143548.997500", "143549.607500", "143550.217500", "143550.827500", "143551.437500", "143552.047500", "143552.657500", "143553.267500", "143553.877500", "143554.487500", "143555.097500", "143555.707500", "143556.317500", "143556.927500", "143557.537500", "143558.147500", "143558.757500", "143559.367500", "143559.977500", "143600.587500", "143601.197500", "143601.807500", "143602.417500", "143603.027500", "143603.637500", "143604.247500", "143604.857500", "143605.467500", "143606.077500", "143606.687500", "143607.297500", "143607.907500", "143608.517500", "143609.127500", "143609.737500", "143610.347500", "143610.957500", "143611.567500", "143612.177500", "143612.787500", "143613.397500", "143614.007500", "143614.617500", "143615.227500", "143615.837500", "143616.447500", "143617.057500", "143617.667500", "143618.277500", "143618.887500", "143619.497500", "143620.107500", "143620.717500", "143621.327500", "143621.937500", "143622.547500", "143623.157500", "143623.767500", "143624.377500", "143624.987500", "143625.597500", "143626.207500", "143626.817500", "143627.427500", "143628.037500", "143628.647500", "143629.257500", "143629.867500", "143630.477500", "143631.087500", "143631.697500", "143632.307500", "143632.917500", "143633.527500", "143634.137500", "143634.747500", "143635.357500", "143635.967500", "143636.577500", "143637.187500", "143637.797500", "143638.407500", "143639.017500", "143639.627500", "143640.237500", "143640.847500", "143641.457500", "143642.067500", "143642.677500", "143643.287500", "143643.897500", "143644.507500", "143645.117500", "143645.727500", "143646.337500", "143646.947500", "143647.557500", "143648.167500", "143648.777500", "143649.387500", "143649.997500", "143650.607500", "143651.217500", "143651.827500", "143652.437500", "143653.047500", "143653.657500", "143654.267500", "143654.877500", "143655.487500", "143656.097500", "143656.707500", "143657.317500", "143657.927500", "143658.537500", "143659.147500", "143659.757500", "143700.367500", "143700.977500", "143701.587500", "143702.197500", "143702.807500", "143703.417500", "143704.027500", "143704.637500", "143705.247500", "143705.857500", "143706.467500", "143707.077500", "143707.687500", "143708.297500", "143708.907500", "143709.517500", "143710.127500", "143710.737500", "143711.347500", "143711.957500", "143712.567500", "143713.177500", "143713.787500", "143714.397500", "143715.007500", "143715.617500", "143716.227500", "143716.837500", "143717.447500", "143718.057500", "143718.667500", "143719.277500", "143719.887500", "143720.497500", "143721.107500", "143721.717500", "143722.327500", "143722.937500", "143723.547500", "143724.157500", "143724.767500", "143725.377500", "143725.987500", "143726.597500", "143727.207500", "143727.817500", "143728.427500", "143729.037500", "143729.647500", "143730.257500", "143730.867500", "143731.477500", "143732.087500", "143732.697500", "143733.307500", "143733.917500", "143734.527500", "143735.137500", "143735.747500", "143736.357500", "143736.967500", "143737.577500", "143738.187500", "143738.797500", "143739.407500", "143740.017500", "143740.627500", "143741.237500", "143741.847500", "143742.457500", "143743.067500", "143743.677500", "143744.287500", "143744.897500", "143745.507500", "143746.117500", "143746.727500", "143747.337500", "143747.947500", "143748.557500", "143749.167500", "143749.777500", "143750.387500", "143750.997500", "143751.607500", "143752.217500", "143752.827500", "143753.437500", "143754.047500", "143754.657500", "143755.267500", "143755.877500", "143756.487500", "143757.097500", "143757.707500", "143758.317500", "143758.927500", "143759.537500", "143800.147500", "143800.757500", "143801.367500", "143801.977500", "143802.587500", "143803.197500", "143803.807500", "143804.417500", "143805.027500", "143805.637500", "143806.247500", "143806.857500", "143807.467500", "143808.077500", "143808.687500", "143809.297500", "143809.907500", "143810.517500", "143811.127500", "143811.737500", "143812.347500", "143812.957500", "143813.567500", "143814.177500", "143814.787500", "143815.397500", "143816.007500", "143816.617500", "143817.227500", "143817.837500", "143818.447500", "143819.057500", "143819.667500", "143820.277500", "143820.887500", "143821.497500", "143822.107500", "143822.717500", "143823.327500", "143823.937500", "143824.547500", "143825.157500", "143825.767500", "143826.377500", "143826.987500", "143827.597500", "143828.207500", "143828.817500", "143829.427500", "143830.037500", "143830.647500", "143831.257500", "143831.867500", "143832.477500", "143833.087500", "143833.697500", "143834.307500", "143834.917500", "143835.527500", "143836.137500", "143836.747500", "143837.357500", "143837.967500", "143838.577500", "143839.187500", "143839.797500", "143840.407500", "143841.017500", "143841.627500", "143842.237500", "143842.847500", "143843.457500", "143844.067500", "143844.677500", "143845.287500", "143845.897500", "143846.507500", "143847.117500", "143847.727500", "143848.337500", "143848.947500", "143849.557500", "143850.167500", "143850.777500", "143851.387500", "143851.997500", "143852.607500", "143853.217500", "143853.827500", "143854.437500", "143855.047500", "143855.657500", "143856.267500", "143856.877500", "143857.487500", "143858.097500", "143858.707500", "143859.317500", "143859.927500", "143900.537500", "143901.147500", "143901.757500", "143902.367500", "143902.977500", "143903.587500", "143904.197500", "143904.807500", "143905.417500", "143906.027500", "143906.637500", "143907.247500", "143907.857500", "143908.467500", "143909.077500", "143909.687500", "143910.297500", "143910.907500", "143911.517500", "143912.127500", "143912.737500", "143913.347500", "143913.957500", "143914.567500", "143915.177500", "143915.787500", "143916.397500", "143917.007500", "143917.617500", "143918.227500", "143918.837500", "143919.447500", "143920.057500", "143920.667500", "143921.277500", "143921.887500", "143922.497500", "143923.107500", "143923.717500", "143924.327500", "143924.937500", "143925.547500", "143926.157500", "143926.767500", "143927.377500", "143927.987500", "143928.597500", "143929.207500", "143929.817500", "143930.427500", "143931.037500", "143931.647500", "143932.257500", "143932.867500", "143933.477500", "143934.087500", "143934.697500", "143935.307500", "143935.917500", "143936.527500", "143937.137500", "143937.747500", "143938.357500", "143938.967500", "143939.577500", "143940.187500", "143940.797500", "143941.407500", "143942.017500", "143942.627500", "143943.237500", "143943.847500", "143944.457500", "143945.067500", "143945.677500", "143946.287500", "143946.897500", "143947.507500", "143948.117500", "143948.727500", "143949.337500", "143949.947500", "143950.557500", "143951.167500", "143951.777500", "143952.387500", "143952.997500", "143953.607500", "143954.217500", "143954.827500", "143955.437500", "143956.047500", "143956.657500", "143957.267500", "143957.877500", "143958.487500", "143959.097500", "143959.707500", "144000.317500", "144000.927500", "144001.537500", "144002.147500", "144002.757500", "144003.367500", "144003.977500", "144004.587500", "144005.197500", "144005.807500", "144006.417500", "144007.027500", "144007.637500", "144008.247500", "144008.857500", "144009.467500", "144010.077500", "144010.687500", "144011.297500", "144011.907500", "144012.517500", "144013.127500", "144013.737500", "144014.347500", "144014.957500", "144015.567500", "144016.177500", "144016.787500", "144017.397500", "144018.007500", "144018.617500", "144019.227500", "144019.837500", "144020.447500", "144021.057500", "144021.667500", "144022.277500", "144022.887500", "144023.497500", "144024.107500", "144024.717500", "144025.327500", "144025.937500", "144026.547500", "144027.157500", "144027.767500", "144028.377500", "144028.987500", "144029.597500", "144030.207500", "144030.817500", "144031.427500", "144032.037500", "144032.647500", "144033.257500", "144033.867500", "144034.477500", "144035.087500", "144035.697500", "144036.307500", "144036.917500", "144037.527500", "144038.137500", "144038.747500", "144039.357500", "144039.967500", "144040.577500", "144041.187500", "144041.797500", "144042.407500", "144043.017500", "144043.627500", "144044.237500", "144044.847500", "144045.457500", "144046.067500", "144046.677500", "144047.287500"], "ContentTime": ["143606.286000", "143606.289000", "143606.292000", "143606.294000", "143606.296000", "143606.299000", "143606.301000", "143606.304000", "143606.306000", "143606.318000", "143606.320000", "143606.323000", "143606.325000", "143606.327000", "143606.330000", "143606.332000", "143606.334000", "143606.337000", "143606.339000", "143606.342000", "143606.344000", "143606.346000", "143606.349000", "143606.351000", "143606.353000", "143606.356000", "143606.359000", "143606.361000", "143606.364000", "143606.366000", "143606.369000", "143606.371000", "143606.374000", "143606.376000", "143606.378000", "143606.381000", "143606.383000", "143606.386000", "143606.388000", "143606.391000", "143606.393000", "143606.395000", "143606.398000", "143606.400000", "143606.403000", "143606.405000", "143606.407000", "143626.281000", "143626.284000", "143626.286000", "143626.289000", "143626.291000", "143626.294000", "143626.296000", "143626.298000", "143626.301000", "143626.303000", "143626.306000", "143626.308000", "143626.310000", "143626.313000", "143626.315000", "143626.317000", "143626.320000", "143626.322000", "143626.324000", "143626.327000", "143626.329000", "143626.332000", "143626.335000", "143626.338000", "143626.341000", "143626.343000", "143626.345000", "143626.348000", "143626.350000", "143626.353000", "143626.355000", "143626.357000", "143626.360000", "143646.281000", "143646.284000", "143646.287000", "143646.289000", "143646.291000", "143646.294000", "143646.296000", "143646.298000", "143646.301000", "143646.303000", "143646.305000", "143646.308000", "143646.310000", "143646.312000", "143646.315000", "143646.317000", "143646.320000", "143646.322000", "143646.324000", "143646.327000", "143646.329000", "143646.331000", "143646.334000", "143646.336000", "143646.338000", "143646.341000", "143646.343000", "143646.345000", "143646.348000", "143646.350000", "143646.353000", "143646.355000", "143646.358000", "143706.281000", "143706.284000", "143706.286000", "143706.289000", "143706.291000", "143706.293000", "143706.296000", "143706.298000", "143706.301000", "143706.303000", "143706.305000", "143706.308000", "143706.310000", "143706.312000", "143706.315000", "143706.317000", "143706.320000", "143706.322000", "143706.324000", "143706.327000", "143706.329000", "143706.332000", "143706.334000", "143706.336000", "143706.339000", "143706.341000", "143706.345000", "143706.348000", "143706.350000", "143706.353000", "143706.355000", "143706.357000", "143706.360000", "143726.282000", "143726.285000", "143726.287000", "143726.290000", "143726.292000", "143726.295000", "143726.297000", "143726.300000", "143726.302000", "143726.305000", "143726.307000", "143726.309000", "143726.312000", "143726.314000", "143726.316000", "143726.319000", "143726.321000", "143726.324000", "143726.326000", "143726.328000", "143726.331000", "143726.333000", "143726.335000", "143726.338000", "143726.340000", "143726.343000", "143726.345000", "143726.347000", "143726.350000", "143726.352000", "143726.354000", "143726.357000", "143726.359000", "143746.282000", "143746.285000", "143746.287000", "143746.290000", "143746.292000", "143746.294000", "143746.297000", "143746.299000", "143746.302000", "143746.304000", "143746.315000", "143746.318000", "143746.320000", "143746.323000", "143746.325000", "143746.327000", "143746.330000", "143746.332000", "143746.334000", "143746.337000", "143746.339000", "143746.341000", "143746.344000", "143746.346000", "143746.348000", "143746.351000", "143746.353000", "143746.355000", "143746.358000", "143746.360000", "143746.363000", "143746.365000", "143806.281000", "143806.284000", "143806.286000", "143806.289000", "143806.291000", "143806.293000", "143806.296000", "143806.298000", "143806.301000", "143806.303000", "143806.305000", "143806.308000", "143806.310000", "143806.313000", "143806.315000", "143806.318000", "143806.320000", "143806.322000", "143806.325000", "143806.327000", "143806.330000", "143806.332000", "143806.334000", "143806.337000", "143806.339000", "143806.341000", "143806.344000", "143806.346000", "143806.348000", "143806.351000", "143806.353000", "143806.356000", "143806.358000", "143826.281000", "143826.284000", "143826.286000", "143826.289000", "143826.291000", "143826.293000", "143826.296000", "143826.298000", "143826.301000", "143826.303000", "143826.305000", "143826.308000", "143826.310000", "143826.313000", "143826.315000", "143826.318000", "143826.320000", "143826.322000", "143826.325000", "143826.327000", "143826.329000", "143826.332000", "143826.334000", "143826.337000", "143826.339000", "143826.350000", "143826.352000", "143826.354000", "143826.357000", "143826.359000", "143826.362000", "143826.364000", "143826.366000", "143846.281000", "143846.284000", "143846.287000", "143846.289000", "143846.291000", "143846.294000", "143846.296000", "143846.298000", "143846.301000", "143846.303000", "143846.306000", "143846.308000", "143846.310000", "143846.313000", "143846.315000", "143846.318000", "143846.320000", "143846.323000", "143846.325000", "143846.327000", "143846.330000", "143846.332000", "143846.335000", "143846.337000", "143846.339000", "143846.342000", "143846.344000", "143846.347000", "143846.349000", "143846.351000", "143846.354000", "143846.356000", "143846.359000", "143906.281000", "143906.284000", "143906.286000", "143906.289000", "143906.291000", "143906.293000", "143906.296000", "143906.298000", "143906.301000", "143906.303000", "143906.305000", "143906.308000", "143906.310000", "143906.313000", "143906.315000", "143906.318000", "143906.321000", "143906.323000", "143906.326000", "143906.328000", "143906.331000", "143906.333000", "143906.336000", "143906.338000", "143906.340000", "143906.343000", "143906.345000", "143906.347000", "143906.350000", "143906.352000", "143906.355000", "143906.357000", "143926.281000", "143926.285000", "143926.287000", "143926.290000", "143926.292000", "143926.294000", "143926.297000", "143926.299000", "143926.302000", "143926.304000", "143926.306000", "143926.309000", "143926.311000", "143926.313000", "143926.316000", "143926.318000", "143926.321000", "143926.323000", "143926.326000", "143926.329000", "143926.331000", "143926.333000", "143926.336000", "143926.338000", "143926.341000", "143926.343000", "143926.345000", "143926.348000", "143926.350000", "143926.353000", "143926.355000", "143926.357000", "143926.360000", "143946.283000", "143946.285000", "143946.288000", "143946.290000", "143946.293000", "143946.295000", "143946.297000", "143946.300000", "143946.302000", "143946.304000", "143946.307000", "143946.309000", "143946.312000", "143946.314000", "143946.316000", "143946.319000", "143946.321000", "143946.324000", "143946.326000", "143946.328000", "143946.331000", "143946.333000", "143946.336000", "143946.338000", "143946.340000", "143946.343000", "143946.345000", "143946.347000", "143946.350000", "143946.352000", "143946.354000", "143946.357000", "143946.359000", "144006.282000", "144006.285000", "144006.287000", "144006.290000", "144006.292000", "144006.294000", "144006.297000", "144006.299000", "144006.302000", "144006.304000", "144006.306000", "144006.309000", "144006.311000", "144006.314000", "144006.316000", "144006.318000", "144006.321000", "144006.323000", "144006.326000", "144006.328000", "144006.330000", "144006.333000", "144006.335000", "144006.337000", "144006.340000", "144006.342000", "144006.344000", "144006.347000", "144006.349000", "144006.352000", "144006.354000", "144006.356000", "144006.359000", "144026.281000", "144026.284000", "144026.286000", "144026.289000", "144026.291000", "144026.293000", "144026.296000", "144026.298000", "144026.300000", "144026.303000", "144026.305000", "144026.307000", "144026.310000", "144026.312000", "144026.315000", "144026.317000", "144026.320000", "144026.322000", "144026.324000", "144026.327000", "144026.329000", "144026.331000", "144026.334000", "144026.336000", "144026.339000", "144026.341000", "144026.344000", "144026.346000", "144026.349000", "144026.351000", "144026.353000", "144026.356000", "144026.358000", "144046.281000", "144046.284000", "144046.286000", "144046.289000", "144046.291000", "144046.293000", "144046.296000", "144046.298000", "144046.301000", "144046.303000", "144046.305000", "144046.308000", "144046.310000", "144046.313000", "144046.315000", "144046.317000", "144046.320000", "144046.322000", "144046.325000", "144046.327000", "144046.330000", "144046.332000", "144046.334000", "144046.337000", "144046.339000", "144046.342000", "144046.344000", "144046.346000", "144046.349000", "144046.351000", "144046.354000", "144046.356000", "144048.146000", "144048.149000", "144048.151000", "144048.154000"], "InstanceCreationTime": ["143606.286000", "143606.289000", "143606.292000", "143606.294000", "143606.296000", "143606.299000", "143606.301000", "143606.304000", "143606.306000", "143606.318000", "143606.320000", "143606.323000", "143606.325000", "143606.327000", "143606.330000", "143606.332000", "143606.334000", "143606.337000", "143606.339000", "143606.342000", "143606.344000", "143606.346000", "143606.349000", "143606.351000", "143606.353000", "143606.356000", "143606.359000", "143606.361000", "143606.364000", "143606.366000", "143606.369000", "143606.371000", "143606.374000", "143606.376000", "143606.378000", "143606.381000", "143606.383000", "143606.386000", "143606.388000", "143606.391000", "143606.393000", "143606.395000", "143606.398000", "143606.400000", "143606.403000", "143606.405000", "143606.407000", "143626.281000", "143626.284000", "143626.286000", "143626.289000", "143626.291000", "143626.294000", "143626.296000", "143626.298000", "143626.301000", "143626.303000", "143626.306000", "143626.308000", "143626.310000", "143626.313000", "143626.315000", "143626.317000", "143626.320000", "143626.322000", "143626.324000", "143626.327000", "143626.329000", "143626.332000", "143626.335000", "143626.338000", "143626.341000", "143626.343000", "143626.345000", "143626.348000", "143626.350000", "143626.353000", "143626.355000", "143626.357000", "143626.360000", "143646.281000", "143646.284000", "143646.287000", "143646.289000", "143646.291000", "143646.294000", "143646.296000", "143646.298000", "143646.301000", "143646.303000", "143646.305000", "143646.308000", "143646.310000", "143646.312000", "143646.315000", "143646.317000", "143646.320000", "143646.322000", "143646.324000", "143646.327000", "143646.329000", "143646.331000", "143646.334000", "143646.336000", "143646.338000", "143646.341000", "143646.343000", "143646.345000", "143646.348000", "143646.350000", "143646.353000", "143646.355000", "143646.358000", "143706.281000", "143706.284000", "143706.286000", "143706.289000", "143706.291000", "143706.293000", "143706.296000", "143706.298000", "143706.301000", "143706.303000", "143706.305000", "143706.308000", "143706.310000", "143706.312000", "143706.315000", "143706.317000", "143706.320000", "143706.322000", "143706.324000", "143706.327000", "143706.329000", "143706.332000", "143706.334000", "143706.336000", "143706.339000", "143706.341000", "143706.345000", "143706.348000", "143706.350000", "143706.353000", "143706.355000", "143706.357000", "143706.360000", "143726.282000", "143726.285000", "143726.287000", "143726.290000", "143726.292000", "143726.295000", "143726.297000", "143726.300000", "143726.302000", "143726.305000", "143726.307000", "143726.309000", "143726.312000", "143726.314000", "143726.316000", "143726.319000", "143726.321000", "143726.324000", "143726.326000", "143726.328000", "143726.331000", "143726.333000", "143726.335000", "143726.338000", "143726.340000", "143726.343000", "143726.345000", "143726.347000", "143726.350000", "143726.352000", "143726.354000", "143726.357000", "143726.359000", "143746.282000", "143746.285000", "143746.287000", "143746.290000", "143746.292000", "143746.294000", "143746.297000", "143746.299000", "143746.302000", "143746.304000", "143746.315000", "143746.318000", "143746.320000", "143746.323000", "143746.325000", "143746.327000", "143746.330000", "143746.332000", "143746.334000", "143746.337000", "143746.339000", "143746.341000", "143746.344000", "143746.346000", "143746.348000", "143746.351000", "143746.353000", "143746.355000", "143746.358000", "143746.360000", "143746.363000", "143746.365000", "143806.281000", "143806.284000", "143806.286000", "143806.289000", "143806.291000", "143806.293000", "143806.296000", "143806.298000", "143806.301000", "143806.303000", "143806.305000", "143806.308000", "143806.310000", "143806.313000", "143806.315000", "143806.318000", "143806.320000", "143806.322000", "143806.325000", "143806.327000", "143806.330000", "143806.332000", "143806.334000", "143806.337000", "143806.339000", "143806.341000", "143806.344000", "143806.346000", "143806.348000", "143806.351000", "143806.353000", "143806.356000", "143806.358000", "143826.281000", "143826.284000", "143826.286000", "143826.289000", "143826.291000", "143826.293000", "143826.296000", "143826.298000", "143826.301000", "143826.303000", "143826.305000", "143826.308000", "143826.310000", "143826.313000", "143826.315000", "143826.318000", "143826.320000", "143826.322000", "143826.325000", "143826.327000", "143826.329000", "143826.332000", "143826.334000", "143826.337000", "143826.339000", "143826.350000", "143826.352000", "143826.354000", "143826.357000", "143826.359000", "143826.362000", "143826.364000", "143826.366000", "143846.281000", "143846.284000", "143846.287000", "143846.289000", "143846.291000", "143846.294000", "143846.296000", "143846.298000", "143846.301000", "143846.303000", "143846.306000", "143846.308000", "143846.310000", "143846.313000", "143846.315000", "143846.318000", "143846.320000", "143846.323000", "143846.325000", "143846.327000", "143846.330000", "143846.332000", "143846.335000", "143846.337000", "143846.339000", "143846.342000", "143846.344000", "143846.347000", "143846.349000", "143846.351000", "143846.354000", "143846.356000", "143846.359000", "143906.281000", "143906.284000", "143906.286000", "143906.289000", "143906.291000", "143906.293000", "143906.296000", "143906.298000", "143906.301000", "143906.303000", "143906.305000", "143906.308000", "143906.310000", "143906.313000", "143906.315000", "143906.318000", "143906.321000", "143906.323000", "143906.326000", "143906.328000", "143906.331000", "143906.333000", "143906.336000", "143906.338000", "143906.340000", "143906.343000", "143906.345000", "143906.347000", "143906.350000", "143906.352000", "143906.355000", "143906.357000", "143926.281000", "143926.285000", "143926.287000", "143926.290000", "143926.292000", "143926.294000", "143926.297000", "143926.299000", "143926.302000", "143926.304000", "143926.306000", "143926.309000", "143926.311000", "143926.313000", "143926.316000", "143926.318000", "143926.321000", "143926.323000", "143926.326000", "143926.329000", "143926.331000", "143926.333000", "143926.336000", "143926.338000", "143926.341000", "143926.343000", "143926.345000", "143926.348000", "143926.350000", "143926.353000", "143926.355000", "143926.357000", "143926.360000", "143946.283000", "143946.285000", "143946.288000", "143946.290000", "143946.293000", "143946.295000", "143946.297000", "143946.300000", "143946.302000", "143946.304000", "143946.307000", "143946.309000", "143946.312000", "143946.314000", "143946.316000", "143946.319000", "143946.321000", "143946.324000", "143946.326000", "143946.328000", "143946.331000", "143946.333000", "143946.336000", "143946.338000", "143946.340000", "143946.343000", "143946.345000", "143946.347000", "143946.350000", "143946.352000", "143946.354000", "143946.357000", "143946.359000", "144006.282000", "144006.285000", "144006.287000", "144006.290000", "144006.292000", "144006.294000", "144006.297000", "144006.299000", "144006.302000", "144006.304000", "144006.306000", "144006.309000", "144006.311000", "144006.314000", "144006.316000", "144006.318000", "144006.321000", "144006.323000", "144006.326000", "144006.328000", "144006.330000", "144006.333000", "144006.335000", "144006.337000", "144006.340000", "144006.342000", "144006.344000", "144006.347000", "144006.349000", "144006.352000", "144006.354000", "144006.356000", "144006.359000", "144026.281000", "144026.284000", "144026.286000", "144026.289000", "144026.291000", "144026.293000", "144026.296000", "144026.298000", "144026.300000", "144026.303000", "144026.305000", "144026.307000", "144026.310000", "144026.312000", "144026.315000", "144026.317000", "144026.320000", "144026.322000", "144026.324000", "144026.327000", "144026.329000", "144026.331000", "144026.334000", "144026.336000", "144026.339000", "144026.341000", "144026.344000", "144026.346000", "144026.349000", "144026.351000", "144026.353000", "144026.356000", "144026.358000", "144046.281000", "144046.284000", "144046.286000", "144046.289000", "144046.291000", "144046.293000", "144046.296000", "144046.298000", "144046.301000", "144046.303000", "144046.305000", "144046.308000", "144046.310000", "144046.313000", "144046.315000", "144046.317000", "144046.320000", "144046.322000", "144046.325000", "144046.327000", "144046.330000", "144046.332000", "144046.334000", "144046.337000", "144046.339000", "144046.342000", "144046.344000", "144046.346000", "144046.349000", "144046.351000", "144046.354000", "144046.356000", "144048.146000", "144048.149000", "144048.151000", "144048.154000"], "InstanceNumber": [1, 2, 3, 4, 5, 6, 7, 8, 9, 10, 11, 12, 13, 14, 15, 16, 17, 18, 19, 20, 21, 22, 23, 24, 25, 26, 27, 28, 29, 30, 31, 32, 33, 34, 35, 36, 37, 38, 39, 40, 41, 42, 43, 44, 45, 46, 47, 48, 49, 50, 51, 52, 53, 54, 55, 56, 57, 58, 59, 60, 61, 62, 63, 64, 65, 66, 67, 68, 69, 70, 71, 72, 73, 74, 75, 76, 77, 78, 79, 80, 81, 82, 83, 84, 85, 86, 87, 88, 89, 90, 91, 92, 93, 94, 95, 96, 97, 98, 99, 100, 101, 102, 103, 104, 105, 106, 107, 108, 109, 110, 111, 112, 113, 114, 115, 116, 117, 118, 119, 120, 121, 122, 123, 124, 125, 126, 127, 128, 129, 130, 131, 132, 133, 134, 135, 136, 137, 138, 139, 140, 141, 142, 143, 144, 145, 146, 147, 148, 149, 150, 151, 152, 153, 154, 155, 156, 157, 158, 159, 160, 161, 162, 163, 164, 165, 166, 167, 168, 169, 170, 171, 172, 173, 174, 175, 176, 177, 178, 179, 180, 181, 182, 183, 184, 185, 186, 187, 188, 189, 190, 191, 192, 193, 194, 195, 196, 197, 198, 199, 200, 201, 202, 203, 204, 205, 206, 207, 208, 209, 210, 211, 212, 213, 214, 215, 216, 217, 218, 219, 220, 221, 222, 223, 224, 225, 226, 227, 228, 229, 230, 231, 232, 233, 234, 235, 236, 237, 238, 239, 240, 241, 242, 243, 244, 245, 246, 247, 248, 249, 250, 251, 252, 253, 254, 255, 256, 257, 258, 259, 260, 261, 262, 263, 264, 265, 266, 267, 268, 269, 270, 271, 272, 273, 274, 275, 276, 277, 278, 279, 280, 281, 282, 283, 284, 285, 286, 287, 288, 289, 290, 291, 292, 293, 294, 295, 296, 297, 298, 299, 300, 301, 302, 303, 304, 305, 306, 307, 308, 309, 310, 311, 312, 313, 314, 315, 316, 317, 318, 319, 320, 321, 322, 323, 324, 325, 326, 327, 328, 329, 330, 331, 332, 333, 334, 335, 336, 337, 338, 339, 340, 341, 342, 343, 344, 345, 346, 347, 348, 349, 350, 351, 352, 353, 354, 355, 356, 357, 358, 359, 360, 361, 362, 363, 364, 365, 366, 367, 368, 369, 370, 371, 372, 373, 374, 375, 376, 377, 378, 379, 380, 381, 382, 383, 384, 385, 386, 387, 388, 389, 390, 391, 392, 393, 394, 395, 396, 397, 398, 399, 400, 401, 402, 403, 404, 405, 406, 407, 408, 409, 410, 411, 412, 413, 414, 415, 416, 417, 418, 419, 420, 421, 422, 423, 424, 425, 426, 427, 428, 429, 430, 431, 432, 433, 434, 435, 436, 437, 438, 439, 440, 441, 442, 443, 444, 445, 446, 447, 448, 449, 450, 451, 452, 453, 454, 455, 456, 457, 458, 459, 460, 461, 462, 463, 464, 465, 466, 467, 468, 469, 470, 471, 472, 473, 474, 475, 476, 477, 478, 479, 480, 481, 482, 483, 484, 485, 486, 487, 488, 489, 490, 491, 492, 493, 494, 495, 496, 497, 498, 499, 500, 501, 502, 503, 504, 505, 506, 507, 508, 509, 510], "LargestImagePixelValue": [516, 500, 537, 503, 495, 516, 503, 513, 530, 546, 505, 531, 506, 523, 528, 490, 498, 483, 531, 531, 512, 514, 557, 531, 523, 508, 525, 515, 532, 504, 512, 518, 501, 509, 501, 516, 499, 498, 510, 537, 524, 526, 533, 541, 529, 516, 508, 508, 547, 538, 531, 495, 498, 610, 597, 550, 581, 546, 540, 535, 505, 561, 526, 529, 513, 525, 565, 499, 551, 553, 540, 525, 532, 552, 522, 506, 485, 482, 498, 502, 522, 507, 505, 525, 499, 516, 527, 511, 536, 522, 516, 510, 503, 523, 529, 533, 524, 524, 520, 529, 521, 528, 532, 532, 534, 534, 533, 539, 527, 566, 557, 557, 617, 532, 529, 506, 573, 542, 530, 544, 503, 507, 494, 512, 534, 562, 579, 510, 568, 518, 564, 512, 515, 522, 511, 510, 502, 548, 513, 521, 524, 514, 552, 490, 490, 513, 516, 532, 521, 520, 536, 528, 525, 524, 529, 528, 520, 513, 517, 509, 540, 516, 519, 528, 531, 514, 562, 512, 581, 503, 500, 503, 538, 505, 507, 507, 533, 504, 501, 510, 503, 515, 517, 517, 514, 502, 502, 499, 529, 486, 508, 494, 536, 515, 519, 547, 539, 529, 531, 525, 520, 523, 514, 520, 524, 540, 569, 551, 547, 535, 533, 525, 546, 511, 522, 551, 522, 504, 525, 527, 532, 576, 515, 567, 551, 590, 546, 564, 584, 541, 506, 576, 528, 542, 506, 536, 490, 503, 483, 524, 523, 570, 537, 587, 513, 532, 579, 473, 467, 512, 557, 536, 524, 514, 501, 489, 503, 500, 510, 497, 519, 519, 509, 512, 512, 522, 514, 491, 506, 506, 512, 524, 520, 522, 511, 505, 505, 501, 506, 511, 513, 514, 493, 509, 509, 499, 508, 504, 508, 524, 533, 525, 510, 523, 508, 504, 510, 518, 513, 518, 511, 522, 517, 512, 522, 518, 525, 512, 499, 533, 493, 510, 527, 528, 533, 527, 536, 531, 538, 532, 524, 530, 532, 540, 533, 528, 525, 529, 521, 529, 534, 535, 540, 533, 540, 540, 543, 539, 537, 539, 527, 523, 531, 549, 535, 526, 532, 525, 513, 514, 516, 554, 528, 516, 532, 529, 510, 551, 539, 525, 511, 514, 512, 510, 513, 524, 519, 520, 508, 518, 518, 522, 517, 518, 511, 513, 511, 524, 506, 515, 521, 515, 538, 534, 525, 532, 537, 540, 542, 549, 540, 542, 540, 539, 534, 531, 528, 535, 533, 537, 541, 539, 535, 520, 556, 586, 500, 557, 542, 499, 497, 479, 496, 583, 524, 481, 495, 533, 560, 489, 472, 518, 521, 481, 476, 473, 473, 480, 487, 494, 482, 479, 480, 485, 472, 497, 490, 568, 527, 516, 510, 504, 499, 479, 477, 501, 509, 500, 521, 513, 503, 525, 521, 511, 516, 492, 489, 525, 508, 479, 553, 561, 531, 557, 536, 526, 525, 513, 520, 505, 488, 517, 502, 502, 509, 522, 510, 485, 500, 485, 496, 495, 480, 505, 501, 542, 530, 539, 526, 521, 509, 512, 509, 511, 524, 503, 507, 527, 481, 510, 487, 529, 470, 499, 549, 523, 531, 511, 501, 520], "WindowCenter": [303.0, 297.0, 297.0, 298.0, 295.0, 294.0, 296.0, 296.0, 296.0, 299.0, 293.0, 297.0, 300.0, 301.0, 296.0, 297.0, 298.0, 291.0, 296.0, 298.0, 299.0, 298.0, 299.0, 299.0, 298.0, 296.0, 296.0, 298.0, 295.0, 294.0, 299.0, 299.0, 297.0, 297.0, 298.0, 298.0, 297.0, 297.0, 298.0, 300.0, 299.0, 297.0, 297.0, 297.0, 296.0, 297.0, 296.0, 297.0, 301.0, 300.0, 297.0, 294.0, 297.0, 300.0, 302.0, 296.0, 292.0, 298.0, 297.0, 296.0, 295.0, 297.0, 294.0, 295.0, 293.0, 290.0, 300.0, 285.0, 298.0, 280.0, 300.0, 287.0, 302.0, 299.0, 295.0, 295.0, 295.0, 295.0, 295.0, 296.0, 296.0, 297.0, 294.0, 297.0, 296.0, 295.0, 296.0, 293.0, 296.0, 294.0, 294.0, 295.0, 294.0, 293.0, 294.0, 294.0, 291.0, 295.0, 296.0, 297.0, 298.0, 299.0, 299.0, 298.0, 299.0, 298.0, 299.0, 299.0, 297.0, 300.0, 301.0, 287.0, 299.0, 303.0, 293.0, 300.0, 303.0, 298.0, 298.0, 299.0, 295.0, 295.0, 295.0, 301.0, 301.0, 295.0, 296.0, 293.0, 301.0, 294.0, 298.0, 292.0, 295.0, 292.0, 296.0, 298.0, 286.0, 301.0, 294.0, 296.0, 297.0, 294.0, 294.0, 295.0, 294.0, 295.0, 294.0, 297.0, 290.0, 293.0, 299.0, 299.0, 298.0, 296.0, 297.0, 298.0, 297.0, 296.0, 296.0, 295.0, 298.0, 294.0, 295.0, 297.0, 294.0, 293.0, 298.0, 296.0, 296.0, 290.0, 299.0, 296.0, 297.0, 296.0, 296.0, 300.0, 297.0, 296.0, 297.0, 298.0, 295.0, 296.0, 297.0, 298.0, 298.0, 296.0, 297.0, 297.0, 297.0, 299.0, 300.0, 297.0, 297.0, 294.0, 299.0, 297.0, 297.0, 297.0, 298.0, 297.0, 298.0, 298.0, 297.0, 299.0, 298.0, 299.0, 299.0, 297.0, 298.0, 297.0, 298.0, 299.0, 300.0, 298.0, 297.0, 300.0, 297.0, 291.0, 292.0, 297.0, 303.0, 300.0, 295.0, 298.0, 298.0, 301.0, 301.0, 297.0, 298.0, 294.0, 293.0, 295.0, 297.0, 296.0, 297.0, 296.0, 295.0, 293.0, 290.0, 292.0, 290.0, 292.0, 299.0, 295.0, 293.0, 296.0, 293.0, 293.0, 289.0, 295.0, 295.0, 294.0, 292.0, 292.0, 292.0, 291.0, 293.0, 291.0, 292.0, 292.0, 292.0, 292.0, 292.0, 293.0, 293.0, 293.0, 292.0, 293.0, 293.0, 291.0, 291.0, 297.0, 295.0, 296.0, 294.0, 293.0, 293.0, 293.0, 294.0, 293.0, 294.0, 294.0, 294.0, 294.0, 293.0, 293.0, 295.0, 293.0, 293.0, 294.0, 297.0, 296.0, 294.0, 295.0, 295.0, 294.0, 293.0, 295.0, 295.0, 295.0, 294.0, 295.0, 294.0, 294.0, 294.0, 293.0, 294.0, 296.0, 297.0, 296.0, 292.0, 296.0, 295.0, 294.0, 294.0, 294.0, 295.0, 295.0, 295.0, 294.0, 295.0, 296.0, 295.0, 296.0, 298.0, 297.0, 296.0, 295.0, 295.0, 296.0, 296.0, 296.0, 296.0, 296.0, 295.0, 295.0, 296.0, 296.0, 296.0, 297.0, 298.0, 297.0, 296.0, 296.0, 296.0, 295.0, 295.0, 296.0, 296.0, 295.0, 296.0, 296.0, 295.0, 294.0, 295.0, 294.0, 295.0, 297.0, 295.0, 294.0, 295.0, 295.0, 295.0, 295.0, 295.0, 296.0, 294.0, 295.0, 294.0, 294.0, 296.0, 296.0, 295.0, 295.0, 293.0, 294.0, 294.0, 294.0, 295.0, 295.0, 295.0, 293.0, 297.0, 296.0, 295.0, 295.0, 297.0, 298.0, 299.0, 298.0, 298.0, 299.0, 299.0, 299.0, 299.0, 299.0, 298.0, 298.0, 299.0, 299.0, 299.0, 299.0, 297.0, 298.0, 298.0, 301.0, 295.0, 296.0, 299.0, 298.0, 295.0, 294.0, 290.0, 301.0, 297.0, 295.0, 295.0, 304.0, 302.0, 296.0, 289.0, 299.0, 297.0, 295.0, 294.0, 293.0, 291.0, 290.0, 291.0, 293.0, 293.0, 293.0, 292.0, 292.0, 292.0, 293.0, 291.0, 296.0, 290.0, 291.0, 290.0, 287.0, 295.0, 293.0, 289.0, 293.0, 294.0, 287.0, 296.0, 295.0, 293.0, 292.0, 292.0, 294.0, 283.0, 294.0, 291.0, 291.0, 295.0, 290.0, 295.0, 286.0, 295.0, 298.0, 298.0, 296.0, 297.0, 294.0, 293.0, 295.0, 292.0, 296.0, 292.0, 292.0, 290.0, 293.0, 293.0, 290.0, 295.0, 295.0, 295.0, 294.0, 296.0, 296.0, 298.0, 296.0, 299.0, 296.0, 296.0, 295.0, 295.0, 295.0, 295.0, 296.0, 288.0, 296.0, 290.0, 293.0, 295.0, 293.0, 293.0, 290.0, 289.0, 289.0, 302.0, 298.0, 299.0, 295.0, 295.0, 293.0], "WindowWidth": [657.0, 647.0, 646.0, 648.0, 643.0, 641.0, 644.0, 643.0, 644.0, 649.0, 638.0, 646.0, 652.0, 654.0, 644.0, 645.0, 648.0, 635.0, 644.0, 648.0, 649.0, 648.0, 651.0, 649.0, 647.0, 644.0, 643.0, 647.0, 642.0, 640.0, 649.0, 650.0, 646.0, 646.0, 647.0, 648.0, 646.0, 647.0, 648.0, 651.0, 650.0, 647.0, 647.0, 646.0, 644.0, 645.0, 644.0, 647.0, 654.0, 652.0, 647.0, 641.0, 646.0, 651.0, 655.0, 645.0, 636.0, 649.0, 645.0, 643.0, 642.0, 647.0, 640.0, 643.0, 639.0, 633.0, 652.0, 624.0, 648.0, 614.0, 652.0, 628.0, 655.0, 649.0, 643.0, 643.0, 643.0, 642.0, 642.0, 643.0, 644.0, 647.0, 640.0, 646.0, 644.0, 643.0, 645.0, 638.0, 644.0, 640.0, 640.0, 642.0, 640.0, 639.0, 640.0, 640.0, 635.0, 642.0, 645.0, 646.0, 648.0, 649.0, 649.0, 648.0, 649.0, 647.0, 649.0, 649.0, 645.0, 653.0, 654.0, 628.0, 650.0, 657.0, 639.0, 651.0, 658.0, 649.0, 648.0, 649.0, 643.0, 643.0, 642.0, 654.0, 654.0, 644.0, 644.0, 638.0, 653.0, 642.0, 649.0, 638.0, 642.0, 637.0, 646.0, 648.0, 626.0, 655.0, 640.0, 644.0, 645.0, 641.0, 640.0, 643.0, 640.0, 642.0, 641.0, 646.0, 633.0, 639.0, 650.0, 650.0, 649.0, 644.0, 647.0, 648.0, 646.0, 644.0, 645.0, 643.0, 649.0, 640.0, 642.0, 647.0, 641.0, 638.0, 647.0, 645.0, 644.0, 634.0, 649.0, 645.0, 646.0, 645.0, 645.0, 652.0, 646.0, 645.0, 647.0, 649.0, 643.0, 645.0, 647.0, 647.0, 647.0, 644.0, 645.0, 646.0, 646.0, 650.0, 653.0, 646.0, 646.0, 641.0, 650.0, 647.0, 646.0, 646.0, 648.0, 647.0, 647.0, 649.0, 647.0, 650.0, 648.0, 650.0, 651.0, 647.0, 648.0, 645.0, 649.0, 650.0, 652.0, 648.0, 646.0, 651.0, 647.0, 634.0, 636.0, 646.0, 659.0, 651.0, 642.0, 648.0, 647.0, 653.0, 654.0, 646.0, 647.0, 641.0, 639.0, 642.0, 645.0, 644.0, 647.0, 644.0, 642.0, 639.0, 633.0, 637.0, 632.0, 637.0, 650.0, 643.0, 638.0, 645.0, 638.0, 638.0, 630.0, 641.0, 641.0, 640.0, 636.0, 637.0, 636.0, 634.0, 638.0, 635.0, 637.0, 636.0, 637.0, 637.0, 635.0, 638.0, 638.0, 637.0, 637.0, 637.0, 638.0, 635.0, 635.0, 645.0, 642.0, 643.0, 640.0, 639.0, 639.0, 639.0, 639.0, 639.0, 640.0, 640.0, 641.0, 640.0, 638.0, 638.0, 643.0, 638.0, 638.0, 641.0, 647.0, 644.0, 640.0, 642.0, 641.0, 640.0, 639.0, 643.0, 642.0, 642.0, 641.0, 643.0, 641.0, 641.0, 641.0, 639.0, 641.0, 644.0, 646.0, 644.0, 637.0, 645.0, 642.0, 640.0, 640.0, 640.0, 642.0, 641.0, 641.0, 640.0, 642.0, 645.0, 642.0, 645.0, 648.0, 646.0, 643.0, 643.0, 642.0, 643.0, 644.0, 643.0, 644.0, 644.0, 642.0, 642.0, 644.0, 644.0, 643.0, 646.0, 648.0, 647.0, 644.0, 643.0, 643.0, 641.0, 642.0, 644.0, 643.0, 642.0, 643.0, 643.0, 642.0, 640.0, 642.0, 641.0, 641.0, 645.0, 642.0, 641.0, 642.0, 642.0, 642.0, 642.0, 642.0, 644.0, 641.0, 642.0, 642.0, 641.0, 644.0, 644.0, 642.0, 642.0, 640.0, 640.0, 641.0, 640.0, 643.0, 642.0, 642.0, 639.0, 646.0, 643.0, 642.0, 641.0, 645.0, 648.0, 649.0, 648.0, 649.0, 649.0, 650.0, 650.0, 649.0, 649.0, 648.0, 648.0, 650.0, 649.0, 649.0, 649.0, 646.0, 649.0, 648.0, 654.0, 642.0, 644.0, 651.0, 647.0, 642.0, 641.0, 632.0, 653.0, 646.0, 643.0, 642.0, 659.0, 655.0, 643.0, 631.0, 650.0, 646.0, 642.0, 640.0, 638.0, 635.0, 633.0, 634.0, 639.0, 638.0, 638.0, 636.0, 637.0, 637.0, 638.0, 635.0, 645.0, 633.0, 634.0, 633.0, 628.0, 644.0, 639.0, 631.0, 639.0, 639.0, 628.0, 645.0, 643.0, 639.0, 638.0, 638.0, 639.0, 619.0, 641.0, 636.0, 634.0, 641.0, 632.0, 643.0, 624.0, 644.0, 648.0, 648.0, 644.0, 646.0, 641.0, 638.0, 641.0, 637.0, 644.0, 636.0, 636.0, 633.0, 639.0, 639.0, 632.0, 642.0, 643.0, 642.0, 640.0, 644.0, 643.0, 647.0, 644.0, 650.0, 644.0, 643.0, 642.0, 642.0, 642.0, 642.0, 644.0, 630.0, 645.0, 632.0, 639.0, 642.0, 639.0, 638.0, 633.0, 631.0, 630.0, 657.0, 648.0, 649.0, 642.0, 643.0, 638.0]}, "slices": {}}, "EventTimestamp": "14-39-01"}