{"AcquisitionMatrixPE": 64, "AcquisitionNumber": 1, "AcquisitionTime": "14:20:24.715000", "BandwidthPerPixelPhaseEncode": 28.935, "BaseResolution": 64, "BodyPartExamined": "BRAIN", "CoilCombinationMethod": "Sum of Squares", "ConsistencyInfo": "N4_VE11E_LATEST_20181129", "ConversionSoftware": "dcm2niix", "ConversionSoftwareVersion": "v1.0.20230411", "DerivedVendorReportedEchoSpacing": 0.000540003, "DeviceSerialNumber": "166182", "DwellTime": 3.4e-06, "EchoTime": 0.032, "EchoTrainLength": 64, "EffectiveEchoSpacing": 0.000540003, "FlipAngle": 40, "HeudiconvVersion": "0.13.1", "ImageOrientationPatientDICOM": [0.997618, -0.0129388, -0.0677592, 0.0139303, 0.999802, 0.0141807], "ImageOrientationText": "Tra>Sag(-3.9)>Cor(0.9)", "ImageType": ["ORIGINAL", "PRIMARY", "M", "ND", "NORM", "MOSAIC"], "ImagingFrequency": 123.256286, "InPlanePhaseEncodingDirectionDICOM": "COL", "InstitutionAddress": "PEARSE STREET .,City,District,IE,D2", "InstitutionName": "TCIN", "InstitutionalDepartmentName": "MRI", "MRAcquisitionType": "2D", "MagneticFieldStrength": 3, "Manufacturer": "Siemens", "ManufacturersModelName": "Prisma", "Modality": "MR", "MultibandAccelerationFactor": 4, "NonlinearGradientCorrection": false, "PartialFourier": 1, "PatientPosition": "HFS", "PercentPhaseFOV": 100, "PercentSampling": 100, "PhaseEncodingDirection": "j-", "PhaseEncodingSteps": 64, "PhaseResolution": 1, "PixelBandwidth": 2300, "ProcedureStepDescription": "Rhodri^Head BOLD", "ProtocolName": "cmrr_mbep2d_Pictures_AP_RDS", "PulseSequenceDetails": "%SiemensSeq%\\ep2d_bold", "ReceiveCoilActiveElements": "HC2,4,6,7;SC", "ReceiveCoilName": "SpecialPurpose_4", "ReconMatrixPE": 64, "RefLinesPE": 12, "RepetitionTime": 0.61, "SAR": 0.233715, "ScanOptions": "FS", "ScanningSequence": "EP", "SequenceName": "*epfid2d1_64", "SequenceVariant": "SK", "SeriesDescription": "cmrr_mbep2d_Pictures_AP_RDS", "SeriesNumber": 8, "ShimSetting": [-3715, -7408, 3899, 723, -4, -7, 350, 122], "SliceThickness": 3, "SliceTiming": [0.2625, 0, 0.3275, 0.0675, 0.395, 0.1325, 0.46, 0.1975, 0.525, 0.2625, 0, 0.3275, 0.0675, 0.395, 0.1325, 0.46, 0.1975, 0.525, 0.2625, 0, 0.3275, 0.0675, 0.395, 0.1325, 0.46, 0.1975, 0.525, 0.2625, 0, 0.3275, 0.0675, 0.395, 0.1325, 0.46, 0.1975, 0.525], "SoftwareVersions": "syngo MR E11", "SpacingBetweenSlices": 3.3, "StationName": "AWP166182", "TaskName": "pictures", "TotalReadoutTime": 0.0340202, "TxRefAmp": 230.037, "dcmmeta_affine": [[-2.9928534030914307, 0.04179086163640022, -0.2229558229446411, 98.37601470947266], [0.038816362619400024, 2.9994072914123535, 0.04979962483048439, -100.82977294921875], [-0.20327772200107574, -0.04254201054573059, 3.2920830249786377, -88.93536376953125], [0.0, 0.0, 0.0, 1.0]], "dcmmeta_reorient_transform": [[0.0, -1.0, 0.0, 63.0], [1.0, 0.0, 0.0, 0.0], [0.0, 0.0, 1.0, 0.0], [0.0, 0.0, 0.0, 1.0]], "dcmmeta_shape": [64, 64, 36, 51], "dcmmeta_slice_dim": 2, "dcmmeta_version": 0.6, "global": {"const": {"AcquisitionMatrix": [64, 0, 0, 64], "AngioFlag": "N", "BitsAllocated": 16, "BitsStored": 12, "BodyPartExamined": "BRAIN", "Columns": 384, "EchoNumbers": 1, "EchoTime": 32.0, "EchoTrainLength": 64, "FlipAngle": 40.0, "HighBit": 11, "ImageOrientationPatient": [0.99761779910294, -0.0129387873973, -0.0677592406517, 0.01393028701071, 0.99980240832215, 0.01418067054257], "ImagePositionPatient": [-586.55191871085, -561.82741900323, -65.897799708458], "ImageType": ["ORIGINAL", "PRIMARY", "M", "ND", "NORM", "MOSAIC"], "ImagedNucleus": "1H", "ImagingFrequency": 123.256286, "InPlanePhaseEncodingDirection": "COL", "MRAcquisitionType": "2D", "MagneticFieldStrength": 3.0, "Manufacturer": "SIEMENS", "ManufacturerModelName": "Prisma", "Modality": "MR", "NumberOfAverages": 1.0, "NumberOfPhaseEncodingSteps": 64, "PercentPhaseFieldOfView": 100.0, "PercentSampling": 100.0, "PerformedProcedureStepStartTime": "141133.465000", "PhotometricInterpretation": "MONOCHROME2", "PixelBandwidth": 2300.0, "PixelRepresentation": 0, "PixelSpacing": [3.0, 3.0], "ProtocolName": "cmrr_mbep2d_Pictures_AP_RDS", "RepetitionTime": 610.0, "Rows": 384, "SAR": 0.23371543402114, "SamplesPerPixel": 1, "ScanOptions": "FS", "ScanningSequence": "EP", "SequenceName": "*epfid2d1_64", "SequenceVariant": "SK", "SeriesDescription": "cmrr_mbep2d_Pictures_AP_RDS", "SeriesNumber": 8, "SeriesTime": "142045.679000", "SliceLocation": -96.890121673544, "SliceThickness": 3.0, "SmallestImagePixelValue": 0, "SoftwareVersions": "syngo MR E11", "SpacingBetweenSlices": 3.2999999981458, "SpecificCharacterSet": "ISO_IR 100", "StudyID": "1", "StudyTime": "141133.347000", "TransmitCoilName": "Body", "VariableFlipAngleFlag": "N", "WindowCenterWidthExplanation": "Algo1"}, "slices": {}}, "time": {"samples": {"AcquisitionNumber": [1, 2, 3, 4, 5, 6, 7, 8, 9, 10, 11, 12, 13, 14, 15, 16, 17, 18, 19, 20, 21, 22, 23, 24, 25, 26, 27, 28, 29, 30, 31, 32, 33, 34, 35, 36, 37, 38, 39, 40, 41, 42, 43, 44, 45, 46, 47, 48, 49, 50, 51], "AcquisitionTime": ["142024.715000", "142025.325000", "142025.935000", "142026.545000", "142027.155000", "142027.765000", "142028.375000", "142028.985000", "142029.595000", "142030.205000", "142030.815000", "142031.425000", "142032.035000", "142032.645000", "142033.255000", "142033.865000", "142034.475000", "142035.085000", "142035.695000", "142036.305000", "142036.915000", "142037.525000", "142038.135000", "142038.745000", "142039.355000", "142039.965000", "142040.575000", "142041.185000", "142041.795000", "142042.405000", "142043.015000", "142043.625000", "142044.235000", "142044.845000", "142045.455000", "142046.065000", "142046.675000", "142047.285000", "142047.895000", "142048.505000", "142049.115000", "142049.725000", "142050.335000", "142050.945000", "142051.555000", "142052.165000", "142052.775000", "142053.385000", "142053.995000", "142054.605000", "142055.215000"], "ContentTime": ["142045.683000", "142045.686000", "142045.688000", "142045.691000", "142045.693000", "142045.696000", "142045.698000", "142045.700000", "142045.703000", "142045.705000", "142045.708000", "142045.710000", "142045.713000", "142045.715000", "142045.717000", "142045.720000", "142045.722000", "142045.724000", "142045.727000", "142045.729000", "142045.732000", "142045.737000", "142045.739000", "142045.742000", "142045.744000", "142045.746000", "142045.749000", "142045.751000", "142045.754000", "142045.756000", "142045.758000", "142045.761000", "142045.763000", "142056.966000", "142056.969000", "142056.971000", "142056.974000", "142056.976000", "142056.979000", "142056.981000", "142056.983000", "142056.986000", "142056.988000", "142056.991000", "142056.993000", "142056.996000", "142056.998000", "142057.002000", "142057.007000", "142057.010000", "142057.012000"], "InstanceCreationTime": ["142045.683000", "142045.686000", "142045.688000", "142045.691000", "142045.693000", "142045.696000", "142045.698000", "142045.700000", "142045.703000", "142045.705000", "142045.708000", "142045.710000", "142045.713000", "142045.715000", "142045.717000", "142045.720000", "142045.722000", "142045.724000", "142045.727000", "142045.729000", "142045.732000", "142045.737000", "142045.739000", "142045.742000", "142045.744000", "142045.746000", "142045.749000", "142045.751000", "142045.754000", "142045.756000", "142045.758000", "142045.761000", "142045.763000", "142056.966000", "142056.969000", "142056.971000", "142056.974000", "142056.976000", "142056.979000", "142056.981000", "142056.983000", "142056.986000", "142056.988000", "142056.991000", "142056.993000", "142056.996000", "142056.998000", "142057.002000", "142057.007000", "142057.010000", "142057.012000"], "InstanceNumber": [1, 2, 3, 4, 5, 6, 7, 8, 9, 10, 11, 12, 13, 14, 15, 16, 17, 18, 19, 20, 21, 22, 23, 24, 25, 26, 27, 28, 29, 30, 31, 32, 33, 34, 35, 36, 37, 38, 39, 40, 41, 42, 43, 44, 45, 46, 47, 48, 49, 50, 51], "LargestImagePixelValue": [544, 514, 514, 506, 507, 481, 458, 519, 522, 489, 465, 483, 466, 494, 486, 476, 476, 472, 466, 461, 484, 479, 450, 451, 465, 467, 496, 475, 465, 472, 481, 465, 464, 462, 480, 462, 479, 506, 492, 467, 463, 452, 453, 469, 468, 450, 460, 459, 479, 500, 455], "WindowCenter": [299.0, 288.0, 291.0, 289.0, 285.0, 288.0, 290.0, 294.0, 293.0, 291.0, 283.0, 291.0, 292.0, 289.0, 293.0, 293.0, 292.0, 289.0, 289.0, 289.0, 293.0, 292.0, 291.0, 291.0, 292.0, 291.0, 291.0, 291.0, 290.0, 288.0, 292.0, 290.0, 292.0, 292.0, 290.0, 288.0, 296.0, 291.0, 292.0, 290.0, 291.0, 291.0, 291.0, 291.0, 292.0, 290.0, 290.0, 292.0, 294.0, 295.0, 293.0], "WindowWidth": [649.0, 628.0, 634.0, 630.0, 625.0, 628.0, 632.0, 640.0, 639.0, 634.0, 620.0, 634.0, 636.0, 630.0, 638.0, 637.0, 636.0, 631.0, 631.0, 630.0, 638.0, 635.0, 634.0, 634.0, 636.0, 635.0, 634.0, 634.0, 633.0, 628.0, 636.0, 633.0, 636.0, 636.0, 632.0, 628.0, 644.0, 635.0, 637.0, 633.0, 635.0, 634.0, 635.0, 633.0, 636.0, 633.0, 633.0, 636.0, 640.0, 640.0, 637.0]}, "slices": {}}, "EventTimestamp": "14-22-53"}