{"AcquisitionMatrixPE": 64, "AcquisitionNumber": 1, "AcquisitionTime": "12:17:0.680000", "BandwidthPerPixelPhaseEncode": 28.935, "BaseResolution": 64, "BodyPartExamined": "BRAIN", "CoilString": "HC2_4_6_7", "ConsistencyInfo": "N4_VE11E_LATEST_20181129", "ConversionSoftware": "dcm2niix", "ConversionSoftwareVersion": "v1.0.20190902", "DerivedVendorReportedEchoSpacing": 0.000540003, "DeviceSerialNumber": "166182", "DwellTime": 3.4e-06, "EchoTime": 0.032, "EchoTrainLength": 64, "EffectiveEchoSpacing": 0.000540003, "FlipAngle": 40, "ImageOrientationPatientDICOM": [0.99808, 0.0252531, 0.0565547, -0.0226496, 0.998675, -0.0462121], "ImageType": ["ORIGINAL", "PRIMARY", "M", "ND", "NORM", "MOSAIC"], "ImagingFrequency": 123.255, "InPlanePhaseEncodingDirectionDICOM": "COL", "InstitutionAddress": "PEARSE_STREET_._City_District_IE_D2", "InstitutionName": "TCIN", "InstitutionalDepartmentName": "MRI", "MRAcquisitionType": "2D", "MagneticFieldStrength": 3, "Manufacturer": "Siemens", "ManufacturersModelName": "Prisma", "Modality": "MR", "MultibandAccelerationFactor": 4, "PartialFourier": 1, "PatientPosition": "HFS", "PercentPhaseFOV": 100, "PhaseEncodingDirection": "j-", "PhaseEncodingSteps": 64, "PhaseResolution": 1, "PixelBandwidth": 2300, "ProcedureStepDescription": "Rhodri_Head_BOLD", "ProtocolName": "cmrr_mbep2d_Pictures_AP_RDS", "PulseSequenceDetails": "%SiemensSeq%_ep2d_bold", "ReceiveCoilActiveElements": "HC2,4,6,7", "ReceiveCoilName": "HeadNeck_64", "ReconMatrixPE": 64, "RefLinesPE": 12, "RepetitionTime": 0.61, "SAR": 0.207, "ScanOptions": "FS", "ScanningSequence": "EP", "SequenceName": "_epfid2d1_64", "SequenceVariant": "SK", "SeriesDescription": "cmrr_mbep2d_Pictures_AP_RDS", "SeriesNumber": 8, "ShimSetting": [-3678, -7455, 3911, 819, -66, 138, 273, -94], "SliceThickness": 3, "SliceTiming": [0.2625, 0, 0.3275, 0.0675, 0.395, 0.1325, 0.46, 0.1975, 0.525, 0.2625, 0, 0.3275, 0.0675, 0.395, 0.1325, 0.46, 0.1975, 0.525, 0.2625, 0, 0.3275, 0.0675, 0.395, 0.1325, 0.46, 0.1975, 0.525, 0.2625, 0, 0.3275, 0.0675, 0.395, 0.1325, 0.46, 0.1975, 0.525], "SoftwareVersions": "syngo_MR_E11", "SpacingBetweenSlices": 3.3, "StationName": "AWP166182", "TaskName": "pictures", "TotalReadoutTime": 0.0340202, "TxRefAmp": 234.38, "dcmmeta_affine": [[-2.9942402839660645, -0.06794881075620651, 0.19023434817790985, 98.73767852783203], [-0.07575929164886475, 2.9960246086120605, -0.14798013865947723, -85.35437774658203], [0.1696641445159912, 0.13863639533519745, 3.291187047958374, -80.93018341064453], [0.0, 0.0, 0.0, 1.0]], "dcmmeta_reorient_transform": [[0.0, -1.0, 0.0, 63.0], [1.0, 0.0, 0.0, 0.0], [0.0, 0.0, 1.0, 0.0], [0.0, 0.0, 0.0, 1.0]], "dcmmeta_shape": [64, 64, 36, 510], "dcmmeta_slice_dim": 2, "dcmmeta_version": 0.6, "global": {"const": {"AcquisitionMatrix": [64, 0, 0, 64], "AngioFlag": "N", "BitsAllocated": 16, "BitsStored": 12, "BodyPartExamined": "BRAIN", "Columns": 384, "EchoNumbers": 1, "EchoTime": 32.0, "EchoTrainLength": 64, "FlipAngle": 40.0, "HighBit": 11, "ImageOrientationPatient": [0.9980800795688, 0.02525309636229, 0.05655471591353, -0.0226496033653, 0.99867483911901, -0.0462121323681], "ImagePositionPatient": [-562.66353567455, -594.88057242597, -77.160529416118], "ImageType": ["ORIGINAL", "PRIMARY", "M", "ND", "NORM", "MOSAIC"], "ImagedNucleus": "1H", "ImagingFrequency": 123.255037, "InPlanePhaseEncodingDirection": "COL", "MRAcquisitionType": "2D", "MagneticFieldStrength": 3.0, "Manufacturer": "SIEMENS", "ManufacturerModelName": "Prisma", "Modality": "MR", "NumberOfAverages": 1.0, "NumberOfPhaseEncodingSteps": 64, "PercentPhaseFieldOfView": 100.0, "PercentSampling": 100.0, "PerformedProcedureStepStartTime": "120007.099000", "PhotometricInterpretation": "MONOCHROME2", "PixelBandwidth": 2300.0, "PixelRepresentation": 0, "PixelSpacing": [3.0, 3.0], "ProtocolName": "cmrr_mbep2d_Pictures_AP_RDS", "RepetitionTime": 610.0, "Rows": 384, "SAR": 0.20699988978334, "SamplesPerPixel": 1, "ScanOptions": "FS", "ScanningSequence": "EP", "SequenceName": "*epfid2d1_64", "SequenceVariant": "SK", "SeriesDescription": "cmrr_mbep2d_Pictures_AP_RDS", "SeriesNumber": 8, "SeriesTime": "121719.198000", "SliceLocation": -71.194643474231, "SliceThickness": 3.0, "SmallestImagePixelValue": 0, "SoftwareVersions": "syngo MR E11", "SpacingBetweenSlices": 3.2999999325816, "SpecificCharacterSet": "ISO_IR 100", "StudyID": "1", "StudyTime": "120006.939000", "TransmitCoilName": "Body", "VariableFlipAngleFlag": "N", "WindowCenterWidthExplanation": "Algo1"}, "slices": {}}, "time": {"samples": {"AcquisitionNumber": [1, 2, 3, 4, 5, 6, 7, 8, 9, 10, 11, 12, 13, 14, 15, 16, 17, 18, 19, 20, 21, 22, 23, 24, 25, 26, 27, 28, 29, 30, 31, 32, 33, 34, 35, 36, 37, 38, 39, 40, 41, 42, 43, 44, 45, 46, 47, 48, 49, 50, 51, 52, 53, 54, 55, 56, 57, 58, 59, 60, 61, 62, 63, 64, 65, 66, 67, 68, 69, 70, 71, 72, 73, 74, 75, 76, 77, 78, 79, 80, 81, 82, 83, 84, 85, 86, 87, 88, 89, 90, 91, 92, 93, 94, 95, 96, 97, 98, 99, 100, 101, 102, 103, 104, 105, 106, 107, 108, 109, 110, 111, 112, 113, 114, 115, 116, 117, 118, 119, 120, 121, 122, 123, 124, 125, 126, 127, 128, 129, 130, 131, 132, 133, 134, 135, 136, 137, 138, 139, 140, 141, 142, 143, 144, 145, 146, 147, 148, 149, 150, 151, 152, 153, 154, 155, 156, 157, 158, 159, 160, 161, 162, 163, 164, 165, 166, 167, 168, 169, 170, 171, 172, 173, 174, 175, 176, 177, 178, 179, 180, 181, 182, 183, 184, 185, 186, 187, 188, 189, 190, 191, 192, 193, 194, 195, 196, 197, 198, 199, 200, 201, 202, 203, 204, 205, 206, 207, 208, 209, 210, 211, 212, 213, 214, 215, 216, 217, 218, 219, 220, 221, 222, 223, 224, 225, 226, 227, 228, 229, 230, 231, 232, 233, 234, 235, 236, 237, 238, 239, 240, 241, 242, 243, 244, 245, 246, 247, 248, 249, 250, 251, 252, 253, 254, 255, 256, 257, 258, 259, 260, 261, 262, 263, 264, 265, 266, 267, 268, 269, 270, 271, 272, 273, 274, 275, 276, 277, 278, 279, 280, 281, 282, 283, 284, 285, 286, 287, 288, 289, 290, 291, 292, 293, 294, 295, 296, 297, 298, 299, 300, 301, 302, 303, 304, 305, 306, 307, 308, 309, 310, 311, 312, 313, 314, 315, 316, 317, 318, 319, 320, 321, 322, 323, 324, 325, 326, 327, 328, 329, 330, 331, 332, 333, 334, 335, 336, 337, 338, 339, 340, 341, 342, 343, 344, 345, 346, 347, 348, 349, 350, 351, 352, 353, 354, 355, 356, 357, 358, 359, 360, 361, 362, 363, 364, 365, 366, 367, 368, 369, 370, 371, 372, 373, 374, 375, 376, 377, 378, 379, 380, 381, 382, 383, 384, 385, 386, 387, 388, 389, 390, 391, 392, 393, 394, 395, 396, 397, 398, 399, 400, 401, 402, 403, 404, 405, 406, 407, 408, 409, 410, 411, 412, 413, 414, 415, 416, 417, 418, 419, 420, 421, 422, 423, 424, 425, 426, 427, 428, 429, 430, 431, 432, 433, 434, 435, 436, 437, 438, 439, 440, 441, 442, 443, 444, 445, 446, 447, 448, 449, 450, 451, 452, 453, 454, 455, 456, 457, 458, 459, 460, 461, 462, 463, 464, 465, 466, 467, 468, 469, 470, 471, 472, 473, 474, 475, 476, 477, 478, 479, 480, 481, 482, 483, 484, 485, 486, 487, 488, 489, 490, 491, 492, 493, 494, 495, 496, 497, 498, 499, 500, 501, 502, 503, 504, 505, 506, 507, 508, 509, 510], "AcquisitionTime": ["121700.680000", "121701.290000", "121701.900000", "121702.510000", "121703.120000", "121703.730000", "121704.340000", "121704.950000", "121705.560000", "121706.170000", "121706.780000", "121707.390000", "121708.000000", "121708.610000", "121709.220000", "121709.830000", "121710.440000", "121711.050000", "121711.660000", "121712.270000", "121712.880000", "121713.490000", "121714.100000", "121714.710000", "121715.320000", "121715.930000", "121716.540000", "121717.150000", "121717.760000", "121718.370000", "121718.980000", "121719.590000", "121720.200000", "121720.810000", "121721.420000", "121722.030000", "121722.640000", "121723.250000", "121723.860000", "121724.470000", "121725.080000", "121725.690000", "121726.300000", "121726.910000", "121727.520000", "121728.130000", "121728.740000", "121729.350000", "121729.960000", "121730.570000", "121731.180000", "121731.790000", "121732.400000", "121733.010000", "121733.620000", "121734.230000", "121734.840000", "121735.450000", "121736.060000", "121736.670000", "121737.280000", "121737.890000", "121738.500000", "121739.110000", "121739.720000", "121740.330000", "121740.940000", "121741.550000", "121742.160000", "121742.770000", "121743.380000", "121743.990000", "121744.600000", "121745.210000", "121745.820000", "121746.430000", "121747.040000", "121747.650000", "121748.260000", "121748.870000", "121749.480000", "121750.090000", "121750.700000", "121751.310000", "121751.920000", "121752.530000", "121753.140000", "121753.750000", "121754.360000", "121754.970000", "121755.580000", "121756.190000", "121756.800000", "121757.410000", "121758.020000", "121758.630000", "121759.240000", "121759.850000", "121800.460000", "121801.070000", "121801.680000", "121802.290000", "121802.900000", "121803.510000", "121804.120000", "121804.730000", "121805.340000", "121805.950000", "121806.560000", "121807.170000", "121807.780000", "121808.390000", "121809.000000", "121809.610000", "121810.220000", "121810.830000", "121811.440000", "121812.050000", "121812.660000", "121813.270000", "121813.880000", "121814.490000", "121815.100000", "121815.710000", "121816.320000", "121816.930000", "121817.540000", "121818.150000", "121818.760000", "121819.370000", "121819.980000", "121820.590000", "121821.200000", "121821.810000", "121822.420000", "121823.030000", "121823.640000", "121824.250000", "121824.860000", "121825.470000", "121826.080000", "121826.690000", "121827.300000", "121827.910000", "121828.520000", "121829.130000", "121829.740000", "121830.350000", "121830.960000", "121831.570000", "121832.180000", "121832.790000", "121833.400000", "121834.010000", "121834.620000", "121835.230000", "121835.840000", "121836.450000", "121837.060000", "121837.670000", "121838.280000", "121838.890000", "121839.500000", "121840.110000", "121840.720000", "121841.330000", "121841.940000", "121842.550000", "121843.160000", "121843.770000", "121844.380000", "121844.990000", "121845.600000", "121846.210000", "121846.820000", "121847.430000", "121848.040000", "121848.650000", "121849.260000", "121849.870000", "121850.480000", "121851.090000", "121851.700000", "121852.310000", "121852.920000", "121853.530000", "121854.140000", "121854.750000", "121855.360000", "121855.970000", "121856.580000", "121857.190000", "121857.800000", "121858.410000", "121859.020000", "121859.630000", "121900.240000", "121900.850000", "121901.460000", "121902.070000", "121902.680000", "121903.290000", "121903.900000", "121904.510000", "121905.120000", "121905.730000", "121906.340000", "121906.950000", "121907.560000", "121908.170000", "121908.780000", "121909.390000", "121910.000000", "121910.610000", "121911.220000", "121911.830000", "121912.440000", "121913.050000", "121913.660000", "121914.270000", "121914.880000", "121915.490000", "121916.100000", "121916.710000", "121917.320000", "121917.930000", "121918.540000", "121919.150000", "121919.760000", "121920.370000", "121920.980000", "121921.590000", "121922.200000", "121922.810000", "121923.420000", "121924.030000", "121924.640000", "121925.250000", "121925.860000", "121926.470000", "121927.080000", "121927.690000", "121928.300000", "121928.910000", "121929.520000", "121930.130000", "121930.740000", "121931.350000", "121931.960000", "121932.570000", "121933.180000", "121933.790000", "121934.400000", "121935.010000", "121935.620000", "121936.230000", "121936.840000", "121937.450000", "121938.060000", "121938.670000", "121939.280000", "121939.890000", "121940.500000", "121941.110000", "121941.720000", "121942.330000", "121942.940000", "121943.550000", "121944.160000", "121944.770000", "121945.380000", "121945.990000", "121946.600000", "121947.210000", "121947.820000", "121948.430000", "121949.040000", "121949.650000", "121950.260000", "121950.870000", "121951.480000", "121952.090000", "121952.700000", "121953.310000", "121953.920000", "121954.530000", "121955.140000", "121955.750000", "121956.360000", "121956.970000", "121957.580000", "121958.190000", "121958.800000", "121959.410000", "122000.020000", "122000.630000", "122001.240000", "122001.850000", "122002.460000", "122003.070000", "122003.680000", "122004.290000", "122004.900000", "122005.510000", "122006.120000", "122006.730000", "122007.340000", "122007.950000", "122008.560000", "122009.170000", "122009.780000", "122010.390000", "122011.000000", "122011.610000", "122012.220000", "122012.830000", "122013.440000", "122014.050000", "122014.660000", "122015.270000", "122015.880000", "122016.490000", "122017.100000", "122017.710000", "122018.320000", "122018.930000", "122019.540000", "122020.150000", "122020.760000", "122021.370000", "122021.980000", "122022.590000", "122023.200000", "122023.810000", "122024.420000", "122025.030000", "122025.640000", "122026.250000", "122026.860000", "122027.470000", "122028.080000", "122028.690000", "122029.300000", "122029.910000", "122030.520000", "122031.130000", "122031.740000", "122032.350000", "122032.960000", "122033.570000", "122034.180000", "122034.790000", "122035.400000", "122036.010000", "122036.620000", "122037.230000", "122037.840000", "122038.450000", "122039.060000", "122039.670000", "122040.280000", "122040.890000", "122041.500000", "122042.110000", "122042.720000", "122043.330000", "122043.940000", "122044.550000", "122045.160000", "122045.770000", "122046.380000", "122046.990000", "122047.600000", "122048.210000", "122048.820000", "122049.430000", "122050.040000", "122050.650000", "122051.260000", "122051.870000", "122052.480000", "122053.090000", "122053.700000", "122054.310000", "122054.920000", "122055.530000", "122056.140000", "122056.750000", "122057.360000", "122057.970000", "122058.580000", "122059.190000", "122059.800000", "122100.410000", "122101.020000", "122101.630000", "122102.240000", "122102.850000", "122103.460000", "122104.070000", "122104.680000", "122105.290000", "122105.900000", "122106.510000", "122107.120000", "122107.730000", "122108.340000", "122108.950000", "122109.560000", "122110.170000", "122110.780000", "122111.390000", "122112.000000", "122112.610000", "122113.220000", "122113.830000", "122114.440000", "122115.050000", "122115.660000", "122116.270000", "122116.880000", "122117.490000", "122118.100000", "122118.710000", "122119.320000", "122119.930000", "122120.540000", "122121.150000", "122121.760000", "122122.370000", "122122.980000", "122123.590000", "122124.200000", "122124.810000", "122125.420000", "122126.030000", "122126.640000", "122127.250000", "122127.860000", "122128.470000", "122129.080000", "122129.690000", "122130.300000", "122130.910000", "122131.520000", "122132.130000", "122132.740000", "122133.350000", "122133.960000", "122134.570000", "122135.180000", "122135.790000", "122136.400000", "122137.010000", "122137.620000", "122138.230000", "122138.840000", "122139.450000", "122140.060000", "122140.670000", "122141.280000", "122141.890000", "122142.500000", "122143.110000", "122143.720000", "122144.330000", "122144.940000", "122145.550000", "122146.160000", "122146.770000", "122147.380000", "122147.990000", "122148.600000", "122149.210000", "122149.820000", "122150.430000", "122151.040000", "122151.650000", "122152.260000", "122152.870000", "122153.480000", "122154.090000", "122154.700000", "122155.310000", "122155.920000", "122156.530000", "122157.140000", "122157.750000", "122158.360000", "122158.970000", "122159.580000", "122200.190000", "122200.800000", "122201.410000", "122202.020000", "122202.630000", "122203.240000", "122203.850000", "122204.460000", "122205.070000", "122205.680000", "122206.290000", "122206.900000", "122207.510000", "122208.120000", "122208.730000", "122209.340000", "122209.950000", "122210.560000", "122211.170000"], "ContentTime": ["121719.201000", "121719.205000", "121719.207000", "121719.209000", "121719.212000", "121719.214000", "121719.217000", "121719.219000", "121719.221000", "121719.231000", "121719.234000", "121719.236000", "121719.238000", "121719.241000", "121719.243000", "121719.246000", "121719.248000", "121719.251000", "121719.253000", "121719.255000", "121719.258000", "121719.260000", "121719.267000", "121719.270000", "121719.272000", "121719.275000", "121719.277000", "121719.282000", "121719.284000", "121739.197000", "121739.200000", "121739.202000", "121739.205000", "121739.207000", "121739.210000", "121739.212000", "121739.214000", "121739.217000", "121739.219000", "121739.222000", "121739.224000", "121739.226000", "121739.229000", "121739.231000", "121739.234000", "121739.236000", "121739.239000", "121739.241000", "121739.243000", "121739.246000", "121739.248000", "121739.251000", "121739.253000", "121739.255000", "121739.258000", "121739.260000", "121739.262000", "121739.265000", "121739.272000", "121739.274000", "121739.277000", "121739.285000", "121759.197000", "121759.200000", "121759.202000", "121759.205000", "121759.207000", "121759.209000", "121759.212000", "121759.214000", "121759.217000", "121759.219000", "121759.221000", "121759.224000", "121759.226000", "121759.229000", "121759.231000", "121759.234000", "121759.236000", "121759.239000", "121759.241000", "121759.243000", "121759.246000", "121759.248000", "121759.251000", "121759.253000", "121759.256000", "121759.258000", "121759.260000", "121759.263000", "121759.265000", "121759.267000", "121759.270000", "121759.272000", "121819.198000", "121819.201000", "121819.203000", "121819.206000", "121819.208000", "121819.211000", "121819.213000", "121819.215000", "121819.218000", "121819.220000", "121819.223000", "121819.225000", "121819.228000", "121819.230000", "121819.232000", "121819.235000", "121819.237000", "121819.240000", "121819.242000", "121819.245000", "121819.247000", "121819.249000", "121819.252000", "121819.260000", "121819.262000", "121819.265000", "121819.267000", "121819.270000", "121819.272000", "121819.274000", "121819.277000", "121819.279000", "121819.282000", "121839.198000", "121839.201000", "121839.203000", "121839.206000", "121839.208000", "121839.211000", "121839.213000", "121839.215000", "121839.218000", "121839.220000", "121839.223000", "121839.225000", "121839.227000", "121839.230000", "121839.232000", "121839.235000", "121839.237000", "121839.240000", "121839.242000", "121839.244000", "121839.247000", "121839.249000", "121839.251000", "121839.254000", "121839.256000", "121839.259000", "121839.261000", "121839.263000", "121839.266000", "121839.268000", "121839.270000", "121839.273000", "121839.275000", "121859.198000", "121859.201000", "121859.203000", "121859.206000", "121859.208000", "121859.210000", "121859.213000", "121859.215000", "121859.217000", "121859.220000", "121859.222000", "121859.225000", "121859.227000", "121859.230000", "121859.232000", "121859.234000", "121859.237000", "121859.239000", "121859.242000", "121859.244000", "121859.246000", "121859.249000", "121859.251000", "121859.254000", "121859.256000", "121859.258000", "121859.261000", "121859.263000", "121859.266000", "121859.268000", "121859.270000", "121859.273000", "121859.275000", "121919.198000", "121919.201000", "121919.203000", "121919.206000", "121919.208000", "121919.211000", "121919.213000", "121919.216000", "121919.218000", "121919.221000", "121919.223000", "121919.226000", "121919.228000", "121919.231000", "121919.233000", "121919.236000", "121919.238000", "121919.241000", "121919.243000", "121919.245000", "121919.248000", "121919.250000", "121919.253000", "121919.255000", "121919.257000", "121919.260000", "121919.262000", "121919.265000", "121919.267000", "121919.269000", "121919.272000", "121919.274000", "121939.198000", "121939.201000", "121939.203000", "121939.205000", "121939.208000", "121939.210000", "121939.213000", "121939.215000", "121939.218000", "121939.220000", "121939.222000", "121939.225000", "121939.227000", "121939.230000", "121939.232000", "121939.235000", "121939.237000", "121939.240000", "121939.242000", "121939.244000", "121939.247000", "121939.250000", "121939.252000", "121939.255000", "121939.257000", "121939.260000", "121939.262000", "121939.264000", "121939.267000", "121939.269000", "121939.272000", "121939.274000", "121939.277000", "121959.197000", "121959.200000", "121959.202000", "121959.205000", "121959.207000", "121959.210000", "121959.212000", "121959.214000", "121959.217000", "121959.220000", "121959.222000", "121959.224000", "121959.227000", "121959.229000", "121959.232000", "121959.234000", "121959.236000", "121959.239000", "121959.241000", "121959.243000", "121959.246000", "121959.248000", "121959.251000", "121959.253000", "121959.256000", "121959.258000", "121959.260000", "121959.263000", "121959.265000", "121959.268000", "121959.270000", "121959.272000", "121959.275000", "122019.197000", "122019.200000", "122019.202000", "122019.205000", "122019.207000", "122019.209000", "122019.212000", "122019.214000", "122019.216000", "122019.219000", "122019.221000", "122019.224000", "122019.226000", "122019.229000", "122019.231000", "122019.234000", "122019.236000", "122019.239000", "122019.241000", "122019.243000", "122019.246000", "122019.248000", "122019.250000", "122019.253000", "122019.255000", "122019.258000", "122019.260000", "122019.262000", "122019.265000", "122019.267000", "122019.270000", "122019.272000", "122019.274000", "122039.198000", "122039.201000", "122039.203000", "122039.206000", "122039.208000", "122039.211000", "122039.213000", "122039.215000", "122039.218000", "122039.220000", "122039.223000", "122039.225000", "122039.228000", "122039.230000", "122039.232000", "122039.235000", "122039.237000", "122039.240000", "122039.242000", "122039.245000", "122039.247000", "122039.249000", "122039.252000", "122039.254000", "122039.257000", "122039.259000", "122039.262000", "122039.264000", "122039.266000", "122039.269000", "122039.271000", "122039.274000", "122039.276000", "122059.198000", "122059.201000", "122059.203000", "122059.206000", "122059.208000", "122059.210000", "122059.213000", "122059.215000", "122059.218000", "122059.220000", "122059.223000", "122059.225000", "122059.227000", "122059.230000", "122059.232000", "122059.235000", "122059.237000", "122059.240000", "122059.242000", "122059.244000", "122059.247000", "122059.250000", "122059.253000", "122059.271000", "122059.273000", "122059.276000", "122059.278000", "122059.280000", "122059.283000", "122059.285000", "122059.288000", "122059.290000", "122119.198000", "122119.201000", "122119.203000", "122119.206000", "122119.240000", "122119.242000", "122119.245000", "122119.247000", "122119.250000", "122119.252000", "122119.255000", "122119.257000", "122119.260000", "122119.262000", "122119.264000", "122119.267000", "122119.269000", "122119.271000", "122119.274000", "122119.276000", "122119.279000", "122119.281000", "122119.283000", "122119.286000", "122119.289000", "122119.291000", "122119.294000", "122119.296000", "122119.298000", "122119.301000", "122119.303000", "122119.306000", "122119.308000", "122139.198000", "122139.201000", "122139.203000", "122139.206000", "122139.208000", "122139.211000", "122139.213000", "122139.216000", "122139.218000", "122139.220000", "122139.223000", "122139.225000", "122139.228000", "122139.230000", "122139.233000", "122139.235000", "122139.237000", "122139.240000", "122139.242000", "122139.244000", "122139.247000", "122139.249000", "122139.252000", "122139.254000", "122139.257000", "122139.259000", "122139.262000", "122139.264000", "122139.267000", "122139.269000", "122139.272000", "122139.274000", "122139.276000", "122159.197000", "122159.200000", "122159.202000", "122159.205000", "122159.207000", "122159.209000", "122159.212000", "122159.214000", "122159.217000", "122159.224000", "122159.226000", "122159.229000", "122159.231000", "122159.234000", "122159.236000", "122159.238000", "122159.241000", "122159.243000", "122159.246000", "122159.248000", "122159.250000", "122159.253000", "122159.255000", "122159.258000", "122159.260000", "122159.262000", "122159.265000", "122159.267000", "122159.270000", "122159.272000", "122159.275000", "122159.277000", "122159.279000", "122212.431000", "122212.434000", "122212.437000", "122212.439000", "122212.441000", "122212.444000", "122212.446000", "122212.449000", "122212.451000", "122212.454000", "122212.456000", "122212.459000", "122212.461000", "122212.464000", "122212.466000", "122212.468000", "122212.471000", "122212.473000", "122212.476000", "122212.478000", "122212.480000", "122212.483000"], "InstanceCreationTime": ["121719.201000", "121719.205000", "121719.207000", "121719.209000", "121719.212000", "121719.214000", "121719.217000", "121719.219000", "121719.221000", "121719.231000", "121719.234000", "121719.236000", "121719.238000", "121719.241000", "121719.243000", "121719.246000", "121719.248000", "121719.251000", "121719.253000", "121719.255000", "121719.258000", "121719.260000", "121719.267000", "121719.270000", "121719.272000", "121719.275000", "121719.277000", "121719.282000", "121719.284000", "121739.197000", "121739.200000", "121739.202000", "121739.205000", "121739.207000", "121739.210000", "121739.212000", "121739.214000", "121739.217000", "121739.219000", "121739.222000", "121739.224000", "121739.226000", "121739.229000", "121739.231000", "121739.234000", "121739.236000", "121739.239000", "121739.241000", "121739.243000", "121739.246000", "121739.248000", "121739.251000", "121739.253000", "121739.255000", "121739.258000", "121739.260000", "121739.262000", "121739.265000", "121739.272000", "121739.274000", "121739.277000", "121739.285000", "121759.197000", "121759.200000", "121759.202000", "121759.205000", "121759.207000", "121759.209000", "121759.212000", "121759.214000", "121759.217000", "121759.219000", "121759.221000", "121759.224000", "121759.226000", "121759.229000", "121759.231000", "121759.234000", "121759.236000", "121759.239000", "121759.241000", "121759.243000", "121759.246000", "121759.248000", "121759.251000", "121759.253000", "121759.256000", "121759.258000", "121759.260000", "121759.263000", "121759.265000", "121759.267000", "121759.270000", "121759.272000", "121819.198000", "121819.201000", "121819.203000", "121819.206000", "121819.208000", "121819.211000", "121819.213000", "121819.215000", "121819.218000", "121819.220000", "121819.223000", "121819.225000", "121819.228000", "121819.230000", "121819.232000", "121819.235000", "121819.237000", "121819.240000", "121819.242000", "121819.245000", "121819.247000", "121819.249000", "121819.252000", "121819.260000", "121819.262000", "121819.265000", "121819.267000", "121819.270000", "121819.272000", "121819.274000", "121819.277000", "121819.279000", "121819.282000", "121839.198000", "121839.201000", "121839.203000", "121839.206000", "121839.208000", "121839.211000", "121839.213000", "121839.215000", "121839.218000", "121839.220000", "121839.223000", "121839.225000", "121839.227000", "121839.230000", "121839.232000", "121839.235000", "121839.237000", "121839.240000", "121839.242000", "121839.244000", "121839.247000", "121839.249000", "121839.251000", "121839.254000", "121839.256000", "121839.259000", "121839.261000", "121839.263000", "121839.266000", "121839.268000", "121839.270000", "121839.273000", "121839.275000", "121859.198000", "121859.201000", "121859.203000", "121859.206000", "121859.208000", "121859.210000", "121859.213000", "121859.215000", "121859.217000", "121859.220000", "121859.222000", "121859.225000", "121859.227000", "121859.230000", "121859.232000", "121859.234000", "121859.237000", "121859.239000", "121859.242000", "121859.244000", "121859.246000", "121859.249000", "121859.251000", "121859.254000", "121859.256000", "121859.258000", "121859.261000", "121859.263000", "121859.266000", "121859.268000", "121859.270000", "121859.273000", "121859.275000", "121919.198000", "121919.201000", "121919.203000", "121919.206000", "121919.208000", "121919.211000", "121919.213000", "121919.216000", "121919.218000", "121919.221000", "121919.223000", "121919.226000", "121919.228000", "121919.231000", "121919.233000", "121919.236000", "121919.238000", "121919.241000", "121919.243000", "121919.245000", "121919.248000", "121919.250000", "121919.253000", "121919.255000", "121919.257000", "121919.260000", "121919.262000", "121919.265000", "121919.267000", "121919.269000", "121919.272000", "121919.274000", "121939.198000", "121939.201000", "121939.203000", "121939.205000", "121939.208000", "121939.210000", "121939.213000", "121939.215000", "121939.218000", "121939.220000", "121939.222000", "121939.225000", "121939.227000", "121939.230000", "121939.232000", "121939.235000", "121939.237000", "121939.240000", "121939.242000", "121939.244000", "121939.247000", "121939.250000", "121939.252000", "121939.255000", "121939.257000", "121939.260000", "121939.262000", "121939.264000", "121939.267000", "121939.269000", "121939.272000", "121939.274000", "121939.277000", "121959.197000", "121959.200000", "121959.202000", "121959.205000", "121959.207000", "121959.210000", "121959.212000", "121959.214000", "121959.217000", "121959.220000", "121959.222000", "121959.224000", "121959.227000", "121959.229000", "121959.232000", "121959.234000", "121959.236000", "121959.239000", "121959.241000", "121959.243000", "121959.246000", "121959.248000", "121959.251000", "121959.253000", "121959.256000", "121959.258000", "121959.260000", "121959.263000", "121959.265000", "121959.268000", "121959.270000", "121959.272000", "121959.275000", "122019.197000", "122019.200000", "122019.202000", "122019.205000", "122019.207000", "122019.209000", "122019.212000", "122019.214000", "122019.216000", "122019.219000", "122019.221000", "122019.224000", "122019.226000", "122019.229000", "122019.231000", "122019.234000", "122019.236000", "122019.239000", "122019.241000", "122019.243000", "122019.246000", "122019.248000", "122019.250000", "122019.253000", "122019.255000", "122019.258000", "122019.260000", "122019.262000", "122019.265000", "122019.267000", "122019.270000", "122019.272000", "122019.274000", "122039.198000", "122039.201000", "122039.203000", "122039.206000", "122039.208000", "122039.211000", "122039.213000", "122039.215000", "122039.218000", "122039.220000", "122039.223000", "122039.225000", "122039.228000", "122039.230000", "122039.232000", "122039.235000", "122039.237000", "122039.240000", "122039.242000", "122039.245000", "122039.247000", "122039.249000", "122039.252000", "122039.254000", "122039.257000", "122039.259000", "122039.262000", "122039.264000", "122039.266000", "122039.269000", "122039.271000", "122039.274000", "122039.276000", "122059.198000", "122059.201000", "122059.203000", "122059.206000", "122059.208000", "122059.210000", "122059.213000", "122059.215000", "122059.218000", "122059.220000", "122059.223000", "122059.225000", "122059.227000", "122059.230000", "122059.232000", "122059.235000", "122059.237000", "122059.240000", "122059.242000", "122059.244000", "122059.247000", "122059.250000", "122059.253000", "122059.271000", "122059.273000", "122059.276000", "122059.278000", "122059.280000", "122059.283000", "122059.285000", "122059.288000", "122059.290000", "122119.198000", "122119.201000", "122119.203000", "122119.206000", "122119.240000", "122119.242000", "122119.245000", "122119.247000", "122119.250000", "122119.252000", "122119.255000", "122119.257000", "122119.260000", "122119.262000", "122119.264000", "122119.267000", "122119.269000", "122119.271000", "122119.274000", "122119.276000", "122119.279000", "122119.281000", "122119.283000", "122119.286000", "122119.289000", "122119.291000", "122119.294000", "122119.296000", "122119.298000", "122119.301000", "122119.303000", "122119.306000", "122119.308000", "122139.198000", "122139.201000", "122139.203000", "122139.206000", "122139.208000", "122139.211000", "122139.213000", "122139.216000", "122139.218000", "122139.220000", "122139.223000", "122139.225000", "122139.228000", "122139.230000", "122139.233000", "122139.235000", "122139.237000", "122139.240000", "122139.242000", "122139.244000", "122139.247000", "122139.249000", "122139.252000", "122139.254000", "122139.257000", "122139.259000", "122139.262000", "122139.264000", "122139.267000", "122139.269000", "122139.272000", "122139.274000", "122139.276000", "122159.197000", "122159.200000", "122159.202000", "122159.205000", "122159.207000", "122159.209000", "122159.212000", "122159.214000", "122159.217000", "122159.224000", "122159.226000", "122159.229000", "122159.231000", "122159.234000", "122159.236000", "122159.238000", "122159.241000", "122159.243000", "122159.246000", "122159.248000", "122159.250000", "122159.253000", "122159.255000", "122159.258000", "122159.260000", "122159.262000", "122159.265000", "122159.267000", "122159.270000", "122159.272000", "122159.275000", "122159.277000", "122159.279000", "122212.431000", "122212.434000", "122212.437000", "122212.439000", "122212.441000", "122212.444000", "122212.446000", "122212.449000", "122212.451000", "122212.454000", "122212.456000", "122212.459000", "122212.461000", "122212.464000", "122212.466000", "122212.468000", "122212.471000", "122212.473000", "122212.476000", "122212.478000", "122212.480000", "122212.483000"], "InstanceNumber": [1, 2, 3, 4, 5, 6, 7, 8, 9, 10, 11, 12, 13, 14, 15, 16, 17, 18, 19, 20, 21, 22, 23, 24, 25, 26, 27, 28, 29, 30, 31, 32, 33, 34, 35, 36, 37, 38, 39, 40, 41, 42, 43, 44, 45, 46, 47, 48, 49, 50, 51, 52, 53, 54, 55, 56, 57, 58, 59, 60, 61, 62, 63, 64, 65, 66, 67, 68, 69, 70, 71, 72, 73, 74, 75, 76, 77, 78, 79, 80, 81, 82, 83, 84, 85, 86, 87, 88, 89, 90, 91, 92, 93, 94, 95, 96, 97, 98, 99, 100, 101, 102, 103, 104, 105, 106, 107, 108, 109, 110, 111, 112, 113, 114, 115, 116, 117, 118, 119, 120, 121, 122, 123, 124, 125, 126, 127, 128, 129, 130, 131, 132, 133, 134, 135, 136, 137, 138, 139, 140, 141, 142, 143, 144, 145, 146, 147, 148, 149, 150, 151, 152, 153, 154, 155, 156, 157, 158, 159, 160, 161, 162, 163, 164, 165, 166, 167, 168, 169, 170, 171, 172, 173, 174, 175, 176, 177, 178, 179, 180, 181, 182, 183, 184, 185, 186, 187, 188, 189, 190, 191, 192, 193, 194, 195, 196, 197, 198, 199, 200, 201, 202, 203, 204, 205, 206, 207, 208, 209, 210, 211, 212, 213, 214, 215, 216, 217, 218, 219, 220, 221, 222, 223, 224, 225, 226, 227, 228, 229, 230, 231, 232, 233, 234, 235, 236, 237, 238, 239, 240, 241, 242, 243, 244, 245, 246, 247, 248, 249, 250, 251, 252, 253, 254, 255, 256, 257, 258, 259, 260, 261, 262, 263, 264, 265, 266, 267, 268, 269, 270, 271, 272, 273, 274, 275, 276, 277, 278, 279, 280, 281, 282, 283, 284, 285, 286, 287, 288, 289, 290, 291, 292, 293, 294, 295, 296, 297, 298, 299, 300, 301, 302, 303, 304, 305, 306, 307, 308, 309, 310, 311, 312, 313, 314, 315, 316, 317, 318, 319, 320, 321, 322, 323, 324, 325, 326, 327, 328, 329, 330, 331, 332, 333, 334, 335, 336, 337, 338, 339, 340, 341, 342, 343, 344, 345, 346, 347, 348, 349, 350, 351, 352, 353, 354, 355, 356, 357, 358, 359, 360, 361, 362, 363, 364, 365, 366, 367, 368, 369, 370, 371, 372, 373, 374, 375, 376, 377, 378, 379, 380, 381, 382, 383, 384, 385, 386, 387, 388, 389, 390, 391, 392, 393, 394, 395, 396, 397, 398, 399, 400, 401, 402, 403, 404, 405, 406, 407, 408, 409, 410, 411, 412, 413, 414, 415, 416, 417, 418, 419, 420, 421, 422, 423, 424, 425, 426, 427, 428, 429, 430, 431, 432, 433, 434, 435, 436, 437, 438, 439, 440, 441, 442, 443, 444, 445, 446, 447, 448, 449, 450, 451, 452, 453, 454, 455, 456, 457, 458, 459, 460, 461, 462, 463, 464, 465, 466, 467, 468, 469, 470, 471, 472, 473, 474, 475, 476, 477, 478, 479, 480, 481, 482, 483, 484, 485, 486, 487, 488, 489, 490, 491, 492, 493, 494, 495, 496, 497, 498, 499, 500, 501, 502, 503, 504, 505, 506, 507, 508, 509, 510], "LargestImagePixelValue": [758, 697, 704, 672, 675, 666, 665, 744, 694, 741, 652, 677, 664, 658, 669, 667, 668, 689, 667, 659, 673, 669, 666, 673, 708, 819, 942, 981, 791, 919, 917, 805, 707, 691, 696, 719, 673, 675, 670, 677, 663, 674, 673, 673, 671, 676, 681, 741, 788, 816, 840, 857, 913, 812, 736, 671, 734, 687, 670, 668, 667, 717, 881, 790, 777, 749, 683, 656, 668, 682, 671, 704, 842, 867, 1025, 709, 948, 806, 686, 687, 661, 669, 682, 667, 673, 666, 679, 679, 686, 742, 799, 768, 933, 925, 786, 1021, 845, 766, 891, 846, 714, 667, 664, 742, 663, 680, 715, 682, 671, 680, 709, 720, 692, 661, 662, 819, 795, 922, 826, 786, 776, 742, 675, 663, 664, 662, 660, 674, 661, 689, 686, 675, 679, 701, 709, 679, 682, 684, 690, 686, 686, 736, 685, 669, 691, 692, 686, 681, 654, 743, 682, 680, 679, 685, 686, 679, 687, 695, 678, 689, 682, 678, 682, 675, 677, 757, 682, 679, 676, 676, 679, 676, 676, 676, 719, 752, 705, 677, 671, 668, 676, 671, 674, 672, 666, 671, 674, 676, 678, 675, 705, 685, 688, 681, 698, 740, 684, 689, 678, 678, 720, 696, 687, 687, 683, 676, 714, 679, 679, 682, 684, 681, 675, 675, 682, 676, 672, 680, 678, 675, 678, 670, 687, 672, 668, 655, 653, 649, 648, 654, 659, 671, 975, 915, 863, 862, 814, 917, 743, 739, 696, 748, 665, 683, 759, 882, 809, 889, 720, 724, 793, 664, 710, 756, 823, 768, 704, 955, 779, 715, 744, 750, 739, 680, 844, 710, 864, 676, 887, 747, 698, 1083, 1153, 872, 803, 947, 694, 925, 675, 1017, 788, 837, 822, 684, 672, 666, 756, 681, 745, 651, 644, 673, 656, 659, 648, 665, 649, 659, 651, 698, 651, 648, 702, 667, 658, 655, 656, 701, 661, 771, 704, 679, 659, 655, 721, 655, 662, 668, 706, 661, 702, 664, 655, 709, 679, 672, 651, 657, 657, 653, 644, 675, 666, 675, 658, 697, 663, 649, 660, 706, 657, 718, 658, 676, 721, 678, 717, 702, 669, 655, 652, 647, 651, 649, 651, 733, 640, 652, 644, 689, 644, 641, 644, 647, 649, 651, 713, 654, 759, 766, 725, 669, 686, 647, 646, 655, 706, 736, 651, 688, 678, 661, 638, 703, 652, 656, 701, 661, 714, 664, 657, 652, 657, 694, 671, 674, 702, 649, 659, 684, 735, 681, 681, 679, 662, 642, 729, 677, 675, 684, 650, 710, 649, 658, 650, 687, 647, 653, 670, 641, 656, 653, 675, 696, 717, 664, 662, 663, 653, 641, 728, 716, 744, 698, 677, 709, 679, 674, 649, 695, 748, 727, 673, 690, 694, 674, 646, 648, 681, 664, 699, 717, 662, 695, 717, 667, 651, 663, 657, 657, 658, 666, 696, 766, 797, 784, 786, 737, 754, 703, 951, 733, 802, 729, 802, 787, 697, 686, 718, 670, 675, 777, 624, 670, 621, 626, 650, 700, 632, 638, 677, 792, 865, 766, 662, 642, 637, 654, 648, 668, 736, 645, 668, 876, 936, 920, 730, 973, 863, 742], "WindowCenter": [426.0, 420.0, 422.0, 418.0, 417.0, 416.0, 416.0, 417.0, 416.0, 415.0, 414.0, 415.0, 415.0, 414.0, 416.0, 416.0, 416.0, 417.0, 417.0, 417.0, 416.0, 415.0, 417.0, 416.0, 418.0, 413.0, 423.0, 417.0, 412.0, 427.0, 419.0, 418.0, 414.0, 414.0, 416.0, 416.0, 414.0, 415.0, 412.0, 415.0, 415.0, 417.0, 417.0, 420.0, 418.0, 419.0, 418.0, 419.0, 418.0, 419.0, 417.0, 418.0, 417.0, 415.0, 412.0, 412.0, 417.0, 415.0, 415.0, 414.0, 413.0, 414.0, 412.0, 409.0, 418.0, 416.0, 415.0, 413.0, 414.0, 414.0, 414.0, 415.0, 418.0, 419.0, 422.0, 411.0, 416.0, 418.0, 414.0, 415.0, 414.0, 415.0, 418.0, 417.0, 417.0, 418.0, 418.0, 420.0, 418.0, 420.0, 420.0, 416.0, 422.0, 418.0, 416.0, 417.0, 418.0, 414.0, 419.0, 415.0, 414.0, 409.0, 400.0, 410.0, 406.0, 407.0, 411.0, 412.0, 412.0, 410.0, 411.0, 412.0, 408.0, 413.0, 414.0, 415.0, 413.0, 415.0, 414.0, 417.0, 416.0, 414.0, 415.0, 416.0, 416.0, 416.0, 413.0, 417.0, 414.0, 417.0, 417.0, 419.0, 415.0, 417.0, 417.0, 418.0, 415.0, 419.0, 415.0, 419.0, 414.0, 419.0, 414.0, 417.0, 416.0, 419.0, 412.0, 415.0, 408.0, 419.0, 409.0, 418.0, 411.0, 418.0, 414.0, 417.0, 415.0, 418.0, 414.0, 415.0, 414.0, 416.0, 414.0, 416.0, 414.0, 417.0, 415.0, 416.0, 415.0, 416.0, 415.0, 415.0, 416.0, 415.0, 416.0, 419.0, 415.0, 417.0, 414.0, 416.0, 415.0, 415.0, 413.0, 415.0, 413.0, 417.0, 414.0, 417.0, 415.0, 418.0, 416.0, 417.0, 416.0, 416.0, 418.0, 418.0, 417.0, 415.0, 415.0, 416.0, 416.0, 416.0, 416.0, 417.0, 414.0, 416.0, 415.0, 416.0, 415.0, 415.0, 414.0, 417.0, 415.0, 416.0, 415.0, 416.0, 417.0, 416.0, 415.0, 415.0, 416.0, 416.0, 416.0, 416.0, 417.0, 419.0, 416.0, 415.0, 415.0, 416.0, 416.0, 417.0, 419.0, 419.0, 420.0, 417.0, 414.0, 413.0, 418.0, 415.0, 416.0, 412.0, 407.0, 400.0, 412.0, 426.0, 419.0, 422.0, 405.0, 418.0, 426.0, 410.0, 418.0, 424.0, 421.0, 412.0, 409.0, 421.0, 415.0, 412.0, 416.0, 423.0, 422.0, 407.0, 423.0, 408.0, 425.0, 415.0, 421.0, 418.0, 418.0, 414.0, 401.0, 426.0, 416.0, 418.0, 405.0, 427.0, 415.0, 416.0, 406.0, 423.0, 412.0, 418.0, 417.0, 417.0, 415.0, 416.0, 416.0, 413.0, 412.0, 413.0, 414.0, 413.0, 413.0, 415.0, 414.0, 413.0, 414.0, 415.0, 414.0, 414.0, 415.0, 415.0, 414.0, 415.0, 414.0, 416.0, 413.0, 417.0, 415.0, 414.0, 413.0, 413.0, 414.0, 413.0, 414.0, 414.0, 415.0, 413.0, 416.0, 413.0, 414.0, 416.0, 414.0, 414.0, 413.0, 413.0, 413.0, 413.0, 412.0, 413.0, 414.0, 413.0, 412.0, 413.0, 414.0, 412.0, 412.0, 413.0, 413.0, 413.0, 413.0, 413.0, 413.0, 411.0, 412.0, 412.0, 410.0, 411.0, 409.0, 410.0, 410.0, 410.0, 411.0, 412.0, 410.0, 410.0, 410.0, 411.0, 411.0, 411.0, 411.0, 411.0, 412.0, 412.0, 413.0, 413.0, 414.0, 412.0, 411.0, 412.0, 412.0, 412.0, 411.0, 411.0, 412.0, 413.0, 411.0, 411.0, 411.0, 412.0, 411.0, 413.0, 412.0, 411.0, 412.0, 411.0, 412.0, 412.0, 413.0, 413.0, 414.0, 414.0, 414.0, 413.0, 415.0, 412.0, 413.0, 413.0, 415.0, 413.0, 413.0, 413.0, 412.0, 412.0, 413.0, 413.0, 413.0, 412.0, 412.0, 413.0, 412.0, 412.0, 412.0, 414.0, 413.0, 414.0, 415.0, 413.0, 413.0, 413.0, 413.0, 414.0, 414.0, 414.0, 413.0, 413.0, 413.0, 412.0, 414.0, 413.0, 414.0, 413.0, 412.0, 411.0, 411.0, 411.0, 410.0, 412.0, 411.0, 411.0, 410.0, 411.0, 410.0, 410.0, 410.0, 409.0, 410.0, 410.0, 411.0, 412.0, 411.0, 412.0, 413.0, 411.0, 411.0, 412.0, 412.0, 412.0, 412.0, 413.0, 414.0, 412.0, 413.0, 418.0, 417.0, 414.0, 414.0, 409.0, 413.0, 407.0, 400.0, 411.0, 417.0, 415.0, 411.0, 412.0, 414.0, 412.0, 414.0, 414.0, 412.0, 415.0, 414.0, 414.0, 414.0, 415.0, 416.0, 415.0, 416.0, 418.0, 417.0, 414.0, 412.0, 411.0, 413.0, 413.0, 413.0, 413.0, 415.0, 414.0, 415.0, 417.0, 420.0, 417.0, 411.0, 418.0, 411.0, 412.0], "WindowWidth": [898.0, 889.0, 892.0, 883.0, 882.0, 880.0, 880.0, 880.0, 880.0, 878.0, 877.0, 878.0, 878.0, 877.0, 880.0, 880.0, 881.0, 882.0, 882.0, 882.0, 881.0, 879.0, 883.0, 880.0, 883.0, 872.0, 891.0, 880.0, 871.0, 901.0, 884.0, 882.0, 875.0, 875.0, 880.0, 879.0, 877.0, 877.0, 872.0, 878.0, 878.0, 881.0, 882.0, 888.0, 883.0, 885.0, 884.0, 885.0, 883.0, 885.0, 879.0, 882.0, 879.0, 876.0, 872.0, 872.0, 880.0, 878.0, 877.0, 876.0, 874.0, 875.0, 871.0, 864.0, 883.0, 879.0, 879.0, 873.0, 875.0, 876.0, 876.0, 877.0, 881.0, 884.0, 889.0, 870.0, 878.0, 882.0, 876.0, 879.0, 877.0, 878.0, 883.0, 881.0, 883.0, 884.0, 884.0, 887.0, 884.0, 887.0, 886.0, 880.0, 890.0, 883.0, 879.0, 879.0, 882.0, 875.0, 885.0, 877.0, 875.0, 867.0, 849.0, 867.0, 861.0, 863.0, 869.0, 871.0, 872.0, 868.0, 870.0, 871.0, 865.0, 874.0, 875.0, 877.0, 873.0, 875.0, 875.0, 881.0, 880.0, 876.0, 877.0, 879.0, 879.0, 879.0, 874.0, 882.0, 877.0, 882.0, 883.0, 885.0, 879.0, 882.0, 881.0, 883.0, 877.0, 885.0, 877.0, 886.0, 877.0, 885.0, 877.0, 881.0, 880.0, 885.0, 873.0, 879.0, 864.0, 886.0, 866.0, 884.0, 869.0, 884.0, 876.0, 882.0, 877.0, 883.0, 876.0, 879.0, 876.0, 879.0, 877.0, 880.0, 876.0, 881.0, 878.0, 880.0, 878.0, 880.0, 879.0, 878.0, 880.0, 879.0, 879.0, 884.0, 877.0, 881.0, 875.0, 879.0, 877.0, 879.0, 875.0, 878.0, 874.0, 883.0, 877.0, 883.0, 878.0, 883.0, 881.0, 881.0, 879.0, 880.0, 883.0, 882.0, 882.0, 878.0, 878.0, 879.0, 880.0, 879.0, 880.0, 881.0, 877.0, 881.0, 879.0, 879.0, 877.0, 879.0, 876.0, 881.0, 878.0, 879.0, 877.0, 881.0, 881.0, 880.0, 879.0, 879.0, 880.0, 880.0, 880.0, 880.0, 882.0, 885.0, 879.0, 879.0, 879.0, 880.0, 881.0, 881.0, 884.0, 883.0, 886.0, 881.0, 874.0, 872.0, 883.0, 878.0, 879.0, 871.0, 861.0, 848.0, 872.0, 899.0, 883.0, 891.0, 858.0, 884.0, 897.0, 868.0, 884.0, 895.0, 889.0, 872.0, 865.0, 888.0, 877.0, 871.0, 878.0, 893.0, 890.0, 862.0, 892.0, 864.0, 897.0, 876.0, 888.0, 882.0, 883.0, 873.0, 848.0, 899.0, 878.0, 883.0, 859.0, 899.0, 877.0, 876.0, 860.0, 892.0, 870.0, 883.0, 882.0, 882.0, 876.0, 879.0, 879.0, 873.0, 872.0, 874.0, 875.0, 874.0, 873.0, 877.0, 875.0, 874.0, 876.0, 878.0, 876.0, 876.0, 877.0, 877.0, 876.0, 877.0, 876.0, 879.0, 875.0, 880.0, 877.0, 876.0, 874.0, 873.0, 875.0, 874.0, 875.0, 875.0, 878.0, 874.0, 879.0, 874.0, 876.0, 878.0, 875.0, 876.0, 875.0, 874.0, 874.0, 874.0, 872.0, 873.0, 875.0, 873.0, 873.0, 874.0, 875.0, 873.0, 873.0, 875.0, 874.0, 874.0, 873.0, 874.0, 873.0, 870.0, 871.0, 871.0, 869.0, 870.0, 867.0, 868.0, 869.0, 868.0, 869.0, 871.0, 868.0, 868.0, 868.0, 870.0, 870.0, 871.0, 871.0, 870.0, 873.0, 872.0, 874.0, 874.0, 874.0, 871.0, 870.0, 872.0, 871.0, 873.0, 871.0, 871.0, 871.0, 872.0, 870.0, 869.0, 871.0, 872.0, 870.0, 873.0, 872.0, 871.0, 872.0, 871.0, 872.0, 872.0, 874.0, 874.0, 875.0, 875.0, 875.0, 874.0, 877.0, 873.0, 873.0, 874.0, 876.0, 874.0, 874.0, 873.0, 872.0, 872.0, 874.0, 873.0, 874.0, 873.0, 872.0, 874.0, 873.0, 873.0, 873.0, 875.0, 874.0, 876.0, 877.0, 873.0, 874.0, 874.0, 874.0, 875.0, 874.0, 875.0, 874.0, 874.0, 874.0, 873.0, 876.0, 873.0, 874.0, 873.0, 872.0, 870.0, 870.0, 869.0, 868.0, 871.0, 870.0, 870.0, 869.0, 869.0, 868.0, 867.0, 868.0, 867.0, 868.0, 868.0, 869.0, 870.0, 870.0, 871.0, 873.0, 869.0, 871.0, 871.0, 873.0, 872.0, 873.0, 874.0, 876.0, 871.0, 872.0, 883.0, 881.0, 875.0, 875.0, 865.0, 872.0, 861.0, 848.0, 870.0, 881.0, 876.0, 870.0, 873.0, 875.0, 871.0, 875.0, 873.0, 872.0, 877.0, 875.0, 876.0, 876.0, 878.0, 879.0, 877.0, 880.0, 882.0, 881.0, 875.0, 872.0, 869.0, 874.0, 874.0, 874.0, 873.0, 877.0, 876.0, 878.0, 879.0, 885.0, 879.0, 869.0, 881.0, 869.0, 872.0]}, "slices": {}}, "EventTimestamp": "12-20-11"}