{"AcquisitionMatrixPE": 64, "AcquisitionNumber": 1, "AcquisitionTime": "14:52:27.777500", "BandwidthPerPixelPhaseEncode": 28.935, "BaseResolution": 64, "BodyPartExamined": "BRAIN", "CoilString": "HC2_4_6_7;SC", "ConsistencyInfo": "N4_VE11E_LATEST_20181129", "ConversionSoftware": "dcm2niix", "ConversionSoftwareVersion": "v1.0.20190902", "DerivedVendorReportedEchoSpacing": 0.000540003, "DeviceSerialNumber": "166182", "DwellTime": 3.4e-06, "EchoTime": 0.032, "EchoTrainLength": 64, "EffectiveEchoSpacing": 0.000540003, "FlipAngle": 40, "ImageOrientationPatientDICOM": [0.999325, -0.00261323, 0.0366435, 0.00174422, 0.999717, 0.023727], "ImageType": ["ORIGINAL", "PRIMARY", "M", "ND", "NORM", "MOSAIC"], "ImagingFrequency": 123.255, "InPlanePhaseEncodingDirectionDICOM": "COL", "InstitutionAddress": "PEARSE_STREET_._City_District_IE_D2", "InstitutionName": "TCIN", "InstitutionalDepartmentName": "MRI", "MRAcquisitionType": "2D", "MagneticFieldStrength": 3, "Manufacturer": "Siemens", "ManufacturersModelName": "Prisma", "Modality": "MR", "MultibandAccelerationFactor": 4, "PartialFourier": 1, "PatientPosition": "HFS", "PercentPhaseFOV": 100, "PhaseEncodingDirection": "j-", "PhaseEncodingSteps": 64, "PhaseResolution": 1, "PixelBandwidth": 2300, "ProcedureStepDescription": "Rhodri_Head_BOLD", "ProtocolName": "cmrr_mbep2d_Pictures_AP_RDS", "PulseSequenceDetails": "%SiemensSeq%_ep2d_bold", "ReceiveCoilActiveElements": "HC2,4,6,7;SC", "ReceiveCoilName": "SpecialPurpose_4", "ReconMatrixPE": 64, "RefLinesPE": 12, "RepetitionTime": 0.61, "SAR": 0.314965, "ScanOptions": "FS", "ScanningSequence": "EP", "SequenceName": "_epfid2d1_64", "SequenceVariant": "SK", "SeriesDescription": "cmrr_mbep2d_Pictures_AP_RDS", "SeriesNumber": 8, "ShimSetting": [-3626, -7420, 3825, 1196, 94, 141, -95, 19], "SliceThickness": 3, "SliceTiming": [0.26, 0, 0.3275, 0.065, 0.3925, 0.13, 0.4575, 0.195, 0.5225, 0.26, 0, 0.3275, 0.065, 0.3925, 0.13, 0.4575, 0.195, 0.5225, 0.26, 0, 0.3275, 0.065, 0.3925, 0.13, 0.4575, 0.195, 0.5225, 0.26, 0, 0.3275, 0.065, 0.3925, 0.13, 0.4575, 0.195, 0.5225], "SoftwareVersions": "syngo_MR_E11", "SpacingBetweenSlices": 3.3, "StationName": "AWP166182", "TaskName": "pictures", "TotalReadoutTime": 0.0340202, "TxRefAmp": 244.503, "dcmmeta_affine": [[-2.9979748725891113, 0.0052326698787510395, 0.1210939884185791, 95.71582794189453], [0.007839675061404705, 2.9991507530212402, 0.07803522795438766, -104.20244598388672], [0.10993054509162903, -0.07118090987205505, 3.296854019165039, -96.49951171875], [0.0, 0.0, 0.0, 1.0]], "dcmmeta_reorient_transform": [[0.0, -1.0, 0.0, 63.0], [1.0, 0.0, 0.0, 0.0], [0.0, 0.0, 1.0, 0.0], [0.0, 0.0, 0.0, 1.0]], "dcmmeta_shape": [64, 64, 36, 510], "dcmmeta_slice_dim": 2, "dcmmeta_version": 0.6, "global": {"const": {"AcquisitionMatrix": [64, 0, 0, 64], "AngioFlag": "N", "BitsAllocated": 16, "BitsStored": 12, "BodyPartExamined": "BRAIN", "Columns": 384, "EchoNumbers": 1, "EchoTime": 32.0, "EchoTrainLength": 64, "FlipAngle": 40.0, "HighBit": 11, "ImageOrientationPatient": [0.99932498410914, -0.0026132251382, 0.03664351497393, 0.00174422328555, 0.99971695423998, 0.02372696968153], "ImagePositionPatient": [-576.55870534681, -563.35384650387, -129.96173839494], "ImageType": ["ORIGINAL", "PRIMARY", "M", "ND", "NORM", "MOSAIC"], "ImagedNucleus": "1H", "ImagingFrequency": 123.254788, "InPlanePhaseEncodingDirection": "COL", "MRAcquisitionType": "2D", "MagneticFieldStrength": 3.0, "Manufacturer": "SIEMENS", "ManufacturerModelName": "Prisma", "Modality": "MR", "NumberOfAverages": 1.0, "NumberOfPhaseEncodingSteps": 64, "PercentPhaseFieldOfView": 100.0, "PercentSampling": 100.0, "PerformedProcedureStepStartTime": "143856.713000", "PhotometricInterpretation": "MONOCHROME2", "PixelBandwidth": 2300.0, "PixelRepresentation": 0, "PixelSpacing": [3.0, 3.0], "ProtocolName": "cmrr_mbep2d_Pictures_AP_RDS", "RepetitionTime": 610.0, "Rows": 384, "SAR": 0.31496473952919, "SamplesPerPixel": 1, "ScanOptions": "FS", "ScanningSequence": "EP", "SequenceName": "*epfid2d1_64", "SequenceVariant": "SK", "SeriesDescription": "cmrr_mbep2d_Pictures_AP_RDS", "SeriesNumber": 8, "SeriesTime": "145249.956000", "SliceLocation": -95.359287286405, "SliceThickness": 3.0, "SmallestImagePixelValue": 0, "SoftwareVersions": "syngo MR E11", "SpacingBetweenSlices": 3.3000000047767, "SpecificCharacterSet": "ISO_IR 100", "StudyID": "1", "StudyTime": "143856.630000", "TransmitCoilName": "Body", "VariableFlipAngleFlag": "N", "WindowCenterWidthExplanation": "Algo1"}, "slices": {}}, "time": {"samples": {"AcquisitionNumber": [1, 2, 3, 4, 5, 6, 7, 8, 9, 10, 11, 12, 13, 14, 15, 16, 17, 18, 19, 20, 21, 22, 23, 24, 25, 26, 27, 28, 29, 30, 31, 32, 33, 34, 35, 36, 37, 38, 39, 40, 41, 42, 43, 44, 45, 46, 47, 48, 49, 50, 51, 52, 53, 54, 55, 56, 57, 58, 59, 60, 61, 62, 63, 64, 65, 66, 67, 68, 69, 70, 71, 72, 73, 74, 75, 76, 77, 78, 79, 80, 81, 82, 83, 84, 85, 86, 87, 88, 89, 90, 91, 92, 93, 94, 95, 96, 97, 98, 99, 100, 101, 102, 103, 104, 105, 106, 107, 108, 109, 110, 111, 112, 113, 114, 115, 116, 117, 118, 119, 120, 121, 122, 123, 124, 125, 126, 127, 128, 129, 130, 131, 132, 133, 134, 135, 136, 137, 138, 139, 140, 141, 142, 143, 144, 145, 146, 147, 148, 149, 150, 151, 152, 153, 154, 155, 156, 157, 158, 159, 160, 161, 162, 163, 164, 165, 166, 167, 168, 169, 170, 171, 172, 173, 174, 175, 176, 177, 178, 179, 180, 181, 182, 183, 184, 185, 186, 187, 188, 189, 190, 191, 192, 193, 194, 195, 196, 197, 198, 199, 200, 201, 202, 203, 204, 205, 206, 207, 208, 209, 210, 211, 212, 213, 214, 215, 216, 217, 218, 219, 220, 221, 222, 223, 224, 225, 226, 227, 228, 229, 230, 231, 232, 233, 234, 235, 236, 237, 238, 239, 240, 241, 242, 243, 244, 245, 246, 247, 248, 249, 250, 251, 252, 253, 254, 255, 256, 257, 258, 259, 260, 261, 262, 263, 264, 265, 266, 267, 268, 269, 270, 271, 272, 273, 274, 275, 276, 277, 278, 279, 280, 281, 282, 283, 284, 285, 286, 287, 288, 289, 290, 291, 292, 293, 294, 295, 296, 297, 298, 299, 300, 301, 302, 303, 304, 305, 306, 307, 308, 309, 310, 311, 312, 313, 314, 315, 316, 317, 318, 319, 320, 321, 322, 323, 324, 325, 326, 327, 328, 329, 330, 331, 332, 333, 334, 335, 336, 337, 338, 339, 340, 341, 342, 343, 344, 345, 346, 347, 348, 349, 350, 351, 352, 353, 354, 355, 356, 357, 358, 359, 360, 361, 362, 363, 364, 365, 366, 367, 368, 369, 370, 371, 372, 373, 374, 375, 376, 377, 378, 379, 380, 381, 382, 383, 384, 385, 386, 387, 388, 389, 390, 391, 392, 393, 394, 395, 396, 397, 398, 399, 400, 401, 402, 403, 404, 405, 406, 407, 408, 409, 410, 411, 412, 413, 414, 415, 416, 417, 418, 419, 420, 421, 422, 423, 424, 425, 426, 427, 428, 429, 430, 431, 432, 433, 434, 435, 436, 437, 438, 439, 440, 441, 442, 443, 444, 445, 446, 447, 448, 449, 450, 451, 452, 453, 454, 455, 456, 457, 458, 459, 460, 461, 462, 463, 464, 465, 466, 467, 468, 469, 470, 471, 472, 473, 474, 475, 476, 477, 478, 479, 480, 481, 482, 483, 484, 485, 486, 487, 488, 489, 490, 491, 492, 493, 494, 495, 496, 497, 498, 499, 500, 501, 502, 503, 504, 505, 506, 507, 508, 509, 510], "AcquisitionTime": ["145227.777500", "145228.387500", "145228.997500", "145229.607500", "145230.217500", "145230.827500", "145231.437500", "145232.047500", "145232.657500", "145233.267500", "145233.877500", "145234.487500", "145235.097500", "145235.707500", "145236.317500", "145236.927500", "145237.537500", "145238.147500", "145238.757500", "145239.367500", "145239.977500", "145240.587500", "145241.197500", "145241.807500", "145242.417500", "145243.027500", "145243.637500", "145244.247500", "145244.857500", "145245.467500", "145246.077500", "145246.687500", "145247.297500", "145247.907500", "145248.517500", "145249.127500", "145249.737500", "145250.347500", "145250.957500", "145251.567500", "145252.177500", "145252.787500", "145253.397500", "145254.007500", "145254.617500", "145255.227500", "145255.837500", "145256.447500", "145257.057500", "145257.667500", "145258.277500", "145258.887500", "145259.497500", "145300.107500", "145300.717500", "145301.327500", "145301.937500", "145302.547500", "145303.157500", "145303.767500", "145304.377500", "145304.987500", "145305.597500", "145306.207500", "145306.817500", "145307.427500", "145308.037500", "145308.647500", "145309.257500", "145309.867500", "145310.477500", "145311.087500", "145311.697500", "145312.307500", "145312.917500", "145313.527500", "145314.137500", "145314.747500", "145315.357500", "145315.967500", "145316.577500", "145317.187500", "145317.797500", "145318.407500", "145319.017500", "145319.627500", "145320.237500", "145320.847500", "145321.457500", "145322.067500", "145322.677500", "145323.287500", "145323.897500", "145324.507500", "145325.117500", "145325.727500", "145326.337500", "145326.947500", "145327.557500", "145328.167500", "145328.777500", "145329.387500", "145329.997500", "145330.607500", "145331.217500", "145331.827500", "145332.437500", "145333.047500", "145333.657500", "145334.267500", "145334.877500", "145335.487500", "145336.097500", "145336.707500", "145337.317500", "145337.927500", "145338.537500", "145339.147500", "145339.757500", "145340.367500", "145340.977500", "145341.587500", "145342.197500", "145342.807500", "145343.417500", "145344.027500", "145344.637500", "145345.247500", "145345.857500", "145346.467500", "145347.077500", "145347.687500", "145348.297500", "145348.907500", "145349.517500", "145350.127500", "145350.737500", "145351.347500", "145351.957500", "145352.567500", "145353.177500", "145353.787500", "145354.397500", "145355.007500", "145355.617500", "145356.227500", "145356.837500", "145357.447500", "145358.057500", "145358.667500", "145359.277500", "145359.887500", "145400.497500", "145401.107500", "145401.717500", "145402.327500", "145402.937500", "145403.547500", "145404.157500", "145404.767500", "145405.377500", "145405.987500", "145406.597500", "145407.207500", "145407.817500", "145408.427500", "145409.037500", "145409.647500", "145410.257500", "145410.867500", "145411.477500", "145412.087500", "145412.697500", "145413.307500", "145413.917500", "145414.527500", "145415.137500", "145415.747500", "145416.357500", "145416.967500", "145417.577500", "145418.187500", "145418.797500", "145419.407500", "145420.017500", "145420.627500", "145421.237500", "145421.847500", "145422.457500", "145423.067500", "145423.677500", "145424.287500", "145424.897500", "145425.507500", "145426.117500", "145426.727500", "145427.337500", "145427.947500", "145428.557500", "145429.167500", "145429.777500", "145430.387500", "145430.997500", "145431.607500", "145432.217500", "145432.827500", "145433.437500", "145434.047500", "145434.657500", "145435.267500", "145435.877500", "145436.487500", "145437.097500", "145437.707500", "145438.317500", "145438.927500", "145439.537500", "145440.147500", "145440.757500", "145441.367500", "145441.977500", "145442.587500", "145443.197500", "145443.807500", "145444.417500", "145445.027500", "145445.637500", "145446.247500", "145446.857500", "145447.467500", "145448.077500", "145448.687500", "145449.297500", "145449.907500", "145450.517500", "145451.127500", "145451.737500", "145452.347500", "145452.957500", "145453.567500", "145454.177500", "145454.787500", "145455.397500", "145456.007500", "145456.617500", "145457.227500", "145457.837500", "145458.447500", "145459.057500", "145459.667500", "145500.277500", "145500.887500", "145501.497500", "145502.107500", "145502.717500", "145503.327500", "145503.937500", "145504.547500", "145505.157500", "145505.767500", "145506.377500", "145506.987500", "145507.597500", "145508.207500", "145508.817500", "145509.427500", "145510.037500", "145510.647500", "145511.257500", "145511.867500", "145512.477500", "145513.087500", "145513.697500", "145514.307500", "145514.917500", "145515.527500", "145516.137500", "145516.747500", "145517.357500", "145517.967500", "145518.577500", "145519.187500", "145519.797500", "145520.407500", "145521.017500", "145521.627500", "145522.237500", "145522.847500", "145523.457500", "145524.067500", "145524.677500", "145525.287500", "145525.897500", "145526.507500", "145527.117500", "145527.727500", "145528.337500", "145528.947500", "145529.557500", "145530.167500", "145530.777500", "145531.387500", "145531.997500", "145532.607500", "145533.217500", "145533.827500", "145534.437500", "145535.047500", "145535.657500", "145536.267500", "145536.877500", "145537.487500", "145538.097500", "145538.707500", "145539.317500", "145539.927500", "145540.537500", "145541.147500", "145541.757500", "145542.367500", "145542.977500", "145543.587500", "145544.197500", "145544.807500", "145545.417500", "145546.027500", "145546.637500", "145547.247500", "145547.857500", "145548.467500", "145549.077500", "145549.687500", "145550.297500", "145550.907500", "145551.517500", "145552.127500", "145552.737500", "145553.347500", "145553.957500", "145554.567500", "145555.177500", "145555.787500", "145556.397500", "145557.007500", "145557.617500", "145558.227500", "145558.837500", "145559.447500", "145600.057500", "145600.667500", "145601.277500", "145601.887500", "145602.497500", "145603.107500", "145603.717500", "145604.327500", "145604.937500", "145605.547500", "145606.157500", "145606.767500", "145607.377500", "145607.987500", "145608.597500", "145609.207500", "145609.817500", "145610.427500", "145611.037500", "145611.647500", "145612.257500", "145612.867500", "145613.477500", "145614.087500", "145614.697500", "145615.307500", "145615.917500", "145616.527500", "145617.137500", "145617.747500", "145618.357500", "145618.967500", "145619.577500", "145620.187500", "145620.797500", "145621.407500", "145622.017500", "145622.627500", "145623.237500", "145623.847500", "145624.457500", "145625.067500", "145625.677500", "145626.287500", "145626.897500", "145627.507500", "145628.117500", "145628.727500", "145629.337500", "145629.947500", "145630.557500", "145631.167500", "145631.777500", "145632.387500", "145632.997500", "145633.607500", "145634.217500", "145634.827500", "145635.437500", "145636.047500", "145636.657500", "145637.267500", "145637.877500", "145638.487500", "145639.097500", "145639.707500", "145640.317500", "145640.927500", "145641.537500", "145642.147500", "145642.757500", "145643.367500", "145643.977500", "145644.587500", "145645.197500", "145645.807500", "145646.417500", "145647.027500", "145647.637500", "145648.247500", "145648.857500", "145649.467500", "145650.077500", "145650.687500", "145651.297500", "145651.907500", "145652.517500", "145653.127500", "145653.737500", "145654.347500", "145654.957500", "145655.567500", "145656.177500", "145656.787500", "145657.397500", "145658.007500", "145658.617500", "145659.227500", "145659.837500", "145700.447500", "145701.057500", "145701.667500", "145702.277500", "145702.887500", "145703.497500", "145704.107500", "145704.717500", "145705.327500", "145705.937500", "145706.547500", "145707.157500", "145707.767500", "145708.377500", "145708.987500", "145709.597500", "145710.207500", "145710.817500", "145711.427500", "145712.037500", "145712.647500", "145713.257500", "145713.867500", "145714.477500", "145715.087500", "145715.697500", "145716.307500", "145716.917500", "145717.527500", "145718.137500", "145718.747500", "145719.357500", "145719.967500", "145720.577500", "145721.187500", "145721.797500", "145722.407500", "145723.017500", "145723.627500", "145724.237500", "145724.847500", "145725.457500", "145726.067500", "145726.677500", "145727.287500", "145727.897500", "145728.507500", "145729.117500", "145729.727500", "145730.337500", "145730.947500", "145731.557500", "145732.167500", "145732.777500", "145733.387500", "145733.997500", "145734.607500", "145735.217500", "145735.827500", "145736.437500", "145737.047500", "145737.657500", "145738.267500"], "ContentTime": ["145249.959000", "145249.962000", "145249.965000", "145249.967000", "145249.969000", "145249.977000", "145249.979000", "145249.982000", "145249.984000", "145249.987000", "145249.989000", "145249.991000", "145249.994000", "145249.996000", "145249.998000", "145250.002000", "145250.004000", "145250.006000", "145250.009000", "145250.011000", "145250.014000", "145250.016000", "145250.018000", "145250.021000", "145250.023000", "145250.025000", "145250.028000", "145250.030000", "145250.032000", "145250.035000", "145250.037000", "145250.039000", "145250.042000", "145250.044000", "145250.046000", "145250.049000", "145309.954000", "145309.957000", "145309.966000", "145309.969000", "145309.971000", "145309.973000", "145309.976000", "145309.978000", "145309.980000", "145309.983000", "145309.985000", "145309.987000", "145309.990000", "145309.992000", "145309.995000", "145309.997000", "145310.000000", "145310.003000", "145310.005000", "145310.007000", "145310.010000", "145310.012000", "145310.015000", "145310.017000", "145310.019000", "145310.022000", "145310.024000", "145310.026000", "145310.029000", "145310.031000", "145310.033000", "145310.036000", "145310.038000", "145329.954000", "145329.957000", "145329.959000", "145329.962000", "145329.964000", "145329.967000", "145329.969000", "145329.971000", "145329.974000", "145329.976000", "145329.978000", "145329.981000", "145329.983000", "145329.985000", "145329.988000", "145329.990000", "145330.002000", "145330.004000", "145330.006000", "145330.009000", "145330.011000", "145330.013000", "145330.016000", "145330.018000", "145330.020000", "145330.023000", "145330.025000", "145330.027000", "145330.030000", "145330.032000", "145330.035000", "145330.038000", "145349.955000", "145349.962000", "145349.965000", "145349.972000", "145349.975000", "145349.977000", "145349.980000", "145349.982000", "145349.984000", "145349.987000", "145349.989000", "145349.992000", "145349.994000", "145349.996000", "145350.000000", "145350.002000", "145350.005000", "145350.007000", "145350.009000", "145350.013000", "145350.016000", "145350.019000", "145350.021000", "145350.023000", "145350.026000", "145350.028000", "145350.030000", "145350.033000", "145350.035000", "145350.038000", "145350.040000", "145350.043000", "145350.045000", "145409.955000", "145409.958000", "145409.960000", "145409.963000", "145409.965000", "145409.967000", "145409.970000", "145409.972000", "145409.974000", "145409.977000", "145409.979000", "145409.982000", "145409.984000", "145409.986000", "145409.989000", "145409.991000", "145409.993000", "145409.996000", "145409.998000", "145410.002000", "145410.004000", "145410.006000", "145410.009000", "145410.011000", "145410.014000", "145410.016000", "145410.018000", "145410.021000", "145410.023000", "145410.025000", "145410.028000", "145410.030000", "145410.033000", "145429.955000", "145429.958000", "145429.960000", "145429.964000", "145429.966000", "145429.968000", "145429.971000", "145429.973000", "145429.976000", "145429.978000", "145429.980000", "145429.983000", "145429.985000", "145429.988000", "145429.990000", "145429.993000", "145429.995000", "145429.997000", "145430.000000", "145430.002000", "145430.005000", "145430.007000", "145430.039000", "145430.042000", "145430.044000", "145430.046000", "145430.049000", "145430.051000", "145430.053000", "145430.056000", "145430.058000", "145430.061000", "145430.063000", "145449.954000", "145449.957000", "145449.959000", "145449.961000", "145449.964000", "145449.966000", "145449.969000", "145449.971000", "145449.974000", "145449.976000", "145449.978000", "145449.981000", "145449.983000", "145449.991000", "145449.993000", "145449.996000", "145449.998000", "145450.002000", "145450.004000", "145450.006000", "145450.009000", "145450.011000", "145450.014000", "145450.016000", "145450.018000", "145450.021000", "145450.023000", "145450.026000", "145450.028000", "145450.030000", "145450.033000", "145450.035000", "145450.038000", "145509.954000", "145509.957000", "145509.959000", "145509.962000", "145509.964000", "145509.967000", "145509.969000", "145509.971000", "145509.974000", "145509.976000", "145509.979000", "145509.981000", "145509.983000", "145509.986000", "145509.988000", "145509.991000", "145509.993000", "145509.995000", "145509.998000", "145510.001000", "145510.003000", "145510.006000", "145510.008000", "145510.011000", "145510.014000", "145510.016000", "145510.019000", "145510.022000", "145510.024000", "145510.026000", "145510.029000", "145510.031000", "145529.955000", "145529.957000", "145529.960000", "145529.962000", "145529.964000", "145529.967000", "145529.969000", "145529.971000", "145529.974000", "145529.976000", "145529.979000", "145529.981000", "145529.983000", "145529.986000", "145529.988000", "145529.990000", "145529.993000", "145529.995000", "145529.997000", "145530.001000", "145530.003000", "145530.006000", "145530.008000", "145530.010000", "145530.013000", "145530.015000", "145530.017000", "145530.020000", "145530.022000", "145530.024000", "145530.027000", "145530.029000", "145530.032000", "145549.954000", "145549.957000", "145549.959000", "145549.962000", "145549.964000", "145549.966000", "145549.969000", "145549.971000", "145549.973000", "145549.976000", "145549.978000", "145549.981000", "145549.983000", "145549.985000", "145549.988000", "145549.990000", "145549.993000", "145549.995000", "145549.998000", "145550.001000", "145550.004000", "145550.006000", "145550.009000", "145550.011000", "145550.014000", "145550.016000", "145550.019000", "145550.021000", "145550.023000", "145550.026000", "145550.028000", "145550.031000", "145550.033000", "145609.955000", "145609.958000", "145609.960000", "145609.963000", "145609.965000", "145609.968000", "145609.970000", "145609.973000", "145609.975000", "145609.978000", "145609.980000", "145609.982000", "145609.985000", "145609.987000", "145609.990000", "145609.992000", "145609.994000", "145609.997000", "145610.000000", "145610.003000", "145610.005000", "145610.007000", "145610.010000", "145610.012000", "145610.015000", "145610.017000", "145610.020000", "145610.022000", "145610.025000", "145610.027000", "145610.030000", "145610.032000", "145610.035000", "145629.955000", "145629.958000", "145629.960000", "145629.963000", "145629.965000", "145629.967000", "145629.970000", "145629.972000", "145629.974000", "145629.977000", "145629.979000", "145629.982000", "145629.984000", "145629.986000", "145629.989000", "145629.991000", "145629.994000", "145629.997000", "145630.000000", "145630.003000", "145630.005000", "145630.007000", "145630.010000", "145630.012000", "145630.015000", "145630.017000", "145630.020000", "145630.022000", "145630.024000", "145630.027000", "145630.029000", "145630.031000", "145649.955000", "145649.958000", "145649.961000", "145649.964000", "145649.966000", "145649.969000", "145649.971000", "145649.973000", "145649.976000", "145649.978000", "145649.981000", "145649.983000", "145649.985000", "145649.988000", "145649.990000", "145649.992000", "145649.995000", "145649.997000", "145650.001000", "145650.003000", "145650.006000", "145650.008000", "145650.010000", "145650.013000", "145650.016000", "145650.018000", "145650.021000", "145650.023000", "145650.025000", "145650.028000", "145650.030000", "145650.033000", "145650.035000", "145709.954000", "145709.957000", "145709.959000", "145709.961000", "145709.964000", "145709.966000", "145709.969000", "145709.971000", "145709.973000", "145709.976000", "145709.978000", "145709.981000", "145709.983000", "145709.985000", "145709.988000", "145709.990000", "145709.992000", "145709.995000", "145709.997000", "145710.000000", "145710.002000", "145710.004000", "145710.007000", "145710.009000", "145710.011000", "145710.023000", "145710.025000", "145710.028000", "145710.030000", "145710.033000", "145710.035000", "145710.037000", "145710.040000", "145729.954000", "145729.957000", "145729.959000", "145729.961000", "145729.964000", "145729.966000", "145729.969000", "145729.971000", "145729.973000", "145729.976000", "145729.983000", "145729.986000", "145729.988000", "145729.990000", "145729.993000", "145729.995000", "145729.997000", "145730.001000", "145730.003000", "145730.006000", "145730.008000", "145730.010000", "145730.013000", "145730.015000", "145730.018000", "145730.020000", "145730.022000", "145730.025000", "145730.027000", "145730.029000", "145730.032000", "145730.034000", "145730.037000", "145738.884000", "145738.887000", "145738.889000", "145738.892000", "145738.894000", "145738.896000", "145738.899000", "145738.901000", "145738.904000", "145738.906000", "145738.909000", "145738.911000", "145738.913000", "145738.916000", "145738.918000"], "InstanceCreationTime": ["145249.959000", "145249.962000", "145249.965000", "145249.967000", "145249.969000", "145249.977000", "145249.979000", "145249.982000", "145249.984000", "145249.987000", "145249.989000", "145249.991000", "145249.994000", "145249.996000", "145249.998000", "145250.002000", "145250.004000", "145250.006000", "145250.009000", "145250.011000", "145250.014000", "145250.016000", "145250.018000", "145250.021000", "145250.023000", "145250.025000", "145250.028000", "145250.030000", "145250.032000", "145250.035000", "145250.037000", "145250.039000", "145250.042000", "145250.044000", "145250.046000", "145250.049000", "145309.954000", "145309.957000", "145309.966000", "145309.969000", "145309.971000", "145309.973000", "145309.976000", "145309.978000", "145309.980000", "145309.983000", "145309.985000", "145309.987000", "145309.990000", "145309.992000", "145309.995000", "145309.997000", "145310.000000", "145310.003000", "145310.005000", "145310.007000", "145310.010000", "145310.012000", "145310.015000", "145310.017000", "145310.019000", "145310.022000", "145310.024000", "145310.026000", "145310.029000", "145310.031000", "145310.033000", "145310.036000", "145310.038000", "145329.954000", "145329.957000", "145329.959000", "145329.962000", "145329.964000", "145329.967000", "145329.969000", "145329.971000", "145329.974000", "145329.976000", "145329.978000", "145329.981000", "145329.983000", "145329.985000", "145329.988000", "145329.990000", "145330.002000", "145330.004000", "145330.006000", "145330.009000", "145330.011000", "145330.013000", "145330.016000", "145330.018000", "145330.020000", "145330.023000", "145330.025000", "145330.027000", "145330.030000", "145330.032000", "145330.035000", "145330.038000", "145349.955000", "145349.962000", "145349.965000", "145349.972000", "145349.975000", "145349.977000", "145349.980000", "145349.982000", "145349.984000", "145349.987000", "145349.989000", "145349.992000", "145349.994000", "145349.996000", "145350.000000", "145350.002000", "145350.005000", "145350.007000", "145350.009000", "145350.013000", "145350.016000", "145350.019000", "145350.021000", "145350.023000", "145350.026000", "145350.028000", "145350.030000", "145350.033000", "145350.035000", "145350.038000", "145350.040000", "145350.043000", "145350.045000", "145409.955000", "145409.958000", "145409.960000", "145409.963000", "145409.965000", "145409.967000", "145409.970000", "145409.972000", "145409.974000", "145409.977000", "145409.979000", "145409.982000", "145409.984000", "145409.986000", "145409.989000", "145409.991000", "145409.993000", "145409.996000", "145409.998000", "145410.002000", "145410.004000", "145410.006000", "145410.009000", "145410.011000", "145410.014000", "145410.016000", "145410.018000", "145410.021000", "145410.023000", "145410.025000", "145410.028000", "145410.030000", "145410.033000", "145429.955000", "145429.958000", "145429.960000", "145429.964000", "145429.966000", "145429.968000", "145429.971000", "145429.973000", "145429.976000", "145429.978000", "145429.980000", "145429.983000", "145429.985000", "145429.988000", "145429.990000", "145429.993000", "145429.995000", "145429.997000", "145430.000000", "145430.002000", "145430.005000", "145430.007000", "145430.039000", "145430.042000", "145430.044000", "145430.046000", "145430.049000", "145430.051000", "145430.053000", "145430.056000", "145430.058000", "145430.061000", "145430.063000", "145449.954000", "145449.957000", "145449.959000", "145449.961000", "145449.964000", "145449.966000", "145449.969000", "145449.971000", "145449.974000", "145449.976000", "145449.978000", "145449.981000", "145449.983000", "145449.991000", "145449.993000", "145449.996000", "145449.998000", "145450.002000", "145450.004000", "145450.006000", "145450.009000", "145450.011000", "145450.014000", "145450.016000", "145450.018000", "145450.021000", "145450.023000", "145450.026000", "145450.028000", "145450.030000", "145450.033000", "145450.035000", "145450.038000", "145509.954000", "145509.957000", "145509.959000", "145509.962000", "145509.964000", "145509.967000", "145509.969000", "145509.971000", "145509.974000", "145509.976000", "145509.979000", "145509.981000", "145509.983000", "145509.986000", "145509.988000", "145509.991000", "145509.993000", "145509.995000", "145509.998000", "145510.001000", "145510.003000", "145510.006000", "145510.008000", "145510.011000", "145510.014000", "145510.016000", "145510.019000", "145510.022000", "145510.024000", "145510.026000", "145510.029000", "145510.031000", "145529.955000", "145529.957000", "145529.960000", "145529.962000", "145529.964000", "145529.967000", "145529.969000", "145529.971000", "145529.974000", "145529.976000", "145529.979000", "145529.981000", "145529.983000", "145529.986000", "145529.988000", "145529.990000", "145529.993000", "145529.995000", "145529.997000", "145530.001000", "145530.003000", "145530.006000", "145530.008000", "145530.010000", "145530.013000", "145530.015000", "145530.017000", "145530.020000", "145530.022000", "145530.024000", "145530.027000", "145530.029000", "145530.032000", "145549.954000", "145549.957000", "145549.959000", "145549.962000", "145549.964000", "145549.966000", "145549.969000", "145549.971000", "145549.973000", "145549.976000", "145549.978000", "145549.981000", "145549.983000", "145549.985000", "145549.988000", "145549.990000", "145549.993000", "145549.995000", "145549.998000", "145550.001000", "145550.004000", "145550.006000", "145550.009000", "145550.011000", "145550.014000", "145550.016000", "145550.019000", "145550.021000", "145550.023000", "145550.026000", "145550.028000", "145550.031000", "145550.033000", "145609.955000", "145609.958000", "145609.960000", "145609.963000", "145609.965000", "145609.968000", "145609.970000", "145609.973000", "145609.975000", "145609.978000", "145609.980000", "145609.982000", "145609.985000", "145609.987000", "145609.990000", "145609.992000", "145609.994000", "145609.997000", "145610.000000", "145610.003000", "145610.005000", "145610.007000", "145610.010000", "145610.012000", "145610.015000", "145610.017000", "145610.020000", "145610.022000", "145610.025000", "145610.027000", "145610.030000", "145610.032000", "145610.035000", "145629.955000", "145629.958000", "145629.960000", "145629.963000", "145629.965000", "145629.967000", "145629.970000", "145629.972000", "145629.974000", "145629.977000", "145629.979000", "145629.982000", "145629.984000", "145629.986000", "145629.989000", "145629.991000", "145629.994000", "145629.997000", "145630.000000", "145630.003000", "145630.005000", "145630.007000", "145630.010000", "145630.012000", "145630.015000", "145630.017000", "145630.020000", "145630.022000", "145630.024000", "145630.027000", "145630.029000", "145630.031000", "145649.955000", "145649.958000", "145649.961000", "145649.964000", "145649.966000", "145649.969000", "145649.971000", "145649.973000", "145649.976000", "145649.978000", "145649.981000", "145649.983000", "145649.985000", "145649.988000", "145649.990000", "145649.992000", "145649.995000", "145649.997000", "145650.001000", "145650.003000", "145650.006000", "145650.008000", "145650.010000", "145650.013000", "145650.016000", "145650.018000", "145650.021000", "145650.023000", "145650.025000", "145650.028000", "145650.030000", "145650.033000", "145650.035000", "145709.954000", "145709.957000", "145709.959000", "145709.961000", "145709.964000", "145709.966000", "145709.969000", "145709.971000", "145709.973000", "145709.976000", "145709.978000", "145709.981000", "145709.983000", "145709.985000", "145709.988000", "145709.990000", "145709.992000", "145709.995000", "145709.997000", "145710.000000", "145710.002000", "145710.004000", "145710.007000", "145710.009000", "145710.011000", "145710.023000", "145710.025000", "145710.028000", "145710.030000", "145710.033000", "145710.035000", "145710.037000", "145710.040000", "145729.954000", "145729.957000", "145729.959000", "145729.961000", "145729.964000", "145729.966000", "145729.969000", "145729.971000", "145729.973000", "145729.976000", "145729.983000", "145729.986000", "145729.988000", "145729.990000", "145729.993000", "145729.995000", "145729.997000", "145730.001000", "145730.003000", "145730.006000", "145730.008000", "145730.010000", "145730.013000", "145730.015000", "145730.018000", "145730.020000", "145730.022000", "145730.025000", "145730.027000", "145730.029000", "145730.032000", "145730.034000", "145730.037000", "145738.884000", "145738.887000", "145738.889000", "145738.892000", "145738.894000", "145738.896000", "145738.899000", "145738.901000", "145738.904000", "145738.906000", "145738.909000", "145738.911000", "145738.913000", "145738.916000", "145738.918000"], "InstanceNumber": [1, 2, 3, 4, 5, 6, 7, 8, 9, 10, 11, 12, 13, 14, 15, 16, 17, 18, 19, 20, 21, 22, 23, 24, 25, 26, 27, 28, 29, 30, 31, 32, 33, 34, 35, 36, 37, 38, 39, 40, 41, 42, 43, 44, 45, 46, 47, 48, 49, 50, 51, 52, 53, 54, 55, 56, 57, 58, 59, 60, 61, 62, 63, 64, 65, 66, 67, 68, 69, 70, 71, 72, 73, 74, 75, 76, 77, 78, 79, 80, 81, 82, 83, 84, 85, 86, 87, 88, 89, 90, 91, 92, 93, 94, 95, 96, 97, 98, 99, 100, 101, 102, 103, 104, 105, 106, 107, 108, 109, 110, 111, 112, 113, 114, 115, 116, 117, 118, 119, 120, 121, 122, 123, 124, 125, 126, 127, 128, 129, 130, 131, 132, 133, 134, 135, 136, 137, 138, 139, 140, 141, 142, 143, 144, 145, 146, 147, 148, 149, 150, 151, 152, 153, 154, 155, 156, 157, 158, 159, 160, 161, 162, 163, 164, 165, 166, 167, 168, 169, 170, 171, 172, 173, 174, 175, 176, 177, 178, 179, 180, 181, 182, 183, 184, 185, 186, 187, 188, 189, 190, 191, 192, 193, 194, 195, 196, 197, 198, 199, 200, 201, 202, 203, 204, 205, 206, 207, 208, 209, 210, 211, 212, 213, 214, 215, 216, 217, 218, 219, 220, 221, 222, 223, 224, 225, 226, 227, 228, 229, 230, 231, 232, 233, 234, 235, 236, 237, 238, 239, 240, 241, 242, 243, 244, 245, 246, 247, 248, 249, 250, 251, 252, 253, 254, 255, 256, 257, 258, 259, 260, 261, 262, 263, 264, 265, 266, 267, 268, 269, 270, 271, 272, 273, 274, 275, 276, 277, 278, 279, 280, 281, 282, 283, 284, 285, 286, 287, 288, 289, 290, 291, 292, 293, 294, 295, 296, 297, 298, 299, 300, 301, 302, 303, 304, 305, 306, 307, 308, 309, 310, 311, 312, 313, 314, 315, 316, 317, 318, 319, 320, 321, 322, 323, 324, 325, 326, 327, 328, 329, 330, 331, 332, 333, 334, 335, 336, 337, 338, 339, 340, 341, 342, 343, 344, 345, 346, 347, 348, 349, 350, 351, 352, 353, 354, 355, 356, 357, 358, 359, 360, 361, 362, 363, 364, 365, 366, 367, 368, 369, 370, 371, 372, 373, 374, 375, 376, 377, 378, 379, 380, 381, 382, 383, 384, 385, 386, 387, 388, 389, 390, 391, 392, 393, 394, 395, 396, 397, 398, 399, 400, 401, 402, 403, 404, 405, 406, 407, 408, 409, 410, 411, 412, 413, 414, 415, 416, 417, 418, 419, 420, 421, 422, 423, 424, 425, 426, 427, 428, 429, 430, 431, 432, 433, 434, 435, 436, 437, 438, 439, 440, 441, 442, 443, 444, 445, 446, 447, 448, 449, 450, 451, 452, 453, 454, 455, 456, 457, 458, 459, 460, 461, 462, 463, 464, 465, 466, 467, 468, 469, 470, 471, 472, 473, 474, 475, 476, 477, 478, 479, 480, 481, 482, 483, 484, 485, 486, 487, 488, 489, 490, 491, 492, 493, 494, 495, 496, 497, 498, 499, 500, 501, 502, 503, 504, 505, 506, 507, 508, 509, 510], "LargestImagePixelValue": [482, 479, 477, 475, 474, 476, 478, 484, 479, 481, 480, 482, 484, 481, 484, 485, 482, 488, 482, 479, 485, 486, 483, 483, 480, 484, 480, 481, 481, 484, 482, 482, 480, 482, 483, 483, 484, 486, 484, 483, 485, 487, 483, 489, 485, 485, 484, 489, 492, 494, 489, 488, 488, 484, 484, 483, 483, 485, 485, 481, 483, 484, 489, 489, 489, 487, 485, 484, 489, 491, 494, 491, 491, 488, 494, 492, 494, 493, 491, 486, 492, 484, 490, 487, 486, 486, 485, 483, 483, 486, 480, 484, 484, 488, 491, 491, 486, 484, 489, 486, 483, 487, 489, 489, 484, 481, 493, 494, 488, 489, 487, 484, 485, 486, 481, 484, 483, 485, 483, 487, 482, 485, 483, 483, 483, 486, 487, 488, 489, 488, 486, 491, 490, 492, 491, 492, 495, 490, 484, 484, 485, 480, 482, 477, 482, 483, 483, 484, 480, 484, 484, 486, 486, 487, 488, 487, 487, 490, 491, 491, 487, 488, 492, 491, 485, 493, 493, 491, 492, 491, 491, 491, 487, 492, 487, 488, 492, 489, 489, 493, 493, 500, 493, 491, 494, 496, 487, 484, 484, 482, 504, 490, 491, 487, 486, 488, 490, 491, 489, 499, 499, 501, 502, 498, 502, 504, 505, 508, 524, 504, 497, 490, 496, 499, 499, 500, 504, 499, 503, 502, 499, 499, 496, 500, 502, 501, 500, 498, 494, 499, 500, 499, 499, 497, 502, 501, 497, 500, 498, 498, 498, 500, 501, 501, 502, 494, 498, 483, 481, 485, 497, 484, 484, 534, 500, 498, 491, 493, 498, 494, 483, 503, 499, 486, 500, 496, 496, 493, 493, 497, 499, 500, 500, 494, 494, 492, 493, 494, 499, 500, 499, 497, 498, 498, 498, 505, 501, 497, 502, 503, 500, 502, 504, 505, 504, 506, 505, 506, 500, 500, 507, 506, 505, 504, 505, 502, 504, 506, 503, 501, 518, 516, 507, 502, 504, 505, 505, 501, 512, 510, 502, 491, 486, 501, 507, 499, 528, 512, 496, 496, 498, 499, 501, 499, 503, 502, 504, 505, 505, 500, 502, 501, 505, 504, 507, 506, 507, 501, 498, 495, 496, 497, 504, 485, 472, 518, 501, 532, 513, 505, 502, 508, 501, 503, 497, 500, 503, 506, 503, 504, 507, 508, 507, 509, 507, 525, 518, 502, 500, 503, 501, 507, 504, 508, 509, 507, 505, 506, 499, 511, 501, 504, 486, 502, 497, 498, 501, 501, 500, 505, 506, 508, 501, 505, 508, 507, 505, 503, 505, 506, 508, 508, 509, 503, 503, 501, 493, 497, 501, 502, 499, 512, 508, 509, 503, 507, 499, 499, 502, 507, 506, 506, 508, 507, 511, 506, 505, 507, 508, 508, 504, 505, 507, 502, 507, 505, 497, 499, 500, 503, 500, 503, 501, 500, 504, 505, 478, 482, 502, 471, 505, 479, 515, 542, 502, 496, 491, 502, 494, 502, 498, 495, 493, 497, 496, 495, 505, 494, 500, 500, 492, 501, 498, 499, 503, 503, 505, 505, 491, 498, 493, 493, 493, 496, 495, 499, 497, 498, 496, 495, 501, 488, 489, 473, 498, 511, 495, 481, 469, 484], "WindowCenter": [304.0, 303.0, 299.0, 299.0, 298.0, 298.0, 298.0, 299.0, 299.0, 299.0, 299.0, 299.0, 299.0, 299.0, 300.0, 300.0, 300.0, 300.0, 299.0, 298.0, 298.0, 298.0, 297.0, 299.0, 299.0, 299.0, 298.0, 300.0, 298.0, 300.0, 299.0, 299.0, 300.0, 299.0, 299.0, 299.0, 300.0, 300.0, 299.0, 299.0, 299.0, 300.0, 299.0, 300.0, 299.0, 300.0, 300.0, 300.0, 299.0, 298.0, 298.0, 298.0, 298.0, 299.0, 299.0, 299.0, 299.0, 299.0, 299.0, 299.0, 299.0, 300.0, 299.0, 299.0, 299.0, 298.0, 300.0, 299.0, 298.0, 301.0, 300.0, 300.0, 300.0, 299.0, 300.0, 299.0, 299.0, 298.0, 298.0, 298.0, 299.0, 298.0, 300.0, 298.0, 299.0, 299.0, 299.0, 299.0, 300.0, 300.0, 299.0, 299.0, 299.0, 299.0, 301.0, 299.0, 299.0, 299.0, 299.0, 298.0, 299.0, 299.0, 299.0, 299.0, 298.0, 299.0, 300.0, 299.0, 299.0, 298.0, 300.0, 300.0, 300.0, 300.0, 300.0, 299.0, 299.0, 299.0, 299.0, 299.0, 298.0, 298.0, 299.0, 298.0, 299.0, 298.0, 298.0, 299.0, 299.0, 299.0, 300.0, 300.0, 300.0, 301.0, 300.0, 300.0, 300.0, 300.0, 300.0, 300.0, 299.0, 299.0, 299.0, 299.0, 298.0, 299.0, 298.0, 298.0, 298.0, 298.0, 300.0, 298.0, 298.0, 299.0, 299.0, 299.0, 299.0, 300.0, 299.0, 300.0, 300.0, 300.0, 301.0, 300.0, 299.0, 300.0, 300.0, 300.0, 300.0, 299.0, 300.0, 300.0, 299.0, 300.0, 299.0, 300.0, 299.0, 299.0, 299.0, 299.0, 300.0, 299.0, 300.0, 299.0, 299.0, 299.0, 300.0, 298.0, 298.0, 299.0, 301.0, 300.0, 299.0, 299.0, 298.0, 299.0, 299.0, 299.0, 299.0, 300.0, 300.0, 299.0, 299.0, 299.0, 300.0, 301.0, 301.0, 300.0, 299.0, 298.0, 298.0, 298.0, 298.0, 298.0, 298.0, 298.0, 298.0, 298.0, 298.0, 298.0, 299.0, 299.0, 300.0, 299.0, 300.0, 299.0, 299.0, 299.0, 299.0, 299.0, 299.0, 299.0, 299.0, 299.0, 299.0, 299.0, 299.0, 299.0, 299.0, 299.0, 299.0, 299.0, 299.0, 300.0, 300.0, 298.0, 300.0, 296.0, 299.0, 299.0, 298.0, 295.0, 296.0, 301.0, 302.0, 300.0, 299.0, 299.0, 299.0, 299.0, 299.0, 299.0, 299.0, 299.0, 299.0, 298.0, 298.0, 298.0, 298.0, 299.0, 299.0, 300.0, 300.0, 299.0, 300.0, 299.0, 299.0, 300.0, 299.0, 299.0, 299.0, 299.0, 298.0, 298.0, 299.0, 299.0, 299.0, 299.0, 298.0, 300.0, 299.0, 299.0, 299.0, 299.0, 299.0, 299.0, 300.0, 299.0, 299.0, 299.0, 300.0, 300.0, 299.0, 299.0, 301.0, 299.0, 300.0, 299.0, 299.0, 299.0, 300.0, 299.0, 299.0, 298.0, 299.0, 299.0, 300.0, 299.0, 299.0, 299.0, 299.0, 299.0, 302.0, 294.0, 302.0, 301.0, 302.0, 301.0, 299.0, 298.0, 298.0, 299.0, 299.0, 299.0, 300.0, 299.0, 299.0, 300.0, 299.0, 300.0, 300.0, 300.0, 300.0, 300.0, 300.0, 299.0, 299.0, 299.0, 300.0, 299.0, 300.0, 300.0, 300.0, 301.0, 300.0, 300.0, 300.0, 302.0, 299.0, 299.0, 300.0, 300.0, 299.0, 299.0, 299.0, 299.0, 299.0, 301.0, 300.0, 301.0, 300.0, 300.0, 301.0, 300.0, 300.0, 300.0, 300.0, 300.0, 299.0, 299.0, 299.0, 299.0, 299.0, 298.0, 299.0, 299.0, 300.0, 300.0, 299.0, 302.0, 301.0, 299.0, 299.0, 299.0, 299.0, 299.0, 299.0, 301.0, 298.0, 297.0, 298.0, 298.0, 298.0, 299.0, 299.0, 299.0, 299.0, 299.0, 299.0, 299.0, 300.0, 299.0, 299.0, 299.0, 298.0, 298.0, 298.0, 298.0, 298.0, 298.0, 299.0, 300.0, 299.0, 299.0, 299.0, 300.0, 299.0, 299.0, 298.0, 299.0, 299.0, 299.0, 299.0, 299.0, 300.0, 299.0, 300.0, 298.0, 299.0, 298.0, 300.0, 299.0, 299.0, 300.0, 299.0, 299.0, 300.0, 300.0, 299.0, 299.0, 300.0, 300.0, 299.0, 300.0, 299.0, 300.0, 293.0, 291.0, 301.0, 297.0, 298.0, 292.0, 299.0, 298.0, 299.0, 299.0, 299.0, 299.0, 298.0, 298.0, 299.0, 299.0, 299.0, 298.0, 299.0, 300.0, 299.0, 298.0, 298.0, 298.0, 298.0, 297.0, 298.0, 298.0, 298.0, 298.0, 299.0, 297.0, 298.0, 298.0, 298.0, 299.0, 299.0, 298.0, 298.0, 299.0, 299.0, 299.0, 299.0, 299.0, 299.0, 299.0, 298.0, 298.0, 298.0, 299.0, 299.0, 297.0, 296.0, 296.0], "WindowWidth": [656.0, 653.0, 646.0, 646.0, 644.0, 644.0, 643.0, 645.0, 645.0, 645.0, 645.0, 646.0, 645.0, 646.0, 647.0, 647.0, 647.0, 647.0, 645.0, 644.0, 644.0, 644.0, 643.0, 645.0, 645.0, 646.0, 644.0, 646.0, 644.0, 647.0, 646.0, 645.0, 647.0, 645.0, 646.0, 645.0, 647.0, 647.0, 646.0, 646.0, 645.0, 647.0, 645.0, 648.0, 646.0, 647.0, 647.0, 647.0, 646.0, 645.0, 644.0, 645.0, 644.0, 645.0, 645.0, 645.0, 645.0, 645.0, 645.0, 645.0, 645.0, 646.0, 646.0, 646.0, 646.0, 644.0, 647.0, 646.0, 645.0, 649.0, 647.0, 647.0, 647.0, 646.0, 647.0, 646.0, 646.0, 644.0, 644.0, 644.0, 645.0, 644.0, 646.0, 644.0, 645.0, 646.0, 646.0, 646.0, 647.0, 647.0, 646.0, 645.0, 646.0, 646.0, 650.0, 646.0, 646.0, 645.0, 646.0, 644.0, 645.0, 645.0, 645.0, 646.0, 644.0, 645.0, 647.0, 645.0, 646.0, 644.0, 647.0, 647.0, 647.0, 647.0, 647.0, 646.0, 646.0, 646.0, 645.0, 646.0, 644.0, 644.0, 645.0, 644.0, 645.0, 645.0, 645.0, 646.0, 646.0, 646.0, 647.0, 647.0, 647.0, 649.0, 647.0, 648.0, 647.0, 647.0, 647.0, 648.0, 645.0, 646.0, 645.0, 645.0, 644.0, 646.0, 644.0, 644.0, 644.0, 644.0, 646.0, 644.0, 644.0, 646.0, 645.0, 646.0, 646.0, 647.0, 645.0, 647.0, 647.0, 648.0, 649.0, 647.0, 646.0, 647.0, 647.0, 647.0, 647.0, 646.0, 647.0, 647.0, 645.0, 647.0, 646.0, 647.0, 646.0, 646.0, 646.0, 645.0, 648.0, 645.0, 647.0, 646.0, 646.0, 646.0, 647.0, 644.0, 644.0, 645.0, 648.0, 648.0, 645.0, 645.0, 645.0, 646.0, 646.0, 646.0, 646.0, 647.0, 648.0, 646.0, 646.0, 646.0, 648.0, 650.0, 650.0, 647.0, 646.0, 645.0, 644.0, 644.0, 643.0, 645.0, 643.0, 643.0, 644.0, 644.0, 645.0, 644.0, 646.0, 646.0, 647.0, 646.0, 647.0, 647.0, 647.0, 645.0, 646.0, 645.0, 646.0, 646.0, 646.0, 646.0, 646.0, 646.0, 645.0, 646.0, 645.0, 646.0, 646.0, 646.0, 646.0, 647.0, 648.0, 643.0, 648.0, 639.0, 645.0, 646.0, 645.0, 638.0, 640.0, 649.0, 652.0, 647.0, 646.0, 646.0, 646.0, 646.0, 645.0, 645.0, 646.0, 645.0, 646.0, 644.0, 644.0, 644.0, 644.0, 645.0, 645.0, 648.0, 647.0, 646.0, 647.0, 646.0, 646.0, 647.0, 646.0, 647.0, 646.0, 645.0, 645.0, 645.0, 646.0, 646.0, 646.0, 646.0, 644.0, 647.0, 646.0, 646.0, 646.0, 646.0, 647.0, 646.0, 647.0, 646.0, 646.0, 646.0, 647.0, 647.0, 646.0, 646.0, 649.0, 647.0, 647.0, 646.0, 645.0, 646.0, 647.0, 647.0, 646.0, 644.0, 646.0, 646.0, 648.0, 647.0, 646.0, 646.0, 645.0, 646.0, 651.0, 637.0, 651.0, 649.0, 651.0, 650.0, 646.0, 644.0, 644.0, 645.0, 646.0, 646.0, 647.0, 647.0, 647.0, 648.0, 647.0, 648.0, 649.0, 647.0, 647.0, 647.0, 647.0, 645.0, 646.0, 645.0, 648.0, 647.0, 648.0, 648.0, 648.0, 649.0, 648.0, 647.0, 647.0, 651.0, 647.0, 646.0, 648.0, 648.0, 646.0, 645.0, 646.0, 646.0, 647.0, 649.0, 648.0, 650.0, 648.0, 649.0, 650.0, 647.0, 648.0, 648.0, 648.0, 647.0, 647.0, 645.0, 645.0, 645.0, 645.0, 645.0, 645.0, 646.0, 647.0, 647.0, 646.0, 651.0, 649.0, 647.0, 646.0, 647.0, 646.0, 646.0, 646.0, 649.0, 643.0, 642.0, 643.0, 643.0, 644.0, 645.0, 645.0, 645.0, 646.0, 646.0, 646.0, 647.0, 647.0, 647.0, 646.0, 645.0, 645.0, 643.0, 643.0, 645.0, 643.0, 644.0, 646.0, 647.0, 645.0, 645.0, 646.0, 648.0, 646.0, 646.0, 645.0, 646.0, 645.0, 646.0, 645.0, 646.0, 647.0, 646.0, 647.0, 645.0, 646.0, 645.0, 647.0, 646.0, 647.0, 647.0, 646.0, 646.0, 647.0, 648.0, 646.0, 646.0, 648.0, 647.0, 647.0, 648.0, 647.0, 648.0, 635.0, 631.0, 651.0, 643.0, 645.0, 633.0, 644.0, 644.0, 645.0, 645.0, 645.0, 646.0, 644.0, 644.0, 645.0, 645.0, 645.0, 644.0, 646.0, 647.0, 646.0, 644.0, 643.0, 644.0, 643.0, 643.0, 644.0, 644.0, 644.0, 644.0, 645.0, 643.0, 644.0, 644.0, 644.0, 646.0, 645.0, 644.0, 644.0, 645.0, 645.0, 645.0, 645.0, 645.0, 646.0, 645.0, 644.0, 643.0, 643.0, 645.0, 646.0, 643.0, 642.0, 640.0]}, "slices": {}}, "EventTimestamp": "14-54-34"}