{"AcquisitionMatrixPE": 64, "AcquisitionNumber": 1, "AcquisitionTime": "15:31:5.702500", "BandwidthPerPixelPhaseEncode": 28.935, "BaseResolution": 64, "BodyPartExamined": "BRAIN", "CoilCombinationMethod": "Sum of Squares", "ConsistencyInfo": "N4_VE11E_LATEST_20181129", "ConversionSoftware": "dcm2niix", "ConversionSoftwareVersion": "v1.0.20230411", "DerivedVendorReportedEchoSpacing": 0.000540003, "DeviceSerialNumber": "166182", "DwellTime": 3.4e-06, "EchoTime": 0.032, "EchoTrainLength": 64, "EffectiveEchoSpacing": 0.000540003, "FlipAngle": 40, "HeudiconvVersion": "0.13.1", "ImageOrientationPatientDICOM": [0.976168, 0.193875, -0.0975071, -0.202155, 0.975772, -0.0836764], "ImageOrientationText": "Tra>Cor(-5.8)>Sag(-4.5)", "ImageType": ["ORIGINAL", "PRIMARY", "M", "ND", "NORM", "MOSAIC"], "ImagingFrequency": 123.257371, "InPlanePhaseEncodingDirectionDICOM": "COL", "InstitutionAddress": "PEARSE STREET .,City,District,IE,D2", "InstitutionName": "TCIN", "InstitutionalDepartmentName": "MRI", "MRAcquisitionType": "2D", "MagneticFieldStrength": 3, "Manufacturer": "Siemens", "ManufacturersModelName": "Prisma", "Modality": "MR", "MultibandAccelerationFactor": 4, "NonlinearGradientCorrection": false, "PartialFourier": 1, "PatientPosition": "HFS", "PercentPhaseFOV": 100, "PercentSampling": 100, "PhaseEncodingDirection": "j-", "PhaseEncodingSteps": 64, "PhaseResolution": 1, "PixelBandwidth": 2300, "ProcedureStepDescription": "Rhodri^Head BOLD", "ProtocolName": "cmrr_mbep2d_bold_Pictures_AP", "PulseSequenceDetails": "%SiemensSeq%\\ep2d_bold", "ReceiveCoilActiveElements": "HC2,4,6,7;NC2;SC", "ReceiveCoilName": "SpecialPurpose_4", "ReconMatrixPE": 64, "RefLinesPE": 12, "RepetitionTime": 0.61, "SAR": 0.439287, "ScanOptions": "FS", "ScanningSequence": "EP", "SequenceName": "*epfid2d1_64", "SequenceVariant": "SK", "SeriesDescription": "cmrr_mbep2d_bold_Pictures_AP", "SeriesNumber": 11, "ShimSetting": [-3666, -7414, 3976, 633, -221, 906, -19, -10], "SliceThickness": 3, "SliceTiming": [0.26, 0, 0.3275, 0.065, 0.3925, 0.13, 0.4575, 0.195, 0.5225, 0.26, 0, 0.3275, 0.065, 0.3925, 0.13, 0.4575, 0.195, 0.5225, 0.26, 0, 0.3275, 0.065, 0.3925, 0.13, 0.4575, 0.195, 0.5225, 0.26, 0, 0.3275, 0.065, 0.3925, 0.13, 0.4575, 0.195, 0.5225], "SoftwareVersions": "syngo MR E11", "SpacingBetweenSlices": 3.3, "StationName": "AWP166182", "TaskName": "pictures", "TotalReadoutTime": 0.0340202, "TxRefAmp": 262.655, "dcmmeta_affine": [[-2.9285051822662354, -0.6064643859863281, -0.2604424059391022, 117.4512939453125], [-0.5816256403923035, 2.9273171424865723, -0.3345995843410492, -80.65823364257812], [-0.29252129793167114, 0.25102928280830383, 3.272646188735962, -97.93595886230469], [0.0, 0.0, 0.0, 1.0]], "dcmmeta_reorient_transform": [[0.0, -1.0, 0.0, 63.0], [1.0, 0.0, 0.0, 0.0], [0.0, 0.0, 1.0, 0.0], [0.0, 0.0, 0.0, 1.0]], "dcmmeta_shape": [64, 64, 36, 440], "dcmmeta_slice_dim": 2, "dcmmeta_version": 0.6, "global": {"const": {"AcquisitionMatrix": [64, 0, 0, 64], "AngioFlag": "N", "BitsAllocated": 16, "BitsStored": 12, "BodyPartExamined": "BRAIN", "Columns": 384, "EchoNumbers": 1, "EchoTime": 32.0, "EchoTrainLength": 64, "FlipAngle": 40.0, "HighBit": 11, "ImageOrientationPatient": [0.97616841113067, 0.19387521533675, -0.0975070971199, -0.2021547915321, 0.97577235859478, -0.0836764271643], "ImagePositionPatient": [-450.7705760823, -665.19357938968, 4.8469776268559], "ImageType": ["ORIGINAL", "PRIMARY", "M", "ND", "NORM", "MOSAIC"], "ImagedNucleus": "1H", "ImagingFrequency": 123.257371, "InPlanePhaseEncodingDirection": "COL", "MRAcquisitionType": "2D", "MagneticFieldStrength": 3.0, "Manufacturer": "SIEMENS", "ManufacturerModelName": "Prisma", "Modality": "MR", "NumberOfAverages": 1.0, "NumberOfPhaseEncodingSteps": 64, "PercentPhaseFieldOfView": 100.0, "PercentSampling": 100.0, "PerformedProcedureStepStartTime": "150953.581000", "PhotometricInterpretation": "MONOCHROME2", "PixelBandwidth": 2300.0, "PixelRepresentation": 0, "PixelSpacing": [3.0, 3.0], "ProtocolName": "cmrr_mbep2d_bold_Pictures_AP", "RepetitionTime": 610.0, "Rows": 384, "SAR": 0.43928725212337, "SamplesPerPixel": 1, "ScanOptions": "FS", "ScanningSequence": "EP", "SequenceName": "*epfid2d1_64", "SequenceVariant": "SK", "SeriesDescription": "cmrr_mbep2d_bold_Pictures_AP", "SeriesNumber": 11, "SeriesTime": "153136.682000", "SliceLocation": -98.215402333715, "SliceThickness": 3.0, "SmallestImagePixelValue": 0, "SoftwareVersions": "syngo MR E11", "SpacingBetweenSlices": 3.2999999880211, "SpecificCharacterSet": "ISO_IR 100", "StudyID": "1", "StudyTime": "150953.486000", "TransmitCoilName": "Body", "VariableFlipAngleFlag": "N", "WindowCenterWidthExplanation": "Algo1"}, "slices": {}}, "time": {"samples": {"AcquisitionNumber": [1, 2, 3, 4, 5, 6, 7, 8, 9, 10, 11, 12, 13, 14, 15, 16, 17, 18, 19, 20, 21, 22, 23, 24, 25, 26, 27, 28, 29, 30, 31, 32, 33, 34, 35, 36, 37, 38, 39, 40, 41, 42, 43, 44, 45, 46, 47, 48, 49, 50, 51, 52, 53, 54, 55, 56, 57, 58, 59, 60, 61, 62, 63, 64, 65, 66, 67, 68, 69, 70, 71, 72, 73, 74, 75, 76, 77, 78, 79, 80, 81, 82, 83, 84, 85, 86, 87, 88, 89, 90, 91, 92, 93, 94, 95, 96, 97, 98, 99, 100, 101, 102, 103, 104, 105, 106, 107, 108, 109, 110, 111, 112, 113, 114, 115, 116, 117, 118, 119, 120, 121, 122, 123, 124, 125, 126, 127, 128, 129, 130, 131, 132, 133, 134, 135, 136, 137, 138, 139, 140, 141, 142, 143, 144, 145, 146, 147, 148, 149, 150, 151, 152, 153, 154, 155, 156, 157, 158, 159, 160, 161, 162, 163, 164, 165, 166, 167, 168, 169, 170, 171, 172, 173, 174, 175, 176, 177, 178, 179, 180, 181, 182, 183, 184, 185, 186, 187, 188, 189, 190, 191, 192, 193, 194, 195, 196, 197, 198, 199, 200, 201, 202, 203, 204, 205, 206, 207, 208, 209, 210, 211, 212, 213, 214, 215, 216, 217, 218, 219, 220, 221, 222, 223, 224, 225, 226, 227, 228, 229, 230, 231, 232, 233, 234, 235, 236, 237, 238, 239, 240, 241, 242, 243, 244, 245, 246, 247, 248, 249, 250, 251, 252, 253, 254, 255, 256, 257, 258, 259, 260, 261, 262, 263, 264, 265, 266, 267, 268, 269, 270, 271, 272, 273, 274, 275, 276, 277, 278, 279, 280, 281, 282, 283, 284, 285, 286, 287, 288, 289, 290, 291, 292, 293, 294, 295, 296, 297, 298, 299, 300, 301, 302, 303, 304, 305, 306, 307, 308, 309, 310, 311, 312, 313, 314, 315, 316, 317, 318, 319, 320, 321, 322, 323, 324, 325, 326, 327, 328, 329, 330, 331, 332, 333, 334, 335, 336, 337, 338, 339, 340, 341, 342, 343, 344, 345, 346, 347, 348, 349, 350, 351, 352, 353, 354, 355, 356, 357, 358, 359, 360, 361, 362, 363, 364, 365, 366, 367, 368, 369, 370, 371, 372, 373, 374, 375, 376, 377, 378, 379, 380, 381, 382, 383, 384, 385, 386, 387, 388, 389, 390, 391, 392, 393, 394, 395, 396, 397, 398, 399, 400, 401, 402, 403, 404, 405, 406, 407, 408, 409, 410, 411, 412, 413, 414, 415, 416, 417, 418, 419, 420, 421, 422, 423, 424, 425, 426, 427, 428, 429, 430, 431, 432, 433, 434, 435, 436, 437, 438, 439, 440], "AcquisitionTime": ["153105.702500", "153106.312500", "153106.922500", "153107.532500", "153108.142500", "153108.752500", "153109.362500", "153109.972500", "153110.582500", "153111.192500", "153111.802500", "153112.412500", "153113.022500", "153113.632500", "153114.242500", "153114.852500", "153115.462500", "153116.072500", "153116.682500", "153117.292500", "153117.902500", "153118.512500", "153119.122500", "153119.732500", "153120.342500", "153120.952500", "153121.562500", "153122.172500", "153122.782500", "153123.392500", "153124.002500", "153124.612500", "153125.222500", "153125.832500", "153126.442500", "153127.052500", "153127.662500", "153128.272500", "153128.882500", "153129.492500", "153130.102500", "153130.712500", "153131.322500", "153131.932500", "153132.542500", "153133.152500", "153133.762500", "153134.372500", "153134.982500", "153135.592500", "153136.202500", "153136.812500", "153137.422500", "153138.032500", "153138.642500", "153139.252500", "153139.862500", "153140.472500", "153141.082500", "153141.692500", "153142.302500", "153142.912500", "153143.522500", "153144.132500", "153144.742500", "153145.352500", "153145.962500", "153146.572500", "153147.182500", "153147.792500", "153148.402500", "153149.012500", "153149.622500", "153150.232500", "153150.842500", "153151.452500", "153152.062500", "153152.672500", "153153.282500", "153153.892500", "153154.502500", "153155.112500", "153155.722500", "153156.332500", "153156.942500", "153157.552500", "153158.162500", "153158.772500", "153159.382500", "153159.992500", "153200.602500", "153201.212500", "153201.822500", "153202.432500", "153203.042500", "153203.652500", "153204.262500", "153204.872500", "153205.482500", "153206.092500", "153206.702500", "153207.312500", "153207.922500", "153208.532500", "153209.142500", "153209.752500", "153210.362500", "153210.972500", "153211.582500", "153212.192500", "153212.802500", "153213.412500", "153214.022500", "153214.632500", "153215.242500", "153215.852500", "153216.462500", "153217.072500", "153217.682500", "153218.292500", "153218.902500", "153219.512500", "153220.122500", "153220.732500", "153221.342500", "153221.952500", "153222.562500", "153223.172500", "153223.782500", "153224.392500", "153225.002500", "153225.612500", "153226.222500", "153226.832500", "153227.442500", "153228.052500", "153228.662500", "153229.272500", "153229.882500", "153230.492500", "153231.102500", "153231.712500", "153232.322500", "153232.932500", "153233.542500", "153234.152500", "153234.762500", "153235.372500", "153235.982500", "153236.592500", "153237.202500", "153237.812500", "153238.422500", "153239.032500", "153239.642500", "153240.252500", "153240.862500", "153241.472500", "153242.082500", "153242.692500", "153243.302500", "153243.912500", "153244.522500", "153245.132500", "153245.742500", "153246.352500", "153246.962500", "153247.572500", "153248.182500", "153248.792500", "153249.402500", "153250.012500", "153250.622500", "153251.232500", "153251.842500", "153252.452500", "153253.062500", "153253.672500", "153254.282500", "153254.892500", "153255.502500", "153256.112500", "153256.722500", "153257.332500", "153257.942500", "153258.552500", "153259.162500", "153259.772500", "153300.382500", "153300.992500", "153301.602500", "153302.212500", "153302.822500", "153303.432500", "153304.042500", "153304.652500", "153305.262500", "153305.872500", "153306.482500", "153307.092500", "153307.702500", "153308.312500", "153308.922500", "153309.532500", "153310.142500", "153310.752500", "153311.362500", "153311.972500", "153312.582500", "153313.192500", "153313.802500", "153314.412500", "153315.022500", "153315.632500", "153316.242500", "153316.852500", "153317.462500", "153318.072500", "153318.682500", "153319.292500", "153319.902500", "153320.512500", "153321.122500", "153321.732500", "153322.342500", "153322.952500", "153323.562500", "153324.172500", "153324.782500", "153325.392500", "153326.002500", "153326.612500", "153327.222500", "153327.832500", "153328.442500", "153329.052500", "153329.662500", "153330.272500", "153330.882500", "153331.492500", "153332.102500", "153332.712500", "153333.322500", "153333.932500", "153334.542500", "153335.152500", "153335.762500", "153336.372500", "153336.982500", "153337.592500", "153338.202500", "153338.812500", "153339.422500", "153340.032500", "153340.642500", "153341.252500", "153341.862500", "153342.472500", "153343.082500", "153343.692500", "153344.302500", "153344.912500", "153345.522500", "153346.132500", "153346.742500", "153347.352500", "153347.962500", "153348.572500", "153349.182500", "153349.792500", "153350.402500", "153351.012500", "153351.622500", "153352.232500", "153352.842500", "153353.452500", "153354.062500", "153354.672500", "153355.282500", "153355.892500", "153356.502500", "153357.112500", "153357.722500", "153358.332500", "153358.942500", "153359.552500", "153400.162500", "153400.772500", "153401.382500", "153401.992500", "153402.602500", "153403.212500", "153403.822500", "153404.432500", "153405.042500", "153405.652500", "153406.262500", "153406.872500", "153407.482500", "153408.092500", "153408.702500", "153409.312500", "153409.922500", "153410.532500", "153411.142500", "153411.752500", "153412.362500", "153412.972500", "153413.582500", "153414.192500", "153414.802500", "153415.412500", "153416.022500", "153416.632500", "153417.242500", "153417.852500", "153418.462500", "153419.072500", "153419.682500", "153420.292500", "153420.902500", "153421.512500", "153422.122500", "153422.732500", "153423.342500", "153423.952500", "153424.562500", "153425.172500", "153425.782500", "153426.392500", "153427.002500", "153427.612500", "153428.222500", "153428.832500", "153429.442500", "153430.052500", "153430.662500", "153431.272500", "153431.882500", "153432.492500", "153433.102500", "153433.712500", "153434.322500", "153434.932500", "153435.542500", "153436.152500", "153436.762500", "153437.372500", "153437.982500", "153438.592500", "153439.202500", "153439.812500", "153440.422500", "153441.032500", "153441.642500", "153442.252500", "153442.862500", "153443.472500", "153444.082500", "153444.692500", "153445.302500", "153445.912500", "153446.522500", "153447.132500", "153447.742500", "153448.352500", "153448.962500", "153449.572500", "153450.182500", "153450.792500", "153451.402500", "153452.012500", "153452.622500", "153453.232500", "153453.842500", "153454.452500", "153455.062500", "153455.672500", "153456.282500", "153456.892500", "153457.502500", "153458.112500", "153458.722500", "153459.332500", "153459.942500", "153500.552500", "153501.162500", "153501.772500", "153502.382500", "153502.992500", "153503.602500", "153504.212500", "153504.822500", "153505.432500", "153506.042500", "153506.652500", "153507.262500", "153507.872500", "153508.482500", "153509.092500", "153509.702500", "153510.312500", "153510.922500", "153511.532500", "153512.142500", "153512.752500", "153513.362500", "153513.972500", "153514.582500", "153515.192500", "153515.802500", "153516.412500", "153517.022500", "153517.632500", "153518.242500", "153518.852500", "153519.462500", "153520.072500", "153520.682500", "153521.292500", "153521.902500", "153522.512500", "153523.122500", "153523.732500", "153524.342500", "153524.952500", "153525.562500", "153526.172500", "153526.782500", "153527.392500", "153528.002500", "153528.612500", "153529.222500", "153529.832500", "153530.442500", "153531.052500", "153531.662500", "153532.272500", "153532.882500", "153533.492500"], "ContentTime": ["153136.685000", "153136.689000", "153136.691000", "153136.700000", "153136.703000", "153136.705000", "153136.707000", "153136.710000", "153136.712000", "153136.715000", "153136.717000", "153136.719000", "153136.722000", "153136.724000", "153136.726000", "153136.729000", "153136.731000", "153136.733000", "153136.736000", "153136.738000", "153136.741000", "153136.743000", "153136.745000", "153136.748000", "153136.750000", "153136.752000", "153136.755000", "153136.757000", "153136.759000", "153136.762000", "153136.764000", "153136.766000", "153136.769000", "153136.771000", "153136.773000", "153136.776000", "153136.778000", "153136.781000", "153136.789000", "153136.791000", "153136.793000", "153136.796000", "153136.798000", "153136.801000", "153136.803000", "153136.805000", "153136.808000", "153136.810000", "153136.812000", "153156.680000", "153156.683000", "153156.685000", "153156.688000", "153156.690000", "153156.692000", "153156.695000", "153156.697000", "153156.700000", "153156.702000", "153156.705000", "153156.707000", "153156.710000", "153156.712000", "153156.714000", "153156.717000", "153156.719000", "153156.721000", "153156.724000", "153156.726000", "153156.728000", "153156.731000", "153156.733000", "153156.736000", "153156.738000", "153156.740000", "153156.743000", "153156.745000", "153156.760000", "153156.762000", "153156.764000", "153156.767000", "153156.769000", "153216.680000", "153216.683000", "153216.685000", "153216.687000", "153216.690000", "153216.692000", "153216.695000", "153216.697000", "153216.699000", "153216.702000", "153216.704000", "153216.706000", "153216.709000", "153216.711000", "153216.714000", "153216.716000", "153216.718000", "153216.721000", "153216.723000", "153216.725000", "153216.728000", "153216.730000", "153216.733000", "153216.735000", "153216.737000", "153216.740000", "153216.742000", "153216.745000", "153216.747000", "153216.749000", "153216.752000", "153216.754000", "153216.756000", "153236.680000", "153236.682000", "153236.685000", "153236.687000", "153236.689000", "153236.692000", "153236.694000", "153236.696000", "153236.699000", "153236.701000", "153236.704000", "153236.706000", "153236.708000", "153236.711000", "153236.713000", "153236.715000", "153236.718000", "153236.720000", "153236.722000", "153236.725000", "153236.727000", "153236.730000", "153236.732000", "153236.734000", "153236.737000", "153236.739000", "153236.741000", "153236.744000", "153236.746000", "153236.748000", "153236.751000", "153236.753000", "153236.755000", "153256.680000", "153256.683000", "153256.685000", "153256.688000", "153256.690000", "153256.692000", "153256.695000", "153256.697000", "153256.699000", "153256.702000", "153256.704000", "153256.706000", "153256.709000", "153256.711000", "153256.714000", "153256.716000", "153256.718000", "153256.721000", "153256.723000", "153256.725000", "153256.728000", "153256.730000", "153256.741000", "153256.743000", "153256.746000", "153256.748000", "153256.750000", "153256.753000", "153256.755000", "153256.757000", "153256.760000", "153256.762000", "153256.764000", "153316.680000", "153316.683000", "153316.685000", "153316.688000", "153316.690000", "153316.692000", "153316.695000", "153316.697000", "153316.700000", "153316.702000", "153316.705000", "153316.707000", "153316.709000", "153316.712000", "153316.714000", "153316.717000", "153316.720000", "153316.722000", "153316.725000", "153316.727000", "153316.729000", "153316.732000", "153316.734000", "153316.736000", "153316.739000", "153316.741000", "153316.743000", "153316.746000", "153316.748000", "153316.751000", "153316.753000", "153316.756000", "153336.680000", "153336.683000", "153336.685000", "153336.688000", "153336.691000", "153336.693000", "153336.696000", "153336.698000", "153336.700000", "153336.703000", "153336.705000", "153336.707000", "153336.710000", "153336.712000", "153336.715000", "153336.717000", "153336.720000", "153336.722000", "153336.724000", "153336.727000", "153336.729000", "153336.731000", "153336.734000", "153336.736000", "153336.738000", "153336.741000", "153336.743000", "153336.746000", "153336.748000", "153336.750000", "153336.753000", "153336.779000", "153336.782000", "153356.680000", "153356.683000", "153356.685000", "153356.688000", "153356.690000", "153356.692000", "153356.695000", "153356.697000", "153356.699000", "153356.702000", "153356.704000", "153356.707000", "153356.709000", "153356.711000", "153356.714000", "153356.716000", "153356.718000", "153356.721000", "153356.723000", "153356.726000", "153356.728000", "153356.730000", "153356.733000", "153356.735000", "153356.738000", "153356.740000", "153356.742000", "153356.745000", "153356.747000", "153356.749000", "153356.752000", "153356.754000", "153356.756000", "153416.680000", "153416.683000", "153416.685000", "153416.688000", "153416.690000", "153416.693000", "153416.695000", "153416.697000", "153416.700000", "153416.702000", "153416.705000", "153416.707000", "153416.709000", "153416.712000", "153416.714000", "153416.716000", "153416.719000", "153416.721000", "153416.723000", "153416.726000", "153416.728000", "153416.731000", "153416.733000", "153416.735000", "153416.738000", "153416.740000", "153416.743000", "153416.745000", "153416.747000", "153416.750000", "153416.752000", "153416.755000", "153416.757000", "153436.680000", "153436.683000", "153436.685000", "153436.688000", "153436.690000", "153436.692000", "153436.695000", "153436.697000", "153436.700000", "153436.702000", "153436.705000", "153436.707000", "153436.709000", "153436.712000", "153436.714000", "153436.716000", "153436.719000", "153436.721000", "153436.724000", "153436.726000", "153436.728000", "153436.731000", "153436.733000", "153436.735000", "153436.738000", "153436.740000", "153436.742000", "153436.745000", "153436.747000", "153436.750000", "153436.752000", "153436.754000", "153436.757000", "153456.679000", "153456.682000", "153456.684000", "153456.687000", "153456.689000", "153456.691000", "153456.694000", "153456.696000", "153456.699000", "153456.701000", "153456.703000", "153456.706000", "153456.708000", "153456.711000", "153456.713000", "153456.715000", "153456.718000", "153456.720000", "153456.723000", "153456.725000", "153456.727000", "153456.730000", "153456.732000", "153456.734000", "153456.737000", "153456.739000", "153456.742000", "153456.744000", "153456.746000", "153456.749000", "153456.751000", "153456.753000", "153516.680000", "153516.683000", "153516.686000", "153516.688000", "153516.690000", "153516.693000", "153516.695000", "153516.697000", "153516.700000", "153516.702000", "153516.704000", "153516.707000", "153516.709000", "153516.712000", "153516.714000", "153516.716000", "153516.719000", "153516.721000", "153516.723000", "153516.727000", "153516.729000", "153516.732000", "153516.734000", "153516.736000", "153516.739000", "153516.741000", "153516.743000", "153516.746000", "153516.748000", "153516.751000", "153516.753000", "153516.755000", "153516.758000", "153535.419000", "153535.422000", "153535.424000", "153535.427000", "153535.429000", "153535.432000", "153535.445000", "153535.450000", "153535.453000", "153535.455000", "153535.458000", "153535.460000", "153535.463000", "153535.465000", "153535.468000", "153535.473000", "153535.478000", "153535.480000", "153535.483000", "153535.485000", "153535.488000", "153535.490000", "153535.493000", "153535.495000", "153535.497000", "153535.500000", "153535.503000", "153535.505000", "153535.508000", "153535.510000"], "InstanceCreationTime": ["153136.685000", "153136.689000", "153136.691000", "153136.700000", "153136.703000", "153136.705000", "153136.707000", "153136.710000", "153136.712000", "153136.715000", "153136.717000", "153136.719000", "153136.722000", "153136.724000", "153136.726000", "153136.729000", "153136.731000", "153136.733000", "153136.736000", "153136.738000", "153136.741000", "153136.743000", "153136.745000", "153136.748000", "153136.750000", "153136.752000", "153136.755000", "153136.757000", "153136.759000", "153136.762000", "153136.764000", "153136.766000", "153136.769000", "153136.771000", "153136.773000", "153136.776000", "153136.778000", "153136.781000", "153136.789000", "153136.791000", "153136.793000", "153136.796000", "153136.798000", "153136.801000", "153136.803000", "153136.805000", "153136.808000", "153136.810000", "153136.812000", "153156.680000", "153156.683000", "153156.685000", "153156.688000", "153156.690000", "153156.692000", "153156.695000", "153156.697000", "153156.700000", "153156.702000", "153156.705000", "153156.707000", "153156.710000", "153156.712000", "153156.714000", "153156.717000", "153156.719000", "153156.721000", "153156.724000", "153156.726000", "153156.728000", "153156.731000", "153156.733000", "153156.736000", "153156.738000", "153156.740000", "153156.743000", "153156.745000", "153156.760000", "153156.762000", "153156.764000", "153156.767000", "153156.769000", "153216.680000", "153216.683000", "153216.685000", "153216.687000", "153216.690000", "153216.692000", "153216.695000", "153216.697000", "153216.699000", "153216.702000", "153216.704000", "153216.706000", "153216.709000", "153216.711000", "153216.714000", "153216.716000", "153216.718000", "153216.721000", "153216.723000", "153216.725000", "153216.728000", "153216.730000", "153216.733000", "153216.735000", "153216.737000", "153216.740000", "153216.742000", "153216.745000", "153216.747000", "153216.749000", "153216.752000", "153216.754000", "153216.756000", "153236.680000", "153236.682000", "153236.685000", "153236.687000", "153236.689000", "153236.692000", "153236.694000", "153236.696000", "153236.699000", "153236.701000", "153236.704000", "153236.706000", "153236.708000", "153236.711000", "153236.713000", "153236.715000", "153236.718000", "153236.720000", "153236.722000", "153236.725000", "153236.727000", "153236.730000", "153236.732000", "153236.734000", "153236.737000", "153236.739000", "153236.741000", "153236.744000", "153236.746000", "153236.748000", "153236.751000", "153236.753000", "153236.755000", "153256.680000", "153256.683000", "153256.685000", "153256.688000", "153256.690000", "153256.692000", "153256.695000", "153256.697000", "153256.699000", "153256.702000", "153256.704000", "153256.706000", "153256.709000", "153256.711000", "153256.714000", "153256.716000", "153256.718000", "153256.721000", "153256.723000", "153256.725000", "153256.728000", "153256.730000", "153256.741000", "153256.743000", "153256.746000", "153256.748000", "153256.750000", "153256.753000", "153256.755000", "153256.757000", "153256.760000", "153256.762000", "153256.764000", "153316.680000", "153316.683000", "153316.685000", "153316.688000", "153316.690000", "153316.692000", "153316.695000", "153316.697000", "153316.700000", "153316.702000", "153316.705000", "153316.707000", "153316.709000", "153316.712000", "153316.714000", "153316.717000", "153316.720000", "153316.722000", "153316.725000", "153316.727000", "153316.729000", "153316.732000", "153316.734000", "153316.736000", "153316.739000", "153316.741000", "153316.743000", "153316.746000", "153316.748000", "153316.751000", "153316.753000", "153316.756000", "153336.680000", "153336.683000", "153336.685000", "153336.688000", "153336.691000", "153336.693000", "153336.696000", "153336.698000", "153336.700000", "153336.703000", "153336.705000", "153336.707000", "153336.710000", "153336.712000", "153336.715000", "153336.717000", "153336.720000", "153336.722000", "153336.724000", "153336.727000", "153336.729000", "153336.731000", "153336.734000", "153336.736000", "153336.738000", "153336.741000", "153336.743000", "153336.746000", "153336.748000", "153336.750000", "153336.753000", "153336.779000", "153336.782000", "153356.680000", "153356.683000", "153356.685000", "153356.688000", "153356.690000", "153356.692000", "153356.695000", "153356.697000", "153356.699000", "153356.702000", "153356.704000", "153356.707000", "153356.709000", "153356.711000", "153356.714000", "153356.716000", "153356.718000", "153356.721000", "153356.723000", "153356.726000", "153356.728000", "153356.730000", "153356.733000", "153356.735000", "153356.738000", "153356.740000", "153356.742000", "153356.745000", "153356.747000", "153356.749000", "153356.752000", "153356.754000", "153356.756000", "153416.680000", "153416.683000", "153416.685000", "153416.688000", "153416.690000", "153416.693000", "153416.695000", "153416.697000", "153416.700000", "153416.702000", "153416.705000", "153416.707000", "153416.709000", "153416.712000", "153416.714000", "153416.716000", "153416.719000", "153416.721000", "153416.723000", "153416.726000", "153416.728000", "153416.731000", "153416.733000", "153416.735000", "153416.738000", "153416.740000", "153416.743000", "153416.745000", "153416.747000", "153416.750000", "153416.752000", "153416.755000", "153416.757000", "153436.680000", "153436.683000", "153436.685000", "153436.688000", "153436.690000", "153436.692000", "153436.695000", "153436.697000", "153436.700000", "153436.702000", "153436.705000", "153436.707000", "153436.709000", "153436.712000", "153436.714000", "153436.716000", "153436.719000", "153436.721000", "153436.724000", "153436.726000", "153436.728000", "153436.731000", "153436.733000", "153436.735000", "153436.738000", "153436.740000", "153436.742000", "153436.745000", "153436.747000", "153436.750000", "153436.752000", "153436.754000", "153436.757000", "153456.679000", "153456.682000", "153456.684000", "153456.687000", "153456.689000", "153456.691000", "153456.694000", "153456.696000", "153456.699000", "153456.701000", "153456.703000", "153456.706000", "153456.708000", "153456.711000", "153456.713000", "153456.715000", "153456.718000", "153456.720000", "153456.723000", "153456.725000", "153456.727000", "153456.730000", "153456.732000", "153456.734000", "153456.737000", "153456.739000", "153456.742000", "153456.744000", "153456.746000", "153456.749000", "153456.751000", "153456.753000", "153516.680000", "153516.683000", "153516.686000", "153516.688000", "153516.690000", "153516.693000", "153516.695000", "153516.697000", "153516.700000", "153516.702000", "153516.704000", "153516.707000", "153516.709000", "153516.712000", "153516.714000", "153516.716000", "153516.719000", "153516.721000", "153516.723000", "153516.727000", "153516.729000", "153516.732000", "153516.734000", "153516.736000", "153516.739000", "153516.741000", "153516.743000", "153516.746000", "153516.748000", "153516.751000", "153516.753000", "153516.755000", "153516.758000", "153535.419000", "153535.422000", "153535.424000", "153535.427000", "153535.429000", "153535.432000", "153535.445000", "153535.450000", "153535.453000", "153535.455000", "153535.458000", "153535.460000", "153535.463000", "153535.465000", "153535.468000", "153535.473000", "153535.478000", "153535.480000", "153535.483000", "153535.485000", "153535.488000", "153535.490000", "153535.493000", "153535.495000", "153535.497000", "153535.500000", "153535.503000", "153535.505000", "153535.508000", "153535.510000"], "InstanceNumber": [1, 2, 3, 4, 5, 6, 7, 8, 9, 10, 11, 12, 13, 14, 15, 16, 17, 18, 19, 20, 21, 22, 23, 24, 25, 26, 27, 28, 29, 30, 31, 32, 33, 34, 35, 36, 37, 38, 39, 40, 41, 42, 43, 44, 45, 46, 47, 48, 49, 50, 51, 52, 53, 54, 55, 56, 57, 58, 59, 60, 61, 62, 63, 64, 65, 66, 67, 68, 69, 70, 71, 72, 73, 74, 75, 76, 77, 78, 79, 80, 81, 82, 83, 84, 85, 86, 87, 88, 89, 90, 91, 92, 93, 94, 95, 96, 97, 98, 99, 100, 101, 102, 103, 104, 105, 106, 107, 108, 109, 110, 111, 112, 113, 114, 115, 116, 117, 118, 119, 120, 121, 122, 123, 124, 125, 126, 127, 128, 129, 130, 131, 132, 133, 134, 135, 136, 137, 138, 139, 140, 141, 142, 143, 144, 145, 146, 147, 148, 149, 150, 151, 152, 153, 154, 155, 156, 157, 158, 159, 160, 161, 162, 163, 164, 165, 166, 167, 168, 169, 170, 171, 172, 173, 174, 175, 176, 177, 178, 179, 180, 181, 182, 183, 184, 185, 186, 187, 188, 189, 190, 191, 192, 193, 194, 195, 196, 197, 198, 199, 200, 201, 202, 203, 204, 205, 206, 207, 208, 209, 210, 211, 212, 213, 214, 215, 216, 217, 218, 219, 220, 221, 222, 223, 224, 225, 226, 227, 228, 229, 230, 231, 232, 233, 234, 235, 236, 237, 238, 239, 240, 241, 242, 243, 244, 245, 246, 247, 248, 249, 250, 251, 252, 253, 254, 255, 256, 257, 258, 259, 260, 261, 262, 263, 264, 265, 266, 267, 268, 269, 270, 271, 272, 273, 274, 275, 276, 277, 278, 279, 280, 281, 282, 283, 284, 285, 286, 287, 288, 289, 290, 291, 292, 293, 294, 295, 296, 297, 298, 299, 300, 301, 302, 303, 304, 305, 306, 307, 308, 309, 310, 311, 312, 313, 314, 315, 316, 317, 318, 319, 320, 321, 322, 323, 324, 325, 326, 327, 328, 329, 330, 331, 332, 333, 334, 335, 336, 337, 338, 339, 340, 341, 342, 343, 344, 345, 346, 347, 348, 349, 350, 351, 352, 353, 354, 355, 356, 357, 358, 359, 360, 361, 362, 363, 364, 365, 366, 367, 368, 369, 370, 371, 372, 373, 374, 375, 376, 377, 378, 379, 380, 381, 382, 383, 384, 385, 386, 387, 388, 389, 390, 391, 392, 393, 394, 395, 396, 397, 398, 399, 400, 401, 402, 403, 404, 405, 406, 407, 408, 409, 410, 411, 412, 413, 414, 415, 416, 417, 418, 419, 420, 421, 422, 423, 424, 425, 426, 427, 428, 429, 430, 431, 432, 433, 434, 435, 436, 437, 438, 439, 440], "LargestImagePixelValue": [475, 452, 445, 429, 434, 424, 428, 429, 426, 430, 429, 435, 442, 442, 436, 436, 440, 439, 436, 434, 439, 432, 440, 437, 433, 436, 441, 440, 447, 445, 445, 443, 445, 443, 448, 447, 446, 438, 441, 444, 441, 443, 446, 446, 446, 450, 476, 465, 460, 460, 452, 448, 447, 441, 441, 442, 442, 444, 447, 450, 451, 482, 463, 460, 452, 452, 460, 450, 449, 437, 448, 456, 479, 472, 462, 455, 454, 445, 454, 443, 443, 444, 451, 438, 453, 459, 447, 443, 441, 433, 431, 432, 431, 441, 446, 481, 444, 427, 476, 489, 466, 439, 437, 441, 440, 437, 443, 445, 444, 441, 445, 444, 447, 444, 472, 489, 465, 452, 446, 446, 453, 448, 453, 459, 451, 444, 465, 442, 445, 447, 447, 468, 450, 448, 454, 453, 457, 445, 444, 452, 453, 453, 452, 446, 464, 469, 460, 487, 453, 459, 459, 449, 461, 462, 459, 451, 445, 455, 451, 459, 451, 455, 448, 461, 455, 455, 460, 480, 479, 486, 512, 487, 446, 470, 531, 487, 480, 502, 486, 474, 450, 436, 435, 433, 452, 449, 436, 436, 431, 431, 442, 446, 437, 433, 443, 436, 438, 434, 443, 439, 448, 449, 447, 451, 450, 444, 442, 446, 444, 442, 442, 444, 450, 458, 479, 457, 434, 424, 422, 430, 424, 432, 450, 444, 445, 464, 450, 508, 481, 531, 489, 451, 442, 433, 439, 445, 433, 447, 455, 444, 440, 450, 434, 456, 459, 439, 432, 444, 443, 442, 436, 450, 448, 443, 440, 436, 436, 447, 440, 441, 439, 443, 441, 459, 451, 455, 457, 457, 467, 480, 470, 461, 450, 442, 464, 444, 443, 437, 438, 441, 436, 441, 439, 443, 439, 458, 461, 446, 441, 437, 436, 436, 461, 458, 445, 439, 440, 462, 445, 461, 445, 452, 446, 446, 450, 446, 453, 469, 455, 457, 451, 445, 450, 452, 449, 453, 466, 456, 456, 455, 454, 455, 455, 458, 451, 449, 451, 452, 455, 449, 434, 464, 465, 443, 473, 461, 454, 445, 446, 454, 451, 463, 463, 457, 460, 467, 466, 461, 478, 459, 449, 462, 483, 464, 470, 437, 486, 495, 504, 489, 528, 583, 542, 517, 472, 503, 467, 469, 493, 487, 472, 492, 484, 542, 475, 521, 490, 505, 492, 501, 496, 500, 516, 475, 476, 494, 464, 530, 620, 542, 508, 476, 481, 482, 475, 471, 454, 470, 485, 494, 525, 498, 493, 493, 515, 505, 485, 495, 474, 535, 520, 522, 496, 483, 481, 477, 477, 477, 488, 475, 443, 479, 471, 444, 512, 445, 487, 534, 468, 474, 480, 495, 487, 536, 489, 509, 490, 504, 473, 550], "WindowCenter": [296.0, 289.0, 290.0, 287.0, 286.0, 286.0, 286.0, 285.0, 287.0, 287.0, 287.0, 287.0, 288.0, 288.0, 288.0, 288.0, 288.0, 287.0, 287.0, 287.0, 287.0, 287.0, 286.0, 287.0, 287.0, 286.0, 287.0, 288.0, 288.0, 288.0, 287.0, 288.0, 289.0, 288.0, 287.0, 288.0, 288.0, 288.0, 288.0, 289.0, 288.0, 288.0, 288.0, 288.0, 289.0, 289.0, 288.0, 286.0, 285.0, 285.0, 287.0, 287.0, 286.0, 286.0, 286.0, 287.0, 287.0, 287.0, 287.0, 288.0, 287.0, 290.0, 289.0, 286.0, 285.0, 285.0, 286.0, 289.0, 288.0, 288.0, 287.0, 288.0, 288.0, 289.0, 286.0, 285.0, 288.0, 286.0, 286.0, 286.0, 286.0, 284.0, 292.0, 287.0, 285.0, 285.0, 286.0, 289.0, 287.0, 286.0, 285.0, 285.0, 286.0, 286.0, 287.0, 292.0, 288.0, 284.0, 284.0, 290.0, 292.0, 288.0, 286.0, 286.0, 287.0, 287.0, 288.0, 288.0, 288.0, 287.0, 287.0, 287.0, 287.0, 287.0, 288.0, 291.0, 288.0, 287.0, 287.0, 287.0, 288.0, 287.0, 288.0, 288.0, 287.0, 287.0, 288.0, 288.0, 287.0, 289.0, 290.0, 290.0, 289.0, 288.0, 288.0, 288.0, 288.0, 288.0, 288.0, 288.0, 288.0, 288.0, 288.0, 287.0, 288.0, 288.0, 287.0, 289.0, 287.0, 288.0, 287.0, 286.0, 287.0, 287.0, 287.0, 289.0, 286.0, 285.0, 286.0, 286.0, 286.0, 286.0, 286.0, 287.0, 288.0, 288.0, 281.0, 280.0, 293.0, 288.0, 293.0, 288.0, 264.0, 283.0, 284.0, 288.0, 295.0, 291.0, 288.0, 290.0, 289.0, 288.0, 289.0, 288.0, 287.0, 287.0, 287.0, 287.0, 286.0, 286.0, 286.0, 287.0, 287.0, 286.0, 286.0, 286.0, 286.0, 286.0, 286.0, 286.0, 286.0, 286.0, 287.0, 287.0, 287.0, 286.0, 286.0, 286.0, 286.0, 286.0, 287.0, 287.0, 288.0, 283.0, 294.0, 291.0, 289.0, 288.0, 287.0, 288.0, 288.0, 289.0, 289.0, 286.0, 286.0, 285.0, 278.0, 282.0, 276.0, 297.0, 290.0, 286.0, 285.0, 285.0, 287.0, 287.0, 286.0, 286.0, 288.0, 287.0, 287.0, 289.0, 286.0, 286.0, 289.0, 288.0, 285.0, 286.0, 287.0, 286.0, 286.0, 287.0, 288.0, 287.0, 286.0, 286.0, 286.0, 287.0, 286.0, 286.0, 286.0, 286.0, 285.0, 286.0, 287.0, 288.0, 290.0, 287.0, 285.0, 286.0, 293.0, 290.0, 288.0, 287.0, 288.0, 288.0, 287.0, 286.0, 286.0, 287.0, 286.0, 286.0, 287.0, 286.0, 286.0, 289.0, 289.0, 288.0, 285.0, 286.0, 286.0, 286.0, 287.0, 289.0, 287.0, 286.0, 286.0, 288.0, 285.0, 285.0, 285.0, 287.0, 286.0, 285.0, 287.0, 286.0, 287.0, 290.0, 289.0, 287.0, 287.0, 286.0, 286.0, 286.0, 287.0, 287.0, 290.0, 288.0, 287.0, 287.0, 286.0, 286.0, 287.0, 287.0, 287.0, 286.0, 287.0, 288.0, 288.0, 286.0, 286.0, 289.0, 289.0, 287.0, 287.0, 288.0, 287.0, 286.0, 285.0, 286.0, 285.0, 286.0, 287.0, 286.0, 285.0, 288.0, 287.0, 274.0, 292.0, 289.0, 282.0, 290.0, 289.0, 287.0, 287.0, 283.0, 279.0, 281.0, 267.0, 267.0, 281.0, 303.0, 292.0, 288.0, 284.0, 284.0, 287.0, 280.0, 271.0, 287.0, 283.0, 286.0, 276.0, 284.0, 280.0, 276.0, 284.0, 283.0, 289.0, 288.0, 282.0, 285.0, 292.0, 283.0, 280.0, 279.0, 281.0, 283.0, 292.0, 291.0, 287.0, 285.0, 286.0, 285.0, 285.0, 285.0, 281.0, 283.0, 282.0, 275.0, 273.0, 283.0, 283.0, 280.0, 276.0, 284.0, 285.0, 282.0, 287.0, 291.0, 288.0, 286.0, 284.0, 284.0, 284.0, 285.0, 285.0, 284.0, 286.0, 279.0, 282.0, 286.0, 293.0, 276.0, 279.0, 270.0, 287.0, 284.0, 290.0, 278.0, 274.0, 290.0, 282.0, 291.0, 284.0, 290.0, 285.0, 280.0, 253.0, 297.0], "WindowWidth": [645.0, 632.0, 634.0, 629.0, 627.0, 626.0, 627.0, 625.0, 628.0, 628.0, 628.0, 628.0, 629.0, 629.0, 630.0, 629.0, 629.0, 628.0, 628.0, 628.0, 628.0, 628.0, 627.0, 627.0, 628.0, 627.0, 628.0, 630.0, 631.0, 630.0, 627.0, 629.0, 632.0, 631.0, 629.0, 629.0, 631.0, 631.0, 631.0, 632.0, 631.0, 630.0, 631.0, 630.0, 631.0, 633.0, 631.0, 627.0, 625.0, 625.0, 627.0, 628.0, 626.0, 626.0, 626.0, 628.0, 628.0, 628.0, 628.0, 630.0, 628.0, 635.0, 632.0, 626.0, 624.0, 624.0, 627.0, 631.0, 631.0, 631.0, 628.0, 631.0, 630.0, 631.0, 627.0, 625.0, 629.0, 627.0, 627.0, 627.0, 626.0, 623.0, 637.0, 629.0, 625.0, 625.0, 626.0, 632.0, 628.0, 626.0, 625.0, 624.0, 627.0, 627.0, 628.0, 637.0, 629.0, 622.0, 622.0, 635.0, 637.0, 629.0, 627.0, 627.0, 629.0, 627.0, 631.0, 630.0, 629.0, 628.0, 628.0, 628.0, 628.0, 628.0, 630.0, 636.0, 629.0, 628.0, 627.0, 629.0, 630.0, 629.0, 631.0, 629.0, 628.0, 628.0, 630.0, 630.0, 628.0, 631.0, 634.0, 634.0, 633.0, 630.0, 629.0, 631.0, 630.0, 630.0, 630.0, 631.0, 630.0, 631.0, 629.0, 628.0, 630.0, 631.0, 629.0, 632.0, 628.0, 630.0, 628.0, 627.0, 628.0, 628.0, 628.0, 632.0, 627.0, 625.0, 626.0, 626.0, 626.0, 626.0, 627.0, 628.0, 629.0, 631.0, 616.0, 614.0, 639.0, 630.0, 639.0, 630.0, 587.0, 622.0, 622.0, 631.0, 644.0, 637.0, 630.0, 634.0, 631.0, 630.0, 632.0, 630.0, 629.0, 629.0, 628.0, 628.0, 627.0, 626.0, 627.0, 628.0, 629.0, 627.0, 627.0, 627.0, 626.0, 626.0, 626.0, 626.0, 626.0, 627.0, 628.0, 628.0, 628.0, 627.0, 627.0, 627.0, 627.0, 627.0, 628.0, 628.0, 630.0, 620.0, 641.0, 635.0, 631.0, 631.0, 629.0, 630.0, 630.0, 631.0, 631.0, 627.0, 626.0, 626.0, 611.0, 617.0, 607.0, 647.0, 635.0, 625.0, 624.0, 624.0, 628.0, 629.0, 626.0, 627.0, 631.0, 628.0, 628.0, 633.0, 626.0, 625.0, 632.0, 629.0, 625.0, 626.0, 628.0, 626.0, 626.0, 628.0, 630.0, 628.0, 626.0, 626.0, 626.0, 628.0, 627.0, 626.0, 626.0, 626.0, 625.0, 626.0, 628.0, 630.0, 633.0, 628.0, 624.0, 626.0, 639.0, 633.0, 630.0, 628.0, 630.0, 629.0, 628.0, 627.0, 627.0, 628.0, 627.0, 627.0, 628.0, 627.0, 627.0, 632.0, 632.0, 630.0, 624.0, 626.0, 626.0, 626.0, 628.0, 632.0, 628.0, 627.0, 627.0, 630.0, 625.0, 625.0, 625.0, 628.0, 627.0, 625.0, 628.0, 627.0, 628.0, 634.0, 632.0, 628.0, 628.0, 626.0, 627.0, 627.0, 628.0, 628.0, 634.0, 630.0, 628.0, 628.0, 626.0, 626.0, 628.0, 628.0, 628.0, 627.0, 628.0, 629.0, 630.0, 627.0, 626.0, 632.0, 632.0, 629.0, 628.0, 631.0, 629.0, 627.0, 625.0, 626.0, 625.0, 626.0, 629.0, 627.0, 624.0, 632.0, 628.0, 603.0, 638.0, 632.0, 619.0, 634.0, 631.0, 627.0, 628.0, 620.0, 614.0, 618.0, 592.0, 591.0, 617.0, 661.0, 639.0, 631.0, 622.0, 623.0, 629.0, 615.0, 597.0, 629.0, 621.0, 626.0, 609.0, 624.0, 616.0, 607.0, 622.0, 619.0, 632.0, 630.0, 617.0, 625.0, 639.0, 621.0, 614.0, 613.0, 616.0, 621.0, 638.0, 636.0, 629.0, 625.0, 626.0, 625.0, 625.0, 624.0, 618.0, 620.0, 619.0, 607.0, 603.0, 621.0, 622.0, 616.0, 608.0, 623.0, 624.0, 620.0, 630.0, 638.0, 631.0, 627.0, 624.0, 622.0, 622.0, 625.0, 625.0, 624.0, 627.0, 612.0, 617.0, 626.0, 640.0, 608.0, 615.0, 597.0, 630.0, 624.0, 634.0, 611.0, 604.0, 634.0, 619.0, 636.0, 622.0, 635.0, 625.0, 615.0, 564.0, 646.0]}, "slices": {}}, "EventTimestamp": "15-33-23"}