{"AcquisitionMatrixPE": 64, "AcquisitionNumber": 1, "AcquisitionTime": "10:09:23.715000", "BandwidthPerPixelPhaseEncode": 28.935, "BaseResolution": 64, "BodyPartExamined": "BRAIN", "CoilCombinationMethod": "Sum of Squares", "ConsistencyInfo": "N4_VE11E_LATEST_20181129", "ConversionSoftware": "dcm2niix", "ConversionSoftwareVersion": "v1.0.20230411", "DerivedVendorReportedEchoSpacing": 0.000540003, "DeviceSerialNumber": "166182", "DwellTime": 3.4e-06, "EchoTime": 0.032, "EchoTrainLength": 64, "EffectiveEchoSpacing": 0.000540003, "FlipAngle": 40, "HeudiconvVersion": "0.13.1", "ImageOrientationPatientDICOM": [0.998557, -0.00811918, -0.0530815, 0.0106315, 0.998828, 0.0472204], "ImageOrientationText": "Tra>Sag(-3.0)>Cor(2.7)", "ImageType": ["ORIGINAL", "PRIMARY", "M", "ND", "NORM", "MOSAIC"], "ImagingFrequency": 123.255463, "InPlanePhaseEncodingDirectionDICOM": "COL", "InstitutionAddress": "PEARSE STREET .,City,District,IE,D2", "InstitutionName": "TCIN", "InstitutionalDepartmentName": "MRI", "MRAcquisitionType": "2D", "MagneticFieldStrength": 3, "Manufacturer": "Siemens", "ManufacturersModelName": "Prisma", "Modality": "MR", "MultibandAccelerationFactor": 4, "NonlinearGradientCorrection": false, "PartialFourier": 1, "PatientPosition": "HFS", "PercentPhaseFOV": 100, "PercentSampling": 100, "PhaseEncodingDirection": "j-", "PhaseEncodingSteps": 64, "PhaseResolution": 1, "PixelBandwidth": 2300, "ProcedureStepDescription": "Rhodri^Head BOLD", "ProtocolName": "cmrr_mbep2d_Pictures_AP_RDS", "PulseSequenceDetails": "%SiemensSeq%\\ep2d_bold", "ReceiveCoilActiveElements": "HC2,4,6,7;SC", "ReceiveCoilName": "SpecialPurpose_4", "ReconMatrixPE": 64, "RefLinesPE": 12, "RepetitionTime": 0.61, "SAR": 0.271614, "ScanOptions": "FS", "ScanningSequence": "EP", "SequenceName": "*epfid2d1_64", "SequenceVariant": "SK", "SeriesDescription": "cmrr_mbep2d_Pictures_AP_RDS", "SeriesNumber": 8, "ShimSetting": [-3541, -7513, 3803, 968, -153, -204, 564, 244], "SliceThickness": 3, "SliceTiming": [0.2625, 0, 0.3275, 0.0675, 0.395, 0.1325, 0.46, 0.1975, 0.525, 0.2625, 0, 0.3275, 0.0675, 0.395, 0.1325, 0.46, 0.1975, 0.525, 0.2625, 0, 0.3275, 0.0675, 0.395, 0.1325, 0.46, 0.1975, 0.525, 0.2625, 0, 0.3275, 0.0675, 0.395, 0.1325, 0.46, 0.1975, 0.525], "SoftwareVersions": "syngo MR E11", "SpacingBetweenSlices": 3.3, "StationName": "AWP166182", "TaskName": "pictures", "TotalReadoutTime": 0.0340202, "TxRefAmp": 239.595, "dcmmeta_affine": [[-2.995671510696411, 0.03189457952976227, -0.17369838058948517, 95.19942474365234], [0.024357525631785393, 2.99648380279541, 0.15746477246284485, -100.63116455078125], [-0.15924443304538727, -0.14166118204593658, 3.291661262512207, -84.16075134277344], [0.0, 0.0, 0.0, 1.0]], "dcmmeta_reorient_transform": [[0.0, -1.0, 0.0, 63.0], [1.0, 0.0, 0.0, 0.0], [0.0, 0.0, 1.0, 0.0], [0.0, 0.0, 0.0, 1.0]], "dcmmeta_shape": [64, 64, 36, 510], "dcmmeta_slice_dim": 2, "dcmmeta_version": 0.6, "global": {"const": {"AcquisitionMatrix": [64, 0, 0, 64], "AngioFlag": "N", "BitsAllocated": 16, "BitsStored": 12, "BodyPartExamined": "BRAIN", "Columns": 384, "EchoNumbers": 1, "EchoTime": 32.0, "EchoTrainLength": 64, "FlipAngle": 40.0, "HighBit": 11, "ImageOrientationPatient": [0.99855717688724, -0.0081191753893, -0.0530814796137, 0.0106315267235, 0.9988279157148, 0.04722039208169], "ImagePositionPatient": [-581.61935763816, -563.68750959688, -90.27208487062], "ImageType": ["ORIGINAL", "PRIMARY", "M", "ND", "NORM", "MOSAIC"], "ImagedNucleus": "1H", "ImagingFrequency": 123.255463, "InPlanePhaseEncodingDirection": "COL", "MRAcquisitionType": "2D", "MagneticFieldStrength": 3.0, "Manufacturer": "SIEMENS", "ManufacturerModelName": "Prisma", "Modality": "MR", "NumberOfAverages": 1.0, "NumberOfPhaseEncodingSteps": 64, "PercentPhaseFieldOfView": 100.0, "PercentSampling": 100.0, "PerformedProcedureStepStartTime": "095832.376000", "PhotometricInterpretation": "MONOCHROME2", "PixelBandwidth": 2300.0, "PixelRepresentation": 0, "PixelSpacing": [3.0, 3.0], "ProtocolName": "cmrr_mbep2d_Pictures_AP_RDS", "RepetitionTime": 610.0, "Rows": 384, "SAR": 0.27161359712972, "SamplesPerPixel": 1, "ScanOptions": "FS", "ScanningSequence": "EP", "SequenceName": "*epfid2d1_64", "SequenceVariant": "SK", "SeriesDescription": "cmrr_mbep2d_Pictures_AP_RDS", "SeriesNumber": 8, "SeriesTime": "100936.973000", "SliceLocation": -93.760768629512, "SliceThickness": 3.0, "SmallestImagePixelValue": 0, "SoftwareVersions": "syngo MR E11", "SpacingBetweenSlices": 3.2999999961713, "SpecificCharacterSet": "ISO_IR 100", "StudyID": "1", "StudyTime": "095832.181000", "TransmitCoilName": "Body", "VariableFlipAngleFlag": "N", "WindowCenterWidthExplanation": "Algo1"}, "slices": {}}, "time": {"samples": {"AcquisitionNumber": [1, 2, 3, 4, 5, 6, 7, 8, 9, 10, 11, 12, 13, 14, 15, 16, 17, 18, 19, 20, 21, 22, 23, 24, 25, 26, 27, 28, 29, 30, 31, 32, 33, 34, 35, 36, 37, 38, 39, 40, 41, 42, 43, 44, 45, 46, 47, 48, 49, 50, 51, 52, 53, 54, 55, 56, 57, 58, 59, 60, 61, 62, 63, 64, 65, 66, 67, 68, 69, 70, 71, 72, 73, 74, 75, 76, 77, 78, 79, 80, 81, 82, 83, 84, 85, 86, 87, 88, 89, 90, 91, 92, 93, 94, 95, 96, 97, 98, 99, 100, 101, 102, 103, 104, 105, 106, 107, 108, 109, 110, 111, 112, 113, 114, 115, 116, 117, 118, 119, 120, 121, 122, 123, 124, 125, 126, 127, 128, 129, 130, 131, 132, 133, 134, 135, 136, 137, 138, 139, 140, 141, 142, 143, 144, 145, 146, 147, 148, 149, 150, 151, 152, 153, 154, 155, 156, 157, 158, 159, 160, 161, 162, 163, 164, 165, 166, 167, 168, 169, 170, 171, 172, 173, 174, 175, 176, 177, 178, 179, 180, 181, 182, 183, 184, 185, 186, 187, 188, 189, 190, 191, 192, 193, 194, 195, 196, 197, 198, 199, 200, 201, 202, 203, 204, 205, 206, 207, 208, 209, 210, 211, 212, 213, 214, 215, 216, 217, 218, 219, 220, 221, 222, 223, 224, 225, 226, 227, 228, 229, 230, 231, 232, 233, 234, 235, 236, 237, 238, 239, 240, 241, 242, 243, 244, 245, 246, 247, 248, 249, 250, 251, 252, 253, 254, 255, 256, 257, 258, 259, 260, 261, 262, 263, 264, 265, 266, 267, 268, 269, 270, 271, 272, 273, 274, 275, 276, 277, 278, 279, 280, 281, 282, 283, 284, 285, 286, 287, 288, 289, 290, 291, 292, 293, 294, 295, 296, 297, 298, 299, 300, 301, 302, 303, 304, 305, 306, 307, 308, 309, 310, 311, 312, 313, 314, 315, 316, 317, 318, 319, 320, 321, 322, 323, 324, 325, 326, 327, 328, 329, 330, 331, 332, 333, 334, 335, 336, 337, 338, 339, 340, 341, 342, 343, 344, 345, 346, 347, 348, 349, 350, 351, 352, 353, 354, 355, 356, 357, 358, 359, 360, 361, 362, 363, 364, 365, 366, 367, 368, 369, 370, 371, 372, 373, 374, 375, 376, 377, 378, 379, 380, 381, 382, 383, 384, 385, 386, 387, 388, 389, 390, 391, 392, 393, 394, 395, 396, 397, 398, 399, 400, 401, 402, 403, 404, 405, 406, 407, 408, 409, 410, 411, 412, 413, 414, 415, 416, 417, 418, 419, 420, 421, 422, 423, 424, 425, 426, 427, 428, 429, 430, 431, 432, 433, 434, 435, 436, 437, 438, 439, 440, 441, 442, 443, 444, 445, 446, 447, 448, 449, 450, 451, 452, 453, 454, 455, 456, 457, 458, 459, 460, 461, 462, 463, 464, 465, 466, 467, 468, 469, 470, 471, 472, 473, 474, 475, 476, 477, 478, 479, 480, 481, 482, 483, 484, 485, 486, 487, 488, 489, 490, 491, 492, 493, 494, 495, 496, 497, 498, 499, 500, 501, 502, 503, 504, 505, 506, 507, 508, 509, 510], "AcquisitionTime": ["100923.715000", "100924.325000", "100924.935000", "100925.545000", "100926.155000", "100926.765000", "100927.375000", "100927.985000", "100928.595000", "100929.205000", "100929.815000", "100930.425000", "100931.035000", "100931.645000", "100932.255000", "100932.865000", "100933.475000", "100934.085000", "100934.695000", "100935.305000", "100935.915000", "100936.525000", "100937.135000", "100937.745000", "100938.355000", "100938.965000", "100939.575000", "100940.185000", "100940.795000", "100941.405000", "100942.015000", "100942.625000", "100943.235000", "100943.845000", "100944.455000", "100945.065000", "100945.675000", "100946.285000", "100946.895000", "100947.505000", "100948.115000", "100948.725000", "100949.335000", "100949.945000", "100950.555000", "100951.165000", "100951.775000", "100952.385000", "100952.995000", "100953.605000", "100954.215000", "100954.825000", "100955.435000", "100956.045000", "100956.655000", "100957.265000", "100957.875000", "100958.485000", "100959.095000", "100959.705000", "101000.315000", "101000.925000", "101001.535000", "101002.145000", "101002.755000", "101003.365000", "101003.975000", "101004.585000", "101005.195000", "101005.805000", "101006.415000", "101007.025000", "101007.635000", "101008.245000", "101008.855000", "101009.465000", "101010.075000", "101010.685000", "101011.295000", "101011.905000", "101012.515000", "101013.125000", "101013.735000", "101014.345000", "101014.955000", "101015.565000", "101016.175000", "101016.785000", "101017.395000", "101018.005000", "101018.615000", "101019.225000", "101019.835000", "101020.445000", "101021.055000", "101021.665000", "101022.275000", "101022.885000", "101023.495000", "101024.105000", "101024.715000", "101025.325000", "101025.935000", "101026.545000", "101027.155000", "101027.765000", "101028.375000", "101028.985000", "101029.595000", "101030.205000", "101030.815000", "101031.425000", "101032.035000", "101032.645000", "101033.255000", "101033.865000", "101034.475000", "101035.085000", "101035.695000", "101036.305000", "101036.915000", "101037.525000", "101038.135000", "101038.745000", "101039.355000", "101039.965000", "101040.575000", "101041.185000", "101041.795000", "101042.405000", "101043.015000", "101043.625000", "101044.235000", "101044.845000", "101045.455000", "101046.065000", "101046.675000", "101047.285000", "101047.895000", "101048.505000", "101049.115000", "101049.725000", "101050.335000", "101050.945000", "101051.555000", "101052.165000", "101052.775000", "101053.385000", "101053.995000", "101054.605000", "101055.215000", "101055.825000", "101056.435000", "101057.045000", "101057.655000", "101058.265000", "101058.875000", "101059.485000", "101100.095000", "101100.705000", "101101.315000", "101101.925000", "101102.535000", "101103.145000", "101103.755000", "101104.365000", "101104.975000", "101105.585000", "101106.195000", "101106.805000", "101107.415000", "101108.025000", "101108.635000", "101109.245000", "101109.855000", "101110.465000", "101111.075000", "101111.685000", "101112.295000", "101112.905000", "101113.515000", "101114.125000", "101114.735000", "101115.345000", "101115.955000", "101116.565000", "101117.175000", "101117.785000", "101118.395000", "101119.005000", "101119.615000", "101120.225000", "101120.835000", "101121.445000", "101122.055000", "101122.665000", "101123.275000", "101123.885000", "101124.495000", "101125.105000", "101125.715000", "101126.325000", "101126.935000", "101127.545000", "101128.155000", "101128.765000", "101129.375000", "101129.985000", "101130.595000", "101131.205000", "101131.815000", "101132.425000", "101133.035000", "101133.645000", "101134.255000", "101134.865000", "101135.475000", "101136.085000", "101136.695000", "101137.305000", "101137.915000", "101138.525000", "101139.135000", "101139.745000", "101140.355000", "101140.965000", "101141.575000", "101142.185000", "101142.795000", "101143.405000", "101144.015000", "101144.625000", "101145.235000", "101145.845000", "101146.455000", "101147.065000", "101147.675000", "101148.285000", "101148.895000", "101149.505000", "101150.115000", "101150.725000", "101151.335000", "101151.945000", "101152.555000", "101153.165000", "101153.775000", "101154.385000", "101154.995000", "101155.605000", "101156.215000", "101156.825000", "101157.435000", "101158.045000", "101158.655000", "101159.265000", "101159.875000", "101200.485000", "101201.095000", "101201.705000", "101202.315000", "101202.925000", "101203.535000", "101204.145000", "101204.755000", "101205.365000", "101205.975000", "101206.585000", "101207.195000", "101207.805000", "101208.415000", "101209.025000", "101209.635000", "101210.245000", "101210.855000", "101211.465000", "101212.075000", "101212.685000", "101213.295000", "101213.905000", "101214.515000", "101215.125000", "101215.735000", "101216.345000", "101216.955000", "101217.565000", "101218.175000", "101218.785000", "101219.395000", "101220.005000", "101220.615000", "101221.225000", "101221.835000", "101222.445000", "101223.055000", "101223.665000", "101224.275000", "101224.885000", "101225.495000", "101226.105000", "101226.715000", "101227.325000", "101227.935000", "101228.545000", "101229.155000", "101229.765000", "101230.375000", "101230.985000", "101231.595000", "101232.205000", "101232.815000", "101233.425000", "101234.035000", "101234.645000", "101235.255000", "101235.865000", "101236.475000", "101237.085000", "101237.695000", "101238.305000", "101238.915000", "101239.525000", "101240.135000", "101240.745000", "101241.355000", "101241.965000", "101242.575000", "101243.185000", "101243.795000", "101244.405000", "101245.015000", "101245.625000", "101246.235000", "101246.845000", "101247.455000", "101248.065000", "101248.675000", "101249.285000", "101249.895000", "101250.505000", "101251.115000", "101251.725000", "101252.335000", "101252.945000", "101253.555000", "101254.165000", "101254.775000", "101255.385000", "101255.995000", "101256.605000", "101257.215000", "101257.825000", "101258.435000", "101259.045000", "101259.655000", "101300.265000", "101300.875000", "101301.485000", "101302.095000", "101302.705000", "101303.315000", "101303.925000", "101304.535000", "101305.145000", "101305.755000", "101306.365000", "101306.975000", "101307.585000", "101308.195000", "101308.805000", "101309.415000", "101310.025000", "101310.635000", "101311.245000", "101311.855000", "101312.465000", "101313.075000", "101313.685000", "101314.295000", "101314.905000", "101315.515000", "101316.125000", "101316.735000", "101317.345000", "101317.955000", "101318.565000", "101319.175000", "101319.785000", "101320.395000", "101321.005000", "101321.615000", "101322.225000", "101322.835000", "101323.445000", "101324.055000", "101324.665000", "101325.275000", "101325.885000", "101326.495000", "101327.105000", "101327.715000", "101328.325000", "101328.935000", "101329.545000", "101330.155000", "101330.765000", "101331.375000", "101331.985000", "101332.595000", "101333.205000", "101333.815000", "101334.425000", "101335.035000", "101335.645000", "101336.255000", "101336.865000", "101337.475000", "101338.085000", "101338.695000", "101339.305000", "101339.915000", "101340.525000", "101341.135000", "101341.745000", "101342.355000", "101342.965000", "101343.575000", "101344.185000", "101344.795000", "101345.405000", "101346.015000", "101346.625000", "101347.235000", "101347.845000", "101348.455000", "101349.065000", "101349.675000", "101350.285000", "101350.895000", "101351.505000", "101352.115000", "101352.725000", "101353.335000", "101353.945000", "101354.555000", "101355.165000", "101355.775000", "101356.385000", "101356.995000", "101357.605000", "101358.215000", "101358.825000", "101359.435000", "101400.045000", "101400.655000", "101401.265000", "101401.875000", "101402.485000", "101403.095000", "101403.705000", "101404.315000", "101404.925000", "101405.535000", "101406.145000", "101406.755000", "101407.365000", "101407.975000", "101408.585000", "101409.195000", "101409.805000", "101410.415000", "101411.025000", "101411.635000", "101412.245000", "101412.855000", "101413.465000", "101414.075000", "101414.685000", "101415.295000", "101415.905000", "101416.515000", "101417.125000", "101417.735000", "101418.345000", "101418.955000", "101419.565000", "101420.175000", "101420.785000", "101421.395000", "101422.005000", "101422.615000", "101423.225000", "101423.835000", "101424.445000", "101425.055000", "101425.665000", "101426.275000", "101426.885000", "101427.495000", "101428.105000", "101428.715000", "101429.325000", "101429.935000", "101430.545000", "101431.155000", "101431.765000", "101432.375000", "101432.985000", "101433.595000", "101434.205000"], "ContentTime": ["100936.976000", "100936.992000", "100936.994000", "100936.997000", "100937.002000", "100937.004000", "100937.007000", "100937.009000", "100937.012000", "100937.014000", "100937.016000", "100937.019000", "100937.021000", "100937.024000", "100937.026000", "100937.028000", "100937.031000", "100937.033000", "100937.035000", "100937.043000", "100956.971000", "100956.974000", "100956.976000", "100956.983000", "100956.986000", "100956.988000", "100956.990000", "100956.994000", "100956.996000", "100957.000000", "100957.002000", "100957.004000", "100957.007000", "100957.009000", "100957.012000", "100957.014000", "100957.016000", "100957.019000", "100957.021000", "100957.023000", "100957.026000", "100957.028000", "100957.030000", "100957.033000", "100957.035000", "100957.037000", "100957.043000", "100957.046000", "100957.048000", "100957.050000", "100957.053000", "100957.055000", "100957.057000", "101016.971000", "101016.974000", "101016.976000", "101016.978000", "101016.981000", "101016.983000", "101016.986000", "101016.988000", "101016.990000", "101016.993000", "101016.995000", "101016.997000", "101017.001000", "101017.003000", "101017.005000", "101017.008000", "101017.010000", "101017.013000", "101017.015000", "101017.017000", "101017.020000", "101017.022000", "101017.024000", "101017.027000", "101017.029000", "101017.031000", "101017.034000", "101017.036000", "101017.038000", "101017.041000", "101017.043000", "101017.045000", "101017.048000", "101036.971000", "101036.974000", "101036.976000", "101036.978000", "101036.981000", "101036.983000", "101036.985000", "101036.988000", "101036.990000", "101036.993000", "101036.995000", "101036.997000", "101037.001000", "101037.003000", "101037.005000", "101037.008000", "101037.010000", "101037.013000", "101037.015000", "101037.017000", "101037.020000", "101037.022000", "101037.024000", "101037.027000", "101037.029000", "101037.032000", "101037.034000", "101037.036000", "101037.039000", "101037.041000", "101037.043000", "101037.046000", "101037.048000", "101056.972000", "101056.975000", "101056.977000", "101056.979000", "101056.982000", "101056.984000", "101056.986000", "101056.989000", "101056.991000", "101056.994000", "101056.996000", "101056.998000", "101057.001000", "101057.003000", "101057.005000", "101057.008000", "101057.010000", "101057.013000", "101057.029000", "101057.032000", "101057.034000", "101057.037000", "101057.039000", "101057.041000", "101057.044000", "101057.046000", "101057.048000", "101057.051000", "101057.053000", "101057.055000", "101057.058000", "101057.060000", "101057.062000", "101116.971000", "101116.974000", "101116.976000", "101116.979000", "101116.981000", "101116.983000", "101116.986000", "101116.988000", "101116.991000", "101116.993000", "101116.995000", "101116.998000", "101117.001000", "101117.003000", "101117.006000", "101117.008000", "101117.011000", "101117.013000", "101117.015000", "101117.018000", "101117.020000", "101117.022000", "101117.025000", "101117.027000", "101117.030000", "101117.032000", "101117.034000", "101117.037000", "101117.039000", "101117.041000", "101117.044000", "101117.046000", "101136.971000", "101136.974000", "101136.976000", "101136.978000", "101136.981000", "101136.983000", "101136.986000", "101136.988000", "101136.990000", "101136.993000", "101136.995000", "101136.997000", "101137.001000", "101137.003000", "101137.006000", "101137.008000", "101137.010000", "101137.013000", "101137.015000", "101137.018000", "101137.020000", "101137.022000", "101137.025000", "101137.027000", "101137.030000", "101137.033000", "101137.035000", "101137.037000", "101137.040000", "101137.042000", "101137.045000", "101137.047000", "101137.049000", "101156.971000", "101156.974000", "101156.976000", "101156.979000", "101156.981000", "101156.984000", "101156.986000", "101156.988000", "101156.991000", "101156.993000", "101156.995000", "101156.998000", "101157.001000", "101157.008000", "101157.010000", "101157.012000", "101157.015000", "101157.017000", "101157.019000", "101157.022000", "101157.024000", "101157.027000", "101157.029000", "101157.032000", "101157.034000", "101157.036000", "101157.039000", "101157.041000", "101157.043000", "101157.046000", "101157.048000", "101157.051000", "101157.053000", "101216.971000", "101216.974000", "101216.976000", "101216.978000", "101216.981000", "101216.983000", "101216.986000", "101216.988000", "101216.990000", "101216.993000", "101216.996000", "101216.998000", "101217.001000", "101217.004000", "101217.006000", "101217.009000", "101217.011000", "101217.013000", "101217.016000", "101217.018000", "101217.021000", "101217.023000", "101217.025000", "101217.028000", "101217.030000", "101217.033000", "101217.035000", "101217.037000", "101217.040000", "101217.042000", "101217.044000", "101217.047000", "101217.049000", "101236.971000", "101236.974000", "101236.976000", "101236.979000", "101236.981000", "101236.984000", "101236.986000", "101236.989000", "101236.991000", "101236.993000", "101236.996000", "101236.998000", "101237.002000", "101237.004000", "101237.007000", "101237.009000", "101237.012000", "101237.014000", "101237.017000", "101237.019000", "101237.021000", "101237.024000", "101237.026000", "101237.029000", "101237.031000", "101237.033000", "101237.036000", "101237.038000", "101237.041000", "101237.043000", "101237.045000", "101237.048000", "101256.971000", "101256.974000", "101256.976000", "101256.979000", "101256.985000", "101256.987000", "101256.990000", "101256.992000", "101256.995000", "101256.997000", "101256.999000", "101257.002000", "101257.004000", "101257.007000", "101257.009000", "101257.011000", "101257.014000", "101257.016000", "101257.019000", "101257.021000", "101257.024000", "101257.026000", "101257.028000", "101257.031000", "101257.033000", "101257.035000", "101257.038000", "101257.040000", "101257.042000", "101257.045000", "101257.047000", "101257.050000", "101257.052000", "101316.972000", "101316.975000", "101316.977000", "101316.980000", "101316.982000", "101316.985000", "101316.987000", "101316.989000", "101316.992000", "101316.994000", "101316.996000", "101316.999000", "101317.001000", "101317.004000", "101317.006000", "101317.008000", "101317.011000", "101317.013000", "101317.015000", "101317.018000", "101317.020000", "101317.022000", "101317.031000", "101317.033000", "101317.036000", "101317.038000", "101317.040000", "101317.043000", "101317.045000", "101317.048000", "101317.050000", "101317.052000", "101317.055000", "101336.971000", "101336.974000", "101336.976000", "101336.979000", "101336.981000", "101336.983000", "101336.986000", "101336.988000", "101336.991000", "101336.993000", "101336.995000", "101336.998000", "101337.001000", "101337.003000", "101337.006000", "101337.008000", "101337.011000", "101337.013000", "101337.015000", "101337.018000", "101337.020000", "101337.022000", "101337.025000", "101337.027000", "101337.029000", "101337.032000", "101337.034000", "101337.036000", "101337.039000", "101337.041000", "101337.044000", "101337.059000", "101337.061000", "101356.971000", "101356.974000", "101356.976000", "101356.979000", "101356.981000", "101356.984000", "101356.986000", "101356.988000", "101356.991000", "101356.993000", "101356.995000", "101356.998000", "101357.001000", "101357.003000", "101357.006000", "101357.008000", "101357.011000", "101357.013000", "101357.016000", "101357.018000", "101357.020000", "101357.023000", "101357.025000", "101357.027000", "101357.030000", "101357.032000", "101357.035000", "101357.037000", "101357.040000", "101357.042000", "101357.044000", "101357.047000", "101357.049000", "101416.971000", "101416.974000", "101416.976000", "101416.979000", "101416.981000", "101416.984000", "101416.986000", "101416.989000", "101416.991000", "101416.993000", "101416.996000", "101416.998000", "101417.002000", "101417.004000", "101417.007000", "101417.009000", "101417.011000", "101417.014000", "101417.016000", "101417.019000", "101417.021000", "101417.023000", "101417.026000", "101417.028000", "101417.031000", "101417.033000", "101417.035000", "101417.038000", "101417.040000", "101417.042000", "101417.045000", "101417.047000", "101435.274000", "101435.277000", "101435.280000", "101435.282000", "101435.285000", "101435.287000", "101435.290000", "101435.292000", "101435.294000", "101435.297000", "101435.299000", "101435.302000", "101435.304000", "101435.307000", "101435.309000", "101435.312000", "101435.314000", "101435.316000", "101435.319000", "101435.321000", "101435.323000", "101435.326000", "101435.328000", "101435.331000", "101435.333000", "101435.335000", "101435.338000", "101435.340000", "101435.343000", "101435.345000", "101435.347000"], "InstanceCreationTime": ["100936.976000", "100936.992000", "100936.994000", "100936.997000", "100937.002000", "100937.004000", "100937.007000", "100937.009000", "100937.012000", "100937.014000", "100937.016000", "100937.019000", "100937.021000", "100937.024000", "100937.026000", "100937.028000", "100937.031000", "100937.033000", "100937.035000", "100937.043000", "100956.971000", "100956.974000", "100956.976000", "100956.983000", "100956.986000", "100956.988000", "100956.990000", "100956.994000", "100956.996000", "100957.000000", "100957.002000", "100957.004000", "100957.007000", "100957.009000", "100957.012000", "100957.014000", "100957.016000", "100957.019000", "100957.021000", "100957.023000", "100957.026000", "100957.028000", "100957.030000", "100957.033000", "100957.035000", "100957.037000", "100957.043000", "100957.046000", "100957.048000", "100957.050000", "100957.053000", "100957.055000", "100957.057000", "101016.971000", "101016.974000", "101016.976000", "101016.978000", "101016.981000", "101016.983000", "101016.986000", "101016.988000", "101016.990000", "101016.993000", "101016.995000", "101016.997000", "101017.001000", "101017.003000", "101017.005000", "101017.008000", "101017.010000", "101017.013000", "101017.015000", "101017.017000", "101017.020000", "101017.022000", "101017.024000", "101017.027000", "101017.029000", "101017.031000", "101017.034000", "101017.036000", "101017.038000", "101017.041000", "101017.043000", "101017.045000", "101017.048000", "101036.971000", "101036.974000", "101036.976000", "101036.978000", "101036.981000", "101036.983000", "101036.985000", "101036.988000", "101036.990000", "101036.993000", "101036.995000", "101036.997000", "101037.001000", "101037.003000", "101037.005000", "101037.008000", "101037.010000", "101037.013000", "101037.015000", "101037.017000", "101037.020000", "101037.022000", "101037.024000", "101037.027000", "101037.029000", "101037.032000", "101037.034000", "101037.036000", "101037.039000", "101037.041000", "101037.043000", "101037.046000", "101037.048000", "101056.972000", "101056.975000", "101056.977000", "101056.979000", "101056.982000", "101056.984000", "101056.986000", "101056.989000", "101056.991000", "101056.994000", "101056.996000", "101056.998000", "101057.001000", "101057.003000", "101057.005000", "101057.008000", "101057.010000", "101057.013000", "101057.029000", "101057.032000", "101057.034000", "101057.037000", "101057.039000", "101057.041000", "101057.044000", "101057.046000", "101057.048000", "101057.051000", "101057.053000", "101057.055000", "101057.058000", "101057.060000", "101057.062000", "101116.971000", "101116.974000", "101116.976000", "101116.979000", "101116.981000", "101116.983000", "101116.986000", "101116.988000", "101116.991000", "101116.993000", "101116.995000", "101116.998000", "101117.001000", "101117.003000", "101117.006000", "101117.008000", "101117.011000", "101117.013000", "101117.015000", "101117.018000", "101117.020000", "101117.022000", "101117.025000", "101117.027000", "101117.030000", "101117.032000", "101117.034000", "101117.037000", "101117.039000", "101117.041000", "101117.044000", "101117.046000", "101136.971000", "101136.974000", "101136.976000", "101136.978000", "101136.981000", "101136.983000", "101136.986000", "101136.988000", "101136.990000", "101136.993000", "101136.995000", "101136.997000", "101137.001000", "101137.003000", "101137.006000", "101137.008000", "101137.010000", "101137.013000", "101137.015000", "101137.018000", "101137.020000", "101137.022000", "101137.025000", "101137.027000", "101137.030000", "101137.033000", "101137.035000", "101137.037000", "101137.040000", "101137.042000", "101137.045000", "101137.047000", "101137.049000", "101156.971000", "101156.974000", "101156.976000", "101156.979000", "101156.981000", "101156.984000", "101156.986000", "101156.988000", "101156.991000", "101156.993000", "101156.995000", "101156.998000", "101157.001000", "101157.008000", "101157.010000", "101157.012000", "101157.015000", "101157.017000", "101157.019000", "101157.022000", "101157.024000", "101157.027000", "101157.029000", "101157.032000", "101157.034000", "101157.036000", "101157.039000", "101157.041000", "101157.043000", "101157.046000", "101157.048000", "101157.051000", "101157.053000", "101216.971000", "101216.974000", "101216.976000", "101216.978000", "101216.981000", "101216.983000", "101216.986000", "101216.988000", "101216.990000", "101216.993000", "101216.996000", "101216.998000", "101217.001000", "101217.004000", "101217.006000", "101217.009000", "101217.011000", "101217.013000", "101217.016000", "101217.018000", "101217.021000", "101217.023000", "101217.025000", "101217.028000", "101217.030000", "101217.033000", "101217.035000", "101217.037000", "101217.040000", "101217.042000", "101217.044000", "101217.047000", "101217.049000", "101236.971000", "101236.974000", "101236.976000", "101236.979000", "101236.981000", "101236.984000", "101236.986000", "101236.989000", "101236.991000", "101236.993000", "101236.996000", "101236.998000", "101237.002000", "101237.004000", "101237.007000", "101237.009000", "101237.012000", "101237.014000", "101237.017000", "101237.019000", "101237.021000", "101237.024000", "101237.026000", "101237.029000", "101237.031000", "101237.033000", "101237.036000", "101237.038000", "101237.041000", "101237.043000", "101237.045000", "101237.048000", "101256.971000", "101256.974000", "101256.976000", "101256.979000", "101256.985000", "101256.987000", "101256.990000", "101256.992000", "101256.995000", "101256.997000", "101256.999000", "101257.002000", "101257.004000", "101257.007000", "101257.009000", "101257.011000", "101257.014000", "101257.016000", "101257.019000", "101257.021000", "101257.024000", "101257.026000", "101257.028000", "101257.031000", "101257.033000", "101257.035000", "101257.038000", "101257.040000", "101257.042000", "101257.045000", "101257.047000", "101257.050000", "101257.052000", "101316.972000", "101316.975000", "101316.977000", "101316.980000", "101316.982000", "101316.985000", "101316.987000", "101316.989000", "101316.992000", "101316.994000", "101316.996000", "101316.999000", "101317.001000", "101317.004000", "101317.006000", "101317.008000", "101317.011000", "101317.013000", "101317.015000", "101317.018000", "101317.020000", "101317.022000", "101317.031000", "101317.033000", "101317.036000", "101317.038000", "101317.040000", "101317.043000", "101317.045000", "101317.048000", "101317.050000", "101317.052000", "101317.055000", "101336.971000", "101336.974000", "101336.976000", "101336.979000", "101336.981000", "101336.983000", "101336.986000", "101336.988000", "101336.991000", "101336.993000", "101336.995000", "101336.998000", "101337.001000", "101337.003000", "101337.006000", "101337.008000", "101337.011000", "101337.013000", "101337.015000", "101337.018000", "101337.020000", "101337.022000", "101337.025000", "101337.027000", "101337.029000", "101337.032000", "101337.034000", "101337.036000", "101337.039000", "101337.041000", "101337.044000", "101337.059000", "101337.061000", "101356.971000", "101356.974000", "101356.976000", "101356.979000", "101356.981000", "101356.984000", "101356.986000", "101356.988000", "101356.991000", "101356.993000", "101356.995000", "101356.998000", "101357.001000", "101357.003000", "101357.006000", "101357.008000", "101357.011000", "101357.013000", "101357.016000", "101357.018000", "101357.020000", "101357.023000", "101357.025000", "101357.027000", "101357.030000", "101357.032000", "101357.035000", "101357.037000", "101357.040000", "101357.042000", "101357.044000", "101357.047000", "101357.049000", "101416.971000", "101416.974000", "101416.976000", "101416.979000", "101416.981000", "101416.984000", "101416.986000", "101416.989000", "101416.991000", "101416.993000", "101416.996000", "101416.998000", "101417.002000", "101417.004000", "101417.007000", "101417.009000", "101417.011000", "101417.014000", "101417.016000", "101417.019000", "101417.021000", "101417.023000", "101417.026000", "101417.028000", "101417.031000", "101417.033000", "101417.035000", "101417.038000", "101417.040000", "101417.042000", "101417.045000", "101417.047000", "101435.274000", "101435.277000", "101435.280000", "101435.282000", "101435.285000", "101435.287000", "101435.290000", "101435.292000", "101435.294000", "101435.297000", "101435.299000", "101435.302000", "101435.304000", "101435.307000", "101435.309000", "101435.312000", "101435.314000", "101435.316000", "101435.319000", "101435.321000", "101435.323000", "101435.326000", "101435.328000", "101435.331000", "101435.333000", "101435.335000", "101435.338000", "101435.340000", "101435.343000", "101435.345000", "101435.347000"], "InstanceNumber": [1, 2, 3, 4, 5, 6, 7, 8, 9, 10, 11, 12, 13, 14, 15, 16, 17, 18, 19, 20, 21, 22, 23, 24, 25, 26, 27, 28, 29, 30, 31, 32, 33, 34, 35, 36, 37, 38, 39, 40, 41, 42, 43, 44, 45, 46, 47, 48, 49, 50, 51, 52, 53, 54, 55, 56, 57, 58, 59, 60, 61, 62, 63, 64, 65, 66, 67, 68, 69, 70, 71, 72, 73, 74, 75, 76, 77, 78, 79, 80, 81, 82, 83, 84, 85, 86, 87, 88, 89, 90, 91, 92, 93, 94, 95, 96, 97, 98, 99, 100, 101, 102, 103, 104, 105, 106, 107, 108, 109, 110, 111, 112, 113, 114, 115, 116, 117, 118, 119, 120, 121, 122, 123, 124, 125, 126, 127, 128, 129, 130, 131, 132, 133, 134, 135, 136, 137, 138, 139, 140, 141, 142, 143, 144, 145, 146, 147, 148, 149, 150, 151, 152, 153, 154, 155, 156, 157, 158, 159, 160, 161, 162, 163, 164, 165, 166, 167, 168, 169, 170, 171, 172, 173, 174, 175, 176, 177, 178, 179, 180, 181, 182, 183, 184, 185, 186, 187, 188, 189, 190, 191, 192, 193, 194, 195, 196, 197, 198, 199, 200, 201, 202, 203, 204, 205, 206, 207, 208, 209, 210, 211, 212, 213, 214, 215, 216, 217, 218, 219, 220, 221, 222, 223, 224, 225, 226, 227, 228, 229, 230, 231, 232, 233, 234, 235, 236, 237, 238, 239, 240, 241, 242, 243, 244, 245, 246, 247, 248, 249, 250, 251, 252, 253, 254, 255, 256, 257, 258, 259, 260, 261, 262, 263, 264, 265, 266, 267, 268, 269, 270, 271, 272, 273, 274, 275, 276, 277, 278, 279, 280, 281, 282, 283, 284, 285, 286, 287, 288, 289, 290, 291, 292, 293, 294, 295, 296, 297, 298, 299, 300, 301, 302, 303, 304, 305, 306, 307, 308, 309, 310, 311, 312, 313, 314, 315, 316, 317, 318, 319, 320, 321, 322, 323, 324, 325, 326, 327, 328, 329, 330, 331, 332, 333, 334, 335, 336, 337, 338, 339, 340, 341, 342, 343, 344, 345, 346, 347, 348, 349, 350, 351, 352, 353, 354, 355, 356, 357, 358, 359, 360, 361, 362, 363, 364, 365, 366, 367, 368, 369, 370, 371, 372, 373, 374, 375, 376, 377, 378, 379, 380, 381, 382, 383, 384, 385, 386, 387, 388, 389, 390, 391, 392, 393, 394, 395, 396, 397, 398, 399, 400, 401, 402, 403, 404, 405, 406, 407, 408, 409, 410, 411, 412, 413, 414, 415, 416, 417, 418, 419, 420, 421, 422, 423, 424, 425, 426, 427, 428, 429, 430, 431, 432, 433, 434, 435, 436, 437, 438, 439, 440, 441, 442, 443, 444, 445, 446, 447, 448, 449, 450, 451, 452, 453, 454, 455, 456, 457, 458, 459, 460, 461, 462, 463, 464, 465, 466, 467, 468, 469, 470, 471, 472, 473, 474, 475, 476, 477, 478, 479, 480, 481, 482, 483, 484, 485, 486, 487, 488, 489, 490, 491, 492, 493, 494, 495, 496, 497, 498, 499, 500, 501, 502, 503, 504, 505, 506, 507, 508, 509, 510], "LargestImagePixelValue": [470, 497, 479, 466, 458, 461, 471, 458, 592, 492, 559, 630, 461, 653, 524, 531, 516, 598, 497, 582, 519, 446, 598, 472, 446, 632, 497, 479, 479, 502, 458, 517, 514, 613, 490, 494, 546, 517, 447, 532, 499, 447, 456, 445, 504, 463, 530, 479, 475, 526, 455, 504, 454, 537, 483, 465, 515, 501, 468, 493, 590, 447, 501, 442, 451, 446, 449, 447, 452, 499, 446, 587, 445, 552, 446, 577, 498, 502, 524, 553, 447, 493, 439, 523, 455, 571, 496, 499, 454, 521, 451, 527, 459, 557, 480, 552, 485, 543, 463, 491, 574, 448, 464, 450, 463, 457, 490, 450, 519, 442, 612, 495, 578, 555, 556, 537, 546, 508, 463, 492, 437, 485, 459, 501, 464, 450, 473, 480, 547, 491, 622, 453, 513, 459, 510, 484, 456, 534, 452, 522, 454, 566, 465, 548, 515, 562, 455, 452, 485, 513, 465, 456, 511, 452, 571, 523, 547, 503, 550, 480, 597, 490, 545, 462, 579, 463, 480, 449, 460, 455, 522, 540, 491, 564, 536, 517, 566, 478, 551, 496, 602, 469, 617, 543, 563, 567, 510, 530, 465, 560, 464, 550, 458, 555, 497, 505, 494, 516, 507, 554, 607, 525, 503, 402, 545, 465, 697, 507, 461, 585, 438, 420, 460, 423, 543, 416, 477, 420, 499, 598, 475, 534, 534, 562, 585, 589, 494, 547, 547, 553, 514, 474, 454, 454, 446, 466, 549, 543, 469, 434, 442, 501, 475, 557, 517, 450, 503, 444, 503, 517, 454, 512, 494, 448, 516, 447, 440, 515, 646, 607, 571, 496, 544, 462, 443, 445, 456, 507, 551, 525, 512, 626, 468, 561, 544, 474, 453, 477, 493, 502, 582, 475, 466, 481, 441, 498, 446, 453, 477, 427, 543, 452, 455, 624, 538, 644, 448, 481, 461, 440, 627, 445, 498, 518, 479, 547, 556, 567, 477, 691, 498, 467, 470, 456, 604, 432, 488, 437, 636, 451, 654, 501, 583, 541, 467, 552, 441, 473, 446, 437, 456, 577, 603, 472, 490, 571, 529, 437, 433, 455, 468, 448, 531, 433, 542, 447, 542, 520, 716, 478, 515, 630, 508, 432, 437, 487, 465, 514, 443, 452, 440, 439, 434, 485, 505, 454, 453, 515, 598, 506, 655, 512, 593, 475, 554, 440, 559, 451, 577, 515, 457, 426, 454, 430, 504, 580, 641, 580, 494, 471, 438, 444, 404, 454, 453, 466, 429, 465, 434, 432, 463, 478, 433, 436, 658, 507, 439, 554, 513, 540, 433, 510, 453, 447, 605, 517, 429, 420, 622, 560, 457, 441, 505, 429, 436, 443, 440, 422, 414, 495, 455, 476, 493, 450, 463, 474, 452, 507, 498, 451, 409, 409, 535, 434, 425, 421, 428, 459, 441, 392, 425, 510, 474, 511, 521, 444, 524, 499, 495, 432, 469, 449, 474, 452, 418, 522, 409, 516, 575, 481, 567, 496, 437, 472, 455, 507, 537, 488, 443, 411, 411, 420, 424, 461, 424, 417, 418, 421, 441, 412, 422, 427, 466, 458, 428, 484, 467, 459, 544, 493, 666, 684, 579, 559, 454, 436, 427, 423, 409, 414], "WindowCenter": [288.0, 283.0, 283.0, 279.0, 282.0, 280.0, 282.0, 281.0, 283.0, 282.0, 283.0, 285.0, 285.0, 286.0, 282.0, 284.0, 284.0, 285.0, 281.0, 287.0, 281.0, 280.0, 285.0, 282.0, 282.0, 284.0, 281.0, 280.0, 278.0, 283.0, 283.0, 285.0, 282.0, 282.0, 278.0, 285.0, 283.0, 280.0, 279.0, 282.0, 281.0, 279.0, 279.0, 281.0, 281.0, 281.0, 281.0, 281.0, 280.0, 280.0, 279.0, 281.0, 280.0, 281.0, 281.0, 279.0, 282.0, 281.0, 280.0, 281.0, 283.0, 279.0, 281.0, 280.0, 282.0, 281.0, 282.0, 280.0, 283.0, 283.0, 282.0, 284.0, 282.0, 283.0, 282.0, 284.0, 284.0, 283.0, 282.0, 282.0, 283.0, 281.0, 281.0, 283.0, 283.0, 284.0, 282.0, 282.0, 283.0, 283.0, 282.0, 282.0, 279.0, 285.0, 282.0, 282.0, 282.0, 283.0, 283.0, 283.0, 283.0, 282.0, 283.0, 282.0, 281.0, 282.0, 282.0, 283.0, 282.0, 282.0, 285.0, 281.0, 282.0, 282.0, 282.0, 282.0, 283.0, 282.0, 282.0, 276.0, 277.0, 285.0, 283.0, 280.0, 270.0, 284.0, 284.0, 279.0, 282.0, 282.0, 283.0, 283.0, 282.0, 280.0, 281.0, 281.0, 280.0, 282.0, 281.0, 281.0, 281.0, 283.0, 282.0, 283.0, 282.0, 282.0, 282.0, 279.0, 284.0, 285.0, 282.0, 281.0, 282.0, 286.0, 285.0, 283.0, 282.0, 281.0, 283.0, 282.0, 284.0, 282.0, 283.0, 282.0, 285.0, 282.0, 283.0, 282.0, 283.0, 283.0, 284.0, 285.0, 284.0, 284.0, 285.0, 284.0, 284.0, 283.0, 284.0, 282.0, 284.0, 282.0, 283.0, 284.0, 284.0, 285.0, 282.0, 284.0, 282.0, 283.0, 281.0, 283.0, 282.0, 283.0, 283.0, 283.0, 282.0, 282.0, 283.0, 283.0, 283.0, 283.0, 278.0, 254.0, 288.0, 272.0, 288.0, 282.0, 281.0, 283.0, 280.0, 280.0, 280.0, 279.0, 281.0, 277.0, 280.0, 276.0, 288.0, 284.0, 282.0, 277.0, 276.0, 280.0, 282.0, 279.0, 278.0, 280.0, 282.0, 284.0, 281.0, 281.0, 280.0, 281.0, 280.0, 280.0, 283.0, 284.0, 280.0, 274.0, 278.0, 283.0, 282.0, 278.0, 279.0, 277.0, 279.0, 274.0, 273.0, 271.0, 279.0, 285.0, 281.0, 281.0, 282.0, 281.0, 279.0, 276.0, 285.0, 282.0, 276.0, 280.0, 280.0, 276.0, 282.0, 280.0, 283.0, 283.0, 287.0, 281.0, 284.0, 286.0, 281.0, 280.0, 284.0, 281.0, 282.0, 282.0, 281.0, 280.0, 283.0, 280.0, 282.0, 283.0, 280.0, 281.0, 281.0, 281.0, 281.0, 281.0, 285.0, 280.0, 280.0, 283.0, 281.0, 281.0, 277.0, 279.0, 278.0, 280.0, 281.0, 278.0, 280.0, 281.0, 280.0, 282.0, 281.0, 282.0, 283.0, 284.0, 281.0, 280.0, 281.0, 279.0, 283.0, 280.0, 282.0, 281.0, 284.0, 281.0, 285.0, 283.0, 283.0, 283.0, 282.0, 283.0, 284.0, 284.0, 275.0, 273.0, 279.0, 273.0, 282.0, 270.0, 286.0, 288.0, 281.0, 279.0, 280.0, 276.0, 280.0, 285.0, 285.0, 282.0, 283.0, 279.0, 284.0, 273.0, 269.0, 279.0, 291.0, 284.0, 282.0, 278.0, 280.0, 283.0, 282.0, 283.0, 282.0, 282.0, 281.0, 282.0, 282.0, 283.0, 283.0, 282.0, 281.0, 284.0, 284.0, 281.0, 288.0, 282.0, 283.0, 281.0, 283.0, 282.0, 283.0, 281.0, 278.0, 284.0, 280.0, 282.0, 272.0, 278.0, 282.0, 279.0, 278.0, 284.0, 281.0, 281.0, 282.0, 280.0, 274.0, 284.0, 283.0, 284.0, 282.0, 283.0, 285.0, 283.0, 285.0, 283.0, 284.0, 283.0, 284.0, 270.0, 266.0, 290.0, 284.0, 276.0, 268.0, 284.0, 280.0, 281.0, 289.0, 283.0, 282.0, 281.0, 282.0, 281.0, 281.0, 284.0, 283.0, 280.0, 282.0, 282.0, 281.0, 281.0, 281.0, 283.0, 283.0, 282.0, 282.0, 282.0, 281.0, 281.0, 281.0, 282.0, 283.0, 277.0, 279.0, 276.0, 285.0, 280.0, 276.0, 279.0, 273.0, 282.0, 281.0, 271.0, 284.0, 287.0, 276.0, 287.0, 285.0, 280.0, 284.0, 282.0, 281.0, 280.0, 279.0, 274.0, 281.0, 279.0, 285.0, 284.0, 278.0, 283.0, 285.0, 279.0, 279.0, 282.0, 279.0, 279.0, 281.0, 285.0, 285.0, 283.0, 281.0, 281.0, 281.0, 281.0, 280.0, 282.0, 281.0, 281.0, 281.0, 280.0, 281.0, 280.0, 284.0, 284.0, 282.0, 280.0, 278.0, 276.0, 283.0, 283.0, 276.0, 269.0, 282.0, 290.0, 283.0, 286.0, 281.0, 280.0, 280.0, 280.0, 279.0, 281.0], "WindowWidth": [630.0, 621.0, 621.0, 612.0, 619.0, 616.0, 618.0, 617.0, 619.0, 619.0, 620.0, 624.0, 625.0, 625.0, 619.0, 622.0, 622.0, 623.0, 616.0, 628.0, 617.0, 616.0, 624.0, 619.0, 618.0, 622.0, 616.0, 614.0, 611.0, 622.0, 621.0, 624.0, 618.0, 618.0, 611.0, 624.0, 620.0, 615.0, 614.0, 618.0, 616.0, 612.0, 613.0, 616.0, 617.0, 617.0, 616.0, 618.0, 615.0, 614.0, 614.0, 616.0, 615.0, 616.0, 617.0, 613.0, 618.0, 616.0, 615.0, 617.0, 620.0, 613.0, 617.0, 615.0, 620.0, 617.0, 618.0, 615.0, 620.0, 620.0, 619.0, 623.0, 619.0, 621.0, 619.0, 622.0, 623.0, 621.0, 619.0, 618.0, 620.0, 617.0, 617.0, 620.0, 620.0, 621.0, 619.0, 619.0, 620.0, 620.0, 618.0, 619.0, 614.0, 624.0, 618.0, 618.0, 618.0, 620.0, 620.0, 621.0, 619.0, 618.0, 621.0, 620.0, 618.0, 618.0, 619.0, 620.0, 619.0, 618.0, 624.0, 617.0, 617.0, 618.0, 618.0, 618.0, 620.0, 619.0, 618.0, 607.0, 609.0, 626.0, 621.0, 614.0, 595.0, 623.0, 623.0, 613.0, 618.0, 619.0, 619.0, 621.0, 619.0, 615.0, 617.0, 616.0, 615.0, 618.0, 616.0, 617.0, 618.0, 619.0, 618.0, 620.0, 619.0, 618.0, 620.0, 613.0, 622.0, 624.0, 618.0, 617.0, 619.0, 625.0, 624.0, 620.0, 619.0, 617.0, 620.0, 619.0, 621.0, 618.0, 620.0, 619.0, 624.0, 618.0, 620.0, 619.0, 620.0, 620.0, 622.0, 623.0, 622.0, 622.0, 623.0, 622.0, 623.0, 621.0, 623.0, 619.0, 621.0, 619.0, 621.0, 621.0, 621.0, 623.0, 619.0, 623.0, 618.0, 620.0, 618.0, 619.0, 618.0, 620.0, 620.0, 620.0, 619.0, 618.0, 620.0, 621.0, 620.0, 620.0, 611.0, 565.0, 630.0, 599.0, 629.0, 619.0, 618.0, 621.0, 614.0, 614.0, 615.0, 614.0, 615.0, 608.0, 615.0, 608.0, 629.0, 621.0, 618.0, 608.0, 608.0, 615.0, 618.0, 613.0, 610.0, 614.0, 619.0, 622.0, 616.0, 617.0, 616.0, 616.0, 614.0, 616.0, 619.0, 623.0, 614.0, 604.0, 611.0, 620.0, 619.0, 610.0, 613.0, 609.0, 612.0, 604.0, 601.0, 598.0, 612.0, 623.0, 616.0, 617.0, 618.0, 616.0, 613.0, 607.0, 622.0, 616.0, 606.0, 615.0, 614.0, 606.0, 620.0, 614.0, 620.0, 620.0, 627.0, 615.0, 623.0, 625.0, 616.0, 615.0, 621.0, 616.0, 619.0, 619.0, 617.0, 615.0, 619.0, 614.0, 619.0, 620.0, 614.0, 616.0, 617.0, 617.0, 616.0, 617.0, 624.0, 615.0, 614.0, 620.0, 616.0, 616.0, 610.0, 612.0, 611.0, 614.0, 616.0, 610.0, 614.0, 615.0, 614.0, 617.0, 617.0, 618.0, 620.0, 621.0, 616.0, 615.0, 617.0, 614.0, 619.0, 616.0, 618.0, 617.0, 621.0, 617.0, 624.0, 621.0, 620.0, 620.0, 619.0, 620.0, 622.0, 621.0, 606.0, 601.0, 613.0, 600.0, 618.0, 594.0, 626.0, 629.0, 616.0, 613.0, 615.0, 608.0, 615.0, 624.0, 623.0, 619.0, 619.0, 613.0, 622.0, 600.0, 593.0, 612.0, 634.0, 621.0, 617.0, 610.0, 614.0, 621.0, 618.0, 619.0, 618.0, 618.0, 617.0, 619.0, 618.0, 620.0, 620.0, 619.0, 616.0, 622.0, 622.0, 616.0, 628.0, 619.0, 620.0, 617.0, 620.0, 619.0, 620.0, 617.0, 610.0, 622.0, 615.0, 619.0, 599.0, 611.0, 617.0, 611.0, 610.0, 621.0, 616.0, 617.0, 618.0, 614.0, 603.0, 622.0, 620.0, 623.0, 619.0, 620.0, 624.0, 620.0, 624.0, 621.0, 622.0, 620.0, 621.0, 595.0, 588.0, 633.0, 621.0, 605.0, 592.0, 622.0, 613.0, 617.0, 630.0, 619.0, 618.0, 617.0, 618.0, 615.0, 616.0, 622.0, 620.0, 615.0, 618.0, 618.0, 616.0, 617.0, 617.0, 619.0, 620.0, 619.0, 619.0, 617.0, 616.0, 616.0, 615.0, 619.0, 620.0, 608.0, 612.0, 607.0, 623.0, 614.0, 607.0, 612.0, 600.0, 619.0, 616.0, 597.0, 623.0, 627.0, 606.0, 627.0, 623.0, 615.0, 623.0, 618.0, 616.0, 614.0, 613.0, 602.0, 615.0, 612.0, 625.0, 621.0, 611.0, 619.0, 624.0, 611.0, 612.0, 617.0, 613.0, 612.0, 616.0, 623.0, 624.0, 619.0, 616.0, 616.0, 617.0, 616.0, 615.0, 617.0, 617.0, 617.0, 616.0, 615.0, 616.0, 615.0, 623.0, 622.0, 618.0, 614.0, 611.0, 606.0, 621.0, 621.0, 606.0, 592.0, 617.0, 632.0, 619.0, 626.0, 616.0, 614.0, 614.0, 616.0, 613.0, 617.0]}, "slices": {}}, "EventTimestamp": "10-12-22"}