{
  "AcquisitionMatrixPE": 64,
  "AcquisitionNumber": 1,
  "AcquisitionTime": "15:33:12.715000",
  "BandwidthPerPixelPhaseEncode": 31.25,
  "BaseResolution": 64,
  "BodyPartExamined": "BRAIN",
  "CoilCombinationMethod": "Sum of Squares",
  "ConsistencyInfo": "N4_VE11E_LATEST_20181129",
  "ConversionSoftware": "dcm2niix",
  "ConversionSoftwareVersion": "v1.0.20230411",
  "DerivedVendorReportedEchoSpacing": 0.0005,
  "DeviceSerialNumber": "166182",
  "DwellTime": 3.4e-06,
  "EchoTime": 0.032,
  "EchoTrainLength": 64,
  "EffectiveEchoSpacing": 0.0005,
  "FlipAngle": 40,
  "HeudiconvVersion": "0.13.1",
  "ImageOrientationPatientDICOM": [0.999913, 0.000988186, 0.0131787, -3.37732e-08, 0.997201, -0.0747713],
  "ImageOrientationText": "Tra>Cor(-4.3)>Sag(0.8)",
  "ImageType": [
    "ORIGINAL",
    "PRIMARY",
    "M",
    "ND",
    "NORM",
    "MOSAIC"
],
  "ImagingFrequency": 123.256033,
  "InPlanePhaseEncodingDirectionDICOM": "COL",
  "InstitutionAddress": "PEARSE STREET .,City,District,IE,D2",
  "InstitutionName": "TCIN",
  "InstitutionalDepartmentName": "MRI",
  "MRAcquisitionType": "2D",
  "MagneticFieldStrength": 3,
  "Manufacturer": "Siemens",
  "ManufacturersModelName": "Prisma",
  "MatrixCoilMode": "SENSE",
  "Modality": "MR",
  "NonlinearGradientCorrection": false,
  "PartialFourier": 1,
  "PatientPosition": "HFS",
  "PercentPhaseFOV": 100,
  "PercentSampling": 100,
  "PhaseEncodingDirection": "j",
  "PhaseEncodingSteps": 64,
  "PhaseResolution": 1,
  "PixelBandwidth": 2300,
  "ProcedureStepDescription": "Rhodri^Head BOLD",
  "ProtocolName": "cmrr_SBep2d_se_PA_RDS",
  "PulseSequenceDetails": "%SiemensSeq%\\ep2d_bold",
  "ReceiveCoilActiveElements": "HC2,4,6,7;SC",
  "ReceiveCoilName": "HeadNeck_64",
  "ReconMatrixPE": 64,
  "RepetitionTime": 2.26,
  "SAR": 0.233512,
  "ScanOptions": "FS",
  "ScanningSequence": "EP",
  "SequenceName": "*epfid2d1_64",
  "SequenceVariant": "SK",
  "SeriesDescription": "cmrr_SBep2d_se_PA_RDS",
  "SeriesNumber": 7,
  "ShimSetting": [-3589, -7339, 3941, 817, -89, -78, -213, 12],
  "SliceThickness": 3,
  "SliceTiming": [1.12, 0, 1.1825, 0.0625, 1.245, 0.125, 1.3075, 0.1875, 1.37, 0.25, 1.4325, 0.3125, 1.495, 0.375, 1.555, 0.435, 1.6175, 0.4975, 1.68, 0.56, 1.7425, 0.6225, 1.805, 0.685, 1.8675, 0.7475, 1.93, 0.81, 1.9925, 0.8725, 2.055, 0.935, 2.115, 0.995, 2.1775, 1.0575],
  "SoftwareVersions": "syngo MR E11",
  "SpacingBetweenSlices": 3.3,
  "StationName": "AWP166182",
  "TotalReadoutTime": 0.0315,
  "TxRefAmp": 227.85,
  "dcmmeta_affine": [
    [-2.9997379779815674, -1.0131972771887376e-07, 0.043611690402030945, 97.76228332519531],
    [-0.0029645580798387527, 2.9916021823883057, -0.2467237263917923, -104.41967010498047],
    [0.039536003023386, 0.224313884973526, 3.2904748916625977, -94.74420928955078],
    [0.0, 0.0, 0.0, 1.0]
],
  "dcmmeta_reorient_transform": [
    [0.0, -1.0, 0.0, 63.0],
    [1.0, 0.0, 0.0, 0.0],
    [0.0, 0.0, 1.0, 0.0],
    [0.0, 0.0, 0.0, 1.0]
],
  "dcmmeta_shape": [64, 64, 36, 10],
  "dcmmeta_slice_dim": 2,
  "dcmmeta_version": 0.6,
  "global": {
    "const": {
      "AcquisitionMatrix": [64, 0, 0, 64],
      "AngioFlag": "N",
      "BitsAllocated": 16,
      "BitsStored": 12,
      "BodyPartExamined": "BRAIN",
      "Columns": 384,
      "EchoNumbers": 1,
      "EchoTime": 32.0,
      "EchoTrainLength": 64,
      "FlipAngle": 40.0,
      "HighBit": 11,
      "ImageOrientationPatient": [0.99991266929573, 0.00098818600594, 0.01317866724345, -3.3773243e-08, 0.99720070871179, -0.0747712949246],
      "ImagePositionPatient": [-577.72034167999, -563.18193439227, -51.047976045516],
      "ImageType": [
        "ORIGINAL",
        "PRIMARY",
        "M",
        "ND",
        "NORM",
        "MOSAIC"
],
      "ImagedNucleus": "1H",
      "ImagingFrequency": 123.256033,
      "InPlanePhaseEncodingDirection": "COL",
      "MRAcquisitionType": "2D",
      "MagneticFieldStrength": 3.0,
      "Manufacturer": "SIEMENS",
      "ManufacturerModelName": "Prisma",
      "Modality": "MR",
      "NumberOfAverages": 1.0,
      "NumberOfPhaseEncodingSteps": 64,
      "PercentPhaseFieldOfView": 100.0,
      "PercentSampling": 100.0,
      "PerformedProcedureStepStartTime": "152535.243000",
      "PhotometricInterpretation": "MONOCHROME2",
      "PixelBandwidth": 2300.0,
      "PixelRepresentation": 0,
      "PixelSpacing": [3.0, 3.0],
      "ProtocolName": "cmrr_SBep2d_se_PA_RDS",
      "RepetitionTime": 2260.0,
      "Rows": 384,
      "SAR": 0.2335118067137,
      "SamplesPerPixel": 1,
      "ScanOptions": "FS",
      "ScanningSequence": "EP",
      "SequenceName": "*epfid2d1_64",
      "SequenceVariant": "SK",
      "SeriesDescription": "cmrr_SBep2d_se_PA_RDS",
      "SeriesNumber": 7,
      "SeriesTime": "153334.332000",
      "SliceLocation": -85.371839022895,
      "SliceThickness": 3.0,
      "SmallestImagePixelValue": 0,
      "SoftwareVersions": "syngo MR E11",
      "SpacingBetweenSlices": 3.2999999623867,
      "SpecificCharacterSet": "ISO_IR 100",
      "StudyID": "2",
      "StudyTime": "152535.168000",
      "TransmitCoilName": "Body",
      "VariableFlipAngleFlag": "N",
      "WindowCenterWidthExplanation": "Algo1"
    },
    "slices": {}
  },
  "time": {
    "samples": {
      "AcquisitionNumber": [1, 2, 3, 4, 5, 6, 7, 8, 9, 10],
      "AcquisitionTime": ["153312.715000", "153314.975000", "153317.235000", "153319.495000", "153321.755000", "153324.015000", "153326.275000", "153328.535000", "153330.795000", "153333.055000"],
      "ContentTime": ["153334.335000", "153334.338000", "153334.340000", "153334.343000", "153334.345000", "153334.348000", "153334.351000", "153334.353000", "153334.355000", "153334.358000"],
      "InstanceCreationTime": ["153334.335000", "153334.338000", "153334.340000", "153334.343000", "153334.345000", "153334.348000", "153334.351000", "153334.353000", "153334.355000", "153334.358000"],
      "InstanceNumber": [1, 2, 3, 4, 5, 6, 7, 8, 9, 10],
      "LargestImagePixelValue": [739, 727, 733, 730, 730, 724, 721, 726, 711, 748],
      "WindowCenter": [387.0, 384.0, 384.0, 383.0, 383.0, 382.0, 383.0, 381.0, 388.0, 381.0],
      "WindowWidth": [817.0, 814.0, 812.0, 810.0, 810.0, 808.0, 811.0, 806.0, 820.0, 806.0]
    },
    "slices": {}
  }
}