{"AcquisitionMatrixPE": 64, "AcquisitionNumber": 1, "AcquisitionTime": "14:22:17.735000", "BandwidthPerPixelPhaseEncode": 28.935, "BaseResolution": 64, "BodyPartExamined": "BRAIN", "CoilString": "HC2_4_6_7", "ConsistencyInfo": "N4_VE11E_LATEST_20181129", "ConversionSoftware": "dcm2niix", "ConversionSoftwareVersion": "v1.0.20190902", "DerivedVendorReportedEchoSpacing": 0.000540003, "DeviceSerialNumber": "166182", "DwellTime": 3.4e-06, "EchoTime": 0.032, "EchoTrainLength": 64, "EffectiveEchoSpacing": 0.000540003, "FlipAngle": 40, "ImageOrientationPatientDICOM": [0.992898, -0.113856, -0.0344919, 0.113829, 0.993497, -0.00276192], "ImageType": ["ORIGINAL", "PRIMARY", "M", "ND", "NORM", "MOSAIC"], "ImagingFrequency": 123.256, "InPlanePhaseEncodingDirectionDICOM": "COL", "InstitutionAddress": "PEARSE_STREET_._City_District_IE_D2", "InstitutionName": "TCIN", "InstitutionalDepartmentName": "MRI", "MRAcquisitionType": "2D", "MagneticFieldStrength": 3, "Manufacturer": "Siemens", "ManufacturersModelName": "Prisma", "Modality": "MR", "MultibandAccelerationFactor": 4, "PartialFourier": 1, "PatientPosition": "HFS", "PercentPhaseFOV": 100, "PhaseEncodingDirection": "j-", "PhaseEncodingSteps": 64, "PhaseResolution": 1, "PixelBandwidth": 2300, "ProcedureStepDescription": "Rhodri_Head_BOLD", "ProtocolName": "cmrr_mbep2d_Pictures_AP_RDS", "PulseSequenceDetails": "%SiemensSeq%_ep2d_bold", "ReceiveCoilActiveElements": "HC2,4,6,7", "ReceiveCoilName": "HeadNeck_64", "ReconMatrixPE": 64, "RefLinesPE": 12, "RepetitionTime": 0.61, "SAR": 0.226404, "ScanOptions": "FS", "ScanningSequence": "EP", "SequenceName": "_epfid2d1_64", "SequenceVariant": "SK", "SeriesDescription": "cmrr_mbep2d_Pictures_AP_RDS", "SeriesNumber": 10, "ShimSetting": [-3618, -7460, 3879, 838, 43, 135, 291, 78], "SliceThickness": 3, "SliceTiming": [0.2625, 0, 0.3275, 0.0675, 0.395, 0.1325, 0.46, 0.1975, 0.525, 0.2625, 0, 0.3275, 0.0675, 0.395, 0.1325, 0.46, 0.1975, 0.525, 0.2625, 0, 0.3275, 0.0675, 0.395, 0.1325, 0.46, 0.1975, 0.525, 0.2625, 0, 0.3275, 0.0675, 0.395, 0.1325, 0.46, 0.1975, 0.525], "SoftwareVersions": "syngo_MR_E11", "SpacingBetweenSlices": 3.3, "StationName": "AWP166182", "TaskName": "pictures", "TotalReadoutTime": 0.0340202, "TxRefAmp": 248.391, "dcmmeta_affine": [[-2.9786949157714844, 0.3414861857891083, -0.1141207292675972, 88.68802642822266], [0.3415682315826416, 2.980489730834961, 0.003906736616045237, -107.33787536621094], [-0.10347568243741989, 0.008285769261419773, 3.2980239391326904, -83.0907211303711], [0.0, 0.0, 0.0, 1.0]], "dcmmeta_reorient_transform": [[0.0, -1.0, 0.0, 63.0], [1.0, 0.0, 0.0, 0.0], [0.0, 0.0, 1.0, 0.0], [0.0, 0.0, 0.0, 1.0]], "dcmmeta_shape": [64, 64, 36, 510], "dcmmeta_slice_dim": 2, "dcmmeta_version": 0.6, "global": {"const": {"AcquisitionMatrix": [64, 0, 0, 64], "AngioFlag": "N", "BitsAllocated": 16, "BitsStored": 12, "BodyPartExamined": "BRAIN", "Columns": 384, "EchoNumbers": 1, "EchoTime": 32.0, "EchoTrainLength": 64, "FlipAngle": 40.0, "HighBit": 11, "ImageOrientationPatient": [0.99289833447889, -0.1138560784141, -0.0344918946597, 0.11382873053636, 0.99349654850159, -0.0027619232253], "ImagePositionPatient": [-641.43065125565, -502.66039713285, -64.686881464622], "ImageType": ["ORIGINAL", "PRIMARY", "M", "ND", "NORM", "MOSAIC"], "ImagedNucleus": "1H", "ImagingFrequency": 123.256016, "InPlanePhaseEncodingDirection": "COL", "MRAcquisitionType": "2D", "MagneticFieldStrength": 3.0, "Manufacturer": "SIEMENS", "ManufacturerModelName": "Prisma", "Modality": "MR", "NumberOfAverages": 1.0, "NumberOfPhaseEncodingSteps": 64, "PercentPhaseFieldOfView": 100.0, "PercentSampling": 100.0, "PerformedProcedureStepStartTime": "135422.075000", "PhotometricInterpretation": "MONOCHROME2", "PixelBandwidth": 2300.0, "PixelRepresentation": 0, "PixelSpacing": [3.0, 3.0], "ProtocolName": "cmrr_mbep2d_Pictures_AP_RDS", "RepetitionTime": 610.0, "Rows": 384, "SAR": 0.22640404383155, "SamplesPerPixel": 1, "ScanOptions": "FS", "ScanningSequence": "EP", "SequenceName": "*epfid2d1_64", "SequenceVariant": "SK", "SeriesDescription": "cmrr_mbep2d_Pictures_AP_RDS", "SeriesNumber": 10, "SeriesTime": "142237.462000", "SliceLocation": -86.235045572905, "SliceThickness": 3.0, "SmallestImagePixelValue": 0, "SoftwareVersions": "syngo MR E11", "SpacingBetweenSlices": 3.2999999914534, "SpecificCharacterSet": "ISO_IR 100", "StudyID": "1", "StudyTime": "135421.985000", "TransmitCoilName": "Body", "VariableFlipAngleFlag": "N", "WindowCenterWidthExplanation": "Algo1"}, "slices": {}}, "time": {"samples": {"AcquisitionNumber": [1, 2, 3, 4, 5, 6, 7, 8, 9, 10, 11, 12, 13, 14, 15, 16, 17, 18, 19, 20, 21, 22, 23, 24, 25, 26, 27, 28, 29, 30, 31, 32, 33, 34, 35, 36, 37, 38, 39, 40, 41, 42, 43, 44, 45, 46, 47, 48, 49, 50, 51, 52, 53, 54, 55, 56, 57, 58, 59, 60, 61, 62, 63, 64, 65, 66, 67, 68, 69, 70, 71, 72, 73, 74, 75, 76, 77, 78, 79, 80, 81, 82, 83, 84, 85, 86, 87, 88, 89, 90, 91, 92, 93, 94, 95, 96, 97, 98, 99, 100, 101, 102, 103, 104, 105, 106, 107, 108, 109, 110, 111, 112, 113, 114, 115, 116, 117, 118, 119, 120, 121, 122, 123, 124, 125, 126, 127, 128, 129, 130, 131, 132, 133, 134, 135, 136, 137, 138, 139, 140, 141, 142, 143, 144, 145, 146, 147, 148, 149, 150, 151, 152, 153, 154, 155, 156, 157, 158, 159, 160, 161, 162, 163, 164, 165, 166, 167, 168, 169, 170, 171, 172, 173, 174, 175, 176, 177, 178, 179, 180, 181, 182, 183, 184, 185, 186, 187, 188, 189, 190, 191, 192, 193, 194, 195, 196, 197, 198, 199, 200, 201, 202, 203, 204, 205, 206, 207, 208, 209, 210, 211, 212, 213, 214, 215, 216, 217, 218, 219, 220, 221, 222, 223, 224, 225, 226, 227, 228, 229, 230, 231, 232, 233, 234, 235, 236, 237, 238, 239, 240, 241, 242, 243, 244, 245, 246, 247, 248, 249, 250, 251, 252, 253, 254, 255, 256, 257, 258, 259, 260, 261, 262, 263, 264, 265, 266, 267, 268, 269, 270, 271, 272, 273, 274, 275, 276, 277, 278, 279, 280, 281, 282, 283, 284, 285, 286, 287, 288, 289, 290, 291, 292, 293, 294, 295, 296, 297, 298, 299, 300, 301, 302, 303, 304, 305, 306, 307, 308, 309, 310, 311, 312, 313, 314, 315, 316, 317, 318, 319, 320, 321, 322, 323, 324, 325, 326, 327, 328, 329, 330, 331, 332, 333, 334, 335, 336, 337, 338, 339, 340, 341, 342, 343, 344, 345, 346, 347, 348, 349, 350, 351, 352, 353, 354, 355, 356, 357, 358, 359, 360, 361, 362, 363, 364, 365, 366, 367, 368, 369, 370, 371, 372, 373, 374, 375, 376, 377, 378, 379, 380, 381, 382, 383, 384, 385, 386, 387, 388, 389, 390, 391, 392, 393, 394, 395, 396, 397, 398, 399, 400, 401, 402, 403, 404, 405, 406, 407, 408, 409, 410, 411, 412, 413, 414, 415, 416, 417, 418, 419, 420, 421, 422, 423, 424, 425, 426, 427, 428, 429, 430, 431, 432, 433, 434, 435, 436, 437, 438, 439, 440, 441, 442, 443, 444, 445, 446, 447, 448, 449, 450, 451, 452, 453, 454, 455, 456, 457, 458, 459, 460, 461, 462, 463, 464, 465, 466, 467, 468, 469, 470, 471, 472, 473, 474, 475, 476, 477, 478, 479, 480, 481, 482, 483, 484, 485, 486, 487, 488, 489, 490, 491, 492, 493, 494, 495, 496, 497, 498, 499, 500, 501, 502, 503, 504, 505, 506, 507, 508, 509, 510], "AcquisitionTime": ["142217.735000", "142218.345000", "142218.955000", "142219.565000", "142220.175000", "142220.785000", "142221.395000", "142222.005000", "142222.615000", "142223.225000", "142223.835000", "142224.445000", "142225.055000", "142225.665000", "142226.275000", "142226.885000", "142227.495000", "142228.105000", "142228.715000", "142229.325000", "142229.935000", "142230.545000", "142231.155000", "142231.765000", "142232.375000", "142232.985000", "142233.595000", "142234.205000", "142234.815000", "142235.425000", "142236.035000", "142236.645000", "142237.255000", "142237.865000", "142238.475000", "142239.085000", "142239.695000", "142240.305000", "142240.915000", "142241.525000", "142242.135000", "142242.745000", "142243.355000", "142243.965000", "142244.575000", "142245.185000", "142245.795000", "142246.405000", "142247.015000", "142247.625000", "142248.235000", "142248.845000", "142249.455000", "142250.065000", "142250.675000", "142251.285000", "142251.895000", "142252.505000", "142253.115000", "142253.725000", "142254.335000", "142254.945000", "142255.555000", "142256.165000", "142256.775000", "142257.385000", "142257.995000", "142258.605000", "142259.215000", "142259.825000", "142300.435000", "142301.045000", "142301.655000", "142302.265000", "142302.875000", "142303.485000", "142304.095000", "142304.705000", "142305.315000", "142305.925000", "142306.535000", "142307.145000", "142307.755000", "142308.365000", "142308.975000", "142309.585000", "142310.195000", "142310.805000", "142311.415000", "142312.025000", "142312.635000", "142313.245000", "142313.855000", "142314.465000", "142315.075000", "142315.685000", "142316.295000", "142316.905000", "142317.515000", "142318.125000", "142318.735000", "142319.345000", "142319.955000", "142320.565000", "142321.175000", "142321.785000", "142322.395000", "142323.005000", "142323.615000", "142324.225000", "142324.835000", "142325.445000", "142326.055000", "142326.665000", "142327.275000", "142327.885000", "142328.495000", "142329.105000", "142329.715000", "142330.325000", "142330.935000", "142331.545000", "142332.155000", "142332.765000", "142333.375000", "142333.985000", "142334.595000", "142335.205000", "142335.815000", "142336.425000", "142337.035000", "142337.645000", "142338.255000", "142338.865000", "142339.475000", "142340.085000", "142340.695000", "142341.305000", "142341.915000", "142342.525000", "142343.135000", "142343.745000", "142344.355000", "142344.965000", "142345.575000", "142346.185000", "142346.795000", "142347.405000", "142348.015000", "142348.625000", "142349.235000", "142349.845000", "142350.455000", "142351.065000", "142351.675000", "142352.285000", "142352.895000", "142353.505000", "142354.115000", "142354.725000", "142355.335000", "142355.945000", "142356.555000", "142357.165000", "142357.775000", "142358.385000", "142358.995000", "142359.605000", "142400.215000", "142400.825000", "142401.435000", "142402.045000", "142402.655000", "142403.265000", "142403.875000", "142404.485000", "142405.095000", "142405.705000", "142406.315000", "142406.925000", "142407.535000", "142408.145000", "142408.755000", "142409.365000", "142409.975000", "142410.585000", "142411.195000", "142411.805000", "142412.415000", "142413.025000", "142413.635000", "142414.245000", "142414.855000", "142415.465000", "142416.075000", "142416.685000", "142417.295000", "142417.905000", "142418.515000", "142419.125000", "142419.735000", "142420.345000", "142420.955000", "142421.565000", "142422.175000", "142422.785000", "142423.395000", "142424.005000", "142424.615000", "142425.225000", "142425.835000", "142426.445000", "142427.055000", "142427.665000", "142428.275000", "142428.885000", "142429.495000", "142430.105000", "142430.715000", "142431.325000", "142431.935000", "142432.545000", "142433.155000", "142433.765000", "142434.375000", "142434.985000", "142435.595000", "142436.205000", "142436.815000", "142437.425000", "142438.035000", "142438.645000", "142439.255000", "142439.865000", "142440.475000", "142441.085000", "142441.695000", "142442.305000", "142442.915000", "142443.525000", "142444.135000", "142444.745000", "142445.355000", "142445.965000", "142446.575000", "142447.185000", "142447.795000", "142448.405000", "142449.015000", "142449.625000", "142450.235000", "142450.845000", "142451.455000", "142452.065000", "142452.675000", "142453.285000", "142453.895000", "142454.505000", "142455.115000", "142455.725000", "142456.335000", "142456.945000", "142457.555000", "142458.165000", "142458.775000", "142459.385000", "142459.995000", "142500.605000", "142501.215000", "142501.825000", "142502.435000", "142503.045000", "142503.655000", "142504.265000", "142504.875000", "142505.485000", "142506.095000", "142506.705000", "142507.315000", "142507.925000", "142508.535000", "142509.145000", "142509.755000", "142510.365000", "142510.975000", "142511.585000", "142512.195000", "142512.805000", "142513.415000", "142514.025000", "142514.635000", "142515.245000", "142515.855000", "142516.465000", "142517.075000", "142517.685000", "142518.295000", "142518.905000", "142519.515000", "142520.125000", "142520.735000", "142521.345000", "142521.955000", "142522.565000", "142523.175000", "142523.785000", "142524.395000", "142525.005000", "142525.615000", "142526.225000", "142526.835000", "142527.445000", "142528.055000", "142528.665000", "142529.275000", "142529.885000", "142530.495000", "142531.105000", "142531.715000", "142532.325000", "142532.935000", "142533.545000", "142534.155000", "142534.765000", "142535.375000", "142535.985000", "142536.595000", "142537.205000", "142537.815000", "142538.425000", "142539.035000", "142539.645000", "142540.255000", "142540.865000", "142541.475000", "142542.085000", "142542.695000", "142543.305000", "142543.915000", "142544.525000", "142545.135000", "142545.745000", "142546.355000", "142546.965000", "142547.575000", "142548.185000", "142548.795000", "142549.405000", "142550.015000", "142550.625000", "142551.235000", "142551.845000", "142552.455000", "142553.065000", "142553.675000", "142554.285000", "142554.895000", "142555.505000", "142556.115000", "142556.725000", "142557.335000", "142557.945000", "142558.555000", "142559.165000", "142559.775000", "142600.385000", "142600.995000", "142601.605000", "142602.215000", "142602.825000", "142603.435000", "142604.045000", "142604.655000", "142605.265000", "142605.875000", "142606.485000", "142607.095000", "142607.705000", "142608.315000", "142608.925000", "142609.535000", "142610.145000", "142610.755000", "142611.365000", "142611.975000", "142612.585000", "142613.195000", "142613.805000", "142614.415000", "142615.025000", "142615.635000", "142616.245000", "142616.855000", "142617.465000", "142618.075000", "142618.685000", "142619.295000", "142619.905000", "142620.515000", "142621.125000", "142621.735000", "142622.345000", "142622.955000", "142623.565000", "142624.175000", "142624.785000", "142625.395000", "142626.005000", "142626.615000", "142627.225000", "142627.835000", "142628.445000", "142629.055000", "142629.665000", "142630.275000", "142630.885000", "142631.495000", "142632.105000", "142632.715000", "142633.325000", "142633.935000", "142634.545000", "142635.155000", "142635.765000", "142636.375000", "142636.985000", "142637.595000", "142638.205000", "142638.815000", "142639.425000", "142640.035000", "142640.645000", "142641.255000", "142641.865000", "142642.475000", "142643.085000", "142643.695000", "142644.305000", "142644.915000", "142645.525000", "142646.135000", "142646.745000", "142647.355000", "142647.965000", "142648.575000", "142649.185000", "142649.795000", "142650.405000", "142651.015000", "142651.625000", "142652.235000", "142652.845000", "142653.455000", "142654.065000", "142654.675000", "142655.285000", "142655.895000", "142656.505000", "142657.115000", "142657.725000", "142658.335000", "142658.945000", "142659.555000", "142700.165000", "142700.775000", "142701.385000", "142701.995000", "142702.605000", "142703.215000", "142703.825000", "142704.435000", "142705.045000", "142705.655000", "142706.265000", "142706.875000", "142707.485000", "142708.095000", "142708.705000", "142709.315000", "142709.925000", "142710.535000", "142711.145000", "142711.755000", "142712.365000", "142712.975000", "142713.585000", "142714.195000", "142714.805000", "142715.415000", "142716.025000", "142716.635000", "142717.245000", "142717.855000", "142718.465000", "142719.075000", "142719.685000", "142720.295000", "142720.905000", "142721.515000", "142722.125000", "142722.735000", "142723.345000", "142723.955000", "142724.565000", "142725.175000", "142725.785000", "142726.395000", "142727.005000", "142727.615000", "142728.225000"], "ContentTime": ["142237.465000", "142237.468000", "142237.471000", "142237.473000", "142237.475000", "142237.478000", "142237.480000", "142237.483000", "142237.485000", "142237.487000", "142237.490000", "142237.492000", "142237.494000", "142237.497000", "142237.499000", "142237.502000", "142237.504000", "142237.506000", "142237.509000", "142237.511000", "142237.514000", "142237.516000", "142237.518000", "142237.521000", "142237.523000", "142237.525000", "142237.528000", "142237.535000", "142237.537000", "142237.540000", "142237.542000", "142237.544000", "142257.460000", "142257.463000", "142257.465000", "142257.467000", "142257.470000", "142257.472000", "142257.474000", "142257.477000", "142257.479000", "142257.481000", "142257.484000", "142257.486000", "142257.488000", "142257.491000", "142257.493000", "142257.495000", "142257.498000", "142257.500000", "142257.502000", "142257.505000", "142257.516000", "142257.518000", "142257.521000", "142257.523000", "142257.525000", "142257.528000", "142257.530000", "142257.532000", "142257.535000", "142257.537000", "142257.539000", "142257.542000", "142257.544000", "142317.460000", "142317.463000", "142317.465000", "142317.467000", "142317.470000", "142317.472000", "142317.474000", "142317.477000", "142317.479000", "142317.481000", "142317.484000", "142317.486000", "142317.488000", "142317.499000", "142317.502000", "142317.504000", "142317.506000", "142317.509000", "142317.511000", "142317.514000", "142317.520000", "142317.522000", "142317.524000", "142317.527000", "142317.529000", "142317.531000", "142317.534000", "142317.536000", "142317.538000", "142317.541000", "142317.543000", "142317.545000", "142337.461000", "142337.464000", "142337.467000", "142337.469000", "142337.471000", "142337.474000", "142337.476000", "142337.478000", "142337.481000", "142337.483000", "142337.485000", "142337.488000", "142337.490000", "142337.492000", "142337.495000", "142337.497000", "142337.499000", "142337.502000", "142337.504000", "142337.506000", "142337.509000", "142337.511000", "142337.513000", "142337.516000", "142337.518000", "142337.521000", "142337.523000", "142337.525000", "142337.528000", "142337.530000", "142337.533000", "142337.535000", "142337.537000", "142357.460000", "142357.463000", "142357.465000", "142357.468000", "142357.470000", "142357.472000", "142357.475000", "142357.477000", "142357.479000", "142357.482000", "142357.484000", "142357.486000", "142357.494000", "142357.497000", "142357.499000", "142357.501000", "142357.504000", "142357.506000", "142357.509000", "142357.511000", "142357.513000", "142357.516000", "142357.518000", "142357.520000", "142357.523000", "142357.525000", "142357.527000", "142357.530000", "142357.532000", "142357.534000", "142357.537000", "142357.539000", "142357.541000", "142417.460000", "142417.463000", "142417.465000", "142417.467000", "142417.470000", "142417.472000", "142417.474000", "142417.477000", "142417.479000", "142417.482000", "142417.484000", "142417.486000", "142417.489000", "142417.491000", "142417.493000", "142417.496000", "142417.498000", "142417.500000", "142417.503000", "142417.505000", "142417.508000", "142417.510000", "142417.512000", "142417.515000", "142417.517000", "142417.519000", "142417.522000", "142417.524000", "142417.527000", "142417.529000", "142417.531000", "142417.534000", "142417.536000", "142437.460000", "142437.463000", "142437.465000", "142437.467000", "142437.470000", "142437.472000", "142437.474000", "142437.477000", "142437.479000", "142437.482000", "142437.484000", "142437.486000", "142437.489000", "142437.491000", "142437.493000", "142437.496000", "142437.498000", "142437.500000", "142437.503000", "142437.505000", "142437.507000", "142437.510000", "142437.512000", "142437.514000", "142437.517000", "142437.519000", "142437.521000", "142437.524000", "142437.526000", "142437.528000", "142437.531000", "142437.533000", "142437.535000", "142457.460000", "142457.463000", "142457.465000", "142457.468000", "142457.470000", "142457.472000", "142457.475000", "142457.477000", "142457.480000", "142457.482000", "142457.484000", "142457.487000", "142457.489000", "142457.491000", "142457.494000", "142457.496000", "142457.498000", "142457.501000", "142457.503000", "142457.505000", "142457.508000", "142457.510000", "142457.512000", "142457.515000", "142457.517000", "142457.519000", "142457.522000", "142457.524000", "142457.527000", "142457.530000", "142457.532000", "142457.535000", "142517.460000", "142517.463000", "142517.465000", "142517.468000", "142517.470000", "142517.472000", "142517.475000", "142517.477000", "142517.479000", "142517.482000", "142517.484000", "142517.487000", "142517.489000", "142517.491000", "142517.494000", "142517.496000", "142517.498000", "142517.501000", "142517.503000", "142517.506000", "142517.508000", "142517.511000", "142517.513000", "142517.515000", "142517.518000", "142517.520000", "142517.522000", "142517.525000", "142517.527000", "142517.529000", "142517.532000", "142517.534000", "142517.536000", "142537.460000", "142537.463000", "142537.465000", "142537.468000", "142537.470000", "142537.472000", "142537.475000", "142537.477000", "142537.479000", "142537.482000", "142537.484000", "142537.486000", "142537.489000", "142537.491000", "142537.493000", "142537.496000", "142537.498000", "142537.500000", "142537.503000", "142537.505000", "142537.507000", "142537.510000", "142537.512000", "142537.514000", "142537.517000", "142537.519000", "142537.521000", "142537.524000", "142537.526000", "142537.528000", "142537.531000", "142537.533000", "142537.535000", "142557.461000", "142557.464000", "142557.466000", "142557.468000", "142557.471000", "142557.473000", "142557.476000", "142557.478000", "142557.481000", "142557.483000", "142557.485000", "142557.488000", "142557.490000", "142557.492000", "142557.495000", "142557.497000", "142557.499000", "142557.502000", "142557.504000", "142557.506000", "142557.509000", "142557.511000", "142557.514000", "142557.516000", "142557.518000", "142557.521000", "142557.536000", "142557.538000", "142557.540000", "142557.543000", "142557.554000", "142557.556000", "142557.558000", "142617.460000", "142617.463000", "142617.465000", "142617.467000", "142617.470000", "142617.472000", "142617.475000", "142617.477000", "142617.479000", "142617.482000", "142617.484000", "142617.486000", "142617.489000", "142617.491000", "142617.493000", "142617.496000", "142617.498000", "142617.500000", "142617.503000", "142617.505000", "142617.507000", "142617.510000", "142617.512000", "142617.514000", "142617.517000", "142617.519000", "142617.521000", "142617.524000", "142617.526000", "142617.528000", "142617.531000", "142617.533000", "142617.535000", "142637.460000", "142637.463000", "142637.465000", "142637.467000", "142637.470000", "142637.472000", "142637.475000", "142637.477000", "142637.479000", "142637.482000", "142637.484000", "142637.486000", "142637.489000", "142637.491000", "142637.493000", "142637.496000", "142637.498000", "142637.500000", "142637.503000", "142637.505000", "142637.508000", "142637.510000", "142637.512000", "142637.515000", "142637.517000", "142637.519000", "142637.522000", "142637.524000", "142637.526000", "142637.529000", "142637.531000", "142637.533000", "142657.460000", "142657.463000", "142657.465000", "142657.468000", "142657.470000", "142657.472000", "142657.475000", "142657.477000", "142657.479000", "142657.482000", "142657.484000", "142657.486000", "142657.489000", "142657.491000", "142657.493000", "142657.496000", "142657.498000", "142657.500000", "142657.503000", "142657.505000", "142657.507000", "142657.510000", "142657.512000", "142657.514000", "142657.517000", "142657.519000", "142657.521000", "142657.524000", "142657.526000", "142657.528000", "142657.531000", "142657.533000", "142657.535000", "142717.460000", "142717.463000", "142717.465000", "142717.467000", "142717.470000", "142717.472000", "142717.475000", "142717.477000", "142717.479000", "142717.482000", "142717.484000", "142717.486000", "142717.489000", "142717.491000", "142717.493000", "142717.496000", "142717.498000", "142717.500000", "142717.503000", "142717.505000", "142717.508000", "142717.510000", "142717.512000", "142717.515000", "142717.517000", "142717.519000", "142717.522000", "142717.524000", "142717.526000", "142717.529000", "142717.531000", "142717.533000", "142717.536000", "142728.777000", "142728.780000", "142728.782000", "142728.785000", "142728.787000", "142728.789000", "142728.792000", "142728.794000", "142728.796000", "142728.799000", "142728.801000", "142728.803000", "142728.806000", "142728.808000", "142728.810000", "142728.813000", "142728.815000", "142728.817000", "142728.820000"], "InstanceCreationTime": ["142237.465000", "142237.468000", "142237.471000", "142237.473000", "142237.475000", "142237.478000", "142237.480000", "142237.483000", "142237.485000", "142237.487000", "142237.490000", "142237.492000", "142237.494000", "142237.497000", "142237.499000", "142237.502000", "142237.504000", "142237.506000", "142237.509000", "142237.511000", "142237.514000", "142237.516000", "142237.518000", "142237.521000", "142237.523000", "142237.525000", "142237.528000", "142237.535000", "142237.537000", "142237.540000", "142237.542000", "142237.544000", "142257.460000", "142257.463000", "142257.465000", "142257.467000", "142257.470000", "142257.472000", "142257.474000", "142257.477000", "142257.479000", "142257.481000", "142257.484000", "142257.486000", "142257.488000", "142257.491000", "142257.493000", "142257.495000", "142257.498000", "142257.500000", "142257.502000", "142257.505000", "142257.516000", "142257.518000", "142257.521000", "142257.523000", "142257.525000", "142257.528000", "142257.530000", "142257.532000", "142257.535000", "142257.537000", "142257.539000", "142257.542000", "142257.544000", "142317.460000", "142317.463000", "142317.465000", "142317.467000", "142317.470000", "142317.472000", "142317.474000", "142317.477000", "142317.479000", "142317.481000", "142317.484000", "142317.486000", "142317.488000", "142317.499000", "142317.502000", "142317.504000", "142317.506000", "142317.509000", "142317.511000", "142317.514000", "142317.520000", "142317.522000", "142317.524000", "142317.527000", "142317.529000", "142317.531000", "142317.534000", "142317.536000", "142317.538000", "142317.541000", "142317.543000", "142317.545000", "142337.461000", "142337.464000", "142337.467000", "142337.469000", "142337.471000", "142337.474000", "142337.476000", "142337.478000", "142337.481000", "142337.483000", "142337.485000", "142337.488000", "142337.490000", "142337.492000", "142337.495000", "142337.497000", "142337.499000", "142337.502000", "142337.504000", "142337.506000", "142337.509000", "142337.511000", "142337.513000", "142337.516000", "142337.518000", "142337.521000", "142337.523000", "142337.525000", "142337.528000", "142337.530000", "142337.533000", "142337.535000", "142337.537000", "142357.460000", "142357.463000", "142357.465000", "142357.468000", "142357.470000", "142357.472000", "142357.475000", "142357.477000", "142357.479000", "142357.482000", "142357.484000", "142357.486000", "142357.494000", "142357.497000", "142357.499000", "142357.501000", "142357.504000", "142357.506000", "142357.509000", "142357.511000", "142357.513000", "142357.516000", "142357.518000", "142357.520000", "142357.523000", "142357.525000", "142357.527000", "142357.530000", "142357.532000", "142357.534000", "142357.537000", "142357.539000", "142357.541000", "142417.460000", "142417.463000", "142417.465000", "142417.467000", "142417.470000", "142417.472000", "142417.474000", "142417.477000", "142417.479000", "142417.482000", "142417.484000", "142417.486000", "142417.489000", "142417.491000", "142417.493000", "142417.496000", "142417.498000", "142417.500000", "142417.503000", "142417.505000", "142417.508000", "142417.510000", "142417.512000", "142417.515000", "142417.517000", "142417.519000", "142417.522000", "142417.524000", "142417.527000", "142417.529000", "142417.531000", "142417.534000", "142417.536000", "142437.460000", "142437.463000", "142437.465000", "142437.467000", "142437.470000", "142437.472000", "142437.474000", "142437.477000", "142437.479000", "142437.482000", "142437.484000", "142437.486000", "142437.489000", "142437.491000", "142437.493000", "142437.496000", "142437.498000", "142437.500000", "142437.503000", "142437.505000", "142437.507000", "142437.510000", "142437.512000", "142437.514000", "142437.517000", "142437.519000", "142437.521000", "142437.524000", "142437.526000", "142437.528000", "142437.531000", "142437.533000", "142437.535000", "142457.460000", "142457.463000", "142457.465000", "142457.468000", "142457.470000", "142457.472000", "142457.475000", "142457.477000", "142457.480000", "142457.482000", "142457.484000", "142457.487000", "142457.489000", "142457.491000", "142457.494000", "142457.496000", "142457.498000", "142457.501000", "142457.503000", "142457.505000", "142457.508000", "142457.510000", "142457.512000", "142457.515000", "142457.517000", "142457.519000", "142457.522000", "142457.524000", "142457.527000", "142457.530000", "142457.532000", "142457.535000", "142517.460000", "142517.463000", "142517.465000", "142517.468000", "142517.470000", "142517.472000", "142517.475000", "142517.477000", "142517.479000", "142517.482000", "142517.484000", "142517.487000", "142517.489000", "142517.491000", "142517.494000", "142517.496000", "142517.498000", "142517.501000", "142517.503000", "142517.506000", "142517.508000", "142517.511000", "142517.513000", "142517.515000", "142517.518000", "142517.520000", "142517.522000", "142517.525000", "142517.527000", "142517.529000", "142517.532000", "142517.534000", "142517.536000", "142537.460000", "142537.463000", "142537.465000", "142537.468000", "142537.470000", "142537.472000", "142537.475000", "142537.477000", "142537.479000", "142537.482000", "142537.484000", "142537.486000", "142537.489000", "142537.491000", "142537.493000", "142537.496000", "142537.498000", "142537.500000", "142537.503000", "142537.505000", "142537.507000", "142537.510000", "142537.512000", "142537.514000", "142537.517000", "142537.519000", "142537.521000", "142537.524000", "142537.526000", "142537.528000", "142537.531000", "142537.533000", "142537.535000", "142557.461000", "142557.464000", "142557.466000", "142557.468000", "142557.471000", "142557.473000", "142557.476000", "142557.478000", "142557.481000", "142557.483000", "142557.485000", "142557.488000", "142557.490000", "142557.492000", "142557.495000", "142557.497000", "142557.499000", "142557.502000", "142557.504000", "142557.506000", "142557.509000", "142557.511000", "142557.514000", "142557.516000", "142557.518000", "142557.521000", "142557.536000", "142557.538000", "142557.540000", "142557.543000", "142557.554000", "142557.556000", "142557.558000", "142617.460000", "142617.463000", "142617.465000", "142617.467000", "142617.470000", "142617.472000", "142617.475000", "142617.477000", "142617.479000", "142617.482000", "142617.484000", "142617.486000", "142617.489000", "142617.491000", "142617.493000", "142617.496000", "142617.498000", "142617.500000", "142617.503000", "142617.505000", "142617.507000", "142617.510000", "142617.512000", "142617.514000", "142617.517000", "142617.519000", "142617.521000", "142617.524000", "142617.526000", "142617.528000", "142617.531000", "142617.533000", "142617.535000", "142637.460000", "142637.463000", "142637.465000", "142637.467000", "142637.470000", "142637.472000", "142637.475000", "142637.477000", "142637.479000", "142637.482000", "142637.484000", "142637.486000", "142637.489000", "142637.491000", "142637.493000", "142637.496000", "142637.498000", "142637.500000", "142637.503000", "142637.505000", "142637.508000", "142637.510000", "142637.512000", "142637.515000", "142637.517000", "142637.519000", "142637.522000", "142637.524000", "142637.526000", "142637.529000", "142637.531000", "142637.533000", "142657.460000", "142657.463000", "142657.465000", "142657.468000", "142657.470000", "142657.472000", "142657.475000", "142657.477000", "142657.479000", "142657.482000", "142657.484000", "142657.486000", "142657.489000", "142657.491000", "142657.493000", "142657.496000", "142657.498000", "142657.500000", "142657.503000", "142657.505000", "142657.507000", "142657.510000", "142657.512000", "142657.514000", "142657.517000", "142657.519000", "142657.521000", "142657.524000", "142657.526000", "142657.528000", "142657.531000", "142657.533000", "142657.535000", "142717.460000", "142717.463000", "142717.465000", "142717.467000", "142717.470000", "142717.472000", "142717.475000", "142717.477000", "142717.479000", "142717.482000", "142717.484000", "142717.486000", "142717.489000", "142717.491000", "142717.493000", "142717.496000", "142717.498000", "142717.500000", "142717.503000", "142717.505000", "142717.508000", "142717.510000", "142717.512000", "142717.515000", "142717.517000", "142717.519000", "142717.522000", "142717.524000", "142717.526000", "142717.529000", "142717.531000", "142717.533000", "142717.536000", "142728.777000", "142728.780000", "142728.782000", "142728.785000", "142728.787000", "142728.789000", "142728.792000", "142728.794000", "142728.796000", "142728.799000", "142728.801000", "142728.803000", "142728.806000", "142728.808000", "142728.810000", "142728.813000", "142728.815000", "142728.817000", "142728.820000"], "InstanceNumber": [1, 2, 3, 4, 5, 6, 7, 8, 9, 10, 11, 12, 13, 14, 15, 16, 17, 18, 19, 20, 21, 22, 23, 24, 25, 26, 27, 28, 29, 30, 31, 32, 33, 34, 35, 36, 37, 38, 39, 40, 41, 42, 43, 44, 45, 46, 47, 48, 49, 50, 51, 52, 53, 54, 55, 56, 57, 58, 59, 60, 61, 62, 63, 64, 65, 66, 67, 68, 69, 70, 71, 72, 73, 74, 75, 76, 77, 78, 79, 80, 81, 82, 83, 84, 85, 86, 87, 88, 89, 90, 91, 92, 93, 94, 95, 96, 97, 98, 99, 100, 101, 102, 103, 104, 105, 106, 107, 108, 109, 110, 111, 112, 113, 114, 115, 116, 117, 118, 119, 120, 121, 122, 123, 124, 125, 126, 127, 128, 129, 130, 131, 132, 133, 134, 135, 136, 137, 138, 139, 140, 141, 142, 143, 144, 145, 146, 147, 148, 149, 150, 151, 152, 153, 154, 155, 156, 157, 158, 159, 160, 161, 162, 163, 164, 165, 166, 167, 168, 169, 170, 171, 172, 173, 174, 175, 176, 177, 178, 179, 180, 181, 182, 183, 184, 185, 186, 187, 188, 189, 190, 191, 192, 193, 194, 195, 196, 197, 198, 199, 200, 201, 202, 203, 204, 205, 206, 207, 208, 209, 210, 211, 212, 213, 214, 215, 216, 217, 218, 219, 220, 221, 222, 223, 224, 225, 226, 227, 228, 229, 230, 231, 232, 233, 234, 235, 236, 237, 238, 239, 240, 241, 242, 243, 244, 245, 246, 247, 248, 249, 250, 251, 252, 253, 254, 255, 256, 257, 258, 259, 260, 261, 262, 263, 264, 265, 266, 267, 268, 269, 270, 271, 272, 273, 274, 275, 276, 277, 278, 279, 280, 281, 282, 283, 284, 285, 286, 287, 288, 289, 290, 291, 292, 293, 294, 295, 296, 297, 298, 299, 300, 301, 302, 303, 304, 305, 306, 307, 308, 309, 310, 311, 312, 313, 314, 315, 316, 317, 318, 319, 320, 321, 322, 323, 324, 325, 326, 327, 328, 329, 330, 331, 332, 333, 334, 335, 336, 337, 338, 339, 340, 341, 342, 343, 344, 345, 346, 347, 348, 349, 350, 351, 352, 353, 354, 355, 356, 357, 358, 359, 360, 361, 362, 363, 364, 365, 366, 367, 368, 369, 370, 371, 372, 373, 374, 375, 376, 377, 378, 379, 380, 381, 382, 383, 384, 385, 386, 387, 388, 389, 390, 391, 392, 393, 394, 395, 396, 397, 398, 399, 400, 401, 402, 403, 404, 405, 406, 407, 408, 409, 410, 411, 412, 413, 414, 415, 416, 417, 418, 419, 420, 421, 422, 423, 424, 425, 426, 427, 428, 429, 430, 431, 432, 433, 434, 435, 436, 437, 438, 439, 440, 441, 442, 443, 444, 445, 446, 447, 448, 449, 450, 451, 452, 453, 454, 455, 456, 457, 458, 459, 460, 461, 462, 463, 464, 465, 466, 467, 468, 469, 470, 471, 472, 473, 474, 475, 476, 477, 478, 479, 480, 481, 482, 483, 484, 485, 486, 487, 488, 489, 490, 491, 492, 493, 494, 495, 496, 497, 498, 499, 500, 501, 502, 503, 504, 505, 506, 507, 508, 509, 510], "LargestImagePixelValue": [755, 713, 759, 773, 776, 845, 827, 821, 821, 856, 922, 809, 1002, 704, 725, 785, 768, 721, 760, 746, 743, 730, 730, 952, 764, 767, 751, 855, 789, 797, 758, 786, 768, 820, 865, 733, 711, 862, 948, 876, 736, 709, 727, 725, 734, 745, 840, 701, 785, 687, 735, 734, 716, 722, 731, 725, 773, 731, 764, 652, 785, 805, 823, 788, 798, 780, 766, 742, 718, 781, 839, 851, 751, 957, 844, 946, 728, 728, 731, 729, 753, 728, 697, 848, 685, 794, 775, 743, 772, 759, 741, 748, 844, 738, 854, 786, 746, 723, 751, 740, 702, 732, 802, 745, 809, 743, 736, 725, 725, 726, 716, 820, 753, 755, 754, 784, 835, 913, 747, 742, 749, 746, 743, 745, 752, 737, 728, 794, 812, 770, 825, 710, 808, 737, 746, 747, 744, 785, 781, 760, 754, 761, 757, 751, 744, 813, 757, 764, 755, 791, 758, 763, 784, 789, 727, 726, 758, 1117, 754, 703, 812, 753, 775, 702, 717, 862, 816, 811, 797, 783, 723, 1008, 904, 775, 932, 830, 993, 813, 929, 726, 819, 713, 738, 726, 783, 735, 822, 753, 718, 717, 969, 1044, 791, 726, 755, 758, 825, 750, 733, 780, 754, 742, 743, 742, 756, 762, 794, 741, 742, 753, 748, 763, 742, 765, 751, 755, 772, 755, 728, 807, 838, 827, 784, 797, 761, 778, 753, 788, 836, 746, 708, 828, 802, 747, 740, 735, 799, 731, 744, 818, 752, 841, 769, 733, 739, 831, 742, 920, 955, 862, 769, 837, 721, 756, 745, 731, 733, 736, 755, 767, 747, 739, 737, 740, 744, 735, 726, 730, 738, 741, 806, 790, 754, 751, 741, 759, 745, 754, 754, 762, 757, 779, 754, 838, 759, 788, 732, 904, 913, 826, 757, 735, 731, 739, 740, 739, 738, 759, 819, 821, 797, 850, 817, 773, 864, 775, 785, 742, 838, 1031, 677, 806, 828, 792, 713, 745, 721, 735, 724, 721, 828, 753, 772, 759, 766, 756, 758, 759, 740, 755, 751, 722, 725, 727, 767, 1053, 720, 714, 726, 721, 717, 734, 737, 778, 771, 851, 886, 751, 762, 794, 738, 720, 716, 708, 739, 872, 742, 724, 848, 741, 751, 828, 783, 760, 739, 717, 734, 733, 819, 734, 742, 720, 743, 735, 736, 747, 745, 733, 737, 750, 734, 738, 735, 754, 738, 737, 731, 732, 736, 723, 729, 736, 732, 749, 758, 759, 751, 757, 901, 747, 746, 775, 759, 810, 747, 742, 743, 751, 743, 738, 746, 767, 723, 717, 728, 705, 720, 760, 712, 723, 797, 715, 714, 835, 711, 717, 728, 889, 712, 709, 803, 719, 718, 797, 708, 781, 735, 689, 696, 694, 690, 699, 714, 733, 784, 748, 737, 791, 735, 746, 720, 725, 748, 727, 719, 706, 704, 721, 707, 740, 714, 714, 719, 720, 777, 724, 789, 735, 744, 716, 733, 758, 720, 725, 762, 717, 692, 766, 703, 691, 715, 700, 819, 740, 755, 827, 793, 755, 771, 758, 787, 695, 754, 729, 752, 760, 756, 752, 758, 763, 748, 952, 826, 841, 741, 811, 736, 639, 659, 723], "WindowCenter": [422.0, 422.0, 421.0, 422.0, 422.0, 422.0, 421.0, 420.0, 420.0, 419.0, 420.0, 420.0, 427.0, 417.0, 417.0, 418.0, 421.0, 415.0, 420.0, 421.0, 420.0, 417.0, 417.0, 429.0, 421.0, 420.0, 412.0, 418.0, 422.0, 418.0, 416.0, 422.0, 421.0, 419.0, 418.0, 417.0, 415.0, 419.0, 420.0, 419.0, 416.0, 412.0, 415.0, 417.0, 415.0, 413.0, 415.0, 406.0, 414.0, 408.0, 415.0, 420.0, 419.0, 418.0, 420.0, 419.0, 416.0, 418.0, 417.0, 406.0, 418.0, 425.0, 423.0, 417.0, 417.0, 417.0, 419.0, 414.0, 407.0, 421.0, 420.0, 419.0, 417.0, 418.0, 416.0, 420.0, 414.0, 414.0, 414.0, 416.0, 417.0, 414.0, 402.0, 421.0, 405.0, 415.0, 422.0, 416.0, 423.0, 420.0, 419.0, 419.0, 421.0, 418.0, 420.0, 418.0, 418.0, 417.0, 418.0, 419.0, 418.0, 420.0, 419.0, 416.0, 418.0, 417.0, 420.0, 418.0, 417.0, 419.0, 418.0, 421.0, 419.0, 421.0, 419.0, 420.0, 420.0, 420.0, 419.0, 418.0, 417.0, 417.0, 418.0, 418.0, 419.0, 418.0, 421.0, 416.0, 408.0, 406.0, 412.0, 411.0, 421.0, 418.0, 418.0, 421.0, 421.0, 430.0, 428.0, 425.0, 422.0, 422.0, 421.0, 419.0, 417.0, 421.0, 419.0, 420.0, 418.0, 420.0, 418.0, 418.0, 418.0, 423.0, 420.0, 419.0, 415.0, 410.0, 406.0, 412.0, 431.0, 424.0, 425.0, 422.0, 422.0, 422.0, 422.0, 421.0, 423.0, 422.0, 421.0, 428.0, 424.0, 421.0, 424.0, 421.0, 426.0, 420.0, 423.0, 419.0, 421.0, 420.0, 419.0, 419.0, 420.0, 420.0, 421.0, 417.0, 402.0, 406.0, 427.0, 435.0, 425.0, 417.0, 419.0, 419.0, 433.0, 422.0, 421.0, 422.0, 421.0, 420.0, 420.0, 420.0, 421.0, 421.0, 421.0, 419.0, 419.0, 420.0, 420.0, 421.0, 420.0, 421.0, 420.0, 421.0, 421.0, 422.0, 420.0, 420.0, 429.0, 422.0, 420.0, 423.0, 421.0, 413.0, 408.0, 401.0, 417.0, 429.0, 420.0, 427.0, 423.0, 421.0, 420.0, 420.0, 422.0, 420.0, 422.0, 423.0, 422.0, 424.0, 422.0, 420.0, 421.0, 422.0, 414.0, 421.0, 425.0, 424.0, 416.0, 420.0, 417.0, 420.0, 422.0, 421.0, 421.0, 421.0, 424.0, 423.0, 420.0, 420.0, 420.0, 420.0, 421.0, 419.0, 420.0, 420.0, 421.0, 421.0, 423.0, 422.0, 420.0, 420.0, 419.0, 420.0, 420.0, 420.0, 420.0, 421.0, 420.0, 421.0, 421.0, 421.0, 420.0, 421.0, 420.0, 420.0, 423.0, 422.0, 420.0, 418.0, 418.0, 419.0, 421.0, 421.0, 420.0, 421.0, 422.0, 421.0, 421.0, 421.0, 421.0, 423.0, 425.0, 422.0, 422.0, 419.0, 421.0, 430.0, 400.0, 408.0, 427.0, 427.0, 421.0, 422.0, 422.0, 419.0, 421.0, 420.0, 424.0, 423.0, 422.0, 422.0, 422.0, 420.0, 421.0, 421.0, 422.0, 422.0, 422.0, 419.0, 422.0, 421.0, 412.0, 430.0, 423.0, 423.0, 421.0, 421.0, 421.0, 418.0, 424.0, 426.0, 423.0, 425.0, 426.0, 414.0, 411.0, 435.0, 426.0, 425.0, 422.0, 422.0, 422.0, 426.0, 421.0, 420.0, 425.0, 422.0, 422.0, 423.0, 422.0, 422.0, 422.0, 423.0, 421.0, 423.0, 426.0, 424.0, 423.0, 423.0, 423.0, 424.0, 422.0, 423.0, 420.0, 420.0, 424.0, 424.0, 426.0, 426.0, 424.0, 424.0, 423.0, 422.0, 423.0, 422.0, 419.0, 420.0, 421.0, 422.0, 421.0, 423.0, 424.0, 422.0, 421.0, 422.0, 425.0, 422.0, 420.0, 424.0, 425.0, 425.0, 423.0, 425.0, 423.0, 421.0, 423.0, 425.0, 421.0, 419.0, 422.0, 423.0, 423.0, 422.0, 423.0, 425.0, 423.0, 422.0, 423.0, 423.0, 421.0, 423.0, 420.0, 422.0, 420.0, 423.0, 420.0, 419.0, 422.0, 421.0, 421.0, 423.0, 423.0, 426.0, 421.0, 419.0, 419.0, 416.0, 417.0, 419.0, 421.0, 422.0, 426.0, 425.0, 426.0, 425.0, 423.0, 423.0, 422.0, 422.0, 422.0, 421.0, 424.0, 422.0, 420.0, 421.0, 419.0, 420.0, 420.0, 420.0, 421.0, 421.0, 422.0, 420.0, 422.0, 421.0, 421.0, 422.0, 423.0, 427.0, 424.0, 422.0, 425.0, 421.0, 420.0, 422.0, 420.0, 420.0, 421.0, 422.0, 424.0, 418.0, 410.0, 408.0, 431.0, 426.0, 421.0, 417.0, 417.0, 415.0, 421.0, 420.0, 423.0, 425.0, 425.0, 424.0, 424.0, 423.0, 423.0, 423.0, 407.0, 423.0, 421.0, 414.0, 412.0, 386.0, 403.0, 425.0], "WindowWidth": [892.0, 892.0, 890.0, 892.0, 891.0, 891.0, 888.0, 887.0, 887.0, 885.0, 886.0, 886.0, 899.0, 883.0, 881.0, 884.0, 890.0, 878.0, 888.0, 890.0, 888.0, 882.0, 882.0, 904.0, 891.0, 887.0, 872.0, 882.0, 892.0, 883.0, 880.0, 892.0, 889.0, 885.0, 882.0, 883.0, 878.0, 885.0, 886.0, 885.0, 879.0, 872.0, 877.0, 883.0, 878.0, 874.0, 878.0, 860.0, 876.0, 865.0, 877.0, 887.0, 886.0, 884.0, 889.0, 886.0, 879.0, 884.0, 881.0, 860.0, 885.0, 897.0, 894.0, 882.0, 882.0, 882.0, 886.0, 876.0, 864.0, 890.0, 887.0, 886.0, 883.0, 882.0, 880.0, 886.0, 876.0, 877.0, 877.0, 880.0, 882.0, 876.0, 854.0, 889.0, 860.0, 880.0, 891.0, 880.0, 892.0, 888.0, 885.0, 885.0, 888.0, 883.0, 886.0, 884.0, 884.0, 881.0, 883.0, 886.0, 884.0, 888.0, 885.0, 881.0, 882.0, 882.0, 888.0, 884.0, 883.0, 885.0, 884.0, 889.0, 886.0, 889.0, 885.0, 888.0, 887.0, 887.0, 886.0, 884.0, 883.0, 882.0, 884.0, 884.0, 885.0, 884.0, 891.0, 881.0, 863.0, 861.0, 873.0, 871.0, 890.0, 885.0, 884.0, 891.0, 890.0, 907.0, 905.0, 897.0, 892.0, 892.0, 889.0, 887.0, 883.0, 889.0, 887.0, 888.0, 884.0, 887.0, 883.0, 884.0, 884.0, 893.0, 888.0, 887.0, 879.0, 865.0, 862.0, 873.0, 908.0, 895.0, 898.0, 893.0, 892.0, 890.0, 890.0, 889.0, 893.0, 891.0, 889.0, 901.0, 894.0, 889.0, 893.0, 889.0, 897.0, 888.0, 892.0, 886.0, 888.0, 888.0, 886.0, 886.0, 888.0, 887.0, 889.0, 882.0, 852.0, 862.0, 899.0, 915.0, 898.0, 883.0, 886.0, 887.0, 912.0, 891.0, 889.0, 892.0, 890.0, 889.0, 888.0, 887.0, 889.0, 889.0, 889.0, 887.0, 887.0, 888.0, 887.0, 890.0, 887.0, 889.0, 888.0, 889.0, 890.0, 892.0, 887.0, 887.0, 906.0, 892.0, 888.0, 894.0, 889.0, 874.0, 865.0, 851.0, 882.0, 906.0, 889.0, 903.0, 894.0, 890.0, 889.0, 888.0, 892.0, 888.0, 892.0, 893.0, 892.0, 894.0, 891.0, 888.0, 890.0, 891.0, 877.0, 889.0, 896.0, 894.0, 880.0, 887.0, 883.0, 889.0, 892.0, 890.0, 889.0, 890.0, 895.0, 894.0, 889.0, 888.0, 888.0, 889.0, 889.0, 886.0, 887.0, 889.0, 890.0, 890.0, 894.0, 891.0, 887.0, 888.0, 886.0, 888.0, 887.0, 888.0, 887.0, 889.0, 888.0, 889.0, 890.0, 889.0, 887.0, 889.0, 888.0, 886.0, 892.0, 890.0, 887.0, 884.0, 883.0, 885.0, 889.0, 889.0, 888.0, 890.0, 891.0, 888.0, 890.0, 890.0, 890.0, 893.0, 896.0, 891.0, 892.0, 887.0, 888.0, 905.0, 849.0, 866.0, 902.0, 901.0, 890.0, 891.0, 893.0, 886.0, 889.0, 887.0, 896.0, 894.0, 892.0, 891.0, 891.0, 888.0, 890.0, 889.0, 891.0, 891.0, 892.0, 887.0, 892.0, 890.0, 873.0, 906.0, 893.0, 894.0, 890.0, 890.0, 889.0, 884.0, 897.0, 900.0, 894.0, 896.0, 898.0, 877.0, 869.0, 918.0, 900.0, 898.0, 891.0, 892.0, 892.0, 899.0, 889.0, 888.0, 896.0, 892.0, 892.0, 893.0, 891.0, 891.0, 891.0, 894.0, 889.0, 894.0, 900.0, 895.0, 894.0, 893.0, 894.0, 896.0, 892.0, 894.0, 887.0, 888.0, 896.0, 895.0, 899.0, 899.0, 896.0, 895.0, 895.0, 892.0, 894.0, 891.0, 887.0, 889.0, 891.0, 893.0, 891.0, 893.0, 897.0, 893.0, 890.0, 892.0, 896.0, 892.0, 888.0, 896.0, 898.0, 898.0, 894.0, 898.0, 894.0, 890.0, 894.0, 897.0, 889.0, 886.0, 891.0, 894.0, 894.0, 892.0, 894.0, 897.0, 894.0, 892.0, 893.0, 893.0, 889.0, 892.0, 888.0, 892.0, 889.0, 893.0, 889.0, 887.0, 892.0, 891.0, 891.0, 893.0, 895.0, 900.0, 891.0, 886.0, 886.0, 881.0, 881.0, 886.0, 889.0, 892.0, 899.0, 898.0, 900.0, 898.0, 894.0, 893.0, 891.0, 892.0, 892.0, 889.0, 897.0, 893.0, 888.0, 889.0, 885.0, 889.0, 888.0, 889.0, 890.0, 890.0, 891.0, 888.0, 892.0, 889.0, 890.0, 893.0, 893.0, 901.0, 895.0, 892.0, 898.0, 890.0, 888.0, 891.0, 889.0, 889.0, 891.0, 891.0, 896.0, 884.0, 868.0, 864.0, 910.0, 899.0, 890.0, 881.0, 883.0, 879.0, 891.0, 889.0, 894.0, 897.0, 897.0, 895.0, 895.0, 894.0, 894.0, 892.0, 862.0, 892.0, 889.0, 875.0, 871.0, 823.0, 856.0, 897.0]}, "slices": {}}, "EventTimestamp": "14-24-54"}