{"AcquisitionMatrixPE": 64, "AcquisitionNumber": 1, "AcquisitionTime": "12:38:39.760000", "BandwidthPerPixelPhaseEncode": 28.935, "BaseResolution": 64, "BodyPartExamined": "BRAIN", "CoilCombinationMethod": "Sum of Squares", "ConsistencyInfo": "N4_VE11E_LATEST_20181129", "ConversionSoftware": "dcm2niix", "ConversionSoftwareVersion": "v1.0.20230411", "DerivedVendorReportedEchoSpacing": 0.000540003, "DeviceSerialNumber": "166182", "DwellTime": 3.4e-06, "EchoTime": 0.032, "EchoTrainLength": 64, "EffectiveEchoSpacing": 0.000540003, "FlipAngle": 40, "HeudiconvVersion": "0.13.1", "ImageOrientationPatientDICOM": [0.996455, 0.0804248, 0.024669, -0.0784227, 0.994205, -0.0735331], "ImageOrientationText": "Tra>Cor(-4.1)>Sag(1.7)", "ImageType": ["ORIGINAL", "PRIMARY", "M", "ND", "NORM", "MOSAIC"], "ImagingFrequency": 123.255876, "InPlanePhaseEncodingDirectionDICOM": "COL", "InstitutionAddress": "PEARSE STREET .,City,District,IE,D2", "InstitutionName": "TCIN", "InstitutionalDepartmentName": "MRI", "MRAcquisitionType": "2D", "MagneticFieldStrength": 3, "Manufacturer": "Siemens", "ManufacturersModelName": "Prisma", "Modality": "MR", "MultibandAccelerationFactor": 4, "NonlinearGradientCorrection": false, "PartialFourier": 1, "PatientPosition": "HFS", "PercentPhaseFOV": 100, "PercentSampling": 100, "PhaseEncodingDirection": "j-", "PhaseEncodingSteps": 64, "PhaseResolution": 1, "PixelBandwidth": 2300, "ProcedureStepDescription": "Rhodri^Head BOLD", "ProtocolName": "cmrr_mbep2d_Pictures_AP_RDS", "PulseSequenceDetails": "%SiemensSeq%\\ep2d_bold", "ReceiveCoilActiveElements": "HC2,4,6,7;SC", "ReceiveCoilName": "SpecialPurpose_4", "ReconMatrixPE": 64, "RefLinesPE": 12, "RepetitionTime": 0.61, "SAR": 0.448261, "ScanOptions": "FS", "ScanningSequence": "EP", "SequenceName": "*epfid2d1_64", "SequenceVariant": "SK", "SeriesDescription": "cmrr_mbep2d_Pictures_AP_RDS", "SeriesNumber": 8, "ShimSetting": [-3530, -7613, 3978, 860, -210, 285, 469, 142], "SliceThickness": 3, "SliceTiming": [0.2625, 0, 0.3275, 0.065, 0.3925, 0.13, 0.4575, 0.195, 0.5225, 0.2625, 0, 0.3275, 0.065, 0.3925, 0.13, 0.4575, 0.195, 0.5225, 0.2625, 0, 0.3275, 0.065, 0.3925, 0.13, 0.4575, 0.195, 0.5225, 0.2625, 0, 0.3275, 0.065, 0.3925, 0.13, 0.4575, 0.195, 0.5225], "SoftwareVersions": "syngo MR E11", "SpacingBetweenSlices": 3.3, "StationName": "AWP166182", "TaskName": "pictures", "TotalReadoutTime": 0.0340202, "TxRefAmp": 255.646, "dcmmeta_affine": [[-2.989366054534912, -0.23526819050312042, 0.10045165568590164, 104.7104721069336], [-0.24127449095249176, 2.9826138019561768, -0.2354147583246231, -87.4314956665039], [0.07400693744421005, 0.2205991894006729, 3.2900590896606445, -102.54104614257812], [0.0, 0.0, 0.0, 1.0]], "dcmmeta_reorient_transform": [[0.0, -1.0, 0.0, 63.0], [1.0, 0.0, 0.0, 0.0], [0.0, 0.0, 1.0, 0.0], [0.0, 0.0, 0.0, 1.0]], "dcmmeta_shape": [64, 64, 36, 510], "dcmmeta_slice_dim": 2, "dcmmeta_version": 0.6, "global": {"const": {"AcquisitionMatrix": [64, 0, 0, 64], "AngioFlag": "N", "BitsAllocated": 16, "BitsStored": 12, "BodyPartExamined": "BRAIN", "Columns": 384, "EchoNumbers": 1, "EchoTime": 32.0, "EchoTrainLength": 64, "FlipAngle": 40.0, "HighBit": 11, "ImageOrientationPatient": [0.99645536198832, 0.08042482844133, 0.02466897920284, -0.0784227280548, 0.99420458875294, -0.0735330634956], "ImagePositionPatient": [-530.54424271952, -616.29528873444, -65.188538851203], "ImageType": ["ORIGINAL", "PRIMARY", "M", "ND", "NORM", "MOSAIC"], "ImagedNucleus": "1H", "ImagingFrequency": 123.255876, "InPlanePhaseEncodingDirection": "COL", "MRAcquisitionType": "2D", "MagneticFieldStrength": 3.0, "Manufacturer": "SIEMENS", "ManufacturerModelName": "Prisma", "Modality": "MR", "NumberOfAverages": 1.0, "NumberOfPhaseEncodingSteps": 64, "PercentPhaseFieldOfView": 100.0, "PercentSampling": 100.0, "PerformedProcedureStepStartTime": "122213.201000", "PhotometricInterpretation": "MONOCHROME2", "PixelBandwidth": 2300.0, "PixelRepresentation": 0, "PixelSpacing": [3.0, 3.0], "ProtocolName": "cmrr_mbep2d_Pictures_AP_RDS", "RepetitionTime": 610.0, "Rows": 384, "SAR": 0.44826060479578, "SamplesPerPixel": 1, "ScanOptions": "FS", "ScanningSequence": "EP", "SequenceName": "*epfid2d1_64", "SequenceVariant": "SK", "SeriesDescription": "cmrr_mbep2d_Pictures_AP_RDS", "SeriesNumber": 8, "SeriesTime": "123855.755000", "SliceLocation": -92.807609171161, "SliceThickness": 3.0, "SmallestImagePixelValue": 0, "SoftwareVersions": "syngo MR E11", "SpacingBetweenSlices": 3.2999999466071, "SpecificCharacterSet": "ISO_IR 100", "StudyID": "1", "StudyTime": "122213.080000", "TransmitCoilName": "Body", "VariableFlipAngleFlag": "N", "WindowCenterWidthExplanation": "Algo1"}, "slices": {}}, "time": {"samples": {"AcquisitionNumber": [1, 2, 3, 4, 5, 6, 7, 8, 9, 10, 11, 12, 13, 14, 15, 16, 17, 18, 19, 20, 21, 22, 23, 24, 25, 26, 27, 28, 29, 30, 31, 32, 33, 34, 35, 36, 37, 38, 39, 40, 41, 42, 43, 44, 45, 46, 47, 48, 49, 50, 51, 52, 53, 54, 55, 56, 57, 58, 59, 60, 61, 62, 63, 64, 65, 66, 67, 68, 69, 70, 71, 72, 73, 74, 75, 76, 77, 78, 79, 80, 81, 82, 83, 84, 85, 86, 87, 88, 89, 90, 91, 92, 93, 94, 95, 96, 97, 98, 99, 100, 101, 102, 103, 104, 105, 106, 107, 108, 109, 110, 111, 112, 113, 114, 115, 116, 117, 118, 119, 120, 121, 122, 123, 124, 125, 126, 127, 128, 129, 130, 131, 132, 133, 134, 135, 136, 137, 138, 139, 140, 141, 142, 143, 144, 145, 146, 147, 148, 149, 150, 151, 152, 153, 154, 155, 156, 157, 158, 159, 160, 161, 162, 163, 164, 165, 166, 167, 168, 169, 170, 171, 172, 173, 174, 175, 176, 177, 178, 179, 180, 181, 182, 183, 184, 185, 186, 187, 188, 189, 190, 191, 192, 193, 194, 195, 196, 197, 198, 199, 200, 201, 202, 203, 204, 205, 206, 207, 208, 209, 210, 211, 212, 213, 214, 215, 216, 217, 218, 219, 220, 221, 222, 223, 224, 225, 226, 227, 228, 229, 230, 231, 232, 233, 234, 235, 236, 237, 238, 239, 240, 241, 242, 243, 244, 245, 246, 247, 248, 249, 250, 251, 252, 253, 254, 255, 256, 257, 258, 259, 260, 261, 262, 263, 264, 265, 266, 267, 268, 269, 270, 271, 272, 273, 274, 275, 276, 277, 278, 279, 280, 281, 282, 283, 284, 285, 286, 287, 288, 289, 290, 291, 292, 293, 294, 295, 296, 297, 298, 299, 300, 301, 302, 303, 304, 305, 306, 307, 308, 309, 310, 311, 312, 313, 314, 315, 316, 317, 318, 319, 320, 321, 322, 323, 324, 325, 326, 327, 328, 329, 330, 331, 332, 333, 334, 335, 336, 337, 338, 339, 340, 341, 342, 343, 344, 345, 346, 347, 348, 349, 350, 351, 352, 353, 354, 355, 356, 357, 358, 359, 360, 361, 362, 363, 364, 365, 366, 367, 368, 369, 370, 371, 372, 373, 374, 375, 376, 377, 378, 379, 380, 381, 382, 383, 384, 385, 386, 387, 388, 389, 390, 391, 392, 393, 394, 395, 396, 397, 398, 399, 400, 401, 402, 403, 404, 405, 406, 407, 408, 409, 410, 411, 412, 413, 414, 415, 416, 417, 418, 419, 420, 421, 422, 423, 424, 425, 426, 427, 428, 429, 430, 431, 432, 433, 434, 435, 436, 437, 438, 439, 440, 441, 442, 443, 444, 445, 446, 447, 448, 449, 450, 451, 452, 453, 454, 455, 456, 457, 458, 459, 460, 461, 462, 463, 464, 465, 466, 467, 468, 469, 470, 471, 472, 473, 474, 475, 476, 477, 478, 479, 480, 481, 482, 483, 484, 485, 486, 487, 488, 489, 490, 491, 492, 493, 494, 495, 496, 497, 498, 499, 500, 501, 502, 503, 504, 505, 506, 507, 508, 509, 510], "AcquisitionTime": ["123839.760000", "123840.370000", "123840.980000", "123841.590000", "123842.200000", "123842.810000", "123843.420000", "123844.030000", "123844.640000", "123845.250000", "123845.860000", "123846.470000", "123847.080000", "123847.690000", "123848.300000", "123848.910000", "123849.520000", "123850.130000", "123850.740000", "123851.350000", "123851.960000", "123852.570000", "123853.180000", "123853.790000", "123854.400000", "123855.010000", "123855.620000", "123856.230000", "123856.840000", "123857.450000", "123858.060000", "123858.670000", "123859.280000", "123859.890000", "123900.500000", "123901.110000", "123901.720000", "123902.330000", "123902.940000", "123903.550000", "123904.160000", "123904.770000", "123905.380000", "123905.990000", "123906.600000", "123907.210000", "123907.820000", "123908.430000", "123909.040000", "123909.650000", "123910.260000", "123910.870000", "123911.480000", "123912.090000", "123912.700000", "123913.310000", "123913.920000", "123914.530000", "123915.140000", "123915.750000", "123916.360000", "123916.970000", "123917.580000", "123918.190000", "123918.800000", "123919.410000", "123920.020000", "123920.630000", "123921.240000", "123921.850000", "123922.460000", "123923.070000", "123923.680000", "123924.290000", "123924.900000", "123925.510000", "123926.120000", "123926.730000", "123927.340000", "123927.950000", "123928.560000", "123929.170000", "123929.780000", "123930.390000", "123931.000000", "123931.610000", "123932.220000", "123932.830000", "123933.440000", "123934.050000", "123934.660000", "123935.270000", "123935.880000", "123936.490000", "123937.100000", "123937.710000", "123938.320000", "123938.930000", "123939.540000", "123940.150000", "123940.760000", "123941.370000", "123941.980000", "123942.590000", "123943.200000", "123943.810000", "123944.420000", "123945.030000", "123945.640000", "123946.250000", "123946.860000", "123947.470000", "123948.080000", "123948.690000", "123949.300000", "123949.910000", "123950.520000", "123951.130000", "123951.740000", "123952.350000", "123952.960000", "123953.570000", "123954.180000", "123954.790000", "123955.400000", "123956.010000", "123956.620000", "123957.230000", "123957.840000", "123958.450000", "123959.060000", "123959.670000", "124000.280000", "124000.890000", "124001.500000", "124002.110000", "124002.720000", "124003.330000", "124003.940000", "124004.550000", "124005.160000", "124005.770000", "124006.380000", "124006.990000", "124007.600000", "124008.210000", "124008.820000", "124009.430000", "124010.040000", "124010.650000", "124011.260000", "124011.870000", "124012.480000", "124013.090000", "124013.700000", "124014.310000", "124014.920000", "124015.530000", "124016.140000", "124016.750000", "124017.360000", "124017.970000", "124018.580000", "124019.190000", "124019.800000", "124020.410000", "124021.020000", "124021.630000", "124022.240000", "124022.850000", "124023.460000", "124024.070000", "124024.680000", "124025.290000", "124025.900000", "124026.510000", "124027.120000", "124027.730000", "124028.340000", "124028.950000", "124029.560000", "124030.170000", "124030.780000", "124031.390000", "124032.000000", "124032.610000", "124033.220000", "124033.830000", "124034.440000", "124035.050000", "124035.660000", "124036.270000", "124036.880000", "124037.490000", "124038.100000", "124038.710000", "124039.320000", "124039.930000", "124040.540000", "124041.150000", "124041.760000", "124042.370000", "124042.980000", "124043.590000", "124044.200000", "124044.810000", "124045.420000", "124046.030000", "124046.640000", "124047.250000", "124047.860000", "124048.470000", "124049.080000", "124049.690000", "124050.300000", "124050.910000", "124051.520000", "124052.130000", "124052.740000", "124053.350000", "124053.960000", "124054.570000", "124055.180000", "124055.790000", "124056.400000", "124057.010000", "124057.620000", "124058.230000", "124058.840000", "124059.450000", "124100.060000", "124100.670000", "124101.280000", "124101.890000", "124102.500000", "124103.110000", "124103.720000", "124104.330000", "124104.940000", "124105.550000", "124106.160000", "124106.770000", "124107.380000", "124107.990000", "124108.600000", "124109.210000", "124109.820000", "124110.430000", "124111.040000", "124111.650000", "124112.260000", "124112.870000", "124113.480000", "124114.090000", "124114.700000", "124115.310000", "124115.920000", "124116.530000", "124117.140000", "124117.750000", "124118.360000", "124118.970000", "124119.580000", "124120.190000", "124120.800000", "124121.410000", "124122.020000", "124122.630000", "124123.240000", "124123.850000", "124124.460000", "124125.070000", "124125.680000", "124126.290000", "124126.900000", "124127.510000", "124128.120000", "124128.730000", "124129.340000", "124129.950000", "124130.560000", "124131.170000", "124131.780000", "124132.390000", "124133.000000", "124133.610000", "124134.220000", "124134.830000", "124135.440000", "124136.050000", "124136.660000", "124137.270000", "124137.880000", "124138.490000", "124139.100000", "124139.710000", "124140.320000", "124140.930000", "124141.540000", "124142.150000", "124142.760000", "124143.370000", "124143.980000", "124144.590000", "124145.200000", "124145.810000", "124146.420000", "124147.030000", "124147.640000", "124148.250000", "124148.860000", "124149.470000", "124150.080000", "124150.690000", "124151.300000", "124151.910000", "124152.520000", "124153.130000", "124153.740000", "124154.350000", "124154.960000", "124155.570000", "124156.180000", "124156.790000", "124157.400000", "124158.010000", "124158.620000", "124159.230000", "124159.840000", "124200.450000", "124201.060000", "124201.670000", "124202.280000", "124202.890000", "124203.500000", "124204.110000", "124204.720000", "124205.330000", "124205.940000", "124206.550000", "124207.160000", "124207.770000", "124208.380000", "124208.990000", "124209.600000", "124210.210000", "124210.820000", "124211.430000", "124212.040000", "124212.650000", "124213.260000", "124213.870000", "124214.480000", "124215.090000", "124215.700000", "124216.310000", "124216.920000", "124217.530000", "124218.140000", "124218.750000", "124219.360000", "124219.970000", "124220.580000", "124221.190000", "124221.800000", "124222.410000", "124223.020000", "124223.630000", "124224.240000", "124224.850000", "124225.460000", "124226.070000", "124226.680000", "124227.290000", "124227.900000", "124228.510000", "124229.120000", "124229.730000", "124230.340000", "124230.950000", "124231.560000", "124232.170000", "124232.780000", "124233.390000", "124234.000000", "124234.610000", "124235.220000", "124235.830000", "124236.440000", "124237.050000", "124237.660000", "124238.270000", "124238.880000", "124239.490000", "124240.100000", "124240.710000", "124241.320000", "124241.930000", "124242.540000", "124243.150000", "124243.760000", "124244.370000", "124244.980000", "124245.590000", "124246.200000", "124246.810000", "124247.420000", "124248.030000", "124248.640000", "124249.250000", "124249.860000", "124250.470000", "124251.080000", "124251.690000", "124252.300000", "124252.910000", "124253.520000", "124254.130000", "124254.740000", "124255.350000", "124255.960000", "124256.570000", "124257.180000", "124257.790000", "124258.400000", "124259.010000", "124259.620000", "124300.230000", "124300.840000", "124301.450000", "124302.060000", "124302.670000", "124303.280000", "124303.890000", "124304.500000", "124305.110000", "124305.720000", "124306.330000", "124306.940000", "124307.550000", "124308.160000", "124308.770000", "124309.380000", "124309.990000", "124310.600000", "124311.210000", "124311.820000", "124312.430000", "124313.040000", "124313.650000", "124314.260000", "124314.870000", "124315.480000", "124316.090000", "124316.700000", "124317.310000", "124317.920000", "124318.530000", "124319.140000", "124319.750000", "124320.360000", "124320.970000", "124321.580000", "124322.190000", "124322.800000", "124323.410000", "124324.020000", "124324.630000", "124325.240000", "124325.850000", "124326.460000", "124327.070000", "124327.680000", "124328.290000", "124328.900000", "124329.510000", "124330.120000", "124330.730000", "124331.340000", "124331.950000", "124332.560000", "124333.170000", "124333.780000", "124334.390000", "124335.000000", "124335.610000", "124336.220000", "124336.830000", "124337.440000", "124338.050000", "124338.660000", "124339.270000", "124339.880000", "124340.490000", "124341.100000", "124341.710000", "124342.320000", "124342.930000", "124343.540000", "124344.150000", "124344.760000", "124345.370000", "124345.980000", "124346.590000", "124347.200000", "124347.810000", "124348.420000", "124349.030000", "124349.640000", "124350.250000"], "ContentTime": ["123855.759000", "123855.787000", "123855.789000", "123855.792000", "123855.794000", "123855.797000", "123855.799000", "123855.801000", "123855.804000", "123855.806000", "123855.809000", "123855.811000", "123855.814000", "123855.816000", "123855.818000", "123855.825000", "123855.827000", "123855.830000", "123855.832000", "123855.835000", "123855.837000", "123855.839000", "123855.842000", "123855.844000", "123855.847000", "123855.849000", "123915.732000", "123915.735000", "123915.737000", "123915.740000", "123915.742000", "123915.744000", "123915.747000", "123915.749000", "123915.752000", "123915.754000", "123915.756000", "123915.759000", "123915.761000", "123915.770000", "123915.772000", "123915.775000", "123915.777000", "123915.779000", "123915.782000", "123915.784000", "123915.787000", "123915.789000", "123915.791000", "123915.794000", "123915.796000", "123915.799000", "123915.801000", "123915.803000", "123915.806000", "123915.808000", "123915.811000", "123915.813000", "123915.816000", "123935.733000", "123935.736000", "123935.739000", "123935.741000", "123935.744000", "123935.746000", "123935.748000", "123935.751000", "123935.753000", "123935.756000", "123935.758000", "123935.760000", "123935.763000", "123935.773000", "123935.775000", "123935.778000", "123935.780000", "123935.783000", "123935.785000", "123935.787000", "123935.790000", "123935.792000", "123935.794000", "123935.797000", "123935.800000", "123935.802000", "123935.805000", "123935.808000", "123935.810000", "123935.812000", "123935.815000", "123935.818000", "123955.732000", "123955.735000", "123955.737000", "123955.740000", "123955.742000", "123955.745000", "123955.747000", "123955.749000", "123955.752000", "123955.754000", "123955.757000", "123955.759000", "123955.761000", "123955.764000", "123955.766000", "123955.768000", "123955.771000", "123955.773000", "123955.777000", "123955.779000", "123955.782000", "123955.784000", "123955.787000", "123955.789000", "123955.792000", "123955.794000", "123955.796000", "123955.799000", "123955.801000", "123955.803000", "123955.806000", "123955.808000", "123955.811000", "124015.732000", "124015.735000", "124015.737000", "124015.739000", "124015.742000", "124015.744000", "124015.747000", "124015.749000", "124015.752000", "124015.754000", "124015.757000", "124015.759000", "124015.761000", "124015.764000", "124015.766000", "124015.768000", "124015.771000", "124015.773000", "124015.776000", "124015.778000", "124015.780000", "124015.783000", "124015.785000", "124015.787000", "124015.790000", "124015.792000", "124015.795000", "124015.797000", "124015.800000", "124015.802000", "124015.804000", "124015.807000", "124015.809000", "124035.732000", "124035.735000", "124035.737000", "124035.740000", "124035.742000", "124035.745000", "124035.747000", "124035.749000", "124035.752000", "124035.754000", "124035.757000", "124035.759000", "124035.761000", "124035.764000", "124035.766000", "124035.769000", "124035.771000", "124035.773000", "124035.776000", "124035.778000", "124035.780000", "124035.783000", "124035.785000", "124035.787000", "124035.790000", "124035.792000", "124035.795000", "124035.797000", "124035.799000", "124035.802000", "124035.804000", "124035.807000", "124035.809000", "124055.732000", "124055.735000", "124055.737000", "124055.740000", "124055.742000", "124055.744000", "124055.747000", "124055.749000", "124055.752000", "124055.754000", "124055.756000", "124055.759000", "124055.761000", "124055.764000", "124055.766000", "124055.768000", "124055.771000", "124055.773000", "124055.776000", "124055.778000", "124055.780000", "124055.783000", "124055.785000", "124055.787000", "124055.790000", "124055.792000", "124055.795000", "124055.797000", "124055.799000", "124055.802000", "124055.804000", "124055.806000", "124055.809000", "124115.732000", "124115.735000", "124115.738000", "124115.740000", "124115.743000", "124115.745000", "124115.747000", "124115.750000", "124115.752000", "124115.755000", "124115.757000", "124115.759000", "124115.762000", "124115.764000", "124115.766000", "124115.769000", "124115.771000", "124115.774000", "124115.776000", "124115.778000", "124115.781000", "124115.783000", "124115.786000", "124115.788000", "124115.790000", "124115.793000", "124115.795000", "124115.798000", "124115.800000", "124115.802000", "124115.805000", "124115.807000", "124135.732000", "124135.735000", "124135.737000", "124135.740000", "124135.742000", "124135.745000", "124135.747000", "124135.749000", "124135.752000", "124135.754000", "124135.757000", "124135.759000", "124135.761000", "124135.764000", "124135.766000", "124135.769000", "124135.771000", "124135.773000", "124135.776000", "124135.779000", "124135.781000", "124135.783000", "124135.786000", "124135.788000", "124135.791000", "124135.793000", "124135.796000", "124135.798000", "124135.808000", "124135.810000", "124135.813000", "124135.817000", "124135.819000", "124155.733000", "124155.736000", "124155.738000", "124155.740000", "124155.743000", "124155.746000", "124155.748000", "124155.750000", "124155.753000", "124155.755000", "124155.758000", "124155.760000", "124155.763000", "124155.765000", "124155.767000", "124155.770000", "124155.772000", "124155.775000", "124155.777000", "124155.779000", "124155.782000", "124155.784000", "124155.787000", "124155.789000", "124155.792000", "124155.794000", "124155.796000", "124155.799000", "124155.801000", "124155.804000", "124155.806000", "124155.808000", "124155.811000", "124215.732000", "124215.735000", "124215.738000", "124215.740000", "124215.742000", "124215.745000", "124215.747000", "124215.750000", "124215.752000", "124215.754000", "124215.757000", "124215.766000", "124215.768000", "124215.770000", "124215.773000", "124215.775000", "124215.778000", "124215.780000", "124215.782000", "124215.785000", "124215.787000", "124215.790000", "124215.792000", "124215.794000", "124215.797000", "124215.799000", "124215.802000", "124215.804000", "124215.806000", "124215.809000", "124215.811000", "124215.813000", "124215.816000", "124235.732000", "124235.735000", "124235.738000", "124235.741000", "124235.743000", "124235.746000", "124235.748000", "124235.751000", "124235.753000", "124235.756000", "124235.758000", "124235.761000", "124235.763000", "124235.765000", "124235.768000", "124235.770000", "124235.773000", "124235.775000", "124235.778000", "124235.780000", "124235.782000", "124235.785000", "124235.787000", "124235.790000", "124235.792000", "124235.794000", "124235.797000", "124235.799000", "124235.802000", "124235.804000", "124235.806000", "124235.809000", "124255.732000", "124255.735000", "124255.737000", "124255.740000", "124255.742000", "124255.744000", "124255.747000", "124255.749000", "124255.752000", "124255.754000", "124255.756000", "124255.759000", "124255.761000", "124255.764000", "124255.766000", "124255.768000", "124255.771000", "124255.773000", "124255.775000", "124255.778000", "124255.780000", "124255.783000", "124255.785000", "124255.788000", "124255.790000", "124255.792000", "124255.795000", "124255.797000", "124255.799000", "124255.802000", "124255.804000", "124255.807000", "124255.809000", "124315.732000", "124315.735000", "124315.737000", "124315.740000", "124315.742000", "124315.745000", "124315.747000", "124315.749000", "124315.752000", "124315.754000", "124315.757000", "124315.759000", "124315.761000", "124315.764000", "124315.766000", "124315.769000", "124315.771000", "124315.773000", "124315.776000", "124315.778000", "124315.781000", "124315.783000", "124315.785000", "124315.788000", "124315.790000", "124315.793000", "124315.795000", "124315.797000", "124315.800000", "124315.802000", "124315.804000", "124315.807000", "124315.809000", "124335.732000", "124335.735000", "124335.738000", "124335.740000", "124335.743000", "124335.745000", "124335.747000", "124335.750000", "124335.752000", "124335.755000", "124335.757000", "124335.760000", "124335.762000", "124335.765000", "124335.767000", "124335.769000", "124335.772000", "124335.774000", "124335.777000", "124335.779000", "124335.782000", "124335.784000", "124335.787000", "124335.789000", "124335.791000", "124335.794000", "124335.796000", "124335.799000", "124335.801000", "124335.804000", "124335.806000", "124335.808000", "124335.811000", "124350.759000", "124350.762000", "124350.764000", "124350.767000", "124350.769000", "124350.771000", "124350.774000", "124350.776000", "124350.779000", "124350.781000", "124350.784000", "124350.786000", "124350.788000", "124350.791000", "124350.793000", "124350.796000", "124350.798000", "124350.800000", "124350.803000", "124350.805000", "124350.808000", "124350.810000", "124350.813000", "124350.846000", "124350.848000"], "InstanceCreationTime": ["123855.759000", "123855.787000", "123855.789000", "123855.792000", "123855.794000", "123855.797000", "123855.799000", "123855.801000", "123855.804000", "123855.806000", "123855.809000", "123855.811000", "123855.814000", "123855.816000", "123855.818000", "123855.825000", "123855.827000", "123855.830000", "123855.832000", "123855.835000", "123855.837000", "123855.839000", "123855.842000", "123855.844000", "123855.847000", "123855.849000", "123915.732000", "123915.735000", "123915.737000", "123915.740000", "123915.742000", "123915.744000", "123915.747000", "123915.749000", "123915.752000", "123915.754000", "123915.756000", "123915.759000", "123915.761000", "123915.770000", "123915.772000", "123915.775000", "123915.777000", "123915.779000", "123915.782000", "123915.784000", "123915.787000", "123915.789000", "123915.791000", "123915.794000", "123915.796000", "123915.799000", "123915.801000", "123915.803000", "123915.806000", "123915.808000", "123915.811000", "123915.813000", "123915.816000", "123935.733000", "123935.736000", "123935.739000", "123935.741000", "123935.744000", "123935.746000", "123935.748000", "123935.751000", "123935.753000", "123935.756000", "123935.758000", "123935.760000", "123935.763000", "123935.773000", "123935.775000", "123935.778000", "123935.780000", "123935.783000", "123935.785000", "123935.787000", "123935.790000", "123935.792000", "123935.794000", "123935.797000", "123935.800000", "123935.802000", "123935.805000", "123935.808000", "123935.810000", "123935.812000", "123935.815000", "123935.818000", "123955.732000", "123955.735000", "123955.737000", "123955.740000", "123955.742000", "123955.745000", "123955.747000", "123955.749000", "123955.752000", "123955.754000", "123955.757000", "123955.759000", "123955.761000", "123955.764000", "123955.766000", "123955.768000", "123955.771000", "123955.773000", "123955.777000", "123955.779000", "123955.782000", "123955.784000", "123955.787000", "123955.789000", "123955.792000", "123955.794000", "123955.796000", "123955.799000", "123955.801000", "123955.803000", "123955.806000", "123955.808000", "123955.811000", "124015.732000", "124015.735000", "124015.737000", "124015.739000", "124015.742000", "124015.744000", "124015.747000", "124015.749000", "124015.752000", "124015.754000", "124015.757000", "124015.759000", "124015.761000", "124015.764000", "124015.766000", "124015.768000", "124015.771000", "124015.773000", "124015.776000", "124015.778000", "124015.780000", "124015.783000", "124015.785000", "124015.787000", "124015.790000", "124015.792000", "124015.795000", "124015.797000", "124015.800000", "124015.802000", "124015.804000", "124015.807000", "124015.809000", "124035.732000", "124035.735000", "124035.737000", "124035.740000", "124035.742000", "124035.745000", "124035.747000", "124035.749000", "124035.752000", "124035.754000", "124035.757000", "124035.759000", "124035.761000", "124035.764000", "124035.766000", "124035.769000", "124035.771000", "124035.773000", "124035.776000", "124035.778000", "124035.780000", "124035.783000", "124035.785000", "124035.787000", "124035.790000", "124035.792000", "124035.795000", "124035.797000", "124035.799000", "124035.802000", "124035.804000", "124035.807000", "124035.809000", "124055.732000", "124055.735000", "124055.737000", "124055.740000", "124055.742000", "124055.744000", "124055.747000", "124055.749000", "124055.752000", "124055.754000", "124055.756000", "124055.759000", "124055.761000", "124055.764000", "124055.766000", "124055.768000", "124055.771000", "124055.773000", "124055.776000", "124055.778000", "124055.780000", "124055.783000", "124055.785000", "124055.787000", "124055.790000", "124055.792000", "124055.795000", "124055.797000", "124055.799000", "124055.802000", "124055.804000", "124055.806000", "124055.809000", "124115.732000", "124115.735000", "124115.738000", "124115.740000", "124115.743000", "124115.745000", "124115.747000", "124115.750000", "124115.752000", "124115.755000", "124115.757000", "124115.759000", "124115.762000", "124115.764000", "124115.766000", "124115.769000", "124115.771000", "124115.774000", "124115.776000", "124115.778000", "124115.781000", "124115.783000", "124115.786000", "124115.788000", "124115.790000", "124115.793000", "124115.795000", "124115.798000", "124115.800000", "124115.802000", "124115.805000", "124115.807000", "124135.732000", "124135.735000", "124135.737000", "124135.740000", "124135.742000", "124135.745000", "124135.747000", "124135.749000", "124135.752000", "124135.754000", "124135.757000", "124135.759000", "124135.761000", "124135.764000", "124135.766000", "124135.769000", "124135.771000", "124135.773000", "124135.776000", "124135.779000", "124135.781000", "124135.783000", "124135.786000", "124135.788000", "124135.791000", "124135.793000", "124135.796000", "124135.798000", "124135.808000", "124135.810000", "124135.813000", "124135.817000", "124135.819000", "124155.733000", "124155.736000", "124155.738000", "124155.740000", "124155.743000", "124155.746000", "124155.748000", "124155.750000", "124155.753000", "124155.755000", "124155.758000", "124155.760000", "124155.763000", "124155.765000", "124155.767000", "124155.770000", "124155.772000", "124155.775000", "124155.777000", "124155.779000", "124155.782000", "124155.784000", "124155.787000", "124155.789000", "124155.792000", "124155.794000", "124155.796000", "124155.799000", "124155.801000", "124155.804000", "124155.806000", "124155.808000", "124155.811000", "124215.732000", "124215.735000", "124215.738000", "124215.740000", "124215.742000", "124215.745000", "124215.747000", "124215.750000", "124215.752000", "124215.754000", "124215.757000", "124215.766000", "124215.768000", "124215.770000", "124215.773000", "124215.775000", "124215.778000", "124215.780000", "124215.782000", "124215.785000", "124215.787000", "124215.790000", "124215.792000", "124215.794000", "124215.797000", "124215.799000", "124215.802000", "124215.804000", "124215.806000", "124215.809000", "124215.811000", "124215.813000", "124215.816000", "124235.732000", "124235.735000", "124235.738000", "124235.741000", "124235.743000", "124235.746000", "124235.748000", "124235.751000", "124235.753000", "124235.756000", "124235.758000", "124235.761000", "124235.763000", "124235.765000", "124235.768000", "124235.770000", "124235.773000", "124235.775000", "124235.778000", "124235.780000", "124235.782000", "124235.785000", "124235.787000", "124235.790000", "124235.792000", "124235.794000", "124235.797000", "124235.799000", "124235.802000", "124235.804000", "124235.806000", "124235.809000", "124255.732000", "124255.735000", "124255.737000", "124255.740000", "124255.742000", "124255.744000", "124255.747000", "124255.749000", "124255.752000", "124255.754000", "124255.756000", "124255.759000", "124255.761000", "124255.764000", "124255.766000", "124255.768000", "124255.771000", "124255.773000", "124255.775000", "124255.778000", "124255.780000", "124255.783000", "124255.785000", "124255.788000", "124255.790000", "124255.792000", "124255.795000", "124255.797000", "124255.799000", "124255.802000", "124255.804000", "124255.807000", "124255.809000", "124315.732000", "124315.735000", "124315.737000", "124315.740000", "124315.742000", "124315.745000", "124315.747000", "124315.749000", "124315.752000", "124315.754000", "124315.757000", "124315.759000", "124315.761000", "124315.764000", "124315.766000", "124315.769000", "124315.771000", "124315.773000", "124315.776000", "124315.778000", "124315.781000", "124315.783000", "124315.785000", "124315.788000", "124315.790000", "124315.793000", "124315.795000", "124315.797000", "124315.800000", "124315.802000", "124315.804000", "124315.807000", "124315.809000", "124335.732000", "124335.735000", "124335.738000", "124335.740000", "124335.743000", "124335.745000", "124335.747000", "124335.750000", "124335.752000", "124335.755000", "124335.757000", "124335.760000", "124335.762000", "124335.765000", "124335.767000", "124335.769000", "124335.772000", "124335.774000", "124335.777000", "124335.779000", "124335.782000", "124335.784000", "124335.787000", "124335.789000", "124335.791000", "124335.794000", "124335.796000", "124335.799000", "124335.801000", "124335.804000", "124335.806000", "124335.808000", "124335.811000", "124350.759000", "124350.762000", "124350.764000", "124350.767000", "124350.769000", "124350.771000", "124350.774000", "124350.776000", "124350.779000", "124350.781000", "124350.784000", "124350.786000", "124350.788000", "124350.791000", "124350.793000", "124350.796000", "124350.798000", "124350.800000", "124350.803000", "124350.805000", "124350.808000", "124350.810000", "124350.813000", "124350.846000", "124350.848000"], "InstanceNumber": [1, 2, 3, 4, 5, 6, 7, 8, 9, 10, 11, 12, 13, 14, 15, 16, 17, 18, 19, 20, 21, 22, 23, 24, 25, 26, 27, 28, 29, 30, 31, 32, 33, 34, 35, 36, 37, 38, 39, 40, 41, 42, 43, 44, 45, 46, 47, 48, 49, 50, 51, 52, 53, 54, 55, 56, 57, 58, 59, 60, 61, 62, 63, 64, 65, 66, 67, 68, 69, 70, 71, 72, 73, 74, 75, 76, 77, 78, 79, 80, 81, 82, 83, 84, 85, 86, 87, 88, 89, 90, 91, 92, 93, 94, 95, 96, 97, 98, 99, 100, 101, 102, 103, 104, 105, 106, 107, 108, 109, 110, 111, 112, 113, 114, 115, 116, 117, 118, 119, 120, 121, 122, 123, 124, 125, 126, 127, 128, 129, 130, 131, 132, 133, 134, 135, 136, 137, 138, 139, 140, 141, 142, 143, 144, 145, 146, 147, 148, 149, 150, 151, 152, 153, 154, 155, 156, 157, 158, 159, 160, 161, 162, 163, 164, 165, 166, 167, 168, 169, 170, 171, 172, 173, 174, 175, 176, 177, 178, 179, 180, 181, 182, 183, 184, 185, 186, 187, 188, 189, 190, 191, 192, 193, 194, 195, 196, 197, 198, 199, 200, 201, 202, 203, 204, 205, 206, 207, 208, 209, 210, 211, 212, 213, 214, 215, 216, 217, 218, 219, 220, 221, 222, 223, 224, 225, 226, 227, 228, 229, 230, 231, 232, 233, 234, 235, 236, 237, 238, 239, 240, 241, 242, 243, 244, 245, 246, 247, 248, 249, 250, 251, 252, 253, 254, 255, 256, 257, 258, 259, 260, 261, 262, 263, 264, 265, 266, 267, 268, 269, 270, 271, 272, 273, 274, 275, 276, 277, 278, 279, 280, 281, 282, 283, 284, 285, 286, 287, 288, 289, 290, 291, 292, 293, 294, 295, 296, 297, 298, 299, 300, 301, 302, 303, 304, 305, 306, 307, 308, 309, 310, 311, 312, 313, 314, 315, 316, 317, 318, 319, 320, 321, 322, 323, 324, 325, 326, 327, 328, 329, 330, 331, 332, 333, 334, 335, 336, 337, 338, 339, 340, 341, 342, 343, 344, 345, 346, 347, 348, 349, 350, 351, 352, 353, 354, 355, 356, 357, 358, 359, 360, 361, 362, 363, 364, 365, 366, 367, 368, 369, 370, 371, 372, 373, 374, 375, 376, 377, 378, 379, 380, 381, 382, 383, 384, 385, 386, 387, 388, 389, 390, 391, 392, 393, 394, 395, 396, 397, 398, 399, 400, 401, 402, 403, 404, 405, 406, 407, 408, 409, 410, 411, 412, 413, 414, 415, 416, 417, 418, 419, 420, 421, 422, 423, 424, 425, 426, 427, 428, 429, 430, 431, 432, 433, 434, 435, 436, 437, 438, 439, 440, 441, 442, 443, 444, 445, 446, 447, 448, 449, 450, 451, 452, 453, 454, 455, 456, 457, 458, 459, 460, 461, 462, 463, 464, 465, 466, 467, 468, 469, 470, 471, 472, 473, 474, 475, 476, 477, 478, 479, 480, 481, 482, 483, 484, 485, 486, 487, 488, 489, 490, 491, 492, 493, 494, 495, 496, 497, 498, 499, 500, 501, 502, 503, 504, 505, 506, 507, 508, 509, 510], "LargestImagePixelValue": [492, 609, 525, 505, 491, 464, 475, 496, 485, 478, 484, 471, 466, 477, 479, 479, 481, 486, 476, 479, 471, 472, 481, 480, 476, 471, 500, 503, 498, 454, 482, 497, 676, 529, 518, 469, 530, 454, 512, 467, 545, 556, 490, 471, 474, 600, 476, 486, 464, 484, 489, 481, 476, 483, 463, 461, 467, 482, 486, 486, 469, 470, 468, 472, 469, 497, 461, 460, 667, 521, 486, 519, 515, 492, 563, 509, 528, 503, 525, 583, 463, 497, 470, 469, 487, 498, 500, 464, 550, 478, 469, 466, 469, 474, 460, 461, 464, 465, 466, 492, 478, 479, 471, 463, 478, 575, 513, 511, 503, 503, 480, 507, 543, 554, 484, 530, 531, 511, 492, 481, 477, 472, 481, 477, 485, 512, 494, 485, 475, 475, 479, 471, 493, 490, 477, 479, 474, 477, 471, 483, 494, 504, 488, 481, 483, 482, 478, 487, 481, 482, 490, 491, 489, 484, 470, 487, 475, 478, 487, 475, 478, 478, 482, 488, 483, 498, 478, 482, 486, 482, 480, 480, 489, 488, 484, 485, 484, 485, 481, 483, 487, 498, 487, 482, 478, 489, 480, 479, 501, 536, 654, 576, 565, 496, 458, 510, 520, 469, 477, 470, 498, 480, 485, 491, 486, 486, 487, 490, 491, 486, 477, 481, 487, 489, 499, 469, 471, 502, 489, 483, 488, 452, 660, 488, 532, 472, 553, 462, 497, 459, 472, 488, 439, 462, 598, 466, 445, 479, 451, 492, 486, 511, 478, 488, 526, 506, 483, 505, 469, 473, 466, 609, 480, 476, 464, 479, 456, 451, 457, 477, 476, 501, 469, 468, 471, 468, 482, 502, 526, 485, 500, 476, 504, 475, 471, 448, 525, 463, 501, 472, 462, 467, 595, 513, 476, 501, 497, 452, 478, 465, 464, 474, 570, 497, 576, 489, 504, 513, 461, 653, 455, 486, 526, 508, 492, 456, 492, 451, 450, 487, 503, 477, 472, 461, 462, 459, 485, 479, 503, 525, 468, 503, 502, 549, 661, 467, 509, 511, 484, 463, 513, 537, 539, 473, 557, 521, 494, 488, 522, 511, 467, 553, 600, 480, 535, 579, 476, 452, 493, 496, 487, 472, 475, 472, 460, 459, 462, 469, 464, 466, 466, 466, 464, 463, 461, 507, 475, 481, 467, 466, 466, 467, 465, 467, 467, 471, 469, 471, 474, 473, 472, 473, 491, 470, 475, 476, 476, 473, 478, 467, 473, 472, 474, 482, 469, 462, 479, 475, 471, 494, 468, 471, 466, 472, 472, 471, 473, 470, 474, 475, 474, 478, 476, 474, 475, 475, 475, 472, 485, 480, 472, 477, 473, 479, 477, 479, 475, 471, 474, 476, 474, 473, 472, 471, 495, 482, 481, 480, 464, 471, 475, 475, 472, 472, 471, 471, 476, 474, 479, 480, 478, 478, 478, 484, 477, 476, 477, 508, 481, 478, 471, 499, 491, 501, 525, 455, 686, 557, 470, 519, 473, 483, 471, 459, 482, 502, 461, 482, 483, 454, 498, 524, 459, 522, 528, 526, 534, 476, 467, 463, 634, 535, 505, 562, 475, 555, 500, 469, 477, 462, 565, 517, 465, 527, 546, 490, 478, 508, 648, 470], "WindowCenter": [272.0, 283.0, 277.0, 278.0, 274.0, 271.0, 271.0, 273.0, 272.0, 271.0, 274.0, 272.0, 272.0, 271.0, 271.0, 271.0, 271.0, 271.0, 271.0, 273.0, 272.0, 271.0, 272.0, 272.0, 272.0, 272.0, 273.0, 267.0, 276.0, 254.0, 270.0, 266.0, 276.0, 271.0, 272.0, 271.0, 270.0, 264.0, 276.0, 274.0, 268.0, 274.0, 272.0, 267.0, 267.0, 277.0, 266.0, 270.0, 269.0, 274.0, 275.0, 272.0, 275.0, 275.0, 271.0, 269.0, 273.0, 272.0, 272.0, 273.0, 271.0, 271.0, 271.0, 272.0, 271.0, 270.0, 262.0, 266.0, 271.0, 267.0, 266.0, 268.0, 271.0, 271.0, 266.0, 271.0, 270.0, 267.0, 270.0, 272.0, 262.0, 277.0, 273.0, 271.0, 263.0, 275.0, 264.0, 268.0, 275.0, 275.0, 272.0, 273.0, 271.0, 271.0, 271.0, 271.0, 270.0, 272.0, 274.0, 275.0, 271.0, 272.0, 271.0, 272.0, 268.0, 273.0, 261.0, 268.0, 274.0, 274.0, 274.0, 265.0, 262.0, 270.0, 270.0, 273.0, 275.0, 272.0, 275.0, 270.0, 270.0, 270.0, 270.0, 268.0, 272.0, 272.0, 272.0, 271.0, 271.0, 271.0, 273.0, 271.0, 276.0, 272.0, 271.0, 271.0, 271.0, 272.0, 272.0, 270.0, 272.0, 273.0, 270.0, 271.0, 272.0, 271.0, 271.0, 273.0, 272.0, 273.0, 273.0, 274.0, 273.0, 273.0, 272.0, 275.0, 272.0, 272.0, 273.0, 274.0, 273.0, 273.0, 270.0, 276.0, 271.0, 274.0, 273.0, 273.0, 272.0, 273.0, 272.0, 272.0, 273.0, 273.0, 272.0, 273.0, 273.0, 273.0, 273.0, 272.0, 275.0, 276.0, 273.0, 274.0, 273.0, 274.0, 273.0, 273.0, 274.0, 262.0, 257.0, 278.0, 278.0, 273.0, 268.0, 270.0, 275.0, 271.0, 274.0, 274.0, 271.0, 273.0, 271.0, 271.0, 271.0, 276.0, 272.0, 272.0, 273.0, 273.0, 272.0, 276.0, 273.0, 271.0, 276.0, 270.0, 271.0, 271.0, 271.0, 271.0, 271.0, 265.0, 265.0, 257.0, 273.0, 266.0, 273.0, 269.0, 272.0, 268.0, 264.0, 276.0, 270.0, 274.0, 273.0, 268.0, 273.0, 274.0, 271.0, 272.0, 271.0, 272.0, 273.0, 269.0, 270.0, 262.0, 269.0, 274.0, 272.0, 272.0, 269.0, 269.0, 273.0, 273.0, 272.0, 274.0, 271.0, 272.0, 273.0, 272.0, 272.0, 273.0, 272.0, 275.0, 271.0, 271.0, 271.0, 269.0, 263.0, 269.0, 270.0, 273.0, 273.0, 273.0, 259.0, 262.0, 277.0, 270.0, 272.0, 272.0, 273.0, 270.0, 273.0, 272.0, 273.0, 273.0, 275.0, 268.0, 274.0, 272.0, 270.0, 271.0, 271.0, 273.0, 272.0, 273.0, 265.0, 269.0, 267.0, 269.0, 274.0, 260.0, 277.0, 270.0, 277.0, 273.0, 270.0, 270.0, 266.0, 272.0, 272.0, 269.0, 269.0, 269.0, 270.0, 269.0, 268.0, 258.0, 270.0, 268.0, 266.0, 269.0, 268.0, 271.0, 277.0, 270.0, 268.0, 263.0, 267.0, 273.0, 271.0, 270.0, 266.0, 262.0, 269.0, 260.0, 267.0, 277.0, 277.0, 271.0, 268.0, 276.0, 278.0, 274.0, 275.0, 272.0, 264.0, 266.0, 278.0, 273.0, 273.0, 272.0, 272.0, 272.0, 271.0, 271.0, 271.0, 271.0, 272.0, 271.0, 272.0, 273.0, 272.0, 272.0, 272.0, 273.0, 273.0, 273.0, 272.0, 272.0, 272.0, 272.0, 272.0, 272.0, 273.0, 274.0, 272.0, 274.0, 275.0, 273.0, 273.0, 273.0, 274.0, 273.0, 273.0, 273.0, 273.0, 273.0, 273.0, 272.0, 272.0, 272.0, 272.0, 273.0, 273.0, 272.0, 274.0, 272.0, 272.0, 272.0, 271.0, 273.0, 272.0, 273.0, 273.0, 273.0, 273.0, 274.0, 274.0, 273.0, 273.0, 272.0, 273.0, 273.0, 273.0, 272.0, 272.0, 273.0, 273.0, 272.0, 272.0, 272.0, 274.0, 274.0, 273.0, 274.0, 274.0, 273.0, 273.0, 273.0, 273.0, 274.0, 273.0, 273.0, 274.0, 272.0, 272.0, 273.0, 272.0, 273.0, 273.0, 273.0, 273.0, 273.0, 274.0, 274.0, 274.0, 274.0, 274.0, 274.0, 274.0, 274.0, 273.0, 274.0, 272.0, 273.0, 273.0, 274.0, 275.0, 273.0, 272.0, 270.0, 274.0, 271.0, 269.0, 256.0, 276.0, 267.0, 274.0, 265.0, 269.0, 274.0, 268.0, 273.0, 264.0, 272.0, 270.0, 271.0, 271.0, 266.0, 273.0, 272.0, 270.0, 274.0, 261.0, 260.0, 278.0, 275.0, 273.0, 266.0, 270.0, 270.0, 271.0, 273.0, 269.0, 278.0, 275.0, 267.0, 264.0, 263.0, 277.0, 272.0, 271.0, 265.0, 273.0, 274.0, 267.0, 270.0, 274.0, 272.0], "WindowWidth": [597.0, 617.0, 607.0, 610.0, 602.0, 595.0, 597.0, 601.0, 600.0, 597.0, 603.0, 598.0, 598.0, 597.0, 596.0, 596.0, 596.0, 596.0, 597.0, 600.0, 599.0, 597.0, 599.0, 599.0, 598.0, 598.0, 600.0, 588.0, 607.0, 563.0, 594.0, 586.0, 605.0, 596.0, 597.0, 597.0, 593.0, 583.0, 605.0, 601.0, 589.0, 601.0, 597.0, 586.0, 589.0, 607.0, 586.0, 593.0, 591.0, 600.0, 605.0, 597.0, 603.0, 604.0, 597.0, 592.0, 601.0, 599.0, 599.0, 601.0, 597.0, 596.0, 597.0, 598.0, 597.0, 594.0, 579.0, 587.0, 594.0, 589.0, 588.0, 591.0, 596.0, 597.0, 585.0, 596.0, 594.0, 589.0, 595.0, 597.0, 579.0, 606.0, 599.0, 597.0, 581.0, 604.0, 583.0, 589.0, 603.0, 604.0, 599.0, 600.0, 597.0, 595.0, 597.0, 595.0, 595.0, 598.0, 601.0, 603.0, 597.0, 599.0, 596.0, 598.0, 591.0, 599.0, 577.0, 593.0, 602.0, 603.0, 602.0, 584.0, 578.0, 593.0, 594.0, 601.0, 604.0, 598.0, 605.0, 594.0, 594.0, 594.0, 594.0, 591.0, 599.0, 599.0, 598.0, 597.0, 596.0, 597.0, 600.0, 596.0, 606.0, 599.0, 596.0, 597.0, 597.0, 597.0, 598.0, 594.0, 598.0, 600.0, 595.0, 596.0, 597.0, 597.0, 596.0, 600.0, 599.0, 600.0, 601.0, 603.0, 601.0, 601.0, 597.0, 604.0, 599.0, 598.0, 601.0, 602.0, 601.0, 601.0, 595.0, 606.0, 597.0, 602.0, 600.0, 600.0, 599.0, 600.0, 598.0, 599.0, 600.0, 600.0, 600.0, 600.0, 602.0, 601.0, 601.0, 600.0, 604.0, 606.0, 601.0, 603.0, 601.0, 602.0, 601.0, 601.0, 602.0, 580.0, 569.0, 609.0, 610.0, 600.0, 591.0, 592.0, 604.0, 597.0, 603.0, 602.0, 596.0, 601.0, 597.0, 597.0, 596.0, 605.0, 599.0, 599.0, 600.0, 601.0, 598.0, 606.0, 600.0, 597.0, 606.0, 595.0, 596.0, 598.0, 597.0, 597.0, 596.0, 586.0, 583.0, 567.0, 598.0, 585.0, 598.0, 592.0, 598.0, 589.0, 581.0, 605.0, 594.0, 602.0, 600.0, 590.0, 599.0, 601.0, 596.0, 597.0, 597.0, 598.0, 599.0, 592.0, 594.0, 578.0, 592.0, 602.0, 598.0, 599.0, 592.0, 591.0, 599.0, 601.0, 598.0, 602.0, 597.0, 598.0, 599.0, 598.0, 598.0, 601.0, 599.0, 604.0, 597.0, 597.0, 597.0, 592.0, 580.0, 593.0, 593.0, 601.0, 598.0, 600.0, 574.0, 579.0, 608.0, 594.0, 597.0, 598.0, 601.0, 594.0, 600.0, 597.0, 601.0, 600.0, 603.0, 590.0, 603.0, 599.0, 593.0, 597.0, 596.0, 599.0, 596.0, 599.0, 585.0, 592.0, 590.0, 592.0, 601.0, 574.0, 608.0, 593.0, 608.0, 600.0, 594.0, 595.0, 587.0, 597.0, 599.0, 593.0, 592.0, 594.0, 594.0, 592.0, 590.0, 571.0, 594.0, 590.0, 588.0, 593.0, 591.0, 595.0, 608.0, 595.0, 590.0, 582.0, 588.0, 600.0, 595.0, 594.0, 585.0, 579.0, 595.0, 574.0, 588.0, 608.0, 607.0, 595.0, 591.0, 605.0, 609.0, 602.0, 603.0, 598.0, 584.0, 588.0, 609.0, 601.0, 600.0, 598.0, 599.0, 599.0, 596.0, 596.0, 596.0, 597.0, 597.0, 597.0, 598.0, 599.0, 599.0, 599.0, 598.0, 599.0, 600.0, 601.0, 598.0, 599.0, 598.0, 598.0, 598.0, 599.0, 601.0, 601.0, 599.0, 602.0, 604.0, 601.0, 600.0, 601.0, 601.0, 600.0, 599.0, 599.0, 600.0, 600.0, 600.0, 599.0, 599.0, 599.0, 599.0, 601.0, 600.0, 598.0, 602.0, 598.0, 599.0, 598.0, 597.0, 599.0, 599.0, 600.0, 600.0, 600.0, 600.0, 601.0, 602.0, 601.0, 601.0, 599.0, 601.0, 601.0, 600.0, 599.0, 598.0, 601.0, 601.0, 599.0, 599.0, 599.0, 602.0, 602.0, 600.0, 602.0, 603.0, 601.0, 601.0, 600.0, 601.0, 602.0, 602.0, 601.0, 602.0, 599.0, 598.0, 599.0, 599.0, 601.0, 600.0, 600.0, 600.0, 601.0, 603.0, 602.0, 602.0, 602.0, 602.0, 603.0, 603.0, 602.0, 601.0, 601.0, 599.0, 601.0, 600.0, 602.0, 604.0, 601.0, 599.0, 595.0, 603.0, 597.0, 593.0, 567.0, 605.0, 587.0, 601.0, 584.0, 593.0, 602.0, 590.0, 599.0, 582.0, 597.0, 595.0, 596.0, 597.0, 586.0, 599.0, 598.0, 594.0, 601.0, 576.0, 575.0, 609.0, 604.0, 599.0, 586.0, 592.0, 593.0, 597.0, 598.0, 592.0, 609.0, 603.0, 588.0, 585.0, 582.0, 608.0, 599.0, 595.0, 584.0, 599.0, 603.0, 589.0, 594.0, 602.0, 598.0]}, "slices": {}}, "EventTimestamp": "12-41-20"}