{"AcquisitionMatrixPE": 64, "AcquisitionNumber": 1, "AcquisitionTime": "10:54:57.687500", "BandwidthPerPixelPhaseEncode": 28.935, "BaseResolution": 64, "BodyPartExamined": "BRAIN", "CoilString": "HC2_4_6_7", "ConsistencyInfo": "N4_VE11E_LATEST_20181129", "ConversionSoftware": "dcm2niix", "ConversionSoftwareVersion": "v1.0.20190902", "DerivedVendorReportedEchoSpacing": 0.000540003, "DeviceSerialNumber": "166182", "DwellTime": 3.4e-06, "EchoTime": 0.032, "EchoTrainLength": 64, "EffectiveEchoSpacing": 0.000540003, "FlipAngle": 40, "ImageOrientationPatientDICOM": [0.992633, -0.102685, 0.064306, 0.10836, 0.989839, -0.0920741], "ImageType": ["ORIGINAL", "PRIMARY", "M", "ND", "NORM", "MOSAIC"], "ImagingFrequency": 123.255, "InPlanePhaseEncodingDirectionDICOM": "COL", "InstitutionAddress": "PEARSE_STREET_._City_District_IE_D2", "InstitutionName": "TCIN", "InstitutionalDepartmentName": "MRI", "MRAcquisitionType": "2D", "MagneticFieldStrength": 3, "Manufacturer": "Siemens", "ManufacturersModelName": "Prisma", "Modality": "MR", "MultibandAccelerationFactor": 4, "PartialFourier": 1, "PatientPosition": "HFS", "PercentPhaseFOV": 100, "PhaseEncodingDirection": "j-", "PhaseEncodingSteps": 64, "PhaseResolution": 1, "PixelBandwidth": 2300, "ProcedureStepDescription": "Rhodri_Head_BOLD", "ProtocolName": "cmrr_mbep2d_Pictures_AP_RDS", "PulseSequenceDetails": "%SiemensSeq%_ep2d_bold", "ReceiveCoilActiveElements": "HC2,4,6,7", "ReceiveCoilName": "HeadNeck_64", "ReconMatrixPE": 64, "RefLinesPE": 12, "RepetitionTime": 0.61, "SAR": 0.24595, "ScanOptions": "FS", "ScanningSequence": "EP", "SequenceName": "_epfid2d1_64", "SequenceVariant": "SK", "SeriesDescription": "cmrr_mbep2d_Pictures_AP_RDS", "SeriesNumber": 8, "ShimSetting": [-3603, -7500, 3902, 681, -29, 152, 288, 158], "SliceThickness": 3, "SliceTiming": [0.2625, 0, 0.33, 0.0675, 0.395, 0.1325, 0.46, 0.1975, 0.525, 0.2625, 0, 0.33, 0.0675, 0.395, 0.1325, 0.46, 0.1975, 0.525, 0.2625, 0, 0.33, 0.0675, 0.395, 0.1325, 0.46, 0.1975, 0.525, 0.2625, 0, 0.33, 0.0675, 0.395, 0.1325, 0.46, 0.1975, 0.525], "SoftwareVersions": "syngo_MR_E11", "SpacingBetweenSlices": 3.3, "StationName": "AWP166182", "TaskName": "pictures", "TotalReadoutTime": 0.0340202, "TxRefAmp": 251.056, "dcmmeta_affine": [[-2.9778995513916016, 0.3250811994075775, 0.17885325849056244, 81.734130859375], [0.3080538809299469, 2.969515800476074, -0.32460129261016846, -100.74491119384766], [0.19291797280311584, 0.276222288608551, 3.2791225910186768, -90.47482299804688], [0.0, 0.0, 0.0, 1.0]], "dcmmeta_reorient_transform": [[0.0, -1.0, 0.0, 63.0], [1.0, 0.0, 0.0, 0.0], [0.0, 0.0, 1.0, 0.0], [0.0, 0.0, 0.0, 1.0]], "dcmmeta_shape": [64, 64, 36, 510], "dcmmeta_slice_dim": 2, "dcmmeta_version": 0.6, "global": {"const": {"AcquisitionMatrix": [64, 0, 0, 64], "AngioFlag": "N", "BitsAllocated": 16, "BitsStored": 12, "BodyPartExamined": "BRAIN", "Columns": 384, "EchoNumbers": 1, "EchoTime": 32.0, "EchoTrainLength": 64, "FlipAngle": 40.0, "HighBit": 11, "ImageOrientationPatient": [0.99263316787141, -0.1026846305426, 0.06430599265935, 0.10836039654198, 0.98983856497391, -0.0920740992444], "ImagePositionPatient": [-630.69115320381, -512.16846987758, -59.744126515235], "ImageType": ["ORIGINAL", "PRIMARY", "M", "ND", "NORM", "MOSAIC"], "ImagedNucleus": "1H", "ImagingFrequency": 123.255198, "InPlanePhaseEncodingDirection": "COL", "MRAcquisitionType": "2D", "MagneticFieldStrength": 3.0, "Manufacturer": "SIEMENS", "ManufacturerModelName": "Prisma", "Modality": "MR", "NumberOfAverages": 1.0, "NumberOfPhaseEncodingSteps": 64, "PercentPhaseFieldOfView": 100.0, "PercentSampling": 100.0, "PerformedProcedureStepStartTime": "102303.317000", "PhotometricInterpretation": "MONOCHROME2", "PixelBandwidth": 2300.0, "PixelRepresentation": 0, "PixelSpacing": [3.0, 3.0], "ProtocolName": "cmrr_mbep2d_Pictures_AP_RDS", "RepetitionTime": 610.0, "Rows": 384, "SAR": 0.24594985540851, "SamplesPerPixel": 1, "ScanOptions": "FS", "ScanningSequence": "EP", "SequenceName": "*epfid2d1_64", "SequenceVariant": "SK", "SeriesDescription": "cmrr_mbep2d_Pictures_AP_RDS", "SeriesNumber": 8, "SeriesTime": "105518.868000", "SliceLocation": -75.562939330083, "SliceThickness": 3.0, "SmallestImagePixelValue": 0, "SoftwareVersions": "syngo MR E11", "SpacingBetweenSlices": 3.3000000307285, "SpecificCharacterSet": "ISO_IR 100", "StudyID": "1", "StudyTime": "102303.152000", "TransmitCoilName": "Body", "VariableFlipAngleFlag": "N", "WindowCenterWidthExplanation": "Algo1"}, "slices": {}}, "time": {"samples": {"AcquisitionNumber": [1, 2, 3, 4, 5, 6, 7, 8, 9, 10, 11, 12, 13, 14, 15, 16, 17, 18, 19, 20, 21, 22, 23, 24, 25, 26, 27, 28, 29, 30, 31, 32, 33, 34, 35, 36, 37, 38, 39, 40, 41, 42, 43, 44, 45, 46, 47, 48, 49, 50, 51, 52, 53, 54, 55, 56, 57, 58, 59, 60, 61, 62, 63, 64, 65, 66, 67, 68, 69, 70, 71, 72, 73, 74, 75, 76, 77, 78, 79, 80, 81, 82, 83, 84, 85, 86, 87, 88, 89, 90, 91, 92, 93, 94, 95, 96, 97, 98, 99, 100, 101, 102, 103, 104, 105, 106, 107, 108, 109, 110, 111, 112, 113, 114, 115, 116, 117, 118, 119, 120, 121, 122, 123, 124, 125, 126, 127, 128, 129, 130, 131, 132, 133, 134, 135, 136, 137, 138, 139, 140, 141, 142, 143, 144, 145, 146, 147, 148, 149, 150, 151, 152, 153, 154, 155, 156, 157, 158, 159, 160, 161, 162, 163, 164, 165, 166, 167, 168, 169, 170, 171, 172, 173, 174, 175, 176, 177, 178, 179, 180, 181, 182, 183, 184, 185, 186, 187, 188, 189, 190, 191, 192, 193, 194, 195, 196, 197, 198, 199, 200, 201, 202, 203, 204, 205, 206, 207, 208, 209, 210, 211, 212, 213, 214, 215, 216, 217, 218, 219, 220, 221, 222, 223, 224, 225, 226, 227, 228, 229, 230, 231, 232, 233, 234, 235, 236, 237, 238, 239, 240, 241, 242, 243, 244, 245, 246, 247, 248, 249, 250, 251, 252, 253, 254, 255, 256, 257, 258, 259, 260, 261, 262, 263, 264, 265, 266, 267, 268, 269, 270, 271, 272, 273, 274, 275, 276, 277, 278, 279, 280, 281, 282, 283, 284, 285, 286, 287, 288, 289, 290, 291, 292, 293, 294, 295, 296, 297, 298, 299, 300, 301, 302, 303, 304, 305, 306, 307, 308, 309, 310, 311, 312, 313, 314, 315, 316, 317, 318, 319, 320, 321, 322, 323, 324, 325, 326, 327, 328, 329, 330, 331, 332, 333, 334, 335, 336, 337, 338, 339, 340, 341, 342, 343, 344, 345, 346, 347, 348, 349, 350, 351, 352, 353, 354, 355, 356, 357, 358, 359, 360, 361, 362, 363, 364, 365, 366, 367, 368, 369, 370, 371, 372, 373, 374, 375, 376, 377, 378, 379, 380, 381, 382, 383, 384, 385, 386, 387, 388, 389, 390, 391, 392, 393, 394, 395, 396, 397, 398, 399, 400, 401, 402, 403, 404, 405, 406, 407, 408, 409, 410, 411, 412, 413, 414, 415, 416, 417, 418, 419, 420, 421, 422, 423, 424, 425, 426, 427, 428, 429, 430, 431, 432, 433, 434, 435, 436, 437, 438, 439, 440, 441, 442, 443, 444, 445, 446, 447, 448, 449, 450, 451, 452, 453, 454, 455, 456, 457, 458, 459, 460, 461, 462, 463, 464, 465, 466, 467, 468, 469, 470, 471, 472, 473, 474, 475, 476, 477, 478, 479, 480, 481, 482, 483, 484, 485, 486, 487, 488, 489, 490, 491, 492, 493, 494, 495, 496, 497, 498, 499, 500, 501, 502, 503, 504, 505, 506, 507, 508, 509, 510], "AcquisitionTime": ["105457.687500", "105458.297500", "105458.907500", "105459.517500", "105500.127500", "105500.737500", "105501.347500", "105501.957500", "105502.567500", "105503.177500", "105503.787500", "105504.397500", "105505.007500", "105505.617500", "105506.227500", "105506.837500", "105507.447500", "105508.057500", "105508.667500", "105509.277500", "105509.887500", "105510.497500", "105511.107500", "105511.717500", "105512.327500", "105512.937500", "105513.547500", "105514.157500", "105514.767500", "105515.377500", "105515.987500", "105516.597500", "105517.207500", "105517.817500", "105518.427500", "105519.037500", "105519.647500", "105520.257500", "105520.867500", "105521.477500", "105522.087500", "105522.697500", "105523.307500", "105523.917500", "105524.527500", "105525.137500", "105525.747500", "105526.357500", "105526.967500", "105527.577500", "105528.187500", "105528.797500", "105529.407500", "105530.017500", "105530.627500", "105531.237500", "105531.847500", "105532.457500", "105533.067500", "105533.677500", "105534.287500", "105534.897500", "105535.507500", "105536.117500", "105536.727500", "105537.337500", "105537.947500", "105538.557500", "105539.167500", "105539.777500", "105540.387500", "105540.997500", "105541.607500", "105542.217500", "105542.827500", "105543.437500", "105544.047500", "105544.657500", "105545.267500", "105545.877500", "105546.487500", "105547.097500", "105547.707500", "105548.317500", "105548.927500", "105549.537500", "105550.147500", "105550.757500", "105551.367500", "105551.977500", "105552.587500", "105553.197500", "105553.807500", "105554.417500", "105555.027500", "105555.637500", "105556.247500", "105556.857500", "105557.467500", "105558.077500", "105558.687500", "105559.297500", "105559.907500", "105600.517500", "105601.127500", "105601.737500", "105602.347500", "105602.957500", "105603.567500", "105604.177500", "105604.787500", "105605.397500", "105606.007500", "105606.617500", "105607.227500", "105607.837500", "105608.447500", "105609.057500", "105609.667500", "105610.277500", "105610.887500", "105611.497500", "105612.107500", "105612.717500", "105613.327500", "105613.937500", "105614.547500", "105615.157500", "105615.767500", "105616.377500", "105616.987500", "105617.597500", "105618.207500", "105618.817500", "105619.427500", "105620.037500", "105620.647500", "105621.257500", "105621.867500", "105622.477500", "105623.087500", "105623.697500", "105624.307500", "105624.917500", "105625.527500", "105626.137500", "105626.747500", "105627.357500", "105627.967500", "105628.577500", "105629.187500", "105629.797500", "105630.407500", "105631.017500", "105631.627500", "105632.237500", "105632.847500", "105633.457500", "105634.067500", "105634.677500", "105635.287500", "105635.897500", "105636.507500", "105637.117500", "105637.727500", "105638.337500", "105638.947500", "105639.557500", "105640.167500", "105640.777500", "105641.387500", "105641.997500", "105642.607500", "105643.217500", "105643.827500", "105644.437500", "105645.047500", "105645.657500", "105646.267500", "105646.877500", "105647.487500", "105648.097500", "105648.707500", "105649.317500", "105649.927500", "105650.537500", "105651.147500", "105651.757500", "105652.367500", "105652.977500", "105653.587500", "105654.197500", "105654.807500", "105655.417500", "105656.027500", "105656.637500", "105657.247500", "105657.857500", "105658.467500", "105659.077500", "105659.687500", "105700.297500", "105700.907500", "105701.517500", "105702.127500", "105702.737500", "105703.347500", "105703.957500", "105704.567500", "105705.177500", "105705.787500", "105706.397500", "105707.007500", "105707.617500", "105708.227500", "105708.837500", "105709.447500", "105710.057500", "105710.667500", "105711.277500", "105711.887500", "105712.497500", "105713.107500", "105713.717500", "105714.327500", "105714.937500", "105715.547500", "105716.157500", "105716.767500", "105717.377500", "105717.987500", "105718.597500", "105719.207500", "105719.817500", "105720.427500", "105721.037500", "105721.647500", "105722.257500", "105722.867500", "105723.477500", "105724.087500", "105724.697500", "105725.307500", "105725.917500", "105726.527500", "105727.137500", "105727.747500", "105728.357500", "105728.967500", "105729.577500", "105730.187500", "105730.797500", "105731.407500", "105732.017500", "105732.627500", "105733.237500", "105733.847500", "105734.457500", "105735.067500", "105735.677500", "105736.287500", "105736.897500", "105737.507500", "105738.117500", "105738.727500", "105739.337500", "105739.947500", "105740.557500", "105741.167500", "105741.777500", "105742.387500", "105742.997500", "105743.607500", "105744.217500", "105744.827500", "105745.437500", "105746.047500", "105746.657500", "105747.267500", "105747.877500", "105748.487500", "105749.097500", "105749.707500", "105750.317500", "105750.927500", "105751.537500", "105752.147500", "105752.757500", "105753.367500", "105753.977500", "105754.587500", "105755.197500", "105755.807500", "105756.417500", "105757.027500", "105757.637500", "105758.247500", "105758.857500", "105759.467500", "105800.077500", "105800.687500", "105801.297500", "105801.907500", "105802.517500", "105803.127500", "105803.737500", "105804.347500", "105804.957500", "105805.567500", "105806.177500", "105806.787500", "105807.397500", "105808.007500", "105808.617500", "105809.227500", "105809.837500", "105810.447500", "105811.057500", "105811.667500", "105812.277500", "105812.887500", "105813.497500", "105814.107500", "105814.717500", "105815.327500", "105815.937500", "105816.547500", "105817.157500", "105817.767500", "105818.377500", "105818.987500", "105819.597500", "105820.207500", "105820.817500", "105821.427500", "105822.037500", "105822.647500", "105823.257500", "105823.867500", "105824.477500", "105825.087500", "105825.697500", "105826.307500", "105826.917500", "105827.527500", "105828.137500", "105828.747500", "105829.357500", "105829.967500", "105830.577500", "105831.187500", "105831.797500", "105832.407500", "105833.017500", "105833.627500", "105834.237500", "105834.847500", "105835.457500", "105836.067500", "105836.677500", "105837.287500", "105837.897500", "105838.507500", "105839.117500", "105839.727500", "105840.337500", "105840.947500", "105841.557500", "105842.167500", "105842.777500", "105843.387500", "105843.997500", "105844.607500", "105845.217500", "105845.827500", "105846.437500", "105847.047500", "105847.657500", "105848.267500", "105848.877500", "105849.487500", "105850.097500", "105850.707500", "105851.317500", "105851.927500", "105852.537500", "105853.147500", "105853.757500", "105854.367500", "105854.977500", "105855.587500", "105856.197500", "105856.807500", "105857.417500", "105858.027500", "105858.637500", "105859.247500", "105859.857500", "105900.467500", "105901.077500", "105901.687500", "105902.297500", "105902.907500", "105903.517500", "105904.127500", "105904.737500", "105905.347500", "105905.957500", "105906.567500", "105907.177500", "105907.787500", "105908.397500", "105909.007500", "105909.617500", "105910.227500", "105910.837500", "105911.447500", "105912.057500", "105912.667500", "105913.277500", "105913.887500", "105914.497500", "105915.107500", "105915.717500", "105916.327500", "105916.937500", "105917.547500", "105918.157500", "105918.767500", "105919.377500", "105919.987500", "105920.597500", "105921.207500", "105921.817500", "105922.427500", "105923.037500", "105923.647500", "105924.257500", "105924.867500", "105925.477500", "105926.087500", "105926.697500", "105927.307500", "105927.917500", "105928.527500", "105929.137500", "105929.747500", "105930.357500", "105930.967500", "105931.577500", "105932.187500", "105932.797500", "105933.407500", "105934.017500", "105934.627500", "105935.237500", "105935.847500", "105936.457500", "105937.067500", "105937.677500", "105938.287500", "105938.897500", "105939.507500", "105940.117500", "105940.727500", "105941.337500", "105941.947500", "105942.557500", "105943.167500", "105943.777500", "105944.387500", "105944.997500", "105945.607500", "105946.217500", "105946.827500", "105947.437500", "105948.047500", "105948.657500", "105949.267500", "105949.877500", "105950.487500", "105951.097500", "105951.707500", "105952.317500", "105952.927500", "105953.537500", "105954.147500", "105954.757500", "105955.367500", "105955.977500", "105956.587500", "105957.197500", "105957.807500", "105958.417500", "105959.027500", "105959.637500", "110000.247500", "110000.857500", "110001.467500", "110002.077500", "110002.687500", "110003.297500", "110003.907500", "110004.517500", "110005.127500", "110005.737500", "110006.347500", "110006.957500", "110007.567500", "110008.177500"], "ContentTime": ["105518.872000", "105518.875000", "105518.877000", "105518.879000", "105518.882000", "105518.884000", "105518.886000", "105518.889000", "105518.891000", "105518.894000", "105518.896000", "105518.898000", "105518.901000", "105518.903000", "105518.906000", "105518.909000", "105518.911000", "105518.914000", "105518.916000", "105518.918000", "105518.921000", "105518.923000", "105518.925000", "105518.928000", "105518.930000", "105518.933000", "105518.935000", "105518.942000", "105518.944000", "105518.946000", "105518.949000", "105518.951000", "105518.953000", "105518.956000", "105538.867000", "105538.870000", "105538.873000", "105538.875000", "105538.877000", "105538.880000", "105538.882000", "105538.885000", "105538.887000", "105538.890000", "105538.892000", "105538.894000", "105538.905000", "105538.907000", "105538.910000", "105538.912000", "105538.914000", "105538.917000", "105538.919000", "105538.921000", "105538.924000", "105538.926000", "105538.928000", "105538.931000", "105538.933000", "105538.936000", "105538.938000", "105538.940000", "105538.943000", "105538.945000", "105538.947000", "105538.950000", "105538.952000", "105558.867000", "105558.870000", "105558.872000", "105558.874000", "105558.877000", "105558.879000", "105558.881000", "105558.884000", "105558.886000", "105558.888000", "105558.891000", "105558.893000", "105558.895000", "105558.898000", "105558.900000", "105558.902000", "105558.904000", "105558.907000", "105558.909000", "105558.912000", "105558.914000", "105558.917000", "105558.919000", "105558.931000", "105558.934000", "105558.936000", "105558.939000", "105558.941000", "105558.944000", "105558.946000", "105558.948000", "105558.951000", "105618.867000", "105618.870000", "105618.872000", "105618.874000", "105618.877000", "105618.879000", "105618.881000", "105618.884000", "105618.886000", "105618.888000", "105618.891000", "105618.894000", "105618.896000", "105618.898000", "105618.901000", "105618.903000", "105618.905000", "105618.908000", "105618.942000", "105618.945000", "105618.947000", "105618.950000", "105618.952000", "105618.954000", "105618.957000", "105618.959000", "105618.961000", "105618.964000", "105618.966000", "105618.968000", "105618.971000", "105618.973000", "105618.975000", "105638.866000", "105638.881000", "105638.883000", "105638.886000", "105638.888000", "105638.890000", "105638.893000", "105638.895000", "105638.897000", "105638.900000", "105638.902000", "105638.904000", "105638.907000", "105638.909000", "105638.911000", "105638.914000", "105638.916000", "105638.918000", "105638.920000", "105638.923000", "105638.925000", "105638.927000", "105638.930000", "105638.932000", "105638.934000", "105638.937000", "105638.939000", "105638.941000", "105638.944000", "105638.946000", "105638.948000", "105638.951000", "105638.953000", "105658.867000", "105658.870000", "105658.872000", "105658.874000", "105658.877000", "105658.879000", "105658.881000", "105658.884000", "105658.886000", "105658.888000", "105658.891000", "105658.893000", "105658.895000", "105658.898000", "105658.900000", "105658.903000", "105658.905000", "105658.907000", "105658.910000", "105658.912000", "105658.914000", "105658.917000", "105658.919000", "105658.921000", "105658.924000", "105658.926000", "105658.928000", "105658.931000", "105658.933000", "105658.935000", "105658.937000", "105658.940000", "105658.942000", "105718.867000", "105718.870000", "105718.872000", "105718.875000", "105718.877000", "105718.879000", "105718.882000", "105718.884000", "105718.886000", "105718.889000", "105718.891000", "105718.893000", "105718.896000", "105718.898000", "105718.900000", "105718.903000", "105718.905000", "105718.907000", "105718.910000", "105718.912000", "105718.915000", "105718.917000", "105718.919000", "105718.922000", "105718.924000", "105718.926000", "105718.929000", "105718.931000", "105718.934000", "105718.936000", "105718.938000", "105718.940000", "105718.943000", "105738.867000", "105738.870000", "105738.872000", "105738.874000", "105738.877000", "105738.879000", "105738.881000", "105738.884000", "105738.886000", "105738.888000", "105738.891000", "105738.893000", "105738.895000", "105738.898000", "105738.900000", "105738.902000", "105738.905000", "105738.907000", "105738.909000", "105738.912000", "105738.914000", "105738.916000", "105738.919000", "105738.921000", "105738.924000", "105738.926000", "105738.928000", "105738.931000", "105738.933000", "105738.935000", "105738.938000", "105738.940000", "105758.867000", "105758.870000", "105758.872000", "105758.875000", "105758.877000", "105758.879000", "105758.882000", "105758.884000", "105758.886000", "105758.889000", "105758.891000", "105758.893000", "105758.896000", "105758.898000", "105758.900000", "105758.903000", "105758.905000", "105758.907000", "105758.910000", "105758.912000", "105758.914000", "105758.917000", "105758.919000", "105758.921000", "105758.924000", "105758.926000", "105758.929000", "105758.932000", "105758.934000", "105758.937000", "105758.939000", "105758.941000", "105758.944000", "105818.867000", "105818.870000", "105818.872000", "105818.875000", "105818.877000", "105818.879000", "105818.882000", "105818.884000", "105818.886000", "105818.889000", "105818.891000", "105818.893000", "105818.896000", "105818.898000", "105818.900000", "105818.903000", "105818.905000", "105818.907000", "105818.910000", "105818.912000", "105818.914000", "105818.917000", "105818.919000", "105818.921000", "105818.924000", "105818.926000", "105818.928000", "105818.937000", "105818.940000", "105818.942000", "105818.944000", "105818.947000", "105818.949000", "105838.867000", "105838.870000", "105838.872000", "105838.874000", "105838.877000", "105838.879000", "105838.881000", "105838.884000", "105838.886000", "105838.888000", "105838.891000", "105838.893000", "105838.895000", "105838.898000", "105838.900000", "105838.902000", "105838.905000", "105838.907000", "105838.909000", "105838.912000", "105838.914000", "105838.916000", "105838.919000", "105838.921000", "105838.923000", "105838.926000", "105838.928000", "105838.930000", "105838.933000", "105838.935000", "105838.937000", "105838.940000", "105838.942000", "105858.866000", "105858.869000", "105858.871000", "105858.874000", "105858.876000", "105858.879000", "105858.881000", "105858.883000", "105858.895000", "105858.897000", "105858.899000", "105858.902000", "105858.904000", "105858.907000", "105858.909000", "105858.911000", "105858.914000", "105858.916000", "105858.918000", "105858.920000", "105858.923000", "105858.925000", "105858.927000", "105858.930000", "105858.932000", "105858.934000", "105858.937000", "105858.939000", "105858.941000", "105858.944000", "105858.946000", "105858.963000", "105918.867000", "105918.870000", "105918.872000", "105918.875000", "105918.877000", "105918.879000", "105918.882000", "105918.884000", "105918.886000", "105918.889000", "105918.891000", "105918.894000", "105918.896000", "105918.899000", "105918.901000", "105918.903000", "105918.906000", "105918.908000", "105918.911000", "105918.913000", "105918.915000", "105918.918000", "105918.920000", "105918.922000", "105918.925000", "105918.927000", "105918.929000", "105918.932000", "105918.934000", "105918.937000", "105918.939000", "105918.942000", "105918.944000", "105938.867000", "105938.870000", "105938.872000", "105938.874000", "105938.877000", "105938.879000", "105938.882000", "105938.884000", "105938.886000", "105938.889000", "105938.891000", "105938.894000", "105938.896000", "105938.898000", "105938.901000", "105938.903000", "105938.905000", "105938.908000", "105938.910000", "105938.912000", "105938.915000", "105938.917000", "105938.920000", "105938.922000", "105938.924000", "105938.927000", "105938.929000", "105938.931000", "105938.934000", "105938.936000", "105938.938000", "105938.941000", "105938.943000", "105958.867000", "105958.870000", "105958.872000", "105958.875000", "105958.877000", "105958.879000", "105958.882000", "105958.884000", "105958.886000", "105958.889000", "105958.891000", "105958.894000", "105958.896000", "105958.898000", "105958.901000", "105958.903000", "105958.905000", "105958.908000", "105958.910000", "105958.912000", "105958.915000", "105958.917000", "105958.919000", "105958.922000", "105958.924000", "105958.926000", "105958.929000", "105958.931000", "105958.934000", "105958.936000", "105958.938000", "105958.941000", "105958.943000", "110008.990000", "110008.992000", "110008.995000", "110008.997000", "110009.000000", "110009.003000", "110009.005000", "110009.007000", "110009.010000", "110009.012000", "110009.014000", "110009.017000", "110009.019000", "110009.021000", "110009.024000", "110009.026000", "110009.029000"], "InstanceCreationTime": ["105518.872000", "105518.875000", "105518.877000", "105518.879000", "105518.882000", "105518.884000", "105518.886000", "105518.889000", "105518.891000", "105518.894000", "105518.896000", "105518.898000", "105518.901000", "105518.903000", "105518.906000", "105518.909000", "105518.911000", "105518.914000", "105518.916000", "105518.918000", "105518.921000", "105518.923000", "105518.925000", "105518.928000", "105518.930000", "105518.933000", "105518.935000", "105518.942000", "105518.944000", "105518.946000", "105518.949000", "105518.951000", "105518.953000", "105518.956000", "105538.867000", "105538.870000", "105538.873000", "105538.875000", "105538.877000", "105538.880000", "105538.882000", "105538.885000", "105538.887000", "105538.890000", "105538.892000", "105538.894000", "105538.905000", "105538.907000", "105538.910000", "105538.912000", "105538.914000", "105538.917000", "105538.919000", "105538.921000", "105538.924000", "105538.926000", "105538.928000", "105538.931000", "105538.933000", "105538.936000", "105538.938000", "105538.940000", "105538.943000", "105538.945000", "105538.947000", "105538.950000", "105538.952000", "105558.867000", "105558.870000", "105558.872000", "105558.874000", "105558.877000", "105558.879000", "105558.881000", "105558.884000", "105558.886000", "105558.888000", "105558.891000", "105558.893000", "105558.895000", "105558.898000", "105558.900000", "105558.902000", "105558.904000", "105558.907000", "105558.909000", "105558.912000", "105558.914000", "105558.917000", "105558.919000", "105558.931000", "105558.934000", "105558.936000", "105558.939000", "105558.941000", "105558.944000", "105558.946000", "105558.948000", "105558.951000", "105618.867000", "105618.870000", "105618.872000", "105618.874000", "105618.877000", "105618.879000", "105618.881000", "105618.884000", "105618.886000", "105618.888000", "105618.891000", "105618.894000", "105618.896000", "105618.898000", "105618.901000", "105618.903000", "105618.905000", "105618.908000", "105618.942000", "105618.945000", "105618.947000", "105618.950000", "105618.952000", "105618.954000", "105618.957000", "105618.959000", "105618.961000", "105618.964000", "105618.966000", "105618.968000", "105618.971000", "105618.973000", "105618.975000", "105638.866000", "105638.881000", "105638.883000", "105638.886000", "105638.888000", "105638.890000", "105638.893000", "105638.895000", "105638.897000", "105638.900000", "105638.902000", "105638.904000", "105638.907000", "105638.909000", "105638.911000", "105638.914000", "105638.916000", "105638.918000", "105638.920000", "105638.923000", "105638.925000", "105638.927000", "105638.930000", "105638.932000", "105638.934000", "105638.937000", "105638.939000", "105638.941000", "105638.944000", "105638.946000", "105638.948000", "105638.951000", "105638.953000", "105658.867000", "105658.870000", "105658.872000", "105658.874000", "105658.877000", "105658.879000", "105658.881000", "105658.884000", "105658.886000", "105658.888000", "105658.891000", "105658.893000", "105658.895000", "105658.898000", "105658.900000", "105658.903000", "105658.905000", "105658.907000", "105658.910000", "105658.912000", "105658.914000", "105658.917000", "105658.919000", "105658.921000", "105658.924000", "105658.926000", "105658.928000", "105658.931000", "105658.933000", "105658.935000", "105658.937000", "105658.940000", "105658.942000", "105718.867000", "105718.870000", "105718.872000", "105718.875000", "105718.877000", "105718.879000", "105718.882000", "105718.884000", "105718.886000", "105718.889000", "105718.891000", "105718.893000", "105718.896000", "105718.898000", "105718.900000", "105718.903000", "105718.905000", "105718.907000", "105718.910000", "105718.912000", "105718.915000", "105718.917000", "105718.919000", "105718.922000", "105718.924000", "105718.926000", "105718.929000", "105718.931000", "105718.934000", "105718.936000", "105718.938000", "105718.940000", "105718.943000", "105738.867000", "105738.870000", "105738.872000", "105738.874000", "105738.877000", "105738.879000", "105738.881000", "105738.884000", "105738.886000", "105738.888000", "105738.891000", "105738.893000", "105738.895000", "105738.898000", "105738.900000", "105738.902000", "105738.905000", "105738.907000", "105738.909000", "105738.912000", "105738.914000", "105738.916000", "105738.919000", "105738.921000", "105738.924000", "105738.926000", "105738.928000", "105738.931000", "105738.933000", "105738.935000", "105738.938000", "105738.940000", "105758.867000", "105758.870000", "105758.872000", "105758.875000", "105758.877000", "105758.879000", "105758.882000", "105758.884000", "105758.886000", "105758.889000", "105758.891000", "105758.893000", "105758.896000", "105758.898000", "105758.900000", "105758.903000", "105758.905000", "105758.907000", "105758.910000", "105758.912000", "105758.914000", "105758.917000", "105758.919000", "105758.921000", "105758.924000", "105758.926000", "105758.929000", "105758.932000", "105758.934000", "105758.937000", "105758.939000", "105758.941000", "105758.944000", "105818.867000", "105818.870000", "105818.872000", "105818.875000", "105818.877000", "105818.879000", "105818.882000", "105818.884000", "105818.886000", "105818.889000", "105818.891000", "105818.893000", "105818.896000", "105818.898000", "105818.900000", "105818.903000", "105818.905000", "105818.907000", "105818.910000", "105818.912000", "105818.914000", "105818.917000", "105818.919000", "105818.921000", "105818.924000", "105818.926000", "105818.928000", "105818.937000", "105818.940000", "105818.942000", "105818.944000", "105818.947000", "105818.949000", "105838.867000", "105838.870000", "105838.872000", "105838.874000", "105838.877000", "105838.879000", "105838.881000", "105838.884000", "105838.886000", "105838.888000", "105838.891000", "105838.893000", "105838.895000", "105838.898000", "105838.900000", "105838.902000", "105838.905000", "105838.907000", "105838.909000", "105838.912000", "105838.914000", "105838.916000", "105838.919000", "105838.921000", "105838.923000", "105838.926000", "105838.928000", "105838.930000", "105838.933000", "105838.935000", "105838.937000", "105838.940000", "105838.942000", "105858.866000", "105858.869000", "105858.871000", "105858.874000", "105858.876000", "105858.879000", "105858.881000", "105858.883000", "105858.895000", "105858.897000", "105858.899000", "105858.902000", "105858.904000", "105858.907000", "105858.909000", "105858.911000", "105858.914000", "105858.916000", "105858.918000", "105858.920000", "105858.923000", "105858.925000", "105858.927000", "105858.930000", "105858.932000", "105858.934000", "105858.937000", "105858.939000", "105858.941000", "105858.944000", "105858.946000", "105858.963000", "105918.867000", "105918.870000", "105918.872000", "105918.875000", "105918.877000", "105918.879000", "105918.882000", "105918.884000", "105918.886000", "105918.889000", "105918.891000", "105918.894000", "105918.896000", "105918.899000", "105918.901000", "105918.903000", "105918.906000", "105918.908000", "105918.911000", "105918.913000", "105918.915000", "105918.918000", "105918.920000", "105918.922000", "105918.925000", "105918.927000", "105918.929000", "105918.932000", "105918.934000", "105918.937000", "105918.939000", "105918.942000", "105918.944000", "105938.867000", "105938.870000", "105938.872000", "105938.874000", "105938.877000", "105938.879000", "105938.882000", "105938.884000", "105938.886000", "105938.889000", "105938.891000", "105938.894000", "105938.896000", "105938.898000", "105938.901000", "105938.903000", "105938.905000", "105938.908000", "105938.910000", "105938.912000", "105938.915000", "105938.917000", "105938.920000", "105938.922000", "105938.924000", "105938.927000", "105938.929000", "105938.931000", "105938.934000", "105938.936000", "105938.938000", "105938.941000", "105938.943000", "105958.867000", "105958.870000", "105958.872000", "105958.875000", "105958.877000", "105958.879000", "105958.882000", "105958.884000", "105958.886000", "105958.889000", "105958.891000", "105958.894000", "105958.896000", "105958.898000", "105958.901000", "105958.903000", "105958.905000", "105958.908000", "105958.910000", "105958.912000", "105958.915000", "105958.917000", "105958.919000", "105958.922000", "105958.924000", "105958.926000", "105958.929000", "105958.931000", "105958.934000", "105958.936000", "105958.938000", "105958.941000", "105958.943000", "110008.990000", "110008.992000", "110008.995000", "110008.997000", "110009.000000", "110009.003000", "110009.005000", "110009.007000", "110009.010000", "110009.012000", "110009.014000", "110009.017000", "110009.019000", "110009.021000", "110009.024000", "110009.026000", "110009.029000"], "InstanceNumber": [1, 2, 3, 4, 5, 6, 7, 8, 9, 10, 11, 12, 13, 14, 15, 16, 17, 18, 19, 20, 21, 22, 23, 24, 25, 26, 27, 28, 29, 30, 31, 32, 33, 34, 35, 36, 37, 38, 39, 40, 41, 42, 43, 44, 45, 46, 47, 48, 49, 50, 51, 52, 53, 54, 55, 56, 57, 58, 59, 60, 61, 62, 63, 64, 65, 66, 67, 68, 69, 70, 71, 72, 73, 74, 75, 76, 77, 78, 79, 80, 81, 82, 83, 84, 85, 86, 87, 88, 89, 90, 91, 92, 93, 94, 95, 96, 97, 98, 99, 100, 101, 102, 103, 104, 105, 106, 107, 108, 109, 110, 111, 112, 113, 114, 115, 116, 117, 118, 119, 120, 121, 122, 123, 124, 125, 126, 127, 128, 129, 130, 131, 132, 133, 134, 135, 136, 137, 138, 139, 140, 141, 142, 143, 144, 145, 146, 147, 148, 149, 150, 151, 152, 153, 154, 155, 156, 157, 158, 159, 160, 161, 162, 163, 164, 165, 166, 167, 168, 169, 170, 171, 172, 173, 174, 175, 176, 177, 178, 179, 180, 181, 182, 183, 184, 185, 186, 187, 188, 189, 190, 191, 192, 193, 194, 195, 196, 197, 198, 199, 200, 201, 202, 203, 204, 205, 206, 207, 208, 209, 210, 211, 212, 213, 214, 215, 216, 217, 218, 219, 220, 221, 222, 223, 224, 225, 226, 227, 228, 229, 230, 231, 232, 233, 234, 235, 236, 237, 238, 239, 240, 241, 242, 243, 244, 245, 246, 247, 248, 249, 250, 251, 252, 253, 254, 255, 256, 257, 258, 259, 260, 261, 262, 263, 264, 265, 266, 267, 268, 269, 270, 271, 272, 273, 274, 275, 276, 277, 278, 279, 280, 281, 282, 283, 284, 285, 286, 287, 288, 289, 290, 291, 292, 293, 294, 295, 296, 297, 298, 299, 300, 301, 302, 303, 304, 305, 306, 307, 308, 309, 310, 311, 312, 313, 314, 315, 316, 317, 318, 319, 320, 321, 322, 323, 324, 325, 326, 327, 328, 329, 330, 331, 332, 333, 334, 335, 336, 337, 338, 339, 340, 341, 342, 343, 344, 345, 346, 347, 348, 349, 350, 351, 352, 353, 354, 355, 356, 357, 358, 359, 360, 361, 362, 363, 364, 365, 366, 367, 368, 369, 370, 371, 372, 373, 374, 375, 376, 377, 378, 379, 380, 381, 382, 383, 384, 385, 386, 387, 388, 389, 390, 391, 392, 393, 394, 395, 396, 397, 398, 399, 400, 401, 402, 403, 404, 405, 406, 407, 408, 409, 410, 411, 412, 413, 414, 415, 416, 417, 418, 419, 420, 421, 422, 423, 424, 425, 426, 427, 428, 429, 430, 431, 432, 433, 434, 435, 436, 437, 438, 439, 440, 441, 442, 443, 444, 445, 446, 447, 448, 449, 450, 451, 452, 453, 454, 455, 456, 457, 458, 459, 460, 461, 462, 463, 464, 465, 466, 467, 468, 469, 470, 471, 472, 473, 474, 475, 476, 477, 478, 479, 480, 481, 482, 483, 484, 485, 486, 487, 488, 489, 490, 491, 492, 493, 494, 495, 496, 497, 498, 499, 500, 501, 502, 503, 504, 505, 506, 507, 508, 509, 510], "LargestImagePixelValue": [830, 735, 1028, 1008, 803, 743, 705, 747, 696, 700, 695, 701, 730, 734, 697, 697, 691, 754, 849, 697, 697, 692, 690, 711, 702, 690, 704, 708, 711, 695, 717, 702, 784, 739, 701, 692, 698, 751, 767, 693, 699, 697, 847, 701, 697, 698, 731, 698, 694, 690, 693, 696, 687, 692, 699, 808, 697, 690, 693, 700, 714, 703, 697, 698, 751, 697, 699, 736, 700, 700, 699, 843, 702, 721, 724, 702, 700, 750, 706, 706, 775, 703, 713, 781, 706, 696, 802, 696, 698, 697, 697, 698, 699, 758, 701, 699, 798, 702, 699, 768, 703, 704, 752, 702, 707, 727, 704, 703, 702, 870, 699, 704, 720, 808, 699, 702, 701, 795, 885, 704, 696, 699, 744, 893, 696, 702, 700, 783, 705, 693, 754, 704, 699, 702, 707, 755, 730, 697, 702, 901, 808, 698, 700, 755, 940, 705, 722, 709, 793, 704, 701, 861, 705, 701, 836, 705, 702, 889, 699, 704, 715, 1003, 807, 704, 731, 719, 802, 711, 697, 695, 795, 698, 696, 780, 698, 695, 778, 717, 698, 695, 742, 879, 698, 695, 694, 878, 704, 697, 692, 794, 700, 698, 698, 723, 706, 702, 922, 707, 701, 772, 1000, 746, 702, 702, 878, 727, 703, 735, 834, 706, 756, 902, 702, 712, 771, 897, 704, 698, 771, 820, 703, 701, 820, 705, 702, 720, 808, 709, 734, 840, 708, 703, 883, 806, 709, 701, 745, 1016, 759, 707, 707, 733, 873, 705, 700, 799, 708, 704, 771, 710, 702, 869, 705, 700, 782, 898, 875, 719, 699, 776, 711, 705, 692, 696, 693, 738, 695, 697, 692, 853, 700, 702, 766, 705, 705, 700, 902, 709, 705, 736, 773, 858, 841, 711, 708, 722, 766, 752, 712, 708, 749, 749, 706, 701, 775, 706, 703, 799, 708, 705, 831, 708, 709, 818, 810, 710, 709, 723, 760, 957, 717, 717, 712, 788, 703, 701, 704, 794, 713, 713, 708, 900, 805, 714, 712, 706, 778, 769, 712, 708, 757, 715, 712, 796, 720, 715, 820, 719, 714, 728, 951, 707, 708, 700, 716, 834, 696, 699, 698, 756, 782, 705, 702, 698, 827, 764, 704, 702, 697, 704, 701, 702, 710, 707, 828, 718, 778, 921, 964, 926, 914, 829, 777, 709, 818, 702, 827, 813, 897, 847, 699, 699, 699, 699, 700, 700, 702, 700, 704, 700, 702, 717, 873, 700, 747, 813, 746, 953, 774, 702, 702, 708, 704, 892, 875, 798, 704, 707, 852, 732, 744, 707, 708, 738, 717, 738, 780, 729, 827, 904, 967, 946, 925, 834, 868, 888, 778, 719, 712, 721, 761, 806, 852, 719, 714, 704, 705, 764, 710, 706, 711, 717, 753, 737, 720, 710, 717, 733, 712, 719, 778, 747, 724, 780, 870, 730, 803, 961, 877, 791, 841, 927, 1064, 979, 969, 917, 798, 707, 697, 693, 707, 761, 726, 697, 705, 703, 703, 709, 729, 726, 726, 885, 740, 756, 795, 872, 955, 803, 756, 762, 890, 703, 862, 949, 687, 745, 791, 722, 732, 763, 982, 722, 718, 781, 882, 928, 1003, 1013, 988, 977], "WindowCenter": [418.0, 414.0, 419.0, 418.0, 414.0, 413.0, 412.0, 413.0, 413.0, 414.0, 413.0, 413.0, 413.0, 412.0, 413.0, 412.0, 411.0, 413.0, 416.0, 413.0, 412.0, 413.0, 414.0, 413.0, 413.0, 413.0, 413.0, 413.0, 415.0, 413.0, 414.0, 414.0, 416.0, 414.0, 413.0, 413.0, 413.0, 413.0, 413.0, 413.0, 413.0, 413.0, 414.0, 413.0, 412.0, 412.0, 413.0, 412.0, 412.0, 413.0, 412.0, 412.0, 412.0, 412.0, 412.0, 413.0, 412.0, 412.0, 413.0, 412.0, 414.0, 413.0, 412.0, 412.0, 413.0, 413.0, 413.0, 414.0, 413.0, 413.0, 413.0, 414.0, 413.0, 414.0, 413.0, 413.0, 412.0, 414.0, 412.0, 413.0, 413.0, 412.0, 413.0, 413.0, 412.0, 412.0, 413.0, 411.0, 412.0, 411.0, 413.0, 412.0, 413.0, 414.0, 413.0, 412.0, 415.0, 412.0, 413.0, 414.0, 413.0, 413.0, 415.0, 412.0, 414.0, 414.0, 415.0, 413.0, 413.0, 416.0, 414.0, 413.0, 414.0, 415.0, 413.0, 413.0, 413.0, 415.0, 415.0, 413.0, 413.0, 413.0, 413.0, 416.0, 413.0, 413.0, 414.0, 416.0, 413.0, 413.0, 414.0, 414.0, 414.0, 413.0, 413.0, 414.0, 414.0, 413.0, 413.0, 415.0, 414.0, 412.0, 411.0, 413.0, 416.0, 412.0, 414.0, 413.0, 414.0, 412.0, 412.0, 416.0, 414.0, 414.0, 415.0, 414.0, 413.0, 417.0, 413.0, 414.0, 412.0, 416.0, 414.0, 412.0, 413.0, 412.0, 413.0, 413.0, 412.0, 412.0, 413.0, 413.0, 412.0, 415.0, 413.0, 412.0, 414.0, 413.0, 412.0, 412.0, 412.0, 414.0, 412.0, 412.0, 412.0, 415.0, 412.0, 413.0, 412.0, 414.0, 413.0, 413.0, 413.0, 414.0, 414.0, 413.0, 416.0, 413.0, 414.0, 413.0, 416.0, 412.0, 412.0, 412.0, 415.0, 413.0, 412.0, 414.0, 415.0, 413.0, 413.0, 414.0, 412.0, 412.0, 413.0, 415.0, 412.0, 413.0, 413.0, 414.0, 413.0, 413.0, 414.0, 412.0, 413.0, 414.0, 415.0, 413.0, 414.0, 415.0, 413.0, 413.0, 415.0, 414.0, 412.0, 412.0, 412.0, 415.0, 413.0, 411.0, 412.0, 412.0, 415.0, 413.0, 412.0, 414.0, 412.0, 413.0, 415.0, 414.0, 413.0, 416.0, 413.0, 413.0, 414.0, 415.0, 414.0, 415.0, 412.0, 412.0, 411.0, 412.0, 412.0, 412.0, 412.0, 413.0, 413.0, 414.0, 412.0, 416.0, 412.0, 413.0, 415.0, 413.0, 412.0, 413.0, 416.0, 412.0, 414.0, 413.0, 413.0, 414.0, 414.0, 413.0, 412.0, 412.0, 413.0, 413.0, 413.0, 412.0, 413.0, 413.0, 413.0, 412.0, 414.0, 414.0, 413.0, 415.0, 414.0, 413.0, 415.0, 414.0, 413.0, 416.0, 415.0, 413.0, 412.0, 413.0, 413.0, 414.0, 413.0, 414.0, 412.0, 413.0, 412.0, 412.0, 412.0, 414.0, 413.0, 413.0, 412.0, 415.0, 414.0, 412.0, 413.0, 412.0, 414.0, 414.0, 413.0, 412.0, 413.0, 412.0, 413.0, 415.0, 413.0, 413.0, 415.0, 413.0, 414.0, 413.0, 415.0, 412.0, 413.0, 412.0, 413.0, 414.0, 412.0, 413.0, 413.0, 414.0, 414.0, 413.0, 413.0, 414.0, 414.0, 414.0, 413.0, 414.0, 414.0, 415.0, 415.0, 414.0, 415.0, 415.0, 416.0, 415.0, 414.0, 416.0, 417.0, 415.0, 415.0, 413.0, 412.0, 412.0, 413.0, 411.0, 413.0, 412.0, 413.0, 413.0, 411.0, 411.0, 411.0, 411.0, 412.0, 412.0, 412.0, 413.0, 414.0, 413.0, 414.0, 414.0, 416.0, 414.0, 414.0, 414.0, 413.0, 416.0, 414.0, 412.0, 412.0, 412.0, 412.0, 416.0, 415.0, 414.0, 413.0, 413.0, 414.0, 413.0, 414.0, 414.0, 414.0, 415.0, 415.0, 415.0, 416.0, 415.0, 416.0, 417.0, 416.0, 415.0, 415.0, 415.0, 413.0, 412.0, 412.0, 410.0, 411.0, 411.0, 412.0, 414.0, 414.0, 413.0, 413.0, 411.0, 412.0, 413.0, 412.0, 413.0, 412.0, 413.0, 413.0, 414.0, 414.0, 413.0, 414.0, 415.0, 414.0, 415.0, 417.0, 415.0, 415.0, 416.0, 415.0, 413.0, 414.0, 415.0, 415.0, 414.0, 414.0, 414.0, 414.0, 414.0, 414.0, 412.0, 412.0, 411.0, 411.0, 409.0, 411.0, 412.0, 412.0, 413.0, 413.0, 414.0, 414.0, 415.0, 415.0, 413.0, 415.0, 417.0, 415.0, 415.0, 416.0, 417.0, 417.0, 415.0, 415.0, 413.0, 415.0, 398.0, 416.0, 417.0, 412.0, 415.0, 414.0, 414.0, 415.0, 416.0, 417.0, 415.0, 414.0, 415.0, 416.0, 417.0, 417.0, 416.0, 416.0, 416.0], "WindowWidth": [883.0, 876.0, 883.0, 881.0, 875.0, 872.0, 871.0, 873.0, 874.0, 875.0, 873.0, 873.0, 874.0, 871.0, 873.0, 871.0, 870.0, 874.0, 878.0, 873.0, 871.0, 873.0, 876.0, 874.0, 874.0, 873.0, 873.0, 874.0, 877.0, 874.0, 876.0, 874.0, 878.0, 875.0, 874.0, 873.0, 873.0, 874.0, 874.0, 873.0, 873.0, 873.0, 875.0, 873.0, 872.0, 872.0, 874.0, 872.0, 872.0, 874.0, 871.0, 872.0, 871.0, 871.0, 871.0, 873.0, 872.0, 871.0, 873.0, 871.0, 874.0, 873.0, 872.0, 871.0, 873.0, 873.0, 873.0, 875.0, 873.0, 874.0, 874.0, 875.0, 873.0, 875.0, 873.0, 874.0, 871.0, 874.0, 872.0, 873.0, 873.0, 872.0, 873.0, 872.0, 872.0, 870.0, 873.0, 870.0, 871.0, 870.0, 874.0, 871.0, 874.0, 874.0, 874.0, 872.0, 876.0, 871.0, 873.0, 874.0, 874.0, 874.0, 876.0, 872.0, 874.0, 875.0, 876.0, 874.0, 874.0, 877.0, 875.0, 873.0, 874.0, 876.0, 874.0, 873.0, 873.0, 876.0, 875.0, 873.0, 873.0, 874.0, 873.0, 878.0, 873.0, 874.0, 875.0, 879.0, 873.0, 874.0, 875.0, 875.0, 875.0, 873.0, 873.0, 875.0, 875.0, 874.0, 873.0, 877.0, 874.0, 871.0, 870.0, 874.0, 877.0, 871.0, 875.0, 874.0, 874.0, 872.0, 872.0, 878.0, 874.0, 874.0, 875.0, 875.0, 874.0, 880.0, 874.0, 874.0, 872.0, 878.0, 875.0, 872.0, 872.0, 872.0, 872.0, 874.0, 871.0, 872.0, 872.0, 873.0, 872.0, 876.0, 874.0, 872.0, 874.0, 874.0, 872.0, 871.0, 871.0, 874.0, 871.0, 871.0, 871.0, 876.0, 871.0, 873.0, 872.0, 874.0, 872.0, 873.0, 873.0, 874.0, 875.0, 874.0, 878.0, 873.0, 874.0, 873.0, 877.0, 872.0, 872.0, 872.0, 876.0, 872.0, 871.0, 874.0, 875.0, 872.0, 874.0, 874.0, 871.0, 872.0, 873.0, 876.0, 872.0, 873.0, 873.0, 875.0, 873.0, 872.0, 875.0, 872.0, 873.0, 874.0, 876.0, 874.0, 875.0, 876.0, 874.0, 873.0, 875.0, 874.0, 872.0, 872.0, 871.0, 876.0, 872.0, 870.0, 871.0, 872.0, 875.0, 873.0, 872.0, 875.0, 872.0, 873.0, 876.0, 875.0, 874.0, 877.0, 873.0, 873.0, 874.0, 875.0, 875.0, 877.0, 871.0, 870.0, 870.0, 871.0, 871.0, 871.0, 872.0, 873.0, 873.0, 875.0, 872.0, 878.0, 872.0, 874.0, 876.0, 874.0, 872.0, 873.0, 877.0, 872.0, 875.0, 873.0, 873.0, 874.0, 874.0, 872.0, 871.0, 871.0, 872.0, 872.0, 872.0, 872.0, 873.0, 873.0, 873.0, 872.0, 875.0, 875.0, 874.0, 877.0, 875.0, 874.0, 876.0, 875.0, 874.0, 877.0, 876.0, 873.0, 871.0, 872.0, 872.0, 874.0, 872.0, 875.0, 871.0, 873.0, 872.0, 871.0, 872.0, 874.0, 873.0, 873.0, 872.0, 876.0, 874.0, 872.0, 873.0, 872.0, 875.0, 875.0, 873.0, 872.0, 874.0, 872.0, 873.0, 876.0, 874.0, 874.0, 875.0, 873.0, 875.0, 873.0, 876.0, 872.0, 872.0, 872.0, 873.0, 875.0, 872.0, 873.0, 874.0, 875.0, 874.0, 873.0, 873.0, 875.0, 875.0, 875.0, 873.0, 875.0, 875.0, 876.0, 877.0, 876.0, 877.0, 877.0, 879.0, 878.0, 875.0, 877.0, 879.0, 876.0, 876.0, 873.0, 870.0, 871.0, 872.0, 870.0, 872.0, 871.0, 871.0, 872.0, 869.0, 869.0, 869.0, 869.0, 872.0, 872.0, 872.0, 873.0, 874.0, 874.0, 875.0, 875.0, 879.0, 874.0, 875.0, 875.0, 873.0, 877.0, 875.0, 871.0, 872.0, 871.0, 872.0, 877.0, 875.0, 875.0, 873.0, 874.0, 875.0, 873.0, 875.0, 874.0, 874.0, 877.0, 877.0, 877.0, 879.0, 878.0, 878.0, 879.0, 877.0, 875.0, 876.0, 875.0, 873.0, 871.0, 871.0, 868.0, 869.0, 870.0, 871.0, 874.0, 874.0, 873.0, 872.0, 870.0, 871.0, 872.0, 872.0, 872.0, 871.0, 872.0, 874.0, 874.0, 874.0, 872.0, 875.0, 876.0, 875.0, 877.0, 880.0, 877.0, 877.0, 878.0, 876.0, 873.0, 875.0, 875.0, 875.0, 875.0, 873.0, 874.0, 873.0, 873.0, 873.0, 871.0, 870.0, 869.0, 869.0, 866.0, 870.0, 871.0, 871.0, 873.0, 874.0, 874.0, 876.0, 877.0, 877.0, 874.0, 878.0, 880.0, 876.0, 878.0, 878.0, 879.0, 879.0, 876.0, 876.0, 874.0, 876.0, 845.0, 879.0, 881.0, 872.0, 877.0, 875.0, 875.0, 877.0, 879.0, 879.0, 877.0, 875.0, 877.0, 878.0, 879.0, 879.0, 878.0, 878.0, 877.0]}, "slices": {}}, "EventTimestamp": "10-58-05"}