{"AcquisitionMatrixPE": 64, "AcquisitionNumber": 1, "AcquisitionTime": "15:02:14.700000", "BandwidthPerPixelPhaseEncode": 28.935, "BaseResolution": 64, "BodyPartExamined": "BRAIN", "CoilCombinationMethod": "Sum of Squares", "ConsistencyInfo": "N4_VE11E_LATEST_20181129", "ConversionSoftware": "dcm2niix", "ConversionSoftwareVersion": "v1.0.20230411", "DerivedVendorReportedEchoSpacing": 0.000540003, "DeviceSerialNumber": "166182", "DwellTime": 3.4e-06, "EchoTime": 0.032, "EchoTrainLength": 64, "EffectiveEchoSpacing": 0.000540003, "FlipAngle": 40, "HeudiconvVersion": "0.13.1", "ImageOrientationPatientDICOM": [0.997095, 0.0720348, -0.0247442, -0.0714726, 0.99718, 0.0228991], "ImageOrientationText": "Tra>Sag(-1.5)>Cor(1.2)", "ImageType": ["ORIGINAL", "PRIMARY", "M", "ND", "NORM", "MOSAIC"], "ImagingFrequency": 123.256778, "InPlanePhaseEncodingDirectionDICOM": "COL", "InstitutionAddress": "PEARSE STREET .,City,District,IE,D2", "InstitutionName": "TCIN", "InstitutionalDepartmentName": "MRI", "MRAcquisitionType": "2D", "MagneticFieldStrength": 3, "Manufacturer": "Siemens", "ManufacturersModelName": "Prisma", "Modality": "MR", "MultibandAccelerationFactor": 4, "NonlinearGradientCorrection": false, "PartialFourier": 1, "PatientPosition": "HFS", "PercentPhaseFOV": 100, "PercentSampling": 100, "PhaseEncodingDirection": "j-", "PhaseEncodingSteps": 64, "PhaseResolution": 1, "PixelBandwidth": 2300, "ProcedureStepDescription": "Rhodri^Head BOLD", "ProtocolName": "cmrr_mbep2d_Pictures_AP_RDS", "PulseSequenceDetails": "%SiemensSeq%\\ep2d_bold", "ReceiveCoilActiveElements": "HC2,4,6,7;SC", "ReceiveCoilName": "HeadNeck_64", "ReconMatrixPE": 64, "RefLinesPE": 12, "RepetitionTime": 0.61, "SAR": 0.400129, "ScanOptions": "FS", "ScanningSequence": "EP", "SequenceName": "*epfid2d1_64", "SequenceVariant": "SK", "SeriesDescription": "cmrr_mbep2d_Pictures_AP_RDS", "SeriesNumber": 14, "ShimSetting": [-3819, -7493, 3863, 838, 116, 216, 217, -214], "SliceThickness": 3, "SliceTiming": [0.2625, 0, 0.3275, 0.0675, 0.395, 0.1325, 0.46, 0.1975, 0.525, 0.2625, 0, 0.3275, 0.0675, 0.395, 0.1325, 0.46, 0.1975, 0.525, 0.2625, 0, 0.3275, 0.0675, 0.395, 0.1325, 0.46, 0.1975, 0.525, 0.2625, 0, 0.3275, 0.0675, 0.395, 0.1325, 0.46, 0.1975, 0.525], "SoftwareVersions": "syngo MR E11", "SpacingBetweenSlices": 3.3, "StationName": "AWP166182", "TaskName": "pictures", "TotalReadoutTime": 0.0340202, "TxRefAmp": 247.32, "dcmmeta_affine": [[-2.9912853240966797, -0.21441787481307983, -0.08686889708042145, 104.55007934570312], [-0.21610435843467712, 2.9915390014648438, 0.06951143592596054, -102.70952606201172], [-0.07423248887062073, -0.06869736313819885, 3.298123836517334, -80.50698852539062], [0.0, 0.0, 0.0, 1.0]], "dcmmeta_reorient_transform": [[0.0, -1.0, 0.0, 63.0], [1.0, 0.0, 0.0, 0.0], [0.0, 0.0, 1.0, 0.0], [0.0, 0.0, 0.0, 1.0]], "dcmmeta_shape": [64, 64, 36, 510], "dcmmeta_slice_dim": 2, "dcmmeta_version": 0.6, "global": {"const": {"AcquisitionMatrix": [64, 0, 0, 64], "AngioFlag": "N", "BitsAllocated": 16, "BitsStored": 12, "BodyPartExamined": "BRAIN", "Columns": 384, "EchoNumbers": 1, "EchoTime": 32.0, "EchoTrainLength": 64, "FlipAngle": 40.0, "HighBit": 11, "ImageOrientationPatient": [0.99709513875801, 0.07203478808235, -0.0247441623635, -0.0714726247116, 0.99717966997102, 0.02289912036129], "ImagePositionPatient": [-535.34056157524, -598.98037421325, -83.949302620704], "ImageType": ["ORIGINAL", "PRIMARY", "M", "ND", "NORM", "MOSAIC"], "ImagedNucleus": "1H", "ImagingFrequency": 123.256778, "InPlanePhaseEncodingDirection": "COL", "MRAcquisitionType": "2D", "MagneticFieldStrength": 3.0, "Manufacturer": "SIEMENS", "ManufacturerModelName": "Prisma", "Modality": "MR", "NumberOfAverages": 1.0, "NumberOfPhaseEncodingSteps": 64, "PercentPhaseFieldOfView": 100.0, "PercentSampling": 100.0, "PerformedProcedureStepStartTime": "143011.116000", "PhotometricInterpretation": "MONOCHROME2", "PixelBandwidth": 2300.0, "PixelRepresentation": 0, "PixelSpacing": [3.0, 3.0], "ProtocolName": "cmrr_mbep2d_Pictures_AP_RDS", "RepetitionTime": 610.0, "Rows": 384, "SAR": 0.40012926171886, "SamplesPerPixel": 1, "ScanOptions": "FS", "ScanningSequence": "EP", "SequenceName": "*epfid2d1_64", "SequenceVariant": "SK", "SeriesDescription": "cmrr_mbep2d_Pictures_AP_RDS", "SeriesNumber": 14, "SeriesTime": "150232.095000", "SliceLocation": -85.376869698, "SliceThickness": 3.0, "SmallestImagePixelValue": 0, "SoftwareVersions": "syngo MR E11", "SpacingBetweenSlices": 3.299999926067, "SpecificCharacterSet": "ISO_IR 100", "StudyID": "1", "StudyTime": "143011.056000", "TransmitCoilName": "Body", "VariableFlipAngleFlag": "N", "WindowCenterWidthExplanation": "Algo1"}, "slices": {}}, "time": {"samples": {"AcquisitionNumber": [1, 2, 3, 4, 5, 6, 7, 8, 9, 10, 11, 12, 13, 14, 15, 16, 17, 18, 19, 20, 21, 22, 23, 24, 25, 26, 27, 28, 29, 30, 31, 32, 33, 34, 35, 36, 37, 38, 39, 40, 41, 42, 43, 44, 45, 46, 47, 48, 49, 50, 51, 52, 53, 54, 55, 56, 57, 58, 59, 60, 61, 62, 63, 64, 65, 66, 67, 68, 69, 70, 71, 72, 73, 74, 75, 76, 77, 78, 79, 80, 81, 82, 83, 84, 85, 86, 87, 88, 89, 90, 91, 92, 93, 94, 95, 96, 97, 98, 99, 100, 101, 102, 103, 104, 105, 106, 107, 108, 109, 110, 111, 112, 113, 114, 115, 116, 117, 118, 119, 120, 121, 122, 123, 124, 125, 126, 127, 128, 129, 130, 131, 132, 133, 134, 135, 136, 137, 138, 139, 140, 141, 142, 143, 144, 145, 146, 147, 148, 149, 150, 151, 152, 153, 154, 155, 156, 157, 158, 159, 160, 161, 162, 163, 164, 165, 166, 167, 168, 169, 170, 171, 172, 173, 174, 175, 176, 177, 178, 179, 180, 181, 182, 183, 184, 185, 186, 187, 188, 189, 190, 191, 192, 193, 194, 195, 196, 197, 198, 199, 200, 201, 202, 203, 204, 205, 206, 207, 208, 209, 210, 211, 212, 213, 214, 215, 216, 217, 218, 219, 220, 221, 222, 223, 224, 225, 226, 227, 228, 229, 230, 231, 232, 233, 234, 235, 236, 237, 238, 239, 240, 241, 242, 243, 244, 245, 246, 247, 248, 249, 250, 251, 252, 253, 254, 255, 256, 257, 258, 259, 260, 261, 262, 263, 264, 265, 266, 267, 268, 269, 270, 271, 272, 273, 274, 275, 276, 277, 278, 279, 280, 281, 282, 283, 284, 285, 286, 287, 288, 289, 290, 291, 292, 293, 294, 295, 296, 297, 298, 299, 300, 301, 302, 303, 304, 305, 306, 307, 308, 309, 310, 311, 312, 313, 314, 315, 316, 317, 318, 319, 320, 321, 322, 323, 324, 325, 326, 327, 328, 329, 330, 331, 332, 333, 334, 335, 336, 337, 338, 339, 340, 341, 342, 343, 344, 345, 346, 347, 348, 349, 350, 351, 352, 353, 354, 355, 356, 357, 358, 359, 360, 361, 362, 363, 364, 365, 366, 367, 368, 369, 370, 371, 372, 373, 374, 375, 376, 377, 378, 379, 380, 381, 382, 383, 384, 385, 386, 387, 388, 389, 390, 391, 392, 393, 394, 395, 396, 397, 398, 399, 400, 401, 402, 403, 404, 405, 406, 407, 408, 409, 410, 411, 412, 413, 414, 415, 416, 417, 418, 419, 420, 421, 422, 423, 424, 425, 426, 427, 428, 429, 430, 431, 432, 433, 434, 435, 436, 437, 438, 439, 440, 441, 442, 443, 444, 445, 446, 447, 448, 449, 450, 451, 452, 453, 454, 455, 456, 457, 458, 459, 460, 461, 462, 463, 464, 465, 466, 467, 468, 469, 470, 471, 472, 473, 474, 475, 476, 477, 478, 479, 480, 481, 482, 483, 484, 485, 486, 487, 488, 489, 490, 491, 492, 493, 494, 495, 496, 497, 498, 499, 500, 501, 502, 503, 504, 505, 506, 507, 508, 509, 510], "AcquisitionTime": ["150214.700000", "150215.310000", "150215.920000", "150216.530000", "150217.140000", "150217.750000", "150218.360000", "150218.970000", "150219.580000", "150220.190000", "150220.800000", "150221.410000", "150222.020000", "150222.630000", "150223.240000", "150223.850000", "150224.460000", "150225.070000", "150225.680000", "150226.290000", "150226.900000", "150227.510000", "150228.120000", "150228.730000", "150229.340000", "150229.950000", "150230.560000", "150231.170000", "150231.780000", "150232.390000", "150233.000000", "150233.610000", "150234.220000", "150234.830000", "150235.440000", "150236.050000", "150236.660000", "150237.270000", "150237.880000", "150238.490000", "150239.100000", "150239.710000", "150240.320000", "150240.930000", "150241.540000", "150242.150000", "150242.760000", "150243.370000", "150243.980000", "150244.590000", "150245.200000", "150245.810000", "150246.420000", "150247.030000", "150247.640000", "150248.250000", "150248.860000", "150249.470000", "150250.080000", "150250.690000", "150251.300000", "150251.910000", "150252.520000", "150253.130000", "150253.740000", "150254.350000", "150254.960000", "150255.570000", "150256.180000", "150256.790000", "150257.400000", "150258.010000", "150258.620000", "150259.230000", "150259.840000", "150300.450000", "150301.060000", "150301.670000", "150302.280000", "150302.890000", "150303.500000", "150304.110000", "150304.720000", "150305.330000", "150305.940000", "150306.550000", "150307.160000", "150307.770000", "150308.380000", "150308.990000", "150309.600000", "150310.210000", "150310.820000", "150311.430000", "150312.040000", "150312.650000", "150313.260000", "150313.870000", "150314.480000", "150315.090000", "150315.700000", "150316.310000", "150316.920000", "150317.530000", "150318.140000", "150318.750000", "150319.360000", "150319.970000", "150320.580000", "150321.190000", "150321.800000", "150322.410000", "150323.020000", "150323.630000", "150324.240000", "150324.850000", "150325.460000", "150326.070000", "150326.680000", "150327.290000", "150327.900000", "150328.510000", "150329.120000", "150329.730000", "150330.340000", "150330.950000", "150331.560000", "150332.170000", "150332.780000", "150333.390000", "150334.000000", "150334.610000", "150335.220000", "150335.830000", "150336.440000", "150337.050000", "150337.660000", "150338.270000", "150338.880000", "150339.490000", "150340.100000", "150340.710000", "150341.320000", "150341.930000", "150342.540000", "150343.150000", "150343.760000", "150344.370000", "150344.980000", "150345.590000", "150346.200000", "150346.810000", "150347.420000", "150348.030000", "150348.640000", "150349.250000", "150349.860000", "150350.470000", "150351.080000", "150351.690000", "150352.300000", "150352.910000", "150353.520000", "150354.130000", "150354.740000", "150355.350000", "150355.960000", "150356.570000", "150357.180000", "150357.790000", "150358.400000", "150359.010000", "150359.620000", "150400.230000", "150400.840000", "150401.450000", "150402.060000", "150402.670000", "150403.280000", "150403.890000", "150404.500000", "150405.110000", "150405.720000", "150406.330000", "150406.940000", "150407.550000", "150408.160000", "150408.770000", "150409.380000", "150409.990000", "150410.600000", "150411.210000", "150411.820000", "150412.430000", "150413.040000", "150413.650000", "150414.260000", "150414.870000", "150415.480000", "150416.090000", "150416.700000", "150417.310000", "150417.920000", "150418.530000", "150419.140000", "150419.750000", "150420.360000", "150420.970000", "150421.580000", "150422.190000", "150422.800000", "150423.410000", "150424.020000", "150424.630000", "150425.240000", "150425.850000", "150426.460000", "150427.070000", "150427.680000", "150428.290000", "150428.900000", "150429.510000", "150430.120000", "150430.730000", "150431.340000", "150431.950000", "150432.560000", "150433.170000", "150433.780000", "150434.390000", "150435.000000", "150435.610000", "150436.220000", "150436.830000", "150437.440000", "150438.050000", "150438.660000", "150439.270000", "150439.880000", "150440.490000", "150441.100000", "150441.710000", "150442.320000", "150442.930000", "150443.540000", "150444.150000", "150444.760000", "150445.370000", "150445.980000", "150446.590000", "150447.200000", "150447.810000", "150448.420000", "150449.030000", "150449.640000", "150450.250000", "150450.860000", "150451.470000", "150452.080000", "150452.690000", "150453.300000", "150453.910000", "150454.520000", "150455.130000", "150455.740000", "150456.350000", "150456.960000", "150457.570000", "150458.180000", "150458.790000", "150459.400000", "150500.010000", "150500.620000", "150501.230000", "150501.840000", "150502.450000", "150503.060000", "150503.670000", "150504.280000", "150504.890000", "150505.500000", "150506.110000", "150506.720000", "150507.330000", "150507.940000", "150508.550000", "150509.160000", "150509.770000", "150510.380000", "150510.990000", "150511.600000", "150512.210000", "150512.820000", "150513.430000", "150514.040000", "150514.650000", "150515.260000", "150515.870000", "150516.480000", "150517.090000", "150517.700000", "150518.310000", "150518.920000", "150519.530000", "150520.140000", "150520.750000", "150521.360000", "150521.970000", "150522.580000", "150523.190000", "150523.800000", "150524.410000", "150525.020000", "150525.630000", "150526.240000", "150526.850000", "150527.460000", "150528.070000", "150528.680000", "150529.290000", "150529.900000", "150530.510000", "150531.120000", "150531.730000", "150532.340000", "150532.950000", "150533.560000", "150534.170000", "150534.780000", "150535.390000", "150536.000000", "150536.610000", "150537.220000", "150537.830000", "150538.440000", "150539.050000", "150539.660000", "150540.270000", "150540.880000", "150541.490000", "150542.100000", "150542.710000", "150543.320000", "150543.930000", "150544.540000", "150545.150000", "150545.760000", "150546.370000", "150546.980000", "150547.590000", "150548.200000", "150548.810000", "150549.420000", "150550.030000", "150550.640000", "150551.250000", "150551.860000", "150552.470000", "150553.080000", "150553.690000", "150554.300000", "150554.910000", "150555.520000", "150556.130000", "150556.740000", "150557.350000", "150557.960000", "150558.570000", "150559.180000", "150559.790000", "150600.400000", "150601.010000", "150601.620000", "150602.230000", "150602.840000", "150603.450000", "150604.060000", "150604.670000", "150605.280000", "150605.890000", "150606.500000", "150607.110000", "150607.720000", "150608.330000", "150608.940000", "150609.550000", "150610.160000", "150610.770000", "150611.380000", "150611.990000", "150612.600000", "150613.210000", "150613.820000", "150614.430000", "150615.040000", "150615.650000", "150616.260000", "150616.870000", "150617.480000", "150618.090000", "150618.700000", "150619.310000", "150619.920000", "150620.530000", "150621.140000", "150621.750000", "150622.360000", "150622.970000", "150623.580000", "150624.190000", "150624.800000", "150625.410000", "150626.020000", "150626.630000", "150627.240000", "150627.850000", "150628.460000", "150629.070000", "150629.680000", "150630.290000", "150630.900000", "150631.510000", "150632.120000", "150632.730000", "150633.340000", "150633.950000", "150634.560000", "150635.170000", "150635.780000", "150636.390000", "150637.000000", "150637.610000", "150638.220000", "150638.830000", "150639.440000", "150640.050000", "150640.660000", "150641.270000", "150641.880000", "150642.490000", "150643.100000", "150643.710000", "150644.320000", "150644.930000", "150645.540000", "150646.150000", "150646.760000", "150647.370000", "150647.980000", "150648.590000", "150649.200000", "150649.810000", "150650.420000", "150651.030000", "150651.640000", "150652.250000", "150652.860000", "150653.470000", "150654.080000", "150654.690000", "150655.300000", "150655.910000", "150656.520000", "150657.130000", "150657.740000", "150658.350000", "150658.960000", "150659.570000", "150700.180000", "150700.790000", "150701.400000", "150702.010000", "150702.620000", "150703.230000", "150703.840000", "150704.450000", "150705.060000", "150705.670000", "150706.280000", "150706.890000", "150707.500000", "150708.110000", "150708.720000", "150709.330000", "150709.940000", "150710.550000", "150711.160000", "150711.770000", "150712.380000", "150712.990000", "150713.600000", "150714.210000", "150714.820000", "150715.430000", "150716.040000", "150716.650000", "150717.260000", "150717.870000", "150718.480000", "150719.090000", "150719.700000", "150720.310000", "150720.920000", "150721.530000", "150722.140000", "150722.750000", "150723.360000", "150723.970000", "150724.580000", "150725.190000"], "ContentTime": ["150232.099000", "150232.102000", "150232.104000", "150232.107000", "150232.109000", "150232.112000", "150232.114000", "150232.116000", "150232.119000", "150232.121000", "150232.124000", "150232.126000", "150232.128000", "150232.131000", "150232.134000", "150232.136000", "150232.138000", "150232.141000", "150232.143000", "150232.146000", "150232.148000", "150232.151000", "150232.158000", "150232.161000", "150232.163000", "150232.166000", "150232.168000", "150252.093000", "150252.096000", "150252.098000", "150252.101000", "150252.103000", "150252.106000", "150252.108000", "150252.111000", "150252.113000", "150252.115000", "150252.118000", "150252.124000", "150252.126000", "150252.129000", "150252.131000", "150252.134000", "150252.136000", "150252.138000", "150252.141000", "150252.143000", "150252.146000", "150252.148000", "150252.150000", "150252.153000", "150252.155000", "150252.157000", "150252.160000", "150252.162000", "150252.165000", "150252.167000", "150252.171000", "150252.174000", "150252.176000", "150312.094000", "150312.097000", "150312.099000", "150312.102000", "150312.104000", "150312.107000", "150312.109000", "150312.112000", "150312.114000", "150312.117000", "150312.119000", "150312.121000", "150312.124000", "150312.126000", "150312.129000", "150312.131000", "150312.134000", "150312.136000", "150312.138000", "150312.141000", "150312.143000", "150312.146000", "150312.148000", "150312.150000", "150312.153000", "150312.155000", "150312.157000", "150312.160000", "150312.162000", "150312.165000", "150312.167000", "150312.170000", "150312.172000", "150332.094000", "150332.097000", "150332.099000", "150332.102000", "150332.104000", "150332.107000", "150332.109000", "150332.112000", "150332.114000", "150332.116000", "150332.119000", "150332.121000", "150332.124000", "150332.126000", "150332.129000", "150332.131000", "150332.134000", "150332.136000", "150332.139000", "150332.141000", "150332.144000", "150332.146000", "150332.149000", "150332.151000", "150332.153000", "150332.156000", "150332.158000", "150332.161000", "150332.163000", "150332.166000", "150332.168000", "150332.170000", "150352.095000", "150352.098000", "150352.100000", "150352.103000", "150352.105000", "150352.108000", "150352.110000", "150352.113000", "150352.115000", "150352.118000", "150352.120000", "150352.122000", "150352.125000", "150352.127000", "150352.130000", "150352.132000", "150352.134000", "150352.137000", "150352.139000", "150352.142000", "150352.144000", "150352.147000", "150352.149000", "150352.152000", "150352.154000", "150352.157000", "150352.159000", "150352.162000", "150352.164000", "150352.167000", "150352.169000", "150352.171000", "150352.174000", "150412.094000", "150412.097000", "150412.099000", "150412.102000", "150412.104000", "150412.107000", "150412.109000", "150412.111000", "150412.114000", "150412.116000", "150412.119000", "150412.121000", "150412.124000", "150412.126000", "150412.128000", "150412.131000", "150412.133000", "150412.136000", "150412.138000", "150412.141000", "150412.143000", "150412.145000", "150412.148000", "150412.150000", "150412.152000", "150412.155000", "150412.157000", "150412.160000", "150412.162000", "150412.165000", "150412.168000", "150412.170000", "150412.172000", "150432.094000", "150432.097000", "150432.099000", "150432.102000", "150432.105000", "150432.107000", "150432.109000", "150432.112000", "150432.114000", "150432.117000", "150432.119000", "150432.121000", "150432.124000", "150432.126000", "150432.129000", "150432.131000", "150432.134000", "150432.148000", "150432.151000", "150432.153000", "150432.156000", "150432.158000", "150432.160000", "150432.163000", "150432.165000", "150432.168000", "150432.170000", "150432.172000", "150432.175000", "150432.177000", "150432.179000", "150432.182000", "150432.184000", "150452.094000", "150452.097000", "150452.099000", "150452.101000", "150452.109000", "150452.112000", "150452.114000", "150452.116000", "150452.119000", "150452.121000", "150452.124000", "150452.126000", "150452.129000", "150452.131000", "150452.134000", "150452.136000", "150452.138000", "150452.141000", "150452.143000", "150452.145000", "150452.148000", "150452.150000", "150452.153000", "150452.155000", "150452.158000", "150452.160000", "150452.162000", "150452.165000", "150452.167000", "150452.169000", "150452.172000", "150452.174000", "150452.177000", "150512.093000", "150512.096000", "150512.098000", "150512.101000", "150512.103000", "150512.106000", "150512.108000", "150512.111000", "150512.113000", "150512.116000", "150512.118000", "150512.120000", "150512.123000", "150512.125000", "150512.128000", "150512.130000", "150512.132000", "150512.135000", "150512.137000", "150512.140000", "150512.142000", "150512.144000", "150512.147000", "150512.149000", "150512.152000", "150512.154000", "150512.156000", "150512.159000", "150512.161000", "150512.164000", "150512.166000", "150512.169000", "150532.094000", "150532.097000", "150532.099000", "150532.102000", "150532.104000", "150532.107000", "150532.109000", "150532.112000", "150532.114000", "150532.116000", "150532.119000", "150532.121000", "150532.124000", "150532.126000", "150532.128000", "150532.131000", "150532.133000", "150532.138000", "150532.140000", "150532.143000", "150532.145000", "150532.148000", "150532.150000", "150532.152000", "150532.155000", "150532.157000", "150532.160000", "150532.162000", "150532.164000", "150532.167000", "150532.169000", "150532.172000", "150532.174000", "150552.094000", "150552.097000", "150552.100000", "150552.102000", "150552.105000", "150552.107000", "150552.110000", "150552.112000", "150552.114000", "150552.117000", "150552.119000", "150552.122000", "150552.124000", "150552.127000", "150552.129000", "150552.131000", "150552.134000", "150552.136000", "150552.139000", "150552.141000", "150552.143000", "150552.146000", "150552.148000", "150552.151000", "150552.153000", "150552.156000", "150552.158000", "150552.160000", "150552.163000", "150552.165000", "150552.168000", "150552.170000", "150552.173000", "150612.094000", "150612.097000", "150612.099000", "150612.102000", "150612.104000", "150612.106000", "150612.109000", "150612.111000", "150612.114000", "150612.116000", "150612.119000", "150612.121000", "150612.124000", "150612.126000", "150612.128000", "150612.131000", "150612.139000", "150612.141000", "150612.144000", "150612.146000", "150612.149000", "150612.151000", "150612.153000", "150612.156000", "150612.158000", "150612.161000", "150612.163000", "150612.166000", "150612.168000", "150612.170000", "150612.173000", "150612.175000", "150612.178000", "150632.094000", "150632.097000", "150632.099000", "150632.101000", "150632.104000", "150632.106000", "150632.109000", "150632.111000", "150632.114000", "150632.116000", "150632.119000", "150632.121000", "150632.123000", "150632.126000", "150632.128000", "150632.131000", "150632.133000", "150632.136000", "150632.138000", "150632.140000", "150632.143000", "150632.145000", "150632.148000", "150632.150000", "150632.152000", "150632.155000", "150632.157000", "150632.160000", "150632.162000", "150632.165000", "150632.167000", "150632.169000", "150632.172000", "150652.094000", "150652.097000", "150652.099000", "150652.102000", "150652.104000", "150652.107000", "150652.109000", "150652.112000", "150652.114000", "150652.116000", "150652.119000", "150652.121000", "150652.124000", "150652.126000", "150652.129000", "150652.131000", "150652.134000", "150652.136000", "150652.138000", "150652.141000", "150652.143000", "150652.145000", "150652.148000", "150652.151000", "150652.153000", "150652.155000", "150652.158000", "150652.160000", "150652.163000", "150652.165000", "150652.167000", "150652.170000", "150712.095000", "150712.129000", "150712.131000", "150712.134000", "150712.136000", "150712.139000", "150712.149000", "150712.151000", "150712.154000", "150712.156000", "150712.159000", "150712.161000", "150712.164000", "150712.166000", "150712.168000", "150712.171000", "150712.175000", "150712.177000", "150712.180000", "150712.182000", "150712.185000", "150712.187000", "150712.206000", "150712.209000", "150712.211000", "150712.214000", "150712.216000", "150712.218000", "150712.229000", "150712.232000", "150712.234000", "150712.237000", "150712.239000", "150726.327000", "150726.329000", "150726.332000", "150726.334000", "150726.337000", "150726.339000", "150726.342000", "150726.344000", "150726.347000", "150726.349000", "150726.351000", "150726.354000", "150726.356000", "150726.359000", "150726.361000", "150726.363000", "150726.366000", "150726.368000", "150726.371000", "150726.373000", "150726.375000", "150726.378000", "150726.380000", "150726.383000"], "InstanceCreationTime": ["150232.099000", "150232.102000", "150232.104000", "150232.107000", "150232.109000", "150232.112000", "150232.114000", "150232.116000", "150232.119000", "150232.121000", "150232.124000", "150232.126000", "150232.128000", "150232.131000", "150232.134000", "150232.136000", "150232.138000", "150232.141000", "150232.143000", "150232.146000", "150232.148000", "150232.151000", "150232.158000", "150232.161000", "150232.163000", "150232.166000", "150232.168000", "150252.093000", "150252.096000", "150252.098000", "150252.101000", "150252.103000", "150252.106000", "150252.108000", "150252.111000", "150252.113000", "150252.115000", "150252.118000", "150252.124000", "150252.126000", "150252.129000", "150252.131000", "150252.134000", "150252.136000", "150252.138000", "150252.141000", "150252.143000", "150252.146000", "150252.148000", "150252.150000", "150252.153000", "150252.155000", "150252.157000", "150252.160000", "150252.162000", "150252.165000", "150252.167000", "150252.171000", "150252.174000", "150252.176000", "150312.094000", "150312.097000", "150312.099000", "150312.102000", "150312.104000", "150312.107000", "150312.109000", "150312.112000", "150312.114000", "150312.117000", "150312.119000", "150312.121000", "150312.124000", "150312.126000", "150312.129000", "150312.131000", "150312.134000", "150312.136000", "150312.138000", "150312.141000", "150312.143000", "150312.146000", "150312.148000", "150312.150000", "150312.153000", "150312.155000", "150312.157000", "150312.160000", "150312.162000", "150312.165000", "150312.167000", "150312.170000", "150312.172000", "150332.094000", "150332.097000", "150332.099000", "150332.102000", "150332.104000", "150332.107000", "150332.109000", "150332.112000", "150332.114000", "150332.116000", "150332.119000", "150332.121000", "150332.124000", "150332.126000", "150332.129000", "150332.131000", "150332.134000", "150332.136000", "150332.139000", "150332.141000", "150332.144000", "150332.146000", "150332.149000", "150332.151000", "150332.153000", "150332.156000", "150332.158000", "150332.161000", "150332.163000", "150332.166000", "150332.168000", "150332.170000", "150352.095000", "150352.098000", "150352.100000", "150352.103000", "150352.105000", "150352.108000", "150352.110000", "150352.113000", "150352.115000", "150352.118000", "150352.120000", "150352.122000", "150352.125000", "150352.127000", "150352.130000", "150352.132000", "150352.134000", "150352.137000", "150352.139000", "150352.142000", "150352.144000", "150352.147000", "150352.149000", "150352.152000", "150352.154000", "150352.157000", "150352.159000", "150352.162000", "150352.164000", "150352.167000", "150352.169000", "150352.171000", "150352.174000", "150412.094000", "150412.097000", "150412.099000", "150412.102000", "150412.104000", "150412.107000", "150412.109000", "150412.111000", "150412.114000", "150412.116000", "150412.119000", "150412.121000", "150412.124000", "150412.126000", "150412.128000", "150412.131000", "150412.133000", "150412.136000", "150412.138000", "150412.141000", "150412.143000", "150412.145000", "150412.148000", "150412.150000", "150412.152000", "150412.155000", "150412.157000", "150412.160000", "150412.162000", "150412.165000", "150412.168000", "150412.170000", "150412.172000", "150432.094000", "150432.097000", "150432.099000", "150432.102000", "150432.105000", "150432.107000", "150432.109000", "150432.112000", "150432.114000", "150432.117000", "150432.119000", "150432.121000", "150432.124000", "150432.126000", "150432.129000", "150432.131000", "150432.134000", "150432.148000", "150432.151000", "150432.153000", "150432.156000", "150432.158000", "150432.160000", "150432.163000", "150432.165000", "150432.168000", "150432.170000", "150432.172000", "150432.175000", "150432.177000", "150432.179000", "150432.182000", "150432.184000", "150452.094000", "150452.097000", "150452.099000", "150452.101000", "150452.109000", "150452.112000", "150452.114000", "150452.116000", "150452.119000", "150452.121000", "150452.124000", "150452.126000", "150452.129000", "150452.131000", "150452.134000", "150452.136000", "150452.138000", "150452.141000", "150452.143000", "150452.145000", "150452.148000", "150452.150000", "150452.153000", "150452.155000", "150452.158000", "150452.160000", "150452.162000", "150452.165000", "150452.167000", "150452.169000", "150452.172000", "150452.174000", "150452.177000", "150512.093000", "150512.096000", "150512.098000", "150512.101000", "150512.103000", "150512.106000", "150512.108000", "150512.111000", "150512.113000", "150512.116000", "150512.118000", "150512.120000", "150512.123000", "150512.125000", "150512.128000", "150512.130000", "150512.132000", "150512.135000", "150512.137000", "150512.140000", "150512.142000", "150512.144000", "150512.147000", "150512.149000", "150512.152000", "150512.154000", "150512.156000", "150512.159000", "150512.161000", "150512.164000", "150512.166000", "150512.169000", "150532.094000", "150532.097000", "150532.099000", "150532.102000", "150532.104000", "150532.107000", "150532.109000", "150532.112000", "150532.114000", "150532.116000", "150532.119000", "150532.121000", "150532.124000", "150532.126000", "150532.128000", "150532.131000", "150532.133000", "150532.138000", "150532.140000", "150532.143000", "150532.145000", "150532.148000", "150532.150000", "150532.152000", "150532.155000", "150532.157000", "150532.160000", "150532.162000", "150532.164000", "150532.167000", "150532.169000", "150532.172000", "150532.174000", "150552.094000", "150552.097000", "150552.100000", "150552.102000", "150552.105000", "150552.107000", "150552.110000", "150552.112000", "150552.114000", "150552.117000", "150552.119000", "150552.122000", "150552.124000", "150552.127000", "150552.129000", "150552.131000", "150552.134000", "150552.136000", "150552.139000", "150552.141000", "150552.143000", "150552.146000", "150552.148000", "150552.151000", "150552.153000", "150552.156000", "150552.158000", "150552.160000", "150552.163000", "150552.165000", "150552.168000", "150552.170000", "150552.173000", "150612.094000", "150612.097000", "150612.099000", "150612.102000", "150612.104000", "150612.106000", "150612.109000", "150612.111000", "150612.114000", "150612.116000", "150612.119000", "150612.121000", "150612.124000", "150612.126000", "150612.128000", "150612.131000", "150612.139000", "150612.141000", "150612.144000", "150612.146000", "150612.149000", "150612.151000", "150612.153000", "150612.156000", "150612.158000", "150612.161000", "150612.163000", "150612.166000", "150612.168000", "150612.170000", "150612.173000", "150612.175000", "150612.178000", "150632.094000", "150632.097000", "150632.099000", "150632.101000", "150632.104000", "150632.106000", "150632.109000", "150632.111000", "150632.114000", "150632.116000", "150632.119000", "150632.121000", "150632.123000", "150632.126000", "150632.128000", "150632.131000", "150632.133000", "150632.136000", "150632.138000", "150632.140000", "150632.143000", "150632.145000", "150632.148000", "150632.150000", "150632.152000", "150632.155000", "150632.157000", "150632.160000", "150632.162000", "150632.165000", "150632.167000", "150632.169000", "150632.172000", "150652.094000", "150652.097000", "150652.099000", "150652.102000", "150652.104000", "150652.107000", "150652.109000", "150652.112000", "150652.114000", "150652.116000", "150652.119000", "150652.121000", "150652.124000", "150652.126000", "150652.129000", "150652.131000", "150652.134000", "150652.136000", "150652.138000", "150652.141000", "150652.143000", "150652.145000", "150652.148000", "150652.151000", "150652.153000", "150652.155000", "150652.158000", "150652.160000", "150652.163000", "150652.165000", "150652.167000", "150652.170000", "150712.095000", "150712.129000", "150712.131000", "150712.134000", "150712.136000", "150712.139000", "150712.149000", "150712.151000", "150712.154000", "150712.156000", "150712.159000", "150712.161000", "150712.164000", "150712.166000", "150712.168000", "150712.171000", "150712.175000", "150712.177000", "150712.180000", "150712.182000", "150712.185000", "150712.187000", "150712.206000", "150712.209000", "150712.211000", "150712.214000", "150712.216000", "150712.218000", "150712.229000", "150712.232000", "150712.234000", "150712.237000", "150712.239000", "150726.327000", "150726.329000", "150726.332000", "150726.334000", "150726.337000", "150726.339000", "150726.342000", "150726.344000", "150726.347000", "150726.349000", "150726.351000", "150726.354000", "150726.356000", "150726.359000", "150726.361000", "150726.363000", "150726.366000", "150726.368000", "150726.371000", "150726.373000", "150726.375000", "150726.378000", "150726.380000", "150726.383000"], "InstanceNumber": [1, 2, 3, 4, 5, 6, 7, 8, 9, 10, 11, 12, 13, 14, 15, 16, 17, 18, 19, 20, 21, 22, 23, 24, 25, 26, 27, 28, 29, 30, 31, 32, 33, 34, 35, 36, 37, 38, 39, 40, 41, 42, 43, 44, 45, 46, 47, 48, 49, 50, 51, 52, 53, 54, 55, 56, 57, 58, 59, 60, 61, 62, 63, 64, 65, 66, 67, 68, 69, 70, 71, 72, 73, 74, 75, 76, 77, 78, 79, 80, 81, 82, 83, 84, 85, 86, 87, 88, 89, 90, 91, 92, 93, 94, 95, 96, 97, 98, 99, 100, 101, 102, 103, 104, 105, 106, 107, 108, 109, 110, 111, 112, 113, 114, 115, 116, 117, 118, 119, 120, 121, 122, 123, 124, 125, 126, 127, 128, 129, 130, 131, 132, 133, 134, 135, 136, 137, 138, 139, 140, 141, 142, 143, 144, 145, 146, 147, 148, 149, 150, 151, 152, 153, 154, 155, 156, 157, 158, 159, 160, 161, 162, 163, 164, 165, 166, 167, 168, 169, 170, 171, 172, 173, 174, 175, 176, 177, 178, 179, 180, 181, 182, 183, 184, 185, 186, 187, 188, 189, 190, 191, 192, 193, 194, 195, 196, 197, 198, 199, 200, 201, 202, 203, 204, 205, 206, 207, 208, 209, 210, 211, 212, 213, 214, 215, 216, 217, 218, 219, 220, 221, 222, 223, 224, 225, 226, 227, 228, 229, 230, 231, 232, 233, 234, 235, 236, 237, 238, 239, 240, 241, 242, 243, 244, 245, 246, 247, 248, 249, 250, 251, 252, 253, 254, 255, 256, 257, 258, 259, 260, 261, 262, 263, 264, 265, 266, 267, 268, 269, 270, 271, 272, 273, 274, 275, 276, 277, 278, 279, 280, 281, 282, 283, 284, 285, 286, 287, 288, 289, 290, 291, 292, 293, 294, 295, 296, 297, 298, 299, 300, 301, 302, 303, 304, 305, 306, 307, 308, 309, 310, 311, 312, 313, 314, 315, 316, 317, 318, 319, 320, 321, 322, 323, 324, 325, 326, 327, 328, 329, 330, 331, 332, 333, 334, 335, 336, 337, 338, 339, 340, 341, 342, 343, 344, 345, 346, 347, 348, 349, 350, 351, 352, 353, 354, 355, 356, 357, 358, 359, 360, 361, 362, 363, 364, 365, 366, 367, 368, 369, 370, 371, 372, 373, 374, 375, 376, 377, 378, 379, 380, 381, 382, 383, 384, 385, 386, 387, 388, 389, 390, 391, 392, 393, 394, 395, 396, 397, 398, 399, 400, 401, 402, 403, 404, 405, 406, 407, 408, 409, 410, 411, 412, 413, 414, 415, 416, 417, 418, 419, 420, 421, 422, 423, 424, 425, 426, 427, 428, 429, 430, 431, 432, 433, 434, 435, 436, 437, 438, 439, 440, 441, 442, 443, 444, 445, 446, 447, 448, 449, 450, 451, 452, 453, 454, 455, 456, 457, 458, 459, 460, 461, 462, 463, 464, 465, 466, 467, 468, 469, 470, 471, 472, 473, 474, 475, 476, 477, 478, 479, 480, 481, 482, 483, 484, 485, 486, 487, 488, 489, 490, 491, 492, 493, 494, 495, 496, 497, 498, 499, 500, 501, 502, 503, 504, 505, 506, 507, 508, 509, 510], "LargestImagePixelValue": [606, 555, 530, 486, 539, 521, 495, 497, 502, 496, 500, 488, 492, 489, 499, 551, 493, 488, 537, 521, 523, 511, 497, 493, 529, 569, 546, 564, 585, 546, 532, 516, 502, 508, 522, 509, 508, 509, 510, 494, 615, 535, 527, 502, 505, 518, 520, 509, 514, 534, 520, 513, 512, 509, 509, 510, 502, 502, 502, 498, 539, 505, 523, 514, 512, 507, 530, 517, 518, 524, 518, 507, 511, 514, 519, 529, 522, 512, 510, 511, 515, 494, 520, 574, 524, 557, 496, 552, 519, 522, 515, 497, 508, 511, 540, 519, 430, 471, 566, 523, 505, 500, 512, 479, 498, 505, 506, 509, 509, 507, 491, 509, 607, 544, 513, 509, 511, 495, 507, 488, 491, 511, 489, 481, 483, 493, 495, 488, 473, 526, 535, 519, 506, 500, 524, 502, 498, 488, 475, 540, 541, 532, 528, 509, 522, 529, 549, 522, 528, 466, 587, 575, 515, 528, 531, 491, 501, 496, 541, 462, 524, 519, 486, 492, 501, 502, 505, 468, 539, 511, 479, 476, 481, 492, 496, 504, 503, 485, 545, 495, 494, 502, 447, 503, 490, 485, 496, 512, 514, 503, 501, 506, 505, 504, 498, 478, 606, 545, 506, 509, 473, 516, 507, 511, 503, 511, 491, 505, 532, 518, 521, 526, 515, 492, 501, 503, 506, 499, 514, 492, 492, 499, 500, 500, 491, 497, 504, 501, 503, 497, 577, 622, 557, 514, 525, 512, 509, 558, 547, 554, 531, 527, 504, 529, 516, 509, 527, 519, 560, 482, 452, 465, 498, 486, 508, 491, 471, 444, 535, 536, 559, 524, 483, 524, 498, 487, 467, 538, 498, 509, 504, 546, 532, 516, 511, 508, 507, 510, 504, 502, 500, 497, 497, 503, 498, 488, 488, 487, 487, 485, 487, 492, 488, 486, 490, 496, 489, 489, 486, 490, 489, 488, 503, 494, 495, 491, 490, 497, 509, 504, 441, 476, 537, 552, 576, 536, 497, 537, 542, 535, 554, 513, 518, 530, 525, 520, 520, 495, 466, 520, 537, 491, 550, 528, 526, 525, 505, 528, 529, 521, 521, 519, 521, 517, 518, 520, 508, 526, 477, 582, 498, 453, 516, 523, 498, 492, 518, 536, 502, 538, 520, 541, 548, 515, 525, 522, 521, 519, 521, 524, 527, 525, 521, 524, 525, 525, 524, 517, 522, 521, 525, 521, 527, 526, 522, 529, 531, 528, 533, 533, 582, 585, 576, 529, 522, 550, 520, 492, 512, 485, 524, 520, 494, 512, 547, 545, 505, 520, 517, 521, 525, 516, 518, 521, 518, 527, 507, 532, 519, 529, 522, 585, 494, 536, 513, 487, 504, 491, 486, 498, 537, 517, 519, 514, 525, 514, 510, 513, 511, 507, 519, 505, 498, 525, 521, 464, 527, 516, 523, 517, 504, 483, 506, 496, 483, 509, 506, 505, 542, 524, 515, 571, 539, 560, 534, 520, 515, 491, 541, 604, 534, 526, 487, 535, 542, 558, 566, 524, 509, 493, 503, 507, 503, 513, 507, 526, 519, 508, 540, 538, 524, 522, 532, 523, 511, 508, 515, 491, 514, 516, 507, 545, 530, 501, 493, 489, 497, 494, 486, 514], "WindowCenter": [286.0, 293.0, 291.0, 286.0, 288.0, 288.0, 287.0, 284.0, 284.0, 284.0, 286.0, 284.0, 281.0, 283.0, 277.0, 283.0, 284.0, 282.0, 283.0, 282.0, 281.0, 271.0, 277.0, 274.0, 274.0, 275.0, 279.0, 290.0, 287.0, 285.0, 286.0, 285.0, 284.0, 285.0, 285.0, 285.0, 284.0, 283.0, 282.0, 276.0, 284.0, 282.0, 280.0, 282.0, 277.0, 283.0, 282.0, 282.0, 283.0, 283.0, 284.0, 283.0, 284.0, 283.0, 283.0, 282.0, 283.0, 285.0, 283.0, 284.0, 285.0, 283.0, 284.0, 284.0, 285.0, 284.0, 284.0, 283.0, 285.0, 284.0, 284.0, 285.0, 286.0, 286.0, 286.0, 287.0, 287.0, 286.0, 286.0, 286.0, 285.0, 283.0, 281.0, 287.0, 283.0, 279.0, 271.0, 282.0, 285.0, 284.0, 283.0, 284.0, 279.0, 280.0, 284.0, 275.0, 265.0, 282.0, 288.0, 270.0, 287.0, 287.0, 286.0, 284.0, 286.0, 287.0, 286.0, 285.0, 285.0, 284.0, 283.0, 275.0, 284.0, 282.0, 288.0, 285.0, 283.0, 288.0, 287.0, 280.0, 276.0, 288.0, 286.0, 285.0, 282.0, 286.0, 287.0, 287.0, 284.0, 286.0, 287.0, 286.0, 286.0, 286.0, 287.0, 285.0, 284.0, 285.0, 285.0, 282.0, 287.0, 284.0, 286.0, 289.0, 280.0, 288.0, 284.0, 285.0, 287.0, 272.0, 287.0, 285.0, 272.0, 287.0, 287.0, 276.0, 279.0, 288.0, 279.0, 280.0, 284.0, 287.0, 288.0, 286.0, 284.0, 275.0, 293.0, 283.0, 286.0, 285.0, 285.0, 285.0, 284.0, 287.0, 284.0, 284.0, 283.0, 281.0, 284.0, 280.0, 283.0, 283.0, 279.0, 287.0, 286.0, 285.0, 287.0, 287.0, 285.0, 284.0, 284.0, 285.0, 285.0, 285.0, 284.0, 282.0, 284.0, 283.0, 282.0, 287.0, 282.0, 281.0, 282.0, 283.0, 286.0, 285.0, 284.0, 285.0, 285.0, 286.0, 286.0, 287.0, 285.0, 286.0, 284.0, 283.0, 283.0, 282.0, 283.0, 284.0, 283.0, 284.0, 284.0, 283.0, 284.0, 284.0, 285.0, 286.0, 283.0, 282.0, 281.0, 290.0, 287.0, 286.0, 284.0, 283.0, 279.0, 278.0, 287.0, 285.0, 283.0, 283.0, 283.0, 283.0, 284.0, 283.0, 284.0, 283.0, 277.0, 271.0, 271.0, 277.0, 289.0, 282.0, 284.0, 280.0, 267.0, 269.0, 280.0, 286.0, 286.0, 282.0, 283.0, 285.0, 284.0, 284.0, 281.0, 285.0, 289.0, 286.0, 288.0, 287.0, 285.0, 285.0, 284.0, 284.0, 283.0, 283.0, 284.0, 283.0, 282.0, 282.0, 285.0, 284.0, 284.0, 284.0, 284.0, 284.0, 283.0, 284.0, 284.0, 283.0, 283.0, 283.0, 284.0, 283.0, 283.0, 284.0, 284.0, 284.0, 284.0, 284.0, 285.0, 284.0, 284.0, 288.0, 283.0, 282.0, 283.0, 273.0, 268.0, 278.0, 283.0, 275.0, 285.0, 283.0, 282.0, 283.0, 280.0, 284.0, 286.0, 285.0, 284.0, 285.0, 285.0, 286.0, 285.0, 284.0, 273.0, 274.0, 285.0, 275.0, 288.0, 284.0, 280.0, 286.0, 281.0, 283.0, 282.0, 282.0, 285.0, 283.0, 283.0, 282.0, 283.0, 283.0, 282.0, 281.0, 275.0, 279.0, 275.0, 279.0, 274.0, 288.0, 283.0, 278.0, 285.0, 285.0, 284.0, 284.0, 284.0, 286.0, 285.0, 287.0, 285.0, 284.0, 283.0, 283.0, 283.0, 283.0, 283.0, 283.0, 284.0, 283.0, 283.0, 283.0, 283.0, 283.0, 283.0, 284.0, 284.0, 285.0, 284.0, 285.0, 285.0, 285.0, 285.0, 285.0, 285.0, 284.0, 288.0, 283.0, 283.0, 284.0, 288.0, 285.0, 287.0, 283.0, 283.0, 275.0, 285.0, 285.0, 284.0, 283.0, 289.0, 281.0, 289.0, 286.0, 288.0, 286.0, 286.0, 286.0, 285.0, 285.0, 285.0, 285.0, 280.0, 283.0, 279.0, 282.0, 284.0, 283.0, 284.0, 281.0, 284.0, 282.0, 284.0, 283.0, 284.0, 284.0, 287.0, 286.0, 286.0, 285.0, 286.0, 286.0, 286.0, 285.0, 285.0, 284.0, 284.0, 286.0, 280.0, 282.0, 282.0, 283.0, 280.0, 289.0, 285.0, 284.0, 280.0, 277.0, 278.0, 282.0, 286.0, 286.0, 285.0, 285.0, 284.0, 281.0, 285.0, 285.0, 281.0, 289.0, 286.0, 284.0, 283.0, 280.0, 282.0, 287.0, 276.0, 277.0, 279.0, 279.0, 272.0, 288.0, 284.0, 283.0, 283.0, 283.0, 282.0, 286.0, 285.0, 284.0, 287.0, 284.0, 285.0, 282.0, 286.0, 285.0, 283.0, 282.0, 283.0, 283.0, 283.0, 282.0, 282.0, 277.0, 283.0, 283.0, 283.0, 281.0, 284.0, 273.0, 290.0, 284.0, 286.0, 283.0, 284.0, 284.0], "WindowWidth": [626.0, 639.0, 634.0, 624.0, 629.0, 629.0, 626.0, 621.0, 621.0, 622.0, 625.0, 622.0, 616.0, 619.0, 608.0, 620.0, 622.0, 617.0, 620.0, 617.0, 615.0, 597.0, 609.0, 604.0, 604.0, 605.0, 611.0, 632.0, 627.0, 623.0, 624.0, 623.0, 622.0, 623.0, 623.0, 624.0, 621.0, 620.0, 618.0, 606.0, 622.0, 618.0, 615.0, 619.0, 607.0, 619.0, 618.0, 617.0, 619.0, 619.0, 620.0, 620.0, 620.0, 619.0, 619.0, 618.0, 620.0, 622.0, 619.0, 621.0, 623.0, 620.0, 621.0, 620.0, 622.0, 622.0, 621.0, 619.0, 622.0, 622.0, 622.0, 623.0, 625.0, 624.0, 625.0, 627.0, 627.0, 625.0, 625.0, 625.0, 624.0, 620.0, 615.0, 627.0, 620.0, 613.0, 596.0, 619.0, 623.0, 623.0, 620.0, 622.0, 613.0, 614.0, 621.0, 606.0, 587.0, 618.0, 628.0, 595.0, 627.0, 627.0, 624.0, 621.0, 625.0, 627.0, 625.0, 624.0, 624.0, 621.0, 619.0, 605.0, 622.0, 618.0, 628.0, 622.0, 620.0, 629.0, 627.0, 614.0, 606.0, 629.0, 625.0, 622.0, 617.0, 625.0, 627.0, 627.0, 621.0, 626.0, 626.0, 625.0, 624.0, 624.0, 626.0, 623.0, 622.0, 623.0, 622.0, 618.0, 628.0, 622.0, 626.0, 632.0, 614.0, 628.0, 622.0, 624.0, 627.0, 600.0, 627.0, 622.0, 599.0, 628.0, 628.0, 605.0, 612.0, 629.0, 612.0, 613.0, 622.0, 627.0, 629.0, 625.0, 621.0, 605.0, 638.0, 619.0, 625.0, 623.0, 623.0, 623.0, 620.0, 627.0, 621.0, 621.0, 620.0, 615.0, 621.0, 614.0, 618.0, 618.0, 611.0, 627.0, 624.0, 622.0, 627.0, 626.0, 623.0, 622.0, 622.0, 622.0, 623.0, 622.0, 622.0, 618.0, 620.0, 619.0, 617.0, 627.0, 617.0, 614.0, 617.0, 618.0, 624.0, 622.0, 621.0, 623.0, 623.0, 625.0, 624.0, 627.0, 623.0, 624.0, 620.0, 619.0, 619.0, 618.0, 619.0, 620.0, 619.0, 620.0, 620.0, 620.0, 620.0, 622.0, 624.0, 625.0, 620.0, 616.0, 617.0, 633.0, 627.0, 625.0, 621.0, 618.0, 611.0, 609.0, 627.0, 623.0, 619.0, 619.0, 620.0, 620.0, 622.0, 619.0, 622.0, 619.0, 609.0, 598.0, 597.0, 608.0, 631.0, 616.0, 620.0, 614.0, 589.0, 593.0, 614.0, 625.0, 624.0, 617.0, 620.0, 622.0, 620.0, 621.0, 615.0, 623.0, 631.0, 624.0, 628.0, 627.0, 623.0, 622.0, 620.0, 620.0, 618.0, 619.0, 621.0, 620.0, 617.0, 616.0, 622.0, 621.0, 622.0, 622.0, 621.0, 620.0, 620.0, 620.0, 620.0, 620.0, 619.0, 619.0, 620.0, 620.0, 620.0, 621.0, 621.0, 621.0, 621.0, 621.0, 623.0, 622.0, 622.0, 628.0, 620.0, 617.0, 619.0, 600.0, 591.0, 611.0, 619.0, 603.0, 624.0, 620.0, 618.0, 620.0, 613.0, 621.0, 624.0, 624.0, 621.0, 623.0, 623.0, 625.0, 624.0, 622.0, 601.0, 603.0, 625.0, 604.0, 629.0, 622.0, 616.0, 626.0, 617.0, 619.0, 617.0, 617.0, 623.0, 620.0, 619.0, 619.0, 620.0, 619.0, 619.0, 616.0, 604.0, 612.0, 604.0, 612.0, 602.0, 630.0, 620.0, 610.0, 624.0, 624.0, 621.0, 621.0, 621.0, 625.0, 624.0, 628.0, 623.0, 621.0, 620.0, 620.0, 620.0, 620.0, 619.0, 619.0, 621.0, 619.0, 619.0, 619.0, 619.0, 619.0, 620.0, 621.0, 622.0, 623.0, 622.0, 623.0, 623.0, 624.0, 624.0, 622.0, 624.0, 622.0, 628.0, 619.0, 620.0, 621.0, 629.0, 623.0, 627.0, 620.0, 620.0, 606.0, 624.0, 625.0, 621.0, 620.0, 630.0, 615.0, 630.0, 627.0, 630.0, 626.0, 626.0, 625.0, 623.0, 623.0, 624.0, 624.0, 614.0, 620.0, 613.0, 619.0, 621.0, 620.0, 623.0, 616.0, 622.0, 619.0, 621.0, 620.0, 622.0, 623.0, 628.0, 625.0, 625.0, 624.0, 624.0, 625.0, 624.0, 624.0, 623.0, 621.0, 622.0, 626.0, 614.0, 619.0, 618.0, 621.0, 615.0, 631.0, 623.0, 621.0, 614.0, 609.0, 610.0, 618.0, 626.0, 626.0, 624.0, 624.0, 622.0, 616.0, 624.0, 624.0, 618.0, 632.0, 626.0, 622.0, 620.0, 615.0, 618.0, 627.0, 606.0, 609.0, 612.0, 612.0, 599.0, 630.0, 623.0, 619.0, 621.0, 620.0, 618.0, 625.0, 623.0, 621.0, 626.0, 622.0, 624.0, 619.0, 625.0, 623.0, 620.0, 619.0, 619.0, 620.0, 619.0, 618.0, 617.0, 607.0, 620.0, 620.0, 620.0, 616.0, 621.0, 602.0, 634.0, 621.0, 625.0, 620.0, 623.0, 622.0]}, "slices": {}}, "EventTimestamp": "15-04-34"}