{
  "AcquisitionMatrixPE": 64,
  "AcquisitionNumber": 1,
  "AcquisitionTime": "15:04:14.057500",
  "BandwidthPerPixelPhaseEncode": 28.935,
  "BaseResolution": 64,
  "BodyPartExamined": "BRAIN",
  "CoilCombinationMethod": "Sum of Squares",
  "ConsistencyInfo": "N4_VE11E_LATEST_20181129",
  "ConversionSoftware": "dcm2niix",
  "ConversionSoftwareVersion": "v1.0.20230411",
  "DerivedVendorReportedEchoSpacing": 0.000540003,
  "DeviceSerialNumber": "166182",
  "DwellTime": 3.4e-06,
  "EchoTime": 0.032,
  "EchoTrainLength": 64,
  "EffectiveEchoSpacing": 0.000540003,
  "FlipAngle": 40,
  "HeudiconvVersion": "0.13.1",
  "ImageOrientationPatientDICOM": [0.993997, 0.0727657, -0.0817044, -0.0742157, 0.997132, -0.0148479],
  "ImageOrientationText": "Tra>Sag(-4.6)>Cor(-1.2)",
  "ImageType": [
    "ORIGINAL",
    "PRIMARY",
    "M",
    "ND",
    "NORM",
    "MOSAIC"
],
  "ImagingFrequency": 123.257447,
  "InPlanePhaseEncodingDirectionDICOM": "COL",
  "InstitutionAddress": "PEARSE STREET .,City,District,IE,D2",
  "InstitutionName": "TCIN",
  "InstitutionalDepartmentName": "MRI",
  "MRAcquisitionType": "2D",
  "MagneticFieldStrength": 3,
  "Manufacturer": "Siemens",
  "ManufacturersModelName": "Prisma",
  "Modality": "MR",
  "MultibandAccelerationFactor": 4,
  "NonlinearGradientCorrection": false,
  "PartialFourier": 1,
  "PatientPosition": "HFS",
  "PercentPhaseFOV": 100,
  "PercentSampling": 100,
  "PhaseEncodingDirection": "j-",
  "PhaseEncodingSteps": 64,
  "PhaseResolution": 1,
  "PixelBandwidth": 2300,
  "ProcedureStepDescription": "Rhodri^Head BOLD",
  "ProtocolName": "cmrr_mbep2d_se_AP",
  "PulseSequenceDetails": "%SiemensSeq%\\ep2d_bold",
  "ReceiveCoilActiveElements": "HC2,4,6,7;NC2;SC",
  "ReceiveCoilName": "HeadNeck_64",
  "ReconMatrixPE": 64,
  "RefLinesPE": 12,
  "RepetitionTime": 0.61,
  "SAR": 0.234458,
  "ScanOptions": "FS",
  "ScanningSequence": "EP",
  "SequenceName": "*epfid2d1_64",
  "SequenceVariant": "SK",
  "SeriesDescription": "cmrr_mbep2d_se_AP",
  "SeriesNumber": 5,
  "ShimSetting": [-3666, -7511, 3787, 1054, 4, 484, 195, 21],
  "SliceThickness": 3,
  "SliceTiming": [0.2625, 0, 0.3275, 0.065, 0.3925, 0.1325, 0.46, 0.1975, 0.525, 0.2625, 0, 0.3275, 0.065, 0.3925, 0.1325, 0.46, 0.1975, 0.525, 0.2625, 0, 0.3275, 0.065, 0.3925, 0.1325, 0.46, 0.1975, 0.525, 0.2625, 0, 0.3275, 0.065, 0.3925, 0.1325, 0.46, 0.1975, 0.525],
  "SoftwareVersions": "syngo MR E11",
  "SpacingBetweenSlices": 3.3,
  "StationName": "AWP166182",
  "TotalReadoutTime": 0.0340202,
  "TxRefAmp": 250.036,
  "dcmmeta_affine": [
    [-2.981990337371826, -0.22264693677425385, -0.2652856409549713, 110.20834350585938],
    [-0.218297079205513, 2.9913949966430664, -0.06871411949396133, -87.12249755859375],
    [-0.2451130747795105, 0.04454355686903, 3.288601875305176, -99.46084594726562],
    [0.0, 0.0, 0.0, 1.0]
],
  "dcmmeta_reorient_transform": [
    [0.0, -1.0, 0.0, 63.0],
    [1.0, 0.0, 0.0, 0.0],
    [0.0, 0.0, 1.0, 0.0],
    [0.0, 0.0, 0.0, 1.0]
],
  "dcmmeta_shape": [64, 64, 36, 10],
  "dcmmeta_slice_dim": 2,
  "dcmmeta_version": 0.6,
  "global": {
    "const": {
      "AcquisitionMatrix": [64, 0, 0, 64],
      "AngioFlag": "N",
      "BitsAllocated": 16,
      "BitsStored": 12,
      "BodyPartExamined": "BRAIN",
      "Columns": 384,
      "EchoNumbers": 1,
      "EchoTime": 32.0,
      "EchoTrainLength": 64,
      "FlipAngle": 40.0,
      "HighBit": 11,
      "ImageOrientationPatient": [0.99399675631637, 0.0727656940325, -0.0817043585405, -0.0742156473349, 0.99713167583795, -0.0148478527497],
      "ImagePositionPatient": [-537.67652194184, -614.88612692103, -50.309540798797],
      "ImageType": [
        "ORIGINAL",
        "PRIMARY",
        "M",
        "ND",
        "NORM",
        "MOSAIC"
],
      "ImagedNucleus": "1H",
      "ImagingFrequency": 123.257447,
      "InPlanePhaseEncodingDirection": "COL",
      "MRAcquisitionType": "2D",
      "MagneticFieldStrength": 3.0,
      "Manufacturer": "SIEMENS",
      "ManufacturerModelName": "Prisma",
      "Modality": "MR",
      "NumberOfAverages": 1.0,
      "NumberOfPhaseEncodingSteps": 64,
      "PercentPhaseFieldOfView": 100.0,
      "PercentSampling": 100.0,
      "PerformedProcedureStepStartTime": "145223.555000",
      "PhotometricInterpretation": "MONOCHROME2",
      "PixelBandwidth": 2300.0,
      "PixelRepresentation": 0,
      "PixelSpacing": [3.0, 3.0],
      "ProtocolName": "cmrr_mbep2d_se_AP",
      "RepetitionTime": 610.0,
      "Rows": 384,
      "SAR": 0.2344579816891,
      "SamplesPerPixel": 1,
      "ScanOptions": "FS",
      "ScanningSequence": "EP",
      "SequenceName": "*epfid2d1_64",
      "SequenceVariant": "SK",
      "SeriesDescription": "cmrr_mbep2d_se_AP",
      "SeriesNumber": 5,
      "SeriesTime": "150420.688000",
      "SliceLocation": -106.16280820193,
      "SliceThickness": 3.0,
      "SmallestImagePixelValue": 0,
      "SoftwareVersions": "syngo MR E11",
      "SpacingBetweenSlices": 3.3000000882523,
      "SpecificCharacterSet": "ISO_IR 100",
      "StudyID": "1",
      "StudyTime": "145223.450000",
      "TransmitCoilName": "Body",
      "VariableFlipAngleFlag": "N",
      "WindowCenterWidthExplanation": "Algo1"
    },
    "slices": {}
  },
  "time": {
    "samples": {
      "AcquisitionNumber": [1, 2, 3, 4, 5, 6, 7, 8, 9, 10],
      "AcquisitionTime": ["150414.057500", "150414.667500", "150415.277500", "150415.887500", "150416.497500", "150417.107500", "150417.717500", "150418.327500", "150418.937500", "150419.547500"],
      "ContentTime": ["150420.694000", "150420.699000", "150420.701000", "150420.704000", "150420.706000", "150420.709000", "150420.711000", "150420.714000", "150420.716000", "150420.719000"],
      "InstanceCreationTime": ["150420.694000", "150420.699000", "150420.701000", "150420.704000", "150420.706000", "150420.709000", "150420.711000", "150420.714000", "150420.716000", "150420.719000"],
      "InstanceNumber": [1, 2, 3, 4, 5, 6, 7, 8, 9, 10],
      "LargestImagePixelValue": [511, 468, 462, 463, 493, 469, 454, 474, 490, 459],
      "WindowCenter": [301.0, 295.0, 294.0, 291.0, 295.0, 292.0, 293.0, 292.0, 294.0, 292.0],
      "WindowWidth": [653.0, 642.0, 640.0, 634.0, 640.0, 636.0, 637.0, 636.0, 638.0, 636.0]
    },
    "slices": {}
  }
}