{"AcquisitionMatrixPE": 64, "AcquisitionNumber": 1, "AcquisitionTime": "15:24:0.020000", "BandwidthPerPixelPhaseEncode": 28.935, "BaseResolution": 64, "BodyPartExamined": "BRAIN", "CoilString": "HC2_4_6_7;SC", "ConsistencyInfo": "N4_VE11E_LATEST_20181129", "ConversionSoftware": "dcm2niix", "ConversionSoftwareVersion": "v1.0.20190902", "DerivedVendorReportedEchoSpacing": 0.000540003, "DeviceSerialNumber": "166182", "DwellTime": 3.4e-06, "EchoTime": 0.032, "EchoTrainLength": 64, "EffectiveEchoSpacing": 0.000540003, "FlipAngle": 40, "ImageOrientationPatientDICOM": [0.998552, 0.0273709, -0.0463183, -0.0312063, 0.995959, -0.0842183], "ImageType": ["ORIGINAL", "PRIMARY", "M", "ND", "NORM", "MOSAIC"], "ImagingFrequency": 123.256, "InPlanePhaseEncodingDirectionDICOM": "COL", "InstitutionAddress": "PEARSE_STREET_._City_District_IE_D2", "InstitutionName": "TCIN", "InstitutionalDepartmentName": "MRI", "MRAcquisitionType": "2D", "MagneticFieldStrength": 3, "Manufacturer": "Siemens", "ManufacturersModelName": "Prisma", "Modality": "MR", "MultibandAccelerationFactor": 4, "PartialFourier": 1, "PatientPosition": "HFS", "PercentPhaseFOV": 100, "PhaseEncodingDirection": "j-", "PhaseEncodingSteps": 64, "PhaseResolution": 1, "PixelBandwidth": 2300, "ProcedureStepDescription": "Rhodri_Head_BOLD", "ProtocolName": "cmrr_mbep2d_Pictures_AP_RDS", "PulseSequenceDetails": "%SiemensSeq%_ep2d_bold", "ReceiveCoilActiveElements": "HC2,4,6,7;SC", "ReceiveCoilName": "SpecialPurpose_4", "ReconMatrixPE": 64, "RefLinesPE": 12, "RepetitionTime": 0.61, "SAR": 0.422068, "ScanOptions": "FS", "ScanningSequence": "EP", "SequenceName": "_epfid2d1_64", "SequenceVariant": "SK", "SeriesDescription": "cmrr_mbep2d_Pictures_AP_RDS", "SeriesNumber": 5, "ShimSetting": [-3626, -7554, 3970, 1050, -49, 470, 303, 42], "SliceThickness": 3, "SliceTiming": [0.2625, 0, 0.3275, 0.065, 0.395, 0.1325, 0.46, 0.1975, 0.525, 0.2625, 0, 0.3275, 0.065, 0.395, 0.1325, 0.46, 0.1975, 0.525, 0.2625, 0, 0.3275, 0.065, 0.395, 0.1325, 0.46, 0.1975, 0.525, 0.2625, 0, 0.3275, 0.065, 0.395, 0.1325, 0.46, 0.1975, 0.525], "SoftwareVersions": "syngo_MR_E11", "SpacingBetweenSlices": 3.3, "StationName": "AWP166182", "TaskName": "pictures", "TotalReadoutTime": 0.0340202, "TxRefAmp": 244.91, "dcmmeta_affine": [[-2.995655059814453, -0.09361885488033295, -0.14462561905384064, 98.3515396118164], [-0.08211258798837662, 2.9878756999969482, -0.28228768706321716, -99.85739135742188], [-0.1389547884464264, 0.2526548504829407, 3.284721612930298, -84.62042999267578], [0.0, 0.0, 0.0, 1.0]], "dcmmeta_reorient_transform": [[0.0, -1.0, 0.0, 63.0], [1.0, 0.0, 0.0, 0.0], [0.0, 0.0, 1.0, 0.0], [0.0, 0.0, 0.0, 1.0]], "dcmmeta_shape": [64, 64, 36, 510], "dcmmeta_slice_dim": 2, "dcmmeta_version": 0.6, "global": {"const": {"AcquisitionMatrix": [64, 0, 0, 64], "AngioFlag": "N", "BitsAllocated": 16, "BitsStored": 12, "BodyPartExamined": "BRAIN", "Columns": 384, "EchoNumbers": 1, "EchoTime": 32.0, "EchoTrainLength": 64, "FlipAngle": 40.0, "HighBit": 11, "ImageOrientationPatient": [0.99855167835621, 0.02737086195436, -0.0463182638693, -0.0312062855115, 0.99595855779352, -0.084218281284], "ImagePositionPatient": [-556.7793417847, -579.57690020898, -6.0456301674649], "ImageType": ["ORIGINAL", "PRIMARY", "M", "ND", "NORM", "MOSAIC"], "ImagedNucleus": "1H", "ImagingFrequency": 123.256163, "InPlanePhaseEncodingDirection": "COL", "MRAcquisitionType": "2D", "MagneticFieldStrength": 3.0, "Manufacturer": "SIEMENS", "ManufacturerModelName": "Prisma", "Modality": "MR", "NumberOfAverages": 1.0, "NumberOfPhaseEncodingSteps": 64, "PercentPhaseFieldOfView": 100.0, "PercentSampling": 100.0, "PerformedProcedureStepStartTime": "150340.219000", "PhotometricInterpretation": "MONOCHROME2", "PixelBandwidth": 2300.0, "PixelRepresentation": 0, "PixelSpacing": [3.0, 3.0], "ProtocolName": "cmrr_mbep2d_Pictures_AP_RDS", "RepetitionTime": 610.0, "Rows": 384, "SAR": 0.42206774275211, "SamplesPerPixel": 1, "ScanOptions": "FS", "ScanningSequence": "EP", "SequenceName": "*epfid2d1_64", "SequenceVariant": "SK", "SeriesDescription": "cmrr_mbep2d_Pictures_AP_RDS", "SeriesNumber": 5, "SeriesTime": "152421.506000", "SliceLocation": -79.997029768848, "SliceThickness": 3.0, "SmallestImagePixelValue": 0, "SoftwareVersions": "syngo MR E11", "SpacingBetweenSlices": 3.2999999356958, "SpecificCharacterSet": "ISO_IR 100", "StudyID": "2", "StudyTime": "150340.151000", "TransmitCoilName": "Body", "VariableFlipAngleFlag": "N", "WindowCenterWidthExplanation": "Algo1"}, "slices": {}}, "time": {"samples": {"AcquisitionNumber": [1, 2, 3, 4, 5, 6, 7, 8, 9, 10, 11, 12, 13, 14, 15, 16, 17, 18, 19, 20, 21, 22, 23, 24, 25, 26, 27, 28, 29, 30, 31, 32, 33, 34, 35, 36, 37, 38, 39, 40, 41, 42, 43, 44, 45, 46, 47, 48, 49, 50, 51, 52, 53, 54, 55, 56, 57, 58, 59, 60, 61, 62, 63, 64, 65, 66, 67, 68, 69, 70, 71, 72, 73, 74, 75, 76, 77, 78, 79, 80, 81, 82, 83, 84, 85, 86, 87, 88, 89, 90, 91, 92, 93, 94, 95, 96, 97, 98, 99, 100, 101, 102, 103, 104, 105, 106, 107, 108, 109, 110, 111, 112, 113, 114, 115, 116, 117, 118, 119, 120, 121, 122, 123, 124, 125, 126, 127, 128, 129, 130, 131, 132, 133, 134, 135, 136, 137, 138, 139, 140, 141, 142, 143, 144, 145, 146, 147, 148, 149, 150, 151, 152, 153, 154, 155, 156, 157, 158, 159, 160, 161, 162, 163, 164, 165, 166, 167, 168, 169, 170, 171, 172, 173, 174, 175, 176, 177, 178, 179, 180, 181, 182, 183, 184, 185, 186, 187, 188, 189, 190, 191, 192, 193, 194, 195, 196, 197, 198, 199, 200, 201, 202, 203, 204, 205, 206, 207, 208, 209, 210, 211, 212, 213, 214, 215, 216, 217, 218, 219, 220, 221, 222, 223, 224, 225, 226, 227, 228, 229, 230, 231, 232, 233, 234, 235, 236, 237, 238, 239, 240, 241, 242, 243, 244, 245, 246, 247, 248, 249, 250, 251, 252, 253, 254, 255, 256, 257, 258, 259, 260, 261, 262, 263, 264, 265, 266, 267, 268, 269, 270, 271, 272, 273, 274, 275, 276, 277, 278, 279, 280, 281, 282, 283, 284, 285, 286, 287, 288, 289, 290, 291, 292, 293, 294, 295, 296, 297, 298, 299, 300, 301, 302, 303, 304, 305, 306, 307, 308, 309, 310, 311, 312, 313, 314, 315, 316, 317, 318, 319, 320, 321, 322, 323, 324, 325, 326, 327, 328, 329, 330, 331, 332, 333, 334, 335, 336, 337, 338, 339, 340, 341, 342, 343, 344, 345, 346, 347, 348, 349, 350, 351, 352, 353, 354, 355, 356, 357, 358, 359, 360, 361, 362, 363, 364, 365, 366, 367, 368, 369, 370, 371, 372, 373, 374, 375, 376, 377, 378, 379, 380, 381, 382, 383, 384, 385, 386, 387, 388, 389, 390, 391, 392, 393, 394, 395, 396, 397, 398, 399, 400, 401, 402, 403, 404, 405, 406, 407, 408, 409, 410, 411, 412, 413, 414, 415, 416, 417, 418, 419, 420, 421, 422, 423, 424, 425, 426, 427, 428, 429, 430, 431, 432, 433, 434, 435, 436, 437, 438, 439, 440, 441, 442, 443, 444, 445, 446, 447, 448, 449, 450, 451, 452, 453, 454, 455, 456, 457, 458, 459, 460, 461, 462, 463, 464, 465, 466, 467, 468, 469, 470, 471, 472, 473, 474, 475, 476, 477, 478, 479, 480, 481, 482, 483, 484, 485, 486, 487, 488, 489, 490, 491, 492, 493, 494, 495, 496, 497, 498, 499, 500, 501, 502, 503, 504, 505, 506, 507, 508, 509, 510], "AcquisitionTime": ["152400.020000", "152400.630000", "152401.240000", "152401.850000", "152402.460000", "152403.070000", "152403.680000", "152404.290000", "152404.900000", "152405.510000", "152406.120000", "152406.730000", "152407.340000", "152407.950000", "152408.560000", "152409.170000", "152409.780000", "152410.390000", "152411.000000", "152411.610000", "152412.220000", "152412.830000", "152413.440000", "152414.050000", "152414.660000", "152415.270000", "152415.880000", "152416.490000", "152417.100000", "152417.710000", "152418.320000", "152418.930000", "152419.540000", "152420.150000", "152420.760000", "152421.370000", "152421.980000", "152422.590000", "152423.200000", "152423.810000", "152424.420000", "152425.030000", "152425.640000", "152426.250000", "152426.860000", "152427.470000", "152428.080000", "152428.690000", "152429.300000", "152429.910000", "152430.520000", "152431.130000", "152431.740000", "152432.350000", "152432.960000", "152433.570000", "152434.180000", "152434.790000", "152435.400000", "152436.010000", "152436.620000", "152437.230000", "152437.840000", "152438.450000", "152439.060000", "152439.670000", "152440.280000", "152440.890000", "152441.500000", "152442.110000", "152442.720000", "152443.330000", "152443.940000", "152444.550000", "152445.160000", "152445.770000", "152446.380000", "152446.990000", "152447.600000", "152448.210000", "152448.820000", "152449.430000", "152450.040000", "152450.650000", "152451.260000", "152451.870000", "152452.480000", "152453.090000", "152453.700000", "152454.310000", "152454.920000", "152455.530000", "152456.140000", "152456.750000", "152457.360000", "152457.970000", "152458.580000", "152459.190000", "152459.800000", "152500.410000", "152501.020000", "152501.630000", "152502.240000", "152502.850000", "152503.460000", "152504.070000", "152504.680000", "152505.290000", "152505.900000", "152506.510000", "152507.120000", "152507.730000", "152508.340000", "152508.950000", "152509.560000", "152510.170000", "152510.780000", "152511.390000", "152512.000000", "152512.610000", "152513.220000", "152513.830000", "152514.440000", "152515.050000", "152515.660000", "152516.270000", "152516.880000", "152517.490000", "152518.100000", "152518.710000", "152519.320000", "152519.930000", "152520.540000", "152521.150000", "152521.760000", "152522.370000", "152522.980000", "152523.590000", "152524.200000", "152524.810000", "152525.420000", "152526.030000", "152526.640000", "152527.250000", "152527.860000", "152528.470000", "152529.080000", "152529.690000", "152530.300000", "152530.910000", "152531.520000", "152532.130000", "152532.740000", "152533.350000", "152533.960000", "152534.570000", "152535.180000", "152535.790000", "152536.400000", "152537.010000", "152537.620000", "152538.230000", "152538.840000", "152539.450000", "152540.060000", "152540.670000", "152541.280000", "152541.890000", "152542.500000", "152543.110000", "152543.720000", "152544.330000", "152544.940000", "152545.550000", "152546.160000", "152546.770000", "152547.380000", "152547.990000", "152548.600000", "152549.210000", "152549.820000", "152550.430000", "152551.040000", "152551.650000", "152552.260000", "152552.870000", "152553.480000", "152554.090000", "152554.700000", "152555.310000", "152555.920000", "152556.530000", "152557.140000", "152557.750000", "152558.360000", "152558.970000", "152559.580000", "152600.190000", "152600.800000", "152601.410000", "152602.020000", "152602.630000", "152603.240000", "152603.850000", "152604.460000", "152605.070000", "152605.680000", "152606.290000", "152606.900000", "152607.510000", "152608.120000", "152608.730000", "152609.340000", "152609.950000", "152610.560000", "152611.170000", "152611.780000", "152612.390000", "152613.000000", "152613.610000", "152614.220000", "152614.830000", "152615.440000", "152616.050000", "152616.660000", "152617.270000", "152617.880000", "152618.490000", "152619.100000", "152619.710000", "152620.320000", "152620.930000", "152621.540000", "152622.150000", "152622.760000", "152623.370000", "152623.980000", "152624.590000", "152625.200000", "152625.810000", "152626.420000", "152627.030000", "152627.640000", "152628.250000", "152628.860000", "152629.470000", "152630.080000", "152630.690000", "152631.300000", "152631.910000", "152632.520000", "152633.130000", "152633.740000", "152634.350000", "152634.960000", "152635.570000", "152636.180000", "152636.790000", "152637.400000", "152638.010000", "152638.620000", "152639.230000", "152639.840000", "152640.450000", "152641.060000", "152641.670000", "152642.280000", "152642.890000", "152643.500000", "152644.110000", "152644.720000", "152645.330000", "152645.940000", "152646.550000", "152647.160000", "152647.770000", "152648.380000", "152648.990000", "152649.600000", "152650.210000", "152650.820000", "152651.430000", "152652.040000", "152652.650000", "152653.260000", "152653.870000", "152654.480000", "152655.090000", "152655.700000", "152656.310000", "152656.920000", "152657.530000", "152658.140000", "152658.750000", "152659.360000", "152659.970000", "152700.580000", "152701.190000", "152701.800000", "152702.410000", "152703.020000", "152703.630000", "152704.240000", "152704.850000", "152705.460000", "152706.070000", "152706.680000", "152707.290000", "152707.900000", "152708.510000", "152709.120000", "152709.730000", "152710.340000", "152710.950000", "152711.560000", "152712.170000", "152712.780000", "152713.390000", "152714.000000", "152714.610000", "152715.220000", "152715.830000", "152716.440000", "152717.050000", "152717.660000", "152718.270000", "152718.880000", "152719.490000", "152720.100000", "152720.710000", "152721.320000", "152721.930000", "152722.540000", "152723.150000", "152723.760000", "152724.370000", "152724.980000", "152725.590000", "152726.200000", "152726.810000", "152727.420000", "152728.030000", "152728.640000", "152729.250000", "152729.860000", "152730.470000", "152731.080000", "152731.690000", "152732.300000", "152732.910000", "152733.520000", "152734.130000", "152734.740000", "152735.350000", "152735.960000", "152736.570000", "152737.180000", "152737.790000", "152738.400000", "152739.010000", "152739.620000", "152740.230000", "152740.840000", "152741.450000", "152742.060000", "152742.670000", "152743.280000", "152743.890000", "152744.500000", "152745.110000", "152745.720000", "152746.330000", "152746.940000", "152747.550000", "152748.160000", "152748.770000", "152749.380000", "152749.990000", "152750.600000", "152751.210000", "152751.820000", "152752.430000", "152753.040000", "152753.650000", "152754.260000", "152754.870000", "152755.480000", "152756.090000", "152756.700000", "152757.310000", "152757.920000", "152758.530000", "152759.140000", "152759.750000", "152800.360000", "152800.970000", "152801.580000", "152802.190000", "152802.800000", "152803.410000", "152804.020000", "152804.630000", "152805.240000", "152805.850000", "152806.460000", "152807.070000", "152807.680000", "152808.290000", "152808.900000", "152809.510000", "152810.120000", "152810.730000", "152811.340000", "152811.950000", "152812.560000", "152813.170000", "152813.780000", "152814.390000", "152815.000000", "152815.610000", "152816.220000", "152816.830000", "152817.440000", "152818.050000", "152818.660000", "152819.270000", "152819.880000", "152820.490000", "152821.100000", "152821.710000", "152822.320000", "152822.930000", "152823.540000", "152824.150000", "152824.760000", "152825.370000", "152825.980000", "152826.590000", "152827.200000", "152827.810000", "152828.420000", "152829.030000", "152829.640000", "152830.250000", "152830.860000", "152831.470000", "152832.080000", "152832.690000", "152833.300000", "152833.910000", "152834.520000", "152835.130000", "152835.740000", "152836.350000", "152836.960000", "152837.570000", "152838.180000", "152838.790000", "152839.400000", "152840.010000", "152840.620000", "152841.230000", "152841.840000", "152842.450000", "152843.060000", "152843.670000", "152844.280000", "152844.890000", "152845.500000", "152846.110000", "152846.720000", "152847.330000", "152847.940000", "152848.550000", "152849.160000", "152849.770000", "152850.380000", "152850.990000", "152851.600000", "152852.210000", "152852.820000", "152853.430000", "152854.040000", "152854.650000", "152855.260000", "152855.870000", "152856.480000", "152857.090000", "152857.700000", "152858.310000", "152858.920000", "152859.530000", "152900.140000", "152900.750000", "152901.360000", "152901.970000", "152902.580000", "152903.190000", "152903.800000", "152904.410000", "152905.020000", "152905.630000", "152906.240000", "152906.850000", "152907.460000", "152908.070000", "152908.680000", "152909.290000", "152909.900000", "152910.510000"], "ContentTime": ["152421.510000", "152421.513000", "152421.515000", "152421.518000", "152421.521000", "152421.527000", "152421.529000", "152421.532000", "152421.534000", "152421.536000", "152421.539000", "152421.541000", "152421.544000", "152421.546000", "152421.548000", "152421.551000", "152421.553000", "152421.562000", "152421.564000", "152421.567000", "152421.569000", "152421.571000", "152421.574000", "152421.576000", "152421.579000", "152421.581000", "152421.583000", "152421.586000", "152421.588000", "152421.591000", "152421.593000", "152421.595000", "152421.598000", "152421.600000", "152441.505000", "152441.508000", "152441.510000", "152441.513000", "152441.515000", "152441.518000", "152441.520000", "152441.522000", "152441.525000", "152441.527000", "152441.529000", "152441.532000", "152441.534000", "152441.537000", "152441.539000", "152441.542000", "152441.544000", "152441.546000", "152441.549000", "152441.551000", "152441.556000", "152441.558000", "152441.561000", "152441.563000", "152441.566000", "152441.568000", "152441.571000", "152441.573000", "152441.575000", "152441.578000", "152441.580000", "152441.583000", "152441.585000", "152501.507000", "152501.510000", "152501.512000", "152501.514000", "152501.517000", "152501.527000", "152501.529000", "152501.531000", "152501.534000", "152501.536000", "152501.539000", "152501.541000", "152501.543000", "152501.546000", "152501.548000", "152501.551000", "152501.553000", "152501.555000", "152501.558000", "152501.560000", "152501.563000", "152501.565000", "152501.568000", "152501.570000", "152501.579000", "152501.581000", "152501.584000", "152501.586000", "152501.589000", "152501.591000", "152501.593000", "152501.596000", "152521.506000", "152521.509000", "152521.511000", "152521.514000", "152521.516000", "152521.518000", "152521.521000", "152521.523000", "152521.526000", "152521.528000", "152521.531000", "152521.533000", "152521.535000", "152521.538000", "152521.540000", "152521.543000", "152521.545000", "152521.547000", "152521.551000", "152521.553000", "152521.556000", "152521.558000", "152521.560000", "152521.563000", "152521.565000", "152521.567000", "152521.570000", "152521.572000", "152521.575000", "152521.577000", "152521.579000", "152521.589000", "152521.591000", "152541.505000", "152541.508000", "152541.510000", "152541.513000", "152541.515000", "152541.518000", "152541.520000", "152541.523000", "152541.525000", "152541.527000", "152541.530000", "152541.532000", "152541.534000", "152541.537000", "152541.539000", "152541.542000", "152541.544000", "152541.547000", "152541.549000", "152541.551000", "152541.554000", "152541.556000", "152541.558000", "152541.561000", "152541.563000", "152541.566000", "152541.568000", "152541.570000", "152541.573000", "152541.575000", "152541.578000", "152541.580000", "152541.583000", "152601.505000", "152601.508000", "152601.510000", "152601.513000", "152601.515000", "152601.518000", "152601.520000", "152601.522000", "152601.525000", "152601.527000", "152601.530000", "152601.533000", "152601.535000", "152601.538000", "152601.541000", "152601.543000", "152601.545000", "152601.548000", "152601.550000", "152601.553000", "152601.555000", "152601.557000", "152601.560000", "152601.562000", "152601.574000", "152601.577000", "152601.579000", "152601.582000", "152601.584000", "152601.586000", "152601.589000", "152601.591000", "152601.594000", "152621.505000", "152621.508000", "152621.510000", "152621.513000", "152621.515000", "152621.517000", "152621.520000", "152621.522000", "152621.525000", "152621.527000", "152621.530000", "152621.533000", "152621.535000", "152621.537000", "152621.540000", "152621.542000", "152621.545000", "152621.547000", "152621.550000", "152621.552000", "152621.555000", "152621.557000", "152621.560000", "152621.562000", "152621.565000", "152621.567000", "152621.569000", "152621.572000", "152621.574000", "152621.577000", "152621.579000", "152621.581000", "152621.584000", "152641.505000", "152641.508000", "152641.510000", "152641.513000", "152641.515000", "152641.518000", "152641.520000", "152641.523000", "152641.525000", "152641.528000", "152641.530000", "152641.532000", "152641.535000", "152641.537000", "152641.539000", "152641.542000", "152641.544000", "152641.547000", "152641.549000", "152641.551000", "152641.554000", "152641.556000", "152641.559000", "152641.561000", "152641.564000", "152641.566000", "152641.569000", "152641.571000", "152641.573000", "152641.576000", "152641.578000", "152641.580000", "152701.506000", "152701.509000", "152701.511000", "152701.514000", "152701.516000", "152701.519000", "152701.521000", "152701.523000", "152701.526000", "152701.528000", "152701.530000", "152701.533000", "152701.535000", "152701.538000", "152701.540000", "152701.543000", "152701.545000", "152701.548000", "152701.550000", "152701.553000", "152701.555000", "152701.558000", "152701.560000", "152701.563000", "152701.565000", "152701.568000", "152701.570000", "152701.572000", "152701.575000", "152701.577000", "152701.580000", "152701.582000", "152701.585000", "152721.506000", "152721.509000", "152721.511000", "152721.514000", "152721.517000", "152721.519000", "152721.521000", "152721.524000", "152721.526000", "152721.529000", "152721.531000", "152721.533000", "152721.536000", "152721.538000", "152721.541000", "152721.543000", "152721.546000", "152721.548000", "152721.550000", "152721.553000", "152721.555000", "152721.558000", "152721.560000", "152721.563000", "152721.565000", "152721.568000", "152721.570000", "152721.572000", "152721.575000", "152721.577000", "152721.580000", "152721.582000", "152721.585000", "152741.506000", "152741.509000", "152741.511000", "152741.514000", "152741.516000", "152741.519000", "152741.521000", "152741.523000", "152741.526000", "152741.528000", "152741.531000", "152741.533000", "152741.535000", "152741.538000", "152741.540000", "152741.543000", "152741.545000", "152741.547000", "152741.550000", "152741.552000", "152741.555000", "152741.557000", "152741.559000", "152741.562000", "152741.564000", "152741.567000", "152741.569000", "152741.571000", "152741.574000", "152741.576000", "152741.579000", "152741.581000", "152741.583000", "152801.505000", "152801.508000", "152801.510000", "152801.513000", "152801.515000", "152801.518000", "152801.520000", "152801.523000", "152801.525000", "152801.528000", "152801.531000", "152801.534000", "152801.536000", "152801.538000", "152801.541000", "152801.543000", "152801.546000", "152801.548000", "152801.551000", "152801.553000", "152801.555000", "152801.558000", "152801.560000", "152801.563000", "152801.565000", "152801.567000", "152801.570000", "152801.572000", "152801.575000", "152801.577000", "152801.579000", "152801.582000", "152821.505000", "152821.508000", "152821.511000", "152821.513000", "152821.515000", "152821.518000", "152821.520000", "152821.523000", "152821.525000", "152821.528000", "152821.530000", "152821.533000", "152821.535000", "152821.538000", "152821.540000", "152821.543000", "152821.545000", "152821.548000", "152821.550000", "152821.553000", "152821.555000", "152821.558000", "152821.560000", "152821.563000", "152821.565000", "152821.568000", "152821.570000", "152821.572000", "152821.575000", "152821.577000", "152821.580000", "152821.582000", "152821.585000", "152841.505000", "152841.508000", "152841.510000", "152841.513000", "152841.515000", "152841.518000", "152841.520000", "152841.523000", "152841.547000", "152841.549000", "152841.552000", "152841.554000", "152841.557000", "152841.559000", "152841.561000", "152841.564000", "152841.566000", "152841.569000", "152841.571000", "152841.573000", "152841.576000", "152841.578000", "152841.580000", "152841.583000", "152841.585000", "152841.588000", "152841.590000", "152841.600000", "152841.603000", "152841.605000", "152841.608000", "152841.610000", "152841.613000", "152901.505000", "152901.508000", "152901.510000", "152901.513000", "152901.515000", "152901.518000", "152901.520000", "152901.523000", "152901.525000", "152901.527000", "152901.530000", "152901.532000", "152901.535000", "152901.537000", "152901.539000", "152901.542000", "152901.544000", "152901.547000", "152901.549000", "152901.551000", "152901.554000", "152901.556000", "152901.559000", "152901.561000", "152901.564000", "152901.566000", "152901.568000", "152901.571000", "152901.573000", "152901.576000", "152901.578000", "152901.580000", "152901.583000", "152911.645000", "152911.648000", "152911.651000", "152911.654000", "152911.656000", "152911.659000", "152911.662000", "152911.665000", "152911.667000", "152911.670000", "152911.672000", "152911.678000", "152911.681000", "152911.683000", "152911.686000", "152911.688000", "152911.691000"], "InstanceCreationTime": ["152421.510000", "152421.513000", "152421.515000", "152421.518000", "152421.521000", "152421.527000", "152421.529000", "152421.532000", "152421.534000", "152421.536000", "152421.539000", "152421.541000", "152421.544000", "152421.546000", "152421.548000", "152421.551000", "152421.553000", "152421.562000", "152421.564000", "152421.567000", "152421.569000", "152421.571000", "152421.574000", "152421.576000", "152421.579000", "152421.581000", "152421.583000", "152421.586000", "152421.588000", "152421.591000", "152421.593000", "152421.595000", "152421.598000", "152421.600000", "152441.505000", "152441.508000", "152441.510000", "152441.513000", "152441.515000", "152441.518000", "152441.520000", "152441.522000", "152441.525000", "152441.527000", "152441.529000", "152441.532000", "152441.534000", "152441.537000", "152441.539000", "152441.542000", "152441.544000", "152441.546000", "152441.549000", "152441.551000", "152441.556000", "152441.558000", "152441.561000", "152441.563000", "152441.566000", "152441.568000", "152441.571000", "152441.573000", "152441.575000", "152441.578000", "152441.580000", "152441.583000", "152441.585000", "152501.507000", "152501.510000", "152501.512000", "152501.514000", "152501.517000", "152501.527000", "152501.529000", "152501.531000", "152501.534000", "152501.536000", "152501.539000", "152501.541000", "152501.543000", "152501.546000", "152501.548000", "152501.551000", "152501.553000", "152501.555000", "152501.558000", "152501.560000", "152501.563000", "152501.565000", "152501.568000", "152501.570000", "152501.579000", "152501.581000", "152501.584000", "152501.586000", "152501.589000", "152501.591000", "152501.593000", "152501.596000", "152521.506000", "152521.509000", "152521.511000", "152521.514000", "152521.516000", "152521.518000", "152521.521000", "152521.523000", "152521.526000", "152521.528000", "152521.531000", "152521.533000", "152521.535000", "152521.538000", "152521.540000", "152521.543000", "152521.545000", "152521.547000", "152521.551000", "152521.553000", "152521.556000", "152521.558000", "152521.560000", "152521.563000", "152521.565000", "152521.567000", "152521.570000", "152521.572000", "152521.575000", "152521.577000", "152521.579000", "152521.589000", "152521.591000", "152541.505000", "152541.508000", "152541.510000", "152541.513000", "152541.515000", "152541.518000", "152541.520000", "152541.523000", "152541.525000", "152541.527000", "152541.530000", "152541.532000", "152541.534000", "152541.537000", "152541.539000", "152541.542000", "152541.544000", "152541.547000", "152541.549000", "152541.551000", "152541.554000", "152541.556000", "152541.558000", "152541.561000", "152541.563000", "152541.566000", "152541.568000", "152541.570000", "152541.573000", "152541.575000", "152541.578000", "152541.580000", "152541.583000", "152601.505000", "152601.508000", "152601.510000", "152601.513000", "152601.515000", "152601.518000", "152601.520000", "152601.522000", "152601.525000", "152601.527000", "152601.530000", "152601.533000", "152601.535000", "152601.538000", "152601.541000", "152601.543000", "152601.545000", "152601.548000", "152601.550000", "152601.553000", "152601.555000", "152601.557000", "152601.560000", "152601.562000", "152601.574000", "152601.577000", "152601.579000", "152601.582000", "152601.584000", "152601.586000", "152601.589000", "152601.591000", "152601.594000", "152621.505000", "152621.508000", "152621.510000", "152621.513000", "152621.515000", "152621.517000", "152621.520000", "152621.522000", "152621.525000", "152621.527000", "152621.530000", "152621.533000", "152621.535000", "152621.537000", "152621.540000", "152621.542000", "152621.545000", "152621.547000", "152621.550000", "152621.552000", "152621.555000", "152621.557000", "152621.560000", "152621.562000", "152621.565000", "152621.567000", "152621.569000", "152621.572000", "152621.574000", "152621.577000", "152621.579000", "152621.581000", "152621.584000", "152641.505000", "152641.508000", "152641.510000", "152641.513000", "152641.515000", "152641.518000", "152641.520000", "152641.523000", "152641.525000", "152641.528000", "152641.530000", "152641.532000", "152641.535000", "152641.537000", "152641.539000", "152641.542000", "152641.544000", "152641.547000", "152641.549000", "152641.551000", "152641.554000", "152641.556000", "152641.559000", "152641.561000", "152641.564000", "152641.566000", "152641.569000", "152641.571000", "152641.573000", "152641.576000", "152641.578000", "152641.580000", "152701.506000", "152701.509000", "152701.511000", "152701.514000", "152701.516000", "152701.519000", "152701.521000", "152701.523000", "152701.526000", "152701.528000", "152701.530000", "152701.533000", "152701.535000", "152701.538000", "152701.540000", "152701.543000", "152701.545000", "152701.548000", "152701.550000", "152701.553000", "152701.555000", "152701.558000", "152701.560000", "152701.563000", "152701.565000", "152701.568000", "152701.570000", "152701.572000", "152701.575000", "152701.577000", "152701.580000", "152701.582000", "152701.585000", "152721.506000", "152721.509000", "152721.511000", "152721.514000", "152721.517000", "152721.519000", "152721.521000", "152721.524000", "152721.526000", "152721.529000", "152721.531000", "152721.533000", "152721.536000", "152721.538000", "152721.541000", "152721.543000", "152721.546000", "152721.548000", "152721.550000", "152721.553000", "152721.555000", "152721.558000", "152721.560000", "152721.563000", "152721.565000", "152721.568000", "152721.570000", "152721.572000", "152721.575000", "152721.577000", "152721.580000", "152721.582000", "152721.585000", "152741.506000", "152741.509000", "152741.511000", "152741.514000", "152741.516000", "152741.519000", "152741.521000", "152741.523000", "152741.526000", "152741.528000", "152741.531000", "152741.533000", "152741.535000", "152741.538000", "152741.540000", "152741.543000", "152741.545000", "152741.547000", "152741.550000", "152741.552000", "152741.555000", "152741.557000", "152741.559000", "152741.562000", "152741.564000", "152741.567000", "152741.569000", "152741.571000", "152741.574000", "152741.576000", "152741.579000", "152741.581000", "152741.583000", "152801.505000", "152801.508000", "152801.510000", "152801.513000", "152801.515000", "152801.518000", "152801.520000", "152801.523000", "152801.525000", "152801.528000", "152801.531000", "152801.534000", "152801.536000", "152801.538000", "152801.541000", "152801.543000", "152801.546000", "152801.548000", "152801.551000", "152801.553000", "152801.555000", "152801.558000", "152801.560000", "152801.563000", "152801.565000", "152801.567000", "152801.570000", "152801.572000", "152801.575000", "152801.577000", "152801.579000", "152801.582000", "152821.505000", "152821.508000", "152821.511000", "152821.513000", "152821.515000", "152821.518000", "152821.520000", "152821.523000", "152821.525000", "152821.528000", "152821.530000", "152821.533000", "152821.535000", "152821.538000", "152821.540000", "152821.543000", "152821.545000", "152821.548000", "152821.550000", "152821.553000", "152821.555000", "152821.558000", "152821.560000", "152821.563000", "152821.565000", "152821.568000", "152821.570000", "152821.572000", "152821.575000", "152821.577000", "152821.580000", "152821.582000", "152821.585000", "152841.505000", "152841.508000", "152841.510000", "152841.513000", "152841.515000", "152841.518000", "152841.520000", "152841.523000", "152841.547000", "152841.549000", "152841.552000", "152841.554000", "152841.557000", "152841.559000", "152841.561000", "152841.564000", "152841.566000", "152841.569000", "152841.571000", "152841.573000", "152841.576000", "152841.578000", "152841.580000", "152841.583000", "152841.585000", "152841.588000", "152841.590000", "152841.600000", "152841.603000", "152841.605000", "152841.608000", "152841.610000", "152841.613000", "152901.505000", "152901.508000", "152901.510000", "152901.513000", "152901.515000", "152901.518000", "152901.520000", "152901.523000", "152901.525000", "152901.527000", "152901.530000", "152901.532000", "152901.535000", "152901.537000", "152901.539000", "152901.542000", "152901.544000", "152901.547000", "152901.549000", "152901.551000", "152901.554000", "152901.556000", "152901.559000", "152901.561000", "152901.564000", "152901.566000", "152901.568000", "152901.571000", "152901.573000", "152901.576000", "152901.578000", "152901.580000", "152901.583000", "152911.645000", "152911.648000", "152911.651000", "152911.654000", "152911.656000", "152911.659000", "152911.662000", "152911.665000", "152911.667000", "152911.670000", "152911.672000", "152911.678000", "152911.681000", "152911.683000", "152911.686000", "152911.688000", "152911.691000"], "InstanceNumber": [1, 2, 3, 4, 5, 6, 7, 8, 9, 10, 11, 12, 13, 14, 15, 16, 17, 18, 19, 20, 21, 22, 23, 24, 25, 26, 27, 28, 29, 30, 31, 32, 33, 34, 35, 36, 37, 38, 39, 40, 41, 42, 43, 44, 45, 46, 47, 48, 49, 50, 51, 52, 53, 54, 55, 56, 57, 58, 59, 60, 61, 62, 63, 64, 65, 66, 67, 68, 69, 70, 71, 72, 73, 74, 75, 76, 77, 78, 79, 80, 81, 82, 83, 84, 85, 86, 87, 88, 89, 90, 91, 92, 93, 94, 95, 96, 97, 98, 99, 100, 101, 102, 103, 104, 105, 106, 107, 108, 109, 110, 111, 112, 113, 114, 115, 116, 117, 118, 119, 120, 121, 122, 123, 124, 125, 126, 127, 128, 129, 130, 131, 132, 133, 134, 135, 136, 137, 138, 139, 140, 141, 142, 143, 144, 145, 146, 147, 148, 149, 150, 151, 152, 153, 154, 155, 156, 157, 158, 159, 160, 161, 162, 163, 164, 165, 166, 167, 168, 169, 170, 171, 172, 173, 174, 175, 176, 177, 178, 179, 180, 181, 182, 183, 184, 185, 186, 187, 188, 189, 190, 191, 192, 193, 194, 195, 196, 197, 198, 199, 200, 201, 202, 203, 204, 205, 206, 207, 208, 209, 210, 211, 212, 213, 214, 215, 216, 217, 218, 219, 220, 221, 222, 223, 224, 225, 226, 227, 228, 229, 230, 231, 232, 233, 234, 235, 236, 237, 238, 239, 240, 241, 242, 243, 244, 245, 246, 247, 248, 249, 250, 251, 252, 253, 254, 255, 256, 257, 258, 259, 260, 261, 262, 263, 264, 265, 266, 267, 268, 269, 270, 271, 272, 273, 274, 275, 276, 277, 278, 279, 280, 281, 282, 283, 284, 285, 286, 287, 288, 289, 290, 291, 292, 293, 294, 295, 296, 297, 298, 299, 300, 301, 302, 303, 304, 305, 306, 307, 308, 309, 310, 311, 312, 313, 314, 315, 316, 317, 318, 319, 320, 321, 322, 323, 324, 325, 326, 327, 328, 329, 330, 331, 332, 333, 334, 335, 336, 337, 338, 339, 340, 341, 342, 343, 344, 345, 346, 347, 348, 349, 350, 351, 352, 353, 354, 355, 356, 357, 358, 359, 360, 361, 362, 363, 364, 365, 366, 367, 368, 369, 370, 371, 372, 373, 374, 375, 376, 377, 378, 379, 380, 381, 382, 383, 384, 385, 386, 387, 388, 389, 390, 391, 392, 393, 394, 395, 396, 397, 398, 399, 400, 401, 402, 403, 404, 405, 406, 407, 408, 409, 410, 411, 412, 413, 414, 415, 416, 417, 418, 419, 420, 421, 422, 423, 424, 425, 426, 427, 428, 429, 430, 431, 432, 433, 434, 435, 436, 437, 438, 439, 440, 441, 442, 443, 444, 445, 446, 447, 448, 449, 450, 451, 452, 453, 454, 455, 456, 457, 458, 459, 460, 461, 462, 463, 464, 465, 466, 467, 468, 469, 470, 471, 472, 473, 474, 475, 476, 477, 478, 479, 480, 481, 482, 483, 484, 485, 486, 487, 488, 489, 490, 491, 492, 493, 494, 495, 496, 497, 498, 499, 500, 501, 502, 503, 504, 505, 506, 507, 508, 509, 510], "LargestImagePixelValue": [596, 553, 571, 521, 507, 498, 507, 500, 508, 507, 508, 508, 507, 515, 508, 511, 503, 502, 501, 504, 504, 506, 507, 506, 525, 514, 510, 510, 514, 515, 507, 509, 511, 512, 513, 515, 510, 514, 509, 510, 506, 566, 520, 513, 508, 511, 508, 505, 501, 505, 513, 507, 511, 507, 519, 514, 510, 511, 507, 507, 506, 504, 503, 506, 521, 525, 517, 514, 516, 507, 513, 514, 517, 516, 515, 512, 516, 511, 512, 513, 514, 512, 515, 513, 525, 518, 513, 516, 515, 518, 516, 513, 521, 515, 516, 517, 515, 521, 513, 518, 512, 516, 513, 518, 517, 516, 513, 512, 510, 515, 512, 512, 515, 517, 516, 513, 510, 507, 512, 507, 515, 514, 516, 513, 515, 514, 514, 515, 516, 511, 514, 515, 522, 515, 521, 519, 516, 515, 514, 513, 515, 517, 521, 519, 510, 497, 504, 515, 507, 510, 521, 519, 509, 612, 555, 534, 579, 539, 540, 693, 581, 518, 525, 520, 546, 540, 556, 523, 535, 544, 532, 553, 542, 512, 565, 544, 556, 533, 519, 514, 510, 537, 530, 530, 565, 521, 566, 534, 522, 536, 567, 538, 620, 539, 553, 528, 535, 525, 543, 518, 522, 520, 511, 546, 522, 516, 507, 524, 526, 523, 527, 538, 555, 549, 537, 515, 539, 510, 695, 546, 563, 526, 565, 547, 549, 528, 538, 526, 545, 545, 536, 515, 514, 518, 528, 531, 532, 507, 520, 522, 534, 507, 528, 522, 516, 511, 514, 520, 520, 527, 512, 521, 524, 526, 516, 523, 527, 523, 528, 525, 521, 511, 503, 504, 535, 520, 519, 519, 516, 521, 518, 509, 504, 517, 515, 528, 538, 530, 532, 522, 526, 534, 529, 527, 523, 530, 529, 532, 533, 528, 530, 529, 529, 522, 513, 522, 526, 529, 526, 529, 540, 528, 519, 513, 517, 513, 510, 506, 513, 543, 544, 528, 517, 517, 522, 522, 520, 517, 521, 514, 518, 517, 518, 514, 512, 525, 517, 520, 514, 517, 519, 516, 519, 551, 547, 536, 535, 530, 528, 529, 533, 526, 529, 537, 534, 536, 526, 531, 523, 530, 530, 531, 523, 526, 523, 523, 526, 532, 527, 532, 525, 531, 535, 538, 537, 535, 528, 534, 535, 538, 537, 536, 537, 532, 536, 525, 530, 528, 534, 534, 527, 526, 530, 530, 532, 531, 535, 529, 532, 528, 537, 535, 537, 536, 534, 535, 536, 535, 527, 535, 518, 515, 510, 530, 521, 555, 540, 554, 551, 533, 560, 519, 541, 639, 541, 530, 527, 530, 525, 517, 549, 543, 538, 533, 529, 539, 533, 541, 535, 530, 557, 529, 551, 543, 547, 529, 516, 580, 538, 530, 520, 515, 511, 514, 516, 533, 522, 522, 494, 512, 520, 516, 510, 541, 538, 531, 505, 530, 519, 516, 505, 511, 505, 495, 504, 529, 500, 516, 504, 512, 510, 519, 520, 514, 532, 519, 535, 525, 529, 523, 528, 515, 508, 598, 544, 506, 532, 523, 557, 541, 524, 517, 512, 515, 521, 528, 510, 522, 512, 518, 529, 515, 519, 509, 514, 512, 539, 510, 522, 515], "WindowCenter": [309.0, 307.0, 306.0, 302.0, 302.0, 300.0, 301.0, 301.0, 300.0, 301.0, 301.0, 301.0, 301.0, 303.0, 302.0, 302.0, 301.0, 301.0, 301.0, 301.0, 302.0, 302.0, 302.0, 301.0, 302.0, 303.0, 302.0, 302.0, 302.0, 301.0, 301.0, 301.0, 301.0, 302.0, 301.0, 301.0, 303.0, 302.0, 302.0, 302.0, 302.0, 302.0, 301.0, 303.0, 302.0, 302.0, 301.0, 302.0, 300.0, 301.0, 303.0, 302.0, 300.0, 300.0, 301.0, 302.0, 302.0, 302.0, 302.0, 301.0, 302.0, 301.0, 302.0, 301.0, 302.0, 302.0, 302.0, 302.0, 303.0, 302.0, 301.0, 302.0, 302.0, 302.0, 301.0, 303.0, 302.0, 301.0, 301.0, 302.0, 302.0, 301.0, 302.0, 302.0, 302.0, 302.0, 301.0, 302.0, 301.0, 303.0, 303.0, 302.0, 302.0, 301.0, 302.0, 303.0, 303.0, 302.0, 302.0, 303.0, 302.0, 302.0, 302.0, 302.0, 302.0, 303.0, 302.0, 302.0, 302.0, 302.0, 302.0, 301.0, 301.0, 302.0, 302.0, 302.0, 302.0, 301.0, 302.0, 301.0, 301.0, 301.0, 301.0, 302.0, 302.0, 301.0, 301.0, 301.0, 301.0, 302.0, 302.0, 302.0, 302.0, 302.0, 303.0, 304.0, 303.0, 302.0, 303.0, 301.0, 302.0, 302.0, 303.0, 303.0, 302.0, 301.0, 302.0, 302.0, 301.0, 301.0, 302.0, 303.0, 301.0, 297.0, 303.0, 304.0, 304.0, 300.0, 303.0, 302.0, 302.0, 301.0, 300.0, 296.0, 301.0, 302.0, 301.0, 300.0, 299.0, 299.0, 300.0, 299.0, 299.0, 298.0, 290.0, 302.0, 303.0, 302.0, 301.0, 301.0, 300.0, 302.0, 302.0, 302.0, 302.0, 300.0, 303.0, 302.0, 300.0, 300.0, 302.0, 302.0, 302.0, 307.0, 302.0, 301.0, 303.0, 302.0, 301.0, 302.0, 303.0, 303.0, 298.0, 298.0, 298.0, 300.0, 299.0, 299.0, 298.0, 300.0, 297.0, 301.0, 307.0, 307.0, 302.0, 300.0, 301.0, 301.0, 303.0, 299.0, 299.0, 300.0, 301.0, 299.0, 300.0, 299.0, 302.0, 296.0, 301.0, 298.0, 298.0, 298.0, 295.0, 295.0, 295.0, 296.0, 296.0, 296.0, 297.0, 298.0, 299.0, 295.0, 299.0, 299.0, 299.0, 297.0, 300.0, 300.0, 301.0, 300.0, 299.0, 299.0, 299.0, 299.0, 300.0, 299.0, 299.0, 300.0, 299.0, 299.0, 300.0, 300.0, 298.0, 300.0, 300.0, 300.0, 300.0, 299.0, 299.0, 301.0, 299.0, 300.0, 299.0, 299.0, 299.0, 300.0, 299.0, 298.0, 300.0, 299.0, 299.0, 298.0, 298.0, 299.0, 300.0, 300.0, 299.0, 300.0, 300.0, 300.0, 299.0, 300.0, 300.0, 300.0, 300.0, 299.0, 300.0, 299.0, 299.0, 299.0, 299.0, 299.0, 299.0, 299.0, 298.0, 299.0, 299.0, 299.0, 300.0, 302.0, 299.0, 298.0, 299.0, 300.0, 300.0, 300.0, 300.0, 299.0, 298.0, 300.0, 299.0, 299.0, 299.0, 300.0, 300.0, 300.0, 299.0, 299.0, 298.0, 299.0, 299.0, 298.0, 298.0, 301.0, 300.0, 300.0, 299.0, 299.0, 298.0, 298.0, 300.0, 299.0, 300.0, 300.0, 300.0, 300.0, 299.0, 299.0, 299.0, 299.0, 300.0, 300.0, 300.0, 299.0, 300.0, 300.0, 300.0, 300.0, 299.0, 300.0, 300.0, 299.0, 300.0, 300.0, 299.0, 300.0, 299.0, 300.0, 300.0, 299.0, 301.0, 300.0, 299.0, 300.0, 300.0, 300.0, 301.0, 299.0, 300.0, 300.0, 299.0, 299.0, 300.0, 300.0, 299.0, 300.0, 299.0, 299.0, 299.0, 299.0, 300.0, 300.0, 299.0, 299.0, 299.0, 300.0, 299.0, 300.0, 299.0, 300.0, 301.0, 301.0, 298.0, 293.0, 301.0, 304.0, 299.0, 301.0, 297.0, 300.0, 300.0, 298.0, 298.0, 297.0, 298.0, 299.0, 297.0, 298.0, 297.0, 298.0, 300.0, 299.0, 299.0, 299.0, 297.0, 302.0, 299.0, 298.0, 298.0, 297.0, 299.0, 299.0, 299.0, 299.0, 297.0, 296.0, 297.0, 298.0, 297.0, 300.0, 296.0, 296.0, 296.0, 296.0, 295.0, 298.0, 297.0, 298.0, 298.0, 298.0, 299.0, 298.0, 298.0, 296.0, 298.0, 300.0, 297.0, 299.0, 297.0, 297.0, 298.0, 297.0, 298.0, 297.0, 299.0, 297.0, 299.0, 299.0, 299.0, 298.0, 299.0, 298.0, 298.0, 298.0, 299.0, 299.0, 297.0, 298.0, 298.0, 299.0, 297.0, 299.0, 297.0, 298.0, 299.0, 297.0, 299.0, 296.0, 299.0, 296.0, 295.0, 297.0, 297.0, 296.0, 297.0, 297.0, 297.0, 297.0, 298.0, 298.0, 298.0, 298.0, 297.0, 299.0, 297.0, 297.0, 298.0, 297.0, 297.0, 296.0], "WindowWidth": [672.0, 668.0, 666.0, 659.0, 659.0, 655.0, 656.0, 656.0, 654.0, 655.0, 656.0, 656.0, 656.0, 659.0, 658.0, 658.0, 656.0, 657.0, 656.0, 656.0, 657.0, 658.0, 657.0, 655.0, 659.0, 659.0, 657.0, 657.0, 657.0, 657.0, 656.0, 657.0, 656.0, 657.0, 657.0, 657.0, 659.0, 657.0, 658.0, 657.0, 658.0, 658.0, 656.0, 659.0, 658.0, 658.0, 656.0, 657.0, 655.0, 656.0, 659.0, 658.0, 654.0, 655.0, 657.0, 657.0, 657.0, 657.0, 657.0, 656.0, 658.0, 656.0, 657.0, 656.0, 659.0, 657.0, 658.0, 658.0, 660.0, 658.0, 656.0, 657.0, 657.0, 657.0, 656.0, 659.0, 658.0, 657.0, 656.0, 657.0, 657.0, 656.0, 658.0, 657.0, 657.0, 657.0, 657.0, 657.0, 656.0, 659.0, 660.0, 658.0, 658.0, 657.0, 658.0, 659.0, 659.0, 658.0, 658.0, 659.0, 659.0, 657.0, 657.0, 658.0, 658.0, 660.0, 657.0, 657.0, 657.0, 657.0, 657.0, 655.0, 656.0, 657.0, 658.0, 657.0, 657.0, 656.0, 658.0, 655.0, 656.0, 656.0, 655.0, 657.0, 657.0, 655.0, 656.0, 656.0, 656.0, 657.0, 658.0, 659.0, 658.0, 657.0, 660.0, 661.0, 660.0, 659.0, 660.0, 657.0, 658.0, 658.0, 660.0, 661.0, 658.0, 657.0, 658.0, 657.0, 656.0, 656.0, 657.0, 660.0, 656.0, 647.0, 660.0, 661.0, 662.0, 654.0, 660.0, 658.0, 658.0, 657.0, 654.0, 646.0, 657.0, 658.0, 656.0, 654.0, 652.0, 653.0, 653.0, 651.0, 652.0, 649.0, 636.0, 657.0, 660.0, 659.0, 657.0, 656.0, 654.0, 660.0, 659.0, 658.0, 658.0, 655.0, 660.0, 659.0, 654.0, 653.0, 659.0, 660.0, 658.0, 668.0, 659.0, 658.0, 661.0, 658.0, 657.0, 658.0, 661.0, 660.0, 651.0, 651.0, 652.0, 655.0, 653.0, 653.0, 650.0, 655.0, 648.0, 657.0, 667.0, 667.0, 658.0, 655.0, 656.0, 657.0, 659.0, 652.0, 653.0, 653.0, 655.0, 653.0, 654.0, 652.0, 659.0, 647.0, 657.0, 650.0, 650.0, 650.0, 645.0, 646.0, 645.0, 645.0, 647.0, 647.0, 649.0, 649.0, 651.0, 645.0, 652.0, 652.0, 653.0, 648.0, 654.0, 653.0, 657.0, 653.0, 652.0, 652.0, 652.0, 652.0, 653.0, 651.0, 652.0, 653.0, 652.0, 651.0, 654.0, 654.0, 651.0, 654.0, 653.0, 653.0, 655.0, 653.0, 653.0, 655.0, 653.0, 654.0, 652.0, 652.0, 652.0, 653.0, 652.0, 650.0, 654.0, 653.0, 652.0, 651.0, 651.0, 652.0, 653.0, 653.0, 652.0, 653.0, 654.0, 654.0, 652.0, 654.0, 654.0, 653.0, 653.0, 652.0, 654.0, 652.0, 653.0, 652.0, 652.0, 653.0, 652.0, 652.0, 651.0, 652.0, 652.0, 653.0, 653.0, 659.0, 652.0, 651.0, 652.0, 653.0, 654.0, 653.0, 653.0, 652.0, 651.0, 653.0, 653.0, 652.0, 652.0, 653.0, 655.0, 654.0, 653.0, 652.0, 651.0, 652.0, 652.0, 651.0, 651.0, 657.0, 653.0, 653.0, 652.0, 652.0, 651.0, 651.0, 653.0, 652.0, 653.0, 653.0, 654.0, 654.0, 652.0, 653.0, 652.0, 651.0, 653.0, 654.0, 655.0, 652.0, 653.0, 654.0, 653.0, 653.0, 653.0, 653.0, 653.0, 652.0, 653.0, 654.0, 652.0, 653.0, 653.0, 653.0, 653.0, 652.0, 655.0, 654.0, 652.0, 654.0, 654.0, 654.0, 655.0, 652.0, 653.0, 654.0, 652.0, 652.0, 653.0, 654.0, 653.0, 654.0, 653.0, 653.0, 653.0, 652.0, 654.0, 653.0, 652.0, 652.0, 652.0, 653.0, 653.0, 653.0, 653.0, 653.0, 655.0, 655.0, 651.0, 641.0, 656.0, 661.0, 652.0, 655.0, 648.0, 654.0, 655.0, 650.0, 650.0, 649.0, 651.0, 651.0, 649.0, 650.0, 647.0, 650.0, 653.0, 652.0, 652.0, 652.0, 649.0, 658.0, 652.0, 650.0, 650.0, 648.0, 652.0, 652.0, 652.0, 651.0, 648.0, 647.0, 648.0, 650.0, 650.0, 655.0, 647.0, 646.0, 647.0, 647.0, 644.0, 650.0, 647.0, 651.0, 650.0, 651.0, 653.0, 650.0, 651.0, 646.0, 650.0, 653.0, 649.0, 653.0, 649.0, 648.0, 650.0, 649.0, 650.0, 647.0, 653.0, 649.0, 652.0, 652.0, 651.0, 650.0, 652.0, 651.0, 651.0, 650.0, 652.0, 652.0, 648.0, 651.0, 649.0, 652.0, 649.0, 652.0, 648.0, 649.0, 652.0, 649.0, 653.0, 647.0, 651.0, 646.0, 646.0, 650.0, 648.0, 647.0, 647.0, 649.0, 648.0, 649.0, 650.0, 650.0, 650.0, 650.0, 649.0, 651.0, 649.0, 648.0, 651.0, 647.0, 648.0, 646.0]}, "slices": {}}, "EventTimestamp": "15-26-02"}