{
    "AcquisitionMatrixPE": 64,
    "AcquisitionNumber": 1,
    "AcquisitionTime": "14:35:25.707500",
    "BandwidthPerPixelPhaseEncode": 28.935,
    "BaseResolution": 64,
    "BodyPartExamined": "BRAIN",
    "CoilString": "HC2_4_6_7;SC",
    "ConsistencyInfo": "N4_VE11E_LATEST_20181129",
    "ConversionSoftware": "dcm2niix",
    "ConversionSoftwareVersion": "v1.0.20190902",
    "DerivedVendorReportedEchoSpacing": 0.000540003,
    "DeviceSerialNumber": "166182",
    "DwellTime": 3.4e-06,
    "EchoTime": 0.032,
    "EchoTrainLength": 64,
    "EffectiveEchoSpacing": 0.000540003,
    "FlipAngle": 40,
    "ImageOrientationPatientDICOM": [
        0.998415,
        0.0129807,
        -0.0547562,
        -0.0156844,
        0.998664,
        -0.049239
    ],
    "ImageType": [
        "ORIGINAL",
        "PRIMARY",
        "M",
        "ND",
        "NORM",
        "MOSAIC"
    ],
    "ImagingFrequency": 123.255,
    "InPlanePhaseEncodingDirectionDICOM": "COL",
    "InstitutionAddress": "PEARSE_STREET_._City_District_IE_D2",
    "InstitutionName": "TCIN",
    "InstitutionalDepartmentName": "MRI",
    "MRAcquisitionType": "2D",
    "MagneticFieldStrength": 3,
    "Manufacturer": "Siemens",
    "ManufacturersModelName": "Prisma",
    "Modality": "MR",
    "MultibandAccelerationFactor": 4,
    "PartialFourier": 1,
    "PatientPosition": "HFS",
    "PercentPhaseFOV": 100,
    "PhaseEncodingDirection": "j-",
    "PhaseEncodingSteps": 64,
    "PhaseResolution": 1,
    "PixelBandwidth": 2300,
    "ProcedureStepDescription": "Rhodri_Head_BOLD",
    "ProtocolName": "cmrr_mbep2d_Pictures_AP_RDS",
    "PulseSequenceDetails": "%SiemensSeq%_ep2d_bold",
    "ReceiveCoilActiveElements": "HC2,4,6,7;SC",
    "ReceiveCoilName": "SpecialPurpose_4",
    "ReconMatrixPE": 64,
    "RefLinesPE": 12,
    "RepetitionTime": 0.61,
    "SAR": 0.283541,
    "ScanOptions": "FS",
    "ScanningSequence": "EP",
    "SequenceName": "_epfid2d1_64",
    "SequenceVariant": "SK",
    "SeriesDescription": "cmrr_mbep2d_Pictures_AP_RDS",
    "SeriesNumber": 10,
    "ShimSetting": [
        -3604,
        -7422,
        3825,
        1112,
        -116,
        8,
        56,
        369
    ],
    "SliceThickness": 3,
    "SliceTiming": [
        0.2625,
        0,
        0.33,
        0.0675,
        0.395,
        0.1325,
        0.46,
        0.1975,
        0.525,
        0.2625,
        0,
        0.33,
        0.0675,
        0.395,
        0.1325,
        0.46,
        0.1975,
        0.525,
        0.2625,
        0,
        0.33,
        0.0675,
        0.395,
        0.1325,
        0.46,
        0.1975,
        0.525,
        0.2625,
        0,
        0.33,
        0.0675,
        0.395,
        0.1325,
        0.46,
        0.1975,
        0.525
    ],
    "SoftwareVersions": "syngo_MR_E11",
    "SpacingBetweenSlices": 3.3,
    "StationName": "AWP166182",
    "TaskName": "pictures",
    "TotalReadoutTime": 0.0340202,
    "TxRefAmp": 236.321,
    "dcmmeta_affine": [
        [
            -2.995246171951294,
            -0.047053128480911255,
            -0.17834483087062836,
            100.9753189086914
        ],
        [
            -0.03894216939806938,
            2.9959917068481445,
            -0.1650654375553131,
            -98.58033752441406
        ],
        [
            -0.1642686277627945,
            0.14771711826324463,
            3.2910404205322266,
            -80.44546508789062
        ],
        [
            0.0,
            0.0,
            0.0,
            1.0
        ]
    ],
    "dcmmeta_reorient_transform": [
        [
            0.0,
            -1.0,
            0.0,
            63.0
        ],
        [
            1.0,
            0.0,
            0.0,
            0.0
        ],
        [
            0.0,
            0.0,
            1.0,
            0.0
        ],
        [
            0.0,
            0.0,
            0.0,
            1.0
        ]
    ],
    "dcmmeta_shape": [
        64,
        64,
        36,
        293
    ],
    "dcmmeta_slice_dim": 2,
    "dcmmeta_version": 0.6,
    "global": {
        "const": {
            "AcquisitionMatrix": [
                64,
                0,
                0,
                64
            ],
            "AngioFlag": "N",
            "BitsAllocated": 16,
            "BitsStored": 12,
            "BodyPartExamined": "BRAIN",
            "Columns": 384,
            "EchoNumbers": 1,
            "EchoTime": 32.0,
            "EchoTrainLength": 64,
            "FlipAngle": 40.0,
            "HighBit": 11,
            "ImageOrientationPatient": [
                0.9984153736952,
                0.01298072321326,
                -0.0547562087251,
                -0.0156843760969,
                0.99866386615972,
                -0.0492390370883
            ],
            "ImagePositionPatient": [
                -569.72185163278,
                -575.75653360472,
                -21.221571663451
            ],
            "ImageType": [
                "ORIGINAL",
                "PRIMARY",
                "M",
                "ND",
                "NORM",
                "MOSAIC"
            ],
            "ImagedNucleus": "1H",
            "ImagingFrequency": 123.254725,
            "InPlanePhaseEncodingDirection": "COL",
            "MRAcquisitionType": "2D",
            "MagneticFieldStrength": 3.0,
            "Manufacturer": "SIEMENS",
            "ManufacturerModelName": "Prisma",
            "Modality": "MR",
            "NumberOfAverages": 1.0,
            "NumberOfPhaseEncodingSteps": 64,
            "PercentPhaseFieldOfView": 100.0,
            "PercentSampling": 100.0,
            "PerformedProcedureStepStartTime": "141529.616000",
            "PhotometricInterpretation": "MONOCHROME2",
            "PixelBandwidth": 2300.0,
            "PixelRepresentation": 0,
            "PixelSpacing": [
                3.0,
                3.0
            ],
            "ProtocolName": "cmrr_mbep2d_Pictures_AP_RDS",
            "RepetitionTime": 610.0,
            "Rows": 384,
            "SAR": 0.2835411067526,
            "SamplesPerPixel": 1,
            "ScanOptions": "FS",
            "ScanningSequence": "EP",
            "SequenceName": "*epfid2d1_64",
            "SequenceVariant": "SK",
            "SeriesDescription": "cmrr_mbep2d_Pictures_AP_RDS",
            "SeriesNumber": 10,
            "SeriesTime": "143558.171000",
            "SliceLocation": -80.753181579905,
            "SliceThickness": 3.0,
            "SmallestImagePixelValue": 0,
            "SoftwareVersions": "syngo MR E11",
            "SpacingBetweenSlices": 3.3000000247394,
            "SpecificCharacterSet": "ISO_IR 100",
            "StudyID": "1",
            "StudyTime": "141529.520000",
            "TransmitCoilName": "Body",
            "VariableFlipAngleFlag": "N",
            "WindowCenterWidthExplanation": "Algo1"
        },
