{"AcquisitionMatrixPE": 64, "AcquisitionNumber": 1, "AcquisitionTime": "11:49:39.762500", "BandwidthPerPixelPhaseEncode": 28.935, "BaseResolution": 64, "BodyPartExamined": "BRAIN", "CoilString": "HC2_4_6_7", "ConsistencyInfo": "N4_VE11E_LATEST_20181129", "ConversionSoftware": "dcm2niix", "ConversionSoftwareVersion": "v1.0.20190902", "DerivedVendorReportedEchoSpacing": 0.000540003, "DeviceSerialNumber": "166182", "DwellTime": 3.4e-06, "EchoTime": 0.032, "EchoTrainLength": 64, "EffectiveEchoSpacing": 0.000540003, "FlipAngle": 40, "ImageOrientationPatientDICOM": [0.993486, -0.10425, 0.0460186, 0.109682, 0.984342, -0.137992], "ImageType": ["ORIGINAL", "PRIMARY", "M", "ND", "NORM", "MOSAIC"], "ImagingFrequency": 123.255, "InPlanePhaseEncodingDirectionDICOM": "COL", "InstitutionAddress": "PEARSE_STREET_._City_District_IE_D2", "InstitutionName": "TCIN", "InstitutionalDepartmentName": "MRI", "MRAcquisitionType": "2D", "MagneticFieldStrength": 3, "Manufacturer": "Siemens", "ManufacturersModelName": "Prisma", "Modality": "MR", "MultibandAccelerationFactor": 4, "PartialFourier": 1, "PatientPosition": "HFS", "PercentPhaseFOV": 100, "PhaseEncodingDirection": "j-", "PhaseEncodingSteps": 64, "PhaseResolution": 1, "PixelBandwidth": 2300, "ProcedureStepDescription": "Rhodri_Head_BOLD", "ProtocolName": "cmrr_mbep2d_Pictures_AP_RDS", "PulseSequenceDetails": "%SiemensSeq%_ep2d_bold", "ReceiveCoilActiveElements": "HC2,4,6,7", "ReceiveCoilName": "HeadNeck_64", "ReconMatrixPE": 64, "RefLinesPE": 12, "RepetitionTime": 0.61, "SAR": 0.163829, "ScanOptions": "FS", "ScanningSequence": "EP", "SequenceName": "_epfid2d1_64", "SequenceVariant": "SK", "SeriesDescription": "cmrr_mbep2d_Pictures_AP_RDS", "SeriesNumber": 8, "ShimSetting": [-3583, -7442, 3903, 824, -177, 286, 208, 107], "SliceThickness": 3, "SliceTiming": [0.26, 0, 0.3275, 0.065, 0.3925, 0.13, 0.4575, 0.195, 0.5225, 0.26, 0, 0.3275, 0.065, 0.3925, 0.13, 0.4575, 0.195, 0.5225, 0.26, 0, 0.3275, 0.065, 0.3925, 0.13, 0.4575, 0.195, 0.5225, 0.26, 0, 0.3275, 0.065, 0.3925, 0.13, 0.4575, 0.195, 0.5225], "SoftwareVersions": "syngo_MR_E11", "SpacingBetweenSlices": 3.3, "StationName": "AWP166182", "TaskName": "pictures", "TotalReadoutTime": 0.0340202, "TxRefAmp": 241.127, "dcmmeta_affine": [[-2.9804577827453613, 0.3290455639362335, 0.10201122611761093, 87.1965560913086], [0.3127487599849701, 2.9530246257781982, -0.46906235814094543, -95.58199310302734], [0.1380559206008911, 0.4139747619628906, 3.2649002075195312, -92.23104095458984], [0.0, 0.0, 0.0, 1.0]], "dcmmeta_reorient_transform": [[0.0, -1.0, 0.0, 63.0], [1.0, 0.0, 0.0, 0.0], [0.0, 0.0, 1.0, 0.0], [0.0, 0.0, 0.0, 1.0]], "dcmmeta_shape": [64, 64, 36, 139], "dcmmeta_slice_dim": 2, "dcmmeta_version": 0.6, "global": {"const": {"AcquisitionMatrix": [64, 0, 0, 64], "AngioFlag": "N", "BitsAllocated": 16, "BitsStored": 12, "BodyPartExamined": "BRAIN", "Columns": 384, "EchoNumbers": 1, "EchoTime": 32.0, "EchoTrainLength": 64, "FlipAngle": 40.0, "HighBit": 11, "ImageOrientationPatient": [0.99348593799194, -0.1042495843562, 0.04601863941738, 0.10968185291107, 0.98434151285187, -0.1379915838684], "ImagePositionPatient": [-637.44696282388, -512.90267499181, -22.003617870755], "ImageType": ["ORIGINAL", "PRIMARY", "M", "ND", "NORM", "MOSAIC"], "ImagedNucleus": "1H", "ImagingFrequency": 123.25493, "InPlanePhaseEncodingDirection": "COL", "MRAcquisitionType": "2D", "MagneticFieldStrength": 3.0, "Manufacturer": "SIEMENS", "ManufacturerModelName": "Prisma", "Modality": "MR", "NumberOfAverages": 1.0, "NumberOfPhaseEncodingSteps": 64, "PercentPhaseFieldOfView": 100.0, "PercentSampling": 100.0, "PerformedProcedureStepStartTime": "113711.512000", "PhotometricInterpretation": "MONOCHROME2", "PixelBandwidth": 2300.0, "PixelRepresentation": 0, "PixelSpacing": [3.0, 3.0], "ProtocolName": "cmrr_mbep2d_Pictures_AP_RDS", "RepetitionTime": 610.0, "Rows": 384, "SAR": 0.16382883835148, "SamplesPerPixel": 1, "ScanOptions": "FS", "ScanningSequence": "EP", "SequenceName": "*epfid2d1_64", "SequenceVariant": "SK", "SeriesDescription": "cmrr_mbep2d_Pictures_AP_RDS", "SeriesNumber": 8, "SeriesTime": "114952.208000", "SliceLocation": -74.968549081663, "SliceThickness": 3.0, "SmallestImagePixelValue": 0, "SoftwareVersions": "syngo MR E11", "SpacingBetweenSlices": 3.2999999787946, "SpecificCharacterSet": "ISO_IR 100", "StudyID": "1", "StudyTime": "113711.445000", "TransmitCoilName": "Body", "VariableFlipAngleFlag": "N", "WindowCenterWidthExplanation": "Algo1"}, "slices": {}}, "time": {"samples": {"AcquisitionNumber": [1, 2, 3, 4, 5, 6, 7, 8, 9, 10, 11, 12, 13, 14, 15, 16, 17, 18, 19, 20, 21, 22, 23, 24, 25, 26, 27, 28, 29, 30, 31, 32, 33, 34, 35, 36, 37, 38, 39, 40, 41, 42, 43, 44, 45, 46, 47, 48, 49, 50, 51, 52, 53, 54, 55, 56, 57, 58, 59, 60, 61, 62, 63, 64, 65, 66, 67, 68, 69, 70, 71, 72, 73, 74, 75, 76, 77, 78, 79, 80, 81, 82, 83, 84, 85, 86, 87, 88, 89, 90, 91, 92, 93, 94, 95, 96, 97, 98, 99, 100, 101, 102, 103, 104, 105, 106, 107, 108, 109, 110, 111, 112, 113, 114, 115, 116, 117, 118, 119, 120, 121, 122, 123, 124, 125, 126, 127, 128, 129, 130, 131, 132, 133, 134, 135, 136, 137, 138, 139], "AcquisitionTime": ["114939.762500", "114940.372500", "114940.982500", "114941.592500", "114942.202500", "114942.812500", "114943.422500", "114944.032500", "114944.642500", "114945.252500", "114945.862500", "114946.472500", "114947.082500", "114947.692500", "114948.302500", "114948.912500", "114949.522500", "114950.132500", "114950.742500", "114951.352500", "114951.962500", "114952.572500", "114953.182500", "114953.792500", "114954.402500", "114955.012500", "114955.622500", "114956.232500", "114956.842500", "114957.452500", "114958.062500", "114958.672500", "114959.282500", "114959.892500", "115000.502500", "115001.112500", "115001.722500", "115002.332500", "115002.942500", "115003.552500", "115004.162500", "115004.772500", "115005.382500", "115005.992500", "115006.602500", "115007.212500", "115007.822500", "115008.432500", "115009.042500", "115009.652500", "115010.262500", "115010.872500", "115011.482500", "115012.092500", "115012.702500", "115013.312500", "115013.922500", "115014.532500", "115015.142500", "115015.752500", "115016.362500", "115016.972500", "115017.582500", "115018.192500", "115018.802500", "115019.412500", "115020.022500", "115020.632500", "115021.242500", "115021.852500", "115022.462500", "115023.072500", "115023.682500", "115024.292500", "115024.902500", "115025.512500", "115026.122500", "115026.732500", "115027.342500", "115027.952500", "115028.562500", "115029.172500", "115029.782500", "115030.392500", "115031.002500", "115031.612500", "115032.222500", "115032.832500", "115033.442500", "115034.052500", "115034.662500", "115035.272500", "115035.882500", "115036.492500", "115037.102500", "115037.712500", "115038.322500", "115038.932500", "115039.542500", "115040.152500", "115040.762500", "115041.372500", "115041.982500", "115042.592500", "115043.202500", "115043.812500", "115044.422500", "115045.032500", "115045.642500", "115046.252500", "115046.862500", "115047.472500", "115048.082500", "115048.692500", "115049.302500", "115049.912500", "115050.522500", "115051.132500", "115051.742500", "115052.352500", "115052.962500", "115053.572500", "115054.182500", "115054.792500", "115055.402500", "115056.012500", "115056.622500", "115057.232500", "115057.842500", "115058.452500", "115059.062500", "115059.672500", "115100.282500", "115100.892500", "115101.502500", "115102.112500", "115102.722500", "115103.332500", "115103.942500"], "ContentTime": ["114952.211000", "114952.214000", "114952.222000", "114952.224000", "114952.226000", "114952.229000", "114952.231000", "114952.234000", "114952.240000", "114952.242000", "114952.245000", "114952.247000", "114952.249000", "114952.252000", "114952.254000", "114952.257000", "114952.260000", "114952.263000", "114952.265000", "114952.267000", "115012.207000", "115012.210000", "115012.213000", "115012.215000", "115012.217000", "115012.220000", "115012.222000", "115012.225000", "115012.227000", "115012.230000", "115012.232000", "115012.234000", "115012.237000", "115012.249000", "115012.252000", "115012.254000", "115012.256000", "115012.259000", "115012.261000", "115012.264000", "115012.266000", "115012.268000", "115012.271000", "115012.273000", "115012.276000", "115012.278000", "115012.281000", "115012.283000", "115012.286000", "115012.288000", "115012.290000", "115012.296000", "115032.207000", "115032.210000", "115032.212000", "115032.215000", "115032.217000", "115032.219000", "115032.222000", "115032.224000", "115032.226000", "115032.229000", "115032.231000", "115032.239000", "115032.241000", "115032.243000", "115032.246000", "115032.248000", "115032.250000", "115032.253000", "115032.255000", "115032.258000", "115032.260000", "115032.262000", "115032.265000", "115032.267000", "115032.270000", "115032.273000", "115032.275000", "115032.278000", "115032.280000", "115032.282000", "115032.285000", "115032.287000", "115032.289000", "115052.207000", "115052.210000", "115052.212000", "115052.215000", "115052.217000", "115052.220000", "115052.222000", "115052.224000", "115052.227000", "115052.229000", "115052.231000", "115052.234000", "115052.236000", "115052.239000", "115052.241000", "115052.243000", "115052.246000", "115052.248000", "115052.250000", "115052.253000", "115052.255000", "115052.257000", "115052.260000", "115052.262000", "115052.264000", "115052.267000", "115052.269000", "115052.271000", "115052.274000", "115052.276000", "115052.279000", "115052.281000", "115052.283000", "115105.075000", "115105.077000", "115105.080000", "115105.082000", "115105.085000", "115105.087000", "115105.089000", "115105.092000", "115105.094000", "115105.102000", "115105.105000", "115105.107000", "115105.109000", "115105.112000", "115105.121000", "115105.124000", "115105.127000", "115105.130000", "115105.132000", "115105.136000", "115105.139000"], "InstanceCreationTime": ["114952.211000", "114952.214000", "114952.222000", "114952.224000", "114952.226000", "114952.229000", "114952.231000", "114952.234000", "114952.240000", "114952.242000", "114952.245000", "114952.247000", "114952.249000", "114952.252000", "114952.254000", "114952.257000", "114952.260000", "114952.263000", "114952.265000", "114952.267000", "115012.207000", "115012.210000", "115012.213000", "115012.215000", "115012.217000", "115012.220000", "115012.222000", "115012.225000", "115012.227000", "115012.230000", "115012.232000", "115012.234000", "115012.237000", "115012.249000", "115012.252000", "115012.254000", "115012.256000", "115012.259000", "115012.261000", "115012.264000", "115012.266000", "115012.268000", "115012.271000", "115012.273000", "115012.276000", "115012.278000", "115012.281000", "115012.283000", "115012.286000", "115012.288000", "115012.290000", "115012.296000", "115032.207000", "115032.210000", "115032.212000", "115032.215000", "115032.217000", "115032.219000", "115032.222000", "115032.224000", "115032.226000", "115032.229000", "115032.231000", "115032.239000", "115032.241000", "115032.243000", "115032.246000", "115032.248000", "115032.250000", "115032.253000", "115032.255000", "115032.258000", "115032.260000", "115032.262000", "115032.265000", "115032.267000", "115032.270000", "115032.273000", "115032.275000", "115032.278000", "115032.280000", "115032.282000", "115032.285000", "115032.287000", "115032.289000", "115052.207000", "115052.210000", "115052.212000", "115052.215000", "115052.217000", "115052.220000", "115052.222000", "115052.224000", "115052.227000", "115052.229000", "115052.231000", "115052.234000", "115052.236000", "115052.239000", "115052.241000", "115052.243000", "115052.246000", "115052.248000", "115052.250000", "115052.253000", "115052.255000", "115052.257000", "115052.260000", "115052.262000", "115052.264000", "115052.267000", "115052.269000", "115052.271000", "115052.274000", "115052.276000", "115052.279000", "115052.281000", "115052.283000", "115105.075000", "115105.077000", "115105.080000", "115105.082000", "115105.085000", "115105.087000", "115105.089000", "115105.092000", "115105.094000", "115105.102000", "115105.105000", "115105.107000", "115105.109000", "115105.112000", "115105.121000", "115105.124000", "115105.127000", "115105.130000", "115105.132000", "115105.136000", "115105.139000"], "InstanceNumber": [1, 2, 3, 4, 5, 6, 7, 8, 9, 10, 11, 12, 13, 14, 15, 16, 17, 18, 19, 20, 21, 22, 23, 24, 25, 26, 27, 28, 29, 30, 31, 32, 33, 34, 35, 36, 37, 38, 39, 40, 41, 42, 43, 44, 45, 46, 47, 48, 49, 50, 51, 52, 53, 54, 55, 56, 57, 58, 59, 60, 61, 62, 63, 64, 65, 66, 67, 68, 69, 70, 71, 72, 73, 74, 75, 76, 77, 78, 79, 80, 81, 82, 83, 84, 85, 86, 87, 88, 89, 90, 91, 92, 93, 94, 95, 96, 97, 98, 99, 100, 101, 102, 103, 104, 105, 106, 107, 108, 109, 110, 111, 112, 113, 114, 115, 116, 117, 118, 119, 120, 121, 122, 123, 124, 125, 126, 127, 128, 129, 130, 131, 132, 133, 134, 135, 136, 137, 138, 139], "LargestImagePixelValue": [698, 652, 699, 669, 740, 751, 782, 838, 937, 776, 639, 832, 732, 710, 709, 726, 702, 677, 638, 655, 760, 686, 780, 796, 683, 795, 761, 705, 698, 627, 631, 691, 805, 696, 945, 847, 934, 851, 854, 703, 888, 777, 647, 645, 746, 688, 743, 708, 671, 722, 752, 645, 698, 753, 699, 600, 833, 733, 811, 731, 728, 808, 717, 703, 786, 642, 732, 655, 663, 631, 703, 643, 648, 684, 619, 634, 646, 633, 603, 626, 677, 652, 702, 622, 630, 797, 735, 817, 837, 824, 743, 798, 722, 623, 730, 617, 655, 621, 656, 718, 763, 701, 619, 612, 696, 721, 651, 732, 728, 673, 754, 691, 671, 894, 873, 713, 921, 832, 682, 867, 866, 676, 723, 759, 669, 680, 746, 611, 784, 711, 625, 781, 860, 665, 796, 721, 879, 761, 773], "WindowCenter": [386.0, 381.0, 381.0, 383.0, 387.0, 385.0, 382.0, 388.0, 388.0, 384.0, 382.0, 386.0, 388.0, 383.0, 384.0, 384.0, 386.0, 383.0, 384.0, 388.0, 388.0, 378.0, 378.0, 390.0, 382.0, 385.0, 386.0, 383.0, 384.0, 382.0, 382.0, 385.0, 381.0, 382.0, 387.0, 383.0, 383.0, 385.0, 382.0, 378.0, 385.0, 383.0, 380.0, 385.0, 385.0, 383.0, 379.0, 382.0, 381.0, 385.0, 382.0, 383.0, 385.0, 385.0, 379.0, 379.0, 387.0, 380.0, 386.0, 378.0, 383.0, 382.0, 379.0, 382.0, 377.0, 375.0, 382.0, 377.0, 381.0, 379.0, 381.0, 385.0, 386.0, 387.0, 383.0, 382.0, 379.0, 377.0, 379.0, 382.0, 376.0, 379.0, 383.0, 385.0, 385.0, 393.0, 387.0, 386.0, 388.0, 384.0, 374.0, 387.0, 380.0, 384.0, 379.0, 385.0, 384.0, 382.0, 381.0, 386.0, 387.0, 383.0, 378.0, 378.0, 386.0, 386.0, 382.0, 386.0, 388.0, 383.0, 389.0, 387.0, 380.0, 386.0, 390.0, 382.0, 390.0, 389.0, 380.0, 391.0, 385.0, 380.0, 384.0, 382.0, 385.0, 385.0, 382.0, 382.0, 387.0, 385.0, 376.0, 382.0, 386.0, 378.0, 389.0, 376.0, 390.0, 388.0, 386.0], "WindowWidth": [821.0, 813.0, 812.0, 815.0, 822.0, 819.0, 813.0, 823.0, 822.0, 815.0, 813.0, 820.0, 824.0, 815.0, 817.0, 816.0, 820.0, 816.0, 817.0, 825.0, 823.0, 805.0, 805.0, 828.0, 814.0, 818.0, 820.0, 814.0, 817.0, 813.0, 814.0, 819.0, 811.0, 814.0, 821.0, 814.0, 812.0, 817.0, 812.0, 805.0, 817.0, 814.0, 810.0, 819.0, 818.0, 816.0, 806.0, 812.0, 812.0, 819.0, 813.0, 816.0, 818.0, 819.0, 808.0, 808.0, 820.0, 808.0, 820.0, 805.0, 816.0, 812.0, 808.0, 812.0, 802.0, 800.0, 813.0, 804.0, 812.0, 808.0, 811.0, 819.0, 822.0, 822.0, 815.0, 812.0, 808.0, 803.0, 808.0, 813.0, 802.0, 807.0, 815.0, 820.0, 819.0, 833.0, 823.0, 820.0, 823.0, 817.0, 798.0, 823.0, 809.0, 818.0, 807.0, 819.0, 817.0, 814.0, 812.0, 820.0, 821.0, 815.0, 806.0, 806.0, 822.0, 821.0, 814.0, 821.0, 825.0, 816.0, 826.0, 822.0, 810.0, 820.0, 827.0, 814.0, 827.0, 825.0, 809.0, 829.0, 818.0, 810.0, 818.0, 812.0, 819.0, 819.0, 811.0, 813.0, 822.0, 819.0, 802.0, 813.0, 820.0, 806.0, 827.0, 802.0, 827.0, 824.0, 821.0]}, "slices": {}}, "EventTimestamp": "11-52-55"}