{"AcquisitionMatrixPE": 64, "AcquisitionNumber": 1, "AcquisitionTime": "16:01:58.700000", "BandwidthPerPixelPhaseEncode": 28.935, "BaseResolution": 64, "BodyPartExamined": "BRAIN", "CoilCombinationMethod": "Sum of Squares", "ConsistencyInfo": "N4_VE11E_LATEST_20181129", "ConversionSoftware": "dcm2niix", "ConversionSoftwareVersion": "v1.0.20230411", "DerivedVendorReportedEchoSpacing": 0.000540003, "DeviceSerialNumber": "166182", "DwellTime": 3.4e-06, "EchoTime": 0.032, "EchoTrainLength": 64, "EffectiveEchoSpacing": 0.000540003, "FlipAngle": 40, "HeudiconvVersion": "0.13.1", "ImageOrientationPatientDICOM": [0.997256, 0.0186245, 0.0716524, -0.00992141, 0.99273, -0.119952], "ImageOrientationText": "Tra>Cor(-6.8)>Sag(4.2)", "ImageType": ["ORIGINAL", "PRIMARY", "M", "ND", "NORM", "MOSAIC"], "ImagingFrequency": 123.257415, "InPlanePhaseEncodingDirectionDICOM": "COL", "InstitutionAddress": "PEARSE STREET .,City,District,IE,D2", "InstitutionName": "TCIN", "InstitutionalDepartmentName": "MRI", "MRAcquisitionType": "2D", "MagneticFieldStrength": 3, "Manufacturer": "Siemens", "ManufacturersModelName": "Prisma", "Modality": "MR", "MultibandAccelerationFactor": 4, "NonlinearGradientCorrection": false, "PartialFourier": 1, "PatientPosition": "HFS", "PercentPhaseFOV": 100, "PercentSampling": 100, "PhaseEncodingDirection": "j-", "PhaseEncodingSteps": 64, "PhaseResolution": 1, "PixelBandwidth": 2300, "ProcedureStepDescription": "Rhodri^Head BOLD", "ProtocolName": "cmrr_mbep2d_bold_Pictures_AP", "PulseSequenceDetails": "%SiemensSeq%\\ep2d_bold", "ReceiveCoilActiveElements": "HC2,4,6,7;NC2;SC", "ReceiveCoilName": "SpecialPurpose_4", "ReconMatrixPE": 64, "RefLinesPE": 12, "RepetitionTime": 0.61, "SAR": 0.216463, "ScanOptions": "FS", "ScanningSequence": "EP", "SequenceName": "*epfid2d1_64", "SequenceVariant": "SK", "SeriesDescription": "cmrr_mbep2d_bold_Pictures_AP", "SeriesNumber": 7, "ShimSetting": [-3549, -7376, 3794, 882, -255, -154, -100, -39], "SliceThickness": 3, "SliceTiming": [0.2625, 0, 0.33, 0.0675, 0.395, 0.1325, 0.46, 0.1975, 0.525, 0.2625, 0, 0.33, 0.0675, 0.395, 0.1325, 0.46, 0.1975, 0.525, 0.2625, 0, 0.33, 0.0675, 0.395, 0.1325, 0.46, 0.1975, 0.525, 0.2625, 0, 0.33, 0.0675, 0.395, 0.1325, 0.46, 0.1975, 0.525], "SoftwareVersions": "syngo MR E11", "SpacingBetweenSlices": 3.3, "StationName": "AWP166182", "TaskName": "pictures", "TotalReadoutTime": 0.0340202, "TxRefAmp": 241.814, "dcmmeta_affine": [[-2.991767406463623, -0.029764225706458092, 0.24210618436336517, 96.52445220947266], [-0.05587337538599968, 2.9781901836395264, -0.39241084456443787, -99.50568389892578], [0.2149571180343628, 0.35985735058784485, 3.2676286697387695, -118.66862487792969], [0.0, 0.0, 0.0, 1.0]], "dcmmeta_reorient_transform": [[0.0, -1.0, 0.0, 63.0], [1.0, 0.0, 0.0, 0.0], [0.0, 0.0, 1.0, 0.0], [0.0, 0.0, 0.0, 1.0]], "dcmmeta_shape": [64, 64, 36, 510], "dcmmeta_slice_dim": 2, "dcmmeta_version": 0.6, "global": {"const": {"AcquisitionMatrix": [64, 0, 0, 64], "AngioFlag": "N", "BitsAllocated": 16, "BitsStored": 12, "BodyPartExamined": "BRAIN", "Columns": 384, "EchoNumbers": 1, "EchoTime": 32.0, "EchoTrainLength": 64, "FlipAngle": 40.0, "HighBit": 11, "ImageOrientationPatient": [0.99725576817957, 0.0186244581876, 0.07165237183653, -0.0099214086677, 0.99273006176963, -0.1199524493661], "ImagePositionPatient": [-568.56980101594, -573.57046930347, -72.813577645214], "ImageType": ["ORIGINAL", "PRIMARY", "M", "ND", "NORM", "MOSAIC"], "ImagedNucleus": "1H", "ImagingFrequency": 123.257415, "InPlanePhaseEncodingDirection": "COL", "MRAcquisitionType": "2D", "MagneticFieldStrength": 3.0, "Manufacturer": "SIEMENS", "ManufacturerModelName": "Prisma", "Modality": "MR", "NumberOfAverages": 1.0, "NumberOfPhaseEncodingSteps": 64, "PercentPhaseFieldOfView": 100.0, "PercentSampling": 100.0, "PerformedProcedureStepStartTime": "153045.979000", "PhotometricInterpretation": "MONOCHROME2", "PixelBandwidth": 2300.0, "PixelRepresentation": 0, "PixelSpacing": [3.0, 3.0], "ProtocolName": "cmrr_mbep2d_bold_Pictures_AP", "RepetitionTime": 610.0, "Rows": 384, "SAR": 0.21646332082062, "SamplesPerPixel": 1, "ScanOptions": "FS", "ScanningSequence": "EP", "SequenceName": "*epfid2d1_64", "SequenceVariant": "SK", "SeriesDescription": "cmrr_mbep2d_bold_Pictures_AP", "SeriesNumber": 7, "SeriesTime": "160224.611000", "SliceLocation": -98.590531601282, "SliceThickness": 3.0, "SmallestImagePixelValue": 0, "SoftwareVersions": "syngo MR E11", "SpacingBetweenSlices": 3.2999999047239, "SpecificCharacterSet": "ISO_IR 100", "StudyID": "2", "StudyTime": "153045.938000", "TransmitCoilName": "Body", "VariableFlipAngleFlag": "N", "WindowCenterWidthExplanation": "Algo1"}, "slices": {}}, "time": {"samples": {"AcquisitionNumber": [1, 2, 3, 4, 5, 6, 7, 8, 9, 10, 11, 12, 13, 14, 15, 16, 17, 18, 19, 20, 21, 22, 23, 24, 25, 26, 27, 28, 29, 30, 31, 32, 33, 34, 35, 36, 37, 38, 39, 40, 41, 42, 43, 44, 45, 46, 47, 48, 49, 50, 51, 52, 53, 54, 55, 56, 57, 58, 59, 60, 61, 62, 63, 64, 65, 66, 67, 68, 69, 70, 71, 72, 73, 74, 75, 76, 77, 78, 79, 80, 81, 82, 83, 84, 85, 86, 87, 88, 89, 90, 91, 92, 93, 94, 95, 96, 97, 98, 99, 100, 101, 102, 103, 104, 105, 106, 107, 108, 109, 110, 111, 112, 113, 114, 115, 116, 117, 118, 119, 120, 121, 122, 123, 124, 125, 126, 127, 128, 129, 130, 131, 132, 133, 134, 135, 136, 137, 138, 139, 140, 141, 142, 143, 144, 145, 146, 147, 148, 149, 150, 151, 152, 153, 154, 155, 156, 157, 158, 159, 160, 161, 162, 163, 164, 165, 166, 167, 168, 169, 170, 171, 172, 173, 174, 175, 176, 177, 178, 179, 180, 181, 182, 183, 184, 185, 186, 187, 188, 189, 190, 191, 192, 193, 194, 195, 196, 197, 198, 199, 200, 201, 202, 203, 204, 205, 206, 207, 208, 209, 210, 211, 212, 213, 214, 215, 216, 217, 218, 219, 220, 221, 222, 223, 224, 225, 226, 227, 228, 229, 230, 231, 232, 233, 234, 235, 236, 237, 238, 239, 240, 241, 242, 243, 244, 245, 246, 247, 248, 249, 250, 251, 252, 253, 254, 255, 256, 257, 258, 259, 260, 261, 262, 263, 264, 265, 266, 267, 268, 269, 270, 271, 272, 273, 274, 275, 276, 277, 278, 279, 280, 281, 282, 283, 284, 285, 286, 287, 288, 289, 290, 291, 292, 293, 294, 295, 296, 297, 298, 299, 300, 301, 302, 303, 304, 305, 306, 307, 308, 309, 310, 311, 312, 313, 314, 315, 316, 317, 318, 319, 320, 321, 322, 323, 324, 325, 326, 327, 328, 329, 330, 331, 332, 333, 334, 335, 336, 337, 338, 339, 340, 341, 342, 343, 344, 345, 346, 347, 348, 349, 350, 351, 352, 353, 354, 355, 356, 357, 358, 359, 360, 361, 362, 363, 364, 365, 366, 367, 368, 369, 370, 371, 372, 373, 374, 375, 376, 377, 378, 379, 380, 381, 382, 383, 384, 385, 386, 387, 388, 389, 390, 391, 392, 393, 394, 395, 396, 397, 398, 399, 400, 401, 402, 403, 404, 405, 406, 407, 408, 409, 410, 411, 412, 413, 414, 415, 416, 417, 418, 419, 420, 421, 422, 423, 424, 425, 426, 427, 428, 429, 430, 431, 432, 433, 434, 435, 436, 437, 438, 439, 440, 441, 442, 443, 444, 445, 446, 447, 448, 449, 450, 451, 452, 453, 454, 455, 456, 457, 458, 459, 460, 461, 462, 463, 464, 465, 466, 467, 468, 469, 470, 471, 472, 473, 474, 475, 476, 477, 478, 479, 480, 481, 482, 483, 484, 485, 486, 487, 488, 489, 490, 491, 492, 493, 494, 495, 496, 497, 498, 499, 500, 501, 502, 503, 504, 505, 506, 507, 508, 509, 510], "AcquisitionTime": ["160158.700000", "160159.310000", "160159.920000", "160200.530000", "160201.140000", "160201.750000", "160202.360000", "160202.970000", "160203.580000", "160204.190000", "160204.800000", "160205.410000", "160206.020000", "160206.630000", "160207.240000", "160207.850000", "160208.460000", "160209.070000", "160209.680000", "160210.290000", "160210.900000", "160211.510000", "160212.120000", "160212.730000", "160213.340000", "160213.950000", "160214.560000", "160215.170000", "160215.780000", "160216.390000", "160217.000000", "160217.610000", "160218.220000", "160218.830000", "160219.440000", "160220.050000", "160220.660000", "160221.270000", "160221.880000", "160222.490000", "160223.100000", "160223.710000", "160224.320000", "160224.930000", "160225.540000", "160226.150000", "160226.760000", "160227.370000", "160227.980000", "160228.590000", "160229.200000", "160229.810000", "160230.420000", "160231.030000", "160231.640000", "160232.250000", "160232.860000", "160233.470000", "160234.080000", "160234.690000", "160235.300000", "160235.910000", "160236.520000", "160237.130000", "160237.740000", "160238.350000", "160238.960000", "160239.570000", "160240.180000", "160240.790000", "160241.400000", "160242.010000", "160242.620000", "160243.230000", "160243.840000", "160244.450000", "160245.060000", "160245.670000", "160246.280000", "160246.890000", "160247.500000", "160248.110000", "160248.720000", "160249.330000", "160249.940000", "160250.550000", "160251.160000", "160251.770000", "160252.380000", "160252.990000", "160253.600000", "160254.210000", "160254.820000", "160255.430000", "160256.040000", "160256.650000", "160257.260000", "160257.870000", "160258.480000", "160259.090000", "160259.700000", "160300.310000", "160300.920000", "160301.530000", "160302.140000", "160302.750000", "160303.360000", "160303.970000", "160304.580000", "160305.190000", "160305.800000", "160306.410000", "160307.020000", "160307.630000", "160308.240000", "160308.850000", "160309.460000", "160310.070000", "160310.680000", "160311.290000", "160311.900000", "160312.510000", "160313.120000", "160313.730000", "160314.340000", "160314.950000", "160315.560000", "160316.170000", "160316.780000", "160317.390000", "160318.000000", "160318.610000", "160319.220000", "160319.830000", "160320.440000", "160321.050000", "160321.660000", "160322.270000", "160322.880000", "160323.490000", "160324.100000", "160324.710000", "160325.320000", "160325.930000", "160326.540000", "160327.150000", "160327.760000", "160328.370000", "160328.980000", "160329.590000", "160330.200000", "160330.810000", "160331.420000", "160332.030000", "160332.640000", "160333.250000", "160333.860000", "160334.470000", "160335.080000", "160335.690000", "160336.300000", "160336.910000", "160337.520000", "160338.130000", "160338.740000", "160339.350000", "160339.960000", "160340.570000", "160341.180000", "160341.790000", "160342.400000", "160343.010000", "160343.620000", "160344.230000", "160344.840000", "160345.450000", "160346.060000", "160346.670000", "160347.280000", "160347.890000", "160348.500000", "160349.110000", "160349.720000", "160350.330000", "160350.940000", "160351.550000", "160352.160000", "160352.770000", "160353.380000", "160353.990000", "160354.600000", "160355.210000", "160355.820000", "160356.430000", "160357.040000", "160357.650000", "160358.260000", "160358.870000", "160359.480000", "160400.090000", "160400.700000", "160401.310000", "160401.920000", "160402.530000", "160403.140000", "160403.750000", "160404.360000", "160404.970000", "160405.580000", "160406.190000", "160406.800000", "160407.410000", "160408.020000", "160408.630000", "160409.240000", "160409.850000", "160410.460000", "160411.070000", "160411.680000", "160412.290000", "160412.900000", "160413.510000", "160414.120000", "160414.730000", "160415.340000", "160415.950000", "160416.560000", "160417.170000", "160417.780000", "160418.390000", "160419.000000", "160419.610000", "160420.220000", "160420.830000", "160421.440000", "160422.050000", "160422.660000", "160423.270000", "160423.880000", "160424.490000", "160425.100000", "160425.710000", "160426.320000", "160426.930000", "160427.540000", "160428.150000", "160428.760000", "160429.370000", "160429.980000", "160430.590000", "160431.200000", "160431.810000", "160432.420000", "160433.030000", "160433.640000", "160434.250000", "160434.860000", "160435.470000", "160436.080000", "160436.690000", "160437.300000", "160437.910000", "160438.520000", "160439.130000", "160439.740000", "160440.350000", "160440.960000", "160441.570000", "160442.180000", "160442.790000", "160443.400000", "160444.010000", "160444.620000", "160445.230000", "160445.840000", "160446.450000", "160447.060000", "160447.670000", "160448.280000", "160448.890000", "160449.500000", "160450.110000", "160450.720000", "160451.330000", "160451.940000", "160452.550000", "160453.160000", "160453.770000", "160454.380000", "160454.990000", "160455.600000", "160456.210000", "160456.820000", "160457.430000", "160458.040000", "160458.650000", "160459.260000", "160459.870000", "160500.480000", "160501.090000", "160501.700000", "160502.310000", "160502.920000", "160503.530000", "160504.140000", "160504.750000", "160505.360000", "160505.970000", "160506.580000", "160507.190000", "160507.800000", "160508.410000", "160509.020000", "160509.630000", "160510.240000", "160510.850000", "160511.460000", "160512.070000", "160512.680000", "160513.290000", "160513.900000", "160514.510000", "160515.120000", "160515.730000", "160516.340000", "160516.950000", "160517.560000", "160518.170000", "160518.780000", "160519.390000", "160520.000000", "160520.610000", "160521.220000", "160521.830000", "160522.440000", "160523.050000", "160523.660000", "160524.270000", "160524.880000", "160525.490000", "160526.100000", "160526.710000", "160527.320000", "160527.930000", "160528.540000", "160529.150000", "160529.760000", "160530.370000", "160530.980000", "160531.590000", "160532.200000", "160532.810000", "160533.420000", "160534.030000", "160534.640000", "160535.250000", "160535.860000", "160536.470000", "160537.080000", "160537.690000", "160538.300000", "160538.910000", "160539.520000", "160540.130000", "160540.740000", "160541.350000", "160541.960000", "160542.570000", "160543.180000", "160543.790000", "160544.400000", "160545.010000", "160545.620000", "160546.230000", "160546.840000", "160547.450000", "160548.060000", "160548.670000", "160549.280000", "160549.890000", "160550.500000", "160551.110000", "160551.720000", "160552.330000", "160552.940000", "160553.550000", "160554.160000", "160554.770000", "160555.380000", "160555.990000", "160556.600000", "160557.210000", "160557.820000", "160558.430000", "160559.040000", "160559.650000", "160600.260000", "160600.870000", "160601.480000", "160602.090000", "160602.700000", "160603.310000", "160603.920000", "160604.530000", "160605.140000", "160605.750000", "160606.360000", "160606.970000", "160607.580000", "160608.190000", "160608.800000", "160609.410000", "160610.020000", "160610.630000", "160611.240000", "160611.850000", "160612.460000", "160613.070000", "160613.680000", "160614.290000", "160614.900000", "160615.510000", "160616.120000", "160616.730000", "160617.340000", "160617.950000", "160618.560000", "160619.170000", "160619.780000", "160620.390000", "160621.000000", "160621.610000", "160622.220000", "160622.830000", "160623.440000", "160624.050000", "160624.660000", "160625.270000", "160625.880000", "160626.490000", "160627.100000", "160627.710000", "160628.320000", "160628.930000", "160629.540000", "160630.150000", "160630.760000", "160631.370000", "160631.980000", "160632.590000", "160633.200000", "160633.810000", "160634.420000", "160635.030000", "160635.640000", "160636.250000", "160636.860000", "160637.470000", "160638.080000", "160638.690000", "160639.300000", "160639.910000", "160640.520000", "160641.130000", "160641.740000", "160642.350000", "160642.960000", "160643.570000", "160644.180000", "160644.790000", "160645.400000", "160646.010000", "160646.620000", "160647.230000", "160647.840000", "160648.450000", "160649.060000", "160649.670000", "160650.280000", "160650.890000", "160651.500000", "160652.110000", "160652.720000", "160653.330000", "160653.940000", "160654.550000", "160655.160000", "160655.770000", "160656.380000", "160656.990000", "160657.600000", "160658.210000", "160658.820000", "160659.430000", "160700.040000", "160700.650000", "160701.260000", "160701.870000", "160702.480000", "160703.090000", "160703.700000", "160704.310000", "160704.920000", "160705.530000", "160706.140000", "160706.750000", "160707.360000", "160707.970000", "160708.580000", "160709.190000"], "ContentTime": ["160224.615000", "160224.619000", "160224.621000", "160224.624000", "160224.627000", "160224.629000", "160224.632000", "160224.634000", "160224.637000", "160224.639000", "160224.645000", "160224.647000", "160224.650000", "160224.653000", "160224.655000", "160224.657000", "160224.660000", "160224.663000", "160224.694000", "160224.697000", "160224.699000", "160224.702000", "160224.705000", "160224.707000", "160224.710000", "160224.712000", "160224.715000", "160224.717000", "160224.720000", "160224.722000", "160224.724000", "160224.727000", "160224.730000", "160224.732000", "160224.735000", "160224.737000", "160224.740000", "160224.742000", "160224.745000", "160224.747000", "160224.750000", "160224.752000", "160244.610000", "160244.613000", "160244.619000", "160244.621000", "160244.624000", "160244.626000", "160244.629000", "160244.631000", "160244.633000", "160244.636000", "160244.638000", "160244.641000", "160244.643000", "160244.646000", "160244.648000", "160244.650000", "160244.653000", "160244.655000", "160244.658000", "160244.660000", "160244.663000", "160244.665000", "160244.668000", "160244.670000", "160244.672000", "160244.675000", "160244.677000", "160244.680000", "160244.682000", "160244.685000", "160244.687000", "160244.690000", "160244.692000", "160304.610000", "160304.613000", "160304.615000", "160304.618000", "160304.620000", "160304.623000", "160304.625000", "160304.628000", "160304.630000", "160304.640000", "160304.642000", "160304.645000", "160304.647000", "160304.650000", "160304.652000", "160304.655000", "160304.657000", "160304.660000", "160304.662000", "160304.665000", "160304.667000", "160304.669000", "160304.672000", "160304.674000", "160304.677000", "160304.679000", "160304.682000", "160304.684000", "160304.686000", "160304.689000", "160304.691000", "160304.694000", "160304.696000", "160324.610000", "160324.613000", "160324.616000", "160324.618000", "160324.621000", "160324.623000", "160324.626000", "160324.635000", "160324.637000", "160324.640000", "160324.642000", "160324.644000", "160324.647000", "160324.649000", "160324.652000", "160324.654000", "160324.657000", "160324.659000", "160324.662000", "160324.664000", "160324.667000", "160324.669000", "160324.671000", "160324.674000", "160324.676000", "160324.679000", "160324.681000", "160324.683000", "160324.686000", "160324.688000", "160324.691000", "160324.693000", "160344.610000", "160344.613000", "160344.616000", "160344.618000", "160344.620000", "160344.623000", "160344.625000", "160344.628000", "160344.630000", "160344.633000", "160344.635000", "160344.638000", "160344.640000", "160344.642000", "160344.645000", "160344.647000", "160344.649000", "160344.652000", "160344.655000", "160344.657000", "160344.660000", "160344.662000", "160344.664000", "160344.667000", "160344.669000", "160344.671000", "160344.674000", "160344.676000", "160344.678000", "160344.681000", "160344.683000", "160344.686000", "160344.689000", "160404.611000", "160404.614000", "160404.616000", "160404.619000", "160404.621000", "160404.624000", "160404.626000", "160404.629000", "160404.631000", "160404.633000", "160404.636000", "160404.638000", "160404.641000", "160404.643000", "160404.646000", "160404.648000", "160404.651000", "160404.653000", "160404.655000", "160404.658000", "160404.660000", "160404.662000", "160404.665000", "160404.667000", "160404.670000", "160404.672000", "160404.674000", "160404.677000", "160404.679000", "160404.682000", "160404.684000", "160404.687000", "160404.689000", "160424.610000", "160424.613000", "160424.616000", "160424.618000", "160424.621000", "160424.623000", "160424.626000", "160424.628000", "160424.631000", "160424.633000", "160424.636000", "160424.638000", "160424.641000", "160424.643000", "160424.645000", "160424.648000", "160424.650000", "160424.653000", "160424.655000", "160424.658000", "160424.660000", "160424.663000", "160424.665000", "160424.667000", "160424.670000", "160424.672000", "160424.675000", "160424.677000", "160424.680000", "160424.682000", "160424.684000", "160424.687000", "160424.689000", "160444.610000", "160444.613000", "160444.615000", "160444.618000", "160444.620000", "160444.623000", "160444.625000", "160444.628000", "160444.630000", "160444.633000", "160444.635000", "160444.638000", "160444.641000", "160444.643000", "160444.646000", "160444.648000", "160444.650000", "160444.653000", "160444.655000", "160444.658000", "160444.660000", "160444.663000", "160444.665000", "160444.668000", "160444.670000", "160444.673000", "160444.675000", "160444.678000", "160444.680000", "160444.682000", "160444.685000", "160444.687000", "160504.610000", "160504.613000", "160504.615000", "160504.618000", "160504.620000", "160504.623000", "160504.625000", "160504.628000", "160504.630000", "160504.633000", "160504.635000", "160504.637000", "160504.640000", "160504.642000", "160504.645000", "160504.647000", "160504.650000", "160504.653000", "160504.655000", "160504.658000", "160504.660000", "160504.663000", "160504.665000", "160504.667000", "160504.670000", "160504.672000", "160504.675000", "160504.677000", "160504.680000", "160504.682000", "160504.685000", "160504.687000", "160504.689000", "160524.610000", "160524.613000", "160524.616000", "160524.618000", "160524.621000", "160524.623000", "160524.626000", "160524.628000", "160524.631000", "160524.633000", "160524.636000", "160524.638000", "160524.641000", "160524.643000", "160524.645000", "160524.648000", "160524.650000", "160524.653000", "160524.655000", "160524.658000", "160524.660000", "160524.662000", "160524.665000", "160524.667000", "160524.670000", "160524.672000", "160524.675000", "160524.677000", "160524.680000", "160524.682000", "160524.684000", "160524.687000", "160524.689000", "160544.610000", "160544.613000", "160544.615000", "160544.618000", "160544.621000", "160544.623000", "160544.625000", "160544.628000", "160544.630000", "160544.633000", "160544.635000", "160544.638000", "160544.640000", "160544.643000", "160544.645000", "160544.647000", "160544.650000", "160544.652000", "160544.655000", "160544.657000", "160544.660000", "160544.662000", "160544.665000", "160544.667000", "160544.669000", "160544.672000", "160544.674000", "160544.677000", "160544.679000", "160544.682000", "160544.684000", "160544.686000", "160544.689000", "160604.610000", "160604.613000", "160604.615000", "160604.618000", "160604.620000", "160604.623000", "160604.625000", "160604.627000", "160604.630000", "160604.632000", "160604.635000", "160604.637000", "160604.640000", "160604.642000", "160604.645000", "160604.647000", "160604.650000", "160604.652000", "160604.655000", "160604.657000", "160604.660000", "160604.662000", "160604.664000", "160604.667000", "160604.669000", "160604.672000", "160604.674000", "160604.677000", "160604.679000", "160604.682000", "160604.684000", "160604.686000", "160604.689000", "160624.611000", "160624.614000", "160624.616000", "160624.619000", "160624.621000", "160624.624000", "160624.626000", "160624.629000", "160624.631000", "160624.634000", "160624.636000", "160624.642000", "160624.645000", "160624.647000", "160624.650000", "160624.653000", "160624.655000", "160624.657000", "160624.660000", "160624.662000", "160624.665000", "160624.667000", "160624.670000", "160624.672000", "160624.675000", "160624.677000", "160624.679000", "160624.682000", "160624.684000", "160624.687000", "160624.689000", "160624.692000", "160644.610000", "160644.613000", "160644.616000", "160644.618000", "160644.621000", "160644.623000", "160644.626000", "160644.628000", "160644.631000", "160644.633000", "160644.636000", "160644.638000", "160644.641000", "160644.644000", "160644.646000", "160644.648000", "160644.651000", "160644.654000", "160644.656000", "160644.658000", "160644.661000", "160644.663000", "160644.666000", "160644.668000", "160644.671000", "160644.673000", "160644.676000", "160644.678000", "160644.681000", "160644.683000", "160644.685000", "160644.688000", "160644.691000", "160704.610000", "160704.613000", "160704.616000", "160704.618000", "160704.620000", "160704.623000", "160704.625000", "160704.628000", "160704.630000", "160704.633000", "160704.635000", "160704.638000", "160704.640000", "160704.643000", "160704.645000", "160704.648000", "160704.650000", "160704.653000", "160704.655000", "160704.657000", "160704.660000", "160704.662000", "160704.665000", "160704.667000", "160704.670000", "160704.672000", "160704.675000", "160704.677000", "160704.680000", "160704.682000", "160704.684000", "160704.687000", "160704.689000", "160709.784000", "160709.787000", "160709.789000", "160709.792000", "160709.794000", "160709.797000", "160709.799000", "160709.802000", "160709.804000"], "InstanceCreationTime": ["160224.615000", "160224.619000", "160224.621000", "160224.624000", "160224.627000", "160224.629000", "160224.632000", "160224.634000", "160224.637000", "160224.639000", "160224.645000", "160224.647000", "160224.650000", "160224.653000", "160224.655000", "160224.657000", "160224.660000", "160224.663000", "160224.694000", "160224.697000", "160224.699000", "160224.702000", "160224.705000", "160224.707000", "160224.710000", "160224.712000", "160224.715000", "160224.717000", "160224.720000", "160224.722000", "160224.724000", "160224.727000", "160224.730000", "160224.732000", "160224.735000", "160224.737000", "160224.740000", "160224.742000", "160224.745000", "160224.747000", "160224.750000", "160224.752000", "160244.610000", "160244.613000", "160244.619000", "160244.621000", "160244.624000", "160244.626000", "160244.629000", "160244.631000", "160244.633000", "160244.636000", "160244.638000", "160244.641000", "160244.643000", "160244.646000", "160244.648000", "160244.650000", "160244.653000", "160244.655000", "160244.658000", "160244.660000", "160244.663000", "160244.665000", "160244.668000", "160244.670000", "160244.672000", "160244.675000", "160244.677000", "160244.680000", "160244.682000", "160244.685000", "160244.687000", "160244.690000", "160244.692000", "160304.610000", "160304.613000", "160304.615000", "160304.618000", "160304.620000", "160304.623000", "160304.625000", "160304.628000", "160304.630000", "160304.640000", "160304.642000", "160304.645000", "160304.647000", "160304.650000", "160304.652000", "160304.655000", "160304.657000", "160304.660000", "160304.662000", "160304.665000", "160304.667000", "160304.669000", "160304.672000", "160304.674000", "160304.677000", "160304.679000", "160304.682000", "160304.684000", "160304.686000", "160304.689000", "160304.691000", "160304.694000", "160304.696000", "160324.610000", "160324.613000", "160324.616000", "160324.618000", "160324.621000", "160324.623000", "160324.626000", "160324.635000", "160324.637000", "160324.640000", "160324.642000", "160324.644000", "160324.647000", "160324.649000", "160324.652000", "160324.654000", "160324.657000", "160324.659000", "160324.662000", "160324.664000", "160324.667000", "160324.669000", "160324.671000", "160324.674000", "160324.676000", "160324.679000", "160324.681000", "160324.683000", "160324.686000", "160324.688000", "160324.691000", "160324.693000", "160344.610000", "160344.613000", "160344.616000", "160344.618000", "160344.620000", "160344.623000", "160344.625000", "160344.628000", "160344.630000", "160344.633000", "160344.635000", "160344.638000", "160344.640000", "160344.642000", "160344.645000", "160344.647000", "160344.649000", "160344.652000", "160344.655000", "160344.657000", "160344.660000", "160344.662000", "160344.664000", "160344.667000", "160344.669000", "160344.671000", "160344.674000", "160344.676000", "160344.678000", "160344.681000", "160344.683000", "160344.686000", "160344.689000", "160404.611000", "160404.614000", "160404.616000", "160404.619000", "160404.621000", "160404.624000", "160404.626000", "160404.629000", "160404.631000", "160404.633000", "160404.636000", "160404.638000", "160404.641000", "160404.643000", "160404.646000", "160404.648000", "160404.651000", "160404.653000", "160404.655000", "160404.658000", "160404.660000", "160404.662000", "160404.665000", "160404.667000", "160404.670000", "160404.672000", "160404.674000", "160404.677000", "160404.679000", "160404.682000", "160404.684000", "160404.687000", "160404.689000", "160424.610000", "160424.613000", "160424.616000", "160424.618000", "160424.621000", "160424.623000", "160424.626000", "160424.628000", "160424.631000", "160424.633000", "160424.636000", "160424.638000", "160424.641000", "160424.643000", "160424.645000", "160424.648000", "160424.650000", "160424.653000", "160424.655000", "160424.658000", "160424.660000", "160424.663000", "160424.665000", "160424.667000", "160424.670000", "160424.672000", "160424.675000", "160424.677000", "160424.680000", "160424.682000", "160424.684000", "160424.687000", "160424.689000", "160444.610000", "160444.613000", "160444.615000", "160444.618000", "160444.620000", "160444.623000", "160444.625000", "160444.628000", "160444.630000", "160444.633000", "160444.635000", "160444.638000", "160444.641000", "160444.643000", "160444.646000", "160444.648000", "160444.650000", "160444.653000", "160444.655000", "160444.658000", "160444.660000", "160444.663000", "160444.665000", "160444.668000", "160444.670000", "160444.673000", "160444.675000", "160444.678000", "160444.680000", "160444.682000", "160444.685000", "160444.687000", "160504.610000", "160504.613000", "160504.615000", "160504.618000", "160504.620000", "160504.623000", "160504.625000", "160504.628000", "160504.630000", "160504.633000", "160504.635000", "160504.637000", "160504.640000", "160504.642000", "160504.645000", "160504.647000", "160504.650000", "160504.653000", "160504.655000", "160504.658000", "160504.660000", "160504.663000", "160504.665000", "160504.667000", "160504.670000", "160504.672000", "160504.675000", "160504.677000", "160504.680000", "160504.682000", "160504.685000", "160504.687000", "160504.689000", "160524.610000", "160524.613000", "160524.616000", "160524.618000", "160524.621000", "160524.623000", "160524.626000", "160524.628000", "160524.631000", "160524.633000", "160524.636000", "160524.638000", "160524.641000", "160524.643000", "160524.645000", "160524.648000", "160524.650000", "160524.653000", "160524.655000", "160524.658000", "160524.660000", "160524.662000", "160524.665000", "160524.667000", "160524.670000", "160524.672000", "160524.675000", "160524.677000", "160524.680000", "160524.682000", "160524.684000", "160524.687000", "160524.689000", "160544.610000", "160544.613000", "160544.615000", "160544.618000", "160544.621000", "160544.623000", "160544.625000", "160544.628000", "160544.630000", "160544.633000", "160544.635000", "160544.638000", "160544.640000", "160544.643000", "160544.645000", "160544.647000", "160544.650000", "160544.652000", "160544.655000", "160544.657000", "160544.660000", "160544.662000", "160544.665000", "160544.667000", "160544.669000", "160544.672000", "160544.674000", "160544.677000", "160544.679000", "160544.682000", "160544.684000", "160544.686000", "160544.689000", "160604.610000", "160604.613000", "160604.615000", "160604.618000", "160604.620000", "160604.623000", "160604.625000", "160604.627000", "160604.630000", "160604.632000", "160604.635000", "160604.637000", "160604.640000", "160604.642000", "160604.645000", "160604.647000", "160604.650000", "160604.652000", "160604.655000", "160604.657000", "160604.660000", "160604.662000", "160604.664000", "160604.667000", "160604.669000", "160604.672000", "160604.674000", "160604.677000", "160604.679000", "160604.682000", "160604.684000", "160604.686000", "160604.689000", "160624.611000", "160624.614000", "160624.616000", "160624.619000", "160624.621000", "160624.624000", "160624.626000", "160624.629000", "160624.631000", "160624.634000", "160624.636000", "160624.642000", "160624.645000", "160624.647000", "160624.650000", "160624.653000", "160624.655000", "160624.657000", "160624.660000", "160624.662000", "160624.665000", "160624.667000", "160624.670000", "160624.672000", "160624.675000", "160624.677000", "160624.679000", "160624.682000", "160624.684000", "160624.687000", "160624.689000", "160624.692000", "160644.610000", "160644.613000", "160644.616000", "160644.618000", "160644.621000", "160644.623000", "160644.626000", "160644.628000", "160644.631000", "160644.633000", "160644.636000", "160644.638000", "160644.641000", "160644.644000", "160644.646000", "160644.648000", "160644.651000", "160644.654000", "160644.656000", "160644.658000", "160644.661000", "160644.663000", "160644.666000", "160644.668000", "160644.671000", "160644.673000", "160644.676000", "160644.678000", "160644.681000", "160644.683000", "160644.685000", "160644.688000", "160644.691000", "160704.610000", "160704.613000", "160704.616000", "160704.618000", "160704.620000", "160704.623000", "160704.625000", "160704.628000", "160704.630000", "160704.633000", "160704.635000", "160704.638000", "160704.640000", "160704.643000", "160704.645000", "160704.648000", "160704.650000", "160704.653000", "160704.655000", "160704.657000", "160704.660000", "160704.662000", "160704.665000", "160704.667000", "160704.670000", "160704.672000", "160704.675000", "160704.677000", "160704.680000", "160704.682000", "160704.684000", "160704.687000", "160704.689000", "160709.784000", "160709.787000", "160709.789000", "160709.792000", "160709.794000", "160709.797000", "160709.799000", "160709.802000", "160709.804000"], "InstanceNumber": [1, 2, 3, 4, 5, 6, 7, 8, 9, 10, 11, 12, 13, 14, 15, 16, 17, 18, 19, 20, 21, 22, 23, 24, 25, 26, 27, 28, 29, 30, 31, 32, 33, 34, 35, 36, 37, 38, 39, 40, 41, 42, 43, 44, 45, 46, 47, 48, 49, 50, 51, 52, 53, 54, 55, 56, 57, 58, 59, 60, 61, 62, 63, 64, 65, 66, 67, 68, 69, 70, 71, 72, 73, 74, 75, 76, 77, 78, 79, 80, 81, 82, 83, 84, 85, 86, 87, 88, 89, 90, 91, 92, 93, 94, 95, 96, 97, 98, 99, 100, 101, 102, 103, 104, 105, 106, 107, 108, 109, 110, 111, 112, 113, 114, 115, 116, 117, 118, 119, 120, 121, 122, 123, 124, 125, 126, 127, 128, 129, 130, 131, 132, 133, 134, 135, 136, 137, 138, 139, 140, 141, 142, 143, 144, 145, 146, 147, 148, 149, 150, 151, 152, 153, 154, 155, 156, 157, 158, 159, 160, 161, 162, 163, 164, 165, 166, 167, 168, 169, 170, 171, 172, 173, 174, 175, 176, 177, 178, 179, 180, 181, 182, 183, 184, 185, 186, 187, 188, 189, 190, 191, 192, 193, 194, 195, 196, 197, 198, 199, 200, 201, 202, 203, 204, 205, 206, 207, 208, 209, 210, 211, 212, 213, 214, 215, 216, 217, 218, 219, 220, 221, 222, 223, 224, 225, 226, 227, 228, 229, 230, 231, 232, 233, 234, 235, 236, 237, 238, 239, 240, 241, 242, 243, 244, 245, 246, 247, 248, 249, 250, 251, 252, 253, 254, 255, 256, 257, 258, 259, 260, 261, 262, 263, 264, 265, 266, 267, 268, 269, 270, 271, 272, 273, 274, 275, 276, 277, 278, 279, 280, 281, 282, 283, 284, 285, 286, 287, 288, 289, 290, 291, 292, 293, 294, 295, 296, 297, 298, 299, 300, 301, 302, 303, 304, 305, 306, 307, 308, 309, 310, 311, 312, 313, 314, 315, 316, 317, 318, 319, 320, 321, 322, 323, 324, 325, 326, 327, 328, 329, 330, 331, 332, 333, 334, 335, 336, 337, 338, 339, 340, 341, 342, 343, 344, 345, 346, 347, 348, 349, 350, 351, 352, 353, 354, 355, 356, 357, 358, 359, 360, 361, 362, 363, 364, 365, 366, 367, 368, 369, 370, 371, 372, 373, 374, 375, 376, 377, 378, 379, 380, 381, 382, 383, 384, 385, 386, 387, 388, 389, 390, 391, 392, 393, 394, 395, 396, 397, 398, 399, 400, 401, 402, 403, 404, 405, 406, 407, 408, 409, 410, 411, 412, 413, 414, 415, 416, 417, 418, 419, 420, 421, 422, 423, 424, 425, 426, 427, 428, 429, 430, 431, 432, 433, 434, 435, 436, 437, 438, 439, 440, 441, 442, 443, 444, 445, 446, 447, 448, 449, 450, 451, 452, 453, 454, 455, 456, 457, 458, 459, 460, 461, 462, 463, 464, 465, 466, 467, 468, 469, 470, 471, 472, 473, 474, 475, 476, 477, 478, 479, 480, 481, 482, 483, 484, 485, 486, 487, 488, 489, 490, 491, 492, 493, 494, 495, 496, 497, 498, 499, 500, 501, 502, 503, 504, 505, 506, 507, 508, 509, 510], "LargestImagePixelValue": [530, 513, 504, 503, 525, 472, 493, 529, 553, 580, 483, 505, 487, 525, 492, 475, 484, 490, 502, 484, 481, 481, 479, 505, 495, 524, 472, 499, 494, 474, 529, 472, 468, 538, 544, 593, 500, 496, 485, 490, 472, 483, 497, 479, 485, 489, 483, 496, 507, 513, 497, 494, 503, 500, 499, 520, 492, 523, 478, 536, 480, 531, 476, 533, 518, 482, 502, 463, 515, 480, 472, 500, 508, 495, 495, 519, 501, 544, 549, 504, 533, 512, 543, 530, 625, 500, 489, 487, 533, 479, 483, 484, 477, 488, 493, 504, 492, 484, 475, 476, 481, 481, 525, 492, 491, 517, 525, 469, 592, 512, 495, 525, 511, 517, 509, 502, 504, 557, 511, 486, 522, 587, 507, 517, 537, 482, 532, 511, 514, 518, 508, 509, 518, 553, 502, 546, 513, 498, 516, 537, 530, 518, 517, 512, 518, 551, 520, 551, 531, 591, 535, 515, 496, 506, 610, 481, 524, 491, 516, 504, 491, 559, 532, 595, 539, 513, 488, 490, 514, 501, 489, 475, 481, 494, 481, 500, 500, 491, 501, 531, 504, 527, 507, 523, 510, 498, 545, 520, 592, 546, 526, 518, 526, 517, 509, 587, 506, 542, 506, 529, 513, 654, 653, 569, 483, 481, 476, 500, 512, 492, 449, 529, 513, 498, 487, 469, 486, 473, 484, 494, 506, 507, 506, 503, 522, 519, 520, 512, 489, 537, 513, 495, 493, 546, 560, 491, 585, 578, 594, 540, 495, 517, 495, 485, 488, 520, 505, 518, 546, 517, 533, 498, 497, 511, 506, 508, 517, 544, 515, 490, 553, 557, 518, 538, 502, 546, 546, 517, 558, 582, 499, 579, 509, 521, 555, 493, 499, 517, 517, 514, 522, 510, 668, 571, 516, 519, 521, 536, 504, 521, 502, 502, 513, 479, 537, 546, 535, 512, 520, 519, 500, 498, 493, 496, 494, 520, 489, 505, 521, 558, 495, 514, 520, 511, 533, 517, 540, 580, 524, 534, 551, 572, 519, 553, 507, 583, 547, 503, 546, 509, 486, 495, 488, 472, 465, 499, 547, 518, 610, 570, 518, 555, 553, 514, 497, 503, 493, 478, 492, 489, 512, 590, 542, 514, 517, 484, 481, 470, 479, 498, 481, 492, 470, 529, 468, 481, 477, 475, 473, 505, 516, 531, 507, 519, 490, 564, 506, 535, 513, 546, 494, 502, 503, 513, 520, 502, 489, 498, 583, 503, 523, 491, 497, 515, 489, 511, 554, 484, 476, 498, 477, 526, 472, 469, 492, 473, 489, 482, 485, 474, 528, 488, 484, 497, 486, 481, 492, 483, 485, 530, 491, 499, 496, 473, 541, 494, 538, 533, 495, 644, 511, 487, 504, 493, 487, 481, 550, 473, 547, 516, 479, 601, 738, 544, 487, 542, 508, 508, 516, 493, 466, 530, 555, 514, 502, 480, 529, 546, 511, 510, 502, 486, 569, 503, 500, 488, 516, 488, 502, 512, 478, 521, 503, 605, 509, 551, 552, 557, 508, 478, 476, 487, 500, 505, 488, 481, 525, 518, 527, 513, 554, 851, 599, 574, 508, 482, 523, 498, 518, 487, 473, 488, 483, 515, 525, 475, 518, 482, 507, 484], "WindowCenter": [319.0, 315.0, 314.0, 316.0, 313.0, 311.0, 310.0, 311.0, 312.0, 312.0, 311.0, 310.0, 309.0, 310.0, 310.0, 310.0, 309.0, 311.0, 310.0, 311.0, 310.0, 311.0, 311.0, 310.0, 311.0, 312.0, 309.0, 310.0, 310.0, 309.0, 309.0, 308.0, 309.0, 310.0, 312.0, 312.0, 309.0, 308.0, 310.0, 309.0, 307.0, 309.0, 309.0, 309.0, 309.0, 309.0, 310.0, 312.0, 311.0, 310.0, 310.0, 311.0, 312.0, 311.0, 310.0, 310.0, 310.0, 312.0, 311.0, 311.0, 310.0, 311.0, 310.0, 312.0, 311.0, 310.0, 312.0, 309.0, 312.0, 309.0, 310.0, 311.0, 312.0, 311.0, 311.0, 311.0, 312.0, 314.0, 311.0, 311.0, 310.0, 310.0, 312.0, 314.0, 315.0, 310.0, 309.0, 306.0, 312.0, 312.0, 311.0, 311.0, 310.0, 311.0, 310.0, 310.0, 310.0, 310.0, 311.0, 310.0, 311.0, 309.0, 309.0, 310.0, 308.0, 312.0, 311.0, 301.0, 310.0, 311.0, 311.0, 312.0, 313.0, 315.0, 310.0, 309.0, 310.0, 310.0, 313.0, 309.0, 311.0, 307.0, 308.0, 308.0, 313.0, 308.0, 313.0, 312.0, 312.0, 312.0, 311.0, 311.0, 311.0, 312.0, 311.0, 311.0, 313.0, 312.0, 312.0, 314.0, 311.0, 311.0, 312.0, 312.0, 312.0, 313.0, 312.0, 312.0, 311.0, 313.0, 316.0, 313.0, 310.0, 309.0, 315.0, 312.0, 312.0, 311.0, 310.0, 310.0, 299.0, 313.0, 312.0, 315.0, 311.0, 310.0, 310.0, 311.0, 312.0, 313.0, 311.0, 311.0, 312.0, 313.0, 313.0, 312.0, 314.0, 312.0, 312.0, 311.0, 311.0, 311.0, 313.0, 312.0, 312.0, 310.0, 311.0, 309.0, 311.0, 313.0, 312.0, 312.0, 311.0, 312.0, 311.0, 310.0, 312.0, 313.0, 310.0, 313.0, 307.0, 310.0, 317.0, 312.0, 309.0, 310.0, 310.0, 311.0, 312.0, 310.0, 308.0, 314.0, 311.0, 310.0, 309.0, 309.0, 310.0, 310.0, 310.0, 310.0, 310.0, 310.0, 312.0, 312.0, 312.0, 311.0, 310.0, 310.0, 311.0, 315.0, 314.0, 312.0, 307.0, 313.0, 311.0, 311.0, 308.0, 310.0, 316.0, 310.0, 309.0, 312.0, 312.0, 312.0, 310.0, 310.0, 310.0, 308.0, 313.0, 312.0, 313.0, 311.0, 311.0, 313.0, 312.0, 312.0, 311.0, 312.0, 312.0, 306.0, 309.0, 314.0, 308.0, 316.0, 312.0, 311.0, 314.0, 308.0, 309.0, 313.0, 313.0, 316.0, 313.0, 306.0, 314.0, 311.0, 311.0, 310.0, 313.0, 312.0, 311.0, 311.0, 312.0, 314.0, 313.0, 312.0, 310.0, 310.0, 309.0, 311.0, 311.0, 310.0, 312.0, 311.0, 310.0, 312.0, 312.0, 311.0, 312.0, 312.0, 311.0, 311.0, 310.0, 311.0, 311.0, 314.0, 313.0, 310.0, 308.0, 314.0, 310.0, 312.0, 311.0, 311.0, 308.0, 309.0, 313.0, 311.0, 312.0, 311.0, 313.0, 313.0, 310.0, 307.0, 306.0, 316.0, 311.0, 309.0, 311.0, 309.0, 310.0, 312.0, 310.0, 309.0, 308.0, 307.0, 308.0, 309.0, 314.0, 313.0, 309.0, 310.0, 312.0, 311.0, 311.0, 311.0, 312.0, 309.0, 312.0, 310.0, 310.0, 316.0, 311.0, 310.0, 310.0, 309.0, 309.0, 309.0, 309.0, 310.0, 310.0, 311.0, 311.0, 312.0, 308.0, 310.0, 310.0, 311.0, 306.0, 307.0, 310.0, 310.0, 309.0, 313.0, 300.0, 312.0, 310.0, 310.0, 311.0, 312.0, 312.0, 308.0, 310.0, 310.0, 311.0, 311.0, 310.0, 307.0, 310.0, 310.0, 311.0, 311.0, 310.0, 310.0, 312.0, 312.0, 310.0, 310.0, 309.0, 310.0, 307.0, 311.0, 309.0, 308.0, 309.0, 309.0, 311.0, 310.0, 309.0, 309.0, 315.0, 311.0, 310.0, 310.0, 310.0, 310.0, 313.0, 310.0, 310.0, 311.0, 311.0, 311.0, 313.0, 310.0, 311.0, 309.0, 309.0, 309.0, 311.0, 312.0, 312.0, 308.0, 308.0, 309.0, 310.0, 307.0, 311.0, 308.0, 307.0, 316.0, 311.0, 311.0, 308.0, 311.0, 305.0, 312.0, 312.0, 310.0, 311.0, 312.0, 305.0, 312.0, 313.0, 310.0, 310.0, 306.0, 313.0, 309.0, 310.0, 310.0, 312.0, 307.0, 311.0, 311.0, 310.0, 312.0, 310.0, 309.0, 310.0, 311.0, 309.0, 311.0, 311.0, 312.0, 304.0, 311.0, 312.0, 310.0, 312.0, 309.0, 308.0, 309.0, 311.0, 309.0, 310.0, 310.0, 310.0, 308.0, 310.0, 311.0, 312.0, 305.0, 312.0, 315.0, 310.0, 305.0, 308.0, 311.0, 311.0, 310.0, 309.0, 311.0, 309.0, 310.0, 309.0, 309.0, 313.0, 310.0, 310.0, 310.0], "WindowWidth": [689.0, 681.0, 679.0, 683.0, 678.0, 674.0, 673.0, 674.0, 676.0, 675.0, 674.0, 671.0, 671.0, 672.0, 672.0, 672.0, 670.0, 674.0, 673.0, 674.0, 672.0, 674.0, 674.0, 672.0, 675.0, 677.0, 671.0, 673.0, 673.0, 670.0, 670.0, 669.0, 670.0, 671.0, 677.0, 675.0, 669.0, 668.0, 671.0, 669.0, 667.0, 671.0, 671.0, 670.0, 670.0, 670.0, 671.0, 676.0, 673.0, 672.0, 672.0, 673.0, 675.0, 674.0, 672.0, 672.0, 672.0, 675.0, 673.0, 673.0, 672.0, 673.0, 673.0, 675.0, 675.0, 672.0, 675.0, 671.0, 675.0, 671.0, 671.0, 674.0, 677.0, 673.0, 673.0, 674.0, 676.0, 680.0, 673.0, 674.0, 672.0, 672.0, 675.0, 678.0, 682.0, 672.0, 669.0, 665.0, 676.0, 675.0, 674.0, 673.0, 672.0, 673.0, 673.0, 672.0, 672.0, 672.0, 673.0, 672.0, 674.0, 671.0, 670.0, 672.0, 668.0, 675.0, 673.0, 654.0, 671.0, 674.0, 673.0, 676.0, 678.0, 681.0, 671.0, 669.0, 673.0, 672.0, 678.0, 669.0, 674.0, 667.0, 669.0, 669.0, 678.0, 668.0, 678.0, 675.0, 676.0, 675.0, 674.0, 673.0, 675.0, 676.0, 673.0, 674.0, 678.0, 675.0, 676.0, 678.0, 674.0, 674.0, 675.0, 675.0, 675.0, 678.0, 675.0, 675.0, 674.0, 676.0, 684.0, 679.0, 672.0, 670.0, 681.0, 676.0, 676.0, 674.0, 672.0, 672.0, 651.0, 678.0, 675.0, 681.0, 674.0, 672.0, 672.0, 673.0, 675.0, 678.0, 674.0, 674.0, 675.0, 677.0, 677.0, 677.0, 680.0, 676.0, 677.0, 675.0, 674.0, 673.0, 679.0, 676.0, 676.0, 672.0, 674.0, 671.0, 672.0, 679.0, 676.0, 675.0, 674.0, 675.0, 675.0, 672.0, 675.0, 677.0, 671.0, 677.0, 666.0, 670.0, 686.0, 676.0, 671.0, 673.0, 671.0, 674.0, 676.0, 673.0, 668.0, 680.0, 673.0, 672.0, 671.0, 671.0, 672.0, 672.0, 673.0, 672.0, 672.0, 673.0, 675.0, 675.0, 677.0, 674.0, 672.0, 672.0, 673.0, 682.0, 679.0, 677.0, 667.0, 679.0, 675.0, 672.0, 668.0, 672.0, 683.0, 672.0, 671.0, 675.0, 675.0, 677.0, 672.0, 673.0, 672.0, 668.0, 677.0, 675.0, 677.0, 675.0, 673.0, 677.0, 675.0, 676.0, 673.0, 675.0, 676.0, 665.0, 669.0, 680.0, 668.0, 683.0, 677.0, 673.0, 678.0, 668.0, 670.0, 676.0, 677.0, 684.0, 678.0, 664.0, 680.0, 674.0, 673.0, 672.0, 678.0, 677.0, 674.0, 673.0, 676.0, 680.0, 677.0, 676.0, 673.0, 672.0, 670.0, 673.0, 673.0, 673.0, 675.0, 673.0, 672.0, 677.0, 676.0, 674.0, 676.0, 676.0, 674.0, 673.0, 672.0, 674.0, 674.0, 679.0, 677.0, 672.0, 667.0, 681.0, 672.0, 675.0, 674.0, 674.0, 668.0, 671.0, 678.0, 673.0, 676.0, 674.0, 677.0, 678.0, 672.0, 666.0, 664.0, 685.0, 674.0, 670.0, 674.0, 670.0, 672.0, 676.0, 672.0, 669.0, 669.0, 667.0, 669.0, 670.0, 678.0, 678.0, 669.0, 672.0, 676.0, 673.0, 674.0, 674.0, 676.0, 670.0, 675.0, 673.0, 672.0, 683.0, 673.0, 671.0, 673.0, 670.0, 671.0, 671.0, 671.0, 672.0, 672.0, 674.0, 674.0, 675.0, 669.0, 672.0, 673.0, 674.0, 664.0, 666.0, 673.0, 672.0, 671.0, 679.0, 653.0, 677.0, 673.0, 672.0, 674.0, 676.0, 676.0, 669.0, 672.0, 673.0, 674.0, 675.0, 672.0, 667.0, 673.0, 672.0, 674.0, 674.0, 672.0, 672.0, 675.0, 676.0, 673.0, 672.0, 670.0, 672.0, 666.0, 675.0, 669.0, 669.0, 670.0, 670.0, 674.0, 672.0, 670.0, 670.0, 682.0, 674.0, 672.0, 672.0, 673.0, 673.0, 677.0, 673.0, 672.0, 675.0, 674.0, 673.0, 677.0, 671.0, 673.0, 669.0, 671.0, 671.0, 674.0, 675.0, 675.0, 669.0, 669.0, 671.0, 672.0, 666.0, 675.0, 669.0, 666.0, 683.0, 674.0, 673.0, 668.0, 674.0, 663.0, 675.0, 677.0, 672.0, 675.0, 675.0, 662.0, 676.0, 679.0, 672.0, 671.0, 665.0, 679.0, 671.0, 672.0, 672.0, 677.0, 667.0, 673.0, 675.0, 672.0, 676.0, 671.0, 670.0, 673.0, 673.0, 671.0, 675.0, 673.0, 675.0, 660.0, 674.0, 675.0, 672.0, 676.0, 671.0, 669.0, 670.0, 674.0, 671.0, 673.0, 672.0, 672.0, 667.0, 673.0, 674.0, 675.0, 661.0, 676.0, 682.0, 673.0, 662.0, 668.0, 675.0, 673.0, 672.0, 671.0, 674.0, 671.0, 673.0, 671.0, 670.0, 678.0, 673.0, 672.0, 672.0]}, "slices": {}}, "EventTimestamp": "16-04-01"}