{"AcquisitionMatrixPE": 64, "AcquisitionNumber": 1, "AcquisitionTime": "15:30:9.952500", "BandwidthPerPixelPhaseEncode": 28.935, "BaseResolution": 64, "BodyPartExamined": "BRAIN", "CoilCombinationMethod": "Sum of Squares", "ConsistencyInfo": "N4_VE11E_LATEST_20181129", "ConversionSoftware": "dcm2niix", "ConversionSoftwareVersion": "v1.0.20230411", "DerivedVendorReportedEchoSpacing": 0.000540003, "DeviceSerialNumber": "166182", "DwellTime": 3.4e-06, "EchoTime": 0.032, "EchoTrainLength": 64, "EffectiveEchoSpacing": 0.000540003, "FlipAngle": 40, "HeudiconvVersion": "0.13.1", "ImageOrientationPatientDICOM": [0.997561, 0.0693316, 0.00802303, -0.0685317, 0.994788, -0.0754987], "ImageOrientationText": "Tra>Cor(-4.3)>Sag(0.8)", "ImageType": ["ORIGINAL", "PRIMARY", "M", "ND", "NORM", "MOSAIC"], "ImagingFrequency": 123.256003, "InPlanePhaseEncodingDirectionDICOM": "COL", "InstitutionAddress": "PEARSE STREET .,City,District,IE,D2", "InstitutionName": "TCIN", "InstitutionalDepartmentName": "MRI", "MRAcquisitionType": "2D", "MagneticFieldStrength": 3, "Manufacturer": "Siemens", "ManufacturersModelName": "Prisma", "Modality": "MR", "MultibandAccelerationFactor": 4, "NonlinearGradientCorrection": false, "PartialFourier": 1, "PatientPosition": "HFS", "PercentPhaseFOV": 100, "PercentSampling": 100, "PhaseEncodingDirection": "j-", "PhaseEncodingSteps": 64, "PhaseResolution": 1, "PixelBandwidth": 2300, "ProcedureStepDescription": "Rhodri^Head BOLD", "ProtocolName": "cmrr_mbep2d_Pictures_AP_RDS", "PulseSequenceDetails": "%SiemensSeq%\\ep2d_bold", "ReceiveCoilActiveElements": "HC2,4,6,7;SC", "ReceiveCoilName": "SpecialPurpose_4", "ReconMatrixPE": 64, "RefLinesPE": 12, "RepetitionTime": 0.61, "SAR": 0.276932, "ScanOptions": "FS", "ScanningSequence": "EP", "SequenceName": "*epfid2d1_64", "SequenceVariant": "SK", "SeriesDescription": "cmrr_mbep2d_Pictures_AP_RDS", "SeriesNumber": 5, "ShimSetting": [-3589, -7339, 3941, 817, -89, -78, -213, 13], "SliceThickness": 3, "SliceTiming": [0.2625, 0, 0.3275, 0.065, 0.3925, 0.1325, 0.46, 0.1975, 0.525, 0.2625, 0, 0.3275, 0.065, 0.3925, 0.1325, 0.46, 0.1975, 0.525, 0.2625, 0, 0.3275, 0.065, 0.3925, 0.1325, 0.46, 0.1975, 0.525, 0.2625, 0, 0.3275, 0.065, 0.3925, 0.1325, 0.46, 0.1975, 0.525], "SoftwareVersions": "syngo MR E11", "SpacingBetweenSlices": 3.3, "StationName": "AWP166182", "TaskName": "pictures", "TotalReadoutTime": 0.0340202, "TxRefAmp": 227.85, "dcmmeta_affine": [[-2.9926841259002686, -0.20559504628181458, 0.043611686676740646, 103.91000366210938], [-0.20799492299556732, 2.9843642711639404, -0.2467237114906311, -97.63432312011719], [0.024069085717201233, 0.2264961153268814, 3.2904748916625977, -94.3169174194336], [0.0, 0.0, 0.0, 1.0]], "dcmmeta_reorient_transform": [[0.0, -1.0, 0.0, 63.0], [1.0, 0.0, 0.0, 0.0], [0.0, 0.0, 1.0, 0.0], [0.0, 0.0, 0.0, 1.0]], "dcmmeta_shape": [64, 64, 36, 211], "dcmmeta_slice_dim": 2, "dcmmeta_version": 0.6, "global": {"const": {"AcquisitionMatrix": [64, 0, 0, 64], "AngioFlag": "N", "BitsAllocated": 16, "BitsStored": 12, "BodyPartExamined": "BRAIN", "Columns": 384, "EchoNumbers": 1, "EchoTime": 32.0, "EchoTrainLength": 64, "FlipAngle": 40.0, "HighBit": 11, "ImageOrientationPatient": [0.9975614040786, 0.06933163852657, 0.00802302885154, -0.0685316813973, 0.99478809503678, -0.0754987060681], "ImagePositionPatient": [-536.89178388345, -601.15809756734, -47.65933951313], "ImageType": ["ORIGINAL", "PRIMARY", "M", "ND", "NORM", "MOSAIC"], "ImagedNucleus": "1H", "ImagingFrequency": 123.256003, "InPlanePhaseEncodingDirection": "COL", "MRAcquisitionType": "2D", "MagneticFieldStrength": 3.0, "Manufacturer": "SIEMENS", "ManufacturerModelName": "Prisma", "Modality": "MR", "NumberOfAverages": 1.0, "NumberOfPhaseEncodingSteps": 64, "PercentPhaseFieldOfView": 100.0, "PercentSampling": 100.0, "PerformedProcedureStepStartTime": "152535.243000", "PhotometricInterpretation": "MONOCHROME2", "PixelBandwidth": 2300.0, "PixelRepresentation": 0, "PixelSpacing": [3.0, 3.0], "ProtocolName": "cmrr_mbep2d_Pictures_AP_RDS", "RepetitionTime": 610.0, "Rows": 384, "SAR": 0.27693155287371, "SamplesPerPixel": 1, "ScanOptions": "FS", "ScanningSequence": "EP", "SequenceName": "*epfid2d1_64", "SequenceVariant": "SK", "SeriesDescription": "cmrr_mbep2d_Pictures_AP_RDS", "SeriesNumber": 5, "SeriesTime": "153038.221000", "SliceLocation": -85.371839047425, "SliceThickness": 3.0, "SmallestImagePixelValue": 0, "SoftwareVersions": "syngo MR E11", "SpacingBetweenSlices": 3.2999999623867, "SpecificCharacterSet": "ISO_IR 100", "StudyID": "2", "StudyTime": "152535.168000", "TransmitCoilName": "Body", "VariableFlipAngleFlag": "N", "WindowCenterWidthExplanation": "Algo1"}, "slices": {}}, "time": {"samples": {"AcquisitionNumber": [1, 2, 3, 4, 5, 6, 7, 8, 9, 10, 11, 12, 13, 14, 15, 16, 17, 18, 19, 20, 21, 22, 23, 24, 25, 26, 27, 28, 29, 30, 31, 32, 33, 34, 35, 36, 37, 38, 39, 40, 41, 42, 43, 44, 45, 46, 47, 48, 49, 50, 51, 52, 53, 54, 55, 56, 57, 58, 59, 60, 61, 62, 63, 64, 65, 66, 67, 68, 69, 70, 71, 72, 73, 74, 75, 76, 77, 78, 79, 80, 81, 82, 83, 84, 85, 86, 87, 88, 89, 90, 91, 92, 93, 94, 95, 96, 97, 98, 99, 100, 101, 102, 103, 104, 105, 106, 107, 108, 109, 110, 111, 112, 113, 114, 115, 116, 117, 118, 119, 120, 121, 122, 123, 124, 125, 126, 127, 128, 129, 130, 131, 132, 133, 134, 135, 136, 137, 138, 139, 140, 141, 142, 143, 144, 145, 146, 147, 148, 149, 150, 151, 152, 153, 154, 155, 156, 157, 158, 159, 160, 161, 162, 163, 164, 165, 166, 167, 168, 169, 170, 171, 172, 173, 174, 175, 176, 177, 178, 179, 180, 181, 182, 183, 184, 185, 186, 187, 188, 189, 190, 191, 192, 193, 194, 195, 196, 197, 198, 199, 200, 201, 202, 203, 204, 205, 206, 207, 208, 209, 210, 211], "AcquisitionTime": ["153009.952500", "153010.562500", "153011.172500", "153011.782500", "153012.392500", "153013.002500", "153013.612500", "153014.222500", "153014.832500", "153015.442500", "153016.052500", "153016.662500", "153017.272500", "153017.882500", "153018.492500", "153019.102500", "153019.712500", "153020.322500", "153020.932500", "153021.542500", "153022.152500", "153022.762500", "153023.372500", "153023.982500", "153024.592500", "153025.202500", "153025.812500", "153026.422500", "153027.032500", "153027.642500", "153028.252500", "153028.862500", "153029.472500", "153030.082500", "153030.692500", "153031.302500", "153031.912500", "153032.522500", "153033.132500", "153033.742500", "153034.352500", "153034.962500", "153035.572500", "153036.182500", "153036.792500", "153037.402500", "153038.012500", "153038.622500", "153039.232500", "153039.842500", "153040.452500", "153041.062500", "153041.672500", "153042.282500", "153042.892500", "153043.502500", "153044.112500", "153044.722500", "153045.332500", "153045.942500", "153046.552500", "153047.162500", "153047.772500", "153048.382500", "153048.992500", "153049.602500", "153050.212500", "153050.822500", "153051.432500", "153052.042500", "153052.652500", "153053.262500", "153053.872500", "153054.482500", "153055.092500", "153055.702500", "153056.312500", "153056.922500", "153057.532500", "153058.142500", "153058.752500", "153059.362500", "153059.972500", "153100.582500", "153101.192500", "153101.802500", "153102.412500", "153103.022500", "153103.632500", "153104.242500", "153104.852500", "153105.462500", "153106.072500", "153106.682500", "153107.292500", "153107.902500", "153108.512500", "153109.122500", "153109.732500", "153110.342500", "153110.952500", "153111.562500", "153112.172500", "153112.782500", "153113.392500", "153114.002500", "153114.612500", "153115.222500", "153115.832500", "153116.442500", "153117.052500", "153117.662500", "153118.272500", "153118.882500", "153119.492500", "153120.102500", "153120.712500", "153121.322500", "153121.932500", "153122.542500", "153123.152500", "153123.762500", "153124.372500", "153124.982500", "153125.592500", "153126.202500", "153126.812500", "153127.422500", "153128.032500", "153128.642500", "153129.252500", "153129.862500", "153130.472500", "153131.082500", "153131.692500", "153132.302500", "153132.912500", "153133.522500", "153134.132500", "153134.742500", "153135.352500", "153135.962500", "153136.572500", "153137.182500", "153137.792500", "153138.402500", "153139.012500", "153139.622500", "153140.232500", "153140.842500", "153141.452500", "153142.062500", "153142.672500", "153143.282500", "153143.892500", "153144.502500", "153145.112500", "153145.722500", "153146.332500", "153146.942500", "153147.552500", "153148.162500", "153148.772500", "153149.382500", "153149.992500", "153150.602500", "153151.212500", "153151.822500", "153152.432500", "153153.042500", "153153.652500", "153154.262500", "153154.872500", "153155.482500", "153156.092500", "153156.702500", "153157.312500", "153157.922500", "153158.532500", "153159.142500", "153159.752500", "153200.362500", "153200.972500", "153201.582500", "153202.192500", "153202.802500", "153203.412500", "153204.022500", "153204.632500", "153205.242500", "153205.852500", "153206.462500", "153207.072500", "153207.682500", "153208.292500", "153208.902500", "153209.512500", "153210.122500", "153210.732500", "153211.342500", "153211.952500", "153212.562500", "153213.172500", "153213.782500", "153214.392500", "153215.002500", "153215.612500", "153216.222500", "153216.832500", "153217.442500", "153218.052500"], "ContentTime": ["153038.225000", "153038.228000", "153038.230000", "153038.233000", "153038.235000", "153038.241000", "153038.243000", "153038.245000", "153038.248000", "153038.250000", "153038.253000", "153038.255000", "153038.257000", "153038.260000", "153038.262000", "153038.264000", "153038.267000", "153038.269000", "153038.272000", "153038.274000", "153038.276000", "153038.279000", "153038.281000", "153038.284000", "153038.286000", "153038.288000", "153038.291000", "153038.293000", "153038.295000", "153038.298000", "153038.300000", "153038.303000", "153038.305000", "153038.307000", "153038.310000", "153038.312000", "153038.314000", "153038.317000", "153038.319000", "153038.322000", "153038.324000", "153038.326000", "153038.329000", "153038.331000", "153038.333000", "153058.219000", "153058.222000", "153058.224000", "153058.227000", "153058.229000", "153058.231000", "153058.234000", "153058.236000", "153058.238000", "153058.241000", "153058.243000", "153058.246000", "153058.248000", "153058.250000", "153058.253000", "153058.255000", "153058.258000", "153058.260000", "153058.262000", "153058.265000", "153058.267000", "153058.269000", "153058.272000", "153058.274000", "153058.276000", "153058.279000", "153058.281000", "153058.284000", "153058.286000", "153058.294000", "153058.296000", "153058.298000", "153118.219000", "153118.222000", "153118.224000", "153118.227000", "153118.229000", "153118.231000", "153118.234000", "153118.236000", "153118.238000", "153118.241000", "153118.246000", "153118.248000", "153118.250000", "153118.253000", "153118.255000", "153118.258000", "153118.260000", "153118.262000", "153118.265000", "153118.267000", "153118.269000", "153118.273000", "153118.275000", "153118.277000", "153118.280000", "153118.282000", "153118.285000", "153118.287000", "153118.289000", "153118.292000", "153118.294000", "153118.296000", "153118.299000", "153138.219000", "153138.222000", "153138.224000", "153138.226000", "153138.229000", "153138.231000", "153138.234000", "153138.236000", "153138.238000", "153138.241000", "153138.243000", "153138.245000", "153138.248000", "153138.250000", "153138.252000", "153138.255000", "153138.257000", "153138.260000", "153138.262000", "153138.264000", "153138.267000", "153138.269000", "153138.272000", "153138.274000", "153138.276000", "153138.279000", "153138.281000", "153138.284000", "153138.286000", "153138.288000", "153138.291000", "153138.293000", "153138.295000", "153158.218000", "153158.221000", "153158.223000", "153158.226000", "153158.228000", "153158.230000", "153158.233000", "153158.235000", "153158.238000", "153158.240000", "153158.242000", "153158.245000", "153158.247000", "153158.250000", "153158.252000", "153158.254000", "153158.257000", "153158.259000", "153158.261000", "153158.264000", "153158.266000", "153158.269000", "153158.271000", "153158.273000", "153158.276000", "153158.278000", "153158.280000", "153158.283000", "153158.286000", "153158.288000", "153158.290000", "153158.293000", "153158.295000", "153218.218000", "153218.221000", "153218.223000", "153218.225000", "153218.228000", "153218.230000", "153218.233000", "153218.235000", "153218.237000", "153218.240000", "153218.242000", "153218.244000", "153218.247000", "153218.249000", "153218.252000", "153218.254000", "153218.256000", "153218.259000", "153218.261000", "153218.263000", "153218.266000", "153218.268000", "153218.271000", "153218.273000", "153218.275000", "153218.278000", "153218.280000", "153218.282000", "153218.285000", "153218.287000", "153218.289000", "153218.292000", "153219.940000", "153219.943000", "153219.945000"], "InstanceCreationTime": ["153038.225000", "153038.228000", "153038.230000", "153038.233000", "153038.235000", "153038.241000", "153038.243000", "153038.245000", "153038.248000", "153038.250000", "153038.253000", "153038.255000", "153038.257000", "153038.260000", "153038.262000", "153038.264000", "153038.267000", "153038.269000", "153038.272000", "153038.274000", "153038.276000", "153038.279000", "153038.281000", "153038.284000", "153038.286000", "153038.288000", "153038.291000", "153038.293000", "153038.295000", "153038.298000", "153038.300000", "153038.303000", "153038.305000", "153038.307000", "153038.310000", "153038.312000", "153038.314000", "153038.317000", "153038.319000", "153038.322000", "153038.324000", "153038.326000", "153038.329000", "153038.331000", "153038.333000", "153058.219000", "153058.222000", "153058.224000", "153058.227000", "153058.229000", "153058.231000", "153058.234000", "153058.236000", "153058.238000", "153058.241000", "153058.243000", "153058.246000", "153058.248000", "153058.250000", "153058.253000", "153058.255000", "153058.258000", "153058.260000", "153058.262000", "153058.265000", "153058.267000", "153058.269000", "153058.272000", "153058.274000", "153058.276000", "153058.279000", "153058.281000", "153058.284000", "153058.286000", "153058.294000", "153058.296000", "153058.298000", "153118.219000", "153118.222000", "153118.224000", "153118.227000", "153118.229000", "153118.231000", "153118.234000", "153118.236000", "153118.238000", "153118.241000", "153118.246000", "153118.248000", "153118.250000", "153118.253000", "153118.255000", "153118.258000", "153118.260000", "153118.262000", "153118.265000", "153118.267000", "153118.269000", "153118.273000", "153118.275000", "153118.277000", "153118.280000", "153118.282000", "153118.285000", "153118.287000", "153118.289000", "153118.292000", "153118.294000", "153118.296000", "153118.299000", "153138.219000", "153138.222000", "153138.224000", "153138.226000", "153138.229000", "153138.231000", "153138.234000", "153138.236000", "153138.238000", "153138.241000", "153138.243000", "153138.245000", "153138.248000", "153138.250000", "153138.252000", "153138.255000", "153138.257000", "153138.260000", "153138.262000", "153138.264000", "153138.267000", "153138.269000", "153138.272000", "153138.274000", "153138.276000", "153138.279000", "153138.281000", "153138.284000", "153138.286000", "153138.288000", "153138.291000", "153138.293000", "153138.295000", "153158.218000", "153158.221000", "153158.223000", "153158.226000", "153158.228000", "153158.230000", "153158.233000", "153158.235000", "153158.238000", "153158.240000", "153158.242000", "153158.245000", "153158.247000", "153158.250000", "153158.252000", "153158.254000", "153158.257000", "153158.259000", "153158.261000", "153158.264000", "153158.266000", "153158.269000", "153158.271000", "153158.273000", "153158.276000", "153158.278000", "153158.280000", "153158.283000", "153158.286000", "153158.288000", "153158.290000", "153158.293000", "153158.295000", "153218.218000", "153218.221000", "153218.223000", "153218.225000", "153218.228000", "153218.230000", "153218.233000", "153218.235000", "153218.237000", "153218.240000", "153218.242000", "153218.244000", "153218.247000", "153218.249000", "153218.252000", "153218.254000", "153218.256000", "153218.259000", "153218.261000", "153218.263000", "153218.266000", "153218.268000", "153218.271000", "153218.273000", "153218.275000", "153218.278000", "153218.280000", "153218.282000", "153218.285000", "153218.287000", "153218.289000", "153218.292000", "153219.940000", "153219.943000", "153219.945000"], "InstanceNumber": [1, 2, 3, 4, 5, 6, 7, 8, 9, 10, 11, 12, 13, 14, 15, 16, 17, 18, 19, 20, 21, 22, 23, 24, 25, 26, 27, 28, 29, 30, 31, 32, 33, 34, 35, 36, 37, 38, 39, 40, 41, 42, 43, 44, 45, 46, 47, 48, 49, 50, 51, 52, 53, 54, 55, 56, 57, 58, 59, 60, 61, 62, 63, 64, 65, 66, 67, 68, 69, 70, 71, 72, 73, 74, 75, 76, 77, 78, 79, 80, 81, 82, 83, 84, 85, 86, 87, 88, 89, 90, 91, 92, 93, 94, 95, 96, 97, 98, 99, 100, 101, 102, 103, 104, 105, 106, 107, 108, 109, 110, 111, 112, 113, 114, 115, 116, 117, 118, 119, 120, 121, 122, 123, 124, 125, 126, 127, 128, 129, 130, 131, 132, 133, 134, 135, 136, 137, 138, 139, 140, 141, 142, 143, 144, 145, 146, 147, 148, 149, 150, 151, 152, 153, 154, 155, 156, 157, 158, 159, 160, 161, 162, 163, 164, 165, 166, 167, 168, 169, 170, 171, 172, 173, 174, 175, 176, 177, 178, 179, 180, 181, 182, 183, 184, 185, 186, 187, 188, 189, 190, 191, 192, 193, 194, 195, 196, 197, 198, 199, 200, 201, 202, 203, 204, 205, 206, 207, 208, 209, 210, 211], "LargestImagePixelValue": [544, 536, 529, 533, 524, 523, 529, 528, 527, 527, 525, 531, 527, 524, 528, 533, 522, 530, 535, 524, 530, 523, 521, 525, 528, 527, 530, 531, 528, 533, 530, 536, 531, 531, 527, 531, 531, 534, 531, 533, 531, 534, 534, 539, 533, 531, 537, 533, 535, 536, 532, 532, 531, 534, 532, 536, 533, 533, 533, 531, 531, 543, 533, 541, 532, 532, 544, 534, 536, 536, 537, 536, 531, 521, 527, 525, 528, 526, 532, 542, 529, 531, 529, 530, 530, 538, 532, 537, 534, 535, 544, 532, 535, 538, 533, 535, 536, 533, 544, 531, 541, 541, 536, 535, 541, 532, 537, 540, 534, 534, 535, 549, 531, 546, 542, 539, 535, 537, 535, 541, 535, 537, 538, 536, 545, 546, 538, 542, 545, 536, 537, 545, 533, 543, 541, 542, 547, 533, 544, 548, 543, 540, 543, 542, 545, 534, 544, 541, 540, 537, 542, 550, 534, 547, 547, 543, 543, 536, 541, 546, 537, 544, 535, 535, 541, 538, 544, 541, 536, 542, 542, 533, 549, 544, 542, 543, 544, 533, 543, 541, 534, 541, 536, 536, 540, 539, 539, 544, 531, 541, 540, 534, 537, 538, 540, 540, 537, 547, 533, 542, 538, 537, 541, 533, 541, 535, 541, 542, 540, 539, 539], "WindowCenter": [327.0, 325.0, 322.0, 321.0, 320.0, 319.0, 318.0, 318.0, 318.0, 317.0, 318.0, 317.0, 317.0, 317.0, 317.0, 317.0, 317.0, 318.0, 317.0, 319.0, 317.0, 318.0, 318.0, 320.0, 319.0, 319.0, 319.0, 319.0, 319.0, 319.0, 318.0, 319.0, 319.0, 318.0, 318.0, 319.0, 319.0, 319.0, 319.0, 319.0, 318.0, 319.0, 319.0, 319.0, 318.0, 318.0, 318.0, 319.0, 318.0, 319.0, 318.0, 318.0, 319.0, 319.0, 319.0, 320.0, 319.0, 320.0, 319.0, 320.0, 320.0, 319.0, 320.0, 319.0, 319.0, 319.0, 319.0, 319.0, 319.0, 320.0, 320.0, 321.0, 321.0, 320.0, 321.0, 321.0, 321.0, 321.0, 321.0, 321.0, 321.0, 321.0, 320.0, 321.0, 320.0, 320.0, 320.0, 319.0, 319.0, 319.0, 319.0, 319.0, 319.0, 319.0, 319.0, 319.0, 319.0, 319.0, 319.0, 320.0, 319.0, 320.0, 320.0, 321.0, 320.0, 321.0, 322.0, 321.0, 321.0, 322.0, 321.0, 321.0, 321.0, 320.0, 321.0, 321.0, 321.0, 320.0, 321.0, 321.0, 321.0, 321.0, 321.0, 321.0, 320.0, 320.0, 320.0, 320.0, 320.0, 319.0, 319.0, 319.0, 320.0, 320.0, 320.0, 320.0, 319.0, 320.0, 319.0, 319.0, 320.0, 319.0, 319.0, 319.0, 320.0, 319.0, 319.0, 320.0, 320.0, 321.0, 320.0, 321.0, 320.0, 319.0, 320.0, 319.0, 320.0, 321.0, 320.0, 321.0, 321.0, 321.0, 321.0, 321.0, 321.0, 321.0, 321.0, 321.0, 321.0, 320.0, 321.0, 320.0, 320.0, 320.0, 320.0, 320.0, 320.0, 320.0, 320.0, 320.0, 320.0, 320.0, 320.0, 320.0, 320.0, 320.0, 320.0, 320.0, 320.0, 319.0, 320.0, 320.0, 319.0, 319.0, 320.0, 319.0, 319.0, 319.0, 320.0, 319.0, 320.0, 320.0, 320.0, 320.0, 320.0, 320.0, 320.0, 320.0, 320.0, 320.0, 321.0], "WindowWidth": [702.0, 698.0, 694.0, 691.0, 690.0, 688.0, 686.0, 686.0, 685.0, 684.0, 685.0, 684.0, 683.0, 684.0, 683.0, 683.0, 683.0, 685.0, 684.0, 686.0, 683.0, 684.0, 685.0, 689.0, 688.0, 688.0, 688.0, 687.0, 686.0, 687.0, 686.0, 687.0, 686.0, 686.0, 686.0, 687.0, 686.0, 687.0, 687.0, 687.0, 685.0, 687.0, 686.0, 686.0, 685.0, 685.0, 685.0, 686.0, 685.0, 687.0, 686.0, 685.0, 687.0, 686.0, 686.0, 688.0, 687.0, 688.0, 687.0, 687.0, 688.0, 687.0, 688.0, 687.0, 687.0, 687.0, 687.0, 687.0, 687.0, 689.0, 689.0, 689.0, 690.0, 689.0, 691.0, 690.0, 690.0, 691.0, 691.0, 690.0, 691.0, 690.0, 689.0, 690.0, 688.0, 689.0, 689.0, 688.0, 687.0, 687.0, 686.0, 687.0, 687.0, 687.0, 686.0, 687.0, 687.0, 688.0, 687.0, 688.0, 688.0, 689.0, 688.0, 690.0, 689.0, 690.0, 692.0, 691.0, 690.0, 691.0, 690.0, 690.0, 689.0, 689.0, 690.0, 690.0, 690.0, 689.0, 690.0, 689.0, 690.0, 690.0, 690.0, 689.0, 688.0, 689.0, 689.0, 688.0, 688.0, 687.0, 687.0, 687.0, 688.0, 688.0, 688.0, 688.0, 687.0, 688.0, 687.0, 687.0, 688.0, 687.0, 687.0, 687.0, 688.0, 687.0, 688.0, 689.0, 689.0, 689.0, 688.0, 689.0, 689.0, 688.0, 688.0, 687.0, 688.0, 690.0, 689.0, 690.0, 690.0, 690.0, 690.0, 690.0, 690.0, 690.0, 690.0, 690.0, 689.0, 689.0, 690.0, 688.0, 689.0, 689.0, 688.0, 688.0, 689.0, 688.0, 688.0, 689.0, 688.0, 688.0, 688.0, 688.0, 688.0, 688.0, 688.0, 689.0, 688.0, 687.0, 688.0, 688.0, 686.0, 687.0, 688.0, 687.0, 687.0, 687.0, 689.0, 687.0, 688.0, 688.0, 688.0, 688.0, 688.0, 688.0, 688.0, 689.0, 689.0, 688.0, 690.0]}, "slices": {}}, "EventTimestamp": "15-32-06"}