{"AcquisitionMatrixPE": 64, "AcquisitionNumber": 1, "AcquisitionTime": "13:23:56.715000", "BandwidthPerPixelPhaseEncode": 28.935, "BaseResolution": 64, "BodyPartExamined": "BRAIN", "CoilCombinationMethod": "Sum of Squares", "ConsistencyInfo": "N4_VE11E_LATEST_20181129", "ConversionSoftware": "dcm2niix", "ConversionSoftwareVersion": "v1.0.20230411", "DerivedVendorReportedEchoSpacing": 0.000540003, "DeviceSerialNumber": "166182", "DwellTime": 3.4e-06, "EchoTime": 0.032, "EchoTrainLength": 64, "EffectiveEchoSpacing": 0.000540003, "FlipAngle": 40, "HeudiconvVersion": "0.13.1", "ImageOrientationPatientDICOM": [0.999963, -0.00417544, -0.00756637, 0.00383956, 0.99903, -0.0438741], "ImageOrientationText": "Tra>Cor(-2.5)>Sag(-0.4)", "ImageType": ["ORIGINAL", "PRIMARY", "M", "ND", "NORM", "MOSAIC"], "ImagingFrequency": 123.255843, "InPlanePhaseEncodingDirectionDICOM": "COL", "InstitutionAddress": "PEARSE STREET .,City,District,IE,D2", "InstitutionName": "TCIN", "InstitutionalDepartmentName": "MRI", "MRAcquisitionType": "2D", "MagneticFieldStrength": 3, "Manufacturer": "Siemens", "ManufacturersModelName": "Prisma", "Modality": "MR", "MultibandAccelerationFactor": 4, "NonlinearGradientCorrection": false, "PartialFourier": 1, "PatientPosition": "HFS", "PercentPhaseFOV": 100, "PercentSampling": 100, "PhaseEncodingDirection": "j-", "PhaseEncodingSteps": 64, "PhaseResolution": 1, "PixelBandwidth": 2300, "ProcedureStepDescription": "Rhodri^Head BOLD", "ProtocolName": "cmrr_mbep2d_Pictures_AP_RDS", "PulseSequenceDetails": "%SiemensSeq%\\ep2d_bold", "ReceiveCoilActiveElements": "HC2,4,6,7;SC", "ReceiveCoilName": "SpecialPurpose_4", "ReconMatrixPE": 64, "RefLinesPE": 12, "RepetitionTime": 0.61, "SAR": 0.353338, "ScanOptions": "FS", "ScanningSequence": "EP", "SequenceName": "*epfid2d1_64", "SequenceVariant": "SK", "SeriesDescription": "cmrr_mbep2d_Pictures_AP_RDS", "SeriesNumber": 8, "ShimSetting": [-3631, -7380, 3903, 874, -75, 41, -206, 78], "SliceThickness": 3, "SliceTiming": [0.2625, 0, 0.3275, 0.065, 0.3925, 0.13, 0.4575, 0.195, 0.525, 0.2625, 0, 0.3275, 0.065, 0.3925, 0.13, 0.4575, 0.195, 0.525, 0.2625, 0, 0.3275, 0.065, 0.3925, 0.13, 0.4575, 0.195, 0.525, 0.2625, 0, 0.3275, 0.065, 0.3925, 0.13, 0.4575, 0.195, 0.525], "SoftwareVersions": "syngo MR E11", "SpacingBetweenSlices": 3.3, "StationName": "AWP166182", "TaskName": "pictures", "TotalReadoutTime": 0.0340202, "TxRefAmp": 245.101, "dcmmeta_affine": [[-2.9998879432678223, 0.011518687941133976, -0.02554934471845627, 96.60954284667969], [0.012526316568255424, 2.997089147567749, -0.1446833461523056, -101.45018768310547], [-0.02269912138581276, 0.13162238895893097, 3.2967276573181152, -103.17524719238281], [0.0, 0.0, 0.0, 1.0]], "dcmmeta_reorient_transform": [[0.0, -1.0, 0.0, 63.0], [1.0, 0.0, 0.0, 0.0], [0.0, 0.0, 1.0, 0.0], [0.0, 0.0, 0.0, 1.0]], "dcmmeta_shape": [64, 64, 36, 283], "dcmmeta_slice_dim": 2, "dcmmeta_version": 0.6, "global": {"const": {"AcquisitionMatrix": [64, 0, 0, 64], "AngioFlag": "N", "BitsAllocated": 16, "BitsStored": 12, "BodyPartExamined": "BRAIN", "Columns": 384, "EchoNumbers": 1, "EchoTime": 32.0, "EchoTrainLength": 64, "FlipAngle": 40.0, "HighBit": 11, "ImageOrientationPatient": [0.99996265715111, -0.004175438722, -0.0075663739517, 0.00383956256716, 0.9990296885743, -0.0438741279847], "ImagePositionPatient": [-579.16028720259, -564.89646146626, -70.191598094075], "ImageType": ["ORIGINAL", "PRIMARY", "M", "ND", "NORM", "MOSAIC"], "ImagedNucleus": "1H", "ImagingFrequency": 123.255843, "InPlanePhaseEncodingDirection": "COL", "MRAcquisitionType": "2D", "MagneticFieldStrength": 3.0, "Manufacturer": "SIEMENS", "ManufacturerModelName": "Prisma", "Modality": "MR", "NumberOfAverages": 1.0, "NumberOfPhaseEncodingSteps": 64, "PercentPhaseFieldOfView": 100.0, "PercentSampling": 100.0, "PerformedProcedureStepStartTime": "125502.716000", "PhotometricInterpretation": "MONOCHROME2", "PixelBandwidth": 2300.0, "PixelRepresentation": 0, "PixelSpacing": [3.0, 3.0], "ProtocolName": "cmrr_mbep2d_Pictures_AP_RDS", "RepetitionTime": 610.0, "Rows": 384, "SAR": 0.35333799983471, "SamplesPerPixel": 1, "ScanOptions": "FS", "ScanningSequence": "EP", "SequenceName": "*epfid2d1_64", "SequenceVariant": "SK", "SeriesDescription": "cmrr_mbep2d_Pictures_AP_RDS", "SeriesNumber": 8, "SeriesTime": "132415.733000", "SliceLocation": -99.372989881186, "SliceThickness": 3.0, "SmallestImagePixelValue": 0, "SoftwareVersions": "syngo MR E11", "SpacingBetweenSlices": 3.2999999327433, "SpecificCharacterSet": "ISO_IR 100", "StudyID": "2", "StudyTime": "125502.660000", "TransmitCoilName": "Body", "VariableFlipAngleFlag": "N", "WindowCenterWidthExplanation": "Algo1"}, "slices": {}}, "time": {"samples": {"AcquisitionNumber": [1, 2, 3, 4, 5, 6, 7, 8, 9, 10, 11, 12, 13, 14, 15, 16, 17, 18, 19, 20, 21, 22, 23, 24, 25, 26, 27, 28, 29, 30, 31, 32, 33, 34, 35, 36, 37, 38, 39, 40, 41, 42, 43, 44, 45, 46, 47, 48, 49, 50, 51, 52, 53, 54, 55, 56, 57, 58, 59, 60, 61, 62, 63, 64, 65, 66, 67, 68, 69, 70, 71, 72, 73, 74, 75, 76, 77, 78, 79, 80, 81, 82, 83, 84, 85, 86, 87, 88, 89, 90, 91, 92, 93, 94, 95, 96, 97, 98, 99, 100, 101, 102, 103, 104, 105, 106, 107, 108, 109, 110, 111, 112, 113, 114, 115, 116, 117, 118, 119, 120, 121, 122, 123, 124, 125, 126, 127, 128, 129, 130, 131, 132, 133, 134, 135, 136, 137, 138, 139, 140, 141, 142, 143, 144, 145, 146, 147, 148, 149, 150, 151, 152, 153, 154, 155, 156, 157, 158, 159, 160, 161, 162, 163, 164, 165, 166, 167, 168, 169, 170, 171, 172, 173, 174, 175, 176, 177, 178, 179, 180, 181, 182, 183, 184, 185, 186, 187, 188, 189, 190, 191, 192, 193, 194, 195, 196, 197, 198, 199, 200, 201, 202, 203, 204, 205, 206, 207, 208, 209, 210, 211, 212, 213, 214, 215, 216, 217, 218, 219, 220, 221, 222, 223, 224, 225, 226, 227, 228, 229, 230, 231, 232, 233, 234, 235, 236, 237, 238, 239, 240, 241, 242, 243, 244, 245, 246, 247, 248, 249, 250, 251, 252, 253, 254, 255, 256, 257, 258, 259, 260, 261, 262, 263, 264, 265, 266, 267, 268, 269, 270, 271, 272, 273, 274, 275, 276, 277, 278, 279, 280, 281, 282, 283], "AcquisitionTime": ["132356.715000", "132357.325000", "132357.935000", "132358.545000", "132359.155000", "132359.765000", "132400.375000", "132400.985000", "132401.595000", "132402.205000", "132402.815000", "132403.425000", "132404.035000", "132404.645000", "132405.255000", "132405.865000", "132406.475000", "132407.085000", "132407.695000", "132408.305000", "132408.915000", "132409.525000", "132410.135000", "132410.745000", "132411.355000", "132411.965000", "132412.575000", "132413.185000", "132413.795000", "132414.405000", "132415.015000", "132415.625000", "132416.235000", "132416.845000", "132417.455000", "132418.065000", "132418.675000", "132419.285000", "132419.895000", "132420.505000", "132421.115000", "132421.725000", "132422.335000", "132422.945000", "132423.555000", "132424.165000", "132424.775000", "132425.385000", "132425.995000", "132426.605000", "132427.215000", "132427.825000", "132428.435000", "132429.045000", "132429.655000", "132430.265000", "132430.875000", "132431.485000", "132432.095000", "132432.705000", "132433.315000", "132433.925000", "132434.535000", "132435.145000", "132435.755000", "132436.365000", "132436.975000", "132437.585000", "132438.195000", "132438.805000", "132439.415000", "132440.025000", "132440.635000", "132441.245000", "132441.855000", "132442.465000", "132443.075000", "132443.685000", "132444.295000", "132444.905000", "132445.515000", "132446.125000", "132446.735000", "132447.345000", "132447.955000", "132448.565000", "132449.175000", "132449.785000", "132450.395000", "132451.005000", "132451.615000", "132452.225000", "132452.835000", "132453.445000", "132454.055000", "132454.665000", "132455.275000", "132455.885000", "132456.495000", "132457.105000", "132457.715000", "132458.325000", "132458.935000", "132459.545000", "132500.155000", "132500.765000", "132501.375000", "132501.985000", "132502.595000", "132503.205000", "132503.815000", "132504.425000", "132505.035000", "132505.645000", "132506.255000", "132506.865000", "132507.475000", "132508.085000", "132508.695000", "132509.305000", "132509.915000", "132510.525000", "132511.135000", "132511.745000", "132512.355000", "132512.965000", "132513.575000", "132514.185000", "132514.795000", "132515.405000", "132516.015000", "132516.625000", "132517.235000", "132517.845000", "132518.455000", "132519.065000", "132519.675000", "132520.285000", "132520.895000", "132521.505000", "132522.115000", "132522.725000", "132523.335000", "132523.945000", "132524.555000", "132525.165000", "132525.775000", "132526.385000", "132526.995000", "132527.605000", "132528.215000", "132528.825000", "132529.435000", "132530.045000", "132530.655000", "132531.265000", "132531.875000", "132532.485000", "132533.095000", "132533.705000", "132534.315000", "132534.925000", "132535.535000", "132536.145000", "132536.755000", "132537.365000", "132537.975000", "132538.585000", "132539.195000", "132539.805000", "132540.415000", "132541.025000", "132541.635000", "132542.245000", "132542.855000", "132543.465000", "132544.075000", "132544.685000", "132545.295000", "132545.905000", "132546.515000", "132547.125000", "132547.735000", "132548.345000", "132548.955000", "132549.565000", "132550.175000", "132550.785000", "132551.395000", "132552.005000", "132552.615000", "132553.225000", "132553.835000", "132554.445000", "132555.055000", "132555.665000", "132556.275000", "132556.885000", "132557.495000", "132558.105000", "132558.715000", "132559.325000", "132559.935000", "132600.545000", "132601.155000", "132601.765000", "132602.375000", "132602.985000", "132603.595000", "132604.205000", "132604.815000", "132605.425000", "132606.035000", "132606.645000", "132607.255000", "132607.865000", "132608.475000", "132609.085000", "132609.695000", "132610.305000", "132610.915000", "132611.525000", "132612.135000", "132612.745000", "132613.355000", "132613.965000", "132614.575000", "132615.185000", "132615.795000", "132616.405000", "132617.015000", "132617.625000", "132618.235000", "132618.845000", "132619.455000", "132620.065000", "132620.675000", "132621.285000", "132621.895000", "132622.505000", "132623.115000", "132623.725000", "132624.335000", "132624.945000", "132625.555000", "132626.165000", "132626.775000", "132627.385000", "132627.995000", "132628.605000", "132629.215000", "132629.825000", "132630.435000", "132631.045000", "132631.655000", "132632.265000", "132632.875000", "132633.485000", "132634.095000", "132634.705000", "132635.315000", "132635.925000", "132636.535000", "132637.145000", "132637.755000", "132638.365000", "132638.975000", "132639.585000", "132640.195000", "132640.805000", "132641.415000", "132642.025000", "132642.635000", "132643.245000", "132643.855000", "132644.465000", "132645.075000", "132645.685000", "132646.295000", "132646.905000", "132647.515000", "132648.125000", "132648.735000"], "ContentTime": ["132415.736000", "132415.740000", "132415.742000", "132415.744000", "132415.747000", "132415.749000", "132415.751000", "132415.754000", "132415.756000", "132415.763000", "132415.765000", "132415.767000", "132415.770000", "132415.772000", "132415.774000", "132415.777000", "132415.779000", "132415.785000", "132415.788000", "132415.790000", "132415.792000", "132415.795000", "132415.797000", "132415.800000", "132415.802000", "132415.804000", "132415.807000", "132415.809000", "132415.811000", "132415.815000", "132435.732000", "132435.735000", "132435.737000", "132435.740000", "132435.742000", "132435.744000", "132435.747000", "132435.749000", "132435.757000", "132435.759000", "132435.762000", "132435.764000", "132435.766000", "132435.769000", "132435.771000", "132435.773000", "132435.776000", "132435.778000", "132435.780000", "132435.783000", "132435.785000", "132435.788000", "132435.790000", "132435.792000", "132435.795000", "132435.797000", "132435.799000", "132435.802000", "132435.804000", "132435.806000", "132435.809000", "132435.811000", "132435.813000", "132455.732000", "132455.735000", "132455.737000", "132455.739000", "132455.742000", "132455.744000", "132455.746000", "132455.749000", "132455.751000", "132455.753000", "132455.756000", "132455.758000", "132455.760000", "132455.763000", "132455.765000", "132455.768000", "132455.770000", "132455.772000", "132455.775000", "132455.777000", "132455.780000", "132455.782000", "132455.784000", "132455.787000", "132455.789000", "132455.791000", "132455.794000", "132455.796000", "132455.798000", "132455.801000", "132455.803000", "132455.810000", "132455.812000", "132515.732000", "132515.735000", "132515.738000", "132515.740000", "132515.742000", "132515.745000", "132515.747000", "132515.750000", "132515.752000", "132515.755000", "132515.758000", "132515.760000", "132515.763000", "132515.765000", "132515.767000", "132515.770000", "132515.772000", "132515.775000", "132515.777000", "132515.779000", "132515.782000", "132515.784000", "132515.786000", "132515.789000", "132515.791000", "132515.794000", "132515.796000", "132515.798000", "132515.801000", "132515.803000", "132515.805000", "132515.808000", "132535.732000", "132535.735000", "132535.737000", "132535.740000", "132535.743000", "132535.745000", "132535.747000", "132535.750000", "132535.752000", "132535.755000", "132535.757000", "132535.759000", "132535.762000", "132535.764000", "132535.767000", "132535.769000", "132535.771000", "132535.774000", "132535.776000", "132535.779000", "132535.781000", "132535.784000", "132535.786000", "132535.788000", "132535.791000", "132535.793000", "132535.796000", "132535.798000", "132535.801000", "132535.803000", "132535.805000", "132535.808000", "132535.810000", "132555.733000", "132555.736000", "132555.738000", "132555.741000", "132555.743000", "132555.745000", "132555.748000", "132555.750000", "132555.753000", "132555.755000", "132555.757000", "132555.760000", "132555.762000", "132555.764000", "132555.767000", "132555.769000", "132555.771000", "132555.774000", "132555.776000", "132555.778000", "132555.781000", "132555.787000", "132555.790000", "132555.792000", "132555.794000", "132555.797000", "132555.799000", "132555.801000", "132555.804000", "132555.806000", "132555.808000", "132555.811000", "132555.813000", "132615.732000", "132615.735000", "132615.751000", "132615.753000", "132615.756000", "132615.758000", "132615.761000", "132615.763000", "132615.765000", "132615.768000", "132615.770000", "132615.773000", "132615.775000", "132615.777000", "132615.780000", "132615.782000", "132615.785000", "132615.787000", "132615.789000", "132615.792000", "132615.794000", "132615.797000", "132615.799000", "132615.801000", "132615.804000", "132615.806000", "132615.809000", "132615.811000", "132615.813000", "132615.816000", "132615.818000", "132615.821000", "132615.823000", "132635.732000", "132635.735000", "132635.737000", "132635.740000", "132635.742000", "132635.744000", "132635.747000", "132635.756000", "132635.758000", "132635.760000", "132635.763000", "132635.765000", "132635.768000", "132635.770000", "132635.772000", "132635.775000", "132635.777000", "132635.779000", "132635.782000", "132635.784000", "132635.787000", "132635.789000", "132635.792000", "132635.794000", "132635.796000", "132635.799000", "132635.801000", "132635.804000", "132635.806000", "132635.808000", "132635.811000", "132635.813000", "132635.815000", "132650.086000", "132650.088000", "132650.090000", "132650.093000", "132650.095000", "132650.098000", "132650.100000", "132650.102000", "132650.105000", "132650.107000", "132650.109000", "132650.112000", "132650.115000", "132650.118000", "132650.120000", "132650.124000", "132650.127000", "132650.129000", "132650.132000", "132650.134000", "132650.137000", "132650.140000", "132650.143000"], "InstanceCreationTime": ["132415.736000", "132415.740000", "132415.742000", "132415.744000", "132415.747000", "132415.749000", "132415.751000", "132415.754000", "132415.756000", "132415.763000", "132415.765000", "132415.767000", "132415.770000", "132415.772000", "132415.774000", "132415.777000", "132415.779000", "132415.785000", "132415.788000", "132415.790000", "132415.792000", "132415.795000", "132415.797000", "132415.800000", "132415.802000", "132415.804000", "132415.807000", "132415.809000", "132415.811000", "132415.815000", "132435.732000", "132435.735000", "132435.737000", "132435.740000", "132435.742000", "132435.744000", "132435.747000", "132435.749000", "132435.757000", "132435.759000", "132435.762000", "132435.764000", "132435.766000", "132435.769000", "132435.771000", "132435.773000", "132435.776000", "132435.778000", "132435.780000", "132435.783000", "132435.785000", "132435.788000", "132435.790000", "132435.792000", "132435.795000", "132435.797000", "132435.799000", "132435.802000", "132435.804000", "132435.806000", "132435.809000", "132435.811000", "132435.813000", "132455.732000", "132455.735000", "132455.737000", "132455.739000", "132455.742000", "132455.744000", "132455.746000", "132455.749000", "132455.751000", "132455.753000", "132455.756000", "132455.758000", "132455.760000", "132455.763000", "132455.765000", "132455.768000", "132455.770000", "132455.772000", "132455.775000", "132455.777000", "132455.780000", "132455.782000", "132455.784000", "132455.787000", "132455.789000", "132455.791000", "132455.794000", "132455.796000", "132455.798000", "132455.801000", "132455.803000", "132455.810000", "132455.812000", "132515.732000", "132515.735000", "132515.738000", "132515.740000", "132515.742000", "132515.745000", "132515.747000", "132515.750000", "132515.752000", "132515.755000", "132515.758000", "132515.760000", "132515.763000", "132515.765000", "132515.767000", "132515.770000", "132515.772000", "132515.775000", "132515.777000", "132515.779000", "132515.782000", "132515.784000", "132515.786000", "132515.789000", "132515.791000", "132515.794000", "132515.796000", "132515.798000", "132515.801000", "132515.803000", "132515.805000", "132515.808000", "132535.732000", "132535.735000", "132535.737000", "132535.740000", "132535.743000", "132535.745000", "132535.747000", "132535.750000", "132535.752000", "132535.755000", "132535.757000", "132535.759000", "132535.762000", "132535.764000", "132535.767000", "132535.769000", "132535.771000", "132535.774000", "132535.776000", "132535.779000", "132535.781000", "132535.784000", "132535.786000", "132535.788000", "132535.791000", "132535.793000", "132535.796000", "132535.798000", "132535.801000", "132535.803000", "132535.805000", "132535.808000", "132535.810000", "132555.733000", "132555.736000", "132555.738000", "132555.741000", "132555.743000", "132555.745000", "132555.748000", "132555.750000", "132555.753000", "132555.755000", "132555.757000", "132555.760000", "132555.762000", "132555.764000", "132555.767000", "132555.769000", "132555.771000", "132555.774000", "132555.776000", "132555.778000", "132555.781000", "132555.787000", "132555.790000", "132555.792000", "132555.794000", "132555.797000", "132555.799000", "132555.801000", "132555.804000", "132555.806000", "132555.808000", "132555.811000", "132555.813000", "132615.732000", "132615.735000", "132615.751000", "132615.753000", "132615.756000", "132615.758000", "132615.761000", "132615.763000", "132615.765000", "132615.768000", "132615.770000", "132615.773000", "132615.775000", "132615.777000", "132615.780000", "132615.782000", "132615.785000", "132615.787000", "132615.789000", "132615.792000", "132615.794000", "132615.797000", "132615.799000", "132615.801000", "132615.804000", "132615.806000", "132615.809000", "132615.811000", "132615.813000", "132615.816000", "132615.818000", "132615.821000", "132615.823000", "132635.732000", "132635.735000", "132635.737000", "132635.740000", "132635.742000", "132635.744000", "132635.747000", "132635.756000", "132635.758000", "132635.760000", "132635.763000", "132635.765000", "132635.768000", "132635.770000", "132635.772000", "132635.775000", "132635.777000", "132635.779000", "132635.782000", "132635.784000", "132635.787000", "132635.789000", "132635.792000", "132635.794000", "132635.796000", "132635.799000", "132635.801000", "132635.804000", "132635.806000", "132635.808000", "132635.811000", "132635.813000", "132635.815000", "132650.086000", "132650.088000", "132650.090000", "132650.093000", "132650.095000", "132650.098000", "132650.100000", "132650.102000", "132650.105000", "132650.107000", "132650.109000", "132650.112000", "132650.115000", "132650.118000", "132650.120000", "132650.124000", "132650.127000", "132650.129000", "132650.132000", "132650.134000", "132650.137000", "132650.140000", "132650.143000"], "InstanceNumber": [1, 2, 3, 4, 5, 6, 7, 8, 9, 10, 11, 12, 13, 14, 15, 16, 17, 18, 19, 20, 21, 22, 23, 24, 25, 26, 27, 28, 29, 30, 31, 32, 33, 34, 35, 36, 37, 38, 39, 40, 41, 42, 43, 44, 45, 46, 47, 48, 49, 50, 51, 52, 53, 54, 55, 56, 57, 58, 59, 60, 61, 62, 63, 64, 65, 66, 67, 68, 69, 70, 71, 72, 73, 74, 75, 76, 77, 78, 79, 80, 81, 82, 83, 84, 85, 86, 87, 88, 89, 90, 91, 92, 93, 94, 95, 96, 97, 98, 99, 100, 101, 102, 103, 104, 105, 106, 107, 108, 109, 110, 111, 112, 113, 114, 115, 116, 117, 118, 119, 120, 121, 122, 123, 124, 125, 126, 127, 128, 129, 130, 131, 132, 133, 134, 135, 136, 137, 138, 139, 140, 141, 142, 143, 144, 145, 146, 147, 148, 149, 150, 151, 152, 153, 154, 155, 156, 157, 158, 159, 160, 161, 162, 163, 164, 165, 166, 167, 168, 169, 170, 171, 172, 173, 174, 175, 176, 177, 178, 179, 180, 181, 182, 183, 184, 185, 186, 187, 188, 189, 190, 191, 192, 193, 194, 195, 196, 197, 198, 199, 200, 201, 202, 203, 204, 205, 206, 207, 208, 209, 210, 211, 212, 213, 214, 215, 216, 217, 218, 219, 220, 221, 222, 223, 224, 225, 226, 227, 228, 229, 230, 231, 232, 233, 234, 235, 236, 237, 238, 239, 240, 241, 242, 243, 244, 245, 246, 247, 248, 249, 250, 251, 252, 253, 254, 255, 256, 257, 258, 259, 260, 261, 262, 263, 264, 265, 266, 267, 268, 269, 270, 271, 272, 273, 274, 275, 276, 277, 278, 279, 280, 281, 282, 283], "LargestImagePixelValue": [626, 573, 534, 553, 542, 511, 478, 496, 477, 477, 488, 482, 482, 532, 558, 616, 552, 503, 474, 502, 511, 535, 534, 479, 517, 481, 481, 480, 488, 482, 533, 611, 512, 577, 556, 540, 485, 570, 550, 547, 514, 539, 518, 521, 551, 563, 521, 564, 536, 498, 704, 554, 571, 544, 494, 500, 535, 508, 501, 493, 485, 490, 511, 483, 469, 493, 510, 514, 509, 507, 497, 515, 480, 492, 494, 483, 482, 486, 485, 490, 486, 492, 492, 491, 489, 478, 488, 489, 491, 492, 492, 503, 497, 492, 490, 489, 496, 488, 485, 484, 484, 480, 484, 482, 483, 482, 476, 483, 484, 485, 483, 483, 485, 483, 484, 491, 491, 487, 492, 494, 495, 486, 491, 494, 487, 493, 491, 492, 490, 493, 491, 492, 489, 487, 492, 490, 490, 489, 491, 489, 491, 492, 498, 489, 494, 494, 490, 494, 492, 492, 491, 495, 502, 496, 484, 480, 491, 493, 487, 490, 492, 488, 488, 488, 487, 488, 491, 489, 493, 492, 492, 490, 487, 489, 492, 489, 488, 487, 479, 479, 505, 480, 482, 482, 479, 481, 481, 485, 482, 490, 487, 510, 495, 487, 502, 497, 495, 494, 498, 496, 489, 488, 486, 492, 493, 492, 491, 496, 497, 493, 490, 491, 490, 490, 493, 492, 493, 492, 490, 521, 504, 492, 496, 491, 494, 497, 493, 492, 491, 491, 493, 490, 489, 491, 493, 493, 494, 495, 494, 495, 492, 494, 492, 493, 493, 494, 491, 496, 491, 497, 495, 494, 497, 491, 495, 489, 491, 491, 490, 494, 490, 491, 492, 491, 494, 494, 491, 492, 488, 492, 490, 489, 490, 487, 488, 496, 487, 487, 527, 530, 491, 488, 488], "WindowCenter": [299.0, 288.0, 297.0, 294.0, 297.0, 293.0, 291.0, 293.0, 289.0, 288.0, 295.0, 295.0, 286.0, 277.0, 299.0, 299.0, 297.0, 294.0, 292.0, 297.0, 293.0, 294.0, 294.0, 294.0, 295.0, 293.0, 295.0, 294.0, 292.0, 295.0, 291.0, 294.0, 290.0, 290.0, 293.0, 294.0, 290.0, 294.0, 290.0, 297.0, 296.0, 290.0, 293.0, 293.0, 278.0, 299.0, 284.0, 295.0, 290.0, 287.0, 301.0, 299.0, 298.0, 294.0, 287.0, 294.0, 294.0, 297.0, 293.0, 292.0, 294.0, 291.0, 293.0, 292.0, 292.0, 293.0, 295.0, 293.0, 298.0, 296.0, 296.0, 294.0, 293.0, 294.0, 294.0, 293.0, 295.0, 294.0, 294.0, 295.0, 294.0, 295.0, 295.0, 295.0, 295.0, 294.0, 294.0, 294.0, 295.0, 296.0, 296.0, 297.0, 297.0, 296.0, 296.0, 295.0, 295.0, 294.0, 295.0, 294.0, 294.0, 294.0, 295.0, 295.0, 294.0, 294.0, 295.0, 295.0, 295.0, 295.0, 295.0, 295.0, 295.0, 296.0, 296.0, 296.0, 295.0, 296.0, 295.0, 296.0, 295.0, 295.0, 295.0, 295.0, 295.0, 295.0, 296.0, 297.0, 296.0, 296.0, 296.0, 296.0, 295.0, 296.0, 296.0, 296.0, 296.0, 296.0, 296.0, 295.0, 296.0, 297.0, 297.0, 295.0, 295.0, 296.0, 296.0, 296.0, 296.0, 296.0, 296.0, 296.0, 296.0, 295.0, 295.0, 296.0, 295.0, 295.0, 296.0, 296.0, 296.0, 294.0, 295.0, 295.0, 295.0, 295.0, 295.0, 295.0, 295.0, 296.0, 295.0, 296.0, 295.0, 295.0, 296.0, 295.0, 295.0, 295.0, 295.0, 295.0, 296.0, 295.0, 295.0, 294.0, 294.0, 294.0, 295.0, 295.0, 295.0, 297.0, 296.0, 295.0, 296.0, 295.0, 296.0, 296.0, 296.0, 297.0, 298.0, 297.0, 296.0, 296.0, 295.0, 296.0, 296.0, 296.0, 295.0, 295.0, 295.0, 295.0, 295.0, 295.0, 295.0, 295.0, 295.0, 295.0, 295.0, 295.0, 295.0, 295.0, 294.0, 294.0, 294.0, 295.0, 295.0, 296.0, 296.0, 296.0, 296.0, 296.0, 297.0, 296.0, 295.0, 295.0, 295.0, 294.0, 295.0, 294.0, 295.0, 296.0, 295.0, 296.0, 295.0, 296.0, 296.0, 296.0, 296.0, 297.0, 297.0, 297.0, 297.0, 297.0, 297.0, 297.0, 296.0, 296.0, 296.0, 296.0, 296.0, 296.0, 296.0, 296.0, 296.0, 296.0, 296.0, 296.0, 295.0, 297.0, 296.0, 296.0, 296.0, 295.0, 295.0, 295.0, 295.0, 295.0, 295.0, 295.0, 295.0, 295.0, 295.0, 295.0, 295.0], "WindowWidth": [648.0, 625.0, 644.0, 637.0, 645.0, 637.0, 632.0, 637.0, 629.0, 627.0, 640.0, 640.0, 624.0, 606.0, 647.0, 647.0, 642.0, 637.0, 634.0, 644.0, 636.0, 639.0, 639.0, 638.0, 640.0, 636.0, 641.0, 639.0, 636.0, 640.0, 633.0, 637.0, 632.0, 630.0, 636.0, 639.0, 631.0, 639.0, 630.0, 644.0, 642.0, 631.0, 636.0, 638.0, 609.0, 647.0, 619.0, 640.0, 630.0, 625.0, 650.0, 648.0, 646.0, 637.0, 625.0, 637.0, 639.0, 644.0, 637.0, 634.0, 640.0, 633.0, 636.0, 636.0, 634.0, 636.0, 640.0, 637.0, 646.0, 643.0, 642.0, 639.0, 637.0, 638.0, 639.0, 636.0, 640.0, 639.0, 639.0, 641.0, 640.0, 641.0, 640.0, 640.0, 640.0, 638.0, 639.0, 639.0, 640.0, 642.0, 642.0, 644.0, 644.0, 643.0, 642.0, 640.0, 640.0, 639.0, 640.0, 639.0, 639.0, 639.0, 640.0, 640.0, 639.0, 639.0, 640.0, 641.0, 641.0, 641.0, 642.0, 641.0, 641.0, 642.0, 643.0, 642.0, 642.0, 642.0, 641.0, 642.0, 641.0, 640.0, 641.0, 640.0, 641.0, 641.0, 642.0, 644.0, 642.0, 642.0, 642.0, 642.0, 641.0, 642.0, 642.0, 642.0, 643.0, 643.0, 642.0, 641.0, 642.0, 643.0, 643.0, 641.0, 641.0, 642.0, 642.0, 642.0, 642.0, 642.0, 642.0, 641.0, 643.0, 641.0, 641.0, 642.0, 641.0, 641.0, 643.0, 642.0, 642.0, 639.0, 642.0, 641.0, 640.0, 640.0, 641.0, 640.0, 641.0, 643.0, 641.0, 642.0, 641.0, 641.0, 643.0, 640.0, 641.0, 640.0, 640.0, 640.0, 642.0, 641.0, 640.0, 639.0, 639.0, 639.0, 640.0, 641.0, 641.0, 643.0, 642.0, 640.0, 643.0, 641.0, 642.0, 642.0, 642.0, 644.0, 645.0, 644.0, 643.0, 643.0, 642.0, 642.0, 643.0, 642.0, 641.0, 641.0, 640.0, 640.0, 641.0, 641.0, 640.0, 641.0, 640.0, 640.0, 640.0, 640.0, 640.0, 640.0, 639.0, 639.0, 639.0, 640.0, 640.0, 642.0, 642.0, 642.0, 643.0, 642.0, 643.0, 642.0, 640.0, 641.0, 641.0, 639.0, 641.0, 639.0, 641.0, 642.0, 641.0, 642.0, 641.0, 642.0, 642.0, 643.0, 642.0, 644.0, 644.0, 644.0, 644.0, 644.0, 644.0, 644.0, 642.0, 642.0, 642.0, 643.0, 643.0, 643.0, 642.0, 643.0, 643.0, 642.0, 642.0, 643.0, 641.0, 644.0, 642.0, 643.0, 643.0, 641.0, 641.0, 640.0, 640.0, 640.0, 640.0, 640.0, 640.0, 640.0, 641.0, 640.0, 640.0]}, "slices": {}}, "EventTimestamp": "13-26-30"}