{"AcquisitionMatrixPE": 64, "AcquisitionNumber": 1, "AcquisitionTime": "10:33:9.702500", "BandwidthPerPixelPhaseEncode": 28.935, "BaseResolution": 64, "BodyPartExamined": "BRAIN", "CoilCombinationMethod": "Sum of Squares", "ConsistencyInfo": "N4_VE11E_LATEST_20181129", "ConversionSoftware": "dcm2niix", "ConversionSoftwareVersion": "v1.0.20230411", "DerivedVendorReportedEchoSpacing": 0.000540003, "DeviceSerialNumber": "166182", "DwellTime": 3.4e-06, "EchoTime": 0.032, "EchoTrainLength": 64, "EffectiveEchoSpacing": 0.000540003, "FlipAngle": 40, "HeudiconvVersion": "0.13.1", "ImageOrientationPatientDICOM": [0.999917, 0.0119902, 0.00477519, -0.0120424, 0.999866, 0.011059], "ImageOrientationText": "Tra>Cor(0.6)>Sag(0.3)", "ImageType": ["ORIGINAL", "PRIMARY", "M", "ND", "NORM", "MOSAIC"], "ImagingFrequency": 123.255995, "InPlanePhaseEncodingDirectionDICOM": "COL", "InstitutionAddress": "PEARSE STREET .,City,District,IE,D2", "InstitutionName": "TCIN", "InstitutionalDepartmentName": "MRI", "MRAcquisitionType": "2D", "MagneticFieldStrength": 3, "Manufacturer": "Siemens", "ManufacturersModelName": "Prisma", "Modality": "MR", "MultibandAccelerationFactor": 4, "NonlinearGradientCorrection": false, "PartialFourier": 1, "PatientPosition": "HFS", "PercentPhaseFOV": 100, "PercentSampling": 100, "PhaseEncodingDirection": "j-", "PhaseEncodingSteps": 64, "PhaseResolution": 1, "PixelBandwidth": 2300, "ProcedureStepDescription": "Rhodri^Head BOLD", "ProtocolName": "cmrr_mbep2d_Pictures_AP_RDS", "PulseSequenceDetails": "%SiemensSeq%\\ep2d_bold", "ReceiveCoilActiveElements": "HC2,4,6,7;SC", "ReceiveCoilName": "SpecialPurpose_4", "ReconMatrixPE": 64, "RefLinesPE": 12, "RepetitionTime": 0.61, "SAR": 0.286677, "ScanOptions": "FS", "ScanningSequence": "EP", "SequenceName": "*epfid2d1_64", "SequenceVariant": "SK", "SeriesDescription": "cmrr_mbep2d_Pictures_AP_RDS", "SeriesNumber": 8, "ShimSetting": [-3648, -7453, 3803, 1200, 38, 124, -1, -96], "SliceThickness": 3, "SliceTiming": [0.2625, 0, 0.3275, 0.065, 0.395, 0.1325, 0.46, 0.1975, 0.525, 0.2625, 0, 0.3275, 0.065, 0.395, 0.1325, 0.46, 0.1975, 0.525, 0.2625, 0, 0.3275, 0.065, 0.395, 0.1325, 0.46, 0.1975, 0.525, 0.2625, 0, 0.3275, 0.065, 0.395, 0.1325, 0.46, 0.1975, 0.525], "SoftwareVersions": "syngo MR E11", "SpacingBetweenSlices": 3.3, "StationName": "AWP166182", "TaskName": "pictures", "TotalReadoutTime": 0.0340202, "TxRefAmp": 233.779, "dcmmeta_affine": [[-2.9997501373291016, -0.036127232015132904, 0.015318425372242928, 97.71009826660156], [-0.03597060218453407, 2.999598979949951, 0.03668142110109329, -99.9671630859375], [0.014325554482638836, -0.03317699581384659, 3.299760580062866, -99.37339782714844], [0.0, 0.0, 0.0, 1.0]], "dcmmeta_reorient_transform": [[0.0, -1.0, 0.0, 63.0], [1.0, 0.0, 0.0, 0.0], [0.0, 0.0, 1.0, 0.0], [0.0, 0.0, 0.0, 1.0]], "dcmmeta_shape": [64, 64, 36, 510], "dcmmeta_slice_dim": 2, "dcmmeta_version": 0.6, "global": {"const": {"AcquisitionMatrix": [64, 0, 0, 64], "AngioFlag": "N", "BitsAllocated": 16, "BitsStored": 12, "BodyPartExamined": "BRAIN", "Columns": 384, "EchoNumbers": 1, "EchoTime": 32.0, "EchoTrainLength": 64, "FlipAngle": 40.0, "HighBit": 11, "ImageOrientationPatient": [0.99991671287174, 0.01199020134576, 0.00477518496639, -0.0120424103625, 0.99986633051959, 0.01105899841547], "ImagePositionPatient": [-569.61374742572, -574.69870515839, -109.06395581447], "ImageType": ["ORIGINAL", "PRIMARY", "M", "ND", "NORM", "MOSAIC"], "ImagedNucleus": "1H", "ImagingFrequency": 123.255995, "InPlanePhaseEncodingDirection": "COL", "MRAcquisitionType": "2D", "MagneticFieldStrength": 3.0, "Manufacturer": "SIEMENS", "ManufacturerModelName": "Prisma", "Modality": "MR", "NumberOfAverages": 1.0, "NumberOfPhaseEncodingSteps": 64, "PercentPhaseFieldOfView": 100.0, "PercentSampling": 100.0, "PerformedProcedureStepStartTime": "100835.772000", "PhotometricInterpretation": "MONOCHROME2", "PixelBandwidth": 2300.0, "PixelRepresentation": 0, "PixelSpacing": [3.0, 3.0], "ProtocolName": "cmrr_mbep2d_Pictures_AP_RDS", "RepetitionTime": 610.0, "Rows": 384, "SAR": 0.28667713777657, "SamplesPerPixel": 1, "ScanOptions": "FS", "ScanningSequence": "EP", "SequenceName": "*epfid2d1_64", "SequenceVariant": "SK", "SeriesDescription": "cmrr_mbep2d_Pictures_AP_RDS", "SeriesNumber": 8, "SeriesTime": "103332.525000", "SliceLocation": -100.02381524383, "SliceThickness": 3.0, "SmallestImagePixelValue": 0, "SoftwareVersions": "syngo MR E11", "SpacingBetweenSlices": 3.2999999216892, "SpecificCharacterSet": "ISO_IR 100", "StudyID": "2", "StudyTime": "100835.726000", "TransmitCoilName": "Body", "VariableFlipAngleFlag": "N", "WindowCenterWidthExplanation": "Algo1"}, "slices": {}}, "time": {"samples": {"AcquisitionNumber": [1, 2, 3, 4, 5, 6, 7, 8, 9, 10, 11, 12, 13, 14, 15, 16, 17, 18, 19, 20, 21, 22, 23, 24, 25, 26, 27, 28, 29, 30, 31, 32, 33, 34, 35, 36, 37, 38, 39, 40, 41, 42, 43, 44, 45, 46, 47, 48, 49, 50, 51, 52, 53, 54, 55, 56, 57, 58, 59, 60, 61, 62, 63, 64, 65, 66, 67, 68, 69, 70, 71, 72, 73, 74, 75, 76, 77, 78, 79, 80, 81, 82, 83, 84, 85, 86, 87, 88, 89, 90, 91, 92, 93, 94, 95, 96, 97, 98, 99, 100, 101, 102, 103, 104, 105, 106, 107, 108, 109, 110, 111, 112, 113, 114, 115, 116, 117, 118, 119, 120, 121, 122, 123, 124, 125, 126, 127, 128, 129, 130, 131, 132, 133, 134, 135, 136, 137, 138, 139, 140, 141, 142, 143, 144, 145, 146, 147, 148, 149, 150, 151, 152, 153, 154, 155, 156, 157, 158, 159, 160, 161, 162, 163, 164, 165, 166, 167, 168, 169, 170, 171, 172, 173, 174, 175, 176, 177, 178, 179, 180, 181, 182, 183, 184, 185, 186, 187, 188, 189, 190, 191, 192, 193, 194, 195, 196, 197, 198, 199, 200, 201, 202, 203, 204, 205, 206, 207, 208, 209, 210, 211, 212, 213, 214, 215, 216, 217, 218, 219, 220, 221, 222, 223, 224, 225, 226, 227, 228, 229, 230, 231, 232, 233, 234, 235, 236, 237, 238, 239, 240, 241, 242, 243, 244, 245, 246, 247, 248, 249, 250, 251, 252, 253, 254, 255, 256, 257, 258, 259, 260, 261, 262, 263, 264, 265, 266, 267, 268, 269, 270, 271, 272, 273, 274, 275, 276, 277, 278, 279, 280, 281, 282, 283, 284, 285, 286, 287, 288, 289, 290, 291, 292, 293, 294, 295, 296, 297, 298, 299, 300, 301, 302, 303, 304, 305, 306, 307, 308, 309, 310, 311, 312, 313, 314, 315, 316, 317, 318, 319, 320, 321, 322, 323, 324, 325, 326, 327, 328, 329, 330, 331, 332, 333, 334, 335, 336, 337, 338, 339, 340, 341, 342, 343, 344, 345, 346, 347, 348, 349, 350, 351, 352, 353, 354, 355, 356, 357, 358, 359, 360, 361, 362, 363, 364, 365, 366, 367, 368, 369, 370, 371, 372, 373, 374, 375, 376, 377, 378, 379, 380, 381, 382, 383, 384, 385, 386, 387, 388, 389, 390, 391, 392, 393, 394, 395, 396, 397, 398, 399, 400, 401, 402, 403, 404, 405, 406, 407, 408, 409, 410, 411, 412, 413, 414, 415, 416, 417, 418, 419, 420, 421, 422, 423, 424, 425, 426, 427, 428, 429, 430, 431, 432, 433, 434, 435, 436, 437, 438, 439, 440, 441, 442, 443, 444, 445, 446, 447, 448, 449, 450, 451, 452, 453, 454, 455, 456, 457, 458, 459, 460, 461, 462, 463, 464, 465, 466, 467, 468, 469, 470, 471, 472, 473, 474, 475, 476, 477, 478, 479, 480, 481, 482, 483, 484, 485, 486, 487, 488, 489, 490, 491, 492, 493, 494, 495, 496, 497, 498, 499, 500, 501, 502, 503, 504, 505, 506, 507, 508, 509, 510], "AcquisitionTime": ["103309.702500", "103310.312500", "103310.922500", "103311.532500", "103312.142500", "103312.752500", "103313.362500", "103313.972500", "103314.582500", "103315.192500", "103315.802500", "103316.412500", "103317.022500", "103317.632500", "103318.242500", "103318.852500", "103319.462500", "103320.072500", "103320.682500", "103321.292500", "103321.902500", "103322.512500", "103323.122500", "103323.732500", "103324.342500", "103324.952500", "103325.562500", "103326.172500", "103326.782500", "103327.392500", "103328.002500", "103328.612500", "103329.222500", "103329.832500", "103330.442500", "103331.052500", "103331.662500", "103332.272500", "103332.882500", "103333.492500", "103334.102500", "103334.712500", "103335.322500", "103335.932500", "103336.542500", "103337.152500", "103337.762500", "103338.372500", "103338.982500", "103339.592500", "103340.202500", "103340.812500", "103341.422500", "103342.032500", "103342.642500", "103343.252500", "103343.862500", "103344.472500", "103345.082500", "103345.692500", "103346.302500", "103346.912500", "103347.522500", "103348.132500", "103348.742500", "103349.352500", "103349.962500", "103350.572500", "103351.182500", "103351.792500", "103352.402500", "103353.012500", "103353.622500", "103354.232500", "103354.842500", "103355.452500", "103356.062500", "103356.672500", "103357.282500", "103357.892500", "103358.502500", "103359.112500", "103359.722500", "103400.332500", "103400.942500", "103401.552500", "103402.162500", "103402.772500", "103403.382500", "103403.992500", "103404.602500", "103405.212500", "103405.822500", "103406.432500", "103407.042500", "103407.652500", "103408.262500", "103408.872500", "103409.482500", "103410.092500", "103410.702500", "103411.312500", "103411.922500", "103412.532500", "103413.142500", "103413.752500", "103414.362500", "103414.972500", "103415.582500", "103416.192500", "103416.802500", "103417.412500", "103418.022500", "103418.632500", "103419.242500", "103419.852500", "103420.462500", "103421.072500", "103421.682500", "103422.292500", "103422.902500", "103423.512500", "103424.122500", "103424.732500", "103425.342500", "103425.952500", "103426.562500", "103427.172500", "103427.782500", "103428.392500", "103429.002500", "103429.612500", "103430.222500", "103430.832500", "103431.442500", "103432.052500", "103432.662500", "103433.272500", "103433.882500", "103434.492500", "103435.102500", "103435.712500", "103436.322500", "103436.932500", "103437.542500", "103438.152500", "103438.762500", "103439.372500", "103439.982500", "103440.592500", "103441.202500", "103441.812500", "103442.422500", "103443.032500", "103443.642500", "103444.252500", "103444.862500", "103445.472500", "103446.082500", "103446.692500", "103447.302500", "103447.912500", "103448.522500", "103449.132500", "103449.742500", "103450.352500", "103450.962500", "103451.572500", "103452.182500", "103452.792500", "103453.402500", "103454.012500", "103454.622500", "103455.232500", "103455.842500", "103456.452500", "103457.062500", "103457.672500", "103458.282500", "103458.892500", "103459.502500", "103500.112500", "103500.722500", "103501.332500", "103501.942500", "103502.552500", "103503.162500", "103503.772500", "103504.382500", "103504.992500", "103505.602500", "103506.212500", "103506.822500", "103507.432500", "103508.042500", "103508.652500", "103509.262500", "103509.872500", "103510.482500", "103511.092500", "103511.702500", "103512.312500", "103512.922500", "103513.532500", "103514.142500", "103514.752500", "103515.362500", "103515.972500", "103516.582500", "103517.192500", "103517.802500", "103518.412500", "103519.022500", "103519.632500", "103520.242500", "103520.852500", "103521.462500", "103522.072500", "103522.682500", "103523.292500", "103523.902500", "103524.512500", "103525.122500", "103525.732500", "103526.342500", "103526.952500", "103527.562500", "103528.172500", "103528.782500", "103529.392500", "103530.002500", "103530.612500", "103531.222500", "103531.832500", "103532.442500", "103533.052500", "103533.662500", "103534.272500", "103534.882500", "103535.492500", "103536.102500", "103536.712500", "103537.322500", "103537.932500", "103538.542500", "103539.152500", "103539.762500", "103540.372500", "103540.982500", "103541.592500", "103542.202500", "103542.812500", "103543.422500", "103544.032500", "103544.642500", "103545.252500", "103545.862500", "103546.472500", "103547.082500", "103547.692500", "103548.302500", "103548.912500", "103549.522500", "103550.132500", "103550.742500", "103551.352500", "103551.962500", "103552.572500", "103553.182500", "103553.792500", "103554.402500", "103555.012500", "103555.622500", "103556.232500", "103556.842500", "103557.452500", "103558.062500", "103558.672500", "103559.282500", "103559.892500", "103600.502500", "103601.112500", "103601.722500", "103602.332500", "103602.942500", "103603.552500", "103604.162500", "103604.772500", "103605.382500", "103605.992500", "103606.602500", "103607.212500", "103607.822500", "103608.432500", "103609.042500", "103609.652500", "103610.262500", "103610.872500", "103611.482500", "103612.092500", "103612.702500", "103613.312500", "103613.922500", "103614.532500", "103615.142500", "103615.752500", "103616.362500", "103616.972500", "103617.582500", "103618.192500", "103618.802500", "103619.412500", "103620.022500", "103620.632500", "103621.242500", "103621.852500", "103622.462500", "103623.072500", "103623.682500", "103624.292500", "103624.902500", "103625.512500", "103626.122500", "103626.732500", "103627.342500", "103627.952500", "103628.562500", "103629.172500", "103629.782500", "103630.392500", "103631.002500", "103631.612500", "103632.222500", "103632.832500", "103633.442500", "103634.052500", "103634.662500", "103635.272500", "103635.882500", "103636.492500", "103637.102500", "103637.712500", "103638.322500", "103638.932500", "103639.542500", "103640.152500", "103640.762500", "103641.372500", "103641.982500", "103642.592500", "103643.202500", "103643.812500", "103644.422500", "103645.032500", "103645.642500", "103646.252500", "103646.862500", "103647.472500", "103648.082500", "103648.692500", "103649.302500", "103649.912500", "103650.522500", "103651.132500", "103651.742500", "103652.352500", "103652.962500", "103653.572500", "103654.182500", "103654.792500", "103655.402500", "103656.012500", "103656.622500", "103657.232500", "103657.842500", "103658.452500", "103659.062500", "103659.672500", "103700.282500", "103700.892500", "103701.502500", "103702.112500", "103702.722500", "103703.332500", "103703.942500", "103704.552500", "103705.162500", "103705.772500", "103706.382500", "103706.992500", "103707.602500", "103708.212500", "103708.822500", "103709.432500", "103710.042500", "103710.652500", "103711.262500", "103711.872500", "103712.482500", "103713.092500", "103713.702500", "103714.312500", "103714.922500", "103715.532500", "103716.142500", "103716.752500", "103717.362500", "103717.972500", "103718.582500", "103719.192500", "103719.802500", "103720.412500", "103721.022500", "103721.632500", "103722.242500", "103722.852500", "103723.462500", "103724.072500", "103724.682500", "103725.292500", "103725.902500", "103726.512500", "103727.122500", "103727.732500", "103728.342500", "103728.952500", "103729.562500", "103730.172500", "103730.782500", "103731.392500", "103732.002500", "103732.612500", "103733.222500", "103733.832500", "103734.442500", "103735.052500", "103735.662500", "103736.272500", "103736.882500", "103737.492500", "103738.102500", "103738.712500", "103739.322500", "103739.932500", "103740.542500", "103741.152500", "103741.762500", "103742.372500", "103742.982500", "103743.592500", "103744.202500", "103744.812500", "103745.422500", "103746.032500", "103746.642500", "103747.252500", "103747.862500", "103748.472500", "103749.082500", "103749.692500", "103750.302500", "103750.912500", "103751.522500", "103752.132500", "103752.742500", "103753.352500", "103753.962500", "103754.572500", "103755.182500", "103755.792500", "103756.402500", "103757.012500", "103757.622500", "103758.232500", "103758.842500", "103759.452500", "103800.062500", "103800.672500", "103801.282500", "103801.892500", "103802.502500", "103803.112500", "103803.722500", "103804.332500", "103804.942500", "103805.552500", "103806.162500", "103806.772500", "103807.382500", "103807.992500", "103808.602500", "103809.212500", "103809.822500", "103810.432500", "103811.042500", "103811.652500", "103812.262500", "103812.872500", "103813.482500", "103814.092500", "103814.702500", "103815.312500", "103815.922500", "103816.532500", "103817.142500", "103817.752500", "103818.362500", "103818.972500", "103819.582500", "103820.192500"], "ContentTime": ["103332.529000", "103332.532000", "103332.534000", "103332.536000", "103332.539000", "103332.541000", "103332.543000", "103332.546000", "103332.548000", "103332.551000", "103332.553000", "103332.555000", "103332.558000", "103332.560000", "103332.562000", "103332.565000", "103332.570000", "103332.572000", "103332.575000", "103332.577000", "103332.579000", "103332.582000", "103332.584000", "103332.586000", "103332.589000", "103332.591000", "103332.594000", "103332.596000", "103332.599000", "103332.601000", "103332.603000", "103332.606000", "103332.608000", "103332.617000", "103332.619000", "103332.621000", "103352.524000", "103352.527000", "103352.530000", "103352.533000", "103352.535000", "103352.537000", "103352.540000", "103352.547000", "103352.549000", "103352.551000", "103352.554000", "103352.556000", "103352.559000", "103352.561000", "103352.563000", "103352.566000", "103352.568000", "103352.571000", "103352.573000", "103352.575000", "103352.590000", "103352.592000", "103352.594000", "103352.597000", "103352.599000", "103352.601000", "103352.604000", "103352.606000", "103352.608000", "103352.611000", "103352.613000", "103352.615000", "103352.618000", "103412.524000", "103412.527000", "103412.529000", "103412.532000", "103412.534000", "103412.536000", "103412.539000", "103412.541000", "103412.543000", "103412.546000", "103412.548000", "103412.550000", "103412.553000", "103412.555000", "103412.558000", "103412.560000", "103412.562000", "103412.565000", "103412.567000", "103412.569000", "103412.572000", "103412.574000", "103412.583000", "103412.586000", "103412.588000", "103412.590000", "103412.593000", "103412.595000", "103412.597000", "103412.600000", "103412.602000", "103412.605000", "103412.607000", "103432.524000", "103432.527000", "103432.529000", "103432.532000", "103432.534000", "103432.536000", "103432.539000", "103432.541000", "103432.547000", "103432.550000", "103432.552000", "103432.555000", "103432.557000", "103432.559000", "103432.562000", "103432.564000", "103432.567000", "103432.569000", "103432.572000", "103432.574000", "103432.576000", "103432.579000", "103432.581000", "103432.584000", "103432.586000", "103432.588000", "103432.591000", "103432.593000", "103432.596000", "103432.598000", "103432.601000", "103432.603000", "103452.524000", "103452.527000", "103452.529000", "103452.531000", "103452.534000", "103452.536000", "103452.538000", "103452.541000", "103452.543000", "103452.546000", "103452.548000", "103452.550000", "103452.553000", "103452.555000", "103452.557000", "103452.560000", "103452.562000", "103452.564000", "103452.567000", "103452.569000", "103452.572000", "103452.574000", "103452.576000", "103452.579000", "103452.581000", "103452.583000", "103452.586000", "103452.588000", "103452.590000", "103452.593000", "103452.595000", "103452.597000", "103452.600000", "103512.524000", "103512.527000", "103512.529000", "103512.532000", "103512.534000", "103512.536000", "103512.539000", "103512.541000", "103512.543000", "103512.546000", "103512.548000", "103512.551000", "103512.553000", "103512.555000", "103512.558000", "103512.560000", "103512.563000", "103512.565000", "103512.567000", "103512.570000", "103512.572000", "103512.574000", "103512.577000", "103512.579000", "103512.581000", "103512.584000", "103512.586000", "103512.589000", "103512.591000", "103512.593000", "103512.596000", "103512.598000", "103512.601000", "103532.524000", "103532.527000", "103532.529000", "103532.532000", "103532.534000", "103532.537000", "103532.539000", "103532.541000", "103532.544000", "103532.546000", "103532.548000", "103532.551000", "103532.553000", "103532.556000", "103532.558000", "103532.560000", "103532.563000", "103532.565000", "103532.567000", "103532.570000", "103532.582000", "103532.585000", "103532.587000", "103532.590000", "103532.592000", "103532.594000", "103532.597000", "103532.599000", "103532.601000", "103532.604000", "103532.606000", "103532.609000", "103532.611000", "103552.524000", "103552.527000", "103552.529000", "103552.531000", "103552.534000", "103552.536000", "103552.539000", "103552.541000", "103552.544000", "103552.546000", "103552.557000", "103552.559000", "103552.561000", "103552.564000", "103552.566000", "103552.569000", "103552.571000", "103552.573000", "103552.576000", "103552.578000", "103552.580000", "103552.583000", "103552.585000", "103552.587000", "103552.590000", "103552.592000", "103552.595000", "103552.597000", "103552.599000", "103552.602000", "103552.604000", "103552.606000", "103612.524000", "103612.527000", "103612.529000", "103612.531000", "103612.534000", "103612.536000", "103612.539000", "103612.541000", "103612.543000", "103612.546000", "103612.548000", "103612.550000", "103612.553000", "103612.555000", "103612.557000", "103612.560000", "103612.562000", "103612.564000", "103612.567000", "103612.569000", "103612.572000", "103612.574000", "103612.576000", "103612.579000", "103612.581000", "103612.583000", "103612.586000", "103612.588000", "103612.591000", "103612.593000", "103612.595000", "103612.598000", "103612.600000", "103632.524000", "103632.527000", "103632.529000", "103632.532000", "103632.534000", "103632.536000", "103632.539000", "103632.541000", "103632.543000", "103632.546000", "103632.548000", "103632.551000", "103632.553000", "103632.555000", "103632.558000", "103632.560000", "103632.562000", "103632.565000", "103632.567000", "103632.570000", "103632.572000", "103632.574000", "103632.577000", "103632.579000", "103632.581000", "103632.584000", "103632.586000", "103632.589000", "103632.591000", "103632.593000", "103632.596000", "103632.598000", "103632.601000", "103652.524000", "103652.527000", "103652.529000", "103652.532000", "103652.538000", "103652.541000", "103652.543000", "103652.545000", "103652.548000", "103652.561000", "103652.564000", "103652.566000", "103652.568000", "103652.571000", "103652.573000", "103652.576000", "103652.578000", "103652.580000", "103652.583000", "103652.585000", "103652.587000", "103652.590000", "103652.592000", "103652.595000", "103652.597000", "103652.599000", "103652.602000", "103652.604000", "103652.607000", "103652.609000", "103652.611000", "103652.614000", "103652.616000", "103712.524000", "103712.527000", "103712.529000", "103712.532000", "103712.534000", "103712.536000", "103712.539000", "103712.541000", "103712.543000", "103712.546000", "103712.548000", "103712.551000", "103712.553000", "103712.555000", "103712.558000", "103712.560000", "103712.563000", "103712.565000", "103712.567000", "103712.570000", "103712.572000", "103712.575000", "103712.577000", "103712.579000", "103712.582000", "103712.584000", "103712.586000", "103712.589000", "103712.591000", "103712.594000", "103712.596000", "103712.598000", "103712.601000", "103732.524000", "103732.527000", "103732.529000", "103732.532000", "103732.534000", "103732.536000", "103732.539000", "103732.541000", "103732.543000", "103732.546000", "103732.548000", "103732.550000", "103732.553000", "103732.555000", "103732.558000", "103732.560000", "103732.563000", "103732.566000", "103732.568000", "103732.570000", "103732.573000", "103732.575000", "103732.578000", "103732.581000", "103732.584000", "103732.586000", "103732.589000", "103732.591000", "103732.594000", "103732.596000", "103732.598000", "103732.601000", "103752.524000", "103752.527000", "103752.529000", "103752.532000", "103752.534000", "103752.536000", "103752.539000", "103752.541000", "103752.544000", "103752.546000", "103752.548000", "103752.551000", "103752.553000", "103752.556000", "103752.558000", "103752.561000", "103752.563000", "103752.565000", "103752.568000", "103752.570000", "103752.572000", "103752.575000", "103752.577000", "103752.580000", "103752.582000", "103752.585000", "103752.587000", "103752.590000", "103752.592000", "103752.595000", "103752.597000", "103752.599000", "103752.602000", "103812.524000", "103812.527000", "103812.529000", "103812.532000", "103812.534000", "103812.536000", "103812.539000", "103812.541000", "103812.544000", "103812.546000", "103812.548000", "103812.551000", "103812.553000", "103812.556000", "103812.564000", "103812.567000", "103812.569000", "103812.572000", "103812.574000", "103812.577000", "103812.579000", "103812.581000", "103812.584000", "103812.586000", "103812.589000", "103812.591000", "103812.594000", "103812.596000", "103812.598000", "103812.601000", "103812.603000", "103812.606000", "103812.608000", "103821.350000", "103821.353000", "103821.356000", "103821.358000", "103821.360000", "103821.363000", "103821.365000", "103821.367000", "103821.370000", "103821.372000", "103821.375000", "103821.377000", "103821.379000", "103821.382000", "103821.384000"], "InstanceCreationTime": ["103332.529000", "103332.532000", "103332.534000", "103332.536000", "103332.539000", "103332.541000", "103332.543000", "103332.546000", "103332.548000", "103332.551000", "103332.553000", "103332.555000", "103332.558000", "103332.560000", "103332.562000", "103332.565000", "103332.570000", "103332.572000", "103332.575000", "103332.577000", "103332.579000", "103332.582000", "103332.584000", "103332.586000", "103332.589000", "103332.591000", "103332.594000", "103332.596000", "103332.599000", "103332.601000", "103332.603000", "103332.606000", "103332.608000", "103332.617000", "103332.619000", "103332.621000", "103352.524000", "103352.527000", "103352.530000", "103352.533000", "103352.535000", "103352.537000", "103352.540000", "103352.547000", "103352.549000", "103352.551000", "103352.554000", "103352.556000", "103352.559000", "103352.561000", "103352.563000", "103352.566000", "103352.568000", "103352.571000", "103352.573000", "103352.575000", "103352.590000", "103352.592000", "103352.594000", "103352.597000", "103352.599000", "103352.601000", "103352.604000", "103352.606000", "103352.608000", "103352.611000", "103352.613000", "103352.615000", "103352.618000", "103412.524000", "103412.527000", "103412.529000", "103412.532000", "103412.534000", "103412.536000", "103412.539000", "103412.541000", "103412.543000", "103412.546000", "103412.548000", "103412.550000", "103412.553000", "103412.555000", "103412.558000", "103412.560000", "103412.562000", "103412.565000", "103412.567000", "103412.569000", "103412.572000", "103412.574000", "103412.583000", "103412.586000", "103412.588000", "103412.590000", "103412.593000", "103412.595000", "103412.597000", "103412.600000", "103412.602000", "103412.605000", "103412.607000", "103432.524000", "103432.527000", "103432.529000", "103432.532000", "103432.534000", "103432.536000", "103432.539000", "103432.541000", "103432.547000", "103432.550000", "103432.552000", "103432.555000", "103432.557000", "103432.559000", "103432.562000", "103432.564000", "103432.567000", "103432.569000", "103432.572000", "103432.574000", "103432.576000", "103432.579000", "103432.581000", "103432.584000", "103432.586000", "103432.588000", "103432.591000", "103432.593000", "103432.596000", "103432.598000", "103432.601000", "103432.603000", "103452.524000", "103452.527000", "103452.529000", "103452.531000", "103452.534000", "103452.536000", "103452.538000", "103452.541000", "103452.543000", "103452.546000", "103452.548000", "103452.550000", "103452.553000", "103452.555000", "103452.557000", "103452.560000", "103452.562000", "103452.564000", "103452.567000", "103452.569000", "103452.572000", "103452.574000", "103452.576000", "103452.579000", "103452.581000", "103452.583000", "103452.586000", "103452.588000", "103452.590000", "103452.593000", "103452.595000", "103452.597000", "103452.600000", "103512.524000", "103512.527000", "103512.529000", "103512.532000", "103512.534000", "103512.536000", "103512.539000", "103512.541000", "103512.543000", "103512.546000", "103512.548000", "103512.551000", "103512.553000", "103512.555000", "103512.558000", "103512.560000", "103512.563000", "103512.565000", "103512.567000", "103512.570000", "103512.572000", "103512.574000", "103512.577000", "103512.579000", "103512.581000", "103512.584000", "103512.586000", "103512.589000", "103512.591000", "103512.593000", "103512.596000", "103512.598000", "103512.601000", "103532.524000", "103532.527000", "103532.529000", "103532.532000", "103532.534000", "103532.537000", "103532.539000", "103532.541000", "103532.544000", "103532.546000", "103532.548000", "103532.551000", "103532.553000", "103532.556000", "103532.558000", "103532.560000", "103532.563000", "103532.565000", "103532.567000", "103532.570000", "103532.582000", "103532.585000", "103532.587000", "103532.590000", "103532.592000", "103532.594000", "103532.597000", "103532.599000", "103532.601000", "103532.604000", "103532.606000", "103532.609000", "103532.611000", "103552.524000", "103552.527000", "103552.529000", "103552.531000", "103552.534000", "103552.536000", "103552.539000", "103552.541000", "103552.544000", "103552.546000", "103552.557000", "103552.559000", "103552.561000", "103552.564000", "103552.566000", "103552.569000", "103552.571000", "103552.573000", "103552.576000", "103552.578000", "103552.580000", "103552.583000", "103552.585000", "103552.587000", "103552.590000", "103552.592000", "103552.595000", "103552.597000", "103552.599000", "103552.602000", "103552.604000", "103552.606000", "103612.524000", "103612.527000", "103612.529000", "103612.531000", "103612.534000", "103612.536000", "103612.539000", "103612.541000", "103612.543000", "103612.546000", "103612.548000", "103612.550000", "103612.553000", "103612.555000", "103612.557000", "103612.560000", "103612.562000", "103612.564000", "103612.567000", "103612.569000", "103612.572000", "103612.574000", "103612.576000", "103612.579000", "103612.581000", "103612.583000", "103612.586000", "103612.588000", "103612.591000", "103612.593000", "103612.595000", "103612.598000", "103612.600000", "103632.524000", "103632.527000", "103632.529000", "103632.532000", "103632.534000", "103632.536000", "103632.539000", "103632.541000", "103632.543000", "103632.546000", "103632.548000", "103632.551000", "103632.553000", "103632.555000", "103632.558000", "103632.560000", "103632.562000", "103632.565000", "103632.567000", "103632.570000", "103632.572000", "103632.574000", "103632.577000", "103632.579000", "103632.581000", "103632.584000", "103632.586000", "103632.589000", "103632.591000", "103632.593000", "103632.596000", "103632.598000", "103632.601000", "103652.524000", "103652.527000", "103652.529000", "103652.532000", "103652.538000", "103652.541000", "103652.543000", "103652.545000", "103652.548000", "103652.561000", "103652.564000", "103652.566000", "103652.568000", "103652.571000", "103652.573000", "103652.576000", "103652.578000", "103652.580000", "103652.583000", "103652.585000", "103652.587000", "103652.590000", "103652.592000", "103652.595000", "103652.597000", "103652.599000", "103652.602000", "103652.604000", "103652.607000", "103652.609000", "103652.611000", "103652.614000", "103652.616000", "103712.524000", "103712.527000", "103712.529000", "103712.532000", "103712.534000", "103712.536000", "103712.539000", "103712.541000", "103712.543000", "103712.546000", "103712.548000", "103712.551000", "103712.553000", "103712.555000", "103712.558000", "103712.560000", "103712.563000", "103712.565000", "103712.567000", "103712.570000", "103712.572000", "103712.575000", "103712.577000", "103712.579000", "103712.582000", "103712.584000", "103712.586000", "103712.589000", "103712.591000", "103712.594000", "103712.596000", "103712.598000", "103712.601000", "103732.524000", "103732.527000", "103732.529000", "103732.532000", "103732.534000", "103732.536000", "103732.539000", "103732.541000", "103732.543000", "103732.546000", "103732.548000", "103732.550000", "103732.553000", "103732.555000", "103732.558000", "103732.560000", "103732.563000", "103732.566000", "103732.568000", "103732.570000", "103732.573000", "103732.575000", "103732.578000", "103732.581000", "103732.584000", "103732.586000", "103732.589000", "103732.591000", "103732.594000", "103732.596000", "103732.598000", "103732.601000", "103752.524000", "103752.527000", "103752.529000", "103752.532000", "103752.534000", "103752.536000", "103752.539000", "103752.541000", "103752.544000", "103752.546000", "103752.548000", "103752.551000", "103752.553000", "103752.556000", "103752.558000", "103752.561000", "103752.563000", "103752.565000", "103752.568000", "103752.570000", "103752.572000", "103752.575000", "103752.577000", "103752.580000", "103752.582000", "103752.585000", "103752.587000", "103752.590000", "103752.592000", "103752.595000", "103752.597000", "103752.599000", "103752.602000", "103812.524000", "103812.527000", "103812.529000", "103812.532000", "103812.534000", "103812.536000", "103812.539000", "103812.541000", "103812.544000", "103812.546000", "103812.548000", "103812.551000", "103812.553000", "103812.556000", "103812.564000", "103812.567000", "103812.569000", "103812.572000", "103812.574000", "103812.577000", "103812.579000", "103812.581000", "103812.584000", "103812.586000", "103812.589000", "103812.591000", "103812.594000", "103812.596000", "103812.598000", "103812.601000", "103812.603000", "103812.606000", "103812.608000", "103821.350000", "103821.353000", "103821.356000", "103821.358000", "103821.360000", "103821.363000", "103821.365000", "103821.367000", "103821.370000", "103821.372000", "103821.375000", "103821.377000", "103821.379000", "103821.382000", "103821.384000"], "InstanceNumber": [1, 2, 3, 4, 5, 6, 7, 8, 9, 10, 11, 12, 13, 14, 15, 16, 17, 18, 19, 20, 21, 22, 23, 24, 25, 26, 27, 28, 29, 30, 31, 32, 33, 34, 35, 36, 37, 38, 39, 40, 41, 42, 43, 44, 45, 46, 47, 48, 49, 50, 51, 52, 53, 54, 55, 56, 57, 58, 59, 60, 61, 62, 63, 64, 65, 66, 67, 68, 69, 70, 71, 72, 73, 74, 75, 76, 77, 78, 79, 80, 81, 82, 83, 84, 85, 86, 87, 88, 89, 90, 91, 92, 93, 94, 95, 96, 97, 98, 99, 100, 101, 102, 103, 104, 105, 106, 107, 108, 109, 110, 111, 112, 113, 114, 115, 116, 117, 118, 119, 120, 121, 122, 123, 124, 125, 126, 127, 128, 129, 130, 131, 132, 133, 134, 135, 136, 137, 138, 139, 140, 141, 142, 143, 144, 145, 146, 147, 148, 149, 150, 151, 152, 153, 154, 155, 156, 157, 158, 159, 160, 161, 162, 163, 164, 165, 166, 167, 168, 169, 170, 171, 172, 173, 174, 175, 176, 177, 178, 179, 180, 181, 182, 183, 184, 185, 186, 187, 188, 189, 190, 191, 192, 193, 194, 195, 196, 197, 198, 199, 200, 201, 202, 203, 204, 205, 206, 207, 208, 209, 210, 211, 212, 213, 214, 215, 216, 217, 218, 219, 220, 221, 222, 223, 224, 225, 226, 227, 228, 229, 230, 231, 232, 233, 234, 235, 236, 237, 238, 239, 240, 241, 242, 243, 244, 245, 246, 247, 248, 249, 250, 251, 252, 253, 254, 255, 256, 257, 258, 259, 260, 261, 262, 263, 264, 265, 266, 267, 268, 269, 270, 271, 272, 273, 274, 275, 276, 277, 278, 279, 280, 281, 282, 283, 284, 285, 286, 287, 288, 289, 290, 291, 292, 293, 294, 295, 296, 297, 298, 299, 300, 301, 302, 303, 304, 305, 306, 307, 308, 309, 310, 311, 312, 313, 314, 315, 316, 317, 318, 319, 320, 321, 322, 323, 324, 325, 326, 327, 328, 329, 330, 331, 332, 333, 334, 335, 336, 337, 338, 339, 340, 341, 342, 343, 344, 345, 346, 347, 348, 349, 350, 351, 352, 353, 354, 355, 356, 357, 358, 359, 360, 361, 362, 363, 364, 365, 366, 367, 368, 369, 370, 371, 372, 373, 374, 375, 376, 377, 378, 379, 380, 381, 382, 383, 384, 385, 386, 387, 388, 389, 390, 391, 392, 393, 394, 395, 396, 397, 398, 399, 400, 401, 402, 403, 404, 405, 406, 407, 408, 409, 410, 411, 412, 413, 414, 415, 416, 417, 418, 419, 420, 421, 422, 423, 424, 425, 426, 427, 428, 429, 430, 431, 432, 433, 434, 435, 436, 437, 438, 439, 440, 441, 442, 443, 444, 445, 446, 447, 448, 449, 450, 451, 452, 453, 454, 455, 456, 457, 458, 459, 460, 461, 462, 463, 464, 465, 466, 467, 468, 469, 470, 471, 472, 473, 474, 475, 476, 477, 478, 479, 480, 481, 482, 483, 484, 485, 486, 487, 488, 489, 490, 491, 492, 493, 494, 495, 496, 497, 498, 499, 500, 501, 502, 503, 504, 505, 506, 507, 508, 509, 510], "LargestImagePixelValue": [503, 464, 440, 455, 450, 443, 446, 445, 446, 460, 450, 454, 469, 461, 461, 457, 461, 462, 462, 466, 462, 469, 463, 465, 459, 463, 457, 459, 455, 457, 455, 454, 449, 453, 453, 457, 457, 461, 452, 452, 462, 462, 459, 473, 454, 468, 450, 462, 438, 436, 457, 455, 446, 442, 449, 455, 451, 454, 449, 447, 465, 461, 462, 460, 464, 462, 459, 462, 463, 468, 466, 464, 461, 466, 463, 459, 457, 458, 457, 465, 461, 438, 449, 446, 480, 480, 488, 463, 460, 455, 457, 459, 462, 455, 456, 464, 470, 469, 466, 448, 454, 463, 456, 457, 465, 465, 461, 461, 469, 471, 464, 458, 456, 448, 460, 452, 466, 460, 456, 456, 462, 461, 457, 455, 460, 430, 484, 479, 471, 467, 457, 511, 489, 460, 454, 457, 463, 461, 459, 456, 459, 456, 469, 470, 468, 466, 461, 461, 463, 463, 461, 457, 470, 449, 462, 477, 456, 449, 459, 444, 458, 440, 469, 463, 427, 467, 453, 448, 451, 438, 461, 457, 443, 457, 455, 450, 459, 471, 464, 458, 454, 471, 459, 466, 427, 469, 472, 450, 467, 443, 448, 454, 418, 454, 520, 470, 470, 462, 461, 450, 451, 449, 459, 458, 449, 508, 486, 444, 439, 470, 439, 468, 450, 461, 495, 488, 465, 459, 460, 459, 450, 438, 478, 460, 452, 462, 447, 436, 456, 458, 465, 468, 456, 455, 481, 475, 458, 453, 451, 477, 486, 468, 459, 489, 494, 479, 463, 466, 463, 454, 486, 472, 461, 485, 466, 499, 496, 477, 470, 477, 424, 487, 478, 441, 494, 476, 475, 486, 467, 464, 471, 475, 481, 475, 469, 473, 469, 469, 464, 470, 468, 464, 467, 460, 459, 462, 458, 453, 459, 455, 464, 461, 459, 465, 461, 460, 465, 473, 472, 475, 461, 481, 471, 466, 462, 473, 475, 485, 486, 455, 454, 460, 451, 456, 451, 451, 444, 453, 454, 453, 445, 471, 457, 460, 457, 461, 465, 458, 464, 458, 464, 465, 455, 458, 455, 470, 454, 484, 454, 454, 464, 459, 457, 457, 458, 456, 459, 463, 462, 459, 459, 456, 455, 460, 453, 449, 428, 486, 478, 471, 466, 457, 455, 445, 452, 445, 450, 459, 460, 456, 459, 465, 465, 467, 462, 480, 458, 459, 444, 454, 454, 448, 448, 451, 454, 456, 459, 457, 460, 457, 456, 456, 460, 458, 458, 457, 459, 457, 456, 452, 451, 465, 459, 445, 445, 445, 447, 454, 453, 448, 464, 461, 468, 469, 466, 455, 434, 445, 452, 464, 468, 461, 445, 451, 443, 446, 441, 456, 465, 472, 448, 444, 464, 456, 456, 440, 460, 465, 460, 460, 460, 462, 447, 447, 439, 455, 481, 444, 442, 456, 444, 458, 496, 461, 429, 483, 473, 460, 443, 457, 448, 440, 441, 442, 438, 434, 443, 421, 418, 436, 449, 455, 448, 462, 439, 474, 469, 471, 460, 449, 453, 453, 453, 448, 435, 459, 478, 437, 498, 485, 459, 438, 437, 440, 457, 443, 441, 449, 463, 434, 434, 436, 451, 448, 442, 453, 453, 449, 451, 445], "WindowCenter": [284.0, 281.0, 280.0, 280.0, 280.0, 279.0, 279.0, 278.0, 278.0, 279.0, 279.0, 278.0, 279.0, 280.0, 280.0, 281.0, 281.0, 282.0, 281.0, 282.0, 281.0, 282.0, 281.0, 281.0, 281.0, 280.0, 280.0, 279.0, 278.0, 278.0, 278.0, 278.0, 278.0, 279.0, 279.0, 279.0, 280.0, 281.0, 281.0, 281.0, 281.0, 280.0, 280.0, 282.0, 278.0, 280.0, 278.0, 277.0, 276.0, 275.0, 276.0, 276.0, 276.0, 277.0, 277.0, 278.0, 281.0, 280.0, 279.0, 279.0, 281.0, 280.0, 281.0, 281.0, 281.0, 281.0, 281.0, 281.0, 281.0, 281.0, 281.0, 281.0, 280.0, 281.0, 281.0, 280.0, 280.0, 282.0, 280.0, 282.0, 279.0, 276.0, 278.0, 275.0, 276.0, 277.0, 281.0, 279.0, 278.0, 278.0, 280.0, 279.0, 280.0, 279.0, 278.0, 280.0, 281.0, 282.0, 281.0, 279.0, 279.0, 280.0, 279.0, 278.0, 280.0, 280.0, 279.0, 279.0, 282.0, 282.0, 279.0, 279.0, 278.0, 277.0, 279.0, 277.0, 278.0, 279.0, 278.0, 280.0, 281.0, 281.0, 281.0, 281.0, 276.0, 272.0, 284.0, 285.0, 283.0, 279.0, 278.0, 280.0, 280.0, 279.0, 278.0, 279.0, 279.0, 279.0, 279.0, 279.0, 278.0, 279.0, 280.0, 282.0, 281.0, 280.0, 280.0, 280.0, 281.0, 280.0, 279.0, 279.0, 280.0, 281.0, 279.0, 280.0, 279.0, 278.0, 277.0, 274.0, 276.0, 280.0, 280.0, 280.0, 271.0, 281.0, 279.0, 279.0, 279.0, 278.0, 280.0, 278.0, 281.0, 281.0, 278.0, 278.0, 278.0, 279.0, 279.0, 279.0, 278.0, 279.0, 279.0, 278.0, 274.0, 268.0, 261.0, 273.0, 284.0, 279.0, 281.0, 279.0, 278.0, 260.0, 283.0, 281.0, 282.0, 282.0, 281.0, 281.0, 279.0, 278.0, 279.0, 280.0, 268.0, 282.0, 279.0, 269.0, 277.0, 281.0, 276.0, 282.0, 277.0, 262.0, 281.0, 280.0, 278.0, 278.0, 277.0, 279.0, 277.0, 274.0, 278.0, 277.0, 277.0, 280.0, 278.0, 277.0, 276.0, 277.0, 277.0, 276.0, 276.0, 268.0, 275.0, 278.0, 279.0, 278.0, 277.0, 281.0, 281.0, 280.0, 279.0, 282.0, 280.0, 279.0, 279.0, 277.0, 278.0, 278.0, 279.0, 280.0, 275.0, 278.0, 279.0, 281.0, 281.0, 279.0, 278.0, 278.0, 269.0, 279.0, 280.0, 278.0, 279.0, 279.0, 275.0, 286.0, 281.0, 281.0, 281.0, 280.0, 280.0, 279.0, 279.0, 279.0, 279.0, 278.0, 278.0, 278.0, 278.0, 278.0, 278.0, 278.0, 279.0, 281.0, 278.0, 278.0, 278.0, 279.0, 278.0, 278.0, 278.0, 278.0, 278.0, 278.0, 278.0, 279.0, 279.0, 280.0, 277.0, 281.0, 281.0, 279.0, 279.0, 277.0, 275.0, 276.0, 283.0, 280.0, 279.0, 279.0, 279.0, 280.0, 278.0, 278.0, 278.0, 278.0, 278.0, 279.0, 278.0, 281.0, 278.0, 276.0, 276.0, 276.0, 276.0, 277.0, 278.0, 277.0, 278.0, 278.0, 280.0, 279.0, 278.0, 279.0, 278.0, 280.0, 279.0, 279.0, 279.0, 279.0, 279.0, 279.0, 279.0, 278.0, 278.0, 277.0, 279.0, 278.0, 278.0, 278.0, 279.0, 279.0, 280.0, 279.0, 274.0, 276.0, 282.0, 283.0, 279.0, 278.0, 277.0, 277.0, 279.0, 279.0, 280.0, 279.0, 279.0, 280.0, 279.0, 280.0, 280.0, 279.0, 279.0, 281.0, 279.0, 282.0, 278.0, 280.0, 281.0, 280.0, 278.0, 279.0, 279.0, 280.0, 280.0, 280.0, 280.0, 281.0, 281.0, 281.0, 281.0, 280.0, 280.0, 280.0, 280.0, 280.0, 280.0, 280.0, 279.0, 280.0, 280.0, 279.0, 278.0, 278.0, 278.0, 279.0, 279.0, 281.0, 280.0, 279.0, 278.0, 280.0, 279.0, 279.0, 280.0, 277.0, 278.0, 285.0, 281.0, 281.0, 281.0, 280.0, 278.0, 279.0, 278.0, 279.0, 278.0, 283.0, 280.0, 280.0, 280.0, 281.0, 281.0, 280.0, 282.0, 280.0, 281.0, 281.0, 281.0, 280.0, 280.0, 280.0, 279.0, 280.0, 282.0, 279.0, 279.0, 276.0, 271.0, 269.0, 285.0, 282.0, 275.0, 280.0, 279.0, 279.0, 280.0, 281.0, 279.0, 279.0, 279.0, 279.0, 278.0, 278.0, 280.0, 278.0, 279.0, 279.0, 277.0, 279.0, 279.0, 279.0, 276.0, 279.0, 280.0, 279.0, 278.0, 278.0, 280.0, 280.0, 281.0, 275.0, 261.0, 279.0, 275.0, 277.0, 283.0, 280.0, 280.0, 279.0, 279.0, 280.0, 281.0, 279.0, 279.0, 279.0, 279.0, 280.0, 280.0, 280.0, 280.0, 280.0, 281.0, 281.0, 279.0, 279.0, 279.0, 280.0], "WindowWidth": [619.0, 614.0, 611.0, 611.0, 611.0, 609.0, 608.0, 607.0, 607.0, 610.0, 608.0, 608.0, 610.0, 610.0, 611.0, 612.0, 612.0, 613.0, 613.0, 615.0, 613.0, 613.0, 612.0, 612.0, 613.0, 611.0, 611.0, 609.0, 607.0, 607.0, 607.0, 607.0, 607.0, 608.0, 608.0, 609.0, 610.0, 612.0, 612.0, 612.0, 612.0, 611.0, 611.0, 614.0, 607.0, 612.0, 607.0, 605.0, 603.0, 602.0, 603.0, 603.0, 603.0, 605.0, 606.0, 607.0, 612.0, 611.0, 609.0, 608.0, 612.0, 611.0, 612.0, 612.0, 612.0, 612.0, 612.0, 612.0, 612.0, 613.0, 612.0, 612.0, 611.0, 612.0, 612.0, 611.0, 611.0, 615.0, 610.0, 615.0, 609.0, 603.0, 607.0, 602.0, 602.0, 605.0, 612.0, 608.0, 608.0, 607.0, 611.0, 609.0, 610.0, 609.0, 608.0, 611.0, 613.0, 615.0, 613.0, 608.0, 608.0, 611.0, 609.0, 608.0, 610.0, 611.0, 609.0, 610.0, 615.0, 615.0, 610.0, 608.0, 606.0, 605.0, 608.0, 605.0, 606.0, 609.0, 608.0, 611.0, 612.0, 612.0, 613.0, 613.0, 604.0, 596.0, 619.0, 620.0, 616.0, 608.0, 606.0, 611.0, 611.0, 609.0, 608.0, 609.0, 608.0, 609.0, 609.0, 608.0, 607.0, 609.0, 610.0, 614.0, 612.0, 610.0, 611.0, 610.0, 611.0, 610.0, 608.0, 608.0, 611.0, 612.0, 610.0, 611.0, 609.0, 607.0, 605.0, 600.0, 604.0, 610.0, 612.0, 611.0, 593.0, 613.0, 609.0, 609.0, 609.0, 606.0, 611.0, 607.0, 613.0, 612.0, 608.0, 608.0, 607.0, 609.0, 609.0, 608.0, 607.0, 609.0, 609.0, 606.0, 598.0, 589.0, 576.0, 598.0, 618.0, 609.0, 613.0, 609.0, 606.0, 574.0, 617.0, 612.0, 614.0, 614.0, 612.0, 612.0, 609.0, 608.0, 608.0, 610.0, 590.0, 615.0, 610.0, 590.0, 606.0, 613.0, 603.0, 615.0, 605.0, 576.0, 614.0, 611.0, 608.0, 608.0, 604.0, 609.0, 604.0, 598.0, 608.0, 606.0, 605.0, 611.0, 607.0, 604.0, 603.0, 604.0, 604.0, 603.0, 602.0, 588.0, 602.0, 607.0, 609.0, 607.0, 605.0, 613.0, 613.0, 611.0, 608.0, 615.0, 611.0, 609.0, 609.0, 605.0, 608.0, 606.0, 609.0, 611.0, 602.0, 606.0, 608.0, 613.0, 613.0, 609.0, 608.0, 607.0, 589.0, 608.0, 612.0, 608.0, 609.0, 608.0, 601.0, 622.0, 612.0, 612.0, 612.0, 611.0, 610.0, 609.0, 609.0, 609.0, 609.0, 607.0, 607.0, 608.0, 607.0, 608.0, 608.0, 607.0, 609.0, 611.0, 607.0, 606.0, 606.0, 608.0, 606.0, 607.0, 606.0, 608.0, 607.0, 606.0, 607.0, 608.0, 609.0, 611.0, 605.0, 613.0, 613.0, 610.0, 609.0, 606.0, 601.0, 604.0, 616.0, 611.0, 608.0, 609.0, 608.0, 610.0, 608.0, 608.0, 606.0, 607.0, 608.0, 608.0, 606.0, 613.0, 608.0, 604.0, 602.0, 603.0, 603.0, 605.0, 606.0, 605.0, 606.0, 607.0, 611.0, 608.0, 606.0, 608.0, 607.0, 610.0, 609.0, 609.0, 609.0, 609.0, 609.0, 609.0, 609.0, 606.0, 606.0, 606.0, 608.0, 607.0, 607.0, 607.0, 609.0, 609.0, 611.0, 609.0, 598.0, 602.0, 614.0, 616.0, 609.0, 606.0, 605.0, 605.0, 608.0, 609.0, 610.0, 608.0, 609.0, 610.0, 609.0, 612.0, 611.0, 609.0, 609.0, 612.0, 609.0, 615.0, 606.0, 610.0, 611.0, 610.0, 608.0, 609.0, 608.0, 610.0, 611.0, 610.0, 611.0, 612.0, 611.0, 611.0, 611.0, 611.0, 610.0, 610.0, 610.0, 609.0, 610.0, 609.0, 608.0, 609.0, 610.0, 608.0, 607.0, 607.0, 607.0, 608.0, 609.0, 612.0, 611.0, 609.0, 608.0, 610.0, 608.0, 608.0, 611.0, 605.0, 607.0, 619.0, 612.0, 613.0, 612.0, 610.0, 608.0, 609.0, 607.0, 608.0, 606.0, 616.0, 610.0, 610.0, 610.0, 611.0, 612.0, 610.0, 613.0, 610.0, 612.0, 611.0, 611.0, 611.0, 610.0, 610.0, 609.0, 609.0, 614.0, 609.0, 608.0, 603.0, 594.0, 590.0, 621.0, 614.0, 602.0, 612.0, 609.0, 610.0, 610.0, 612.0, 609.0, 608.0, 609.0, 608.0, 606.0, 607.0, 610.0, 607.0, 609.0, 609.0, 605.0, 608.0, 608.0, 609.0, 602.0, 609.0, 611.0, 608.0, 607.0, 606.0, 610.0, 610.0, 612.0, 602.0, 575.0, 609.0, 601.0, 605.0, 616.0, 612.0, 611.0, 608.0, 608.0, 610.0, 613.0, 609.0, 608.0, 609.0, 608.0, 611.0, 610.0, 610.0, 610.0, 610.0, 612.0, 611.0, 609.0, 609.0, 609.0, 609.0]}, "slices": {}}, "EventTimestamp": "10-35-51"}