{"AcquisitionMatrixPE": 64, "AcquisitionNumber": 1, "AcquisitionTime": "10:43:58.722500", "BandwidthPerPixelPhaseEncode": 28.935, "BaseResolution": 64, "BodyPartExamined": "BRAIN", "CoilCombinationMethod": "Sum of Squares", "ConsistencyInfo": "N4_VE11E_LATEST_20181129", "ConversionSoftware": "dcm2niix", "ConversionSoftwareVersion": "v1.0.20230411", "DerivedVendorReportedEchoSpacing": 0.000540003, "DeviceSerialNumber": "166182", "DwellTime": 3.4e-06, "EchoTime": 0.032, "EchoTrainLength": 64, "EffectiveEchoSpacing": 0.000540003, "FlipAngle": 40, "HeudiconvVersion": "0.13.1", "ImageOrientationPatientDICOM": [0.999917, 0.0119902, 0.00477519, -0.0120424, 0.999866, 0.011059], "ImageOrientationText": "Tra>Cor(0.6)>Sag(0.3)", "ImageType": ["ORIGINAL", "PRIMARY", "M", "ND", "NORM", "MOSAIC"], "ImagingFrequency": 123.256007, "InPlanePhaseEncodingDirectionDICOM": "COL", "InstitutionAddress": "PEARSE STREET .,City,District,IE,D2", "InstitutionName": "TCIN", "InstitutionalDepartmentName": "MRI", "MRAcquisitionType": "2D", "MagneticFieldStrength": 3, "Manufacturer": "Siemens", "ManufacturersModelName": "Prisma", "Modality": "MR", "MultibandAccelerationFactor": 4, "NonlinearGradientCorrection": false, "PartialFourier": 1, "PatientPosition": "HFS", "PercentPhaseFOV": 100, "PercentSampling": 100, "PhaseEncodingDirection": "j-", "PhaseEncodingSteps": 64, "PhaseResolution": 1, "PixelBandwidth": 2300, "ProcedureStepDescription": "Rhodri^Head BOLD", "ProtocolName": "cmrr_mbep2d_Pictures_AP_RDS", "PulseSequenceDetails": "%SiemensSeq%\\ep2d_bold", "ReceiveCoilActiveElements": "HC2,4,6,7;SC", "ReceiveCoilName": "SpecialPurpose_4", "ReconMatrixPE": 64, "RefLinesPE": 12, "RepetitionTime": 0.61, "SAR": 0.286677, "ScanOptions": "FS", "ScanningSequence": "EP", "SequenceName": "*epfid2d1_64", "SequenceVariant": "SK", "SeriesDescription": "cmrr_mbep2d_Pictures_AP_RDS", "SeriesNumber": 10, "ShimSetting": [-3648, -7453, 3803, 1200, 38, 124, -1, -96], "SliceThickness": 3, "SliceTiming": [0.26, 0, 0.3275, 0.065, 0.3925, 0.13, 0.4575, 0.195, 0.5225, 0.26, 0, 0.3275, 0.065, 0.3925, 0.13, 0.4575, 0.195, 0.5225, 0.26, 0, 0.3275, 0.065, 0.3925, 0.13, 0.4575, 0.195, 0.5225, 0.26, 0, 0.3275, 0.065, 0.3925, 0.13, 0.4575, 0.195, 0.5225], "SoftwareVersions": "syngo MR E11", "SpacingBetweenSlices": 3.3, "StationName": "AWP166182", "TaskName": "pictures", "TotalReadoutTime": 0.0340202, "TxRefAmp": 233.779, "dcmmeta_affine": [[-2.9997501373291016, -0.036127232015132904, 0.015318425372242928, 97.71009826660156], [-0.03597060218453407, 2.999598979949951, 0.03668142110109329, -99.9671630859375], [0.014325554482638836, -0.03317699581384659, 3.299760580062866, -99.37339782714844], [0.0, 0.0, 0.0, 1.0]], "dcmmeta_reorient_transform": [[0.0, -1.0, 0.0, 63.0], [1.0, 0.0, 0.0, 0.0], [0.0, 0.0, 1.0, 0.0], [0.0, 0.0, 0.0, 1.0]], "dcmmeta_shape": [64, 64, 36, 401], "dcmmeta_slice_dim": 2, "dcmmeta_version": 0.6, "global": {"const": {"AcquisitionMatrix": [64, 0, 0, 64], "AngioFlag": "N", "BitsAllocated": 16, "BitsStored": 12, "BodyPartExamined": "BRAIN", "Columns": 384, "EchoNumbers": 1, "EchoTime": 32.0, "EchoTrainLength": 64, "FlipAngle": 40.0, "HighBit": 11, "ImageOrientationPatient": [0.99991671287174, 0.01199020134576, 0.00477518496639, -0.0120424103625, 0.99986633051959, 0.01105899841547], "ImagePositionPatient": [-569.61374742572, -574.69870515839, -109.06395581447], "ImageType": ["ORIGINAL", "PRIMARY", "M", "ND", "NORM", "MOSAIC"], "ImagedNucleus": "1H", "ImagingFrequency": 123.256007, "InPlanePhaseEncodingDirection": "COL", "MRAcquisitionType": "2D", "MagneticFieldStrength": 3.0, "Manufacturer": "SIEMENS", "ManufacturerModelName": "Prisma", "Modality": "MR", "NumberOfAverages": 1.0, "NumberOfPhaseEncodingSteps": 64, "PercentPhaseFieldOfView": 100.0, "PercentSampling": 100.0, "PerformedProcedureStepStartTime": "100835.772000", "PhotometricInterpretation": "MONOCHROME2", "PixelBandwidth": 2300.0, "PixelRepresentation": 0, "PixelSpacing": [3.0, 3.0], "ProtocolName": "cmrr_mbep2d_Pictures_AP_RDS", "RepetitionTime": 610.0, "Rows": 384, "SAR": 0.28667713777657, "SamplesPerPixel": 1, "ScanOptions": "FS", "ScanningSequence": "EP", "SequenceName": "*epfid2d1_64", "SequenceVariant": "SK", "SeriesDescription": "cmrr_mbep2d_Pictures_AP_RDS", "SeriesNumber": 10, "SeriesTime": "104431.404000", "SliceLocation": -100.02381524383, "SliceThickness": 3.0, "SmallestImagePixelValue": 0, "SoftwareVersions": "syngo MR E11", "SpacingBetweenSlices": 3.2999999216892, "SpecificCharacterSet": "ISO_IR 100", "StudyID": "2", "StudyTime": "100835.726000", "TransmitCoilName": "Body", "VariableFlipAngleFlag": "N", "WindowCenterWidthExplanation": "Algo1"}, "slices": {}}, "time": {"samples": {"AcquisitionNumber": [1, 2, 3, 4, 5, 6, 7, 8, 9, 10, 11, 12, 13, 14, 15, 16, 17, 18, 19, 20, 21, 22, 23, 24, 25, 26, 27, 28, 29, 30, 31, 32, 33, 34, 35, 36, 37, 38, 39, 40, 41, 42, 43, 44, 45, 46, 47, 48, 49, 50, 51, 52, 53, 54, 55, 56, 57, 58, 59, 60, 61, 62, 63, 64, 65, 66, 67, 68, 69, 70, 71, 72, 73, 74, 75, 76, 77, 78, 79, 80, 81, 82, 83, 84, 85, 86, 87, 88, 89, 90, 91, 92, 93, 94, 95, 96, 97, 98, 99, 100, 101, 102, 103, 104, 105, 106, 107, 108, 109, 110, 111, 112, 113, 114, 115, 116, 117, 118, 119, 120, 121, 122, 123, 124, 125, 126, 127, 128, 129, 130, 131, 132, 133, 134, 135, 136, 137, 138, 139, 140, 141, 142, 143, 144, 145, 146, 147, 148, 149, 150, 151, 152, 153, 154, 155, 156, 157, 158, 159, 160, 161, 162, 163, 164, 165, 166, 167, 168, 169, 170, 171, 172, 173, 174, 175, 176, 177, 178, 179, 180, 181, 182, 183, 184, 185, 186, 187, 188, 189, 190, 191, 192, 193, 194, 195, 196, 197, 198, 199, 200, 201, 202, 203, 204, 205, 206, 207, 208, 209, 210, 211, 212, 213, 214, 215, 216, 217, 218, 219, 220, 221, 222, 223, 224, 225, 226, 227, 228, 229, 230, 231, 232, 233, 234, 235, 236, 237, 238, 239, 240, 241, 242, 243, 244, 245, 246, 247, 248, 249, 250, 251, 252, 253, 254, 255, 256, 257, 258, 259, 260, 261, 262, 263, 264, 265, 266, 267, 268, 269, 270, 271, 272, 273, 274, 275, 276, 277, 278, 279, 280, 281, 282, 283, 284, 285, 286, 287, 288, 289, 290, 291, 292, 293, 294, 295, 296, 297, 298, 299, 300, 301, 302, 303, 304, 305, 306, 307, 308, 309, 310, 311, 312, 313, 314, 315, 316, 317, 318, 319, 320, 321, 322, 323, 324, 325, 326, 327, 328, 329, 330, 331, 332, 333, 334, 335, 336, 337, 338, 339, 340, 341, 342, 343, 344, 345, 346, 347, 348, 349, 350, 351, 352, 353, 354, 355, 356, 357, 358, 359, 360, 361, 362, 363, 364, 365, 366, 367, 368, 369, 370, 371, 372, 373, 374, 375, 376, 377, 378, 379, 380, 381, 382, 383, 384, 385, 386, 387, 388, 389, 390, 391, 392, 393, 394, 395, 396, 397, 398, 399, 400, 401], "AcquisitionTime": ["104358.722500", "104359.332500", "104359.942500", "104400.552500", "104401.162500", "104401.772500", "104402.382500", "104402.992500", "104403.602500", "104404.212500", "104404.822500", "104405.432500", "104406.042500", "104406.652500", "104407.262500", "104407.872500", "104408.482500", "104409.092500", "104409.702500", "104410.312500", "104410.922500", "104411.532500", "104412.142500", "104412.752500", "104413.362500", "104413.972500", "104414.582500", "104415.192500", "104415.802500", "104416.412500", "104417.022500", "104417.632500", "104418.242500", "104418.852500", "104419.462500", "104420.072500", "104420.682500", "104421.292500", "104421.902500", "104422.512500", "104423.122500", "104423.732500", "104424.342500", "104424.952500", "104425.562500", "104426.172500", "104426.782500", "104427.392500", "104428.002500", "104428.612500", "104429.222500", "104429.832500", "104430.442500", "104431.052500", "104431.662500", "104432.272500", "104432.882500", "104433.492500", "104434.102500", "104434.712500", "104435.322500", "104435.932500", "104436.542500", "104437.152500", "104437.762500", "104438.372500", "104438.982500", "104439.592500", "104440.202500", "104440.812500", "104441.422500", "104442.032500", "104442.642500", "104443.252500", "104443.862500", "104444.472500", "104445.082500", "104445.692500", "104446.302500", "104446.912500", "104447.522500", "104448.132500", "104448.742500", "104449.352500", "104449.962500", "104450.572500", "104451.182500", "104451.792500", "104452.402500", "104453.012500", "104453.622500", "104454.232500", "104454.842500", "104455.452500", "104456.062500", "104456.672500", "104457.282500", "104457.892500", "104458.502500", "104459.112500", "104459.722500", "104500.332500", "104500.942500", "104501.552500", "104502.162500", "104502.772500", "104503.382500", "104503.992500", "104504.602500", "104505.212500", "104505.822500", "104506.432500", "104507.042500", "104507.652500", "104508.262500", "104508.872500", "104509.482500", "104510.092500", "104510.702500", "104511.312500", "104511.922500", "104512.532500", "104513.142500", "104513.752500", "104514.362500", "104514.972500", "104515.582500", "104516.192500", "104516.802500", "104517.412500", "104518.022500", "104518.632500", "104519.242500", "104519.852500", "104520.462500", "104521.072500", "104521.682500", "104522.292500", "104522.902500", "104523.512500", "104524.122500", "104524.732500", "104525.342500", "104525.952500", "104526.562500", "104527.172500", "104527.782500", "104528.392500", "104529.002500", "104529.612500", "104530.222500", "104530.832500", "104531.442500", "104532.052500", "104532.662500", "104533.272500", "104533.882500", "104534.492500", "104535.102500", "104535.712500", "104536.322500", "104536.932500", "104537.542500", "104538.152500", "104538.762500", "104539.372500", "104539.982500", "104540.592500", "104541.202500", "104541.812500", "104542.422500", "104543.032500", "104543.642500", "104544.252500", "104544.862500", "104545.472500", "104546.082500", "104546.692500", "104547.302500", "104547.912500", "104548.522500", "104549.132500", "104549.742500", "104550.352500", "104550.962500", "104551.572500", "104552.182500", "104552.792500", "104553.402500", "104554.012500", "104554.622500", "104555.232500", "104555.842500", "104556.452500", "104557.062500", "104557.672500", "104558.282500", "104558.892500", "104559.502500", "104600.112500", "104600.722500", "104601.332500", "104601.942500", "104602.552500", "104603.162500", "104603.772500", "104604.382500", "104604.992500", "104605.602500", "104606.212500", "104606.822500", "104607.432500", "104608.042500", "104608.652500", "104609.262500", "104609.872500", "104610.482500", "104611.092500", "104611.702500", "104612.312500", "104612.922500", "104613.532500", "104614.142500", "104614.752500", "104615.362500", "104615.972500", "104616.582500", "104617.192500", "104617.802500", "104618.412500", "104619.022500", "104619.632500", "104620.242500", "104620.852500", "104621.462500", "104622.072500", "104622.682500", "104623.292500", "104623.902500", "104624.512500", "104625.122500", "104625.732500", "104626.342500", "104626.952500", "104627.562500", "104628.172500", "104628.782500", "104629.392500", "104630.002500", "104630.612500", "104631.222500", "104631.832500", "104632.442500", "104633.052500", "104633.662500", "104634.272500", "104634.882500", "104635.492500", "104636.102500", "104636.712500", "104637.322500", "104637.932500", "104638.542500", "104639.152500", "104639.762500", "104640.372500", "104640.982500", "104641.592500", "104642.202500", "104642.812500", "104643.422500", "104644.032500", "104644.642500", "104645.252500", "104645.862500", "104646.472500", "104647.082500", "104647.692500", "104648.302500", "104648.912500", "104649.522500", "104650.132500", "104650.742500", "104651.352500", "104651.962500", "104652.572500", "104653.182500", "104653.792500", "104654.402500", "104655.012500", "104655.622500", "104656.232500", "104656.842500", "104657.452500", "104658.062500", "104658.672500", "104659.282500", "104659.892500", "104700.502500", "104701.112500", "104701.722500", "104702.332500", "104702.942500", "104703.552500", "104704.162500", "104704.772500", "104705.382500", "104705.992500", "104706.602500", "104707.212500", "104707.822500", "104708.432500", "104709.042500", "104709.652500", "104710.262500", "104710.872500", "104711.482500", "104712.092500", "104712.702500", "104713.312500", "104713.922500", "104714.532500", "104715.142500", "104715.752500", "104716.362500", "104716.972500", "104717.582500", "104718.192500", "104718.802500", "104719.412500", "104720.022500", "104720.632500", "104721.242500", "104721.852500", "104722.462500", "104723.072500", "104723.682500", "104724.292500", "104724.902500", "104725.512500", "104726.122500", "104726.732500", "104727.342500", "104727.952500", "104728.562500", "104729.172500", "104729.782500", "104730.392500", "104731.002500", "104731.612500", "104732.222500", "104732.832500", "104733.442500", "104734.052500", "104734.662500", "104735.272500", "104735.882500", "104736.492500", "104737.102500", "104737.712500", "104738.322500", "104738.932500", "104739.542500", "104740.152500", "104740.762500", "104741.372500", "104741.982500", "104742.592500", "104743.202500", "104743.812500", "104744.422500", "104745.032500", "104745.642500", "104746.252500", "104746.862500", "104747.472500", "104748.082500", "104748.692500", "104749.302500", "104749.912500", "104750.522500", "104751.132500", "104751.742500", "104752.352500", "104752.962500", "104753.572500", "104754.182500", "104754.792500", "104755.402500", "104756.012500", "104756.622500", "104757.232500", "104757.842500", "104758.452500", "104759.062500", "104759.672500", "104800.282500", "104800.892500", "104801.502500", "104802.112500", "104802.722500"], "ContentTime": ["104431.407000", "104431.410000", "104431.412000", "104431.415000", "104431.417000", "104431.421000", "104431.423000", "104431.426000", "104431.428000", "104431.430000", "104431.433000", "104431.435000", "104431.437000", "104431.440000", "104431.442000", "104431.444000", "104431.447000", "104431.449000", "104431.451000", "104431.454000", "104431.456000", "104431.458000", "104431.461000", "104431.463000", "104431.466000", "104431.468000", "104431.470000", "104431.473000", "104431.475000", "104431.477000", "104431.484000", "104431.486000", "104431.489000", "104431.491000", "104431.493000", "104431.496000", "104431.498000", "104431.500000", "104431.503000", "104431.505000", "104431.508000", "104431.510000", "104431.512000", "104431.515000", "104431.517000", "104431.519000", "104431.522000", "104431.524000", "104431.526000", "104431.529000", "104431.531000", "104431.533000", "104451.403000", "104451.406000", "104451.408000", "104451.410000", "104451.413000", "104451.415000", "104451.417000", "104451.420000", "104451.422000", "104451.424000", "104451.427000", "104451.429000", "104451.431000", "104451.434000", "104451.436000", "104451.438000", "104451.441000", "104451.443000", "104451.445000", "104451.448000", "104451.450000", "104451.452000", "104451.455000", "104451.457000", "104451.489000", "104451.492000", "104451.494000", "104451.496000", "104451.499000", "104451.501000", "104451.503000", "104451.506000", "104451.508000", "104511.403000", "104511.406000", "104511.408000", "104511.411000", "104511.413000", "104511.415000", "104511.418000", "104511.420000", "104511.422000", "104511.425000", "104511.427000", "104511.430000", "104511.432000", "104511.446000", "104511.448000", "104511.450000", "104511.453000", "104511.455000", "104511.457000", "104511.459000", "104511.462000", "104511.464000", "104511.466000", "104511.469000", "104511.471000", "104511.473000", "104511.476000", "104511.478000", "104511.481000", "104511.483000", "104511.485000", "104511.488000", "104531.403000", "104531.406000", "104531.408000", "104531.410000", "104531.413000", "104531.416000", "104531.418000", "104531.421000", "104531.423000", "104531.425000", "104531.428000", "104531.430000", "104531.432000", "104531.435000", "104531.437000", "104531.439000", "104531.442000", "104531.444000", "104531.446000", "104531.449000", "104531.451000", "104531.454000", "104531.456000", "104531.458000", "104531.461000", "104531.463000", "104531.465000", "104531.468000", "104531.470000", "104531.473000", "104531.475000", "104531.477000", "104531.480000", "104551.403000", "104551.406000", "104551.408000", "104551.411000", "104551.413000", "104551.416000", "104551.418000", "104551.420000", "104551.423000", "104551.425000", "104551.427000", "104551.430000", "104551.432000", "104551.434000", "104551.437000", "104551.439000", "104551.441000", "104551.444000", "104551.446000", "104551.448000", "104551.451000", "104551.453000", "104551.455000", "104551.458000", "104551.460000", "104551.462000", "104551.473000", "104551.475000", "104551.478000", "104551.480000", "104551.482000", "104551.485000", "104551.487000", "104611.403000", "104611.406000", "104611.408000", "104611.410000", "104611.413000", "104611.415000", "104611.417000", "104611.420000", "104611.422000", "104611.424000", "104611.427000", "104611.429000", "104611.431000", "104611.434000", "104611.436000", "104611.439000", "104611.441000", "104611.443000", "104611.446000", "104611.448000", "104611.450000", "104611.453000", "104611.455000", "104611.457000", "104611.460000", "104611.462000", "104611.464000", "104611.467000", "104611.469000", "104611.471000", "104611.474000", "104611.476000", "104611.479000", "104631.403000", "104631.406000", "104631.408000", "104631.410000", "104631.413000", "104631.415000", "104631.417000", "104631.420000", "104631.422000", "104631.425000", "104631.427000", "104631.429000", "104631.432000", "104631.434000", "104631.436000", "104631.438000", "104631.441000", "104631.443000", "104631.445000", "104631.448000", "104631.450000", "104631.453000", "104631.455000", "104631.457000", "104631.460000", "104631.462000", "104631.464000", "104631.479000", "104631.481000", "104631.483000", "104631.486000", "104631.488000", "104631.490000", "104651.402000", "104651.405000", "104651.407000", "104651.410000", "104651.412000", "104651.414000", "104651.417000", "104651.419000", "104651.421000", "104651.424000", "104651.426000", "104651.428000", "104651.431000", "104651.433000", "104651.435000", "104651.438000", "104651.440000", "104651.442000", "104651.445000", "104651.447000", "104651.450000", "104651.452000", "104651.454000", "104651.457000", "104651.459000", "104651.461000", "104651.464000", "104651.466000", "104651.468000", "104651.471000", "104651.473000", "104651.476000", "104711.403000", "104711.406000", "104711.408000", "104711.410000", "104711.413000", "104711.415000", "104711.417000", "104711.420000", "104711.422000", "104711.424000", "104711.427000", "104711.429000", "104711.432000", "104711.434000", "104711.436000", "104711.439000", "104711.441000", "104711.443000", "104711.446000", "104711.448000", "104711.450000", "104711.453000", "104711.456000", "104711.458000", "104711.461000", "104711.463000", "104711.465000", "104711.468000", "104711.470000", "104711.472000", "104711.475000", "104711.477000", "104711.479000", "104731.403000", "104731.406000", "104731.408000", "104731.411000", "104731.413000", "104731.415000", "104731.418000", "104731.420000", "104731.422000", "104731.425000", "104731.427000", "104731.429000", "104731.432000", "104731.434000", "104731.436000", "104731.439000", "104731.441000", "104731.444000", "104731.446000", "104731.448000", "104731.451000", "104731.453000", "104731.455000", "104731.458000", "104731.460000", "104731.462000", "104731.465000", "104731.467000", "104731.469000", "104731.472000", "104731.474000", "104731.477000", "104731.479000", "104751.403000", "104751.406000", "104751.408000", "104751.410000", "104751.413000", "104751.415000", "104751.418000", "104751.420000", "104751.422000", "104751.425000", "104751.427000", "104751.429000", "104751.432000", "104751.434000", "104751.436000", "104751.439000", "104751.441000", "104751.444000", "104751.446000", "104751.448000", "104751.451000", "104751.453000", "104751.455000", "104751.458000", "104751.460000", "104751.462000", "104751.491000", "104751.494000", "104751.496000", "104751.498000", "104751.501000", "104751.503000", "104751.506000", "104804.852000", "104804.854000", "104804.857000", "104804.859000", "104804.861000", "104804.864000", "104804.866000", "104804.869000", "104804.871000", "104804.873000", "104804.876000", "104804.878000", "104804.881000", "104804.883000", "104804.886000", "104804.888000", "104804.890000", "104804.895000", "104804.898000", "104804.901000", "104804.904000"], "InstanceCreationTime": ["104431.407000", "104431.410000", "104431.412000", "104431.415000", "104431.417000", "104431.421000", "104431.423000", "104431.426000", "104431.428000", "104431.430000", "104431.433000", "104431.435000", "104431.437000", "104431.440000", "104431.442000", "104431.444000", "104431.447000", "104431.449000", "104431.451000", "104431.454000", "104431.456000", "104431.458000", "104431.461000", "104431.463000", "104431.466000", "104431.468000", "104431.470000", "104431.473000", "104431.475000", "104431.477000", "104431.484000", "104431.486000", "104431.489000", "104431.491000", "104431.493000", "104431.496000", "104431.498000", "104431.500000", "104431.503000", "104431.505000", "104431.508000", "104431.510000", "104431.512000", "104431.515000", "104431.517000", "104431.519000", "104431.522000", "104431.524000", "104431.526000", "104431.529000", "104431.531000", "104431.533000", "104451.403000", "104451.406000", "104451.408000", "104451.410000", "104451.413000", "104451.415000", "104451.417000", "104451.420000", "104451.422000", "104451.424000", "104451.427000", "104451.429000", "104451.431000", "104451.434000", "104451.436000", "104451.438000", "104451.441000", "104451.443000", "104451.445000", "104451.448000", "104451.450000", "104451.452000", "104451.455000", "104451.457000", "104451.489000", "104451.492000", "104451.494000", "104451.496000", "104451.499000", "104451.501000", "104451.503000", "104451.506000", "104451.508000", "104511.403000", "104511.406000", "104511.408000", "104511.411000", "104511.413000", "104511.415000", "104511.418000", "104511.420000", "104511.422000", "104511.425000", "104511.427000", "104511.430000", "104511.432000", "104511.446000", "104511.448000", "104511.450000", "104511.453000", "104511.455000", "104511.457000", "104511.459000", "104511.462000", "104511.464000", "104511.466000", "104511.469000", "104511.471000", "104511.473000", "104511.476000", "104511.478000", "104511.481000", "104511.483000", "104511.485000", "104511.488000", "104531.403000", "104531.406000", "104531.408000", "104531.410000", "104531.413000", "104531.416000", "104531.418000", "104531.421000", "104531.423000", "104531.425000", "104531.428000", "104531.430000", "104531.432000", "104531.435000", "104531.437000", "104531.439000", "104531.442000", "104531.444000", "104531.446000", "104531.449000", "104531.451000", "104531.454000", "104531.456000", "104531.458000", "104531.461000", "104531.463000", "104531.465000", "104531.468000", "104531.470000", "104531.473000", "104531.475000", "104531.477000", "104531.480000", "104551.403000", "104551.406000", "104551.408000", "104551.411000", "104551.413000", "104551.416000", "104551.418000", "104551.420000", "104551.423000", "104551.425000", "104551.427000", "104551.430000", "104551.432000", "104551.434000", "104551.437000", "104551.439000", "104551.441000", "104551.444000", "104551.446000", "104551.448000", "104551.451000", "104551.453000", "104551.455000", "104551.458000", "104551.460000", "104551.462000", "104551.473000", "104551.475000", "104551.478000", "104551.480000", "104551.482000", "104551.485000", "104551.487000", "104611.403000", "104611.406000", "104611.408000", "104611.410000", "104611.413000", "104611.415000", "104611.417000", "104611.420000", "104611.422000", "104611.424000", "104611.427000", "104611.429000", "104611.431000", "104611.434000", "104611.436000", "104611.439000", "104611.441000", "104611.443000", "104611.446000", "104611.448000", "104611.450000", "104611.453000", "104611.455000", "104611.457000", "104611.460000", "104611.462000", "104611.464000", "104611.467000", "104611.469000", "104611.471000", "104611.474000", "104611.476000", "104611.479000", "104631.403000", "104631.406000", "104631.408000", "104631.410000", "104631.413000", "104631.415000", "104631.417000", "104631.420000", "104631.422000", "104631.425000", "104631.427000", "104631.429000", "104631.432000", "104631.434000", "104631.436000", "104631.438000", "104631.441000", "104631.443000", "104631.445000", "104631.448000", "104631.450000", "104631.453000", "104631.455000", "104631.457000", "104631.460000", "104631.462000", "104631.464000", "104631.479000", "104631.481000", "104631.483000", "104631.486000", "104631.488000", "104631.490000", "104651.402000", "104651.405000", "104651.407000", "104651.410000", "104651.412000", "104651.414000", "104651.417000", "104651.419000", "104651.421000", "104651.424000", "104651.426000", "104651.428000", "104651.431000", "104651.433000", "104651.435000", "104651.438000", "104651.440000", "104651.442000", "104651.445000", "104651.447000", "104651.450000", "104651.452000", "104651.454000", "104651.457000", "104651.459000", "104651.461000", "104651.464000", "104651.466000", "104651.468000", "104651.471000", "104651.473000", "104651.476000", "104711.403000", "104711.406000", "104711.408000", "104711.410000", "104711.413000", "104711.415000", "104711.417000", "104711.420000", "104711.422000", "104711.424000", "104711.427000", "104711.429000", "104711.432000", "104711.434000", "104711.436000", "104711.439000", "104711.441000", "104711.443000", "104711.446000", "104711.448000", "104711.450000", "104711.453000", "104711.456000", "104711.458000", "104711.461000", "104711.463000", "104711.465000", "104711.468000", "104711.470000", "104711.472000", "104711.475000", "104711.477000", "104711.479000", "104731.403000", "104731.406000", "104731.408000", "104731.411000", "104731.413000", "104731.415000", "104731.418000", "104731.420000", "104731.422000", "104731.425000", "104731.427000", "104731.429000", "104731.432000", "104731.434000", "104731.436000", "104731.439000", "104731.441000", "104731.444000", "104731.446000", "104731.448000", "104731.451000", "104731.453000", "104731.455000", "104731.458000", "104731.460000", "104731.462000", "104731.465000", "104731.467000", "104731.469000", "104731.472000", "104731.474000", "104731.477000", "104731.479000", "104751.403000", "104751.406000", "104751.408000", "104751.410000", "104751.413000", "104751.415000", "104751.418000", "104751.420000", "104751.422000", "104751.425000", "104751.427000", "104751.429000", "104751.432000", "104751.434000", "104751.436000", "104751.439000", "104751.441000", "104751.444000", "104751.446000", "104751.448000", "104751.451000", "104751.453000", "104751.455000", "104751.458000", "104751.460000", "104751.462000", "104751.491000", "104751.494000", "104751.496000", "104751.498000", "104751.501000", "104751.503000", "104751.506000", "104804.852000", "104804.854000", "104804.857000", "104804.859000", "104804.861000", "104804.864000", "104804.866000", "104804.869000", "104804.871000", "104804.873000", "104804.876000", "104804.878000", "104804.881000", "104804.883000", "104804.886000", "104804.888000", "104804.890000", "104804.895000", "104804.898000", "104804.901000", "104804.904000"], "InstanceNumber": [1, 2, 3, 4, 5, 6, 7, 8, 9, 10, 11, 12, 13, 14, 15, 16, 17, 18, 19, 20, 21, 22, 23, 24, 25, 26, 27, 28, 29, 30, 31, 32, 33, 34, 35, 36, 37, 38, 39, 40, 41, 42, 43, 44, 45, 46, 47, 48, 49, 50, 51, 52, 53, 54, 55, 56, 57, 58, 59, 60, 61, 62, 63, 64, 65, 66, 67, 68, 69, 70, 71, 72, 73, 74, 75, 76, 77, 78, 79, 80, 81, 82, 83, 84, 85, 86, 87, 88, 89, 90, 91, 92, 93, 94, 95, 96, 97, 98, 99, 100, 101, 102, 103, 104, 105, 106, 107, 108, 109, 110, 111, 112, 113, 114, 115, 116, 117, 118, 119, 120, 121, 122, 123, 124, 125, 126, 127, 128, 129, 130, 131, 132, 133, 134, 135, 136, 137, 138, 139, 140, 141, 142, 143, 144, 145, 146, 147, 148, 149, 150, 151, 152, 153, 154, 155, 156, 157, 158, 159, 160, 161, 162, 163, 164, 165, 166, 167, 168, 169, 170, 171, 172, 173, 174, 175, 176, 177, 178, 179, 180, 181, 182, 183, 184, 185, 186, 187, 188, 189, 190, 191, 192, 193, 194, 195, 196, 197, 198, 199, 200, 201, 202, 203, 204, 205, 206, 207, 208, 209, 210, 211, 212, 213, 214, 215, 216, 217, 218, 219, 220, 221, 222, 223, 224, 225, 226, 227, 228, 229, 230, 231, 232, 233, 234, 235, 236, 237, 238, 239, 240, 241, 242, 243, 244, 245, 246, 247, 248, 249, 250, 251, 252, 253, 254, 255, 256, 257, 258, 259, 260, 261, 262, 263, 264, 265, 266, 267, 268, 269, 270, 271, 272, 273, 274, 275, 276, 277, 278, 279, 280, 281, 282, 283, 284, 285, 286, 287, 288, 289, 290, 291, 292, 293, 294, 295, 296, 297, 298, 299, 300, 301, 302, 303, 304, 305, 306, 307, 308, 309, 310, 311, 312, 313, 314, 315, 316, 317, 318, 319, 320, 321, 322, 323, 324, 325, 326, 327, 328, 329, 330, 331, 332, 333, 334, 335, 336, 337, 338, 339, 340, 341, 342, 343, 344, 345, 346, 347, 348, 349, 350, 351, 352, 353, 354, 355, 356, 357, 358, 359, 360, 361, 362, 363, 364, 365, 366, 367, 368, 369, 370, 371, 372, 373, 374, 375, 376, 377, 378, 379, 380, 381, 382, 383, 384, 385, 386, 387, 388, 389, 390, 391, 392, 393, 394, 395, 396, 397, 398, 399, 400, 401], "LargestImagePixelValue": [462, 462, 457, 460, 458, 454, 454, 464, 461, 462, 463, 459, 459, 458, 456, 461, 458, 455, 459, 458, 454, 455, 455, 461, 459, 460, 461, 461, 462, 454, 454, 458, 453, 455, 465, 457, 459, 456, 456, 459, 456, 460, 457, 455, 458, 460, 457, 452, 455, 454, 453, 452, 453, 453, 456, 453, 455, 454, 460, 460, 463, 457, 449, 482, 480, 460, 457, 460, 452, 454, 450, 452, 459, 470, 459, 457, 459, 447, 499, 466, 469, 473, 462, 456, 451, 454, 454, 463, 460, 456, 460, 456, 459, 461, 457, 454, 451, 451, 451, 459, 461, 457, 462, 465, 458, 463, 458, 471, 450, 459, 464, 459, 456, 457, 456, 455, 452, 455, 454, 454, 454, 451, 450, 453, 455, 454, 454, 453, 450, 453, 453, 451, 455, 451, 458, 460, 451, 456, 457, 454, 456, 453, 453, 454, 454, 459, 457, 452, 455, 454, 456, 458, 453, 454, 455, 452, 453, 453, 448, 452, 454, 453, 454, 448, 451, 452, 452, 452, 451, 454, 451, 451, 451, 450, 452, 449, 457, 459, 460, 458, 459, 456, 461, 457, 459, 459, 457, 455, 460, 454, 457, 457, 456, 456, 456, 456, 459, 466, 457, 455, 456, 456, 452, 460, 458, 456, 457, 455, 456, 454, 455, 457, 458, 451, 453, 455, 454, 455, 457, 458, 458, 455, 462, 454, 457, 456, 456, 455, 456, 459, 452, 458, 453, 458, 452, 454, 453, 453, 462, 452, 452, 450, 451, 454, 455, 450, 450, 452, 453, 450, 450, 453, 444, 449, 450, 450, 452, 448, 452, 453, 450, 455, 452, 451, 454, 451, 450, 452, 453, 457, 449, 459, 454, 455, 447, 453, 445, 450, 451, 452, 446, 448, 447, 445, 448, 450, 445, 445, 449, 448, 445, 445, 447, 448, 448, 448, 446, 448, 444, 449, 446, 446, 450, 448, 448, 446, 450, 442, 447, 450, 446, 450, 452, 446, 454, 450, 452, 454, 449, 451, 455, 450, 451, 446, 460, 456, 452, 449, 452, 449, 449, 452, 447, 454, 447, 450, 453, 448, 451, 450, 448, 448, 447, 447, 450, 448, 455, 448, 454, 451, 448, 456, 447, 450, 453, 450, 456, 448, 452, 454, 451, 452, 450, 454, 455, 448, 454, 453, 455, 455, 447, 454, 451, 451, 452, 459, 456, 455, 459, 451, 455, 450, 454, 448, 455, 451, 455, 453, 458, 453, 451, 450, 450, 450, 452, 449, 454, 450, 447, 450, 447], "WindowCenter": [283.0, 282.0, 280.0, 280.0, 279.0, 279.0, 279.0, 279.0, 278.0, 279.0, 279.0, 279.0, 278.0, 280.0, 279.0, 278.0, 278.0, 278.0, 279.0, 278.0, 278.0, 278.0, 277.0, 278.0, 278.0, 279.0, 279.0, 279.0, 279.0, 278.0, 278.0, 279.0, 279.0, 279.0, 279.0, 280.0, 279.0, 279.0, 279.0, 280.0, 279.0, 279.0, 279.0, 279.0, 278.0, 279.0, 279.0, 279.0, 279.0, 279.0, 279.0, 278.0, 279.0, 279.0, 278.0, 278.0, 278.0, 279.0, 279.0, 279.0, 278.0, 278.0, 276.0, 282.0, 281.0, 279.0, 278.0, 278.0, 278.0, 278.0, 279.0, 279.0, 279.0, 280.0, 280.0, 279.0, 278.0, 278.0, 280.0, 279.0, 279.0, 280.0, 279.0, 279.0, 279.0, 279.0, 278.0, 278.0, 279.0, 280.0, 279.0, 279.0, 280.0, 280.0, 279.0, 279.0, 279.0, 279.0, 278.0, 278.0, 278.0, 279.0, 278.0, 278.0, 278.0, 278.0, 278.0, 281.0, 279.0, 279.0, 280.0, 278.0, 279.0, 278.0, 278.0, 278.0, 279.0, 279.0, 279.0, 279.0, 279.0, 279.0, 279.0, 278.0, 278.0, 279.0, 278.0, 277.0, 277.0, 277.0, 277.0, 278.0, 277.0, 277.0, 278.0, 279.0, 278.0, 279.0, 278.0, 278.0, 278.0, 279.0, 278.0, 279.0, 278.0, 279.0, 279.0, 279.0, 279.0, 279.0, 279.0, 279.0, 279.0, 278.0, 278.0, 277.0, 277.0, 277.0, 276.0, 277.0, 277.0, 277.0, 277.0, 277.0, 277.0, 277.0, 277.0, 277.0, 277.0, 277.0, 277.0, 278.0, 278.0, 278.0, 277.0, 276.0, 277.0, 278.0, 279.0, 278.0, 279.0, 278.0, 278.0, 277.0, 278.0, 278.0, 279.0, 278.0, 279.0, 278.0, 278.0, 278.0, 278.0, 279.0, 279.0, 279.0, 279.0, 279.0, 279.0, 279.0, 279.0, 279.0, 279.0, 279.0, 279.0, 279.0, 279.0, 279.0, 279.0, 279.0, 279.0, 279.0, 278.0, 279.0, 278.0, 279.0, 279.0, 278.0, 279.0, 279.0, 279.0, 279.0, 279.0, 279.0, 279.0, 279.0, 279.0, 279.0, 278.0, 279.0, 279.0, 278.0, 279.0, 278.0, 278.0, 279.0, 279.0, 279.0, 279.0, 278.0, 278.0, 278.0, 278.0, 279.0, 278.0, 277.0, 278.0, 277.0, 278.0, 278.0, 277.0, 278.0, 277.0, 277.0, 278.0, 278.0, 279.0, 278.0, 278.0, 278.0, 278.0, 277.0, 277.0, 277.0, 277.0, 278.0, 277.0, 278.0, 278.0, 279.0, 279.0, 279.0, 279.0, 280.0, 279.0, 280.0, 279.0, 279.0, 280.0, 279.0, 279.0, 279.0, 279.0, 278.0, 279.0, 278.0, 278.0, 278.0, 277.0, 277.0, 277.0, 277.0, 277.0, 276.0, 277.0, 276.0, 277.0, 277.0, 277.0, 277.0, 277.0, 277.0, 277.0, 277.0, 277.0, 277.0, 278.0, 277.0, 277.0, 278.0, 277.0, 278.0, 278.0, 278.0, 278.0, 279.0, 279.0, 279.0, 278.0, 279.0, 279.0, 279.0, 279.0, 279.0, 280.0, 280.0, 280.0, 279.0, 279.0, 279.0, 278.0, 279.0, 278.0, 278.0, 278.0, 278.0, 278.0, 278.0, 278.0, 278.0, 278.0, 277.0, 278.0, 278.0, 278.0, 277.0, 278.0, 278.0, 278.0, 278.0, 278.0, 278.0, 278.0, 279.0, 278.0, 279.0, 278.0, 278.0, 278.0, 279.0, 278.0, 279.0, 279.0, 279.0, 278.0, 278.0, 279.0, 279.0, 279.0, 279.0, 278.0, 279.0, 279.0, 279.0, 279.0, 280.0, 280.0, 279.0, 279.0, 278.0, 280.0, 280.0, 280.0, 280.0, 280.0, 280.0, 280.0, 280.0, 280.0, 280.0, 280.0, 279.0, 279.0, 279.0, 278.0, 277.0, 278.0, 277.0, 276.0, 277.0, 276.0], "WindowWidth": [618.0, 614.0, 612.0, 612.0, 609.0, 608.0, 608.0, 608.0, 608.0, 609.0, 609.0, 609.0, 608.0, 610.0, 608.0, 608.0, 607.0, 608.0, 608.0, 607.0, 607.0, 607.0, 606.0, 607.0, 607.0, 608.0, 610.0, 610.0, 609.0, 608.0, 608.0, 610.0, 609.0, 610.0, 610.0, 611.0, 610.0, 610.0, 610.0, 612.0, 610.0, 610.0, 610.0, 608.0, 608.0, 609.0, 608.0, 609.0, 608.0, 608.0, 608.0, 607.0, 608.0, 609.0, 608.0, 607.0, 607.0, 608.0, 608.0, 609.0, 607.0, 607.0, 604.0, 614.0, 613.0, 609.0, 607.0, 607.0, 608.0, 608.0, 609.0, 608.0, 610.0, 611.0, 612.0, 608.0, 607.0, 607.0, 611.0, 609.0, 609.0, 610.0, 609.0, 609.0, 609.0, 609.0, 607.0, 607.0, 609.0, 611.0, 610.0, 609.0, 611.0, 611.0, 610.0, 610.0, 610.0, 608.0, 608.0, 607.0, 608.0, 610.0, 608.0, 608.0, 608.0, 608.0, 608.0, 613.0, 610.0, 609.0, 611.0, 607.0, 608.0, 606.0, 607.0, 607.0, 608.0, 609.0, 609.0, 608.0, 609.0, 608.0, 609.0, 607.0, 607.0, 608.0, 607.0, 606.0, 606.0, 606.0, 606.0, 606.0, 605.0, 606.0, 607.0, 609.0, 607.0, 608.0, 607.0, 606.0, 607.0, 608.0, 608.0, 608.0, 607.0, 609.0, 608.0, 609.0, 609.0, 610.0, 610.0, 610.0, 609.0, 607.0, 607.0, 605.0, 606.0, 606.0, 604.0, 605.0, 605.0, 605.0, 605.0, 605.0, 605.0, 605.0, 605.0, 606.0, 606.0, 605.0, 606.0, 607.0, 607.0, 606.0, 605.0, 605.0, 606.0, 607.0, 609.0, 607.0, 608.0, 607.0, 607.0, 605.0, 607.0, 607.0, 608.0, 608.0, 608.0, 607.0, 607.0, 606.0, 607.0, 608.0, 608.0, 608.0, 609.0, 609.0, 608.0, 609.0, 608.0, 608.0, 609.0, 609.0, 608.0, 610.0, 608.0, 608.0, 610.0, 608.0, 608.0, 608.0, 608.0, 608.0, 607.0, 608.0, 608.0, 608.0, 609.0, 609.0, 608.0, 608.0, 608.0, 608.0, 608.0, 608.0, 608.0, 609.0, 608.0, 608.0, 608.0, 607.0, 608.0, 607.0, 607.0, 608.0, 608.0, 608.0, 608.0, 607.0, 607.0, 607.0, 607.0, 608.0, 607.0, 606.0, 606.0, 605.0, 606.0, 607.0, 606.0, 607.0, 606.0, 606.0, 607.0, 607.0, 608.0, 607.0, 607.0, 607.0, 606.0, 606.0, 605.0, 606.0, 606.0, 607.0, 606.0, 607.0, 607.0, 610.0, 608.0, 608.0, 610.0, 611.0, 609.0, 610.0, 609.0, 610.0, 611.0, 610.0, 609.0, 609.0, 609.0, 608.0, 609.0, 608.0, 607.0, 607.0, 606.0, 606.0, 606.0, 605.0, 606.0, 605.0, 606.0, 605.0, 606.0, 605.0, 606.0, 606.0, 605.0, 606.0, 606.0, 606.0, 606.0, 606.0, 607.0, 605.0, 605.0, 607.0, 606.0, 607.0, 607.0, 608.0, 608.0, 609.0, 609.0, 610.0, 607.0, 609.0, 609.0, 609.0, 609.0, 609.0, 610.0, 611.0, 610.0, 609.0, 609.0, 609.0, 607.0, 609.0, 607.0, 608.0, 608.0, 607.0, 607.0, 607.0, 607.0, 607.0, 607.0, 606.0, 607.0, 607.0, 607.0, 606.0, 608.0, 607.0, 607.0, 607.0, 607.0, 607.0, 607.0, 608.0, 607.0, 608.0, 607.0, 607.0, 608.0, 608.0, 607.0, 609.0, 608.0, 608.0, 608.0, 608.0, 609.0, 608.0, 609.0, 609.0, 608.0, 609.0, 608.0, 609.0, 609.0, 611.0, 610.0, 609.0, 609.0, 608.0, 612.0, 610.0, 610.0, 610.0, 611.0, 612.0, 612.0, 611.0, 612.0, 610.0, 610.0, 609.0, 609.0, 608.0, 608.0, 606.0, 607.0, 606.0, 605.0, 606.0, 604.0]}, "slices": {}}, "EventTimestamp": "10-46-44"}