{"AcquisitionMatrixPE": 64, "AcquisitionNumber": 1, "AcquisitionTime": "15:57:18.727500", "BandwidthPerPixelPhaseEncode": 28.935, "BaseResolution": 64, "BodyPartExamined": "BRAIN", "CoilCombinationMethod": "Sum of Squares", "ConsistencyInfo": "N4_VE11E_LATEST_20181129", "ConversionSoftware": "dcm2niix", "ConversionSoftwareVersion": "v1.0.20230411", "DerivedVendorReportedEchoSpacing": 0.000540003, "DeviceSerialNumber": "166182", "DwellTime": 3.4e-06, "EchoTime": 0.032, "EchoTrainLength": 64, "EffectiveEchoSpacing": 0.000540003, "FlipAngle": 40, "HeudiconvVersion": "0.13.1", "ImageOrientationPatientDICOM": [0.991211, 0.100925, -0.0855292, -0.098936, 0.994722, 0.0271931], "ImageOrientationText": "Tra>Sag(-5.0)>Cor(1.1)", "ImageType": ["ORIGINAL", "PRIMARY", "M", "ND", "NORM", "MOSAIC"], "ImagingFrequency": 123.25703, "InPlanePhaseEncodingDirectionDICOM": "COL", "InstitutionAddress": "PEARSE STREET .,City,District,IE,D2", "InstitutionName": "TCIN", "InstitutionalDepartmentName": "MRI", "MRAcquisitionType": "2D", "MagneticFieldStrength": 3, "Manufacturer": "Siemens", "ManufacturersModelName": "Prisma", "Modality": "MR", "MultibandAccelerationFactor": 4, "NonlinearGradientCorrection": false, "PartialFourier": 1, "PatientPosition": "HFS", "PercentPhaseFOV": 100, "PercentSampling": 100, "PhaseEncodingDirection": "j-", "PhaseEncodingSteps": 64, "PhaseResolution": 1, "PixelBandwidth": 2300, "ProcedureStepDescription": "Rhodri^Head BOLD", "ProtocolName": "cmrr_mbep2d_Pictures_AP_RDS", "PulseSequenceDetails": "%SiemensSeq%\\ep2d_bold", "ReceiveCoilActiveElements": "HC2,4,6,7;SC", "ReceiveCoilName": "SpecialPurpose_4", "ReconMatrixPE": 64, "RefLinesPE": 12, "RepetitionTime": 0.61, "SAR": 0.268695, "ScanOptions": "FS", "ScanningSequence": "EP", "SequenceName": "*epfid2d1_64", "SequenceVariant": "SK", "SeriesDescription": "cmrr_mbep2d_Pictures_AP_RDS", "SeriesNumber": 10, "ShimSetting": [-3735, -7505, 3898, 914, 82, 298, 266, -39], "SliceThickness": 3, "SliceTiming": [0.2625, 0, 0.3275, 0.065, 0.3925, 0.13, 0.4575, 0.1975, 0.525, 0.2625, 0, 0.3275, 0.065, 0.3925, 0.13, 0.4575, 0.1975, 0.525, 0.2625, 0, 0.3275, 0.065, 0.3925, 0.13, 0.4575, 0.1975, 0.525, 0.2625, 0, 0.3275, 0.065, 0.3925, 0.13, 0.4575, 0.1975, 0.525], "SoftwareVersions": "syngo MR E11", "SpacingBetweenSlices": 3.3, "StationName": "AWP166182", "TaskName": "pictures", "TotalReadoutTime": 0.0340202, "TxRefAmp": 240.263, "dcmmeta_affine": [[-2.973632574081421, -0.29680800437927246, -0.2898135781288147, 110.44953155517578], [-0.30277472734451294, 2.9841666221618652, 0.06102408096194267, -96.98524475097656], [-0.2565877139568329, -0.08157921582460403, 3.2866828441619873, -89.72525787353516], [0.0, 0.0, 0.0, 1.0]], "dcmmeta_reorient_transform": [[0.0, -1.0, 0.0, 63.0], [1.0, 0.0, 0.0, 0.0], [0.0, 0.0, 1.0, 0.0], [0.0, 0.0, 0.0, 1.0]], "dcmmeta_shape": [64, 64, 36, 510], "dcmmeta_slice_dim": 2, "dcmmeta_version": 0.6, "global": {"const": {"AcquisitionMatrix": [64, 0, 0, 64], "AngioFlag": "N", "BitsAllocated": 16, "BitsStored": 12, "BodyPartExamined": "BRAIN", "Columns": 384, "EchoNumbers": 1, "EchoTime": 32.0, "EchoTrainLength": 64, "FlipAngle": 40.0, "HighBit": 11, "ImageOrientationPatient": [0.99121083133517, 0.10092490497298, -0.0855292429525, -0.0989360032937, 0.99472217432721, 0.02719307180158], "ImagePositionPatient": [-520.04254223911, -616.92784073904, -66.863384643115], "ImageType": ["ORIGINAL", "PRIMARY", "M", "ND", "NORM", "MOSAIC"], "ImagedNucleus": "1H", "ImagingFrequency": 123.25703, "InPlanePhaseEncodingDirection": "COL", "MRAcquisitionType": "2D", "MagneticFieldStrength": 3.0, "Manufacturer": "SIEMENS", "ManufacturerModelName": "Prisma", "Modality": "MR", "NumberOfAverages": 1.0, "NumberOfPhaseEncodingSteps": 64, "PercentPhaseFieldOfView": 100.0, "PercentSampling": 100.0, "PerformedProcedureStepStartTime": "152821.974000", "PhotometricInterpretation": "MONOCHROME2", "PixelBandwidth": 2300.0, "PixelRepresentation": 0, "PixelSpacing": [3.0, 3.0], "ProtocolName": "cmrr_mbep2d_Pictures_AP_RDS", "RepetitionTime": 610.0, "Rows": 384, "SAR": 0.26869513919852, "SamplesPerPixel": 1, "ScanOptions": "FS", "ScanningSequence": "EP", "SequenceName": "*epfid2d1_64", "SequenceVariant": "SK", "SeriesDescription": "cmrr_mbep2d_Pictures_AP_RDS", "SeriesNumber": 10, "SeriesTime": "155739.519000", "SliceLocation": -100.85656621812, "SliceThickness": 3.0, "SmallestImagePixelValue": 0, "SoftwareVersions": "syngo MR E11", "SpacingBetweenSlices": 3.300000013887, "SpecificCharacterSet": "ISO_IR 100", "StudyID": "2", "StudyTime": "152821.875000", "TransmitCoilName": "Body", "VariableFlipAngleFlag": "N", "WindowCenterWidthExplanation": "Algo1"}, "slices": {}}, "time": {"samples": {"AcquisitionNumber": [1, 2, 3, 4, 5, 6, 7, 8, 9, 10, 11, 12, 13, 14, 15, 16, 17, 18, 19, 20, 21, 22, 23, 24, 25, 26, 27, 28, 29, 30, 31, 32, 33, 34, 35, 36, 37, 38, 39, 40, 41, 42, 43, 44, 45, 46, 47, 48, 49, 50, 51, 52, 53, 54, 55, 56, 57, 58, 59, 60, 61, 62, 63, 64, 65, 66, 67, 68, 69, 70, 71, 72, 73, 74, 75, 76, 77, 78, 79, 80, 81, 82, 83, 84, 85, 86, 87, 88, 89, 90, 91, 92, 93, 94, 95, 96, 97, 98, 99, 100, 101, 102, 103, 104, 105, 106, 107, 108, 109, 110, 111, 112, 113, 114, 115, 116, 117, 118, 119, 120, 121, 122, 123, 124, 125, 126, 127, 128, 129, 130, 131, 132, 133, 134, 135, 136, 137, 138, 139, 140, 141, 142, 143, 144, 145, 146, 147, 148, 149, 150, 151, 152, 153, 154, 155, 156, 157, 158, 159, 160, 161, 162, 163, 164, 165, 166, 167, 168, 169, 170, 171, 172, 173, 174, 175, 176, 177, 178, 179, 180, 181, 182, 183, 184, 185, 186, 187, 188, 189, 190, 191, 192, 193, 194, 195, 196, 197, 198, 199, 200, 201, 202, 203, 204, 205, 206, 207, 208, 209, 210, 211, 212, 213, 214, 215, 216, 217, 218, 219, 220, 221, 222, 223, 224, 225, 226, 227, 228, 229, 230, 231, 232, 233, 234, 235, 236, 237, 238, 239, 240, 241, 242, 243, 244, 245, 246, 247, 248, 249, 250, 251, 252, 253, 254, 255, 256, 257, 258, 259, 260, 261, 262, 263, 264, 265, 266, 267, 268, 269, 270, 271, 272, 273, 274, 275, 276, 277, 278, 279, 280, 281, 282, 283, 284, 285, 286, 287, 288, 289, 290, 291, 292, 293, 294, 295, 296, 297, 298, 299, 300, 301, 302, 303, 304, 305, 306, 307, 308, 309, 310, 311, 312, 313, 314, 315, 316, 317, 318, 319, 320, 321, 322, 323, 324, 325, 326, 327, 328, 329, 330, 331, 332, 333, 334, 335, 336, 337, 338, 339, 340, 341, 342, 343, 344, 345, 346, 347, 348, 349, 350, 351, 352, 353, 354, 355, 356, 357, 358, 359, 360, 361, 362, 363, 364, 365, 366, 367, 368, 369, 370, 371, 372, 373, 374, 375, 376, 377, 378, 379, 380, 381, 382, 383, 384, 385, 386, 387, 388, 389, 390, 391, 392, 393, 394, 395, 396, 397, 398, 399, 400, 401, 402, 403, 404, 405, 406, 407, 408, 409, 410, 411, 412, 413, 414, 415, 416, 417, 418, 419, 420, 421, 422, 423, 424, 425, 426, 427, 428, 429, 430, 431, 432, 433, 434, 435, 436, 437, 438, 439, 440, 441, 442, 443, 444, 445, 446, 447, 448, 449, 450, 451, 452, 453, 454, 455, 456, 457, 458, 459, 460, 461, 462, 463, 464, 465, 466, 467, 468, 469, 470, 471, 472, 473, 474, 475, 476, 477, 478, 479, 480, 481, 482, 483, 484, 485, 486, 487, 488, 489, 490, 491, 492, 493, 494, 495, 496, 497, 498, 499, 500, 501, 502, 503, 504, 505, 506, 507, 508, 509, 510], "AcquisitionTime": ["155718.727500", "155719.337500", "155719.947500", "155720.557500", "155721.167500", "155721.777500", "155722.387500", "155722.997500", "155723.607500", "155724.217500", "155724.827500", "155725.437500", "155726.047500", "155726.657500", "155727.267500", "155727.877500", "155728.487500", "155729.097500", "155729.707500", "155730.317500", "155730.927500", "155731.537500", "155732.147500", "155732.757500", "155733.367500", "155733.977500", "155734.587500", "155735.197500", "155735.807500", "155736.417500", "155737.027500", "155737.637500", "155738.247500", "155738.857500", "155739.467500", "155740.077500", "155740.687500", "155741.297500", "155741.907500", "155742.517500", "155743.127500", "155743.737500", "155744.347500", "155744.957500", "155745.567500", "155746.177500", "155746.787500", "155747.397500", "155748.007500", "155748.617500", "155749.227500", "155749.837500", "155750.447500", "155751.057500", "155751.667500", "155752.277500", "155752.887500", "155753.497500", "155754.107500", "155754.717500", "155755.327500", "155755.937500", "155756.547500", "155757.157500", "155757.767500", "155758.377500", "155758.987500", "155759.597500", "155800.207500", "155800.817500", "155801.427500", "155802.037500", "155802.647500", "155803.257500", "155803.867500", "155804.477500", "155805.087500", "155805.697500", "155806.307500", "155806.917500", "155807.527500", "155808.137500", "155808.747500", "155809.357500", "155809.967500", "155810.577500", "155811.187500", "155811.797500", "155812.407500", "155813.017500", "155813.627500", "155814.237500", "155814.847500", "155815.457500", "155816.067500", "155816.677500", "155817.287500", "155817.897500", "155818.507500", "155819.117500", "155819.727500", "155820.337500", "155820.947500", "155821.557500", "155822.167500", "155822.777500", "155823.387500", "155823.997500", "155824.607500", "155825.217500", "155825.827500", "155826.437500", "155827.047500", "155827.657500", "155828.267500", "155828.877500", "155829.487500", "155830.097500", "155830.707500", "155831.317500", "155831.927500", "155832.537500", "155833.147500", "155833.757500", "155834.367500", "155834.977500", "155835.587500", "155836.197500", "155836.807500", "155837.417500", "155838.027500", "155838.637500", "155839.247500", "155839.857500", "155840.467500", "155841.077500", "155841.687500", "155842.297500", "155842.907500", "155843.517500", "155844.127500", "155844.737500", "155845.347500", "155845.957500", "155846.567500", "155847.177500", "155847.787500", "155848.397500", "155849.007500", "155849.617500", "155850.227500", "155850.837500", "155851.447500", "155852.057500", "155852.667500", "155853.277500", "155853.887500", "155854.497500", "155855.107500", "155855.717500", "155856.327500", "155856.937500", "155857.547500", "155858.157500", "155858.767500", "155859.377500", "155859.987500", "155900.597500", "155901.207500", "155901.817500", "155902.427500", "155903.037500", "155903.647500", "155904.257500", "155904.867500", "155905.477500", "155906.087500", "155906.697500", "155907.307500", "155907.917500", "155908.527500", "155909.137500", "155909.747500", "155910.357500", "155910.967500", "155911.577500", "155912.187500", "155912.797500", "155913.407500", "155914.017500", "155914.627500", "155915.237500", "155915.847500", "155916.457500", "155917.067500", "155917.677500", "155918.287500", "155918.897500", "155919.507500", "155920.117500", "155920.727500", "155921.337500", "155921.947500", "155922.557500", "155923.167500", "155923.777500", "155924.387500", "155924.997500", "155925.607500", "155926.217500", "155926.827500", "155927.437500", "155928.047500", "155928.657500", "155929.267500", "155929.877500", "155930.487500", "155931.097500", "155931.707500", "155932.317500", "155932.927500", "155933.537500", "155934.147500", "155934.757500", "155935.367500", "155935.977500", "155936.587500", "155937.197500", "155937.807500", "155938.417500", "155939.027500", "155939.637500", "155940.247500", "155940.857500", "155941.467500", "155942.077500", "155942.687500", "155943.297500", "155943.907500", "155944.517500", "155945.127500", "155945.737500", "155946.347500", "155946.957500", "155947.567500", "155948.177500", "155948.787500", "155949.397500", "155950.007500", "155950.617500", "155951.227500", "155951.837500", "155952.447500", "155953.057500", "155953.667500", "155954.277500", "155954.887500", "155955.497500", "155956.107500", "155956.717500", "155957.327500", "155957.937500", "155958.547500", "155959.157500", "155959.767500", "160000.377500", "160000.987500", "160001.597500", "160002.207500", "160002.817500", "160003.427500", "160004.037500", "160004.647500", "160005.257500", "160005.867500", "160006.477500", "160007.087500", "160007.697500", "160008.307500", "160008.917500", "160009.527500", "160010.137500", "160010.747500", "160011.357500", "160011.967500", "160012.577500", "160013.187500", "160013.797500", "160014.407500", "160015.017500", "160015.627500", "160016.237500", "160016.847500", "160017.457500", "160018.067500", "160018.677500", "160019.287500", "160019.897500", "160020.507500", "160021.117500", "160021.727500", "160022.337500", "160022.947500", "160023.557500", "160024.167500", "160024.777500", "160025.387500", "160025.997500", "160026.607500", "160027.217500", "160027.827500", "160028.437500", "160029.047500", "160029.657500", "160030.267500", "160030.877500", "160031.487500", "160032.097500", "160032.707500", "160033.317500", "160033.927500", "160034.537500", "160035.147500", "160035.757500", "160036.367500", "160036.977500", "160037.587500", "160038.197500", "160038.807500", "160039.417500", "160040.027500", "160040.637500", "160041.247500", "160041.857500", "160042.467500", "160043.077500", "160043.687500", "160044.297500", "160044.907500", "160045.517500", "160046.127500", "160046.737500", "160047.347500", "160047.957500", "160048.567500", "160049.177500", "160049.787500", "160050.397500", "160051.007500", "160051.617500", "160052.227500", "160052.837500", "160053.447500", "160054.057500", "160054.667500", "160055.277500", "160055.887500", "160056.497500", "160057.107500", "160057.717500", "160058.327500", "160058.937500", "160059.547500", "160100.157500", "160100.767500", "160101.377500", "160101.987500", "160102.597500", "160103.207500", "160103.817500", "160104.427500", "160105.037500", "160105.647500", "160106.257500", "160106.867500", "160107.477500", "160108.087500", "160108.697500", "160109.307500", "160109.917500", "160110.527500", "160111.137500", "160111.747500", "160112.357500", "160112.967500", "160113.577500", "160114.187500", "160114.797500", "160115.407500", "160116.017500", "160116.627500", "160117.237500", "160117.847500", "160118.457500", "160119.067500", "160119.677500", "160120.287500", "160120.897500", "160121.507500", "160122.117500", "160122.727500", "160123.337500", "160123.947500", "160124.557500", "160125.167500", "160125.777500", "160126.387500", "160126.997500", "160127.607500", "160128.217500", "160128.827500", "160129.437500", "160130.047500", "160130.657500", "160131.267500", "160131.877500", "160132.487500", "160133.097500", "160133.707500", "160134.317500", "160134.927500", "160135.537500", "160136.147500", "160136.757500", "160137.367500", "160137.977500", "160138.587500", "160139.197500", "160139.807500", "160140.417500", "160141.027500", "160141.637500", "160142.247500", "160142.857500", "160143.467500", "160144.077500", "160144.687500", "160145.297500", "160145.907500", "160146.517500", "160147.127500", "160147.737500", "160148.347500", "160148.957500", "160149.567500", "160150.177500", "160150.787500", "160151.397500", "160152.007500", "160152.617500", "160153.227500", "160153.837500", "160154.447500", "160155.057500", "160155.667500", "160156.277500", "160156.887500", "160157.497500", "160158.107500", "160158.717500", "160159.327500", "160159.937500", "160200.547500", "160201.157500", "160201.767500", "160202.377500", "160202.987500", "160203.597500", "160204.207500", "160204.817500", "160205.427500", "160206.037500", "160206.647500", "160207.257500", "160207.867500", "160208.477500", "160209.087500", "160209.697500", "160210.307500", "160210.917500", "160211.527500", "160212.137500", "160212.747500", "160213.357500", "160213.967500", "160214.577500", "160215.187500", "160215.797500", "160216.407500", "160217.017500", "160217.627500", "160218.237500", "160218.847500", "160219.457500", "160220.067500", "160220.677500", "160221.287500", "160221.897500", "160222.507500", "160223.117500", "160223.727500", "160224.337500", "160224.947500", "160225.557500", "160226.167500", "160226.777500", "160227.387500", "160227.997500", "160228.607500", "160229.217500"], "ContentTime": ["155739.523000", "155739.526000", "155739.529000", "155739.531000", "155739.533000", "155739.536000", "155739.538000", "155739.541000", "155739.543000", "155739.545000", "155739.548000", "155739.550000", "155739.553000", "155739.555000", "155739.557000", "155739.560000", "155739.562000", "155739.565000", "155739.567000", "155739.569000", "155739.572000", "155739.574000", "155739.577000", "155739.579000", "155739.582000", "155739.584000", "155739.590000", "155739.592000", "155739.595000", "155739.597000", "155739.600000", "155739.602000", "155739.605000", "155739.607000", "155759.518000", "155759.521000", "155759.523000", "155759.526000", "155759.528000", "155759.538000", "155759.540000", "155759.543000", "155759.545000", "155759.547000", "155759.550000", "155759.552000", "155759.555000", "155759.557000", "155759.559000", "155759.562000", "155759.564000", "155759.567000", "155759.569000", "155759.571000", "155759.574000", "155759.576000", "155759.579000", "155759.581000", "155759.584000", "155759.586000", "155759.588000", "155759.591000", "155759.593000", "155759.595000", "155759.598000", "155759.604000", "155759.607000", "155819.518000", "155819.521000", "155819.523000", "155819.526000", "155819.529000", "155819.531000", "155819.533000", "155819.536000", "155819.538000", "155819.541000", "155819.543000", "155819.546000", "155819.548000", "155819.550000", "155819.553000", "155819.555000", "155819.558000", "155819.560000", "155819.562000", "155819.565000", "155819.567000", "155819.570000", "155819.572000", "155819.574000", "155819.577000", "155819.579000", "155819.582000", "155819.584000", "155819.586000", "155819.589000", "155819.591000", "155819.613000", "155839.518000", "155839.521000", "155839.523000", "155839.525000", "155839.528000", "155839.530000", "155839.533000", "155839.535000", "155839.538000", "155839.540000", "155839.543000", "155839.545000", "155839.548000", "155839.550000", "155839.553000", "155839.555000", "155839.558000", "155839.560000", "155839.563000", "155839.565000", "155839.567000", "155839.570000", "155839.572000", "155839.575000", "155839.577000", "155839.579000", "155839.582000", "155839.584000", "155839.587000", "155839.589000", "155839.592000", "155839.594000", "155839.600000", "155859.519000", "155859.522000", "155859.524000", "155859.527000", "155859.529000", "155859.532000", "155859.534000", "155859.536000", "155859.539000", "155859.541000", "155859.544000", "155859.546000", "155859.548000", "155859.551000", "155859.553000", "155859.555000", "155859.558000", "155859.560000", "155859.563000", "155859.565000", "155859.567000", "155859.570000", "155859.572000", "155859.575000", "155859.577000", "155859.579000", "155859.582000", "155859.584000", "155859.586000", "155859.589000", "155859.591000", "155859.593000", "155859.596000", "155919.519000", "155919.522000", "155919.524000", "155919.527000", "155919.529000", "155919.531000", "155919.534000", "155919.536000", "155919.539000", "155919.541000", "155919.544000", "155919.546000", "155919.548000", "155919.551000", "155919.553000", "155919.556000", "155919.558000", "155919.560000", "155919.563000", "155919.565000", "155919.568000", "155919.570000", "155919.572000", "155919.575000", "155919.577000", "155919.580000", "155919.582000", "155919.585000", "155919.587000", "155919.590000", "155919.592000", "155919.594000", "155919.597000", "155939.519000", "155939.522000", "155939.524000", "155939.527000", "155939.529000", "155939.531000", "155939.534000", "155939.537000", "155939.540000", "155939.542000", "155939.544000", "155939.547000", "155939.549000", "155939.552000", "155939.554000", "155939.556000", "155939.559000", "155939.561000", "155939.564000", "155939.566000", "155939.568000", "155939.571000", "155939.573000", "155939.575000", "155939.578000", "155939.580000", "155939.583000", "155939.585000", "155939.587000", "155939.590000", "155939.592000", "155939.594000", "155959.518000", "155959.521000", "155959.523000", "155959.526000", "155959.528000", "155959.530000", "155959.533000", "155959.535000", "155959.538000", "155959.540000", "155959.542000", "155959.545000", "155959.547000", "155959.550000", "155959.552000", "155959.554000", "155959.572000", "155959.575000", "155959.577000", "155959.579000", "155959.582000", "155959.584000", "155959.586000", "155959.589000", "155959.591000", "155959.594000", "155959.596000", "155959.599000", "155959.601000", "155959.603000", "155959.606000", "155959.608000", "155959.610000", "160019.519000", "160019.521000", "160019.524000", "160019.526000", "160019.528000", "160019.531000", "160019.533000", "160019.535000", "160019.538000", "160019.540000", "160019.543000", "160019.545000", "160019.547000", "160019.550000", "160019.552000", "160019.555000", "160019.557000", "160019.560000", "160019.562000", "160019.564000", "160019.567000", "160019.569000", "160019.571000", "160019.574000", "160019.576000", "160019.579000", "160019.581000", "160019.583000", "160019.586000", "160019.588000", "160019.591000", "160019.593000", "160019.595000", "160039.518000", "160039.521000", "160039.523000", "160039.526000", "160039.528000", "160039.531000", "160039.533000", "160039.535000", "160039.538000", "160039.540000", "160039.543000", "160039.545000", "160039.547000", "160039.550000", "160039.552000", "160039.555000", "160039.557000", "160039.559000", "160039.562000", "160039.564000", "160039.567000", "160039.569000", "160039.571000", "160039.574000", "160039.576000", "160039.579000", "160039.581000", "160039.583000", "160039.586000", "160039.588000", "160039.591000", "160039.593000", "160039.595000", "160059.518000", "160059.521000", "160059.523000", "160059.526000", "160059.528000", "160059.530000", "160059.533000", "160059.535000", "160059.538000", "160059.540000", "160059.542000", "160059.545000", "160059.547000", "160059.550000", "160059.552000", "160059.554000", "160059.557000", "160059.559000", "160059.562000", "160059.564000", "160059.567000", "160059.569000", "160059.571000", "160059.574000", "160059.576000", "160059.579000", "160059.581000", "160059.583000", "160059.586000", "160059.588000", "160059.600000", "160059.602000", "160059.605000", "160119.519000", "160119.522000", "160119.524000", "160119.527000", "160119.529000", "160119.531000", "160119.534000", "160119.536000", "160119.539000", "160119.541000", "160119.543000", "160119.546000", "160119.548000", "160119.556000", "160119.558000", "160119.560000", "160119.563000", "160119.565000", "160119.568000", "160119.570000", "160119.573000", "160119.575000", "160119.577000", "160119.580000", "160119.583000", "160119.585000", "160119.588000", "160119.590000", "160119.593000", "160119.595000", "160119.597000", "160119.600000", "160139.519000", "160139.522000", "160139.524000", "160139.527000", "160139.529000", "160139.532000", "160139.534000", "160139.537000", "160139.539000", "160139.542000", "160139.544000", "160139.547000", "160139.549000", "160139.553000", "160139.555000", "160139.557000", "160139.560000", "160139.562000", "160139.565000", "160139.567000", "160139.569000", "160139.572000", "160139.574000", "160139.577000", "160139.579000", "160139.581000", "160139.584000", "160139.586000", "160139.589000", "160139.591000", "160139.593000", "160139.596000", "160139.598000", "160159.519000", "160159.522000", "160159.524000", "160159.527000", "160159.529000", "160159.532000", "160159.534000", "160159.536000", "160159.539000", "160159.541000", "160159.544000", "160159.546000", "160159.549000", "160159.551000", "160159.553000", "160159.556000", "160159.558000", "160159.561000", "160159.563000", "160159.565000", "160159.568000", "160159.570000", "160159.573000", "160159.575000", "160159.578000", "160159.580000", "160159.582000", "160159.585000", "160159.587000", "160159.590000", "160159.592000", "160159.594000", "160159.597000", "160219.518000", "160219.521000", "160219.523000", "160219.526000", "160219.528000", "160219.530000", "160219.533000", "160219.535000", "160219.538000", "160219.540000", "160219.542000", "160219.545000", "160219.547000", "160219.549000", "160219.552000", "160219.554000", "160219.557000", "160219.559000", "160219.562000", "160219.564000", "160219.566000", "160219.569000", "160219.571000", "160219.574000", "160219.576000", "160219.578000", "160219.581000", "160219.583000", "160219.586000", "160219.588000", "160219.590000", "160219.593000", "160219.602000", "160229.696000", "160229.699000", "160229.715000", "160229.717000", "160229.720000", "160229.722000", "160229.724000", "160229.727000", "160229.729000", "160229.732000", "160229.734000", "160229.736000", "160229.739000", "160229.741000", "160229.744000", "160229.746000", "160229.749000"], "InstanceCreationTime": ["155739.523000", "155739.526000", "155739.529000", "155739.531000", "155739.533000", "155739.536000", "155739.538000", "155739.541000", "155739.543000", "155739.545000", "155739.548000", "155739.550000", "155739.553000", "155739.555000", "155739.557000", "155739.560000", "155739.562000", "155739.565000", "155739.567000", "155739.569000", "155739.572000", "155739.574000", "155739.577000", "155739.579000", "155739.582000", "155739.584000", "155739.590000", "155739.592000", "155739.595000", "155739.597000", "155739.600000", "155739.602000", "155739.605000", "155739.607000", "155759.518000", "155759.521000", "155759.523000", "155759.526000", "155759.528000", "155759.538000", "155759.540000", "155759.543000", "155759.545000", "155759.547000", "155759.550000", "155759.552000", "155759.555000", "155759.557000", "155759.559000", "155759.562000", "155759.564000", "155759.567000", "155759.569000", "155759.571000", "155759.574000", "155759.576000", "155759.579000", "155759.581000", "155759.584000", "155759.586000", "155759.588000", "155759.591000", "155759.593000", "155759.595000", "155759.598000", "155759.604000", "155759.607000", "155819.518000", "155819.521000", "155819.523000", "155819.526000", "155819.529000", "155819.531000", "155819.533000", "155819.536000", "155819.538000", "155819.541000", "155819.543000", "155819.546000", "155819.548000", "155819.550000", "155819.553000", "155819.555000", "155819.558000", "155819.560000", "155819.562000", "155819.565000", "155819.567000", "155819.570000", "155819.572000", "155819.574000", "155819.577000", "155819.579000", "155819.582000", "155819.584000", "155819.586000", "155819.589000", "155819.591000", "155819.613000", "155839.518000", "155839.521000", "155839.523000", "155839.525000", "155839.528000", "155839.530000", "155839.533000", "155839.535000", "155839.538000", "155839.540000", "155839.543000", "155839.545000", "155839.548000", "155839.550000", "155839.553000", "155839.555000", "155839.558000", "155839.560000", "155839.563000", "155839.565000", "155839.567000", "155839.570000", "155839.572000", "155839.575000", "155839.577000", "155839.579000", "155839.582000", "155839.584000", "155839.587000", "155839.589000", "155839.592000", "155839.594000", "155839.600000", "155859.519000", "155859.522000", "155859.524000", "155859.527000", "155859.529000", "155859.532000", "155859.534000", "155859.536000", "155859.539000", "155859.541000", "155859.544000", "155859.546000", "155859.548000", "155859.551000", "155859.553000", "155859.555000", "155859.558000", "155859.560000", "155859.563000", "155859.565000", "155859.567000", "155859.570000", "155859.572000", "155859.575000", "155859.577000", "155859.579000", "155859.582000", "155859.584000", "155859.586000", "155859.589000", "155859.591000", "155859.593000", "155859.596000", "155919.519000", "155919.522000", "155919.524000", "155919.527000", "155919.529000", "155919.531000", "155919.534000", "155919.536000", "155919.539000", "155919.541000", "155919.544000", "155919.546000", "155919.548000", "155919.551000", "155919.553000", "155919.556000", "155919.558000", "155919.560000", "155919.563000", "155919.565000", "155919.568000", "155919.570000", "155919.572000", "155919.575000", "155919.577000", "155919.580000", "155919.582000", "155919.585000", "155919.587000", "155919.590000", "155919.592000", "155919.594000", "155919.597000", "155939.519000", "155939.522000", "155939.524000", "155939.527000", "155939.529000", "155939.531000", "155939.534000", "155939.537000", "155939.540000", "155939.542000", "155939.544000", "155939.547000", "155939.549000", "155939.552000", "155939.554000", "155939.556000", "155939.559000", "155939.561000", "155939.564000", "155939.566000", "155939.568000", "155939.571000", "155939.573000", "155939.575000", "155939.578000", "155939.580000", "155939.583000", "155939.585000", "155939.587000", "155939.590000", "155939.592000", "155939.594000", "155959.518000", "155959.521000", "155959.523000", "155959.526000", "155959.528000", "155959.530000", "155959.533000", "155959.535000", "155959.538000", "155959.540000", "155959.542000", "155959.545000", "155959.547000", "155959.550000", "155959.552000", "155959.554000", "155959.572000", "155959.575000", "155959.577000", "155959.579000", "155959.582000", "155959.584000", "155959.586000", "155959.589000", "155959.591000", "155959.594000", "155959.596000", "155959.599000", "155959.601000", "155959.603000", "155959.606000", "155959.608000", "155959.610000", "160019.519000", "160019.521000", "160019.524000", "160019.526000", "160019.528000", "160019.531000", "160019.533000", "160019.535000", "160019.538000", "160019.540000", "160019.543000", "160019.545000", "160019.547000", "160019.550000", "160019.552000", "160019.555000", "160019.557000", "160019.560000", "160019.562000", "160019.564000", "160019.567000", "160019.569000", "160019.571000", "160019.574000", "160019.576000", "160019.579000", "160019.581000", "160019.583000", "160019.586000", "160019.588000", "160019.591000", "160019.593000", "160019.595000", "160039.518000", "160039.521000", "160039.523000", "160039.526000", "160039.528000", "160039.531000", "160039.533000", "160039.535000", "160039.538000", "160039.540000", "160039.543000", "160039.545000", "160039.547000", "160039.550000", "160039.552000", "160039.555000", "160039.557000", "160039.559000", "160039.562000", "160039.564000", "160039.567000", "160039.569000", "160039.571000", "160039.574000", "160039.576000", "160039.579000", "160039.581000", "160039.583000", "160039.586000", "160039.588000", "160039.591000", "160039.593000", "160039.595000", "160059.518000", "160059.521000", "160059.523000", "160059.526000", "160059.528000", "160059.530000", "160059.533000", "160059.535000", "160059.538000", "160059.540000", "160059.542000", "160059.545000", "160059.547000", "160059.550000", "160059.552000", "160059.554000", "160059.557000", "160059.559000", "160059.562000", "160059.564000", "160059.567000", "160059.569000", "160059.571000", "160059.574000", "160059.576000", "160059.579000", "160059.581000", "160059.583000", "160059.586000", "160059.588000", "160059.600000", "160059.602000", "160059.605000", "160119.519000", "160119.522000", "160119.524000", "160119.527000", "160119.529000", "160119.531000", "160119.534000", "160119.536000", "160119.539000", "160119.541000", "160119.543000", "160119.546000", "160119.548000", "160119.556000", "160119.558000", "160119.560000", "160119.563000", "160119.565000", "160119.568000", "160119.570000", "160119.573000", "160119.575000", "160119.577000", "160119.580000", "160119.583000", "160119.585000", "160119.588000", "160119.590000", "160119.593000", "160119.595000", "160119.597000", "160119.600000", "160139.519000", "160139.522000", "160139.524000", "160139.527000", "160139.529000", "160139.532000", "160139.534000", "160139.537000", "160139.539000", "160139.542000", "160139.544000", "160139.547000", "160139.549000", "160139.553000", "160139.555000", "160139.557000", "160139.560000", "160139.562000", "160139.565000", "160139.567000", "160139.569000", "160139.572000", "160139.574000", "160139.577000", "160139.579000", "160139.581000", "160139.584000", "160139.586000", "160139.589000", "160139.591000", "160139.593000", "160139.596000", "160139.598000", "160159.519000", "160159.522000", "160159.524000", "160159.527000", "160159.529000", "160159.532000", "160159.534000", "160159.536000", "160159.539000", "160159.541000", "160159.544000", "160159.546000", "160159.549000", "160159.551000", "160159.553000", "160159.556000", "160159.558000", "160159.561000", "160159.563000", "160159.565000", "160159.568000", "160159.570000", "160159.573000", "160159.575000", "160159.578000", "160159.580000", "160159.582000", "160159.585000", "160159.587000", "160159.590000", "160159.592000", "160159.594000", "160159.597000", "160219.518000", "160219.521000", "160219.523000", "160219.526000", "160219.528000", "160219.530000", "160219.533000", "160219.535000", "160219.538000", "160219.540000", "160219.542000", "160219.545000", "160219.547000", "160219.549000", "160219.552000", "160219.554000", "160219.557000", "160219.559000", "160219.562000", "160219.564000", "160219.566000", "160219.569000", "160219.571000", "160219.574000", "160219.576000", "160219.578000", "160219.581000", "160219.583000", "160219.586000", "160219.588000", "160219.590000", "160219.593000", "160219.602000", "160229.696000", "160229.699000", "160229.715000", "160229.717000", "160229.720000", "160229.722000", "160229.724000", "160229.727000", "160229.729000", "160229.732000", "160229.734000", "160229.736000", "160229.739000", "160229.741000", "160229.744000", "160229.746000", "160229.749000"], "InstanceNumber": [1, 2, 3, 4, 5, 6, 7, 8, 9, 10, 11, 12, 13, 14, 15, 16, 17, 18, 19, 20, 21, 22, 23, 24, 25, 26, 27, 28, 29, 30, 31, 32, 33, 34, 35, 36, 37, 38, 39, 40, 41, 42, 43, 44, 45, 46, 47, 48, 49, 50, 51, 52, 53, 54, 55, 56, 57, 58, 59, 60, 61, 62, 63, 64, 65, 66, 67, 68, 69, 70, 71, 72, 73, 74, 75, 76, 77, 78, 79, 80, 81, 82, 83, 84, 85, 86, 87, 88, 89, 90, 91, 92, 93, 94, 95, 96, 97, 98, 99, 100, 101, 102, 103, 104, 105, 106, 107, 108, 109, 110, 111, 112, 113, 114, 115, 116, 117, 118, 119, 120, 121, 122, 123, 124, 125, 126, 127, 128, 129, 130, 131, 132, 133, 134, 135, 136, 137, 138, 139, 140, 141, 142, 143, 144, 145, 146, 147, 148, 149, 150, 151, 152, 153, 154, 155, 156, 157, 158, 159, 160, 161, 162, 163, 164, 165, 166, 167, 168, 169, 170, 171, 172, 173, 174, 175, 176, 177, 178, 179, 180, 181, 182, 183, 184, 185, 186, 187, 188, 189, 190, 191, 192, 193, 194, 195, 196, 197, 198, 199, 200, 201, 202, 203, 204, 205, 206, 207, 208, 209, 210, 211, 212, 213, 214, 215, 216, 217, 218, 219, 220, 221, 222, 223, 224, 225, 226, 227, 228, 229, 230, 231, 232, 233, 234, 235, 236, 237, 238, 239, 240, 241, 242, 243, 244, 245, 246, 247, 248, 249, 250, 251, 252, 253, 254, 255, 256, 257, 258, 259, 260, 261, 262, 263, 264, 265, 266, 267, 268, 269, 270, 271, 272, 273, 274, 275, 276, 277, 278, 279, 280, 281, 282, 283, 284, 285, 286, 287, 288, 289, 290, 291, 292, 293, 294, 295, 296, 297, 298, 299, 300, 301, 302, 303, 304, 305, 306, 307, 308, 309, 310, 311, 312, 313, 314, 315, 316, 317, 318, 319, 320, 321, 322, 323, 324, 325, 326, 327, 328, 329, 330, 331, 332, 333, 334, 335, 336, 337, 338, 339, 340, 341, 342, 343, 344, 345, 346, 347, 348, 349, 350, 351, 352, 353, 354, 355, 356, 357, 358, 359, 360, 361, 362, 363, 364, 365, 366, 367, 368, 369, 370, 371, 372, 373, 374, 375, 376, 377, 378, 379, 380, 381, 382, 383, 384, 385, 386, 387, 388, 389, 390, 391, 392, 393, 394, 395, 396, 397, 398, 399, 400, 401, 402, 403, 404, 405, 406, 407, 408, 409, 410, 411, 412, 413, 414, 415, 416, 417, 418, 419, 420, 421, 422, 423, 424, 425, 426, 427, 428, 429, 430, 431, 432, 433, 434, 435, 436, 437, 438, 439, 440, 441, 442, 443, 444, 445, 446, 447, 448, 449, 450, 451, 452, 453, 454, 455, 456, 457, 458, 459, 460, 461, 462, 463, 464, 465, 466, 467, 468, 469, 470, 471, 472, 473, 474, 475, 476, 477, 478, 479, 480, 481, 482, 483, 484, 485, 486, 487, 488, 489, 490, 491, 492, 493, 494, 495, 496, 497, 498, 499, 500, 501, 502, 503, 504, 505, 506, 507, 508, 509, 510], "LargestImagePixelValue": [555, 529, 518, 529, 523, 519, 521, 502, 498, 491, 483, 513, 480, 477, 517, 474, 477, 475, 493, 513, 498, 490, 475, 482, 485, 496, 531, 478, 484, 512, 467, 471, 495, 483, 461, 506, 485, 516, 529, 485, 623, 513, 505, 545, 500, 592, 522, 544, 518, 490, 486, 513, 498, 481, 472, 474, 471, 464, 468, 462, 499, 482, 489, 479, 524, 478, 480, 487, 439, 487, 471, 463, 458, 485, 480, 492, 494, 468, 464, 470, 463, 459, 461, 457, 560, 494, 463, 454, 466, 498, 541, 495, 462, 456, 545, 506, 482, 484, 480, 472, 496, 459, 457, 459, 466, 459, 461, 459, 467, 472, 477, 500, 478, 527, 485, 478, 470, 472, 471, 464, 470, 473, 472, 476, 470, 478, 487, 502, 474, 476, 469, 483, 470, 474, 467, 468, 466, 488, 488, 463, 474, 468, 506, 476, 475, 477, 499, 503, 488, 466, 469, 467, 481, 487, 475, 495, 495, 473, 487, 501, 520, 518, 506, 457, 484, 497, 519, 536, 567, 531, 474, 485, 480, 454, 489, 464, 468, 462, 480, 569, 570, 598, 546, 607, 503, 480, 498, 522, 487, 462, 491, 453, 483, 479, 476, 469, 476, 470, 481, 490, 480, 476, 521, 478, 467, 464, 472, 465, 484, 487, 482, 483, 483, 478, 470, 487, 461, 474, 483, 477, 486, 485, 484, 481, 484, 482, 485, 483, 482, 486, 486, 496, 488, 466, 469, 484, 484, 502, 503, 483, 480, 478, 467, 475, 468, 510, 454, 497, 476, 470, 476, 484, 499, 474, 528, 525, 483, 627, 558, 530, 480, 496, 482, 487, 498, 497, 484, 536, 492, 569, 586, 491, 573, 509, 526, 463, 461, 482, 475, 457, 465, 479, 513, 482, 521, 551, 505, 482, 490, 477, 492, 488, 469, 470, 467, 467, 497, 475, 459, 468, 474, 455, 470, 492, 500, 529, 510, 511, 472, 474, 465, 460, 460, 460, 462, 454, 496, 506, 522, 546, 488, 523, 574, 492, 478, 443, 513, 492, 459, 453, 468, 479, 494, 464, 552, 590, 518, 523, 601, 485, 496, 471, 525, 492, 495, 496, 512, 475, 468, 488, 511, 478, 480, 479, 479, 481, 483, 483, 485, 479, 468, 474, 519, 471, 480, 509, 468, 497, 495, 472, 535, 474, 484, 484, 473, 499, 498, 498, 471, 478, 477, 472, 530, 498, 487, 489, 481, 497, 477, 486, 516, 498, 491, 492, 500, 470, 513, 489, 461, 456, 486, 514, 475, 444, 468, 494, 474, 458, 458, 471, 497, 472, 534, 559, 527, 524, 489, 519, 493, 477, 510, 491, 485, 492, 496, 485, 504, 477, 485, 472, 498, 501, 499, 487, 493, 505, 514, 502, 507, 498, 527, 492, 478, 474, 479, 479, 475, 468, 462, 467, 469, 482, 481, 476, 498, 483, 483, 474, 476, 476, 466, 498, 472, 489, 475, 468, 489, 464, 491, 488, 489, 479, 472, 476, 473, 476, 476, 469, 493, 480, 476, 488, 503, 480, 498, 491, 484, 486, 483, 477, 486, 484, 479, 482, 476, 471, 475, 476, 478, 480, 474, 480, 479, 472, 471, 511, 476, 502, 483, 482], "WindowCenter": [307.0, 306.0, 300.0, 299.0, 299.0, 299.0, 299.0, 299.0, 298.0, 298.0, 299.0, 300.0, 298.0, 297.0, 299.0, 296.0, 297.0, 296.0, 297.0, 296.0, 294.0, 298.0, 295.0, 297.0, 296.0, 295.0, 299.0, 298.0, 297.0, 299.0, 293.0, 299.0, 301.0, 300.0, 294.0, 298.0, 298.0, 299.0, 299.0, 301.0, 294.0, 303.0, 300.0, 303.0, 294.0, 295.0, 293.0, 297.0, 295.0, 297.0, 296.0, 298.0, 297.0, 296.0, 296.0, 296.0, 296.0, 296.0, 296.0, 295.0, 296.0, 299.0, 295.0, 295.0, 289.0, 289.0, 297.0, 299.0, 290.0, 305.0, 299.0, 297.0, 297.0, 289.0, 297.0, 297.0, 298.0, 298.0, 296.0, 297.0, 295.0, 295.0, 295.0, 288.0, 297.0, 302.0, 298.0, 295.0, 293.0, 296.0, 296.0, 296.0, 297.0, 295.0, 296.0, 296.0, 294.0, 294.0, 293.0, 295.0, 297.0, 296.0, 296.0, 297.0, 298.0, 299.0, 299.0, 299.0, 299.0, 297.0, 297.0, 297.0, 296.0, 297.0, 296.0, 295.0, 296.0, 296.0, 296.0, 296.0, 297.0, 297.0, 298.0, 298.0, 298.0, 297.0, 297.0, 298.0, 297.0, 297.0, 297.0, 297.0, 298.0, 298.0, 297.0, 296.0, 297.0, 299.0, 298.0, 295.0, 296.0, 297.0, 297.0, 296.0, 297.0, 296.0, 295.0, 297.0, 299.0, 298.0, 299.0, 291.0, 296.0, 299.0, 294.0, 298.0, 295.0, 297.0, 298.0, 297.0, 297.0, 299.0, 294.0, 298.0, 298.0, 296.0, 297.0, 302.0, 298.0, 298.0, 299.0, 296.0, 297.0, 298.0, 295.0, 297.0, 294.0, 295.0, 297.0, 294.0, 300.0, 298.0, 299.0, 302.0, 295.0, 292.0, 293.0, 297.0, 296.0, 297.0, 297.0, 294.0, 296.0, 298.0, 299.0, 298.0, 299.0, 298.0, 298.0, 299.0, 298.0, 298.0, 299.0, 298.0, 297.0, 297.0, 296.0, 295.0, 297.0, 296.0, 296.0, 297.0, 298.0, 298.0, 297.0, 298.0, 296.0, 299.0, 297.0, 296.0, 297.0, 297.0, 297.0, 297.0, 297.0, 297.0, 297.0, 296.0, 297.0, 297.0, 297.0, 300.0, 299.0, 298.0, 297.0, 298.0, 296.0, 297.0, 296.0, 296.0, 296.0, 297.0, 296.0, 297.0, 296.0, 296.0, 292.0, 298.0, 294.0, 294.0, 295.0, 298.0, 298.0, 294.0, 297.0, 301.0, 297.0, 299.0, 297.0, 292.0, 296.0, 295.0, 294.0, 294.0, 297.0, 296.0, 296.0, 296.0, 297.0, 296.0, 298.0, 295.0, 293.0, 293.0, 293.0, 293.0, 294.0, 294.0, 297.0, 295.0, 296.0, 297.0, 299.0, 290.0, 299.0, 300.0, 298.0, 298.0, 295.0, 296.0, 296.0, 295.0, 293.0, 294.0, 288.0, 298.0, 291.0, 300.0, 295.0, 296.0, 295.0, 290.0, 298.0, 297.0, 292.0, 295.0, 299.0, 296.0, 294.0, 292.0, 293.0, 293.0, 294.0, 295.0, 296.0, 295.0, 296.0, 295.0, 298.0, 297.0, 295.0, 296.0, 298.0, 293.0, 296.0, 284.0, 300.0, 299.0, 297.0, 299.0, 298.0, 298.0, 299.0, 295.0, 294.0, 296.0, 295.0, 296.0, 298.0, 294.0, 294.0, 294.0, 292.0, 292.0, 292.0, 294.0, 294.0, 294.0, 297.0, 297.0, 297.0, 296.0, 295.0, 298.0, 298.0, 296.0, 298.0, 295.0, 295.0, 295.0, 294.0, 294.0, 292.0, 290.0, 293.0, 296.0, 296.0, 294.0, 292.0, 292.0, 295.0, 295.0, 299.0, 294.0, 294.0, 301.0, 299.0, 298.0, 294.0, 292.0, 295.0, 292.0, 295.0, 294.0, 295.0, 294.0, 291.0, 296.0, 296.0, 293.0, 294.0, 296.0, 297.0, 295.0, 299.0, 293.0, 303.0, 297.0, 295.0, 296.0, 298.0, 295.0, 297.0, 293.0, 293.0, 297.0, 294.0, 294.0, 295.0, 295.0, 296.0, 292.0, 292.0, 301.0, 297.0, 294.0, 293.0, 295.0, 295.0, 294.0, 294.0, 295.0, 296.0, 294.0, 295.0, 293.0, 298.0, 296.0, 300.0, 294.0, 297.0, 294.0, 296.0, 295.0, 291.0, 296.0, 294.0, 298.0, 298.0, 297.0, 299.0, 298.0, 297.0, 297.0, 296.0, 297.0, 296.0, 295.0, 296.0, 295.0, 296.0, 296.0, 296.0, 296.0, 296.0, 295.0, 296.0, 296.0, 296.0, 296.0, 295.0, 297.0, 294.0, 299.0, 296.0, 292.0, 295.0, 292.0, 297.0, 295.0, 296.0, 296.0, 296.0, 296.0, 297.0, 297.0, 296.0, 296.0, 297.0, 297.0, 296.0, 297.0, 296.0, 295.0, 297.0, 297.0, 295.0, 296.0, 296.0, 295.0, 296.0, 296.0, 296.0, 297.0, 296.0, 297.0, 297.0, 297.0, 296.0, 297.0, 296.0, 297.0, 297.0, 297.0, 296.0, 297.0, 296.0, 296.0, 297.0, 295.0], "WindowWidth": [664.0, 664.0, 651.0, 649.0, 649.0, 649.0, 650.0, 649.0, 647.0, 647.0, 649.0, 652.0, 648.0, 645.0, 649.0, 644.0, 647.0, 644.0, 646.0, 642.0, 641.0, 648.0, 644.0, 645.0, 644.0, 643.0, 650.0, 648.0, 647.0, 648.0, 638.0, 649.0, 653.0, 652.0, 639.0, 649.0, 647.0, 650.0, 650.0, 653.0, 640.0, 656.0, 652.0, 658.0, 640.0, 642.0, 638.0, 645.0, 641.0, 646.0, 644.0, 648.0, 645.0, 643.0, 643.0, 643.0, 644.0, 643.0, 644.0, 642.0, 644.0, 650.0, 642.0, 642.0, 630.0, 630.0, 645.0, 648.0, 632.0, 661.0, 649.0, 645.0, 645.0, 630.0, 646.0, 646.0, 648.0, 649.0, 644.0, 645.0, 641.0, 642.0, 642.0, 629.0, 644.0, 655.0, 647.0, 642.0, 638.0, 644.0, 644.0, 644.0, 646.0, 642.0, 644.0, 643.0, 641.0, 641.0, 639.0, 642.0, 645.0, 644.0, 644.0, 645.0, 648.0, 649.0, 649.0, 649.0, 649.0, 646.0, 646.0, 646.0, 645.0, 645.0, 644.0, 642.0, 643.0, 644.0, 644.0, 645.0, 646.0, 645.0, 647.0, 647.0, 648.0, 646.0, 646.0, 647.0, 646.0, 645.0, 646.0, 646.0, 647.0, 647.0, 646.0, 645.0, 647.0, 649.0, 648.0, 643.0, 644.0, 645.0, 645.0, 644.0, 646.0, 643.0, 642.0, 646.0, 649.0, 648.0, 650.0, 635.0, 644.0, 650.0, 639.0, 648.0, 642.0, 645.0, 648.0, 647.0, 646.0, 649.0, 640.0, 648.0, 647.0, 644.0, 646.0, 655.0, 648.0, 647.0, 650.0, 644.0, 645.0, 646.0, 641.0, 645.0, 640.0, 642.0, 647.0, 641.0, 652.0, 647.0, 649.0, 655.0, 641.0, 637.0, 638.0, 645.0, 644.0, 645.0, 645.0, 639.0, 643.0, 647.0, 648.0, 648.0, 649.0, 647.0, 647.0, 648.0, 647.0, 647.0, 648.0, 647.0, 645.0, 645.0, 644.0, 641.0, 647.0, 645.0, 643.0, 645.0, 647.0, 648.0, 645.0, 648.0, 644.0, 650.0, 646.0, 644.0, 646.0, 645.0, 645.0, 645.0, 645.0, 645.0, 646.0, 643.0, 646.0, 646.0, 646.0, 650.0, 649.0, 647.0, 646.0, 648.0, 643.0, 646.0, 644.0, 644.0, 644.0, 645.0, 644.0, 645.0, 644.0, 644.0, 636.0, 649.0, 642.0, 640.0, 642.0, 647.0, 647.0, 640.0, 646.0, 652.0, 646.0, 649.0, 644.0, 636.0, 645.0, 643.0, 640.0, 639.0, 646.0, 644.0, 645.0, 644.0, 647.0, 644.0, 647.0, 642.0, 638.0, 639.0, 638.0, 639.0, 640.0, 641.0, 645.0, 643.0, 644.0, 646.0, 649.0, 632.0, 649.0, 650.0, 648.0, 648.0, 642.0, 644.0, 645.0, 642.0, 638.0, 639.0, 629.0, 648.0, 634.0, 651.0, 643.0, 644.0, 642.0, 632.0, 648.0, 646.0, 636.0, 642.0, 649.0, 643.0, 641.0, 637.0, 638.0, 638.0, 641.0, 643.0, 644.0, 641.0, 644.0, 641.0, 648.0, 645.0, 642.0, 643.0, 647.0, 639.0, 644.0, 622.0, 652.0, 649.0, 646.0, 649.0, 648.0, 648.0, 649.0, 643.0, 639.0, 643.0, 642.0, 643.0, 646.0, 640.0, 639.0, 640.0, 637.0, 637.0, 637.0, 639.0, 640.0, 640.0, 647.0, 646.0, 645.0, 644.0, 642.0, 648.0, 648.0, 644.0, 648.0, 643.0, 642.0, 642.0, 641.0, 640.0, 637.0, 633.0, 639.0, 645.0, 645.0, 641.0, 635.0, 636.0, 642.0, 643.0, 650.0, 641.0, 640.0, 653.0, 649.0, 647.0, 640.0, 638.0, 642.0, 636.0, 642.0, 641.0, 641.0, 640.0, 634.0, 645.0, 644.0, 638.0, 640.0, 644.0, 645.0, 641.0, 648.0, 638.0, 658.0, 645.0, 643.0, 643.0, 647.0, 642.0, 645.0, 638.0, 638.0, 645.0, 641.0, 641.0, 643.0, 642.0, 644.0, 637.0, 637.0, 653.0, 646.0, 639.0, 639.0, 642.0, 641.0, 640.0, 639.0, 643.0, 644.0, 640.0, 641.0, 638.0, 648.0, 643.0, 652.0, 641.0, 646.0, 640.0, 644.0, 643.0, 635.0, 644.0, 639.0, 648.0, 647.0, 647.0, 650.0, 647.0, 645.0, 645.0, 644.0, 645.0, 643.0, 643.0, 643.0, 643.0, 644.0, 644.0, 643.0, 643.0, 644.0, 642.0, 643.0, 643.0, 644.0, 645.0, 643.0, 645.0, 640.0, 651.0, 645.0, 637.0, 642.0, 638.0, 645.0, 642.0, 643.0, 644.0, 643.0, 644.0, 647.0, 645.0, 644.0, 644.0, 646.0, 646.0, 645.0, 645.0, 644.0, 643.0, 645.0, 645.0, 642.0, 643.0, 644.0, 642.0, 644.0, 643.0, 644.0, 646.0, 644.0, 645.0, 646.0, 645.0, 644.0, 645.0, 645.0, 647.0, 645.0, 645.0, 644.0, 645.0, 645.0, 644.0, 645.0, 643.0]}, "slices": {}}, "EventTimestamp": "15-59-45"}