{"AcquisitionMatrixPE": 64, "AcquisitionNumber": 1, "AcquisitionTime": "12:06:48.897500", "BandwidthPerPixelPhaseEncode": 28.935, "BaseResolution": 64, "BodyPartExamined": "BRAIN", "CoilCombinationMethod": "Sum of Squares", "ConsistencyInfo": "N4_VE11E_LATEST_20181129", "ConversionSoftware": "dcm2niix", "ConversionSoftwareVersion": "v1.0.20230411", "DerivedVendorReportedEchoSpacing": 0.000540003, "DeviceSerialNumber": "166182", "DwellTime": 3.4e-06, "EchoTime": 0.032, "EchoTrainLength": 64, "EffectiveEchoSpacing": 0.000540003, "FlipAngle": 40, "HeudiconvVersion": "0.13.1", "ImageOrientationPatientDICOM": [0.998937, -0.0162941, 0.0431182, 0.0231924, 0.986075, -0.164677], "ImageOrientationText": "Tra>Cor(-9.5)>Sag(2.3)", "ImageType": ["ORIGINAL", "PRIMARY", "M", "ND", "NORM", "MOSAIC"], "ImagingFrequency": 123.254731, "InPlanePhaseEncodingDirectionDICOM": "COL", "InstitutionAddress": "PEARSE STREET .,City,District,IE,D2", "InstitutionName": "TCIN", "InstitutionalDepartmentName": "MRI", "MRAcquisitionType": "2D", "MagneticFieldStrength": 3, "Manufacturer": "Siemens", "ManufacturersModelName": "Prisma", "Modality": "MR", "MultibandAccelerationFactor": 4, "NonlinearGradientCorrection": false, "PartialFourier": 1, "PatientPosition": "HFS", "PercentPhaseFOV": 100, "PercentSampling": 100, "PhaseEncodingDirection": "j-", "PhaseEncodingSteps": 64, "PhaseResolution": 1, "PixelBandwidth": 2300, "ProcedureStepDescription": "Rhodri^Head BOLD", "ProtocolName": "cmrr_mbep2d_Pictures_AP_RDS", "PulseSequenceDetails": "%SiemensSeq%\\ep2d_bold", "ReceiveCoilActiveElements": "HC2,4,6,7", "ReceiveCoilName": "HeadNeck_64", "ReconMatrixPE": 64, "RefLinesPE": 12, "RepetitionTime": 0.61, "SAR": 0.226111, "ScanOptions": "FS", "ScanningSequence": "EP", "SequenceName": "*epfid2d1_64", "SequenceVariant": "SK", "SeriesDescription": "cmrr_mbep2d_Pictures_AP_RDS", "SeriesNumber": 9, "ShimSetting": [-3632, -7373, 3977, 642, -19, 177, -191, -82], "SliceThickness": 3, "SliceTiming": [0.2625, 0, 0.3275, 0.065, 0.3925, 0.13, 0.4575, 0.1975, 0.525, 0.2625, 0, 0.3275, 0.065, 0.3925, 0.13, 0.4575, 0.1975, 0.525, 0.2625, 0, 0.3275, 0.065, 0.3925, 0.13, 0.4575, 0.1975, 0.525, 0.2625, 0, 0.3275, 0.065, 0.3925, 0.13, 0.4575, 0.1975, 0.525], "SoftwareVersions": "syngo MR E11", "SpacingBetweenSlices": 3.3, "StationName": "AWP166182", "TaskName": "pictures", "TotalReadoutTime": 0.0340202, "TxRefAmp": 248.641, "dcmmeta_affine": [[-2.9968113899230957, 0.06957727670669556, 0.1314537525177002, 94.92399597167969], [0.048882365226745605, 2.9582247734069824, -0.5461550354957581, -90.74088287353516], [0.12935446202754974, 0.4940296411514282, 3.251835584640503, -90.67692565917969], [0.0, 0.0, 0.0, 1.0]], "dcmmeta_reorient_transform": [[0.0, -1.0, 0.0, 63.0], [1.0, 0.0, 0.0, 0.0], [0.0, 0.0, 1.0, 0.0], [0.0, 0.0, 0.0, 1.0]], "dcmmeta_shape": [64, 64, 36, 510], "dcmmeta_slice_dim": 2, "dcmmeta_version": 0.6, "global": {"const": {"AcquisitionMatrix": [64, 0, 0, 64], "AngioFlag": "N", "BitsAllocated": 16, "BitsStored": 12, "BodyPartExamined": "BRAIN", "Columns": 384, "EchoNumbers": 1, "EchoTime": 32.0, "EchoTrainLength": 64, "FlipAngle": 40.0, "HighBit": 11, "ImageOrientationPatient": [0.99893709830428, -0.0162941215544, 0.04311815434584, 0.02319242477388, 0.98607491863377, -0.1646765504694], "ImagePositionPatient": [-589.9295379083, -561.12205704603, -1.2050277122136], "ImageType": ["ORIGINAL", "PRIMARY", "M", "ND", "NORM", "MOSAIC"], "ImagedNucleus": "1H", "ImagingFrequency": 123.254731, "InPlanePhaseEncodingDirection": "COL", "MRAcquisitionType": "2D", "MagneticFieldStrength": 3.0, "Manufacturer": "SIEMENS", "ManufacturerModelName": "Prisma", "Modality": "MR", "NumberOfAverages": 1.0, "NumberOfPhaseEncodingSteps": 64, "PercentPhaseFieldOfView": 100.0, "PercentSampling": 100.0, "PerformedProcedureStepStartTime": "115049.376000", "PhotometricInterpretation": "MONOCHROME2", "PixelBandwidth": 2300.0, "PixelRepresentation": 0, "PixelSpacing": [3.0, 3.0], "ProtocolName": "cmrr_mbep2d_Pictures_AP_RDS", "RepetitionTime": 610.0, "Rows": 384, "SAR": 0.22611090827783, "SamplesPerPixel": 1, "ScanOptions": "FS", "ScanningSequence": "EP", "SequenceName": "*epfid2d1_64", "SequenceVariant": "SK", "SeriesDescription": "cmrr_mbep2d_Pictures_AP_RDS", "SeriesNumber": 9, "SeriesTime": "120718.084000", "SliceLocation": -70.554468014585, "SliceThickness": 3.0, "SmallestImagePixelValue": 0, "SoftwareVersions": "syngo MR E11", "SpacingBetweenSlices": 3.3000000607277, "SpecificCharacterSet": "ISO_IR 100", "StudyID": "1", "StudyTime": "115049.313000", "TransmitCoilName": "Body", "VariableFlipAngleFlag": "N", "WindowCenterWidthExplanation": "Algo1"}, "slices": {}}, "time": {"samples": {"AcquisitionNumber": [1, 2, 3, 4, 5, 6, 7, 8, 9, 10, 11, 12, 13, 14, 15, 16, 17, 18, 19, 20, 21, 22, 23, 24, 25, 26, 27, 28, 29, 30, 31, 32, 33, 34, 35, 36, 37, 38, 39, 40, 41, 42, 43, 44, 45, 46, 47, 48, 49, 50, 51, 52, 53, 54, 55, 56, 57, 58, 59, 60, 61, 62, 63, 64, 65, 66, 67, 68, 69, 70, 71, 72, 73, 74, 75, 76, 77, 78, 79, 80, 81, 82, 83, 84, 85, 86, 87, 88, 89, 90, 91, 92, 93, 94, 95, 96, 97, 98, 99, 100, 101, 102, 103, 104, 105, 106, 107, 108, 109, 110, 111, 112, 113, 114, 115, 116, 117, 118, 119, 120, 121, 122, 123, 124, 125, 126, 127, 128, 129, 130, 131, 132, 133, 134, 135, 136, 137, 138, 139, 140, 141, 142, 143, 144, 145, 146, 147, 148, 149, 150, 151, 152, 153, 154, 155, 156, 157, 158, 159, 160, 161, 162, 163, 164, 165, 166, 167, 168, 169, 170, 171, 172, 173, 174, 175, 176, 177, 178, 179, 180, 181, 182, 183, 184, 185, 186, 187, 188, 189, 190, 191, 192, 193, 194, 195, 196, 197, 198, 199, 200, 201, 202, 203, 204, 205, 206, 207, 208, 209, 210, 211, 212, 213, 214, 215, 216, 217, 218, 219, 220, 221, 222, 223, 224, 225, 226, 227, 228, 229, 230, 231, 232, 233, 234, 235, 236, 237, 238, 239, 240, 241, 242, 243, 244, 245, 246, 247, 248, 249, 250, 251, 252, 253, 254, 255, 256, 257, 258, 259, 260, 261, 262, 263, 264, 265, 266, 267, 268, 269, 270, 271, 272, 273, 274, 275, 276, 277, 278, 279, 280, 281, 282, 283, 284, 285, 286, 287, 288, 289, 290, 291, 292, 293, 294, 295, 296, 297, 298, 299, 300, 301, 302, 303, 304, 305, 306, 307, 308, 309, 310, 311, 312, 313, 314, 315, 316, 317, 318, 319, 320, 321, 322, 323, 324, 325, 326, 327, 328, 329, 330, 331, 332, 333, 334, 335, 336, 337, 338, 339, 340, 341, 342, 343, 344, 345, 346, 347, 348, 349, 350, 351, 352, 353, 354, 355, 356, 357, 358, 359, 360, 361, 362, 363, 364, 365, 366, 367, 368, 369, 370, 371, 372, 373, 374, 375, 376, 377, 378, 379, 380, 381, 382, 383, 384, 385, 386, 387, 388, 389, 390, 391, 392, 393, 394, 395, 396, 397, 398, 399, 400, 401, 402, 403, 404, 405, 406, 407, 408, 409, 410, 411, 412, 413, 414, 415, 416, 417, 418, 419, 420, 421, 422, 423, 424, 425, 426, 427, 428, 429, 430, 431, 432, 433, 434, 435, 436, 437, 438, 439, 440, 441, 442, 443, 444, 445, 446, 447, 448, 449, 450, 451, 452, 453, 454, 455, 456, 457, 458, 459, 460, 461, 462, 463, 464, 465, 466, 467, 468, 469, 470, 471, 472, 473, 474, 475, 476, 477, 478, 479, 480, 481, 482, 483, 484, 485, 486, 487, 488, 489, 490, 491, 492, 493, 494, 495, 496, 497, 498, 499, 500, 501, 502, 503, 504, 505, 506, 507, 508, 509, 510], "AcquisitionTime": ["120648.897500", "120649.507500", "120650.117500", "120650.727500", "120651.337500", "120651.947500", "120652.557500", "120653.167500", "120653.777500", "120654.387500", "120654.997500", "120655.607500", "120656.217500", "120656.827500", "120657.437500", "120658.047500", "120658.657500", "120659.267500", "120659.877500", "120700.487500", "120701.097500", "120701.707500", "120702.317500", "120702.927500", "120703.537500", "120704.147500", "120704.757500", "120705.367500", "120705.977500", "120706.587500", "120707.197500", "120707.807500", "120708.417500", "120709.027500", "120709.637500", "120710.247500", "120710.857500", "120711.467500", "120712.077500", "120712.687500", "120713.297500", "120713.907500", "120714.517500", "120715.127500", "120715.737500", "120716.347500", "120716.957500", "120717.567500", "120718.177500", "120718.787500", "120719.397500", "120720.007500", "120720.617500", "120721.227500", "120721.837500", "120722.447500", "120723.057500", "120723.667500", "120724.277500", "120724.887500", "120725.497500", "120726.107500", "120726.717500", "120727.327500", "120727.937500", "120728.547500", "120729.157500", "120729.767500", "120730.377500", "120730.987500", "120731.597500", "120732.207500", "120732.817500", "120733.427500", "120734.037500", "120734.647500", "120735.257500", "120735.867500", "120736.477500", "120737.087500", "120737.697500", "120738.307500", "120738.917500", "120739.527500", "120740.137500", "120740.747500", "120741.357500", "120741.967500", "120742.577500", "120743.187500", "120743.797500", "120744.407500", "120745.017500", "120745.627500", "120746.237500", "120746.847500", "120747.457500", "120748.067500", "120748.677500", "120749.287500", "120749.897500", "120750.507500", "120751.117500", "120751.727500", "120752.337500", "120752.947500", "120753.557500", "120754.167500", "120754.777500", "120755.387500", "120755.997500", "120756.607500", "120757.217500", "120757.827500", "120758.437500", "120759.047500", "120759.657500", "120800.267500", "120800.877500", "120801.487500", "120802.097500", "120802.707500", "120803.317500", "120803.927500", "120804.537500", "120805.147500", "120805.757500", "120806.367500", "120806.977500", "120807.587500", "120808.197500", "120808.807500", "120809.417500", "120810.027500", "120810.637500", "120811.247500", "120811.857500", "120812.467500", "120813.077500", "120813.687500", "120814.297500", "120814.907500", "120815.517500", "120816.127500", "120816.737500", "120817.347500", "120817.957500", "120818.567500", "120819.177500", "120819.787500", "120820.397500", "120821.007500", "120821.617500", "120822.227500", "120822.837500", "120823.447500", "120824.057500", "120824.667500", "120825.277500", "120825.887500", "120826.497500", "120827.107500", "120827.717500", "120828.327500", "120828.937500", "120829.547500", "120830.157500", "120830.767500", "120831.377500", "120831.987500", "120832.597500", "120833.207500", "120833.817500", "120834.427500", "120835.037500", "120835.647500", "120836.257500", "120836.867500", "120837.477500", "120838.087500", "120838.697500", "120839.307500", "120839.917500", "120840.527500", "120841.137500", "120841.747500", "120842.357500", "120842.967500", "120843.577500", "120844.187500", "120844.797500", "120845.407500", "120846.017500", "120846.627500", "120847.237500", "120847.847500", "120848.457500", "120849.067500", "120849.677500", "120850.287500", "120850.897500", "120851.507500", "120852.117500", "120852.727500", "120853.337500", "120853.947500", "120854.557500", "120855.167500", "120855.777500", "120856.387500", "120856.997500", "120857.607500", "120858.217500", "120858.827500", "120859.437500", "120900.047500", "120900.657500", "120901.267500", "120901.877500", "120902.487500", "120903.097500", "120903.707500", "120904.317500", "120904.927500", "120905.537500", "120906.147500", "120906.757500", "120907.367500", "120907.977500", "120908.587500", "120909.197500", "120909.807500", "120910.417500", "120911.027500", "120911.637500", "120912.247500", "120912.857500", "120913.467500", "120914.077500", "120914.687500", "120915.297500", "120915.907500", "120916.517500", "120917.127500", "120917.737500", "120918.347500", "120918.957500", "120919.567500", "120920.177500", "120920.787500", "120921.397500", "120922.007500", "120922.617500", "120923.227500", "120923.837500", "120924.447500", "120925.057500", "120925.667500", "120926.277500", "120926.887500", "120927.497500", "120928.107500", "120928.717500", "120929.327500", "120929.937500", "120930.547500", "120931.157500", "120931.767500", "120932.377500", "120932.987500", "120933.597500", "120934.207500", "120934.817500", "120935.427500", "120936.037500", "120936.647500", "120937.257500", "120937.867500", "120938.477500", "120939.087500", "120939.697500", "120940.307500", "120940.917500", "120941.527500", "120942.137500", "120942.747500", "120943.357500", "120943.967500", "120944.577500", "120945.187500", "120945.797500", "120946.407500", "120947.017500", "120947.627500", "120948.237500", "120948.847500", "120949.457500", "120950.067500", "120950.677500", "120951.287500", "120951.897500", "120952.507500", "120953.117500", "120953.727500", "120954.337500", "120954.947500", "120955.557500", "120956.167500", "120956.777500", "120957.387500", "120957.997500", "120958.607500", "120959.217500", "120959.827500", "121000.437500", "121001.047500", "121001.657500", "121002.267500", "121002.877500", "121003.487500", "121004.097500", "121004.707500", "121005.317500", "121005.927500", "121006.537500", "121007.147500", "121007.757500", "121008.367500", "121008.977500", "121009.587500", "121010.197500", "121010.807500", "121011.417500", "121012.027500", "121012.637500", "121013.247500", "121013.857500", "121014.467500", "121015.077500", "121015.687500", "121016.297500", "121016.907500", "121017.517500", "121018.127500", "121018.737500", "121019.347500", "121019.957500", "121020.567500", "121021.177500", "121021.787500", "121022.397500", "121023.007500", "121023.617500", "121024.227500", "121024.837500", "121025.447500", "121026.057500", "121026.667500", "121027.277500", "121027.887500", "121028.497500", "121029.107500", "121029.717500", "121030.327500", "121030.937500", "121031.547500", "121032.157500", "121032.767500", "121033.377500", "121033.987500", "121034.597500", "121035.207500", "121035.817500", "121036.427500", "121037.037500", "121037.647500", "121038.257500", "121038.867500", "121039.477500", "121040.087500", "121040.697500", "121041.307500", "121041.917500", "121042.527500", "121043.137500", "121043.747500", "121044.357500", "121044.967500", "121045.577500", "121046.187500", "121046.797500", "121047.407500", "121048.017500", "121048.627500", "121049.237500", "121049.847500", "121050.457500", "121051.067500", "121051.677500", "121052.287500", "121052.897500", "121053.507500", "121054.117500", "121054.727500", "121055.337500", "121055.947500", "121056.557500", "121057.167500", "121057.777500", "121058.387500", "121058.997500", "121059.607500", "121100.217500", "121100.827500", "121101.437500", "121102.047500", "121102.657500", "121103.267500", "121103.877500", "121104.487500", "121105.097500", "121105.707500", "121106.317500", "121106.927500", "121107.537500", "121108.147500", "121108.757500", "121109.367500", "121109.977500", "121110.587500", "121111.197500", "121111.807500", "121112.417500", "121113.027500", "121113.637500", "121114.247500", "121114.857500", "121115.467500", "121116.077500", "121116.687500", "121117.297500", "121117.907500", "121118.517500", "121119.127500", "121119.737500", "121120.347500", "121120.957500", "121121.567500", "121122.177500", "121122.787500", "121123.397500", "121124.007500", "121124.617500", "121125.227500", "121125.837500", "121126.447500", "121127.057500", "121127.667500", "121128.277500", "121128.887500", "121129.497500", "121130.107500", "121130.717500", "121131.327500", "121131.937500", "121132.547500", "121133.157500", "121133.767500", "121134.377500", "121134.987500", "121135.597500", "121136.207500", "121136.817500", "121137.427500", "121138.037500", "121138.647500", "121139.257500", "121139.867500", "121140.477500", "121141.087500", "121141.697500", "121142.307500", "121142.917500", "121143.527500", "121144.137500", "121144.747500", "121145.357500", "121145.967500", "121146.577500", "121147.187500", "121147.797500", "121148.407500", "121149.017500", "121149.627500", "121150.237500", "121150.847500", "121151.457500", "121152.067500", "121152.677500", "121153.287500", "121153.897500", "121154.507500", "121155.117500", "121155.727500", "121156.337500", "121156.947500", "121157.557500", "121158.167500", "121158.777500", "121159.387500"], "ContentTime": ["120718.089000", "120718.092000", "120718.094000", "120718.097000", "120718.115000", "120718.117000", "120718.120000", "120718.122000", "120718.125000", "120718.127000", "120718.130000", "120718.132000", "120718.134000", "120718.137000", "120718.139000", "120718.142000", "120718.144000", "120718.147000", "120718.149000", "120718.152000", "120718.154000", "120718.157000", "120718.160000", "120718.162000", "120718.165000", "120718.167000", "120718.170000", "120718.172000", "120718.175000", "120718.177000", "120718.180000", "120718.182000", "120718.185000", "120718.187000", "120718.190000", "120718.192000", "120718.194000", "120718.197000", "120718.199000", "120718.202000", "120718.204000", "120718.207000", "120718.209000", "120718.211000", "120718.214000", "120718.216000", "120718.219000", "120738.082000", "120738.085000", "120738.087000", "120738.090000", "120738.092000", "120738.095000", "120738.097000", "120738.100000", "120738.102000", "120738.105000", "120738.107000", "120738.110000", "120738.112000", "120738.115000", "120738.117000", "120738.120000", "120738.122000", "120738.124000", "120738.127000", "120738.129000", "120738.132000", "120738.134000", "120738.138000", "120738.141000", "120738.143000", "120738.146000", "120738.148000", "120738.151000", "120738.153000", "120738.155000", "120738.158000", "120738.160000", "120738.163000", "120758.081000", "120758.089000", "120758.091000", "120758.094000", "120758.097000", "120758.099000", "120758.102000", "120758.104000", "120758.106000", "120758.109000", "120758.111000", "120758.114000", "120758.116000", "120758.119000", "120758.121000", "120758.124000", "120758.126000", "120758.129000", "120758.131000", "120758.134000", "120758.136000", "120758.138000", "120758.141000", "120758.143000", "120758.146000", "120758.148000", "120758.151000", "120758.153000", "120758.156000", "120758.158000", "120758.161000", "120758.163000", "120758.165000", "120818.081000", "120818.085000", "120818.088000", "120818.092000", "120818.094000", "120818.097000", "120818.100000", "120818.102000", "120818.105000", "120818.107000", "120818.110000", "120818.112000", "120818.115000", "120818.117000", "120818.120000", "120818.122000", "120818.125000", "120818.127000", "120818.130000", "120818.132000", "120818.135000", "120818.137000", "120818.139000", "120818.142000", "120818.144000", "120818.155000", "120818.158000", "120818.161000", "120818.163000", "120818.166000", "120818.168000", "120818.171000", "120818.173000", "120838.081000", "120838.084000", "120838.086000", "120838.089000", "120838.091000", "120838.094000", "120838.096000", "120838.099000", "120838.101000", "120838.104000", "120838.106000", "120838.109000", "120838.111000", "120838.114000", "120838.116000", "120838.119000", "120838.121000", "120838.124000", "120838.126000", "120838.129000", "120838.131000", "120838.134000", "120838.136000", "120838.139000", "120838.141000", "120838.143000", "120838.146000", "120838.148000", "120838.151000", "120838.153000", "120838.156000", "120838.158000", "120838.161000", "120858.082000", "120858.085000", "120858.088000", "120858.090000", "120858.093000", "120858.095000", "120858.098000", "120858.100000", "120858.103000", "120858.105000", "120858.108000", "120858.110000", "120858.113000", "120858.115000", "120858.118000", "120858.120000", "120858.123000", "120858.125000", "120858.128000", "120858.130000", "120858.133000", "120858.135000", "120858.138000", "120858.140000", "120858.142000", "120858.145000", "120858.148000", "120858.150000", "120858.153000", "120858.155000", "120858.157000", "120858.160000", "120918.082000", "120918.085000", "120918.088000", "120918.090000", "120918.092000", "120918.095000", "120918.097000", "120918.100000", "120918.102000", "120918.105000", "120918.108000", "120918.110000", "120918.113000", "120918.115000", "120918.118000", "120918.121000", "120918.123000", "120918.125000", "120918.135000", "120918.138000", "120918.140000", "120918.143000", "120918.145000", "120918.148000", "120918.165000", "120918.167000", "120918.170000", "120918.172000", "120918.175000", "120918.178000", "120918.180000", "120918.183000", "120918.185000", "120938.082000", "120938.085000", "120938.087000", "120938.090000", "120938.092000", "120938.095000", "120938.097000", "120938.100000", "120938.102000", "120938.105000", "120938.107000", "120938.110000", "120938.112000", "120938.115000", "120938.117000", "120938.120000", "120938.122000", "120938.125000", "120938.127000", "120938.130000", "120938.132000", "120938.135000", "120938.137000", "120938.139000", "120938.142000", "120938.144000", "120938.147000", "120938.149000", "120938.152000", "120938.154000", "120938.157000", "120938.159000", "120938.162000", "120958.082000", "120958.085000", "120958.087000", "120958.090000", "120958.092000", "120958.094000", "120958.097000", "120958.099000", "120958.102000", "120958.104000", "120958.107000", "120958.109000", "120958.112000", "120958.114000", "120958.117000", "120958.119000", "120958.122000", "120958.124000", "120958.127000", "120958.129000", "120958.132000", "120958.134000", "120958.137000", "120958.139000", "120958.141000", "120958.144000", "120958.146000", "120958.149000", "120958.151000", "120958.154000", "120958.156000", "120958.159000", "120958.161000", "121018.101000", "121018.104000", "121018.107000", "121018.109000", "121018.112000", "121018.114000", "121018.117000", "121018.119000", "121018.122000", "121018.125000", "121018.128000", "121018.131000", "121018.133000", "121018.136000", "121018.138000", "121018.141000", "121018.143000", "121018.146000", "121018.148000", "121018.151000", "121018.153000", "121018.156000", "121018.158000", "121018.160000", "121018.163000", "121018.165000", "121018.168000", "121018.171000", "121018.173000", "121018.176000", "121018.178000", "121018.180000", "121038.081000", "121038.085000", "121038.088000", "121038.090000", "121038.093000", "121038.095000", "121038.098000", "121038.100000", "121038.102000", "121038.105000", "121038.107000", "121038.110000", "121038.112000", "121038.115000", "121038.117000", "121038.120000", "121038.122000", "121038.125000", "121038.127000", "121038.129000", "121038.132000", "121038.134000", "121038.137000", "121038.139000", "121038.142000", "121038.144000", "121038.147000", "121038.149000", "121038.151000", "121038.154000", "121038.156000", "121038.159000", "121038.161000", "121058.081000", "121058.084000", "121058.086000", "121058.089000", "121058.091000", "121058.094000", "121058.096000", "121058.099000", "121058.101000", "121058.104000", "121058.106000", "121058.109000", "121058.111000", "121058.114000", "121058.116000", "121058.119000", "121058.121000", "121058.123000", "121058.126000", "121058.128000", "121058.131000", "121058.133000", "121058.136000", "121058.138000", "121058.141000", "121058.143000", "121058.145000", "121058.148000", "121058.150000", "121058.153000", "121058.155000", "121058.158000", "121058.160000", "121118.082000", "121118.085000", "121118.087000", "121118.090000", "121118.092000", "121118.095000", "121118.097000", "121118.100000", "121118.102000", "121118.104000", "121118.107000", "121118.109000", "121118.112000", "121118.114000", "121118.117000", "121118.119000", "121118.122000", "121118.124000", "121118.126000", "121118.129000", "121118.131000", "121118.134000", "121118.136000", "121118.139000", "121118.142000", "121118.144000", "121118.147000", "121118.149000", "121118.152000", "121118.155000", "121118.157000", "121118.160000", "121118.162000", "121138.082000", "121138.085000", "121138.088000", "121138.090000", "121138.092000", "121138.095000", "121138.097000", "121138.100000", "121138.102000", "121138.105000", "121138.107000", "121138.110000", "121138.112000", "121138.115000", "121138.117000", "121138.120000", "121138.122000", "121138.124000", "121138.127000", "121138.129000", "121138.132000", "121138.134000", "121138.137000", "121138.143000", "121138.146000", "121138.148000", "121138.151000", "121138.153000", "121138.157000", "121138.159000", "121138.162000", "121138.164000", "121138.166000", "121158.082000", "121158.085000", "121158.088000", "121158.090000", "121158.093000", "121158.095000", "121158.098000", "121158.100000", "121158.103000", "121158.105000", "121158.108000", "121158.110000", "121158.113000", "121158.115000", "121158.118000", "121158.120000", "121158.122000", "121158.139000", "121158.141000", "121158.144000", "121158.146000", "121158.149000", "121158.151000", "121158.154000", "121158.168000", "121158.171000", "121158.173000", "121158.176000", "121158.178000", "121158.181000", "121158.183000", "121158.186000", "121159.944000", "121159.946000", "121159.950000", "121159.953000"], "InstanceCreationTime": ["120718.089000", "120718.092000", "120718.094000", "120718.097000", "120718.115000", "120718.117000", "120718.120000", "120718.122000", "120718.125000", "120718.127000", "120718.130000", "120718.132000", "120718.134000", "120718.137000", "120718.139000", "120718.142000", "120718.144000", "120718.147000", "120718.149000", "120718.152000", "120718.154000", "120718.157000", "120718.160000", "120718.162000", "120718.165000", "120718.167000", "120718.170000", "120718.172000", "120718.175000", "120718.177000", "120718.180000", "120718.182000", "120718.185000", "120718.187000", "120718.190000", "120718.192000", "120718.194000", "120718.197000", "120718.199000", "120718.202000", "120718.204000", "120718.207000", "120718.209000", "120718.211000", "120718.214000", "120718.216000", "120718.219000", "120738.082000", "120738.085000", "120738.087000", "120738.090000", "120738.092000", "120738.095000", "120738.097000", "120738.100000", "120738.102000", "120738.105000", "120738.107000", "120738.110000", "120738.112000", "120738.115000", "120738.117000", "120738.120000", "120738.122000", "120738.124000", "120738.127000", "120738.129000", "120738.132000", "120738.134000", "120738.138000", "120738.141000", "120738.143000", "120738.146000", "120738.148000", "120738.151000", "120738.153000", "120738.155000", "120738.158000", "120738.160000", "120738.163000", "120758.081000", "120758.089000", "120758.091000", "120758.094000", "120758.097000", "120758.099000", "120758.102000", "120758.104000", "120758.106000", "120758.109000", "120758.111000", "120758.114000", "120758.116000", "120758.119000", "120758.121000", "120758.124000", "120758.126000", "120758.129000", "120758.131000", "120758.134000", "120758.136000", "120758.138000", "120758.141000", "120758.143000", "120758.146000", "120758.148000", "120758.151000", "120758.153000", "120758.156000", "120758.158000", "120758.161000", "120758.163000", "120758.165000", "120818.081000", "120818.085000", "120818.088000", "120818.092000", "120818.094000", "120818.097000", "120818.100000", "120818.102000", "120818.105000", "120818.107000", "120818.110000", "120818.112000", "120818.115000", "120818.117000", "120818.120000", "120818.122000", "120818.125000", "120818.127000", "120818.130000", "120818.132000", "120818.135000", "120818.137000", "120818.139000", "120818.142000", "120818.144000", "120818.155000", "120818.158000", "120818.161000", "120818.163000", "120818.166000", "120818.168000", "120818.171000", "120818.173000", "120838.081000", "120838.084000", "120838.086000", "120838.089000", "120838.091000", "120838.094000", "120838.096000", "120838.099000", "120838.101000", "120838.104000", "120838.106000", "120838.109000", "120838.111000", "120838.114000", "120838.116000", "120838.119000", "120838.121000", "120838.124000", "120838.126000", "120838.129000", "120838.131000", "120838.134000", "120838.136000", "120838.139000", "120838.141000", "120838.143000", "120838.146000", "120838.148000", "120838.151000", "120838.153000", "120838.156000", "120838.158000", "120838.161000", "120858.082000", "120858.085000", "120858.088000", "120858.090000", "120858.093000", "120858.095000", "120858.098000", "120858.100000", "120858.103000", "120858.105000", "120858.108000", "120858.110000", "120858.113000", "120858.115000", "120858.118000", "120858.120000", "120858.123000", "120858.125000", "120858.128000", "120858.130000", "120858.133000", "120858.135000", "120858.138000", "120858.140000", "120858.142000", "120858.145000", "120858.148000", "120858.150000", "120858.153000", "120858.155000", "120858.157000", "120858.160000", "120918.082000", "120918.085000", "120918.088000", "120918.090000", "120918.092000", "120918.095000", "120918.097000", "120918.100000", "120918.102000", "120918.105000", "120918.108000", "120918.110000", "120918.113000", "120918.115000", "120918.118000", "120918.121000", "120918.123000", "120918.125000", "120918.135000", "120918.138000", "120918.140000", "120918.143000", "120918.145000", "120918.148000", "120918.165000", "120918.167000", "120918.170000", "120918.172000", "120918.175000", "120918.178000", "120918.180000", "120918.183000", "120918.185000", "120938.082000", "120938.085000", "120938.087000", "120938.090000", "120938.092000", "120938.095000", "120938.097000", "120938.100000", "120938.102000", "120938.105000", "120938.107000", "120938.110000", "120938.112000", "120938.115000", "120938.117000", "120938.120000", "120938.122000", "120938.125000", "120938.127000", "120938.130000", "120938.132000", "120938.135000", "120938.137000", "120938.139000", "120938.142000", "120938.144000", "120938.147000", "120938.149000", "120938.152000", "120938.154000", "120938.157000", "120938.159000", "120938.162000", "120958.082000", "120958.085000", "120958.087000", "120958.090000", "120958.092000", "120958.094000", "120958.097000", "120958.099000", "120958.102000", "120958.104000", "120958.107000", "120958.109000", "120958.112000", "120958.114000", "120958.117000", "120958.119000", "120958.122000", "120958.124000", "120958.127000", "120958.129000", "120958.132000", "120958.134000", "120958.137000", "120958.139000", "120958.141000", "120958.144000", "120958.146000", "120958.149000", "120958.151000", "120958.154000", "120958.156000", "120958.159000", "120958.161000", "121018.101000", "121018.104000", "121018.107000", "121018.109000", "121018.112000", "121018.114000", "121018.117000", "121018.119000", "121018.122000", "121018.125000", "121018.128000", "121018.131000", "121018.133000", "121018.136000", "121018.138000", "121018.141000", "121018.143000", "121018.146000", "121018.148000", "121018.151000", "121018.153000", "121018.156000", "121018.158000", "121018.160000", "121018.163000", "121018.165000", "121018.168000", "121018.171000", "121018.173000", "121018.176000", "121018.178000", "121018.180000", "121038.081000", "121038.085000", "121038.088000", "121038.090000", "121038.093000", "121038.095000", "121038.098000", "121038.100000", "121038.102000", "121038.105000", "121038.107000", "121038.110000", "121038.112000", "121038.115000", "121038.117000", "121038.120000", "121038.122000", "121038.125000", "121038.127000", "121038.129000", "121038.132000", "121038.134000", "121038.137000", "121038.139000", "121038.142000", "121038.144000", "121038.147000", "121038.149000", "121038.151000", "121038.154000", "121038.156000", "121038.159000", "121038.161000", "121058.081000", "121058.084000", "121058.086000", "121058.089000", "121058.091000", "121058.094000", "121058.096000", "121058.099000", "121058.101000", "121058.104000", "121058.106000", "121058.109000", "121058.111000", "121058.114000", "121058.116000", "121058.119000", "121058.121000", "121058.123000", "121058.126000", "121058.128000", "121058.131000", "121058.133000", "121058.136000", "121058.138000", "121058.141000", "121058.143000", "121058.145000", "121058.148000", "121058.150000", "121058.153000", "121058.155000", "121058.158000", "121058.160000", "121118.082000", "121118.085000", "121118.087000", "121118.090000", "121118.092000", "121118.095000", "121118.097000", "121118.100000", "121118.102000", "121118.104000", "121118.107000", "121118.109000", "121118.112000", "121118.114000", "121118.117000", "121118.119000", "121118.122000", "121118.124000", "121118.126000", "121118.129000", "121118.131000", "121118.134000", "121118.136000", "121118.139000", "121118.142000", "121118.144000", "121118.147000", "121118.149000", "121118.152000", "121118.155000", "121118.157000", "121118.160000", "121118.162000", "121138.082000", "121138.085000", "121138.088000", "121138.090000", "121138.092000", "121138.095000", "121138.097000", "121138.100000", "121138.102000", "121138.105000", "121138.107000", "121138.110000", "121138.112000", "121138.115000", "121138.117000", "121138.120000", "121138.122000", "121138.124000", "121138.127000", "121138.129000", "121138.132000", "121138.134000", "121138.137000", "121138.143000", "121138.146000", "121138.148000", "121138.151000", "121138.153000", "121138.157000", "121138.159000", "121138.162000", "121138.164000", "121138.166000", "121158.082000", "121158.085000", "121158.088000", "121158.090000", "121158.093000", "121158.095000", "121158.098000", "121158.100000", "121158.103000", "121158.105000", "121158.108000", "121158.110000", "121158.113000", "121158.115000", "121158.118000", "121158.120000", "121158.122000", "121158.139000", "121158.141000", "121158.144000", "121158.146000", "121158.149000", "121158.151000", "121158.154000", "121158.168000", "121158.171000", "121158.173000", "121158.176000", "121158.178000", "121158.181000", "121158.183000", "121158.186000", "121159.944000", "121159.946000", "121159.950000", "121159.953000"], "InstanceNumber": [1, 2, 3, 4, 5, 6, 7, 8, 9, 10, 11, 12, 13, 14, 15, 16, 17, 18, 19, 20, 21, 22, 23, 24, 25, 26, 27, 28, 29, 30, 31, 32, 33, 34, 35, 36, 37, 38, 39, 40, 41, 42, 43, 44, 45, 46, 47, 48, 49, 50, 51, 52, 53, 54, 55, 56, 57, 58, 59, 60, 61, 62, 63, 64, 65, 66, 67, 68, 69, 70, 71, 72, 73, 74, 75, 76, 77, 78, 79, 80, 81, 82, 83, 84, 85, 86, 87, 88, 89, 90, 91, 92, 93, 94, 95, 96, 97, 98, 99, 100, 101, 102, 103, 104, 105, 106, 107, 108, 109, 110, 111, 112, 113, 114, 115, 116, 117, 118, 119, 120, 121, 122, 123, 124, 125, 126, 127, 128, 129, 130, 131, 132, 133, 134, 135, 136, 137, 138, 139, 140, 141, 142, 143, 144, 145, 146, 147, 148, 149, 150, 151, 152, 153, 154, 155, 156, 157, 158, 159, 160, 161, 162, 163, 164, 165, 166, 167, 168, 169, 170, 171, 172, 173, 174, 175, 176, 177, 178, 179, 180, 181, 182, 183, 184, 185, 186, 187, 188, 189, 190, 191, 192, 193, 194, 195, 196, 197, 198, 199, 200, 201, 202, 203, 204, 205, 206, 207, 208, 209, 210, 211, 212, 213, 214, 215, 216, 217, 218, 219, 220, 221, 222, 223, 224, 225, 226, 227, 228, 229, 230, 231, 232, 233, 234, 235, 236, 237, 238, 239, 240, 241, 242, 243, 244, 245, 246, 247, 248, 249, 250, 251, 252, 253, 254, 255, 256, 257, 258, 259, 260, 261, 262, 263, 264, 265, 266, 267, 268, 269, 270, 271, 272, 273, 274, 275, 276, 277, 278, 279, 280, 281, 282, 283, 284, 285, 286, 287, 288, 289, 290, 291, 292, 293, 294, 295, 296, 297, 298, 299, 300, 301, 302, 303, 304, 305, 306, 307, 308, 309, 310, 311, 312, 313, 314, 315, 316, 317, 318, 319, 320, 321, 322, 323, 324, 325, 326, 327, 328, 329, 330, 331, 332, 333, 334, 335, 336, 337, 338, 339, 340, 341, 342, 343, 344, 345, 346, 347, 348, 349, 350, 351, 352, 353, 354, 355, 356, 357, 358, 359, 360, 361, 362, 363, 364, 365, 366, 367, 368, 369, 370, 371, 372, 373, 374, 375, 376, 377, 378, 379, 380, 381, 382, 383, 384, 385, 386, 387, 388, 389, 390, 391, 392, 393, 394, 395, 396, 397, 398, 399, 400, 401, 402, 403, 404, 405, 406, 407, 408, 409, 410, 411, 412, 413, 414, 415, 416, 417, 418, 419, 420, 421, 422, 423, 424, 425, 426, 427, 428, 429, 430, 431, 432, 433, 434, 435, 436, 437, 438, 439, 440, 441, 442, 443, 444, 445, 446, 447, 448, 449, 450, 451, 452, 453, 454, 455, 456, 457, 458, 459, 460, 461, 462, 463, 464, 465, 466, 467, 468, 469, 470, 471, 472, 473, 474, 475, 476, 477, 478, 479, 480, 481, 482, 483, 484, 485, 486, 487, 488, 489, 490, 491, 492, 493, 494, 495, 496, 497, 498, 499, 500, 501, 502, 503, 504, 505, 506, 507, 508, 509, 510], "LargestImagePixelValue": [1041, 1055, 954, 913, 770, 731, 717, 780, 862, 904, 971, 824, 726, 730, 862, 892, 1021, 904, 807, 732, 782, 889, 969, 916, 824, 753, 740, 797, 864, 908, 1009, 895, 804, 752, 787, 863, 913, 883, 755, 814, 860, 907, 772, 749, 823, 945, 895, 812, 716, 800, 888, 977, 991, 873, 822, 747, 760, 891, 926, 945, 819, 730, 746, 818, 891, 924, 925, 800, 729, 822, 906, 942, 989, 911, 803, 750, 802, 876, 944, 968, 913, 830, 795, 735, 798, 907, 944, 861, 749, 738, 862, 942, 996, 823, 721, 821, 942, 781, 738, 879, 962, 843, 741, 778, 929, 988, 820, 719, 830, 942, 927, 764, 707, 852, 931, 785, 691, 828, 890, 928, 777, 723, 821, 897, 781, 686, 834, 950, 864, 773, 747, 872, 954, 804, 725, 848, 909, 802, 693, 774, 874, 969, 841, 746, 784, 863, 854, 731, 757, 867, 757, 766, 913, 813, 700, 823, 862, 723, 759, 886, 905, 740, 764, 852, 962, 778, 748, 869, 946, 823, 732, 777, 849, 952, 900, 760, 768, 797, 905, 1005, 908, 814, 727, 829, 947, 957, 790, 685, 821, 877, 950, 822, 702, 755, 826, 932, 791, 715, 735, 825, 915, 752, 748, 862, 906, 792, 742, 876, 895, 769, 761, 883, 914, 799, 737, 872, 990, 849, 747, 765, 892, 973, 866, 754, 753, 858, 933, 932, 757, 744, 877, 987, 897, 750, 780, 861, 860, 707, 793, 876, 887, 732, 770, 937, 841, 726, 792, 929, 791, 736, 857, 866, 739, 765, 883, 970, 807, 732, 808, 886, 957, 869, 728, 760, 917, 989, 794, 775, 957, 784, 774, 876, 850, 724, 834, 946, 906, 739, 749, 907, 954, 849, 716, 767, 864, 955, 964, 849, 804, 697, 841, 914, 860, 750, 774, 958, 768, 735, 874, 969, 888, 747, 736, 887, 923, 847, 709, 742, 870, 948, 835, 715, 833, 949, 811, 738, 812, 952, 797, 715, 813, 996, 772, 769, 881, 785, 701, 900, 854, 692, 814, 815, 711, 814, 916, 916, 892, 820, 887, 899, 785, 779, 764, 786, 812, 864, 849, 879, 894, 836, 742, 696, 811, 837, 724, 706, 785, 908, 836, 773, 725, 769, 886, 821, 700, 795, 849, 861, 755, 742, 841, 833, 718, 790, 900, 833, 735, 795, 882, 801, 747, 828, 937, 783, 709, 866, 910, 806, 717, 780, 879, 859, 758, 720, 826, 908, 802, 732, 802, 867, 835, 716, 814, 944, 765, 756, 833, 896, 832, 708, 718, 814, 874, 886, 762, 711, 847, 859, 704, 841, 901, 752, 755, 835, 962, 803, 723, 769, 849, 913, 763, 719, 825, 888, 898, 770, 729, 826, 904, 861, 733, 817, 911, 790, 772, 867, 786, 722, 943, 726, 835, 860, 750, 760, 864, 851, 765, 741, 846, 924, 801, 718, 857, 815, 726, 828, 871, 748, 797, 933, 834, 712, 780, 866, 925, 834, 718, 755, 833, 907, 781, 708, 852, 916, 800, 745, 842, 910, 793, 712, 799, 923, 803, 721, 755, 850, 936, 836, 751, 714, 824, 906, 840, 727, 733, 802, 910, 815, 718, 851], "WindowCenter": [423.0, 420.0, 418.0, 416.0, 415.0, 413.0, 415.0, 415.0, 418.0, 417.0, 419.0, 415.0, 414.0, 414.0, 416.0, 416.0, 418.0, 416.0, 415.0, 414.0, 415.0, 416.0, 418.0, 417.0, 416.0, 415.0, 415.0, 414.0, 417.0, 416.0, 418.0, 416.0, 415.0, 415.0, 414.0, 416.0, 416.0, 417.0, 414.0, 415.0, 415.0, 416.0, 414.0, 414.0, 415.0, 417.0, 416.0, 415.0, 413.0, 414.0, 416.0, 417.0, 417.0, 416.0, 414.0, 413.0, 413.0, 415.0, 417.0, 416.0, 415.0, 413.0, 414.0, 414.0, 416.0, 417.0, 417.0, 414.0, 414.0, 415.0, 417.0, 417.0, 418.0, 415.0, 415.0, 414.0, 414.0, 416.0, 416.0, 416.0, 416.0, 415.0, 414.0, 413.0, 413.0, 415.0, 416.0, 415.0, 413.0, 415.0, 415.0, 417.0, 417.0, 415.0, 414.0, 416.0, 417.0, 417.0, 414.0, 416.0, 417.0, 415.0, 414.0, 415.0, 416.0, 416.0, 414.0, 413.0, 414.0, 417.0, 416.0, 414.0, 413.0, 415.0, 416.0, 415.0, 414.0, 415.0, 417.0, 417.0, 415.0, 414.0, 416.0, 417.0, 415.0, 414.0, 416.0, 418.0, 415.0, 415.0, 413.0, 416.0, 416.0, 415.0, 413.0, 415.0, 416.0, 414.0, 413.0, 414.0, 417.0, 417.0, 415.0, 413.0, 414.0, 416.0, 416.0, 414.0, 415.0, 417.0, 416.0, 415.0, 418.0, 417.0, 414.0, 416.0, 416.0, 415.0, 415.0, 416.0, 416.0, 414.0, 414.0, 417.0, 417.0, 415.0, 415.0, 417.0, 417.0, 415.0, 414.0, 415.0, 416.0, 417.0, 416.0, 414.0, 414.0, 415.0, 415.0, 417.0, 416.0, 414.0, 414.0, 414.0, 416.0, 417.0, 415.0, 413.0, 414.0, 417.0, 417.0, 415.0, 413.0, 414.0, 416.0, 417.0, 416.0, 414.0, 415.0, 417.0, 417.0, 416.0, 415.0, 417.0, 418.0, 416.0, 415.0, 417.0, 417.0, 415.0, 416.0, 416.0, 417.0, 415.0, 415.0, 416.0, 418.0, 415.0, 415.0, 414.0, 417.0, 419.0, 416.0, 415.0, 414.0, 417.0, 417.0, 416.0, 414.0, 414.0, 417.0, 418.0, 416.0, 414.0, 413.0, 416.0, 416.0, 413.0, 414.0, 416.0, 416.0, 415.0, 415.0, 417.0, 415.0, 414.0, 415.0, 417.0, 415.0, 414.0, 416.0, 417.0, 415.0, 415.0, 418.0, 417.0, 415.0, 414.0, 415.0, 416.0, 417.0, 416.0, 414.0, 414.0, 418.0, 417.0, 416.0, 415.0, 417.0, 414.0, 415.0, 417.0, 416.0, 414.0, 416.0, 417.0, 416.0, 414.0, 413.0, 415.0, 416.0, 414.0, 413.0, 412.0, 415.0, 417.0, 417.0, 415.0, 413.0, 413.0, 414.0, 417.0, 416.0, 415.0, 415.0, 417.0, 415.0, 415.0, 417.0, 418.0, 415.0, 415.0, 413.0, 416.0, 417.0, 416.0, 413.0, 414.0, 415.0, 417.0, 415.0, 414.0, 415.0, 417.0, 415.0, 413.0, 416.0, 418.0, 416.0, 414.0, 415.0, 418.0, 415.0, 414.0, 416.0, 414.0, 412.0, 416.0, 415.0, 415.0, 416.0, 415.0, 414.0, 415.0, 417.0, 417.0, 416.0, 415.0, 415.0, 416.0, 414.0, 412.0, 413.0, 413.0, 412.0, 413.0, 413.0, 414.0, 415.0, 414.0, 412.0, 412.0, 414.0, 416.0, 413.0, 413.0, 415.0, 416.0, 415.0, 414.0, 413.0, 415.0, 415.0, 415.0, 414.0, 415.0, 416.0, 416.0, 416.0, 415.0, 417.0, 416.0, 415.0, 416.0, 418.0, 416.0, 415.0, 416.0, 417.0, 416.0, 415.0, 416.0, 417.0, 415.0, 414.0, 416.0, 418.0, 415.0, 415.0, 415.0, 417.0, 417.0, 414.0, 415.0, 416.0, 417.0, 416.0, 415.0, 416.0, 417.0, 416.0, 415.0, 416.0, 418.0, 414.0, 415.0, 417.0, 417.0, 416.0, 414.0, 414.0, 415.0, 416.0, 416.0, 416.0, 414.0, 417.0, 416.0, 414.0, 415.0, 417.0, 415.0, 414.0, 416.0, 417.0, 416.0, 414.0, 415.0, 415.0, 417.0, 415.0, 414.0, 416.0, 416.0, 417.0, 415.0, 414.0, 417.0, 416.0, 417.0, 414.0, 416.0, 418.0, 416.0, 415.0, 417.0, 416.0, 415.0, 417.0, 415.0, 416.0, 416.0, 414.0, 416.0, 416.0, 416.0, 415.0, 414.0, 416.0, 417.0, 415.0, 414.0, 416.0, 417.0, 414.0, 416.0, 417.0, 415.0, 416.0, 418.0, 415.0, 414.0, 415.0, 416.0, 416.0, 415.0, 414.0, 414.0, 416.0, 416.0, 415.0, 415.0, 416.0, 416.0, 415.0, 414.0, 416.0, 416.0, 414.0, 414.0, 414.0, 416.0, 415.0, 413.0, 414.0, 416.0, 416.0, 415.0, 414.0, 414.0, 415.0, 417.0, 416.0, 414.0, 414.0, 416.0, 418.0, 416.0, 415.0, 417.0], "WindowWidth": [893.0, 887.0, 883.0, 880.0, 878.0, 876.0, 879.0, 879.0, 883.0, 881.0, 884.0, 878.0, 876.0, 877.0, 880.0, 879.0, 883.0, 879.0, 878.0, 876.0, 879.0, 880.0, 883.0, 880.0, 880.0, 878.0, 878.0, 876.0, 881.0, 880.0, 882.0, 879.0, 878.0, 878.0, 877.0, 880.0, 879.0, 881.0, 876.0, 878.0, 878.0, 879.0, 877.0, 877.0, 878.0, 881.0, 879.0, 879.0, 874.0, 877.0, 879.0, 880.0, 880.0, 879.0, 876.0, 875.0, 874.0, 878.0, 880.0, 878.0, 878.0, 875.0, 876.0, 876.0, 879.0, 881.0, 881.0, 876.0, 876.0, 878.0, 880.0, 881.0, 882.0, 877.0, 877.0, 877.0, 877.0, 878.0, 878.0, 878.0, 878.0, 877.0, 875.0, 875.0, 875.0, 878.0, 879.0, 878.0, 875.0, 878.0, 877.0, 881.0, 881.0, 878.0, 877.0, 880.0, 880.0, 881.0, 877.0, 879.0, 881.0, 878.0, 876.0, 878.0, 878.0, 879.0, 875.0, 875.0, 876.0, 880.0, 880.0, 877.0, 875.0, 878.0, 880.0, 877.0, 876.0, 878.0, 881.0, 880.0, 877.0, 876.0, 879.0, 881.0, 877.0, 877.0, 879.0, 882.0, 877.0, 877.0, 875.0, 880.0, 879.0, 877.0, 875.0, 877.0, 879.0, 875.0, 875.0, 876.0, 880.0, 880.0, 878.0, 875.0, 877.0, 879.0, 879.0, 877.0, 878.0, 881.0, 880.0, 878.0, 882.0, 882.0, 877.0, 880.0, 879.0, 878.0, 878.0, 880.0, 880.0, 877.0, 876.0, 881.0, 881.0, 879.0, 878.0, 881.0, 881.0, 878.0, 877.0, 878.0, 879.0, 881.0, 879.0, 876.0, 877.0, 878.0, 878.0, 881.0, 879.0, 877.0, 876.0, 876.0, 879.0, 880.0, 878.0, 876.0, 877.0, 881.0, 880.0, 878.0, 876.0, 876.0, 879.0, 880.0, 880.0, 878.0, 878.0, 882.0, 881.0, 879.0, 878.0, 881.0, 882.0, 879.0, 879.0, 880.0, 882.0, 878.0, 880.0, 879.0, 882.0, 877.0, 879.0, 879.0, 883.0, 878.0, 878.0, 877.0, 881.0, 884.0, 879.0, 878.0, 877.0, 880.0, 880.0, 879.0, 877.0, 876.0, 880.0, 882.0, 880.0, 877.0, 875.0, 879.0, 879.0, 875.0, 875.0, 880.0, 879.0, 879.0, 878.0, 880.0, 878.0, 876.0, 879.0, 880.0, 878.0, 876.0, 880.0, 881.0, 878.0, 879.0, 882.0, 881.0, 878.0, 877.0, 877.0, 880.0, 881.0, 879.0, 876.0, 876.0, 883.0, 881.0, 879.0, 877.0, 881.0, 877.0, 877.0, 880.0, 880.0, 876.0, 879.0, 880.0, 879.0, 876.0, 874.0, 878.0, 879.0, 876.0, 875.0, 873.0, 878.0, 880.0, 880.0, 878.0, 874.0, 875.0, 876.0, 880.0, 879.0, 878.0, 878.0, 881.0, 879.0, 878.0, 881.0, 882.0, 878.0, 878.0, 876.0, 879.0, 881.0, 879.0, 875.0, 877.0, 878.0, 880.0, 877.0, 876.0, 878.0, 881.0, 879.0, 876.0, 880.0, 882.0, 879.0, 876.0, 878.0, 883.0, 878.0, 876.0, 878.0, 877.0, 873.0, 878.0, 878.0, 879.0, 879.0, 877.0, 877.0, 878.0, 882.0, 880.0, 880.0, 878.0, 878.0, 879.0, 876.0, 873.0, 874.0, 875.0, 873.0, 874.0, 874.0, 875.0, 877.0, 876.0, 873.0, 874.0, 876.0, 879.0, 875.0, 874.0, 877.0, 879.0, 877.0, 876.0, 875.0, 878.0, 878.0, 878.0, 876.0, 877.0, 879.0, 879.0, 880.0, 878.0, 881.0, 879.0, 878.0, 879.0, 882.0, 880.0, 878.0, 880.0, 880.0, 880.0, 878.0, 880.0, 881.0, 879.0, 878.0, 880.0, 883.0, 878.0, 878.0, 878.0, 881.0, 881.0, 877.0, 879.0, 880.0, 881.0, 879.0, 878.0, 879.0, 881.0, 880.0, 879.0, 879.0, 882.0, 877.0, 878.0, 881.0, 882.0, 879.0, 878.0, 877.0, 879.0, 880.0, 880.0, 880.0, 877.0, 881.0, 880.0, 877.0, 879.0, 881.0, 878.0, 877.0, 879.0, 881.0, 879.0, 876.0, 878.0, 878.0, 881.0, 878.0, 878.0, 880.0, 879.0, 881.0, 878.0, 876.0, 881.0, 880.0, 881.0, 877.0, 879.0, 882.0, 879.0, 879.0, 880.0, 880.0, 879.0, 881.0, 878.0, 879.0, 880.0, 877.0, 879.0, 879.0, 879.0, 878.0, 877.0, 880.0, 880.0, 878.0, 877.0, 880.0, 882.0, 877.0, 880.0, 881.0, 879.0, 880.0, 883.0, 878.0, 877.0, 877.0, 879.0, 879.0, 877.0, 876.0, 877.0, 880.0, 880.0, 878.0, 878.0, 879.0, 880.0, 877.0, 877.0, 879.0, 879.0, 876.0, 877.0, 876.0, 879.0, 878.0, 875.0, 877.0, 879.0, 879.0, 878.0, 876.0, 877.0, 878.0, 880.0, 879.0, 877.0, 877.0, 881.0, 883.0, 879.0, 879.0, 880.0]}, "slices": {}}, "EventTimestamp": "12-10-08"}