{"AcquisitionMatrixPE": 64, "AcquisitionNumber": 1, "AcquisitionTime": "14:48:33.647500", "BandwidthPerPixelPhaseEncode": 28.935, "BaseResolution": 64, "BodyPartExamined": "BRAIN", "CoilCombinationMethod": "Sum of Squares", "ConsistencyInfo": "N4_VE11E_LATEST_20181129", "ConversionSoftware": "dcm2niix", "ConversionSoftwareVersion": "v1.0.20230411", "DerivedVendorReportedEchoSpacing": 0.000540003, "DeviceSerialNumber": "166182", "DwellTime": 3.4e-06, "EchoTime": 0.032, "EchoTrainLength": 64, "EffectiveEchoSpacing": 0.000540003, "FlipAngle": 40, "HeudiconvVersion": "0.13.1", "ImageOrientationPatientDICOM": [0.999545, -0.0271906, 0.0130872, 0.028269, 0.995464, -0.0908441], "ImageOrientationText": "Tra>Cor(-5.2)>Sag(0.6)", "ImageType": ["ORIGINAL", "PRIMARY", "M", "ND", "NORM", "MOSAIC"], "ImagingFrequency": 123.256014, "InPlanePhaseEncodingDirectionDICOM": "COL", "InstitutionAddress": "PEARSE STREET .,City,District,IE,D2", "InstitutionName": "TCIN", "InstitutionalDepartmentName": "MRI", "MRAcquisitionType": "2D", "MagneticFieldStrength": 3, "Manufacturer": "Siemens", "ManufacturersModelName": "Prisma", "Modality": "MR", "MultibandAccelerationFactor": 4, "NonlinearGradientCorrection": false, "PartialFourier": 1, "PatientPosition": "HFS", "PercentPhaseFOV": 100, "PercentSampling": 100, "PhaseEncodingDirection": "j-", "PhaseEncodingSteps": 64, "PhaseResolution": 1, "PixelBandwidth": 2300, "ProcedureStepDescription": "Rhodri^Head BOLD", "ProtocolName": "cmrr_mbep2d_Pictures_AP_RDS", "PulseSequenceDetails": "%SiemensSeq%\\ep2d_bold", "ReceiveCoilActiveElements": "HC2,4,6,7;SC", "ReceiveCoilName": "SpecialPurpose_4", "ReconMatrixPE": 64, "RefLinesPE": 12, "RepetitionTime": 0.61, "SAR": 0.302621, "ScanOptions": "FS", "ScanningSequence": "EP", "SequenceName": "*epfid2d1_64", "SequenceVariant": "SK", "SeriesDescription": "cmrr_mbep2d_Pictures_AP_RDS", "SeriesNumber": 13, "ShimSetting": [-3575, -7386, 3930, 832, 12, -141, -13, -14], "SliceThickness": 3, "SliceTiming": [0.2625, 0, 0.3275, 0.065, 0.3925, 0.13, 0.4575, 0.195, 0.5225, 0.2625, 0, 0.3275, 0.065, 0.3925, 0.13, 0.4575, 0.195, 0.5225, 0.2625, 0, 0.3275, 0.065, 0.3925, 0.13, 0.4575, 0.195, 0.5225, 0.2625, 0, 0.3275, 0.065, 0.3925, 0.13, 0.4575, 0.195, 0.5225], "SoftwareVersions": "syngo MR E11", "SpacingBetweenSlices": 3.3, "StationName": "AWP166182", "TaskName": "pictures", "TotalReadoutTime": 0.0340202, "TxRefAmp": 231.98, "dcmmeta_affine": [[-2.998633861541748, 0.08480706065893173, 0.03484060987830162, 92.56497955322266], [0.08157176524400711, 2.986391544342041, -0.30086982250213623, -104.12012481689453], [0.03926169127225876, 0.27253225445747375, 3.2860710620880127, -102.81285858154297], [0.0, 0.0, 0.0, 1.0]], "dcmmeta_reorient_transform": [[0.0, -1.0, 0.0, 63.0], [1.0, 0.0, 0.0, 0.0], [0.0, 0.0, 1.0, 0.0], [0.0, 0.0, 0.0, 1.0]], "dcmmeta_shape": [64, 64, 36, 316], "dcmmeta_slice_dim": 2, "dcmmeta_version": 0.6, "global": {"const": {"AcquisitionMatrix": [64, 0, 0, 64], "AngioFlag": "N", "BitsAllocated": 16, "BitsStored": 12, "BodyPartExamined": "BRAIN", "Columns": 384, "EchoNumbers": 1, "EchoTime": 32.0, "EchoTrainLength": 64, "FlipAngle": 40.0, "HighBit": 11, "ImageOrientationPatient": [0.99954459441725, -0.027190589454, 0.01308723104386, 0.02826901938128, 0.99546381920252, -0.0908440818213], "ImagePositionPatient": [-591.2583574479, -548.79368439702, -48.320040402397], "ImageType": ["ORIGINAL", "PRIMARY", "M", "ND", "NORM", "MOSAIC"], "ImagedNucleus": "1H", "ImagingFrequency": 123.256014, "InPlanePhaseEncodingDirection": "COL", "MRAcquisitionType": "2D", "MagneticFieldStrength": 3.0, "Manufacturer": "SIEMENS", "ManufacturerModelName": "Prisma", "Modality": "MR", "NumberOfAverages": 1.0, "NumberOfPhaseEncodingSteps": 64, "PercentPhaseFieldOfView": 100.0, "PercentSampling": 100.0, "PerformedProcedureStepStartTime": "140415.357000", "PhotometricInterpretation": "MONOCHROME2", "PixelBandwidth": 2300.0, "PixelRepresentation": 0, "PixelSpacing": [3.0, 3.0], "ProtocolName": "cmrr_mbep2d_Pictures_AP_RDS", "RepetitionTime": 610.0, "Rows": 384, "SAR": 0.30262055032873, "SamplesPerPixel": 1, "ScanOptions": "FS", "ScanningSequence": "EP", "SequenceName": "*epfid2d1_64", "SequenceVariant": "SK", "SeriesDescription": "cmrr_mbep2d_Pictures_AP_RDS", "SeriesNumber": 13, "SeriesTime": "144858.220000", "SliceLocation": -91.908711220909, "SliceThickness": 3.0, "SmallestImagePixelValue": 0, "SoftwareVersions": "syngo MR E11", "SpacingBetweenSlices": 3.2999999902908, "SpecificCharacterSet": "ISO_IR 100", "StudyID": "1", "StudyTime": "140415.283000", "TransmitCoilName": "Body", "VariableFlipAngleFlag": "N", "WindowCenterWidthExplanation": "Algo1"}, "slices": {}}, "time": {"samples": {"AcquisitionNumber": [1, 2, 3, 4, 5, 6, 7, 8, 9, 10, 11, 12, 13, 14, 15, 16, 17, 18, 19, 20, 21, 22, 23, 24, 25, 26, 27, 28, 29, 30, 31, 32, 33, 34, 35, 36, 37, 38, 39, 40, 41, 42, 43, 44, 45, 46, 47, 48, 49, 50, 51, 52, 53, 54, 55, 56, 57, 58, 59, 60, 61, 62, 63, 64, 65, 66, 67, 68, 69, 70, 71, 72, 73, 74, 75, 76, 77, 78, 79, 80, 81, 82, 83, 84, 85, 86, 87, 88, 89, 90, 91, 92, 93, 94, 95, 96, 97, 98, 99, 100, 101, 102, 103, 104, 105, 106, 107, 108, 109, 110, 111, 112, 113, 114, 115, 116, 117, 118, 119, 120, 121, 122, 123, 124, 125, 126, 127, 128, 129, 130, 131, 132, 133, 134, 135, 136, 137, 138, 139, 140, 141, 142, 143, 144, 145, 146, 147, 148, 149, 150, 151, 152, 153, 154, 155, 156, 157, 158, 159, 160, 161, 162, 163, 164, 165, 166, 167, 168, 169, 170, 171, 172, 173, 174, 175, 176, 177, 178, 179, 180, 181, 182, 183, 184, 185, 186, 187, 188, 189, 190, 191, 192, 193, 194, 195, 196, 197, 198, 199, 200, 201, 202, 203, 204, 205, 206, 207, 208, 209, 210, 211, 212, 213, 214, 215, 216, 217, 218, 219, 220, 221, 222, 223, 224, 225, 226, 227, 228, 229, 230, 231, 232, 233, 234, 235, 236, 237, 238, 239, 240, 241, 242, 243, 244, 245, 246, 247, 248, 249, 250, 251, 252, 253, 254, 255, 256, 257, 258, 259, 260, 261, 262, 263, 264, 265, 266, 267, 268, 269, 270, 271, 272, 273, 274, 275, 276, 277, 278, 279, 280, 281, 282, 283, 284, 285, 286, 287, 288, 289, 290, 291, 292, 293, 294, 295, 296, 297, 298, 299, 300, 301, 302, 303, 304, 305, 306, 307, 308, 309, 310, 311, 312, 313, 314, 315, 316], "AcquisitionTime": ["144833.647500", "144834.257500", "144834.867500", "144835.477500", "144836.087500", "144836.697500", "144837.307500", "144837.917500", "144838.527500", "144839.137500", "144839.747500", "144840.357500", "144840.967500", "144841.577500", "144842.187500", "144842.797500", "144843.407500", "144844.017500", "144844.627500", "144845.237500", "144845.847500", "144846.457500", "144847.067500", "144847.677500", "144848.287500", "144848.897500", "144849.507500", "144850.117500", "144850.727500", "144851.337500", "144851.947500", "144852.557500", "144853.167500", "144853.777500", "144854.387500", "144854.997500", "144855.607500", "144856.217500", "144856.827500", "144857.437500", "144858.047500", "144858.657500", "144859.267500", "144859.877500", "144900.487500", "144901.097500", "144901.707500", "144902.317500", "144902.927500", "144903.537500", "144904.147500", "144904.757500", "144905.367500", "144905.977500", "144906.587500", "144907.197500", "144907.807500", "144908.417500", "144909.027500", "144909.637500", "144910.247500", "144910.857500", "144911.467500", "144912.077500", "144912.687500", "144913.297500", "144913.907500", "144914.517500", "144915.127500", "144915.737500", "144916.347500", "144916.957500", "144917.567500", "144918.177500", "144918.787500", "144919.397500", "144920.007500", "144920.617500", "144921.227500", "144921.837500", "144922.447500", "144923.057500", "144923.667500", "144924.277500", "144924.887500", "144925.497500", "144926.107500", "144926.717500", "144927.327500", "144927.937500", "144928.547500", "144929.157500", "144929.767500", "144930.377500", "144930.987500", "144931.597500", "144932.207500", "144932.817500", "144933.427500", "144934.037500", "144934.647500", "144935.257500", "144935.867500", "144936.477500", "144937.087500", "144937.697500", "144938.307500", "144938.917500", "144939.527500", "144940.137500", "144940.747500", "144941.357500", "144941.967500", "144942.577500", "144943.187500", "144943.797500", "144944.407500", "144945.017500", "144945.627500", "144946.237500", "144946.847500", "144947.457500", "144948.067500", "144948.677500", "144949.287500", "144949.897500", "144950.507500", "144951.117500", "144951.727500", "144952.337500", "144952.947500", "144953.557500", "144954.167500", "144954.777500", "144955.387500", "144955.997500", "144956.607500", "144957.217500", "144957.827500", "144958.437500", "144959.047500", "144959.657500", "145000.267500", "145000.877500", "145001.487500", "145002.097500", "145002.707500", "145003.317500", "145003.927500", "145004.537500", "145005.147500", "145005.757500", "145006.367500", "145006.977500", "145007.587500", "145008.197500", "145008.807500", "145009.417500", "145010.027500", "145010.637500", "145011.247500", "145011.857500", "145012.467500", "145013.077500", "145013.687500", "145014.297500", "145014.907500", "145015.517500", "145016.127500", "145016.737500", "145017.347500", "145017.957500", "145018.567500", "145019.177500", "145019.787500", "145020.397500", "145021.007500", "145021.617500", "145022.227500", "145022.837500", "145023.447500", "145024.057500", "145024.667500", "145025.277500", "145025.887500", "145026.497500", "145027.107500", "145027.717500", "145028.327500", "145028.937500", "145029.547500", "145030.157500", "145030.767500", "145031.377500", "145031.987500", "145032.597500", "145033.207500", "145033.817500", "145034.427500", "145035.037500", "145035.647500", "145036.257500", "145036.867500", "145037.477500", "145038.087500", "145038.697500", "145039.307500", "145039.917500", "145040.527500", "145041.137500", "145041.747500", "145042.357500", "145042.967500", "145043.577500", "145044.187500", "145044.797500", "145045.407500", "145046.017500", "145046.627500", "145047.237500", "145047.847500", "145048.457500", "145049.067500", "145049.677500", "145050.287500", "145050.897500", "145051.507500", "145052.117500", "145052.727500", "145053.337500", "145053.947500", "145054.557500", "145055.167500", "145055.777500", "145056.387500", "145056.997500", "145057.607500", "145058.217500", "145058.827500", "145059.437500", "145100.047500", "145100.657500", "145101.267500", "145101.877500", "145102.487500", "145103.097500", "145103.707500", "145104.317500", "145104.927500", "145105.537500", "145106.147500", "145106.757500", "145107.367500", "145107.977500", "145108.587500", "145109.197500", "145109.807500", "145110.417500", "145111.027500", "145111.637500", "145112.247500", "145112.857500", "145113.467500", "145114.077500", "145114.687500", "145115.297500", "145115.907500", "145116.517500", "145117.127500", "145117.737500", "145118.347500", "145118.957500", "145119.567500", "145120.177500", "145120.787500", "145121.397500", "145122.007500", "145122.617500", "145123.227500", "145123.837500", "145124.447500", "145125.057500", "145125.667500", "145126.277500", "145126.887500", "145127.497500", "145128.107500", "145128.717500", "145129.327500", "145129.937500", "145130.547500", "145131.157500", "145131.767500", "145132.377500", "145132.987500", "145133.597500", "145134.207500", "145134.817500", "145135.427500", "145136.037500", "145136.647500", "145137.257500", "145137.867500", "145138.477500", "145139.087500", "145139.697500", "145140.307500", "145140.917500", "145141.527500", "145142.137500", "145142.747500", "145143.357500", "145143.967500", "145144.577500", "145145.187500", "145145.797500"], "ContentTime": ["144858.224000", "144858.227000", "144858.229000", "144858.232000", "144858.234000", "144858.237000", "144858.239000", "144858.241000", "144858.244000", "144858.246000", "144858.249000", "144858.251000", "144858.253000", "144858.256000", "144858.264000", "144858.266000", "144858.269000", "144858.271000", "144858.274000", "144858.276000", "144858.278000", "144858.281000", "144858.283000", "144858.285000", "144858.288000", "144858.290000", "144858.293000", "144858.295000", "144858.307000", "144858.309000", "144858.311000", "144858.314000", "144858.316000", "144858.319000", "144858.321000", "144858.323000", "144858.326000", "144858.328000", "144858.331000", "144918.219000", "144918.222000", "144918.224000", "144918.227000", "144918.229000", "144918.232000", "144918.234000", "144918.237000", "144918.239000", "144918.241000", "144918.244000", "144918.246000", "144918.249000", "144918.251000", "144918.253000", "144918.256000", "144918.258000", "144918.261000", "144918.263000", "144918.265000", "144918.268000", "144918.270000", "144918.272000", "144918.275000", "144918.277000", "144918.280000", "144918.282000", "144918.284000", "144918.287000", "144918.290000", "144918.292000", "144918.294000", "144938.219000", "144938.222000", "144938.224000", "144938.227000", "144938.229000", "144938.239000", "144938.242000", "144938.244000", "144938.246000", "144938.249000", "144938.251000", "144938.253000", "144938.256000", "144938.259000", "144938.261000", "144938.264000", "144938.266000", "144938.269000", "144938.271000", "144938.273000", "144938.276000", "144938.278000", "144938.280000", "144938.283000", "144938.285000", "144938.288000", "144938.290000", "144938.292000", "144938.295000", "144938.297000", "144938.300000", "144938.302000", "144938.304000", "144958.219000", "144958.222000", "144958.224000", "144958.227000", "144958.229000", "144958.231000", "144958.234000", "144958.236000", "144958.239000", "144958.241000", "144958.244000", "144958.246000", "144958.248000", "144958.251000", "144958.253000", "144958.256000", "144958.258000", "144958.260000", "144958.263000", "144958.265000", "144958.268000", "144958.270000", "144958.272000", "144958.275000", "144958.278000", "144958.280000", "144958.282000", "144958.285000", "144958.287000", "144958.290000", "144958.292000", "144958.296000", "144958.299000", "145018.218000", "145018.221000", "145018.224000", "145018.226000", "145018.229000", "145018.231000", "145018.234000", "145018.236000", "145018.238000", "145018.241000", "145018.243000", "145018.246000", "145018.248000", "145018.250000", "145018.253000", "145018.255000", "145018.258000", "145018.260000", "145018.266000", "145018.268000", "145018.270000", "145018.273000", "145018.275000", "145018.278000", "145018.280000", "145018.283000", "145018.285000", "145018.287000", "145018.290000", "145018.292000", "145018.295000", "145018.297000", "145018.300000", "145038.218000", "145038.221000", "145038.224000", "145038.226000", "145038.228000", "145038.231000", "145038.233000", "145038.236000", "145038.238000", "145038.240000", "145038.243000", "145038.245000", "145038.248000", "145038.250000", "145038.252000", "145038.255000", "145038.257000", "145038.260000", "145038.262000", "145038.265000", "145038.267000", "145038.269000", "145038.272000", "145038.274000", "145038.277000", "145038.279000", "145038.281000", "145038.284000", "145038.286000", "145038.291000", "145038.294000", "145038.296000", "145038.299000", "145058.219000", "145058.221000", "145058.224000", "145058.226000", "145058.229000", "145058.232000", "145058.234000", "145058.236000", "145058.239000", "145058.241000", "145058.244000", "145058.246000", "145058.248000", "145058.251000", "145058.253000", "145058.255000", "145058.258000", "145058.260000", "145058.262000", "145058.265000", "145058.267000", "145058.270000", "145058.272000", "145058.274000", "145058.277000", "145058.279000", "145058.281000", "145058.284000", "145058.286000", "145058.289000", "145058.291000", "145058.293000", "145118.219000", "145118.222000", "145118.224000", "145118.226000", "145118.229000", "145118.231000", "145118.234000", "145118.236000", "145118.238000", "145118.241000", "145118.243000", "145118.256000", "145118.258000", "145118.260000", "145118.263000", "145118.265000", "145118.267000", "145118.270000", "145118.272000", "145118.275000", "145118.277000", "145118.279000", "145118.282000", "145118.284000", "145118.286000", "145118.289000", "145118.298000", "145118.301000", "145118.303000", "145118.306000", "145118.308000", "145118.310000", "145118.313000", "145138.219000", "145138.222000", "145138.224000", "145138.227000", "145138.229000", "145138.232000", "145138.234000", "145138.236000", "145138.239000", "145138.241000", "145138.244000", "145138.246000", "145138.248000", "145138.251000", "145138.253000", "145138.256000", "145138.258000", "145138.261000", "145138.263000", "145138.265000", "145138.268000", "145138.270000", "145138.273000", "145138.275000", "145138.278000", "145138.280000", "145138.282000", "145138.285000", "145138.287000", "145138.289000", "145138.292000", "145138.294000", "145138.297000", "145147.885000", "145147.888000", "145147.890000", "145147.893000", "145147.895000", "145147.898000", "145147.900000", "145147.902000", "145147.905000", "145147.907000", "145147.910000", "145147.912000", "145147.917000", "145147.919000", "145147.922000"], "InstanceCreationTime": ["144858.224000", "144858.227000", "144858.229000", "144858.232000", "144858.234000", "144858.237000", "144858.239000", "144858.241000", "144858.244000", "144858.246000", "144858.249000", "144858.251000", "144858.253000", "144858.256000", "144858.264000", "144858.266000", "144858.269000", "144858.271000", "144858.274000", "144858.276000", "144858.278000", "144858.281000", "144858.283000", "144858.285000", "144858.288000", "144858.290000", "144858.293000", "144858.295000", "144858.307000", "144858.309000", "144858.311000", "144858.314000", "144858.316000", "144858.319000", "144858.321000", "144858.323000", "144858.326000", "144858.328000", "144858.331000", "144918.219000", "144918.222000", "144918.224000", "144918.227000", "144918.229000", "144918.232000", "144918.234000", "144918.237000", "144918.239000", "144918.241000", "144918.244000", "144918.246000", "144918.249000", "144918.251000", "144918.253000", "144918.256000", "144918.258000", "144918.261000", "144918.263000", "144918.265000", "144918.268000", "144918.270000", "144918.272000", "144918.275000", "144918.277000", "144918.280000", "144918.282000", "144918.284000", "144918.287000", "144918.290000", "144918.292000", "144918.294000", "144938.219000", "144938.222000", "144938.224000", "144938.227000", "144938.229000", "144938.239000", "144938.242000", "144938.244000", "144938.246000", "144938.249000", "144938.251000", "144938.253000", "144938.256000", "144938.259000", "144938.261000", "144938.264000", "144938.266000", "144938.269000", "144938.271000", "144938.273000", "144938.276000", "144938.278000", "144938.280000", "144938.283000", "144938.285000", "144938.288000", "144938.290000", "144938.292000", "144938.295000", "144938.297000", "144938.300000", "144938.302000", "144938.304000", "144958.219000", "144958.222000", "144958.224000", "144958.227000", "144958.229000", "144958.231000", "144958.234000", "144958.236000", "144958.239000", "144958.241000", "144958.244000", "144958.246000", "144958.248000", "144958.251000", "144958.253000", "144958.256000", "144958.258000", "144958.260000", "144958.263000", "144958.265000", "144958.268000", "144958.270000", "144958.272000", "144958.275000", "144958.278000", "144958.280000", "144958.282000", "144958.285000", "144958.287000", "144958.290000", "144958.292000", "144958.296000", "144958.299000", "145018.218000", "145018.221000", "145018.224000", "145018.226000", "145018.229000", "145018.231000", "145018.234000", "145018.236000", "145018.238000", "145018.241000", "145018.243000", "145018.246000", "145018.248000", "145018.250000", "145018.253000", "145018.255000", "145018.258000", "145018.260000", "145018.266000", "145018.268000", "145018.270000", "145018.273000", "145018.275000", "145018.278000", "145018.280000", "145018.283000", "145018.285000", "145018.287000", "145018.290000", "145018.292000", "145018.295000", "145018.297000", "145018.300000", "145038.218000", "145038.221000", "145038.224000", "145038.226000", "145038.228000", "145038.231000", "145038.233000", "145038.236000", "145038.238000", "145038.240000", "145038.243000", "145038.245000", "145038.248000", "145038.250000", "145038.252000", "145038.255000", "145038.257000", "145038.260000", "145038.262000", "145038.265000", "145038.267000", "145038.269000", "145038.272000", "145038.274000", "145038.277000", "145038.279000", "145038.281000", "145038.284000", "145038.286000", "145038.291000", "145038.294000", "145038.296000", "145038.299000", "145058.219000", "145058.221000", "145058.224000", "145058.226000", "145058.229000", "145058.232000", "145058.234000", "145058.236000", "145058.239000", "145058.241000", "145058.244000", "145058.246000", "145058.248000", "145058.251000", "145058.253000", "145058.255000", "145058.258000", "145058.260000", "145058.262000", "145058.265000", "145058.267000", "145058.270000", "145058.272000", "145058.274000", "145058.277000", "145058.279000", "145058.281000", "145058.284000", "145058.286000", "145058.289000", "145058.291000", "145058.293000", "145118.219000", "145118.222000", "145118.224000", "145118.226000", "145118.229000", "145118.231000", "145118.234000", "145118.236000", "145118.238000", "145118.241000", "145118.243000", "145118.256000", "145118.258000", "145118.260000", "145118.263000", "145118.265000", "145118.267000", "145118.270000", "145118.272000", "145118.275000", "145118.277000", "145118.279000", "145118.282000", "145118.284000", "145118.286000", "145118.289000", "145118.298000", "145118.301000", "145118.303000", "145118.306000", "145118.308000", "145118.310000", "145118.313000", "145138.219000", "145138.222000", "145138.224000", "145138.227000", "145138.229000", "145138.232000", "145138.234000", "145138.236000", "145138.239000", "145138.241000", "145138.244000", "145138.246000", "145138.248000", "145138.251000", "145138.253000", "145138.256000", "145138.258000", "145138.261000", "145138.263000", "145138.265000", "145138.268000", "145138.270000", "145138.273000", "145138.275000", "145138.278000", "145138.280000", "145138.282000", "145138.285000", "145138.287000", "145138.289000", "145138.292000", "145138.294000", "145138.297000", "145147.885000", "145147.888000", "145147.890000", "145147.893000", "145147.895000", "145147.898000", "145147.900000", "145147.902000", "145147.905000", "145147.907000", "145147.910000", "145147.912000", "145147.917000", "145147.919000", "145147.922000"], "InstanceNumber": [1, 2, 3, 4, 5, 6, 7, 8, 9, 10, 11, 12, 13, 14, 15, 16, 17, 18, 19, 20, 21, 22, 23, 24, 25, 26, 27, 28, 29, 30, 31, 32, 33, 34, 35, 36, 37, 38, 39, 40, 41, 42, 43, 44, 45, 46, 47, 48, 49, 50, 51, 52, 53, 54, 55, 56, 57, 58, 59, 60, 61, 62, 63, 64, 65, 66, 67, 68, 69, 70, 71, 72, 73, 74, 75, 76, 77, 78, 79, 80, 81, 82, 83, 84, 85, 86, 87, 88, 89, 90, 91, 92, 93, 94, 95, 96, 97, 98, 99, 100, 101, 102, 103, 104, 105, 106, 107, 108, 109, 110, 111, 112, 113, 114, 115, 116, 117, 118, 119, 120, 121, 122, 123, 124, 125, 126, 127, 128, 129, 130, 131, 132, 133, 134, 135, 136, 137, 138, 139, 140, 141, 142, 143, 144, 145, 146, 147, 148, 149, 150, 151, 152, 153, 154, 155, 156, 157, 158, 159, 160, 161, 162, 163, 164, 165, 166, 167, 168, 169, 170, 171, 172, 173, 174, 175, 176, 177, 178, 179, 180, 181, 182, 183, 184, 185, 186, 187, 188, 189, 190, 191, 192, 193, 194, 195, 196, 197, 198, 199, 200, 201, 202, 203, 204, 205, 206, 207, 208, 209, 210, 211, 212, 213, 214, 215, 216, 217, 218, 219, 220, 221, 222, 223, 224, 225, 226, 227, 228, 229, 230, 231, 232, 233, 234, 235, 236, 237, 238, 239, 240, 241, 242, 243, 244, 245, 246, 247, 248, 249, 250, 251, 252, 253, 254, 255, 256, 257, 258, 259, 260, 261, 262, 263, 264, 265, 266, 267, 268, 269, 270, 271, 272, 273, 274, 275, 276, 277, 278, 279, 280, 281, 282, 283, 284, 285, 286, 287, 288, 289, 290, 291, 292, 293, 294, 295, 296, 297, 298, 299, 300, 301, 302, 303, 304, 305, 306, 307, 308, 309, 310, 311, 312, 313, 314, 315, 316], "LargestImagePixelValue": [579, 568, 568, 567, 566, 568, 563, 566, 568, 576, 561, 561, 564, 566, 565, 570, 563, 569, 563, 563, 559, 563, 565, 562, 567, 558, 564, 559, 564, 565, 562, 566, 560, 567, 570, 561, 567, 563, 569, 577, 564, 573, 561, 569, 569, 562, 571, 564, 569, 570, 567, 570, 564, 570, 564, 568, 570, 564, 569, 560, 571, 568, 569, 569, 565, 568, 566, 562, 565, 561, 562, 562, 563, 562, 562, 562, 558, 559, 560, 561, 563, 559, 564, 559, 567, 559, 562, 562, 564, 561, 560, 563, 558, 561, 564, 562, 563, 562, 560, 561, 561, 556, 559, 560, 560, 562, 561, 563, 559, 562, 556, 561, 567, 559, 559, 558, 556, 556, 556, 558, 558, 559, 553, 559, 561, 554, 557, 559, 553, 558, 551, 562, 555, 563, 558, 558, 562, 562, 562, 560, 561, 567, 560, 555, 551, 549, 553, 545, 551, 553, 545, 559, 551, 549, 547, 550, 546, 549, 552, 552, 551, 553, 551, 557, 554, 558, 559, 552, 563, 557, 559, 559, 559, 559, 555, 553, 552, 548, 549, 558, 550, 547, 559, 551, 552, 560, 548, 558, 553, 555, 560, 549, 562, 554, 560, 556, 560, 561, 559, 555, 561, 555, 550, 557, 544, 548, 552, 547, 557, 551, 559, 554, 554, 555, 554, 555, 552, 556, 551, 553, 556, 550, 555, 556, 550, 554, 554, 552, 548, 551, 547, 553, 560, 555, 557, 557, 562, 557, 549, 556, 553, 550, 548, 548, 547, 551, 553, 546, 549, 556, 548, 551, 557, 547, 552, 550, 546, 549, 553, 552, 550, 548, 556, 551, 558, 551, 559, 554, 554, 561, 552, 556, 553, 554, 552, 551, 555, 553, 552, 555, 555, 559, 557, 556, 554, 555, 548, 553, 547, 550, 546, 554, 552, 551, 558, 551, 560, 553, 559, 558, 552, 555, 558, 552, 553, 556, 551, 552, 552, 557, 545, 555, 550, 546, 554, 548], "WindowCenter": [320.0, 317.0, 316.0, 316.0, 315.0, 314.0, 314.0, 314.0, 314.0, 315.0, 314.0, 313.0, 314.0, 313.0, 314.0, 314.0, 313.0, 314.0, 313.0, 313.0, 313.0, 313.0, 313.0, 313.0, 313.0, 312.0, 313.0, 313.0, 313.0, 313.0, 313.0, 313.0, 313.0, 314.0, 314.0, 313.0, 314.0, 313.0, 315.0, 314.0, 313.0, 314.0, 313.0, 313.0, 313.0, 314.0, 315.0, 313.0, 315.0, 314.0, 314.0, 314.0, 314.0, 315.0, 314.0, 315.0, 314.0, 314.0, 315.0, 314.0, 315.0, 315.0, 315.0, 314.0, 314.0, 315.0, 315.0, 315.0, 314.0, 314.0, 316.0, 314.0, 316.0, 315.0, 314.0, 316.0, 314.0, 315.0, 314.0, 315.0, 315.0, 315.0, 315.0, 314.0, 315.0, 314.0, 314.0, 314.0, 314.0, 314.0, 313.0, 313.0, 314.0, 314.0, 314.0, 314.0, 314.0, 314.0, 314.0, 314.0, 313.0, 314.0, 314.0, 314.0, 315.0, 314.0, 315.0, 314.0, 315.0, 314.0, 314.0, 315.0, 314.0, 314.0, 314.0, 315.0, 314.0, 314.0, 314.0, 314.0, 315.0, 314.0, 314.0, 314.0, 314.0, 314.0, 313.0, 313.0, 314.0, 314.0, 315.0, 314.0, 317.0, 315.0, 315.0, 315.0, 315.0, 315.0, 315.0, 315.0, 314.0, 314.0, 314.0, 314.0, 313.0, 313.0, 313.0, 313.0, 313.0, 313.0, 313.0, 313.0, 313.0, 313.0, 313.0, 313.0, 313.0, 313.0, 313.0, 314.0, 314.0, 314.0, 314.0, 314.0, 315.0, 314.0, 314.0, 314.0, 314.0, 314.0, 314.0, 313.0, 313.0, 314.0, 314.0, 314.0, 314.0, 313.0, 314.0, 313.0, 313.0, 313.0, 313.0, 313.0, 313.0, 313.0, 314.0, 313.0, 314.0, 314.0, 314.0, 314.0, 314.0, 315.0, 315.0, 315.0, 314.0, 314.0, 314.0, 314.0, 314.0, 314.0, 315.0, 314.0, 314.0, 314.0, 314.0, 314.0, 314.0, 315.0, 314.0, 314.0, 314.0, 314.0, 315.0, 314.0, 315.0, 314.0, 314.0, 315.0, 314.0, 314.0, 315.0, 314.0, 314.0, 315.0, 315.0, 315.0, 314.0, 315.0, 314.0, 314.0, 315.0, 314.0, 314.0, 315.0, 314.0, 314.0, 314.0, 313.0, 313.0, 313.0, 313.0, 313.0, 313.0, 314.0, 313.0, 313.0, 313.0, 313.0, 313.0, 313.0, 313.0, 313.0, 313.0, 313.0, 313.0, 313.0, 313.0, 313.0, 313.0, 314.0, 314.0, 315.0, 314.0, 315.0, 314.0, 314.0, 314.0, 314.0, 314.0, 313.0, 314.0, 314.0, 314.0, 314.0, 314.0, 314.0, 314.0, 314.0, 314.0, 314.0, 314.0, 314.0, 314.0, 315.0, 314.0, 314.0, 314.0, 314.0, 314.0, 314.0, 314.0, 314.0, 314.0, 314.0, 314.0, 314.0, 314.0, 314.0, 314.0, 314.0, 314.0, 314.0, 313.0, 314.0, 314.0, 314.0, 314.0, 314.0, 313.0, 314.0, 314.0, 313.0, 313.0, 314.0], "WindowWidth": [690.0, 685.0, 682.0, 682.0, 681.0, 680.0, 678.0, 680.0, 679.0, 680.0, 679.0, 676.0, 678.0, 677.0, 679.0, 678.0, 677.0, 678.0, 677.0, 676.0, 676.0, 677.0, 677.0, 677.0, 677.0, 675.0, 677.0, 676.0, 677.0, 675.0, 676.0, 677.0, 677.0, 678.0, 678.0, 677.0, 679.0, 676.0, 680.0, 679.0, 677.0, 678.0, 677.0, 677.0, 677.0, 678.0, 679.0, 677.0, 680.0, 678.0, 678.0, 679.0, 678.0, 680.0, 678.0, 680.0, 679.0, 679.0, 680.0, 679.0, 680.0, 680.0, 680.0, 679.0, 679.0, 680.0, 680.0, 680.0, 679.0, 679.0, 681.0, 679.0, 682.0, 680.0, 679.0, 681.0, 678.0, 680.0, 679.0, 680.0, 681.0, 681.0, 680.0, 679.0, 680.0, 678.0, 680.0, 678.0, 678.0, 679.0, 677.0, 677.0, 678.0, 678.0, 679.0, 678.0, 678.0, 678.0, 678.0, 679.0, 677.0, 679.0, 678.0, 679.0, 680.0, 679.0, 680.0, 679.0, 680.0, 679.0, 679.0, 681.0, 679.0, 679.0, 679.0, 680.0, 679.0, 678.0, 679.0, 678.0, 680.0, 679.0, 678.0, 679.0, 678.0, 678.0, 677.0, 677.0, 679.0, 678.0, 680.0, 678.0, 683.0, 681.0, 680.0, 681.0, 681.0, 680.0, 681.0, 680.0, 679.0, 678.0, 678.0, 677.0, 677.0, 676.0, 676.0, 676.0, 676.0, 675.0, 676.0, 675.0, 676.0, 676.0, 676.0, 677.0, 676.0, 677.0, 677.0, 678.0, 678.0, 678.0, 678.0, 678.0, 680.0, 678.0, 679.0, 679.0, 678.0, 678.0, 678.0, 677.0, 677.0, 679.0, 678.0, 678.0, 678.0, 677.0, 678.0, 676.0, 677.0, 677.0, 676.0, 677.0, 677.0, 677.0, 678.0, 677.0, 679.0, 679.0, 678.0, 679.0, 679.0, 680.0, 680.0, 681.0, 679.0, 679.0, 679.0, 679.0, 679.0, 679.0, 680.0, 679.0, 678.0, 679.0, 678.0, 679.0, 678.0, 680.0, 679.0, 679.0, 679.0, 679.0, 680.0, 679.0, 680.0, 679.0, 679.0, 680.0, 679.0, 679.0, 680.0, 678.0, 679.0, 680.0, 680.0, 680.0, 679.0, 680.0, 679.0, 679.0, 681.0, 679.0, 679.0, 680.0, 677.0, 679.0, 678.0, 677.0, 677.0, 676.0, 676.0, 676.0, 676.0, 677.0, 676.0, 676.0, 677.0, 676.0, 676.0, 677.0, 676.0, 677.0, 676.0, 677.0, 676.0, 676.0, 677.0, 677.0, 677.0, 679.0, 678.0, 680.0, 679.0, 680.0, 679.0, 679.0, 679.0, 678.0, 679.0, 677.0, 679.0, 679.0, 678.0, 679.0, 678.0, 679.0, 678.0, 678.0, 679.0, 678.0, 679.0, 679.0, 679.0, 680.0, 678.0, 679.0, 679.0, 678.0, 679.0, 679.0, 679.0, 679.0, 679.0, 679.0, 678.0, 679.0, 679.0, 679.0, 679.0, 679.0, 679.0, 679.0, 677.0, 678.0, 678.0, 679.0, 678.0, 679.0, 677.0, 677.0, 678.0, 677.0, 677.0, 678.0]}, "slices": {}}, "EventTimestamp": "14-50-42"}