{
  "AcquisitionMatrixPE": 64,
  "AcquisitionNumber": 1,
  "AcquisitionTime": "11:40:41.747500",
  "BandwidthPerPixelPhaseEncode": 28.935,
  "BaseResolution": 64,
  "BodyPartExamined": "BRAIN",
  "CoilCombinationMethod": "Sum of Squares",
  "ConsistencyInfo": "N4_VE11E_LATEST_20181129",
  "ConversionSoftware": "dcm2niix",
  "ConversionSoftwareVersion": "v1.0.20230411",
  "DerivedVendorReportedEchoSpacing": 0.000540003,
  "DeviceSerialNumber": "166182",
  "DwellTime": 3.4e-06,
  "EchoTime": 0.032,
  "EchoTrainLength": 64,
  "EffectiveEchoSpacing": 0.000540003,
  "FlipAngle": 40,
  "HeudiconvVersion": "0.13.1",
  "ImageOrientationPatientDICOM": [1, 3.58537e-06, 0.000155257, 4.52789e-08, 0.999727, -0.0233784],
  "ImageOrientationText": "Tra>Cor(-1.3)>Sag(0.0)",
  "ImageType": [
    "ORIGINAL",
    "PRIMARY",
    "M",
    "ND",
    "NORM",
    "MOSAIC"
],
  "ImagingFrequency": 123.257342,
  "InPlanePhaseEncodingDirectionDICOM": "COL",
  "InstitutionAddress": "PEARSE STREET .,City,District,IE,D2",
  "InstitutionName": "TCIN",
  "InstitutionalDepartmentName": "MRI",
  "MRAcquisitionType": "2D",
  "MagneticFieldStrength": 3,
  "Manufacturer": "Siemens",
  "ManufacturersModelName": "Prisma",
  "Modality": "MR",
  "MultibandAccelerationFactor": 4,
  "NonlinearGradientCorrection": false,
  "PartialFourier": 1,
  "PatientPosition": "HFS",
  "PercentPhaseFOV": 100,
  "PercentSampling": 100,
  "PhaseEncodingDirection": "j",
  "PhaseEncodingSteps": 64,
  "PhaseResolution": 1,
  "PixelBandwidth": 2300,
  "ProcedureStepDescription": "Rhodri^Head BOLD",
  "ProtocolName": "cmrr_mbep2d_se_PA",
  "PulseSequenceDetails": "%SiemensSeq%\\ep2d_bold",
  "ReceiveCoilActiveElements": "HC2,4,6,7;SC",
  "ReceiveCoilName": "HeadNeck_64",
  "ReconMatrixPE": 64,
  "RefLinesPE": 12,
  "RepetitionTime": 0.61,
  "SAR": 0.225676,
  "ScanOptions": "FS",
  "ScanningSequence": "EP",
  "SequenceName": "*epfid2d1_64",
  "SequenceVariant": "SK",
  "SeriesDescription": "cmrr_mbep2d_se_PA",
  "SeriesNumber": 7,
  "ShimSetting": [-3689, -7552, 3949, 1165, -39, 323, 270, 351],
  "SliceThickness": 3,
  "SliceTiming": [0.2625, 0, 0.3275, 0.065, 0.3925, 0.13, 0.4575, 0.195, 0.525, 0.2625, 0, 0.3275, 0.065, 0.3925, 0.13, 0.4575, 0.195, 0.525, 0.2625, 0, 0.3275, 0.065, 0.3925, 0.13, 0.4575, 0.195, 0.525, 0.2625, 0, 0.3275, 0.065, 0.3925, 0.13, 0.4575, 0.195, 0.525],
  "SoftwareVersions": "syngo MR E11",
  "SpacingBetweenSlices": 3.3,
  "StationName": "AWP166182",
  "TotalReadoutTime": 0.0340202,
  "TxRefAmp": 226.135,
  "dcmmeta_affine": [
    [-3.0, 1.358366574777392e-07, 0.0005124861490912735, 97.3270034790039],
    [-1.0756116353149991e-05, 2.9991800785064697, -0.07714873552322388, -106.34996795654297],
    [0.0004657723184209317, 0.0701352134346962, 3.299098014831543, -85.66483306884766],
    [0.0, 0.0, 0.0, 1.0]
],
  "dcmmeta_reorient_transform": [
    [0.0, -1.0, 0.0, 63.0],
    [1.0, 0.0, 0.0, 0.0],
    [0.0, 0.0, 1.0, 0.0],
    [0.0, 0.0, 0.0, 1.0]
],
  "dcmmeta_shape": [64, 64, 36, 10],
  "dcmmeta_slice_dim": 2,
  "dcmmeta_version": 0.6,
  "global": {
    "const": {
      "AcquisitionMatrix": [64, 0, 0, 64],
      "AngioFlag": "N",
      "BitsAllocated": 16,
      "BitsStored": 12,
      "BodyPartExamined": "BRAIN",
      "Columns": 384,
      "EchoNumbers": 1,
      "EchoTime": 32.0,
      "EchoTrainLength": 64,
      "FlipAngle": 40.0,
      "HighBit": 11,
      "ImageOrientationPatient": [0.99999998794114, 3.58537225e-06, 0.00015525744216, 4.5278885e-08, 0.9997266877632, -0.0233784040092],
      "ImagePositionPatient": [-577.32703179285, -562.46890871884, -70.099206102762],
      "ImageType": [
        "ORIGINAL",
        "PRIMARY",
        "M",
        "ND",
        "NORM",
        "MOSAIC"
],
      "ImagedNucleus": "1H",
      "ImagingFrequency": 123.257342,
      "InPlanePhaseEncodingDirection": "COL",
      "MRAcquisitionType": "2D",
      "MagneticFieldStrength": 3.0,
      "Manufacturer": "SIEMENS",
      "ManufacturerModelName": "Prisma",
      "Modality": "MR",
      "NumberOfAverages": 1.0,
      "NumberOfPhaseEncodingSteps": 64,
      "PercentPhaseFieldOfView": 100.0,
      "PercentSampling": 100.0,
      "PerformedProcedureStepStartTime": "112143.002000",
      "PhotometricInterpretation": "MONOCHROME2",
      "PixelBandwidth": 2300.0,
      "PixelRepresentation": 0,
      "PixelSpacing": [3.0, 3.0],
      "ProtocolName": "cmrr_mbep2d_se_PA",
      "RepetitionTime": 610.0,
      "Rows": 384,
      "SAR": 0.22567638255041,
      "SamplesPerPixel": 1,
      "ScanOptions": "FS",
      "ScanningSequence": "EP",
      "SequenceName": "*epfid2d1_64",
      "SequenceVariant": "SK",
      "SeriesDescription": "cmrr_mbep2d_se_PA",
      "SeriesNumber": 7,
      "SeriesTime": "114048.525000",
      "SliceLocation": -83.140013311084,
      "SliceThickness": 3.0,
      "SmallestImagePixelValue": 0,
      "SoftwareVersions": "syngo MR E11",
      "SpacingBetweenSlices": 3.300000067474,
      "SpecificCharacterSet": "ISO_IR 100",
      "StudyID": "2",
      "StudyTime": "112142.941000",
      "TransmitCoilName": "Body",
      "VariableFlipAngleFlag": "N",
      "WindowCenterWidthExplanation": "Algo1"
    },
    "slices": {}
  },
  "time": {
    "samples": {
      "AcquisitionNumber": [1, 2, 3, 4, 5, 6, 7, 8, 9, 10],
      "AcquisitionTime": ["114041.747500", "114042.357500", "114042.967500", "114043.577500", "114044.187500", "114044.797500", "114045.407500", "114046.017500", "114046.627500", "114047.237500"],
      "ContentTime": ["114048.529000", "114048.532000", "114048.535000", "114048.538000", "114048.540000", "114048.548000", "114048.551000", "114048.553000", "114048.556000", "114048.559000"],
      "InstanceCreationTime": ["114048.529000", "114048.532000", "114048.535000", "114048.538000", "114048.540000", "114048.548000", "114048.551000", "114048.553000", "114048.556000", "114048.559000"],
      "InstanceNumber": [1, 2, 3, 4, 5, 6, 7, 8, 9, 10],
      "LargestImagePixelValue": [524, 506, 507, 487, 494, 500, 483, 488, 497, 488],
      "WindowCenter": [315.0, 312.0, 311.0, 311.0, 310.0, 309.0, 308.0, 308.0, 309.0, 309.0],
      "WindowWidth": [683.0, 677.0, 675.0, 674.0, 673.0, 671.0, 670.0, 670.0, 671.0, 670.0]
    },
    "slices": {}
  }
}