{"AcquisitionMatrixPE": 64, "AcquisitionNumber": 1, "AcquisitionTime": "11:06:8.755000", "BandwidthPerPixelPhaseEncode": 28.935, "BaseResolution": 64, "BodyPartExamined": "BRAIN", "CoilCombinationMethod": "Sum of Squares", "ConsistencyInfo": "N4_VE11E_LATEST_20181129", "ConversionSoftware": "dcm2niix", "ConversionSoftwareVersion": "v1.0.20230411", "DerivedVendorReportedEchoSpacing": 0.000540003, "DeviceSerialNumber": "166182", "DwellTime": 3.4e-06, "EchoTime": 0.032, "EchoTrainLength": 64, "EffectiveEchoSpacing": 0.000540003, "FlipAngle": 40, "HeudiconvVersion": "0.13.1", "ImageOrientationPatientDICOM": [0.999939, -0.00860977, 0.00690369, 0.00872635, 0.999817, -0.0170378], "ImageOrientationText": "Tra>Cor(-1.0)>Sag(0.4)", "ImageType": ["ORIGINAL", "PRIMARY", "M", "ND", "NORM", "MOSAIC"], "ImagingFrequency": 123.255927, "InPlanePhaseEncodingDirectionDICOM": "COL", "InstitutionAddress": "PEARSE STREET .,City,District,IE,D2", "InstitutionName": "TCIN", "InstitutionalDepartmentName": "MRI", "MRAcquisitionType": "2D", "MagneticFieldStrength": 3, "Manufacturer": "Siemens", "ManufacturersModelName": "Prisma", "Modality": "MR", "MultibandAccelerationFactor": 4, "NonlinearGradientCorrection": false, "PartialFourier": 1, "PatientPosition": "HFS", "PercentPhaseFOV": 100, "PercentSampling": 100, "PhaseEncodingDirection": "j-", "PhaseEncodingSteps": 64, "PhaseResolution": 1, "PixelBandwidth": 2300, "ProcedureStepDescription": "Rhodri^Head BOLD", "ProtocolName": "cmrr_mbep2d_Pictures_AP_RDS", "PulseSequenceDetails": "%SiemensSeq%\\ep2d_bold", "ReceiveCoilActiveElements": "HC2,4,6,7;SC", "ReceiveCoilName": "SpecialPurpose_4", "ReconMatrixPE": 64, "RefLinesPE": 12, "RepetitionTime": 0.61, "SAR": 0.336966, "ScanOptions": "FS", "ScanningSequence": "EP", "SequenceName": "*epfid2d1_64", "SequenceVariant": "SK", "SeriesDescription": "cmrr_mbep2d_Pictures_AP_RDS", "SeriesNumber": 8, "ShimSetting": [-3610, -7421, 3944, 910, -90, 171, -139, -41], "SliceThickness": 3, "SliceTiming": [0.2625, 0, 0.3275, 0.065, 0.395, 0.1325, 0.46, 0.1975, 0.525, 0.2625, 0, 0.3275, 0.065, 0.395, 0.1325, 0.46, 0.1975, 0.525, 0.2625, 0, 0.3275, 0.065, 0.395, 0.1325, 0.46, 0.1975, 0.525, 0.2625, 0, 0.3275, 0.065, 0.395, 0.1325, 0.46, 0.1975, 0.525], "SoftwareVersions": "syngo MR E11", "SpacingBetweenSlices": 3.3, "StationName": "AWP166182", "TaskName": "pictures", "TotalReadoutTime": 0.0340202, "TxRefAmp": 238.692, "dcmmeta_affine": [[-2.999817371368408, 0.026179056614637375, 0.02229393646121025, 93.04387664794922], [0.025829322636127472, 2.999450206756592, -0.056420233100652695, -107.3580551147461], [0.020711084827780724, 0.05111350119113922, 3.2994422912597656, -92.61210632324219], [0.0, 0.0, 0.0, 1.0]], "dcmmeta_reorient_transform": [[0.0, -1.0, 0.0, 63.0], [1.0, 0.0, 0.0, 0.0], [0.0, 0.0, 1.0, 0.0], [0.0, 0.0, 0.0, 1.0]], "dcmmeta_shape": [64, 64, 36, 224], "dcmmeta_slice_dim": 2, "dcmmeta_version": 0.6, "global": {"const": {"AcquisitionMatrix": [64, 0, 0, 64], "AngioFlag": "N", "BitsAllocated": 16, "BitsStored": 12, "BodyPartExamined": "BRAIN", "Columns": 384, "EchoNumbers": 1, "EchoTime": 32.0, "EchoTrainLength": 64, "FlipAngle": 40.0, "HighBit": 11, "ImageOrientationPatient": [0.99993910353493, -0.0086097744151, 0.0069036951177, 0.00872635221568, 0.99981676470792, -0.0170378339584], "ImagePositionPatient": [-578.85257413215, -557.38666912718, -84.527566044852], "ImageType": ["ORIGINAL", "PRIMARY", "M", "ND", "NORM", "MOSAIC"], "ImagedNucleus": "1H", "ImagingFrequency": 123.255927, "InPlanePhaseEncodingDirection": "COL", "MRAcquisitionType": "2D", "MagneticFieldStrength": 3.0, "Manufacturer": "SIEMENS", "ManufacturerModelName": "Prisma", "Modality": "MR", "NumberOfAverages": 1.0, "NumberOfPhaseEncodingSteps": 64, "PercentPhaseFieldOfView": 100.0, "PercentSampling": 100.0, "PerformedProcedureStepStartTime": "105719.359000", "PhotometricInterpretation": "MONOCHROME2", "PixelBandwidth": 2300.0, "PixelRepresentation": 0, "PixelSpacing": [3.0, 3.0], "ProtocolName": "cmrr_mbep2d_Pictures_AP_RDS", "RepetitionTime": 610.0, "Rows": 384, "SAR": 0.33696587726584, "SamplesPerPixel": 1, "ScanOptions": "FS", "ScanningSequence": "EP", "SequenceName": "*epfid2d1_64", "SequenceVariant": "SK", "SeriesDescription": "cmrr_mbep2d_Pictures_AP_RDS", "SeriesNumber": 8, "SeriesTime": "110632.599000", "SliceLocation": -90.132367840844, "SliceThickness": 3.0, "SmallestImagePixelValue": 0, "SoftwareVersions": "syngo MR E11", "SpacingBetweenSlices": 3.3000000080967, "SpecificCharacterSet": "ISO_IR 100", "StudyID": "2", "StudyTime": "105719.315000", "TransmitCoilName": "Body", "VariableFlipAngleFlag": "N", "WindowCenterWidthExplanation": "Algo1"}, "slices": {}}, "time": {"samples": {"AcquisitionNumber": [1, 2, 3, 4, 5, 6, 7, 8, 9, 10, 11, 12, 13, 14, 15, 16, 17, 18, 19, 20, 21, 22, 23, 24, 25, 26, 27, 28, 29, 30, 31, 32, 33, 34, 35, 36, 37, 38, 39, 40, 41, 42, 43, 44, 45, 46, 47, 48, 49, 50, 51, 52, 53, 54, 55, 56, 57, 58, 59, 60, 61, 62, 63, 64, 65, 66, 67, 68, 69, 70, 71, 72, 73, 74, 75, 76, 77, 78, 79, 80, 81, 82, 83, 84, 85, 86, 87, 88, 89, 90, 91, 92, 93, 94, 95, 96, 97, 98, 99, 100, 101, 102, 103, 104, 105, 106, 107, 108, 109, 110, 111, 112, 113, 114, 115, 116, 117, 118, 119, 120, 121, 122, 123, 124, 125, 126, 127, 128, 129, 130, 131, 132, 133, 134, 135, 136, 137, 138, 139, 140, 141, 142, 143, 144, 145, 146, 147, 148, 149, 150, 151, 152, 153, 154, 155, 156, 157, 158, 159, 160, 161, 162, 163, 164, 165, 166, 167, 168, 169, 170, 171, 172, 173, 174, 175, 176, 177, 178, 179, 180, 181, 182, 183, 184, 185, 186, 187, 188, 189, 190, 191, 192, 193, 194, 195, 196, 197, 198, 199, 200, 201, 202, 203, 204, 205, 206, 207, 208, 209, 210, 211, 212, 213, 214, 215, 216, 217, 218, 219, 220, 221, 222, 223, 224], "AcquisitionTime": ["110608.755000", "110609.365000", "110609.975000", "110610.585000", "110611.195000", "110611.805000", "110612.415000", "110613.025000", "110613.635000", "110614.245000", "110614.855000", "110615.465000", "110616.075000", "110616.685000", "110617.295000", "110617.905000", "110618.515000", "110619.125000", "110619.735000", "110620.345000", "110620.955000", "110621.565000", "110622.175000", "110622.785000", "110623.395000", "110624.005000", "110624.615000", "110625.225000", "110625.835000", "110626.445000", "110627.055000", "110627.665000", "110628.275000", "110628.885000", "110629.495000", "110630.105000", "110630.715000", "110631.325000", "110631.935000", "110632.545000", "110633.155000", "110633.765000", "110634.375000", "110634.985000", "110635.595000", "110636.205000", "110636.815000", "110637.425000", "110638.035000", "110638.645000", "110639.255000", "110639.865000", "110640.475000", "110641.085000", "110641.695000", "110642.305000", "110642.915000", "110643.525000", "110644.135000", "110644.745000", "110645.355000", "110645.965000", "110646.575000", "110647.185000", "110647.795000", "110648.405000", "110649.015000", "110649.625000", "110650.235000", "110650.845000", "110651.455000", "110652.065000", "110652.675000", "110653.285000", "110653.895000", "110654.505000", "110655.115000", "110655.725000", "110656.335000", "110656.945000", "110657.555000", "110658.165000", "110658.775000", "110659.385000", "110659.995000", "110700.605000", "110701.215000", "110701.825000", "110702.435000", "110703.045000", "110703.655000", "110704.265000", "110704.875000", "110705.485000", "110706.095000", "110706.705000", "110707.315000", "110707.925000", "110708.535000", "110709.145000", "110709.755000", "110710.365000", "110710.975000", "110711.585000", "110712.195000", "110712.805000", "110713.415000", "110714.025000", "110714.635000", "110715.245000", "110715.855000", "110716.465000", "110717.075000", "110717.685000", "110718.295000", "110718.905000", "110719.515000", "110720.125000", "110720.735000", "110721.345000", "110721.955000", "110722.565000", "110723.175000", "110723.785000", "110724.395000", "110725.005000", "110725.615000", "110726.225000", "110726.835000", "110727.445000", "110728.055000", "110728.665000", "110729.275000", "110729.885000", "110730.495000", "110731.105000", "110731.715000", "110732.325000", "110732.935000", "110733.545000", "110734.155000", "110734.765000", "110735.375000", "110735.985000", "110736.595000", "110737.205000", "110737.815000", "110738.425000", "110739.035000", "110739.645000", "110740.255000", "110740.865000", "110741.475000", "110742.085000", "110742.695000", "110743.305000", "110743.915000", "110744.525000", "110745.135000", "110745.745000", "110746.355000", "110746.965000", "110747.575000", "110748.185000", "110748.795000", "110749.405000", "110750.015000", "110750.625000", "110751.235000", "110751.845000", "110752.455000", "110753.065000", "110753.675000", "110754.285000", "110754.895000", "110755.505000", "110756.115000", "110756.725000", "110757.335000", "110757.945000", "110758.555000", "110759.165000", "110759.775000", "110800.385000", "110800.995000", "110801.605000", "110802.215000", "110802.825000", "110803.435000", "110804.045000", "110804.655000", "110805.265000", "110805.875000", "110806.485000", "110807.095000", "110807.705000", "110808.315000", "110808.925000", "110809.535000", "110810.145000", "110810.755000", "110811.365000", "110811.975000", "110812.585000", "110813.195000", "110813.805000", "110814.415000", "110815.025000", "110815.635000", "110816.245000", "110816.855000", "110817.465000", "110818.075000", "110818.685000", "110819.295000", "110819.905000", "110820.515000", "110821.125000", "110821.735000", "110822.345000", "110822.955000", "110823.565000", "110824.175000", "110824.785000"], "ContentTime": ["110632.602000", "110632.605000", "110632.607000", "110632.619000", "110632.622000", "110632.624000", "110632.627000", "110632.629000", "110632.631000", "110632.634000", "110632.636000", "110632.639000", "110632.641000", "110632.643000", "110632.646000", "110632.648000", "110632.651000", "110632.654000", "110632.656000", "110632.659000", "110632.661000", "110632.663000", "110632.666000", "110632.668000", "110632.670000", "110632.673000", "110632.675000", "110632.678000", "110632.680000", "110632.682000", "110632.685000", "110632.691000", "110632.693000", "110632.696000", "110632.698000", "110632.701000", "110632.703000", "110632.706000", "110652.597000", "110652.600000", "110652.603000", "110652.605000", "110652.608000", "110652.610000", "110652.612000", "110652.615000", "110652.617000", "110652.620000", "110652.622000", "110652.624000", "110652.627000", "110652.629000", "110652.632000", "110652.634000", "110652.636000", "110652.639000", "110652.641000", "110652.647000", "110652.650000", "110652.652000", "110652.655000", "110652.657000", "110652.659000", "110652.662000", "110652.664000", "110652.667000", "110652.670000", "110652.673000", "110652.675000", "110652.677000", "110652.680000", "110712.597000", "110712.600000", "110712.603000", "110712.605000", "110712.607000", "110712.610000", "110712.612000", "110712.615000", "110712.617000", "110712.620000", "110712.622000", "110712.625000", "110712.627000", "110712.629000", "110712.632000", "110712.634000", "110712.636000", "110712.639000", "110712.641000", "110712.644000", "110712.646000", "110712.648000", "110712.651000", "110712.657000", "110712.660000", "110712.662000", "110712.665000", "110712.667000", "110712.669000", "110712.672000", "110712.674000", "110712.677000", "110712.679000", "110732.597000", "110732.600000", "110732.602000", "110732.605000", "110732.607000", "110732.610000", "110732.612000", "110732.615000", "110732.617000", "110732.620000", "110732.622000", "110732.624000", "110732.627000", "110732.629000", "110732.632000", "110732.634000", "110732.637000", "110732.639000", "110732.641000", "110732.644000", "110732.646000", "110732.648000", "110732.651000", "110732.653000", "110732.655000", "110732.658000", "110732.660000", "110732.663000", "110732.665000", "110732.667000", "110732.670000", "110732.672000", "110732.674000", "110752.598000", "110752.601000", "110752.603000", "110752.605000", "110752.608000", "110752.610000", "110752.613000", "110752.615000", "110752.617000", "110752.620000", "110752.623000", "110752.625000", "110752.628000", "110752.630000", "110752.633000", "110752.635000", "110752.637000", "110752.640000", "110752.642000", "110752.645000", "110752.647000", "110752.649000", "110752.652000", "110752.654000", "110752.656000", "110752.659000", "110752.661000", "110752.664000", "110752.666000", "110752.668000", "110752.671000", "110752.673000", "110812.597000", "110812.600000", "110812.603000", "110812.605000", "110812.607000", "110812.610000", "110812.612000", "110812.615000", "110812.617000", "110812.619000", "110812.622000", "110812.624000", "110812.626000", "110812.629000", "110812.631000", "110812.634000", "110812.636000", "110812.639000", "110812.641000", "110812.643000", "110812.646000", "110812.648000", "110812.651000", "110812.653000", "110812.655000", "110812.658000", "110812.660000", "110812.663000", "110812.665000", "110812.667000", "110812.670000", "110812.672000", "110812.674000", "110826.236000", "110826.238000", "110826.241000", "110826.243000", "110826.245000", "110826.248000", "110826.250000", "110826.253000", "110826.255000", "110826.258000", "110826.260000", "110826.262000", "110826.265000", "110826.267000", "110826.270000", "110826.273000", "110826.278000", "110826.280000", "110826.283000", "110826.285000", "110826.288000", "110826.290000"], "InstanceCreationTime": ["110632.602000", "110632.605000", "110632.607000", "110632.619000", "110632.622000", "110632.624000", "110632.627000", "110632.629000", "110632.631000", "110632.634000", "110632.636000", "110632.639000", "110632.641000", "110632.643000", "110632.646000", "110632.648000", "110632.651000", "110632.654000", "110632.656000", "110632.659000", "110632.661000", "110632.663000", "110632.666000", "110632.668000", "110632.670000", "110632.673000", "110632.675000", "110632.678000", "110632.680000", "110632.682000", "110632.685000", "110632.691000", "110632.693000", "110632.696000", "110632.698000", "110632.701000", "110632.703000", "110632.706000", "110652.597000", "110652.600000", "110652.603000", "110652.605000", "110652.608000", "110652.610000", "110652.612000", "110652.615000", "110652.617000", "110652.620000", "110652.622000", "110652.624000", "110652.627000", "110652.629000", "110652.632000", "110652.634000", "110652.636000", "110652.639000", "110652.641000", "110652.647000", "110652.650000", "110652.652000", "110652.655000", "110652.657000", "110652.659000", "110652.662000", "110652.664000", "110652.667000", "110652.670000", "110652.673000", "110652.675000", "110652.677000", "110652.680000", "110712.597000", "110712.600000", "110712.603000", "110712.605000", "110712.607000", "110712.610000", "110712.612000", "110712.615000", "110712.617000", "110712.620000", "110712.622000", "110712.625000", "110712.627000", "110712.629000", "110712.632000", "110712.634000", "110712.636000", "110712.639000", "110712.641000", "110712.644000", "110712.646000", "110712.648000", "110712.651000", "110712.657000", "110712.660000", "110712.662000", "110712.665000", "110712.667000", "110712.669000", "110712.672000", "110712.674000", "110712.677000", "110712.679000", "110732.597000", "110732.600000", "110732.602000", "110732.605000", "110732.607000", "110732.610000", "110732.612000", "110732.615000", "110732.617000", "110732.620000", "110732.622000", "110732.624000", "110732.627000", "110732.629000", "110732.632000", "110732.634000", "110732.637000", "110732.639000", "110732.641000", "110732.644000", "110732.646000", "110732.648000", "110732.651000", "110732.653000", "110732.655000", "110732.658000", "110732.660000", "110732.663000", "110732.665000", "110732.667000", "110732.670000", "110732.672000", "110732.674000", "110752.598000", "110752.601000", "110752.603000", "110752.605000", "110752.608000", "110752.610000", "110752.613000", "110752.615000", "110752.617000", "110752.620000", "110752.623000", "110752.625000", "110752.628000", "110752.630000", "110752.633000", "110752.635000", "110752.637000", "110752.640000", "110752.642000", "110752.645000", "110752.647000", "110752.649000", "110752.652000", "110752.654000", "110752.656000", "110752.659000", "110752.661000", "110752.664000", "110752.666000", "110752.668000", "110752.671000", "110752.673000", "110812.597000", "110812.600000", "110812.603000", "110812.605000", "110812.607000", "110812.610000", "110812.612000", "110812.615000", "110812.617000", "110812.619000", "110812.622000", "110812.624000", "110812.626000", "110812.629000", "110812.631000", "110812.634000", "110812.636000", "110812.639000", "110812.641000", "110812.643000", "110812.646000", "110812.648000", "110812.651000", "110812.653000", "110812.655000", "110812.658000", "110812.660000", "110812.663000", "110812.665000", "110812.667000", "110812.670000", "110812.672000", "110812.674000", "110826.236000", "110826.238000", "110826.241000", "110826.243000", "110826.245000", "110826.248000", "110826.250000", "110826.253000", "110826.255000", "110826.258000", "110826.260000", "110826.262000", "110826.265000", "110826.267000", "110826.270000", "110826.273000", "110826.278000", "110826.280000", "110826.283000", "110826.285000", "110826.288000", "110826.290000"], "InstanceNumber": [1, 2, 3, 4, 5, 6, 7, 8, 9, 10, 11, 12, 13, 14, 15, 16, 17, 18, 19, 20, 21, 22, 23, 24, 25, 26, 27, 28, 29, 30, 31, 32, 33, 34, 35, 36, 37, 38, 39, 40, 41, 42, 43, 44, 45, 46, 47, 48, 49, 50, 51, 52, 53, 54, 55, 56, 57, 58, 59, 60, 61, 62, 63, 64, 65, 66, 67, 68, 69, 70, 71, 72, 73, 74, 75, 76, 77, 78, 79, 80, 81, 82, 83, 84, 85, 86, 87, 88, 89, 90, 91, 92, 93, 94, 95, 96, 97, 98, 99, 100, 101, 102, 103, 104, 105, 106, 107, 108, 109, 110, 111, 112, 113, 114, 115, 116, 117, 118, 119, 120, 121, 122, 123, 124, 125, 126, 127, 128, 129, 130, 131, 132, 133, 134, 135, 136, 137, 138, 139, 140, 141, 142, 143, 144, 145, 146, 147, 148, 149, 150, 151, 152, 153, 154, 155, 156, 157, 158, 159, 160, 161, 162, 163, 164, 165, 166, 167, 168, 169, 170, 171, 172, 173, 174, 175, 176, 177, 178, 179, 180, 181, 182, 183, 184, 185, 186, 187, 188, 189, 190, 191, 192, 193, 194, 195, 196, 197, 198, 199, 200, 201, 202, 203, 204, 205, 206, 207, 208, 209, 210, 211, 212, 213, 214, 215, 216, 217, 218, 219, 220, 221, 222, 223, 224], "LargestImagePixelValue": [624, 613, 614, 579, 661, 591, 802, 570, 595, 670, 574, 566, 594, 577, 550, 574, 556, 550, 560, 560, 563, 573, 607, 572, 568, 562, 562, 561, 564, 584, 567, 557, 568, 555, 584, 585, 583, 583, 589, 568, 573, 568, 564, 561, 574, 566, 555, 601, 568, 603, 581, 584, 626, 582, 596, 589, 557, 635, 558, 550, 581, 585, 573, 617, 585, 580, 575, 562, 560, 555, 559, 557, 568, 558, 558, 565, 562, 561, 566, 566, 561, 561, 565, 559, 565, 563, 560, 561, 566, 558, 566, 566, 567, 568, 566, 563, 572, 565, 569, 569, 573, 570, 568, 573, 575, 570, 584, 578, 577, 585, 580, 586, 585, 588, 582, 575, 569, 574, 574, 581, 573, 595, 591, 589, 584, 708, 617, 611, 612, 584, 569, 580, 576, 574, 596, 588, 579, 578, 582, 576, 572, 569, 563, 648, 590, 573, 580, 574, 587, 579, 575, 568, 568, 566, 575, 576, 577, 578, 585, 584, 586, 584, 578, 586, 588, 626, 586, 577, 578, 585, 581, 581, 587, 585, 588, 587, 589, 586, 588, 588, 588, 588, 600, 587, 589, 586, 591, 586, 589, 585, 588, 586, 586, 586, 582, 577, 576, 581, 573, 573, 590, 571, 560, 696, 597, 601, 558, 606, 610, 570, 586, 582, 626, 590, 570, 564, 542, 560, 554, 556, 550, 547, 556, 552], "WindowCenter": [338.0, 337.0, 334.0, 321.0, 337.0, 342.0, 340.0, 326.0, 335.0, 329.0, 326.0, 331.0, 336.0, 338.0, 331.0, 333.0, 330.0, 330.0, 331.0, 332.0, 332.0, 331.0, 335.0, 333.0, 331.0, 331.0, 331.0, 331.0, 331.0, 331.0, 334.0, 330.0, 331.0, 331.0, 332.0, 334.0, 333.0, 335.0, 335.0, 333.0, 332.0, 332.0, 332.0, 332.0, 334.0, 334.0, 325.0, 329.0, 330.0, 333.0, 336.0, 329.0, 339.0, 327.0, 330.0, 333.0, 320.0, 339.0, 334.0, 332.0, 337.0, 335.0, 334.0, 334.0, 330.0, 333.0, 334.0, 332.0, 331.0, 332.0, 331.0, 332.0, 332.0, 333.0, 333.0, 332.0, 332.0, 333.0, 333.0, 333.0, 333.0, 333.0, 333.0, 334.0, 333.0, 334.0, 334.0, 334.0, 334.0, 334.0, 335.0, 335.0, 335.0, 335.0, 335.0, 334.0, 335.0, 334.0, 334.0, 335.0, 336.0, 335.0, 334.0, 335.0, 336.0, 335.0, 336.0, 336.0, 335.0, 336.0, 336.0, 336.0, 335.0, 335.0, 335.0, 335.0, 334.0, 334.0, 334.0, 336.0, 335.0, 335.0, 337.0, 336.0, 330.0, 330.0, 336.0, 338.0, 334.0, 335.0, 334.0, 333.0, 333.0, 331.0, 336.0, 336.0, 335.0, 334.0, 335.0, 335.0, 336.0, 335.0, 334.0, 336.0, 335.0, 335.0, 335.0, 336.0, 336.0, 335.0, 335.0, 335.0, 335.0, 335.0, 334.0, 334.0, 334.0, 334.0, 336.0, 336.0, 335.0, 334.0, 334.0, 334.0, 334.0, 336.0, 335.0, 334.0, 335.0, 335.0, 335.0, 335.0, 335.0, 336.0, 335.0, 335.0, 335.0, 335.0, 335.0, 334.0, 334.0, 335.0, 336.0, 335.0, 336.0, 336.0, 337.0, 335.0, 336.0, 334.0, 335.0, 334.0, 335.0, 334.0, 335.0, 335.0, 334.0, 334.0, 334.0, 336.0, 335.0, 332.0, 333.0, 335.0, 320.0, 335.0, 331.0, 332.0, 334.0, 335.0, 336.0, 324.0, 336.0, 332.0, 336.0, 334.0, 332.0, 332.0, 332.0, 332.0, 333.0, 332.0, 332.0, 332.0], "WindowWidth": [725.0, 724.0, 718.0, 693.0, 723.0, 732.0, 728.0, 702.0, 720.0, 707.0, 700.0, 712.0, 721.0, 724.0, 711.0, 715.0, 710.0, 709.0, 712.0, 713.0, 712.0, 712.0, 720.0, 716.0, 711.0, 710.0, 711.0, 711.0, 712.0, 712.0, 717.0, 710.0, 711.0, 711.0, 714.0, 718.0, 716.0, 719.0, 720.0, 716.0, 714.0, 713.0, 714.0, 714.0, 717.0, 717.0, 700.0, 708.0, 710.0, 716.0, 721.0, 708.0, 727.0, 705.0, 709.0, 715.0, 691.0, 727.0, 717.0, 713.0, 723.0, 719.0, 718.0, 718.0, 709.0, 715.0, 718.0, 713.0, 712.0, 713.0, 712.0, 714.0, 714.0, 715.0, 715.0, 714.0, 714.0, 715.0, 716.0, 715.0, 716.0, 715.0, 715.0, 717.0, 716.0, 717.0, 717.0, 717.0, 718.0, 717.0, 720.0, 719.0, 719.0, 719.0, 719.0, 718.0, 719.0, 718.0, 718.0, 719.0, 720.0, 720.0, 718.0, 719.0, 721.0, 719.0, 720.0, 721.0, 719.0, 721.0, 722.0, 722.0, 720.0, 720.0, 719.0, 719.0, 718.0, 718.0, 717.0, 721.0, 720.0, 720.0, 722.0, 721.0, 708.0, 710.0, 720.0, 724.0, 716.0, 719.0, 716.0, 715.0, 715.0, 711.0, 720.0, 722.0, 718.0, 717.0, 718.0, 718.0, 720.0, 719.0, 717.0, 720.0, 718.0, 719.0, 719.0, 720.0, 721.0, 719.0, 718.0, 719.0, 718.0, 719.0, 718.0, 717.0, 717.0, 717.0, 721.0, 720.0, 719.0, 717.0, 717.0, 717.0, 718.0, 722.0, 719.0, 717.0, 718.0, 719.0, 719.0, 719.0, 719.0, 720.0, 719.0, 719.0, 719.0, 718.0, 718.0, 718.0, 718.0, 719.0, 720.0, 719.0, 721.0, 720.0, 722.0, 719.0, 720.0, 718.0, 719.0, 718.0, 719.0, 718.0, 719.0, 719.0, 718.0, 717.0, 717.0, 721.0, 719.0, 713.0, 715.0, 719.0, 690.0, 719.0, 712.0, 714.0, 717.0, 718.0, 721.0, 698.0, 722.0, 713.0, 721.0, 718.0, 714.0, 713.0, 715.0, 714.0, 715.0, 714.0, 714.0, 714.0]}, "slices": {}}, "EventTimestamp": "11-08-40"}