{"AcquisitionMatrixPE": 64, "AcquisitionNumber": 1, "AcquisitionTime": "10:24:44.682500", "BandwidthPerPixelPhaseEncode": 28.935, "BaseResolution": 64, "BodyPartExamined": "BRAIN", "CoilCombinationMethod": "Sum of Squares", "ConsistencyInfo": "N4_VE11E_LATEST_20181129", "ConversionSoftware": "dcm2niix", "ConversionSoftwareVersion": "v1.0.20230411", "DerivedVendorReportedEchoSpacing": 0.000540003, "DeviceSerialNumber": "166182", "DwellTime": 3.4e-06, "EchoTime": 0.032, "EchoTrainLength": 64, "EffectiveEchoSpacing": 0.000540003, "FlipAngle": 40, "HeudiconvVersion": "0.13.1", "ImageOrientationPatientDICOM": [0.99871, -0.0370975, -0.0346819, 0.0319092, 0.989674, -0.13974], "ImageOrientationText": "Tra>Cor(-8.0)>Sag(-2.3)", "ImageType": ["ORIGINAL", "PRIMARY", "M", "ND", "NORM", "MOSAIC"], "ImagingFrequency": 123.256266, "InPlanePhaseEncodingDirectionDICOM": "COL", "InstitutionAddress": "PEARSE STREET .,City,District,IE,D2", "InstitutionName": "TCIN", "InstitutionalDepartmentName": "MRI", "MRAcquisitionType": "2D", "MagneticFieldStrength": 3, "Manufacturer": "Siemens", "ManufacturersModelName": "Prisma", "Modality": "MR", "MultibandAccelerationFactor": 4, "NonlinearGradientCorrection": false, "PartialFourier": 1, "PatientPosition": "HFS", "PercentPhaseFOV": 100, "PercentSampling": 100, "PhaseEncodingDirection": "j-", "PhaseEncodingSteps": 64, "PhaseResolution": 1, "PixelBandwidth": 2300, "ProcedureStepDescription": "Rhodri^Head BOLD", "ProtocolName": "cmrr_mbep2d_Pictures_AP_RDS", "PulseSequenceDetails": "%SiemensSeq%\\ep2d_bold", "ReceiveCoilActiveElements": "HC2,4,6,7", "ReceiveCoilName": "HeadNeck_64", "ReconMatrixPE": 64, "RefLinesPE": 12, "RepetitionTime": 0.61, "SAR": 0.273597, "ScanOptions": "FS", "ScanningSequence": "EP", "SequenceName": "*epfid2d1_64", "SequenceVariant": "SK", "SeriesDescription": "cmrr_mbep2d_Pictures_AP_RDS", "SeriesNumber": 8, "ShimSetting": [-3615, -7518, 3789, 996, -38, 559, 143, 17], "SliceThickness": 3, "SliceTiming": [0.2625, 0, 0.3275, 0.065, 0.3925, 0.13, 0.4575, 0.195, 0.5225, 0.2625, 0, 0.3275, 0.065, 0.3925, 0.13, 0.4575, 0.195, 0.5225, 0.2625, 0, 0.3275, 0.065, 0.3925, 0.13, 0.4575, 0.195, 0.5225, 0.2625, 0, 0.3275, 0.065, 0.3925, 0.13, 0.4575, 0.195, 0.5225], "SoftwareVersions": "syngo MR E11", "SpacingBetweenSlices": 3.3, "StationName": "AWP166182", "TaskName": "pictures", "TotalReadoutTime": 0.0340202, "TxRefAmp": 276.23, "dcmmeta_affine": [[-2.996129035949707, 0.09572751820087433, -0.13037554919719696, 93.49150085449219], [0.11129250377416611, 2.969022035598755, -0.4568939805030823, -91.54424285888672], [-0.10404561460018158, 0.41921910643577576, 3.2656164169311523, -115.92823028564453], [0.0, 0.0, 0.0, 1.0]], "dcmmeta_reorient_transform": [[0.0, -1.0, 0.0, 63.0], [1.0, 0.0, 0.0, 0.0], [0.0, 0.0, 1.0, 0.0], [0.0, 0.0, 0.0, 1.0]], "dcmmeta_shape": [64, 64, 36, 510], "dcmmeta_slice_dim": 2, "dcmmeta_version": 0.6, "global": {"const": {"AcquisitionMatrix": [64, 0, 0, 64], "AngioFlag": "N", "BitsAllocated": 16, "BitsStored": 12, "BodyPartExamined": "BRAIN", "Columns": 384, "EchoNumbers": 1, "EchoTime": 32.0, "EchoTrainLength": 64, "FlipAngle": 40.0, "HighBit": 11, "ImageOrientationPatient": [0.9987096391003, -0.0370975005287, -0.0346818716721, 0.03190917155835, 0.98967399703874, -0.1397397021459], "ImagePositionPatient": [-594.21936037826, -552.74085758688, -5.7950677068855], "ImageType": ["ORIGINAL", "PRIMARY", "M", "ND", "NORM", "MOSAIC"], "ImagedNucleus": "1H", "ImagingFrequency": 123.256266, "InPlanePhaseEncodingDirection": "COL", "MRAcquisitionType": "2D", "MagneticFieldStrength": 3.0, "Manufacturer": "SIEMENS", "ManufacturerModelName": "Prisma", "Modality": "MR", "NumberOfAverages": 1.0, "NumberOfPhaseEncodingSteps": 64, "PercentPhaseFieldOfView": 100.0, "PercentSampling": 100.0, "PerformedProcedureStepStartTime": "101133.274000", "PhotometricInterpretation": "MONOCHROME2", "PixelBandwidth": 2300.0, "PixelRepresentation": 0, "PixelSpacing": [3.0, 3.0], "ProtocolName": "cmrr_mbep2d_Pictures_AP_RDS", "RepetitionTime": 610.0, "Rows": 384, "SAR": 0.27359670062822, "SamplesPerPixel": 1, "ScanOptions": "FS", "ScanningSequence": "EP", "SequenceName": "*epfid2d1_64", "SequenceVariant": "SK", "SeriesDescription": "cmrr_mbep2d_Pictures_AP_RDS", "SeriesNumber": 8, "SeriesTime": "102507.196000", "SliceLocation": -105.73942527417, "SliceThickness": 3.0, "SmallestImagePixelValue": 0, "SoftwareVersions": "syngo MR E11", "SpacingBetweenSlices": 3.3000000723078, "SpecificCharacterSet": "ISO_IR 100", "StudyID": "1", "StudyTime": "101133.090000", "TransmitCoilName": "Body", "VariableFlipAngleFlag": "N", "WindowCenterWidthExplanation": "Algo1"}, "slices": {}}, "time": {"samples": {"AcquisitionNumber": [1, 2, 3, 4, 5, 6, 7, 8, 9, 10, 11, 12, 13, 14, 15, 16, 17, 18, 19, 20, 21, 22, 23, 24, 25, 26, 27, 28, 29, 30, 31, 32, 33, 34, 35, 36, 37, 38, 39, 40, 41, 42, 43, 44, 45, 46, 47, 48, 49, 50, 51, 52, 53, 54, 55, 56, 57, 58, 59, 60, 61, 62, 63, 64, 65, 66, 67, 68, 69, 70, 71, 72, 73, 74, 75, 76, 77, 78, 79, 80, 81, 82, 83, 84, 85, 86, 87, 88, 89, 90, 91, 92, 93, 94, 95, 96, 97, 98, 99, 100, 101, 102, 103, 104, 105, 106, 107, 108, 109, 110, 111, 112, 113, 114, 115, 116, 117, 118, 119, 120, 121, 122, 123, 124, 125, 126, 127, 128, 129, 130, 131, 132, 133, 134, 135, 136, 137, 138, 139, 140, 141, 142, 143, 144, 145, 146, 147, 148, 149, 150, 151, 152, 153, 154, 155, 156, 157, 158, 159, 160, 161, 162, 163, 164, 165, 166, 167, 168, 169, 170, 171, 172, 173, 174, 175, 176, 177, 178, 179, 180, 181, 182, 183, 184, 185, 186, 187, 188, 189, 190, 191, 192, 193, 194, 195, 196, 197, 198, 199, 200, 201, 202, 203, 204, 205, 206, 207, 208, 209, 210, 211, 212, 213, 214, 215, 216, 217, 218, 219, 220, 221, 222, 223, 224, 225, 226, 227, 228, 229, 230, 231, 232, 233, 234, 235, 236, 237, 238, 239, 240, 241, 242, 243, 244, 245, 246, 247, 248, 249, 250, 251, 252, 253, 254, 255, 256, 257, 258, 259, 260, 261, 262, 263, 264, 265, 266, 267, 268, 269, 270, 271, 272, 273, 274, 275, 276, 277, 278, 279, 280, 281, 282, 283, 284, 285, 286, 287, 288, 289, 290, 291, 292, 293, 294, 295, 296, 297, 298, 299, 300, 301, 302, 303, 304, 305, 306, 307, 308, 309, 310, 311, 312, 313, 314, 315, 316, 317, 318, 319, 320, 321, 322, 323, 324, 325, 326, 327, 328, 329, 330, 331, 332, 333, 334, 335, 336, 337, 338, 339, 340, 341, 342, 343, 344, 345, 346, 347, 348, 349, 350, 351, 352, 353, 354, 355, 356, 357, 358, 359, 360, 361, 362, 363, 364, 365, 366, 367, 368, 369, 370, 371, 372, 373, 374, 375, 376, 377, 378, 379, 380, 381, 382, 383, 384, 385, 386, 387, 388, 389, 390, 391, 392, 393, 394, 395, 396, 397, 398, 399, 400, 401, 402, 403, 404, 405, 406, 407, 408, 409, 410, 411, 412, 413, 414, 415, 416, 417, 418, 419, 420, 421, 422, 423, 424, 425, 426, 427, 428, 429, 430, 431, 432, 433, 434, 435, 436, 437, 438, 439, 440, 441, 442, 443, 444, 445, 446, 447, 448, 449, 450, 451, 452, 453, 454, 455, 456, 457, 458, 459, 460, 461, 462, 463, 464, 465, 466, 467, 468, 469, 470, 471, 472, 473, 474, 475, 476, 477, 478, 479, 480, 481, 482, 483, 484, 485, 486, 487, 488, 489, 490, 491, 492, 493, 494, 495, 496, 497, 498, 499, 500, 501, 502, 503, 504, 505, 506, 507, 508, 509, 510], "AcquisitionTime": ["102444.682500", "102445.292500", "102445.902500", "102446.512500", "102447.122500", "102447.732500", "102448.342500", "102448.952500", "102449.562500", "102450.172500", "102450.782500", "102451.392500", "102452.002500", "102452.612500", "102453.222500", "102453.832500", "102454.442500", "102455.052500", "102455.662500", "102456.272500", "102456.882500", "102457.492500", "102458.102500", "102458.712500", "102459.322500", "102459.932500", "102500.542500", "102501.152500", "102501.762500", "102502.372500", "102502.982500", "102503.592500", "102504.202500", "102504.812500", "102505.422500", "102506.032500", "102506.642500", "102507.252500", "102507.862500", "102508.472500", "102509.082500", "102509.692500", "102510.302500", "102510.912500", "102511.522500", "102512.132500", "102512.742500", "102513.352500", "102513.962500", "102514.572500", "102515.182500", "102515.792500", "102516.402500", "102517.012500", "102517.622500", "102518.232500", "102518.842500", "102519.452500", "102520.062500", "102520.672500", "102521.282500", "102521.892500", "102522.502500", "102523.112500", "102523.722500", "102524.332500", "102524.942500", "102525.552500", "102526.162500", "102526.772500", "102527.382500", "102527.992500", "102528.602500", "102529.212500", "102529.822500", "102530.432500", "102531.042500", "102531.652500", "102532.262500", "102532.872500", "102533.482500", "102534.092500", "102534.702500", "102535.312500", "102535.922500", "102536.532500", "102537.142500", "102537.752500", "102538.362500", "102538.972500", "102539.582500", "102540.192500", "102540.802500", "102541.412500", "102542.022500", "102542.632500", "102543.242500", "102543.852500", "102544.462500", "102545.072500", "102545.682500", "102546.292500", "102546.902500", "102547.512500", "102548.122500", "102548.732500", "102549.342500", "102549.952500", "102550.562500", "102551.172500", "102551.782500", "102552.392500", "102553.002500", "102553.612500", "102554.222500", "102554.832500", "102555.442500", "102556.052500", "102556.662500", "102557.272500", "102557.882500", "102558.492500", "102559.102500", "102559.712500", "102600.322500", "102600.932500", "102601.542500", "102602.152500", "102602.762500", "102603.372500", "102603.982500", "102604.592500", "102605.202500", "102605.812500", "102606.422500", "102607.032500", "102607.642500", "102608.252500", "102608.862500", "102609.472500", "102610.082500", "102610.692500", "102611.302500", "102611.912500", "102612.522500", "102613.132500", "102613.742500", "102614.352500", "102614.962500", "102615.572500", "102616.182500", "102616.792500", "102617.402500", "102618.012500", "102618.622500", "102619.232500", "102619.842500", "102620.452500", "102621.062500", "102621.672500", "102622.282500", "102622.892500", "102623.502500", "102624.112500", "102624.722500", "102625.332500", "102625.942500", "102626.552500", "102627.162500", "102627.772500", "102628.382500", "102628.992500", "102629.602500", "102630.212500", "102630.822500", "102631.432500", "102632.042500", "102632.652500", "102633.262500", "102633.872500", "102634.482500", "102635.092500", "102635.702500", "102636.312500", "102636.922500", "102637.532500", "102638.142500", "102638.752500", "102639.362500", "102639.972500", "102640.582500", "102641.192500", "102641.802500", "102642.412500", "102643.022500", "102643.632500", "102644.242500", "102644.852500", "102645.462500", "102646.072500", "102646.682500", "102647.292500", "102647.902500", "102648.512500", "102649.122500", "102649.732500", "102650.342500", "102650.952500", "102651.562500", "102652.172500", "102652.782500", "102653.392500", "102654.002500", "102654.612500", "102655.222500", "102655.832500", "102656.442500", "102657.052500", "102657.662500", "102658.272500", "102658.882500", "102659.492500", "102700.102500", "102700.712500", "102701.322500", "102701.932500", "102702.542500", "102703.152500", "102703.762500", "102704.372500", "102704.982500", "102705.592500", "102706.202500", "102706.812500", "102707.422500", "102708.032500", "102708.642500", "102709.252500", "102709.862500", "102710.472500", "102711.082500", "102711.692500", "102712.302500", "102712.912500", "102713.522500", "102714.132500", "102714.742500", "102715.352500", "102715.962500", "102716.572500", "102717.182500", "102717.792500", "102718.402500", "102719.012500", "102719.622500", "102720.232500", "102720.842500", "102721.452500", "102722.062500", "102722.672500", "102723.282500", "102723.892500", "102724.502500", "102725.112500", "102725.722500", "102726.332500", "102726.942500", "102727.552500", "102728.162500", "102728.772500", "102729.382500", "102729.992500", "102730.602500", "102731.212500", "102731.822500", "102732.432500", "102733.042500", "102733.652500", "102734.262500", "102734.872500", "102735.482500", "102736.092500", "102736.702500", "102737.312500", "102737.922500", "102738.532500", "102739.142500", "102739.752500", "102740.362500", "102740.972500", "102741.582500", "102742.192500", "102742.802500", "102743.412500", "102744.022500", "102744.632500", "102745.242500", "102745.852500", "102746.462500", "102747.072500", "102747.682500", "102748.292500", "102748.902500", "102749.512500", "102750.122500", "102750.732500", "102751.342500", "102751.952500", "102752.562500", "102753.172500", "102753.782500", "102754.392500", "102755.002500", "102755.612500", "102756.222500", "102756.832500", "102757.442500", "102758.052500", "102758.662500", "102759.272500", "102759.882500", "102800.492500", "102801.102500", "102801.712500", "102802.322500", "102802.932500", "102803.542500", "102804.152500", "102804.762500", "102805.372500", "102805.982500", "102806.592500", "102807.202500", "102807.812500", "102808.422500", "102809.032500", "102809.642500", "102810.252500", "102810.862500", "102811.472500", "102812.082500", "102812.692500", "102813.302500", "102813.912500", "102814.522500", "102815.132500", "102815.742500", "102816.352500", "102816.962500", "102817.572500", "102818.182500", "102818.792500", "102819.402500", "102820.012500", "102820.622500", "102821.232500", "102821.842500", "102822.452500", "102823.062500", "102823.672500", "102824.282500", "102824.892500", "102825.502500", "102826.112500", "102826.722500", "102827.332500", "102827.942500", "102828.552500", "102829.162500", "102829.772500", "102830.382500", "102830.992500", "102831.602500", "102832.212500", "102832.822500", "102833.432500", "102834.042500", "102834.652500", "102835.262500", "102835.872500", "102836.482500", "102837.092500", "102837.702500", "102838.312500", "102838.922500", "102839.532500", "102840.142500", "102840.752500", "102841.362500", "102841.972500", "102842.582500", "102843.192500", "102843.802500", "102844.412500", "102845.022500", "102845.632500", "102846.242500", "102846.852500", "102847.462500", "102848.072500", "102848.682500", "102849.292500", "102849.902500", "102850.512500", "102851.122500", "102851.732500", "102852.342500", "102852.952500", "102853.562500", "102854.172500", "102854.782500", "102855.392500", "102856.002500", "102856.612500", "102857.222500", "102857.832500", "102858.442500", "102859.052500", "102859.662500", "102900.272500", "102900.882500", "102901.492500", "102902.102500", "102902.712500", "102903.322500", "102903.932500", "102904.542500", "102905.152500", "102905.762500", "102906.372500", "102906.982500", "102907.592500", "102908.202500", "102908.812500", "102909.422500", "102910.032500", "102910.642500", "102911.252500", "102911.862500", "102912.472500", "102913.082500", "102913.692500", "102914.302500", "102914.912500", "102915.522500", "102916.132500", "102916.742500", "102917.352500", "102917.962500", "102918.572500", "102919.182500", "102919.792500", "102920.402500", "102921.012500", "102921.622500", "102922.232500", "102922.842500", "102923.452500", "102924.062500", "102924.672500", "102925.282500", "102925.892500", "102926.502500", "102927.112500", "102927.722500", "102928.332500", "102928.942500", "102929.552500", "102930.162500", "102930.772500", "102931.382500", "102931.992500", "102932.602500", "102933.212500", "102933.822500", "102934.432500", "102935.042500", "102935.652500", "102936.262500", "102936.872500", "102937.482500", "102938.092500", "102938.702500", "102939.312500", "102939.922500", "102940.532500", "102941.142500", "102941.752500", "102942.362500", "102942.972500", "102943.582500", "102944.192500", "102944.802500", "102945.412500", "102946.022500", "102946.632500", "102947.242500", "102947.852500", "102948.462500", "102949.072500", "102949.682500", "102950.292500", "102950.902500", "102951.512500", "102952.122500", "102952.732500", "102953.342500", "102953.952500", "102954.562500", "102955.172500"], "ContentTime": ["102507.200000", "102507.203000", "102507.205000", "102507.208000", "102507.210000", "102507.212000", "102507.215000", "102507.217000", "102507.219000", "102507.222000", "102507.224000", "102507.229000", "102507.232000", "102507.234000", "102507.236000", "102507.239000", "102507.241000", "102507.243000", "102507.246000", "102507.248000", "102507.251000", "102507.253000", "102507.255000", "102507.258000", "102507.260000", "102507.262000", "102507.265000", "102507.270000", "102507.273000", "102507.275000", "102507.278000", "102507.280000", "102507.282000", "102507.285000", "102507.287000", "102507.289000", "102527.194000", "102527.197000", "102527.199000", "102527.206000", "102527.208000", "102527.211000", "102527.213000", "102527.216000", "102527.218000", "102527.220000", "102527.223000", "102527.225000", "102527.227000", "102527.230000", "102527.232000", "102527.234000", "102527.237000", "102527.239000", "102527.241000", "102527.244000", "102527.246000", "102527.249000", "102527.251000", "102527.253000", "102527.256000", "102527.258000", "102527.260000", "102527.263000", "102527.265000", "102527.267000", "102527.270000", "102527.272000", "102527.274000", "102547.194000", "102547.197000", "102547.199000", "102547.202000", "102547.204000", "102547.206000", "102547.209000", "102547.211000", "102547.213000", "102547.216000", "102547.218000", "102547.221000", "102547.229000", "102547.231000", "102547.234000", "102547.236000", "102547.238000", "102547.241000", "102547.243000", "102547.245000", "102547.248000", "102547.250000", "102547.253000", "102547.255000", "102547.257000", "102547.260000", "102547.262000", "102547.265000", "102547.267000", "102547.269000", "102547.272000", "102547.274000", "102547.276000", "102607.194000", "102607.197000", "102607.199000", "102607.201000", "102607.204000", "102607.206000", "102607.209000", "102607.211000", "102607.213000", "102607.216000", "102607.218000", "102607.221000", "102607.223000", "102607.225000", "102607.228000", "102607.230000", "102607.233000", "102607.235000", "102607.237000", "102607.240000", "102607.242000", "102607.244000", "102607.247000", "102607.249000", "102607.251000", "102607.254000", "102607.256000", "102607.259000", "102607.261000", "102607.263000", "102607.275000", "102607.277000", "102607.279000", "102627.194000", "102627.197000", "102627.199000", "102627.202000", "102627.204000", "102627.207000", "102627.209000", "102627.211000", "102627.214000", "102627.216000", "102627.219000", "102627.221000", "102627.223000", "102627.226000", "102627.228000", "102627.230000", "102627.233000", "102627.235000", "102627.238000", "102627.240000", "102627.242000", "102627.245000", "102627.247000", "102627.249000", "102627.252000", "102627.254000", "102627.257000", "102627.259000", "102627.262000", "102627.264000", "102627.267000", "102627.269000", "102647.195000", "102647.200000", "102647.205000", "102647.210000", "102647.212000", "102647.214000", "102647.218000", "102647.221000", "102647.225000", "102647.235000", "102647.238000", "102647.244000", "102647.247000", "102647.249000", "102647.252000", "102647.254000", "102647.257000", "102647.259000", "102647.262000", "102647.267000", "102647.270000", "102647.272000", "102647.275000", "102647.277000", "102647.280000", "102647.284000", "102647.287000", "102647.289000", "102647.291000", "102647.294000", "102647.297000", "102647.299000", "102647.301000", "102707.194000", "102707.197000", "102707.199000", "102707.202000", "102707.204000", "102707.207000", "102707.209000", "102707.211000", "102707.214000", "102707.216000", "102707.219000", "102707.221000", "102707.224000", "102707.226000", "102707.228000", "102707.231000", "102707.233000", "102707.235000", "102707.238000", "102707.240000", "102707.242000", "102707.245000", "102707.247000", "102707.250000", "102707.252000", "102707.254000", "102707.257000", "102707.259000", "102707.267000", "102707.270000", "102707.272000", "102707.274000", "102707.277000", "102727.194000", "102727.197000", "102727.199000", "102727.202000", "102727.204000", "102727.207000", "102727.209000", "102727.212000", "102727.214000", "102727.216000", "102727.219000", "102727.221000", "102727.224000", "102727.226000", "102727.229000", "102727.231000", "102727.233000", "102727.236000", "102727.238000", "102727.241000", "102727.243000", "102727.246000", "102727.248000", "102727.250000", "102727.253000", "102727.255000", "102727.258000", "102727.260000", "102727.262000", "102727.268000", "102727.271000", "102727.273000", "102727.275000", "102747.194000", "102747.197000", "102747.199000", "102747.202000", "102747.204000", "102747.207000", "102747.209000", "102747.211000", "102747.214000", "102747.216000", "102747.218000", "102747.221000", "102747.228000", "102747.230000", "102747.232000", "102747.235000", "102747.237000", "102747.240000", "102747.242000", "102747.244000", "102747.247000", "102747.249000", "102747.252000", "102747.254000", "102747.257000", "102747.259000", "102747.261000", "102747.264000", "102747.266000", "102747.269000", "102747.271000", "102747.273000", "102747.276000", "102807.194000", "102807.197000", "102807.199000", "102807.202000", "102807.205000", "102807.207000", "102807.209000", "102807.212000", "102807.214000", "102807.217000", "102807.219000", "102807.221000", "102807.224000", "102807.226000", "102807.229000", "102807.231000", "102807.233000", "102807.236000", "102807.238000", "102807.241000", "102807.243000", "102807.245000", "102807.248000", "102807.250000", "102807.253000", "102807.255000", "102807.257000", "102807.260000", "102807.263000", "102807.265000", "102807.267000", "102807.270000", "102827.194000", "102827.197000", "102827.199000", "102827.202000", "102827.204000", "102827.206000", "102827.209000", "102827.211000", "102827.214000", "102827.216000", "102827.218000", "102827.221000", "102827.223000", "102827.226000", "102827.228000", "102827.231000", "102827.233000", "102827.235000", "102827.238000", "102827.240000", "102827.242000", "102827.245000", "102827.247000", "102827.250000", "102827.252000", "102827.255000", "102827.257000", "102827.259000", "102827.262000", "102827.264000", "102827.267000", "102827.269000", "102827.271000", "102847.194000", "102847.197000", "102847.205000", "102847.207000", "102847.210000", "102847.212000", "102847.215000", "102847.217000", "102847.219000", "102847.222000", "102847.224000", "102847.226000", "102847.229000", "102847.231000", "102847.234000", "102847.236000", "102847.238000", "102847.241000", "102847.243000", "102847.246000", "102847.248000", "102847.250000", "102847.253000", "102847.255000", "102847.257000", "102847.260000", "102847.262000", "102847.265000", "102847.267000", "102847.269000", "102847.272000", "102847.274000", "102847.277000", "102907.194000", "102907.197000", "102907.199000", "102907.202000", "102907.205000", "102907.207000", "102907.209000", "102907.212000", "102907.214000", "102907.216000", "102907.219000", "102907.221000", "102907.224000", "102907.226000", "102907.228000", "102907.231000", "102907.233000", "102907.236000", "102907.238000", "102907.240000", "102907.243000", "102907.245000", "102907.248000", "102907.250000", "102907.252000", "102907.255000", "102907.257000", "102907.260000", "102907.262000", "102907.264000", "102907.267000", "102907.269000", "102907.271000", "102927.194000", "102927.197000", "102927.199000", "102927.201000", "102927.204000", "102927.206000", "102927.209000", "102927.211000", "102927.214000", "102927.216000", "102927.218000", "102927.221000", "102927.223000", "102927.226000", "102927.228000", "102927.230000", "102927.233000", "102927.235000", "102927.238000", "102927.240000", "102927.243000", "102927.245000", "102927.247000", "102927.250000", "102927.252000", "102927.255000", "102927.257000", "102927.259000", "102927.262000", "102927.264000", "102927.267000", "102927.269000", "102947.195000", "102947.198000", "102947.201000", "102947.203000", "102947.206000", "102947.208000", "102947.210000", "102947.213000", "102947.215000", "102947.217000", "102947.220000", "102947.222000", "102947.225000", "102947.227000", "102947.230000", "102947.232000", "102947.235000", "102947.237000", "102947.239000", "102947.242000", "102947.244000", "102947.247000", "102947.249000", "102947.252000", "102947.254000", "102947.256000", "102947.259000", "102947.261000", "102947.263000", "102947.266000", "102947.268000", "102947.271000", "102947.273000", "102955.845000", "102955.848000", "102955.850000", "102955.853000", "102955.855000", "102955.858000", "102955.860000", "102955.862000", "102955.865000", "102955.867000", "102955.870000", "102955.872000", "102955.874000", "102955.877000", "102955.879000"], "InstanceCreationTime": ["102507.200000", "102507.203000", "102507.205000", "102507.208000", "102507.210000", "102507.212000", "102507.215000", "102507.217000", "102507.219000", "102507.222000", "102507.224000", "102507.229000", "102507.232000", "102507.234000", "102507.236000", "102507.239000", "102507.241000", "102507.243000", "102507.246000", "102507.248000", "102507.251000", "102507.253000", "102507.255000", "102507.258000", "102507.260000", "102507.262000", "102507.265000", "102507.270000", "102507.273000", "102507.275000", "102507.278000", "102507.280000", "102507.282000", "102507.285000", "102507.287000", "102507.289000", "102527.194000", "102527.197000", "102527.199000", "102527.206000", "102527.208000", "102527.211000", "102527.213000", "102527.216000", "102527.218000", "102527.220000", "102527.223000", "102527.225000", "102527.227000", "102527.230000", "102527.232000", "102527.234000", "102527.237000", "102527.239000", "102527.241000", "102527.244000", "102527.246000", "102527.249000", "102527.251000", "102527.253000", "102527.256000", "102527.258000", "102527.260000", "102527.263000", "102527.265000", "102527.267000", "102527.270000", "102527.272000", "102527.274000", "102547.194000", "102547.197000", "102547.199000", "102547.202000", "102547.204000", "102547.206000", "102547.209000", "102547.211000", "102547.213000", "102547.216000", "102547.218000", "102547.221000", "102547.229000", "102547.231000", "102547.234000", "102547.236000", "102547.238000", "102547.241000", "102547.243000", "102547.245000", "102547.248000", "102547.250000", "102547.253000", "102547.255000", "102547.257000", "102547.260000", "102547.262000", "102547.265000", "102547.267000", "102547.269000", "102547.272000", "102547.274000", "102547.276000", "102607.194000", "102607.197000", "102607.199000", "102607.201000", "102607.204000", "102607.206000", "102607.209000", "102607.211000", "102607.213000", "102607.216000", "102607.218000", "102607.221000", "102607.223000", "102607.225000", "102607.228000", "102607.230000", "102607.233000", "102607.235000", "102607.237000", "102607.240000", "102607.242000", "102607.244000", "102607.247000", "102607.249000", "102607.251000", "102607.254000", "102607.256000", "102607.259000", "102607.261000", "102607.263000", "102607.275000", "102607.277000", "102607.279000", "102627.194000", "102627.197000", "102627.199000", "102627.202000", "102627.204000", "102627.207000", "102627.209000", "102627.211000", "102627.214000", "102627.216000", "102627.219000", "102627.221000", "102627.223000", "102627.226000", "102627.228000", "102627.230000", "102627.233000", "102627.235000", "102627.238000", "102627.240000", "102627.242000", "102627.245000", "102627.247000", "102627.249000", "102627.252000", "102627.254000", "102627.257000", "102627.259000", "102627.262000", "102627.264000", "102627.267000", "102627.269000", "102647.195000", "102647.200000", "102647.205000", "102647.210000", "102647.212000", "102647.214000", "102647.218000", "102647.221000", "102647.225000", "102647.235000", "102647.238000", "102647.244000", "102647.247000", "102647.249000", "102647.252000", "102647.254000", "102647.257000", "102647.259000", "102647.262000", "102647.267000", "102647.270000", "102647.272000", "102647.275000", "102647.277000", "102647.280000", "102647.284000", "102647.287000", "102647.289000", "102647.291000", "102647.294000", "102647.297000", "102647.299000", "102647.301000", "102707.194000", "102707.197000", "102707.199000", "102707.202000", "102707.204000", "102707.207000", "102707.209000", "102707.211000", "102707.214000", "102707.216000", "102707.219000", "102707.221000", "102707.224000", "102707.226000", "102707.228000", "102707.231000", "102707.233000", "102707.235000", "102707.238000", "102707.240000", "102707.242000", "102707.245000", "102707.247000", "102707.250000", "102707.252000", "102707.254000", "102707.257000", "102707.259000", "102707.267000", "102707.270000", "102707.272000", "102707.274000", "102707.277000", "102727.194000", "102727.197000", "102727.199000", "102727.202000", "102727.204000", "102727.207000", "102727.209000", "102727.212000", "102727.214000", "102727.216000", "102727.219000", "102727.221000", "102727.224000", "102727.226000", "102727.229000", "102727.231000", "102727.233000", "102727.236000", "102727.238000", "102727.241000", "102727.243000", "102727.246000", "102727.248000", "102727.250000", "102727.253000", "102727.255000", "102727.258000", "102727.260000", "102727.262000", "102727.268000", "102727.271000", "102727.273000", "102727.275000", "102747.194000", "102747.197000", "102747.199000", "102747.202000", "102747.204000", "102747.207000", "102747.209000", "102747.211000", "102747.214000", "102747.216000", "102747.218000", "102747.221000", "102747.228000", "102747.230000", "102747.232000", "102747.235000", "102747.237000", "102747.240000", "102747.242000", "102747.244000", "102747.247000", "102747.249000", "102747.252000", "102747.254000", "102747.257000", "102747.259000", "102747.261000", "102747.264000", "102747.266000", "102747.269000", "102747.271000", "102747.273000", "102747.276000", "102807.194000", "102807.197000", "102807.199000", "102807.202000", "102807.205000", "102807.207000", "102807.209000", "102807.212000", "102807.214000", "102807.217000", "102807.219000", "102807.221000", "102807.224000", "102807.226000", "102807.229000", "102807.231000", "102807.233000", "102807.236000", "102807.238000", "102807.241000", "102807.243000", "102807.245000", "102807.248000", "102807.250000", "102807.253000", "102807.255000", "102807.257000", "102807.260000", "102807.263000", "102807.265000", "102807.267000", "102807.270000", "102827.194000", "102827.197000", "102827.199000", "102827.202000", "102827.204000", "102827.206000", "102827.209000", "102827.211000", "102827.214000", "102827.216000", "102827.218000", "102827.221000", "102827.223000", "102827.226000", "102827.228000", "102827.231000", "102827.233000", "102827.235000", "102827.238000", "102827.240000", "102827.242000", "102827.245000", "102827.247000", "102827.250000", "102827.252000", "102827.255000", "102827.257000", "102827.259000", "102827.262000", "102827.264000", "102827.267000", "102827.269000", "102827.271000", "102847.194000", "102847.197000", "102847.205000", "102847.207000", "102847.210000", "102847.212000", "102847.215000", "102847.217000", "102847.219000", "102847.222000", "102847.224000", "102847.226000", "102847.229000", "102847.231000", "102847.234000", "102847.236000", "102847.238000", "102847.241000", "102847.243000", "102847.246000", "102847.248000", "102847.250000", "102847.253000", "102847.255000", "102847.257000", "102847.260000", "102847.262000", "102847.265000", "102847.267000", "102847.269000", "102847.272000", "102847.274000", "102847.277000", "102907.194000", "102907.197000", "102907.199000", "102907.202000", "102907.205000", "102907.207000", "102907.209000", "102907.212000", "102907.214000", "102907.216000", "102907.219000", "102907.221000", "102907.224000", "102907.226000", "102907.228000", "102907.231000", "102907.233000", "102907.236000", "102907.238000", "102907.240000", "102907.243000", "102907.245000", "102907.248000", "102907.250000", "102907.252000", "102907.255000", "102907.257000", "102907.260000", "102907.262000", "102907.264000", "102907.267000", "102907.269000", "102907.271000", "102927.194000", "102927.197000", "102927.199000", "102927.201000", "102927.204000", "102927.206000", "102927.209000", "102927.211000", "102927.214000", "102927.216000", "102927.218000", "102927.221000", "102927.223000", "102927.226000", "102927.228000", "102927.230000", "102927.233000", "102927.235000", "102927.238000", "102927.240000", "102927.243000", "102927.245000", "102927.247000", "102927.250000", "102927.252000", "102927.255000", "102927.257000", "102927.259000", "102927.262000", "102927.264000", "102927.267000", "102927.269000", "102947.195000", "102947.198000", "102947.201000", "102947.203000", "102947.206000", "102947.208000", "102947.210000", "102947.213000", "102947.215000", "102947.217000", "102947.220000", "102947.222000", "102947.225000", "102947.227000", "102947.230000", "102947.232000", "102947.235000", "102947.237000", "102947.239000", "102947.242000", "102947.244000", "102947.247000", "102947.249000", "102947.252000", "102947.254000", "102947.256000", "102947.259000", "102947.261000", "102947.263000", "102947.266000", "102947.268000", "102947.271000", "102947.273000", "102955.845000", "102955.848000", "102955.850000", "102955.853000", "102955.855000", "102955.858000", "102955.860000", "102955.862000", "102955.865000", "102955.867000", "102955.870000", "102955.872000", "102955.874000", "102955.877000", "102955.879000"], "InstanceNumber": [1, 2, 3, 4, 5, 6, 7, 8, 9, 10, 11, 12, 13, 14, 15, 16, 17, 18, 19, 20, 21, 22, 23, 24, 25, 26, 27, 28, 29, 30, 31, 32, 33, 34, 35, 36, 37, 38, 39, 40, 41, 42, 43, 44, 45, 46, 47, 48, 49, 50, 51, 52, 53, 54, 55, 56, 57, 58, 59, 60, 61, 62, 63, 64, 65, 66, 67, 68, 69, 70, 71, 72, 73, 74, 75, 76, 77, 78, 79, 80, 81, 82, 83, 84, 85, 86, 87, 88, 89, 90, 91, 92, 93, 94, 95, 96, 97, 98, 99, 100, 101, 102, 103, 104, 105, 106, 107, 108, 109, 110, 111, 112, 113, 114, 115, 116, 117, 118, 119, 120, 121, 122, 123, 124, 125, 126, 127, 128, 129, 130, 131, 132, 133, 134, 135, 136, 137, 138, 139, 140, 141, 142, 143, 144, 145, 146, 147, 148, 149, 150, 151, 152, 153, 154, 155, 156, 157, 158, 159, 160, 161, 162, 163, 164, 165, 166, 167, 168, 169, 170, 171, 172, 173, 174, 175, 176, 177, 178, 179, 180, 181, 182, 183, 184, 185, 186, 187, 188, 189, 190, 191, 192, 193, 194, 195, 196, 197, 198, 199, 200, 201, 202, 203, 204, 205, 206, 207, 208, 209, 210, 211, 212, 213, 214, 215, 216, 217, 218, 219, 220, 221, 222, 223, 224, 225, 226, 227, 228, 229, 230, 231, 232, 233, 234, 235, 236, 237, 238, 239, 240, 241, 242, 243, 244, 245, 246, 247, 248, 249, 250, 251, 252, 253, 254, 255, 256, 257, 258, 259, 260, 261, 262, 263, 264, 265, 266, 267, 268, 269, 270, 271, 272, 273, 274, 275, 276, 277, 278, 279, 280, 281, 282, 283, 284, 285, 286, 287, 288, 289, 290, 291, 292, 293, 294, 295, 296, 297, 298, 299, 300, 301, 302, 303, 304, 305, 306, 307, 308, 309, 310, 311, 312, 313, 314, 315, 316, 317, 318, 319, 320, 321, 322, 323, 324, 325, 326, 327, 328, 329, 330, 331, 332, 333, 334, 335, 336, 337, 338, 339, 340, 341, 342, 343, 344, 345, 346, 347, 348, 349, 350, 351, 352, 353, 354, 355, 356, 357, 358, 359, 360, 361, 362, 363, 364, 365, 366, 367, 368, 369, 370, 371, 372, 373, 374, 375, 376, 377, 378, 379, 380, 381, 382, 383, 384, 385, 386, 387, 388, 389, 390, 391, 392, 393, 394, 395, 396, 397, 398, 399, 400, 401, 402, 403, 404, 405, 406, 407, 408, 409, 410, 411, 412, 413, 414, 415, 416, 417, 418, 419, 420, 421, 422, 423, 424, 425, 426, 427, 428, 429, 430, 431, 432, 433, 434, 435, 436, 437, 438, 439, 440, 441, 442, 443, 444, 445, 446, 447, 448, 449, 450, 451, 452, 453, 454, 455, 456, 457, 458, 459, 460, 461, 462, 463, 464, 465, 466, 467, 468, 469, 470, 471, 472, 473, 474, 475, 476, 477, 478, 479, 480, 481, 482, 483, 484, 485, 486, 487, 488, 489, 490, 491, 492, 493, 494, 495, 496, 497, 498, 499, 500, 501, 502, 503, 504, 505, 506, 507, 508, 509, 510], "LargestImagePixelValue": [861, 911, 820, 876, 796, 909, 813, 881, 795, 776, 900, 840, 810, 807, 817, 800, 864, 804, 811, 789, 796, 806, 926, 903, 803, 800, 812, 800, 789, 1026, 858, 982, 888, 801, 945, 817, 787, 783, 884, 797, 942, 961, 789, 807, 813, 802, 808, 829, 771, 939, 810, 1039, 796, 1100, 1147, 844, 782, 822, 764, 758, 878, 806, 778, 788, 774, 832, 790, 769, 802, 959, 826, 975, 804, 1041, 936, 932, 788, 1022, 781, 781, 821, 865, 996, 842, 866, 952, 834, 788, 777, 765, 860, 798, 794, 785, 795, 765, 787, 845, 773, 780, 823, 811, 774, 789, 808, 766, 779, 794, 763, 804, 944, 904, 1036, 768, 854, 830, 767, 816, 862, 964, 889, 865, 874, 789, 798, 790, 906, 788, 805, 792, 827, 857, 796, 1201, 850, 855, 879, 758, 760, 800, 837, 1046, 779, 782, 772, 776, 767, 834, 992, 844, 815, 830, 884, 798, 800, 791, 800, 821, 850, 828, 912, 917, 880, 876, 826, 935, 796, 843, 806, 846, 834, 771, 833, 816, 853, 818, 799, 880, 789, 902, 814, 934, 855, 875, 785, 832, 1050, 785, 1131, 811, 814, 1017, 910, 880, 785, 835, 797, 809, 789, 797, 807, 987, 960, 868, 779, 798, 772, 797, 807, 879, 887, 772, 777, 844, 1067, 1000, 834, 789, 866, 966, 892, 771, 785, 845, 781, 837, 797, 794, 825, 852, 909, 830, 839, 800, 824, 898, 1207, 813, 927, 909, 885, 776, 851, 764, 791, 841, 782, 774, 791, 792, 816, 818, 790, 858, 808, 836, 1137, 1141, 1060, 978, 799, 981, 936, 966, 786, 770, 818, 763, 800, 770, 761, 765, 791, 771, 843, 891, 798, 785, 788, 961, 902, 772, 886, 776, 837, 781, 768, 822, 812, 903, 825, 856, 789, 873, 780, 846, 780, 859, 784, 794, 916, 884, 933, 959, 954, 992, 795, 782, 775, 768, 828, 990, 846, 971, 771, 766, 828, 869, 999, 770, 915, 778, 803, 790, 804, 799, 853, 795, 797, 780, 802, 813, 835, 796, 950, 788, 802, 808, 788, 902, 987, 811, 823, 989, 824, 1024, 1136, 798, 952, 912, 805, 1148, 1137, 782, 766, 788, 811, 787, 825, 776, 806, 777, 784, 792, 786, 886, 792, 798, 832, 994, 806, 846, 851, 898, 828, 872, 902, 801, 860, 908, 782, 779, 813, 990, 953, 789, 915, 788, 789, 778, 1015, 975, 874, 868, 788, 823, 785, 909, 789, 784, 795, 784, 796, 796, 1006, 787, 794, 951, 775, 778, 893, 777, 780, 909, 795, 925, 841, 770, 784, 851, 1040, 784, 795, 813, 791, 919, 873, 803, 919, 1012, 815, 847, 794, 781, 811, 779, 779, 844, 787, 781, 808, 775, 803, 787, 789, 789, 788, 872, 827, 780, 783, 781, 781, 792, 781, 794, 796, 781, 822, 783, 788, 836, 787, 793, 787, 841, 800, 781, 798, 776, 903, 782, 780, 881, 785, 814, 791, 807, 800, 795, 786, 783, 795, 785, 788, 791, 837, 821, 784, 791, 956, 792, 794, 793, 792, 786, 810, 786, 788, 915, 825, 925, 818, 791, 839, 813, 789, 783, 783, 786], "WindowCenter": [477.0, 476.0, 473.0, 475.0, 473.0, 472.0, 471.0, 471.0, 470.0, 468.0, 471.0, 472.0, 471.0, 471.0, 471.0, 472.0, 472.0, 473.0, 472.0, 469.0, 471.0, 471.0, 473.0, 476.0, 473.0, 473.0, 473.0, 473.0, 471.0, 475.0, 471.0, 474.0, 470.0, 471.0, 470.0, 472.0, 471.0, 469.0, 473.0, 468.0, 472.0, 473.0, 472.0, 474.0, 473.0, 472.0, 473.0, 472.0, 471.0, 474.0, 474.0, 475.0, 472.0, 475.0, 474.0, 472.0, 467.0, 471.0, 467.0, 466.0, 469.0, 470.0, 468.0, 469.0, 470.0, 471.0, 472.0, 468.0, 473.0, 473.0, 471.0, 474.0, 470.0, 472.0, 470.0, 471.0, 470.0, 472.0, 469.0, 469.0, 472.0, 470.0, 469.0, 472.0, 471.0, 469.0, 468.0, 467.0, 467.0, 469.0, 468.0, 470.0, 473.0, 470.0, 471.0, 469.0, 469.0, 473.0, 472.0, 473.0, 473.0, 472.0, 474.0, 474.0, 472.0, 471.0, 472.0, 471.0, 471.0, 470.0, 470.0, 471.0, 475.0, 469.0, 473.0, 471.0, 470.0, 470.0, 472.0, 472.0, 473.0, 472.0, 472.0, 472.0, 473.0, 473.0, 475.0, 473.0, 473.0, 473.0, 475.0, 473.0, 472.0, 473.0, 472.0, 471.0, 471.0, 469.0, 468.0, 470.0, 470.0, 475.0, 471.0, 471.0, 472.0, 472.0, 472.0, 471.0, 474.0, 470.0, 471.0, 471.0, 470.0, 471.0, 472.0, 471.0, 470.0, 472.0, 468.0, 470.0, 473.0, 471.0, 471.0, 474.0, 468.0, 475.0, 469.0, 471.0, 466.0, 473.0, 473.0, 469.0, 474.0, 476.0, 474.0, 474.0, 473.0, 474.0, 472.0, 476.0, 475.0, 477.0, 473.0, 473.0, 471.0, 472.0, 472.0, 469.0, 474.0, 470.0, 471.0, 473.0, 471.0, 471.0, 472.0, 473.0, 471.0, 473.0, 472.0, 471.0, 472.0, 473.0, 472.0, 472.0, 470.0, 471.0, 471.0, 473.0, 473.0, 475.0, 475.0, 472.0, 471.0, 472.0, 473.0, 476.0, 472.0, 470.0, 470.0, 472.0, 468.0, 471.0, 471.0, 471.0, 469.0, 476.0, 473.0, 472.0, 474.0, 475.0, 474.0, 472.0, 474.0, 474.0, 475.0, 473.0, 475.0, 472.0, 471.0, 472.0, 472.0, 470.0, 468.0, 468.0, 468.0, 470.0, 470.0, 469.0, 471.0, 471.0, 473.0, 473.0, 472.0, 472.0, 472.0, 472.0, 475.0, 472.0, 474.0, 472.0, 469.0, 470.0, 469.0, 470.0, 467.0, 467.0, 468.0, 467.0, 466.0, 470.0, 469.0, 470.0, 470.0, 471.0, 472.0, 471.0, 471.0, 471.0, 471.0, 472.0, 474.0, 471.0, 472.0, 469.0, 473.0, 472.0, 473.0, 473.0, 473.0, 473.0, 471.0, 472.0, 471.0, 474.0, 472.0, 473.0, 473.0, 475.0, 475.0, 475.0, 476.0, 475.0, 474.0, 473.0, 472.0, 472.0, 469.0, 471.0, 470.0, 469.0, 470.0, 471.0, 471.0, 471.0, 471.0, 469.0, 470.0, 471.0, 473.0, 471.0, 471.0, 469.0, 470.0, 470.0, 470.0, 469.0, 472.0, 470.0, 471.0, 472.0, 471.0, 473.0, 472.0, 473.0, 474.0, 472.0, 473.0, 474.0, 475.0, 474.0, 475.0, 473.0, 473.0, 476.0, 473.0, 475.0, 477.0, 473.0, 474.0, 473.0, 470.0, 475.0, 474.0, 468.0, 469.0, 472.0, 471.0, 471.0, 471.0, 471.0, 471.0, 471.0, 472.0, 473.0, 473.0, 474.0, 473.0, 473.0, 473.0, 476.0, 474.0, 473.0, 473.0, 474.0, 475.0, 474.0, 474.0, 473.0, 474.0, 474.0, 474.0, 473.0, 474.0, 474.0, 472.0, 472.0, 474.0, 472.0, 471.0, 471.0, 474.0, 475.0, 473.0, 471.0, 471.0, 471.0, 471.0, 474.0, 472.0, 474.0, 473.0, 474.0, 473.0, 473.0, 476.0, 472.0, 472.0, 474.0, 472.0, 472.0, 474.0, 473.0, 472.0, 474.0, 473.0, 475.0, 473.0, 473.0, 473.0, 474.0, 477.0, 472.0, 472.0, 473.0, 473.0, 475.0, 474.0, 473.0, 476.0, 477.0, 473.0, 474.0, 472.0, 473.0, 473.0, 473.0, 473.0, 474.0, 473.0, 474.0, 474.0, 474.0, 474.0, 473.0, 474.0, 473.0, 473.0, 475.0, 474.0, 472.0, 473.0, 472.0, 473.0, 473.0, 474.0, 474.0, 474.0, 474.0, 475.0, 473.0, 474.0, 474.0, 474.0, 474.0, 473.0, 474.0, 473.0, 472.0, 473.0, 473.0, 475.0, 474.0, 473.0, 475.0, 474.0, 473.0, 472.0, 473.0, 473.0, 473.0, 473.0, 473.0, 474.0, 473.0, 473.0, 474.0, 476.0, 473.0, 474.0, 474.0, 475.0, 473.0, 474.0, 474.0, 475.0, 475.0, 475.0, 475.0, 475.0, 476.0, 474.0, 475.0, 473.0, 473.0, 474.0, 473.0, 472.0, 473.0, 473.0, 472.0], "WindowWidth": [1000.0, 997.0, 993.0, 996.0, 994.0, 989.0, 988.0, 987.0, 986.0, 984.0, 988.0, 990.0, 989.0, 989.0, 988.0, 990.0, 989.0, 992.0, 992.0, 984.0, 989.0, 988.0, 991.0, 998.0, 992.0, 992.0, 993.0, 992.0, 988.0, 996.0, 987.0, 993.0, 985.0, 988.0, 986.0, 991.0, 989.0, 984.0, 993.0, 982.0, 991.0, 991.0, 991.0, 995.0, 992.0, 990.0, 993.0, 991.0, 989.0, 993.0, 994.0, 996.0, 991.0, 994.0, 993.0, 989.0, 981.0, 988.0, 981.0, 979.0, 984.0, 986.0, 984.0, 984.0, 987.0, 988.0, 991.0, 982.0, 993.0, 992.0, 988.0, 993.0, 987.0, 988.0, 986.0, 988.0, 987.0, 988.0, 986.0, 984.0, 989.0, 985.0, 983.0, 990.0, 988.0, 984.0, 983.0, 982.0, 981.0, 985.0, 982.0, 987.0, 992.0, 987.0, 989.0, 985.0, 985.0, 991.0, 991.0, 992.0, 992.0, 990.0, 994.0, 994.0, 990.0, 989.0, 991.0, 989.0, 990.0, 986.0, 986.0, 988.0, 995.0, 986.0, 992.0, 989.0, 986.0, 986.0, 989.0, 989.0, 992.0, 990.0, 989.0, 991.0, 993.0, 992.0, 995.0, 992.0, 992.0, 993.0, 997.0, 993.0, 991.0, 989.0, 990.0, 988.0, 988.0, 985.0, 984.0, 986.0, 987.0, 994.0, 989.0, 990.0, 991.0, 991.0, 990.0, 989.0, 994.0, 987.0, 988.0, 988.0, 987.0, 989.0, 991.0, 988.0, 986.0, 990.0, 982.0, 987.0, 992.0, 988.0, 989.0, 994.0, 983.0, 996.0, 984.0, 989.0, 978.0, 993.0, 991.0, 985.0, 995.0, 998.0, 994.0, 994.0, 993.0, 994.0, 992.0, 998.0, 995.0, 999.0, 991.0, 992.0, 989.0, 989.0, 989.0, 985.0, 991.0, 986.0, 987.0, 991.0, 988.0, 988.0, 990.0, 993.0, 990.0, 992.0, 990.0, 989.0, 991.0, 991.0, 989.0, 990.0, 987.0, 989.0, 989.0, 994.0, 993.0, 996.0, 997.0, 991.0, 989.0, 990.0, 991.0, 997.0, 990.0, 986.0, 987.0, 990.0, 982.0, 989.0, 989.0, 989.0, 985.0, 999.0, 993.0, 990.0, 995.0, 997.0, 993.0, 991.0, 995.0, 994.0, 996.0, 992.0, 994.0, 990.0, 987.0, 989.0, 989.0, 987.0, 983.0, 983.0, 982.0, 987.0, 986.0, 986.0, 989.0, 989.0, 992.0, 993.0, 990.0, 990.0, 990.0, 991.0, 994.0, 989.0, 992.0, 988.0, 984.0, 985.0, 983.0, 986.0, 981.0, 982.0, 982.0, 982.0, 979.0, 987.0, 985.0, 986.0, 987.0, 988.0, 990.0, 988.0, 989.0, 989.0, 990.0, 991.0, 993.0, 990.0, 989.0, 986.0, 992.0, 991.0, 993.0, 992.0, 993.0, 992.0, 989.0, 990.0, 989.0, 994.0, 992.0, 992.0, 993.0, 996.0, 998.0, 996.0, 998.0, 995.0, 993.0, 991.0, 990.0, 989.0, 984.0, 988.0, 987.0, 986.0, 987.0, 986.0, 987.0, 988.0, 988.0, 986.0, 987.0, 988.0, 991.0, 988.0, 987.0, 984.0, 985.0, 986.0, 987.0, 986.0, 990.0, 987.0, 989.0, 992.0, 990.0, 992.0, 990.0, 992.0, 993.0, 991.0, 993.0, 995.0, 996.0, 994.0, 995.0, 992.0, 992.0, 997.0, 992.0, 995.0, 998.0, 992.0, 993.0, 992.0, 987.0, 995.0, 992.0, 984.0, 985.0, 990.0, 988.0, 988.0, 989.0, 988.0, 989.0, 988.0, 990.0, 992.0, 993.0, 995.0, 993.0, 993.0, 992.0, 998.0, 994.0, 993.0, 992.0, 995.0, 996.0, 995.0, 995.0, 994.0, 994.0, 995.0, 995.0, 993.0, 994.0, 994.0, 990.0, 991.0, 994.0, 991.0, 989.0, 989.0, 993.0, 995.0, 991.0, 989.0, 989.0, 989.0, 990.0, 994.0, 991.0, 995.0, 994.0, 994.0, 993.0, 993.0, 997.0, 992.0, 991.0, 994.0, 990.0, 991.0, 993.0, 993.0, 992.0, 995.0, 993.0, 996.0, 992.0, 992.0, 992.0, 994.0, 999.0, 992.0, 991.0, 993.0, 994.0, 996.0, 994.0, 993.0, 997.0, 999.0, 993.0, 994.0, 991.0, 993.0, 993.0, 994.0, 994.0, 994.0, 993.0, 995.0, 995.0, 995.0, 994.0, 994.0, 994.0, 994.0, 992.0, 996.0, 994.0, 992.0, 993.0, 991.0, 992.0, 993.0, 995.0, 995.0, 994.0, 994.0, 996.0, 994.0, 995.0, 995.0, 995.0, 995.0, 994.0, 994.0, 993.0, 992.0, 993.0, 992.0, 997.0, 994.0, 993.0, 995.0, 994.0, 992.0, 992.0, 994.0, 993.0, 993.0, 992.0, 993.0, 995.0, 993.0, 993.0, 994.0, 998.0, 992.0, 994.0, 995.0, 996.0, 993.0, 994.0, 996.0, 998.0, 997.0, 997.0, 997.0, 997.0, 998.0, 995.0, 995.0, 992.0, 994.0, 994.0, 993.0, 992.0, 993.0, 993.0, 991.0]}, "slices": {}}, "EventTimestamp": "10-27-15"}