{
  "AcquisitionMatrixPE": 64,
  "AcquisitionNumber": 1,
  "AcquisitionTime": "10:54:20.602500",
  "BandwidthPerPixelPhaseEncode": 31.25,
  "BaseResolution": 64,
  "BodyPartExamined": "BRAIN",
  "CoilString": "HC2_4_6_7",
  "ConsistencyInfo": "N4_VE11E_LATEST_20181129",
  "ConversionSoftware": "dcm2niix",
  "ConversionSoftwareVersion": "v1.0.20190902",
  "DerivedVendorReportedEchoSpacing": 0.0005,
  "DeviceSerialNumber": "166182",
  "DwellTime": 3.4e-06,
  "EchoTime": 0.032,
  "EchoTrainLength": 64,
  "EffectiveEchoSpacing": 0.0005,
  "FlipAngle": 40,
  "ImageOrientationPatientDICOM": [0.99853, 0.00533897, 0.0539343, 1.0805e-08, 0.995136, -0.0985088],
  "ImageType": [
    "ORIGINAL",
    "PRIMARY",
    "M",
    "ND",
    "NORM",
    "MOSAIC"
],
  "ImagingFrequency": 123.255,
  "InPlanePhaseEncodingDirectionDICOM": "COL",
  "InstitutionAddress": "PEARSE_STREET_._City_District_IE_D2",
  "InstitutionName": "TCIN",
  "InstitutionalDepartmentName": "MRI",
  "MRAcquisitionType": "2D",
  "MagneticFieldStrength": 3,
  "Manufacturer": "Siemens",
  "ManufacturersModelName": "Prisma",
  "Modality": "MR",
  "PartialFourier": 1,
  "PatientPosition": "HFS",
  "PercentPhaseFOV": 100,
  "PhaseEncodingDirection": "j",
  "PhaseEncodingSteps": 64,
  "PhaseResolution": 1,
  "PixelBandwidth": 2300,
  "ProcedureStepDescription": "Rhodri_Head_BOLD",
  "ProtocolName": "cmrr_SBep2d_se_PA_RDS",
  "PulseSequenceDetails": "%SiemensSeq%_ep2d_bold",
  "ReceiveCoilActiveElements": "HC2,4,6,7",
  "ReceiveCoilName": "HeadNeck_64",
  "ReconMatrixPE": 64,
  "RepetitionTime": 2.26,
  "SAR": 0.207388,
  "ScanOptions": "FS",
  "ScanningSequence": "EP",
  "SequenceName": "_epfid2d1_64",
  "SequenceVariant": "SK",
  "SeriesDescription": "cmrr_SBep2d_se_PA_RDS",
  "SeriesNumber": 7,
  "ShimSetting": [-3603, -7499, 3901, 688, -31, 152, 278, 165],
  "SliceThickness": 3,
  "SliceTiming": [1.12, 0, 1.1825, 0.0625, 1.245, 0.125, 1.305, 0.185, 1.3675, 0.2475, 1.43, 0.31, 1.4925, 0.3725, 1.555, 0.435, 1.6175, 0.4975, 1.68, 0.56, 1.7425, 0.6225, 1.805, 0.685, 1.865, 0.745, 1.9275, 0.8075, 1.99, 0.87, 2.0525, 0.9325, 2.115, 0.995, 2.1775, 1.0575],
  "SoftwareVersions": "syngo_MR_E11",
  "SpacingBetweenSlices": 3.3,
  "StationName": "AWP166182",
  "TotalReadoutTime": 0.0315,
  "TxRefAmp": 251.056,
  "dcmmeta_affine": [
    [-2.9955906867980957, 3.2414853023965406e-08, 0.17885325849056244, 92.37776184082031],
    [-0.016016896814107895, 2.9854085445404053, -0.32460129261016846, -90.86731719970703],
    [0.16180303692817688, 0.2955264151096344, 3.2791225910186768, -90.07757568359375],
    [0.0, 0.0, 0.0, 1.0]
],
  "dcmmeta_reorient_transform": [
    [0.0, -1.0, 0.0, 63.0],
    [1.0, 0.0, 0.0, 0.0],
    [0.0, 0.0, 1.0, 0.0],
    [0.0, 0.0, 0.0, 1.0]
],
  "dcmmeta_shape": [64, 64, 36, 10],
  "dcmmeta_slice_dim": 2,
  "dcmmeta_version": 0.6,
  "global": {
    "const": {
      "AcquisitionMatrix": [64, 0, 0, 64],
      "AngioFlag": "N",
      "BitsAllocated": 16,
      "BitsStored": 12,
      "BodyPartExamined": "BRAIN",
      "Columns": 384,
      "EchoNumbers": 1,
      "EchoTime": 32.0,
      "EchoTrainLength": 64,
      "FlipAngle": 40.0,
      "HighBit": 11,
      "ImageOrientationPatient": [0.99853021068235, 0.0053389653364, 0.05393434716216, 1.0804951e-08, 0.99513617880585, -0.0985088099192],
      "ImagePositionPatient": [-571.67226767839, -577.44148667107, -50.063665360133],
      "ImageType": [
        "ORIGINAL",
        "PRIMARY",
        "M",
        "ND",
        "NORM",
        "MOSAIC"
],
      "ImagedNucleus": "1H",
      "ImagingFrequency": 123.255198,
      "InPlanePhaseEncodingDirection": "COL",
      "MRAcquisitionType": "2D",
      "MagneticFieldStrength": 3.0,
      "Manufacturer": "SIEMENS",
      "ManufacturerModelName": "Prisma",
      "Modality": "MR",
      "NumberOfAverages": 1.0,
      "NumberOfPhaseEncodingSteps": 64,
      "PercentPhaseFieldOfView": 100.0,
      "PercentSampling": 100.0,
      "PerformedProcedureStepStartTime": "102303.317000",
      "PhotometricInterpretation": "MONOCHROME2",
      "PixelBandwidth": 2300.0,
      "PixelRepresentation": 0,
      "PixelSpacing": [3.0, 3.0],
      "ProtocolName": "cmrr_SBep2d_se_PA_RDS",
      "RepetitionTime": 2260.0,
      "Rows": 384,
      "SAR": 0.20738768735735,
      "SamplesPerPixel": 1,
      "ScanOptions": "FS",
      "ScanningSequence": "EP",
      "SequenceName": "*epfid2d1_64",
      "SequenceVariant": "SK",
      "SeriesDescription": "cmrr_SBep2d_se_PA_RDS",
      "SeriesNumber": 7,
      "SeriesTime": "105442.548000",
      "SliceLocation": -75.562939358638,
      "SliceThickness": 3.0,
      "SmallestImagePixelValue": 0,
      "SoftwareVersions": "syngo MR E11",
      "SpacingBetweenSlices": 3.3000000307285,
      "SpecificCharacterSet": "ISO_IR 100",
      "StudyID": "1",
      "StudyTime": "102303.152000",
      "TransmitCoilName": "Body",
      "VariableFlipAngleFlag": "N",
      "WindowCenterWidthExplanation": "Algo1"
    },
    "slices": {}
  },
  "time": {
    "samples": {
      "AcquisitionNumber": [1, 2, 3, 4, 5, 6, 7, 8, 9, 10],
      "AcquisitionTime": ["105420.602500", "105422.862500", "105425.122500", "105427.382500", "105429.642500", "105431.902500", "105434.162500", "105436.422500", "105438.682500", "105440.942500"],
      "ContentTime": ["105442.552000", "105442.555000", "105442.558000", "105442.560000", "105442.563000", "105442.565000", "105442.567000", "105442.570000", "105442.572000", "105442.575000"],
      "InstanceCreationTime": ["105442.552000", "105442.555000", "105442.558000", "105442.560000", "105442.563000", "105442.565000", "105442.567000", "105442.570000", "105442.572000", "105442.575000"],
      "InstanceNumber": [1, 2, 3, 4, 5, 6, 7, 8, 9, 10],
      "LargestImagePixelValue": [1223, 1194, 1170, 1148, 1233, 1198, 1158, 1145, 1142, 1178],
      "WindowCenter": [513.0, 512.0, 511.0, 509.0, 511.0, 510.0, 510.0, 509.0, 509.0, 509.0],
      "WindowWidth": [1074.0, 1073.0, 1070.0, 1066.0, 1069.0, 1069.0, 1068.0, 1068.0, 1067.0, 1066.0]
    },
    "slices": {}
  }
}