{"AcquisitionMatrixPE": 64, "AcquisitionNumber": 1, "AcquisitionTime": "13:18:22.697500", "BandwidthPerPixelPhaseEncode": 28.935, "BaseResolution": 64, "BodyPartExamined": "BRAIN", "CoilCombinationMethod": "Sum of Squares", "ConsistencyInfo": "N4_VE11E_LATEST_20181129", "ConversionSoftware": "dcm2niix", "ConversionSoftwareVersion": "v1.0.20230411", "DerivedVendorReportedEchoSpacing": 0.000540003, "DeviceSerialNumber": "166182", "DwellTime": 3.4e-06, "EchoTime": 0.032, "EchoTrainLength": 64, "EffectiveEchoSpacing": 0.000540003, "FlipAngle": 40, "HeudiconvVersion": "0.13.1", "ImageOrientationPatientDICOM": [0.999767, -0.0163699, -0.014048, 0.0157056, 0.998811, -0.0461592], "ImageOrientationText": "Tra>Cor(-2.6)>Sag(-0.8)", "ImageType": ["ORIGINAL", "PRIMARY", "M", "ND", "NORM", "MOSAIC"], "ImagingFrequency": 123.256469, "InPlanePhaseEncodingDirectionDICOM": "COL", "InstitutionAddress": "PEARSE STREET .,City,District,IE,D2", "InstitutionName": "TCIN", "InstitutionalDepartmentName": "MRI", "MRAcquisitionType": "2D", "MagneticFieldStrength": 3, "Manufacturer": "Siemens", "ManufacturersModelName": "Prisma", "Modality": "MR", "MultibandAccelerationFactor": 4, "NonlinearGradientCorrection": false, "PartialFourier": 1, "PatientPosition": "HFS", "PercentPhaseFOV": 100, "PercentSampling": 100, "PhaseEncodingDirection": "j-", "PhaseEncodingSteps": 64, "PhaseResolution": 1, "PixelBandwidth": 2300, "ProcedureStepDescription": "Rhodri^Head BOLD", "ProtocolName": "cmrr_mbep2d_Pictures_AP_RDS", "PulseSequenceDetails": "%SiemensSeq%\\ep2d_bold", "ReceiveCoilActiveElements": "HC2,4,6,7;SC", "ReceiveCoilName": "SpecialPurpose_4", "ReconMatrixPE": 64, "RefLinesPE": 12, "RepetitionTime": 0.61, "SAR": 0.27795, "ScanOptions": "FS", "ScanningSequence": "EP", "SequenceName": "*epfid2d1_64", "SequenceVariant": "SK", "SeriesDescription": "cmrr_mbep2d_Pictures_AP_RDS", "SeriesNumber": 9, "ShimSetting": [-3731, -7401, 3790, 1151, -114, -52, 22, -199], "SliceThickness": 3, "SliceTiming": [0.2625, 0, 0.3275, 0.065, 0.3925, 0.13, 0.4575, 0.195, 0.5225, 0.2625, 0, 0.3275, 0.065, 0.3925, 0.13, 0.4575, 0.195, 0.5225, 0.2625, 0, 0.3275, 0.065, 0.3925, 0.13, 0.4575, 0.195, 0.5225, 0.2625, 0, 0.3275, 0.065, 0.3925, 0.13, 0.4575, 0.195, 0.5225], "SoftwareVersions": "syngo MR E11", "SpacingBetweenSlices": 3.3, "StationName": "AWP166182", "TaskName": "pictures", "TotalReadoutTime": 0.0340202, "TxRefAmp": 249.136, "dcmmeta_affine": [[-2.9993019104003906, 0.047116879373788834, -0.04879678785800934, 96.92668914794922], [0.04910966008901596, 2.996431827545166, -0.15156197547912598, -91.86163330078125], [-0.04214397445321083, 0.13847772777080536, 3.296156644821167, -111.92190551757812], [0.0, 0.0, 0.0, 1.0]], "dcmmeta_reorient_transform": [[0.0, -1.0, 0.0, 63.0], [1.0, 0.0, 0.0, 0.0], [0.0, 0.0, 1.0, 0.0], [0.0, 0.0, 0.0, 1.0]], "dcmmeta_shape": [64, 64, 36, 322], "dcmmeta_slice_dim": 2, "dcmmeta_version": 0.6, "global": {"const": {"AcquisitionMatrix": [64, 0, 0, 64], "AngioFlag": "N", "BitsAllocated": 16, "BitsStored": 12, "BodyPartExamined": "BRAIN", "Columns": 384, "EchoNumbers": 1, "EchoTime": 32.0, "EchoTrainLength": 64, "FlipAngle": 40.0, "HighBit": 11, "ImageOrientationPatient": [0.99976731330138, -0.016369886382, -0.0140479918131, 0.01570562623521, 0.99881062155266, -0.0461592415249], "ImagePositionPatient": [-587.32206349885, -568.48512808005, -74.298340506508], "ImageType": ["ORIGINAL", "PRIMARY", "M", "ND", "NORM", "MOSAIC"], "ImagedNucleus": "1H", "ImagingFrequency": 123.256469, "InPlanePhaseEncodingDirection": "COL", "MRAcquisitionType": "2D", "MagneticFieldStrength": 3.0, "Manufacturer": "SIEMENS", "ManufacturerModelName": "Prisma", "Modality": "MR", "NumberOfAverages": 1.0, "NumberOfPhaseEncodingSteps": 64, "PercentPhaseFieldOfView": 100.0, "PercentSampling": 100.0, "PerformedProcedureStepStartTime": "125858.028000", "PhotometricInterpretation": "MONOCHROME2", "PixelBandwidth": 2300.0, "PixelRepresentation": 0, "PixelSpacing": [3.0, 3.0], "ProtocolName": "cmrr_mbep2d_Pictures_AP_RDS", "RepetitionTime": 610.0, "Rows": 384, "SAR": 0.2779501084379, "SamplesPerPixel": 1, "ScanOptions": "FS", "ScanningSequence": "EP", "SequenceName": "*epfid2d1_64", "SequenceVariant": "SK", "SeriesDescription": "cmrr_mbep2d_Pictures_AP_RDS", "SeriesNumber": 9, "SeriesTime": "131852.627000", "SliceLocation": -109.00579171818, "SliceThickness": 3.0, "SmallestImagePixelValue": 0, "SoftwareVersions": "syngo MR E11", "SpacingBetweenSlices": 3.3000000850945, "SpecificCharacterSet": "ISO_IR 100", "StudyID": "1", "StudyTime": "125857.948000", "TransmitCoilName": "Body", "VariableFlipAngleFlag": "N", "WindowCenterWidthExplanation": "Algo1"}, "slices": {}}, "time": {"samples": {"AcquisitionNumber": [1, 2, 3, 4, 5, 6, 7, 8, 9, 10, 11, 12, 13, 14, 15, 16, 17, 18, 19, 20, 21, 22, 23, 24, 25, 26, 27, 28, 29, 30, 31, 32, 33, 34, 35, 36, 37, 38, 39, 40, 41, 42, 43, 44, 45, 46, 47, 48, 49, 50, 51, 52, 53, 54, 55, 56, 57, 58, 59, 60, 61, 62, 63, 64, 65, 66, 67, 68, 69, 70, 71, 72, 73, 74, 75, 76, 77, 78, 79, 80, 81, 82, 83, 84, 85, 86, 87, 88, 89, 90, 91, 92, 93, 94, 95, 96, 97, 98, 99, 100, 101, 102, 103, 104, 105, 106, 107, 108, 109, 110, 111, 112, 113, 114, 115, 116, 117, 118, 119, 120, 121, 122, 123, 124, 125, 126, 127, 128, 129, 130, 131, 132, 133, 134, 135, 136, 137, 138, 139, 140, 141, 142, 143, 144, 145, 146, 147, 148, 149, 150, 151, 152, 153, 154, 155, 156, 157, 158, 159, 160, 161, 162, 163, 164, 165, 166, 167, 168, 169, 170, 171, 172, 173, 174, 175, 176, 177, 178, 179, 180, 181, 182, 183, 184, 185, 186, 187, 188, 189, 190, 191, 192, 193, 194, 195, 196, 197, 198, 199, 200, 201, 202, 203, 204, 205, 206, 207, 208, 209, 210, 211, 212, 213, 214, 215, 216, 217, 218, 219, 220, 221, 222, 223, 224, 225, 226, 227, 228, 229, 230, 231, 232, 233, 234, 235, 236, 237, 238, 239, 240, 241, 242, 243, 244, 245, 246, 247, 248, 249, 250, 251, 252, 253, 254, 255, 256, 257, 258, 259, 260, 261, 262, 263, 264, 265, 266, 267, 268, 269, 270, 271, 272, 273, 274, 275, 276, 277, 278, 279, 280, 281, 282, 283, 284, 285, 286, 287, 288, 289, 290, 291, 292, 293, 294, 295, 296, 297, 298, 299, 300, 301, 302, 303, 304, 305, 306, 307, 308, 309, 310, 311, 312, 313, 314, 315, 316, 317, 318, 319, 320, 321, 322], "AcquisitionTime": ["131822.697500", "131823.307500", "131823.917500", "131824.527500", "131825.137500", "131825.747500", "131826.357500", "131826.967500", "131827.577500", "131828.187500", "131828.797500", "131829.407500", "131830.017500", "131830.627500", "131831.237500", "131831.847500", "131832.457500", "131833.067500", "131833.677500", "131834.287500", "131834.897500", "131835.507500", "131836.117500", "131836.727500", "131837.337500", "131837.947500", "131838.557500", "131839.167500", "131839.777500", "131840.387500", "131840.997500", "131841.607500", "131842.217500", "131842.827500", "131843.437500", "131844.047500", "131844.657500", "131845.267500", "131845.877500", "131846.487500", "131847.097500", "131847.707500", "131848.317500", "131848.927500", "131849.537500", "131850.147500", "131850.757500", "131851.367500", "131851.977500", "131852.587500", "131853.197500", "131853.807500", "131854.417500", "131855.027500", "131855.637500", "131856.247500", "131856.857500", "131857.467500", "131858.077500", "131858.687500", "131859.297500", "131859.907500", "131900.517500", "131901.127500", "131901.737500", "131902.347500", "131902.957500", "131903.567500", "131904.177500", "131904.787500", "131905.397500", "131906.007500", "131906.617500", "131907.227500", "131907.837500", "131908.447500", "131909.057500", "131909.667500", "131910.277500", "131910.887500", "131911.497500", "131912.107500", "131912.717500", "131913.327500", "131913.937500", "131914.547500", "131915.157500", "131915.767500", "131916.377500", "131916.987500", "131917.597500", "131918.207500", "131918.817500", "131919.427500", "131920.037500", "131920.647500", "131921.257500", "131921.867500", "131922.477500", "131923.087500", "131923.697500", "131924.307500", "131924.917500", "131925.527500", "131926.137500", "131926.747500", "131927.357500", "131927.967500", "131928.577500", "131929.187500", "131929.797500", "131930.407500", "131931.017500", "131931.627500", "131932.237500", "131932.847500", "131933.457500", "131934.067500", "131934.677500", "131935.287500", "131935.897500", "131936.507500", "131937.117500", "131937.727500", "131938.337500", "131938.947500", "131939.557500", "131940.167500", "131940.777500", "131941.387500", "131941.997500", "131942.607500", "131943.217500", "131943.827500", "131944.437500", "131945.047500", "131945.657500", "131946.267500", "131946.877500", "131947.487500", "131948.097500", "131948.707500", "131949.317500", "131949.927500", "131950.537500", "131951.147500", "131951.757500", "131952.367500", "131952.977500", "131953.587500", "131954.197500", "131954.807500", "131955.417500", "131956.027500", "131956.637500", "131957.247500", "131957.857500", "131958.467500", "131959.077500", "131959.687500", "132000.297500", "132000.907500", "132001.517500", "132002.127500", "132002.737500", "132003.347500", "132003.957500", "132004.567500", "132005.177500", "132005.787500", "132006.397500", "132007.007500", "132007.617500", "132008.227500", "132008.837500", "132009.447500", "132010.057500", "132010.667500", "132011.277500", "132011.887500", "132012.497500", "132013.107500", "132013.717500", "132014.327500", "132014.937500", "132015.547500", "132016.157500", "132016.767500", "132017.377500", "132017.987500", "132018.597500", "132019.207500", "132019.817500", "132020.427500", "132021.037500", "132021.647500", "132022.257500", "132022.867500", "132023.477500", "132024.087500", "132024.697500", "132025.307500", "132025.917500", "132026.527500", "132027.137500", "132027.747500", "132028.357500", "132028.967500", "132029.577500", "132030.187500", "132030.797500", "132031.407500", "132032.017500", "132032.627500", "132033.237500", "132033.847500", "132034.457500", "132035.067500", "132035.677500", "132036.287500", "132036.897500", "132037.507500", "132038.117500", "132038.727500", "132039.337500", "132039.947500", "132040.557500", "132041.167500", "132041.777500", "132042.387500", "132042.997500", "132043.607500", "132044.217500", "132044.827500", "132045.437500", "132046.047500", "132046.657500", "132047.267500", "132047.877500", "132048.487500", "132049.097500", "132049.707500", "132050.317500", "132050.927500", "132051.537500", "132052.147500", "132052.757500", "132053.367500", "132053.977500", "132054.587500", "132055.197500", "132055.807500", "132056.417500", "132057.027500", "132057.637500", "132058.247500", "132058.857500", "132059.467500", "132100.077500", "132100.687500", "132101.297500", "132101.907500", "132102.517500", "132103.127500", "132103.737500", "132104.347500", "132104.957500", "132105.567500", "132106.177500", "132106.787500", "132107.397500", "132108.007500", "132108.617500", "132109.227500", "132109.837500", "132110.447500", "132111.057500", "132111.667500", "132112.277500", "132112.887500", "132113.497500", "132114.107500", "132114.717500", "132115.327500", "132115.937500", "132116.547500", "132117.157500", "132117.767500", "132118.377500", "132118.987500", "132119.597500", "132120.207500", "132120.817500", "132121.427500", "132122.037500", "132122.647500", "132123.257500", "132123.867500", "132124.477500", "132125.087500", "132125.697500", "132126.307500", "132126.917500", "132127.527500", "132128.137500", "132128.747500", "132129.357500", "132129.967500", "132130.577500", "132131.187500", "132131.797500", "132132.407500", "132133.017500", "132133.627500", "132134.237500", "132134.847500", "132135.457500", "132136.067500", "132136.677500", "132137.287500", "132137.897500", "132138.507500"], "ContentTime": ["131852.630000", "131852.633000", "131852.636000", "131852.638000", "131852.649000", "131852.651000", "131852.653000", "131852.656000", "131852.658000", "131852.660000", "131852.663000", "131852.665000", "131852.667000", "131852.670000", "131852.672000", "131852.675000", "131852.677000", "131852.679000", "131852.682000", "131852.684000", "131852.687000", "131852.689000", "131852.691000", "131852.694000", "131852.696000", "131852.698000", "131852.701000", "131852.703000", "131852.705000", "131852.708000", "131852.710000", "131852.713000", "131852.715000", "131852.718000", "131852.721000", "131852.723000", "131852.726000", "131852.728000", "131852.730000", "131852.762000", "131852.765000", "131852.767000", "131852.769000", "131852.772000", "131852.774000", "131852.776000", "131852.779000", "131852.781000", "131852.784000", "131912.624000", "131912.627000", "131912.629000", "131912.632000", "131912.634000", "131912.636000", "131912.639000", "131912.641000", "131912.643000", "131912.646000", "131912.648000", "131912.651000", "131912.653000", "131912.655000", "131912.658000", "131912.660000", "131912.662000", "131912.665000", "131912.667000", "131912.669000", "131912.672000", "131912.674000", "131912.676000", "131912.679000", "131912.681000", "131912.684000", "131912.687000", "131912.689000", "131912.692000", "131912.695000", "131912.697000", "131912.699000", "131932.624000", "131932.627000", "131932.629000", "131932.632000", "131932.634000", "131932.636000", "131932.639000", "131932.641000", "131932.643000", "131932.646000", "131932.648000", "131932.650000", "131932.653000", "131932.655000", "131932.657000", "131932.660000", "131932.664000", "131932.666000", "131932.669000", "131932.671000", "131932.673000", "131932.676000", "131932.678000", "131932.680000", "131932.683000", "131932.685000", "131932.687000", "131932.690000", "131932.692000", "131932.695000", "131932.697000", "131932.699000", "131932.702000", "131952.624000", "131952.627000", "131952.629000", "131952.632000", "131952.634000", "131952.636000", "131952.639000", "131952.641000", "131952.644000", "131952.646000", "131952.648000", "131952.651000", "131952.653000", "131952.655000", "131952.658000", "131952.660000", "131952.662000", "131952.665000", "131952.667000", "131952.669000", "131952.672000", "131952.674000", "131952.677000", "131952.679000", "131952.681000", "131952.684000", "131952.686000", "131952.688000", "131952.691000", "131952.693000", "131952.696000", "131952.698000", "131952.700000", "132012.624000", "132012.627000", "132012.629000", "132012.631000", "132012.634000", "132012.636000", "132012.639000", "132012.641000", "132012.643000", "132012.646000", "132012.648000", "132012.650000", "132012.653000", "132012.655000", "132012.658000", "132012.660000", "132012.662000", "132012.665000", "132012.667000", "132012.669000", "132012.672000", "132012.674000", "132012.676000", "132012.679000", "132012.681000", "132012.683000", "132012.686000", "132012.688000", "132012.691000", "132012.693000", "132012.696000", "132012.698000", "132012.700000", "132032.624000", "132032.627000", "132032.629000", "132032.631000", "132032.634000", "132032.636000", "132032.638000", "132032.641000", "132032.643000", "132032.646000", "132032.648000", "132032.650000", "132032.653000", "132032.655000", "132032.657000", "132032.660000", "132032.662000", "132032.664000", "132032.667000", "132032.669000", "132032.672000", "132032.674000", "132032.676000", "132032.679000", "132032.681000", "132032.683000", "132032.686000", "132032.688000", "132032.691000", "132032.693000", "132032.696000", "132032.698000", "132032.700000", "132052.625000", "132052.628000", "132052.630000", "132052.633000", "132052.635000", "132052.637000", "132052.640000", "132052.642000", "132052.645000", "132052.647000", "132052.649000", "132052.652000", "132052.654000", "132052.657000", "132052.659000", "132052.661000", "132052.664000", "132052.666000", "132052.668000", "132052.671000", "132052.673000", "132052.676000", "132052.678000", "132052.680000", "132052.683000", "132052.685000", "132052.687000", "132052.690000", "132052.692000", "132052.695000", "132052.697000", "132052.699000", "132112.625000", "132112.628000", "132112.630000", "132112.633000", "132112.635000", "132112.637000", "132112.640000", "132112.642000", "132112.645000", "132112.647000", "132112.649000", "132112.652000", "132112.654000", "132112.657000", "132112.659000", "132112.661000", "132112.664000", "132112.666000", "132112.668000", "132112.671000", "132112.673000", "132112.675000", "132112.678000", "132112.680000", "132112.683000", "132112.685000", "132112.687000", "132112.690000", "132112.692000", "132112.695000", "132112.697000", "132112.699000", "132112.702000", "132132.628000", "132132.630000", "132132.633000", "132132.635000", "132132.638000", "132132.641000", "132132.643000", "132132.646000", "132132.648000", "132132.651000", "132132.653000", "132132.656000", "132132.658000", "132132.661000", "132132.663000", "132132.666000", "132132.668000", "132132.671000", "132132.673000", "132132.676000", "132132.679000", "132132.681000", "132132.684000", "132132.687000", "132132.689000", "132132.692000", "132132.694000", "132132.699000", "132132.701000", "132132.704000", "132132.706000", "132132.709000", "132132.711000", "132139.907000", "132139.910000", "132139.912000", "132139.939000", "132139.942000", "132139.945000", "132139.948000", "132139.950000", "132139.952000", "132139.956000", "132139.960000"], "InstanceCreationTime": ["131852.630000", "131852.633000", "131852.636000", "131852.638000", "131852.649000", "131852.651000", "131852.653000", "131852.656000", "131852.658000", "131852.660000", "131852.663000", "131852.665000", "131852.667000", "131852.670000", "131852.672000", "131852.675000", "131852.677000", "131852.679000", "131852.682000", "131852.684000", "131852.687000", "131852.689000", "131852.691000", "131852.694000", "131852.696000", "131852.698000", "131852.701000", "131852.703000", "131852.705000", "131852.708000", "131852.710000", "131852.713000", "131852.715000", "131852.718000", "131852.721000", "131852.723000", "131852.726000", "131852.728000", "131852.730000", "131852.762000", "131852.765000", "131852.767000", "131852.769000", "131852.772000", "131852.774000", "131852.776000", "131852.779000", "131852.781000", "131852.784000", "131912.624000", "131912.627000", "131912.629000", "131912.632000", "131912.634000", "131912.636000", "131912.639000", "131912.641000", "131912.643000", "131912.646000", "131912.648000", "131912.651000", "131912.653000", "131912.655000", "131912.658000", "131912.660000", "131912.662000", "131912.665000", "131912.667000", "131912.669000", "131912.672000", "131912.674000", "131912.676000", "131912.679000", "131912.681000", "131912.684000", "131912.687000", "131912.689000", "131912.692000", "131912.695000", "131912.697000", "131912.699000", "131932.624000", "131932.627000", "131932.629000", "131932.632000", "131932.634000", "131932.636000", "131932.639000", "131932.641000", "131932.643000", "131932.646000", "131932.648000", "131932.650000", "131932.653000", "131932.655000", "131932.657000", "131932.660000", "131932.664000", "131932.666000", "131932.669000", "131932.671000", "131932.673000", "131932.676000", "131932.678000", "131932.680000", "131932.683000", "131932.685000", "131932.687000", "131932.690000", "131932.692000", "131932.695000", "131932.697000", "131932.699000", "131932.702000", "131952.624000", "131952.627000", "131952.629000", "131952.632000", "131952.634000", "131952.636000", "131952.639000", "131952.641000", "131952.644000", "131952.646000", "131952.648000", "131952.651000", "131952.653000", "131952.655000", "131952.658000", "131952.660000", "131952.662000", "131952.665000", "131952.667000", "131952.669000", "131952.672000", "131952.674000", "131952.677000", "131952.679000", "131952.681000", "131952.684000", "131952.686000", "131952.688000", "131952.691000", "131952.693000", "131952.696000", "131952.698000", "131952.700000", "132012.624000", "132012.627000", "132012.629000", "132012.631000", "132012.634000", "132012.636000", "132012.639000", "132012.641000", "132012.643000", "132012.646000", "132012.648000", "132012.650000", "132012.653000", "132012.655000", "132012.658000", "132012.660000", "132012.662000", "132012.665000", "132012.667000", "132012.669000", "132012.672000", "132012.674000", "132012.676000", "132012.679000", "132012.681000", "132012.683000", "132012.686000", "132012.688000", "132012.691000", "132012.693000", "132012.696000", "132012.698000", "132012.700000", "132032.624000", "132032.627000", "132032.629000", "132032.631000", "132032.634000", "132032.636000", "132032.638000", "132032.641000", "132032.643000", "132032.646000", "132032.648000", "132032.650000", "132032.653000", "132032.655000", "132032.657000", "132032.660000", "132032.662000", "132032.664000", "132032.667000", "132032.669000", "132032.672000", "132032.674000", "132032.676000", "132032.679000", "132032.681000", "132032.683000", "132032.686000", "132032.688000", "132032.691000", "132032.693000", "132032.696000", "132032.698000", "132032.700000", "132052.625000", "132052.628000", "132052.630000", "132052.633000", "132052.635000", "132052.637000", "132052.640000", "132052.642000", "132052.645000", "132052.647000", "132052.649000", "132052.652000", "132052.654000", "132052.657000", "132052.659000", "132052.661000", "132052.664000", "132052.666000", "132052.668000", "132052.671000", "132052.673000", "132052.676000", "132052.678000", "132052.680000", "132052.683000", "132052.685000", "132052.687000", "132052.690000", "132052.692000", "132052.695000", "132052.697000", "132052.699000", "132112.625000", "132112.628000", "132112.630000", "132112.633000", "132112.635000", "132112.637000", "132112.640000", "132112.642000", "132112.645000", "132112.647000", "132112.649000", "132112.652000", "132112.654000", "132112.657000", "132112.659000", "132112.661000", "132112.664000", "132112.666000", "132112.668000", "132112.671000", "132112.673000", "132112.675000", "132112.678000", "132112.680000", "132112.683000", "132112.685000", "132112.687000", "132112.690000", "132112.692000", "132112.695000", "132112.697000", "132112.699000", "132112.702000", "132132.628000", "132132.630000", "132132.633000", "132132.635000", "132132.638000", "132132.641000", "132132.643000", "132132.646000", "132132.648000", "132132.651000", "132132.653000", "132132.656000", "132132.658000", "132132.661000", "132132.663000", "132132.666000", "132132.668000", "132132.671000", "132132.673000", "132132.676000", "132132.679000", "132132.681000", "132132.684000", "132132.687000", "132132.689000", "132132.692000", "132132.694000", "132132.699000", "132132.701000", "132132.704000", "132132.706000", "132132.709000", "132132.711000", "132139.907000", "132139.910000", "132139.912000", "132139.939000", "132139.942000", "132139.945000", "132139.948000", "132139.950000", "132139.952000", "132139.956000", "132139.960000"], "InstanceNumber": [1, 2, 3, 4, 5, 6, 7, 8, 9, 10, 11, 12, 13, 14, 15, 16, 17, 18, 19, 20, 21, 22, 23, 24, 25, 26, 27, 28, 29, 30, 31, 32, 33, 34, 35, 36, 37, 38, 39, 40, 41, 42, 43, 44, 45, 46, 47, 48, 49, 50, 51, 52, 53, 54, 55, 56, 57, 58, 59, 60, 61, 62, 63, 64, 65, 66, 67, 68, 69, 70, 71, 72, 73, 74, 75, 76, 77, 78, 79, 80, 81, 82, 83, 84, 85, 86, 87, 88, 89, 90, 91, 92, 93, 94, 95, 96, 97, 98, 99, 100, 101, 102, 103, 104, 105, 106, 107, 108, 109, 110, 111, 112, 113, 114, 115, 116, 117, 118, 119, 120, 121, 122, 123, 124, 125, 126, 127, 128, 129, 130, 131, 132, 133, 134, 135, 136, 137, 138, 139, 140, 141, 142, 143, 144, 145, 146, 147, 148, 149, 150, 151, 152, 153, 154, 155, 156, 157, 158, 159, 160, 161, 162, 163, 164, 165, 166, 167, 168, 169, 170, 171, 172, 173, 174, 175, 176, 177, 178, 179, 180, 181, 182, 183, 184, 185, 186, 187, 188, 189, 190, 191, 192, 193, 194, 195, 196, 197, 198, 199, 200, 201, 202, 203, 204, 205, 206, 207, 208, 209, 210, 211, 212, 213, 214, 215, 216, 217, 218, 219, 220, 221, 222, 223, 224, 225, 226, 227, 228, 229, 230, 231, 232, 233, 234, 235, 236, 237, 238, 239, 240, 241, 242, 243, 244, 245, 246, 247, 248, 249, 250, 251, 252, 253, 254, 255, 256, 257, 258, 259, 260, 261, 262, 263, 264, 265, 266, 267, 268, 269, 270, 271, 272, 273, 274, 275, 276, 277, 278, 279, 280, 281, 282, 283, 284, 285, 286, 287, 288, 289, 290, 291, 292, 293, 294, 295, 296, 297, 298, 299, 300, 301, 302, 303, 304, 305, 306, 307, 308, 309, 310, 311, 312, 313, 314, 315, 316, 317, 318, 319, 320, 321, 322], "LargestImagePixelValue": [455, 441, 408, 412, 419, 413, 406, 405, 408, 405, 415, 414, 408, 404, 413, 414, 412, 420, 415, 410, 410, 408, 406, 409, 410, 414, 424, 413, 408, 408, 412, 415, 409, 405, 411, 409, 414, 417, 412, 409, 403, 409, 409, 409, 409, 406, 421, 446, 437, 421, 423, 421, 428, 425, 422, 431, 421, 417, 419, 420, 423, 422, 425, 423, 420, 419, 419, 422, 421, 416, 421, 420, 421, 420, 421, 418, 425, 423, 418, 426, 422, 416, 418, 417, 413, 411, 412, 411, 412, 412, 416, 416, 420, 420, 419, 419, 414, 413, 417, 419, 419, 419, 422, 416, 420, 414, 418, 417, 415, 416, 412, 419, 418, 416, 415, 413, 411, 429, 419, 420, 462, 457, 424, 429, 428, 435, 424, 447, 418, 458, 454, 442, 431, 424, 451, 419, 445, 421, 425, 422, 416, 397, 417, 418, 432, 421, 409, 407, 410, 407, 413, 406, 400, 397, 401, 405, 404, 407, 402, 404, 412, 406, 403, 416, 431, 415, 413, 445, 428, 428, 431, 435, 407, 405, 425, 417, 409, 409, 410, 414, 411, 410, 413, 413, 412, 416, 410, 410, 416, 411, 414, 412, 414, 410, 411, 410, 411, 414, 410, 410, 408, 409, 402, 406, 398, 399, 397, 398, 399, 403, 398, 399, 396, 400, 398, 400, 398, 406, 406, 407, 405, 409, 407, 406, 403, 407, 406, 408, 407, 408, 403, 409, 413, 406, 405, 419, 406, 409, 406, 406, 407, 400, 407, 400, 407, 407, 403, 405, 415, 407, 404, 405, 404, 401, 401, 416, 401, 400, 398, 399, 405, 400, 398, 406, 405, 398, 398, 406, 413, 406, 407, 411, 410, 408, 409, 408, 406, 402, 405, 405, 421, 436, 434, 406, 432, 432, 431, 411, 423, 428, 394, 443, 398, 424, 411, 419, 420, 411, 415, 414, 426, 392, 400, 423, 406, 400, 387, 399, 397, 398, 429, 396, 415, 402, 414, 415, 411, 419, 415, 426, 405, 433], "WindowCenter": [268.0, 264.0, 262.0, 263.0, 263.0, 262.0, 260.0, 260.0, 260.0, 261.0, 261.0, 261.0, 261.0, 262.0, 263.0, 263.0, 263.0, 262.0, 262.0, 262.0, 261.0, 260.0, 260.0, 261.0, 261.0, 261.0, 262.0, 261.0, 260.0, 260.0, 260.0, 261.0, 260.0, 260.0, 260.0, 260.0, 260.0, 261.0, 260.0, 259.0, 259.0, 259.0, 259.0, 260.0, 259.0, 259.0, 261.0, 261.0, 260.0, 260.0, 260.0, 260.0, 261.0, 260.0, 260.0, 261.0, 259.0, 259.0, 259.0, 259.0, 260.0, 260.0, 260.0, 260.0, 260.0, 260.0, 260.0, 259.0, 260.0, 260.0, 260.0, 260.0, 259.0, 259.0, 259.0, 259.0, 260.0, 260.0, 260.0, 261.0, 260.0, 259.0, 260.0, 259.0, 260.0, 260.0, 261.0, 260.0, 260.0, 260.0, 260.0, 260.0, 260.0, 261.0, 261.0, 260.0, 261.0, 260.0, 260.0, 260.0, 260.0, 260.0, 260.0, 259.0, 260.0, 260.0, 261.0, 261.0, 260.0, 260.0, 262.0, 262.0, 261.0, 262.0, 260.0, 260.0, 258.0, 259.0, 260.0, 262.0, 256.0, 259.0, 254.0, 259.0, 258.0, 258.0, 259.0, 263.0, 260.0, 260.0, 259.0, 261.0, 257.0, 260.0, 258.0, 259.0, 262.0, 260.0, 255.0, 257.0, 259.0, 256.0, 258.0, 257.0, 259.0, 259.0, 260.0, 258.0, 262.0, 262.0, 262.0, 259.0, 259.0, 258.0, 258.0, 260.0, 260.0, 259.0, 259.0, 259.0, 259.0, 259.0, 260.0, 261.0, 260.0, 257.0, 260.0, 262.0, 260.0, 259.0, 259.0, 264.0, 260.0, 260.0, 260.0, 260.0, 258.0, 258.0, 259.0, 259.0, 261.0, 260.0, 260.0, 260.0, 260.0, 260.0, 259.0, 260.0, 260.0, 259.0, 260.0, 259.0, 259.0, 259.0, 259.0, 259.0, 260.0, 259.0, 259.0, 260.0, 260.0, 260.0, 260.0, 260.0, 259.0, 259.0, 260.0, 260.0, 259.0, 260.0, 259.0, 259.0, 259.0, 259.0, 259.0, 258.0, 259.0, 260.0, 260.0, 261.0, 260.0, 262.0, 261.0, 261.0, 261.0, 261.0, 260.0, 260.0, 260.0, 260.0, 260.0, 259.0, 260.0, 259.0, 259.0, 259.0, 259.0, 259.0, 259.0, 259.0, 259.0, 259.0, 260.0, 259.0, 259.0, 260.0, 259.0, 259.0, 259.0, 258.0, 259.0, 259.0, 259.0, 259.0, 259.0, 259.0, 259.0, 260.0, 259.0, 259.0, 259.0, 259.0, 260.0, 260.0, 260.0, 259.0, 260.0, 260.0, 261.0, 260.0, 259.0, 260.0, 262.0, 263.0, 260.0, 260.0, 261.0, 261.0, 261.0, 261.0, 262.0, 262.0, 261.0, 259.0, 260.0, 260.0, 259.0, 259.0, 258.0, 258.0, 258.0, 259.0, 258.0, 258.0, 258.0, 258.0, 258.0, 258.0, 258.0, 258.0, 258.0, 257.0, 257.0, 258.0, 257.0, 257.0, 256.0, 258.0, 258.0, 258.0, 258.0, 258.0, 259.0, 259.0, 260.0, 260.0, 260.0, 260.0, 260.0, 260.0, 259.0, 261.0], "WindowWidth": [589.0, 582.0, 578.0, 579.0, 579.0, 577.0, 575.0, 575.0, 575.0, 575.0, 575.0, 576.0, 576.0, 577.0, 580.0, 579.0, 579.0, 579.0, 579.0, 578.0, 577.0, 575.0, 575.0, 576.0, 577.0, 577.0, 578.0, 577.0, 575.0, 575.0, 575.0, 577.0, 574.0, 574.0, 575.0, 574.0, 574.0, 577.0, 574.0, 573.0, 572.0, 573.0, 572.0, 574.0, 573.0, 572.0, 576.0, 577.0, 575.0, 574.0, 574.0, 574.0, 576.0, 574.0, 574.0, 576.0, 573.0, 573.0, 573.0, 573.0, 574.0, 574.0, 574.0, 574.0, 574.0, 574.0, 574.0, 573.0, 574.0, 574.0, 574.0, 574.0, 573.0, 573.0, 573.0, 573.0, 574.0, 575.0, 574.0, 576.0, 574.0, 572.0, 574.0, 573.0, 574.0, 574.0, 576.0, 574.0, 574.0, 574.0, 574.0, 574.0, 575.0, 577.0, 575.0, 574.0, 577.0, 575.0, 574.0, 574.0, 574.0, 574.0, 574.0, 573.0, 574.0, 574.0, 576.0, 576.0, 575.0, 575.0, 578.0, 579.0, 577.0, 578.0, 575.0, 575.0, 571.0, 573.0, 574.0, 579.0, 566.0, 572.0, 564.0, 573.0, 571.0, 570.0, 573.0, 579.0, 574.0, 575.0, 572.0, 577.0, 569.0, 575.0, 571.0, 573.0, 578.0, 574.0, 566.0, 569.0, 571.0, 566.0, 571.0, 568.0, 573.0, 572.0, 575.0, 570.0, 578.0, 577.0, 577.0, 572.0, 572.0, 571.0, 570.0, 575.0, 574.0, 572.0, 571.0, 571.0, 571.0, 571.0, 574.0, 575.0, 574.0, 568.0, 575.0, 578.0, 574.0, 572.0, 573.0, 581.0, 574.0, 574.0, 574.0, 573.0, 571.0, 571.0, 571.0, 573.0, 575.0, 574.0, 574.0, 574.0, 574.0, 574.0, 573.0, 574.0, 574.0, 573.0, 573.0, 573.0, 573.0, 572.0, 573.0, 573.0, 573.0, 573.0, 573.0, 575.0, 575.0, 575.0, 573.0, 574.0, 572.0, 573.0, 574.0, 573.0, 573.0, 574.0, 573.0, 573.0, 572.0, 573.0, 572.0, 571.0, 571.0, 575.0, 574.0, 576.0, 574.0, 578.0, 576.0, 577.0, 576.0, 576.0, 575.0, 575.0, 575.0, 574.0, 574.0, 573.0, 573.0, 572.0, 572.0, 573.0, 572.0, 572.0, 572.0, 573.0, 572.0, 573.0, 573.0, 573.0, 573.0, 574.0, 573.0, 572.0, 571.0, 570.0, 572.0, 572.0, 571.0, 572.0, 572.0, 573.0, 572.0, 573.0, 573.0, 573.0, 573.0, 573.0, 573.0, 574.0, 575.0, 573.0, 573.0, 575.0, 576.0, 574.0, 572.0, 575.0, 577.0, 580.0, 575.0, 575.0, 576.0, 577.0, 577.0, 577.0, 578.0, 577.0, 575.0, 573.0, 573.0, 573.0, 572.0, 572.0, 571.0, 571.0, 570.0, 572.0, 570.0, 571.0, 571.0, 571.0, 570.0, 570.0, 571.0, 569.0, 570.0, 569.0, 568.0, 569.0, 568.0, 568.0, 568.0, 570.0, 570.0, 570.0, 571.0, 570.0, 572.0, 572.0, 574.0, 574.0, 574.0, 574.0, 574.0, 574.0, 573.0, 575.0]}, "slices": {}}, "EventTimestamp": "13-20-49"}