{"AcquisitionMatrixPE": 64, "AcquisitionNumber": 1, "AcquisitionTime": "15:07:41.680000", "BandwidthPerPixelPhaseEncode": 28.935, "BaseResolution": 64, "BodyPartExamined": "BRAIN", "CoilString": "HC2_4_6_7", "ConsistencyInfo": "N4_VE11E_LATEST_20181129", "ConversionSoftware": "dcm2niix", "ConversionSoftwareVersion": "v1.0.20190902", "DerivedVendorReportedEchoSpacing": 0.000540003, "DeviceSerialNumber": "166182", "DwellTime": 3.4e-06, "EchoTime": 0.032, "EchoTrainLength": 64, "EffectiveEchoSpacing": 0.000540003, "FlipAngle": 40, "ImageOrientationPatientDICOM": [0.992117, -0.00413976, 0.125247, 0.0304852, 0.977403, -0.209176], "ImageType": ["ORIGINAL", "PRIMARY", "M", "ND", "NORM", "MOSAIC"], "ImagingFrequency": 123.255, "InPlanePhaseEncodingDirectionDICOM": "COL", "InstitutionAddress": "PEARSE_STREET_._City_District_IE_D2", "InstitutionName": "TCIN", "InstitutionalDepartmentName": "MRI", "MRAcquisitionType": "2D", "MagneticFieldStrength": 3, "Manufacturer": "Siemens", "ManufacturersModelName": "Prisma", "Modality": "MR", "MultibandAccelerationFactor": 4, "PartialFourier": 1, "PatientPosition": "HFS", "PercentPhaseFOV": 100, "PhaseEncodingDirection": "j-", "PhaseEncodingSteps": 64, "PhaseResolution": 1, "PixelBandwidth": 2300, "ProcedureStepDescription": "Rhodri_Head_BOLD", "ProtocolName": "cmrr_mbep2d_Pictures_AP_RDS", "PulseSequenceDetails": "%SiemensSeq%_ep2d_bold", "ReceiveCoilActiveElements": "HC2,4,6,7", "ReceiveCoilName": "HeadNeck_64", "ReconMatrixPE": 64, "RefLinesPE": 12, "RepetitionTime": 0.61, "SAR": 0.228386, "ScanOptions": "FS", "ScanningSequence": "EP", "SequenceName": "_epfid2d1_64", "SequenceVariant": "SK", "SeriesDescription": "cmrr_mbep2d_Pictures_AP_RDS", "SeriesNumber": 14, "ShimSetting": [-3606, -7388, 3907, 736, -8, 40, -36, 18], "SliceThickness": 3, "SliceTiming": [0.2625, 0, 0.3275, 0.065, 0.3925, 0.13, 0.4575, 0.195, 0.5225, 0.2625, 0, 0.3275, 0.065, 0.3925, 0.13, 0.4575, 0.195, 0.5225, 0.2625, 0, 0.3275, 0.065, 0.3925, 0.13, 0.4575, 0.195, 0.5225, 0.2625, 0, 0.3275, 0.065, 0.3925, 0.13, 0.4575, 0.195, 0.5225], "SoftwareVersions": "syngo_MR_E11", "SpacingBetweenSlices": 3.3, "StationName": "AWP166182", "TaskName": "pictures", "TotalReadoutTime": 0.0340202, "TxRefAmp": 257.961, "dcmmeta_affine": [[-2.976350784301758, 0.0914556011557579, 0.40111851692199707, 90.76567840576172], [0.01241927407681942, 2.932208299636841, -0.6974380612373352, -88.22639465332031], [0.37574172019958496, 0.6275268793106079, 3.2004191875457764, -116.23682403564453], [0.0, 0.0, 0.0, 1.0]], "dcmmeta_reorient_transform": [[0.0, -1.0, 0.0, 63.0], [1.0, 0.0, 0.0, 0.0], [0.0, 0.0, 1.0, 0.0], [0.0, 0.0, 0.0, 1.0]], "dcmmeta_shape": [64, 64, 36, 510], "dcmmeta_slice_dim": 2, "dcmmeta_version": 0.6, "global": {"const": {"AcquisitionMatrix": [64, 0, 0, 64], "AngioFlag": "N", "BitsAllocated": 16, "BitsStored": 12, "BodyPartExamined": "BRAIN", "Columns": 384, "EchoNumbers": 1, "EchoTime": 32.0, "EchoTrainLength": 64, "FlipAngle": 40.0, "HighBit": 11, "ImageOrientationPatient": [0.99211692393326, -0.0041397581613, 0.12524724207569, 0.03048519976038, 0.97740278602186, -0.2091756354652], "ImagePositionPatient": [-587.37640080987, -563.66898732787, -36.417003403225], "ImageType": ["ORIGINAL", "PRIMARY", "M", "ND", "NORM", "MOSAIC"], "ImagedNucleus": "1H", "ImagingFrequency": 123.255049, "InPlanePhaseEncodingDirection": "COL", "MRAcquisitionType": "2D", "MagneticFieldStrength": 3.0, "Manufacturer": "SIEMENS", "ManufacturerModelName": "Prisma", "Modality": "MR", "NumberOfAverages": 1.0, "NumberOfPhaseEncodingSteps": 64, "PercentPhaseFieldOfView": 100.0, "PercentSampling": 100.0, "PerformedProcedureStepStartTime": "140320.775000", "PhotometricInterpretation": "MONOCHROME2", "PixelBandwidth": 2300.0, "PixelRepresentation": 0, "PixelSpacing": [3.0, 3.0], "ProtocolName": "cmrr_mbep2d_Pictures_AP_RDS", "RepetitionTime": 610.0, "Rows": 384, "SAR": 0.22838613347106, "SamplesPerPixel": 1, "ScanOptions": "FS", "ScanningSequence": "EP", "SequenceName": "*epfid2d1_64", "SequenceVariant": "SK", "SeriesDescription": "cmrr_mbep2d_Pictures_AP_RDS", "SeriesNumber": 14, "SeriesTime": "150754.768000", "SliceLocation": -83.050409270966, "SliceThickness": 3.0, "SmallestImagePixelValue": 0, "SoftwareVersions": "syngo MR E11", "SpacingBetweenSlices": 3.2999998899238, "SpecificCharacterSet": "ISO_IR 100", "StudyID": "1", "StudyTime": "140320.680000", "TransmitCoilName": "Body", "VariableFlipAngleFlag": "N", "WindowCenterWidthExplanation": "Algo1"}, "slices": {}}, "time": {"samples": {"AcquisitionNumber": [1, 2, 3, 4, 5, 6, 7, 8, 9, 10, 11, 12, 13, 14, 15, 16, 17, 18, 19, 20, 21, 22, 23, 24, 25, 26, 27, 28, 29, 30, 31, 32, 33, 34, 35, 36, 37, 38, 39, 40, 41, 42, 43, 44, 45, 46, 47, 48, 49, 50, 51, 52, 53, 54, 55, 56, 57, 58, 59, 60, 61, 62, 63, 64, 65, 66, 67, 68, 69, 70, 71, 72, 73, 74, 75, 76, 77, 78, 79, 80, 81, 82, 83, 84, 85, 86, 87, 88, 89, 90, 91, 92, 93, 94, 95, 96, 97, 98, 99, 100, 101, 102, 103, 104, 105, 106, 107, 108, 109, 110, 111, 112, 113, 114, 115, 116, 117, 118, 119, 120, 121, 122, 123, 124, 125, 126, 127, 128, 129, 130, 131, 132, 133, 134, 135, 136, 137, 138, 139, 140, 141, 142, 143, 144, 145, 146, 147, 148, 149, 150, 151, 152, 153, 154, 155, 156, 157, 158, 159, 160, 161, 162, 163, 164, 165, 166, 167, 168, 169, 170, 171, 172, 173, 174, 175, 176, 177, 178, 179, 180, 181, 182, 183, 184, 185, 186, 187, 188, 189, 190, 191, 192, 193, 194, 195, 196, 197, 198, 199, 200, 201, 202, 203, 204, 205, 206, 207, 208, 209, 210, 211, 212, 213, 214, 215, 216, 217, 218, 219, 220, 221, 222, 223, 224, 225, 226, 227, 228, 229, 230, 231, 232, 233, 234, 235, 236, 237, 238, 239, 240, 241, 242, 243, 244, 245, 246, 247, 248, 249, 250, 251, 252, 253, 254, 255, 256, 257, 258, 259, 260, 261, 262, 263, 264, 265, 266, 267, 268, 269, 270, 271, 272, 273, 274, 275, 276, 277, 278, 279, 280, 281, 282, 283, 284, 285, 286, 287, 288, 289, 290, 291, 292, 293, 294, 295, 296, 297, 298, 299, 300, 301, 302, 303, 304, 305, 306, 307, 308, 309, 310, 311, 312, 313, 314, 315, 316, 317, 318, 319, 320, 321, 322, 323, 324, 325, 326, 327, 328, 329, 330, 331, 332, 333, 334, 335, 336, 337, 338, 339, 340, 341, 342, 343, 344, 345, 346, 347, 348, 349, 350, 351, 352, 353, 354, 355, 356, 357, 358, 359, 360, 361, 362, 363, 364, 365, 366, 367, 368, 369, 370, 371, 372, 373, 374, 375, 376, 377, 378, 379, 380, 381, 382, 383, 384, 385, 386, 387, 388, 389, 390, 391, 392, 393, 394, 395, 396, 397, 398, 399, 400, 401, 402, 403, 404, 405, 406, 407, 408, 409, 410, 411, 412, 413, 414, 415, 416, 417, 418, 419, 420, 421, 422, 423, 424, 425, 426, 427, 428, 429, 430, 431, 432, 433, 434, 435, 436, 437, 438, 439, 440, 441, 442, 443, 444, 445, 446, 447, 448, 449, 450, 451, 452, 453, 454, 455, 456, 457, 458, 459, 460, 461, 462, 463, 464, 465, 466, 467, 468, 469, 470, 471, 472, 473, 474, 475, 476, 477, 478, 479, 480, 481, 482, 483, 484, 485, 486, 487, 488, 489, 490, 491, 492, 493, 494, 495, 496, 497, 498, 499, 500, 501, 502, 503, 504, 505, 506, 507, 508, 509, 510], "AcquisitionTime": ["150741.680000", "150742.290000", "150742.900000", "150743.510000", "150744.120000", "150744.730000", "150745.340000", "150745.950000", "150746.560000", "150747.170000", "150747.780000", "150748.390000", "150749.000000", "150749.610000", "150750.220000", "150750.830000", "150751.440000", "150752.050000", "150752.660000", "150753.270000", "150753.880000", "150754.490000", "150755.100000", "150755.710000", "150756.320000", "150756.930000", "150757.540000", "150758.150000", "150758.760000", "150759.370000", "150759.980000", "150800.590000", "150801.200000", "150801.810000", "150802.420000", "150803.030000", "150803.640000", "150804.250000", "150804.860000", "150805.470000", "150806.080000", "150806.690000", "150807.300000", "150807.910000", "150808.520000", "150809.130000", "150809.740000", "150810.350000", "150810.960000", "150811.570000", "150812.180000", "150812.790000", "150813.400000", "150814.010000", "150814.620000", "150815.230000", "150815.840000", "150816.450000", "150817.060000", "150817.670000", "150818.280000", "150818.890000", "150819.500000", "150820.110000", "150820.720000", "150821.330000", "150821.940000", "150822.550000", "150823.160000", "150823.770000", "150824.380000", "150824.990000", "150825.600000", "150826.210000", "150826.820000", "150827.430000", "150828.040000", "150828.650000", "150829.260000", "150829.870000", "150830.480000", "150831.090000", "150831.700000", "150832.310000", "150832.920000", "150833.530000", "150834.140000", "150834.750000", "150835.360000", "150835.970000", "150836.580000", "150837.190000", "150837.800000", "150838.410000", "150839.020000", "150839.630000", "150840.240000", "150840.850000", "150841.460000", "150842.070000", "150842.680000", "150843.290000", "150843.900000", "150844.510000", "150845.120000", "150845.730000", "150846.340000", "150846.950000", "150847.560000", "150848.170000", "150848.780000", "150849.390000", "150850.000000", "150850.610000", "150851.220000", "150851.830000", "150852.440000", "150853.050000", "150853.660000", "150854.270000", "150854.880000", "150855.490000", "150856.100000", "150856.710000", "150857.320000", "150857.930000", "150858.540000", "150859.150000", "150859.760000", "150900.370000", "150900.980000", "150901.590000", "150902.200000", "150902.810000", "150903.420000", "150904.030000", "150904.640000", "150905.250000", "150905.860000", "150906.470000", "150907.080000", "150907.690000", "150908.300000", "150908.910000", "150909.520000", "150910.130000", "150910.740000", "150911.350000", "150911.960000", "150912.570000", "150913.180000", "150913.790000", "150914.400000", "150915.010000", "150915.620000", "150916.230000", "150916.840000", "150917.450000", "150918.060000", "150918.670000", "150919.280000", "150919.890000", "150920.500000", "150921.110000", "150921.720000", "150922.330000", "150922.940000", "150923.550000", "150924.160000", "150924.770000", "150925.380000", "150925.990000", "150926.600000", "150927.210000", "150927.820000", "150928.430000", "150929.040000", "150929.650000", "150930.260000", "150930.870000", "150931.480000", "150932.090000", "150932.700000", "150933.310000", "150933.920000", "150934.530000", "150935.140000", "150935.750000", "150936.360000", "150936.970000", "150937.580000", "150938.190000", "150938.800000", "150939.410000", "150940.020000", "150940.630000", "150941.240000", "150941.850000", "150942.460000", "150943.070000", "150943.680000", "150944.290000", "150944.900000", "150945.510000", "150946.120000", "150946.730000", "150947.340000", "150947.950000", "150948.560000", "150949.170000", "150949.780000", "150950.390000", "150951.000000", "150951.610000", "150952.220000", "150952.830000", "150953.440000", "150954.050000", "150954.660000", "150955.270000", "150955.880000", "150956.490000", "150957.100000", "150957.710000", "150958.320000", "150958.930000", "150959.540000", "151000.150000", "151000.760000", "151001.370000", "151001.980000", "151002.590000", "151003.200000", "151003.810000", "151004.420000", "151005.030000", "151005.640000", "151006.250000", "151006.860000", "151007.470000", "151008.080000", "151008.690000", "151009.300000", "151009.910000", "151010.520000", "151011.130000", "151011.740000", "151012.350000", "151012.960000", "151013.570000", "151014.180000", "151014.790000", "151015.400000", "151016.010000", "151016.620000", "151017.230000", "151017.840000", "151018.450000", "151019.060000", "151019.670000", "151020.280000", "151020.890000", "151021.500000", "151022.110000", "151022.720000", "151023.330000", "151023.940000", "151024.550000", "151025.160000", "151025.770000", "151026.380000", "151026.990000", "151027.600000", "151028.210000", "151028.820000", "151029.430000", "151030.040000", "151030.650000", "151031.260000", "151031.870000", "151032.480000", "151033.090000", "151033.700000", "151034.310000", "151034.920000", "151035.530000", "151036.140000", "151036.750000", "151037.360000", "151037.970000", "151038.580000", "151039.190000", "151039.800000", "151040.410000", "151041.020000", "151041.630000", "151042.240000", "151042.850000", "151043.460000", "151044.070000", "151044.680000", "151045.290000", "151045.900000", "151046.510000", "151047.120000", "151047.730000", "151048.340000", "151048.950000", "151049.560000", "151050.170000", "151050.780000", "151051.390000", "151052.000000", "151052.610000", "151053.220000", "151053.830000", "151054.440000", "151055.050000", "151055.660000", "151056.270000", "151056.880000", "151057.490000", "151058.100000", "151058.710000", "151059.320000", "151059.930000", "151100.540000", "151101.150000", "151101.760000", "151102.370000", "151102.980000", "151103.590000", "151104.200000", "151104.810000", "151105.420000", "151106.030000", "151106.640000", "151107.250000", "151107.860000", "151108.470000", "151109.080000", "151109.690000", "151110.300000", "151110.910000", "151111.520000", "151112.130000", "151112.740000", "151113.350000", "151113.960000", "151114.570000", "151115.180000", "151115.790000", "151116.400000", "151117.010000", "151117.620000", "151118.230000", "151118.840000", "151119.450000", "151120.060000", "151120.670000", "151121.280000", "151121.890000", "151122.500000", "151123.110000", "151123.720000", "151124.330000", "151124.940000", "151125.550000", "151126.160000", "151126.770000", "151127.380000", "151127.990000", "151128.600000", "151129.210000", "151129.820000", "151130.430000", "151131.040000", "151131.650000", "151132.260000", "151132.870000", "151133.480000", "151134.090000", "151134.700000", "151135.310000", "151135.920000", "151136.530000", "151137.140000", "151137.750000", "151138.360000", "151138.970000", "151139.580000", "151140.190000", "151140.800000", "151141.410000", "151142.020000", "151142.630000", "151143.240000", "151143.850000", "151144.460000", "151145.070000", "151145.680000", "151146.290000", "151146.900000", "151147.510000", "151148.120000", "151148.730000", "151149.340000", "151149.950000", "151150.560000", "151151.170000", "151151.780000", "151152.390000", "151153.000000", "151153.610000", "151154.220000", "151154.830000", "151155.440000", "151156.050000", "151156.660000", "151157.270000", "151157.880000", "151158.490000", "151159.100000", "151159.710000", "151200.320000", "151200.930000", "151201.540000", "151202.150000", "151202.760000", "151203.370000", "151203.980000", "151204.590000", "151205.200000", "151205.810000", "151206.420000", "151207.030000", "151207.640000", "151208.250000", "151208.860000", "151209.470000", "151210.080000", "151210.690000", "151211.300000", "151211.910000", "151212.520000", "151213.130000", "151213.740000", "151214.350000", "151214.960000", "151215.570000", "151216.180000", "151216.790000", "151217.400000", "151218.010000", "151218.620000", "151219.230000", "151219.840000", "151220.450000", "151221.060000", "151221.670000", "151222.280000", "151222.890000", "151223.500000", "151224.110000", "151224.720000", "151225.330000", "151225.940000", "151226.550000", "151227.160000", "151227.770000", "151228.380000", "151228.990000", "151229.600000", "151230.210000", "151230.820000", "151231.430000", "151232.040000", "151232.650000", "151233.260000", "151233.870000", "151234.480000", "151235.090000", "151235.700000", "151236.310000", "151236.920000", "151237.530000", "151238.140000", "151238.750000", "151239.360000", "151239.970000", "151240.580000", "151241.190000", "151241.800000", "151242.410000", "151243.020000", "151243.630000", "151244.240000", "151244.850000", "151245.460000", "151246.070000", "151246.680000", "151247.290000", "151247.900000", "151248.510000", "151249.120000", "151249.730000", "151250.340000", "151250.950000", "151251.560000", "151252.170000"], "ContentTime": ["150754.772000", "150754.775000", "150754.780000", "150754.782000", "150754.786000", "150754.788000", "150754.790000", "150754.793000", "150754.795000", "150754.797000", "150754.800000", "150754.802000", "150754.804000", "150754.807000", "150754.809000", "150754.811000", "150754.814000", "150754.816000", "150754.818000", "150754.826000", "150814.766000", "150814.769000", "150814.771000", "150814.773000", "150814.776000", "150814.778000", "150814.781000", "150814.783000", "150814.785000", "150814.788000", "150814.795000", "150814.797000", "150814.799000", "150814.802000", "150814.804000", "150814.806000", "150814.809000", "150814.811000", "150814.814000", "150814.816000", "150814.818000", "150814.821000", "150814.823000", "150814.825000", "150814.828000", "150814.830000", "150814.832000", "150814.835000", "150814.837000", "150814.839000", "150814.842000", "150814.844000", "150814.847000", "150834.766000", "150834.769000", "150834.771000", "150834.774000", "150834.776000", "150834.778000", "150834.781000", "150834.783000", "150834.785000", "150834.788000", "150834.790000", "150834.792000", "150834.795000", "150834.797000", "150834.799000", "150834.802000", "150834.804000", "150834.807000", "150834.809000", "150834.811000", "150834.814000", "150834.816000", "150834.818000", "150834.821000", "150834.823000", "150834.825000", "150834.828000", "150834.830000", "150834.832000", "150834.835000", "150834.837000", "150834.840000", "150834.842000", "150854.767000", "150854.770000", "150854.772000", "150854.775000", "150854.777000", "150854.780000", "150854.782000", "150854.784000", "150854.787000", "150854.789000", "150854.791000", "150854.794000", "150854.796000", "150854.798000", "150854.801000", "150854.803000", "150854.805000", "150854.808000", "150854.810000", "150854.812000", "150854.815000", "150854.817000", "150854.819000", "150854.822000", "150854.824000", "150854.826000", "150854.829000", "150854.863000", "150854.865000", "150854.868000", "150854.870000", "150854.873000", "150914.767000", "150914.770000", "150914.772000", "150914.774000", "150914.777000", "150914.779000", "150914.782000", "150914.784000", "150914.786000", "150914.789000", "150914.791000", "150914.793000", "150914.796000", "150914.798000", "150914.801000", "150914.803000", "150914.805000", "150914.808000", "150914.810000", "150914.813000", "150914.815000", "150914.817000", "150914.820000", "150914.822000", "150914.824000", "150914.827000", "150914.830000", "150914.840000", "150914.843000", "150914.845000", "150914.847000", "150914.850000", "150914.852000", "150934.767000", "150934.770000", "150934.772000", "150934.775000", "150934.777000", "150934.779000", "150934.787000", "150934.790000", "150934.792000", "150934.794000", "150934.797000", "150934.799000", "150934.802000", "150934.804000", "150934.807000", "150934.809000", "150934.812000", "150934.814000", "150934.817000", "150934.819000", "150934.822000", "150934.824000", "150934.827000", "150934.829000", "150934.832000", "150934.834000", "150934.836000", "150934.839000", "150934.841000", "150934.844000", "150934.846000", "150934.849000", "150934.851000", "150954.767000", "150954.770000", "150954.772000", "150954.775000", "150954.777000", "150954.779000", "150954.782000", "150954.784000", "150954.787000", "150954.789000", "150954.791000", "150954.794000", "150954.796000", "150954.798000", "150954.801000", "150954.803000", "150954.805000", "150954.808000", "150954.810000", "150954.812000", "150954.815000", "150954.817000", "150954.819000", "150954.822000", "150954.824000", "150954.826000", "150954.829000", "150954.831000", "150954.834000", "150954.836000", "150954.838000", "150954.841000", "150954.843000", "151014.767000", "151014.770000", "151014.772000", "151014.775000", "151014.777000", "151014.779000", "151014.782000", "151014.784000", "151014.786000", "151014.789000", "151014.791000", "151014.793000", "151014.796000", "151014.798000", "151014.800000", "151014.803000", "151014.805000", "151014.808000", "151014.810000", "151014.813000", "151014.815000", "151014.817000", "151014.820000", "151014.822000", "151014.825000", "151014.827000", "151014.829000", "151014.832000", "151014.834000", "151014.837000", "151014.839000", "151014.841000", "151014.844000", "151034.767000", "151034.769000", "151034.771000", "151034.774000", "151034.777000", "151034.779000", "151034.781000", "151034.784000", "151034.786000", "151034.789000", "151034.792000", "151034.794000", "151034.796000", "151034.799000", "151034.801000", "151034.804000", "151034.806000", "151034.809000", "151034.811000", "151034.814000", "151034.819000", "151034.821000", "151034.824000", "151034.826000", "151034.829000", "151034.831000", "151034.833000", "151034.836000", "151034.838000", "151034.841000", "151034.843000", "151034.846000", "151054.766000", "151054.769000", "151054.771000", "151054.774000", "151054.776000", "151054.779000", "151054.781000", "151054.783000", "151054.786000", "151054.788000", "151054.791000", "151054.793000", "151054.795000", "151054.798000", "151054.800000", "151054.803000", "151054.805000", "151054.808000", "151054.810000", "151054.813000", "151054.815000", "151054.818000", "151054.820000", "151054.822000", "151054.825000", "151054.827000", "151054.830000", "151054.832000", "151054.834000", "151054.837000", "151054.839000", "151054.842000", "151054.844000", "151114.767000", "151114.770000", "151114.773000", "151114.775000", "151114.777000", "151114.780000", "151114.783000", "151114.785000", "151114.787000", "151114.790000", "151114.792000", "151114.795000", "151114.797000", "151114.800000", "151114.802000", "151114.804000", "151114.807000", "151114.809000", "151114.811000", "151114.814000", "151114.816000", "151114.819000", "151114.821000", "151114.823000", "151114.826000", "151114.828000", "151114.831000", "151114.833000", "151114.836000", "151114.838000", "151114.840000", "151114.843000", "151114.845000", "151134.767000", "151134.770000", "151134.772000", "151134.775000", "151134.777000", "151134.779000", "151134.782000", "151134.784000", "151134.786000", "151134.789000", "151134.791000", "151134.794000", "151134.796000", "151134.799000", "151134.801000", "151134.803000", "151134.806000", "151134.808000", "151134.811000", "151134.813000", "151134.815000", "151134.818000", "151134.820000", "151134.822000", "151134.825000", "151134.827000", "151134.829000", "151134.832000", "151134.834000", "151134.837000", "151134.839000", "151134.848000", "151134.850000", "151154.767000", "151154.770000", "151154.772000", "151154.775000", "151154.777000", "151154.780000", "151154.782000", "151154.784000", "151154.787000", "151154.789000", "151154.791000", "151154.794000", "151154.796000", "151154.799000", "151154.801000", "151154.804000", "151154.806000", "151154.809000", "151154.811000", "151154.814000", "151154.816000", "151154.819000", "151154.821000", "151154.823000", "151154.826000", "151154.828000", "151154.830000", "151154.833000", "151154.835000", "151154.838000", "151154.840000", "151154.843000", "151214.767000", "151214.770000", "151214.772000", "151214.775000", "151214.778000", "151214.780000", "151214.782000", "151214.785000", "151214.787000", "151214.789000", "151214.792000", "151214.794000", "151214.796000", "151214.799000", "151214.801000", "151214.803000", "151214.806000", "151214.808000", "151214.810000", "151214.813000", "151214.815000", "151214.817000", "151214.820000", "151214.822000", "151214.825000", "151214.827000", "151214.829000", "151214.832000", "151214.834000", "151214.837000", "151214.839000", "151214.841000", "151214.844000", "151234.767000", "151234.770000", "151234.772000", "151234.775000", "151234.777000", "151234.779000", "151234.782000", "151234.784000", "151234.786000", "151234.789000", "151234.791000", "151234.793000", "151234.796000", "151234.798000", "151234.800000", "151234.803000", "151234.805000", "151234.807000", "151234.810000", "151234.812000", "151234.815000", "151234.817000", "151234.819000", "151234.822000", "151234.824000", "151234.826000", "151234.829000", "151234.831000", "151234.834000", "151234.836000", "151234.838000", "151234.841000", "151234.843000", "151253.334000", "151253.337000", "151253.340000", "151253.342000", "151253.345000", "151253.347000", "151253.350000", "151253.353000", "151253.355000", "151253.370000", "151253.373000", "151253.375000", "151253.378000", "151253.381000", "151253.383000", "151253.385000", "151253.388000", "151253.390000", "151253.392000", "151253.395000", "151253.397000", "151253.400000", "151253.402000", "151253.406000", "151253.409000", "151253.412000", "151253.415000", "151253.417000", "151253.420000", "151253.423000", "151253.425000"], "InstanceCreationTime": ["150754.772000", "150754.775000", "150754.780000", "150754.782000", "150754.786000", "150754.788000", "150754.790000", "150754.793000", "150754.795000", "150754.797000", "150754.800000", "150754.802000", "150754.804000", "150754.807000", "150754.809000", "150754.811000", "150754.814000", "150754.816000", "150754.818000", "150754.826000", "150814.766000", "150814.769000", "150814.771000", "150814.773000", "150814.776000", "150814.778000", "150814.781000", "150814.783000", "150814.785000", "150814.788000", "150814.795000", "150814.797000", "150814.799000", "150814.802000", "150814.804000", "150814.806000", "150814.809000", "150814.811000", "150814.814000", "150814.816000", "150814.818000", "150814.821000", "150814.823000", "150814.825000", "150814.828000", "150814.830000", "150814.832000", "150814.835000", "150814.837000", "150814.839000", "150814.842000", "150814.844000", "150814.847000", "150834.766000", "150834.769000", "150834.771000", "150834.774000", "150834.776000", "150834.778000", "150834.781000", "150834.783000", "150834.785000", "150834.788000", "150834.790000", "150834.792000", "150834.795000", "150834.797000", "150834.799000", "150834.802000", "150834.804000", "150834.807000", "150834.809000", "150834.811000", "150834.814000", "150834.816000", "150834.818000", "150834.821000", "150834.823000", "150834.825000", "150834.828000", "150834.830000", "150834.832000", "150834.835000", "150834.837000", "150834.840000", "150834.842000", "150854.767000", "150854.770000", "150854.772000", "150854.775000", "150854.777000", "150854.780000", "150854.782000", "150854.784000", "150854.787000", "150854.789000", "150854.791000", "150854.794000", "150854.796000", "150854.798000", "150854.801000", "150854.803000", "150854.805000", "150854.808000", "150854.810000", "150854.812000", "150854.815000", "150854.817000", "150854.819000", "150854.822000", "150854.824000", "150854.826000", "150854.829000", "150854.863000", "150854.865000", "150854.868000", "150854.870000", "150854.873000", "150914.767000", "150914.770000", "150914.772000", "150914.774000", "150914.777000", "150914.779000", "150914.782000", "150914.784000", "150914.786000", "150914.789000", "150914.791000", "150914.793000", "150914.796000", "150914.798000", "150914.801000", "150914.803000", "150914.805000", "150914.808000", "150914.810000", "150914.813000", "150914.815000", "150914.817000", "150914.820000", "150914.822000", "150914.824000", "150914.827000", "150914.830000", "150914.840000", "150914.843000", "150914.845000", "150914.847000", "150914.850000", "150914.852000", "150934.767000", "150934.770000", "150934.772000", "150934.775000", "150934.777000", "150934.779000", "150934.787000", "150934.790000", "150934.792000", "150934.794000", "150934.797000", "150934.799000", "150934.802000", "150934.804000", "150934.807000", "150934.809000", "150934.812000", "150934.814000", "150934.817000", "150934.819000", "150934.822000", "150934.824000", "150934.827000", "150934.829000", "150934.832000", "150934.834000", "150934.836000", "150934.839000", "150934.841000", "150934.844000", "150934.846000", "150934.849000", "150934.851000", "150954.767000", "150954.770000", "150954.772000", "150954.775000", "150954.777000", "150954.779000", "150954.782000", "150954.784000", "150954.787000", "150954.789000", "150954.791000", "150954.794000", "150954.796000", "150954.798000", "150954.801000", "150954.803000", "150954.805000", "150954.808000", "150954.810000", "150954.812000", "150954.815000", "150954.817000", "150954.819000", "150954.822000", "150954.824000", "150954.826000", "150954.829000", "150954.831000", "150954.834000", "150954.836000", "150954.838000", "150954.841000", "150954.843000", "151014.767000", "151014.770000", "151014.772000", "151014.775000", "151014.777000", "151014.779000", "151014.782000", "151014.784000", "151014.786000", "151014.789000", "151014.791000", "151014.793000", "151014.796000", "151014.798000", "151014.800000", "151014.803000", "151014.805000", "151014.808000", "151014.810000", "151014.813000", "151014.815000", "151014.817000", "151014.820000", "151014.822000", "151014.825000", "151014.827000", "151014.829000", "151014.832000", "151014.834000", "151014.837000", "151014.839000", "151014.841000", "151014.844000", "151034.767000", "151034.769000", "151034.771000", "151034.774000", "151034.777000", "151034.779000", "151034.781000", "151034.784000", "151034.786000", "151034.789000", "151034.792000", "151034.794000", "151034.796000", "151034.799000", "151034.801000", "151034.804000", "151034.806000", "151034.809000", "151034.811000", "151034.814000", "151034.819000", "151034.821000", "151034.824000", "151034.826000", "151034.829000", "151034.831000", "151034.833000", "151034.836000", "151034.838000", "151034.841000", "151034.843000", "151034.846000", "151054.766000", "151054.769000", "151054.771000", "151054.774000", "151054.776000", "151054.779000", "151054.781000", "151054.783000", "151054.786000", "151054.788000", "151054.791000", "151054.793000", "151054.795000", "151054.798000", "151054.800000", "151054.803000", "151054.805000", "151054.808000", "151054.810000", "151054.813000", "151054.815000", "151054.818000", "151054.820000", "151054.822000", "151054.825000", "151054.827000", "151054.830000", "151054.832000", "151054.834000", "151054.837000", "151054.839000", "151054.842000", "151054.844000", "151114.767000", "151114.770000", "151114.773000", "151114.775000", "151114.777000", "151114.780000", "151114.783000", "151114.785000", "151114.787000", "151114.790000", "151114.792000", "151114.795000", "151114.797000", "151114.800000", "151114.802000", "151114.804000", "151114.807000", "151114.809000", "151114.811000", "151114.814000", "151114.816000", "151114.819000", "151114.821000", "151114.823000", "151114.826000", "151114.828000", "151114.831000", "151114.833000", "151114.836000", "151114.838000", "151114.840000", "151114.843000", "151114.845000", "151134.767000", "151134.770000", "151134.772000", "151134.775000", "151134.777000", "151134.779000", "151134.782000", "151134.784000", "151134.786000", "151134.789000", "151134.791000", "151134.794000", "151134.796000", "151134.799000", "151134.801000", "151134.803000", "151134.806000", "151134.808000", "151134.811000", "151134.813000", "151134.815000", "151134.818000", "151134.820000", "151134.822000", "151134.825000", "151134.827000", "151134.829000", "151134.832000", "151134.834000", "151134.837000", "151134.839000", "151134.848000", "151134.850000", "151154.767000", "151154.770000", "151154.772000", "151154.775000", "151154.777000", "151154.780000", "151154.782000", "151154.784000", "151154.787000", "151154.789000", "151154.791000", "151154.794000", "151154.796000", "151154.799000", "151154.801000", "151154.804000", "151154.806000", "151154.809000", "151154.811000", "151154.814000", "151154.816000", "151154.819000", "151154.821000", "151154.823000", "151154.826000", "151154.828000", "151154.830000", "151154.833000", "151154.835000", "151154.838000", "151154.840000", "151154.843000", "151214.767000", "151214.770000", "151214.772000", "151214.775000", "151214.778000", "151214.780000", "151214.782000", "151214.785000", "151214.787000", "151214.789000", "151214.792000", "151214.794000", "151214.796000", "151214.799000", "151214.801000", "151214.803000", "151214.806000", "151214.808000", "151214.810000", "151214.813000", "151214.815000", "151214.817000", "151214.820000", "151214.822000", "151214.825000", "151214.827000", "151214.829000", "151214.832000", "151214.834000", "151214.837000", "151214.839000", "151214.841000", "151214.844000", "151234.767000", "151234.770000", "151234.772000", "151234.775000", "151234.777000", "151234.779000", "151234.782000", "151234.784000", "151234.786000", "151234.789000", "151234.791000", "151234.793000", "151234.796000", "151234.798000", "151234.800000", "151234.803000", "151234.805000", "151234.807000", "151234.810000", "151234.812000", "151234.815000", "151234.817000", "151234.819000", "151234.822000", "151234.824000", "151234.826000", "151234.829000", "151234.831000", "151234.834000", "151234.836000", "151234.838000", "151234.841000", "151234.843000", "151253.334000", "151253.337000", "151253.340000", "151253.342000", "151253.345000", "151253.347000", "151253.350000", "151253.353000", "151253.355000", "151253.370000", "151253.373000", "151253.375000", "151253.378000", "151253.381000", "151253.383000", "151253.385000", "151253.388000", "151253.390000", "151253.392000", "151253.395000", "151253.397000", "151253.400000", "151253.402000", "151253.406000", "151253.409000", "151253.412000", "151253.415000", "151253.417000", "151253.420000", "151253.423000", "151253.425000"], "InstanceNumber": [1, 2, 3, 4, 5, 6, 7, 8, 9, 10, 11, 12, 13, 14, 15, 16, 17, 18, 19, 20, 21, 22, 23, 24, 25, 26, 27, 28, 29, 30, 31, 32, 33, 34, 35, 36, 37, 38, 39, 40, 41, 42, 43, 44, 45, 46, 47, 48, 49, 50, 51, 52, 53, 54, 55, 56, 57, 58, 59, 60, 61, 62, 63, 64, 65, 66, 67, 68, 69, 70, 71, 72, 73, 74, 75, 76, 77, 78, 79, 80, 81, 82, 83, 84, 85, 86, 87, 88, 89, 90, 91, 92, 93, 94, 95, 96, 97, 98, 99, 100, 101, 102, 103, 104, 105, 106, 107, 108, 109, 110, 111, 112, 113, 114, 115, 116, 117, 118, 119, 120, 121, 122, 123, 124, 125, 126, 127, 128, 129, 130, 131, 132, 133, 134, 135, 136, 137, 138, 139, 140, 141, 142, 143, 144, 145, 146, 147, 148, 149, 150, 151, 152, 153, 154, 155, 156, 157, 158, 159, 160, 161, 162, 163, 164, 165, 166, 167, 168, 169, 170, 171, 172, 173, 174, 175, 176, 177, 178, 179, 180, 181, 182, 183, 184, 185, 186, 187, 188, 189, 190, 191, 192, 193, 194, 195, 196, 197, 198, 199, 200, 201, 202, 203, 204, 205, 206, 207, 208, 209, 210, 211, 212, 213, 214, 215, 216, 217, 218, 219, 220, 221, 222, 223, 224, 225, 226, 227, 228, 229, 230, 231, 232, 233, 234, 235, 236, 237, 238, 239, 240, 241, 242, 243, 244, 245, 246, 247, 248, 249, 250, 251, 252, 253, 254, 255, 256, 257, 258, 259, 260, 261, 262, 263, 264, 265, 266, 267, 268, 269, 270, 271, 272, 273, 274, 275, 276, 277, 278, 279, 280, 281, 282, 283, 284, 285, 286, 287, 288, 289, 290, 291, 292, 293, 294, 295, 296, 297, 298, 299, 300, 301, 302, 303, 304, 305, 306, 307, 308, 309, 310, 311, 312, 313, 314, 315, 316, 317, 318, 319, 320, 321, 322, 323, 324, 325, 326, 327, 328, 329, 330, 331, 332, 333, 334, 335, 336, 337, 338, 339, 340, 341, 342, 343, 344, 345, 346, 347, 348, 349, 350, 351, 352, 353, 354, 355, 356, 357, 358, 359, 360, 361, 362, 363, 364, 365, 366, 367, 368, 369, 370, 371, 372, 373, 374, 375, 376, 377, 378, 379, 380, 381, 382, 383, 384, 385, 386, 387, 388, 389, 390, 391, 392, 393, 394, 395, 396, 397, 398, 399, 400, 401, 402, 403, 404, 405, 406, 407, 408, 409, 410, 411, 412, 413, 414, 415, 416, 417, 418, 419, 420, 421, 422, 423, 424, 425, 426, 427, 428, 429, 430, 431, 432, 433, 434, 435, 436, 437, 438, 439, 440, 441, 442, 443, 444, 445, 446, 447, 448, 449, 450, 451, 452, 453, 454, 455, 456, 457, 458, 459, 460, 461, 462, 463, 464, 465, 466, 467, 468, 469, 470, 471, 472, 473, 474, 475, 476, 477, 478, 479, 480, 481, 482, 483, 484, 485, 486, 487, 488, 489, 490, 491, 492, 493, 494, 495, 496, 497, 498, 499, 500, 501, 502, 503, 504, 505, 506, 507, 508, 509, 510], "LargestImagePixelValue": [998, 774, 764, 763, 696, 731, 717, 727, 707, 714, 685, 685, 698, 691, 832, 701, 670, 733, 728, 702, 694, 735, 839, 683, 748, 742, 740, 738, 728, 692, 770, 702, 753, 859, 713, 697, 702, 747, 685, 755, 678, 681, 693, 698, 691, 684, 732, 713, 690, 672, 660, 760, 712, 713, 858, 1007, 708, 752, 686, 721, 737, 718, 710, 701, 719, 683, 691, 779, 717, 824, 732, 760, 827, 731, 708, 847, 702, 883, 748, 710, 701, 716, 706, 674, 682, 688, 826, 675, 680, 736, 854, 761, 683, 749, 705, 745, 961, 695, 755, 904, 716, 714, 733, 676, 758, 714, 803, 861, 745, 716, 755, 738, 731, 740, 715, 750, 706, 692, 892, 712, 810, 750, 719, 730, 735, 798, 698, 818, 769, 757, 788, 714, 702, 751, 708, 751, 693, 779, 701, 764, 735, 708, 717, 679, 794, 823, 763, 880, 736, 721, 774, 733, 713, 736, 757, 743, 712, 713, 785, 777, 729, 705, 732, 750, 724, 743, 732, 736, 734, 733, 752, 728, 741, 760, 752, 803, 753, 742, 780, 704, 715, 693, 810, 755, 780, 761, 752, 729, 745, 899, 725, 775, 745, 730, 730, 804, 747, 755, 690, 762, 773, 724, 703, 792, 695, 702, 664, 737, 716, 798, 745, 775, 751, 788, 735, 753, 912, 863, 755, 749, 719, 755, 733, 745, 702, 747, 775, 694, 837, 684, 691, 708, 705, 701, 767, 744, 755, 765, 738, 748, 766, 728, 756, 729, 740, 731, 737, 731, 708, 713, 859, 720, 750, 694, 772, 679, 744, 734, 758, 708, 799, 706, 777, 718, 762, 677, 735, 743, 712, 718, 736, 779, 736, 759, 703, 700, 762, 740, 722, 718, 688, 786, 709, 880, 709, 760, 762, 705, 671, 692, 714, 718, 724, 724, 746, 725, 688, 691, 715, 737, 741, 715, 722, 855, 731, 720, 705, 763, 717, 693, 697, 689, 754, 751, 698, 699, 781, 715, 703, 789, 719, 791, 819, 712, 772, 671, 723, 707, 696, 731, 720, 835, 712, 715, 717, 719, 717, 707, 746, 709, 704, 694, 771, 793, 893, 716, 754, 738, 749, 739, 729, 759, 754, 787, 695, 723, 725, 729, 736, 718, 739, 794, 726, 726, 791, 716, 706, 697, 738, 734, 728, 755, 705, 687, 725, 739, 722, 723, 691, 688, 699, 711, 700, 696, 710, 693, 687, 685, 695, 691, 696, 697, 713, 687, 703, 703, 693, 703, 729, 746, 705, 703, 814, 714, 763, 696, 688, 849, 748, 714, 685, 687, 687, 682, 687, 685, 702, 697, 696, 704, 684, 693, 696, 790, 692, 718, 701, 686, 687, 694, 708, 696, 695, 691, 692, 695, 703, 683, 698, 719, 701, 708, 796, 695, 714, 732, 721, 732, 822, 710, 757, 689, 728, 672, 850, 680, 829, 691, 828, 689, 716, 685, 685, 673, 688, 681, 691, 688, 693, 721, 688, 718, 683, 769, 751, 865, 721, 726, 723, 686, 729, 713, 695, 711, 694, 702, 675, 719, 687, 711, 820, 744, 936, 747, 765, 737, 682, 939, 750, 692, 698, 702, 838, 698, 688, 698, 676, 687, 685, 707], "WindowCenter": [441.0, 433.0, 433.0, 433.0, 431.0, 430.0, 432.0, 434.0, 431.0, 432.0, 431.0, 430.0, 432.0, 437.0, 435.0, 431.0, 424.0, 429.0, 431.0, 431.0, 430.0, 430.0, 436.0, 428.0, 430.0, 430.0, 427.0, 427.0, 427.0, 427.0, 432.0, 426.0, 425.0, 428.0, 426.0, 428.0, 429.0, 428.0, 429.0, 426.0, 422.0, 418.0, 429.0, 424.0, 429.0, 427.0, 430.0, 431.0, 424.0, 428.0, 424.0, 427.0, 430.0, 422.0, 436.0, 433.0, 429.0, 429.0, 423.0, 432.0, 431.0, 433.0, 430.0, 428.0, 432.0, 430.0, 426.0, 436.0, 430.0, 431.0, 428.0, 432.0, 430.0, 427.0, 429.0, 426.0, 429.0, 431.0, 433.0, 432.0, 425.0, 426.0, 426.0, 425.0, 428.0, 426.0, 427.0, 427.0, 421.0, 426.0, 431.0, 428.0, 426.0, 425.0, 428.0, 429.0, 435.0, 424.0, 429.0, 431.0, 427.0, 431.0, 432.0, 426.0, 428.0, 425.0, 425.0, 429.0, 425.0, 427.0, 425.0, 431.0, 430.0, 432.0, 432.0, 430.0, 426.0, 425.0, 427.0, 426.0, 428.0, 429.0, 428.0, 429.0, 431.0, 433.0, 427.0, 429.0, 431.0, 431.0, 431.0, 425.0, 424.0, 430.0, 421.0, 425.0, 422.0, 429.0, 425.0, 430.0, 431.0, 430.0, 429.0, 422.0, 431.0, 431.0, 429.0, 428.0, 428.0, 426.0, 428.0, 426.0, 426.0, 429.0, 430.0, 432.0, 428.0, 427.0, 428.0, 425.0, 424.0, 424.0, 422.0, 423.0, 429.0, 426.0, 431.0, 429.0, 434.0, 432.0, 428.0, 428.0, 429.0, 430.0, 430.0, 426.0, 421.0, 429.0, 433.0, 421.0, 421.0, 417.0, 431.0, 428.0, 429.0, 432.0, 428.0, 429.0, 426.0, 433.0, 430.0, 430.0, 428.0, 430.0, 430.0, 429.0, 423.0, 431.0, 428.0, 428.0, 432.0, 430.0, 423.0, 425.0, 417.0, 428.0, 425.0, 431.0, 422.0, 427.0, 434.0, 435.0, 428.0, 429.0, 425.0, 428.0, 433.0, 423.0, 430.0, 427.0, 424.0, 432.0, 429.0, 428.0, 431.0, 426.0, 427.0, 426.0, 425.0, 423.0, 423.0, 427.0, 425.0, 424.0, 428.0, 425.0, 424.0, 425.0, 426.0, 430.0, 427.0, 428.0, 431.0, 430.0, 430.0, 431.0, 429.0, 432.0, 431.0, 431.0, 430.0, 423.0, 431.0, 430.0, 429.0, 428.0, 432.0, 428.0, 428.0, 428.0, 432.0, 427.0, 429.0, 428.0, 428.0, 427.0, 430.0, 429.0, 428.0, 429.0, 427.0, 429.0, 430.0, 430.0, 428.0, 426.0, 427.0, 431.0, 432.0, 428.0, 432.0, 426.0, 429.0, 431.0, 426.0, 424.0, 425.0, 426.0, 426.0, 426.0, 429.0, 430.0, 428.0, 427.0, 427.0, 429.0, 427.0, 429.0, 429.0, 432.0, 431.0, 429.0, 425.0, 426.0, 421.0, 424.0, 422.0, 429.0, 430.0, 429.0, 428.0, 427.0, 433.0, 431.0, 428.0, 429.0, 429.0, 432.0, 423.0, 430.0, 426.0, 426.0, 431.0, 429.0, 432.0, 426.0, 428.0, 427.0, 427.0, 431.0, 430.0, 427.0, 424.0, 427.0, 424.0, 425.0, 428.0, 423.0, 430.0, 429.0, 428.0, 426.0, 434.0, 427.0, 430.0, 427.0, 428.0, 432.0, 425.0, 423.0, 429.0, 433.0, 433.0, 428.0, 429.0, 430.0, 430.0, 431.0, 433.0, 429.0, 432.0, 432.0, 430.0, 427.0, 428.0, 427.0, 427.0, 429.0, 427.0, 424.0, 432.0, 431.0, 429.0, 423.0, 427.0, 421.0, 420.0, 426.0, 426.0, 428.0, 430.0, 430.0, 429.0, 429.0, 429.0, 429.0, 427.0, 427.0, 428.0, 428.0, 428.0, 429.0, 430.0, 429.0, 431.0, 433.0, 428.0, 433.0, 430.0, 430.0, 431.0, 429.0, 430.0, 429.0, 430.0, 429.0, 429.0, 430.0, 429.0, 427.0, 427.0, 427.0, 428.0, 429.0, 430.0, 428.0, 430.0, 430.0, 431.0, 431.0, 430.0, 429.0, 431.0, 433.0, 432.0, 432.0, 431.0, 431.0, 432.0, 432.0, 432.0, 433.0, 432.0, 432.0, 433.0, 432.0, 432.0, 432.0, 432.0, 433.0, 432.0, 433.0, 434.0, 434.0, 434.0, 432.0, 431.0, 431.0, 433.0, 431.0, 433.0, 432.0, 433.0, 431.0, 435.0, 430.0, 434.0, 432.0, 433.0, 430.0, 432.0, 431.0, 429.0, 428.0, 429.0, 431.0, 432.0, 434.0, 434.0, 433.0, 432.0, 433.0, 432.0, 433.0, 434.0, 435.0, 432.0, 432.0, 433.0, 432.0, 434.0, 434.0, 431.0, 432.0, 431.0, 431.0, 432.0, 432.0, 434.0, 434.0, 434.0, 432.0, 435.0, 431.0, 432.0, 431.0, 431.0, 434.0, 432.0, 431.0, 431.0, 433.0, 434.0, 432.0, 431.0, 432.0, 432.0, 432.0, 433.0, 434.0], "WindowWidth": [928.0, 915.0, 914.0, 913.0, 909.0, 908.0, 911.0, 915.0, 911.0, 913.0, 909.0, 908.0, 911.0, 922.0, 917.0, 909.0, 897.0, 905.0, 910.0, 911.0, 909.0, 909.0, 918.0, 904.0, 909.0, 909.0, 902.0, 903.0, 903.0, 902.0, 912.0, 901.0, 897.0, 903.0, 899.0, 903.0, 907.0, 903.0, 905.0, 900.0, 894.0, 884.0, 907.0, 897.0, 906.0, 903.0, 908.0, 910.0, 895.0, 905.0, 897.0, 901.0, 907.0, 891.0, 918.0, 912.0, 906.0, 905.0, 895.0, 913.0, 909.0, 915.0, 907.0, 905.0, 911.0, 909.0, 901.0, 919.0, 907.0, 908.0, 905.0, 913.0, 906.0, 902.0, 907.0, 898.0, 906.0, 908.0, 914.0, 911.0, 899.0, 900.0, 902.0, 899.0, 904.0, 900.0, 900.0, 902.0, 889.0, 901.0, 908.0, 903.0, 900.0, 899.0, 904.0, 906.0, 917.0, 897.0, 905.0, 908.0, 901.0, 909.0, 912.0, 900.0, 902.0, 899.0, 896.0, 904.0, 897.0, 902.0, 898.0, 911.0, 908.0, 911.0, 912.0, 908.0, 900.0, 899.0, 901.0, 901.0, 904.0, 906.0, 905.0, 905.0, 910.0, 913.0, 901.0, 905.0, 910.0, 910.0, 909.0, 899.0, 895.0, 908.0, 890.0, 898.0, 893.0, 905.0, 900.0, 908.0, 910.0, 909.0, 906.0, 893.0, 910.0, 908.0, 905.0, 902.0, 903.0, 899.0, 903.0, 899.0, 900.0, 906.0, 908.0, 912.0, 905.0, 902.0, 904.0, 898.0, 895.0, 895.0, 893.0, 893.0, 906.0, 900.0, 911.0, 906.0, 915.0, 913.0, 904.0, 904.0, 906.0, 908.0, 907.0, 900.0, 890.0, 906.0, 914.0, 890.0, 891.0, 884.0, 909.0, 904.0, 906.0, 912.0, 904.0, 907.0, 900.0, 912.0, 908.0, 908.0, 904.0, 908.0, 908.0, 906.0, 895.0, 910.0, 905.0, 905.0, 912.0, 909.0, 894.0, 897.0, 882.0, 905.0, 899.0, 910.0, 893.0, 902.0, 915.0, 917.0, 904.0, 905.0, 899.0, 904.0, 912.0, 893.0, 907.0, 902.0, 896.0, 912.0, 907.0, 904.0, 911.0, 901.0, 902.0, 900.0, 898.0, 895.0, 895.0, 903.0, 899.0, 897.0, 903.0, 898.0, 896.0, 897.0, 900.0, 909.0, 901.0, 904.0, 910.0, 909.0, 909.0, 910.0, 906.0, 912.0, 910.0, 910.0, 906.0, 895.0, 910.0, 908.0, 905.0, 905.0, 912.0, 905.0, 903.0, 905.0, 910.0, 903.0, 905.0, 904.0, 904.0, 903.0, 907.0, 906.0, 905.0, 907.0, 903.0, 906.0, 907.0, 907.0, 904.0, 901.0, 901.0, 910.0, 912.0, 904.0, 912.0, 900.0, 906.0, 908.0, 900.0, 896.0, 897.0, 900.0, 901.0, 901.0, 905.0, 909.0, 905.0, 903.0, 903.0, 906.0, 903.0, 906.0, 906.0, 912.0, 910.0, 906.0, 898.0, 899.0, 890.0, 896.0, 894.0, 906.0, 908.0, 906.0, 903.0, 902.0, 914.0, 909.0, 904.0, 906.0, 905.0, 912.0, 894.0, 908.0, 899.0, 901.0, 909.0, 905.0, 911.0, 900.0, 904.0, 902.0, 902.0, 910.0, 908.0, 901.0, 895.0, 902.0, 897.0, 898.0, 904.0, 894.0, 908.0, 906.0, 905.0, 900.0, 915.0, 902.0, 907.0, 902.0, 904.0, 911.0, 898.0, 895.0, 906.0, 914.0, 913.0, 904.0, 906.0, 907.0, 909.0, 909.0, 913.0, 906.0, 911.0, 911.0, 908.0, 903.0, 904.0, 903.0, 902.0, 907.0, 902.0, 896.0, 912.0, 909.0, 906.0, 894.0, 903.0, 891.0, 889.0, 901.0, 901.0, 904.0, 908.0, 908.0, 906.0, 906.0, 905.0, 906.0, 903.0, 904.0, 904.0, 904.0, 904.0, 908.0, 908.0, 907.0, 911.0, 915.0, 905.0, 915.0, 909.0, 909.0, 910.0, 907.0, 907.0, 905.0, 907.0, 907.0, 907.0, 907.0, 905.0, 902.0, 903.0, 903.0, 906.0, 906.0, 908.0, 905.0, 907.0, 909.0, 911.0, 910.0, 908.0, 907.0, 911.0, 913.0, 912.0, 912.0, 911.0, 911.0, 912.0, 912.0, 913.0, 914.0, 912.0, 913.0, 913.0, 911.0, 913.0, 912.0, 913.0, 914.0, 912.0, 915.0, 914.0, 917.0, 916.0, 912.0, 911.0, 910.0, 913.0, 911.0, 914.0, 913.0, 914.0, 910.0, 917.0, 909.0, 915.0, 912.0, 912.0, 910.0, 912.0, 911.0, 906.0, 905.0, 907.0, 911.0, 912.0, 916.0, 915.0, 914.0, 913.0, 915.0, 913.0, 915.0, 915.0, 916.0, 912.0, 912.0, 913.0, 913.0, 916.0, 916.0, 910.0, 912.0, 911.0, 911.0, 912.0, 912.0, 917.0, 915.0, 916.0, 913.0, 916.0, 911.0, 911.0, 911.0, 910.0, 915.0, 912.0, 910.0, 911.0, 914.0, 915.0, 912.0, 911.0, 912.0, 912.0, 912.0, 914.0, 916.0]}, "slices": {}}, "EventTimestamp": "15-10-13"}