{
  "AcquisitionMatrixPE": 64,
  "AcquisitionNumber": 1,
  "AcquisitionTime": "14:18:44.602500",
  "BandwidthPerPixelPhaseEncode": 31.25,
  "BaseResolution": 64,
  "BodyPartExamined": "BRAIN",
  "CoilCombinationMethod": "Sum of Squares",
  "ConsistencyInfo": "N4_VE11E_LATEST_20181129",
  "ConversionSoftware": "dcm2niix",
  "ConversionSoftwareVersion": "v1.0.20230411",
  "DerivedVendorReportedEchoSpacing": 0.0005,
  "DeviceSerialNumber": "166182",
  "DwellTime": 3.4e-06,
  "EchoTime": 0.032,
  "EchoTrainLength": 64,
  "EffectiveEchoSpacing": 0.0005,
  "FlipAngle": 40,
  "HeudiconvVersion": "0.13.1",
  "ImageOrientationPatientDICOM": [0.999089, -0.00381905, -0.0425101, -2.65687e-08, 0.995989, -0.089479],
  "ImageOrientationText": "Tra>Cor(-5.1)>Sag(-2.4)",
  "ImageType": [
    "ORIGINAL",
    "PRIMARY",
    "M",
    "ND",
    "NORM",
    "MOSAIC"
],
  "ImagingFrequency": 123.255911,
  "InPlanePhaseEncodingDirectionDICOM": "COL",
  "InstitutionAddress": "PEARSE STREET .,City,District,IE,D2",
  "InstitutionName": "TCIN",
  "InstitutionalDepartmentName": "MRI",
  "MRAcquisitionType": "2D",
  "MagneticFieldStrength": 3,
  "Manufacturer": "Siemens",
  "ManufacturersModelName": "Prisma",
  "MatrixCoilMode": "SENSE",
  "Modality": "MR",
  "NonlinearGradientCorrection": false,
  "PartialFourier": 1,
  "PatientPosition": "HFS",
  "PercentPhaseFOV": 100,
  "PercentSampling": 100,
  "PhaseEncodingDirection": "j",
  "PhaseEncodingSteps": 64,
  "PhaseResolution": 1,
  "PixelBandwidth": 2300,
  "ProcedureStepDescription": "Rhodri^Head BOLD",
  "ProtocolName": "cmrr_SBep2d_se_PA_RDS",
  "PulseSequenceDetails": "%SiemensSeq%\\ep2d_bold",
  "ReceiveCoilActiveElements": "HC2,4,6,7;SC",
  "ReceiveCoilName": "HeadNeck_64",
  "ReconMatrixPE": 64,
  "RepetitionTime": 2.26,
  "SAR": 0.259962,
  "ScanOptions": "FS",
  "ScanningSequence": "EP",
  "SequenceName": "*epfid2d1_64",
  "SequenceVariant": "SK",
  "SeriesDescription": "cmrr_SBep2d_se_PA_RDS",
  "SeriesNumber": 7,
  "ShimSetting": [-3683, -7517, 3984, 1169, -251, 305, 166, 132],
  "SliceThickness": 3,
  "SliceTiming": [1.12, 0, 1.1825, 0.0625, 1.245, 0.125, 1.3075, 0.1875, 1.37, 0.25, 1.4325, 0.3125, 1.4925, 0.3725, 1.555, 0.435, 1.6175, 0.4975, 1.68, 0.56, 1.7425, 0.6225, 1.805, 0.685, 1.8675, 0.7475, 1.93, 0.81, 1.9925, 0.8725, 2.0525, 0.9325, 2.115, 0.995, 2.1775, 1.0575],
  "SoftwareVersions": "syngo MR E11",
  "SpacingBetweenSlices": 3.3,
  "StationName": "AWP166182",
  "TotalReadoutTime": 0.0315,
  "TxRefAmp": 228.384,
  "dcmmeta_affine": [
    [-2.9972662925720215, -7.970619719799288e-08, -0.14084818959236145, 98.65040588378906],
    [0.011457150802016258, 2.9879660606384277, -0.29501157999038696, -103.39423370361328],
    [-0.12753020226955414, 0.2684369683265686, 3.2837677001953125, -81.73361206054688],
    [0.0, 0.0, 0.0, 1.0]
],
  "dcmmeta_reorient_transform": [
    [0.0, -1.0, 0.0, 63.0],
    [1.0, 0.0, 0.0, 0.0],
    [0.0, 0.0, 1.0, 0.0],
    [0.0, 0.0, 0.0, 1.0]
],
  "dcmmeta_shape": [64, 64, 36, 10],
  "dcmmeta_slice_dim": 2,
  "dcmmeta_version": 0.6,
  "global": {
    "const": {
      "AcquisitionMatrix": [64, 0, 0, 64],
      "AngioFlag": "N",
      "BitsAllocated": 16,
      "BitsStored": 12,
      "BodyPartExamined": "BRAIN",
      "Columns": 384,
      "EchoNumbers": 1,
      "EchoTime": 32.0,
      "EchoTrainLength": 64,
      "FlipAngle": 40.0,
      "HighBit": 11,
      "ImageOrientationPatient": [0.99908873935925, -0.0038190503907, -0.0425100663333, -2.6568733e-08, 0.99598871033595, -0.089478985708],
      "ImagePositionPatient": [-578.2129828504, -561.08907028934, -1.4673403869782],
      "ImageType": [
        "ORIGINAL",
        "PRIMARY",
        "M",
        "ND",
        "NORM",
        "MOSAIC"
],
      "ImagedNucleus": "1H",
      "ImagingFrequency": 123.255911,
      "InPlanePhaseEncodingDirection": "COL",
      "MRAcquisitionType": "2D",
      "MagneticFieldStrength": 3.0,
      "Manufacturer": "SIEMENS",
      "ManufacturerModelName": "Prisma",
      "Modality": "MR",
      "NumberOfAverages": 1.0,
      "NumberOfPhaseEncodingSteps": 64,
      "PercentPhaseFieldOfView": 100.0,
      "PercentSampling": 100.0,
      "PerformedProcedureStepStartTime": "140503.824000",
      "PhotometricInterpretation": "MONOCHROME2",
      "PixelBandwidth": 2300.0,
      "PixelRepresentation": 0,
      "PixelSpacing": [3.0, 3.0],
      "ProtocolName": "cmrr_SBep2d_se_PA_RDS",
      "RepetitionTime": 2260.0,
      "Rows": 384,
      "SAR": 0.25996213397699,
      "SamplesPerPixel": 1,
      "ScanOptions": "FS",
      "ScanningSequence": "EP",
      "SequenceName": "*epfid2d1_64",
      "SequenceVariant": "SK",
      "SeriesDescription": "cmrr_SBep2d_se_PA_RDS",
      "SeriesNumber": 7,
      "SeriesTime": "141906.747000",
      "SliceLocation": -76.298918726018,
      "SliceThickness": 3.0,
      "SmallestImagePixelValue": 0,
      "SoftwareVersions": "syngo MR E11",
      "SpacingBetweenSlices": 3.2999999451493,
      "SpecificCharacterSet": "ISO_IR 100",
      "StudyID": "1",
      "StudyTime": "140503.700000",
      "TransmitCoilName": "Body",
      "VariableFlipAngleFlag": "N",
      "WindowCenterWidthExplanation": "Algo1"
    },
    "slices": {}
  },
  "time": {
    "samples": {
      "AcquisitionNumber": [1, 2, 3, 4, 5, 6, 7, 8, 9, 10],
      "AcquisitionTime": ["141844.602500", "141846.862500", "141849.122500", "141851.382500", "141853.642500", "141855.902500", "141858.162500", "141900.422500", "141902.682500", "141904.942500"],
      "ContentTime": ["141906.751000", "141906.754000", "141906.757000", "141906.759000", "141906.762000", "141906.764000", "141906.767000", "141906.769000", "141906.771000", "141906.774000"],
      "InstanceCreationTime": ["141906.751000", "141906.754000", "141906.757000", "141906.759000", "141906.762000", "141906.764000", "141906.767000", "141906.769000", "141906.771000", "141906.774000"],
      "InstanceNumber": [1, 2, 3, 4, 5, 6, 7, 8, 9, 10],
      "LargestImagePixelValue": [917, 929, 913, 922, 966, 937, 929, 920, 968, 986],
      "WindowCenter": [470.0, 468.0, 468.0, 468.0, 468.0, 467.0, 467.0, 467.0, 465.0, 467.0],
      "WindowWidth": [983.0, 977.0, 977.0, 977.0, 978.0, 976.0, 976.0, 976.0, 972.0, 974.0]
    },
    "slices": {}
  }
}