{
  "AcquisitionMatrixPE": 64,
  "AcquisitionNumber": 1,
  "AcquisitionTime": "11:09:54.772500",
  "BandwidthPerPixelPhaseEncode": 28.935,
  "BaseResolution": 64,
  "BodyPartExamined": "BRAIN",
  "CoilString": "HC2_4_6_7;NC2;SC",
  "ConsistencyInfo": "N4_VE11E_LATEST_20181129",
  "ConversionSoftware": "dcm2niix",
  "ConversionSoftwareVersion": "v1.0.20190902",
  "DerivedVendorReportedEchoSpacing": 0.000540003,
  "DeviceSerialNumber": "166182",
  "DwellTime": 3.4e-06,
  "EchoTime": 0.032,
  "EchoTrainLength": 64,
  "EffectiveEchoSpacing": 0.000540003,
  "FlipAngle": 40,
  "ImageOrientationPatientDICOM": [0.998185, -0.00192591, -0.0601873, -7.187e-08, 0.999488, -0.0319833],
  "ImageType": [
    "ORIGINAL",
    "PRIMARY",
    "M",
    "ND",
    "NORM",
    "MOSAIC"
],
  "ImagingFrequency": 123.257,
  "InPlanePhaseEncodingDirectionDICOM": "COL",
  "InstitutionAddress": "PEARSE_STREET_._City_District_IE_D2",
  "InstitutionName": "TCIN",
  "InstitutionalDepartmentName": "MRI",
  "MRAcquisitionType": "2D",
  "MagneticFieldStrength": 3,
  "Manufacturer": "Siemens",
  "ManufacturersModelName": "Prisma",
  "Modality": "MR",
  "MultibandAccelerationFactor": 4,
  "PartialFourier": 1,
  "PatientPosition": "HFS",
  "PercentPhaseFOV": 100,
  "PhaseEncodingDirection": "j",
  "PhaseEncodingSteps": 64,
  "PhaseResolution": 1,
  "PixelBandwidth": 2300,
  "ProcedureStepDescription": "Rhodri_Head_BOLD",
  "ProtocolName": "cmrr_mbep2d_se_PA",
  "PulseSequenceDetails": "%SiemensSeq%_ep2d_bold",
  "ReceiveCoilActiveElements": "HC2,4,6,7;NC2;SC",
  "ReceiveCoilName": "HeadNeck_64",
  "ReconMatrixPE": 64,
  "RefLinesPE": 12,
  "RepetitionTime": 0.61,
  "SAR": 0.228259,
  "ScanOptions": "FS",
  "ScanningSequence": "EP",
  "SequenceName": "_epfid2d1_64",
  "SequenceVariant": "SK",
  "SeriesDescription": "cmrr_mbep2d_se_PA",
  "SeriesNumber": 6,
  "ShimSetting": [-3581, -7443, 3862, 908, -11, 404, -138, 186],
  "SliceThickness": 3,
  "SliceTiming": [0.2625, 0, 0.33, 0.0675, 0.395, 0.1325, 0.46, 0.1975, 0.525, 0.2625, 0, 0.33, 0.0675, 0.395, 0.1325, 0.46, 0.1975, 0.525, 0.2625, 0, 0.33, 0.0675, 0.395, 0.1325, 0.46, 0.1975, 0.525, 0.2625, 0, 0.33, 0.0675, 0.395, 0.1325, 0.46, 0.1975, 0.525],
  "SoftwareVersions": "syngo_MR_E11",
  "SpacingBetweenSlices": 3.3,
  "StationName": "AWP166182",
  "TotalReadoutTime": 0.0340202,
  "TxRefAmp": 237.777,
  "dcmmeta_affine": [
    [-2.994555711746216, -2.1560991569913313e-07, -0.1987198144197464, 99.18216705322266],
    [0.005777714774012566, 2.9984652996063232, -0.10535348951816559, -99.86983489990234],
    [-0.18056195974349976, 0.09595001488924026, 3.292325973510742, -90.65935516357422],
    [0.0, 0.0, 0.0, 1.0]
],
  "dcmmeta_reorient_transform": [
    [0.0, -1.0, 0.0, 63.0],
    [1.0, 0.0, 0.0, 0.0],
    [0.0, 0.0, 1.0, 0.0],
    [0.0, 0.0, 0.0, 1.0]
],
  "dcmmeta_shape": [64, 64, 36, 10],
  "dcmmeta_slice_dim": 2,
  "dcmmeta_version": 0.6,
  "global": {
    "const": {
      "AcquisitionMatrix": [64, 0, 0, 64],
      "AngioFlag": "N",
      "BitsAllocated": 16,
      "BitsStored": 12,
      "BodyPartExamined": "BRAIN",
      "Columns": 384,
      "EchoNumbers": 1,
      "EchoTime": 32.0,
      "EchoTrainLength": 64,
      "FlipAngle": 40.0,
      "HighBit": 11,
      "ImageOrientationPatient": [0.99818524189116, -0.0019259049893, -0.0601873222586, -7.1869972e-08, 0.99948840219551, -0.0319833374847],
      "ImagePositionPatient": [-578.3110338649, -567.86347018108, -40.372590612812],
      "ImageType": [
        "ORIGINAL",
        "PRIMARY",
        "M",
        "ND",
        "NORM",
        "MOSAIC"
],
      "ImagedNucleus": "1H",
      "ImagingFrequency": 123.257449,
      "InPlanePhaseEncodingDirection": "COL",
      "MRAcquisitionType": "2D",
      "MagneticFieldStrength": 3.0,
      "Manufacturer": "SIEMENS",
      "ManufacturerModelName": "Prisma",
      "Modality": "MR",
      "NumberOfAverages": 1.0,
      "NumberOfPhaseEncodingSteps": 64,
      "PercentPhaseFieldOfView": 100.0,
      "PercentSampling": 100.0,
      "PerformedProcedureStepStartTime": "110418.737000",
      "PhotometricInterpretation": "MONOCHROME2",
      "PixelBandwidth": 2300.0,
      "PixelRepresentation": 0,
      "PixelSpacing": [3.0, 3.0],
      "ProtocolName": "cmrr_mbep2d_se_PA",
      "RepetitionTime": 610.0,
      "Rows": 384,
      "SAR": 0.22825927841649,
      "SamplesPerPixel": 1,
      "ScanOptions": "FS",
      "ScanningSequence": "EP",
      "SequenceName": "*epfid2d1_64",
      "SequenceVariant": "SK",
      "SeriesDescription": "cmrr_mbep2d_se_PA",
      "SeriesNumber": 6,
      "SeriesTime": "111001.108000",
      "SliceLocation": -93.232726129353,
      "SliceThickness": 3.0,
      "SmallestImagePixelValue": 0,
      "SoftwareVersions": "syngo MR E11",
      "SpacingBetweenSlices": 3.2999999394314,
      "SpecificCharacterSet": "ISO_IR 100",
      "StudyID": "1",
      "StudyTime": "110418.653000",
      "TransmitCoilName": "Body",
      "VariableFlipAngleFlag": "N",
      "WindowCenterWidthExplanation": "Algo1"
    },
    "slices": {}
  },
  "time": {
    "samples": {
      "AcquisitionNumber": [1, 2, 3, 4, 5, 6, 7, 8, 9, 10],
      "AcquisitionTime": ["110954.772500", "110955.382500", "110955.992500", "110956.602500", "110957.212500", "110957.822500", "110958.432500", "110959.042500", "110959.652500", "111000.262500"],
      "ContentTime": ["111001.111000", "111001.115000", "111001.117000", "111001.120000", "111001.122000", "111001.124000", "111001.127000", "111001.129000", "111001.132000", "111001.134000"],
      "InstanceCreationTime": ["111001.111000", "111001.115000", "111001.117000", "111001.120000", "111001.122000", "111001.124000", "111001.127000", "111001.129000", "111001.132000", "111001.134000"],
      "InstanceNumber": [1, 2, 3, 4, 5, 6, 7, 8, 9, 10],
      "LargestImagePixelValue": [541, 527, 521, 517, 510, 514, 515, 511, 511, 513],
      "WindowCenter": [313.0, 312.0, 308.0, 307.0, 305.0, 305.0, 304.0, 304.0, 304.0, 304.0],
      "WindowWidth": [679.0, 677.0, 670.0, 667.0, 665.0, 664.0, 662.0, 662.0, 662.0, 662.0]
    },
    "slices": {}
  }
}