{
  "AcquisitionMatrixPE": 64,
  "AcquisitionNumber": 1,
  "AcquisitionTime": "12:56:24.575000",
  "BandwidthPerPixelPhaseEncode": 31.25,
  "BaseResolution": 64,
  "BodyPartExamined": "BRAIN",
  "CoilString": "HC2_4_6_7",
  "ConsistencyInfo": "N4_VE11E_LATEST_20181129",
  "ConversionSoftware": "dcm2niix",
  "ConversionSoftwareVersion": "v1.0.20190902",
  "DerivedVendorReportedEchoSpacing": 0.0005,
  "DeviceSerialNumber": "166182",
  "DwellTime": 3.4e-06,
  "EchoTime": 0.032,
  "EchoTrainLength": 64,
  "EffectiveEchoSpacing": 0.0005,
  "FlipAngle": 40,
  "ImageOrientationPatientDICOM": [0.991633, -0.128729, 0.00963886, 0.124921, 0.938114, -0.323013],
  "ImageType": [
    "ORIGINAL",
    "PRIMARY",
    "M",
    "ND",
    "NORM",
    "MOSAIC"
],
  "ImagingFrequency": 123.256,
  "InPlanePhaseEncodingDirectionDICOM": "COL",
  "InstitutionAddress": "PEARSE_STREET_._City_District_IE_D2",
  "InstitutionName": "TCIN",
  "InstitutionalDepartmentName": "MRI",
  "MRAcquisitionType": "2D",
  "MagneticFieldStrength": 3,
  "Manufacturer": "Siemens",
  "ManufacturersModelName": "Prisma",
  "Modality": "MR",
  "PartialFourier": 1,
  "PatientPosition": "HFS",
  "PercentPhaseFOV": 100,
  "PhaseEncodingDirection": "j-",
  "PhaseEncodingSteps": 64,
  "PhaseResolution": 1,
  "PixelBandwidth": 2300,
  "ProcedureStepDescription": "Rhodri_Head_BOLD",
  "ProtocolName": "cmrr_SBep2d_se_AP_RDS",
  "PulseSequenceDetails": "%SiemensSeq%_ep2d_bold",
  "ReceiveCoilActiveElements": "HC2,4,6,7",
  "ReceiveCoilName": "HeadNeck_64",
  "ReconMatrixPE": 64,
  "RepetitionTime": 2.26,
  "SAR": 0.198809,
  "ScanOptions": "FS",
  "ScanningSequence": "EP",
  "SequenceName": "_epfid2d1_64",
  "SequenceVariant": "SK",
  "SeriesDescription": "cmrr_SBep2d_se_AP_RDS",
  "SeriesNumber": 12,
  "ShimSetting": [-3652, -7320, 3933, 287, 31, 314, -356, -1],
  "SliceThickness": 3,
  "SliceTiming": [1.12, 0, 1.18, 0.06, 1.2425, 0.1225, 1.305, 0.185, 1.3675, 0.2475, 1.43, 0.31, 1.4925, 0.3725, 1.555, 0.435, 1.6175, 0.4975, 1.68, 0.56, 1.74, 0.62, 1.8025, 0.6825, 1.865, 0.745, 1.9275, 0.8075, 1.99, 0.87, 2.0525, 0.9325, 2.115, 0.995, 2.1775, 1.0575],
  "SoftwareVersions": "syngo_MR_E11",
  "SpacingBetweenSlices": 3.3,
  "StationName": "AWP166182",
  "TotalReadoutTime": 0.0315,
  "TxRefAmp": 256.733,
  "dcmmeta_affine": [
    [-2.9748990535736084, 0.37476226687431335, -0.10737740993499756, 85.8563003540039],
    [0.38618576526641846, 2.8143415451049805, -1.060996413230896, -92.71720123291016],
    [0.028916578739881516, 0.9690378308296204, 3.1229403018951416, -133.07814025878906],
    [0.0, 0.0, 0.0, 1.0]
],
  "dcmmeta_reorient_transform": [
    [0.0, -1.0, 0.0, 63.0],
    [1.0, 0.0, 0.0, 0.0],
    [0.0, 0.0, 1.0, 0.0],
    [0.0, 0.0, 0.0, 1.0]
],
  "dcmmeta_shape": [64, 64, 36, 10],
  "dcmmeta_slice_dim": 2,
  "dcmmeta_version": 0.6,
  "global": {
    "const": {
      "AcquisitionMatrix": [64, 0, 0, 64],
      "AngioFlag": "N",
      "BitsAllocated": 16,
      "BitsStored": 12,
      "BodyPartExamined": "BRAIN",
      "Columns": 384,
      "EchoNumbers": 1,
      "EchoTime": 32.0,
      "EchoTrainLength": 64,
      "FlipAngle": 40.0,
      "HighBit": 11,
      "ImageOrientationPatient": [0.99163301850614, -0.1287285865319, 0.00963885978226, 0.12492075691767, 0.93811388125548, -0.3230126162968],
      "ImagePositionPatient": [-645.41213695758, -473.09126759038, 78.390651000891],
      "ImageType": [
        "ORIGINAL",
        "PRIMARY",
        "M",
        "ND",
        "NORM",
        "MOSAIC"
],
      "ImagedNucleus": "1H",
      "ImagingFrequency": 123.256387,
      "InPlanePhaseEncodingDirection": "COL",
      "MRAcquisitionType": "2D",
      "MagneticFieldStrength": 3.0,
      "Manufacturer": "SIEMENS",
      "ManufacturerModelName": "Prisma",
      "Modality": "MR",
      "NumberOfAverages": 1.0,
      "NumberOfPhaseEncodingSteps": 64,
      "PercentPhaseFieldOfView": 100.0,
      "PercentSampling": 100.0,
      "PerformedProcedureStepStartTime": "122036.941000",
      "PhotometricInterpretation": "MONOCHROME2",
      "PixelBandwidth": 2300.0,
      "PixelRepresentation": 0,
      "PixelSpacing": [3.0, 3.0],
      "ProtocolName": "cmrr_SBep2d_se_AP_RDS",
      "RepetitionTime": 2260.0,
      "Rows": 384,
      "SAR": 0.19880903048219,
      "SamplesPerPixel": 1,
      "ScanOptions": "FS",
      "ScanningSequence": "EP",
      "SequenceName": "*epfid2d1_64",
      "SequenceVariant": "SK",
      "SeriesDescription": "cmrr_SBep2d_se_AP_RDS",
      "SeriesNumber": 12,
      "SeriesTime": "125646.994000",
      "SliceLocation": -98.92166655354,
      "SliceThickness": 3.0,
      "SmallestImagePixelValue": 0,
      "SoftwareVersions": "syngo MR E11",
      "SpacingBetweenSlices": 3.2999999434303,
      "SpecificCharacterSet": "ISO_IR 100",
      "StudyID": "1",
      "StudyTime": "122036.833000",
      "TransmitCoilName": "Body",
      "VariableFlipAngleFlag": "N",
      "WindowCenterWidthExplanation": "Algo1"
    },
    "slices": {}
  },
  "time": {
    "samples": {
      "AcquisitionNumber": [1, 2, 3, 4, 5, 6, 7, 8, 9, 10],
      "AcquisitionTime": ["125624.575000", "125626.835000", "125629.095000", "125631.355000", "125633.615000", "125635.875000", "125638.135000", "125640.395000", "125642.655000", "125644.915000"],
      "ContentTime": ["125646.997000", "125647.003000", "125647.005000", "125647.008000", "125647.010000", "125647.013000", "125647.015000", "125647.018000", "125647.020000", "125647.022000"],
      "InstanceCreationTime": ["125646.997000", "125647.003000", "125647.005000", "125647.008000", "125647.010000", "125647.013000", "125647.015000", "125647.018000", "125647.020000", "125647.022000"],
      "InstanceNumber": [1, 2, 3, 4, 5, 6, 7, 8, 9, 10],
      "LargestImagePixelValue": [1364, 1361, 1360, 1366, 1385, 1373, 1379, 1387, 1382, 1381],
      "WindowCenter": [553.0, 552.0, 552.0, 551.0, 552.0, 552.0, 552.0, 553.0, 553.0, 554.0],
      "WindowWidth": [1154.0, 1151.0, 1151.0, 1150.0, 1151.0, 1152.0, 1153.0, 1154.0, 1154.0, 1155.0]
    },
    "slices": {}
  }
}