{"AcquisitionMatrixPE": 64, "AcquisitionNumber": 1, "AcquisitionTime": "10:07:15.760000", "BandwidthPerPixelPhaseEncode": 28.935, "BaseResolution": 64, "BodyPartExamined": "BRAIN", "CoilCombinationMethod": "Sum of Squares", "ConsistencyInfo": "N4_VE11E_LATEST_20181129", "ConversionSoftware": "dcm2niix", "ConversionSoftwareVersion": "v1.0.20230411", "DerivedVendorReportedEchoSpacing": 0.000540003, "DeviceSerialNumber": "166182", "DwellTime": 3.4e-06, "EchoTime": 0.032, "EchoTrainLength": 64, "EffectiveEchoSpacing": 0.000540003, "FlipAngle": 40, "HeudiconvVersion": "0.13.1", "ImageOrientationPatientDICOM": [0.997966, -0.044649, -0.045499, 0.0418272, 0.997249, -0.06119], "ImageOrientationText": "Tra>Cor(-3.4)>Sag(-2.8)", "ImageType": ["ORIGINAL", "PRIMARY", "M", "ND", "NORM", "MOSAIC"], "ImagingFrequency": 123.256155, "InPlanePhaseEncodingDirectionDICOM": "COL", "InstitutionAddress": "PEARSE STREET .,City,District,IE,D2", "InstitutionName": "TCIN", "InstitutionalDepartmentName": "MRI", "MRAcquisitionType": "2D", "MagneticFieldStrength": 3, "Manufacturer": "Siemens", "ManufacturersModelName": "Prisma", "Modality": "MR", "MultibandAccelerationFactor": 4, "NonlinearGradientCorrection": false, "PartialFourier": 1, "PatientPosition": "HFS", "PercentPhaseFOV": 100, "PercentSampling": 100, "PhaseEncodingDirection": "j-", "PhaseEncodingSteps": 64, "PhaseResolution": 1, "PixelBandwidth": 2300, "ProcedureStepDescription": "Rhodri^Head BOLD", "ProtocolName": "cmrr_mbep2d_Pictures_AP_RDS", "PulseSequenceDetails": "%SiemensSeq%\\ep2d_bold", "ReceiveCoilActiveElements": "HC2,4,6,7;SC", "ReceiveCoilName": "SpecialPurpose_4", "ReconMatrixPE": 64, "RefLinesPE": 12, "RepetitionTime": 0.61, "SAR": 0.378799, "ScanOptions": "FS", "ScanningSequence": "EP", "SequenceName": "*epfid2d1_64", "SequenceVariant": "SK", "SeriesDescription": "cmrr_mbep2d_Pictures_AP_RDS", "SeriesNumber": 8, "ShimSetting": [-3609, -7453, 3972, 683, 126, 546, 156, 214], "SliceThickness": 3, "SliceTiming": [0.2625, 0, 0.3275, 0.065, 0.3925, 0.13, 0.4575, 0.195, 0.525, 0.2625, 0, 0.3275, 0.065, 0.3925, 0.13, 0.4575, 0.195, 0.525, 0.2625, 0, 0.3275, 0.065, 0.3925, 0.13, 0.4575, 0.195, 0.525, 0.2625, 0, 0.3275, 0.065, 0.3925, 0.13, 0.4575, 0.195, 0.525], "SoftwareVersions": "syngo MR E11", "SpacingBetweenSlices": 3.3, "StationName": "AWP166182", "TaskName": "pictures", "TotalReadoutTime": 0.0340202, "TxRefAmp": 253.505, "dcmmeta_affine": [[-2.9938981533050537, 0.12548156082630157, -0.15874968469142914, 92.167236328125], [0.13394704461097717, 2.991748094558716, -0.19523616135120392, -99.24840545654297], [-0.1364971250295639, 0.18357007205486298, 3.2903923988342285, -88.32129669189453], [0.0, 0.0, 0.0, 1.0]], "dcmmeta_reorient_transform": [[0.0, -1.0, 0.0, 63.0], [1.0, 0.0, 0.0, 0.0], [0.0, 0.0, 1.0, 0.0], [0.0, 0.0, 0.0, 1.0]], "dcmmeta_shape": [64, 64, 36, 510], "dcmmeta_slice_dim": 2, "dcmmeta_version": 0.6, "global": {"const": {"AcquisitionMatrix": [64, 0, 0, 64], "AngioFlag": "N", "BitsAllocated": 16, "BitsStored": 12, "BodyPartExamined": "BRAIN", "Columns": 384, "EchoNumbers": 1, "EchoTime": 32.0, "EchoTrainLength": 64, "FlipAngle": 40.0, "HighBit": 11, "ImageOrientationPatient": [0.99796608279319, -0.0446490156843, -0.0454990438673, 0.04182718733997, 0.99724935063496, -0.0611900241655], "ImagePositionPatient": [-599.17334700235, -546.47988311864, -25.545631969333], "ImageType": ["ORIGINAL", "PRIMARY", "M", "ND", "NORM", "MOSAIC"], "ImagedNucleus": "1H", "ImagingFrequency": 123.256155, "InPlanePhaseEncodingDirection": "COL", "MRAcquisitionType": "2D", "MagneticFieldStrength": 3.0, "Manufacturer": "SIEMENS", "ManufacturerModelName": "Prisma", "Modality": "MR", "NumberOfAverages": 1.0, "NumberOfPhaseEncodingSteps": 64, "PercentPhaseFieldOfView": 100.0, "PercentSampling": 100.0, "PerformedProcedureStepStartTime": "094947.584000", "PhotometricInterpretation": "MONOCHROME2", "PixelBandwidth": 2300.0, "PixelRepresentation": 0, "PixelSpacing": [3.0, 3.0], "ProtocolName": "cmrr_mbep2d_Pictures_AP_RDS", "RepetitionTime": 610.0, "Rows": 384, "SAR": 0.37879877025488, "SamplesPerPixel": 1, "ScanOptions": "FS", "ScanningSequence": "EP", "SequenceName": "*epfid2d1_64", "SequenceVariant": "SK", "SeriesDescription": "cmrr_mbep2d_Pictures_AP_RDS", "SeriesNumber": 8, "SeriesTime": "100740.099000", "SliceLocation": -86.626171122901, "SliceThickness": 3.0, "SmallestImagePixelValue": 0, "SoftwareVersions": "syngo MR E11", "SpacingBetweenSlices": 3.3000000191245, "SpecificCharacterSet": "ISO_IR 100", "StudyID": "1", "StudyTime": "094947.182000", "TransmitCoilName": "Body", "VariableFlipAngleFlag": "N", "WindowCenterWidthExplanation": "Algo1"}, "slices": {}}, "time": {"samples": {"AcquisitionNumber": [1, 2, 3, 4, 5, 6, 7, 8, 9, 10, 11, 12, 13, 14, 15, 16, 17, 18, 19, 20, 21, 22, 23, 24, 25, 26, 27, 28, 29, 30, 31, 32, 33, 34, 35, 36, 37, 38, 39, 40, 41, 42, 43, 44, 45, 46, 47, 48, 49, 50, 51, 52, 53, 54, 55, 56, 57, 58, 59, 60, 61, 62, 63, 64, 65, 66, 67, 68, 69, 70, 71, 72, 73, 74, 75, 76, 77, 78, 79, 80, 81, 82, 83, 84, 85, 86, 87, 88, 89, 90, 91, 92, 93, 94, 95, 96, 97, 98, 99, 100, 101, 102, 103, 104, 105, 106, 107, 108, 109, 110, 111, 112, 113, 114, 115, 116, 117, 118, 119, 120, 121, 122, 123, 124, 125, 126, 127, 128, 129, 130, 131, 132, 133, 134, 135, 136, 137, 138, 139, 140, 141, 142, 143, 144, 145, 146, 147, 148, 149, 150, 151, 152, 153, 154, 155, 156, 157, 158, 159, 160, 161, 162, 163, 164, 165, 166, 167, 168, 169, 170, 171, 172, 173, 174, 175, 176, 177, 178, 179, 180, 181, 182, 183, 184, 185, 186, 187, 188, 189, 190, 191, 192, 193, 194, 195, 196, 197, 198, 199, 200, 201, 202, 203, 204, 205, 206, 207, 208, 209, 210, 211, 212, 213, 214, 215, 216, 217, 218, 219, 220, 221, 222, 223, 224, 225, 226, 227, 228, 229, 230, 231, 232, 233, 234, 235, 236, 237, 238, 239, 240, 241, 242, 243, 244, 245, 246, 247, 248, 249, 250, 251, 252, 253, 254, 255, 256, 257, 258, 259, 260, 261, 262, 263, 264, 265, 266, 267, 268, 269, 270, 271, 272, 273, 274, 275, 276, 277, 278, 279, 280, 281, 282, 283, 284, 285, 286, 287, 288, 289, 290, 291, 292, 293, 294, 295, 296, 297, 298, 299, 300, 301, 302, 303, 304, 305, 306, 307, 308, 309, 310, 311, 312, 313, 314, 315, 316, 317, 318, 319, 320, 321, 322, 323, 324, 325, 326, 327, 328, 329, 330, 331, 332, 333, 334, 335, 336, 337, 338, 339, 340, 341, 342, 343, 344, 345, 346, 347, 348, 349, 350, 351, 352, 353, 354, 355, 356, 357, 358, 359, 360, 361, 362, 363, 364, 365, 366, 367, 368, 369, 370, 371, 372, 373, 374, 375, 376, 377, 378, 379, 380, 381, 382, 383, 384, 385, 386, 387, 388, 389, 390, 391, 392, 393, 394, 395, 396, 397, 398, 399, 400, 401, 402, 403, 404, 405, 406, 407, 408, 409, 410, 411, 412, 413, 414, 415, 416, 417, 418, 419, 420, 421, 422, 423, 424, 425, 426, 427, 428, 429, 430, 431, 432, 433, 434, 435, 436, 437, 438, 439, 440, 441, 442, 443, 444, 445, 446, 447, 448, 449, 450, 451, 452, 453, 454, 455, 456, 457, 458, 459, 460, 461, 462, 463, 464, 465, 466, 467, 468, 469, 470, 471, 472, 473, 474, 475, 476, 477, 478, 479, 480, 481, 482, 483, 484, 485, 486, 487, 488, 489, 490, 491, 492, 493, 494, 495, 496, 497, 498, 499, 500, 501, 502, 503, 504, 505, 506, 507, 508, 509, 510], "AcquisitionTime": ["100715.760000", "100716.370000", "100716.980000", "100717.590000", "100718.200000", "100718.810000", "100719.420000", "100720.030000", "100720.640000", "100721.250000", "100721.860000", "100722.470000", "100723.080000", "100723.690000", "100724.300000", "100724.910000", "100725.520000", "100726.130000", "100726.740000", "100727.350000", "100727.960000", "100728.570000", "100729.180000", "100729.790000", "100730.400000", "100731.010000", "100731.620000", "100732.230000", "100732.840000", "100733.450000", "100734.060000", "100734.670000", "100735.280000", "100735.890000", "100736.500000", "100737.110000", "100737.720000", "100738.330000", "100738.940000", "100739.550000", "100740.160000", "100740.770000", "100741.380000", "100741.990000", "100742.600000", "100743.210000", "100743.820000", "100744.430000", "100745.040000", "100745.650000", "100746.260000", "100746.870000", "100747.480000", "100748.090000", "100748.700000", "100749.310000", "100749.920000", "100750.530000", "100751.140000", "100751.750000", "100752.360000", "100752.970000", "100753.580000", "100754.190000", "100754.800000", "100755.410000", "100756.020000", "100756.630000", "100757.240000", "100757.850000", "100758.460000", "100759.070000", "100759.680000", "100800.290000", "100800.900000", "100801.510000", "100802.120000", "100802.730000", "100803.340000", "100803.950000", "100804.560000", "100805.170000", "100805.780000", "100806.390000", "100807.000000", "100807.610000", "100808.220000", "100808.830000", "100809.440000", "100810.050000", "100810.660000", "100811.270000", "100811.880000", "100812.490000", "100813.100000", "100813.710000", "100814.320000", "100814.930000", "100815.540000", "100816.150000", "100816.760000", "100817.370000", "100817.980000", "100818.590000", "100819.200000", "100819.810000", "100820.420000", "100821.030000", "100821.640000", "100822.250000", "100822.860000", "100823.470000", "100824.080000", "100824.690000", "100825.300000", "100825.910000", "100826.520000", "100827.130000", "100827.740000", "100828.350000", "100828.960000", "100829.570000", "100830.180000", "100830.790000", "100831.400000", "100832.010000", "100832.620000", "100833.230000", "100833.840000", "100834.450000", "100835.060000", "100835.670000", "100836.280000", "100836.890000", "100837.500000", "100838.110000", "100838.720000", "100839.330000", "100839.940000", "100840.550000", "100841.160000", "100841.770000", "100842.380000", "100842.990000", "100843.600000", "100844.210000", "100844.820000", "100845.430000", "100846.040000", "100846.650000", "100847.260000", "100847.870000", "100848.480000", "100849.090000", "100849.700000", "100850.310000", "100850.920000", "100851.530000", "100852.140000", "100852.750000", "100853.360000", "100853.970000", "100854.580000", "100855.190000", "100855.800000", "100856.410000", "100857.020000", "100857.630000", "100858.240000", "100858.850000", "100859.460000", "100900.070000", "100900.680000", "100901.290000", "100901.900000", "100902.510000", "100903.120000", "100903.730000", "100904.340000", "100904.950000", "100905.560000", "100906.170000", "100906.780000", "100907.390000", "100908.000000", "100908.610000", "100909.220000", "100909.830000", "100910.440000", "100911.050000", "100911.660000", "100912.270000", "100912.880000", "100913.490000", "100914.100000", "100914.710000", "100915.320000", "100915.930000", "100916.540000", "100917.150000", "100917.760000", "100918.370000", "100918.980000", "100919.590000", "100920.200000", "100920.810000", "100921.420000", "100922.030000", "100922.640000", "100923.250000", "100923.860000", "100924.470000", "100925.080000", "100925.690000", "100926.300000", "100926.910000", "100927.520000", "100928.130000", "100928.740000", "100929.350000", "100929.960000", "100930.570000", "100931.180000", "100931.790000", "100932.400000", "100933.010000", "100933.620000", "100934.230000", "100934.840000", "100935.450000", "100936.060000", "100936.670000", "100937.280000", "100937.890000", "100938.500000", "100939.110000", "100939.720000", "100940.330000", "100940.940000", "100941.550000", "100942.160000", "100942.770000", "100943.380000", "100943.990000", "100944.600000", "100945.210000", "100945.820000", "100946.430000", "100947.040000", "100947.650000", "100948.260000", "100948.870000", "100949.480000", "100950.090000", "100950.700000", "100951.310000", "100951.920000", "100952.530000", "100953.140000", "100953.750000", "100954.360000", "100954.970000", "100955.580000", "100956.190000", "100956.800000", "100957.410000", "100958.020000", "100958.630000", "100959.240000", "100959.850000", "101000.460000", "101001.070000", "101001.680000", "101002.290000", "101002.900000", "101003.510000", "101004.120000", "101004.730000", "101005.340000", "101005.950000", "101006.560000", "101007.170000", "101007.780000", "101008.390000", "101009.000000", "101009.610000", "101010.220000", "101010.830000", "101011.440000", "101012.050000", "101012.660000", "101013.270000", "101013.880000", "101014.490000", "101015.100000", "101015.710000", "101016.320000", "101016.930000", "101017.540000", "101018.150000", "101018.760000", "101019.370000", "101019.980000", "101020.590000", "101021.200000", "101021.810000", "101022.420000", "101023.030000", "101023.640000", "101024.250000", "101024.860000", "101025.470000", "101026.080000", "101026.690000", "101027.300000", "101027.910000", "101028.520000", "101029.130000", "101029.740000", "101030.350000", "101030.960000", "101031.570000", "101032.180000", "101032.790000", "101033.400000", "101034.010000", "101034.620000", "101035.230000", "101035.840000", "101036.450000", "101037.060000", "101037.670000", "101038.280000", "101038.890000", "101039.500000", "101040.110000", "101040.720000", "101041.330000", "101041.940000", "101042.550000", "101043.160000", "101043.770000", "101044.380000", "101044.990000", "101045.600000", "101046.210000", "101046.820000", "101047.430000", "101048.040000", "101048.650000", "101049.260000", "101049.870000", "101050.480000", "101051.090000", "101051.700000", "101052.310000", "101052.920000", "101053.530000", "101054.140000", "101054.750000", "101055.360000", "101055.970000", "101056.580000", "101057.190000", "101057.800000", "101058.410000", "101059.020000", "101059.630000", "101100.240000", "101100.850000", "101101.460000", "101102.070000", "101102.680000", "101103.290000", "101103.900000", "101104.510000", "101105.120000", "101105.730000", "101106.340000", "101106.950000", "101107.560000", "101108.170000", "101108.780000", "101109.390000", "101110.000000", "101110.610000", "101111.220000", "101111.830000", "101112.440000", "101113.050000", "101113.660000", "101114.270000", "101114.880000", "101115.490000", "101116.100000", "101116.710000", "101117.320000", "101117.930000", "101118.540000", "101119.150000", "101119.760000", "101120.370000", "101120.980000", "101121.590000", "101122.200000", "101122.810000", "101123.420000", "101124.030000", "101124.640000", "101125.250000", "101125.860000", "101126.470000", "101127.080000", "101127.690000", "101128.300000", "101128.910000", "101129.520000", "101130.130000", "101130.740000", "101131.350000", "101131.960000", "101132.570000", "101133.180000", "101133.790000", "101134.400000", "101135.010000", "101135.620000", "101136.230000", "101136.840000", "101137.450000", "101138.060000", "101138.670000", "101139.280000", "101139.890000", "101140.500000", "101141.110000", "101141.720000", "101142.330000", "101142.940000", "101143.550000", "101144.160000", "101144.770000", "101145.380000", "101145.990000", "101146.600000", "101147.210000", "101147.820000", "101148.430000", "101149.040000", "101149.650000", "101150.260000", "101150.870000", "101151.480000", "101152.090000", "101152.700000", "101153.310000", "101153.920000", "101154.530000", "101155.140000", "101155.750000", "101156.360000", "101156.970000", "101157.580000", "101158.190000", "101158.800000", "101159.410000", "101200.020000", "101200.630000", "101201.240000", "101201.850000", "101202.460000", "101203.070000", "101203.680000", "101204.290000", "101204.900000", "101205.510000", "101206.120000", "101206.730000", "101207.340000", "101207.950000", "101208.560000", "101209.170000", "101209.780000", "101210.390000", "101211.000000", "101211.610000", "101212.220000", "101212.830000", "101213.440000", "101214.050000", "101214.660000", "101215.270000", "101215.880000", "101216.490000", "101217.100000", "101217.710000", "101218.320000", "101218.930000", "101219.540000", "101220.150000", "101220.760000", "101221.370000", "101221.980000", "101222.590000", "101223.200000", "101223.810000", "101224.420000", "101225.030000", "101225.640000", "101226.250000"], "ContentTime": ["100740.102000", "100740.105000", "100740.107000", "100740.110000", "100740.112000", "100740.114000", "100740.117000", "100740.120000", "100740.122000", "100740.124000", "100740.127000", "100740.134000", "100740.136000", "100740.139000", "100740.141000", "100740.143000", "100740.146000", "100740.157000", "100740.159000", "100740.162000", "100740.164000", "100740.166000", "100740.169000", "100740.171000", "100740.174000", "100740.176000", "100740.178000", "100740.181000", "100740.183000", "100740.185000", "100740.188000", "100740.190000", "100740.192000", "100740.195000", "100740.197000", "100740.199000", "100740.202000", "100740.204000", "100740.207000", "100800.097000", "100800.100000", "100800.102000", "100800.105000", "100800.107000", "100800.110000", "100800.112000", "100800.118000", "100800.121000", "100800.123000", "100800.126000", "100800.128000", "100800.130000", "100800.133000", "100800.135000", "100800.137000", "100800.140000", "100800.142000", "100800.144000", "100800.147000", "100800.149000", "100800.151000", "100800.154000", "100800.156000", "100800.159000", "100800.161000", "100800.163000", "100800.166000", "100800.168000", "100800.170000", "100800.173000", "100800.175000", "100800.177000", "100820.097000", "100820.100000", "100820.102000", "100820.105000", "100820.107000", "100820.109000", "100820.112000", "100820.114000", "100820.116000", "100820.119000", "100820.121000", "100820.123000", "100820.127000", "100820.130000", "100820.132000", "100820.135000", "100820.137000", "100820.139000", "100820.142000", "100820.144000", "100820.147000", "100820.149000", "100820.151000", "100820.154000", "100820.156000", "100820.158000", "100820.161000", "100820.163000", "100820.166000", "100820.168000", "100820.170000", "100820.173000", "100820.175000", "100840.096000", "100840.099000", "100840.101000", "100840.104000", "100840.106000", "100840.108000", "100840.111000", "100840.113000", "100840.115000", "100840.118000", "100840.120000", "100840.123000", "100840.127000", "100840.130000", "100840.132000", "100840.135000", "100840.137000", "100840.139000", "100840.142000", "100840.144000", "100840.147000", "100840.149000", "100840.151000", "100840.154000", "100840.156000", "100840.158000", "100840.161000", "100840.163000", "100840.166000", "100840.168000", "100840.170000", "100840.173000", "100840.175000", "100900.096000", "100900.099000", "100900.101000", "100900.103000", "100900.106000", "100900.108000", "100900.110000", "100900.113000", "100900.115000", "100900.117000", "100900.120000", "100900.122000", "100900.125000", "100900.127000", "100900.129000", "100900.132000", "100900.134000", "100900.137000", "100900.139000", "100900.142000", "100900.144000", "100900.146000", "100900.149000", "100900.151000", "100900.153000", "100900.156000", "100900.158000", "100900.160000", "100900.163000", "100900.165000", "100900.168000", "100900.170000", "100920.096000", "100920.099000", "100920.101000", "100920.104000", "100920.107000", "100920.109000", "100920.111000", "100920.114000", "100920.116000", "100920.119000", "100920.121000", "100920.123000", "100920.126000", "100920.128000", "100920.130000", "100920.133000", "100920.135000", "100920.137000", "100920.140000", "100920.142000", "100920.145000", "100920.147000", "100920.149000", "100920.152000", "100920.154000", "100920.157000", "100920.159000", "100920.161000", "100920.164000", "100920.166000", "100920.168000", "100920.171000", "100920.173000", "100940.096000", "100940.099000", "100940.101000", "100940.104000", "100940.106000", "100940.108000", "100940.111000", "100940.113000", "100940.115000", "100940.118000", "100940.120000", "100940.123000", "100940.125000", "100940.127000", "100940.130000", "100940.132000", "100940.134000", "100940.137000", "100940.139000", "100940.142000", "100940.144000", "100940.146000", "100940.149000", "100940.151000", "100940.175000", "100940.178000", "100940.180000", "100940.183000", "100940.185000", "100940.187000", "100940.190000", "100940.192000", "100940.195000", "101000.097000", "101000.100000", "101000.102000", "101000.105000", "101000.107000", "101000.109000", "101000.112000", "101000.114000", "101000.116000", "101000.119000", "101000.121000", "101000.124000", "101000.126000", "101000.128000", "101000.131000", "101000.133000", "101000.135000", "101000.138000", "101000.140000", "101000.143000", "101000.145000", "101000.147000", "101000.150000", "101000.152000", "101000.154000", "101000.157000", "101000.159000", "101000.162000", "101000.164000", "101000.166000", "101000.169000", "101000.171000", "101000.173000", "101020.097000", "101020.100000", "101020.102000", "101020.105000", "101020.107000", "101020.109000", "101020.112000", "101020.114000", "101020.116000", "101020.119000", "101020.121000", "101020.123000", "101020.126000", "101020.128000", "101020.131000", "101020.133000", "101020.135000", "101020.138000", "101020.140000", "101020.142000", "101020.145000", "101020.147000", "101020.150000", "101020.152000", "101020.154000", "101020.157000", "101020.159000", "101020.161000", "101020.164000", "101020.166000", "101020.168000", "101020.171000", "101020.173000", "101040.097000", "101040.100000", "101040.102000", "101040.105000", "101040.107000", "101040.110000", "101040.112000", "101040.115000", "101040.117000", "101040.119000", "101040.122000", "101040.124000", "101040.126000", "101040.129000", "101040.131000", "101040.133000", "101040.136000", "101040.138000", "101040.141000", "101040.143000", "101040.145000", "101040.148000", "101040.150000", "101040.153000", "101040.155000", "101040.157000", "101040.160000", "101040.162000", "101040.164000", "101040.167000", "101040.169000", "101040.172000", "101100.096000", "101100.099000", "101100.101000", "101100.104000", "101100.106000", "101100.109000", "101100.111000", "101100.113000", "101100.116000", "101100.118000", "101100.121000", "101100.123000", "101100.125000", "101100.128000", "101100.130000", "101100.132000", "101100.135000", "101100.137000", "101100.140000", "101100.143000", "101100.145000", "101100.148000", "101100.150000", "101100.153000", "101100.155000", "101100.158000", "101100.160000", "101100.162000", "101100.165000", "101100.167000", "101100.169000", "101100.172000", "101100.174000", "101120.096000", "101120.099000", "101120.101000", "101120.104000", "101120.106000", "101120.109000", "101120.111000", "101120.114000", "101120.116000", "101120.118000", "101120.121000", "101120.123000", "101120.126000", "101120.128000", "101120.130000", "101120.133000", "101120.135000", "101120.138000", "101120.140000", "101120.142000", "101120.145000", "101120.147000", "101120.150000", "101120.152000", "101120.154000", "101120.157000", "101120.159000", "101120.162000", "101120.164000", "101120.166000", "101120.169000", "101120.171000", "101120.174000", "101140.096000", "101140.099000", "101140.101000", "101140.104000", "101140.106000", "101140.109000", "101140.111000", "101140.113000", "101140.116000", "101140.118000", "101140.120000", "101140.123000", "101140.125000", "101140.128000", "101140.130000", "101140.132000", "101140.135000", "101140.137000", "101140.140000", "101140.142000", "101140.144000", "101140.147000", "101140.149000", "101140.152000", "101140.154000", "101140.156000", "101140.159000", "101140.161000", "101140.170000", "101140.172000", "101140.175000", "101140.177000", "101140.179000", "101200.096000", "101200.099000", "101200.102000", "101200.104000", "101200.107000", "101200.109000", "101200.111000", "101200.114000", "101200.116000", "101200.118000", "101200.121000", "101200.123000", "101200.126000", "101200.128000", "101200.130000", "101200.133000", "101200.135000", "101200.138000", "101200.140000", "101200.142000", "101200.145000", "101200.147000", "101200.149000", "101200.152000", "101200.154000", "101200.157000", "101200.159000", "101200.161000", "101200.164000", "101200.166000", "101200.168000", "101200.171000", "101220.097000", "101220.100000", "101220.102000", "101220.105000", "101220.108000", "101220.110000", "101220.112000", "101220.115000", "101220.117000", "101220.120000", "101220.122000", "101220.124000", "101220.127000", "101220.129000", "101220.132000", "101220.134000", "101220.136000", "101220.139000", "101220.141000", "101220.144000", "101220.146000", "101220.148000", "101220.151000", "101220.153000", "101220.155000", "101220.158000", "101220.160000", "101220.172000", "101220.175000", "101220.177000", "101220.180000", "101220.182000", "101220.184000", "101226.891000", "101226.893000", "101226.896000", "101226.898000", "101226.900000", "101226.903000", "101226.905000", "101226.908000", "101226.910000", "101226.913000", "101226.915000", "101226.917000"], "InstanceCreationTime": ["100740.102000", "100740.105000", "100740.107000", "100740.110000", "100740.112000", "100740.114000", "100740.117000", "100740.120000", "100740.122000", "100740.124000", "100740.127000", "100740.134000", "100740.136000", "100740.139000", "100740.141000", "100740.143000", "100740.146000", "100740.157000", "100740.159000", "100740.162000", "100740.164000", "100740.166000", "100740.169000", "100740.171000", "100740.174000", "100740.176000", "100740.178000", "100740.181000", "100740.183000", "100740.185000", "100740.188000", "100740.190000", "100740.192000", "100740.195000", "100740.197000", "100740.199000", "100740.202000", "100740.204000", "100740.207000", "100800.097000", "100800.100000", "100800.102000", "100800.105000", "100800.107000", "100800.110000", "100800.112000", "100800.118000", "100800.121000", "100800.123000", "100800.126000", "100800.128000", "100800.130000", "100800.133000", "100800.135000", "100800.137000", "100800.140000", "100800.142000", "100800.144000", "100800.147000", "100800.149000", "100800.151000", "100800.154000", "100800.156000", "100800.159000", "100800.161000", "100800.163000", "100800.166000", "100800.168000", "100800.170000", "100800.173000", "100800.175000", "100800.177000", "100820.097000", "100820.100000", "100820.102000", "100820.105000", "100820.107000", "100820.109000", "100820.112000", "100820.114000", "100820.116000", "100820.119000", "100820.121000", "100820.123000", "100820.127000", "100820.130000", "100820.132000", "100820.135000", "100820.137000", "100820.139000", "100820.142000", "100820.144000", "100820.147000", "100820.149000", "100820.151000", "100820.154000", "100820.156000", "100820.158000", "100820.161000", "100820.163000", "100820.166000", "100820.168000", "100820.170000", "100820.173000", "100820.175000", "100840.096000", "100840.099000", "100840.101000", "100840.104000", "100840.106000", "100840.108000", "100840.111000", "100840.113000", "100840.115000", "100840.118000", "100840.120000", "100840.123000", "100840.127000", "100840.130000", "100840.132000", "100840.135000", "100840.137000", "100840.139000", "100840.142000", "100840.144000", "100840.147000", "100840.149000", "100840.151000", "100840.154000", "100840.156000", "100840.158000", "100840.161000", "100840.163000", "100840.166000", "100840.168000", "100840.170000", "100840.173000", "100840.175000", "100900.096000", "100900.099000", "100900.101000", "100900.103000", "100900.106000", "100900.108000", "100900.110000", "100900.113000", "100900.115000", "100900.117000", "100900.120000", "100900.122000", "100900.125000", "100900.127000", "100900.129000", "100900.132000", "100900.134000", "100900.137000", "100900.139000", "100900.142000", "100900.144000", "100900.146000", "100900.149000", "100900.151000", "100900.153000", "100900.156000", "100900.158000", "100900.160000", "100900.163000", "100900.165000", "100900.168000", "100900.170000", "100920.096000", "100920.099000", "100920.101000", "100920.104000", "100920.107000", "100920.109000", "100920.111000", "100920.114000", "100920.116000", "100920.119000", "100920.121000", "100920.123000", "100920.126000", "100920.128000", "100920.130000", "100920.133000", "100920.135000", "100920.137000", "100920.140000", "100920.142000", "100920.145000", "100920.147000", "100920.149000", "100920.152000", "100920.154000", "100920.157000", "100920.159000", "100920.161000", "100920.164000", "100920.166000", "100920.168000", "100920.171000", "100920.173000", "100940.096000", "100940.099000", "100940.101000", "100940.104000", "100940.106000", "100940.108000", "100940.111000", "100940.113000", "100940.115000", "100940.118000", "100940.120000", "100940.123000", "100940.125000", "100940.127000", "100940.130000", "100940.132000", "100940.134000", "100940.137000", "100940.139000", "100940.142000", "100940.144000", "100940.146000", "100940.149000", "100940.151000", "100940.175000", "100940.178000", "100940.180000", "100940.183000", "100940.185000", "100940.187000", "100940.190000", "100940.192000", "100940.195000", "101000.097000", "101000.100000", "101000.102000", "101000.105000", "101000.107000", "101000.109000", "101000.112000", "101000.114000", "101000.116000", "101000.119000", "101000.121000", "101000.124000", "101000.126000", "101000.128000", "101000.131000", "101000.133000", "101000.135000", "101000.138000", "101000.140000", "101000.143000", "101000.145000", "101000.147000", "101000.150000", "101000.152000", "101000.154000", "101000.157000", "101000.159000", "101000.162000", "101000.164000", "101000.166000", "101000.169000", "101000.171000", "101000.173000", "101020.097000", "101020.100000", "101020.102000", "101020.105000", "101020.107000", "101020.109000", "101020.112000", "101020.114000", "101020.116000", "101020.119000", "101020.121000", "101020.123000", "101020.126000", "101020.128000", "101020.131000", "101020.133000", "101020.135000", "101020.138000", "101020.140000", "101020.142000", "101020.145000", "101020.147000", "101020.150000", "101020.152000", "101020.154000", "101020.157000", "101020.159000", "101020.161000", "101020.164000", "101020.166000", "101020.168000", "101020.171000", "101020.173000", "101040.097000", "101040.100000", "101040.102000", "101040.105000", "101040.107000", "101040.110000", "101040.112000", "101040.115000", "101040.117000", "101040.119000", "101040.122000", "101040.124000", "101040.126000", "101040.129000", "101040.131000", "101040.133000", "101040.136000", "101040.138000", "101040.141000", "101040.143000", "101040.145000", "101040.148000", "101040.150000", "101040.153000", "101040.155000", "101040.157000", "101040.160000", "101040.162000", "101040.164000", "101040.167000", "101040.169000", "101040.172000", "101100.096000", "101100.099000", "101100.101000", "101100.104000", "101100.106000", "101100.109000", "101100.111000", "101100.113000", "101100.116000", "101100.118000", "101100.121000", "101100.123000", "101100.125000", "101100.128000", "101100.130000", "101100.132000", "101100.135000", "101100.137000", "101100.140000", "101100.143000", "101100.145000", "101100.148000", "101100.150000", "101100.153000", "101100.155000", "101100.158000", "101100.160000", "101100.162000", "101100.165000", "101100.167000", "101100.169000", "101100.172000", "101100.174000", "101120.096000", "101120.099000", "101120.101000", "101120.104000", "101120.106000", "101120.109000", "101120.111000", "101120.114000", "101120.116000", "101120.118000", "101120.121000", "101120.123000", "101120.126000", "101120.128000", "101120.130000", "101120.133000", "101120.135000", "101120.138000", "101120.140000", "101120.142000", "101120.145000", "101120.147000", "101120.150000", "101120.152000", "101120.154000", "101120.157000", "101120.159000", "101120.162000", "101120.164000", "101120.166000", "101120.169000", "101120.171000", "101120.174000", "101140.096000", "101140.099000", "101140.101000", "101140.104000", "101140.106000", "101140.109000", "101140.111000", "101140.113000", "101140.116000", "101140.118000", "101140.120000", "101140.123000", "101140.125000", "101140.128000", "101140.130000", "101140.132000", "101140.135000", "101140.137000", "101140.140000", "101140.142000", "101140.144000", "101140.147000", "101140.149000", "101140.152000", "101140.154000", "101140.156000", "101140.159000", "101140.161000", "101140.170000", "101140.172000", "101140.175000", "101140.177000", "101140.179000", "101200.096000", "101200.099000", "101200.102000", "101200.104000", "101200.107000", "101200.109000", "101200.111000", "101200.114000", "101200.116000", "101200.118000", "101200.121000", "101200.123000", "101200.126000", "101200.128000", "101200.130000", "101200.133000", "101200.135000", "101200.138000", "101200.140000", "101200.142000", "101200.145000", "101200.147000", "101200.149000", "101200.152000", "101200.154000", "101200.157000", "101200.159000", "101200.161000", "101200.164000", "101200.166000", "101200.168000", "101200.171000", "101220.097000", "101220.100000", "101220.102000", "101220.105000", "101220.108000", "101220.110000", "101220.112000", "101220.115000", "101220.117000", "101220.120000", "101220.122000", "101220.124000", "101220.127000", "101220.129000", "101220.132000", "101220.134000", "101220.136000", "101220.139000", "101220.141000", "101220.144000", "101220.146000", "101220.148000", "101220.151000", "101220.153000", "101220.155000", "101220.158000", "101220.160000", "101220.172000", "101220.175000", "101220.177000", "101220.180000", "101220.182000", "101220.184000", "101226.891000", "101226.893000", "101226.896000", "101226.898000", "101226.900000", "101226.903000", "101226.905000", "101226.908000", "101226.910000", "101226.913000", "101226.915000", "101226.917000"], "InstanceNumber": [1, 2, 3, 4, 5, 6, 7, 8, 9, 10, 11, 12, 13, 14, 15, 16, 17, 18, 19, 20, 21, 22, 23, 24, 25, 26, 27, 28, 29, 30, 31, 32, 33, 34, 35, 36, 37, 38, 39, 40, 41, 42, 43, 44, 45, 46, 47, 48, 49, 50, 51, 52, 53, 54, 55, 56, 57, 58, 59, 60, 61, 62, 63, 64, 65, 66, 67, 68, 69, 70, 71, 72, 73, 74, 75, 76, 77, 78, 79, 80, 81, 82, 83, 84, 85, 86, 87, 88, 89, 90, 91, 92, 93, 94, 95, 96, 97, 98, 99, 100, 101, 102, 103, 104, 105, 106, 107, 108, 109, 110, 111, 112, 113, 114, 115, 116, 117, 118, 119, 120, 121, 122, 123, 124, 125, 126, 127, 128, 129, 130, 131, 132, 133, 134, 135, 136, 137, 138, 139, 140, 141, 142, 143, 144, 145, 146, 147, 148, 149, 150, 151, 152, 153, 154, 155, 156, 157, 158, 159, 160, 161, 162, 163, 164, 165, 166, 167, 168, 169, 170, 171, 172, 173, 174, 175, 176, 177, 178, 179, 180, 181, 182, 183, 184, 185, 186, 187, 188, 189, 190, 191, 192, 193, 194, 195, 196, 197, 198, 199, 200, 201, 202, 203, 204, 205, 206, 207, 208, 209, 210, 211, 212, 213, 214, 215, 216, 217, 218, 219, 220, 221, 222, 223, 224, 225, 226, 227, 228, 229, 230, 231, 232, 233, 234, 235, 236, 237, 238, 239, 240, 241, 242, 243, 244, 245, 246, 247, 248, 249, 250, 251, 252, 253, 254, 255, 256, 257, 258, 259, 260, 261, 262, 263, 264, 265, 266, 267, 268, 269, 270, 271, 272, 273, 274, 275, 276, 277, 278, 279, 280, 281, 282, 283, 284, 285, 286, 287, 288, 289, 290, 291, 292, 293, 294, 295, 296, 297, 298, 299, 300, 301, 302, 303, 304, 305, 306, 307, 308, 309, 310, 311, 312, 313, 314, 315, 316, 317, 318, 319, 320, 321, 322, 323, 324, 325, 326, 327, 328, 329, 330, 331, 332, 333, 334, 335, 336, 337, 338, 339, 340, 341, 342, 343, 344, 345, 346, 347, 348, 349, 350, 351, 352, 353, 354, 355, 356, 357, 358, 359, 360, 361, 362, 363, 364, 365, 366, 367, 368, 369, 370, 371, 372, 373, 374, 375, 376, 377, 378, 379, 380, 381, 382, 383, 384, 385, 386, 387, 388, 389, 390, 391, 392, 393, 394, 395, 396, 397, 398, 399, 400, 401, 402, 403, 404, 405, 406, 407, 408, 409, 410, 411, 412, 413, 414, 415, 416, 417, 418, 419, 420, 421, 422, 423, 424, 425, 426, 427, 428, 429, 430, 431, 432, 433, 434, 435, 436, 437, 438, 439, 440, 441, 442, 443, 444, 445, 446, 447, 448, 449, 450, 451, 452, 453, 454, 455, 456, 457, 458, 459, 460, 461, 462, 463, 464, 465, 466, 467, 468, 469, 470, 471, 472, 473, 474, 475, 476, 477, 478, 479, 480, 481, 482, 483, 484, 485, 486, 487, 488, 489, 490, 491, 492, 493, 494, 495, 496, 497, 498, 499, 500, 501, 502, 503, 504, 505, 506, 507, 508, 509, 510], "LargestImagePixelValue": [539, 576, 575, 534, 555, 538, 528, 530, 521, 552, 538, 543, 548, 531, 524, 543, 531, 547, 568, 576, 563, 542, 534, 526, 535, 545, 551, 565, 556, 556, 556, 547, 546, 546, 533, 561, 542, 538, 533, 527, 523, 530, 527, 551, 543, 534, 530, 535, 547, 541, 526, 529, 522, 526, 559, 542, 530, 536, 556, 529, 558, 546, 550, 540, 542, 535, 542, 531, 526, 530, 522, 534, 538, 525, 536, 536, 587, 582, 561, 609, 591, 547, 570, 577, 565, 567, 542, 552, 539, 558, 558, 574, 567, 534, 553, 565, 554, 570, 575, 605, 554, 554, 574, 572, 561, 580, 547, 562, 591, 558, 565, 560, 555, 558, 571, 562, 551, 569, 555, 546, 550, 539, 564, 555, 563, 574, 594, 606, 564, 559, 561, 552, 545, 563, 555, 545, 550, 564, 571, 549, 559, 564, 554, 551, 550, 573, 553, 557, 558, 570, 564, 555, 555, 540, 533, 560, 552, 569, 556, 538, 568, 555, 548, 576, 614, 584, 565, 564, 564, 553, 545, 545, 554, 560, 553, 545, 549, 554, 584, 570, 563, 559, 549, 561, 555, 570, 574, 544, 544, 541, 546, 563, 546, 603, 593, 564, 554, 558, 564, 572, 563, 566, 557, 559, 580, 573, 571, 573, 563, 557, 541, 560, 572, 578, 557, 563, 555, 546, 561, 546, 543, 545, 545, 547, 547, 548, 546, 557, 610, 549, 606, 581, 569, 556, 552, 555, 557, 552, 543, 558, 558, 553, 559, 561, 554, 552, 575, 573, 580, 566, 565, 566, 553, 542, 552, 547, 544, 549, 538, 579, 556, 562, 552, 544, 571, 554, 545, 554, 562, 545, 557, 561, 548, 551, 546, 542, 545, 563, 570, 555, 549, 560, 570, 556, 568, 561, 563, 558, 546, 550, 554, 552, 554, 560, 550, 553, 557, 557, 576, 574, 563, 556, 571, 564, 558, 549, 541, 571, 556, 559, 554, 552, 548, 563, 559, 549, 550, 555, 563, 556, 549, 571, 560, 536, 591, 564, 550, 553, 572, 550, 584, 575, 568, 575, 569, 555, 552, 552, 549, 550, 552, 554, 558, 554, 557, 560, 563, 550, 551, 551, 547, 565, 554, 549, 550, 566, 567, 560, 566, 549, 551, 589, 561, 565, 553, 553, 550, 557, 554, 552, 555, 554, 561, 557, 553, 561, 562, 563, 559, 558, 557, 561, 556, 548, 556, 558, 551, 555, 552, 549, 549, 545, 551, 551, 551, 559, 562, 556, 554, 574, 553, 553, 547, 550, 553, 556, 548, 556, 553, 550, 552, 553, 557, 553, 554, 553, 554, 556, 556, 559, 557, 559, 554, 556, 575, 561, 555, 552, 553, 547, 553, 551, 554, 557, 558, 556, 614, 623, 601, 574, 550, 553, 585, 587, 556, 575, 560, 565, 566, 558, 570, 561, 575, 573, 555, 556, 579, 551, 552, 555, 552, 575, 552, 574, 571, 562, 556, 563, 568, 559, 571, 559, 559, 548, 565, 568, 569, 566, 553, 557, 572, 575, 562, 574, 562, 562, 554, 566, 579, 567, 553, 546, 552, 551, 559, 568, 553, 555, 544, 545, 535, 560, 560, 553, 550, 546, 554, 565, 558, 554], "WindowCenter": [317.0, 316.0, 313.0, 310.0, 313.0, 311.0, 310.0, 310.0, 308.0, 311.0, 310.0, 310.0, 309.0, 309.0, 309.0, 309.0, 309.0, 309.0, 311.0, 311.0, 310.0, 309.0, 310.0, 309.0, 310.0, 313.0, 311.0, 310.0, 310.0, 310.0, 312.0, 311.0, 309.0, 310.0, 311.0, 312.0, 310.0, 310.0, 309.0, 310.0, 309.0, 309.0, 309.0, 310.0, 309.0, 309.0, 309.0, 310.0, 309.0, 312.0, 311.0, 310.0, 308.0, 309.0, 311.0, 311.0, 309.0, 309.0, 313.0, 309.0, 310.0, 309.0, 310.0, 310.0, 309.0, 309.0, 312.0, 309.0, 309.0, 310.0, 309.0, 311.0, 311.0, 310.0, 310.0, 312.0, 313.0, 305.0, 305.0, 314.0, 310.0, 309.0, 308.0, 310.0, 307.0, 307.0, 309.0, 311.0, 308.0, 309.0, 310.0, 311.0, 312.0, 311.0, 311.0, 311.0, 310.0, 309.0, 313.0, 313.0, 313.0, 313.0, 311.0, 310.0, 310.0, 310.0, 308.0, 311.0, 313.0, 310.0, 310.0, 311.0, 312.0, 310.0, 310.0, 308.0, 304.0, 311.0, 311.0, 308.0, 310.0, 308.0, 311.0, 310.0, 311.0, 310.0, 312.0, 311.0, 309.0, 310.0, 309.0, 310.0, 309.0, 311.0, 310.0, 309.0, 310.0, 309.0, 314.0, 311.0, 310.0, 310.0, 309.0, 310.0, 310.0, 311.0, 310.0, 309.0, 309.0, 311.0, 311.0, 309.0, 308.0, 308.0, 309.0, 309.0, 309.0, 308.0, 306.0, 307.0, 311.0, 310.0, 309.0, 308.0, 311.0, 311.0, 311.0, 312.0, 310.0, 309.0, 308.0, 309.0, 309.0, 311.0, 311.0, 308.0, 309.0, 311.0, 313.0, 311.0, 311.0, 311.0, 310.0, 310.0, 310.0, 310.0, 311.0, 310.0, 309.0, 310.0, 310.0, 310.0, 311.0, 310.0, 314.0, 313.0, 311.0, 310.0, 310.0, 311.0, 310.0, 311.0, 312.0, 312.0, 312.0, 312.0, 311.0, 310.0, 309.0, 311.0, 310.0, 307.0, 310.0, 312.0, 306.0, 309.0, 307.0, 307.0, 308.0, 310.0, 309.0, 309.0, 310.0, 310.0, 310.0, 310.0, 310.0, 310.0, 312.0, 309.0, 310.0, 309.0, 309.0, 309.0, 310.0, 310.0, 311.0, 311.0, 311.0, 312.0, 312.0, 312.0, 312.0, 312.0, 312.0, 311.0, 312.0, 313.0, 312.0, 314.0, 311.0, 309.0, 310.0, 309.0, 309.0, 309.0, 309.0, 309.0, 310.0, 312.0, 310.0, 310.0, 309.0, 309.0, 312.0, 310.0, 310.0, 310.0, 310.0, 309.0, 310.0, 309.0, 310.0, 310.0, 309.0, 309.0, 310.0, 311.0, 312.0, 311.0, 311.0, 312.0, 314.0, 312.0, 313.0, 311.0, 311.0, 310.0, 310.0, 310.0, 310.0, 311.0, 311.0, 311.0, 310.0, 311.0, 310.0, 310.0, 313.0, 310.0, 310.0, 309.0, 310.0, 309.0, 308.0, 308.0, 308.0, 313.0, 309.0, 309.0, 309.0, 309.0, 309.0, 311.0, 309.0, 309.0, 310.0, 311.0, 310.0, 310.0, 310.0, 312.0, 311.0, 306.0, 309.0, 309.0, 311.0, 310.0, 310.0, 306.0, 311.0, 309.0, 308.0, 309.0, 309.0, 309.0, 309.0, 309.0, 308.0, 310.0, 310.0, 310.0, 311.0, 310.0, 310.0, 311.0, 312.0, 311.0, 311.0, 311.0, 311.0, 313.0, 312.0, 311.0, 310.0, 313.0, 312.0, 309.0, 309.0, 308.0, 307.0, 311.0, 310.0, 310.0, 310.0, 310.0, 310.0, 311.0, 312.0, 311.0, 312.0, 311.0, 311.0, 311.0, 310.0, 311.0, 310.0, 310.0, 310.0, 310.0, 310.0, 309.0, 310.0, 309.0, 309.0, 309.0, 309.0, 309.0, 309.0, 309.0, 309.0, 309.0, 310.0, 309.0, 310.0, 310.0, 311.0, 310.0, 312.0, 312.0, 310.0, 309.0, 309.0, 309.0, 310.0, 310.0, 308.0, 311.0, 310.0, 310.0, 310.0, 310.0, 311.0, 311.0, 311.0, 311.0, 311.0, 312.0, 311.0, 311.0, 311.0, 311.0, 311.0, 311.0, 312.0, 312.0, 311.0, 310.0, 310.0, 309.0, 310.0, 309.0, 309.0, 310.0, 311.0, 306.0, 312.0, 312.0, 312.0, 312.0, 306.0, 293.0, 310.0, 313.0, 310.0, 310.0, 309.0, 309.0, 310.0, 309.0, 309.0, 310.0, 310.0, 311.0, 308.0, 312.0, 314.0, 311.0, 311.0, 310.0, 311.0, 311.0, 311.0, 313.0, 314.0, 310.0, 308.0, 309.0, 309.0, 308.0, 310.0, 309.0, 308.0, 308.0, 310.0, 310.0, 310.0, 310.0, 308.0, 309.0, 309.0, 310.0, 310.0, 311.0, 310.0, 309.0, 309.0, 309.0, 310.0, 309.0, 308.0, 309.0, 309.0, 309.0, 309.0, 312.0, 310.0, 309.0, 309.0, 309.0, 305.0, 310.0, 311.0, 309.0, 308.0, 309.0, 308.0, 309.0, 310.0, 310.0], "WindowWidth": [688.0, 685.0, 679.0, 672.0, 680.0, 675.0, 673.0, 674.0, 670.0, 675.0, 673.0, 673.0, 672.0, 671.0, 672.0, 672.0, 671.0, 672.0, 674.0, 675.0, 673.0, 672.0, 673.0, 672.0, 673.0, 679.0, 676.0, 673.0, 673.0, 674.0, 676.0, 676.0, 672.0, 674.0, 675.0, 677.0, 675.0, 674.0, 673.0, 673.0, 672.0, 673.0, 672.0, 673.0, 671.0, 671.0, 671.0, 674.0, 672.0, 678.0, 675.0, 673.0, 670.0, 671.0, 676.0, 675.0, 673.0, 673.0, 679.0, 671.0, 674.0, 671.0, 675.0, 674.0, 673.0, 672.0, 677.0, 672.0, 671.0, 673.0, 672.0, 675.0, 675.0, 674.0, 675.0, 677.0, 679.0, 664.0, 664.0, 682.0, 674.0, 673.0, 670.0, 674.0, 668.0, 668.0, 672.0, 675.0, 671.0, 672.0, 674.0, 675.0, 677.0, 675.0, 676.0, 675.0, 675.0, 672.0, 679.0, 679.0, 680.0, 679.0, 676.0, 674.0, 674.0, 674.0, 672.0, 677.0, 681.0, 675.0, 674.0, 676.0, 679.0, 674.0, 673.0, 670.0, 662.0, 676.0, 677.0, 671.0, 675.0, 671.0, 676.0, 674.0, 675.0, 675.0, 677.0, 676.0, 672.0, 674.0, 673.0, 674.0, 673.0, 675.0, 675.0, 673.0, 675.0, 673.0, 682.0, 677.0, 675.0, 675.0, 673.0, 674.0, 674.0, 677.0, 674.0, 673.0, 672.0, 676.0, 677.0, 671.0, 670.0, 670.0, 673.0, 671.0, 673.0, 670.0, 666.0, 668.0, 676.0, 674.0, 673.0, 670.0, 677.0, 675.0, 675.0, 678.0, 674.0, 671.0, 671.0, 672.0, 672.0, 676.0, 676.0, 671.0, 672.0, 676.0, 679.0, 677.0, 677.0, 675.0, 674.0, 675.0, 675.0, 674.0, 675.0, 674.0, 672.0, 674.0, 674.0, 675.0, 676.0, 674.0, 681.0, 680.0, 676.0, 675.0, 674.0, 676.0, 675.0, 676.0, 677.0, 678.0, 677.0, 677.0, 676.0, 675.0, 673.0, 676.0, 673.0, 669.0, 674.0, 677.0, 667.0, 672.0, 668.0, 669.0, 671.0, 674.0, 674.0, 673.0, 673.0, 674.0, 674.0, 674.0, 673.0, 673.0, 677.0, 672.0, 674.0, 673.0, 672.0, 672.0, 674.0, 673.0, 675.0, 677.0, 677.0, 677.0, 679.0, 678.0, 678.0, 677.0, 679.0, 677.0, 677.0, 679.0, 679.0, 682.0, 676.0, 672.0, 674.0, 673.0, 672.0, 672.0, 672.0, 673.0, 675.0, 679.0, 674.0, 674.0, 673.0, 673.0, 678.0, 675.0, 674.0, 674.0, 674.0, 673.0, 674.0, 673.0, 674.0, 674.0, 673.0, 673.0, 674.0, 675.0, 677.0, 676.0, 676.0, 677.0, 681.0, 678.0, 681.0, 677.0, 677.0, 675.0, 675.0, 675.0, 675.0, 677.0, 676.0, 675.0, 674.0, 675.0, 675.0, 674.0, 680.0, 674.0, 676.0, 673.0, 674.0, 673.0, 671.0, 672.0, 671.0, 680.0, 673.0, 671.0, 673.0, 673.0, 673.0, 676.0, 673.0, 672.0, 674.0, 676.0, 674.0, 675.0, 675.0, 678.0, 676.0, 667.0, 673.0, 673.0, 677.0, 674.0, 675.0, 668.0, 677.0, 672.0, 671.0, 672.0, 673.0, 672.0, 672.0, 672.0, 672.0, 674.0, 674.0, 674.0, 676.0, 674.0, 674.0, 676.0, 678.0, 677.0, 677.0, 676.0, 676.0, 680.0, 678.0, 676.0, 674.0, 679.0, 678.0, 672.0, 672.0, 671.0, 668.0, 676.0, 674.0, 675.0, 674.0, 674.0, 675.0, 677.0, 678.0, 677.0, 677.0, 677.0, 676.0, 676.0, 674.0, 675.0, 675.0, 675.0, 674.0, 674.0, 673.0, 673.0, 675.0, 673.0, 672.0, 672.0, 672.0, 672.0, 672.0, 673.0, 673.0, 673.0, 673.0, 673.0, 675.0, 675.0, 676.0, 674.0, 677.0, 679.0, 674.0, 672.0, 672.0, 673.0, 674.0, 674.0, 672.0, 676.0, 674.0, 674.0, 674.0, 675.0, 676.0, 677.0, 676.0, 676.0, 676.0, 678.0, 676.0, 677.0, 676.0, 676.0, 676.0, 676.0, 679.0, 678.0, 676.0, 674.0, 674.0, 673.0, 673.0, 672.0, 673.0, 674.0, 676.0, 667.0, 678.0, 678.0, 678.0, 679.0, 667.0, 642.0, 673.0, 679.0, 674.0, 675.0, 672.0, 673.0, 675.0, 672.0, 673.0, 675.0, 674.0, 677.0, 671.0, 678.0, 683.0, 676.0, 675.0, 675.0, 675.0, 676.0, 676.0, 680.0, 682.0, 675.0, 672.0, 673.0, 672.0, 672.0, 674.0, 673.0, 670.0, 671.0, 674.0, 675.0, 675.0, 675.0, 671.0, 672.0, 674.0, 674.0, 675.0, 675.0, 675.0, 673.0, 672.0, 672.0, 674.0, 673.0, 671.0, 672.0, 672.0, 672.0, 672.0, 678.0, 674.0, 671.0, 672.0, 673.0, 664.0, 675.0, 677.0, 673.0, 671.0, 673.0, 670.0, 673.0, 674.0, 673.0]}, "slices": {}}, "EventTimestamp": "10-09-48"}