{"AcquisitionMatrixPE": 64, "AcquisitionNumber": 1, "AcquisitionTime": "12:23:54.702500", "BandwidthPerPixelPhaseEncode": 28.935, "BaseResolution": 64, "BodyPartExamined": "BRAIN", "CoilCombinationMethod": "Sum of Squares", "ConsistencyInfo": "N4_VE11E_LATEST_20181129", "ConversionSoftware": "dcm2niix", "ConversionSoftwareVersion": "v1.0.20230411", "DerivedVendorReportedEchoSpacing": 0.000540003, "DeviceSerialNumber": "166182", "DwellTime": 3.4e-06, "EchoTime": 0.032, "EchoTrainLength": 64, "EffectiveEchoSpacing": 0.000540003, "FlipAngle": 40, "HeudiconvVersion": "0.13.1", "ImageOrientationPatientDICOM": [0.999183, -0.0392477, 0.00966004, 0.0403061, 0.985373, -0.165579], "ImageOrientationText": "Tra>Cor(-9.5)>Sag(0.2)", "ImageType": ["ORIGINAL", "PRIMARY", "M", "ND", "NORM", "MOSAIC"], "ImagingFrequency": 123.254717, "InPlanePhaseEncodingDirectionDICOM": "COL", "InstitutionAddress": "PEARSE STREET .,City,District,IE,D2", "InstitutionName": "TCIN", "InstitutionalDepartmentName": "MRI", "MRAcquisitionType": "2D", "MagneticFieldStrength": 3, "Manufacturer": "Siemens", "ManufacturersModelName": "Prisma", "Modality": "MR", "MultibandAccelerationFactor": 4, "NonlinearGradientCorrection": false, "PartialFourier": 1, "PatientPosition": "HFS", "PercentPhaseFOV": 100, "PercentSampling": 100, "PhaseEncodingDirection": "j-", "PhaseEncodingSteps": 64, "PhaseResolution": 1, "PixelBandwidth": 2300, "ProcedureStepDescription": "Rhodri^Head BOLD", "ProtocolName": "cmrr_mbep2d_Pictures_AP_RDS", "PulseSequenceDetails": "%SiemensSeq%\\ep2d_bold", "ReceiveCoilActiveElements": "HC2,4,6,7", "ReceiveCoilName": "HeadNeck_64", "ReconMatrixPE": 64, "RefLinesPE": 12, "RepetitionTime": 0.61, "SAR": 0.227573, "ScanOptions": "FS", "ScanningSequence": "EP", "SequenceName": "*epfid2d1_64", "SequenceVariant": "SK", "SeriesDescription": "cmrr_mbep2d_Pictures_AP_RDS", "SeriesNumber": 11, "ShimSetting": [-3624, -7461, 3812, 854, -18, 492, -50, 145], "SliceThickness": 3, "SliceTiming": [0.2625, 0, 0.3275, 0.065, 0.3925, 0.13, 0.4575, 0.195, 0.5225, 0.2625, 0, 0.3275, 0.065, 0.3925, 0.13, 0.4575, 0.195, 0.5225, 0.2625, 0, 0.3275, 0.065, 0.3925, 0.13, 0.4575, 0.195, 0.5225, 0.2625, 0, 0.3275, 0.065, 0.3925, 0.13, 0.4575, 0.195, 0.5225], "SoftwareVersions": "syngo MR E11", "SpacingBetweenSlices": 3.3, "StationName": "AWP166182", "TaskName": "pictures", "TotalReadoutTime": 0.0340202, "TxRefAmp": 266.67, "dcmmeta_affine": [[-2.9975483417510986, 0.1209181621670723, 0.009966467507183552, 94.28240966796875], [0.11774313449859619, 2.956117630004883, -0.5472490787506104, -94.8983383178711], [0.02898012287914753, 0.496737003326416, 3.2542924880981445, -119.61953735351562], [0.0, 0.0, 0.0, 1.0]], "dcmmeta_reorient_transform": [[0.0, -1.0, 0.0, 63.0], [1.0, 0.0, 0.0, 0.0], [0.0, 0.0, 1.0, 0.0], [0.0, 0.0, 0.0, 1.0]], "dcmmeta_shape": [64, 64, 36, 406], "dcmmeta_slice_dim": 2, "dcmmeta_version": 0.6, "global": {"const": {"AcquisitionMatrix": [64, 0, 0, 64], "AngioFlag": "N", "BitsAllocated": 16, "BitsStored": 12, "BodyPartExamined": "BRAIN", "Columns": 384, "EchoNumbers": 1, "EchoTime": 32.0, "EchoTrainLength": 64, "FlipAngle": 40.0, "HighBit": 11, "ImageOrientationPatient": [0.99918281644496, -0.0392477124812, 0.00966004068903, 0.04030605494475, 0.98537252680104, -0.1655790003609], "ImagePositionPatient": [-600.85490913052, -545.47697792859, -13.48400656054], "ImageType": ["ORIGINAL", "PRIMARY", "M", "ND", "NORM", "MOSAIC"], "ImagedNucleus": "1H", "ImagingFrequency": 123.254717, "InPlanePhaseEncodingDirection": "COL", "MRAcquisitionType": "2D", "MagneticFieldStrength": 3.0, "Manufacturer": "SIEMENS", "ManufacturerModelName": "Prisma", "Modality": "MR", "NumberOfAverages": 1.0, "NumberOfPhaseEncodingSteps": 64, "PercentPhaseFieldOfView": 100.0, "PercentSampling": 100.0, "PerformedProcedureStepStartTime": "114835.064000", "PhotometricInterpretation": "MONOCHROME2", "PixelBandwidth": 2300.0, "PixelRepresentation": 0, "PixelSpacing": [3.0, 3.0], "ProtocolName": "cmrr_mbep2d_Pictures_AP_RDS", "RepetitionTime": 610.0, "Rows": 384, "SAR": 0.22757324813693, "SamplesPerPixel": 1, "ScanOptions": "FS", "ScanningSequence": "EP", "SequenceName": "*epfid2d1_64", "SequenceVariant": "SK", "SeriesDescription": "cmrr_mbep2d_Pictures_AP_RDS", "SeriesNumber": 11, "SeriesTime": "122407.964000", "SliceLocation": -101.94068652819, "SliceThickness": 3.0, "SmallestImagePixelValue": 0, "SoftwareVersions": "syngo MR E11", "SpacingBetweenSlices": 3.3000000706694, "SpecificCharacterSet": "ISO_IR 100", "StudyID": "1", "StudyTime": "114835.010000", "TransmitCoilName": "Body", "VariableFlipAngleFlag": "N", "WindowCenterWidthExplanation": "Algo1"}, "slices": {}}, "time": {"samples": {"AcquisitionNumber": [1, 2, 3, 4, 5, 6, 7, 8, 9, 10, 11, 12, 13, 14, 15, 16, 17, 18, 19, 20, 21, 22, 23, 24, 25, 26, 27, 28, 29, 30, 31, 32, 33, 34, 35, 36, 37, 38, 39, 40, 41, 42, 43, 44, 45, 46, 47, 48, 49, 50, 51, 52, 53, 54, 55, 56, 57, 58, 59, 60, 61, 62, 63, 64, 65, 66, 67, 68, 69, 70, 71, 72, 73, 74, 75, 76, 77, 78, 79, 80, 81, 82, 83, 84, 85, 86, 87, 88, 89, 90, 91, 92, 93, 94, 95, 96, 97, 98, 99, 100, 101, 102, 103, 104, 105, 106, 107, 108, 109, 110, 111, 112, 113, 114, 115, 116, 117, 118, 119, 120, 121, 122, 123, 124, 125, 126, 127, 128, 129, 130, 131, 132, 133, 134, 135, 136, 137, 138, 139, 140, 141, 142, 143, 144, 145, 146, 147, 148, 149, 150, 151, 152, 153, 154, 155, 156, 157, 158, 159, 160, 161, 162, 163, 164, 165, 166, 167, 168, 169, 170, 171, 172, 173, 174, 175, 176, 177, 178, 179, 180, 181, 182, 183, 184, 185, 186, 187, 188, 189, 190, 191, 192, 193, 194, 195, 196, 197, 198, 199, 200, 201, 202, 203, 204, 205, 206, 207, 208, 209, 210, 211, 212, 213, 214, 215, 216, 217, 218, 219, 220, 221, 222, 223, 224, 225, 226, 227, 228, 229, 230, 231, 232, 233, 234, 235, 236, 237, 238, 239, 240, 241, 242, 243, 244, 245, 246, 247, 248, 249, 250, 251, 252, 253, 254, 255, 256, 257, 258, 259, 260, 261, 262, 263, 264, 265, 266, 267, 268, 269, 270, 271, 272, 273, 274, 275, 276, 277, 278, 279, 280, 281, 282, 283, 284, 285, 286, 287, 288, 289, 290, 291, 292, 293, 294, 295, 296, 297, 298, 299, 300, 301, 302, 303, 304, 305, 306, 307, 308, 309, 310, 311, 312, 313, 314, 315, 316, 317, 318, 319, 320, 321, 322, 323, 324, 325, 326, 327, 328, 329, 330, 331, 332, 333, 334, 335, 336, 337, 338, 339, 340, 341, 342, 343, 344, 345, 346, 347, 348, 349, 350, 351, 352, 353, 354, 355, 356, 357, 358, 359, 360, 361, 362, 363, 364, 365, 366, 367, 368, 369, 370, 371, 372, 373, 374, 375, 376, 377, 378, 379, 380, 381, 382, 383, 384, 385, 386, 387, 388, 389, 390, 391, 392, 393, 394, 395, 396, 397, 398, 399, 400, 401, 402, 403, 404, 405, 406], "AcquisitionTime": ["122354.702500", "122355.312500", "122355.922500", "122356.532500", "122357.142500", "122357.752500", "122358.362500", "122358.972500", "122359.582500", "122400.192500", "122400.802500", "122401.412500", "122402.022500", "122402.632500", "122403.242500", "122403.852500", "122404.462500", "122405.072500", "122405.682500", "122406.292500", "122406.902500", "122407.512500", "122408.122500", "122408.732500", "122409.342500", "122409.952500", "122410.562500", "122411.172500", "122411.782500", "122412.392500", "122413.002500", "122413.612500", "122414.222500", "122414.832500", "122415.442500", "122416.052500", "122416.662500", "122417.272500", "122417.882500", "122418.492500", "122419.102500", "122419.712500", "122420.322500", "122420.932500", "122421.542500", "122422.152500", "122422.762500", "122423.372500", "122423.982500", "122424.592500", "122425.202500", "122425.812500", "122426.422500", "122427.032500", "122427.642500", "122428.252500", "122428.862500", "122429.472500", "122430.082500", "122430.692500", "122431.302500", "122431.912500", "122432.522500", "122433.132500", "122433.742500", "122434.352500", "122434.962500", "122435.572500", "122436.182500", "122436.792500", "122437.402500", "122438.012500", "122438.622500", "122439.232500", "122439.842500", "122440.452500", "122441.062500", "122441.672500", "122442.282500", "122442.892500", "122443.502500", "122444.112500", "122444.722500", "122445.332500", "122445.942500", "122446.552500", "122447.162500", "122447.772500", "122448.382500", "122448.992500", "122449.602500", "122450.212500", "122450.822500", "122451.432500", "122452.042500", "122452.652500", "122453.262500", "122453.872500", "122454.482500", "122455.092500", "122455.702500", "122456.312500", "122456.922500", "122457.532500", "122458.142500", "122458.752500", "122459.362500", "122459.972500", "122500.582500", "122501.192500", "122501.802500", "122502.412500", "122503.022500", "122503.632500", "122504.242500", "122504.852500", "122505.462500", "122506.072500", "122506.682500", "122507.292500", "122507.902500", "122508.512500", "122509.122500", "122509.732500", "122510.342500", "122510.952500", "122511.562500", "122512.172500", "122512.782500", "122513.392500", "122514.002500", "122514.612500", "122515.222500", "122515.832500", "122516.442500", "122517.052500", "122517.662500", "122518.272500", "122518.882500", "122519.492500", "122520.102500", "122520.712500", "122521.322500", "122521.932500", "122522.542500", "122523.152500", "122523.762500", "122524.372500", "122524.982500", "122525.592500", "122526.202500", "122526.812500", "122527.422500", "122528.032500", "122528.642500", "122529.252500", "122529.862500", "122530.472500", "122531.082500", "122531.692500", "122532.302500", "122532.912500", "122533.522500", "122534.132500", "122534.742500", "122535.352500", "122535.962500", "122536.572500", "122537.182500", "122537.792500", "122538.402500", "122539.012500", "122539.622500", "122540.232500", "122540.842500", "122541.452500", "122542.062500", "122542.672500", "122543.282500", "122543.892500", "122544.502500", "122545.112500", "122545.722500", "122546.332500", "122546.942500", "122547.552500", "122548.162500", "122548.772500", "122549.382500", "122549.992500", "122550.602500", "122551.212500", "122551.822500", "122552.432500", "122553.042500", "122553.652500", "122554.262500", "122554.872500", "122555.482500", "122556.092500", "122556.702500", "122557.312500", "122557.922500", "122558.532500", "122559.142500", "122559.752500", "122600.362500", "122600.972500", "122601.582500", "122602.192500", "122602.802500", "122603.412500", "122604.022500", "122604.632500", "122605.242500", "122605.852500", "122606.462500", "122607.072500", "122607.682500", "122608.292500", "122608.902500", "122609.512500", "122610.122500", "122610.732500", "122611.342500", "122611.952500", "122612.562500", "122613.172500", "122613.782500", "122614.392500", "122615.002500", "122615.612500", "122616.222500", "122616.832500", "122617.442500", "122618.052500", "122618.662500", "122619.272500", "122619.882500", "122620.492500", "122621.102500", "122621.712500", "122622.322500", "122622.932500", "122623.542500", "122624.152500", "122624.762500", "122625.372500", "122625.982500", "122626.592500", "122627.202500", "122627.812500", "122628.422500", "122629.032500", "122629.642500", "122630.252500", "122630.862500", "122631.472500", "122632.082500", "122632.692500", "122633.302500", "122633.912500", "122634.522500", "122635.132500", "122635.742500", "122636.352500", "122636.962500", "122637.572500", "122638.182500", "122638.792500", "122639.402500", "122640.012500", "122640.622500", "122641.232500", "122641.842500", "122642.452500", "122643.062500", "122643.672500", "122644.282500", "122644.892500", "122645.502500", "122646.112500", "122646.722500", "122647.332500", "122647.942500", "122648.552500", "122649.162500", "122649.772500", "122650.382500", "122650.992500", "122651.602500", "122652.212500", "122652.822500", "122653.432500", "122654.042500", "122654.652500", "122655.262500", "122655.872500", "122656.482500", "122657.092500", "122657.702500", "122658.312500", "122658.922500", "122659.532500", "122700.142500", "122700.752500", "122701.362500", "122701.972500", "122702.582500", "122703.192500", "122703.802500", "122704.412500", "122705.022500", "122705.632500", "122706.242500", "122706.852500", "122707.462500", "122708.072500", "122708.682500", "122709.292500", "122709.902500", "122710.512500", "122711.122500", "122711.732500", "122712.342500", "122712.952500", "122713.562500", "122714.172500", "122714.782500", "122715.392500", "122716.002500", "122716.612500", "122717.222500", "122717.832500", "122718.442500", "122719.052500", "122719.662500", "122720.272500", "122720.882500", "122721.492500", "122722.102500", "122722.712500", "122723.322500", "122723.932500", "122724.542500", "122725.152500", "122725.762500", "122726.372500", "122726.982500", "122727.592500", "122728.202500", "122728.812500", "122729.422500", "122730.032500", "122730.642500", "122731.252500", "122731.862500", "122732.472500", "122733.082500", "122733.692500", "122734.302500", "122734.912500", "122735.522500", "122736.132500", "122736.742500", "122737.352500", "122737.962500", "122738.572500", "122739.182500", "122739.792500", "122740.402500", "122741.012500", "122741.622500", "122742.232500", "122742.842500", "122743.452500", "122744.062500", "122744.672500", "122745.282500", "122745.892500", "122746.502500", "122747.112500", "122747.722500", "122748.332500", "122748.942500", "122749.552500", "122750.162500", "122750.772500", "122751.382500", "122751.992500", "122752.602500", "122753.212500", "122753.822500", "122754.432500", "122755.042500", "122755.652500", "122756.262500", "122756.872500", "122757.482500", "122758.092500", "122758.702500", "122759.312500", "122759.922500", "122800.532500", "122801.142500", "122801.752500"], "ContentTime": ["122407.968000", "122407.971000", "122407.974000", "122407.977000", "122407.979000", "122407.982000", "122407.984000", "122407.986000", "122407.990000", "122407.993000", "122407.995000", "122407.998000", "122408.001000", "122408.004000", "122408.007000", "122408.009000", "122408.018000", "122408.020000", "122408.023000", "122408.025000", "122408.028000", "122427.964000", "122427.971000", "122427.974000", "122427.976000", "122427.979000", "122427.981000", "122427.983000", "122427.986000", "122427.988000", "122427.990000", "122427.993000", "122427.995000", "122427.998000", "122428.000000", "122428.003000", "122428.005000", "122428.008000", "122428.010000", "122428.013000", "122428.015000", "122428.017000", "122428.020000", "122428.022000", "122428.024000", "122428.027000", "122428.029000", "122428.032000", "122428.034000", "122428.037000", "122428.044000", "122428.046000", "122428.049000", "122428.051000", "122447.963000", "122447.966000", "122447.968000", "122447.971000", "122447.973000", "122447.976000", "122447.978000", "122447.981000", "122447.983000", "122447.985000", "122447.990000", "122447.992000", "122447.995000", "122447.997000", "122448.000000", "122448.003000", "122448.005000", "122448.007000", "122448.010000", "122448.012000", "122448.015000", "122448.017000", "122448.020000", "122448.022000", "122448.024000", "122448.027000", "122448.029000", "122448.031000", "122448.034000", "122448.036000", "122448.039000", "122448.041000", "122448.044000", "122507.963000", "122507.966000", "122507.969000", "122507.971000", "122507.973000", "122507.976000", "122507.979000", "122507.981000", "122507.983000", "122507.986000", "122507.996000", "122508.000000", "122508.002000", "122508.004000", "122508.007000", "122508.009000", "122508.012000", "122508.014000", "122508.016000", "122508.019000", "122508.021000", "122508.024000", "122508.026000", "122508.028000", "122508.031000", "122508.033000", "122508.036000", "122508.038000", "122508.040000", "122508.043000", "122508.046000", "122508.048000", "122527.963000", "122527.966000", "122527.968000", "122527.971000", "122527.973000", "122527.976000", "122527.978000", "122527.980000", "122527.983000", "122527.986000", "122527.988000", "122527.990000", "122527.993000", "122527.995000", "122527.998000", "122528.004000", "122528.006000", "122528.009000", "122528.012000", "122528.014000", "122528.017000", "122528.019000", "122528.022000", "122528.024000", "122528.026000", "122528.029000", "122528.031000", "122528.034000", "122528.036000", "122528.039000", "122528.041000", "122528.043000", "122528.046000", "122547.963000", "122547.966000", "122547.968000", "122547.971000", "122547.973000", "122547.976000", "122547.978000", "122547.980000", "122547.983000", "122547.985000", "122547.988000", "122547.990000", "122547.992000", "122547.995000", "122547.997000", "122548.001000", "122548.003000", "122548.006000", "122548.008000", "122548.010000", "122548.013000", "122548.016000", "122548.018000", "122548.020000", "122548.023000", "122548.025000", "122548.028000", "122548.030000", "122548.032000", "122548.035000", "122548.037000", "122548.047000", "122548.049000", "122607.963000", "122607.966000", "122607.969000", "122607.972000", "122607.974000", "122607.976000", "122607.979000", "122607.981000", "122607.984000", "122607.986000", "122607.988000", "122607.991000", "122607.993000", "122607.996000", "122607.998000", "122608.001000", "122608.004000", "122608.006000", "122608.009000", "122608.011000", "122608.014000", "122608.016000", "122608.019000", "122608.036000", "122608.038000", "122608.041000", "122608.043000", "122608.045000", "122608.048000", "122608.050000", "122608.053000", "122608.055000", "122608.057000", "122627.963000", "122627.966000", "122627.968000", "122627.971000", "122627.973000", "122627.976000", "122627.978000", "122627.981000", "122627.983000", "122627.985000", "122627.988000", "122627.990000", "122627.993000", "122627.995000", "122627.997000", "122628.001000", "122628.003000", "122628.006000", "122628.008000", "122628.011000", "122628.013000", "122628.016000", "122628.018000", "122628.020000", "122628.023000", "122628.025000", "122628.028000", "122628.030000", "122628.032000", "122628.035000", "122628.037000", "122628.040000", "122628.042000", "122647.964000", "122647.967000", "122647.969000", "122647.972000", "122647.974000", "122647.977000", "122647.979000", "122647.982000", "122647.984000", "122647.987000", "122647.989000", "122647.992000", "122647.994000", "122647.996000", "122647.999000", "122648.001000", "122648.004000", "122648.006000", "122648.008000", "122648.011000", "122648.013000", "122648.016000", "122648.018000", "122648.020000", "122648.027000", "122648.029000", "122648.032000", "122648.034000", "122648.037000", "122648.039000", "122648.041000", "122648.044000", "122707.963000", "122707.966000", "122707.969000", "122707.971000", "122707.973000", "122707.976000", "122707.978000", "122707.981000", "122707.983000", "122707.985000", "122707.988000", "122707.990000", "122707.992000", "122707.995000", "122707.997000", "122708.001000", "122708.003000", "122708.005000", "122708.008000", "122708.010000", "122708.013000", "122708.015000", "122708.018000", "122708.020000", "122708.022000", "122708.025000", "122708.027000", "122708.030000", "122708.032000", "122708.035000", "122708.037000", "122708.039000", "122708.042000", "122727.963000", "122727.966000", "122727.969000", "122727.971000", "122727.974000", "122727.976000", "122727.978000", "122727.981000", "122727.983000", "122727.986000", "122727.988000", "122727.991000", "122727.993000", "122727.995000", "122727.998000", "122728.001000", "122728.004000", "122728.006000", "122728.009000", "122728.011000", "122728.013000", "122728.016000", "122728.018000", "122728.021000", "122728.023000", "122728.025000", "122728.028000", "122728.030000", "122728.032000", "122728.035000", "122728.037000", "122728.040000", "122728.042000", "122747.964000", "122747.966000", "122747.969000", "122747.971000", "122747.974000", "122747.976000", "122747.978000", "122747.981000", "122747.983000", "122747.986000", "122747.988000", "122747.990000", "122747.993000", "122747.995000", "122747.998000", "122748.001000", "122748.004000", "122748.006000", "122748.008000", "122748.011000", "122748.013000", "122748.016000", "122748.018000", "122748.021000", "122748.023000", "122748.025000", "122748.028000", "122748.030000", "122748.033000", "122748.035000", "122748.038000", "122748.040000", "122748.042000", "122803.149000", "122803.152000", "122803.154000", "122803.157000", "122803.159000", "122803.161000", "122803.164000", "122803.166000", "122803.169000", "122803.171000", "122803.173000", "122803.176000", "122803.179000", "122803.182000", "122803.185000", "122803.188000", "122803.190000", "122803.193000", "122803.225000", "122803.228000", "122803.230000", "122803.233000", "122803.235000", "122803.238000"], "InstanceCreationTime": ["122407.968000", "122407.971000", "122407.974000", "122407.977000", "122407.979000", "122407.982000", "122407.984000", "122407.986000", "122407.990000", "122407.993000", "122407.995000", "122407.998000", "122408.001000", "122408.004000", "122408.007000", "122408.009000", "122408.018000", "122408.020000", "122408.023000", "122408.025000", "122408.028000", "122427.964000", "122427.971000", "122427.974000", "122427.976000", "122427.979000", "122427.981000", "122427.983000", "122427.986000", "122427.988000", "122427.990000", "122427.993000", "122427.995000", "122427.998000", "122428.000000", "122428.003000", "122428.005000", "122428.008000", "122428.010000", "122428.013000", "122428.015000", "122428.017000", "122428.020000", "122428.022000", "122428.024000", "122428.027000", "122428.029000", "122428.032000", "122428.034000", "122428.037000", "122428.044000", "122428.046000", "122428.049000", "122428.051000", "122447.963000", "122447.966000", "122447.968000", "122447.971000", "122447.973000", "122447.976000", "122447.978000", "122447.981000", "122447.983000", "122447.985000", "122447.990000", "122447.992000", "122447.995000", "122447.997000", "122448.000000", "122448.003000", "122448.005000", "122448.007000", "122448.010000", "122448.012000", "122448.015000", "122448.017000", "122448.020000", "122448.022000", "122448.024000", "122448.027000", "122448.029000", "122448.031000", "122448.034000", "122448.036000", "122448.039000", "122448.041000", "122448.044000", "122507.963000", "122507.966000", "122507.969000", "122507.971000", "122507.973000", "122507.976000", "122507.979000", "122507.981000", "122507.983000", "122507.986000", "122507.996000", "122508.000000", "122508.002000", "122508.004000", "122508.007000", "122508.009000", "122508.012000", "122508.014000", "122508.016000", "122508.019000", "122508.021000", "122508.024000", "122508.026000", "122508.028000", "122508.031000", "122508.033000", "122508.036000", "122508.038000", "122508.040000", "122508.043000", "122508.046000", "122508.048000", "122527.963000", "122527.966000", "122527.968000", "122527.971000", "122527.973000", "122527.976000", "122527.978000", "122527.980000", "122527.983000", "122527.986000", "122527.988000", "122527.990000", "122527.993000", "122527.995000", "122527.998000", "122528.004000", "122528.006000", "122528.009000", "122528.012000", "122528.014000", "122528.017000", "122528.019000", "122528.022000", "122528.024000", "122528.026000", "122528.029000", "122528.031000", "122528.034000", "122528.036000", "122528.039000", "122528.041000", "122528.043000", "122528.046000", "122547.963000", "122547.966000", "122547.968000", "122547.971000", "122547.973000", "122547.976000", "122547.978000", "122547.980000", "122547.983000", "122547.985000", "122547.988000", "122547.990000", "122547.992000", "122547.995000", "122547.997000", "122548.001000", "122548.003000", "122548.006000", "122548.008000", "122548.010000", "122548.013000", "122548.016000", "122548.018000", "122548.020000", "122548.023000", "122548.025000", "122548.028000", "122548.030000", "122548.032000", "122548.035000", "122548.037000", "122548.047000", "122548.049000", "122607.963000", "122607.966000", "122607.969000", "122607.972000", "122607.974000", "122607.976000", "122607.979000", "122607.981000", "122607.984000", "122607.986000", "122607.988000", "122607.991000", "122607.993000", "122607.996000", "122607.998000", "122608.001000", "122608.004000", "122608.006000", "122608.009000", "122608.011000", "122608.014000", "122608.016000", "122608.019000", "122608.036000", "122608.038000", "122608.041000", "122608.043000", "122608.045000", "122608.048000", "122608.050000", "122608.053000", "122608.055000", "122608.057000", "122627.963000", "122627.966000", "122627.968000", "122627.971000", "122627.973000", "122627.976000", "122627.978000", "122627.981000", "122627.983000", "122627.985000", "122627.988000", "122627.990000", "122627.993000", "122627.995000", "122627.997000", "122628.001000", "122628.003000", "122628.006000", "122628.008000", "122628.011000", "122628.013000", "122628.016000", "122628.018000", "122628.020000", "122628.023000", "122628.025000", "122628.028000", "122628.030000", "122628.032000", "122628.035000", "122628.037000", "122628.040000", "122628.042000", "122647.964000", "122647.967000", "122647.969000", "122647.972000", "122647.974000", "122647.977000", "122647.979000", "122647.982000", "122647.984000", "122647.987000", "122647.989000", "122647.992000", "122647.994000", "122647.996000", "122647.999000", "122648.001000", "122648.004000", "122648.006000", "122648.008000", "122648.011000", "122648.013000", "122648.016000", "122648.018000", "122648.020000", "122648.027000", "122648.029000", "122648.032000", "122648.034000", "122648.037000", "122648.039000", "122648.041000", "122648.044000", "122707.963000", "122707.966000", "122707.969000", "122707.971000", "122707.973000", "122707.976000", "122707.978000", "122707.981000", "122707.983000", "122707.985000", "122707.988000", "122707.990000", "122707.992000", "122707.995000", "122707.997000", "122708.001000", "122708.003000", "122708.005000", "122708.008000", "122708.010000", "122708.013000", "122708.015000", "122708.018000", "122708.020000", "122708.022000", "122708.025000", "122708.027000", "122708.030000", "122708.032000", "122708.035000", "122708.037000", "122708.039000", "122708.042000", "122727.963000", "122727.966000", "122727.969000", "122727.971000", "122727.974000", "122727.976000", "122727.978000", "122727.981000", "122727.983000", "122727.986000", "122727.988000", "122727.991000", "122727.993000", "122727.995000", "122727.998000", "122728.001000", "122728.004000", "122728.006000", "122728.009000", "122728.011000", "122728.013000", "122728.016000", "122728.018000", "122728.021000", "122728.023000", "122728.025000", "122728.028000", "122728.030000", "122728.032000", "122728.035000", "122728.037000", "122728.040000", "122728.042000", "122747.964000", "122747.966000", "122747.969000", "122747.971000", "122747.974000", "122747.976000", "122747.978000", "122747.981000", "122747.983000", "122747.986000", "122747.988000", "122747.990000", "122747.993000", "122747.995000", "122747.998000", "122748.001000", "122748.004000", "122748.006000", "122748.008000", "122748.011000", "122748.013000", "122748.016000", "122748.018000", "122748.021000", "122748.023000", "122748.025000", "122748.028000", "122748.030000", "122748.033000", "122748.035000", "122748.038000", "122748.040000", "122748.042000", "122803.149000", "122803.152000", "122803.154000", "122803.157000", "122803.159000", "122803.161000", "122803.164000", "122803.166000", "122803.169000", "122803.171000", "122803.173000", "122803.176000", "122803.179000", "122803.182000", "122803.185000", "122803.188000", "122803.190000", "122803.193000", "122803.225000", "122803.228000", "122803.230000", "122803.233000", "122803.235000", "122803.238000"], "InstanceNumber": [1, 2, 3, 4, 5, 6, 7, 8, 9, 10, 11, 12, 13, 14, 15, 16, 17, 18, 19, 20, 21, 22, 23, 24, 25, 26, 27, 28, 29, 30, 31, 32, 33, 34, 35, 36, 37, 38, 39, 40, 41, 42, 43, 44, 45, 46, 47, 48, 49, 50, 51, 52, 53, 54, 55, 56, 57, 58, 59, 60, 61, 62, 63, 64, 65, 66, 67, 68, 69, 70, 71, 72, 73, 74, 75, 76, 77, 78, 79, 80, 81, 82, 83, 84, 85, 86, 87, 88, 89, 90, 91, 92, 93, 94, 95, 96, 97, 98, 99, 100, 101, 102, 103, 104, 105, 106, 107, 108, 109, 110, 111, 112, 113, 114, 115, 116, 117, 118, 119, 120, 121, 122, 123, 124, 125, 126, 127, 128, 129, 130, 131, 132, 133, 134, 135, 136, 137, 138, 139, 140, 141, 142, 143, 144, 145, 146, 147, 148, 149, 150, 151, 152, 153, 154, 155, 156, 157, 158, 159, 160, 161, 162, 163, 164, 165, 166, 167, 168, 169, 170, 171, 172, 173, 174, 175, 176, 177, 178, 179, 180, 181, 182, 183, 184, 185, 186, 187, 188, 189, 190, 191, 192, 193, 194, 195, 196, 197, 198, 199, 200, 201, 202, 203, 204, 205, 206, 207, 208, 209, 210, 211, 212, 213, 214, 215, 216, 217, 218, 219, 220, 221, 222, 223, 224, 225, 226, 227, 228, 229, 230, 231, 232, 233, 234, 235, 236, 237, 238, 239, 240, 241, 242, 243, 244, 245, 246, 247, 248, 249, 250, 251, 252, 253, 254, 255, 256, 257, 258, 259, 260, 261, 262, 263, 264, 265, 266, 267, 268, 269, 270, 271, 272, 273, 274, 275, 276, 277, 278, 279, 280, 281, 282, 283, 284, 285, 286, 287, 288, 289, 290, 291, 292, 293, 294, 295, 296, 297, 298, 299, 300, 301, 302, 303, 304, 305, 306, 307, 308, 309, 310, 311, 312, 313, 314, 315, 316, 317, 318, 319, 320, 321, 322, 323, 324, 325, 326, 327, 328, 329, 330, 331, 332, 333, 334, 335, 336, 337, 338, 339, 340, 341, 342, 343, 344, 345, 346, 347, 348, 349, 350, 351, 352, 353, 354, 355, 356, 357, 358, 359, 360, 361, 362, 363, 364, 365, 366, 367, 368, 369, 370, 371, 372, 373, 374, 375, 376, 377, 378, 379, 380, 381, 382, 383, 384, 385, 386, 387, 388, 389, 390, 391, 392, 393, 394, 395, 396, 397, 398, 399, 400, 401, 402, 403, 404, 405, 406], "LargestImagePixelValue": [789, 1045, 801, 762, 743, 749, 746, 755, 769, 912, 784, 765, 777, 762, 762, 770, 764, 752, 757, 768, 757, 762, 773, 774, 781, 766, 772, 770, 767, 758, 779, 758, 805, 766, 851, 882, 759, 896, 780, 749, 897, 781, 765, 752, 766, 778, 746, 779, 749, 900, 745, 741, 742, 748, 753, 763, 784, 761, 784, 762, 755, 749, 748, 812, 767, 758, 839, 790, 752, 734, 754, 757, 751, 790, 775, 828, 788, 886, 767, 790, 857, 773, 1062, 820, 767, 752, 917, 758, 783, 837, 768, 752, 752, 745, 770, 759, 760, 794, 835, 770, 755, 758, 820, 742, 756, 740, 752, 1030, 922, 773, 805, 1068, 756, 752, 801, 746, 758, 756, 756, 758, 768, 762, 799, 969, 848, 775, 1024, 855, 739, 743, 770, 904, 776, 756, 762, 753, 771, 771, 759, 758, 754, 752, 751, 750, 769, 762, 763, 752, 765, 761, 763, 763, 751, 742, 766, 756, 771, 757, 803, 792, 787, 776, 774, 770, 769, 769, 786, 774, 766, 773, 822, 774, 770, 776, 787, 774, 834, 818, 758, 799, 790, 804, 947, 869, 889, 853, 832, 740, 826, 748, 723, 799, 788, 733, 768, 826, 726, 789, 754, 738, 910, 776, 752, 1028, 800, 741, 947, 755, 733, 913, 730, 834, 743, 746, 869, 747, 972, 782, 843, 1118, 756, 858, 969, 772, 868, 1044, 843, 843, 1089, 771, 784, 830, 764, 797, 762, 771, 1009, 773, 769, 957, 901, 767, 947, 1111, 765, 770, 831, 914, 749, 803, 837, 774, 790, 791, 782, 832, 779, 773, 778, 771, 765, 821, 778, 785, 784, 777, 804, 773, 784, 781, 786, 872, 787, 788, 846, 787, 885, 1077, 887, 783, 1099, 992, 758, 813, 1198, 843, 768, 816, 769, 762, 778, 779, 771, 776, 1075, 842, 770, 938, 757, 767, 909, 815, 755, 762, 962, 757, 765, 840, 765, 772, 871, 767, 768, 889, 775, 767, 844, 760, 778, 778, 778, 789, 769, 779, 837, 775, 771, 782, 948, 774, 779, 787, 777, 787, 793, 777, 791, 791, 779, 793, 796, 782, 793, 786, 788, 799, 782, 792, 791, 791, 838, 779, 792, 792, 778, 886, 768, 779, 792, 781, 788, 790, 777, 873, 768, 779, 787, 780, 790, 787, 774, 785, 787, 773, 787, 773, 779, 841, 785, 774, 783, 786, 783, 780, 767, 771, 804, 759, 771, 766, 759, 768, 775, 764, 779, 766, 776, 778, 772, 784, 828, 774, 780, 896, 771, 776], "WindowCenter": [448.0, 449.0, 446.0, 444.0, 443.0, 445.0, 443.0, 444.0, 444.0, 446.0, 445.0, 444.0, 444.0, 444.0, 445.0, 446.0, 444.0, 445.0, 446.0, 446.0, 445.0, 447.0, 447.0, 446.0, 446.0, 447.0, 445.0, 443.0, 445.0, 444.0, 446.0, 444.0, 446.0, 447.0, 445.0, 446.0, 445.0, 447.0, 445.0, 442.0, 446.0, 447.0, 445.0, 445.0, 444.0, 445.0, 445.0, 443.0, 443.0, 446.0, 443.0, 442.0, 441.0, 443.0, 443.0, 443.0, 445.0, 443.0, 444.0, 442.0, 445.0, 443.0, 446.0, 448.0, 445.0, 443.0, 446.0, 445.0, 443.0, 442.0, 443.0, 445.0, 445.0, 447.0, 447.0, 448.0, 448.0, 445.0, 443.0, 445.0, 446.0, 444.0, 449.0, 446.0, 446.0, 444.0, 449.0, 448.0, 446.0, 449.0, 447.0, 445.0, 446.0, 444.0, 445.0, 445.0, 445.0, 444.0, 447.0, 446.0, 441.0, 443.0, 444.0, 442.0, 443.0, 444.0, 442.0, 448.0, 444.0, 445.0, 441.0, 445.0, 440.0, 439.0, 442.0, 443.0, 444.0, 445.0, 445.0, 443.0, 444.0, 444.0, 442.0, 447.0, 443.0, 442.0, 446.0, 443.0, 442.0, 439.0, 443.0, 444.0, 443.0, 443.0, 444.0, 443.0, 441.0, 442.0, 441.0, 441.0, 440.0, 444.0, 441.0, 443.0, 442.0, 442.0, 442.0, 443.0, 443.0, 443.0, 442.0, 443.0, 441.0, 440.0, 447.0, 446.0, 443.0, 443.0, 445.0, 446.0, 448.0, 447.0, 447.0, 446.0, 445.0, 442.0, 445.0, 447.0, 445.0, 445.0, 445.0, 446.0, 446.0, 444.0, 447.0, 450.0, 445.0, 447.0, 448.0, 448.0, 447.0, 447.0, 447.0, 446.0, 445.0, 446.0, 445.0, 444.0, 444.0, 443.0, 443.0, 444.0, 444.0, 444.0, 443.0, 445.0, 444.0, 445.0, 445.0, 444.0, 446.0, 446.0, 445.0, 448.0, 445.0, 446.0, 448.0, 445.0, 444.0, 448.0, 445.0, 447.0, 445.0, 445.0, 448.0, 446.0, 450.0, 446.0, 447.0, 449.0, 444.0, 446.0, 447.0, 445.0, 445.0, 448.0, 445.0, 445.0, 449.0, 446.0, 445.0, 447.0, 445.0, 447.0, 446.0, 446.0, 449.0, 445.0, 445.0, 447.0, 446.0, 445.0, 447.0, 449.0, 444.0, 445.0, 445.0, 447.0, 444.0, 444.0, 446.0, 446.0, 446.0, 447.0, 446.0, 448.0, 446.0, 445.0, 446.0, 447.0, 444.0, 449.0, 447.0, 447.0, 448.0, 448.0, 448.0, 447.0, 447.0, 448.0, 447.0, 449.0, 447.0, 446.0, 446.0, 445.0, 446.0, 447.0, 445.0, 443.0, 446.0, 446.0, 441.0, 443.0, 447.0, 443.0, 442.0, 444.0, 442.0, 442.0, 443.0, 443.0, 443.0, 444.0, 448.0, 444.0, 444.0, 446.0, 444.0, 444.0, 447.0, 445.0, 443.0, 444.0, 447.0, 443.0, 445.0, 446.0, 445.0, 446.0, 446.0, 446.0, 445.0, 447.0, 446.0, 446.0, 447.0, 447.0, 445.0, 446.0, 447.0, 446.0, 447.0, 446.0, 447.0, 447.0, 446.0, 446.0, 448.0, 445.0, 446.0, 444.0, 447.0, 446.0, 447.0, 447.0, 447.0, 447.0, 447.0, 448.0, 447.0, 447.0, 447.0, 447.0, 446.0, 448.0, 446.0, 446.0, 447.0, 447.0, 448.0, 448.0, 446.0, 448.0, 447.0, 449.0, 447.0, 447.0, 448.0, 447.0, 447.0, 448.0, 446.0, 449.0, 447.0, 448.0, 447.0, 448.0, 448.0, 448.0, 448.0, 448.0, 448.0, 448.0, 448.0, 448.0, 448.0, 448.0, 447.0, 449.0, 448.0, 447.0, 448.0, 448.0, 447.0, 448.0, 448.0, 447.0, 448.0, 447.0, 448.0, 448.0, 447.0, 447.0, 448.0, 447.0, 448.0, 448.0, 448.0, 447.0, 447.0, 446.0, 448.0, 448.0, 447.0, 448.0], "WindowWidth": [944.0, 944.0, 941.0, 937.0, 935.0, 938.0, 935.0, 937.0, 936.0, 940.0, 939.0, 936.0, 936.0, 937.0, 938.0, 940.0, 937.0, 937.0, 941.0, 941.0, 939.0, 942.0, 942.0, 941.0, 942.0, 943.0, 938.0, 934.0, 939.0, 937.0, 940.0, 937.0, 939.0, 941.0, 937.0, 939.0, 939.0, 941.0, 939.0, 933.0, 939.0, 941.0, 939.0, 938.0, 937.0, 939.0, 938.0, 935.0, 934.0, 940.0, 935.0, 932.0, 931.0, 934.0, 934.0, 935.0, 939.0, 936.0, 936.0, 932.0, 939.0, 935.0, 940.0, 943.0, 939.0, 934.0, 941.0, 938.0, 935.0, 932.0, 935.0, 939.0, 939.0, 942.0, 943.0, 944.0, 945.0, 938.0, 934.0, 938.0, 940.0, 937.0, 944.0, 941.0, 941.0, 937.0, 945.0, 945.0, 941.0, 945.0, 942.0, 938.0, 940.0, 937.0, 939.0, 938.0, 938.0, 937.0, 942.0, 940.0, 931.0, 934.0, 935.0, 933.0, 933.0, 936.0, 932.0, 943.0, 936.0, 939.0, 930.0, 936.0, 929.0, 927.0, 932.0, 935.0, 936.0, 939.0, 938.0, 935.0, 937.0, 936.0, 933.0, 940.0, 933.0, 933.0, 938.0, 934.0, 932.0, 927.0, 934.0, 935.0, 934.0, 935.0, 936.0, 935.0, 930.0, 932.0, 931.0, 931.0, 930.0, 937.0, 930.0, 935.0, 933.0, 932.0, 933.0, 935.0, 934.0, 934.0, 934.0, 934.0, 931.0, 929.0, 942.0, 940.0, 934.0, 934.0, 939.0, 941.0, 944.0, 942.0, 942.0, 940.0, 938.0, 933.0, 938.0, 942.0, 939.0, 938.0, 939.0, 941.0, 941.0, 936.0, 943.0, 948.0, 938.0, 942.0, 945.0, 945.0, 943.0, 942.0, 942.0, 940.0, 938.0, 940.0, 937.0, 936.0, 937.0, 935.0, 935.0, 936.0, 936.0, 937.0, 934.0, 938.0, 936.0, 938.0, 938.0, 938.0, 939.0, 940.0, 938.0, 943.0, 940.0, 941.0, 943.0, 939.0, 938.0, 943.0, 939.0, 943.0, 939.0, 939.0, 943.0, 941.0, 946.0, 941.0, 941.0, 944.0, 937.0, 940.0, 942.0, 938.0, 938.0, 942.0, 938.0, 938.0, 944.0, 940.0, 938.0, 942.0, 938.0, 942.0, 941.0, 940.0, 944.0, 939.0, 939.0, 941.0, 940.0, 939.0, 942.0, 944.0, 937.0, 938.0, 938.0, 941.0, 937.0, 937.0, 939.0, 939.0, 940.0, 941.0, 941.0, 943.0, 941.0, 939.0, 941.0, 942.0, 938.0, 945.0, 943.0, 943.0, 943.0, 945.0, 944.0, 942.0, 943.0, 944.0, 943.0, 947.0, 942.0, 940.0, 940.0, 938.0, 940.0, 941.0, 937.0, 935.0, 938.0, 938.0, 932.0, 935.0, 940.0, 935.0, 933.0, 935.0, 933.0, 933.0, 934.0, 934.0, 935.0, 936.0, 943.0, 937.0, 936.0, 940.0, 937.0, 937.0, 941.0, 939.0, 935.0, 936.0, 940.0, 936.0, 939.0, 939.0, 938.0, 939.0, 940.0, 940.0, 938.0, 942.0, 941.0, 940.0, 941.0, 943.0, 938.0, 941.0, 942.0, 940.0, 942.0, 941.0, 943.0, 943.0, 941.0, 941.0, 943.0, 939.0, 940.0, 938.0, 943.0, 941.0, 942.0, 943.0, 943.0, 942.0, 942.0, 944.0, 942.0, 943.0, 943.0, 942.0, 941.0, 944.0, 941.0, 941.0, 943.0, 942.0, 944.0, 945.0, 942.0, 945.0, 942.0, 945.0, 943.0, 943.0, 944.0, 942.0, 943.0, 945.0, 941.0, 947.0, 943.0, 945.0, 943.0, 945.0, 946.0, 945.0, 945.0, 944.0, 945.0, 945.0, 944.0, 945.0, 945.0, 945.0, 943.0, 946.0, 945.0, 944.0, 945.0, 944.0, 942.0, 944.0, 944.0, 943.0, 944.0, 944.0, 945.0, 944.0, 943.0, 944.0, 944.0, 943.0, 945.0, 945.0, 945.0, 943.0, 943.0, 941.0, 944.0, 943.0, 942.0, 945.0]}, "slices": {}}, "EventTimestamp": "12-27-22"}