{"AcquisitionMatrixPE": 64, "AcquisitionNumber": 1, "AcquisitionTime": "12:11:30.755000", "BandwidthPerPixelPhaseEncode": 28.935, "BaseResolution": 64, "BodyPartExamined": "BRAIN", "CoilCombinationMethod": "Sum of Squares", "ConsistencyInfo": "N4_VE11E_LATEST_20181129", "ConversionSoftware": "dcm2niix", "ConversionSoftwareVersion": "v1.0.20230411", "DerivedVendorReportedEchoSpacing": 0.000540003, "DeviceSerialNumber": "166182", "DwellTime": 3.4e-06, "EchoTime": 0.032, "EchoTrainLength": 64, "EffectiveEchoSpacing": 0.000540003, "FlipAngle": 40, "HeudiconvVersion": "0.13.1", "ImageOrientationPatientDICOM": [0.999183, -0.0392477, 0.00966004, 0.0403061, 0.985373, -0.165579], "ImageOrientationText": "Tra>Cor(-9.5)>Sag(0.2)", "ImageType": ["ORIGINAL", "PRIMARY", "M", "ND", "NORM", "MOSAIC"], "ImagingFrequency": 123.254716, "InPlanePhaseEncodingDirectionDICOM": "COL", "InstitutionAddress": "PEARSE STREET .,City,District,IE,D2", "InstitutionName": "TCIN", "InstitutionalDepartmentName": "MRI", "MRAcquisitionType": "2D", "MagneticFieldStrength": 3, "Manufacturer": "Siemens", "ManufacturersModelName": "Prisma", "Modality": "MR", "MultibandAccelerationFactor": 4, "NonlinearGradientCorrection": false, "PartialFourier": 1, "PatientPosition": "HFS", "PercentPhaseFOV": 100, "PercentSampling": 100, "PhaseEncodingDirection": "j-", "PhaseEncodingSteps": 64, "PhaseResolution": 1, "PixelBandwidth": 2300, "ProcedureStepDescription": "Rhodri^Head BOLD", "ProtocolName": "cmrr_mbep2d_Pictures_AP_RDS", "PulseSequenceDetails": "%SiemensSeq%\\ep2d_bold", "ReceiveCoilActiveElements": "HC2,4,6,7", "ReceiveCoilName": "HeadNeck_64", "ReconMatrixPE": 64, "RefLinesPE": 12, "RepetitionTime": 0.61, "SAR": 0.227573, "ScanOptions": "FS", "ScanningSequence": "EP", "SequenceName": "*epfid2d1_64", "SequenceVariant": "SK", "SeriesDescription": "cmrr_mbep2d_Pictures_AP_RDS", "SeriesNumber": 8, "ShimSetting": [-3624, -7461, 3812, 854, -18, 492, -50, 145], "SliceThickness": 3, "SliceTiming": [0.2625, 0, 0.3275, 0.065, 0.3925, 0.1325, 0.46, 0.1975, 0.525, 0.2625, 0, 0.3275, 0.065, 0.3925, 0.1325, 0.46, 0.1975, 0.525, 0.2625, 0, 0.3275, 0.065, 0.3925, 0.1325, 0.46, 0.1975, 0.525, 0.2625, 0, 0.3275, 0.065, 0.3925, 0.1325, 0.46, 0.1975, 0.525], "SoftwareVersions": "syngo MR E11", "SpacingBetweenSlices": 3.3, "StationName": "AWP166182", "TaskName": "pictures", "TotalReadoutTime": 0.0340202, "TxRefAmp": 266.67, "dcmmeta_affine": [[-2.9975483417510986, 0.1209181621670723, 0.009966467507183552, 94.28240966796875], [0.11774313449859619, 2.956117630004883, -0.5472490787506104, -94.8983383178711], [0.02898012287914753, 0.496737003326416, 3.2542924880981445, -119.61953735351562], [0.0, 0.0, 0.0, 1.0]], "dcmmeta_reorient_transform": [[0.0, -1.0, 0.0, 63.0], [1.0, 0.0, 0.0, 0.0], [0.0, 0.0, 1.0, 0.0], [0.0, 0.0, 0.0, 1.0]], "dcmmeta_shape": [64, 64, 36, 510], "dcmmeta_slice_dim": 2, "dcmmeta_version": 0.6, "global": {"const": {"AcquisitionMatrix": [64, 0, 0, 64], "AngioFlag": "N", "BitsAllocated": 16, "BitsStored": 12, "BodyPartExamined": "BRAIN", "Columns": 384, "EchoNumbers": 1, "EchoTime": 32.0, "EchoTrainLength": 64, "FlipAngle": 40.0, "HighBit": 11, "ImageOrientationPatient": [0.99918281644496, -0.0392477124812, 0.00966004068903, 0.04030605494475, 0.98537252680104, -0.1655790003609], "ImagePositionPatient": [-600.85490913052, -545.47697792859, -13.48400656054], "ImageType": ["ORIGINAL", "PRIMARY", "M", "ND", "NORM", "MOSAIC"], "ImagedNucleus": "1H", "ImagingFrequency": 123.254716, "InPlanePhaseEncodingDirection": "COL", "MRAcquisitionType": "2D", "MagneticFieldStrength": 3.0, "Manufacturer": "SIEMENS", "ManufacturerModelName": "Prisma", "Modality": "MR", "NumberOfAverages": 1.0, "NumberOfPhaseEncodingSteps": 64, "PercentPhaseFieldOfView": 100.0, "PercentSampling": 100.0, "PerformedProcedureStepStartTime": "114835.064000", "PhotometricInterpretation": "MONOCHROME2", "PixelBandwidth": 2300.0, "PixelRepresentation": 0, "PixelSpacing": [3.0, 3.0], "ProtocolName": "cmrr_mbep2d_Pictures_AP_RDS", "RepetitionTime": 610.0, "Rows": 384, "SAR": 0.22757324813693, "SamplesPerPixel": 1, "ScanOptions": "FS", "ScanningSequence": "EP", "SequenceName": "*epfid2d1_64", "SequenceVariant": "SK", "SeriesDescription": "cmrr_mbep2d_Pictures_AP_RDS", "SeriesNumber": 8, "SeriesTime": "121147.964000", "SliceLocation": -101.94068652819, "SliceThickness": 3.0, "SmallestImagePixelValue": 0, "SoftwareVersions": "syngo MR E11", "SpacingBetweenSlices": 3.3000000706694, "SpecificCharacterSet": "ISO_IR 100", "StudyID": "1", "StudyTime": "114835.010000", "TransmitCoilName": "Body", "VariableFlipAngleFlag": "N", "WindowCenterWidthExplanation": "Algo1"}, "slices": {}}, "time": {"samples": {"AcquisitionNumber": [1, 2, 3, 4, 5, 6, 7, 8, 9, 10, 11, 12, 13, 14, 15, 16, 17, 18, 19, 20, 21, 22, 23, 24, 25, 26, 27, 28, 29, 30, 31, 32, 33, 34, 35, 36, 37, 38, 39, 40, 41, 42, 43, 44, 45, 46, 47, 48, 49, 50, 51, 52, 53, 54, 55, 56, 57, 58, 59, 60, 61, 62, 63, 64, 65, 66, 67, 68, 69, 70, 71, 72, 73, 74, 75, 76, 77, 78, 79, 80, 81, 82, 83, 84, 85, 86, 87, 88, 89, 90, 91, 92, 93, 94, 95, 96, 97, 98, 99, 100, 101, 102, 103, 104, 105, 106, 107, 108, 109, 110, 111, 112, 113, 114, 115, 116, 117, 118, 119, 120, 121, 122, 123, 124, 125, 126, 127, 128, 129, 130, 131, 132, 133, 134, 135, 136, 137, 138, 139, 140, 141, 142, 143, 144, 145, 146, 147, 148, 149, 150, 151, 152, 153, 154, 155, 156, 157, 158, 159, 160, 161, 162, 163, 164, 165, 166, 167, 168, 169, 170, 171, 172, 173, 174, 175, 176, 177, 178, 179, 180, 181, 182, 183, 184, 185, 186, 187, 188, 189, 190, 191, 192, 193, 194, 195, 196, 197, 198, 199, 200, 201, 202, 203, 204, 205, 206, 207, 208, 209, 210, 211, 212, 213, 214, 215, 216, 217, 218, 219, 220, 221, 222, 223, 224, 225, 226, 227, 228, 229, 230, 231, 232, 233, 234, 235, 236, 237, 238, 239, 240, 241, 242, 243, 244, 245, 246, 247, 248, 249, 250, 251, 252, 253, 254, 255, 256, 257, 258, 259, 260, 261, 262, 263, 264, 265, 266, 267, 268, 269, 270, 271, 272, 273, 274, 275, 276, 277, 278, 279, 280, 281, 282, 283, 284, 285, 286, 287, 288, 289, 290, 291, 292, 293, 294, 295, 296, 297, 298, 299, 300, 301, 302, 303, 304, 305, 306, 307, 308, 309, 310, 311, 312, 313, 314, 315, 316, 317, 318, 319, 320, 321, 322, 323, 324, 325, 326, 327, 328, 329, 330, 331, 332, 333, 334, 335, 336, 337, 338, 339, 340, 341, 342, 343, 344, 345, 346, 347, 348, 349, 350, 351, 352, 353, 354, 355, 356, 357, 358, 359, 360, 361, 362, 363, 364, 365, 366, 367, 368, 369, 370, 371, 372, 373, 374, 375, 376, 377, 378, 379, 380, 381, 382, 383, 384, 385, 386, 387, 388, 389, 390, 391, 392, 393, 394, 395, 396, 397, 398, 399, 400, 401, 402, 403, 404, 405, 406, 407, 408, 409, 410, 411, 412, 413, 414, 415, 416, 417, 418, 419, 420, 421, 422, 423, 424, 425, 426, 427, 428, 429, 430, 431, 432, 433, 434, 435, 436, 437, 438, 439, 440, 441, 442, 443, 444, 445, 446, 447, 448, 449, 450, 451, 452, 453, 454, 455, 456, 457, 458, 459, 460, 461, 462, 463, 464, 465, 466, 467, 468, 469, 470, 471, 472, 473, 474, 475, 476, 477, 478, 479, 480, 481, 482, 483, 484, 485, 486, 487, 488, 489, 490, 491, 492, 493, 494, 495, 496, 497, 498, 499, 500, 501, 502, 503, 504, 505, 506, 507, 508, 509, 510], "AcquisitionTime": ["121130.755000", "121131.365000", "121131.975000", "121132.585000", "121133.195000", "121133.805000", "121134.415000", "121135.025000", "121135.635000", "121136.245000", "121136.855000", "121137.465000", "121138.075000", "121138.685000", "121139.295000", "121139.905000", "121140.515000", "121141.125000", "121141.735000", "121142.345000", "121142.955000", "121143.565000", "121144.175000", "121144.785000", "121145.395000", "121146.005000", "121146.615000", "121147.225000", "121147.835000", "121148.445000", "121149.055000", "121149.665000", "121150.275000", "121150.885000", "121151.495000", "121152.105000", "121152.715000", "121153.325000", "121153.935000", "121154.545000", "121155.155000", "121155.765000", "121156.375000", "121156.985000", "121157.595000", "121158.205000", "121158.815000", "121159.425000", "121200.035000", "121200.645000", "121201.255000", "121201.865000", "121202.475000", "121203.085000", "121203.695000", "121204.305000", "121204.915000", "121205.525000", "121206.135000", "121206.745000", "121207.355000", "121207.965000", "121208.575000", "121209.185000", "121209.795000", "121210.405000", "121211.015000", "121211.625000", "121212.235000", "121212.845000", "121213.455000", "121214.065000", "121214.675000", "121215.285000", "121215.895000", "121216.505000", "121217.115000", "121217.725000", "121218.335000", "121218.945000", "121219.555000", "121220.165000", "121220.775000", "121221.385000", "121221.995000", "121222.605000", "121223.215000", "121223.825000", "121224.435000", "121225.045000", "121225.655000", "121226.265000", "121226.875000", "121227.485000", "121228.095000", "121228.705000", "121229.315000", "121229.925000", "121230.535000", "121231.145000", "121231.755000", "121232.365000", "121232.975000", "121233.585000", "121234.195000", "121234.805000", "121235.415000", "121236.025000", "121236.635000", "121237.245000", "121237.855000", "121238.465000", "121239.075000", "121239.685000", "121240.295000", "121240.905000", "121241.515000", "121242.125000", "121242.735000", "121243.345000", "121243.955000", "121244.565000", "121245.175000", "121245.785000", "121246.395000", "121247.005000", "121247.615000", "121248.225000", "121248.835000", "121249.445000", "121250.055000", "121250.665000", "121251.275000", "121251.885000", "121252.495000", "121253.105000", "121253.715000", "121254.325000", "121254.935000", "121255.545000", "121256.155000", "121256.765000", "121257.375000", "121257.985000", "121258.595000", "121259.205000", "121259.815000", "121300.425000", "121301.035000", "121301.645000", "121302.255000", "121302.865000", "121303.475000", "121304.085000", "121304.695000", "121305.305000", "121305.915000", "121306.525000", "121307.135000", "121307.745000", "121308.355000", "121308.965000", "121309.575000", "121310.185000", "121310.795000", "121311.405000", "121312.015000", "121312.625000", "121313.235000", "121313.845000", "121314.455000", "121315.065000", "121315.675000", "121316.285000", "121316.895000", "121317.505000", "121318.115000", "121318.725000", "121319.335000", "121319.945000", "121320.555000", "121321.165000", "121321.775000", "121322.385000", "121322.995000", "121323.605000", "121324.215000", "121324.825000", "121325.435000", "121326.045000", "121326.655000", "121327.265000", "121327.875000", "121328.485000", "121329.095000", "121329.705000", "121330.315000", "121330.925000", "121331.535000", "121332.145000", "121332.755000", "121333.365000", "121333.975000", "121334.585000", "121335.195000", "121335.805000", "121336.415000", "121337.025000", "121337.635000", "121338.245000", "121338.855000", "121339.465000", "121340.075000", "121340.685000", "121341.295000", "121341.905000", "121342.515000", "121343.125000", "121343.735000", "121344.345000", "121344.955000", "121345.565000", "121346.175000", "121346.785000", "121347.395000", "121348.005000", "121348.615000", "121349.225000", "121349.835000", "121350.445000", "121351.055000", "121351.665000", "121352.275000", "121352.885000", "121353.495000", "121354.105000", "121354.715000", "121355.325000", "121355.935000", "121356.545000", "121357.155000", "121357.765000", "121358.375000", "121358.985000", "121359.595000", "121400.205000", "121400.815000", "121401.425000", "121402.035000", "121402.645000", "121403.255000", "121403.865000", "121404.475000", "121405.085000", "121405.695000", "121406.305000", "121406.915000", "121407.525000", "121408.135000", "121408.745000", "121409.355000", "121409.965000", "121410.575000", "121411.185000", "121411.795000", "121412.405000", "121413.015000", "121413.625000", "121414.235000", "121414.845000", "121415.455000", "121416.065000", "121416.675000", "121417.285000", "121417.895000", "121418.505000", "121419.115000", "121419.725000", "121420.335000", "121420.945000", "121421.555000", "121422.165000", "121422.775000", "121423.385000", "121423.995000", "121424.605000", "121425.215000", "121425.825000", "121426.435000", "121427.045000", "121427.655000", "121428.265000", "121428.875000", "121429.485000", "121430.095000", "121430.705000", "121431.315000", "121431.925000", "121432.535000", "121433.145000", "121433.755000", "121434.365000", "121434.975000", "121435.585000", "121436.195000", "121436.805000", "121437.415000", "121438.025000", "121438.635000", "121439.245000", "121439.855000", "121440.465000", "121441.075000", "121441.685000", "121442.295000", "121442.905000", "121443.515000", "121444.125000", "121444.735000", "121445.345000", "121445.955000", "121446.565000", "121447.175000", "121447.785000", "121448.395000", "121449.005000", "121449.615000", "121450.225000", "121450.835000", "121451.445000", "121452.055000", "121452.665000", "121453.275000", "121453.885000", "121454.495000", "121455.105000", "121455.715000", "121456.325000", "121456.935000", "121457.545000", "121458.155000", "121458.765000", "121459.375000", "121459.985000", "121500.595000", "121501.205000", "121501.815000", "121502.425000", "121503.035000", "121503.645000", "121504.255000", "121504.865000", "121505.475000", "121506.085000", "121506.695000", "121507.305000", "121507.915000", "121508.525000", "121509.135000", "121509.745000", "121510.355000", "121510.965000", "121511.575000", "121512.185000", "121512.795000", "121513.405000", "121514.015000", "121514.625000", "121515.235000", "121515.845000", "121516.455000", "121517.065000", "121517.675000", "121518.285000", "121518.895000", "121519.505000", "121520.115000", "121520.725000", "121521.335000", "121521.945000", "121522.555000", "121523.165000", "121523.775000", "121524.385000", "121524.995000", "121525.605000", "121526.215000", "121526.825000", "121527.435000", "121528.045000", "121528.655000", "121529.265000", "121529.875000", "121530.485000", "121531.095000", "121531.705000", "121532.315000", "121532.925000", "121533.535000", "121534.145000", "121534.755000", "121535.365000", "121535.975000", "121536.585000", "121537.195000", "121537.805000", "121538.415000", "121539.025000", "121539.635000", "121540.245000", "121540.855000", "121541.465000", "121542.075000", "121542.685000", "121543.295000", "121543.905000", "121544.515000", "121545.125000", "121545.735000", "121546.345000", "121546.955000", "121547.565000", "121548.175000", "121548.785000", "121549.395000", "121550.005000", "121550.615000", "121551.225000", "121551.835000", "121552.445000", "121553.055000", "121553.665000", "121554.275000", "121554.885000", "121555.495000", "121556.105000", "121556.715000", "121557.325000", "121557.935000", "121558.545000", "121559.155000", "121559.765000", "121600.375000", "121600.985000", "121601.595000", "121602.205000", "121602.815000", "121603.425000", "121604.035000", "121604.645000", "121605.255000", "121605.865000", "121606.475000", "121607.085000", "121607.695000", "121608.305000", "121608.915000", "121609.525000", "121610.135000", "121610.745000", "121611.355000", "121611.965000", "121612.575000", "121613.185000", "121613.795000", "121614.405000", "121615.015000", "121615.625000", "121616.235000", "121616.845000", "121617.455000", "121618.065000", "121618.675000", "121619.285000", "121619.895000", "121620.505000", "121621.115000", "121621.725000", "121622.335000", "121622.945000", "121623.555000", "121624.165000", "121624.775000", "121625.385000", "121625.995000", "121626.605000", "121627.215000", "121627.825000", "121628.435000", "121629.045000", "121629.655000", "121630.265000", "121630.875000", "121631.485000", "121632.095000", "121632.705000", "121633.315000", "121633.925000", "121634.535000", "121635.145000", "121635.755000", "121636.365000", "121636.975000", "121637.585000", "121638.195000", "121638.805000", "121639.415000", "121640.025000", "121640.635000", "121641.245000"], "ContentTime": ["121147.969000", "121147.973000", "121147.975000", "121147.977000", "121147.980000", "121147.982000", "121147.985000", "121147.987000", "121147.990000", "121147.992000", "121147.994000", "121147.997000", "121147.999000", "121148.002000", "121148.004000", "121148.006000", "121148.014000", "121148.016000", "121148.030000", "121148.039000", "121148.041000", "121148.044000", "121148.046000", "121148.048000", "121148.051000", "121148.053000", "121148.056000", "121207.963000", "121207.967000", "121207.969000", "121207.976000", "121207.979000", "121207.981000", "121207.984000", "121207.986000", "121207.988000", "121207.991000", "121207.993000", "121207.996000", "121207.998000", "121208.001000", "121208.004000", "121208.006000", "121208.009000", "121208.011000", "121208.013000", "121208.016000", "121208.018000", "121208.021000", "121208.023000", "121208.025000", "121208.028000", "121208.030000", "121208.033000", "121208.035000", "121208.037000", "121208.040000", "121208.042000", "121208.045000", "121208.047000", "121227.963000", "121227.966000", "121227.968000", "121227.971000", "121227.973000", "121227.975000", "121227.978000", "121227.980000", "121227.983000", "121227.985000", "121227.987000", "121227.990000", "121227.992000", "121227.994000", "121227.997000", "121228.000000", "121228.003000", "121228.005000", "121228.008000", "121228.010000", "121228.013000", "121228.015000", "121228.018000", "121228.020000", "121228.022000", "121228.025000", "121228.027000", "121228.029000", "121228.032000", "121228.034000", "121228.037000", "121228.039000", "121228.041000", "121247.964000", "121247.967000", "121247.970000", "121247.972000", "121247.974000", "121247.977000", "121247.979000", "121247.982000", "121247.984000", "121247.987000", "121247.989000", "121247.991000", "121247.994000", "121247.996000", "121247.998000", "121248.001000", "121248.003000", "121248.006000", "121248.009000", "121248.011000", "121248.014000", "121248.017000", "121248.019000", "121248.022000", "121248.024000", "121248.026000", "121248.029000", "121248.031000", "121248.034000", "121248.036000", "121248.038000", "121248.041000", "121307.963000", "121307.966000", "121307.968000", "121307.971000", "121307.973000", "121307.976000", "121307.978000", "121307.981000", "121307.983000", "121307.986000", "121307.989000", "121307.991000", "121307.994000", "121307.996000", "121307.998000", "121308.002000", "121308.004000", "121308.007000", "121308.009000", "121308.012000", "121308.014000", "121308.016000", "121308.019000", "121308.021000", "121308.024000", "121308.026000", "121308.029000", "121308.031000", "121308.033000", "121308.036000", "121308.038000", "121308.041000", "121308.044000", "121327.963000", "121327.966000", "121327.976000", "121327.978000", "121327.981000", "121327.983000", "121327.985000", "121327.988000", "121327.990000", "121327.993000", "121327.995000", "121327.998000", "121328.001000", "121328.004000", "121328.006000", "121328.009000", "121328.011000", "121328.013000", "121328.016000", "121328.018000", "121328.021000", "121328.023000", "121328.025000", "121328.028000", "121328.030000", "121328.033000", "121328.035000", "121328.037000", "121328.040000", "121328.042000", "121328.045000", "121328.047000", "121328.050000", "121347.970000", "121347.973000", "121347.975000", "121347.977000", "121347.980000", "121347.982000", "121347.985000", "121347.987000", "121347.990000", "121347.992000", "121347.994000", "121347.997000", "121348.000000", "121348.003000", "121348.005000", "121348.007000", "121348.010000", "121348.012000", "121348.015000", "121348.017000", "121348.020000", "121348.022000", "121348.024000", "121348.027000", "121348.029000", "121348.032000", "121348.034000", "121348.036000", "121348.039000", "121348.041000", "121348.044000", "121348.046000", "121348.049000", "121407.963000", "121407.966000", "121407.968000", "121407.971000", "121407.973000", "121407.975000", "121407.978000", "121407.980000", "121407.983000", "121407.985000", "121407.987000", "121407.990000", "121407.992000", "121407.995000", "121407.997000", "121408.001000", "121408.003000", "121408.005000", "121408.008000", "121408.010000", "121408.012000", "121408.015000", "121408.017000", "121408.020000", "121408.022000", "121408.025000", "121408.027000", "121408.029000", "121408.032000", "121408.034000", "121408.037000", "121408.039000", "121408.041000", "121427.963000", "121427.966000", "121427.968000", "121427.971000", "121427.974000", "121427.976000", "121427.978000", "121427.981000", "121427.983000", "121427.986000", "121427.988000", "121427.991000", "121427.993000", "121427.995000", "121427.998000", "121428.001000", "121428.004000", "121428.006000", "121428.008000", "121428.011000", "121428.013000", "121428.016000", "121428.018000", "121428.021000", "121428.023000", "121428.025000", "121428.028000", "121428.030000", "121428.033000", "121428.035000", "121428.038000", "121428.040000", "121447.963000", "121447.966000", "121447.968000", "121447.971000", "121447.973000", "121447.975000", "121447.978000", "121447.980000", "121447.983000", "121447.985000", "121447.988000", "121447.990000", "121447.992000", "121447.995000", "121447.997000", "121448.001000", "121448.003000", "121448.005000", "121448.008000", "121448.010000", "121448.013000", "121448.015000", "121448.018000", "121448.020000", "121448.022000", "121448.026000", "121448.029000", "121448.031000", "121448.033000", "121448.036000", "121448.038000", "121448.041000", "121448.043000", "121507.964000", "121507.967000", "121507.969000", "121507.972000", "121507.974000", "121507.976000", "121507.979000", "121507.981000", "121507.984000", "121507.986000", "121507.988000", "121507.991000", "121507.993000", "121507.996000", "121507.998000", "121508.000000", "121508.003000", "121508.005000", "121508.008000", "121508.010000", "121508.013000", "121508.015000", "121508.017000", "121508.020000", "121508.023000", "121508.025000", "121508.027000", "121508.030000", "121508.032000", "121508.035000", "121508.037000", "121508.040000", "121508.042000", "121527.963000", "121527.966000", "121527.968000", "121527.971000", "121527.974000", "121527.976000", "121527.979000", "121527.981000", "121527.984000", "121527.986000", "121527.988000", "121527.991000", "121527.993000", "121527.996000", "121527.998000", "121528.002000", "121528.004000", "121528.007000", "121528.009000", "121528.012000", "121528.014000", "121528.017000", "121528.019000", "121528.022000", "121528.024000", "121528.026000", "121528.029000", "121528.031000", "121528.034000", "121528.036000", "121528.038000", "121528.041000", "121528.043000", "121547.963000", "121547.966000", "121547.969000", "121547.971000", "121547.973000", "121547.976000", "121547.978000", "121547.981000", "121547.983000", "121547.986000", "121547.988000", "121547.990000", "121547.993000", "121547.995000", "121547.998000", "121548.001000", "121548.004000", "121548.006000", "121548.008000", "121548.011000", "121548.013000", "121548.016000", "121548.018000", "121548.021000", "121548.023000", "121548.026000", "121548.028000", "121548.030000", "121548.033000", "121548.035000", "121548.038000", "121548.040000", "121607.963000", "121607.966000", "121607.968000", "121607.971000", "121607.973000", "121607.976000", "121607.978000", "121607.980000", "121607.983000", "121607.985000", "121607.988000", "121607.991000", "121607.993000", "121607.995000", "121607.998000", "121608.001000", "121608.007000", "121608.010000", "121608.012000", "121608.015000", "121608.017000", "121608.020000", "121608.022000", "121608.025000", "121608.027000", "121608.030000", "121608.032000", "121608.034000", "121608.037000", "121608.039000", "121608.042000", "121608.044000", "121608.046000", "121627.963000", "121627.966000", "121627.969000", "121627.971000", "121627.974000", "121627.976000", "121627.979000", "121627.981000", "121627.984000", "121627.986000", "121627.989000", "121627.991000", "121627.993000", "121627.996000", "121627.998000", "121628.002000", "121628.004000", "121628.006000", "121628.009000", "121628.011000", "121628.014000", "121628.016000", "121628.019000", "121628.021000", "121628.024000", "121628.026000", "121628.029000", "121628.031000", "121628.033000", "121628.036000", "121628.038000", "121628.041000", "121628.043000", "121642.223000", "121642.225000", "121642.228000", "121642.230000", "121642.233000", "121642.236000", "121642.239000", "121642.241000", "121642.244000", "121642.246000", "121642.248000", "121642.251000", "121642.253000", "121642.256000", "121642.258000", "121642.260000", "121642.263000", "121642.265000", "121642.268000", "121642.270000", "121642.272000", "121642.275000", "121642.277000", "121642.280000"], "InstanceCreationTime": ["121147.969000", "121147.973000", "121147.975000", "121147.977000", "121147.980000", "121147.982000", "121147.985000", "121147.987000", "121147.990000", "121147.992000", "121147.994000", "121147.997000", "121147.999000", "121148.002000", "121148.004000", "121148.006000", "121148.014000", "121148.016000", "121148.030000", "121148.039000", "121148.041000", "121148.044000", "121148.046000", "121148.048000", "121148.051000", "121148.053000", "121148.056000", "121207.963000", "121207.967000", "121207.969000", "121207.976000", "121207.979000", "121207.981000", "121207.984000", "121207.986000", "121207.988000", "121207.991000", "121207.993000", "121207.996000", "121207.998000", "121208.001000", "121208.004000", "121208.006000", "121208.009000", "121208.011000", "121208.013000", "121208.016000", "121208.018000", "121208.021000", "121208.023000", "121208.025000", "121208.028000", "121208.030000", "121208.033000", "121208.035000", "121208.037000", "121208.040000", "121208.042000", "121208.045000", "121208.047000", "121227.963000", "121227.966000", "121227.968000", "121227.971000", "121227.973000", "121227.975000", "121227.978000", "121227.980000", "121227.983000", "121227.985000", "121227.987000", "121227.990000", "121227.992000", "121227.994000", "121227.997000", "121228.000000", "121228.003000", "121228.005000", "121228.008000", "121228.010000", "121228.013000", "121228.015000", "121228.018000", "121228.020000", "121228.022000", "121228.025000", "121228.027000", "121228.029000", "121228.032000", "121228.034000", "121228.037000", "121228.039000", "121228.041000", "121247.964000", "121247.967000", "121247.970000", "121247.972000", "121247.974000", "121247.977000", "121247.979000", "121247.982000", "121247.984000", "121247.987000", "121247.989000", "121247.991000", "121247.994000", "121247.996000", "121247.998000", "121248.001000", "121248.003000", "121248.006000", "121248.009000", "121248.011000", "121248.014000", "121248.017000", "121248.019000", "121248.022000", "121248.024000", "121248.026000", "121248.029000", "121248.031000", "121248.034000", "121248.036000", "121248.038000", "121248.041000", "121307.963000", "121307.966000", "121307.968000", "121307.971000", "121307.973000", "121307.976000", "121307.978000", "121307.981000", "121307.983000", "121307.986000", "121307.989000", "121307.991000", "121307.994000", "121307.996000", "121307.998000", "121308.002000", "121308.004000", "121308.007000", "121308.009000", "121308.012000", "121308.014000", "121308.016000", "121308.019000", "121308.021000", "121308.024000", "121308.026000", "121308.029000", "121308.031000", "121308.033000", "121308.036000", "121308.038000", "121308.041000", "121308.044000", "121327.963000", "121327.966000", "121327.976000", "121327.978000", "121327.981000", "121327.983000", "121327.985000", "121327.988000", "121327.990000", "121327.993000", "121327.995000", "121327.998000", "121328.001000", "121328.004000", "121328.006000", "121328.009000", "121328.011000", "121328.013000", "121328.016000", "121328.018000", "121328.021000", "121328.023000", "121328.025000", "121328.028000", "121328.030000", "121328.033000", "121328.035000", "121328.037000", "121328.040000", "121328.042000", "121328.045000", "121328.047000", "121328.050000", "121347.970000", "121347.973000", "121347.975000", "121347.977000", "121347.980000", "121347.982000", "121347.985000", "121347.987000", "121347.990000", "121347.992000", "121347.994000", "121347.997000", "121348.000000", "121348.003000", "121348.005000", "121348.007000", "121348.010000", "121348.012000", "121348.015000", "121348.017000", "121348.020000", "121348.022000", "121348.024000", "121348.027000", "121348.029000", "121348.032000", "121348.034000", "121348.036000", "121348.039000", "121348.041000", "121348.044000", "121348.046000", "121348.049000", "121407.963000", "121407.966000", "121407.968000", "121407.971000", "121407.973000", "121407.975000", "121407.978000", "121407.980000", "121407.983000", "121407.985000", "121407.987000", "121407.990000", "121407.992000", "121407.995000", "121407.997000", "121408.001000", "121408.003000", "121408.005000", "121408.008000", "121408.010000", "121408.012000", "121408.015000", "121408.017000", "121408.020000", "121408.022000", "121408.025000", "121408.027000", "121408.029000", "121408.032000", "121408.034000", "121408.037000", "121408.039000", "121408.041000", "121427.963000", "121427.966000", "121427.968000", "121427.971000", "121427.974000", "121427.976000", "121427.978000", "121427.981000", "121427.983000", "121427.986000", "121427.988000", "121427.991000", "121427.993000", "121427.995000", "121427.998000", "121428.001000", "121428.004000", "121428.006000", "121428.008000", "121428.011000", "121428.013000", "121428.016000", "121428.018000", "121428.021000", "121428.023000", "121428.025000", "121428.028000", "121428.030000", "121428.033000", "121428.035000", "121428.038000", "121428.040000", "121447.963000", "121447.966000", "121447.968000", "121447.971000", "121447.973000", "121447.975000", "121447.978000", "121447.980000", "121447.983000", "121447.985000", "121447.988000", "121447.990000", "121447.992000", "121447.995000", "121447.997000", "121448.001000", "121448.003000", "121448.005000", "121448.008000", "121448.010000", "121448.013000", "121448.015000", "121448.018000", "121448.020000", "121448.022000", "121448.026000", "121448.029000", "121448.031000", "121448.033000", "121448.036000", "121448.038000", "121448.041000", "121448.043000", "121507.964000", "121507.967000", "121507.969000", "121507.972000", "121507.974000", "121507.976000", "121507.979000", "121507.981000", "121507.984000", "121507.986000", "121507.988000", "121507.991000", "121507.993000", "121507.996000", "121507.998000", "121508.000000", "121508.003000", "121508.005000", "121508.008000", "121508.010000", "121508.013000", "121508.015000", "121508.017000", "121508.020000", "121508.023000", "121508.025000", "121508.027000", "121508.030000", "121508.032000", "121508.035000", "121508.037000", "121508.040000", "121508.042000", "121527.963000", "121527.966000", "121527.968000", "121527.971000", "121527.974000", "121527.976000", "121527.979000", "121527.981000", "121527.984000", "121527.986000", "121527.988000", "121527.991000", "121527.993000", "121527.996000", "121527.998000", "121528.002000", "121528.004000", "121528.007000", "121528.009000", "121528.012000", "121528.014000", "121528.017000", "121528.019000", "121528.022000", "121528.024000", "121528.026000", "121528.029000", "121528.031000", "121528.034000", "121528.036000", "121528.038000", "121528.041000", "121528.043000", "121547.963000", "121547.966000", "121547.969000", "121547.971000", "121547.973000", "121547.976000", "121547.978000", "121547.981000", "121547.983000", "121547.986000", "121547.988000", "121547.990000", "121547.993000", "121547.995000", "121547.998000", "121548.001000", "121548.004000", "121548.006000", "121548.008000", "121548.011000", "121548.013000", "121548.016000", "121548.018000", "121548.021000", "121548.023000", "121548.026000", "121548.028000", "121548.030000", "121548.033000", "121548.035000", "121548.038000", "121548.040000", "121607.963000", "121607.966000", "121607.968000", "121607.971000", "121607.973000", "121607.976000", "121607.978000", "121607.980000", "121607.983000", "121607.985000", "121607.988000", "121607.991000", "121607.993000", "121607.995000", "121607.998000", "121608.001000", "121608.007000", "121608.010000", "121608.012000", "121608.015000", "121608.017000", "121608.020000", "121608.022000", "121608.025000", "121608.027000", "121608.030000", "121608.032000", "121608.034000", "121608.037000", "121608.039000", "121608.042000", "121608.044000", "121608.046000", "121627.963000", "121627.966000", "121627.969000", "121627.971000", "121627.974000", "121627.976000", "121627.979000", "121627.981000", "121627.984000", "121627.986000", "121627.989000", "121627.991000", "121627.993000", "121627.996000", "121627.998000", "121628.002000", "121628.004000", "121628.006000", "121628.009000", "121628.011000", "121628.014000", "121628.016000", "121628.019000", "121628.021000", "121628.024000", "121628.026000", "121628.029000", "121628.031000", "121628.033000", "121628.036000", "121628.038000", "121628.041000", "121628.043000", "121642.223000", "121642.225000", "121642.228000", "121642.230000", "121642.233000", "121642.236000", "121642.239000", "121642.241000", "121642.244000", "121642.246000", "121642.248000", "121642.251000", "121642.253000", "121642.256000", "121642.258000", "121642.260000", "121642.263000", "121642.265000", "121642.268000", "121642.270000", "121642.272000", "121642.275000", "121642.277000", "121642.280000"], "InstanceNumber": [1, 2, 3, 4, 5, 6, 7, 8, 9, 10, 11, 12, 13, 14, 15, 16, 17, 18, 19, 20, 21, 22, 23, 24, 25, 26, 27, 28, 29, 30, 31, 32, 33, 34, 35, 36, 37, 38, 39, 40, 41, 42, 43, 44, 45, 46, 47, 48, 49, 50, 51, 52, 53, 54, 55, 56, 57, 58, 59, 60, 61, 62, 63, 64, 65, 66, 67, 68, 69, 70, 71, 72, 73, 74, 75, 76, 77, 78, 79, 80, 81, 82, 83, 84, 85, 86, 87, 88, 89, 90, 91, 92, 93, 94, 95, 96, 97, 98, 99, 100, 101, 102, 103, 104, 105, 106, 107, 108, 109, 110, 111, 112, 113, 114, 115, 116, 117, 118, 119, 120, 121, 122, 123, 124, 125, 126, 127, 128, 129, 130, 131, 132, 133, 134, 135, 136, 137, 138, 139, 140, 141, 142, 143, 144, 145, 146, 147, 148, 149, 150, 151, 152, 153, 154, 155, 156, 157, 158, 159, 160, 161, 162, 163, 164, 165, 166, 167, 168, 169, 170, 171, 172, 173, 174, 175, 176, 177, 178, 179, 180, 181, 182, 183, 184, 185, 186, 187, 188, 189, 190, 191, 192, 193, 194, 195, 196, 197, 198, 199, 200, 201, 202, 203, 204, 205, 206, 207, 208, 209, 210, 211, 212, 213, 214, 215, 216, 217, 218, 219, 220, 221, 222, 223, 224, 225, 226, 227, 228, 229, 230, 231, 232, 233, 234, 235, 236, 237, 238, 239, 240, 241, 242, 243, 244, 245, 246, 247, 248, 249, 250, 251, 252, 253, 254, 255, 256, 257, 258, 259, 260, 261, 262, 263, 264, 265, 266, 267, 268, 269, 270, 271, 272, 273, 274, 275, 276, 277, 278, 279, 280, 281, 282, 283, 284, 285, 286, 287, 288, 289, 290, 291, 292, 293, 294, 295, 296, 297, 298, 299, 300, 301, 302, 303, 304, 305, 306, 307, 308, 309, 310, 311, 312, 313, 314, 315, 316, 317, 318, 319, 320, 321, 322, 323, 324, 325, 326, 327, 328, 329, 330, 331, 332, 333, 334, 335, 336, 337, 338, 339, 340, 341, 342, 343, 344, 345, 346, 347, 348, 349, 350, 351, 352, 353, 354, 355, 356, 357, 358, 359, 360, 361, 362, 363, 364, 365, 366, 367, 368, 369, 370, 371, 372, 373, 374, 375, 376, 377, 378, 379, 380, 381, 382, 383, 384, 385, 386, 387, 388, 389, 390, 391, 392, 393, 394, 395, 396, 397, 398, 399, 400, 401, 402, 403, 404, 405, 406, 407, 408, 409, 410, 411, 412, 413, 414, 415, 416, 417, 418, 419, 420, 421, 422, 423, 424, 425, 426, 427, 428, 429, 430, 431, 432, 433, 434, 435, 436, 437, 438, 439, 440, 441, 442, 443, 444, 445, 446, 447, 448, 449, 450, 451, 452, 453, 454, 455, 456, 457, 458, 459, 460, 461, 462, 463, 464, 465, 466, 467, 468, 469, 470, 471, 472, 473, 474, 475, 476, 477, 478, 479, 480, 481, 482, 483, 484, 485, 486, 487, 488, 489, 490, 491, 492, 493, 494, 495, 496, 497, 498, 499, 500, 501, 502, 503, 504, 505, 506, 507, 508, 509, 510], "LargestImagePixelValue": [789, 852, 854, 809, 717, 725, 963, 781, 754, 743, 744, 740, 771, 770, 763, 765, 1003, 763, 720, 773, 741, 725, 817, 747, 729, 727, 744, 729, 718, 857, 733, 772, 1014, 845, 887, 747, 755, 744, 729, 774, 724, 721, 718, 727, 743, 755, 746, 725, 848, 850, 758, 759, 743, 740, 725, 749, 726, 726, 736, 724, 729, 876, 722, 885, 819, 1017, 796, 940, 751, 1015, 724, 736, 727, 724, 719, 731, 732, 844, 730, 726, 744, 812, 739, 734, 739, 757, 767, 726, 729, 721, 726, 736, 727, 726, 737, 730, 837, 735, 733, 732, 732, 735, 809, 728, 728, 732, 733, 821, 747, 729, 733, 770, 732, 823, 732, 737, 726, 736, 752, 733, 732, 738, 839, 752, 823, 880, 771, 803, 751, 754, 738, 795, 749, 788, 738, 743, 860, 759, 758, 759, 753, 749, 770, 743, 753, 750, 747, 743, 746, 751, 747, 758, 784, 753, 749, 790, 949, 901, 1153, 1027, 771, 793, 742, 728, 934, 730, 791, 741, 739, 720, 822, 741, 792, 757, 780, 755, 744, 747, 742, 741, 739, 738, 744, 809, 745, 833, 912, 746, 907, 742, 994, 724, 801, 736, 726, 733, 728, 736, 735, 866, 750, 779, 746, 747, 1080, 792, 961, 824, 813, 1019, 751, 783, 758, 755, 769, 752, 739, 877, 788, 724, 734, 850, 727, 819, 812, 724, 854, 781, 759, 967, 733, 759, 732, 746, 736, 749, 823, 735, 735, 824, 730, 723, 883, 733, 783, 739, 722, 801, 730, 728, 902, 757, 849, 814, 736, 792, 734, 731, 985, 749, 742, 844, 785, 738, 743, 812, 734, 733, 831, 741, 734, 890, 734, 732, 798, 726, 735, 764, 972, 735, 725, 787, 731, 720, 764, 714, 720, 887, 717, 723, 914, 767, 716, 793, 982, 761, 762, 872, 939, 742, 1046, 763, 784, 760, 734, 779, 728, 731, 735, 735, 742, 734, 746, 741, 737, 986, 814, 899, 737, 731, 737, 744, 763, 791, 741, 741, 726, 731, 778, 723, 731, 729, 729, 775, 731, 738, 765, 731, 738, 881, 964, 746, 840, 905, 740, 728, 759, 735, 734, 741, 726, 800, 725, 731, 839, 720, 732, 809, 732, 725, 947, 731, 730, 738, 729, 772, 733, 725, 773, 740, 909, 758, 971, 738, 735, 732, 750, 729, 750, 750, 794, 734, 748, 741, 769, 730, 829, 732, 741, 749, 734, 748, 732, 737, 956, 910, 1038, 805, 1038, 752, 924, 754, 975, 818, 1214, 756, 855, 763, 741, 759, 800, 727, 749, 751, 756, 754, 737, 759, 892, 734, 743, 800, 738, 862, 775, 818, 854, 903, 742, 1100, 941, 819, 769, 861, 740, 747, 795, 1107, 802, 742, 724, 800, 734, 732, 716, 736, 715, 767, 723, 941, 785, 732, 1159, 847, 735, 758, 730, 739, 730, 749, 745, 741, 844, 762, 821, 938, 765, 730, 881, 751, 722, 727, 723, 728, 749, 742, 764, 779, 760, 743, 783, 727, 781, 740, 739, 735, 732, 992, 779, 753, 950, 868, 759, 746, 730, 772, 765, 768, 769, 759, 744, 797, 867, 733, 754, 750, 726, 723, 729, 725], "WindowCenter": [442.0, 441.0, 443.0, 438.0, 436.0, 432.0, 438.0, 436.0, 437.0, 438.0, 439.0, 437.0, 437.0, 441.0, 439.0, 437.0, 442.0, 438.0, 435.0, 440.0, 436.0, 435.0, 442.0, 439.0, 437.0, 438.0, 441.0, 440.0, 438.0, 443.0, 440.0, 442.0, 444.0, 441.0, 441.0, 440.0, 440.0, 439.0, 441.0, 445.0, 442.0, 441.0, 442.0, 440.0, 441.0, 443.0, 444.0, 442.0, 443.0, 445.0, 442.0, 442.0, 442.0, 443.0, 442.0, 443.0, 443.0, 443.0, 443.0, 443.0, 443.0, 446.0, 442.0, 444.0, 443.0, 448.0, 445.0, 445.0, 441.0, 446.0, 441.0, 443.0, 442.0, 443.0, 443.0, 443.0, 442.0, 444.0, 443.0, 443.0, 442.0, 443.0, 442.0, 442.0, 441.0, 442.0, 442.0, 442.0, 442.0, 443.0, 443.0, 444.0, 443.0, 444.0, 444.0, 445.0, 446.0, 445.0, 445.0, 445.0, 445.0, 446.0, 446.0, 444.0, 445.0, 445.0, 445.0, 447.0, 446.0, 446.0, 446.0, 447.0, 447.0, 448.0, 445.0, 444.0, 444.0, 446.0, 446.0, 446.0, 445.0, 446.0, 448.0, 446.0, 448.0, 449.0, 447.0, 447.0, 446.0, 446.0, 446.0, 447.0, 446.0, 446.0, 446.0, 445.0, 448.0, 449.0, 450.0, 448.0, 447.0, 446.0, 448.0, 448.0, 448.0, 449.0, 448.0, 448.0, 448.0, 450.0, 449.0, 450.0, 450.0, 448.0, 447.0, 448.0, 449.0, 452.0, 451.0, 448.0, 445.0, 446.0, 446.0, 446.0, 447.0, 444.0, 446.0, 446.0, 445.0, 447.0, 446.0, 446.0, 448.0, 447.0, 448.0, 448.0, 446.0, 447.0, 447.0, 447.0, 447.0, 447.0, 448.0, 448.0, 447.0, 449.0, 449.0, 446.0, 450.0, 448.0, 451.0, 445.0, 447.0, 446.0, 447.0, 448.0, 446.0, 448.0, 447.0, 449.0, 447.0, 447.0, 447.0, 446.0, 451.0, 445.0, 448.0, 448.0, 446.0, 450.0, 446.0, 447.0, 446.0, 445.0, 444.0, 445.0, 443.0, 446.0, 444.0, 444.0, 444.0, 446.0, 443.0, 446.0, 447.0, 444.0, 451.0, 447.0, 446.0, 448.0, 446.0, 446.0, 446.0, 446.0, 447.0, 446.0, 446.0, 445.0, 446.0, 447.0, 447.0, 446.0, 448.0, 447.0, 447.0, 447.0, 446.0, 447.0, 445.0, 446.0, 449.0, 447.0, 450.0, 448.0, 447.0, 447.0, 446.0, 446.0, 448.0, 446.0, 444.0, 447.0, 445.0, 445.0, 445.0, 446.0, 444.0, 445.0, 445.0, 446.0, 444.0, 448.0, 445.0, 445.0, 445.0, 445.0, 444.0, 446.0, 446.0, 445.0, 443.0, 446.0, 445.0, 445.0, 446.0, 446.0, 445.0, 448.0, 444.0, 446.0, 447.0, 444.0, 444.0, 444.0, 447.0, 443.0, 443.0, 445.0, 446.0, 444.0, 449.0, 444.0, 443.0, 441.0, 443.0, 443.0, 443.0, 444.0, 444.0, 445.0, 446.0, 445.0, 446.0, 448.0, 447.0, 450.0, 448.0, 448.0, 445.0, 446.0, 446.0, 446.0, 447.0, 446.0, 445.0, 445.0, 445.0, 445.0, 447.0, 444.0, 446.0, 445.0, 446.0, 446.0, 446.0, 445.0, 445.0, 445.0, 443.0, 447.0, 446.0, 444.0, 446.0, 447.0, 444.0, 443.0, 444.0, 444.0, 442.0, 445.0, 443.0, 446.0, 444.0, 444.0, 447.0, 444.0, 444.0, 444.0, 444.0, 443.0, 446.0, 445.0, 443.0, 445.0, 443.0, 446.0, 444.0, 443.0, 445.0, 445.0, 448.0, 445.0, 447.0, 444.0, 444.0, 444.0, 444.0, 444.0, 444.0, 443.0, 445.0, 443.0, 445.0, 444.0, 445.0, 445.0, 446.0, 444.0, 446.0, 446.0, 445.0, 445.0, 446.0, 447.0, 453.0, 450.0, 450.0, 446.0, 450.0, 444.0, 449.0, 448.0, 449.0, 446.0, 449.0, 444.0, 446.0, 440.0, 441.0, 439.0, 448.0, 445.0, 445.0, 449.0, 447.0, 446.0, 446.0, 437.0, 449.0, 443.0, 439.0, 443.0, 445.0, 446.0, 442.0, 439.0, 442.0, 446.0, 441.0, 440.0, 439.0, 440.0, 440.0, 439.0, 437.0, 431.0, 450.0, 449.0, 442.0, 443.0, 439.0, 442.0, 443.0, 441.0, 440.0, 442.0, 441.0, 442.0, 441.0, 444.0, 441.0, 438.0, 444.0, 440.0, 440.0, 443.0, 443.0, 442.0, 441.0, 441.0, 442.0, 444.0, 442.0, 441.0, 440.0, 445.0, 441.0, 439.0, 441.0, 439.0, 439.0, 440.0, 440.0, 442.0, 444.0, 443.0, 443.0, 443.0, 442.0, 442.0, 444.0, 441.0, 443.0, 445.0, 445.0, 444.0, 442.0, 448.0, 445.0, 444.0, 447.0, 447.0, 443.0, 444.0, 444.0, 447.0, 445.0, 445.0, 444.0, 445.0, 444.0, 444.0, 448.0, 444.0, 442.0, 444.0, 442.0, 441.0, 441.0, 441.0], "WindowWidth": [932.0, 930.0, 933.0, 924.0, 921.0, 913.0, 923.0, 921.0, 923.0, 924.0, 926.0, 923.0, 923.0, 930.0, 927.0, 922.0, 930.0, 924.0, 920.0, 927.0, 922.0, 918.0, 931.0, 925.0, 924.0, 924.0, 931.0, 928.0, 924.0, 933.0, 930.0, 932.0, 935.0, 929.0, 929.0, 928.0, 928.0, 927.0, 931.0, 938.0, 932.0, 932.0, 932.0, 929.0, 931.0, 935.0, 936.0, 932.0, 934.0, 937.0, 932.0, 932.0, 933.0, 935.0, 934.0, 935.0, 936.0, 935.0, 935.0, 934.0, 934.0, 939.0, 933.0, 936.0, 935.0, 942.0, 938.0, 936.0, 930.0, 937.0, 931.0, 934.0, 934.0, 935.0, 934.0, 935.0, 933.0, 935.0, 934.0, 934.0, 932.0, 933.0, 932.0, 932.0, 931.0, 933.0, 933.0, 933.0, 933.0, 934.0, 935.0, 936.0, 935.0, 937.0, 936.0, 938.0, 939.0, 938.0, 938.0, 938.0, 939.0, 941.0, 940.0, 937.0, 939.0, 939.0, 939.0, 942.0, 941.0, 941.0, 941.0, 942.0, 942.0, 944.0, 938.0, 938.0, 938.0, 940.0, 940.0, 941.0, 939.0, 940.0, 943.0, 941.0, 944.0, 945.0, 942.0, 942.0, 941.0, 940.0, 941.0, 943.0, 940.0, 940.0, 941.0, 938.0, 944.0, 947.0, 948.0, 945.0, 943.0, 941.0, 944.0, 946.0, 945.0, 946.0, 945.0, 944.0, 945.0, 948.0, 947.0, 948.0, 948.0, 944.0, 943.0, 943.0, 945.0, 951.0, 947.0, 943.0, 939.0, 940.0, 941.0, 940.0, 941.0, 937.0, 940.0, 940.0, 938.0, 942.0, 941.0, 940.0, 944.0, 942.0, 944.0, 944.0, 941.0, 943.0, 942.0, 942.0, 942.0, 942.0, 945.0, 944.0, 943.0, 946.0, 944.0, 940.0, 947.0, 945.0, 948.0, 939.0, 943.0, 942.0, 942.0, 944.0, 941.0, 944.0, 942.0, 946.0, 943.0, 943.0, 943.0, 940.0, 948.0, 939.0, 944.0, 944.0, 940.0, 946.0, 940.0, 942.0, 941.0, 939.0, 936.0, 938.0, 936.0, 939.0, 936.0, 936.0, 936.0, 939.0, 936.0, 940.0, 942.0, 936.0, 949.0, 943.0, 940.0, 943.0, 941.0, 940.0, 941.0, 941.0, 941.0, 941.0, 941.0, 938.0, 941.0, 942.0, 943.0, 940.0, 944.0, 943.0, 942.0, 942.0, 940.0, 943.0, 938.0, 940.0, 944.0, 942.0, 947.0, 944.0, 942.0, 941.0, 941.0, 940.0, 942.0, 941.0, 937.0, 941.0, 937.0, 939.0, 938.0, 939.0, 936.0, 939.0, 939.0, 940.0, 936.0, 943.0, 939.0, 938.0, 939.0, 938.0, 937.0, 940.0, 939.0, 939.0, 935.0, 940.0, 939.0, 940.0, 940.0, 940.0, 938.0, 942.0, 937.0, 940.0, 940.0, 936.0, 936.0, 936.0, 939.0, 934.0, 934.0, 937.0, 938.0, 937.0, 943.0, 936.0, 934.0, 931.0, 935.0, 934.0, 935.0, 937.0, 937.0, 939.0, 940.0, 939.0, 941.0, 944.0, 942.0, 946.0, 944.0, 944.0, 938.0, 940.0, 939.0, 940.0, 942.0, 941.0, 939.0, 938.0, 939.0, 938.0, 941.0, 937.0, 940.0, 939.0, 941.0, 940.0, 940.0, 938.0, 937.0, 938.0, 934.0, 942.0, 939.0, 936.0, 940.0, 940.0, 937.0, 934.0, 937.0, 936.0, 933.0, 939.0, 935.0, 939.0, 936.0, 937.0, 941.0, 937.0, 938.0, 936.0, 937.0, 936.0, 939.0, 938.0, 935.0, 938.0, 935.0, 940.0, 937.0, 935.0, 938.0, 938.0, 942.0, 939.0, 941.0, 937.0, 936.0, 937.0, 936.0, 937.0, 937.0, 935.0, 938.0, 935.0, 938.0, 937.0, 937.0, 938.0, 940.0, 937.0, 941.0, 940.0, 938.0, 939.0, 941.0, 941.0, 953.0, 947.0, 947.0, 940.0, 945.0, 936.0, 945.0, 944.0, 945.0, 939.0, 943.0, 936.0, 939.0, 929.0, 931.0, 926.0, 944.0, 940.0, 939.0, 946.0, 943.0, 941.0, 941.0, 923.0, 945.0, 934.0, 928.0, 935.0, 939.0, 940.0, 932.0, 927.0, 932.0, 940.0, 931.0, 927.0, 924.0, 928.0, 930.0, 924.0, 922.0, 911.0, 949.0, 944.0, 932.0, 934.0, 927.0, 933.0, 934.0, 930.0, 928.0, 932.0, 930.0, 931.0, 931.0, 934.0, 929.0, 925.0, 934.0, 928.0, 929.0, 935.0, 934.0, 933.0, 932.0, 931.0, 933.0, 936.0, 932.0, 930.0, 928.0, 936.0, 931.0, 927.0, 929.0, 926.0, 926.0, 929.0, 930.0, 932.0, 937.0, 936.0, 935.0, 934.0, 933.0, 932.0, 936.0, 932.0, 934.0, 938.0, 938.0, 936.0, 933.0, 943.0, 939.0, 937.0, 940.0, 942.0, 935.0, 936.0, 936.0, 942.0, 938.0, 938.0, 937.0, 939.0, 937.0, 936.0, 944.0, 936.0, 931.0, 936.0, 932.0, 930.0, 931.0, 931.0]}, "slices": {}}, "EventTimestamp": "12-14-55"}